{"AcquisitionMatrixPE": 100, "AcquisitionNumber": 1, "AcquisitionTime": "14:35:41.052500", "BaseResolution": 100, "BodyPartExamined": "BRAIN", "ConsistencyInfo": "N4_VE11C_LATEST_20160120", "ConversionSoftware": "dcm2niix", "ConversionSoftwareVersion": "v1.0.20180622 GCC4.9.2", "DeviceSerialNumber": "166078", "DwellTime": 8.8e-06, "EchoNumber": 2, "EchoTime": 0.00738, "EchoTime1": 0.00492, "EchoTime2": 0.00738, "FlipAngle": 60, "ImageOrientationPatientDICOM": [1, 4.807e-12, -9.34e-13, -4.897e-12, 0.981627, -0.190809], "ImageType": ["ORIGINAL", "PRIMARY", "P", "ND"], "InPlanePhaseEncodingDirectionDICOM": "ROW", "InstitutionAddress": "Street_StreetNo_Bei_Jing_District_CN_ZIP", "InstitutionName": "BeiJing_Normal_University", "InstitutionalDepartmentName": "Department", "MRAcquisitionType": "2D", "MagneticFieldStrength": 3, "Manufacturer": "Siemens", "ManufacturersModelName": "Prisma", "Modality": "MR", "PartialFourier": 1, "PatientPosition": "HFS", "PercentPhaseFOV": 100, "PhaseEncodingDirection": "i", "PhaseEncodingSteps": 100, "PhaseResolution": 1, "PixelBandwidth": 570, "ProcedureStepDescription": "BNU_P2018_64CH_Zhen.ZongLei", "ProtocolName": "field_mapping_2x2x2", "PulseSequenceDetails": "%SiemensSeq%_gre_field_mapping", "ReceiveCoilActiveElements": "HC1-7;NC1", "ReceiveCoilName": "HeadNeck_64", "ReconMatrixPE": 100, "RepetitionTime": 0.72, "SAR": 0.145629, "ScanningSequence": "GR", "SequenceName": "_fm2d2r", "SequenceVariant": "SP", "SeriesDescription": "field_mapping_2x2x2", "SeriesNumber": 10, "ShimSetting": [-5458, -11480, -1240, 394, -13, -172, -191, 72], "SliceThickness": 2, "SoftwareVersions": "syngo_MR_E11", "SpacingBetweenSlices": 2, "StationName": "AWP166078", "TxRefAmp": 231.76, "dcmmeta_affine": [[-2.0, -9.79399981254625e-12, 0.0, 101.34939575195312], [-9.613999700508469e-12, 1.9632543325424194, -0.38161754608154297, -83.92916870117188], [-1.8679998953913257e-12, 0.3816179931163788, 1.9632568359375, -76.19257354736328], [0.0, 0.0, 0.0, 1.0]], "dcmmeta_reorient_transform": [[0.0, -1.0, 0.0, 99.0], [1.0, 0.0, 0.0, 0.0], [0.0, 0.0, -1.0, 71.0], [0.0, 0.0, 0.0, 1.0]], "dcmmeta_shape": [100, 100, 72], "dcmmeta_slice_dim": 2, "dcmmeta_version": 0.6, "global": {"const": {"AcquisitionMatrix": [0, 100, 100, 0], "AcquisitionNumber": 1, "AngioFlag": "N", "BitsAllocated": 16, "BitsStored": 12, "BodyPartExamined": "BRAIN", "Columns": 100, "EchoNumbers": 2, "EchoTime": 7.38, "EchoTrainLength": 0, "FlipAngle": 60.0, "HighBit": 11, "ImageOrientationPatient": [1.0, 4.807e-12, -9.34e-13, -4.897e-12, 0.98162718379296, -0.1908089936001], "ImageType": ["ORIGINAL", "PRIMARY", "P", "ND"], "ImagedNucleus": "1H", "ImagingFrequency": 123.257759, "InPlanePhaseEncodingDirection": "ROW", "MRAcquisitionType": "2D", "MagneticFieldStrength": 3.0, "Manufacturer": "SIEMENS", "ManufacturerModelName": "Prisma", "Modality": "MR", "NumberOfAverages": 1.0, "NumberOfPhaseEncodingSteps": 100, "PercentPhaseFieldOfView": 100.0, "PercentSampling": 100.0, "PerformedProcedureStepStartTime": "135813.353000", "PhotometricInterpretation": "MONOCHROME2", "PixelBandwidth": 570.0, "PixelRepresentation": 0, "PixelSpacing": [2.0, 2.0], "ProtocolName": "field_mapping_2x2x2", "RepetitionTime": 720.0, "RescaleIntercept": -4096.0, "RescaleSlope": 2.0, "RescaleType": "US", "Rows": 100, "SAR": 0.1456287829152, "SamplesPerPixel": 1, "ScanningSequence": "GR", "SequenceName": "*fm2d2r", "SequenceVariant": "SP", "SeriesDescription": "field_mapping_2x2x2", "SeriesNumber": 10, "SeriesTime": "143806.144000", "SliceThickness": 2.0, "SoftwareVersions": "syngo MR E11", "SpacingBetweenSlices": 2.0, "SpecificCharacterSet": "ISO_IR 100", "StudyID": "1", "StudyTime": "135813.261000", "TransmitCoilName": "Body", "VariableFlipAngleFlag": "N", "WindowCenterWidthExplanation": "Algo1", "dBdt": 0.0}, "slices": {"AcquisitionTime": ["143541.052500", "143540.692500", "143541.062500", "143540.702500", "143541.072500", "143540.712500", "143541.082500", "143540.722500", "143541.092500", "143540.732500", "143541.102500", "143540.742500", "143541.112500", "143540.752500", "143541.122500", "143540.762500", "143541.132500", "143540.772500", "143541.142500", "143540.782500", "143541.152500", "143540.792500", "143541.162500", "143540.802500", "143541.172500", "143540.812500", "143541.182500", "143540.822500", "143541.192500", "143540.832500", "143541.202500", "143540.842500", "143541.212500", "143540.852500", "143541.222500", "143540.862500", "143541.232500", "143540.872500", "143541.242500", "143540.882500", "143541.252500", "143540.892500", "143541.262500", "143540.902500", "143541.272500", "143540.912500", "143541.282500", "143540.922500", "143541.292500", "143540.932500", "143541.302500", "143540.942500", "143541.312500", "143540.952500", "143541.322500", "143540.962500", "143541.332500", "143540.972500", "143541.342500", "143540.982500", "143541.352500", "143540.992500", "143541.362500", "143541.002500", "143541.372500", "143541.012500", "143541.382500", "143541.022500", "143541.392500", "143541.032500", "143541.402500", "143541.042500"], "ContentTime": ["143806.224000", "143806.146000", "143806.226000", "143806.148000", "143806.228000", "143806.150000", "143806.230000", "143806.152000", "143806.238000", "143806.154000", "143806.240000", "143806.155000", "143806.242000", "143806.157000", "143806.244000", "143806.159000", "143806.246000", "143806.161000", "143806.248000", "143806.163000", "143806.249000", "143806.165000", "143806.251000", "143806.167000", "143806.253000", "143806.168000", "143806.255000", "143806.170000", "143806.257000", "143806.172000", "143806.258000", "143806.174000", "143806.260000", "143806.176000", "143806.262000", "143806.178000", "143806.264000", "143806.179000", "143806.266000", "143806.182000", "143806.268000", "143806.184000", "143806.270000", "143806.185000", "143806.271000", "143806.187000", "143806.273000", "143806.189000", "143806.275000", "143806.202000", "143806.277000", "143806.204000", "143806.279000", "143806.206000", "143806.281000", "143806.208000", "143806.282000", "143806.209000", "143806.284000", "143806.211000", "143806.286000", "143806.213000", "143806.288000", "143806.215000", "143806.290000", "143806.217000", "143806.292000", "143806.219000", "143806.293000", "143806.220000", "143806.295000", "143806.222000"], "CsaImage.GSWDDataType": ["measured", "predicted", "measured", "predicted", "measured", "predicted", "measured", "predicted", "measured", "predicted", "measured", "predicted", "measured", "predicted", "measured", "predicted", "measured", "predicted", "measured", "predicted", "measured", "predicted", "measured", "predicted", "measured", "predicted", "measured", "predicted", "measured", "predicted", "measured", "predicted", "measured", "predicted", "measured", "predicted", "measured", "predicted", "measured", "predicted", "measured", "predicted", "measured", "predicted", "measured", "predicted", "measured", "predicted", "measured", "predicted", "measured", "predicted", "measured", "predicted", "measured", "predicted", "measured", "predicted", "measured", "predicted", "measured", "predicted", "measured", "predicted", "measured", "measured", "measured", "measured", "measured", "measured", "measured", "measured"], "CsaImage.ICE_Dims": ["X_2_1_1_1_1_1_37_1_1_1_1_153", "X_2_1_1_1_1_1_1_1_1_2_1_153", "X_2_1_1_1_1_1_38_1_1_3_1_153", "X_2_1_1_1_1_1_2_1_1_4_1_153", "X_2_1_1_1_1_1_39_1_1_5_1_153", "X_2_1_1_1_1_1_3_1_1_6_1_153", "X_2_1_1_1_1_1_40_1_1_7_1_153", "X_2_1_1_1_1_1_4_1_1_8_1_153", "X_2_1_1_1_1_1_41_1_1_9_1_153", "X_2_1_1_1_1_1_5_1_1_10_1_153", "X_2_1_1_1_1_1_42_1_1_11_1_153", "X_2_1_1_1_1_1_6_1_1_12_1_153", "X_2_1_1_1_1_1_43_1_1_13_1_153", "X_2_1_1_1_1_1_7_1_1_14_1_153", "X_2_1_1_1_1_1_44_1_1_15_1_153", "X_2_1_1_1_1_1_8_1_1_16_1_153", "X_2_1_1_1_1_1_45_1_1_17_1_153", "X_2_1_1_1_1_1_9_1_1_18_1_153", "X_2_1_1_1_1_1_46_1_1_19_1_153", "X_2_1_1_1_1_1_10_1_1_20_1_153", "X_2_1_1_1_1_1_47_1_1_21_1_153", "X_2_1_1_1_1_1_11_1_1_22_1_153", "X_2_1_1_1_1_1_48_1_1_23_1_153", "X_2_1_1_1_1_1_12_1_1_24_1_153", "X_2_1_1_1_1_1_49_1_1_25_1_153", "X_2_1_1_1_1_1_13_1_1_26_1_153", "X_2_1_1_1_1_1_50_1_1_27_1_153", "X_2_1_1_1_1_1_14_1_1_28_1_153", "X_2_1_1_1_1_1_51_1_1_29_1_153", "X_2_1_1_1_1_1_15_1_1_30_1_153", "X_2_1_1_1_1_1_52_1_1_31_1_153", "X_2_1_1_1_1_1_16_1_1_32_1_153", "X_2_1_1_1_1_1_53_1_1_33_1_153", "X_2_1_1_1_1_1_17_1_1_34_1_153", "X_2_1_1_1_1_1_54_1_1_35_1_153", "X_2_1_1_1_1_1_18_1_1_36_1_153", "X_2_1_1_1_1_1_55_1_1_37_1_153", "X_2_1_1_1_1_1_19_1_1_38_1_153", "X_2_1_1_1_1_1_56_1_1_39_1_153", "X_2_1_1_1_1_1_20_1_1_40_1_153", "X_2_1_1_1_1_1_57_1_1_41_1_153", "X_2_1_1_1_1_1_21_1_1_42_1_153", "X_2_1_1_1_1_1_58_1_1_43_1_153", "X_2_1_1_1_1_1_22_1_1_44_1_153", "X_2_1_1_1_1_1_59_1_1_45_1_153", "X_2_1_1_1_1_1_23_1_1_46_1_153", "X_2_1_1_1_1_1_60_1_1_47_1_153", "X_2_1_1_1_1_1_24_1_1_48_1_153", "X_2_1_1_1_1_1_61_1_1_49_1_153", "X_2_1_1_1_1_1_25_1_1_50_1_153", "X_2_1_1_1_1_1_62_1_1_51_1_153", "X_2_1_1_1_1_1_26_1_1_52_1_153", "X_2_1_1_1_1_1_63_1_1_53_1_153", "X_2_1_1_1_1_1_27_1_1_54_1_153", "X_2_1_1_1_1_1_64_1_1_55_1_153", "X_2_1_1_1_1_1_28_1_1_56_1_153", "X_2_1_1_1_1_1_65_1_1_57_1_153", "X_2_1_1_1_1_1_29_1_1_58_1_153", "X_2_1_1_1_1_1_66_1_1_59_1_153", "X_2_1_1_1_1_1_30_1_1_60_1_153", "X_2_1_1_1_1_1_67_1_1_61_1_153", "X_2_1_1_1_1_1_31_1_1_62_1_153", "X_2_1_1_1_1_1_68_1_1_63_1_153", "X_2_1_1_1_1_1_32_1_1_64_1_153", "X_2_1_1_1_1_1_69_1_1_65_1_153", "X_2_1_1_1_1_1_33_1_1_66_1_153", "X_2_1_1_1_1_1_70_1_1_67_1_153", "X_2_1_1_1_1_1_34_1_1_68_1_153", "X_2_1_1_1_1_1_71_1_1_69_1_153", "X_2_1_1_1_1_1_35_1_1_70_1_153", "X_2_1_1_1_1_1_72_1_1_71_1_153", "X_2_1_1_1_1_1_36_1_1_72_1_153"], "CsaImage.ProtocolSliceNumber": [0, 1, 2, 3, 4, 5, 6, 7, 8, 9, 10, 11, 12, 13, 14, 15, 16, 17, 18, 19, 20, 21, 22, 23, 24, 25, 26, 27, 28, 29, 30, 31, 32, 33, 34, 35, 36, 37, 38, 39, 40, 41, 42, 43, 44, 45, 46, 47, 48, 49, 50, 51, 52, 53, 54, 55, 56, 57, 58, 59, 60, 61, 62, 63, 64, 65, 66, 67, 68, 69, 70, 71], "CsaImage.RFSWDDataType": ["measured", "predicted", "measured", "predicted", "measured", "predicted", "measured", "predicted", "measured", "predicted", "measured", "predicted", "measured", "predicted", "measured", "predicted", "measured", "predicted", "measured", "predicted", "measured", "predicted", "measured", "predicted", "measured", "predicted", "measured", "predicted", "measured", "predicted", "measured", "predicted", "measured", "predicted", "measured", "predicted", "measured", "predicted", "measured", "predicted", "measured", "predicted", "measured", "predicted", "measured", "predicted", "measured", "predicted", "measured", "predicted", "measured", "predicted", "measured", "predicted", "measured", "predicted", "measured", "predicted", "measured", "predicted", "measured", "measured", "measured", "measured", "measured", "measured", "measured", "measured", "measured", "measured", "measured", "measured"], "CsaImage.SlicePosition_PCS": [[-101.34939754, -110.43304881, -38.41222274], [-101.34939754, -110.05143031, -36.4489659], [-101.34939754, -109.66981276, -34.48571288], [-101.34939754, -109.28819426, -32.52245605], [-101.34939754, -108.90657672, -30.55920303], [-101.34939754, -108.52495822, -28.59595001], [-101.34939754, -108.14334067, -26.63269317], [-101.34939754, -107.76172313, -24.66944015], [-101.34939754, -107.38010463, -22.70618713], [-101.34939754, -106.99848708, -20.74293029], [-101.34939754, -106.61686858, -18.77967727], [-101.34939754, -106.23525103, -16.81642425], [-101.34939754, -105.85363253, -14.85316741], [-101.34939754, -105.47201451, -12.88991439], [-101.34939754, -105.09039696, -10.92665946], [-101.34939754, -104.70877894, -8.96340644], [-101.34939754, -104.32716092, -7.00015151], [-101.34939754, -103.9455429, -5.03689658], [-101.34939754, -103.56392487, -3.07364166], [-101.34939754, -103.18230685, -1.11038863], [-101.34939754, -102.80068883, 0.85286629], [-101.34939754, -102.4190708, 2.81612122], [-101.34939754, -102.03745278, 4.7793752], [-101.34939754, -101.65583476, 6.74262917], [-101.34939754, -101.27421674, 8.7058841], [-101.34939754, -100.89259895, 10.66913808], [-101.34939754, -100.51098093, 12.63239253], [-101.34939754, -100.12936291, 14.59564698], [-101.34939754, -99.74774488, 16.55890119], [-101.34939754, -99.36612686, 18.52215559], [-101.34939754, -98.9845089, 20.48540998], [-101.34939754, -98.6028909, 22.44866431], [-101.34939754, -98.22127291, 24.41191876], [-101.34939754, -97.83965492, 26.37517321], [-101.34939754, -97.45803692, 28.33842767], [-101.34939754, -97.07641896, 30.30168164], [-101.34939754, -96.69480094, 32.26493657], [-101.34939754, -96.31318291, 34.22819054], [-101.34939754, -95.93156489, 36.19144547], [-101.34939754, -95.54994687, 38.15469849], [-101.34939754, -95.16832908, 40.11795342], [-101.34939754, -94.78671106, 42.08120835], [-101.34939754, -94.40509304, 44.04446328], [-101.34939754, -94.02347478, 46.0077163], [-101.34939754, -93.64185723, 47.97097123], [-101.34939754, -93.26023921, 49.93422616], [-101.34939754, -92.87862119, 51.89748109], [-101.34939754, -92.49700316, 53.86073411], [-101.34939754, -92.11538514, 55.82398713], [-101.34939754, -91.73376712, 57.78724396], [-101.34939754, -91.35214909, 59.75049699], [-101.34939754, -90.97053107, 61.71375001], [-101.34939754, -90.58891305, 63.67700684], [-101.34939754, -90.20729502, 65.64025986], [-101.34939754, -89.82567748, 67.60351289], [-101.34939754, -89.44405898, 69.56676972], [-101.34939754, -89.06244143, 71.53002274], [-101.34939754, -88.68082293, 73.49327958], [-101.34939754, -88.29920539, 75.4565326], [-101.34939754, -87.91758689, 77.41978562], [-101.34939754, -87.53596934, 79.38304246], [-101.34939754, -87.15435084, 81.34629548], [-101.34939754, -86.7727333, 83.30955231], [-101.34939754, -86.3911148, 85.27280152], [-101.34939754, -86.00949725, 87.23605836], [-101.34939754, -85.62787875, 89.19931519], [-101.34939754, -85.2462612, 91.1625644], [-101.34939754, -84.86464366, 93.12582124], [-101.34939754, -84.48302516, 95.08907807], [-101.34939754, -84.10140761, 97.05232728], [-101.34939754, -83.71978911, 99.01558411], [-101.34939754, -83.33817157, 100.97884095]], "CsaImage.TimeAfterStart": [1.0825, 0.7225, 1.0925, 0.7325, 1.1025, 0.7425, 1.1125, 0.7525, 1.1225, 0.7625, 1.1325, 0.7725, 1.1425, 0.7825, 1.1525, 0.7925, 1.1625, 0.8025, 1.1725, 0.8125, 1.1825, 0.8225, 1.1925, 0.8325, 1.2025, 0.8425, 1.2125, 0.8525, 1.2225, 0.8625, 1.2325, 0.8725, 1.2425, 0.8825, 1.2525, 0.8925, 1.2625, 0.9025, 1.2725, 0.9125, 1.2825, 0.9225, 1.2925, 0.9325, 1.3025, 0.9425, 1.3125, 0.9525, 1.3225, 0.9625, 1.3325, 0.9725, 1.3425, 0.9825, 1.3525, 0.9925, 1.3625, 1.0025, 1.3725, 1.0125, 1.3825, 1.0225, 1.3925, 1.0325, 1.4025, 1.0425, 1.4125, 1.0525, 1.4225, 1.0625, 1.4325, 1.0725], "ImagePositionPatient": [[-101.3493975396, -110.43304880885, -38.412222740724], [-101.3493975396, -110.0514303091, -36.448965904786], [-101.3493975396, -109.66981276302, -34.485712883546], [-101.3493975396, -109.28819426326, -32.522456047608], [-101.3493975396, -108.90657671718, -30.559203026368], [-101.3493975396, -108.52495821742, -28.595950005128], [-101.3493975396, -108.14334067134, -26.63269316919], [-101.3493975396, -107.76172312526, -24.66944014795], [-101.3493975396, -107.3801046255, -22.70618712671], [-101.3493975396, -106.99848707942, -20.742930290773], [-101.3493975396, -106.61686857967, -18.779677269532], [-101.3493975396, -106.23525103359, -16.816424248292], [-101.3493975396, -105.85363253383, -14.853167412355], [-101.3493975396, -105.47201451091, -12.889914391114], [-101.3493975396, -105.09039696483, -10.926659462525], [-101.3493975396, -104.70877894191, -8.9634064412852], [-101.3493975396, -104.32716091899, -7.0001515126963], [-101.3493975396, -103.94554289607, -5.0368965841075], [-101.3493975396, -103.56392487315, -3.0736416555186], [-101.3493975396, -103.18230685024, -1.1103886342784], [-101.3493975396, -102.80068882732, 0.8528662943105], [-101.3493975396, -102.4190708044, 2.8161212228994], [-101.3493975396, -102.03745278148, 4.7793751978139], [-101.3493975396, -101.65583475856, 6.7426291727285], [-101.3493975396, -101.27421673564, 8.7058841013173], [-101.3493975396, -100.89259895114, 10.669138076232], [-101.3493975396, -100.51098092822, 12.632392527984], [-101.3493975396, -100.1293629053, 14.595646979735], [-101.3493975396, -99.747744882386, 16.558901193068], [-101.3493975396, -99.366126859467, 18.522155585216], [-101.3493975396, -98.984508896153, 20.485409977363], [-101.3493975396, -98.602890903037, 22.448664309905], [-101.3493975396, -98.221272913646, 24.411918761657], [-101.3493975396, -97.839654916804, 26.375173213408], [-101.3493975396, -97.458036923688, 28.33842766516], [-101.3493975396, -97.076418960374, 30.301681640075], [-101.3493975396, -96.694800937455, 32.264936568664], [-101.3493975396, -96.313182914536, 34.228190543578], [-101.3493975396, -95.931564891618, 36.191445472167], [-101.3493975396, -95.549946868699, 38.154698493407], [-101.3493975396, -95.168329084199, 40.117953421996], [-101.3493975396, -94.78671106128, 42.081208350585], [-101.3493975396, -94.405093038361, 44.044463279174], [-101.3493975396, -94.023474777024, 46.007716300414], [-101.3493975396, -93.641857230942, 47.970971229003], [-101.3493975396, -93.260239208024, 49.934226157592], [-101.3493975396, -92.878621185105, 51.897481086181], [-101.3493975396, -92.497003162186, 53.860734107421], [-101.3493975396, -92.115385139268, 55.823987128661], [-101.3493975396, -91.733767116349, 57.787243964599], [-101.3493975396, -91.35214909343, 59.750496985839], [-101.3493975396, -90.970531070512, 61.713750007079], [-101.3493975396, -90.588913047593, 63.677006843017], [-101.3493975396, -90.207295024674, 65.640259864257], [-101.3493975396, -89.825677478593, 67.603512885497], [-101.3493975396, -89.444058978837, 69.566769721435], [-101.3493975396, -89.062441432755, 71.530022742675], [-101.3493975396, -88.680822932999, 73.493279578612], [-101.3493975396, -88.299205386918, 75.456532599852], [-101.3493975396, -87.917586887162, 77.419785621093], [-101.3493975396, -87.53596934108, 79.38304245703], [-101.3493975396, -87.154350841325, 81.34629547827], [-101.3493975396, -86.772733295243, 83.309552314208], [-101.3493975396, -86.391114795487, 85.272801520751], [-101.3493975396, -86.009497249406, 87.236058356688], [-101.3493975396, -85.62787874965, 89.199315192626], [-101.3493975396, -85.246261203568, 91.162564399169], [-101.3493975396, -84.864643657487, 93.125821235106], [-101.3493975396, -84.483025157731, 95.089078071044], [-101.3493975396, -84.101407611649, 97.052327277587], [-101.3493975396, -83.719789111893, 99.015584113524], [-101.3493975396, -83.338171565812, 100.97884094946]], "InstanceCreationTime": ["143806.224000", "143806.146000", "143806.226000", "143806.148000", "143806.228000", "143806.150000", "143806.230000", "143806.152000", "143806.238000", "143806.154000", "143806.240000", "143806.155000", "143806.242000", "143806.157000", "143806.244000", "143806.159000", "143806.246000", "143806.161000", "143806.248000", "143806.163000", "143806.249000", "143806.165000", "143806.251000", "143806.167000", "143806.253000", "143806.168000", "143806.255000", "143806.170000", "143806.257000", "143806.172000", "143806.258000", "143806.174000", "143806.260000", "143806.176000", "143806.262000", "143806.178000", "143806.264000", "143806.179000", "143806.266000", "143806.182000", "143806.268000", "143806.184000", "143806.270000", "143806.185000", "143806.271000", "143806.187000", "143806.273000", "143806.189000", "143806.275000", "143806.202000", "143806.277000", "143806.204000", "143806.279000", "143806.206000", "143806.281000", "143806.208000", "143806.282000", "143806.209000", "143806.284000", "143806.211000", "143806.286000", "143806.213000", "143806.288000", "143806.215000", "143806.290000", "143806.217000", "143806.292000", "143806.219000", "143806.293000", "143806.220000", "143806.295000", "143806.222000"], "InstanceNumber": [1, 2, 3, 4, 5, 6, 7, 8, 9, 10, 11, 12, 13, 14, 15, 16, 17, 18, 19, 20, 21, 22, 23, 24, 25, 26, 27, 28, 29, 30, 31, 32, 33, 34, 35, 36, 37, 38, 39, 40, 41, 42, 43, 44, 45, 46, 47, 48, 49, 50, 51, 52, 53, 54, 55, 56, 57, 58, 59, 60, 61, 62, 63, 64, 65, 66, 67, 68, 69, 70, 71, 72], "LargestImagePixelValue": [4094, 4095, 4095, 4094, 4094, 4095, 4094, 4092, 4095, 4094, 4094, 4092, 4092, 4095, 4095, 4093, 4095, 4093, 4095, 4094, 4095, 4094, 4095, 4092, 4092, 4095, 4094, 4093, 4093, 4095, 4092, 4084, 4088, 4093, 4095, 4094, 4091, 4093, 4093, 4090, 4093, 4088, 4089, 4091, 4089, 4093, 4093, 4089, 4094, 4095, 4095, 4091, 4094, 4095, 4092, 4093, 4095, 4095, 4095, 4094, 4092, 4095, 4095, 4094, 4094, 4093, 4095, 4095, 4094, 4093, 4095, 4095], "SliceLocation": [-58.778100935616, -56.778098414815, -54.778099820594, -52.778097299793, -50.778098705572, -48.778099929381, -46.778097590549, -44.778098996328, -42.778100220138, -40.778097881306, -38.778099105115, -36.778100510894, -34.778097990093, -32.778099304887, -30.778098838361, -28.778100153155, -26.778099595644, -24.778099038133, -22.778098480622, -20.778099795416, -18.778099237905, -16.778098680393, -14.778099059035, -12.778099437676, -10.778098880165, -8.7780993042992, -6.7780992148644, -4.7780991254296, -2.7780992700329, -0.7780992391076, 1.2219007804446, 3.2219007471737, 5.2219008302112, 7.2219009146703, 9.2219009984185, 11.221900608404, 13.221901165915, 15.221900787274, 17.221901344785, 19.221900029991, 21.221900542009, 23.22190109952, 25.221901657032, 27.22190038773, 29.221900854256, 31.221901411767, 33.221901969278, 35.221900654484, 37.22189933969, 39.221901769507, 41.221900454712, 43.221899139918, 45.221901569735, 47.221900254941, 49.221898849162, 51.221901369963, 53.221899964184, 55.221902484985, 57.221901079206, 59.221899855397, 61.221902194228, 63.221900970419, 65.221903309251, 67.221898340831, 69.221900679662, 71.221903200464, 73.221898050074, 75.221900388906, 77.221902909707, 79.221897759318, 81.221900280119, 83.22190261895], "SmallestImagePixelValue": [0, 1, 0, 3, 1, 0, 0, 1, 1, 2, 0, 0, 0, 0, 0, 2, 2, 2, 0, 0, 5, 0, 0, 0, 3, 0, 1, 0, 2, 0, 1, 0, 6, 0, 3, 8, 0, 4, 0, 14, 1, 14, 4, 2, 0, 3, 7, 0, 6, 0, 2, 0, 0, 6, 0, 4, 3, 1, 0, 6, 0, 1, 0, 0, 0, 0, 0, 0, 0, 0, 0, 0], "WindowCenter": [-284.0, -206.0, -216.0, -168.0, -182.0, -206.0, -252.0, -254.0, -288.0, -320.0, -300.0, -318.0, -332.0, -290.0, -286.0, -256.0, -252.0, -228.0, -224.0, -204.0, -176.0, -152.0, -114.0, -72.0, -98.0, -102.0, -66.0, -60.0, -38.0, -32.0, -46.0, -40.0, -60.0, -74.0, -68.0, -66.0, -186.0, -184.0, -172.0, -158.0, -44.0, -142.0, -60.0, -162.0, -176.0, -100.0, -80.0, -100.0, -68.0, -90.0, -92.0, -108.0, -130.0, -118.0, -82.0, -86.0, -78.0, -78.0, -48.0, -68.0, -50.0, -38.0, -82.0, -100.0, -106.0, -148.0, -184.0, -198.0, -278.0, -276.0, -312.0, -298.0], "WindowWidth": [6092.0, 6162.0, 6102.0, 6114.0, 6116.0, 6118.0, 6160.0, 6244.0, 6254.0, 6270.0, 6222.0, 6152.0, 6108.0, 6048.0, 6032.0, 5982.0, 5894.0, 5770.0, 5606.0, 5564.0, 5596.0, 5588.0, 5552.0, 5608.0, 5426.0, 5334.0, 5364.0, 5338.0, 5394.0, 5364.0, 5312.0, 5276.0, 5176.0, 5092.0, 5078.0, 5066.0, 4548.0, 4548.0, 4540.0, 4532.0, 4972.0, 4526.0, 4824.0, 4534.0, 4558.0, 4872.0, 5124.0, 5070.0, 5244.0, 5276.0, 5338.0, 5342.0, 5332.0, 5442.0, 5574.0, 5632.0, 5690.0, 5762.0, 5840.0, 5844.0, 5886.0, 5928.0, 5944.0, 5952.0, 5956.0, 5956.0, 5994.0, 5998.0, 5906.0, 5850.0, 6028.0, 6088.0]}}, "IntendedFor": ["ses-prf/func/sub-03_ses-prf_task-prf_run-04_bold.nii.gz", "ses-prf/func/sub-03_ses-prf_task-prf_run-06_bold.nii.gz", "ses-prf/func/sub-03_ses-prf_task-prf_run-02_bold.nii.gz", "ses-prf/func/sub-03_ses-prf_task-prf_run-01_bold.nii.gz", "ses-prf/func/sub-03_ses-prf_task-prf_run-03_bold.nii.gz", "ses-prf/func/sub-03_ses-prf_task-prf_run-05_bold.nii.gz", "ses-prf/func/sub-03_ses-prf_task-prf_run-07_bold.nii.gz", "ses-prf/func/sub-03_ses-prf_task-prf_run-08_bold.nii.gz"]}