{"AcquisitionMatrixPE": 100, "AcquisitionNumber": 1, "AcquisitionTime": "10:07:59.665000", "BaseResolution": 100, "BodyPartExamined": "BRAIN", "ConsistencyInfo": "N4_VE11C_LATEST_20160120", "ConversionSoftware": "dcm2niix", "ConversionSoftwareVersion": "v1.0.20180622 GCC4.9.2", "DeviceSerialNumber": "166078", "DwellTime": 8.8e-06, "EchoNumber": 2, "EchoTime": 0.00738, "EchoTime1": 0.00492, "EchoTime2": 0.00738, "FlipAngle": 60, "ImageOrientationPatientDICOM": [1, 0, 0, 0, 1, 0], "ImageType": ["ORIGINAL", "PRIMARY", "P", "ND"], "InPlanePhaseEncodingDirectionDICOM": "ROW", "InstitutionAddress": "Street_StreetNo_Bei_Jing_District_CN_ZIP", "InstitutionName": "BeiJing_Normal_University", "InstitutionalDepartmentName": "Department", "MRAcquisitionType": "2D", "MagneticFieldStrength": 3, "Manufacturer": "Siemens", "ManufacturersModelName": "Prisma", "Modality": "MR", "PartialFourier": 1, "PatientPosition": "HFS", "PercentPhaseFOV": 100, "PhaseEncodingDirection": "i", "PhaseEncodingSteps": 100, "PhaseResolution": 1, "PixelBandwidth": 570, "ProcedureStepDescription": "BNU_P2018_64CH_Zhen.ZongLei", "ProtocolName": "field_mapping_2x2x2", "PulseSequenceDetails": "%SiemensSeq%_gre_field_mapping", "ReceiveCoilActiveElements": "HC1-7;NC1", "ReceiveCoilName": "HeadNeck_64", "ReconMatrixPE": 100, "RepetitionTime": 0.72, "SAR": 0.10517, "ScanningSequence": "GR", "SequenceName": "_fm2d2r", "SequenceVariant": "SP", "SeriesDescription": "field_mapping_2x2x2", "SeriesNumber": 11, "ShimSetting": [-5461, -11508, -1257, 359, -45, -237, -153, 30], "SliceThickness": 2, "SoftwareVersions": "syngo_MR_E11", "SpacingBetweenSlices": 2, "StationName": "AWP166078", "TxRefAmp": 205.086, "dcmmeta_affine": [[-2.0, 0.0, 0.0, 100.67469787597656], [0.0, 2.0, 0.0, -90.81446075439453], [0.0, 0.0, 2.0, -56.33012390136719], [0.0, 0.0, 0.0, 1.0]], "dcmmeta_reorient_transform": [[0.0, -1.0, 0.0, 99.0], [1.0, 0.0, 0.0, 0.0], [0.0, 0.0, -1.0, 71.0], [0.0, 0.0, 0.0, 1.0]], "dcmmeta_shape": [100, 100, 72], "dcmmeta_slice_dim": 2, "dcmmeta_version": 0.6, "global": {"const": {"AcquisitionMatrix": [0, 100, 100, 0], "AcquisitionNumber": 1, "AngioFlag": "N", "BitsAllocated": 16, "BitsStored": 12, "BodyPartExamined": "BRAIN", "Columns": 100, "EchoNumbers": 2, "EchoTime": 7.38, "EchoTrainLength": 0, "FlipAngle": 60.0, "HighBit": 11, "ImageOrientationPatient": [1.0, 0.0, 0.0, 0.0, 1.0, 0.0], "ImageType": ["ORIGINAL", "PRIMARY", "P", "ND"], "ImagedNucleus": "1H", "ImagingFrequency": 123.257759, "InPlanePhaseEncodingDirection": "ROW", "MRAcquisitionType": "2D", "MagneticFieldStrength": 3.0, "Manufacturer": "SIEMENS", "ManufacturerModelName": "Prisma", "Modality": "MR", "NumberOfAverages": 1.0, "NumberOfPhaseEncodingSteps": 100, "PercentPhaseFieldOfView": 100.0, "PercentSampling": 100.0, "PerformedProcedureStepStartTime": "090416.835000", "PhotometricInterpretation": "MONOCHROME2", "PixelBandwidth": 570.0, "PixelRepresentation": 0, "PixelSpacing": [2.0, 2.0], "ProtocolName": "field_mapping_2x2x2", "RepetitionTime": 720.0, "RescaleIntercept": -4096.0, "RescaleSlope": 2.0, "RescaleType": "US", "Rows": 100, "SAR": 0.10517022531405, "SamplesPerPixel": 1, "ScanningSequence": "GR", "SequenceName": "*fm2d2r", "SequenceVariant": "SP", "SeriesDescription": "field_mapping_2x2x2", "SeriesNumber": 11, "SeriesTime": "101024.418000", "SliceThickness": 2.0, "SoftwareVersions": "syngo MR E11", "SpacingBetweenSlices": 2.0, "SpecificCharacterSet": "ISO_IR 100", "StudyID": "1", "StudyTime": "090416.742000", "TransmitCoilName": "Body", "VariableFlipAngleFlag": "N", "WindowCenterWidthExplanation": "Algo1", "dBdt": 0.0}, "slices": {"AcquisitionTime": ["100759.665000", "100759.305000", "100759.675000", "100759.315000", "100759.685000", "100759.325000", "100759.695000", "100759.335000", "100759.705000", "100759.345000", "100759.715000", "100759.355000", "100759.725000", "100759.365000", "100759.735000", "100759.375000", "100759.745000", "100759.385000", "100759.755000", "100759.395000", "100759.765000", "100759.405000", "100759.775000", "100759.415000", "100759.785000", "100759.425000", "100759.795000", "100759.435000", "100759.805000", "100759.445000", "100759.815000", "100759.455000", "100759.825000", "100759.465000", "100759.835000", "100759.475000", "100759.845000", "100759.485000", "100759.855000", "100759.495000", "100759.865000", "100759.505000", "100759.875000", "100759.515000", "100759.885000", "100759.525000", "100759.895000", "100759.535000", "100759.905000", "100759.545000", "100759.915000", "100759.555000", "100759.925000", "100759.565000", "100759.935000", "100759.575000", "100759.945000", "100759.585000", "100759.955000", "100759.595000", "100759.965000", "100759.605000", "100759.975000", "100759.615000", "100759.985000", "100759.625000", "100759.995000", "100759.635000", "100800.005000", "100759.645000", "100800.015000", "100759.655000"], "ContentTime": ["101024.493000", "101024.419000", "101024.495000", "101024.421000", "101024.498000", "101024.423000", "101024.501000", "101024.425000", "101024.503000", "101024.427000", "101024.505000", "101024.429000", "101024.507000", "101024.431000", "101024.509000", "101024.433000", "101024.511000", "101024.434000", "101024.513000", "101024.436000", "101024.515000", "101024.438000", "101024.516000", "101024.440000", "101024.518000", "101024.442000", "101024.520000", "101024.444000", "101024.522000", "101024.446000", "101024.524000", "101024.448000", "101024.526000", "101024.450000", "101024.528000", "101024.452000", "101024.530000", "101024.454000", "101024.532000", "101024.455000", "101024.533000", "101024.457000", "101024.535000", "101024.460000", "101024.537000", "101024.462000", "101024.539000", "101024.464000", "101024.541000", "101024.466000", "101024.543000", "101024.469000", "101024.545000", "101024.471000", "101024.547000", "101024.473000", "101024.549000", "101024.475000", "101024.551000", "101024.478000", "101024.553000", "101024.480000", "101024.555000", "101024.483000", "101024.557000", "101024.485000", "101024.559000", "101024.487000", "101024.561000", "101024.489000", "101024.562000", "101024.491000"], "CsaImage.GSWDDataType": ["measured", "predicted", "measured", "predicted", "measured", "predicted", "measured", "predicted", "measured", "predicted", "measured", "predicted", "measured", "predicted", "measured", "predicted", "measured", "predicted", "measured", "predicted", "measured", "predicted", "measured", "predicted", "measured", "predicted", "measured", "predicted", "measured", "predicted", "measured", "predicted", "measured", "predicted", "measured", "predicted", "measured", "predicted", "measured", "predicted", "measured", "predicted", "measured", "predicted", "measured", "predicted", "measured", "predicted", "measured", "predicted", "measured", "predicted", "measured", "predicted", "measured", "predicted", "measured", "predicted", "measured", "predicted", "measured", "predicted", "measured", "predicted", "measured", "measured", "measured", "measured", "measured", "measured", "measured", "measured"], "CsaImage.ICE_Dims": ["X_2_1_1_1_1_1_37_1_1_1_1_68", "X_2_1_1_1_1_1_1_1_1_2_1_68", "X_2_1_1_1_1_1_38_1_1_3_1_68", "X_2_1_1_1_1_1_2_1_1_4_1_68", "X_2_1_1_1_1_1_39_1_1_5_1_68", "X_2_1_1_1_1_1_3_1_1_6_1_68", "X_2_1_1_1_1_1_40_1_1_7_1_68", "X_2_1_1_1_1_1_4_1_1_8_1_68", "X_2_1_1_1_1_1_41_1_1_9_1_68", "X_2_1_1_1_1_1_5_1_1_10_1_68", "X_2_1_1_1_1_1_42_1_1_11_1_68", "X_2_1_1_1_1_1_6_1_1_12_1_68", "X_2_1_1_1_1_1_43_1_1_13_1_68", "X_2_1_1_1_1_1_7_1_1_14_1_68", "X_2_1_1_1_1_1_44_1_1_15_1_68", "X_2_1_1_1_1_1_8_1_1_16_1_68", "X_2_1_1_1_1_1_45_1_1_17_1_68", "X_2_1_1_1_1_1_9_1_1_18_1_68", "X_2_1_1_1_1_1_46_1_1_19_1_68", "X_2_1_1_1_1_1_10_1_1_20_1_68", "X_2_1_1_1_1_1_47_1_1_21_1_68", "X_2_1_1_1_1_1_11_1_1_22_1_68", "X_2_1_1_1_1_1_48_1_1_23_1_68", "X_2_1_1_1_1_1_12_1_1_24_1_68", "X_2_1_1_1_1_1_49_1_1_25_1_68", "X_2_1_1_1_1_1_13_1_1_26_1_68", "X_2_1_1_1_1_1_50_1_1_27_1_68", "X_2_1_1_1_1_1_14_1_1_28_1_68", "X_2_1_1_1_1_1_51_1_1_29_1_68", "X_2_1_1_1_1_1_15_1_1_30_1_68", "X_2_1_1_1_1_1_52_1_1_31_1_68", "X_2_1_1_1_1_1_16_1_1_32_1_68", "X_2_1_1_1_1_1_53_1_1_33_1_68", "X_2_1_1_1_1_1_17_1_1_34_1_68", "X_2_1_1_1_1_1_54_1_1_35_1_68", "X_2_1_1_1_1_1_18_1_1_36_1_68", "X_2_1_1_1_1_1_55_1_1_37_1_68", "X_2_1_1_1_1_1_19_1_1_38_1_68", "X_2_1_1_1_1_1_56_1_1_39_1_68", "X_2_1_1_1_1_1_20_1_1_40_1_68", "X_2_1_1_1_1_1_57_1_1_41_1_68", "X_2_1_1_1_1_1_21_1_1_42_1_68", "X_2_1_1_1_1_1_58_1_1_43_1_68", "X_2_1_1_1_1_1_22_1_1_44_1_68", "X_2_1_1_1_1_1_59_1_1_45_1_68", "X_2_1_1_1_1_1_23_1_1_46_1_68", "X_2_1_1_1_1_1_60_1_1_47_1_68", "X_2_1_1_1_1_1_24_1_1_48_1_68", "X_2_1_1_1_1_1_61_1_1_49_1_68", "X_2_1_1_1_1_1_25_1_1_50_1_68", "X_2_1_1_1_1_1_62_1_1_51_1_68", "X_2_1_1_1_1_1_26_1_1_52_1_68", "X_2_1_1_1_1_1_63_1_1_53_1_68", "X_2_1_1_1_1_1_27_1_1_54_1_68", "X_2_1_1_1_1_1_64_1_1_55_1_68", "X_2_1_1_1_1_1_28_1_1_56_1_68", "X_2_1_1_1_1_1_65_1_1_57_1_68", "X_2_1_1_1_1_1_29_1_1_58_1_68", "X_2_1_1_1_1_1_66_1_1_59_1_68", "X_2_1_1_1_1_1_30_1_1_60_1_68", "X_2_1_1_1_1_1_67_1_1_61_1_68", "X_2_1_1_1_1_1_31_1_1_62_1_68", "X_2_1_1_1_1_1_68_1_1_63_1_68", "X_2_1_1_1_1_1_32_1_1_64_1_68", "X_2_1_1_1_1_1_69_1_1_65_1_68", "X_2_1_1_1_1_1_33_1_1_66_1_68", "X_2_1_1_1_1_1_70_1_1_67_1_68", "X_2_1_1_1_1_1_34_1_1_68_1_68", "X_2_1_1_1_1_1_71_1_1_69_1_68", "X_2_1_1_1_1_1_35_1_1_70_1_68", "X_2_1_1_1_1_1_72_1_1_71_1_68", "X_2_1_1_1_1_1_36_1_1_72_1_68"], "CsaImage.ProtocolSliceNumber": [0, 1, 2, 3, 4, 5, 6, 7, 8, 9, 10, 11, 12, 13, 14, 15, 16, 17, 18, 19, 20, 21, 22, 23, 24, 25, 26, 27, 28, 29, 30, 31, 32, 33, 34, 35, 36, 37, 38, 39, 40, 41, 42, 43, 44, 45, 46, 47, 48, 49, 50, 51, 52, 53, 54, 55, 56, 57, 58, 59, 60, 61, 62, 63, 64, 65, 66, 67, 68, 69, 70, 71], "CsaImage.RFSWDDataType": ["measured", "predicted", "measured", "predicted", "measured", "predicted", "measured", "predicted", "measured", "predicted", "measured", "predicted", "measured", "predicted", "measured", "predicted", "measured", "predicted", "measured", "predicted", "measured", "predicted", "measured", "predicted", "measured", "predicted", "measured", "predicted", "measured", "predicted", "measured", "predicted", "measured", "predicted", "measured", "predicted", "measured", "predicted", "measured", "predicted", "measured", "predicted", "measured", "predicted", "measured", "predicted", "measured", "predicted", "measured", "predicted", "measured", "predicted", "measured", "predicted", "measured", "predicted", "measured", "predicted", "measured", "predicted", "measured", "measured", "measured", "measured", "measured", "measured", "measured", "measured", "measured", "measured", "measured", "measured"], "CsaImage.SlicePosition_PCS": [[-100.67469877, -107.18554211, -56.33012009], [-100.67469877, -107.18554211, -54.33012009], [-100.67469877, -107.18554211, -52.33012009], [-100.67469877, -107.18554211, -50.33012009], [-100.67469877, -107.18554211, -48.33012009], [-100.67469877, -107.18554211, -46.33012009], [-100.67469877, -107.18554211, -44.33012009], [-100.67469877, -107.18554211, -42.33012009], [-100.67469877, -107.18554211, -40.33012009], [-100.67469877, -107.18554211, -38.33012009], [-100.67469877, -107.18554211, -36.33012009], [-100.67469877, -107.18554211, -34.33012009], [-100.67469877, -107.18554211, -32.33012009], [-100.67469877, -107.18554211, -30.33012009], [-100.67469877, -107.18554211, -28.33012009], [-100.67469877, -107.18554211, -26.33012009], [-100.67469877, -107.18554211, -24.33012009], [-100.67469877, -107.18554211, -22.33012009], [-100.67469877, -107.18554211, -20.33012009], [-100.67469877, -107.18554211, -18.33012009], [-100.67469877, -107.18554211, -16.33012009], [-100.67469877, -107.18554211, -14.33012009], [-100.67469877, -107.18554211, -12.33012009], [-100.67469877, -107.18554211, -10.33012009], [-100.67469877, -107.18554211, -8.33012009], [-100.67469877, -107.18554211, -6.33012056], [-100.67469877, -107.18554211, -4.33012056], [-100.67469877, -107.18554211, -2.33012056], [-100.67469877, -107.18554211, -0.33012047], [-100.67469877, -107.18554211, 1.66987956], [-100.67469877, -107.18554211, 3.66987944], [-100.67469877, -107.18554211, 5.66987944], [-100.67469877, -107.18554211, 7.66987944], [-100.67469877, -107.18554211, 9.66987991], [-100.67469877, -107.18554211, 11.66987991], [-100.67469877, -107.18554211, 13.66987991], [-100.67469877, -107.18554211, 15.66987991], [-100.67469877, -107.18554211, 17.66987991], [-100.67469877, -107.18554211, 19.66987991], [-100.67469877, -107.18554211, 21.66987991], [-100.67469877, -107.18554211, 23.66987991], [-100.67469877, -107.18554211, 25.66987991], [-100.67469877, -107.18554211, 27.66987991], [-100.67469877, -107.18554211, 29.66987991], [-100.67469877, -107.18554211, 31.66987991], [-100.67469877, -107.18554211, 33.66987991], [-100.67469877, -107.18554211, 35.66987991], [-100.67469877, -107.18554211, 37.66987991], [-100.67469877, -107.18554211, 39.66987991], [-100.67469877, -107.18554211, 41.66987991], [-100.67469877, -107.18554211, 43.66987991], [-100.67469877, -107.18554211, 45.66987991], [-100.67469877, -107.18554211, 47.66987991], [-100.67469877, -107.18554211, 49.66987991], [-100.67469877, -107.18554211, 51.66987991], [-100.67469877, -107.18554211, 53.66987991], [-100.67469877, -107.18554211, 55.66987991], [-100.67469877, -107.18554211, 57.66987991], [-100.67469877, -107.18554211, 59.66987991], [-100.67469877, -107.18554211, 61.66987991], [-100.67469877, -107.18554211, 63.66987991], [-100.67469877, -107.18554211, 65.6698761], [-100.67469877, -107.18554211, 67.6698761], [-100.67469877, -107.18554211, 69.6698761], [-100.67469877, -107.18554211, 71.6698761], [-100.67469877, -107.18554211, 73.6698761], [-100.67469877, -107.18554211, 75.6698761], [-100.67469877, -107.18554211, 77.6698761], [-100.67469877, -107.18554211, 79.6698761], [-100.67469877, -107.18554211, 81.6698761], [-100.67469877, -107.18554211, 83.6698761], [-100.67469877, -107.18554211, 85.6698761]], "CsaImage.TimeAfterStart": [1.0825, 0.7225, 1.0925, 0.7325, 1.1025, 0.7425, 1.1125, 0.7525, 1.1225, 0.7625, 1.1325, 0.7725, 1.1425, 0.7825, 1.1525, 0.7925, 1.1625, 0.8025, 1.1725, 0.8125, 1.1825, 0.8225, 1.1925, 0.8325, 1.2025, 0.8425, 1.2125, 0.8525, 1.2225, 0.8625, 1.2325, 0.8725, 1.2425, 0.8825, 1.2525, 0.8925, 1.2625, 0.9025, 1.2725, 0.9125, 1.2825, 0.9225, 1.2925, 0.9325, 1.3025, 0.9425, 1.3125, 0.9525, 1.3225, 0.9625, 1.3325, 0.9725, 1.3425, 0.9825, 1.3525, 0.9925, 1.3625, 1.0025, 1.3725, 1.0125, 1.3825, 1.0225, 1.3925, 1.0325, 1.4025, 1.0425, 1.4125, 1.0525, 1.4225, 1.0625, 1.4325, 1.0725], "ImagePositionPatient": [[-100.67469877005, -107.18554210663, -56.33012008667], [-100.67469877005, -107.18554210663, -54.33012008667], [-100.67469877005, -107.18554210663, -52.33012008667], [-100.67469877005, -107.18554210663, -50.33012008667], [-100.67469877005, -107.18554210663, -48.33012008667], [-100.67469877005, -107.18554210663, -46.33012008667], [-100.67469877005, -107.18554210663, -44.33012008667], [-100.67469877005, -107.18554210663, -42.33012008667], [-100.67469877005, -107.18554210663, -40.33012008667], [-100.67469877005, -107.18554210663, -38.33012008667], [-100.67469877005, -107.18554210663, -36.33012008667], [-100.67469877005, -107.18554210663, -34.33012008667], [-100.67469877005, -107.18554210663, -32.33012008667], [-100.67469877005, -107.18554210663, -30.33012008667], [-100.67469877005, -107.18554210663, -28.33012008667], [-100.67469877005, -107.18554210663, -26.33012008667], [-100.67469877005, -107.18554210663, -24.33012008667], [-100.67469877005, -107.18554210663, -22.33012008667], [-100.67469877005, -107.18554210663, -20.33012008667], [-100.67469877005, -107.18554210663, -18.33012008667], [-100.67469877005, -107.18554210663, -16.33012008667], [-100.67469877005, -107.18554210663, -14.33012008667], [-100.67469877005, -107.18554210663, -12.33012008667], [-100.67469877005, -107.18554210663, -10.33012008667], [-100.67469877005, -107.18554210663, -8.3301200866699], [-100.67469877005, -107.18554210663, -6.3301205635071], [-100.67469877005, -107.18554210663, -4.3301205635071], [-100.67469877005, -107.18554210663, -2.3301205635071], [-100.67469877005, -107.18554210663, -0.3301204741001], [-100.67469877005, -107.18554210663, 1.6698795557022], [-100.67469877005, -107.18554210663, 3.6698794364929], [-100.67469877005, -107.18554210663, 5.6698794364929], [-100.67469877005, -107.18554210663, 7.6698794364929], [-100.67469877005, -107.18554210663, 9.6698799133301], [-100.67469877005, -107.18554210663, 11.66987991333], [-100.67469877005, -107.18554210663, 13.66987991333], [-100.67469877005, -107.18554210663, 15.66987991333], [-100.67469877005, -107.18554210663, 17.66987991333], [-100.67469877005, -107.18554210663, 19.66987991333], [-100.67469877005, -107.18554210663, 21.66987991333], [-100.67469877005, -107.18554210663, 23.66987991333], [-100.67469877005, -107.18554210663, 25.66987991333], [-100.67469877005, -107.18554210663, 27.66987991333], [-100.67469877005, -107.18554210663, 29.66987991333], [-100.67469877005, -107.18554210663, 31.66987991333], [-100.67469877005, -107.18554210663, 33.66987991333], [-100.67469877005, -107.18554210663, 35.66987991333], [-100.67469877005, -107.18554210663, 37.66987991333], [-100.67469877005, -107.18554210663, 39.66987991333], [-100.67469877005, -107.18554210663, 41.66987991333], [-100.67469877005, -107.18554210663, 43.66987991333], [-100.67469877005, -107.18554210663, 45.66987991333], [-100.67469877005, -107.18554210663, 47.66987991333], [-100.67469877005, -107.18554210663, 49.66987991333], [-100.67469877005, -107.18554210663, 51.66987991333], [-100.67469877005, -107.18554210663, 53.66987991333], [-100.67469877005, -107.18554210663, 55.66987991333], [-100.67469877005, -107.18554210663, 57.66987991333], [-100.67469877005, -107.18554210663, 59.66987991333], [-100.67469877005, -107.18554210663, 61.66987991333], [-100.67469877005, -107.18554210663, 63.66987991333], [-100.67469877005, -107.18554210663, 65.669876098633], [-100.67469877005, -107.18554210663, 67.669876098633], [-100.67469877005, -107.18554210663, 69.669876098633], [-100.67469877005, -107.18554210663, 71.669876098633], [-100.67469877005, -107.18554210663, 73.669876098633], [-100.67469877005, -107.18554210663, 75.669876098633], [-100.67469877005, -107.18554210663, 77.669876098633], [-100.67469877005, -107.18554210663, 79.669876098633], [-100.67469877005, -107.18554210663, 81.669876098633], [-100.67469877005, -107.18554210663, 83.669876098633], [-100.67469877005, -107.18554210663, 85.669876098633]], "InstanceCreationTime": ["101024.493000", "101024.419000", "101024.495000", "101024.421000", "101024.498000", "101024.423000", "101024.501000", "101024.425000", "101024.503000", "101024.427000", "101024.505000", "101024.429000", "101024.507000", "101024.431000", "101024.509000", "101024.433000", "101024.511000", "101024.434000", "101024.513000", "101024.436000", "101024.515000", "101024.438000", "101024.516000", "101024.440000", "101024.518000", "101024.442000", "101024.520000", "101024.444000", "101024.522000", "101024.446000", "101024.524000", "101024.448000", "101024.526000", "101024.450000", "101024.528000", "101024.452000", "101024.530000", "101024.454000", "101024.532000", "101024.455000", "101024.533000", "101024.457000", "101024.535000", "101024.460000", "101024.537000", "101024.462000", "101024.539000", "101024.464000", "101024.541000", "101024.466000", "101024.543000", "101024.469000", "101024.545000", "101024.471000", "101024.547000", "101024.473000", "101024.549000", "101024.475000", "101024.551000", "101024.478000", "101024.553000", "101024.480000", "101024.555000", "101024.483000", "101024.557000", "101024.485000", "101024.559000", "101024.487000", "101024.561000", "101024.489000", "101024.562000", "101024.491000"], "InstanceNumber": [1, 2, 3, 4, 5, 6, 7, 8, 9, 10, 11, 12, 13, 14, 15, 16, 17, 18, 19, 20, 21, 22, 23, 24, 25, 26, 27, 28, 29, 30, 31, 32, 33, 34, 35, 36, 37, 38, 39, 40, 41, 42, 43, 44, 45, 46, 47, 48, 49, 50, 51, 52, 53, 54, 55, 56, 57, 58, 59, 60, 61, 62, 63, 64, 65, 66, 67, 68, 69, 70, 71, 72], "LargestImagePixelValue": [4092, 4095, 4093, 4095, 4095, 4095, 4093, 4095, 4095, 4093, 4095, 4094, 4095, 4095, 4093, 4094, 4095, 4095, 4091, 4095, 4086, 4094, 4095, 4094, 4094, 4093, 4093, 4087, 4094, 4090, 4095, 4088, 4090, 4093, 4091, 4094, 4092, 4094, 4095, 4086, 4093, 4093, 4094, 4095, 4091, 4095, 4095, 4089, 4095, 4095, 4091, 4090, 4091, 4094, 4092, 4094, 4094, 4091, 4093, 4095, 4095, 4091, 4095, 4093, 4094, 4094, 4095, 4095, 4095, 4095, 4095, 4094], "SliceLocation": [-56.33012008667, -54.33012008667, -52.33012008667, -50.33012008667, -48.33012008667, -46.33012008667, -44.33012008667, -42.33012008667, -40.33012008667, -38.33012008667, -36.33012008667, -34.33012008667, -32.33012008667, -30.33012008667, -28.33012008667, -26.33012008667, -24.33012008667, -22.33012008667, -20.33012008667, -18.33012008667, -16.33012008667, -14.33012008667, -12.33012008667, -10.33012008667, -8.3301200866699, -6.3301205635071, -4.3301205635071, -2.3301205635071, -0.3301204741001, 1.6698795557022, 3.6698794364929, 5.6698794364929, 7.6698794364929, 9.6698799133301, 11.66987991333, 13.66987991333, 15.66987991333, 17.66987991333, 19.66987991333, 21.66987991333, 23.66987991333, 25.66987991333, 27.66987991333, 29.66987991333, 31.66987991333, 33.66987991333, 35.66987991333, 37.66987991333, 39.66987991333, 41.66987991333, 43.66987991333, 45.66987991333, 47.66987991333, 49.66987991333, 51.66987991333, 53.66987991333, 55.66987991333, 57.66987991333, 59.66987991333, 61.66987991333, 63.66987991333, 65.669876098633, 67.669876098633, 69.669876098633, 71.669876098633, 73.669876098633, 75.669876098633, 77.669876098633, 79.669876098633, 81.669876098633, 83.669876098633, 85.669876098633], "SmallestImagePixelValue": [0, 0, 0, 1, 0, 0, 1, 0, 0, 0, 0, 0, 0, 0, 0, 0, 1, 0, 0, 3, 0, 0, 0, 0, 0, 1, 0, 2, 1, 1, 5, 2, 10, 1, 1, 1, 0, 0, 0, 1, 4, 2, 6, 8, 0, 1, 2, 1, 1, 0, 2, 1, 0, 4, 0, 6, 2, 1, 0, 0, 0, 0, 0, 0, 0, 0, 0, 0, 0, 0, 0, 0], "WindowCenter": [-432.0, -308.0, -352.0, -272.0, -228.0, -190.0, -164.0, -124.0, -106.0, -112.0, -144.0, -160.0, -162.0, -170.0, -206.0, -262.0, -288.0, -254.0, -292.0, -268.0, -280.0, -252.0, -236.0, -232.0, -166.0, -112.0, -74.0, -60.0, -24.0, -40.0, -14.0, -12.0, -26.0, -40.0, -98.0, -108.0, -136.0, -142.0, -126.0, -146.0, -104.0, -100.0, -88.0, -262.0, -108.0, -102.0, -138.0, -96.0, -146.0, -72.0, -80.0, -210.0, -86.0, -208.0, -182.0, -168.0, -66.0, -112.0, -106.0, -256.0, -98.0, -104.0, -98.0, -150.0, -162.0, -410.0, -386.0, -342.0, -500.0, -354.0, -362.0, -370.0], "WindowWidth": [5958.0, 6182.0, 6192.0, 6230.0, 6270.0, 6274.0, 6264.0, 6304.0, 6296.0, 6372.0, 6332.0, 6278.0, 6268.0, 6308.0, 6304.0, 6306.0, 6280.0, 6248.0, 6216.0, 6166.0, 6036.0, 5952.0, 5838.0, 5728.0, 5716.0, 5672.0, 5602.0, 5546.0, 5574.0, 5448.0, 5560.0, 5610.0, 5600.0, 5554.0, 5476.0, 5508.0, 5422.0, 5324.0, 5410.0, 5192.0, 5350.0, 5448.0, 5410.0, 4640.0, 5306.0, 5408.0, 5194.0, 5402.0, 5050.0, 5434.0, 5310.0, 4630.0, 5120.0, 4634.0, 4646.0, 4654.0, 5258.0, 5078.0, 5214.0, 4746.0, 5334.0, 5500.0, 5658.0, 5618.0, 5668.0, 4968.0, 4958.0, 5554.0, 5070.0, 5878.0, 6044.0, 6220.0]}}, "IntendedFor": ["ses-imagenet01/func/sub-01_ses-imagenet01_task-imagenet_run-05_bold.nii.gz", "ses-imagenet01/func/sub-01_ses-imagenet01_task-imagenet_run-07_bold.nii.gz", "ses-imagenet01/func/sub-01_ses-imagenet01_task-imagenet_run-08_bold.nii.gz", "ses-imagenet01/func/sub-01_ses-imagenet01_task-imagenet_run-01_bold.nii.gz", "ses-imagenet01/func/sub-01_ses-imagenet01_task-imagenet_run-03_bold.nii.gz", "ses-imagenet01/func/sub-01_ses-imagenet01_task-imagenet_run-10_bold.nii.gz", "ses-imagenet01/func/sub-01_ses-imagenet01_task-imagenet_run-02_bold.nii.gz", "ses-imagenet01/func/sub-01_ses-imagenet01_task-imagenet_run-04_bold.nii.gz", "ses-imagenet01/func/sub-01_ses-imagenet01_task-imagenet_run-09_bold.nii.gz", "ses-imagenet01/func/sub-01_ses-imagenet01_task-imagenet_run-06_bold.nii.gz"]}