{"AcquisitionMatrixPE": 100, "AcquisitionNumber": 1, "AcquisitionTime": "14:18:8.812500", "BaseResolution": 100, "BodyPartExamined": "BRAIN", "ConsistencyInfo": "N4_VE11C_LATEST_20160120", "ConversionSoftware": "dcm2niix", "ConversionSoftwareVersion": "v1.0.20180622 GCC4.9.2", "DeviceSerialNumber": "166078", "DwellTime": 8.8e-06, "EchoNumber": 2, "EchoTime": 0.00738, "EchoTime1": 0.00492, "EchoTime2": 0.00738, "FlipAngle": 60, "ImageOrientationPatientDICOM": [0.999152, 0.00136559, 0.0411479, 1.6014e-11, 0.99945, -0.033169], "ImageType": ["ORIGINAL", "PRIMARY", "P", "ND"], "InPlanePhaseEncodingDirectionDICOM": "ROW", "InstitutionAddress": "Street_StreetNo_Bei_Jing_District_CN_ZIP", "InstitutionName": "BeiJing_Normal_University", "InstitutionalDepartmentName": "Department", "MRAcquisitionType": "2D", "MagneticFieldStrength": 3, "Manufacturer": "Siemens", "ManufacturersModelName": "Prisma", "Modality": "MR", "PartialFourier": 1, "PatientPosition": "HFS", "PercentPhaseFOV": 100, "PhaseEncodingDirection": "i", "PhaseEncodingSteps": 100, "PhaseResolution": 1, "PixelBandwidth": 570, "ProcedureStepDescription": "BNU_P2018_64CH_Zhen.ZongLei", "ProtocolName": "field_mapping_2x2x2", "PulseSequenceDetails": "%SiemensSeq%_gre_field_mapping", "ReceiveCoilActiveElements": "HC1-7;NC1", "ReceiveCoilName": "HeadNeck_64", "ReconMatrixPE": 100, "RepetitionTime": 0.72, "SAR": 0.103759, "ScanningSequence": "GR", "SequenceName": "_fm2d2r", "SequenceVariant": "SP", "SeriesDescription": "field_mapping_2x2x2", "SeriesNumber": 9, "ShimSetting": [-5445, -11520, -1270, 378, 4, -262, -144, -18], "SliceThickness": 2, "SoftwareVersions": "syngo_MR_E11", "SpacingBetweenSlices": 2, "StationName": "AWP166078", "TxRefAmp": 212.008, "dcmmeta_affine": [[-1.9983042478561401, 3.2027998309036576e-11, 0.08234095573425293, 97.17378997802734], [-0.0027311723679304123, 1.9988994598388672, -0.06628131866455078, -80.50152587890625], [0.08229578286409378, 0.06633801758289337, 1.9972000122070312, -74.5486068725586], [0.0, 0.0, 0.0, 1.0]], "dcmmeta_reorient_transform": [[0.0, -1.0, 0.0, 99.0], [1.0, 0.0, 0.0, 0.0], [0.0, 0.0, -1.0, 71.0], [0.0, 0.0, 0.0, 1.0]], "dcmmeta_shape": [100, 100, 72], "dcmmeta_slice_dim": 2, "dcmmeta_version": 0.6, "global": {"const": {"AcquisitionMatrix": [0, 100, 100, 0], "AcquisitionNumber": 1, "AngioFlag": "N", "BitsAllocated": 16, "BitsStored": 12, "BodyPartExamined": "BRAIN", "Columns": 100, "EchoNumbers": 2, "EchoTime": 7.38, "EchoTrainLength": 0, "FlipAngle": 60.0, "HighBit": 11, "ImageOrientationPatient": [0.99915213363347, 0.00136558612734, 0.04114789217227, 1.6014e-11, 0.99944975709099, -0.033169007383], "ImageType": ["ORIGINAL", "PRIMARY", "P", "ND"], "ImagedNucleus": "1H", "ImagingFrequency": 123.257714, "InPlanePhaseEncodingDirection": "ROW", "MRAcquisitionType": "2D", "MagneticFieldStrength": 3.0, "Manufacturer": "SIEMENS", "ManufacturerModelName": "Prisma", "Modality": "MR", "NumberOfAverages": 1.0, "NumberOfPhaseEncodingSteps": 100, "PercentPhaseFieldOfView": 100.0, "PercentSampling": 100.0, "PerformedProcedureStepStartTime": "132411.673000", "PhotometricInterpretation": "MONOCHROME2", "PixelBandwidth": 570.0, "PixelRepresentation": 0, "PixelSpacing": [2.0, 2.0], "ProtocolName": "field_mapping_2x2x2", "RepetitionTime": 720.0, "RescaleIntercept": -4096.0, "RescaleSlope": 2.0, "RescaleType": "US", "Rows": 100, "SAR": 0.10375901848527, "SamplesPerPixel": 1, "ScanningSequence": "GR", "SequenceName": "*fm2d2r", "SequenceVariant": "SP", "SeriesDescription": "field_mapping_2x2x2", "SeriesNumber": 9, "SeriesTime": "142033.413000", "SliceThickness": 2.0, "SoftwareVersions": "syngo MR E11", "SpacingBetweenSlices": 2.0, "SpecificCharacterSet": "ISO_IR 100", "StudyID": "1", "StudyTime": "132411.552000", "TransmitCoilName": "Body", "VariableFlipAngleFlag": "N", "WindowCenterWidthExplanation": "Algo1", "dBdt": 0.0}, "slices": {"AcquisitionTime": ["141808.812500", "141808.452500", "141808.822500", "141808.462500", "141808.832500", "141808.472500", "141808.842500", "141808.482500", "141808.852500", "141808.492500", "141808.862500", "141808.502500", "141808.872500", "141808.512500", "141808.882500", "141808.522500", "141808.892500", "141808.532500", "141808.902500", "141808.542500", "141808.912500", "141808.552500", "141808.922500", "141808.562500", "141808.932500", "141808.572500", "141808.942500", "141808.582500", "141808.952500", "141808.592500", "141808.962500", "141808.602500", "141808.972500", "141808.612500", "141808.982500", "141808.622500", "141808.992500", "141808.632500", "141809.002500", "141808.642500", "141809.012500", "141808.652500", "141809.022500", "141808.662500", "141809.032500", "141808.672500", "141809.042500", "141808.682500", "141809.052500", "141808.692500", "141809.062500", "141808.702500", "141809.072500", "141808.712500", "141809.082500", "141808.722500", "141809.092500", "141808.732500", "141809.102500", "141808.742500", "141809.112500", "141808.752500", "141809.122500", "141808.762500", "141809.132500", "141808.772500", "141809.142500", "141808.782500", "141809.152500", "141808.792500", "141809.162500", "141808.802500"], "ContentTime": ["142033.483000", "142033.415000", "142033.485000", "142033.417000", "142033.487000", "142033.419000", "142033.489000", "142033.421000", "142033.491000", "142033.423000", "142033.493000", "142033.425000", "142033.495000", "142033.427000", "142033.496000", "142033.429000", "142033.498000", "142033.431000", "142033.500000", "142033.433000", "142033.502000", "142033.435000", "142033.504000", "142033.437000", "142033.506000", "142033.438000", "142033.508000", "142033.440000", "142033.510000", "142033.442000", "142033.511000", "142033.444000", "142033.514000", "142033.446000", "142033.516000", "142033.448000", "142033.518000", "142033.450000", "142033.520000", "142033.451000", "142033.522000", "142033.453000", "142033.523000", "142033.455000", "142033.525000", "142033.457000", "142033.527000", "142033.459000", "142033.529000", "142033.461000", "142033.531000", "142033.463000", "142033.532000", "142033.464000", "142033.534000", "142033.466000", "142033.536000", "142033.468000", "142033.538000", "142033.470000", "142033.540000", "142033.472000", "142033.542000", "142033.474000", "142033.543000", "142033.476000", "142033.545000", "142033.478000", "142033.547000", "142033.480000", "142033.549000", "142033.482000"], "CsaImage.GSWDDataType": ["measured", "predicted", "measured", "predicted", "measured", "predicted", "measured", "predicted", "measured", "predicted", "measured", "predicted", "measured", "predicted", "measured", "predicted", "measured", "predicted", "measured", "predicted", "measured", "predicted", "measured", "predicted", "measured", "predicted", "measured", "predicted", "measured", "predicted", "measured", "predicted", "measured", "predicted", "measured", "predicted", "measured", "predicted", "measured", "predicted", "measured", "predicted", "measured", "predicted", "measured", "predicted", "measured", "predicted", "measured", "predicted", "measured", "predicted", "measured", "predicted", "measured", "predicted", "measured", "predicted", "measured", "predicted", "measured", "predicted", "measured", "predicted", "measured", "predicted", "measured", "predicted", "measured", "predicted", "measured", "measured"], "CsaImage.ICE_Dims": ["X_2_1_1_1_1_1_37_1_1_1_1_107", "X_2_1_1_1_1_1_1_1_1_2_1_107", "X_2_1_1_1_1_1_38_1_1_3_1_107", "X_2_1_1_1_1_1_2_1_1_4_1_107", "X_2_1_1_1_1_1_39_1_1_5_1_107", "X_2_1_1_1_1_1_3_1_1_6_1_107", "X_2_1_1_1_1_1_40_1_1_7_1_107", "X_2_1_1_1_1_1_4_1_1_8_1_107", "X_2_1_1_1_1_1_41_1_1_9_1_107", "X_2_1_1_1_1_1_5_1_1_10_1_107", "X_2_1_1_1_1_1_42_1_1_11_1_107", "X_2_1_1_1_1_1_6_1_1_12_1_107", "X_2_1_1_1_1_1_43_1_1_13_1_107", "X_2_1_1_1_1_1_7_1_1_14_1_107", "X_2_1_1_1_1_1_44_1_1_15_1_107", "X_2_1_1_1_1_1_8_1_1_16_1_107", "X_2_1_1_1_1_1_45_1_1_17_1_107", "X_2_1_1_1_1_1_9_1_1_18_1_107", "X_2_1_1_1_1_1_46_1_1_19_1_107", "X_2_1_1_1_1_1_10_1_1_20_1_107", "X_2_1_1_1_1_1_47_1_1_21_1_107", "X_2_1_1_1_1_1_11_1_1_22_1_107", "X_2_1_1_1_1_1_48_1_1_23_1_107", "X_2_1_1_1_1_1_12_1_1_24_1_107", "X_2_1_1_1_1_1_49_1_1_25_1_107", "X_2_1_1_1_1_1_13_1_1_26_1_107", "X_2_1_1_1_1_1_50_1_1_27_1_107", "X_2_1_1_1_1_1_14_1_1_28_1_107", "X_2_1_1_1_1_1_51_1_1_29_1_107", "X_2_1_1_1_1_1_15_1_1_30_1_107", "X_2_1_1_1_1_1_52_1_1_31_1_107", "X_2_1_1_1_1_1_16_1_1_32_1_107", "X_2_1_1_1_1_1_53_1_1_33_1_107", "X_2_1_1_1_1_1_17_1_1_34_1_107", "X_2_1_1_1_1_1_54_1_1_35_1_107", "X_2_1_1_1_1_1_18_1_1_36_1_107", "X_2_1_1_1_1_1_55_1_1_37_1_107", "X_2_1_1_1_1_1_19_1_1_38_1_107", "X_2_1_1_1_1_1_56_1_1_39_1_107", "X_2_1_1_1_1_1_20_1_1_40_1_107", "X_2_1_1_1_1_1_57_1_1_41_1_107", "X_2_1_1_1_1_1_21_1_1_42_1_107", "X_2_1_1_1_1_1_58_1_1_43_1_107", "X_2_1_1_1_1_1_22_1_1_44_1_107", "X_2_1_1_1_1_1_59_1_1_45_1_107", "X_2_1_1_1_1_1_23_1_1_46_1_107", "X_2_1_1_1_1_1_60_1_1_47_1_107", "X_2_1_1_1_1_1_24_1_1_48_1_107", "X_2_1_1_1_1_1_61_1_1_49_1_107", "X_2_1_1_1_1_1_25_1_1_50_1_107", "X_2_1_1_1_1_1_62_1_1_51_1_107", "X_2_1_1_1_1_1_26_1_1_52_1_107", "X_2_1_1_1_1_1_63_1_1_53_1_107", "X_2_1_1_1_1_1_27_1_1_54_1_107", "X_2_1_1_1_1_1_64_1_1_55_1_107", "X_2_1_1_1_1_1_28_1_1_56_1_107", "X_2_1_1_1_1_1_65_1_1_57_1_107", "X_2_1_1_1_1_1_29_1_1_58_1_107", "X_2_1_1_1_1_1_66_1_1_59_1_107", "X_2_1_1_1_1_1_30_1_1_60_1_107", "X_2_1_1_1_1_1_67_1_1_61_1_107", "X_2_1_1_1_1_1_31_1_1_62_1_107", "X_2_1_1_1_1_1_68_1_1_63_1_107", "X_2_1_1_1_1_1_32_1_1_64_1_107", "X_2_1_1_1_1_1_69_1_1_65_1_107", "X_2_1_1_1_1_1_33_1_1_66_1_107", "X_2_1_1_1_1_1_70_1_1_67_1_107", "X_2_1_1_1_1_1_34_1_1_68_1_107", "X_2_1_1_1_1_1_71_1_1_69_1_107", "X_2_1_1_1_1_1_35_1_1_70_1_107", "X_2_1_1_1_1_1_72_1_1_71_1_107", "X_2_1_1_1_1_1_36_1_1_72_1_107"], "CsaImage.ProtocolSliceNumber": [0, 1, 2, 3, 4, 5, 6, 7, 8, 9, 10, 11, 12, 13, 14, 15, 16, 17, 18, 19, 20, 21, 22, 23, 24, 25, 26, 27, 28, 29, 30, 31, 32, 33, 34, 35, 36, 37, 38, 39, 40, 41, 42, 43, 44, 45, 46, 47, 48, 49, 50, 51, 52, 53, 54, 55, 56, 57, 58, 59, 60, 61, 62, 63, 64, 65, 66, 67, 68, 69, 70, 71], "CsaImage.RFSWDDataType": ["measured", "predicted", "measured", "predicted", "measured", "predicted", "measured", "predicted", "measured", "predicted", "measured", "predicted", "measured", "predicted", "measured", "predicted", "measured", "predicted", "measured", "predicted", "measured", "predicted", "measured", "predicted", "measured", "predicted", "measured", "predicted", "measured", "predicted", "measured", "predicted", "measured", "predicted", "measured", "predicted", "measured", "predicted", "measured", "predicted", "measured", "predicted", "measured", "predicted", "measured", "predicted", "measured", "predicted", "measured", "predicted", "measured", "predicted", "measured", "predicted", "measured", "predicted", "measured", "predicted", "measured", "predicted", "measured", "predicted", "measured", "predicted", "measured", "predicted", "measured", "measured", "measured", "measured", "measured", "measured"], "CsaImage.SlicePosition_PCS": [[-97.17377855, -117.38955587, -67.98148223], [-97.25611975, -117.32327359, -65.98427459], [-97.3384607, -117.25699323, -63.98707076], [-97.4208019, -117.19071096, -61.98986693], [-97.50314285, -117.12442869, -59.99265929], [-97.58548405, -117.05814641, -57.99545547], [-97.66782524, -116.99186605, -55.99825164], [-97.7501662, -116.92558378, -54.00104781], [-97.83250739, -116.8593015, -52.00384017], [-97.91484835, -116.79302114, -50.00663634], [-97.99718954, -116.72673887, -48.00943252], [-98.07953062, -116.66045659, -46.01222869], [-98.16187169, -116.59417432, -44.01502105], [-98.24421277, -116.52789396, -42.01781722], [-98.32655384, -116.46161168, -40.02061339], [-98.40889491, -116.39532941, -38.02340957], [-98.49123599, -116.32904714, -36.02620574], [-98.57357706, -116.26276677, -34.0289981], [-98.65591826, -116.1964845, -32.03179427], [-98.73825933, -116.13020223, -30.03459044], [-98.82060041, -116.06392091, -28.03738471], [-98.90294148, -115.99763864, -26.04018088], [-98.98528256, -115.93135732, -24.04297515], [-99.06762369, -115.86507505, -22.04577132], [-99.14996477, -115.79879373, -20.04856559], [-99.23230584, -115.73251146, -18.05136176], [-99.31464692, -115.66623014, -16.05415698], [-99.39698805, -115.59994882, -14.0569522], [-99.47932913, -115.53366655, -12.05974742], [-99.5616702, -115.46738523, -10.06254264], [-99.64401131, -115.40110296, -8.06533786], [-99.7263524, -115.33482164, -6.06813308], [-99.80869349, -115.26853936, -4.07092854], [-99.89103458, -115.20225805, -2.07372375], [-99.97337567, -115.13597577, -0.07651909], [-100.05571676, -115.06969446, 1.92068557], [-100.13805785, -115.00341218, 3.91789035], [-100.22039895, -114.93713086, 5.91509513], [-100.30274003, -114.87084859, 7.91229943], [-100.38508113, -114.80456727, 9.90950421], [-100.46742221, -114.738285, 11.90670899], [-100.54976328, -114.67200368, 13.90391377], [-100.63210442, -114.60572141, 15.90111856], [-100.71444549, -114.53944009, 17.89832429], [-100.79678657, -114.47315782, 19.89552812], [-100.87912764, -114.4068765, 21.89273194], [-100.96146872, -114.34059518, 23.88993768], [-101.04380979, -114.27431291, 25.8871415], [-101.12615098, -114.20803159, 27.88434724], [-101.20849206, -114.14174932, 29.88155107], [-101.29083313, -114.075468, 31.87875489], [-101.37317421, -114.00918573, 33.87596253], [-101.45551528, -113.94290441, 35.87316636], [-101.53785636, -113.87662214, 37.87037019], [-101.62019743, -113.81034082, 39.86757401], [-101.70253863, -113.74405855, 41.86478166], [-101.7848797, -113.67777723, 43.86198548], [-101.86722078, -113.61149495, 45.85918931], [-101.94956185, -113.54521364, 47.85639314], [-102.03190305, -113.47893136, 49.85359696], [-102.114244, -113.41265004, 51.85080461], [-102.1965852, -113.34636777, 53.84800843], [-102.27892615, -113.28008645, 55.84521226], [-102.36126735, -113.21380513, 57.84241609], [-102.4436083, -113.14752286, 59.83962373], [-102.5259495, -113.08124154, 61.83682756], [-102.60829069, -113.01495927, 63.83403138], [-102.69063165, -112.94867795, 65.83123902], [-102.77297284, -112.88239568, 67.82843904], [-102.8553138, -112.81611436, 69.82564668], [-102.93765499, -112.74983209, 71.82285432], [-103.01999595, -112.68355077, 73.82005433]], "CsaImage.TimeAfterStart": [1.0825, 0.7225, 1.0925, 0.7325, 1.1025, 0.7425, 1.1125, 0.7525, 1.1225, 0.7625, 1.1325, 0.7725, 1.1425, 0.7825, 1.1525, 0.7925, 1.1625, 0.8025, 1.1725, 0.8125, 1.1825, 0.8225, 1.1925, 0.8325, 1.2025, 0.8425, 1.2125, 0.8525, 1.2225, 0.8625, 1.2325, 0.8725, 1.2425, 0.8825, 1.2525, 0.8925, 1.2625, 0.9025, 1.2725, 0.9125, 1.2825, 0.9225, 1.2925, 0.9325, 1.3025, 0.9425, 1.3125, 0.9525, 1.3225, 0.9625, 1.3325, 0.9725, 1.3425, 0.9825, 1.3525, 0.9925, 1.3625, 1.0025, 1.3725, 1.0125, 1.3825, 1.0225, 1.3925, 1.0325, 1.4025, 1.0425, 1.4125, 1.0525, 1.4225, 1.0625, 1.4325, 1.0725], "ImagePositionPatient": [[-97.173778552403, -117.38955586724, -67.981482228929], [-97.256119746555, -117.3232735949, -65.984274587327], [-97.33846070229, -117.25699322991, -63.987070760423], [-97.420801896443, -117.19071095757, -61.989866933519], [-97.503142852177, -117.12442868524, -59.992659291917], [-97.58548404633, -117.0581464129, -57.995455465013], [-97.667825240482, -116.99186604791, -55.998251638109], [-97.750166196217, -116.92558377557, -54.001047811204], [-97.83250739037, -116.85930150323, -52.003840169603], [-97.914848346104, -116.79302113824, -50.006636342698], [-97.997189540257, -116.7267388659, -48.009432515794], [-98.0795306152, -116.66045659356, -46.01222868889], [-98.161871690144, -116.59417432122, -44.015021047288], [-98.244212765087, -116.52789395623, -42.017817220384], [-98.326553840031, -116.46161168389, -40.02061339348], [-98.408894914974, -116.39532941155, -38.023409566575], [-98.491235989918, -116.32904713922, -36.026205739671], [-98.573577064861, -116.26276677423, -34.02899809807], [-98.655918259014, -116.19648450189, -32.031794271165], [-98.738259333958, -116.13020222955, -30.034590444261], [-98.820600408901, -116.06392091088, -28.037384710008], [-98.902941483845, -115.99763863854, -26.040180883104], [-98.985282558788, -115.93135731988, -24.042975148851], [-99.067623693337, -115.86507504754, -22.045771321946], [-99.14996476828, -115.79879372888, -20.048565587694], [-99.232305843224, -115.73251145654, -18.051361760789], [-99.314646918167, -115.66623013787, -16.054156980211], [-99.396988052715, -115.59994881921, -14.056952199632], [-99.479329127659, -115.53366654687, -12.059747419053], [-99.561670202603, -115.4673852282, -10.062542638475], [-99.644011307348, -115.40110295587, -8.0653378578962], [-99.726352397193, -115.3348216372, -6.0681330773176], [-99.808693487038, -115.26853936486, -4.0709285351575], [-99.891034576882, -115.2022580462, -2.0737237545789], [-99.973375670452, -115.13597577386, -0.0765190932096], [-100.05571675657, -115.06969445519, 1.9206855681597], [-100.13805784642, -115.00341218286, 3.9178903487383], [-100.22039895116, -114.93713086419, 5.9150951293169], [-100.30274002611, -114.87084859185, 7.9122994330584], [-100.38508113085, -114.80456727319, 9.909504213637], [-100.4674222058, -114.73828500085, 11.906708994216], [-100.54976328074, -114.67200368218, 13.903913774794], [-100.63210441529, -114.60572140985, 15.901118555373], [-100.71444549023, -114.53944009118, 17.898324289626], [-100.79678656517, -114.47315781884, 19.89552811653], [-100.87912764012, -114.40687650018, 21.892731943434], [-100.96146871506, -114.34059518151, 23.889937677687], [-101.04380979, -114.27431290917, 25.887141504592], [-101.12615098416, -114.20803159051, 27.884347238845], [-101.2084920591, -114.14174931817, 29.881551065749], [-101.29083313404, -114.07546799951, 31.878754892653], [-101.37317420899, -114.00918572717, 33.875962534255], [-101.45551528393, -113.9429044085, 35.873166361159], [-101.53785635888, -113.87662213616, 37.870370188063], [-101.62019743382, -113.8103408175, 39.867574014968], [-101.70253862797, -113.74405854516, 41.864781656569], [-101.78487970292, -113.6777772265, 43.861985483473], [-101.86722077786, -113.61149495416, 45.859189310378], [-101.9495618528, -113.54521363549, 47.856393137282], [-102.03190304696, -113.47893136315, 49.853596964186], [-102.11424400269, -113.41265004449, 51.850804605788], [-102.19658519684, -113.34636777215, 53.848008432692], [-102.27892615258, -113.28008645349, 55.845212259596], [-102.36126734673, -113.21380513482, 57.842416086501], [-102.44360830246, -113.14752286248, 59.839623728102], [-102.52594949662, -113.08124154382, 61.836827555007], [-102.60829069077, -113.01495927148, 63.834031381911], [-102.6906316465, -112.94867795281, 65.831239023513], [-102.77297284066, -112.88239568048, 67.82843903572], [-102.85531379639, -112.81611436181, 69.825646677321], [-102.93765499054, -112.74983208947, 71.822854318923], [-103.01999594628, -112.68355077081, 73.82005433113]], "InstanceCreationTime": ["142033.483000", "142033.415000", "142033.485000", "142033.417000", "142033.487000", "142033.419000", "142033.489000", "142033.421000", "142033.491000", "142033.423000", "142033.493000", "142033.425000", "142033.495000", "142033.427000", "142033.496000", "142033.429000", "142033.498000", "142033.431000", "142033.500000", "142033.433000", "142033.502000", "142033.435000", "142033.504000", "142033.437000", "142033.506000", "142033.438000", "142033.508000", "142033.440000", "142033.510000", "142033.442000", "142033.511000", "142033.444000", "142033.514000", "142033.446000", "142033.516000", "142033.448000", "142033.518000", "142033.450000", "142033.520000", "142033.451000", "142033.522000", "142033.453000", "142033.523000", "142033.455000", "142033.525000", "142033.457000", "142033.527000", "142033.459000", "142033.529000", "142033.461000", "142033.531000", "142033.463000", "142033.532000", "142033.464000", "142033.534000", "142033.466000", "142033.536000", "142033.468000", "142033.538000", "142033.470000", "142033.540000", "142033.472000", "142033.542000", "142033.474000", "142033.543000", "142033.476000", "142033.545000", "142033.478000", "142033.547000", "142033.480000", "142033.549000", "142033.482000"], "InstanceNumber": [1, 2, 3, 4, 5, 6, 7, 8, 9, 10, 11, 12, 13, 14, 15, 16, 17, 18, 19, 20, 21, 22, 23, 24, 25, 26, 27, 28, 29, 30, 31, 32, 33, 34, 35, 36, 37, 38, 39, 40, 41, 42, 43, 44, 45, 46, 47, 48, 49, 50, 51, 52, 53, 54, 55, 56, 57, 58, 59, 60, 61, 62, 63, 64, 65, 66, 67, 68, 69, 70, 71, 72], "LargestImagePixelValue": [4095, 4095, 4095, 4093, 4095, 4093, 4093, 4095, 4095, 4095, 4094, 4094, 4094, 4094, 4094, 4095, 4095, 4094, 4092, 4091, 4095, 4093, 4095, 4094, 4094, 4095, 4093, 4091, 4094, 4093, 4088, 4085, 4090, 4094, 4083, 4089, 4090, 4092, 4091, 4092, 4094, 4094, 4091, 4084, 4094, 4094, 4095, 4088, 4092, 4091, 4093, 4091, 4091, 4093, 4089, 4090, 4089, 4094, 4091, 4095, 4095, 4094, 4094, 4094, 4095, 4094, 4094, 4095, 4094, 4095, 4094, 4095], "SliceLocation": [-67.776164598643, -65.776161654757, -63.776162593264, -61.776163458744, -59.776160524674, -57.776161390153, -55.776162318844, -53.77616319414, -51.776160250254, -49.776161188761, -47.77616205424, -45.776162924628, -43.77615998565, -41.776160919249, -39.776161789637, -37.776162660024, -35.776163530412, -33.776160654645, -31.776161520125, -29.776162390512, -27.776161387823, -25.77616225821, -23.776161255521, -21.776162123455, -19.776161120765, -17.776161991153, -15.776161940805, -13.776161888002, -11.776161806049, -9.7761617557005, -7.7761616725197, -5.7761616215581, -3.7761617770762, -1.7761617261145, 0.22383823756342, 2.223838169329, 4.2238382518963, 6.2238383034714, 8.2238379092545, 10.22383796083, 12.223838042783, 14.223838093132, 16.223838177539, 18.223839180229, 20.223838309841, 22.223837407848, 24.223838410537, 26.22383754015, 28.223838547747, 30.22383767736, 32.223836775366, 34.223839714344, 36.223838812351, 38.223837941964, 40.22383703997, 42.223839983856, 44.223839081863, 46.223838211475, 48.223837309482, 50.223836444002, 52.223839346467, 54.223838480987, 56.223837574086, 58.223836677001, 60.223839611071, 62.223838713985, 64.223837848506, 66.22384075097, 68.223836076125, 70.223838978589, 72.223841922475, 74.223837206208], "SmallestImagePixelValue": [0, 0, 0, 0, 0, 0, 0, 0, 0, 0, 0, 3, 0, 2, 0, 0, 1, 0, 1, 2, 0, 0, 0, 1, 4, 0, 1, 0, 1, 0, 2, 10, 0, 1, 5, 3, 8, 0, 3, 0, 0, 1, 0, 0, 1, 4, 3, 0, 1, 7, 2, 3, 0, 6, 0, 2, 1, 0, 0, 4, 0, 0, 0, 0, 0, 3, 0, 0, 0, 0, 0, 0], "WindowCenter": [-208.0, -228.0, -270.0, -212.0, -238.0, -250.0, -254.0, -240.0, -202.0, -192.0, -182.0, -154.0, -144.0, -86.0, -52.0, -14.0, -98.0, -156.0, -184.0, -192.0, -186.0, -198.0, -190.0, -214.0, -210.0, -280.0, -276.0, -290.0, -266.0, -286.0, -262.0, -238.0, -206.0, -186.0, -168.0, -164.0, -160.0, -156.0, -152.0, -134.0, -126.0, -112.0, -94.0, -88.0, -108.0, -114.0, -80.0, -94.0, -100.0, -116.0, -128.0, -106.0, -140.0, -86.0, -84.0, -78.0, -78.0, -66.0, -28.0, -20.0, -30.0, -62.0, -60.0, -90.0, -100.0, -120.0, -204.0, -242.0, -230.0, -260.0, -300.0, -348.0], "WindowWidth": [6086.0, 6274.0, 6248.0, 6274.0, 6164.0, 6198.0, 6150.0, 6214.0, 6198.0, 6168.0, 6126.0, 6212.0, 6220.0, 6268.0, 6268.0, 6288.0, 6220.0, 6148.0, 6050.0, 5986.0, 5928.0, 5834.0, 5764.0, 5682.0, 5696.0, 5416.0, 5544.0, 5492.0, 5582.0, 5354.0, 5374.0, 5468.0, 5562.0, 5524.0, 5550.0, 5540.0, 5478.0, 5474.0, 5442.0, 5428.0, 5430.0, 5414.0, 5412.0, 5406.0, 5274.0, 5194.0, 5354.0, 5286.0, 5302.0, 5132.0, 5124.0, 5274.0, 5156.0, 5340.0, 5432.0, 5350.0, 5294.0, 5442.0, 5552.0, 5524.0, 5636.0, 5654.0, 5690.0, 5714.0, 5800.0, 5842.0, 5920.0, 5984.0, 6046.0, 6120.0, 6286.0, 6290.0]}}, "IntendedFor": ["ses-imagenet01/func/sub-11_ses-imagenet01_task-imagenet_run-10_bold.nii.gz", "ses-imagenet01/func/sub-11_ses-imagenet01_task-imagenet_run-02_bold.nii.gz", "ses-imagenet01/func/sub-11_ses-imagenet01_task-imagenet_run-04_bold.nii.gz", "ses-imagenet01/func/sub-11_ses-imagenet01_task-imagenet_run-09_bold.nii.gz", "ses-imagenet01/func/sub-11_ses-imagenet01_task-imagenet_run-06_bold.nii.gz", "ses-imagenet01/func/sub-11_ses-imagenet01_task-imagenet_run-05_bold.nii.gz", "ses-imagenet01/func/sub-11_ses-imagenet01_task-imagenet_run-07_bold.nii.gz", "ses-imagenet01/func/sub-11_ses-imagenet01_task-imagenet_run-08_bold.nii.gz", "ses-imagenet01/func/sub-11_ses-imagenet01_task-imagenet_run-01_bold.nii.gz", "ses-imagenet01/func/sub-11_ses-imagenet01_task-imagenet_run-03_bold.nii.gz"]}