{
  "AcquisitionMatrixPE": 100,
  "AcquisitionNumber": 1,
  "AcquisitionTime": "15:21:32.325000",
  "BandwidthPerPixelPhaseEncode": 18.519,
  "BaseResolution": 100,
  "BodyPartExamined": "BRAIN",
  "ConsistencyInfo": "N4_VE11C_LATEST_20160120",
  "ConversionSoftware": "dcm2niix",
  "ConversionSoftwareVersion": "v1.0.20180622 GCC4.9.2",
  "DerivedVendorReportedEchoSpacing": 0.000539986,
  "DeviceSerialNumber": "166078",
  "DwellTime": 2.1e-06,
  "EchoTime": 0.034,
  "EchoTrainLength": 100,
  "EffectiveEchoSpacing": 0.000539986,
  "FlipAngle": 90,
  "ImageOrientationPatientDICOM": [1, -6.18849e-05, -0.000551236, 5.85096e-08, 0.993769, -0.11146],
  "ImageType": [
    "ORIGINAL",
    "PRIMARY",
    "M",
    "ND",
    "MOSAIC"
],
  "InPlanePhaseEncodingDirectionDICOM": "COL",
  "InstitutionAddress": "Street_StreetNo_Bei_Jing_District_CN_ZIP",
  "InstitutionName": "BeiJing_Normal_University",
  "InstitutionalDepartmentName": "Department",
  "MRAcquisitionType": "2D",
  "MagneticFieldStrength": 3,
  "Manufacturer": "Siemens",
  "ManufacturersModelName": "Prisma",
  "Modality": "MR",
  "MultibandAccelerationFactor": 3,
  "PartialFourier": 1,
  "PatientPosition": "HFS",
  "PercentPhaseFOV": 100,
  "PhaseEncodingDirection": "j-",
  "PhaseEncodingSteps": 100,
  "PhaseResolution": 1,
  "PixelBandwidth": 2380,
  "ProcedureStepDescription": "BNU_P2018_64CH_Zhen.ZongLei",
  "ProtocolName": "bold_100x100_s3_2x2x2_static_256",
  "PulseSequenceDetails": "%SiemensSeq%_ep2d_bold",
  "ReceiveCoilActiveElements": "HC1-7;NC1",
  "ReceiveCoilName": "HeadNeck_64",
  "ReconMatrixPE": 100,
  "RepetitionTime": 2,
  "SAR": 0.0732644,
  "ScanOptions": "FS",
  "ScanningSequence": "EP",
  "SequenceName": "_epfid2d1_100",
  "SequenceVariant": "SK",
  "SeriesDescription": "bold_100x100_s3_2x2x2_static_256",
  "SeriesNumber": 5,
  "ShimSetting": [-5457, -11500, -1274, 523, 19, -181, -86, 58],
  "SliceThickness": 2,
  "SliceTiming": [1.485, 0, 0.99, 0.0825, 1.0725, 0.165, 1.155, 0.2475, 1.2375, 0.33, 1.32, 0.4125, 1.4025, 0.5775, 1.5675, 0.66, 1.65, 0.7425, 1.7325, 0.825, 1.815, 0.9075, 1.8975, 0.495, 1.485, 0, 0.99, 0.0825, 1.0725, 0.165, 1.155, 0.2475, 1.2375, 0.33, 1.32, 0.4125, 1.4025, 0.5775, 1.5675, 0.66, 1.65, 0.7425, 1.7325, 0.825, 1.815, 0.9075, 1.8975, 0.495, 1.485, 0, 0.99, 0.0825, 1.0725, 0.165, 1.155, 0.2475, 1.2375, 0.33, 1.32, 0.4125, 1.4025, 0.5775, 1.5675, 0.66, 1.65, 0.7425, 1.7325, 0.825, 1.815, 0.9075, 1.8975, 0.495],
  "SoftwareVersions": "syngo_MR_E11",
  "SpacingBetweenSlices": 2,
  "StationName": "AWP166078",
  "TaskName": "naturalvision",
  "TotalReadoutTime": 0.0534586,
  "TxRefAmp": 207.787,
  "dcmmeta_affine": [
    [-1.9999996423721313, 1.1701917657092054e-07, -0.0011093973880633712, 99.79715728759766],
    [0.00012376985978335142, 1.9875378608703613, -0.222920224070549, -87.49750518798828],
    [-0.0011024716077372432, 0.2229202538728714, 1.9875375032424927, -75.5267562866211],
    [0.0, 0.0, 0.0, 1.0]
],
  "dcmmeta_reorient_transform": [
    [0.0, -1.0, 0.0, 99.0],
    [1.0, 0.0, 0.0, 0.0],
    [0.0, 0.0, 1.0, 0.0],
    [0.0, 0.0, 0.0, 1.0]
],
  "dcmmeta_shape": [100, 100, 72, 256],
  "dcmmeta_slice_dim": 2,
  "dcmmeta_version": 0.6,
  "global": {
    "const": {
      "AcquisitionMatrix": [100, 0, 0, 100],
      "AngioFlag": "N",
      "BitsAllocated": 16,
      "BitsStored": 12,
      "BodyPartExamined": "BRAIN",
      "Columns": 900,
      "EchoNumbers": 1,
      "EchoTime": 34.0,
      "EchoTrainLength": 100,
      "FlipAngle": 90.0,
      "HighBit": 11,
      "ImageOrientationPatient": [0.99999984615468, -6.18849293e-05, -0.0005512357769, 5.8509588e-08, 0.99376890693687, -0.1114601256302],
      "ImagePositionPatient": [-899.79709088675, -904.23435962465, 36.151434677948],
      "ImageType": [
        "ORIGINAL",
        "PRIMARY",
        "M",
        "ND",
        "MOSAIC"
],
      "ImagedNucleus": "1H",
      "ImagingFrequency": 123.257766,
      "InPlanePhaseEncodingDirection": "COL",
      "MRAcquisitionType": "2D",
      "MagneticFieldStrength": 3.0,
      "Manufacturer": "SIEMENS",
      "ManufacturerModelName": "Prisma",
      "Modality": "MR",
      "NumberOfAverages": 1.0,
      "NumberOfPhaseEncodingSteps": 100,
      "PercentPhaseFieldOfView": 100.0,
      "PercentSampling": 100.0,
      "PerformedProcedureStepStartTime": "145836.729000",
      "PhotometricInterpretation": "MONOCHROME2",
      "PixelBandwidth": 2380.0,
      "PixelRepresentation": 0,
      "PixelSpacing": [2.0, 2.0],
      "ProtocolName": "bold_100x100_s3_2x2x2_static_256",
      "RepetitionTime": 2000.0,
      "Rows": 900,
      "SAR": 0.0732644290803,
      "SamplesPerPixel": 1,
      "ScanOptions": "FS",
      "ScanningSequence": "EP",
      "SequenceName": "*epfid2d1_100",
      "SequenceVariant": "SK",
      "SeriesDescription": "bold_100x100_s3_2x2x2_static_256",
      "SeriesNumber": 5,
      "SeriesTime": "152134.521000",
      "SliceLocation": -65.359009847354,
      "SliceThickness": 2.0,
      "SmallestImagePixelValue": 0,
      "SoftwareVersions": "syngo MR E11",
      "SpacingBetweenSlices": 2.0000000375584,
      "SpecificCharacterSet": "ISO_IR 100",
      "StudyID": "1",
      "StudyTime": "145836.682000",
      "TransmitCoilName": "Body",
      "VariableFlipAngleFlag": "N",
      "WindowCenterWidthExplanation": "Algo1",
      "dBdt": 0.0},
