{"AcquisitionMatrixPE": 100, "AcquisitionNumber": 1, "AcquisitionTime": "13:46:22.867500", "BaseResolution": 100, "BodyPartExamined": "BRAIN", "ConsistencyInfo": "N4_VE11C_LATEST_20160120", "ConversionSoftware": "dcm2niix", "ConversionSoftwareVersion": "v1.0.20180622 GCC4.9.2", "DeviceSerialNumber": "166078", "DwellTime": 8.8e-06, "EchoNumber": 2, "EchoTime": 0.00738, "EchoTime1": 0.00492, "EchoTime2": 0.00738, "FlipAngle": 60, "ImageOrientationPatientDICOM": [1, 4.73e-12, -1.267e-12, -4.897e-12, 0.965926, -0.258819], "ImageType": ["ORIGINAL", "PRIMARY", "P", "ND"], "InPlanePhaseEncodingDirectionDICOM": "ROW", "InstitutionAddress": "Street_StreetNo_Bei_Jing_District_CN_ZIP", "InstitutionName": "BeiJing_Normal_University", "InstitutionalDepartmentName": "Department", "MRAcquisitionType": "2D", "MagneticFieldStrength": 3, "Manufacturer": "Siemens", "ManufacturersModelName": "Prisma", "Modality": "MR", "PartialFourier": 1, "PatientPosition": "HFS", "PercentPhaseFOV": 100, "PhaseEncodingDirection": "i", "PhaseEncodingSteps": 100, "PhaseResolution": 1, "PixelBandwidth": 570, "ProcedureStepDescription": "BNU_P2018_64CH_Zhen.ZongLei", "ProtocolName": "field_mapping_2x2x2", "PulseSequenceDetails": "%SiemensSeq%_gre_field_mapping", "ReceiveCoilActiveElements": "HC1-7;NC1", "ReceiveCoilName": "HeadNeck_64", "ReconMatrixPE": 100, "RepetitionTime": 0.72, "SAR": 0.121222, "ScanningSequence": "GR", "SequenceName": "_fm2d2r", "SequenceVariant": "SP", "SeriesDescription": "field_mapping_2x2x2", "SeriesNumber": 10, "ShimSetting": [-5457, -11469, -1286, 302, -33, -169, -225, 82], "SliceThickness": 2, "SoftwareVersions": "syngo_MR_E11", "SpacingBetweenSlices": 2, "StationName": "AWP166078", "TxRefAmp": 229.519, "dcmmeta_affine": [[-2.0, -9.79399981254625e-12, 0.0, 100.0], [-9.459999623928628e-12, 1.9318516254425049, -0.5176382064819336, -73.80264282226562], [-2.533999919618335e-12, 0.5176380276679993, 1.9318466186523438, -89.45307922363281], [0.0, 0.0, 0.0, 1.0]], "dcmmeta_reorient_transform": [[0.0, -1.0, 0.0, 99.0], [1.0, 0.0, 0.0, 0.0], [0.0, 0.0, -1.0, 71.0], [0.0, 0.0, 0.0, 1.0]], "dcmmeta_shape": [100, 100, 72], "dcmmeta_slice_dim": 2, "dcmmeta_version": 0.6, "global": {"const": {"AcquisitionMatrix": [0, 100, 100, 0], "AcquisitionNumber": 1, "AngioFlag": "N", "BitsAllocated": 16, "BitsStored": 12, "BodyPartExamined": "BRAIN", "Columns": 100, "EchoNumbers": 2, "EchoTime": 7.38, "EchoTrainLength": 0, "FlipAngle": 60.0, "HighBit": 11, "ImageOrientationPatient": [1.0, 4.73e-12, -1.267e-12, -4.897e-12, 0.96592583162183, -0.2588190252004], "ImageType": ["ORIGINAL", "PRIMARY", "P", "ND"], "ImagedNucleus": "1H", "ImagingFrequency": 123.257754, "InPlanePhaseEncodingDirection": "ROW", "MRAcquisitionType": "2D", "MagneticFieldStrength": 3.0, "Manufacturer": "SIEMENS", "ManufacturerModelName": "Prisma", "Modality": "MR", "NumberOfAverages": 1.0, "NumberOfPhaseEncodingSteps": 100, "PercentPhaseFieldOfView": 100.0, "PercentSampling": 100.0, "PerformedProcedureStepStartTime": "130450.942000", "PhotometricInterpretation": "MONOCHROME2", "PixelBandwidth": 570.0, "PixelRepresentation": 0, "PixelSpacing": [2.0, 2.0], "ProtocolName": "field_mapping_2x2x2", "RepetitionTime": 720.0, "RescaleIntercept": -4096.0, "RescaleSlope": 2.0, "RescaleType": "US", "Rows": 100, "SAR": 0.12122203000221, "SamplesPerPixel": 1, "ScanningSequence": "GR", "SequenceName": "*fm2d2r", "SequenceVariant": "SP", "SeriesDescription": "field_mapping_2x2x2", "SeriesNumber": 10, "SeriesTime": "134847.337000", "SliceThickness": 2.0, "SoftwareVersions": "syngo MR E11", "SpacingBetweenSlices": 2.0, "SpecificCharacterSet": "ISO_IR 100", "StudyID": "1", "StudyTime": "130450.828000", "TransmitCoilName": "Body", "VariableFlipAngleFlag": "N", "WindowCenterWidthExplanation": "Algo1", "dBdt": 0.0}, "slices": {"AcquisitionTime": ["134622.867500", "134622.507500", "134622.877500", "134622.517500", "134622.887500", "134622.527500", "134622.897500", "134622.537500", "134622.907500", "134622.547500", "134622.917500", "134622.557500", "134622.927500", "134622.567500", "134622.937500", "134622.577500", "134622.947500", "134622.587500", "134622.957500", "134622.597500", "134622.967500", "134622.607500", "134622.977500", "134622.617500", "134622.987500", "134622.627500", "134622.997500", "134622.637500", "134623.007500", "134622.647500", "134623.017500", "134622.657500", "134623.027500", "134622.667500", "134623.037500", "134622.677500", "134623.047500", "134622.687500", "134623.057500", "134622.697500", "134623.067500", "134622.707500", "134623.077500", "134622.717500", "134623.087500", "134622.727500", "134623.097500", "134622.737500", "134623.107500", "134622.747500", "134623.117500", "134622.757500", "134623.127500", "134622.767500", "134623.137500", "134622.777500", "134623.147500", "134622.787500", "134623.157500", "134622.797500", "134623.167500", "134622.807500", "134623.177500", "134622.817500", "134623.187500", "134622.827500", "134623.197500", "134622.837500", "134623.207500", "134622.847500", "134623.217500", "134622.857500"], "ContentTime": ["134847.413000", "134847.338000", "134847.416000", "134847.341000", "134847.418000", "134847.342000", "134847.421000", "134847.345000", "134847.422000", "134847.347000", "134847.424000", "134847.349000", "134847.426000", "134847.351000", "134847.428000", "134847.353000", "134847.430000", "134847.355000", "134847.432000", "134847.357000", "134847.434000", "134847.359000", "134847.436000", "134847.361000", "134847.438000", "134847.363000", "134847.440000", "134847.365000", "134847.442000", "134847.367000", "134847.444000", "134847.369000", "134847.446000", "134847.371000", "134847.448000", "134847.373000", "134847.449000", "134847.375000", "134847.451000", "134847.377000", "134847.453000", "134847.379000", "134847.455000", "134847.381000", "134847.457000", "134847.383000", "134847.459000", "134847.385000", "134847.461000", "134847.387000", "134847.463000", "134847.389000", "134847.465000", "134847.391000", "134847.468000", "134847.393000", "134847.470000", "134847.395000", "134847.472000", "134847.397000", "134847.474000", "134847.399000", "134847.476000", "134847.403000", "134847.483000", "134847.405000", "134847.485000", "134847.407000", "134847.487000", "134847.409000", "134847.489000", "134847.411000"], "CsaImage.GSWDDataType": ["measured", "predicted", "measured", "predicted", "measured", "predicted", "measured", "predicted", "measured", "predicted", "measured", "predicted", "measured", "predicted", "measured", "predicted", "measured", "predicted", "measured", "predicted", "measured", "predicted", "measured", "predicted", "measured", "predicted", "measured", "predicted", "measured", "predicted", "measured", "predicted", "measured", "predicted", "measured", "predicted", "measured", "predicted", "measured", "predicted", "measured", "predicted", "measured", "predicted", "measured", "predicted", "measured", "predicted", "measured", "predicted", "measured", "predicted", "measured", "predicted", "measured", "predicted", "measured", "predicted", "measured", "predicted", "measured", "predicted", "measured", "predicted", "measured", "predicted", "measured", "predicted", "measured", "predicted", "measured", "measured"], "CsaImage.ICE_Dims": ["X_2_1_1_1_1_1_37_1_1_1_1_121", "X_2_1_1_1_1_1_1_1_1_2_1_121", "X_2_1_1_1_1_1_38_1_1_3_1_121", "X_2_1_1_1_1_1_2_1_1_4_1_121", "X_2_1_1_1_1_1_39_1_1_5_1_121", "X_2_1_1_1_1_1_3_1_1_6_1_121", "X_2_1_1_1_1_1_40_1_1_7_1_121", "X_2_1_1_1_1_1_4_1_1_8_1_121", "X_2_1_1_1_1_1_41_1_1_9_1_121", "X_2_1_1_1_1_1_5_1_1_10_1_121", "X_2_1_1_1_1_1_42_1_1_11_1_121", "X_2_1_1_1_1_1_6_1_1_12_1_121", "X_2_1_1_1_1_1_43_1_1_13_1_121", "X_2_1_1_1_1_1_7_1_1_14_1_121", "X_2_1_1_1_1_1_44_1_1_15_1_121", "X_2_1_1_1_1_1_8_1_1_16_1_121", "X_2_1_1_1_1_1_45_1_1_17_1_121", "X_2_1_1_1_1_1_9_1_1_18_1_121", "X_2_1_1_1_1_1_46_1_1_19_1_121", "X_2_1_1_1_1_1_10_1_1_20_1_121", "X_2_1_1_1_1_1_47_1_1_21_1_121", "X_2_1_1_1_1_1_11_1_1_22_1_121", "X_2_1_1_1_1_1_48_1_1_23_1_121", "X_2_1_1_1_1_1_12_1_1_24_1_121", "X_2_1_1_1_1_1_49_1_1_25_1_121", "X_2_1_1_1_1_1_13_1_1_26_1_121", "X_2_1_1_1_1_1_50_1_1_27_1_121", "X_2_1_1_1_1_1_14_1_1_28_1_121", "X_2_1_1_1_1_1_51_1_1_29_1_121", "X_2_1_1_1_1_1_15_1_1_30_1_121", "X_2_1_1_1_1_1_52_1_1_31_1_121", "X_2_1_1_1_1_1_16_1_1_32_1_121", "X_2_1_1_1_1_1_53_1_1_33_1_121", "X_2_1_1_1_1_1_17_1_1_34_1_121", "X_2_1_1_1_1_1_54_1_1_35_1_121", "X_2_1_1_1_1_1_18_1_1_36_1_121", "X_2_1_1_1_1_1_55_1_1_37_1_121", "X_2_1_1_1_1_1_19_1_1_38_1_121", "X_2_1_1_1_1_1_56_1_1_39_1_121", "X_2_1_1_1_1_1_20_1_1_40_1_121", "X_2_1_1_1_1_1_57_1_1_41_1_121", "X_2_1_1_1_1_1_21_1_1_42_1_121", "X_2_1_1_1_1_1_58_1_1_43_1_121", "X_2_1_1_1_1_1_22_1_1_44_1_121", "X_2_1_1_1_1_1_59_1_1_45_1_121", "X_2_1_1_1_1_1_23_1_1_46_1_121", "X_2_1_1_1_1_1_60_1_1_47_1_121", "X_2_1_1_1_1_1_24_1_1_48_1_121", "X_2_1_1_1_1_1_61_1_1_49_1_121", "X_2_1_1_1_1_1_25_1_1_50_1_121", "X_2_1_1_1_1_1_62_1_1_51_1_121", "X_2_1_1_1_1_1_26_1_1_52_1_121", "X_2_1_1_1_1_1_63_1_1_53_1_121", "X_2_1_1_1_1_1_27_1_1_54_1_121", "X_2_1_1_1_1_1_64_1_1_55_1_121", "X_2_1_1_1_1_1_28_1_1_56_1_121", "X_2_1_1_1_1_1_65_1_1_57_1_121", "X_2_1_1_1_1_1_29_1_1_58_1_121", "X_2_1_1_1_1_1_66_1_1_59_1_121", "X_2_1_1_1_1_1_30_1_1_60_1_121", "X_2_1_1_1_1_1_67_1_1_61_1_121", "X_2_1_1_1_1_1_31_1_1_62_1_121", "X_2_1_1_1_1_1_68_1_1_63_1_121", "X_2_1_1_1_1_1_32_1_1_64_1_121", "X_2_1_1_1_1_1_69_1_1_65_1_121", "X_2_1_1_1_1_1_33_1_1_66_1_121", "X_2_1_1_1_1_1_70_1_1_67_1_121", "X_2_1_1_1_1_1_34_1_1_68_1_121", "X_2_1_1_1_1_1_71_1_1_69_1_121", "X_2_1_1_1_1_1_35_1_1_70_1_121", "X_2_1_1_1_1_1_72_1_1_71_1_121", "X_2_1_1_1_1_1_36_1_1_72_1_121"], "CsaImage.ProtocolSliceNumber": [0, 1, 2, 3, 4, 5, 6, 7, 8, 9, 10, 11, 12, 13, 14, 15, 16, 17, 18, 19, 20, 21, 22, 23, 24, 25, 26, 27, 28, 29, 30, 31, 32, 33, 34, 35, 36, 37, 38, 39, 40, 41, 42, 43, 44, 45, 46, 47, 48, 49, 50, 51, 52, 53, 54, 55, 56, 57, 58, 59, 60, 61, 62, 63, 64, 65, 66, 67, 68, 69, 70, 71], "CsaImage.RFSWDDataType": ["measured", "predicted", "measured", "predicted", "measured", "predicted", "measured", "predicted", "measured", "predicted", "measured", "predicted", "measured", "predicted", "measured", "predicted", "measured", "predicted", "measured", "predicted", "measured", "predicted", "measured", "predicted", "measured", "predicted", "measured", "predicted", "measured", "predicted", "measured", "predicted", "measured", "predicted", "measured", "predicted", "measured", "predicted", "measured", "predicted", "measured", "predicted", "measured", "predicted", "measured", "predicted", "measured", "predicted", "measured", "predicted", "measured", "predicted", "measured", "predicted", "measured", "predicted", "measured", "predicted", "measured", "predicted", "measured", "predicted", "measured", "predicted", "measured", "predicted", "measured", "measured", "measured", "measured", "measured", "measured"], "CsaImage.SlicePosition_PCS": [[-100.0, -117.45066307, -38.20726221], [-100.0, -116.93302582, -36.27541178], [-100.0, -116.41538666, -34.34356135], [-100.0, -115.89774941, -32.41171091], [-100.0, -115.38011025, -30.47985667], [-100.0, -114.86247299, -28.54800623], [-100.0, -114.34483383, -26.6161558], [-100.0, -113.82719658, -24.68430155], [-100.0, -113.30955742, -22.75245112], [-100.0, -112.79192017, -20.82060068], [-100.0, -112.27428196, -18.88875025], [-100.0, -111.75664376, -16.956896], [-100.0, -111.23900555, -15.02504557], [-100.0, -110.7213683, -13.09319514], [-100.0, -110.20373009, -11.16134089], [-100.0, -109.68609188, -9.22949045], [-100.0, -109.16845368, -7.29764002], [-100.0, -108.65081547, -5.36578768], [-100.0, -108.13317726, -3.43393534], [-100.0, -107.61553906, -1.502083], [-100.0, -107.09790085, 0.42976743], [-100.0, -106.5802636, 2.36161977], [-100.0, -106.06262539, 4.29347212], [-100.0, -105.54498718, 6.22532255], [-100.0, -105.02734898, 8.15717489], [-100.0, -104.50971077, 10.08902628], [-100.0, -103.99207257, 12.02087766], [-100.0, -103.47443484, 13.95273], [-100.0, -102.95679663, 15.88458139], [-100.0, -102.43915842, 17.81643278], [-100.0, -101.92152022, 19.74828464], [-100.0, -101.40388249, 21.68013651], [-100.0, -100.88624428, 23.61198789], [-100.0, -100.36860607, 25.54383967], [-100.0, -99.85096811, 27.47569126], [-100.0, -99.3333299, 29.40754301], [-100.0, -98.81569193, 31.33939439], [-100.0, -98.29805372, 33.27124626], [-100.0, -97.78041564, 35.20309812], [-100.0, -97.26277755, 37.13494951], [-100.0, -96.74513946, 39.0668009], [-100.0, -96.22750138, 40.99865324], [-100.0, -95.70986329, 42.93050367], [-100.0, -95.1922252, 44.86235601], [-100.0, -94.67458711, 46.79420835], [-100.0, -94.15694903, 48.72605879], [-100.0, -93.63931082, 50.65791113], [-100.0, -93.12167285, 52.58976347], [-100.0, -92.60403465, 54.5216139], [-100.0, -92.08639668, 56.45346624], [-100.0, -91.56875847, 58.38531667], [-100.0, -91.05112026, 60.31717092], [-100.0, -90.53348253, 62.24902136], [-100.0, -90.01584433, 64.18087179], [-100.0, -89.49820612, 66.11272604], [-100.0, -88.98056792, 68.04457647], [-100.0, -88.46293019, 69.9764269], [-100.0, -87.94529198, 71.90828115], [-100.0, -87.42765377, 73.84013159], [-100.0, -86.91001557, 75.77198202], [-100.0, -86.39237736, 77.70383245], [-100.0, -85.87473915, 79.6356867], [-100.0, -85.3571019, 81.56753713], [-100.0, -84.83946369, 83.49938757], [-100.0, -84.32182549, 85.43124181], [-100.0, -83.80418728, 87.36309225], [-100.0, -83.28654907, 89.29494268], [-100.0, -82.76891087, 91.22679693], [-100.0, -82.25127266, 93.15865118], [-100.0, -81.73363446, 95.0904978], [-100.0, -81.2159972, 97.02235204], [-100.0, -80.698359, 98.95419866]], "CsaImage.TimeAfterStart": [1.0825, 0.7225, 1.0925, 0.7325, 1.1025, 0.7425, 1.1125, 0.7525, 1.1225, 0.7625, 1.1325, 0.7725, 1.1425, 0.7825, 1.1525, 0.7925, 1.1625, 0.8025, 1.1725, 0.8125, 1.1825, 0.8225, 1.1925, 0.8325, 1.2025, 0.8425, 1.2125, 0.8525, 1.2225, 0.8625, 1.2325, 0.8725, 1.2425, 0.8825, 1.2525, 0.8925, 1.2625, 0.9025, 1.2725, 0.9125, 1.2825, 0.9225, 1.2925, 0.9325, 1.3025, 0.9425, 1.3125, 0.9525, 1.3225, 0.9625, 1.3325, 0.9725, 1.3425, 0.9825, 1.3525, 0.9925, 1.3625, 1.0025, 1.3725, 1.0125, 1.3825, 1.0225, 1.3925, 1.0325, 1.4025, 1.0425, 1.4125, 1.0525, 1.4225, 1.0625, 1.4325, 1.0725], "ImagePositionPatient": [[-99.99999999951, -117.45066307293, -38.207262213721], [-99.99999999951, -116.93302582013, -36.275411780371], [-99.99999999951, -116.41538665997, -34.343561347022], [-99.99999999951, -115.89774940716, -32.411710913672], [-99.99999999951, -115.38011024701, -30.479856665625], [-99.99999999951, -114.8624729942, -28.548006232276], [-99.99999999951, -114.34483383404, -26.616155798926], [-99.99999999951, -113.82719658124, -24.684301550879], [-99.99999999951, -113.30955742108, -22.75245111753], [-99.99999999951, -112.79192016827, -20.82060068418], [-99.99999999951, -112.27428196179, -18.88875025083], [-99.99999999951, -111.75664375531, -16.956896002784], [-99.99999999951, -111.23900554883, -15.025045569434], [-99.99999999951, -110.72136829602, -13.093195136084], [-99.99999999951, -110.20373008954, -11.161340888037], [-99.99999999951, -109.68609188305, -9.2294904546878], [-99.99999999951, -109.16845367657, -7.2976400213382], [-99.99999999951, -108.65081547009, -5.36578768064], [-99.99999999951, -108.13317726361, -3.4339353399417], [-99.99999999951, -107.61553905713, -1.5020829992435], [-99.99999999951, -107.09790085064, 0.42976743410613], [-99.99999999951, -106.58026359784, 2.3616197748044], [-99.99999999951, -106.06262539135, 4.2934721155026], [-99.99999999951, -105.54498718487, 6.2253225488522], [-99.99999999951, -105.02734897839, 8.1571748895505], [-99.99999999951, -104.50971077191, 10.089026276574], [-99.99999999951, -103.99207256543, 12.020877663598], [-99.99999999951, -103.47443483578, 13.952730004297], [-99.99999999951, -102.9567966293, 15.88458139132], [-99.99999999951, -102.43915842282, 17.816432778344], [-99.99999999951, -101.92152021634, 19.748284642205], [-99.99999999951, -101.40388248669, 21.680136506067], [-99.99999999951, -100.88624428021, 23.611987893091], [-99.99999999951, -100.36860607373, 25.543839667545], [-99.99999999951, -99.850968105664, 27.475691263185], [-99.99999999951, -99.333329899182, 29.407543007837], [-99.99999999951, -98.815691931119, 31.339394394861], [-99.99999999951, -98.298053724637, 33.271246258722], [-99.99999999951, -97.780415637365, 35.203098122583], [-99.99999999951, -97.262777550092, 37.134949509607], [-99.99999999951, -96.745139462819, 39.066800896631], [-99.99999999951, -96.227501375547, 40.998653237329], [-99.99999999951, -95.709863288274, 42.930503670678], [-99.99999999951, -95.192225201001, 44.862356011377], [-99.99999999951, -94.674587113729, 46.794208352075], [-99.99999999951, -94.156949026456, 48.726058785424], [-99.99999999951, -93.639310819974, 50.657911126123], [-99.99999999951, -93.121672851911, 52.589763466821], [-99.99999999951, -92.604034645429, 54.521613900171], [-99.99999999951, -92.086396677365, 56.453466240869], [-99.99999999951, -91.568758470884, 58.385316674218], [-99.99999999951, -91.051120264402, 60.317170922265], [-99.99999999951, -90.533482534757, 62.249021355615], [-99.99999999951, -90.015844328275, 64.180871788965], [-99.99999999951, -89.498206121793, 66.112726037011], [-99.99999999951, -88.980567915311, 68.044576470361], [-99.99999999951, -88.462930185666, 69.976426903711], [-99.99999999951, -87.945291979184, 71.908281151757], [-99.99999999951, -87.427653772702, 73.840131585107], [-99.99999999951, -86.91001556622, 75.771982018457], [-99.99999999951, -86.392377359739, 77.703832451806], [-99.99999999951, -85.874739153257, 79.635686699853], [-99.99999999951, -85.357101900449, 81.567537133203], [-99.99999999951, -84.839463693967, 83.499387566552], [-99.99999999951, -84.321825487485, 85.431241814599], [-99.99999999951, -83.804187281003, 87.363092247949], [-99.99999999951, -83.286549074521, 89.294942681299], [-99.99999999951, -82.768910868039, 91.226796929345], [-99.99999999951, -82.251272661557, 93.158651177392], [-99.99999999951, -81.733634455075, 95.090497796045], [-99.99999999951, -81.215997202268, 97.022352044091], [-99.99999999951, -80.698358995786, 98.954198662744]], "InstanceCreationTime": ["134847.413000", "134847.338000", "134847.416000", "134847.341000", "134847.418000", "134847.342000", "134847.421000", "134847.345000", "134847.422000", "134847.347000", "134847.424000", "134847.349000", "134847.426000", "134847.351000", "134847.428000", "134847.353000", "134847.430000", "134847.355000", "134847.432000", "134847.357000", "134847.434000", "134847.359000", "134847.436000", "134847.361000", "134847.438000", "134847.363000", "134847.440000", "134847.365000", "134847.442000", "134847.367000", "134847.444000", "134847.369000", "134847.446000", "134847.371000", "134847.448000", "134847.373000", "134847.449000", "134847.375000", "134847.451000", "134847.377000", "134847.453000", "134847.379000", "134847.455000", "134847.381000", "134847.457000", "134847.383000", "134847.459000", "134847.385000", "134847.461000", "134847.387000", "134847.463000", "134847.389000", "134847.465000", "134847.391000", "134847.468000", "134847.393000", "134847.470000", "134847.395000", "134847.472000", "134847.397000", "134847.474000", "134847.399000", "134847.476000", "134847.403000", "134847.483000", "134847.405000", "134847.485000", "134847.407000", "134847.487000", "134847.409000", "134847.489000", "134847.411000"], "InstanceNumber": [1, 2, 3, 4, 5, 6, 7, 8, 9, 10, 11, 12, 13, 14, 15, 16, 17, 18, 19, 20, 21, 22, 23, 24, 25, 26, 27, 28, 29, 30, 31, 32, 33, 34, 35, 36, 37, 38, 39, 40, 41, 42, 43, 44, 45, 46, 47, 48, 49, 50, 51, 52, 53, 54, 55, 56, 57, 58, 59, 60, 61, 62, 63, 64, 65, 66, 67, 68, 69, 70, 71, 72], "LargestImagePixelValue": [4093, 4095, 4093, 4094, 4094, 4092, 4094, 4095, 4095, 4094, 4093, 4092, 4095, 4091, 4094, 4093, 4095, 4091, 4094, 4094, 4094, 4092, 4093, 4094, 4094, 4094, 4093, 4087, 4092, 4091, 4083, 4094, 4095, 4093, 4093, 4094, 4092, 4095, 4095, 4091, 4090, 4090, 4094, 4090, 4093, 4094, 4088, 4093, 4089, 4086, 4091, 4095, 4092, 4094, 4093, 4088, 4092, 4094, 4092, 4094, 4095, 4095, 4095, 4094, 4094, 4095, 4094, 4093, 4093, 4095, 4094, 4094], "SliceLocation": [-67.303847653458, -65.303849047877, -63.303849948637, -61.303851343056, -59.303848559102, -57.303849953521, -55.303850854281, -53.303848563985, -51.303849464746, -49.303850859165, -47.303852006754, -45.303849469629, -43.303850617219, -41.303852011638, -39.303849474513, -37.303850622102, -35.303851769692, -33.303851074924, -31.303850380157, -29.303849685389, -27.303850832979, -25.30385038504, -23.303849690272, -21.303850837862, -19.303850143094, -17.303850369505, -15.303850595916, -13.303850024563, -11.303850250974, -9.3038504773854, -7.303850243207, -5.3038501324432, -3.3038503588542, -1.3038502110364, 0.69614970235316, 2.6961498213842, 4.6961495332659, 6.6961497674442, 8.6961499707689, 10.696149713504, 12.69614945624, 14.696150120154, 16.69614894171, 18.696149605624, 20.696150269538, 22.696149091095, 24.696149785863, 26.696150418923, 28.696149271334, 30.696149904394, 32.696148756804, 34.696151293929, 36.696150022925, 38.696148875335, 40.69615141246, 42.696150264871, 44.696148993867, 46.696151530992, 48.696150383402, 50.696149235812, 52.696148088223, 54.696150625347, 56.696149230929, 58.696148083339, 60.696150620464, 62.696149472874, 64.696148325285, 66.69615086241, 68.696153399535, 70.69614856723, 72.696150857526, 74.696146025222], "SmallestImagePixelValue": [0, 0, 0, 1, 0, 0, 0, 0, 2, 1, 0, 0, 1, 0, 3, 0, 0, 0, 1, 0, 0, 0, 0, 0, 3, 1, 0, 3, 3, 4, 0, 0, 2, 6, 0, 3, 0, 0, 0, 0, 1, 2, 0, 0, 0, 0, 0, 9, 0, 1, 0, 2, 0, 0, 4, 1, 1, 0, 0, 1, 3, 0, 2, 1, 0, 1, 0, 0, 4, 0, 0, 0], "WindowCenter": [-292.0, -306.0, -356.0, -372.0, -344.0, -356.0, -372.0, -300.0, -236.0, -222.0, -198.0, -226.0, -172.0, -160.0, -196.0, -214.0, -232.0, -248.0, -236.0, -220.0, -236.0, -244.0, -236.0, -220.0, -170.0, -158.0, -130.0, -120.0, -120.0, -98.0, -110.0, -88.0, -110.0, -116.0, -128.0, -130.0, -98.0, -154.0, -110.0, -90.0, -234.0, -226.0, -68.0, -46.0, -80.0, -174.0, -36.0, -32.0, -48.0, -22.0, -6.0, -32.0, -198.0, -42.0, -74.0, -52.0, -54.0, -50.0, -56.0, -50.0, -86.0, -96.0, -132.0, -142.0, -194.0, -258.0, -252.0, -244.0, -272.0, -240.0, -234.0, -294.0], "WindowWidth": [6186.0, 6272.0, 6182.0, 6154.0, 6154.0, 6164.0, 6158.0, 6164.0, 6204.0, 6166.0, 6200.0, 6178.0, 6264.0, 6286.0, 6266.0, 6222.0, 6158.0, 6132.0, 6050.0, 5990.0, 5872.0, 5776.0, 5772.0, 5754.0, 5780.0, 5742.0, 5738.0, 5672.0, 5608.0, 5588.0, 5548.0, 5574.0, 5520.0, 5454.0, 5424.0, 5366.0, 5400.0, 4978.0, 5262.0, 5244.0, 4602.0, 4604.0, 5302.0, 5278.0, 5000.0, 4574.0, 5188.0, 5180.0, 5074.0, 5220.0, 5358.0, 5250.0, 4618.0, 5418.0, 5274.0, 5458.0, 5432.0, 5506.0, 5496.0, 5604.0, 5626.0, 5706.0, 5736.0, 5794.0, 5874.0, 5822.0, 5922.0, 5990.0, 6042.0, 6154.0, 6152.0, 6150.0]}}, "IntendedFor": ["ses-floc/func/sub-07_ses-floc_task-floc_run-05_bold.nii.gz", "ses-floc/func/sub-07_ses-floc_task-floc_run-03_bold.nii.gz", "ses-floc/func/sub-07_ses-floc_task-floc_run-01_bold.nii.gz", "ses-floc/func/sub-07_ses-floc_task-floc_run-02_bold.nii.gz", "ses-floc/func/sub-07_ses-floc_task-floc_run-04_bold.nii.gz"]}