{"AcquisitionMatrixPE": 100, "AcquisitionNumber": 1, "AcquisitionTime": "09:57:11.362500", "BaseResolution": 100, "BodyPartExamined": "BRAIN", "ConsistencyInfo": "N4_VE11C_LATEST_20160120", "ConversionSoftware": "dcm2niix", "ConversionSoftwareVersion": "v1.0.20180622 GCC4.9.2", "DeviceSerialNumber": "166078", "DwellTime": 8.8e-06, "EchoNumber": 2, "EchoTime": 0.00738, "EchoTime1": 0.00492, "EchoTime2": 0.00738, "FlipAngle": 60, "ImageOrientationPatientDICOM": [1, 0, 0, 0, 0.995396, -0.0958458], "ImageType": ["ORIGINAL", "PRIMARY", "P", "ND"], "InPlanePhaseEncodingDirectionDICOM": "ROW", "InstitutionAddress": "Street_StreetNo_Bei_Jing_District_CN_ZIP", "InstitutionName": "BeiJing_Normal_University", "InstitutionalDepartmentName": "Department", "MRAcquisitionType": "2D", "MagneticFieldStrength": 3, "Manufacturer": "Siemens", "ManufacturersModelName": "Prisma", "Modality": "MR", "PartialFourier": 1, "PatientPosition": "HFS", "PercentPhaseFOV": 100, "PhaseEncodingDirection": "i", "PhaseEncodingSteps": 100, "PhaseResolution": 1, "PixelBandwidth": 570, "ProcedureStepDescription": "BNU_P2018_64CH_Zhen.ZongLei", "ProtocolName": "field_mapping_2x2x2", "PulseSequenceDetails": "%SiemensSeq%_gre_field_mapping", "ReceiveCoilActiveElements": "HC1-7;NC1", "ReceiveCoilName": "HeadNeck_64", "ReconMatrixPE": 100, "RepetitionTime": 0.72, "SAR": 0.129362, "ScanningSequence": "GR", "SequenceName": "_fm2d2r", "SequenceVariant": "SP", "SeriesDescription": "field_mapping_2x2x2", "SeriesNumber": 9, "ShimSetting": [-5454, -11495, -1248, 141, -61, -307, -206, 57], "SliceThickness": 2, "SoftwareVersions": "syngo_MR_E11", "SpacingBetweenSlices": 2, "StationName": "AWP166078", "TxRefAmp": 245.379, "dcmmeta_affine": [[-2.0, 0.0, 0.0, 102.02409362792969], [0.0, 1.9907923936843872, -0.19169139862060547, -88.43535614013672], [0.0, 0.19169150292873383, 1.9907913208007812, -78.9671401977539], [0.0, 0.0, 0.0, 1.0]], "dcmmeta_reorient_transform": [[0.0, -1.0, 0.0, 99.0], [1.0, 0.0, 0.0, 0.0], [0.0, 0.0, -1.0, 71.0], [0.0, 0.0, 0.0, 1.0]], "dcmmeta_shape": [100, 100, 72], "dcmmeta_slice_dim": 2, "dcmmeta_version": 0.6, "global": {"const": {"AcquisitionMatrix": [0, 100, 100, 0], "AcquisitionNumber": 1, "AngioFlag": "N", "BitsAllocated": 16, "BitsStored": 12, "BodyPartExamined": "BRAIN", "Columns": 100, "EchoNumbers": 2, "EchoTime": 7.38, "EchoTrainLength": 0, "FlipAngle": 60.0, "HighBit": 11, "ImageOrientationPatient": [1.0, 0.0, 0.0, 0.0, 0.995396198158, -0.0958457546926], "ImageType": ["ORIGINAL", "PRIMARY", "P", "ND"], "ImagedNucleus": "1H", "ImagingFrequency": 123.257768, "InPlanePhaseEncodingDirection": "ROW", "MRAcquisitionType": "2D", "MagneticFieldStrength": 3.0, "Manufacturer": "SIEMENS", "ManufacturerModelName": "Prisma", "Modality": "MR", "NumberOfAverages": 1.0, "NumberOfPhaseEncodingSteps": 100, "PercentPhaseFieldOfView": 100.0, "PercentSampling": 100.0, "PerformedProcedureStepStartTime": "085838.769000", "PhotometricInterpretation": "MONOCHROME2", "PixelBandwidth": 570.0, "PixelRepresentation": 0, "PixelSpacing": [2.0, 2.0], "ProtocolName": "field_mapping_2x2x2", "RepetitionTime": 720.0, "RescaleIntercept": -4096.0, "RescaleSlope": 2.0, "RescaleType": "US", "Rows": 100, "SAR": 0.12936242722144, "SamplesPerPixel": 1, "ScanningSequence": "GR", "SequenceName": "*fm2d2r", "SequenceVariant": "SP", "SeriesDescription": "field_mapping_2x2x2", "SeriesNumber": 9, "SeriesTime": "095936.237000", "SliceThickness": 2.0, "SoftwareVersions": "syngo MR E11", "SpacingBetweenSlices": 2.0, "SpecificCharacterSet": "ISO_IR 100", "StudyID": "1", "StudyTime": "085838.642000", "TransmitCoilName": "Body", "VariableFlipAngleFlag": "N", "WindowCenterWidthExplanation": "Algo1", "dBdt": 0.0}, "slices": {"AcquisitionTime": ["095711.362500", "095711.002500", "095711.372500", "095711.012500", "095711.382500", "095711.022500", "095711.392500", "095711.032500", "095711.402500", "095711.042500", "095711.412500", "095711.052500", "095711.422500", "095711.062500", "095711.432500", "095711.072500", "095711.442500", "095711.082500", "095711.452500", "095711.092500", "095711.462500", "095711.102500", "095711.472500", "095711.112500", "095711.482500", "095711.122500", "095711.492500", "095711.132500", "095711.502500", "095711.142500", "095711.512500", "095711.152500", "095711.522500", "095711.162500", "095711.532500", "095711.172500", "095711.542500", "095711.182500", "095711.552500", "095711.192500", "095711.562500", "095711.202500", "095711.572500", "095711.212500", "095711.582500", "095711.222500", "095711.592500", "095711.232500", "095711.602500", "095711.242500", "095711.612500", "095711.252500", "095711.622500", "095711.262500", "095711.632500", "095711.272500", "095711.642500", "095711.282500", "095711.652500", "095711.292500", "095711.662500", "095711.302500", "095711.672500", "095711.312500", "095711.682500", "095711.322500", "095711.692500", "095711.332500", "095711.702500", "095711.342500", "095711.712500", "095711.352500"], "ContentTime": ["095936.439000", "095936.240000", "095936.441000", "095936.348000", "095936.443000", "095936.350000", "095936.445000", "095936.351000", "095936.447000", "095936.353000", "095936.449000", "095936.355000", "095936.452000", "095936.357000", "095936.454000", "095936.359000", "095936.457000", "095936.361000", "095936.459000", "095936.363000", "095936.461000", "095936.366000", "095936.463000", "095936.368000", "095936.465000", "095936.370000", "095936.476000", "095936.380000", "095936.478000", "095936.382000", "095936.480000", "095936.384000", "095936.482000", "095936.386000", "095936.484000", "095936.388000", "095936.486000", "095936.390000", "095936.488000", "095936.392000", "095936.572000", "095936.394000", "095936.574000", "095936.397000", "095936.576000", "095936.400000", "095936.578000", "095936.403000", "095936.580000", "095936.407000", "095936.582000", "095936.413000", "095936.584000", "095936.416000", "095936.586000", "095936.418000", "095936.588000", "095936.422000", "095936.590000", "095936.424000", "095936.592000", "095936.426000", "095936.594000", "095936.429000", "095936.596000", "095936.431000", "095936.597000", "095936.433000", "095936.599000", "095936.435000", "095936.601000", "095936.437000"], "CsaImage.GSWDDataType": ["measured", "predicted", "measured", "predicted", "measured", "predicted", "measured", "predicted", "measured", "predicted", "measured", "predicted", "measured", "predicted", "measured", "predicted", "measured", "predicted", "measured", "predicted", "measured", "predicted", "measured", "predicted", "measured", "predicted", "measured", "predicted", "measured", "predicted", "measured", "predicted", "measured", "predicted", "measured", "predicted", "measured", "predicted", "measured", "predicted", "measured", "predicted", "measured", "predicted", "measured", "predicted", "measured", "predicted", "measured", "predicted", "measured", "predicted", "measured", "predicted", "measured", "predicted", "measured", "predicted", "measured", "predicted", "measured", "predicted", "measured", "measured", "measured", "measured", "measured", "measured", "measured", "measured", "measured", "measured"], "CsaImage.ICE_Dims": ["X_2_1_1_1_1_1_37_1_1_1_1_30", "X_2_1_1_1_1_1_1_1_1_2_1_30", "X_2_1_1_1_1_1_38_1_1_3_1_30", "X_2_1_1_1_1_1_2_1_1_4_1_30", "X_2_1_1_1_1_1_39_1_1_5_1_30", "X_2_1_1_1_1_1_3_1_1_6_1_30", "X_2_1_1_1_1_1_40_1_1_7_1_30", "X_2_1_1_1_1_1_4_1_1_8_1_30", "X_2_1_1_1_1_1_41_1_1_9_1_30", "X_2_1_1_1_1_1_5_1_1_10_1_30", "X_2_1_1_1_1_1_42_1_1_11_1_30", "X_2_1_1_1_1_1_6_1_1_12_1_30", "X_2_1_1_1_1_1_43_1_1_13_1_30", "X_2_1_1_1_1_1_7_1_1_14_1_30", "X_2_1_1_1_1_1_44_1_1_15_1_30", "X_2_1_1_1_1_1_8_1_1_16_1_30", "X_2_1_1_1_1_1_45_1_1_17_1_30", "X_2_1_1_1_1_1_9_1_1_18_1_30", "X_2_1_1_1_1_1_46_1_1_19_1_30", "X_2_1_1_1_1_1_10_1_1_20_1_30", "X_2_1_1_1_1_1_47_1_1_21_1_30", "X_2_1_1_1_1_1_11_1_1_22_1_30", "X_2_1_1_1_1_1_48_1_1_23_1_30", "X_2_1_1_1_1_1_12_1_1_24_1_30", "X_2_1_1_1_1_1_49_1_1_25_1_30", "X_2_1_1_1_1_1_13_1_1_26_1_30", "X_2_1_1_1_1_1_50_1_1_27_1_30", "X_2_1_1_1_1_1_14_1_1_28_1_30", "X_2_1_1_1_1_1_51_1_1_29_1_30", "X_2_1_1_1_1_1_15_1_1_30_1_30", "X_2_1_1_1_1_1_52_1_1_31_1_30", "X_2_1_1_1_1_1_16_1_1_32_1_30", "X_2_1_1_1_1_1_53_1_1_33_1_30", "X_2_1_1_1_1_1_17_1_1_34_1_30", "X_2_1_1_1_1_1_54_1_1_35_1_30", "X_2_1_1_1_1_1_18_1_1_36_1_30", "X_2_1_1_1_1_1_55_1_1_37_1_30", "X_2_1_1_1_1_1_19_1_1_38_1_30", "X_2_1_1_1_1_1_56_1_1_39_1_30", "X_2_1_1_1_1_1_20_1_1_40_1_30", "X_2_1_1_1_1_1_57_1_1_41_1_30", "X_2_1_1_1_1_1_21_1_1_42_1_30", "X_2_1_1_1_1_1_58_1_1_43_1_30", "X_2_1_1_1_1_1_22_1_1_44_1_30", "X_2_1_1_1_1_1_59_1_1_45_1_30", "X_2_1_1_1_1_1_23_1_1_46_1_30", "X_2_1_1_1_1_1_60_1_1_47_1_30", "X_2_1_1_1_1_1_24_1_1_48_1_30", "X_2_1_1_1_1_1_61_1_1_49_1_30", "X_2_1_1_1_1_1_25_1_1_50_1_30", "X_2_1_1_1_1_1_62_1_1_51_1_30", "X_2_1_1_1_1_1_26_1_1_52_1_30", "X_2_1_1_1_1_1_63_1_1_53_1_30", "X_2_1_1_1_1_1_27_1_1_54_1_30", "X_2_1_1_1_1_1_64_1_1_55_1_30", "X_2_1_1_1_1_1_28_1_1_56_1_30", "X_2_1_1_1_1_1_65_1_1_57_1_30", "X_2_1_1_1_1_1_29_1_1_58_1_30", "X_2_1_1_1_1_1_66_1_1_59_1_30", "X_2_1_1_1_1_1_30_1_1_60_1_30", "X_2_1_1_1_1_1_67_1_1_61_1_30", "X_2_1_1_1_1_1_31_1_1_62_1_30", "X_2_1_1_1_1_1_68_1_1_63_1_30", "X_2_1_1_1_1_1_32_1_1_64_1_30", "X_2_1_1_1_1_1_69_1_1_65_1_30", "X_2_1_1_1_1_1_33_1_1_66_1_30", "X_2_1_1_1_1_1_70_1_1_67_1_30", "X_2_1_1_1_1_1_34_1_1_68_1_30", "X_2_1_1_1_1_1_71_1_1_69_1_30", "X_2_1_1_1_1_1_35_1_1_70_1_30", "X_2_1_1_1_1_1_72_1_1_71_1_30", "X_2_1_1_1_1_1_36_1_1_72_1_30"], "CsaImage.ProtocolSliceNumber": [0, 1, 2, 3, 4, 5, 6, 7, 8, 9, 10, 11, 12, 13, 14, 15, 16, 17, 18, 19, 20, 21, 22, 23, 24, 25, 26, 27, 28, 29, 30, 31, 32, 33, 34, 35, 36, 37, 38, 39, 40, 41, 42, 43, 44, 45, 46, 47, 48, 49, 50, 51, 52, 53, 54, 55, 56, 57, 58, 59, 60, 61, 62, 63, 64, 65, 66, 67, 68, 69, 70, 71], "CsaImage.RFSWDDataType": ["measured", "predicted", "measured", "predicted", "measured", "predicted", "measured", "predicted", "measured", "predicted", "measured", "predicted", "measured", "predicted", "measured", "predicted", "measured", "predicted", "measured", "predicted", "measured", "predicted", "measured", "predicted", "measured", "predicted", "measured", "predicted", "measured", "predicted", "measured", "predicted", "measured", "predicted", "measured", "predicted", "measured", "predicted", "measured", "predicted", "measured", "predicted", "measured", "predicted", "measured", "predicted", "measured", "predicted", "measured", "predicted", "measured", "predicted", "measured", "predicted", "measured", "predicted", "measured", "predicted", "measured", "measured", "measured", "measured", "measured", "measured", "measured", "measured", "measured", "measured", "measured", "measured", "measured", "measured"], "CsaImage.SlicePosition_PCS": [[-102.02409649, -108.65310229, -59.98975772], [-102.02409649, -108.46141089, -57.9989664], [-102.02409649, -108.26971854, -56.00817508], [-102.02409649, -108.07802714, -54.01738376], [-102.02409649, -107.88633574, -52.02658862], [-102.02409649, -107.69464434, -50.0357973], [-102.02409649, -107.50295295, -48.04500598], [-102.02409649, -107.31126155, -46.05421085], [-102.02409649, -107.11957015, -44.06341953], [-102.02409649, -106.92787827, -42.07262821], [-102.02409649, -106.73618687, -40.08183688], [-102.02409649, -106.54449548, -38.09104175], [-102.02409649, -106.35280408, -36.10025043], [-102.02409649, -106.1611122, -34.10945911], [-102.02409649, -105.9694208, -32.11866779], [-102.02409649, -105.7777294, -30.12787265], [-102.02409649, -105.58603801, -28.13708133], [-102.02409649, -105.39434661, -26.14629001], [-102.02409649, -105.20265473, -24.15549487], [-102.02409649, -105.01096333, -22.16470355], [-102.02409649, -104.81927193, -20.17391223], [-102.02409649, -104.62758054, -18.183119], [-102.02409649, -104.43588866, -16.19232578], [-102.02409649, -104.24419726, -14.20153446], [-102.02409649, -104.05250586, -12.21074123], [-102.02409649, -103.86081446, -10.21994991], [-102.02409649, -103.66912307, -8.22915668], [-102.02409649, -103.47743143, -6.2383644], [-102.02409649, -103.28573979, -4.24757213], [-102.02409649, -103.09404839, -2.25677985], [-102.02409649, -102.90235676, -0.26598758], [-102.02409649, -102.71066536, 1.72480469], [-102.02409649, -102.51897372, 3.71559745], [-102.02409649, -102.32728232, 5.70638972], [-102.02409649, -102.13559092, 7.69718211], [-102.02409649, -101.94389929, 9.68797445], [-102.02409649, -101.75220789, 11.67876678], [-102.02409649, -101.56051625, 13.66955929], [-102.02409649, -101.36882473, 15.66035157], [-102.02409649, -101.17713333, 17.65114384], [-102.02409649, -100.98544182, 19.64193612], [-102.02409649, -100.7937503, 21.63272839], [-102.02409649, -100.60205878, 23.62352162], [-102.02409649, -100.41036726, 25.61431294], [-102.02409649, -100.21867574, 27.60510617], [-102.02409649, -100.02698426, 29.59589749], [-102.02409649, -99.83529274, 31.58669072], [-102.02409649, -99.64360124, 33.57748395], [-102.02409649, -99.45190974, 35.56827527], [-102.02409649, -99.26021825, 37.5590685], [-102.02409649, -99.06852673, 39.54985982], [-102.02409649, -98.87683524, 41.54065304], [-102.02409649, -98.68514372, 43.53144437], [-102.02409649, -98.4934522, 45.5222395], [-102.02409649, -98.30176069, 47.51303082], [-102.02409649, -98.11006917, 49.50382214], [-102.02409649, -97.91837765, 51.49461346], [-102.02409649, -97.72668625, 53.4854086], [-102.02409649, -97.53499473, 55.47619992], [-102.02409649, -97.3433031, 57.46699124], [-102.02409649, -97.1516117, 59.45778256], [-102.02409649, -96.95992006, 61.4485777], [-102.02409649, -96.76822866, 63.43936902], [-102.02409649, -96.57653726, 65.43016034], [-102.02409649, -96.38484563, 67.42095547], [-102.02409649, -96.19315423, 69.41174679], [-102.02409649, -96.00146259, 71.40253812], [-102.02409649, -95.80977119, 73.39332944], [-102.02409649, -95.61807956, 75.38412076], [-102.02409649, -95.42638816, 77.37491971], [-102.02409649, -95.23469676, 79.36571103], [-102.02409649, -95.04300536, 81.35650235]], "CsaImage.TimeAfterStart": [1.0825, 0.7225, 1.0925, 0.7325, 1.1025, 0.7425, 1.1125, 0.7525, 1.1225, 0.7625, 1.1325, 0.7725, 1.1425, 0.7825, 1.1525, 0.7925, 1.1625, 0.8025, 1.1725, 0.8125, 1.1825, 0.8225, 1.1925, 0.8325, 1.2025, 0.8425, 1.2125, 0.8525, 1.2225, 0.8625, 1.2325, 0.8725, 1.2425, 0.8825, 1.2525, 0.8925, 1.2625, 0.9025, 1.2725, 0.9125, 1.2825, 0.9225, 1.2925, 0.9325, 1.3025, 0.9425, 1.3125, 0.9525, 1.3225, 0.9625, 1.3325, 0.9725, 1.3425, 0.9825, 1.3525, 0.9925, 1.3625, 1.0025, 1.3725, 1.0125, 1.3825, 1.0225, 1.3925, 1.0325, 1.4025, 1.0425, 1.4125, 1.0525, 1.4225, 1.0625, 1.4325, 1.0725], "ImagePositionPatient": [[-102.02409648895, -108.65310229108, -59.989757721654], [-102.02409648895, -108.46141089246, -57.998966400854], [-102.02409648895, -108.26971854017, -56.008175080053], [-102.02409648895, -108.07802714154, -54.017383759252], [-102.02409648895, -107.88633574292, -52.026588623754], [-102.02409648895, -107.6946443443, -50.035797302953], [-102.02409648895, -107.50295294568, -48.045005982153], [-102.02409648895, -107.31126154706, -46.054210846654], [-102.02409648895, -107.11957014844, -44.063419525854], [-102.02409648895, -106.92787827298, -42.072628205053], [-102.02409648895, -106.73618687436, -40.081836884252], [-102.02409648895, -106.54449547574, -38.091041748754], [-102.02409648895, -106.35280407712, -36.100250427953], [-102.02409648895, -106.16111220166, -34.109459107153], [-102.02409648895, -105.96942080304, -32.118667786352], [-102.02409648895, -105.77772940442, -30.127872650854], [-102.02409648895, -105.5860380058, -28.137081330053], [-102.02409648895, -105.39434660718, -26.146290009252], [-102.02409648895, -105.20265473172, -24.155494873754], [-102.02409648895, -105.0109633331, -22.164703552953], [-102.02409648895, -104.81927193448, -20.173912232153], [-102.02409648895, -104.62758053586, -18.183119004003], [-102.02409648895, -104.4358886604, -16.192325775854], [-102.02409648895, -104.24419726178, -14.201534455053], [-102.02409648895, -104.05250586316, -12.210741226903], [-102.02409648895, -103.86081446454, -10.219949906103], [-102.02409648895, -103.66912306592, -8.2291566779533], [-102.02409648895, -103.47743142888, -6.2383644034782], [-102.02409648895, -103.28573979184, -4.2475721290031], [-102.02409648895, -103.09404839322, -2.256779854528], [-102.02409648895, -102.90235675618, -0.2659875800529], [-102.02409648895, -102.71066535756, 1.7248046944222], [-102.02409648895, -102.51897372052, 3.7155974457344], [-102.02409648895, -102.3272823219, 5.7063897202095], [-102.02409648895, -102.13559092328, 7.6971821138939], [-102.02409648895, -101.94389928624, 9.6879744479737], [-102.02409648895, -101.75220788762, 11.678766782053], [-102.02409648895, -101.56051625058, 13.669559294947], [-102.02409648895, -101.36882473275, 15.660351569422], [-102.02409648895, -101.17713333413, 17.651143843897], [-102.02409648895, -100.9854418163, 19.641936118372], [-102.02409648895, -100.79375029847, 21.632728392847], [-102.02409648895, -100.60205878064, 23.623521620997], [-102.02409648895, -100.41036726281, 25.614312941798], [-102.02409648895, -100.21867574498, 27.605106169947], [-102.02409648895, -100.02698425696, 29.595897490748], [-102.02409648895, -99.835292739126, 31.586690718897], [-102.02409648895, -99.643601243648, 33.577483947047], [-102.02409648895, -99.45190974072, 35.568275267847], [-102.02409648895, -99.260218245241, 37.559068495997], [-102.02409648895, -99.068526727412, 39.549859816798], [-102.02409648895, -98.876835239384, 41.540653044947], [-102.02409648895, -98.685143721554, 43.531444365748], [-102.02409648895, -98.493452203724, 45.522239501246], [-102.02409648895, -98.301760685894, 47.513030822047], [-102.02409648895, -98.110069168064, 49.503822142847], [-102.02409648895, -97.918377650235, 51.494613463648], [-102.02409648895, -97.726686251614, 53.485408599146], [-102.02409648895, -97.534994733784, 55.476199919947], [-102.02409648895, -97.343303096745, 57.466991240748], [-102.02409648895, -97.151611698124, 59.457782561549], [-102.02409648895, -96.959920061085, 61.448577697047], [-102.02409648895, -96.768228662464, 63.439369017847], [-102.02409648895, -96.576537263844, 65.430160338648], [-102.02409648895, -96.384845626805, 67.420955474146], [-102.02409648895, -96.193154228184, 69.411746794947], [-102.02409648895, -96.001462591145, 71.402538115748], [-102.02409648895, -95.809771192524, 73.393329436549], [-102.02409648895, -95.618079555485, 75.384120757349], [-102.02409648895, -95.426388156864, 77.374919707545], [-102.02409648895, -95.234696758244, 79.365711028346], [-102.02409648895, -95.043005359623, 81.356502349146]], "InstanceCreationTime": ["095936.439000", "095936.240000", "095936.441000", "095936.348000", "095936.443000", "095936.350000", "095936.445000", "095936.351000", "095936.447000", "095936.353000", "095936.449000", "095936.355000", "095936.452000", "095936.357000", "095936.454000", "095936.359000", "095936.457000", "095936.361000", "095936.459000", "095936.363000", "095936.461000", "095936.366000", "095936.463000", "095936.368000", "095936.465000", "095936.370000", "095936.476000", "095936.380000", "095936.478000", "095936.382000", "095936.480000", "095936.384000", "095936.482000", "095936.386000", "095936.484000", "095936.388000", "095936.486000", "095936.390000", "095936.488000", "095936.392000", "095936.572000", "095936.394000", "095936.574000", "095936.397000", "095936.576000", "095936.400000", "095936.578000", "095936.403000", "095936.580000", "095936.407000", "095936.582000", "095936.413000", "095936.584000", "095936.416000", "095936.586000", "095936.418000", "095936.588000", "095936.422000", "095936.590000", "095936.424000", "095936.592000", "095936.426000", "095936.594000", "095936.429000", "095936.596000", "095936.431000", "095936.597000", "095936.433000", "095936.599000", "095936.435000", "095936.601000", "095936.437000"], "InstanceNumber": [1, 2, 3, 4, 5, 6, 7, 8, 9, 10, 11, 12, 13, 14, 15, 16, 17, 18, 19, 20, 21, 22, 23, 24, 25, 26, 27, 28, 29, 30, 31, 32, 33, 34, 35, 36, 37, 38, 39, 40, 41, 42, 43, 44, 45, 46, 47, 48, 49, 50, 51, 52, 53, 54, 55, 56, 57, 58, 59, 60, 61, 62, 63, 64, 65, 66, 67, 68, 69, 70, 71, 72], "LargestImagePixelValue": [4093, 4095, 4094, 4095, 4093, 4095, 4090, 4094, 4093, 4092, 4095, 4095, 4095, 4094, 4092, 4093, 4090, 4094, 4093, 4094, 4092, 4092, 4093, 4090, 4093, 4087, 4088, 4093, 4093, 4080, 4089, 4083, 4091, 4092, 4093, 4094, 4091, 4091, 4088, 4092, 4094, 4089, 4094, 4092, 4090, 4091, 4094, 4095, 4093, 4094, 4091, 4094, 4082, 4094, 4084, 4090, 4078, 4095, 4094, 4095, 4094, 4095, 4092, 4095, 4095, 4093, 4094, 4095, 4095, 4095, 4095, 4095], "SliceLocation": [-70.127515353339, -68.127516434519, -66.127517424294, -64.127518505474, -62.127515789519, -60.127516870699, -58.127517951879, -56.127515235924, -54.127516317104, -52.127517352581, -50.127518433761, -48.127515717806, -46.127516798986, -44.127517834463, -42.127518915643, -40.127516199688, -38.127517280868, -36.127518362049, -34.127515600391, -32.127516681571, -30.127517762751, -28.127516945363, -26.127516082273, -24.127517163453, -22.127516346066, -20.127517427246, -18.127516609858, -16.127516718903, -14.127516827948, -12.127516959844, -10.127517068889, -8.1275172007854, -6.1275168351884, -4.1275169670847, -2.1275169803205, -0.1275170300352, 1.8724828973988, 3.8724830256748, 5.8724829052043, 7.872482773308, 9.8724826528374, 11.872482532367, 13.87248336118, 15.872482291426, 17.872483120239, 19.872482047628, 21.872482876441, 23.872483703112, 25.87248263193, 27.8724834586, 29.872482388846, 31.872483214803, 33.872482145048, 35.872484872429, 37.872483802675, 39.87248273292, 41.872481663166, 43.872484379121, 45.872483309367, 47.872482251038, 49.872481169858, 51.872483908664, 53.872482827484, 55.872481746304, 57.872484485111, 59.872483403931, 61.872482345602, 63.872481264422, 65.872480206093, 67.872486719184, 69.872485638003, 71.872484556823], "SmallestImagePixelValue": [4, 1, 0, 2, 1, 0, 5, 3, 0, 0, 0, 0, 1, 0, 3, 0, 4, 1, 2, 7, 2, 3, 0, 0, 1, 0, 1, 5, 2, 3, 8, 11, 3, 4, 6, 1, 1, 3, 1, 6, 0, 2, 2, 2, 10, 2, 0, 0, 4, 0, 0, 0, 3, 0, 1, 1, 0, 1, 0, 1, 0, 0, 0, 0, 1, 0, 1, 0, 0, 0, 0, 0], "WindowCenter": [-288.0, -308.0, -306.0, -282.0, -222.0, -240.0, -258.0, -240.0, -238.0, -282.0, -272.0, -308.0, -328.0, -332.0, -334.0, -396.0, -410.0, -370.0, -328.0, -344.0, -340.0, -288.0, -224.0, -180.0, -162.0, -110.0, -110.0, -106.0, -56.0, -210.0, -206.0, -220.0, -222.0, -216.0, -218.0, -234.0, -104.0, -214.0, -104.0, -102.0, -106.0, -224.0, -80.0, -60.0, -34.0, -28.0, 0.0, -10.0, 0.0, -2.0, -14.0, -24.0, -74.0, -54.0, -96.0, -110.0, -132.0, -104.0, -94.0, -92.0, -102.0, -114.0, -124.0, -160.0, -166.0, -190.0, -246.0, -304.0, -338.0, -210.0, -188.0, -238.0], "WindowWidth": [6110.0, 6082.0, 6128.0, 6232.0, 6258.0, 6258.0, 6226.0, 6202.0, 6190.0, 6178.0, 6202.0, 6108.0, 6078.0, 6086.0, 6062.0, 5902.0, 5820.0, 5708.0, 5726.0, 5586.0, 5516.0, 5336.0, 5520.0, 5532.0, 5438.0, 5402.0, 5272.0, 5096.0, 5292.0, 4554.0, 4552.0, 4566.0, 4570.0, 4568.0, 4572.0, 4580.0, 5014.0, 4574.0, 5120.0, 5166.0, 5128.0, 4586.0, 5214.0, 5288.0, 5324.0, 5344.0, 5420.0, 5344.0, 5372.0, 5380.0, 5336.0, 5374.0, 5220.0, 5432.0, 5396.0, 5502.0, 5470.0, 5542.0, 5572.0, 5564.0, 5592.0, 5626.0, 5624.0, 5598.0, 5660.0, 5772.0, 5908.0, 5960.0, 6090.0, 6194.0, 6278.0, 6300.0]}}, "IntendedFor": ["ses-imagenet04/func/sub-05_ses-imagenet04_task-imagenet_run-02_bold.nii.gz", "ses-imagenet04/func/sub-05_ses-imagenet04_task-imagenet_run-10_bold.nii.gz", "ses-imagenet04/func/sub-05_ses-imagenet04_task-imagenet_run-06_bold.nii.gz", "ses-imagenet04/func/sub-05_ses-imagenet04_task-imagenet_run-09_bold.nii.gz", "ses-imagenet04/func/sub-05_ses-imagenet04_task-imagenet_run-04_bold.nii.gz", "ses-imagenet04/func/sub-05_ses-imagenet04_task-imagenet_run-08_bold.nii.gz", "ses-imagenet04/func/sub-05_ses-imagenet04_task-imagenet_run-07_bold.nii.gz", "ses-imagenet04/func/sub-05_ses-imagenet04_task-imagenet_run-05_bold.nii.gz", "ses-imagenet04/func/sub-05_ses-imagenet04_task-imagenet_run-03_bold.nii.gz", "ses-imagenet04/func/sub-05_ses-imagenet04_task-imagenet_run-01_bold.nii.gz"]}