{"AcquisitionMatrixPE": 100, "AcquisitionNumber": 1, "AcquisitionTime": "09:50:47.350000", "BaseResolution": 100, "BodyPartExamined": "BRAIN", "ConsistencyInfo": "N4_VE11C_LATEST_20160120", "ConversionSoftware": "dcm2niix", "ConversionSoftwareVersion": "v1.0.20180622 GCC4.9.2", "DeviceSerialNumber": "166078", "DwellTime": 8.8e-06, "EchoNumber": 2, "EchoTime": 0.00738, "EchoTime1": 0.00492, "EchoTime2": 0.00738, "FlipAngle": 60, "ImageOrientationPatientDICOM": [1, 0, 0, 0, 0.994881, -0.101056], "ImageType": ["ORIGINAL", "PRIMARY", "P", "ND"], "InPlanePhaseEncodingDirectionDICOM": "ROW", "InstitutionAddress": "Street_StreetNo_Bei_Jing_District_CN_ZIP", "InstitutionName": "BeiJing_Normal_University", "InstitutionalDepartmentName": "Department", "MRAcquisitionType": "2D", "MagneticFieldStrength": 3, "Manufacturer": "Siemens", "ManufacturersModelName": "Prisma", "Modality": "MR", "PartialFourier": 1, "PatientPosition": "HFS", "PercentPhaseFOV": 100, "PhaseEncodingDirection": "i", "PhaseEncodingSteps": 100, "PhaseResolution": 1, "PixelBandwidth": 570, "ProcedureStepDescription": "BNU_P2018_64CH_Zhen.ZongLei", "ProtocolName": "field_mapping_2x2x2", "PulseSequenceDetails": "%SiemensSeq%_gre_field_mapping", "ReceiveCoilActiveElements": "HC1-7;NC1", "ReceiveCoilName": "HeadNeck_64", "ReconMatrixPE": 100, "RepetitionTime": 0.72, "SAR": 0.107759, "ScanningSequence": "GR", "SequenceName": "_fm2d2r", "SequenceVariant": "SP", "SeriesDescription": "field_mapping_2x2x2", "SeriesNumber": 9, "ShimSetting": [-5447, -11475, -1302, 268, 37, -87, -192, 94], "SliceThickness": 2, "SoftwareVersions": "syngo_MR_E11", "SpacingBetweenSlices": 2, "StationName": "AWP166078", "TxRefAmp": 222.721, "dcmmeta_affine": [[-2.0, 0.0, 0.0, 102.69879150390625], [0.0, 1.989761471748352, -0.20211267471313477, -85.5859603881836], [0.0, 0.2021126002073288, 1.9897613525390625, -80.63642883300781], [0.0, 0.0, 0.0, 1.0]], "dcmmeta_reorient_transform": [[0.0, -1.0, 0.0, 99.0], [1.0, 0.0, 0.0, 0.0], [0.0, 0.0, -1.0, 71.0], [0.0, 0.0, 0.0, 1.0]], "dcmmeta_shape": [100, 100, 72], "dcmmeta_slice_dim": 2, "dcmmeta_version": 0.6, "global": {"const": {"AcquisitionMatrix": [0, 100, 100, 0], "AcquisitionNumber": 1, "AngioFlag": "N", "BitsAllocated": 16, "BitsStored": 12, "BodyPartExamined": "BRAIN", "Columns": 100, "EchoNumbers": 2, "EchoTime": 7.38, "EchoTrainLength": 0, "FlipAngle": 60.0, "HighBit": 11, "ImageOrientationPatient": [1.0, 0.0, 0.0, 0.0, 0.99488070855267, -0.1010562999013], "ImageType": ["ORIGINAL", "PRIMARY", "P", "ND"], "ImagedNucleus": "1H", "ImagingFrequency": 123.257776, "InPlanePhaseEncodingDirection": "ROW", "MRAcquisitionType": "2D", "MagneticFieldStrength": 3.0, "Manufacturer": "SIEMENS", "ManufacturerModelName": "Prisma", "Modality": "MR", "NumberOfAverages": 1.0, "NumberOfPhaseEncodingSteps": 100, "PercentPhaseFieldOfView": 100.0, "PercentSampling": 100.0, "PerformedProcedureStepStartTime": "085951.111000", "PhotometricInterpretation": "MONOCHROME2", "PixelBandwidth": 570.0, "PixelRepresentation": 0, "PixelSpacing": [2.0, 2.0], "ProtocolName": "field_mapping_2x2x2", "RepetitionTime": 720.0, "RescaleIntercept": -4096.0, "RescaleSlope": 2.0, "RescaleType": "US", "Rows": 100, "SAR": 0.10775934130561, "SamplesPerPixel": 1, "ScanningSequence": "GR", "SequenceName": "*fm2d2r", "SequenceVariant": "SP", "SeriesDescription": "field_mapping_2x2x2", "SeriesNumber": 9, "SeriesTime": "095312.430000", "SliceThickness": 2.0, "SoftwareVersions": "syngo MR E11", "SpacingBetweenSlices": 2.0, "SpecificCharacterSet": "ISO_IR 100", "StudyID": "1", "StudyTime": "085950.984000", "TransmitCoilName": "Body", "VariableFlipAngleFlag": "N", "WindowCenterWidthExplanation": "Algo1", "dBdt": 0.0}, "slices": {"AcquisitionTime": ["095047.350000", "095046.990000", "095047.360000", "095047.000000", "095047.370000", "095047.010000", "095047.380000", "095047.020000", "095047.390000", "095047.030000", "095047.400000", "095047.040000", "095047.410000", "095047.050000", "095047.420000", "095047.060000", "095047.430000", "095047.070000", "095047.440000", "095047.080000", "095047.450000", "095047.090000", "095047.460000", "095047.100000", "095047.470000", "095047.110000", "095047.480000", "095047.120000", "095047.490000", "095047.130000", "095047.500000", "095047.140000", "095047.510000", "095047.150000", "095047.520000", "095047.160000", "095047.530000", "095047.170000", "095047.540000", "095047.180000", "095047.550000", "095047.190000", "095047.560000", "095047.200000", "095047.570000", "095047.210000", "095047.580000", "095047.220000", "095047.590000", "095047.230000", "095047.600000", "095047.240000", "095047.610000", "095047.250000", "095047.620000", "095047.260000", "095047.630000", "095047.270000", "095047.640000", "095047.280000", "095047.650000", "095047.290000", "095047.660000", "095047.300000", "095047.670000", "095047.310000", "095047.680000", "095047.320000", "095047.690000", "095047.330000", "095047.700000", "095047.340000"], "ContentTime": ["095312.500000", "095312.432000", "095312.503000", "095312.435000", "095312.505000", "095312.437000", "095312.507000", "095312.439000", "095312.508000", "095312.441000", "095312.510000", "095312.443000", "095312.512000", "095312.444000", "095312.514000", "095312.446000", "095312.517000", "095312.448000", "095312.519000", "095312.450000", "095312.521000", "095312.452000", "095312.523000", "095312.454000", "095312.525000", "095312.455000", "095312.527000", "095312.457000", "095312.529000", "095312.459000", "095312.530000", "095312.461000", "095312.532000", "095312.463000", "095312.534000", "095312.465000", "095312.536000", "095312.467000", "095312.538000", "095312.468000", "095312.540000", "095312.470000", "095312.542000", "095312.472000", "095312.543000", "095312.474000", "095312.545000", "095312.476000", "095312.547000", "095312.478000", "095312.549000", "095312.480000", "095312.553000", "095312.482000", "095312.555000", "095312.483000", "095312.557000", "095312.485000", "095312.559000", "095312.487000", "095312.561000", "095312.489000", "095312.563000", "095312.491000", "095312.564000", "095312.493000", "095312.566000", "095312.495000", "095312.568000", "095312.496000", "095312.570000", "095312.498000"], "CsaImage.GSWDDataType": ["measured", "predicted", "measured", "predicted", "measured", "predicted", "measured", "predicted", "measured", "predicted", "measured", "predicted", "measured", "predicted", "measured", "predicted", "measured", "predicted", "measured", "predicted", "measured", "predicted", "measured", "predicted", "measured", "predicted", "measured", "predicted", "measured", "predicted", "measured", "predicted", "measured", "predicted", "measured", "predicted", "measured", "predicted", "measured", "predicted", "measured", "predicted", "measured", "predicted", "measured", "predicted", "measured", "predicted", "measured", "predicted", "measured", "predicted", "measured", "predicted", "measured", "predicted", "measured", "predicted", "measured", "predicted", "measured", "measured", "measured", "measured", "measured", "measured", "measured", "measured", "measured", "measured", "measured", "measured"], "CsaImage.ICE_Dims": ["X_2_1_1_1_1_1_37_1_1_1_1_32", "X_2_1_1_1_1_1_1_1_1_2_1_32", "X_2_1_1_1_1_1_38_1_1_3_1_32", "X_2_1_1_1_1_1_2_1_1_4_1_32", "X_2_1_1_1_1_1_39_1_1_5_1_32", "X_2_1_1_1_1_1_3_1_1_6_1_32", "X_2_1_1_1_1_1_40_1_1_7_1_32", "X_2_1_1_1_1_1_4_1_1_8_1_32", "X_2_1_1_1_1_1_41_1_1_9_1_32", "X_2_1_1_1_1_1_5_1_1_10_1_32", "X_2_1_1_1_1_1_42_1_1_11_1_32", "X_2_1_1_1_1_1_6_1_1_12_1_32", "X_2_1_1_1_1_1_43_1_1_13_1_32", "X_2_1_1_1_1_1_7_1_1_14_1_32", "X_2_1_1_1_1_1_44_1_1_15_1_32", "X_2_1_1_1_1_1_8_1_1_16_1_32", "X_2_1_1_1_1_1_45_1_1_17_1_32", "X_2_1_1_1_1_1_9_1_1_18_1_32", "X_2_1_1_1_1_1_46_1_1_19_1_32", "X_2_1_1_1_1_1_10_1_1_20_1_32", "X_2_1_1_1_1_1_47_1_1_21_1_32", "X_2_1_1_1_1_1_11_1_1_22_1_32", "X_2_1_1_1_1_1_48_1_1_23_1_32", "X_2_1_1_1_1_1_12_1_1_24_1_32", "X_2_1_1_1_1_1_49_1_1_25_1_32", "X_2_1_1_1_1_1_13_1_1_26_1_32", "X_2_1_1_1_1_1_50_1_1_27_1_32", "X_2_1_1_1_1_1_14_1_1_28_1_32", "X_2_1_1_1_1_1_51_1_1_29_1_32", "X_2_1_1_1_1_1_15_1_1_30_1_32", "X_2_1_1_1_1_1_52_1_1_31_1_32", "X_2_1_1_1_1_1_16_1_1_32_1_32", "X_2_1_1_1_1_1_53_1_1_33_1_32", "X_2_1_1_1_1_1_17_1_1_34_1_32", "X_2_1_1_1_1_1_54_1_1_35_1_32", "X_2_1_1_1_1_1_18_1_1_36_1_32", "X_2_1_1_1_1_1_55_1_1_37_1_32", "X_2_1_1_1_1_1_19_1_1_38_1_32", "X_2_1_1_1_1_1_56_1_1_39_1_32", "X_2_1_1_1_1_1_20_1_1_40_1_32", "X_2_1_1_1_1_1_57_1_1_41_1_32", "X_2_1_1_1_1_1_21_1_1_42_1_32", "X_2_1_1_1_1_1_58_1_1_43_1_32", "X_2_1_1_1_1_1_22_1_1_44_1_32", "X_2_1_1_1_1_1_59_1_1_45_1_32", "X_2_1_1_1_1_1_23_1_1_46_1_32", "X_2_1_1_1_1_1_60_1_1_47_1_32", "X_2_1_1_1_1_1_24_1_1_48_1_32", "X_2_1_1_1_1_1_61_1_1_49_1_32", "X_2_1_1_1_1_1_25_1_1_50_1_32", "X_2_1_1_1_1_1_62_1_1_51_1_32", "X_2_1_1_1_1_1_26_1_1_52_1_32", "X_2_1_1_1_1_1_63_1_1_53_1_32", "X_2_1_1_1_1_1_27_1_1_54_1_32", "X_2_1_1_1_1_1_64_1_1_55_1_32", "X_2_1_1_1_1_1_28_1_1_56_1_32", "X_2_1_1_1_1_1_65_1_1_57_1_32", "X_2_1_1_1_1_1_29_1_1_58_1_32", "X_2_1_1_1_1_1_66_1_1_59_1_32", "X_2_1_1_1_1_1_30_1_1_60_1_32", "X_2_1_1_1_1_1_67_1_1_61_1_32", "X_2_1_1_1_1_1_31_1_1_62_1_32", "X_2_1_1_1_1_1_68_1_1_63_1_32", "X_2_1_1_1_1_1_32_1_1_64_1_32", "X_2_1_1_1_1_1_69_1_1_65_1_32", "X_2_1_1_1_1_1_33_1_1_66_1_32", "X_2_1_1_1_1_1_70_1_1_67_1_32", "X_2_1_1_1_1_1_34_1_1_68_1_32", "X_2_1_1_1_1_1_71_1_1_69_1_32", "X_2_1_1_1_1_1_35_1_1_70_1_32", "X_2_1_1_1_1_1_72_1_1_71_1_32", "X_2_1_1_1_1_1_36_1_1_72_1_32"], "CsaImage.ProtocolSliceNumber": [0, 1, 2, 3, 4, 5, 6, 7, 8, 9, 10, 11, 12, 13, 14, 15, 16, 17, 18, 19, 20, 21, 22, 23, 24, 25, 26, 27, 28, 29, 30, 31, 32, 33, 34, 35, 36, 37, 38, 39, 40, 41, 42, 43, 44, 45, 46, 47, 48, 49, 50, 51, 52, 53, 54, 55, 56, 57, 58, 59, 60, 61, 62, 63, 64, 65, 66, 67, 68, 69, 70, 71], "CsaImage.RFSWDDataType": ["measured", "predicted", "measured", "predicted", "measured", "predicted", "measured", "predicted", "measured", "predicted", "measured", "predicted", "measured", "predicted", "measured", "predicted", "measured", "predicted", "measured", "predicted", "measured", "predicted", "measured", "predicted", "measured", "predicted", "measured", "predicted", "measured", "predicted", "measured", "predicted", "measured", "predicted", "measured", "predicted", "measured", "predicted", "measured", "predicted", "measured", "predicted", "measured", "predicted", "measured", "predicted", "measured", "predicted", "measured", "predicted", "measured", "predicted", "measured", "predicted", "measured", "predicted", "measured", "measured", "measured", "measured", "measured", "measured", "measured", "measured", "measured", "measured", "measured", "measured", "measured", "measured", "measured", "measured"], "CsaImage.SlicePosition_PCS": [[-102.69879508, -111.4004177, -60.6272878], [-102.69879508, -111.19830454, -58.63752644], [-102.69879508, -110.99619235, -56.64776509], [-102.69879508, -110.79407919, -54.65800374], [-102.69879508, -110.591967, -52.66823857], [-102.69879508, -110.3898548, -50.67847722], [-102.69879508, -110.18774165, -48.68871587], [-102.69879508, -109.98562945, -46.69895451], [-102.69879508, -109.7835163, -44.70919316], [-102.69879508, -109.5814041, -42.71943181], [-102.69879508, -109.37929095, -40.72967046], [-102.69879508, -109.17717875, -38.7399091], [-102.69879508, -108.97506655, -36.75014775], [-102.69879508, -108.7729534, -34.7603864], [-102.69879508, -108.5708412, -32.77062505], [-102.69879508, -108.36872805, -30.78086369], [-102.69879508, -108.16661585, -28.79110234], [-102.69879508, -107.96450366, -26.80134099], [-102.69879508, -107.7623905, -24.81157964], [-102.69879508, -107.56027831, -22.82181828], [-102.69879508, -107.35816563, -20.83205693], [-102.69879508, -107.15605296, -18.84229558], [-102.69879508, -106.95394028, -16.85253422], [-102.69879508, -106.75182761, -14.86277287], [-102.69879508, -106.54971493, -12.87301152], [-102.69879508, -106.34760226, -10.88325017], [-102.69879508, -106.14549006, -8.89348881], [-102.69879508, -105.94337739, -6.90372746], [-102.69879508, -105.74126471, -4.91396611], [-102.69879508, -105.53915204, -2.92420476], [-102.69879508, -105.33703936, -0.9344434], [-102.69879508, -105.13492716, 1.05531795], [-102.69879508, -104.93281449, 3.0450793], [-102.69879508, -104.73070181, 5.03484113], [-102.69879508, -104.52858914, 7.02460224], [-102.69879508, -104.32647646, 9.01436372], [-102.69879508, -104.12436379, 11.00412513], [-102.69879508, -103.92225159, 12.99388654], [-102.69879508, -103.72013892, 14.98364789], [-102.69879508, -103.51802624, 16.97340925], [-102.69879508, -103.31591357, 18.96317107], [-102.69879508, -103.11380089, 20.95293243], [-102.69879508, -102.91168846, 22.94269378], [-102.69879508, -102.70957578, 24.93245513], [-102.69879508, -102.50746311, 26.92221744], [-102.69879508, -102.30535067, 28.91197879], [-102.69879508, -102.103238, 30.90174014], [-102.69879508, -101.90112532, 32.8915015], [-102.69879508, -101.69901289, 34.88126285], [-102.69879508, -101.49690021, 36.8710242], [-102.69879508, -101.29478766, 38.86078555], [-102.69879508, -101.09267498, 40.85054691], [-102.69879508, -100.89056242, 42.84030635], [-102.69879508, -100.68844987, 44.8300677], [-102.69879508, -100.48633725, 46.81982906], [-102.69879508, -100.28422464, 48.80959041], [-102.69879508, -100.08211208, 50.79935176], [-102.69879508, -99.87999947, 52.78911311], [-102.69879508, -99.67788688, 54.77887447], [-102.69879508, -99.47577428, 56.76863963], [-102.69879508, -99.27366168, 58.75840099], [-102.69879508, -99.0715491, 60.74816234], [-102.69879508, -98.86943651, 62.73792369], [-102.69879508, -98.6673239, 64.72768504], [-102.69879508, -98.46521128, 66.7174464], [-102.69879508, -98.26309873, 68.70720775], [-102.69879508, -98.06098617, 70.6969691], [-102.69879508, -97.8588735, 72.68673045], [-102.69879508, -97.65676094, 74.67649181], [-102.69879508, -97.45464839, 76.66625316], [-102.69879508, -97.25253571, 78.65601451], [-102.69879508, -97.05042304, 80.64577586]], "CsaImage.TimeAfterStart": [1.0825, 0.7225, 1.0925, 0.7325, 1.1025, 0.7425, 1.1125, 0.7525, 1.1225, 0.7625, 1.1325, 0.7725, 1.1425, 0.7825, 1.1525, 0.7925, 1.1625, 0.8025, 1.1725, 0.8125, 1.1825, 0.8225, 1.1925, 0.8325, 1.2025, 0.8425, 1.2125, 0.8525, 1.2225, 0.8625, 1.2325, 0.8725, 1.2425, 0.8825, 1.2525, 0.8925, 1.2625, 0.9025, 1.2725, 0.9125, 1.2825, 0.9225, 1.2925, 0.9325, 1.3025, 0.9425, 1.3125, 0.9525, 1.3225, 0.9625, 1.3325, 0.9725, 1.3425, 0.9825, 1.3525, 0.9925, 1.3625, 1.0025, 1.3725, 1.0125, 1.3825, 1.0225, 1.3925, 1.0325, 1.4025, 1.0425, 1.4125, 1.0525, 1.4225, 1.0625, 1.4325, 1.0725], "ImagePositionPatient": [[-102.69879508018, -111.40041769517, -60.627287795512], [-102.69879508018, -111.19830454362, -58.637526442972], [-102.69879508018, -110.99619234575, -56.647765090433], [-102.69879508018, -110.7940791942, -54.658003737894], [-102.69879508018, -110.59196699632, -52.668238570658], [-102.69879508018, -110.38985479844, -50.678477218119], [-102.69879508018, -110.18774164689, -48.68871586558], [-102.69879508018, -109.98562944902, -46.698954513041], [-102.69879508018, -109.78351629747, -44.709193160502], [-102.69879508018, -109.58140409959, -42.719431807963], [-102.69879508018, -109.37929094804, -40.729670455424], [-102.69879508018, -109.17717875016, -38.739909102885], [-102.69879508018, -108.97506655229, -36.750147750346], [-102.69879508018, -108.77295340074, -34.760386397806], [-102.69879508018, -108.57084120286, -32.770625045267], [-102.69879508018, -108.36872805131, -30.780863692728], [-102.69879508018, -108.16661585344, -28.791102340189], [-102.69879508018, -107.96450365556, -26.80134098765], [-102.69879508018, -107.76239050401, -24.811579635111], [-102.69879508018, -107.56027830613, -22.821818282572], [-102.69879508018, -107.35816563142, -20.832056930033], [-102.69879508018, -107.15605295671, -18.842295577494], [-102.69879508018, -106.95394028199, -16.852534224955], [-102.69879508018, -106.75182760728, -14.862772872416], [-102.69879508018, -106.54971493257, -12.873011519877], [-102.69879508018, -106.34760225785, -10.883250167338], [-102.69879508018, -106.14549005998, -8.8934888147986], [-102.69879508018, -105.94337738527, -6.9037274622596], [-102.69879508018, -105.74126471055, -4.9139661097205], [-102.69879508018, -105.53915203584, -2.9242047571815], [-102.69879508018, -105.33703936113, -0.9344434046424], [-102.69879508018, -105.13492716325, 1.0553179478967], [-102.69879508018, -104.93281448854, 3.0450793004357], [-102.69879508018, -104.73070181382, 5.034841129812], [-102.69879508018, -104.52858913911, 7.0246022439324], [-102.69879508018, -104.3264764644, 9.0143637156808], [-102.69879508018, -104.12436378968, 11.004125127825], [-102.69879508018, -103.92225159181, 12.993886539968], [-102.69879508018, -103.7201389171, 14.983647892507], [-102.69879508018, -103.51802624238, 16.973409245046], [-102.69879508018, -103.31591356767, 18.963171074423], [-102.69879508018, -103.11380089296, 20.952932426962], [-102.69879508018, -102.91168845666, 22.942693779501], [-102.69879508018, -102.70957578195, 24.93245513204], [-102.69879508018, -102.50746310724, 26.922217438253], [-102.69879508018, -102.30535067094, 28.911978790792], [-102.69879508018, -102.10323799623, 30.901740143331], [-102.69879508018, -101.90112532151, 32.89150149587], [-102.69879508018, -101.69901288522, 34.881262848409], [-102.69879508018, -101.49690021051, 36.871024200948], [-102.69879508018, -101.294787655, 38.860785553487], [-102.69879508018, -101.09267498029, 40.850546906027], [-102.69879508018, -100.89056242479, 42.840306351217], [-102.69879508018, -100.68844986928, 44.830067703756], [-102.69879508018, -100.48633725417, 46.819829056295], [-102.69879508018, -100.28422463907, 48.809590408834], [-102.69879508018, -100.08211208356, 50.799351761373], [-102.69879508018, -99.879999468453, 52.789113113912], [-102.69879508018, -99.677886883147, 54.778874466451], [-102.69879508018, -99.475774284802, 56.768639633688], [-102.69879508018, -99.273661682732, 58.758400986227], [-102.69879508018, -99.071549097426, 60.748162338766], [-102.69879508018, -98.86943651212, 62.737923691305], [-102.69879508018, -98.667323897011, 64.727685043844], [-102.69879508018, -98.465211281903, 66.717446396383], [-102.69879508018, -98.263098726399, 68.707207748922], [-102.69879508018, -98.060986170895, 70.696969101461], [-102.69879508018, -97.858873496182, 72.686730454], [-102.69879508018, -97.656760940678, 74.676491806539], [-102.69879508018, -97.454648385174, 76.666253159078], [-102.69879508018, -97.252535710461, 78.656014511617], [-102.69879508018, -97.050423035748, 80.645775864156]], "InstanceCreationTime": ["095312.500000", "095312.432000", "095312.503000", "095312.435000", "095312.505000", "095312.437000", "095312.507000", "095312.439000", "095312.508000", "095312.441000", "095312.510000", "095312.443000", "095312.512000", "095312.444000", "095312.514000", "095312.446000", "095312.517000", "095312.448000", "095312.519000", "095312.450000", "095312.521000", "095312.452000", "095312.523000", "095312.454000", "095312.525000", "095312.455000", "095312.527000", "095312.457000", "095312.529000", "095312.459000", "095312.530000", "095312.461000", "095312.532000", "095312.463000", "095312.534000", "095312.465000", "095312.536000", "095312.467000", "095312.538000", "095312.468000", "095312.540000", "095312.470000", "095312.542000", "095312.472000", "095312.543000", "095312.474000", "095312.545000", "095312.476000", "095312.547000", "095312.478000", "095312.549000", "095312.480000", "095312.553000", "095312.482000", "095312.555000", "095312.483000", "095312.557000", "095312.485000", "095312.559000", "095312.487000", "095312.561000", "095312.489000", "095312.563000", "095312.491000", "095312.564000", "095312.493000", "095312.566000", "095312.495000", "095312.568000", "095312.496000", "095312.570000", "095312.498000"], "InstanceNumber": [1, 2, 3, 4, 5, 6, 7, 8, 9, 10, 11, 12, 13, 14, 15, 16, 17, 18, 19, 20, 21, 22, 23, 24, 25, 26, 27, 28, 29, 30, 31, 32, 33, 34, 35, 36, 37, 38, 39, 40, 41, 42, 43, 44, 45, 46, 47, 48, 49, 50, 51, 52, 53, 54, 55, 56, 57, 58, 59, 60, 61, 62, 63, 64, 65, 66, 67, 68, 69, 70, 71, 72], "LargestImagePixelValue": [4092, 4093, 4095, 4093, 4094, 4094, 4095, 4094, 4095, 4094, 4093, 4093, 4095, 4095, 4094, 4094, 4095, 4093, 4094, 4095, 4093, 4093, 4094, 4094, 4094, 4093, 4092, 4093, 4093, 4091, 4095, 4094, 4085, 4089, 4090, 4095, 4095, 4092, 4094, 4095, 4088, 4095, 4091, 4092, 4090, 4093, 4085, 4093, 4092, 4095, 4091, 4094, 4090, 4095, 4089, 4094, 4095, 4094, 4094, 4094, 4092, 4093, 4094, 4091, 4094, 4094, 4093, 4095, 4092, 4095, 4094, 4095], "SliceLocation": [-71.574633059361, -69.57463306784, -67.574633172693, -65.574633181171, -63.574629490855, -61.574629595708, -59.574629604186, -57.574629709039, -55.574629717517, -53.57462982237, -51.574629830848, -49.574629935701, -47.574630040554, -45.574630049032, -43.574630153885, -41.574630162364, -39.574630267216, -37.574630372069, -35.574630380548, -33.574630485401, -31.574630542066, -29.574630598732, -27.574630655397, -25.574630712063, -23.574630768728, -21.574630825394, -19.574630930247, -17.574630986912, -15.574631043578, -13.574631100244, -11.574631156909, -9.5746312617621, -7.5746313184276, -5.5746309006971, -3.5746311945607, -1.5746311326272, 0.42536887000672, 2.4253688244533, 4.4253687677877, 6.4253687111222, 8.4253691288527, 10.425369072187, 12.425368991428, 14.425368934762, 16.425369826889, 18.42536974613, 20.425369689464, 22.425369632799, 24.425369552039, 26.425369495374, 28.425369426661, 30.425369369996, 32.425367403699, 34.425367334987, 36.425367272298, 38.425367209609, 40.425367140896, 42.425367078207, 44.425367012507, 46.425370743292, 48.425370679286, 50.425370613585, 52.425370547884, 54.425370485195, 56.425370422506, 58.425370353794, 60.425370285081, 62.425370228416, 64.425370159703, 66.425370090991, 68.425370034325, 70.42536997766], "SmallestImagePixelValue": [1, 0, 1, 0, 0, 0, 0, 0, 0, 2, 0, 2, 1, 0, 0, 0, 2, 3, 1, 8, 0, 0, 0, 0, 1, 0, 0, 0, 0, 0, 3, 0, 0, 2, 8, 3, 2, 0, 4, 0, 3, 2, 13, 0, 4, 3, 1, 9, 3, 0, 7, 0, 1, 0, 3, 1, 0, 0, 1, 1, 1, 0, 1, 1, 0, 0, 0, 2, 0, 0, 0, 0], "WindowCenter": [-286.0, -304.0, -288.0, -298.0, -254.0, -252.0, -270.0, -280.0, -268.0, -286.0, -290.0, -198.0, -164.0, -114.0, -88.0, -126.0, -184.0, -238.0, -264.0, -260.0, -266.0, -250.0, -222.0, -196.0, -138.0, -120.0, -104.0, -88.0, -94.0, -88.0, -106.0, -108.0, -108.0, -138.0, -116.0, -106.0, -88.0, -90.0, -84.0, -88.0, -112.0, -88.0, -82.0, -76.0, -94.0, -74.0, -86.0, -58.0, -74.0, -46.0, -52.0, -82.0, -102.0, -88.0, -58.0, -22.0, 10.0, 2.0, 10.0, -10.0, -50.0, -92.0, -126.0, -182.0, -246.0, -286.0, -276.0, -214.0, -246.0, -266.0, -312.0, -342.0], "WindowWidth": [6134.0, 6148.0, 6140.0, 6208.0, 6272.0, 6292.0, 6244.0, 6246.0, 6226.0, 6220.0, 6206.0, 6250.0, 6238.0, 6298.0, 6302.0, 6244.0, 6194.0, 6106.0, 6012.0, 5936.0, 5902.0, 5798.0, 5806.0, 5766.0, 5766.0, 5798.0, 5794.0, 5774.0, 5718.0, 5680.0, 5594.0, 5592.0, 5542.0, 5466.0, 5588.0, 5566.0, 5558.0, 5508.0, 5512.0, 5400.0, 5222.0, 5316.0, 5330.0, 5328.0, 5138.0, 5238.0, 5176.0, 5284.0, 5226.0, 5420.0, 5484.0, 5344.0, 5298.0, 5462.0, 5524.0, 5528.0, 5620.0, 5620.0, 5666.0, 5758.0, 5754.0, 5786.0, 5864.0, 5810.0, 5906.0, 5942.0, 6054.0, 6154.0, 6256.0, 6228.0, 6230.0, 6326.0]}}, "IntendedFor": ["ses-coco/func/sub-07_ses-coco_task-coco_run-08_bold.nii.gz", "ses-coco/func/sub-07_ses-coco_task-coco_run-07_bold.nii.gz", "ses-coco/func/sub-07_ses-coco_task-coco_run-05_bold.nii.gz", "ses-coco/func/sub-07_ses-coco_task-coco_run-03_bold.nii.gz", "ses-coco/func/sub-07_ses-coco_task-coco_run-11_bold.nii.gz", "ses-coco/func/sub-07_ses-coco_task-coco_run-01_bold.nii.gz", "ses-coco/func/sub-07_ses-coco_task-coco_run-02_bold.nii.gz", "ses-coco/func/sub-07_ses-coco_task-coco_run-10_bold.nii.gz", "ses-coco/func/sub-07_ses-coco_task-coco_run-06_bold.nii.gz", "ses-coco/func/sub-07_ses-coco_task-coco_run-09_bold.nii.gz", "ses-coco/func/sub-07_ses-coco_task-coco_run-04_bold.nii.gz"]}