{"AcquisitionMatrixPE": 100, "AcquisitionNumber": 1, "AcquisitionTime": "11:56:21.922500", "BaseResolution": 100, "BodyPartExamined": "BRAIN", "ConsistencyInfo": "N4_VE11C_LATEST_20160120", "ConversionSoftware": "dcm2niix", "ConversionSoftwareVersion": "v1.0.20180622 GCC4.9.2", "DeviceSerialNumber": "166078", "DwellTime": 8.8e-06, "EchoNumber": 2, "EchoTime": 0.00738, "EchoTime1": 0.00492, "EchoTime2": 0.00738, "FlipAngle": 60, "ImageOrientationPatientDICOM": [1, 0, 0, 0, 0.971961, -0.235142], "ImageType": ["ORIGINAL", "PRIMARY", "P", "ND"], "InPlanePhaseEncodingDirectionDICOM": "ROW", "InstitutionAddress": "Street_StreetNo_Bei_Jing_District_CN_ZIP", "InstitutionName": "BeiJing_Normal_University", "InstitutionalDepartmentName": "Department", "MRAcquisitionType": "2D", "MagneticFieldStrength": 3, "Manufacturer": "Siemens", "ManufacturersModelName": "Prisma", "Modality": "MR", "PartialFourier": 1, "PatientPosition": "HFS", "PercentPhaseFOV": 100, "PhaseEncodingDirection": "i", "PhaseEncodingSteps": 100, "PhaseResolution": 1, "PixelBandwidth": 570, "ProcedureStepDescription": "BNU_P2018_64CH_Zhen.ZongLei", "ProtocolName": "field_mapping_2x2x2", "PulseSequenceDetails": "%SiemensSeq%_gre_field_mapping", "ReceiveCoilActiveElements": "HC1-7;NC1", "ReceiveCoilName": "HeadNeck_64", "ReconMatrixPE": 100, "RepetitionTime": 0.72, "SAR": 0.108749, "ScanningSequence": "GR", "SequenceName": "_fm2d2r", "SequenceVariant": "SP", "SeriesDescription": "field_mapping_2x2x2", "SeriesNumber": 9, "ShimSetting": [-5475, -11487, -1257, 439, -30, -147, -145, 86], "SliceThickness": 2, "SoftwareVersions": "syngo_MR_E11", "SpacingBetweenSlices": 2, "StationName": "AWP166078", "TxRefAmp": 208.985, "dcmmeta_affine": [[-2.0, 0.0, 0.0, 100.67469787597656], [0.0, 1.9439220428466797, -0.47028446197509766, -78.27273559570312], [0.0, 0.47028422355651855, 1.9439163208007812, -86.5009536743164], [0.0, 0.0, 0.0, 1.0]], "dcmmeta_reorient_transform": [[0.0, -1.0, 0.0, 99.0], [1.0, 0.0, 0.0, 0.0], [0.0, 0.0, -1.0, 71.0], [0.0, 0.0, 0.0, 1.0]], "dcmmeta_shape": [100, 100, 72], "dcmmeta_slice_dim": 2, "dcmmeta_version": 0.6, "global": {"const": {"AcquisitionMatrix": [0, 100, 100, 0], "AcquisitionNumber": 1, "AngioFlag": "N", "BitsAllocated": 16, "BitsStored": 12, "BodyPartExamined": "BRAIN", "Columns": 100, "EchoNumbers": 2, "EchoTime": 7.38, "EchoTrainLength": 0, "FlipAngle": 60.0, "HighBit": 11, "ImageOrientationPatient": [1.0, 0.0, 0.0, 0.0, 0.97196099986002, -0.2351421160726], "ImageType": ["ORIGINAL", "PRIMARY", "P", "ND"], "ImagedNucleus": "1H", "ImagingFrequency": 123.257782, "InPlanePhaseEncodingDirection": "ROW", "MRAcquisitionType": "2D", "MagneticFieldStrength": 3.0, "Manufacturer": "SIEMENS", "ManufacturerModelName": "Prisma", "Modality": "MR", "NumberOfAverages": 1.0, "NumberOfPhaseEncodingSteps": 100, "PercentPhaseFieldOfView": 100.0, "PercentSampling": 100.0, "PerformedProcedureStepStartTime": "110459.350000", "PhotometricInterpretation": "MONOCHROME2", "PixelBandwidth": 570.0, "PixelRepresentation": 0, "PixelSpacing": [2.0, 2.0], "ProtocolName": "field_mapping_2x2x2", "RepetitionTime": 720.0, "RescaleIntercept": -4096.0, "RescaleSlope": 2.0, "RescaleType": "US", "Rows": 100, "SAR": 0.10874933585757, "SamplesPerPixel": 1, "ScanningSequence": "GR", "SequenceName": "*fm2d2r", "SequenceVariant": "SP", "SeriesDescription": "field_mapping_2x2x2", "SeriesNumber": 9, "SeriesTime": "115846.120000", "SliceThickness": 2.0, "SoftwareVersions": "syngo MR E11", "SpacingBetweenSlices": 2.0, "SpecificCharacterSet": "ISO_IR 100", "StudyID": "1", "StudyTime": "110459.231000", "TransmitCoilName": "Body", "VariableFlipAngleFlag": "N", "WindowCenterWidthExplanation": "Algo1", "dBdt": 0.0}, "slices": {"AcquisitionTime": ["115621.922500", "115621.562500", "115621.932500", "115621.572500", "115621.942500", "115621.582500", "115621.952500", "115621.592500", "115621.962500", "115621.602500", "115621.972500", "115621.612500", "115621.982500", "115621.622500", "115621.992500", "115621.632500", "115622.002500", "115621.642500", "115622.012500", "115621.652500", "115622.022500", "115621.662500", "115622.032500", "115621.672500", "115622.042500", "115621.682500", "115622.052500", "115621.692500", "115622.062500", "115621.702500", "115622.072500", "115621.712500", "115622.082500", "115621.722500", "115622.092500", "115621.732500", "115622.102500", "115621.742500", "115622.112500", "115621.752500", "115622.122500", "115621.762500", "115622.132500", "115621.772500", "115622.142500", "115621.782500", "115622.152500", "115621.792500", "115622.162500", "115621.802500", "115622.172500", "115621.812500", "115622.182500", "115621.822500", "115622.192500", "115621.832500", "115622.202500", "115621.842500", "115622.212500", "115621.852500", "115622.222500", "115621.862500", "115622.232500", "115621.872500", "115622.242500", "115621.882500", "115622.252500", "115621.892500", "115622.262500", "115621.902500", "115622.272500", "115621.912500"], "ContentTime": ["115846.318000", "115846.122000", "115846.320000", "115846.124000", "115846.322000", "115846.126000", "115846.324000", "115846.128000", "115846.326000", "115846.130000", "115846.328000", "115846.132000", "115846.330000", "115846.134000", "115846.332000", "115846.136000", "115846.334000", "115846.137000", "115846.336000", "115846.139000", "115846.338000", "115846.141000", "115846.340000", "115846.143000", "115846.342000", "115846.145000", "115846.344000", "115846.147000", "115846.346000", "115846.149000", "115846.348000", "115846.151000", "115846.351000", "115846.152000", "115846.353000", "115846.154000", "115846.355000", "115846.156000", "115846.357000", "115846.158000", "115846.359000", "115846.160000", "115846.361000", "115846.162000", "115846.364000", "115846.164000", "115846.366000", "115846.166000", "115846.368000", "115846.168000", "115846.370000", "115846.170000", "115846.372000", "115846.172000", "115846.375000", "115846.174000", "115846.376000", "115846.176000", "115846.379000", "115846.178000", "115846.381000", "115846.179000", "115846.383000", "115846.181000", "115846.385000", "115846.183000", "115846.387000", "115846.185000", "115846.389000", "115846.187000", "115846.391000", "115846.189000"], "CsaImage.GSWDDataType": ["measured", "predicted", "measured", "predicted", "measured", "predicted", "measured", "predicted", "measured", "predicted", "measured", "predicted", "measured", "predicted", "measured", "predicted", "measured", "predicted", "measured", "predicted", "measured", "predicted", "measured", "predicted", "measured", "predicted", "measured", "predicted", "measured", "predicted", "measured", "predicted", "measured", "predicted", "measured", "predicted", "measured", "predicted", "measured", "predicted", "measured", "predicted", "measured", "predicted", "measured", "predicted", "measured", "predicted", "measured", "predicted", "measured", "predicted", "measured", "predicted", "measured", "predicted", "measured", "predicted", "measured", "predicted", "measured", "predicted", "measured", "predicted", "measured", "predicted", "measured", "predicted", "measured", "predicted", "measured", "predicted"], "CsaImage.ICE_Dims": ["X_2_1_1_1_1_1_37_1_1_1_1_77", "X_2_1_1_1_1_1_1_1_1_2_1_77", "X_2_1_1_1_1_1_38_1_1_3_1_77", "X_2_1_1_1_1_1_2_1_1_4_1_77", "X_2_1_1_1_1_1_39_1_1_5_1_77", "X_2_1_1_1_1_1_3_1_1_6_1_77", "X_2_1_1_1_1_1_40_1_1_7_1_77", "X_2_1_1_1_1_1_4_1_1_8_1_77", "X_2_1_1_1_1_1_41_1_1_9_1_77", "X_2_1_1_1_1_1_5_1_1_10_1_77", "X_2_1_1_1_1_1_42_1_1_11_1_77", "X_2_1_1_1_1_1_6_1_1_12_1_77", "X_2_1_1_1_1_1_43_1_1_13_1_77", "X_2_1_1_1_1_1_7_1_1_14_1_77", "X_2_1_1_1_1_1_44_1_1_15_1_77", "X_2_1_1_1_1_1_8_1_1_16_1_77", "X_2_1_1_1_1_1_45_1_1_17_1_77", "X_2_1_1_1_1_1_9_1_1_18_1_77", "X_2_1_1_1_1_1_46_1_1_19_1_77", "X_2_1_1_1_1_1_10_1_1_20_1_77", "X_2_1_1_1_1_1_47_1_1_21_1_77", "X_2_1_1_1_1_1_11_1_1_22_1_77", "X_2_1_1_1_1_1_48_1_1_23_1_77", "X_2_1_1_1_1_1_12_1_1_24_1_77", "X_2_1_1_1_1_1_49_1_1_25_1_77", "X_2_1_1_1_1_1_13_1_1_26_1_77", "X_2_1_1_1_1_1_50_1_1_27_1_77", "X_2_1_1_1_1_1_14_1_1_28_1_77", "X_2_1_1_1_1_1_51_1_1_29_1_77", "X_2_1_1_1_1_1_15_1_1_30_1_77", "X_2_1_1_1_1_1_52_1_1_31_1_77", "X_2_1_1_1_1_1_16_1_1_32_1_77", "X_2_1_1_1_1_1_53_1_1_33_1_77", "X_2_1_1_1_1_1_17_1_1_34_1_77", "X_2_1_1_1_1_1_54_1_1_35_1_77", "X_2_1_1_1_1_1_18_1_1_36_1_77", "X_2_1_1_1_1_1_55_1_1_37_1_77", "X_2_1_1_1_1_1_19_1_1_38_1_77", "X_2_1_1_1_1_1_56_1_1_39_1_77", "X_2_1_1_1_1_1_20_1_1_40_1_77", "X_2_1_1_1_1_1_57_1_1_41_1_77", "X_2_1_1_1_1_1_21_1_1_42_1_77", "X_2_1_1_1_1_1_58_1_1_43_1_77", "X_2_1_1_1_1_1_22_1_1_44_1_77", "X_2_1_1_1_1_1_59_1_1_45_1_77", "X_2_1_1_1_1_1_23_1_1_46_1_77", "X_2_1_1_1_1_1_60_1_1_47_1_77", "X_2_1_1_1_1_1_24_1_1_48_1_77", "X_2_1_1_1_1_1_61_1_1_49_1_77", "X_2_1_1_1_1_1_25_1_1_50_1_77", "X_2_1_1_1_1_1_62_1_1_51_1_77", "X_2_1_1_1_1_1_26_1_1_52_1_77", "X_2_1_1_1_1_1_63_1_1_53_1_77", "X_2_1_1_1_1_1_27_1_1_54_1_77", "X_2_1_1_1_1_1_64_1_1_55_1_77", "X_2_1_1_1_1_1_28_1_1_56_1_77", "X_2_1_1_1_1_1_65_1_1_57_1_77", "X_2_1_1_1_1_1_29_1_1_58_1_77", "X_2_1_1_1_1_1_66_1_1_59_1_77", "X_2_1_1_1_1_1_30_1_1_60_1_77", "X_2_1_1_1_1_1_67_1_1_61_1_77", "X_2_1_1_1_1_1_31_1_1_62_1_77", "X_2_1_1_1_1_1_68_1_1_63_1_77", "X_2_1_1_1_1_1_32_1_1_64_1_77", "X_2_1_1_1_1_1_69_1_1_65_1_77", "X_2_1_1_1_1_1_33_1_1_66_1_77", "X_2_1_1_1_1_1_70_1_1_67_1_77", "X_2_1_1_1_1_1_34_1_1_68_1_77", "X_2_1_1_1_1_1_71_1_1_69_1_77", "X_2_1_1_1_1_1_35_1_1_70_1_77", "X_2_1_1_1_1_1_72_1_1_71_1_77", "X_2_1_1_1_1_1_36_1_1_72_1_77"], "CsaImage.ProtocolSliceNumber": [0, 1, 2, 3, 4, 5, 6, 7, 8, 9, 10, 11, 12, 13, 14, 15, 16, 17, 18, 19, 20, 21, 22, 23, 24, 25, 26, 27, 28, 29, 30, 31, 32, 33, 34, 35, 36, 37, 38, 39, 40, 41, 42, 43, 44, 45, 46, 47, 48, 49, 50, 51, 52, 53, 54, 55, 56, 57, 58, 59, 60, 61, 62, 63, 64, 65, 66, 67, 68, 69, 70, 71], "CsaImage.RFSWDDataType": ["measured", "predicted", "measured", "predicted", "measured", "predicted", "measured", "predicted", "measured", "predicted", "measured", "predicted", "measured", "predicted", "measured", "predicted", "measured", "predicted", "measured", "predicted", "measured", "predicted", "measured", "predicted", "measured", "predicted", "measured", "predicted", "measured", "predicted", "measured", "predicted", "measured", "predicted", "measured", "predicted", "measured", "predicted", "measured", "predicted", "measured", "predicted", "measured", "predicted", "measured", "predicted", "measured", "predicted", "measured", "predicted", "measured", "predicted", "measured", "predicted", "measured", "predicted", "measured", "predicted", "measured", "predicted", "measured", "predicted", "measured", "predicted", "measured", "predicted", "measured", "predicted", "measured", "measured", "measured", "measured"], "CsaImage.SlicePosition_PCS": [[-100.67469877, -114.17552732, -39.94321256], [-100.67469877, -113.70524382, -37.99928861], [-100.67469877, -113.2349584, -36.05536847], [-100.67469877, -112.76467489, -34.11144452], [-100.67469877, -112.29439043, -32.16752439], [-100.67469877, -111.82410597, -30.22360043], [-100.67469877, -111.35382246, -28.2796803], [-100.67469877, -110.883538, -26.33575635], [-100.67469877, -110.41325354, -24.39183621], [-100.67469877, -109.94296907, -22.44791608], [-100.67469877, -109.47268556, -20.50399213], [-100.67469877, -109.0024011, -18.56007199], [-100.67469877, -108.53211664, -16.61614804], [-100.67469877, -108.06183218, -14.67222791], [-100.67469877, -107.59154867, -12.72830396], [-100.67469877, -107.12126421, -10.78438382], [-100.67469877, -106.65097975, -8.84045987], [-100.67469877, -106.18069528, -6.89653783], [-100.67469877, -105.71041082, -4.95261579], [-100.67469877, -105.24012731, -3.00869374], [-100.67469877, -104.76984285, -1.0647717], [-100.67469877, -104.29955839, 0.87915034], [-100.67469877, -103.82927441, 2.82307239], [-100.67469877, -103.35898994, 4.76699443], [-100.67469877, -102.88870596, 6.71091647], [-100.67469877, -102.4184215, 8.65483756], [-100.67469877, -101.94813751, 10.5987596], [-100.67469877, -101.47785305, 12.54268165], [-100.67469877, -101.00756906, 14.48660369], [-100.67469877, -100.53728484, 16.43052573], [-100.67469877, -100.06700062, 18.37444778], [-100.67469877, -99.59671639, 20.31836982], [-100.67469877, -99.12643217, 22.26229186], [-100.67469877, -98.65614795, 24.20621384], [-100.67469877, -98.18586366, 26.15013595], [-100.67469877, -97.71557944, 28.09405799], [-100.67469877, -97.24529522, 30.03798003], [-100.67469877, -96.77501099, 31.98190208], [-100.67469877, -96.30472677, 33.92582412], [-100.67469877, -95.83444249, 35.86974616], [-100.67469877, -95.36415826, 37.8136682], [-100.67469877, -94.89387416, 39.75758929], [-100.67469877, -94.42358993, 41.70151134], [-100.67469877, -93.95330571, 43.64543338], [-100.67469877, -93.48302149, 45.58935542], [-100.67469877, -93.01273703, 47.53327746], [-100.67469877, -92.54245304, 49.47719951], [-100.67469877, -92.07216858, 51.42112155], [-100.67469877, -91.60188459, 53.36504359], [-100.67469877, -91.13160013, 55.30896564], [-100.67469877, -90.66131615, 57.25288959], [-100.67469877, -90.19103168, 59.19680972], [-100.67469877, -89.7207477, 61.14073367], [-100.67469877, -89.25046324, 63.08465381], [-100.67469877, -88.78017877, 65.02857776], [-100.67469877, -88.30989527, 66.97249789], [-100.67469877, -87.8396108, 68.91641803], [-100.67469877, -87.36932634, 70.86034198], [-100.67469877, -86.89904188, 72.80426211], [-100.67469877, -86.42875837, 74.74818606], [-100.67469877, -85.95847391, 76.6921062], [-100.67469877, -85.48818945, 78.63603015], [-100.67469877, -85.01790499, 80.57995029], [-100.67469877, -84.54762148, 82.52387424], [-100.67469877, -84.07733702, 84.46779437], [-100.67469877, -83.60705255, 86.41171832], [-100.67469877, -83.13676809, 88.35564227], [-100.67469877, -82.66648458, 90.29955859], [-100.67469877, -82.19620012, 92.24348254], [-100.67469877, -81.72591566, 94.18740649], [-100.67469877, -81.2556312, 96.13133044], [-100.67469877, -80.78534674, 98.07524676]], "CsaImage.TimeAfterStart": [1.0825, 0.7225, 1.0925, 0.7325, 1.1025, 0.7425, 1.1125, 0.7525, 1.1225, 0.7625, 1.1325, 0.7725, 1.1425, 0.7825, 1.1525, 0.7925, 1.1625, 0.8025, 1.1725, 0.8125, 1.1825, 0.8225, 1.1925, 0.8325, 1.2025, 0.8425, 1.2125, 0.8525, 1.2225, 0.8625, 1.2325, 0.8725, 1.2425, 0.8825, 1.2525, 0.8925, 1.2625, 0.9025, 1.2725, 0.9125, 1.2825, 0.9225, 1.2925, 0.9325, 1.3025, 0.9425, 1.3125, 0.9525, 1.3225, 0.9625, 1.3325, 0.9725, 1.3425, 0.9825, 1.3525, 0.9925, 1.3625, 1.0025, 1.3725, 1.0125, 1.3825, 1.0225, 1.3925, 1.0325, 1.4025, 1.0425, 1.4125, 1.0525, 1.4225, 1.0625, 1.4325, 1.0725], "ImagePositionPatient": [[-100.67469877005, -114.17552732365, -39.943212556554], [-100.67469877005, -113.70524381535, -37.999288606359], [-100.67469877005, -113.2349583997, -36.055368470861], [-100.67469877005, -112.7646748914, -34.111444520666], [-100.67469877005, -112.29439042942, -32.167524385168], [-100.67469877005, -111.82410596745, -30.223600434972], [-100.67469877005, -111.35382245915, -28.279680299474], [-100.67469877005, -110.88353799717, -26.335756349279], [-100.67469877005, -110.4132535352, -24.391836213781], [-100.67469877005, -109.94296907322, -22.447916078283], [-100.67469877005, -109.47268556492, -20.503992128088], [-100.67469877005, -109.00240110295, -18.56007199259], [-100.67469877005, -108.53211664097, -16.616148042394], [-100.67469877005, -108.061832179, -14.672227906896], [-100.67469877005, -107.59154867069, -12.728303956701], [-100.67469877005, -107.12126420872, -10.784383821203], [-100.67469877005, -106.65097974674, -8.8404598710075], [-100.67469877005, -106.18069528477, -6.8965378281608], [-100.67469877005, -105.71041082279, -4.9526157853141], [-100.67469877005, -105.24012731449, -3.0086937424674], [-100.67469877005, -104.76984285252, -1.0647716996208], [-100.67469877005, -104.29955839054, 0.87915034322591], [-100.67469877005, -103.82927440541, 2.8230723860726], [-100.67469877005, -103.35898994343, 4.7669944289193], [-100.67469877005, -102.88870595829, 6.710916471766], [-100.67469877005, -102.41842149632, 8.6548375609383], [-100.67469877005, -101.94813751118, 10.598759603785], [-100.67469877005, -101.4778530492, 12.542681646632], [-100.67469877005, -101.00756906407, 14.486603689478], [-100.67469877005, -100.53728484051, 16.430525732325], [-100.67469877005, -100.06700061695, 18.374447775172], [-100.67469877005, -99.596716393396, 20.318369818018], [-100.67469877005, -99.12643216984, 22.262291860865], [-100.67469877005, -98.656147946283, 24.206213844107], [-100.67469877005, -98.185863663122, 26.150135946558], [-100.67469877005, -97.715579439566, 28.094057989405], [-100.67469877005, -97.24529522346, 30.037980032252], [-100.67469877005, -96.775010992453, 31.981902075098], [-100.67469877005, -96.304726768896, 33.925824117945], [-100.67469877005, -95.834442485735, 35.869746160792], [-100.67469877005, -95.364158262178, 37.813668203639], [-100.67469877005, -94.893874157831, 39.757589292811], [-100.67469877005, -94.423589934275, 41.701511335658], [-100.67469877005, -93.953305710718, 43.645433378504], [-100.67469877005, -93.483021487162, 45.589355421351], [-100.67469877005, -93.012737025187, 47.533277464198], [-100.67469877005, -92.542453040049, 49.477199507044], [-100.67469877005, -92.072168578074, 51.421121549891], [-100.67469877005, -91.601884592936, 53.365043592738], [-100.67469877005, -91.131600130961, 55.308965635584], [-100.67469877005, -90.661316145823, 57.25288958578], [-100.67469877005, -90.191031683847, 59.196809721278], [-100.67469877005, -89.72074769871, 61.140733671473], [-100.67469877005, -89.250463236734, 63.084653806971], [-100.67469877005, -88.780178774759, 65.028577757166], [-100.67469877005, -88.309895266459, 66.972497892664], [-100.67469877005, -87.839610804483, 68.916418028162], [-100.67469877005, -87.369326342508, 70.860341978358], [-100.67469877005, -86.899041880533, 72.804262113856], [-100.67469877005, -86.428758372232, 74.748186064051], [-100.67469877005, -85.958473910257, 76.692106199549], [-100.67469877005, -85.488189448282, 78.636030149744], [-100.67469877005, -85.017904986307, 80.579950285243], [-100.67469877005, -84.547621478006, 82.523874235438], [-100.67469877005, -84.077337016031, 84.467794370936], [-100.67469877005, -83.607052554056, 86.411718321131], [-100.67469877005, -83.136768092081, 88.355642271327], [-100.67469877005, -82.66648458378, 90.299558592127], [-100.67469877005, -82.196200121805, 92.243482542323], [-100.67469877005, -81.72591565983, 94.187406492518], [-100.67469877005, -81.255631197855, 96.131330442713], [-100.67469877005, -80.78534673588, 98.075246763514]], "InstanceCreationTime": ["115846.318000", "115846.122000", "115846.320000", "115846.124000", "115846.322000", "115846.126000", "115846.324000", "115846.128000", "115846.326000", "115846.130000", "115846.328000", "115846.132000", "115846.330000", "115846.134000", "115846.332000", "115846.136000", "115846.334000", "115846.137000", "115846.336000", "115846.139000", "115846.338000", "115846.141000", "115846.340000", "115846.143000", "115846.342000", "115846.145000", "115846.344000", "115846.147000", "115846.346000", "115846.149000", "115846.348000", "115846.151000", "115846.351000", "115846.152000", "115846.353000", "115846.154000", "115846.355000", "115846.156000", "115846.357000", "115846.158000", "115846.359000", "115846.160000", "115846.361000", "115846.162000", "115846.364000", "115846.164000", "115846.366000", "115846.166000", "115846.368000", "115846.168000", "115846.370000", "115846.170000", "115846.372000", "115846.172000", "115846.375000", "115846.174000", "115846.376000", "115846.176000", "115846.379000", "115846.178000", "115846.381000", "115846.179000", "115846.383000", "115846.181000", "115846.385000", "115846.183000", "115846.387000", "115846.185000", "115846.389000", "115846.187000", "115846.391000", "115846.189000"], "InstanceNumber": [1, 2, 3, 4, 5, 6, 7, 8, 9, 10, 11, 12, 13, 14, 15, 16, 17, 18, 19, 20, 21, 22, 23, 24, 25, 26, 27, 28, 29, 30, 31, 32, 33, 34, 35, 36, 37, 38, 39, 40, 41, 42, 43, 44, 45, 46, 47, 48, 49, 50, 51, 52, 53, 54, 55, 56, 57, 58, 59, 60, 61, 62, 63, 64, 65, 66, 67, 68, 69, 70, 71, 72], "LargestImagePixelValue": [4093, 4093, 4094, 4094, 4095, 4095, 4094, 4095, 4094, 4094, 4095, 4094, 4092, 4093, 4094, 4092, 4095, 4091, 4094, 4095, 4091, 4093, 4095, 4093, 4089, 4094, 4093, 4095, 4094, 4094, 4088, 4094, 4095, 4091, 4095, 4087, 4094, 4094, 4095, 4092, 4092, 4091, 4094, 4090, 4092, 4094, 4094, 4092, 4094, 4094, 4094, 4092, 4095, 4094, 4093, 4094, 4095, 4091, 4094, 4093, 4094, 4093, 4095, 4093, 4094, 4094, 4095, 4095, 4093, 4095, 4094, 4095], "SliceLocation": [-65.670719912682, -63.670718187102, -61.670719720762, -59.670717995182, -57.67071975309, -55.670717803262, -53.670719785419, -51.670717835591, -49.670719593499, -47.670721351407, -45.670719625828, -43.670721383736, -41.670719433908, -39.670721191816, -37.670719466237, -35.670721224145, -33.670719274316, -31.670719178356, -29.670719082396, -27.670719210685, -25.670719114725, -23.670719018765, -21.670719034929, -19.670718938969, -17.670718955134, -15.670719786108, -13.670719802272, -11.670719706312, -9.6707197224765, -7.6707196825787, -5.6707196426808, -3.670719602783, -1.6707195628852, 0.3292804190793, 2.3292805309261, 4.3292805708239, 6.3292806089698, 8.3292806506196, 10.329280690517, 12.329280744431, 14.329280784329, 16.329279869261, 18.329279909159, 20.329279949057, 22.329279988955, 24.329280084915, 26.32928006875, 28.32928016471, 30.329280148546, 32.329280244506, 34.32928208221, 36.329280324302, 38.329282162006, 40.329280404098, 42.329282353926, 44.329280371769, 46.32927861386, 48.329280563689, 50.32927880578, 52.32928053136, 54.329278773452, 56.32928072328, 58.329278965372, 60.329280690951, 62.329278933043, 64.329280882872, 66.3292828327, 68.329277142806, 70.329279092634, 72.329281042463, 74.329282992292, 76.329277526646], "SmallestImagePixelValue": [0, 0, 4, 0, 0, 0, 0, 0, 1, 0, 0, 0, 2, 0, 0, 0, 1, 2, 2, 0, 0, 0, 0, 4, 0, 0, 0, 5, 0, 0, 2, 0, 3, 2, 0, 0, 3, 0, 0, 0, 0, 0, 9, 3, 3, 3, 1, 2, 0, 2, 11, 0, 0, 0, 3, 0, 1, 2, 0, 0, 0, 0, 0, 0, 0, 0, 0, 0, 0, 0, 0, 0], "WindowCenter": [-196.0, -168.0, -244.0, -248.0, -296.0, -296.0, -222.0, -200.0, -178.0, -128.0, -98.0, -118.0, -126.0, -154.0, -214.0, -210.0, -190.0, -204.0, -220.0, -228.0, -224.0, -230.0, -202.0, -238.0, -260.0, -254.0, -318.0, -340.0, -306.0, -284.0, -368.0, -322.0, -298.0, -282.0, -116.0, -156.0, -262.0, -108.0, -116.0, -104.0, -234.0, -78.0, -86.0, -92.0, -96.0, -68.0, -50.0, -50.0, -62.0, -26.0, -44.0, -30.0, -12.0, -76.0, -50.0, -64.0, -82.0, -78.0, -86.0, -78.0, -144.0, -128.0, -140.0, -198.0, -226.0, -282.0, -298.0, -298.0, -334.0, -342.0, -316.0, -326.0], "WindowWidth": [6298.0, 6348.0, 6294.0, 6240.0, 6160.0, 6218.0, 6294.0, 6370.0, 6348.0, 6346.0, 6366.0, 6314.0, 6260.0, 6240.0, 6132.0, 6096.0, 6042.0, 5962.0, 5882.0, 5836.0, 5696.0, 5648.0, 5462.0, 5134.0, 5238.0, 5488.0, 5422.0, 5314.0, 5236.0, 4976.0, 4640.0, 4648.0, 4632.0, 4634.0, 5348.0, 5082.0, 4630.0, 5260.0, 5234.0, 5196.0, 4614.0, 5272.0, 5276.0, 5094.0, 5116.0, 5302.0, 5282.0, 5328.0, 5226.0, 5332.0, 5266.0, 5378.0, 5512.0, 5164.0, 5470.0, 5438.0, 5472.0, 5468.0, 5536.0, 5608.0, 5480.0, 5568.0, 5722.0, 5474.0, 5574.0, 5522.0, 5608.0, 5758.0, 5790.0, 5958.0, 6050.0, 6106.0]}}, "IntendedFor": ["ses-imagenet02/func/sub-01_ses-imagenet02_task-imagenet_run-04_bold.nii.gz", "ses-imagenet02/func/sub-01_ses-imagenet02_task-imagenet_run-09_bold.nii.gz", "ses-imagenet02/func/sub-01_ses-imagenet02_task-imagenet_run-06_bold.nii.gz", "ses-imagenet02/func/sub-01_ses-imagenet02_task-imagenet_run-10_bold.nii.gz", "ses-imagenet02/func/sub-01_ses-imagenet02_task-imagenet_run-02_bold.nii.gz", "ses-imagenet02/func/sub-01_ses-imagenet02_task-imagenet_run-01_bold.nii.gz", "ses-imagenet02/func/sub-01_ses-imagenet02_task-imagenet_run-03_bold.nii.gz", "ses-imagenet02/func/sub-01_ses-imagenet02_task-imagenet_run-05_bold.nii.gz", "ses-imagenet02/func/sub-01_ses-imagenet02_task-imagenet_run-07_bold.nii.gz", "ses-imagenet02/func/sub-01_ses-imagenet02_task-imagenet_run-08_bold.nii.gz"]}
