{"AcquisitionMatrixPE": 100, "AcquisitionNumber": 1, "AcquisitionTime": "15:54:12.722500", "BaseResolution": 100, "BodyPartExamined": "BRAIN", "ConsistencyInfo": "N4_VE11C_LATEST_20160120", "ConversionSoftware": "dcm2niix", "ConversionSoftwareVersion": "v1.0.20180622 GCC4.9.2", "DeviceSerialNumber": "166078", "DwellTime": 8.8e-06, "EchoNumber": 2, "EchoTime": 0.00738, "EchoTime1": 0.00492, "EchoTime2": 0.00738, "FlipAngle": 60, "ImageOrientationPatientDICOM": [0.999888, -0.0109462, 0.010219, 0.0104712, 0.998913, 0.0454298], "ImageType": ["ORIGINAL", "PRIMARY", "P", "ND"], "InPlanePhaseEncodingDirectionDICOM": "ROW", "InstitutionAddress": "Street_StreetNo_Bei_Jing_District_CN_ZIP", "InstitutionName": "BeiJing_Normal_University", "InstitutionalDepartmentName": "Department", "MRAcquisitionType": "2D", "MagneticFieldStrength": 3, "Manufacturer": "Siemens", "ManufacturersModelName": "Prisma", "Modality": "MR", "PartialFourier": 1, "PatientPosition": "HFS", "PercentPhaseFOV": 100, "PhaseEncodingDirection": "i", "PhaseEncodingSteps": 100, "PhaseResolution": 1, "PixelBandwidth": 570, "ProcedureStepDescription": "BNU_P2018_64CH_Zhen.ZongLei", "ProtocolName": "field_mapping_2x2x2", "PulseSequenceDetails": "%SiemensSeq%_gre_field_mapping", "ReceiveCoilActiveElements": "HC1-7;NC1", "ReceiveCoilName": "HeadNeck_64", "ReconMatrixPE": 100, "RepetitionTime": 0.72, "SAR": 0.117086, "ScanningSequence": "GR", "SequenceName": "_fm2d2r", "SequenceVariant": "SP", "SeriesDescription": "field_mapping_2x2x2", "SeriesNumber": 9, "ShimSetting": [-5459, -11492, -1340, 505, 5, -254, 1, 68], "SliceThickness": 2, "SoftwareVersions": "syngo_MR_E11", "SpacingBetweenSlices": 2, "StationName": "AWP166078", "TxRefAmp": 211.897, "dcmmeta_affine": [[-1.999775767326355, 0.02094236947596073, 0.02141028642654419, 97.06842803955078], [0.02189231663942337, 1.997825264930725, 0.09063529968261719, -87.27497100830078], [0.02043795771896839, -0.09085958451032639, 1.9978294372558594, -84.22410583496094], [0.0, 0.0, 0.0, 1.0]], "dcmmeta_reorient_transform": [[0.0, -1.0, 0.0, 99.0], [1.0, 0.0, 0.0, 0.0], [0.0, 0.0, -1.0, 71.0], [0.0, 0.0, 0.0, 1.0]], "dcmmeta_shape": [100, 100, 72], "dcmmeta_slice_dim": 2, "dcmmeta_version": 0.6, "global": {"const": {"AcquisitionMatrix": [0, 100, 100, 0], "AcquisitionNumber": 1, "AngioFlag": "N", "BitsAllocated": 16, "BitsStored": 12, "BodyPartExamined": "BRAIN", "Columns": 100, "EchoNumbers": 2, "EchoTime": 7.38, "EchoTrainLength": 0, "FlipAngle": 60.0, "HighBit": 11, "ImageOrientationPatient": [0.99988787075915, -0.0109461586399, 0.01021897841141, 0.01047118440854, 0.99891265289803, 0.04542979393862], "ImageType": ["ORIGINAL", "PRIMARY", "P", "ND"], "ImagedNucleus": "1H", "ImagingFrequency": 123.257806, "InPlanePhaseEncodingDirection": "ROW", "MRAcquisitionType": "2D", "MagneticFieldStrength": 3.0, "Manufacturer": "SIEMENS", "ManufacturerModelName": "Prisma", "Modality": "MR", "NumberOfAverages": 1.0, "NumberOfPhaseEncodingSteps": 100, "PercentPhaseFieldOfView": 100.0, "PercentSampling": 100.0, "PerformedProcedureStepStartTime": "150445.485000", "PhotometricInterpretation": "MONOCHROME2", "PixelBandwidth": 570.0, "PixelRepresentation": 0, "PixelSpacing": [2.0, 2.0], "ProtocolName": "field_mapping_2x2x2", "RepetitionTime": 720.0, "RescaleIntercept": -4096.0, "RescaleSlope": 2.0, "RescaleType": "US", "Rows": 100, "SAR": 0.11708610414769, "SamplesPerPixel": 1, "ScanningSequence": "GR", "SequenceName": "*fm2d2r", "SequenceVariant": "SP", "SeriesDescription": "field_mapping_2x2x2", "SeriesNumber": 9, "SeriesTime": "155637.681000", "SliceThickness": 2.0, "SoftwareVersions": "syngo MR E11", "SpacingBetweenSlices": 2.0, "SpecificCharacterSet": "ISO_IR 100", "StudyID": "1", "StudyTime": "150445.397000", "TransmitCoilName": "Body", "VariableFlipAngleFlag": "N", "WindowCenterWidthExplanation": "Algo1", "dBdt": 0.0}, "slices": {"AcquisitionTime": ["155412.722500", "155412.362500", "155412.732500", "155412.372500", "155412.742500", "155412.382500", "155412.752500", "155412.392500", "155412.762500", "155412.402500", "155412.772500", "155412.412500", "155412.782500", "155412.422500", "155412.792500", "155412.432500", "155412.802500", "155412.442500", "155412.812500", "155412.452500", "155412.822500", "155412.462500", "155412.832500", "155412.472500", "155412.842500", "155412.482500", "155412.852500", "155412.492500", "155412.862500", "155412.502500", "155412.872500", "155412.512500", "155412.882500", "155412.522500", "155412.892500", "155412.532500", "155412.902500", "155412.542500", "155412.912500", "155412.552500", "155412.922500", "155412.562500", "155412.932500", "155412.572500", "155412.942500", "155412.582500", "155412.952500", "155412.592500", "155412.962500", "155412.602500", "155412.972500", "155412.612500", "155412.982500", "155412.622500", "155412.992500", "155412.632500", "155413.002500", "155412.642500", "155413.012500", "155412.652500", "155413.022500", "155412.662500", "155413.032500", "155412.672500", "155413.042500", "155412.682500", "155413.052500", "155412.692500", "155413.062500", "155412.702500", "155413.072500", "155412.712500"], "ContentTime": ["155637.769000", "155637.683000", "155637.771000", "155637.686000", "155637.773000", "155637.688000", "155637.775000", "155637.691000", "155637.777000", "155637.693000", "155637.779000", "155637.704000", "155637.781000", "155637.707000", "155637.783000", "155637.708000", "155637.785000", "155637.711000", "155637.787000", "155637.713000", "155637.789000", "155637.715000", "155637.791000", "155637.717000", "155637.793000", "155637.720000", "155637.795000", "155637.724000", "155637.797000", "155637.726000", "155637.799000", "155637.728000", "155637.801000", "155637.730000", "155637.805000", "155637.732000", "155637.807000", "155637.734000", "155637.809000", "155637.735000", "155637.811000", "155637.737000", "155637.814000", "155637.739000", "155637.816000", "155637.741000", "155637.817000", "155637.743000", "155637.819000", "155637.746000", "155637.822000", "155637.748000", "155637.824000", "155637.750000", "155637.826000", "155637.752000", "155637.828000", "155637.753000", "155637.830000", "155637.755000", "155637.832000", "155637.757000", "155637.834000", "155637.759000", "155637.836000", "155637.761000", "155637.838000", "155637.763000", "155637.840000", "155637.765000", "155637.842000", "155637.767000"], "CsaImage.GSWDDataType": ["measured", "predicted", "measured", "predicted", "measured", "predicted", "measured", "predicted", "measured", "predicted", "measured", "predicted", "measured", "predicted", "measured", "predicted", "measured", "predicted", "measured", "predicted", "measured", "predicted", "measured", "predicted", "measured", "predicted", "measured", "predicted", "measured", "predicted", "measured", "predicted", "measured", "predicted", "measured", "predicted", "measured", "predicted", "measured", "predicted", "measured", "predicted", "measured", "predicted", "measured", "predicted", "measured", "predicted", "measured", "predicted", "measured", "predicted", "measured", "predicted", "measured", "predicted", "measured", "predicted", "measured", "predicted", "measured", "measured", "measured", "measured", "measured", "measured", "measured", "measured", "measured", "measured", "measured", "measured"], "CsaImage.ICE_Dims": ["X_2_1_1_1_1_1_37_1_1_1_1_155", "X_2_1_1_1_1_1_1_1_1_2_1_155", "X_2_1_1_1_1_1_38_1_1_3_1_155", "X_2_1_1_1_1_1_2_1_1_4_1_155", "X_2_1_1_1_1_1_39_1_1_5_1_155", "X_2_1_1_1_1_1_3_1_1_6_1_155", "X_2_1_1_1_1_1_40_1_1_7_1_155", "X_2_1_1_1_1_1_4_1_1_8_1_155", "X_2_1_1_1_1_1_41_1_1_9_1_155", "X_2_1_1_1_1_1_5_1_1_10_1_155", "X_2_1_1_1_1_1_42_1_1_11_1_155", "X_2_1_1_1_1_1_6_1_1_12_1_155", "X_2_1_1_1_1_1_43_1_1_13_1_155", "X_2_1_1_1_1_1_7_1_1_14_1_155", "X_2_1_1_1_1_1_44_1_1_15_1_155", "X_2_1_1_1_1_1_8_1_1_16_1_155", "X_2_1_1_1_1_1_45_1_1_17_1_155", "X_2_1_1_1_1_1_9_1_1_18_1_155", "X_2_1_1_1_1_1_46_1_1_19_1_155", "X_2_1_1_1_1_1_10_1_1_20_1_155", "X_2_1_1_1_1_1_47_1_1_21_1_155", "X_2_1_1_1_1_1_11_1_1_22_1_155", "X_2_1_1_1_1_1_48_1_1_23_1_155", "X_2_1_1_1_1_1_12_1_1_24_1_155", "X_2_1_1_1_1_1_49_1_1_25_1_155", "X_2_1_1_1_1_1_13_1_1_26_1_155", "X_2_1_1_1_1_1_50_1_1_27_1_155", "X_2_1_1_1_1_1_14_1_1_28_1_155", "X_2_1_1_1_1_1_51_1_1_29_1_155", "X_2_1_1_1_1_1_15_1_1_30_1_155", "X_2_1_1_1_1_1_52_1_1_31_1_155", "X_2_1_1_1_1_1_16_1_1_32_1_155", "X_2_1_1_1_1_1_53_1_1_33_1_155", "X_2_1_1_1_1_1_17_1_1_34_1_155", "X_2_1_1_1_1_1_54_1_1_35_1_155", "X_2_1_1_1_1_1_18_1_1_36_1_155", "X_2_1_1_1_1_1_55_1_1_37_1_155", "X_2_1_1_1_1_1_19_1_1_38_1_155", "X_2_1_1_1_1_1_56_1_1_39_1_155", "X_2_1_1_1_1_1_20_1_1_40_1_155", "X_2_1_1_1_1_1_57_1_1_41_1_155", "X_2_1_1_1_1_1_21_1_1_42_1_155", "X_2_1_1_1_1_1_58_1_1_43_1_155", "X_2_1_1_1_1_1_22_1_1_44_1_155", "X_2_1_1_1_1_1_59_1_1_45_1_155", "X_2_1_1_1_1_1_23_1_1_46_1_155", "X_2_1_1_1_1_1_60_1_1_47_1_155", "X_2_1_1_1_1_1_24_1_1_48_1_155", "X_2_1_1_1_1_1_61_1_1_49_1_155", "X_2_1_1_1_1_1_25_1_1_50_1_155", "X_2_1_1_1_1_1_62_1_1_51_1_155", "X_2_1_1_1_1_1_26_1_1_52_1_155", "X_2_1_1_1_1_1_63_1_1_53_1_155", "X_2_1_1_1_1_1_27_1_1_54_1_155", "X_2_1_1_1_1_1_64_1_1_55_1_155", "X_2_1_1_1_1_1_28_1_1_56_1_155", "X_2_1_1_1_1_1_65_1_1_57_1_155", "X_2_1_1_1_1_1_29_1_1_58_1_155", "X_2_1_1_1_1_1_66_1_1_59_1_155", "X_2_1_1_1_1_1_30_1_1_60_1_155", "X_2_1_1_1_1_1_67_1_1_61_1_155", "X_2_1_1_1_1_1_31_1_1_62_1_155", "X_2_1_1_1_1_1_68_1_1_63_1_155", "X_2_1_1_1_1_1_32_1_1_64_1_155", "X_2_1_1_1_1_1_69_1_1_65_1_155", "X_2_1_1_1_1_1_33_1_1_66_1_155", "X_2_1_1_1_1_1_70_1_1_67_1_155", "X_2_1_1_1_1_1_34_1_1_68_1_155", "X_2_1_1_1_1_1_71_1_1_69_1_155", "X_2_1_1_1_1_1_35_1_1_70_1_155", "X_2_1_1_1_1_1_72_1_1_71_1_155", "X_2_1_1_1_1_1_36_1_1_72_1_155"], "CsaImage.ProtocolSliceNumber": [0, 1, 2, 3, 4, 5, 6, 7, 8, 9, 10, 11, 12, 13, 14, 15, 16, 17, 18, 19, 20, 21, 22, 23, 24, 25, 26, 27, 28, 29, 30, 31, 32, 33, 34, 35, 36, 37, 38, 39, 40, 41, 42, 43, 44, 45, 46, 47, 48, 49, 50, 51, 52, 53, 54, 55, 56, 57, 58, 59, 60, 61, 62, 63, 64, 65, 66, 67, 68, 69, 70, 71], "CsaImage.RFSWDDataType": ["measured", "predicted", "measured", "predicted", "measured", "predicted", "measured", "predicted", "measured", "predicted", "measured", "predicted", "measured", "predicted", "measured", "predicted", "measured", "predicted", "measured", "predicted", "measured", "predicted", "measured", "predicted", "measured", "predicted", "measured", "predicted", "measured", "predicted", "measured", "predicted", "measured", "predicted", "measured", "predicted", "measured", "predicted", "measured", "predicted", "measured", "predicted", "measured", "predicted", "measured", "predicted", "measured", "predicted", "measured", "predicted", "measured", "predicted", "measured", "predicted", "measured", "predicted", "measured", "measured", "measured", "measured", "measured", "measured", "measured", "measured", "measured", "measured", "measured", "measured", "measured", "measured", "measured", "measured"], "CsaImage.SlicePosition_PCS": [[-99.14171866, -110.50973079, -93.21928092], [-99.16312889, -110.60036609, -91.22144767], [-99.18453924, -110.69100139, -89.22362205], [-99.20594958, -110.78163668, -87.2257888], [-99.22735981, -110.87227198, -85.22795554], [-99.24877015, -110.96290728, -83.23012992], [-99.27018038, -111.05354354, -81.23229667], [-99.29159073, -111.14417884, -79.23446342], [-99.31300107, -111.23481414, -77.23663779], [-99.3344113, -111.32544944, -75.23880454], [-99.35582165, -111.41608474, -73.24097892], [-99.37723187, -111.50672004, -71.24314567], [-99.39864222, -111.59735534, -69.24531623], [-99.42005256, -111.68799064, -67.24748298], [-99.44146279, -111.77862593, -65.24965354], [-99.46287314, -111.86926123, -63.2518241], [-99.48428336, -111.95989749, -61.25399085], [-99.50569371, -112.05053279, -59.25616141], [-99.52710406, -112.14116809, -57.25833198], [-99.54851428, -112.23180339, -55.26050254], [-99.56992463, -112.32243869, -53.26266929], [-99.59133486, -112.41307399, -51.26483985], [-99.6127452, -112.50370929, -49.26701041], [-99.63415543, -112.59434459, -47.26917716], [-99.65556578, -112.68497989, -45.27134772], [-99.67697612, -112.77561519, -43.27351829], [-99.69838635, -112.86625048, -41.27568885], [-99.71979669, -112.95688674, -39.2778556], [-99.74120692, -113.04752204, -37.28002616], [-99.76261727, -113.13815734, -35.28219482], [-99.78402761, -113.22879264, -33.28436538], [-99.80543784, -113.31942794, -31.28653403], [-99.82684819, -113.41006324, -29.2887046], [-99.84825841, -113.50069854, -27.29087325], [-99.86966876, -113.59133384, -25.29304191], [-99.8910791, -113.68196914, -23.29521247], [-99.91248933, -113.77260444, -21.29738208], [-99.93389968, -113.86324069, -19.29955074], [-99.9553099, -113.95387599, -17.30172034], [-99.97672025, -114.04451129, -15.30388995], [-99.9981306, -114.13514659, -13.30605956], [-100.01954082, -114.22578189, -11.30822917], [-100.04095111, -114.31641719, -9.31039854], [-100.06236146, -114.40705249, -7.31256791], [-100.08377174, -114.49768779, -5.31473743], [-100.10518203, -114.58832309, -3.31690689], [-100.12659231, -114.67895839, -1.31907626], [-100.1480026, -114.76959369, 0.67875413], [-100.16941295, -114.86022899, 2.67658452], [-100.19082323, -114.95086428, 4.67441491], [-100.21223352, -115.04149958, 6.6722453], [-100.23364381, -115.13213488, 8.67007665], [-100.25505409, -115.22277018, 10.66790704], [-100.27646438, -115.31340739, 12.66573647], [-100.29787473, -115.40404269, 14.66356782], [-100.31928501, -115.49467799, 16.66139916], [-100.3406953, -115.58531329, 18.6592286], [-100.36210558, -115.67594859, 20.65705994], [-100.38351587, -115.76658389, 22.65488938], [-100.40492622, -115.85721919, 24.65272073], [-100.4263365, -115.94785449, 26.65055016], [-100.44774679, -116.03848979, 28.64838342], [-100.46915708, -116.12912509, 30.64621285], [-100.49056736, -116.21976039, 32.64404229], [-100.51197765, -116.31039569, 34.64187173], [-100.533388, -116.40103099, 36.63970498], [-100.55479828, -116.49166629, 38.63753442], [-100.57620857, -116.58230159, 40.63536385], [-100.59761885, -116.67293689, 42.63319711], [-100.61902917, -116.76357219, 44.63102654], [-100.64043946, -116.85420749, 46.62885598], [-100.66184974, -116.94484279, 48.62668542]], "CsaImage.TimeAfterStart": [1.08, 0.72, 1.09, 0.73, 1.1, 0.74, 1.11, 0.75, 1.12, 0.76, 1.13, 0.77, 1.14, 0.78, 1.15, 0.79, 1.16, 0.8, 1.17, 0.81, 1.18, 0.82, 1.19, 0.83, 1.2, 0.84, 1.21, 0.85, 1.22, 0.86, 1.23, 0.87, 1.24, 0.88, 1.25, 0.89, 1.26, 0.9, 1.27, 0.91, 1.28, 0.92, 1.29, 0.93, 1.3, 0.94, 1.31, 0.95, 1.32, 0.96, 1.33, 0.97, 1.34, 0.98, 1.35, 0.99, 1.36, 1.0, 1.37, 1.01, 1.38, 1.02, 1.39, 1.03, 1.4, 1.04, 1.41, 1.05, 1.42, 1.06, 1.43, 1.07], "ImagePositionPatient": [[-99.141718662406, -110.50973078567, -93.219280921527], [-99.163128889228, -110.60036608535, -91.221447669574], [-99.184539235259, -110.69100138504, -89.223622047015], [-99.205949581291, -110.78163668472, -87.225788795062], [-99.227359808112, -110.8722719844, -85.227955543109], [-99.248770154144, -110.96290728408, -83.23012992055], [-99.270180380966, -111.05354353744, -81.232296668597], [-99.291590726997, -111.14417883712, -79.234463416644], [-99.313001073028, -111.23481413681, -77.236637794085], [-99.33441129985, -111.32544943649, -75.238804542132], [-99.355821645881, -111.41608473617, -73.240978919574], [-99.377231872703, -111.50672003585, -71.24314566762], [-99.398642218734, -111.59735533554, -69.245316230365], [-99.420052564765, -111.68799063522, -67.247482978411], [-99.441462791587, -111.7786259349, -65.249653541156], [-99.462873137618, -111.86926123459, -63.2518241039], [-99.48428336444, -111.95989748794, -61.253990851947], [-99.505693710471, -112.05053278762, -59.256161414691], [-99.527104056503, -112.14116808731, -57.258331977435], [-99.548514283325, -112.23180338699, -55.260502540179], [-99.569924629356, -112.32243868667, -53.262669288226], [-99.591334856178, -112.41307398636, -51.26483985097], [-99.612745202209, -112.50370928604, -49.267010413714], [-99.634155429031, -112.59434458572, -47.269177161761], [-99.655565775062, -112.6849798854, -45.271347724505], [-99.676976121093, -112.77561518509, -43.273518287249], [-99.698386347915, -112.86625048477, -41.275688849993], [-99.719796693946, -112.95688673813, -39.27785559804], [-99.741206920768, -113.04752203781, -37.280026160784], [-99.762617266799, -113.13815733749, -35.28219481618], [-99.78402761283, -113.22879263717, -33.284365378924], [-99.805437839652, -113.31942793686, -31.28653403432], [-99.826848185684, -113.41006323654, -29.288704597064], [-99.848258412505, -113.50069853622, -27.290873252459], [-99.869668758537, -113.5913338359, -25.293041907855], [-99.891079104568, -113.68196913559, -23.295212470599], [-99.91248933139, -113.77260443527, -21.297382079669], [-99.933899677421, -113.86324068863, -19.299550735064], [-99.955309904243, -113.95387598831, -17.301720344134], [-99.976720250274, -114.04451128799, -15.303889953204], [-99.998130596305, -114.13514658767, -13.306059562274], [-100.01954082313, -114.22578188736, -11.308229171344], [-100.04095110955, -114.31641718704, -9.3103985419948], [-100.06236145558, -114.40705248672, -7.312567912646], [-100.08377174201, -114.4976877864, -5.3147374323089], [-100.10518202844, -114.58832308609, -3.3169068923671], [-100.12659231486, -114.67895838577, -1.3190762630183], [-100.14800260129, -114.76959368545, 0.67875412791184], [-100.16941294732, -114.86022898513, 2.676584518842], [-100.19082323375, -114.95086428482, 4.6744149097722], [-100.21223352018, -115.0414995845, 6.6722453007024], [-100.2336438066, -115.13213488418, 8.6700766453069], [-100.25505409303, -115.22277018386, 10.667907036237], [-100.27646437945, -115.3134073909, 12.665736473493], [-100.29787472549, -115.40404269058, 14.663567818097], [-100.31928501191, -115.49467799026, 16.661399162702], [-100.34069529834, -115.58531328994, 18.659228599958], [-100.36210558477, -115.67594858963, 20.657059944562], [-100.38351587119, -115.76658388931, 22.654889381818], [-100.40492621722, -115.85721918899, 24.652720726423], [-100.42633650365, -115.94785448867, 26.650550163678], [-100.44774679008, -116.03848978836, 28.648383415632], [-100.4691570765, -116.12912508804, 30.646212852887], [-100.49056736293, -116.21976038772, 32.644042290143], [-100.51197764936, -116.3103956874, 34.641871727399], [-100.53338799539, -116.40103098709, 36.639704979352], [-100.55479828181, -116.49166628677, 38.637534416608], [-100.57620856824, -116.58230158645, 40.635363853864], [-100.59761885467, -116.67293688614, 42.633197105817], [-100.6190291709, -116.76357218582, 44.631026543073], [-100.64043945732, -116.8542074855, 46.628855980329], [-100.66184974375, -116.94484278518, 48.626685417585]], "InstanceCreationTime": ["155637.769000", "155637.683000", "155637.771000", "155637.686000", "155637.773000", "155637.688000", "155637.775000", "155637.691000", "155637.777000", "155637.693000", "155637.779000", "155637.704000", "155637.781000", "155637.707000", "155637.783000", "155637.708000", "155637.785000", "155637.711000", "155637.787000", "155637.713000", "155637.789000", "155637.715000", "155637.791000", "155637.717000", "155637.793000", "155637.720000", "155637.795000", "155637.724000", "155637.797000", "155637.726000", "155637.799000", "155637.728000", "155637.801000", "155637.730000", "155637.805000", "155637.732000", "155637.807000", "155637.734000", "155637.809000", "155637.735000", "155637.811000", "155637.737000", "155637.814000", "155637.739000", "155637.816000", "155637.741000", "155637.817000", "155637.743000", "155637.819000", "155637.746000", "155637.822000", "155637.748000", "155637.824000", "155637.750000", "155637.826000", "155637.752000", "155637.828000", "155637.753000", "155637.830000", "155637.755000", "155637.832000", "155637.757000", "155637.834000", "155637.759000", "155637.836000", "155637.761000", "155637.838000", "155637.763000", "155637.840000", "155637.765000", "155637.842000", "155637.767000"], "InstanceNumber": [1, 2, 3, 4, 5, 6, 7, 8, 9, 10, 11, 12, 13, 14, 15, 16, 17, 18, 19, 20, 21, 22, 23, 24, 25, 26, 27, 28, 29, 30, 31, 32, 33, 34, 35, 36, 37, 38, 39, 40, 41, 42, 43, 44, 45, 46, 47, 48, 49, 50, 51, 52, 53, 54, 55, 56, 57, 58, 59, 60, 61, 62, 63, 64, 65, 66, 67, 68, 69, 70, 71, 72], "LargestImagePixelValue": [4093, 4094, 4094, 4094, 4094, 4093, 4094, 4095, 4095, 4094, 4094, 4095, 4092, 4093, 4094, 4095, 4095, 4094, 4094, 4095, 4093, 4093, 4095, 4090, 4090, 4095, 4093, 4086, 4095, 4088, 4094, 4082, 4094, 4091, 4092, 4089, 4094, 4087, 4087, 4092, 4094, 4094, 4095, 4094, 4093, 4092, 4093, 4093, 4093, 4095, 4093, 4092, 4094, 4094, 4094, 4094, 4095, 4094, 4094, 4092, 4093, 4094, 4095, 4093, 4093, 4094, 4095, 4095, 4094, 4094, 4095, 4095], "SliceLocation": [-87.048789573384, -85.048786858893, -83.048791764245, -81.048789048478, -79.048786333987, -77.048791239339, -75.04878848163, -73.048785765863, -71.048790671214, -69.048787956723, -67.048792862075, -65.048790147584, -63.048791242377, -61.04878852661, -59.048789622678, -57.04879071747, -55.048787959761, -53.048789054554, -51.048790149346, -49.048791245415, -47.048788529648, -45.048789625716, -43.048790720508, -41.048788006018, -39.04878910081, -37.048790195602, -35.048791291671, -33.048788532685, -31.048789628754, -29.048788818267, -27.048789913059, -25.048789103848, -23.04879019864, -21.048789389429, -19.048788578942, -17.048789673734, -15.048789817163, -13.048788963457, -11.048789106886, -9.0487892490383, -7.0487893911909, -5.0487895346195, -3.0487894392502, -1.0487893432427, 0.95121060327666, 2.951210609336, 4.9512107047054, 6.9512105619148, 8.9512104197623, 10.951210276972, 12.951210134181, 14.95121094403, 16.95121080124, 18.951209792246, 20.951210602733, 22.951211412583, 24.951210317152, 26.951211127001, 28.951210031571, 30.951210842058, 32.951209746628, 34.951212461757, 36.951211366326, 38.951210270896, 40.951209175465, 42.951211891232, 44.951210795802, 46.951209700372, 48.9512124155, 50.951211320389, 52.951210224959, 54.951209129528], "SmallestImagePixelValue": [0, 1, 0, 0, 0, 0, 0, 1, 0, 0, 0, 0, 0, 0, 0, 0, 6, 0, 3, 0, 0, 0, 0, 0, 8, 1, 0, 3, 1, 2, 4, 0, 0, 0, 3, 0, 0, 10, 11, 0, 0, 0, 0, 1, 7, 0, 1, 2, 0, 0, 7, 2, 2, 1, 1, 0, 0, 5, 2, 2, 0, 0, 0, 0, 0, 0, 0, 0, 0, 0, 1, 0], "WindowCenter": [-344.0, -240.0, -276.0, -206.0, -210.0, -198.0, -198.0, -140.0, -96.0, -92.0, -100.0, -108.0, -134.0, -142.0, -126.0, -172.0, -154.0, -178.0, -160.0, -158.0, -198.0, -258.0, -268.0, -292.0, -272.0, -230.0, -214.0, -196.0, -192.0, -200.0, -202.0, -250.0, -260.0, -244.0, -240.0, -220.0, -212.0, -164.0, -170.0, -154.0, -116.0, -116.0, -88.0, -58.0, -70.0, -60.0, -58.0, -72.0, -48.0, -52.0, -98.0, -198.0, -200.0, -76.0, -182.0, -204.0, -232.0, -212.0, -228.0, -210.0, -266.0, -264.0, -182.0, -164.0, -162.0, -178.0, -268.0, -270.0, -276.0, -314.0, -308.0, -298.0], "WindowWidth": [6074.0, 6340.0, 6398.0, 6436.0, 6460.0, 6418.0, 6364.0, 6380.0, 6344.0, 6324.0, 6304.0, 6278.0, 6256.0, 6238.0, 6246.0, 6266.0, 6304.0, 6296.0, 6272.0, 6230.0, 6188.0, 6016.0, 5960.0, 5856.0, 5840.0, 5796.0, 5760.0, 5740.0, 5762.0, 5634.0, 5590.0, 5528.0, 5532.0, 5430.0, 5386.0, 5298.0, 5254.0, 5386.0, 5232.0, 5332.0, 5436.0, 5352.0, 5438.0, 5470.0, 5446.0, 5398.0, 5268.0, 5260.0, 5352.0, 5246.0, 4904.0, 4606.0, 4610.0, 5162.0, 4618.0, 4632.0, 4670.0, 4664.0, 4688.0, 4696.0, 4754.0, 4792.0, 5278.0, 5540.0, 5850.0, 5894.0, 5972.0, 6084.0, 6112.0, 6160.0, 6264.0, 6290.0]}}, "IntendedFor": ["ses-imagenet04/func/sub-02_ses-imagenet04_task-imagenet_run-05_bold.nii.gz", "ses-imagenet04/func/sub-02_ses-imagenet04_task-imagenet_run-08_bold.nii.gz", "ses-imagenet04/func/sub-02_ses-imagenet04_task-imagenet_run-07_bold.nii.gz", "ses-imagenet04/func/sub-02_ses-imagenet04_task-imagenet_run-01_bold.nii.gz", "ses-imagenet04/func/sub-02_ses-imagenet04_task-imagenet_run-03_bold.nii.gz", "ses-imagenet04/func/sub-02_ses-imagenet04_task-imagenet_run-10_bold.nii.gz", "ses-imagenet04/func/sub-02_ses-imagenet04_task-imagenet_run-02_bold.nii.gz", "ses-imagenet04/func/sub-02_ses-imagenet04_task-imagenet_run-04_bold.nii.gz", "ses-imagenet04/func/sub-02_ses-imagenet04_task-imagenet_run-06_bold.nii.gz", "ses-imagenet04/func/sub-02_ses-imagenet04_task-imagenet_run-09_bold.nii.gz"]}