{"AcquisitionMatrixPE": 100, "AcquisitionNumber": 1, "AcquisitionTime": "09:54:7.427500", "BaseResolution": 100, "BodyPartExamined": "BRAIN", "ConsistencyInfo": "N4_VE11C_LATEST_20160120", "ConversionSoftware": "dcm2niix", "ConversionSoftwareVersion": "v1.0.20180622 GCC4.9.2", "DeviceSerialNumber": "166078", "DwellTime": 8.8e-06, "EchoNumber": 2, "EchoTime": 0.00738, "EchoTime1": 0.00492, "EchoTime2": 0.00738, "FlipAngle": 60, "ImageOrientationPatientDICOM": [1, 0, 0, 0, 0.984808, -0.173648], "ImageType": ["ORIGINAL", "PRIMARY", "P", "ND"], "InPlanePhaseEncodingDirectionDICOM": "ROW", "InstitutionAddress": "Street_StreetNo_Bei_Jing_District_CN_ZIP", "InstitutionName": "BeiJing_Normal_University", "InstitutionalDepartmentName": "Department", "MRAcquisitionType": "2D", "MagneticFieldStrength": 3, "Manufacturer": "Siemens", "ManufacturersModelName": "Prisma", "Modality": "MR", "PartialFourier": 1, "PatientPosition": "HFS", "PercentPhaseFOV": 100, "PhaseEncodingDirection": "i", "PhaseEncodingSteps": 100, "PhaseResolution": 1, "PixelBandwidth": 570, "ProcedureStepDescription": "BNU_P2018_64CH_Zhen.ZongLei", "ProtocolName": "field_mapping_2x2x2", "PulseSequenceDetails": "%SiemensSeq%_gre_field_mapping", "ReceiveCoilActiveElements": "HC1-7;NC1", "ReceiveCoilName": "HeadNeck_64", "ReconMatrixPE": 100, "RepetitionTime": 0.72, "SAR": 0.0998059, "ScanningSequence": "GR", "SequenceName": "_fm2d2r", "SequenceVariant": "SP", "SeriesDescription": "field_mapping_2x2x2", "SeriesNumber": 9, "ShimSetting": [-5446, -11522, -1243, 337, 10, -281, -272, 52], "SliceThickness": 2, "SoftwareVersions": "syngo_MR_E11", "SpacingBetweenSlices": 2, "StationName": "AWP166078", "TxRefAmp": 214.328, "dcmmeta_affine": [[-2.0, 0.0, 0.0, 102.71186828613281], [0.0, 1.9696154594421387, -0.34729766845703125, -89.2135238647461], [0.0, 0.3472963571548462, 1.9696121215820312, -75.80062103271484], [0.0, 0.0, 0.0, 1.0]], "dcmmeta_reorient_transform": [[0.0, -1.0, 0.0, 99.0], [1.0, 0.0, 0.0, 0.0], [0.0, 0.0, -1.0, 71.0], [0.0, 0.0, 0.0, 1.0]], "dcmmeta_shape": [100, 100, 72], "dcmmeta_slice_dim": 2, "dcmmeta_version": 0.6, "global": {"const": {"AcquisitionMatrix": [0, 100, 100, 0], "AcquisitionNumber": 1, "AngioFlag": "N", "BitsAllocated": 16, "BitsStored": 12, "BodyPartExamined": "BRAIN", "Columns": 100, "EchoNumbers": 2, "EchoTime": 7.38, "EchoTrainLength": 0, "FlipAngle": 60.0, "HighBit": 11, "ImageOrientationPatient": [1.0, 0.0, 0.0, 0.0, 0.98480775310024, -0.1736481771677], "ImageType": ["ORIGINAL", "PRIMARY", "P", "ND"], "ImagedNucleus": "1H", "ImagingFrequency": 123.257714, "InPlanePhaseEncodingDirection": "ROW", "MRAcquisitionType": "2D", "MagneticFieldStrength": 3.0, "Manufacturer": "SIEMENS", "ManufacturerModelName": "Prisma", "Modality": "MR", "NumberOfAverages": 1.0, "NumberOfPhaseEncodingSteps": 100, "PercentPhaseFieldOfView": 100.0, "PercentSampling": 100.0, "PerformedProcedureStepStartTime": "085650.269000", "PhotometricInterpretation": "MONOCHROME2", "PixelBandwidth": 570.0, "PixelRepresentation": 0, "PixelSpacing": [2.0, 2.0], "ProtocolName": "field_mapping_2x2x2", "RepetitionTime": 720.0, "RescaleIntercept": -4096.0, "RescaleSlope": 2.0, "RescaleType": "US", "Rows": 100, "SAR": 0.09980590866754, "SamplesPerPixel": 1, "ScanningSequence": "GR", "SequenceName": "*fm2d2r", "SequenceVariant": "SP", "SeriesDescription": "field_mapping_2x2x2", "SeriesNumber": 9, "SeriesTime": "095632.109000", "SliceThickness": 2.0, "SoftwareVersions": "syngo MR E11", "SpacingBetweenSlices": 2.0, "SpecificCharacterSet": "ISO_IR 100", "StudyID": "1", "StudyTime": "085650.208000", "TransmitCoilName": "Body", "VariableFlipAngleFlag": "N", "WindowCenterWidthExplanation": "Algo1", "dBdt": 0.0}, "slices": {"AcquisitionTime": ["095407.427500", "095407.067500", "095407.437500", "095407.077500", "095407.447500", "095407.087500", "095407.457500", "095407.097500", "095407.467500", "095407.107500", "095407.477500", "095407.117500", "095407.487500", "095407.127500", "095407.497500", "095407.137500", "095407.507500", "095407.147500", "095407.517500", "095407.157500", "095407.527500", "095407.167500", "095407.537500", "095407.177500", "095407.547500", "095407.187500", "095407.557500", "095407.197500", "095407.567500", "095407.207500", "095407.577500", "095407.217500", "095407.587500", "095407.227500", "095407.597500", "095407.237500", "095407.607500", "095407.247500", "095407.617500", "095407.257500", "095407.627500", "095407.267500", "095407.637500", "095407.277500", "095407.647500", "095407.287500", "095407.657500", "095407.297500", "095407.667500", "095407.307500", "095407.677500", "095407.317500", "095407.687500", "095407.327500", "095407.697500", "095407.337500", "095407.707500", "095407.347500", "095407.717500", "095407.357500", "095407.727500", "095407.367500", "095407.737500", "095407.377500", "095407.747500", "095407.387500", "095407.757500", "095407.397500", "095407.767500", "095407.407500", "095407.777500", "095407.417500"], "ContentTime": ["095632.181000", "095632.112000", "095632.183000", "095632.114000", "095632.185000", "095632.116000", "095632.187000", "095632.118000", "095632.189000", "095632.120000", "095632.191000", "095632.122000", "095632.193000", "095632.124000", "095632.194000", "095632.125000", "095632.197000", "095632.127000", "095632.198000", "095632.129000", "095632.201000", "095632.131000", "095632.203000", "095632.133000", "095632.204000", "095632.135000", "095632.206000", "095632.137000", "095632.208000", "095632.139000", "095632.210000", "095632.141000", "095632.212000", "095632.143000", "095632.214000", "095632.145000", "095632.216000", "095632.147000", "095632.218000", "095632.149000", "095632.220000", "095632.151000", "095632.222000", "095632.153000", "095632.224000", "095632.154000", "095632.227000", "095632.156000", "095632.229000", "095632.158000", "095632.230000", "095632.160000", "095632.232000", "095632.162000", "095632.234000", "095632.164000", "095632.236000", "095632.166000", "095632.238000", "095632.168000", "095632.240000", "095632.169000", "095632.242000", "095632.171000", "095632.244000", "095632.173000", "095632.246000", "095632.175000", "095632.247000", "095632.177000", "095632.249000", "095632.179000"], "CsaImage.GSWDDataType": ["measured", "predicted", "measured", "predicted", "measured", "predicted", "measured", "predicted", "measured", "predicted", "measured", "predicted", "measured", "predicted", "measured", "predicted", "measured", "predicted", "measured", "predicted", "measured", "predicted", "measured", "predicted", "measured", "predicted", "measured", "predicted", "measured", "predicted", "measured", "predicted", "measured", "predicted", "measured", "predicted", "measured", "predicted", "measured", "predicted", "measured", "predicted", "measured", "predicted", "measured", "predicted", "measured", "predicted", "measured", "predicted", "measured", "predicted", "measured", "predicted", "measured", "predicted", "measured", "predicted", "measured", "predicted", "measured", "predicted", "measured", "predicted", "measured", "predicted", "measured", "predicted", "measured", "measured", "measured", "measured"], "CsaImage.ICE_Dims": ["X_2_1_1_1_1_1_37_1_1_1_1_42", "X_2_1_1_1_1_1_1_1_1_2_1_42", "X_2_1_1_1_1_1_38_1_1_3_1_42", "X_2_1_1_1_1_1_2_1_1_4_1_42", "X_2_1_1_1_1_1_39_1_1_5_1_42", "X_2_1_1_1_1_1_3_1_1_6_1_42", "X_2_1_1_1_1_1_40_1_1_7_1_42", "X_2_1_1_1_1_1_4_1_1_8_1_42", "X_2_1_1_1_1_1_41_1_1_9_1_42", "X_2_1_1_1_1_1_5_1_1_10_1_42", "X_2_1_1_1_1_1_42_1_1_11_1_42", "X_2_1_1_1_1_1_6_1_1_12_1_42", "X_2_1_1_1_1_1_43_1_1_13_1_42", "X_2_1_1_1_1_1_7_1_1_14_1_42", "X_2_1_1_1_1_1_44_1_1_15_1_42", "X_2_1_1_1_1_1_8_1_1_16_1_42", "X_2_1_1_1_1_1_45_1_1_17_1_42", "X_2_1_1_1_1_1_9_1_1_18_1_42", "X_2_1_1_1_1_1_46_1_1_19_1_42", "X_2_1_1_1_1_1_10_1_1_20_1_42", "X_2_1_1_1_1_1_47_1_1_21_1_42", "X_2_1_1_1_1_1_11_1_1_22_1_42", "X_2_1_1_1_1_1_48_1_1_23_1_42", "X_2_1_1_1_1_1_12_1_1_24_1_42", "X_2_1_1_1_1_1_49_1_1_25_1_42", "X_2_1_1_1_1_1_13_1_1_26_1_42", "X_2_1_1_1_1_1_50_1_1_27_1_42", "X_2_1_1_1_1_1_14_1_1_28_1_42", "X_2_1_1_1_1_1_51_1_1_29_1_42", "X_2_1_1_1_1_1_15_1_1_30_1_42", "X_2_1_1_1_1_1_52_1_1_31_1_42", "X_2_1_1_1_1_1_16_1_1_32_1_42", "X_2_1_1_1_1_1_53_1_1_33_1_42", "X_2_1_1_1_1_1_17_1_1_34_1_42", "X_2_1_1_1_1_1_54_1_1_35_1_42", "X_2_1_1_1_1_1_18_1_1_36_1_42", "X_2_1_1_1_1_1_55_1_1_37_1_42", "X_2_1_1_1_1_1_19_1_1_38_1_42", "X_2_1_1_1_1_1_56_1_1_39_1_42", "X_2_1_1_1_1_1_20_1_1_40_1_42", "X_2_1_1_1_1_1_57_1_1_41_1_42", "X_2_1_1_1_1_1_21_1_1_42_1_42", "X_2_1_1_1_1_1_58_1_1_43_1_42", "X_2_1_1_1_1_1_22_1_1_44_1_42", "X_2_1_1_1_1_1_59_1_1_45_1_42", "X_2_1_1_1_1_1_23_1_1_46_1_42", "X_2_1_1_1_1_1_60_1_1_47_1_42", "X_2_1_1_1_1_1_24_1_1_48_1_42", "X_2_1_1_1_1_1_61_1_1_49_1_42", "X_2_1_1_1_1_1_25_1_1_50_1_42", "X_2_1_1_1_1_1_62_1_1_51_1_42", "X_2_1_1_1_1_1_26_1_1_52_1_42", "X_2_1_1_1_1_1_63_1_1_53_1_42", "X_2_1_1_1_1_1_27_1_1_54_1_42", "X_2_1_1_1_1_1_64_1_1_55_1_42", "X_2_1_1_1_1_1_28_1_1_56_1_42", "X_2_1_1_1_1_1_65_1_1_57_1_42", "X_2_1_1_1_1_1_29_1_1_58_1_42", "X_2_1_1_1_1_1_66_1_1_59_1_42", "X_2_1_1_1_1_1_30_1_1_60_1_42", "X_2_1_1_1_1_1_67_1_1_61_1_42", "X_2_1_1_1_1_1_31_1_1_62_1_42", "X_2_1_1_1_1_1_68_1_1_63_1_42", "X_2_1_1_1_1_1_32_1_1_64_1_42", "X_2_1_1_1_1_1_69_1_1_65_1_42", "X_2_1_1_1_1_1_33_1_1_66_1_42", "X_2_1_1_1_1_1_70_1_1_67_1_42", "X_2_1_1_1_1_1_34_1_1_68_1_42", "X_2_1_1_1_1_1_71_1_1_69_1_42", "X_2_1_1_1_1_1_35_1_1_70_1_42", "X_2_1_1_1_1_1_72_1_1_71_1_42", "X_2_1_1_1_1_1_36_1_1_72_1_42"], "CsaImage.ProtocolSliceNumber": [0, 1, 2, 3, 4, 5, 6, 7, 8, 9, 10, 11, 12, 13, 14, 15, 16, 17, 18, 19, 20, 21, 22, 23, 24, 25, 26, 27, 28, 29, 30, 31, 32, 33, 34, 35, 36, 37, 38, 39, 40, 41, 42, 43, 44, 45, 46, 47, 48, 49, 50, 51, 52, 53, 54, 55, 56, 57, 58, 59, 60, 61, 62, 63, 64, 65, 66, 67, 68, 69, 70, 71], "CsaImage.RFSWDDataType": ["measured", "predicted", "measured", "predicted", "measured", "predicted", "measured", "predicted", "measured", "predicted", "measured", "predicted", "measured", "predicted", "measured", "predicted", "measured", "predicted", "measured", "predicted", "measured", "predicted", "measured", "predicted", "measured", "predicted", "measured", "predicted", "measured", "predicted", "measured", "predicted", "measured", "predicted", "measured", "predicted", "measured", "predicted", "measured", "predicted", "measured", "predicted", "measured", "predicted", "measured", "predicted", "measured", "predicted", "measured", "predicted", "measured", "predicted", "measured", "predicted", "measured", "predicted", "measured", "predicted", "measured", "predicted", "measured", "predicted", "measured", "predicted", "measured", "predicted", "measured", "measured", "measured", "measured", "measured", "measured"], "CsaImage.SlicePosition_PCS": [[-102.71186447, -105.77831884, -41.41851892], [-102.71186447, -105.4310226, -39.44890299], [-102.71186447, -105.08372636, -37.47928705], [-102.71186447, -104.73642965, -35.50967111], [-102.71186447, -104.38913341, -33.54005518], [-102.71186447, -104.04183717, -31.57043924], [-102.71186447, -103.69454093, -29.6008233], [-102.71186447, -103.34724422, -27.63121118], [-102.71186447, -102.99994798, -25.66159525], [-102.71186447, -102.65265174, -23.69197931], [-102.71186447, -102.30535526, -21.72236337], [-102.71186447, -101.95805903, -19.75274744], [-102.71186447, -101.61076255, -17.7831315], [-102.71186447, -101.26346631, -15.81351557], [-102.71186447, -100.91616984, -13.84390154], [-102.71186447, -100.5688736, -11.8742856], [-102.71186447, -100.22157724, -9.90466966], [-102.71186447, -99.87428088, -7.93505373], [-102.71186447, -99.52698453, -5.9654397], [-102.71186447, -99.17968817, -3.99582376], [-102.71186447, -98.83239181, -2.02620783], [-102.71186447, -98.48509547, -0.05659189], [-102.71186447, -98.1377991, 1.91302309], [-102.71186447, -97.79050274, 3.88263808], [-102.71186447, -97.44320638, 5.85225401], [-102.71186447, -97.09591003, 7.82186899], [-102.71186447, -96.74861367, 9.79148493], [-102.71186447, -96.40131731, 11.76110039], [-102.71186447, -96.05402107, 13.73071585], [-102.71186447, -95.7067246, 15.70033143], [-102.71186447, -95.35942836, 17.66994695], [-102.71186447, -95.01213188, 19.63956247], [-102.71186447, -94.66483565, 21.60917816], [-102.71186447, -94.31753917, 23.57879362], [-102.71186447, -93.97024293, 25.54840861], [-102.71186447, -93.62294669, 27.51802454], [-102.71186447, -93.27564998, 29.48763952], [-102.71186447, -92.92835374, 31.45725546], [-102.71186447, -92.5810575, 33.4268714], [-102.71186447, -92.23376126, 35.39648733], [-102.71186447, -91.88646455, 37.36610136], [-102.71186447, -91.53916831, 39.3357173], [-102.71186447, -91.19187207, 41.30533323], [-102.71186447, -90.84457584, 43.27494917], [-102.71186447, -90.49727912, 45.2445632], [-102.71186447, -90.14998288, 47.21417914], [-102.71186447, -89.80268617, 49.18379507], [-102.71186447, -89.45539041, 51.15341101], [-102.71186447, -89.10809369, 53.12302695], [-102.71186447, -88.76079793, 55.09264288], [-102.71186447, -88.41350122, 57.06225882], [-102.71186447, -88.0662045, 59.03187094], [-102.71186447, -87.71890874, 61.00148688], [-102.71186447, -87.37161203, 62.97110281], [-102.71186447, -87.02431531, 64.94071875], [-102.71186447, -86.67701955, 66.91033468], [-102.71186447, -86.32972284, 68.87995062], [-102.71186447, -85.98242707, 70.84956656], [-102.71186447, -85.63513036, 72.81918249], [-102.71186447, -85.28783364, 74.78879843], [-102.71186447, -84.94053788, 76.75841055], [-102.71186447, -84.59324117, 78.72802649], [-102.71186447, -84.24594445, 80.69764242], [-102.71186447, -83.89864869, 82.66726217], [-102.71186447, -83.55135198, 84.6368743], [-102.71186447, -83.20405622, 86.60648642], [-102.71186447, -82.8567595, 88.57610617], [-102.71186447, -82.50946279, 90.54571829], [-102.71186447, -82.16216607, 92.51533804], [-102.71186447, -81.81487031, 94.48495016], [-102.71186447, -81.46757455, 96.45456991], [-102.71186447, -81.12027688, 98.42418204]], "CsaImage.TimeAfterStart": [1.0825, 0.7225, 1.0925, 0.7325, 1.1025, 0.7425, 1.1125, 0.7525, 1.1225, 0.7625, 1.1325, 0.7725, 1.1425, 0.7825, 1.1525, 0.7925, 1.1625, 0.8025, 1.1725, 0.8125, 1.1825, 0.8225, 1.1925, 0.8325, 1.2025, 0.8425, 1.2125, 0.8525, 1.2225, 0.8625, 1.2325, 0.8725, 1.2425, 0.8825, 1.2525, 0.8925, 1.2625, 0.9025, 1.2725, 0.9125, 1.2825, 0.9225, 1.2925, 0.9325, 1.3025, 0.9425, 1.3125, 0.9525, 1.3225, 0.9625, 1.3325, 0.9725, 1.3425, 0.9825, 1.3525, 0.9925, 1.3625, 1.0025, 1.3725, 1.0125, 1.3825, 1.0225, 1.3925, 1.0325, 1.4025, 1.0425, 1.4125, 1.0525, 1.4225, 1.0625, 1.4325, 1.0725], "ImagePositionPatient": [[-102.71186447144, -105.77831883572, -41.418518922637], [-102.71186447144, -105.43102259777, -39.448902986358], [-102.71186447144, -105.08372635983, -37.479287050079], [-102.71186447144, -104.73642964505, -35.509671113799], [-102.71186447144, -104.3891334071, -33.54005517752], [-102.71186447144, -104.04183716915, -31.570439241241], [-102.71186447144, -103.69454093121, -29.600823304962], [-102.71186447144, -103.34724421643, -27.631211183379], [-102.71186447144, -102.99994797848, -25.6615952471], [-102.71186447144, -102.65265174054, -23.691979310821], [-102.71186447144, -102.30535526417, -21.722363374542], [-102.71186447144, -101.95805902623, -19.752747438262], [-102.71186447144, -101.61076254986, -17.783131501983], [-102.71186447144, -101.26346631192, -15.813515565704], [-102.71186447144, -100.91616983555, -13.843901536773], [-102.71186447144, -100.56887359761, -11.874285600494], [-102.71186447144, -100.22157724045, -9.9046696642144], [-102.71186447144, -99.874280883297, -7.9350537279351], [-102.71186447144, -99.526984526142, -5.9654396990045], [-102.71186447144, -99.179688168987, -3.9958237627252], [-102.71186447144, -98.832391811832, -2.0262078264459], [-102.71186447144, -98.485095465853, -0.0565918901666], [-102.71186447144, -98.137799097522, 1.9130230924384], [-102.71186447144, -97.790502740368, 3.8826380750434], [-102.71186447144, -97.443206383213, 5.8522540113227], [-102.71186447144, -97.095910026058, 7.8218689939276], [-102.71186447144, -96.748613668903, 9.7914849302069], [-102.71186447144, -96.401317311748, 11.761100389649], [-102.71186447144, -96.054021073803, 13.730715849091], [-102.71186447144, -95.706724597439, 15.700331427743], [-102.71186447144, -95.359428359493, 17.669946946789], [-102.71186447144, -95.012131883129, 19.639562465836], [-102.71186447144, -94.664835645183, 21.609178163697], [-102.71186447144, -94.317539168819, 23.578793623139], [-102.71186447144, -93.970242930874, 25.548408605744], [-102.71186447144, -93.622946692928, 27.518024542023], [-102.71186447144, -93.275649978145, 29.487639524628], [-102.71186447144, -92.9283537402, 31.457255460908], [-102.71186447144, -92.581057502254, 33.426871397187], [-102.71186447144, -92.233761264309, 35.396487333466], [-102.71186447144, -91.886464549526, 37.366101362397], [-102.71186447144, -91.53916831158, 39.335717298676], [-102.71186447144, -91.191872073635, 41.305333234955], [-102.71186447144, -90.844575835689, 43.274949171235], [-102.71186447144, -90.497279120907, 45.244563200165], [-102.71186447144, -90.149982882961, 47.214179136445], [-102.71186447144, -89.802686168178, 49.183795072724], [-102.71186447144, -89.45539040707, 51.153411009003], [-102.71186447144, -89.108093692287, 53.123026945283], [-102.71186447144, -88.760797931179, 55.092642881562], [-102.71186447144, -88.413501216396, 57.062258817841], [-102.71186447144, -88.066204501613, 59.031870939423], [-102.71186447144, -87.718908740505, 61.001486875703], [-102.71186447144, -87.371612025722, 62.971102811982], [-102.71186447144, -87.02431531094, 64.940718748261], [-102.71186447144, -86.677019549831, 66.91033468454], [-102.71186447144, -86.329722835048, 68.87995062082], [-102.71186447144, -85.98242707394, 70.849566557099], [-102.71186447144, -85.635130359157, 72.819182493378], [-102.71186447144, -85.287833644375, 74.788798429658], [-102.71186447144, -84.940537883266, 76.75841055124], [-102.71186447144, -84.593241168483, 78.728026487519], [-102.71186447144, -84.245944453701, 80.697642423798], [-102.71186447144, -83.898648692592, 82.667262174775], [-102.71186447144, -83.55135197781, 84.636874296357], [-102.71186447144, -83.204056216701, 86.606486417939], [-102.71186447144, -82.856759501919, 88.576106168915], [-102.71186447144, -82.509462787136, 90.545718290497], [-102.71186447144, -82.162166072353, 92.515338041474], [-102.71186447144, -81.814870311245, 94.484950163056], [-102.71186447144, -81.467574550136, 96.454569914033], [-102.71186447144, -81.120276881679, 98.424182035615]], "InstanceCreationTime": ["095632.181000", "095632.112000", "095632.183000", "095632.114000", "095632.185000", "095632.116000", "095632.187000", "095632.118000", "095632.189000", "095632.120000", "095632.191000", "095632.122000", "095632.193000", "095632.124000", "095632.194000", "095632.125000", "095632.197000", "095632.127000", "095632.198000", "095632.129000", "095632.201000", "095632.131000", "095632.203000", "095632.133000", "095632.204000", "095632.135000", "095632.206000", "095632.137000", "095632.208000", "095632.139000", "095632.210000", "095632.141000", "095632.212000", "095632.143000", "095632.214000", "095632.145000", "095632.216000", "095632.147000", "095632.218000", "095632.149000", "095632.220000", "095632.151000", "095632.222000", "095632.153000", "095632.224000", "095632.154000", "095632.227000", "095632.156000", "095632.229000", "095632.158000", "095632.230000", "095632.160000", "095632.232000", "095632.162000", "095632.234000", "095632.164000", "095632.236000", "095632.166000", "095632.238000", "095632.168000", "095632.240000", "095632.169000", "095632.242000", "095632.171000", "095632.244000", "095632.173000", "095632.246000", "095632.175000", "095632.247000", "095632.177000", "095632.249000", "095632.179000"], "InstanceNumber": [1, 2, 3, 4, 5, 6, 7, 8, 9, 10, 11, 12, 13, 14, 15, 16, 17, 18, 19, 20, 21, 22, 23, 24, 25, 26, 27, 28, 29, 30, 31, 32, 33, 34, 35, 36, 37, 38, 39, 40, 41, 42, 43, 44, 45, 46, 47, 48, 49, 50, 51, 52, 53, 54, 55, 56, 57, 58, 59, 60, 61, 62, 63, 64, 65, 66, 67, 68, 69, 70, 71, 72], "LargestImagePixelValue": [4094, 4095, 4095, 4095, 4091, 4094, 4094, 4095, 4094, 4094, 4094, 4093, 4094, 4092, 4094, 4095, 4095, 4095, 4092, 4095, 4092, 4095, 4092, 4089, 4095, 4093, 4093, 4094, 4094, 4089, 4094, 4093, 4093, 4092, 4093, 4084, 4094, 4095, 4091, 4095, 4094, 4092, 4092, 4092, 4091, 4093, 4095, 4093, 4095, 4094, 4092, 4092, 4092, 4091, 4094, 4094, 4091, 4095, 4095, 4094, 4095, 4094, 4095, 4095, 4093, 4095, 4094, 4094, 4095, 4094, 4094, 4095], "SliceLocation": [-59.157490806626, -57.157490403292, -55.157489999957, -53.157489513821, -51.157489110487, -49.157488707153, -47.157488303819, -45.157491574427, -43.157491171093, -41.157490767759, -39.157490323024, -37.157489919689, -35.157489474954, -33.15748907162, -31.157490505257, -29.157490101923, -27.157489677888, -25.157489253854, -23.157490708191, -21.157490284156, -19.157489860122, -17.157489438028, -15.157489951239, -13.15749046639, -11.157490042355, -9.1574905575067, -7.1574901334722, -5.1574901790306, -3.1574902452894, -1.1574901527491, 0.84250983969118, 2.8425098735324, 4.84251004207, 6.8425100172121, 8.8425094813603, 10.842509884694, 12.842509431645, 14.842509834979, 16.842510238313, 18.842510641647, 20.842509249411, 22.842509652745, 24.842510056079, 26.842510459413, 28.842509067178, 30.842509470512, 32.842509956648, 34.84251027718, 36.842510763316, 38.842511083848, 40.842511569984, 42.842508299376, 44.842508619909, 46.842509106045, 48.842509592181, 50.842509912713, 52.842510398849, 54.842510719381, 56.842511205517, 58.842511691653, 60.842508255442, 62.842508741578, 64.842509227714, 66.842513304989, 68.842510034382, 70.84250659817, 72.84251084105, 74.842507570442, 76.842511813322, 78.842508377111, 80.842512454386, 82.842509349382], "SmallestImagePixelValue": [0, 0, 3, 0, 0, 0, 2, 0, 0, 2, 0, 0, 2, 0, 1, 0, 0, 0, 0, 0, 5, 2, 0, 1, 2, 1, 0, 1, 0, 9, 0, 0, 2, 2, 2, 2, 2, 0, 0, 0, 2, 0, 3, 0, 4, 0, 0, 0, 0, 0, 0, 1, 3, 0, 0, 1, 1, 0, 0, 0, 0, 0, 0, 0, 0, 0, 2, 0, 0, 0, 1, 0], "WindowCenter": [-256.0, -204.0, -206.0, -210.0, -196.0, -162.0, -156.0, -152.0, -204.0, -222.0, -176.0, -186.0, -184.0, -184.0, -164.0, -200.0, -162.0, -204.0, -196.0, -252.0, -258.0, -258.0, -236.0, -248.0, -262.0, -266.0, -190.0, -158.0, -154.0, -164.0, -312.0, -306.0, -304.0, -298.0, -304.0, -180.0, -174.0, -172.0, -182.0, -170.0, -208.0, -178.0, -182.0, -286.0, -278.0, -280.0, -284.0, -268.0, -260.0, -252.0, -142.0, -226.0, -230.0, -234.0, -226.0, -80.0, -84.0, -78.0, -50.0, -66.0, -66.0, -120.0, -92.0, -122.0, -162.0, -204.0, -244.0, -238.0, -294.0, -318.0, -304.0, -362.0], "WindowWidth": [6110.0, 6150.0, 6198.0, 6176.0, 6232.0, 6182.0, 6162.0, 6160.0, 6222.0, 6186.0, 6194.0, 6180.0, 6248.0, 6182.0, 6228.0, 6154.0, 6200.0, 6128.0, 6130.0, 6014.0, 5976.0, 5870.0, 5704.0, 5540.0, 5458.0, 5130.0, 5300.0, 5330.0, 5490.0, 5382.0, 4642.0, 4624.0, 4630.0, 4630.0, 4630.0, 5210.0, 5294.0, 5314.0, 5218.0, 5292.0, 5128.0, 5378.0, 5226.0, 4638.0, 4640.0, 4632.0, 4638.0, 4624.0, 4630.0, 4618.0, 5026.0, 4628.0, 4646.0, 4646.0, 4662.0, 5346.0, 5302.0, 5408.0, 5526.0, 5522.0, 5600.0, 5540.0, 5658.0, 5794.0, 5866.0, 5948.0, 5978.0, 6068.0, 6050.0, 6040.0, 6084.0, 6088.0]}}, "IntendedFor": ["ses-imagenet01/func/sub-16_ses-imagenet01_task-imagenet_run-06_bold.nii.gz", "ses-imagenet01/func/sub-16_ses-imagenet01_task-imagenet_run-09_bold.nii.gz", "ses-imagenet01/func/sub-16_ses-imagenet01_task-imagenet_run-04_bold.nii.gz", "ses-imagenet01/func/sub-16_ses-imagenet01_task-imagenet_run-02_bold.nii.gz", "ses-imagenet01/func/sub-16_ses-imagenet01_task-imagenet_run-10_bold.nii.gz", "ses-imagenet01/func/sub-16_ses-imagenet01_task-imagenet_run-03_bold.nii.gz", "ses-imagenet01/func/sub-16_ses-imagenet01_task-imagenet_run-01_bold.nii.gz", "ses-imagenet01/func/sub-16_ses-imagenet01_task-imagenet_run-08_bold.nii.gz", "ses-imagenet01/func/sub-16_ses-imagenet01_task-imagenet_run-07_bold.nii.gz", "ses-imagenet01/func/sub-16_ses-imagenet01_task-imagenet_run-05_bold.nii.gz"]}