{"AcquisitionMatrixPE": 100, "AcquisitionNumber": 1, "AcquisitionTime": "11:31:55.312500", "BaseResolution": 100, "BodyPartExamined": "BRAIN", "ConsistencyInfo": "N4_VE11C_LATEST_20160120", "ConversionSoftware": "dcm2niix", "ConversionSoftwareVersion": "v1.0.20180622 GCC4.9.2", "DeviceSerialNumber": "166078", "DwellTime": 8.8e-06, "EchoNumber": 2, "EchoTime": 0.00738, "EchoTime1": 0.00492, "EchoTime2": 0.00738, "FlipAngle": 60, "ImageOrientationPatientDICOM": [1, 4.88e-12, -4.01e-13, -4.897e-12, 0.996637, -0.0819385], "ImageType": ["ORIGINAL", "PRIMARY", "P", "ND"], "InPlanePhaseEncodingDirectionDICOM": "ROW", "InstitutionAddress": "Street_StreetNo_Bei_Jing_District_CN_ZIP", "InstitutionName": "BeiJing_Normal_University", "InstitutionalDepartmentName": "Department", "MRAcquisitionType": "2D", "MagneticFieldStrength": 3, "Manufacturer": "Siemens", "ManufacturersModelName": "Prisma", "Modality": "MR", "PartialFourier": 1, "PatientPosition": "HFS", "PercentPhaseFOV": 100, "PhaseEncodingDirection": "i", "PhaseEncodingSteps": 100, "PhaseResolution": 1, "PixelBandwidth": 570, "ProcedureStepDescription": "BNU_P2018_64CH_Zhen.ZongLei", "ProtocolName": "field_mapping_2x2x2", "PulseSequenceDetails": "%SiemensSeq%_gre_field_mapping", "ReceiveCoilActiveElements": "HC1-7;NC1", "ReceiveCoilName": "HeadNeck_64", "ReconMatrixPE": 100, "RepetitionTime": 0.72, "SAR": 0.118226, "ScanningSequence": "GR", "SequenceName": "_fm2d2r", "SequenceVariant": "SP", "SeriesDescription": "field_mapping_2x2x2", "SeriesNumber": 10, "ShimSetting": [-5464, -11491, -1271, 207, -67, -268, -229, 29], "SliceThickness": 2, "SoftwareVersions": "syngo_MR_E11", "SpacingBetweenSlices": 2, "StationName": "AWP166078", "TxRefAmp": 220.93, "dcmmeta_affine": [[-2.0, -9.79399981254625e-12, 0.0, 100.67469787597656], [-9.760000099778843e-12, 1.9932748079299927, -0.16387701034545898, -88.54198455810547], [-8.0200001370892e-13, 0.16387701034545898, 1.9932785034179688, -80.9312515258789], [0.0, 0.0, 0.0, 1.0]], "dcmmeta_reorient_transform": [[0.0, -1.0, 0.0, 99.0], [1.0, 0.0, 0.0, 0.0], [0.0, 0.0, -1.0, 71.0], [0.0, 0.0, 0.0, 1.0]], "dcmmeta_shape": [100, 100, 72], "dcmmeta_slice_dim": 2, "dcmmeta_version": 0.6, "global": {"const": {"AcquisitionMatrix": [0, 100, 100, 0], "AcquisitionNumber": 1, "AngioFlag": "N", "BitsAllocated": 16, "BitsStored": 12, "BodyPartExamined": "BRAIN", "Columns": 100, "EchoNumbers": 2, "EchoTime": 7.38, "EchoTrainLength": 0, "FlipAngle": 60.0, "HighBit": 11, "ImageOrientationPatient": [1.0, 4.88e-12, -4.01e-13, -4.897e-12, 0.99663738690749, -0.081938507542], "ImageType": ["ORIGINAL", "PRIMARY", "P", "ND"], "ImagedNucleus": "1H", "ImagingFrequency": 123.257777, "InPlanePhaseEncodingDirection": "ROW", "MRAcquisitionType": "2D", "MagneticFieldStrength": 3.0, "Manufacturer": "SIEMENS", "ManufacturerModelName": "Prisma", "Modality": "MR", "NumberOfAverages": 1.0, "NumberOfPhaseEncodingSteps": 100, "PercentPhaseFieldOfView": 100.0, "PercentSampling": 100.0, "PerformedProcedureStepStartTime": "105032.488000", "PhotometricInterpretation": "MONOCHROME2", "PixelBandwidth": 570.0, "PixelRepresentation": 0, "PixelSpacing": [2.0, 2.0], "ProtocolName": "field_mapping_2x2x2", "RepetitionTime": 720.0, "RescaleIntercept": -4096.0, "RescaleSlope": 2.0, "RescaleType": "US", "Rows": 100, "SAR": 0.11822585452701, "SamplesPerPixel": 1, "ScanningSequence": "GR", "SequenceName": "*fm2d2r", "SequenceVariant": "SP", "SeriesDescription": "field_mapping_2x2x2", "SeriesNumber": 10, "SeriesTime": "113419.819000", "SliceThickness": 2.0, "SoftwareVersions": "syngo MR E11", "SpacingBetweenSlices": 2.0, "SpecificCharacterSet": "ISO_IR 100", "StudyID": "1", "StudyTime": "105032.385000", "TransmitCoilName": "Body", "VariableFlipAngleFlag": "N", "WindowCenterWidthExplanation": "Algo1", "dBdt": 0.0}, "slices": {"AcquisitionTime": ["113155.312500", "113154.952500", "113155.322500", "113154.962500", "113155.332500", "113154.972500", "113155.342500", "113154.982500", "113155.352500", "113154.992500", "113155.362500", "113155.002500", "113155.372500", "113155.012500", "113155.382500", "113155.022500", "113155.392500", "113155.032500", "113155.402500", "113155.042500", "113155.412500", "113155.052500", "113155.422500", "113155.062500", "113155.432500", "113155.072500", "113155.442500", "113155.082500", "113155.452500", "113155.092500", "113155.462500", "113155.102500", "113155.472500", "113155.112500", "113155.482500", "113155.122500", "113155.492500", "113155.132500", "113155.502500", "113155.142500", "113155.512500", "113155.152500", "113155.522500", "113155.162500", "113155.532500", "113155.172500", "113155.542500", "113155.182500", "113155.552500", "113155.192500", "113155.562500", "113155.202500", "113155.572500", "113155.212500", "113155.582500", "113155.222500", "113155.592500", "113155.232500", "113155.602500", "113155.242500", "113155.612500", "113155.252500", "113155.622500", "113155.262500", "113155.632500", "113155.272500", "113155.642500", "113155.282500", "113155.652500", "113155.292500", "113155.662500", "113155.302500"], "ContentTime": ["113420.065000", "113419.821000", "113420.066000", "113420.001000", "113420.068000", "113420.002000", "113420.080000", "113420.004000", "113420.081000", "113420.006000", "113420.083000", "113420.008000", "113420.085000", "113420.010000", "113420.087000", "113420.012000", "113420.089000", "113420.013000", "113420.091000", "113420.015000", "113420.093000", "113420.017000", "113420.095000", "113420.019000", "113420.096000", "113420.021000", "113420.098000", "113420.022000", "113420.100000", "113420.024000", "113420.102000", "113420.026000", "113420.104000", "113420.028000", "113420.106000", "113420.030000", "113420.108000", "113420.032000", "113420.110000", "113420.034000", "113420.111000", "113420.035000", "113420.113000", "113420.037000", "113420.115000", "113420.039000", "113420.117000", "113420.041000", "113420.119000", "113420.043000", "113420.121000", "113420.045000", "113420.122000", "113420.046000", "113420.124000", "113420.048000", "113420.126000", "113420.050000", "113420.128000", "113420.052000", "113420.130000", "113420.054000", "113420.132000", "113420.055000", "113420.134000", "113420.057000", "113420.138000", "113420.059000", "113420.142000", "113420.061000", "113420.144000", "113420.063000"], "CsaImage.GSWDDataType": ["predicted", "predicted", "measured", "predicted", "measured", "predicted", "measured", "predicted", "measured", "predicted", "measured", "predicted", "measured", "predicted", "measured", "predicted", "measured", "predicted", "measured", "predicted", "measured", "predicted", "measured", "predicted", "measured", "predicted", "measured", "predicted", "measured", "predicted", "measured", "predicted", "measured", "predicted", "measured", "predicted", "measured", "predicted", "measured", "predicted", "measured", "predicted", "measured", "predicted", "measured", "predicted", "measured", "predicted", "measured", "predicted", "measured", "predicted", "measured", "predicted", "measured", "predicted", "measured", "predicted", "measured", "predicted", "measured", "predicted", "measured", "predicted", "measured", "predicted", "measured", "predicted", "measured", "predicted", "measured", "predicted"], "CsaImage.ICE_Dims": ["X_2_1_1_1_1_1_37_1_1_1_1_75", "X_2_1_1_1_1_1_1_1_1_2_1_75", "X_2_1_1_1_1_1_38_1_1_3_1_75", "X_2_1_1_1_1_1_2_1_1_4_1_75", "X_2_1_1_1_1_1_39_1_1_5_1_75", "X_2_1_1_1_1_1_3_1_1_6_1_75", "X_2_1_1_1_1_1_40_1_1_7_1_75", "X_2_1_1_1_1_1_4_1_1_8_1_75", "X_2_1_1_1_1_1_41_1_1_9_1_75", "X_2_1_1_1_1_1_5_1_1_10_1_75", "X_2_1_1_1_1_1_42_1_1_11_1_75", "X_2_1_1_1_1_1_6_1_1_12_1_75", "X_2_1_1_1_1_1_43_1_1_13_1_75", "X_2_1_1_1_1_1_7_1_1_14_1_75", "X_2_1_1_1_1_1_44_1_1_15_1_75", "X_2_1_1_1_1_1_8_1_1_16_1_75", "X_2_1_1_1_1_1_45_1_1_17_1_75", "X_2_1_1_1_1_1_9_1_1_18_1_75", "X_2_1_1_1_1_1_46_1_1_19_1_75", "X_2_1_1_1_1_1_10_1_1_20_1_75", "X_2_1_1_1_1_1_47_1_1_21_1_75", "X_2_1_1_1_1_1_11_1_1_22_1_75", "X_2_1_1_1_1_1_48_1_1_23_1_75", "X_2_1_1_1_1_1_12_1_1_24_1_75", "X_2_1_1_1_1_1_49_1_1_25_1_75", "X_2_1_1_1_1_1_13_1_1_26_1_75", "X_2_1_1_1_1_1_50_1_1_27_1_75", "X_2_1_1_1_1_1_14_1_1_28_1_75", "X_2_1_1_1_1_1_51_1_1_29_1_75", "X_2_1_1_1_1_1_15_1_1_30_1_75", "X_2_1_1_1_1_1_52_1_1_31_1_75", "X_2_1_1_1_1_1_16_1_1_32_1_75", "X_2_1_1_1_1_1_53_1_1_33_1_75", "X_2_1_1_1_1_1_17_1_1_34_1_75", "X_2_1_1_1_1_1_54_1_1_35_1_75", "X_2_1_1_1_1_1_18_1_1_36_1_75", "X_2_1_1_1_1_1_55_1_1_37_1_75", "X_2_1_1_1_1_1_19_1_1_38_1_75", "X_2_1_1_1_1_1_56_1_1_39_1_75", "X_2_1_1_1_1_1_20_1_1_40_1_75", "X_2_1_1_1_1_1_57_1_1_41_1_75", "X_2_1_1_1_1_1_21_1_1_42_1_75", "X_2_1_1_1_1_1_58_1_1_43_1_75", "X_2_1_1_1_1_1_22_1_1_44_1_75", "X_2_1_1_1_1_1_59_1_1_45_1_75", "X_2_1_1_1_1_1_23_1_1_46_1_75", "X_2_1_1_1_1_1_60_1_1_47_1_75", "X_2_1_1_1_1_1_24_1_1_48_1_75", "X_2_1_1_1_1_1_61_1_1_49_1_75", "X_2_1_1_1_1_1_25_1_1_50_1_75", "X_2_1_1_1_1_1_62_1_1_51_1_75", "X_2_1_1_1_1_1_26_1_1_52_1_75", "X_2_1_1_1_1_1_63_1_1_53_1_75", "X_2_1_1_1_1_1_27_1_1_54_1_75", "X_2_1_1_1_1_1_64_1_1_55_1_75", "X_2_1_1_1_1_1_28_1_1_56_1_75", "X_2_1_1_1_1_1_65_1_1_57_1_75", "X_2_1_1_1_1_1_29_1_1_58_1_75", "X_2_1_1_1_1_1_66_1_1_59_1_75", "X_2_1_1_1_1_1_30_1_1_60_1_75", "X_2_1_1_1_1_1_67_1_1_61_1_75", "X_2_1_1_1_1_1_31_1_1_62_1_75", "X_2_1_1_1_1_1_68_1_1_63_1_75", "X_2_1_1_1_1_1_32_1_1_64_1_75", "X_2_1_1_1_1_1_69_1_1_65_1_75", "X_2_1_1_1_1_1_33_1_1_66_1_75", "X_2_1_1_1_1_1_70_1_1_67_1_75", "X_2_1_1_1_1_1_34_1_1_68_1_75", "X_2_1_1_1_1_1_71_1_1_69_1_75", "X_2_1_1_1_1_1_35_1_1_70_1_75", "X_2_1_1_1_1_1_72_1_1_71_1_75", "X_2_1_1_1_1_1_36_1_1_72_1_75"], "CsaImage.ProtocolSliceNumber": [0, 1, 2, 3, 4, 5, 6, 7, 8, 9, 10, 11, 12, 13, 14, 15, 16, 17, 18, 19, 20, 21, 22, 23, 24, 25, 26, 27, 28, 29, 30, 31, 32, 33, 34, 35, 36, 37, 38, 39, 40, 41, 42, 43, 44, 45, 46, 47, 48, 49, 50, 51, 52, 53, 54, 55, 56, 57, 58, 59, 60, 61, 62, 63, 64, 65, 66, 67, 68, 69, 70, 71], "CsaImage.RFSWDDataType": ["measured", "predicted", "measured", "predicted", "measured", "predicted", "measured", "predicted", "measured", "predicted", "measured", "predicted", "measured", "predicted", "measured", "predicted", "measured", "predicted", "measured", "predicted", "measured", "predicted", "measured", "predicted", "measured", "predicted", "measured", "predicted", "measured", "predicted", "measured", "predicted", "measured", "predicted", "measured", "predicted", "measured", "predicted", "measured", "predicted", "measured", "predicted", "measured", "predicted", "measured", "predicted", "measured", "predicted", "measured", "predicted", "measured", "predicted", "measured", "predicted", "measured", "predicted", "measured", "predicted", "measured", "predicted", "measured", "predicted", "measured", "predicted", "measured", "predicted", "measured", "predicted", "measured", "predicted", "measured", "measured"], "CsaImage.SlicePosition_PCS": [[-100.67469877, -108.79221579, -64.70716548], [-100.67469877, -108.62833925, -62.71388698], [-100.67469877, -108.46446177, -60.7206161], [-100.67469877, -108.30058523, -58.7273376], [-100.67469877, -108.13670775, -56.73406673], [-100.67469877, -107.97283121, -54.74078822], [-100.67469877, -107.80895373, -52.74751353], [-100.67469877, -107.64507719, -50.75423885], [-100.67469877, -107.48120018, -48.76096416], [-100.67469877, -107.31732317, -46.76768947], [-100.67469877, -107.15344616, -44.77441478], [-100.67469877, -106.98956915, -42.78114009], [-100.67469877, -106.82569214, -40.7878654], [-100.67469877, -106.66181513, -38.79459071], [-100.67469877, -106.49793812, -36.80131602], [-100.67469877, -106.33406111, -34.80804134], [-100.67469877, -106.1701841, -32.81476665], [-100.67469877, -106.00630709, -30.82149196], [-100.67469877, -105.84243008, -28.82821727], [-100.67469877, -105.67855307, -26.83494258], [-100.67469877, -105.51467606, -24.84166789], [-100.67469877, -105.35079905, -22.8483932], [-100.67469877, -105.18692156, -20.85511851], [-100.67469877, -105.02304455, -18.86184383], [-100.67469877, -104.85916754, -16.86856723], [-100.67469877, -104.69529053, -14.87529254], [-100.67469877, -104.53141352, -12.88201785], [-100.67469877, -104.36753651, -10.88874316], [-100.67469877, -104.2036595, -8.89546847], [-100.67469877, -104.03978249, -6.90219474], [-100.67469877, -103.87590548, -4.9089191], [-100.67469877, -103.71202847, -2.91564441], [-100.67469877, -103.5481517, -0.92236972], [-100.67469877, -103.38427468, 1.07090497], [-100.67469877, -103.22039767, 3.06417966], [-100.67469877, -103.05652066, 5.05745435], [-100.67469877, -102.89264365, 7.05072915], [-100.67469877, -102.72876664, 9.0440039], [-100.67469877, -102.56488963, 11.03727865], [-100.67469877, -102.40101262, 13.03055358], [-100.67469877, -102.23713537, 15.02382827], [-100.67469877, -102.07325836, 17.01710343], [-100.67469877, -101.90938135, 19.01037812], [-100.67469877, -101.74550434, 21.00365281], [-100.67469877, -101.58162745, 22.9969275], [-100.67469877, -101.41775044, 24.99020123], [-100.67469877, -101.25387343, 26.98347592], [-100.67469877, -101.08999642, 28.97675252], [-100.67469877, -100.92611929, 30.97002721], [-100.67469877, -100.76224228, 32.9633019], [-100.67469877, -100.59836533, 34.95657658], [-100.67469877, -100.43448832, 36.94985127], [-100.67469877, -100.27061131, 38.94312596], [-100.67469877, -100.10673427, 40.93640065], [-100.67469877, -99.94285726, 42.92967534], [-100.67469877, -99.77898023, 44.92295003], [-100.67469877, -99.61510321, 46.91622472], [-100.67469877, -99.4512262, 48.90949941], [-100.67469877, -99.28734919, 50.90277409], [-100.67469877, -99.12347218, 52.89604878], [-100.67469877, -98.95959517, 54.88932347], [-100.67469877, -98.7957181, 56.88259816], [-100.67469877, -98.63184115, 58.87587285], [-100.67469877, -98.46796414, 60.86914754], [-100.67469877, -98.30408713, 62.86242223], [-100.67469877, -98.14021, 64.85569692], [-100.67469877, -97.97633299, 66.8489716], [-100.67469877, -97.81245598, 68.84224629], [-100.67469877, -97.64857908, 70.83552098], [-100.67469877, -97.48470207, 72.82879948], [-100.67469877, -97.32082506, 74.82207036], [-100.67469877, -97.15694805, 76.81534886]], "CsaImage.TimeAfterStart": [1.08, 0.72, 1.09, 0.73, 1.1, 0.74, 1.11, 0.75, 1.12, 0.76, 1.13, 0.77, 1.14, 0.78, 1.15, 0.79, 1.16, 0.8, 1.17, 0.81, 1.18, 0.82, 1.19, 0.83, 1.2, 0.84, 1.21, 0.85, 1.22, 0.86, 1.23, 0.87, 1.24, 0.88, 1.25, 0.89, 1.26, 0.9, 1.27, 0.91, 1.28, 0.92, 1.29, 0.93, 1.3, 0.94, 1.31, 0.95, 1.32, 0.96, 1.33, 0.97, 1.34, 0.98, 1.35, 0.99, 1.36, 1.0, 1.37, 1.01, 1.38, 1.02, 1.39, 1.03, 1.4, 1.04, 1.41, 1.05, 1.42, 1.06, 1.43, 1.07], "ImagePositionPatient": [[-100.67469876956, -108.79221578779, -64.707165481107], [-100.67469876956, -108.62833925429, -62.713886977689], [-100.67469876956, -108.4644617671, -60.720616103666], [-100.67469876956, -108.3005852336, -58.727337600248], [-100.67469876956, -108.13670774641, -56.734066726225], [-100.67469876956, -107.9728312129, -54.740788222807], [-100.67469876956, -107.80895372572, -52.747513534086], [-100.67469876956, -107.64507719221, -50.754238845365], [-100.67469876956, -107.48120018187, -48.760964156645], [-100.67469876956, -107.31732317152, -46.767689467924], [-100.67469876956, -107.15344616118, -44.774414779203], [-100.67469876956, -106.98956915083, -42.781140090482], [-100.67469876956, -106.82569214049, -40.787865401762], [-100.67469876956, -106.66181513014, -38.794590713041], [-100.67469876956, -106.4979381198, -36.80131602432], [-100.67469876956, -106.33406110945, -34.8080413356], [-100.67469876956, -106.1701840991, -32.814766646879], [-100.67469876956, -106.00630708876, -30.821491958158], [-100.67469876956, -105.84243007841, -28.828217269438], [-100.67469876956, -105.67855306807, -26.834942580717], [-100.67469876956, -105.51467605772, -24.841667891996], [-100.67469876956, -105.35079904738, -22.848393203275], [-100.67469876956, -105.18692156019, -20.855118514555], [-100.67469876956, -105.02304454985, -18.861843825834], [-100.67469876956, -104.8591675395, -16.868567229765], [-100.67469876956, -104.69529052916, -14.875292541044], [-100.67469876956, -104.53141351881, -12.882017852323], [-100.67469876956, -104.36753650847, -10.888743163603], [-100.67469876956, -104.20365949812, -8.8954684748819], [-100.67469876956, -104.03978248778, -6.9021947398355], [-100.67469876956, -103.87590547743, -4.9089190974405], [-100.67469876956, -103.71202846709, -2.9156444087198], [-100.67469876956, -103.54815169516, -0.9223697199991], [-100.67469876956, -103.38427468481, 1.0709049687216], [-100.67469876956, -103.22039767447, 3.0641796574423], [-100.67469876956, -103.05652066412, 5.057454346163], [-100.67469876956, -102.89264365378, 7.050729154093], [-100.67469876956, -102.72876664343, 9.0440039024184], [-100.67469876956, -102.56488963309, 11.037278650744], [-100.67469876956, -102.40101262274, 13.030553577883], [-100.67469876956, -102.23713537398, 15.023828266604], [-100.67469876956, -102.07325836363, 17.017103432162], [-100.67469876956, -101.90938135329, 19.010378120882], [-100.67469876956, -101.74550434294, 21.003652809603], [-100.67469876956, -101.5816274518, 22.996927498324], [-100.67469876956, -101.41775044146, 24.99020123337], [-100.67469876956, -101.25387343111, 26.983475922091], [-100.67469876956, -101.08999642077, 28.97675251816], [-100.67469876956, -100.92611929121, 30.970027206881], [-100.67469876956, -100.76224228087, 32.963301895602], [-100.67469876956, -100.59836533013, 34.956576584322], [-100.67469876956, -100.43448831978, 36.949851273043], [-100.67469876956, -100.27061130944, 38.943125961764], [-100.67469876956, -100.10673426929, 40.936400650484], [-100.67469876956, -99.942857258942, 42.929675339205], [-100.67469876956, -99.778980226245, 44.922950027926], [-100.67469876956, -99.615103212174, 46.916224716646], [-100.67469876956, -99.451226198103, 48.909499405367], [-100.67469876956, -99.287349187758, 50.902774094088], [-100.67469876956, -99.123472177413, 52.896048782809], [-100.67469876956, -98.959595167067, 54.889323471529], [-100.67469876956, -98.795718097117, 56.88259816025], [-100.67469876956, -98.631841146376, 58.875872848971], [-100.67469876956, -98.467964136031, 60.869147537691], [-100.67469876956, -98.304087125685, 62.862422226412], [-100.67469876956, -98.14020999613, 64.855696915133], [-100.67469876956, -97.976332985785, 66.848971603853], [-100.67469876956, -97.81245597544, 68.842246292574], [-100.67469876956, -97.648579084303, 70.835520981295], [-100.67469876956, -97.484702073958, 72.828799484713], [-100.67469876956, -97.320825063612, 74.822070358736], [-100.67469876956, -97.156948053267, 76.815348862154]], "InstanceCreationTime": ["113420.065000", "113419.821000", "113420.066000", "113420.001000", "113420.068000", "113420.002000", "113420.080000", "113420.004000", "113420.081000", "113420.006000", "113420.083000", "113420.008000", "113420.085000", "113420.010000", "113420.087000", "113420.012000", "113420.089000", "113420.013000", "113420.091000", "113420.015000", "113420.093000", "113420.017000", "113420.095000", "113420.019000", "113420.096000", "113420.021000", "113420.098000", "113420.022000", "113420.100000", "113420.024000", "113420.102000", "113420.026000", "113420.104000", "113420.028000", "113420.106000", "113420.030000", "113420.108000", "113420.032000", "113420.110000", "113420.034000", "113420.111000", "113420.035000", "113420.113000", "113420.037000", "113420.115000", "113420.039000", "113420.117000", "113420.041000", "113420.119000", "113420.043000", "113420.121000", "113420.045000", "113420.122000", "113420.046000", "113420.124000", "113420.048000", "113420.126000", "113420.050000", "113420.128000", "113420.052000", "113420.130000", "113420.054000", "113420.132000", "113420.055000", "113420.134000", "113420.057000", "113420.138000", "113420.059000", "113420.142000", "113420.061000", "113420.144000", "113420.063000"], "InstanceNumber": [1, 2, 3, 4, 5, 6, 7, 8, 9, 10, 11, 12, 13, 14, 15, 16, 17, 18, 19, 20, 21, 22, 23, 24, 25, 26, 27, 28, 29, 30, 31, 32, 33, 34, 35, 36, 37, 38, 39, 40, 41, 42, 43, 44, 45, 46, 47, 48, 49, 50, 51, 52, 53, 54, 55, 56, 57, 58, 59, 60, 61, 62, 63, 64, 65, 66, 67, 68, 69, 70, 71, 72], "LargestImagePixelValue": [4094, 4095, 4094, 4094, 4094, 4095, 4094, 4093, 4094, 4094, 4095, 4095, 4094, 4092, 4093, 4095, 4094, 4095, 4095, 4094, 4094, 4094, 4094, 4093, 4094, 4094, 4086, 4095, 4094, 4094, 4090, 4089, 4090, 4094, 4094, 4094, 4090, 4094, 4095, 4088, 4093, 4093, 4093, 4087, 4087, 4087, 4093, 4094, 4091, 4093, 4095, 4091, 4094, 4093, 4090, 4094, 4093, 4093, 4091, 4094, 4095, 4093, 4095, 4090, 4093, 4095, 4094, 4095, 4094, 4094, 4095, 4094], "SliceLocation": [-73.403852113125, -71.403848435522, -69.403852283517, -67.403848605915, -65.40385245391, -63.403848776308, -61.403848822433, -59.403848946701, -57.403849031897, -55.403849117094, -53.40384920229, -51.403849287487, -49.403849372683, -47.403849457879, -45.403849543076, -43.403849628272, -41.403849713469, -39.403849798665, -37.403849883861, -35.403849969058, -33.403850054254, -31.403850139451, -29.403850185576, -27.403850270772, -25.403848455034, -23.40384854023, -21.403848625426, -19.403848710623, -17.403848795819, -15.403849831483, -13.403848966212, -11.403849051408, -9.4038491561405, -7.4038492413369, -5.4038493265333, -3.4038494117297, -1.4038493781176, 0.59615059609016, 2.596150570298, 4.5961507227184, 6.5961506570577, 8.596151047095, 10.596150961899, 12.596150876702, 14.596150781738, 16.596149746074, 18.596149660878, 20.596151476616, 22.596151401188, 24.596151315991, 26.596151225911, 28.596151140715, 30.596151055518, 32.596150972764, 34.596150887567, 36.596150804202, 38.596150719311, 40.59615063442, 42.596150549224, 44.596150464027, 46.596150378831, 48.596150298518, 50.596150208438, 52.596150123242, 54.596150038045, 56.596149962617, 58.59614987742, 60.596149792224, 62.59614969726, 64.596153413933, 66.596149526867, 68.59615324354], "SmallestImagePixelValue": [0, 0, 0, 0, 1, 1, 1, 0, 0, 1, 0, 0, 1, 0, 0, 0, 0, 0, 0, 3, 1, 0, 1, 4, 2, 5, 1, 0, 3, 3, 1, 2, 1, 2, 3, 6, 1, 4, 0, 0, 2, 1, 3, 4, 4, 0, 0, 5, 7, 4, 7, 4, 1, 0, 0, 0, 8, 3, 0, 0, 0, 0, 0, 0, 2, 0, 0, 0, 0, 0, 0, 0], "WindowCenter": [-234.0, -206.0, -224.0, -212.0, -226.0, -180.0, -156.0, -190.0, -192.0, -170.0, -190.0, -170.0, -172.0, -172.0, -152.0, -146.0, -204.0, -178.0, -210.0, -196.0, -260.0, -228.0, -208.0, -158.0, -130.0, -106.0, -80.0, -38.0, -48.0, -106.0, -146.0, -162.0, -154.0, -180.0, -172.0, -204.0, -190.0, -162.0, -128.0, -84.0, -62.0, -78.0, -82.0, -88.0, -206.0, -214.0, -200.0, -188.0, -186.0, -190.0, -194.0, -198.0, -78.0, -182.0, -94.0, -82.0, -210.0, -48.0, -96.0, -50.0, -74.0, -48.0, -52.0, -94.0, -80.0, -162.0, -242.0, -248.0, -196.0, -262.0, -264.0, -326.0], "WindowWidth": [6108.0, 6184.0, 6214.0, 6188.0, 6210.0, 6312.0, 6250.0, 6274.0, 6242.0, 6228.0, 6216.0, 6152.0, 6142.0, 6136.0, 6210.0, 6216.0, 6164.0, 6136.0, 6108.0, 6066.0, 5946.0, 5814.0, 5680.0, 5630.0, 5602.0, 5560.0, 5584.0, 5618.0, 5598.0, 5544.0, 5532.0, 5486.0, 5520.0, 5430.0, 5336.0, 5392.0, 5414.0, 5420.0, 5508.0, 5540.0, 5518.0, 5418.0, 5304.0, 5086.0, 4582.0, 4594.0, 4580.0, 4572.0, 4574.0, 4576.0, 4574.0, 4590.0, 5098.0, 4600.0, 5028.0, 5140.0, 4648.0, 5362.0, 5196.0, 5460.0, 5452.0, 5576.0, 5554.0, 5470.0, 5562.0, 5658.0, 5600.0, 5718.0, 5930.0, 5998.0, 6010.0, 6034.0]}}, "IntendedFor": ["ses-floc/func/sub-04_ses-floc_task-floc_run-02_bold.nii.gz", "ses-floc/func/sub-04_ses-floc_task-floc_run-04_bold.nii.gz", "ses-floc/func/sub-04_ses-floc_task-floc_run-01_bold.nii.gz", "ses-floc/func/sub-04_ses-floc_task-floc_run-03_bold.nii.gz"]}