{"AcquisitionMatrixPE": 100, "AcquisitionNumber": 1, "AcquisitionTime": "13:58:38.295000", "BaseResolution": 100, "BodyPartExamined": "BRAIN", "ConsistencyInfo": "N4_VE11C_LATEST_20160120", "ConversionSoftware": "dcm2niix", "ConversionSoftwareVersion": "v1.0.20180622 GCC4.9.2", "DeviceSerialNumber": "166078", "DwellTime": 8.8e-06, "EchoNumber": 2, "EchoTime": 0.00738, "EchoTime1": 0.00492, "EchoTime2": 0.00738, "FlipAngle": 60, "ImageOrientationPatientDICOM": [1, -7.1619e-05, -0.000323085, -3.91e-12, 0.976301, -0.216419], "ImageType": ["ORIGINAL", "PRIMARY", "P", "ND"], "InPlanePhaseEncodingDirectionDICOM": "ROW", "InstitutionAddress": "Street_StreetNo_Bei_Jing_District_CN_ZIP", "InstitutionName": "BeiJing_Normal_University", "InstitutionalDepartmentName": "Department", "MRAcquisitionType": "2D", "MagneticFieldStrength": 3, "Manufacturer": "Siemens", "ManufacturersModelName": "Prisma", "Modality": "MR", "PartialFourier": 1, "PatientPosition": "HFS", "PercentPhaseFOV": 100, "PhaseEncodingDirection": "i", "PhaseEncodingSteps": 100, "PhaseResolution": 1, "PixelBandwidth": 570, "ProcedureStepDescription": "BNU_P2018_64CH_Zhen.ZongLei", "ProtocolName": "field_mapping_2x2x2", "PulseSequenceDetails": "%SiemensSeq%_gre_field_mapping", "ReceiveCoilActiveElements": "HC1-7;NC1", "ReceiveCoilName": "HeadNeck_64", "ReconMatrixPE": 100, "RepetitionTime": 0.72, "SAR": 0.119689, "ScanningSequence": "GR", "SequenceName": "_fm2d2r", "SequenceVariant": "SP", "SeriesDescription": "field_mapping_2x2x2", "SeriesNumber": 9, "ShimSetting": [-5474, -11480, -1249, 273, -75, -134, -196, 41], "SliceThickness": 2, "SoftwareVersions": "syngo_MR_E11", "SpacingBetweenSlices": 2, "StationName": "AWP166078", "TxRefAmp": 221.303, "dcmmeta_affine": [[-1.9999998807907104, -7.819999855995796e-12, -0.0006618574261665344, 99.94598388671875], [0.0001432380231563002, 1.9526013135910034, -0.43283748626708984, -75.86334991455078], [-0.0006461709854193032, 0.4328370690345764, 1.9526023864746094, -96.04459381103516], [0.0, 0.0, 0.0, 1.0]], "dcmmeta_reorient_transform": [[0.0, -1.0, 0.0, 99.0], [1.0, 0.0, 0.0, 0.0], [0.0, 0.0, -1.0, 71.0], [0.0, 0.0, 0.0, 1.0]], "dcmmeta_shape": [100, 100, 72], "dcmmeta_slice_dim": 2, "dcmmeta_version": 0.6, "global": {"const": {"AcquisitionMatrix": [0, 100, 100, 0], "AcquisitionNumber": 1, "AngioFlag": "N", "BitsAllocated": 16, "BitsStored": 12, "BodyPartExamined": "BRAIN", "Columns": 100, "EchoNumbers": 2, "EchoTime": 7.38, "EchoTrainLength": 0, "FlipAngle": 60.0, "HighBit": 11, "ImageOrientationPatient": [0.99999994524324, -7.16190089e-05, -0.0003230854959, -3.91e-12, 0.97630067913678, -0.2164185387555], "ImageType": ["ORIGINAL", "PRIMARY", "P", "ND"], "ImagedNucleus": "1H", "ImagingFrequency": 123.257795, "InPlanePhaseEncodingDirection": "ROW", "MRAcquisitionType": "2D", "MagneticFieldStrength": 3.0, "Manufacturer": "SIEMENS", "ManufacturerModelName": "Prisma", "Modality": "MR", "NumberOfAverages": 1.0, "NumberOfPhaseEncodingSteps": 100, "PercentPhaseFieldOfView": 100.0, "PercentSampling": 100.0, "PerformedProcedureStepStartTime": "130757.984000", "PhotometricInterpretation": "MONOCHROME2", "PixelBandwidth": 570.0, "PixelRepresentation": 0, "PixelSpacing": [2.0, 2.0], "ProtocolName": "field_mapping_2x2x2", "RepetitionTime": 720.0, "RescaleIntercept": -4096.0, "RescaleSlope": 2.0, "RescaleType": "US", "Rows": 100, "SAR": 0.11968886821547, "SamplesPerPixel": 1, "ScanningSequence": "GR", "SequenceName": "*fm2d2r", "SequenceVariant": "SP", "SeriesDescription": "field_mapping_2x2x2", "SeriesNumber": 9, "SeriesTime": "140102.720000", "SliceThickness": 2.0, "SoftwareVersions": "syngo MR E11", "SpacingBetweenSlices": 2.0, "SpecificCharacterSet": "ISO_IR 100", "StudyID": "1", "StudyTime": "130757.863000", "TransmitCoilName": "Body", "VariableFlipAngleFlag": "N", "WindowCenterWidthExplanation": "Algo1", "dBdt": 0.0}, "slices": {"AcquisitionTime": ["135838.295000", "135837.935000", "135838.305000", "135837.945000", "135838.315000", "135837.955000", "135838.325000", "135837.965000", "135838.335000", "135837.975000", "135838.345000", "135837.985000", "135838.355000", "135837.995000", "135838.365000", "135838.005000", "135838.375000", "135838.015000", "135838.385000", "135838.025000", "135838.395000", "135838.035000", "135838.405000", "135838.045000", "135838.415000", "135838.055000", "135838.425000", "135838.065000", "135838.435000", "135838.075000", "135838.445000", "135838.085000", "135838.455000", "135838.095000", "135838.465000", "135838.105000", "135838.475000", "135838.115000", "135838.485000", "135838.125000", "135838.495000", "135838.135000", "135838.505000", "135838.145000", "135838.515000", "135838.155000", "135838.525000", "135838.165000", "135838.535000", "135838.175000", "135838.545000", "135838.185000", "135838.555000", "135838.195000", "135838.565000", "135838.205000", "135838.575000", "135838.215000", "135838.585000", "135838.225000", "135838.595000", "135838.235000", "135838.605000", "135838.245000", "135838.615000", "135838.255000", "135838.625000", "135838.265000", "135838.635000", "135838.275000", "135838.645000", "135838.285000"], "ContentTime": ["140102.794000", "140102.727000", "140102.796000", "140102.729000", "140102.798000", "140102.731000", "140102.800000", "140102.733000", "140102.802000", "140102.735000", "140102.804000", "140102.737000", "140102.805000", "140102.739000", "140102.807000", "140102.740000", "140102.809000", "140102.742000", "140102.811000", "140102.744000", "140102.813000", "140102.746000", "140102.815000", "140102.748000", "140102.817000", "140102.750000", "140102.818000", "140102.751000", "140102.820000", "140102.753000", "140102.822000", "140102.755000", "140102.824000", "140102.757000", "140102.826000", "140102.759000", "140102.828000", "140102.761000", "140102.830000", "140102.763000", "140102.831000", "140102.765000", "140102.833000", "140102.766000", "140102.835000", "140102.768000", "140102.837000", "140102.770000", "140102.839000", "140102.772000", "140102.841000", "140102.774000", "140102.843000", "140102.776000", "140102.844000", "140102.778000", "140102.846000", "140102.779000", "140102.848000", "140102.781000", "140102.850000", "140102.783000", "140102.852000", "140102.785000", "140102.854000", "140102.787000", "140102.863000", "140102.789000", "140102.865000", "140102.791000", "140102.867000", "140102.792000"], "CsaImage.GSWDDataType": ["measured", "predicted", "measured", "predicted", "measured", "predicted", "measured", "predicted", "measured", "predicted", "measured", "predicted", "measured", "predicted", "measured", "predicted", "measured", "predicted", "measured", "predicted", "measured", "predicted", "measured", "predicted", "measured", "predicted", "measured", "predicted", "measured", "predicted", "measured", "predicted", "measured", "predicted", "measured", "predicted", "measured", "predicted", "measured", "predicted", "measured", "predicted", "measured", "predicted", "measured", "predicted", "measured", "predicted", "measured", "predicted", "measured", "predicted", "measured", "predicted", "measured", "predicted", "measured", "predicted", "measured", "predicted", "measured", "predicted", "measured", "predicted", "measured", "measured", "measured", "measured", "measured", "measured", "measured", "measured"], "CsaImage.ICE_Dims": ["X_2_1_1_1_1_1_37_1_1_1_1_119", "X_2_1_1_1_1_1_1_1_1_2_1_119", "X_2_1_1_1_1_1_38_1_1_3_1_119", "X_2_1_1_1_1_1_2_1_1_4_1_119", "X_2_1_1_1_1_1_39_1_1_5_1_119", "X_2_1_1_1_1_1_3_1_1_6_1_119", "X_2_1_1_1_1_1_40_1_1_7_1_119", "X_2_1_1_1_1_1_4_1_1_8_1_119", "X_2_1_1_1_1_1_41_1_1_9_1_119", "X_2_1_1_1_1_1_5_1_1_10_1_119", "X_2_1_1_1_1_1_42_1_1_11_1_119", "X_2_1_1_1_1_1_6_1_1_12_1_119", "X_2_1_1_1_1_1_43_1_1_13_1_119", "X_2_1_1_1_1_1_7_1_1_14_1_119", "X_2_1_1_1_1_1_44_1_1_15_1_119", "X_2_1_1_1_1_1_8_1_1_16_1_119", "X_2_1_1_1_1_1_45_1_1_17_1_119", "X_2_1_1_1_1_1_9_1_1_18_1_119", "X_2_1_1_1_1_1_46_1_1_19_1_119", "X_2_1_1_1_1_1_10_1_1_20_1_119", "X_2_1_1_1_1_1_47_1_1_21_1_119", "X_2_1_1_1_1_1_11_1_1_22_1_119", "X_2_1_1_1_1_1_48_1_1_23_1_119", "X_2_1_1_1_1_1_12_1_1_24_1_119", "X_2_1_1_1_1_1_49_1_1_25_1_119", "X_2_1_1_1_1_1_13_1_1_26_1_119", "X_2_1_1_1_1_1_50_1_1_27_1_119", "X_2_1_1_1_1_1_14_1_1_28_1_119", "X_2_1_1_1_1_1_51_1_1_29_1_119", "X_2_1_1_1_1_1_15_1_1_30_1_119", "X_2_1_1_1_1_1_52_1_1_31_1_119", "X_2_1_1_1_1_1_16_1_1_32_1_119", "X_2_1_1_1_1_1_53_1_1_33_1_119", "X_2_1_1_1_1_1_17_1_1_34_1_119", "X_2_1_1_1_1_1_54_1_1_35_1_119", "X_2_1_1_1_1_1_18_1_1_36_1_119", "X_2_1_1_1_1_1_55_1_1_37_1_119", "X_2_1_1_1_1_1_19_1_1_38_1_119", "X_2_1_1_1_1_1_56_1_1_39_1_119", "X_2_1_1_1_1_1_20_1_1_40_1_119", "X_2_1_1_1_1_1_57_1_1_41_1_119", "X_2_1_1_1_1_1_21_1_1_42_1_119", "X_2_1_1_1_1_1_58_1_1_43_1_119", "X_2_1_1_1_1_1_22_1_1_44_1_119", "X_2_1_1_1_1_1_59_1_1_45_1_119", "X_2_1_1_1_1_1_23_1_1_46_1_119", "X_2_1_1_1_1_1_60_1_1_47_1_119", "X_2_1_1_1_1_1_24_1_1_48_1_119", "X_2_1_1_1_1_1_61_1_1_49_1_119", "X_2_1_1_1_1_1_25_1_1_50_1_119", "X_2_1_1_1_1_1_62_1_1_51_1_119", "X_2_1_1_1_1_1_26_1_1_52_1_119", "X_2_1_1_1_1_1_63_1_1_53_1_119", "X_2_1_1_1_1_1_27_1_1_54_1_119", "X_2_1_1_1_1_1_64_1_1_55_1_119", "X_2_1_1_1_1_1_28_1_1_56_1_119", "X_2_1_1_1_1_1_65_1_1_57_1_119", "X_2_1_1_1_1_1_29_1_1_58_1_119", "X_2_1_1_1_1_1_66_1_1_59_1_119", "X_2_1_1_1_1_1_30_1_1_60_1_119", "X_2_1_1_1_1_1_67_1_1_61_1_119", "X_2_1_1_1_1_1_31_1_1_62_1_119", "X_2_1_1_1_1_1_68_1_1_63_1_119", "X_2_1_1_1_1_1_32_1_1_64_1_119", "X_2_1_1_1_1_1_69_1_1_65_1_119", "X_2_1_1_1_1_1_33_1_1_66_1_119", "X_2_1_1_1_1_1_70_1_1_67_1_119", "X_2_1_1_1_1_1_34_1_1_68_1_119", "X_2_1_1_1_1_1_71_1_1_69_1_119", "X_2_1_1_1_1_1_35_1_1_70_1_119", "X_2_1_1_1_1_1_72_1_1_71_1_119", "X_2_1_1_1_1_1_36_1_1_72_1_119"], "CsaImage.ProtocolSliceNumber": [0, 1, 2, 3, 4, 5, 6, 7, 8, 9, 10, 11, 12, 13, 14, 15, 16, 17, 18, 19, 20, 21, 22, 23, 24, 25, 26, 27, 28, 29, 30, 31, 32, 33, 34, 35, 36, 37, 38, 39, 40, 41, 42, 43, 44, 45, 46, 47, 48, 49, 50, 51, 52, 53, 54, 55, 56, 57, 58, 59, 60, 61, 62, 63, 64, 65, 66, 67, 68, 69, 70, 71], "CsaImage.RFSWDDataType": ["measured", "predicted", "measured", "predicted", "measured", "predicted", "measured", "predicted", "measured", "predicted", "measured", "predicted", "measured", "predicted", "measured", "predicted", "measured", "predicted", "measured", "predicted", "measured", "predicted", "measured", "predicted", "measured", "predicted", "measured", "predicted", "measured", "predicted", "measured", "predicted", "measured", "predicted", "measured", "predicted", "measured", "predicted", "measured", "predicted", "measured", "predicted", "measured", "predicted", "measured", "predicted", "measured", "predicted", "measured", "predicted", "measured", "predicted", "measured", "predicted", "measured", "predicted", "measured", "predicted", "measured", "predicted", "measured", "predicted", "measured", "measured", "measured", "measured", "measured", "measured", "measured", "measured", "measured", "measured"], "CsaImage.SlicePosition_PCS": [[-99.94598607, -117.44415502, -53.19364306], [-99.94532421, -117.01131658, -51.24104448], [-99.94466235, -116.57848005, -49.28843828], [-99.9440005, -116.14564352, -47.33583971], [-99.94333864, -115.71280698, -45.38324114], [-99.94267678, -115.27996854, -43.43063494], [-99.94201493, -114.84713201, -41.47803637], [-99.94135307, -114.41429548, -39.52543398], [-99.94069121, -113.98145895, -37.57283541], [-99.94002936, -113.54862146, -35.62023302], [-99.9393675, -113.11578397, -33.66763064], [-99.93870565, -112.68294744, -31.71503206], [-99.93804379, -112.25010995, -29.76242968], [-99.93738193, -111.81727342, -27.80982729], [-99.93672007, -111.38443594, -25.8572249], [-99.93605822, -110.9515994, -23.90462633], [-99.93539636, -110.51876192, -21.95202395], [-99.93473451, -110.08592443, -19.99942156], [-99.93407265, -109.6530879, -18.04682299], [-99.93341079, -109.22025041, -16.0942206], [-99.93274894, -108.78741388, -14.14161821], [-99.93208708, -108.35457639, -12.18901964], [-99.93142522, -107.92173986, -10.23641726], [-99.93076336, -107.48890237, -8.28381487], [-99.93010151, -107.05606584, -6.33121439], [-99.92943966, -106.62322835, -4.378612], [-99.9287778, -106.19039182, -2.42601153], [-99.92811594, -105.75755434, -0.47341105], [-99.92745408, -105.32471733, 1.47919134], [-99.92679223, -104.89188032, 3.43179182], [-99.92613037, -104.45904331, 5.38439421], [-99.92546851, -104.0262063, 7.33699469], [-99.92480665, -103.59336929, 9.28959612], [-99.9241448, -103.16053228, 11.24219755], [-99.92348295, -102.72769527, 13.19479803], [-99.92282109, -102.29485826, 15.14739946], [-99.92215923, -101.86202125, 17.1000009], [-99.92149737, -101.42918424, 19.05260209], [-99.92083552, -100.99634723, 21.0052034], [-99.92017366, -100.56351022, 22.95780472], [-99.9195118, -100.13067321, 24.91040591], [-99.91884995, -99.6978362, 26.86300711], [-99.9181881, -99.26499908, 28.81560854], [-99.91752624, -98.83216207, 30.76820997], [-99.91686438, -98.39932506, 32.7208114], [-99.91620252, -97.96648799, 34.67341188], [-99.91554067, -97.53365096, 36.62601332], [-99.91487881, -97.10081391, 38.5786138], [-99.91421695, -96.6679769, 40.53121618], [-99.9135551, -96.23513989, 42.48381666], [-99.91289324, -95.80230288, 44.43641905], [-99.91223139, -95.36946587, 46.38901953], [-99.91156953, -94.93662886, 48.34162191], [-99.91090767, -94.50379185, 50.29422239], [-99.91024581, -94.0709546, 52.24682287], [-99.90958396, -93.63811759, 54.19942335], [-99.9089221, -93.20528059, 56.15202574], [-99.90826025, -92.77244358, 58.10462812], [-99.90759839, -92.33960657, 60.0572267], [-99.90693653, -91.90676956, 62.00982908], [-99.90627468, -91.47393255, 63.96243147], [-99.90561282, -91.04109554, 65.91503385], [-99.90495096, -90.60825853, 67.86763243], [-99.9042891, -90.17542152, 69.82023481], [-99.90362725, -89.74258451, 71.7728372], [-99.9029654, -89.30974702, 73.72543577], [-99.90230354, -88.87691049, 75.67803816], [-99.90164168, -88.444073, 77.63064054], [-99.90097982, -88.01123647, 79.58324293], [-99.90031797, -87.57839899, 81.5358415], [-99.89965611, -87.14556245, 83.48844389], [-99.89899425, -86.71272497, 85.44104628]], "CsaImage.TimeAfterStart": [1.0825, 0.7225, 1.0925, 0.7325, 1.1025, 0.7425, 1.1125, 0.7525, 1.1225, 0.7625, 1.1325, 0.7725, 1.1425, 0.7825, 1.1525, 0.7925, 1.1625, 0.8025, 1.1725, 0.8125, 1.1825, 0.8225, 1.1925, 0.8325, 1.2025, 0.8425, 1.2125, 0.8525, 1.2225, 0.8625, 1.2325, 0.8725, 1.2425, 0.8825, 1.2525, 0.8925, 1.2625, 0.9025, 1.2725, 0.9125, 1.2825, 0.9225, 1.2925, 0.9325, 1.3025, 0.9425, 1.3125, 0.9525, 1.3225, 0.9625, 1.3325, 0.9725, 1.3425, 0.9825, 1.3525, 0.9925, 1.3625, 1.0025, 1.3725, 1.0125, 1.3825, 1.0225, 1.3925, 1.0325, 1.4025, 1.0425, 1.4125, 1.0525, 1.4225, 1.0625, 1.4325, 1.0725], "ImagePositionPatient": [[-99.945986066123, -117.44415502097, -53.193643055823], [-99.945324208697, -117.01131658103, -51.241044484045], [-99.944662354996, -116.57848004844, -49.288438282874], [-99.94400049757, -116.14564351584, -47.335839711096], [-99.943338640144, -115.71280698325, -45.383241139319], [-99.942676782718, -115.27996854331, -43.430634938147], [-99.942014925292, -114.84713201072, -41.47803636637], [-99.941353071591, -114.41429547812, -39.525433979895], [-99.940691214165, -113.98145894553, -37.572835408118], [-99.940029356738, -113.54862145926, -35.620233021643], [-99.939367499312, -113.115783973, -33.667630635169], [-99.938705645611, -112.6829474404, -31.715032063391], [-99.938043788185, -112.25010995414, -29.762429676917], [-99.937381930759, -111.81727342154, -27.809827290442], [-99.936720073333, -111.38443593528, -25.857224903967], [-99.936058215907, -110.95159940268, -23.90462633219], [-99.935396358481, -110.51876191642, -21.952023945715], [-99.934734508505, -110.08592443015, -19.999421559241], [-99.934072651079, -109.65308789756, -18.046822987463], [-99.933410793653, -109.22025041129, -16.094220600989], [-99.932748936226, -108.7874138787, -14.141618214514], [-99.9320870788, -108.35457639243, -12.189019642737], [-99.931425221374, -107.92173985984, -10.236417256262], [-99.930763363948, -107.48890237357, -8.2838148697877], [-99.930101506522, -107.05606584098, -6.3312143906617], [-99.929439656546, -106.62322835471, -4.3786120041871], [-99.92877779912, -106.19039182212, -2.4260115250611], [-99.928115941694, -105.75755433585, -0.4734110459351], [-99.927454084268, -105.32471732642, 1.4791913405395], [-99.926792226842, -104.89188031699, 3.4317918196654], [-99.926130369415, -104.45904330756, 5.3843942061401], [-99.925468511989, -104.02620629813, 7.336994685266], [-99.924806654563, -103.5933692887, 9.2895961180663], [-99.924144804587, -103.16053227927, 11.242197550867], [-99.923482947161, -102.72769526984, 13.194798029993], [-99.922821089735, -102.29485826041, 15.147399462793], [-99.922159232309, -101.86202125098, 17.100000895593], [-99.921497374883, -101.42918424155, 19.052602089975], [-99.920835517457, -100.99634723212, 21.005203403566], [-99.92017366003, -100.56351022269, 22.957804717157], [-99.919511802604, -100.13067321326, 24.910405911539], [-99.918849952629, -99.697836203831, 26.86300710592], [-99.918188095203, -99.264999075192, 28.815608538721], [-99.917526237776, -98.832162065762, 30.768209971521], [-99.91686438035, -98.399325056332, 32.720811404321], [-99.916202522924, -97.966487987297, 34.673411883447], [-99.915540665498, -97.533650962966, 36.626013316247], [-99.914878808072, -97.100813908833, 38.578613795373], [-99.914216950646, -96.667976899403, 40.531216181848], [-99.91355510067, -96.235139889973, 42.483816660974], [-99.912893243244, -95.802302880543, 44.436419047449], [-99.912231385818, -95.369465871113, 46.389019526575], [-99.911569528391, -94.936628861683, 48.341621913049], [-99.910907670965, -94.503791852253, 50.294222392175], [-99.910245813539, -94.070954604405, 52.246822871301], [-99.909583956113, -93.638117594975, 54.199423350427], [-99.908922098687, -93.205280585545, 56.152025736902], [-99.908260248711, -92.772443576115, 58.104628123376], [-99.907598391285, -92.339606566685, 60.057226695154], [-99.906936533859, -91.906769557255, 62.009829081628], [-99.906274676433, -91.473932547825, 63.962431468103], [-99.905612819007, -91.041095538395, 65.915033854578], [-99.90495096158, -90.608258528965, 67.867632426355], [-99.904289104154, -90.175421519535, 69.82023481283], [-99.903627246728, -89.742584510105, 71.772837199304], [-99.902965396752, -89.309747023838, 73.725435771081], [-99.902303539326, -88.876910491245, 75.678038157556], [-99.9016416819, -88.444073004978, 77.630640544031], [-99.900979824474, -88.011236472386, 79.583242930505], [-99.900317967048, -87.578398986119, 81.535841502283], [-99.899656109622, -87.145562453526, 83.488443888757], [-99.898994252195, -86.712724967259, 85.441046275232]], "InstanceCreationTime": ["140102.794000", "140102.727000", "140102.796000", "140102.729000", "140102.798000", "140102.731000", "140102.800000", "140102.733000", "140102.802000", "140102.735000", "140102.804000", "140102.737000", "140102.805000", "140102.739000", "140102.807000", "140102.740000", "140102.809000", "140102.742000", "140102.811000", "140102.744000", "140102.813000", "140102.746000", "140102.815000", "140102.748000", "140102.817000", "140102.750000", "140102.818000", "140102.751000", "140102.820000", "140102.753000", "140102.822000", "140102.755000", "140102.824000", "140102.757000", "140102.826000", "140102.759000", "140102.828000", "140102.761000", "140102.830000", "140102.763000", "140102.831000", "140102.765000", "140102.833000", "140102.766000", "140102.835000", "140102.768000", "140102.837000", "140102.770000", "140102.839000", "140102.772000", "140102.841000", "140102.774000", "140102.843000", "140102.776000", "140102.844000", "140102.778000", "140102.846000", "140102.779000", "140102.848000", "140102.781000", "140102.850000", "140102.783000", "140102.852000", "140102.785000", "140102.854000", "140102.787000", "140102.863000", "140102.789000", "140102.865000", "140102.791000", "140102.867000", "140102.792000"], "InstanceNumber": [1, 2, 3, 4, 5, 6, 7, 8, 9, 10, 11, 12, 13, 14, 15, 16, 17, 18, 19, 20, 21, 22, 23, 24, 25, 26, 27, 28, 29, 30, 31, 32, 33, 34, 35, 36, 37, 38, 39, 40, 41, 42, 43, 44, 45, 46, 47, 48, 49, 50, 51, 52, 53, 54, 55, 56, 57, 58, 59, 60, 61, 62, 63, 64, 65, 66, 67, 68, 69, 70, 71, 72], "LargestImagePixelValue": [4095, 4095, 4093, 4092, 4094, 4094, 4091, 4094, 4094, 4091, 4095, 4091, 4095, 4094, 4093, 4094, 4093, 4095, 4095, 4093, 4093, 4090, 4095, 4093, 4094, 4094, 4094, 4093, 4094, 4091, 4087, 4095, 4093, 4090, 4094, 4092, 4087, 4092, 4094, 4093, 4091, 4089, 4090, 4090, 4094, 4095, 4091, 4095, 4095, 4095, 4095, 4094, 4095, 4092, 4094, 4095, 4091, 4094, 4094, 4095, 4094, 4094, 4093, 4092, 4094, 4093, 4095, 4095, 4094, 4095, 4094, 4095], "SliceLocation": [-77.38315297302, -75.383155289109, -73.383150569402, -71.383153298277, -69.383156027151, -67.383150894658, -65.383153623532, -63.383152628117, -61.383155356991, -59.383154155182, -57.383152953372, -55.383155682248, -53.383154480438, -51.383153485022, -49.383152283212, -47.383155012087, -45.383153810277, -43.38315260847, -41.383155337345, -39.383154135535, -37.383153140118, -35.3831556626, -33.383154667183, -31.383153465374, -29.383154332103, -27.383153130296, -25.383153997025, -23.383154657361, -21.383153558748, -19.38315432228, -17.383153223667, -15.3831539872, -13.383153819659, -11.383153652121, -9.383154415654, -7.3831542481137, -5.3831540805734, -3.3831541458013, -1.3831540946451, 0.61684595651112, 2.6168458912832, 4.6168458260528, 6.6168460193923, 8.6168461869326, 10.616846354473, 12.61684560384, 14.616845774605, 16.616845020747, 18.61684611936, 20.616845355825, 22.616846454438, 24.616845690906, 26.616846789519, 28.616846025987, 30.616845314052, 32.61684455052, 34.616845649133, 36.616846747744, 38.616844122065, 40.616845220678, 42.616846319292, 44.616847417905, 46.616844792227, 48.61684589084, 50.616846989453, 52.616844466969, 54.616845462385, 56.616846664195, 58.616847659612, 60.61684513713, 62.616846132547, 64.616847334356], "SmallestImagePixelValue": [0, 0, 0, 0, 0, 0, 0, 0, 0, 0, 0, 0, 0, 0, 0, 0, 0, 0, 0, 0, 2, 0, 0, 0, 0, 0, 1, 2, 0, 2, 1, 0, 4, 0, 3, 7, 0, 2, 6, 0, 1, 1, 0, 0, 2, 0, 1, 0, 0, 11, 1, 3, 0, 0, 0, 0, 0, 0, 1, 0, 0, 0, 0, 0, 0, 0, 0, 1, 0, 0, 0, 1], "WindowCenter": [-310.0, -242.0, -246.0, -268.0, -276.0, -256.0, -228.0, -188.0, -194.0, -246.0, -216.0, -282.0, -256.0, -274.0, -294.0, -288.0, -232.0, -262.0, -356.0, -332.0, -484.0, -338.0, -452.0, -390.0, -374.0, -354.0, -316.0, -314.0, -314.0, -308.0, -304.0, -296.0, -292.0, -284.0, -278.0, -266.0, -286.0, -282.0, -256.0, -202.0, -218.0, -210.0, -178.0, -150.0, -134.0, -130.0, -140.0, -130.0, -162.0, -166.0, -172.0, -194.0, -210.0, -74.0, -210.0, -38.0, -38.0, -64.0, -66.0, -38.0, -90.0, -94.0, -140.0, -182.0, -172.0, -170.0, -266.0, -286.0, -308.0, -330.0, -378.0, -384.0], "WindowWidth": [5496.0, 5770.0, 5706.0, 5808.0, 5918.0, 5990.0, 6072.0, 6082.0, 6070.0, 5930.0, 5914.0, 5852.0, 5944.0, 5922.0, 5904.0, 5880.0, 5780.0, 5742.0, 5690.0, 5366.0, 4714.0, 5166.0, 4626.0, 4606.0, 4594.0, 4614.0, 4588.0, 4580.0, 4586.0, 4592.0, 4598.0, 4604.0, 4598.0, 4610.0, 4602.0, 4600.0, 4614.0, 4614.0, 4600.0, 4576.0, 4600.0, 4602.0, 4582.0, 4564.0, 4558.0, 4554.0, 4564.0, 4574.0, 4596.0, 4602.0, 4628.0, 4646.0, 4668.0, 5328.0, 4692.0, 5402.0, 5552.0, 5486.0, 5610.0, 5722.0, 5798.0, 5866.0, 5920.0, 6020.0, 6016.0, 6064.0, 6124.0, 6152.0, 6190.0, 6202.0, 6248.0, 6212.0]}}, "IntendedFor": ["ses-imagenet01/func/sub-04_ses-imagenet01_task-imagenet_run-03_bold.nii.gz", "ses-imagenet01/func/sub-04_ses-imagenet01_task-imagenet_run-01_bold.nii.gz", "ses-imagenet01/func/sub-04_ses-imagenet01_task-imagenet_run-07_bold.nii.gz", "ses-imagenet01/func/sub-04_ses-imagenet01_task-imagenet_run-08_bold.nii.gz", "ses-imagenet01/func/sub-04_ses-imagenet01_task-imagenet_run-05_bold.nii.gz", "ses-imagenet01/func/sub-04_ses-imagenet01_task-imagenet_run-09_bold.nii.gz", "ses-imagenet01/func/sub-04_ses-imagenet01_task-imagenet_run-06_bold.nii.gz", "ses-imagenet01/func/sub-04_ses-imagenet01_task-imagenet_run-04_bold.nii.gz", "ses-imagenet01/func/sub-04_ses-imagenet01_task-imagenet_run-02_bold.nii.gz", "ses-imagenet01/func/sub-04_ses-imagenet01_task-imagenet_run-10_bold.nii.gz"]}