{"AcquisitionMatrixPE": 100, "AcquisitionNumber": 1, "AcquisitionTime": "10:00:19.182500", "BaseResolution": 100, "BodyPartExamined": "BRAIN", "ConsistencyInfo": "N4_VE11C_LATEST_20160120", "ConversionSoftware": "dcm2niix", "ConversionSoftwareVersion": "v1.0.20180622 GCC4.9.2", "DeviceSerialNumber": "166078", "DwellTime": 8.8e-06, "EchoNumber": 2, "EchoTime": 0.00738, "FlipAngle": 60, "ImageOrientationPatientDICOM": [0.999999, -0.000346186, -0.00130108, 6.922e-12, 0.966377, -0.257129], "ImageType": ["ORIGINAL", "PRIMARY", "M", "ND"], "InPlanePhaseEncodingDirectionDICOM": "ROW", "InstitutionAddress": "Street_StreetNo_Bei_Jing_District_CN_ZIP", "InstitutionName": "BeiJing_Normal_University", "InstitutionalDepartmentName": "Department", "MRAcquisitionType": "2D", "MagneticFieldStrength": 3, "Manufacturer": "Siemens", "ManufacturersModelName": "Prisma", "Modality": "MR", "PartialFourier": 1, "PatientPosition": "HFS", "PercentPhaseFOV": 100, "PhaseEncodingDirection": "i", "PhaseEncodingSteps": 100, "PhaseResolution": 1, "PixelBandwidth": 570, "ProcedureStepDescription": "BNU_P2018_64CH_Zhen.ZongLei", "ProtocolName": "field_mapping_2x2x2", "PulseSequenceDetails": "%SiemensSeq%_gre_field_mapping", "ReceiveCoilActiveElements": "HC1-7;NC1", "ReceiveCoilName": "HeadNeck_64", "ReconMatrixPE": 100, "RepetitionTime": 0.72, "SAR": 0.135457, "ScanningSequence": "GR", "SequenceName": "_fm2d2r", "SequenceVariant": "SP", "SeriesDescription": "field_mapping_2x2x2", "SeriesNumber": 8, "ShimSetting": [-5471, -11489, -1302, 484, -15, -192, -171, 97], "SliceThickness": 2, "SoftwareVersions": "syngo_MR_E11", "SpacingBetweenSlices": 2, "StationName": "AWP166078", "TxRefAmp": 233.801, "IntendedFor": ["ses-imagenet02/func/sub-08_ses-imagenet02_task-imagenet_run-01_bold.nii.gz", "ses-imagenet02/func/sub-08_ses-imagenet02_task-imagenet_run-03_bold.nii.gz", "ses-imagenet02/func/sub-08_ses-imagenet02_task-imagenet_run-05_bold.nii.gz", "ses-imagenet02/func/sub-08_ses-imagenet02_task-imagenet_run-08_bold.nii.gz", "ses-imagenet02/func/sub-08_ses-imagenet02_task-imagenet_run-07_bold.nii.gz", "ses-imagenet02/func/sub-08_ses-imagenet02_task-imagenet_run-04_bold.nii.gz", "ses-imagenet02/func/sub-08_ses-imagenet02_task-imagenet_run-06_bold.nii.gz", "ses-imagenet02/func/sub-08_ses-imagenet02_task-imagenet_run-09_bold.nii.gz", "ses-imagenet02/func/sub-08_ses-imagenet02_task-imagenet_run-10_bold.nii.gz", "ses-imagenet02/func/sub-08_ses-imagenet02_task-imagenet_run-02_bold.nii.gz"]}