{"AcquisitionMatrixPE": 100, "AcquisitionNumber": 1, "AcquisitionTime": "10:00:19.182500", "BaseResolution": 100, "BodyPartExamined": "BRAIN", "ConsistencyInfo": "N4_VE11C_LATEST_20160120", "ConversionSoftware": "dcm2niix", "ConversionSoftwareVersion": "v1.0.20180622 GCC4.9.2", "DeviceSerialNumber": "166078", "DwellTime": 8.8e-06, "EchoNumber": 2, "EchoTime": 0.00738, "EchoTime1": 0.00492, "EchoTime2": 0.00738, "FlipAngle": 60, "ImageOrientationPatientDICOM": [0.999999, -0.000346186, -0.00130108, 6.922e-12, 0.966377, -0.257129], "ImageType": ["ORIGINAL", "PRIMARY", "P", "ND"], "InPlanePhaseEncodingDirectionDICOM": "ROW", "InstitutionAddress": "Street_StreetNo_Bei_Jing_District_CN_ZIP", "InstitutionName": "BeiJing_Normal_University", "InstitutionalDepartmentName": "Department", "MRAcquisitionType": "2D", "MagneticFieldStrength": 3, "Manufacturer": "Siemens", "ManufacturersModelName": "Prisma", "Modality": "MR", "PartialFourier": 1, "PatientPosition": "HFS", "PercentPhaseFOV": 100, "PhaseEncodingDirection": "i", "PhaseEncodingSteps": 100, "PhaseResolution": 1, "PixelBandwidth": 570, "ProcedureStepDescription": "BNU_P2018_64CH_Zhen.ZongLei", "ProtocolName": "field_mapping_2x2x2", "PulseSequenceDetails": "%SiemensSeq%_gre_field_mapping", "ReceiveCoilActiveElements": "HC1-7;NC1", "ReceiveCoilName": "HeadNeck_64", "ReconMatrixPE": 100, "RepetitionTime": 0.72, "SAR": 0.135457, "ScanningSequence": "GR", "SequenceName": "_fm2d2r", "SequenceVariant": "SP", "SeriesDescription": "field_mapping_2x2x2", "SeriesNumber": 9, "ShimSetting": [-5471, -11489, -1302, 484, -15, -192, -171, 97], "SliceThickness": 2, "SoftwareVersions": "syngo_MR_E11", "SpacingBetweenSlices": 2, "StationName": "AWP166078", "TxRefAmp": 233.801, "dcmmeta_affine": [[-1.9999982118606567, 1.3843999731311118e-11, -0.002692699432373047, 102.7587661743164], [0.0006923727341927588, 1.9327539205551147, -0.5142574310302734, -76.64253234863281], [-0.002602163702249527, 0.5142589807510376, 1.9327545166015625, -110.37445831298828], [0.0, 0.0, 0.0, 1.0]], "dcmmeta_reorient_transform": [[0.0, -1.0, 0.0, 99.0], [1.0, 0.0, 0.0, 0.0], [0.0, 0.0, -1.0, 71.0], [0.0, 0.0, 0.0, 1.0]], "dcmmeta_shape": [100, 100, 72], "dcmmeta_slice_dim": 2, "dcmmeta_version": 0.6, "global": {"const": {"AcquisitionMatrix": [0, 100, 100, 0], "AcquisitionNumber": 1, "AngioFlag": "N", "BitsAllocated": 16, "BitsStored": 12, "BodyPartExamined": "BRAIN", "Columns": 100, "EchoNumbers": 2, "EchoTime": 7.38, "EchoTrainLength": 0, "FlipAngle": 60.0, "HighBit": 11, "ImageOrientationPatient": [0.99999909367007, -0.000346186371, -0.0013010818732, 6.922e-12, 0.96637695691672, -0.2571294948861], "ImageType": ["ORIGINAL", "PRIMARY", "P", "ND"], "ImagedNucleus": "1H", "ImagingFrequency": 123.257791, "InPlanePhaseEncodingDirection": "ROW", "MRAcquisitionType": "2D", "MagneticFieldStrength": 3.0, "Manufacturer": "SIEMENS", "ManufacturerModelName": "Prisma", "Modality": "MR", "NumberOfAverages": 1.0, "NumberOfPhaseEncodingSteps": 100, "PercentPhaseFieldOfView": 100.0, "PercentSampling": 100.0, "PerformedProcedureStepStartTime": "090340.699000", "PhotometricInterpretation": "MONOCHROME2", "PixelBandwidth": 570.0, "PixelRepresentation": 0, "PixelSpacing": [2.0, 2.0], "ProtocolName": "field_mapping_2x2x2", "RepetitionTime": 720.0, "RescaleIntercept": -4096.0, "RescaleSlope": 2.0, "RescaleType": "US", "Rows": 100, "SAR": 0.13545702642801, "SamplesPerPixel": 1, "ScanningSequence": "GR", "SequenceName": "*fm2d2r", "SequenceVariant": "SP", "SeriesDescription": "field_mapping_2x2x2", "SeriesNumber": 9, "SeriesTime": "100243.545000", "SliceThickness": 2.0, "SoftwareVersions": "syngo MR E11", "SpacingBetweenSlices": 2.0, "SpecificCharacterSet": "ISO_IR 100", "StudyID": "1", "StudyTime": "090340.649000", "TransmitCoilName": "Body", "VariableFlipAngleFlag": "N", "WindowCenterWidthExplanation": "Algo1", "dBdt": 0.0}, "slices": {"AcquisitionTime": ["100019.182500", "100018.822500", "100019.192500", "100018.832500", "100019.202500", "100018.842500", "100019.212500", "100018.852500", "100019.222500", "100018.862500", "100019.232500", "100018.872500", "100019.242500", "100018.882500", "100019.252500", "100018.892500", "100019.262500", "100018.902500", "100019.272500", "100018.912500", "100019.282500", "100018.922500", "100019.292500", "100018.932500", "100019.302500", "100018.942500", "100019.312500", "100018.952500", "100019.322500", "100018.962500", "100019.332500", "100018.972500", "100019.342500", "100018.982500", "100019.352500", "100018.992500", "100019.362500", "100019.002500", "100019.372500", "100019.012500", "100019.382500", "100019.022500", "100019.392500", "100019.032500", "100019.402500", "100019.042500", "100019.412500", "100019.052500", "100019.422500", "100019.062500", "100019.432500", "100019.072500", "100019.442500", "100019.082500", "100019.452500", "100019.092500", "100019.462500", "100019.102500", "100019.472500", "100019.112500", "100019.482500", "100019.122500", "100019.492500", "100019.132500", "100019.502500", "100019.142500", "100019.512500", "100019.152500", "100019.522500", "100019.162500", "100019.532500", "100019.172500"], "ContentTime": ["100243.618000", "100243.546000", "100243.620000", "100243.550000", "100243.622000", "100243.553000", "100243.624000", "100243.555000", "100243.626000", "100243.557000", "100243.628000", "100243.559000", "100243.629000", "100243.561000", "100243.631000", "100243.563000", "100243.633000", "100243.565000", "100243.635000", "100243.567000", "100243.637000", "100243.569000", "100243.639000", "100243.571000", "100243.641000", "100243.573000", "100243.642000", "100243.575000", "100243.644000", "100243.577000", "100243.646000", "100243.579000", "100243.648000", "100243.580000", "100243.650000", "100243.582000", "100243.652000", "100243.584000", "100243.654000", "100243.586000", "100243.657000", "100243.588000", "100243.659000", "100243.590000", "100243.661000", "100243.592000", "100243.663000", "100243.594000", "100243.665000", "100243.596000", "100243.667000", "100243.598000", "100243.669000", "100243.600000", "100243.671000", "100243.602000", "100243.673000", "100243.603000", "100243.675000", "100243.605000", "100243.677000", "100243.607000", "100243.679000", "100243.609000", "100243.681000", "100243.611000", "100243.683000", "100243.613000", "100243.685000", "100243.615000", "100243.687000", "100243.617000"], "CsaImage.GSWDDataType": ["measured", "predicted", "measured", "predicted", "measured", "predicted", "measured", "predicted", "measured", "predicted", "measured", "predicted", "measured", "predicted", "measured", "predicted", "measured", "predicted", "measured", "predicted", "measured", "predicted", "measured", "predicted", "measured", "predicted", "measured", "predicted", "measured", "predicted", "measured", "predicted", "measured", "predicted", "measured", "predicted", "measured", "predicted", "measured", "predicted", "measured", "predicted", "measured", "predicted", "measured", "predicted", "measured", "predicted", "measured", "predicted", "measured", "predicted", "measured", "predicted", "measured", "predicted", "measured", "predicted", "measured", "predicted", "measured", "measured", "measured", "measured", "measured", "measured", "measured", "measured", "measured", "measured", "measured", "measured"], "CsaImage.ICE_Dims": ["X_2_1_1_1_1_1_37_1_1_1_1_42", "X_2_1_1_1_1_1_1_1_1_2_1_42", "X_2_1_1_1_1_1_38_1_1_3_1_42", "X_2_1_1_1_1_1_2_1_1_4_1_42", "X_2_1_1_1_1_1_39_1_1_5_1_42", "X_2_1_1_1_1_1_3_1_1_6_1_42", "X_2_1_1_1_1_1_40_1_1_7_1_42", "X_2_1_1_1_1_1_4_1_1_8_1_42", "X_2_1_1_1_1_1_41_1_1_9_1_42", "X_2_1_1_1_1_1_5_1_1_10_1_42", "X_2_1_1_1_1_1_42_1_1_11_1_42", "X_2_1_1_1_1_1_6_1_1_12_1_42", "X_2_1_1_1_1_1_43_1_1_13_1_42", "X_2_1_1_1_1_1_7_1_1_14_1_42", "X_2_1_1_1_1_1_44_1_1_15_1_42", "X_2_1_1_1_1_1_8_1_1_16_1_42", "X_2_1_1_1_1_1_45_1_1_17_1_42", "X_2_1_1_1_1_1_9_1_1_18_1_42", "X_2_1_1_1_1_1_46_1_1_19_1_42", "X_2_1_1_1_1_1_10_1_1_20_1_42", "X_2_1_1_1_1_1_47_1_1_21_1_42", "X_2_1_1_1_1_1_11_1_1_22_1_42", "X_2_1_1_1_1_1_48_1_1_23_1_42", "X_2_1_1_1_1_1_12_1_1_24_1_42", "X_2_1_1_1_1_1_49_1_1_25_1_42", "X_2_1_1_1_1_1_13_1_1_26_1_42", "X_2_1_1_1_1_1_50_1_1_27_1_42", "X_2_1_1_1_1_1_14_1_1_28_1_42", "X_2_1_1_1_1_1_51_1_1_29_1_42", "X_2_1_1_1_1_1_15_1_1_30_1_42", "X_2_1_1_1_1_1_52_1_1_31_1_42", "X_2_1_1_1_1_1_16_1_1_32_1_42", "X_2_1_1_1_1_1_53_1_1_33_1_42", "X_2_1_1_1_1_1_17_1_1_34_1_42", "X_2_1_1_1_1_1_54_1_1_35_1_42", "X_2_1_1_1_1_1_18_1_1_36_1_42", "X_2_1_1_1_1_1_55_1_1_37_1_42", "X_2_1_1_1_1_1_19_1_1_38_1_42", "X_2_1_1_1_1_1_56_1_1_39_1_42", "X_2_1_1_1_1_1_20_1_1_40_1_42", "X_2_1_1_1_1_1_57_1_1_41_1_42", "X_2_1_1_1_1_1_21_1_1_42_1_42", "X_2_1_1_1_1_1_58_1_1_43_1_42", "X_2_1_1_1_1_1_22_1_1_44_1_42", "X_2_1_1_1_1_1_59_1_1_45_1_42", "X_2_1_1_1_1_1_23_1_1_46_1_42", "X_2_1_1_1_1_1_60_1_1_47_1_42", "X_2_1_1_1_1_1_24_1_1_48_1_42", "X_2_1_1_1_1_1_61_1_1_49_1_42", "X_2_1_1_1_1_1_25_1_1_50_1_42", "X_2_1_1_1_1_1_62_1_1_51_1_42", "X_2_1_1_1_1_1_26_1_1_52_1_42", "X_2_1_1_1_1_1_63_1_1_53_1_42", "X_2_1_1_1_1_1_27_1_1_54_1_42", "X_2_1_1_1_1_1_64_1_1_55_1_42", "X_2_1_1_1_1_1_28_1_1_56_1_42", "X_2_1_1_1_1_1_65_1_1_57_1_42", "X_2_1_1_1_1_1_29_1_1_58_1_42", "X_2_1_1_1_1_1_66_1_1_59_1_42", "X_2_1_1_1_1_1_30_1_1_60_1_42", "X_2_1_1_1_1_1_67_1_1_61_1_42", "X_2_1_1_1_1_1_31_1_1_62_1_42", "X_2_1_1_1_1_1_68_1_1_63_1_42", "X_2_1_1_1_1_1_32_1_1_64_1_42", "X_2_1_1_1_1_1_69_1_1_65_1_42", "X_2_1_1_1_1_1_33_1_1_66_1_42", "X_2_1_1_1_1_1_70_1_1_67_1_42", "X_2_1_1_1_1_1_34_1_1_68_1_42", "X_2_1_1_1_1_1_71_1_1_69_1_42", "X_2_1_1_1_1_1_35_1_1_70_1_42", "X_2_1_1_1_1_1_72_1_1_71_1_42", "X_2_1_1_1_1_1_36_1_1_72_1_42"], "CsaImage.ProtocolSliceNumber": [0, 1, 2, 3, 4, 5, 6, 7, 8, 9, 10, 11, 12, 13, 14, 15, 16, 17, 18, 19, 20, 21, 22, 23, 24, 25, 26, 27, 28, 29, 30, 31, 32, 33, 34, 35, 36, 37, 38, 39, 40, 41, 42, 43, 44, 45, 46, 47, 48, 49, 50, 51, 52, 53, 54, 55, 56, 57, 58, 59, 60, 61, 62, 63, 64, 65, 66, 67, 68, 69, 70, 71], "CsaImage.RFSWDDataType": ["measured", "predicted", "measured", "predicted", "measured", "predicted", "measured", "predicted", "measured", "predicted", "measured", "predicted", "measured", "predicted", "measured", "predicted", "measured", "predicted", "measured", "predicted", "measured", "predicted", "measured", "predicted", "measured", "predicted", "measured", "predicted", "measured", "predicted", "measured", "predicted", "measured", "predicted", "measured", "predicted", "measured", "predicted", "measured", "predicted", "measured", "predicted", "measured", "predicted", "measured", "predicted", "measured", "predicted", "measured", "predicted", "measured", "predicted", "measured", "predicted", "measured", "predicted", "measured", "predicted", "measured", "measured", "measured", "measured", "measured", "measured", "measured", "measured", "measured", "measured", "measured", "measured", "measured", "measured"], "CsaImage.SlicePosition_PCS": [[-102.75876566, -114.7001859, -59.46265216], [-102.75607296, -114.18592656, -57.52989765], [-102.75338027, -113.67166913, -55.59714313], [-102.75068757, -113.15740979, -53.66439624], [-102.74799487, -112.64315045, -51.73164173], [-102.74530217, -112.12889302, -49.79888721], [-102.74260947, -111.61463463, -47.86614032], [-102.73991677, -111.1003753, -45.93338581], [-102.73722407, -110.58611691, -44.00063129], [-102.73453137, -110.07185853, -42.06787677], [-102.73183867, -109.55760014, -40.13512989], [-102.72914597, -109.04334176, -38.20237537], [-102.72645327, -108.52908337, -36.26962467], [-102.72376057, -108.01482403, -34.33687015], [-102.72106787, -107.50056565, -32.40411945], [-102.71837517, -106.98630726, -30.47136875], [-102.71568247, -106.47204888, -28.53861423], [-102.71298977, -105.95779049, -26.60586353], [-102.71029707, -105.44353211, -24.67310901], [-102.70760438, -104.92927373, -22.74035831], [-102.70491168, -104.41501486, -20.80760761], [-102.70221898, -103.900756, -18.87485309], [-102.69952628, -103.38649762, -16.94210239], [-102.69683358, -102.87223923, -15.00935169], [-102.69414088, -102.35798037, -13.07659717], [-102.69144818, -101.84372199, -11.14384647], [-102.68875548, -101.3294636, -9.21109195], [-102.68606278, -100.81520474, -7.27834125], [-102.68337008, -100.30094636, -5.34558864], [-102.68067738, -99.78668797, -3.41283603], [-102.67798444, -99.27242935, -1.48008533], [-102.67529174, -98.75817072, 0.45266728], [-102.67259904, -98.24391222, 2.38541989], [-102.66990634, -97.72965372, 4.3181725], [-102.66721365, -97.21539521, 6.2509232], [-102.66452095, -96.70113667, 8.18367581], [-102.66182825, -96.18687815, 10.11642842], [-102.65913555, -95.67261958, 12.04918007], [-102.65644285, -95.15836108, 13.98193268], [-102.65375015, -94.64410257, 15.91468434], [-102.65105745, -94.12984407, 17.84743695], [-102.64836475, -93.61558545, 19.78018908], [-102.64567205, -93.10132682, 21.71294121], [-102.64297935, -92.5870682, 23.64569335], [-102.64028665, -92.07280982, 25.57844548], [-102.63759395, -91.55855143, 27.51119761], [-102.63490125, -91.04429257, 29.44394974], [-102.63220855, -90.53003418, 31.37670188], [-102.62951585, -90.0157758, 33.30945401], [-102.62682315, -89.50151694, 35.24220662], [-102.62413045, -88.98725855, 37.17495827], [-102.62143775, -88.47299969, 39.10771088], [-102.61874506, -87.95874131, 41.04046254], [-102.61605236, -87.44448292, 42.97321515], [-102.61335966, -86.93022454, 44.90596776], [-102.61066696, -86.41596615, 46.83871846], [-102.60797426, -85.90170777, 48.77147107], [-102.60528156, -85.38744843, 50.70422368], [-102.60258886, -84.87319005, 52.63697629], [-102.59989616, -84.35893166, 54.56972699], [-102.59720346, -83.84467328, 56.5024796], [-102.59451076, -83.33041489, 58.43523221], [-102.59181806, -82.81615651, 60.36798291], [-102.58912536, -82.30189717, 62.30073742], [-102.58643266, -81.78763878, 64.23348813], [-102.58373996, -81.2733804, 66.16624264], [-102.58104726, -80.75912201, 68.09899334], [-102.57835456, -80.24486363, 70.03174405], [-102.57566186, -79.73060429, 71.96449856], [-102.57296916, -79.21634686, 73.89724927], [-102.57027647, -78.70208752, 75.82999997], [-102.56758377, -78.18783009, 77.76275448]], "CsaImage.TimeAfterStart": [1.0825, 0.7225, 1.0925, 0.7325, 1.1025, 0.7425, 1.1125, 0.7525, 1.1225, 0.7625, 1.1325, 0.7725, 1.1425, 0.7825, 1.1525, 0.7925, 1.1625, 0.8025, 1.1725, 0.8125, 1.1825, 0.8225, 1.1925, 0.8325, 1.2025, 0.8425, 1.2125, 0.8525, 1.2225, 0.8625, 1.2325, 0.8725, 1.2425, 0.8825, 1.2525, 0.8925, 1.2625, 0.9025, 1.2725, 0.9125, 1.2825, 0.9225, 1.2925, 0.9325, 1.3025, 0.9425, 1.3125, 0.9525, 1.3225, 0.9625, 1.3325, 0.9725, 1.3425, 0.9825, 1.3525, 0.9925, 1.3625, 1.0025, 1.3725, 1.0125, 1.3825, 1.0225, 1.3925, 1.0325, 1.4025, 1.0425, 1.4125, 1.0525, 1.4225, 1.0625, 1.4325, 1.0725], "ImagePositionPatient": [[-102.75876566424, -114.70018589551, -59.462652162937], [-102.75607296481, -114.18592655713, -57.529897646336], [-102.75338026537, -113.6716691261, -55.597143129734], [-102.75068756594, -113.15740978772, -53.664396242527], [-102.74799486651, -112.64315044934, -51.731641725925], [-102.74530216708, -112.12889301831, -49.798887209324], [-102.74260946764, -111.61463463361, -47.866140322117], [-102.73991676821, -111.10037529523, -45.933385805515], [-102.73722406878, -110.58611691052, -44.000631288914], [-102.73453136935, -110.07185852582, -42.067876772312], [-102.73183866991, -109.55760014111, -40.135129885105], [-102.72914597048, -109.04334175641, -38.202375368503], [-102.72645327105, -108.52908337171, -36.269624666599], [-102.72376057162, -108.01482403333, -34.336870149998], [-102.72106787219, -107.50056564862, -32.404119448093], [-102.71837517275, -106.98630726392, -30.471368746189], [-102.71568247332, -106.47204887921, -28.538614229587], [-102.71298977389, -105.95779049451, -26.605863527683], [-102.71029707446, -105.4435321098, -24.673109011082], [-102.70760437502, -104.9292737251, -22.740358309177], [-102.70491167559, -104.41501486356, -20.807607607273], [-102.70221897616, -103.90075600202, -18.874853090671], [-102.69952627673, -103.38649761731, -16.942102388767], [-102.69683357729, -102.87223923261, -15.009351686863], [-102.69414087786, -102.35798037106, -13.076597170261], [-102.69144817843, -101.84372198636, -11.143846468357], [-102.688755479, -101.32946360166, -9.2110919517554], [-102.68606277956, -100.81520474011, -7.2783412498511], [-102.68337008013, -100.30094635541, -5.3455886405982], [-102.6806773807, -99.786687970705, -3.4128360313453], [-102.67798444285, -99.272429347582, -1.480085329441], [-102.67529174342, -98.758170724458, 0.45266727981193], [-102.67259904398, -98.243912220544, 2.3854198890649], [-102.66990634455, -97.729653716631, 4.3181724983178], [-102.66721364512, -97.215395212717, 6.2509232002221], [-102.66452094569, -96.70113667155, 8.183675809475], [-102.66182824625, -96.186878145284, 10.116428418728], [-102.65913554682, -95.672619581766, 12.049180074307], [-102.65644284739, -95.158361077852, 13.981932683559], [-102.65375014796, -94.644102573938, 15.914684339138], [-102.65105744853, -94.129844070024, 17.847436948391], [-102.64836474909, -93.615585446901, 19.780189080807], [-102.64567204966, -93.101326823778, 21.712941213223], [-102.64297935023, -92.587068200655, 23.645693345638], [-102.6402866508, -92.07280981595, 25.578445478054], [-102.63759395136, -91.558551431245, 27.51119761047], [-102.63490125193, -91.044292569704, 29.443949742886], [-102.6322085525, -90.530034184999, 31.376701875301], [-102.62951585307, -90.015775800295, 33.309454007717], [-102.62682315363, -89.501516938753, 35.24220661697], [-102.6241304542, -88.987258554048, 37.174958272549], [-102.62143775477, -88.472999692506, 39.107710881802], [-102.61874505534, -87.958741307802, 41.04046253738], [-102.6160523559, -87.444482923097, 42.973215146633], [-102.61335965647, -86.930224538393, 44.905967755886], [-102.61066695704, -86.415966153688, 46.83871845779], [-102.60797425761, -85.901707768983, 48.771471067043], [-102.60528155817, -85.387448430605, 50.704223676296], [-102.60258885874, -84.8731900459, 52.636976285549], [-102.59989615931, -84.358931661195, 54.569726987454], [-102.59720345988, -83.844673276491, 56.502479596706], [-102.59451076045, -83.330414891786, 58.435232205959], [-102.59181806101, -82.816156507082, 60.367982907864], [-102.58912536158, -82.301897168703, 62.300737424465], [-102.58643266215, -81.787638783998, 64.23348812637], [-102.58373996272, -81.273380399294, 66.166242642971], [-102.58104726328, -80.759122014589, 68.098993344875], [-102.57835456385, -80.244863629884, 70.03174404678], [-102.57566186442, -79.730604291505, 71.964498563381], [-102.57296916499, -79.216346860475, 73.897249265286], [-102.57027646555, -78.702087522096, 75.82999996719], [-102.56758376612, -78.187830091066, 77.762754483791]], "InstanceCreationTime": ["100243.618000", "100243.546000", "100243.620000", "100243.550000", "100243.622000", "100243.553000", "100243.624000", "100243.555000", "100243.626000", "100243.557000", "100243.628000", "100243.559000", "100243.629000", "100243.561000", "100243.631000", "100243.563000", "100243.633000", "100243.565000", "100243.635000", "100243.567000", "100243.637000", "100243.569000", "100243.639000", "100243.571000", "100243.641000", "100243.573000", "100243.642000", "100243.575000", "100243.644000", "100243.577000", "100243.646000", "100243.579000", "100243.648000", "100243.580000", "100243.650000", "100243.582000", "100243.652000", "100243.584000", "100243.654000", "100243.586000", "100243.657000", "100243.588000", "100243.659000", "100243.590000", "100243.661000", "100243.592000", "100243.663000", "100243.594000", "100243.665000", "100243.596000", "100243.667000", "100243.598000", "100243.669000", "100243.600000", "100243.671000", "100243.602000", "100243.673000", "100243.603000", "100243.675000", "100243.605000", "100243.677000", "100243.607000", "100243.679000", "100243.609000", "100243.681000", "100243.611000", "100243.683000", "100243.613000", "100243.685000", "100243.615000", "100243.687000", "100243.617000"], "InstanceNumber": [1, 2, 3, 4, 5, 6, 7, 8, 9, 10, 11, 12, 13, 14, 15, 16, 17, 18, 19, 20, 21, 22, 23, 24, 25, 26, 27, 28, 29, 30, 31, 32, 33, 34, 35, 36, 37, 38, 39, 40, 41, 42, 43, 44, 45, 46, 47, 48, 49, 50, 51, 52, 53, 54, 55, 56, 57, 58, 59, 60, 61, 62, 63, 64, 65, 66, 67, 68, 69, 70, 71, 72], "LargestImagePixelValue": [4094, 4094, 4093, 4088, 4095, 4095, 4093, 4093, 4094, 4095, 4091, 4092, 4094, 4095, 4094, 4093, 4095, 4094, 4094, 4092, 4092, 4095, 4093, 4095, 4092, 4095, 4092, 4092, 4095, 4092, 4092, 4094, 4094, 4093, 4093, 4091, 4094, 4091, 4091, 4091, 4088, 4081, 4092, 4088, 4094, 4095, 4092, 4094, 4093, 4094, 4090, 4094, 4092, 4095, 4094, 4090, 4093, 4093, 4095, 4094, 4095, 4095, 4095, 4095, 4095, 4093, 4092, 4095, 4093, 4094, 4095, 4094], "SliceLocation": [-87.094408190816, -85.094405706021, -83.094403711662, -81.094408599732, -79.094406114937, -77.094404120578, -75.094409253866, -73.094406769071, -71.094404529494, -69.094402289918, -67.094407423205, -65.094405183628, -63.094406630484, -61.094404145689, -59.094405592545, -57.0944070394, -55.094404799823, -53.094406246678, -51.094404007102, -49.094405453957, -47.094406778203, -45.094404416018, -43.094405862873, -41.094407309729, -39.094404947543, -37.094406394398, -35.094404154821, -33.094405479068, -31.094405082707, -29.094404686346, -27.094406071576, -25.094405613911, -23.094405186898, -21.094404759885, -19.094406176089, -17.094405739497, -15.094405306737, -13.094405786006, -11.094405358993, -9.0944058535877, -7.0944054265748, -5.0944054297136, -3.0944054328525, -1.0944054359914, 0.90559449956533, 2.905594435122, 4.9055944932876, 6.9055944288443, 8.905594364401, 10.905594883371, 12.905594358123, 14.905594877093, 16.905594351845, 18.905594748206, 20.905595144567, 22.905593697712, 24.905594094072, 26.905594735651, 28.905595132011, 30.905593685156, 32.905594081517, 34.905594477878, 36.905593031022, 38.905595515817, 40.905594068961, 42.905596308538, 44.905594861683, 46.905593414827, 48.905595899622, 50.905594207549, 52.905593005911, 54.90559500027], "SmallestImagePixelValue": [0, 1, 0, 0, 0, 0, 0, 0, 0, 3, 0, 0, 0, 0, 0, 4, 3, 0, 0, 1, 1, 0, 0, 0, 0, 1, 0, 0, 0, 6, 3, 4, 0, 0, 0, 7, 0, 6, 8, 0, 0, 0, 1, 2, 1, 0, 0, 0, 0, 0, 0, 0, 3, 1, 4, 0, 0, 0, 0, 1, 0, 0, 0, 1, 1, 1, 0, 0, 0, 0, 0, 0], "WindowCenter": [-128.0, -192.0, -172.0, -210.0, -240.0, -232.0, -240.0, -218.0, -180.0, -200.0, -218.0, -220.0, -216.0, -222.0, -236.0, -222.0, -236.0, -252.0, -232.0, -232.0, -270.0, -282.0, -284.0, -400.0, -430.0, -306.0, -436.0, -426.0, -302.0, -378.0, -330.0, -308.0, -284.0, -120.0, -254.0, -110.0, -86.0, -104.0, -118.0, -72.0, -76.0, -72.0, -66.0, -44.0, -28.0, -26.0, -52.0, -8.0, -40.0, -20.0, -62.0, -4.0, -12.0, -38.0, -24.0, -54.0, -18.0, -32.0, -66.0, -70.0, -124.0, -146.0, -166.0, -162.0, -198.0, -318.0, -368.0, -340.0, -340.0, -306.0, -318.0, -354.0], "WindowWidth": [6168.0, 6112.0, 6092.0, 5996.0, 5982.0, 6044.0, 6064.0, 6134.0, 6116.0, 6116.0, 6136.0, 6104.0, 6050.0, 6000.0, 5942.0, 5858.0, 5830.0, 5686.0, 5644.0, 5568.0, 5470.0, 5244.0, 5284.0, 4660.0, 4664.0, 5244.0, 4662.0, 4656.0, 4978.0, 4642.0, 4626.0, 4624.0, 4618.0, 5280.0, 4616.0, 5176.0, 5226.0, 5076.0, 5004.0, 5320.0, 5244.0, 5288.0, 5272.0, 5296.0, 5386.0, 5340.0, 5188.0, 5448.0, 5402.0, 5502.0, 5378.0, 5522.0, 5510.0, 5468.0, 5624.0, 5578.0, 5678.0, 5742.0, 5700.0, 5734.0, 5734.0, 5786.0, 5828.0, 5868.0, 5876.0, 5856.0, 5944.0, 6070.0, 6074.0, 6134.0, 6186.0, 6294.0]}}, "IntendedFor": ["ses-imagenet02/func/sub-08_ses-imagenet02_task-imagenet_run-01_bold.nii.gz", "ses-imagenet02/func/sub-08_ses-imagenet02_task-imagenet_run-03_bold.nii.gz", "ses-imagenet02/func/sub-08_ses-imagenet02_task-imagenet_run-05_bold.nii.gz", "ses-imagenet02/func/sub-08_ses-imagenet02_task-imagenet_run-08_bold.nii.gz", "ses-imagenet02/func/sub-08_ses-imagenet02_task-imagenet_run-07_bold.nii.gz", "ses-imagenet02/func/sub-08_ses-imagenet02_task-imagenet_run-04_bold.nii.gz", "ses-imagenet02/func/sub-08_ses-imagenet02_task-imagenet_run-06_bold.nii.gz", "ses-imagenet02/func/sub-08_ses-imagenet02_task-imagenet_run-09_bold.nii.gz", "ses-imagenet02/func/sub-08_ses-imagenet02_task-imagenet_run-10_bold.nii.gz", "ses-imagenet02/func/sub-08_ses-imagenet02_task-imagenet_run-02_bold.nii.gz"]}