{"AcquisitionMatrixPE": 100, "AcquisitionNumber": 1, "AcquisitionTime": "13:53:51.580000", "BaseResolution": 100, "BodyPartExamined": "BRAIN", "ConsistencyInfo": "N4_VE11C_LATEST_20160120", "ConversionSoftware": "dcm2niix", "ConversionSoftwareVersion": "v1.0.20180622 GCC4.9.2", "DeviceSerialNumber": "166078", "DwellTime": 8.8e-06, "EchoNumber": 2, "EchoTime": 0.00738, "EchoTime1": 0.00492, "EchoTime2": 0.00738, "FlipAngle": 60, "ImageOrientationPatientDICOM": [0.998376, -0.0339378, 0.0457578, 0.0383537, 0.994312, -0.0993649], "ImageType": ["ORIGINAL", "PRIMARY", "P", "ND"], "InPlanePhaseEncodingDirectionDICOM": "ROW", "InstitutionAddress": "Street_StreetNo_Bei_Jing_District_CN_ZIP", "InstitutionName": "BeiJing_Normal_University", "InstitutionalDepartmentName": "Department", "MRAcquisitionType": "2D", "MagneticFieldStrength": 3, "Manufacturer": "Siemens", "ManufacturersModelName": "Prisma", "Modality": "MR", "PartialFourier": 1, "PatientPosition": "HFS", "PercentPhaseFOV": 100, "PhaseEncodingDirection": "i", "PhaseEncodingSteps": 100, "PhaseResolution": 1, "PixelBandwidth": 570, "ProcedureStepDescription": "BNU_P2018_64CH_Zhen.ZongLei", "ProtocolName": "field_mapping_2x2x2", "PulseSequenceDetails": "%SiemensSeq%_gre_field_mapping", "ReceiveCoilActiveElements": "HC1-7;NC1", "ReceiveCoilName": "HeadNeck_64", "ReconMatrixPE": 100, "RepetitionTime": 0.72, "SAR": 0.121405, "ScanningSequence": "GR", "SequenceName": "_fm2d2r", "SequenceVariant": "SP", "SeriesDescription": "field_mapping_2x2x2", "SeriesNumber": 9, "ShimSetting": [-5441, -11486, -1282, 282, 60, -141, -174, 68], "SliceThickness": 2, "SoftwareVersions": "syngo_MR_E11", "SpacingBetweenSlices": 2, "StationName": "AWP166078", "TxRefAmp": 229.058, "dcmmeta_affine": [[-1.9967517852783203, 0.07670746743679047, 0.08425045013427734, 95.02922058105469], [0.06787554919719696, 1.9886232614517212, -0.20191693305969238, -90.43598175048828], [0.09151560068130493, 0.19872981309890747, 1.9879913330078125, -75.90279388427734], [0.0, 0.0, 0.0, 1.0]], "dcmmeta_reorient_transform": [[0.0, -1.0, 0.0, 99.0], [1.0, 0.0, 0.0, 0.0], [0.0, 0.0, -1.0, 71.0], [0.0, 0.0, 0.0, 1.0]], "dcmmeta_shape": [100, 100, 72], "dcmmeta_slice_dim": 2, "dcmmeta_version": 0.6, "global": {"const": {"AcquisitionMatrix": [0, 100, 100, 0], "AcquisitionNumber": 1, "AngioFlag": "N", "BitsAllocated": 16, "BitsStored": 12, "BodyPartExamined": "BRAIN", "Columns": 100, "EchoNumbers": 2, "EchoTime": 7.38, "EchoTrainLength": 0, "FlipAngle": 60.0, "HighBit": 11, "ImageOrientationPatient": [0.99837590683225, -0.0339377737205, 0.04575779902674, 0.03835373228277, 0.99431162469952, -0.0993649043042], "ImageType": ["ORIGINAL", "PRIMARY", "P", "ND"], "ImagedNucleus": "1H", "ImagingFrequency": 123.257759, "InPlanePhaseEncodingDirection": "ROW", "MRAcquisitionType": "2D", "MagneticFieldStrength": 3.0, "Manufacturer": "SIEMENS", "ManufacturerModelName": "Prisma", "Modality": "MR", "NumberOfAverages": 1.0, "NumberOfPhaseEncodingSteps": 100, "PercentPhaseFieldOfView": 100.0, "PercentSampling": 100.0, "PerformedProcedureStepStartTime": "130256.437000", "PhotometricInterpretation": "MONOCHROME2", "PixelBandwidth": 570.0, "PixelRepresentation": 0, "PixelSpacing": [2.0, 2.0], "ProtocolName": "field_mapping_2x2x2", "RepetitionTime": 720.0, "RescaleIntercept": -4096.0, "RescaleSlope": 2.0, "RescaleType": "US", "Rows": 100, "SAR": 0.12140540134845, "SamplesPerPixel": 1, "ScanningSequence": "GR", "SequenceName": "*fm2d2r", "SequenceVariant": "SP", "SeriesDescription": "field_mapping_2x2x2", "SeriesNumber": 9, "SeriesTime": "135616.263000", "SliceThickness": 2.0, "SoftwareVersions": "syngo MR E11", "SpacingBetweenSlices": 2.0, "SpecificCharacterSet": "ISO_IR 100", "StudyID": "1", "StudyTime": "130256.355000", "TransmitCoilName": "Body", "VariableFlipAngleFlag": "N", "WindowCenterWidthExplanation": "Algo1", "dBdt": 0.0}, "slices": {"AcquisitionTime": ["135351.580000", "135351.220000", "135351.590000", "135351.230000", "135351.600000", "135351.240000", "135351.610000", "135351.250000", "135351.620000", "135351.260000", "135351.630000", "135351.270000", "135351.640000", "135351.280000", "135351.650000", "135351.290000", "135351.660000", "135351.300000", "135351.670000", "135351.310000", "135351.680000", "135351.320000", "135351.690000", "135351.330000", "135351.700000", "135351.340000", "135351.710000", "135351.350000", "135351.720000", "135351.360000", "135351.730000", "135351.370000", "135351.740000", "135351.380000", "135351.750000", "135351.390000", "135351.760000", "135351.400000", "135351.770000", "135351.410000", "135351.780000", "135351.420000", "135351.790000", "135351.430000", "135351.800000", "135351.440000", "135351.810000", "135351.450000", "135351.820000", "135351.460000", "135351.830000", "135351.470000", "135351.840000", "135351.480000", "135351.850000", "135351.490000", "135351.860000", "135351.500000", "135351.870000", "135351.510000", "135351.880000", "135351.520000", "135351.890000", "135351.530000", "135351.900000", "135351.540000", "135351.910000", "135351.550000", "135351.920000", "135351.560000", "135351.930000", "135351.570000"], "ContentTime": ["135616.333000", "135616.266000", "135616.334000", "135616.268000", "135616.336000", "135616.270000", "135616.338000", "135616.272000", "135616.340000", "135616.274000", "135616.342000", "135616.276000", "135616.343000", "135616.278000", "135616.345000", "135616.280000", "135616.347000", "135616.281000", "135616.349000", "135616.283000", "135616.351000", "135616.285000", "135616.352000", "135616.287000", "135616.354000", "135616.289000", "135616.356000", "135616.291000", "135616.358000", "135616.293000", "135616.360000", "135616.294000", "135616.361000", "135616.296000", "135616.363000", "135616.298000", "135616.365000", "135616.300000", "135616.367000", "135616.302000", "135616.369000", "135616.303000", "135616.371000", "135616.305000", "135616.372000", "135616.307000", "135616.374000", "135616.309000", "135616.376000", "135616.311000", "135616.378000", "135616.312000", "135616.380000", "135616.314000", "135616.382000", "135616.316000", "135616.383000", "135616.318000", "135616.385000", "135616.320000", "135616.387000", "135616.322000", "135616.389000", "135616.324000", "135616.391000", "135616.325000", "135616.393000", "135616.327000", "135616.394000", "135616.329000", "135616.396000", "135616.331000"], "CsaImage.GSWDDataType": ["measured", "predicted", "measured", "predicted", "measured", "predicted", "measured", "predicted", "measured", "predicted", "measured", "predicted", "measured", "predicted", "measured", "predicted", "measured", "predicted", "measured", "predicted", "measured", "predicted", "measured", "predicted", "measured", "predicted", "measured", "predicted", "measured", "predicted", "measured", "predicted", "measured", "predicted", "measured", "predicted", "measured", "predicted", "measured", "predicted", "measured", "predicted", "measured", "predicted", "measured", "predicted", "measured", "predicted", "measured", "predicted", "measured", "predicted", "measured", "predicted", "measured", "predicted", "measured", "predicted", "measured", "predicted", "measured", "predicted", "measured", "predicted", "measured", "predicted", "measured", "predicted", "measured", "predicted", "measured", "measured"], "CsaImage.ICE_Dims": ["X_2_1_1_1_1_1_37_1_1_1_1_100", "X_2_1_1_1_1_1_1_1_1_2_1_100", "X_2_1_1_1_1_1_38_1_1_3_1_100", "X_2_1_1_1_1_1_2_1_1_4_1_100", "X_2_1_1_1_1_1_39_1_1_5_1_100", "X_2_1_1_1_1_1_3_1_1_6_1_100", "X_2_1_1_1_1_1_40_1_1_7_1_100", "X_2_1_1_1_1_1_4_1_1_8_1_100", "X_2_1_1_1_1_1_41_1_1_9_1_100", "X_2_1_1_1_1_1_5_1_1_10_1_100", "X_2_1_1_1_1_1_42_1_1_11_1_100", "X_2_1_1_1_1_1_6_1_1_12_1_100", "X_2_1_1_1_1_1_43_1_1_13_1_100", "X_2_1_1_1_1_1_7_1_1_14_1_100", "X_2_1_1_1_1_1_44_1_1_15_1_100", "X_2_1_1_1_1_1_8_1_1_16_1_100", "X_2_1_1_1_1_1_45_1_1_17_1_100", "X_2_1_1_1_1_1_9_1_1_18_1_100", "X_2_1_1_1_1_1_46_1_1_19_1_100", "X_2_1_1_1_1_1_10_1_1_20_1_100", "X_2_1_1_1_1_1_47_1_1_21_1_100", "X_2_1_1_1_1_1_11_1_1_22_1_100", "X_2_1_1_1_1_1_48_1_1_23_1_100", "X_2_1_1_1_1_1_12_1_1_24_1_100", "X_2_1_1_1_1_1_49_1_1_25_1_100", "X_2_1_1_1_1_1_13_1_1_26_1_100", "X_2_1_1_1_1_1_50_1_1_27_1_100", "X_2_1_1_1_1_1_14_1_1_28_1_100", "X_2_1_1_1_1_1_51_1_1_29_1_100", "X_2_1_1_1_1_1_15_1_1_30_1_100", "X_2_1_1_1_1_1_52_1_1_31_1_100", "X_2_1_1_1_1_1_16_1_1_32_1_100", "X_2_1_1_1_1_1_53_1_1_33_1_100", "X_2_1_1_1_1_1_17_1_1_34_1_100", "X_2_1_1_1_1_1_54_1_1_35_1_100", "X_2_1_1_1_1_1_18_1_1_36_1_100", "X_2_1_1_1_1_1_55_1_1_37_1_100", "X_2_1_1_1_1_1_19_1_1_38_1_100", "X_2_1_1_1_1_1_56_1_1_39_1_100", "X_2_1_1_1_1_1_20_1_1_40_1_100", "X_2_1_1_1_1_1_57_1_1_41_1_100", "X_2_1_1_1_1_1_21_1_1_42_1_100", "X_2_1_1_1_1_1_58_1_1_43_1_100", "X_2_1_1_1_1_1_22_1_1_44_1_100", "X_2_1_1_1_1_1_59_1_1_45_1_100", "X_2_1_1_1_1_1_23_1_1_46_1_100", "X_2_1_1_1_1_1_60_1_1_47_1_100", "X_2_1_1_1_1_1_24_1_1_48_1_100", "X_2_1_1_1_1_1_61_1_1_49_1_100", "X_2_1_1_1_1_1_25_1_1_50_1_100", "X_2_1_1_1_1_1_62_1_1_51_1_100", "X_2_1_1_1_1_1_26_1_1_52_1_100", "X_2_1_1_1_1_1_63_1_1_53_1_100", "X_2_1_1_1_1_1_27_1_1_54_1_100", "X_2_1_1_1_1_1_64_1_1_55_1_100", "X_2_1_1_1_1_1_28_1_1_56_1_100", "X_2_1_1_1_1_1_65_1_1_57_1_100", "X_2_1_1_1_1_1_29_1_1_58_1_100", "X_2_1_1_1_1_1_66_1_1_59_1_100", "X_2_1_1_1_1_1_30_1_1_60_1_100", "X_2_1_1_1_1_1_67_1_1_61_1_100", "X_2_1_1_1_1_1_31_1_1_62_1_100", "X_2_1_1_1_1_1_68_1_1_63_1_100", "X_2_1_1_1_1_1_32_1_1_64_1_100", "X_2_1_1_1_1_1_69_1_1_65_1_100", "X_2_1_1_1_1_1_33_1_1_66_1_100", "X_2_1_1_1_1_1_70_1_1_67_1_100", "X_2_1_1_1_1_1_34_1_1_68_1_100", "X_2_1_1_1_1_1_71_1_1_69_1_100", "X_2_1_1_1_1_1_35_1_1_70_1_100", "X_2_1_1_1_1_1_72_1_1_71_1_100", "X_2_1_1_1_1_1_36_1_1_72_1_100"], "CsaImage.ProtocolSliceNumber": [0, 1, 2, 3, 4, 5, 6, 7, 8, 9, 10, 11, 12, 13, 14, 15, 16, 17, 18, 19, 20, 21, 22, 23, 24, 25, 26, 27, 28, 29, 30, 31, 32, 33, 34, 35, 36, 37, 38, 39, 40, 41, 42, 43, 44, 45, 46, 47, 48, 49, 50, 51, 52, 53, 54, 55, 56, 57, 58, 59, 60, 61, 62, 63, 64, 65, 66, 67, 68, 69, 70, 71], "CsaImage.RFSWDDataType": ["measured", "predicted", "measured", "predicted", "measured", "predicted", "measured", "predicted", "measured", "predicted", "measured", "predicted", "measured", "predicted", "measured", "predicted", "measured", "predicted", "measured", "predicted", "measured", "predicted", "measured", "predicted", "measured", "predicted", "measured", "predicted", "measured", "predicted", "measured", "predicted", "measured", "predicted", "measured", "predicted", "measured", "predicted", "measured", "predicted", "measured", "predicted", "measured", "predicted", "measured", "predicted", "measured", "predicted", "measured", "predicted", "measured", "predicted", "measured", "predicted", "measured", "predicted", "measured", "predicted", "measured", "predicted", "measured", "predicted", "measured", "predicted", "measured", "predicted", "measured", "measured", "measured", "measured", "measured", "measured"], "CsaImage.SlicePosition_PCS": [[-102.6232509, -106.43772613, -56.22893104], [-102.70750141, -106.23580944, -54.2409359], [-102.79175198, -106.03389179, -52.25293693], [-102.87600254, -105.83197509, -50.26494179], [-102.96025311, -105.6300584, -48.27694664], [-103.04450368, -105.42814075, -46.28894768], [-103.12875425, -105.22622406, -44.30095253], [-103.21300485, -105.02430736, -42.31295357], [-103.29725542, -104.82238971, -40.32495842], [-103.38150599, -104.62047302, -38.33695946], [-103.46575656, -104.41855632, -36.34896431], [-103.55000714, -104.21663868, -34.36096916], [-103.63425771, -104.01472198, -32.3729702], [-103.71850828, -103.81280481, -30.38497505], [-103.80275885, -103.61088812, -28.39697609], [-103.88700942, -103.40897094, -26.40898094], [-103.97126001, -103.20705377, -24.42098388], [-104.05551057, -103.00513708, -22.43298683], [-104.13976114, -102.80321991, -20.44498977], [-104.22401171, -102.60130273, -18.45699272], [-104.30826228, -102.39938604, -16.46899566], [-104.39251285, -102.19746887, -14.48099861], [-104.47676342, -101.9955517, -12.49300155], [-104.56101399, -101.79363453, -10.50500545], [-104.64526456, -101.59171783, -8.5170084], [-104.72951513, -101.38980066, -6.5290123], [-104.8137657, -101.18788349, -4.54101524], [-104.89801627, -100.98596679, -2.55301819], [-104.98226684, -100.78404962, -0.56502161], [-105.06651741, -100.58213245, 1.42297545], [-105.15076798, -100.38021576, 3.41097226], [-105.23501855, -100.17829858, 5.39896903], [-105.31926911, -99.97638165, 7.3869659], [-105.40351968, -99.77446448, 9.37496271], [-105.48777025, -99.57254755, 11.36295929], [-105.57202082, -99.37063061, 13.35095635], [-105.65627139, -99.16871344, 15.3389534], [-105.74052196, -98.96679651, 17.3269495], [-105.82477265, -98.76487958, 19.31494656], [-105.9090231, -98.5629624, 21.30294361], [-105.99327379, -98.36104547, 23.29093971], [-106.07752424, -98.1591283, 25.27893677], [-106.16177493, -97.95721137, 27.26693382], [-106.24602538, -97.75529431, 29.25493088], [-106.33027607, -97.55337738, 31.24292793], [-106.41452652, -97.35146033, 33.23092499], [-106.4987772, -97.14954328, 35.21892205], [-106.58302766, -96.94762628, 37.2069191], [-106.66727834, -96.74570929, 39.19491616], [-106.75152879, -96.54379224, 41.1829113], [-106.83577948, -96.34187522, 43.17091027], [-106.92002993, -96.13995821, 45.15890541], [-107.00428062, -95.93804119, 47.14690056], [-107.08853107, -95.73612418, 49.13489952], [-107.17278176, -95.53420716, 51.12289467], [-107.25703221, -95.3322901, 53.11089363], [-107.3412829, -95.13037311, 55.09888878], [-107.42553335, -94.92845606, 57.08688774], [-107.50978404, -94.72653913, 59.07488289], [-107.59403449, -94.52462207, 61.06288185], [-107.67828494, -94.32270502, 63.050877], [-107.76253586, -94.12078797, 65.03887215], [-107.84678631, -93.91887104, 67.02687111], [-107.93103676, -93.71695387, 69.01486626], [-108.01528769, -93.51503693, 71.00286141], [-108.09953814, -93.31312, 72.99086037], [-108.18378859, -93.11120283, 74.97885933], [-108.26803904, -92.90928589, 76.96685829], [-108.35228997, -92.70736896, 78.95484963], [-108.43654042, -92.50545179, 80.94284859], [-108.52079087, -92.30353486, 82.93084755], [-108.60504132, -92.10161792, 84.91883888]], "CsaImage.TimeAfterStart": [1.0825, 0.7225, 1.0925, 0.7325, 1.1025, 0.7425, 1.1125, 0.7525, 1.1225, 0.7625, 1.1325, 0.7725, 1.1425, 0.7825, 1.1525, 0.7925, 1.1625, 0.8025, 1.1725, 0.8125, 1.1825, 0.8225, 1.1925, 0.8325, 1.2025, 0.8425, 1.2125, 0.8525, 1.2225, 0.8625, 1.2325, 0.8725, 1.2425, 0.8825, 1.2525, 0.8925, 1.2625, 0.9025, 1.2725, 0.9125, 1.2825, 0.9225, 1.2925, 0.9325, 1.3025, 0.9425, 1.3125, 0.9525, 1.3225, 0.9625, 1.3325, 0.9725, 1.3425, 0.9825, 1.3525, 0.9925, 1.3625, 1.0025, 1.3725, 1.0125, 1.3825, 1.0225, 1.3925, 1.0325, 1.4025, 1.0425, 1.4125, 1.0525, 1.4225, 1.0625, 1.4325, 1.0725], "ImagePositionPatient": [[-102.62325089595, -106.43772613183, -56.228931043302], [-102.70750140568, -106.23580943719, -54.240935895597], [-102.79175197503, -106.03389178888, -52.252936933194], [-102.87600254437, -105.83197509424, -50.264941785489], [-102.96025311372, -105.6300583996, -48.276946637784], [-103.04450368306, -105.42814075128, -46.288947675382], [-103.1287542524, -105.22622405664, -44.300952527677], [-103.21300485155, -105.024307362, -42.312953565274], [-103.29725542089, -104.82238971368, -40.324958417569], [-103.38150599024, -104.62047301904, -38.336959455167], [-103.46575655958, -104.4185563244, -36.348964307462], [-103.55000713637, -104.21663867608, -34.360969159757], [-103.63425770944, -104.01472198144, -32.372970197355], [-103.71850827879, -103.81280480997, -30.384975049649], [-103.80275885185, -103.61088811532, -28.396976087247], [-103.8870094212, -103.40897094385, -26.408980939542], [-103.97126000544, -103.20705377237, -24.420983884488], [-104.05551057479, -103.00513707773, -22.432986829435], [-104.13976114413, -102.80321990625, -20.444989774381], [-104.22401171347, -102.60130273477, -18.456992719327], [-104.30826228282, -102.39938604013, -16.468995664274], [-104.39251285216, -102.19746886865, -14.48099860922], [-104.4767634215, -101.99555169717, -12.493001554166], [-104.56101399085, -101.79363452569, -10.505005452787], [-104.64526456019, -101.59171783105, -8.517008397733], [-104.72951512953, -101.38980065957, -6.5290122963536], [-104.81376569888, -101.1878834881, -4.5410152412999], [-104.89801626822, -100.98596679346, -2.5530181862462], [-104.98226683757, -100.78404962198, -0.5650216080296], [-105.06651740691, -100.5821324505, 1.4229754470241], [-105.15076797625, -100.38021575586, 3.4109722636592], [-105.2350185456, -100.17829858438, 5.3989690318656], [-105.31926911494, -99.97638165132, 7.3869658969295], [-105.40351968428, -99.774464479841, 9.3749627135646], [-105.48777025363, -99.572547546782, 11.362959291781], [-105.57202082297, -99.370630613722, 13.350956346835], [-105.65627139231, -99.168713442244, 15.338953401889], [-105.74052196166, -98.966796509184, 17.326949503268], [-105.82477265021, -98.764879576124, 19.314946558322], [-105.90902310034, -98.562962404646, 21.302943613375], [-105.9932737889, -98.361045471586, 23.290939714755], [-106.07752423903, -98.159128300108, 25.278936769809], [-106.16177492758, -97.957211367048, 27.266933824862], [-106.24602537772, -97.755294314779, 29.254930879916], [-106.33027606627, -97.55337738172, 31.24292793497], [-106.41452651641, -97.351460329451, 33.230924990023], [-106.49877720496, -97.149543277182, 35.218922045077], [-106.58302765509, -96.947626284517, 37.206919100131], [-106.66727834365, -96.745709291853, 39.194916155185], [-106.75152879378, -96.543792239584, 41.18291130289], [-106.83577948233, -96.341875217117, 43.170910265292], [-106.92002993247, -96.139958209552, 45.158905412997], [-107.00428062102, -95.938041194536, 47.146900560702], [-107.08853107115, -95.73612417952, 49.134899523104], [-107.17278175971, -95.534207157053, 51.12289467081], [-107.25703220984, -95.332290104784, 53.110893633212], [-107.34128289839, -95.13037311212, 55.098888780917], [-107.42553334853, -94.928456059851, 57.086887743319], [-107.50978403708, -94.726539126791, 59.074882891024], [-107.59403448722, -94.524622074522, 61.062881853427], [-107.67828493735, -94.322705022253, 63.050877001132], [-107.76253586432, -94.120787969984, 65.038872148837], [-107.84678631446, -93.918871036924, 67.026871111239], [-107.93103676459, -93.716953865446, 69.014866258944], [-108.01528769156, -93.515036932386, 71.002861406649], [-108.0995381417, -93.313119999327, 72.990860369052], [-108.18378859183, -93.111202827848, 74.978859331454], [-108.26803904196, -92.909285894789, 76.966858293856], [-108.35228996894, -92.707368961729, 78.954849626864], [-108.43654041907, -92.505451790251, 80.942848589267], [-108.5207908692, -92.303534857191, 82.930847551669], [-108.60504131934, -92.101617924131, 84.918838884677]], "InstanceCreationTime": ["135616.333000", "135616.266000", "135616.334000", "135616.268000", "135616.336000", "135616.270000", "135616.338000", "135616.272000", "135616.340000", "135616.274000", "135616.342000", "135616.276000", "135616.343000", "135616.278000", "135616.345000", "135616.280000", "135616.347000", "135616.281000", "135616.349000", "135616.283000", "135616.351000", "135616.285000", "135616.352000", "135616.287000", "135616.354000", "135616.289000", "135616.356000", "135616.291000", "135616.358000", "135616.293000", "135616.360000", "135616.294000", "135616.361000", "135616.296000", "135616.363000", "135616.298000", "135616.365000", "135616.300000", "135616.367000", "135616.302000", "135616.369000", "135616.303000", "135616.371000", "135616.305000", "135616.372000", "135616.307000", "135616.374000", "135616.309000", "135616.376000", "135616.311000", "135616.378000", "135616.312000", "135616.380000", "135616.314000", "135616.382000", "135616.316000", "135616.383000", "135616.318000", "135616.385000", "135616.320000", "135616.387000", "135616.322000", "135616.389000", "135616.324000", "135616.391000", "135616.325000", "135616.393000", "135616.327000", "135616.394000", "135616.329000", "135616.396000", "135616.331000"], "InstanceNumber": [1, 2, 3, 4, 5, 6, 7, 8, 9, 10, 11, 12, 13, 14, 15, 16, 17, 18, 19, 20, 21, 22, 23, 24, 25, 26, 27, 28, 29, 30, 31, 32, 33, 34, 35, 36, 37, 38, 39, 40, 41, 42, 43, 44, 45, 46, 47, 48, 49, 50, 51, 52, 53, 54, 55, 56, 57, 58, 59, 60, 61, 62, 63, 64, 65, 66, 67, 68, 69, 70, 71, 72], "LargestImagePixelValue": [4094, 4094, 4095, 4094, 4093, 4095, 4094, 4095, 4095, 4095, 4095, 4095, 4095, 4093, 4094, 4093, 4094, 4095, 4094, 4087, 4095, 4092, 4092, 4095, 4093, 4095, 4092, 4090, 4094, 4092, 4094, 4089, 4090, 4094, 4091, 4094, 4092, 4094, 4092, 4086, 4092, 4091, 4094, 4094, 4092, 4093, 4087, 4091, 4076, 4090, 4092, 4091, 4093, 4093, 4093, 4090, 4091, 4094, 4095, 4094, 4095, 4094, 4093, 4095, 4093, 4095, 4095, 4095, 4095, 4094, 4095, 4095], "SliceLocation": [-62.314228195672, -60.314229893857, -58.314227701446, -56.31422939712, -54.314231092793, -52.314228900382, -50.314230596056, -48.314228498671, -46.314230098063, -44.314228001934, -42.314229697607, -40.314231296686, -38.314229200399, -36.314230847932, -34.314228751646, -32.314230399179, -30.314230150182, -28.314229949954, -26.314229701586, -24.314229453217, -22.314229252989, -20.31422900462, -18.314228756252, -16.314229455834, -14.314229255606, -12.314229955188, -10.314229706819, -8.3142295065915, -6.3142297321982, -4.3142294838295, -2.3142295205893, -0.3142295573465, 1.6857704781022, 3.6857704894832, 5.6857702398061, 7.6857704641044, 9.685770712473, 11.685769988821, 13.685770218141, 15.685770461488, 17.685769742857, 19.685769986204, 21.685770215524, 23.685770446835, 25.685770676155, 27.685770907467, 29.685771148822, 31.685771374117, 33.685771609454, 35.685769944864, 37.685772079112, 39.685770410009, 41.685768751702, 43.685770875154, 45.685769217599, 47.685771344812, 49.685769684248, 51.685771811462, 53.68577014488, 55.685772272093, 57.685770607504, 59.685768963001, 61.685771078179, 63.685769425624, 65.685767769086, 67.685769884264, 69.685772023513, 71.685774138691, 73.68576869035, 75.685770829598, 77.685772944776, 79.685767476348], "SmallestImagePixelValue": [4, 1, 0, 0, 0, 0, 0, 1, 0, 1, 0, 0, 0, 0, 0, 0, 1, 3, 0, 2, 6, 1, 2, 1, 1, 1, 2, 3, 2, 5, 15, 0, 1, 1, 1, 11, 10, 1, 0, 0, 0, 2, 0, 0, 0, 5, 0, 0, 2, 0, 1, 2, 0, 0, 6, 5, 0, 0, 0, 4, 1, 1, 0, 0, 0, 0, 2, 0, 0, 0, 0, 0], "WindowCenter": [-252.0, -244.0, -260.0, -246.0, -232.0, -252.0, -264.0, -272.0, -282.0, -208.0, -180.0, -130.0, -76.0, -134.0, -196.0, -210.0, -266.0, -264.0, -280.0, -274.0, -254.0, -220.0, -186.0, -126.0, -110.0, -90.0, -80.0, -88.0, -108.0, -130.0, -160.0, -138.0, -126.0, -96.0, -82.0, -100.0, -84.0, -80.0, -110.0, -218.0, -216.0, -184.0, -172.0, 8.0, -6.0, -30.0, -176.0, -198.0, -208.0, -242.0, -260.0, -266.0, -134.0, -276.0, -130.0, -200.0, -142.0, -104.0, -118.0, -140.0, -112.0, -124.0, -158.0, -180.0, -176.0, -202.0, -246.0, -208.0, -242.0, -298.0, -284.0, -316.0], "WindowWidth": [6144.0, 6230.0, 6236.0, 6224.0, 6192.0, 6210.0, 6162.0, 6162.0, 6242.0, 6330.0, 6356.0, 6384.0, 6366.0, 6314.0, 6226.0, 6152.0, 6040.0, 5984.0, 5896.0, 5812.0, 5726.0, 5690.0, 5696.0, 5780.0, 5784.0, 5754.0, 5742.0, 5664.0, 5602.0, 5500.0, 5386.0, 5486.0, 5508.0, 5558.0, 5510.0, 5400.0, 5364.0, 5286.0, 5124.0, 4584.0, 4582.0, 4566.0, 4558.0, 5252.0, 5170.0, 5066.0, 4562.0, 4578.0, 4592.0, 4618.0, 4642.0, 4650.0, 5170.0, 4674.0, 5326.0, 4866.0, 5236.0, 5460.0, 5532.0, 5506.0, 5596.0, 5718.0, 5776.0, 5858.0, 5922.0, 6054.0, 6120.0, 6202.0, 6240.0, 6342.0, 6400.0, 6452.0]}}, "IntendedFor": ["ses-imagenet04/func/sub-07_ses-imagenet04_task-imagenet_run-03_bold.nii.gz", "ses-imagenet04/func/sub-07_ses-imagenet04_task-imagenet_run-01_bold.nii.gz", "ses-imagenet04/func/sub-07_ses-imagenet04_task-imagenet_run-08_bold.nii.gz", "ses-imagenet04/func/sub-07_ses-imagenet04_task-imagenet_run-07_bold.nii.gz", "ses-imagenet04/func/sub-07_ses-imagenet04_task-imagenet_run-05_bold.nii.gz", "ses-imagenet04/func/sub-07_ses-imagenet04_task-imagenet_run-06_bold.nii.gz", "ses-imagenet04/func/sub-07_ses-imagenet04_task-imagenet_run-09_bold.nii.gz", "ses-imagenet04/func/sub-07_ses-imagenet04_task-imagenet_run-04_bold.nii.gz", "ses-imagenet04/func/sub-07_ses-imagenet04_task-imagenet_run-02_bold.nii.gz", "ses-imagenet04/func/sub-07_ses-imagenet04_task-imagenet_run-10_bold.nii.gz"]}