{"AcquisitionMatrixPE": 100, "AcquisitionNumber": 1, "AcquisitionTime": "15:49:54.060000", "BaseResolution": 100, "BodyPartExamined": "BRAIN", "ConsistencyInfo": "N4_VE11C_LATEST_20160120", "ConversionSoftware": "dcm2niix", "ConversionSoftwareVersion": "v1.0.20180622 GCC4.9.2", "DeviceSerialNumber": "166078", "DwellTime": 8.8e-06, "EchoNumber": 2, "EchoTime": 0.00738, "EchoTime1": 0.00492, "EchoTime2": 0.00738, "FlipAngle": 60, "ImageOrientationPatientDICOM": [1, -6.18265e-05, -0.00055124, 1.338e-12, 0.993769, -0.11146], "ImageType": ["ORIGINAL", "PRIMARY", "P", "ND"], "InPlanePhaseEncodingDirectionDICOM": "ROW", "InstitutionAddress": "Street_StreetNo_Bei_Jing_District_CN_ZIP", "InstitutionName": "BeiJing_Normal_University", "InstitutionalDepartmentName": "Department", "MRAcquisitionType": "2D", "MagneticFieldStrength": 3, "Manufacturer": "Siemens", "ManufacturersModelName": "Prisma", "Modality": "MR", "PartialFourier": 1, "PatientPosition": "HFS", "PercentPhaseFOV": 100, "PhaseEncodingDirection": "i", "PhaseEncodingSteps": 100, "PhaseResolution": 1, "PixelBandwidth": 570, "ProcedureStepDescription": "BNU_P2018_64CH_Zhen.ZongLei", "ProtocolName": "field_mapping_2x2x2", "PulseSequenceDetails": "%SiemensSeq%_gre_field_mapping", "ReceiveCoilActiveElements": "HC1-7;NC1", "ReceiveCoilName": "HeadNeck_64", "ReconMatrixPE": 100, "RepetitionTime": 0.72, "SAR": 0.120666, "ScanningSequence": "GR", "SequenceName": "_fm2d2r", "SequenceVariant": "SP", "SeriesDescription": "field_mapping_2x2x2", "SeriesNumber": 9, "ShimSetting": [-5457, -11500, -1274, 523, 19, -181, -86, 58], "SliceThickness": 2, "SoftwareVersions": "syngo_MR_E11", "SpacingBetweenSlices": 2, "StationName": "AWP166078", "TxRefAmp": 207.787, "dcmmeta_affine": [[-1.9999996423721313, 2.6760000465531064e-12, -0.001109391450881958, 99.79716491699219], [0.0001236530370078981, 1.9875378608703613, -0.22292041778564453, -87.49748229980469], [-0.0011024798732250929, 0.2229202538728714, 1.9875411987304688, -75.52701568603516], [0.0, 0.0, 0.0, 1.0]], "dcmmeta_reorient_transform": [[0.0, -1.0, 0.0, 99.0], [1.0, 0.0, 0.0, 0.0], [0.0, 0.0, -1.0, 71.0], [0.0, 0.0, 0.0, 1.0]], "dcmmeta_shape": [100, 100, 72], "dcmmeta_slice_dim": 2, "dcmmeta_version": 0.6, "global": {"const": {"AcquisitionMatrix": [0, 100, 100, 0], "AcquisitionNumber": 1, "AngioFlag": "N", "BitsAllocated": 16, "BitsStored": 12, "BodyPartExamined": "BRAIN", "Columns": 100, "EchoNumbers": 2, "EchoTime": 7.38, "EchoTrainLength": 0, "FlipAngle": 60.0, "HighBit": 11, "ImageOrientationPatient": [0.99999984615599, -6.18265216e-05, -0.0005512399497, 1.338e-12, 0.99376890704641, -0.1114601246536], "ImageType": ["ORIGINAL", "PRIMARY", "P", "ND"], "ImagedNucleus": "1H", "ImagingFrequency": 123.257771, "InPlanePhaseEncodingDirection": "ROW", "MRAcquisitionType": "2D", "MagneticFieldStrength": 3.0, "Manufacturer": "SIEMENS", "ManufacturerModelName": "Prisma", "Modality": "MR", "NumberOfAverages": 1.0, "NumberOfPhaseEncodingSteps": 100, "PercentPhaseFieldOfView": 100.0, "PercentSampling": 100.0, "PerformedProcedureStepStartTime": "145836.729000", "PhotometricInterpretation": "MONOCHROME2", "PixelBandwidth": 570.0, "PixelRepresentation": 0, "PixelSpacing": [2.0, 2.0], "ProtocolName": "field_mapping_2x2x2", "RepetitionTime": 720.0, "RescaleIntercept": -4096.0, "RescaleSlope": 2.0, "RescaleType": "US", "Rows": 100, "SAR": 0.1206657676508, "SamplesPerPixel": 1, "ScanningSequence": "GR", "SequenceName": "*fm2d2r", "SequenceVariant": "SP", "SeriesDescription": "field_mapping_2x2x2", "SeriesNumber": 9, "SeriesTime": "155218.824000", "SliceThickness": 2.0, "SoftwareVersions": "syngo MR E11", "SpacingBetweenSlices": 2.0, "SpecificCharacterSet": "ISO_IR 100", "StudyID": "1", "StudyTime": "145836.682000", "TransmitCoilName": "Body", "VariableFlipAngleFlag": "N", "WindowCenterWidthExplanation": "Algo1", "dBdt": 0.0}, "slices": {"AcquisitionTime": ["154954.060000", "154953.700000", "154954.070000", "154953.710000", "154954.080000", "154953.720000", "154954.090000", "154953.730000", "154954.100000", "154953.740000", "154954.110000", "154953.750000", "154954.120000", "154953.760000", "154954.130000", "154953.770000", "154954.140000", "154953.780000", "154954.150000", "154953.790000", "154954.160000", "154953.800000", "154954.170000", "154953.810000", "154954.180000", "154953.820000", "154954.190000", "154953.830000", "154954.200000", "154953.840000", "154954.210000", "154953.850000", "154954.220000", "154953.860000", "154954.230000", "154953.870000", "154954.240000", "154953.880000", "154954.250000", "154953.890000", "154954.260000", "154953.900000", "154954.270000", "154953.910000", "154954.280000", "154953.920000", "154954.290000", "154953.930000", "154954.300000", "154953.940000", "154954.310000", "154953.950000", "154954.320000", "154953.960000", "154954.330000", "154953.970000", "154954.340000", "154953.980000", "154954.350000", "154953.990000", "154954.360000", "154954.000000", "154954.370000", "154954.010000", "154954.380000", "154954.020000", "154954.390000", "154954.030000", "154954.400000", "154954.040000", "154954.410000", "154954.050000"], "ContentTime": ["155218.895000", "155218.826000", "155218.897000", "155218.828000", "155218.898000", "155218.830000", "155218.900000", "155218.832000", "155218.902000", "155218.834000", "155218.904000", "155218.836000", "155218.906000", "155218.838000", "155218.908000", "155218.840000", "155218.910000", "155218.842000", "155218.912000", "155218.844000", "155218.914000", "155218.846000", "155218.915000", "155218.848000", "155218.917000", "155218.850000", "155218.919000", "155218.851000", "155218.921000", "155218.853000", "155218.923000", "155218.855000", "155218.925000", "155218.857000", "155218.927000", "155218.859000", "155218.929000", "155218.861000", "155218.931000", "155218.863000", "155218.933000", "155218.865000", "155218.935000", "155218.866000", "155218.936000", "155218.868000", "155218.938000", "155218.870000", "155218.940000", "155218.872000", "155218.942000", "155218.874000", "155218.944000", "155218.876000", "155218.946000", "155218.878000", "155218.948000", "155218.880000", "155218.950000", "155218.882000", "155218.952000", "155218.884000", "155218.953000", "155218.885000", "155218.955000", "155218.887000", "155218.957000", "155218.889000", "155218.959000", "155218.891000", "155218.961000", "155218.893000"], "CsaImage.GSWDDataType": ["measured", "predicted", "measured", "predicted", "measured", "predicted", "measured", "predicted", "measured", "predicted", "measured", "predicted", "measured", "predicted", "measured", "predicted", "measured", "predicted", "measured", "predicted", "measured", "predicted", "measured", "predicted", "measured", "predicted", "measured", "predicted", "measured", "predicted", "measured", "predicted", "measured", "predicted", "measured", "predicted", "measured", "predicted", "measured", "predicted", "measured", "predicted", "measured", "predicted", "measured", "predicted", "measured", "predicted", "measured", "predicted", "measured", "predicted", "measured", "predicted", "measured", "predicted", "measured", "predicted", "measured", "predicted", "measured", "predicted", "measured", "predicted", "measured", "predicted", "measured", "predicted", "measured", "measured", "measured", "measured"], "CsaImage.ICE_Dims": ["X_2_1_1_1_1_1_37_1_1_1_1_173", "X_2_1_1_1_1_1_1_1_1_2_1_173", "X_2_1_1_1_1_1_38_1_1_3_1_173", "X_2_1_1_1_1_1_2_1_1_4_1_173", "X_2_1_1_1_1_1_39_1_1_5_1_173", "X_2_1_1_1_1_1_3_1_1_6_1_173", "X_2_1_1_1_1_1_40_1_1_7_1_173", "X_2_1_1_1_1_1_4_1_1_8_1_173", "X_2_1_1_1_1_1_41_1_1_9_1_173", "X_2_1_1_1_1_1_5_1_1_10_1_173", "X_2_1_1_1_1_1_42_1_1_11_1_173", "X_2_1_1_1_1_1_6_1_1_12_1_173", "X_2_1_1_1_1_1_43_1_1_13_1_173", "X_2_1_1_1_1_1_7_1_1_14_1_173", "X_2_1_1_1_1_1_44_1_1_15_1_173", "X_2_1_1_1_1_1_8_1_1_16_1_173", "X_2_1_1_1_1_1_45_1_1_17_1_173", "X_2_1_1_1_1_1_9_1_1_18_1_173", "X_2_1_1_1_1_1_46_1_1_19_1_173", "X_2_1_1_1_1_1_10_1_1_20_1_173", "X_2_1_1_1_1_1_47_1_1_21_1_173", "X_2_1_1_1_1_1_11_1_1_22_1_173", "X_2_1_1_1_1_1_48_1_1_23_1_173", "X_2_1_1_1_1_1_12_1_1_24_1_173", "X_2_1_1_1_1_1_49_1_1_25_1_173", "X_2_1_1_1_1_1_13_1_1_26_1_173", "X_2_1_1_1_1_1_50_1_1_27_1_173", "X_2_1_1_1_1_1_14_1_1_28_1_173", "X_2_1_1_1_1_1_51_1_1_29_1_173", "X_2_1_1_1_1_1_15_1_1_30_1_173", "X_2_1_1_1_1_1_52_1_1_31_1_173", "X_2_1_1_1_1_1_16_1_1_32_1_173", "X_2_1_1_1_1_1_53_1_1_33_1_173", "X_2_1_1_1_1_1_17_1_1_34_1_173", "X_2_1_1_1_1_1_54_1_1_35_1_173", "X_2_1_1_1_1_1_18_1_1_36_1_173", "X_2_1_1_1_1_1_55_1_1_37_1_173", "X_2_1_1_1_1_1_19_1_1_38_1_173", "X_2_1_1_1_1_1_56_1_1_39_1_173", "X_2_1_1_1_1_1_20_1_1_40_1_173", "X_2_1_1_1_1_1_57_1_1_41_1_173", "X_2_1_1_1_1_1_21_1_1_42_1_173", "X_2_1_1_1_1_1_58_1_1_43_1_173", "X_2_1_1_1_1_1_22_1_1_44_1_173", "X_2_1_1_1_1_1_59_1_1_45_1_173", "X_2_1_1_1_1_1_23_1_1_46_1_173", "X_2_1_1_1_1_1_60_1_1_47_1_173", "X_2_1_1_1_1_1_24_1_1_48_1_173", "X_2_1_1_1_1_1_61_1_1_49_1_173", "X_2_1_1_1_1_1_25_1_1_50_1_173", "X_2_1_1_1_1_1_62_1_1_51_1_173", "X_2_1_1_1_1_1_26_1_1_52_1_173", "X_2_1_1_1_1_1_63_1_1_53_1_173", "X_2_1_1_1_1_1_27_1_1_54_1_173", "X_2_1_1_1_1_1_64_1_1_55_1_173", "X_2_1_1_1_1_1_28_1_1_56_1_173", "X_2_1_1_1_1_1_65_1_1_57_1_173", "X_2_1_1_1_1_1_29_1_1_58_1_173", "X_2_1_1_1_1_1_66_1_1_59_1_173", "X_2_1_1_1_1_1_30_1_1_60_1_173", "X_2_1_1_1_1_1_67_1_1_61_1_173", "X_2_1_1_1_1_1_31_1_1_62_1_173", "X_2_1_1_1_1_1_68_1_1_63_1_173", "X_2_1_1_1_1_1_32_1_1_64_1_173", "X_2_1_1_1_1_1_69_1_1_65_1_173", "X_2_1_1_1_1_1_33_1_1_66_1_173", "X_2_1_1_1_1_1_70_1_1_67_1_173", "X_2_1_1_1_1_1_34_1_1_68_1_173", "X_2_1_1_1_1_1_71_1_1_69_1_173", "X_2_1_1_1_1_1_35_1_1_70_1_173", "X_2_1_1_1_1_1_72_1_1_71_1_173", "X_2_1_1_1_1_1_36_1_1_72_1_173"], "CsaImage.ProtocolSliceNumber": [0, 1, 2, 3, 4, 5, 6, 7, 8, 9, 10, 11, 12, 13, 14, 15, 16, 17, 18, 19, 20, 21, 22, 23, 24, 25, 26, 27, 28, 29, 30, 31, 32, 33, 34, 35, 36, 37, 38, 39, 40, 41, 42, 43, 44, 45, 46, 47, 48, 49, 50, 51, 52, 53, 54, 55, 56, 57, 58, 59, 60, 61, 62, 63, 64, 65, 66, 67, 68, 69, 70, 71], "CsaImage.RFSWDDataType": ["measured", "predicted", "measured", "predicted", "measured", "predicted", "measured", "predicted", "measured", "predicted", "measured", "predicted", "measured", "predicted", "measured", "predicted", "measured", "predicted", "measured", "predicted", "measured", "predicted", "measured", "predicted", "measured", "predicted", "measured", "predicted", "measured", "predicted", "measured", "predicted", "measured", "predicted", "measured", "predicted", "measured", "predicted", "measured", "predicted", "measured", "predicted", "measured", "predicted", "measured", "predicted", "measured", "predicted", "measured", "predicted", "measured", "predicted", "measured", "predicted", "measured", "predicted", "measured", "predicted", "measured", "predicted", "measured", "predicted", "measured", "predicted", "measured", "measured", "measured", "measured", "measured", "measured", "measured", "measured"], "CsaImage.SlicePosition_PCS": [[-99.7971613, -109.26874787, -53.45765413], [-99.7960519, -109.04582745, -51.47011674], [-99.79494251, -108.82290703, -49.48257936], [-99.79383312, -108.59998662, -47.49504198], [-99.79272372, -108.37706715, -45.50750459], [-99.79161433, -108.15414674, -43.51996721], [-99.79050494, -107.93122632, -41.53242982], [-99.78939555, -107.7083059, -39.54489244], [-99.78828616, -107.48538548, -37.55735506], [-99.78717677, -107.26246554, -35.56981767], [-99.78606738, -107.0395456, -33.58228029], [-99.78495798, -106.81662518, -31.5947429], [-99.78384859, -106.59370524, -29.60720552], [-99.78273919, -106.37078482, -27.61966432], [-99.78162979, -106.14786441, -25.63212694], [-99.7805204, -105.92494446, -23.64458955], [-99.77941101, -105.70202405, -21.65705217], [-99.77830162, -105.47910411, -19.66951669], [-99.77719223, -105.25618369, -17.68197931], [-99.77608284, -105.03326375, -15.69444192], [-99.77497345, -104.81034333, -13.70690454], [-99.77386405, -104.58742291, -11.71936525], [-99.77275466, -104.36450297, -9.73182786], [-99.77164527, -104.14158255, -7.74429048], [-99.77053588, -103.91866261, -5.7567531], [-99.76942647, -103.69574219, -3.76921571], [-99.76831708, -103.47282178, -1.78167833], [-99.76720769, -103.24990184, 0.20585906], [-99.7660983, -103.02698166, 2.19339644], [-99.76498891, -102.80406124, 4.18093382], [-99.76387952, -102.58114106, 6.16847121], [-99.76277012, -102.35822088, 8.15600883], [-99.76166073, -102.1353007, 10.14354645], [-99.76055134, -101.91238052, 12.13108396], [-99.75944195, -101.68946034, 14.11862146], [-99.75833256, -101.46653992, 16.10615908], [-99.75722317, -101.24361974, 18.09369647], [-99.75611376, -101.02069956, 20.08123385], [-99.75500437, -100.79777939, 22.06877123], [-99.75389498, -100.57485909, 24.05630862], [-99.75278559, -100.35193891, 26.04384696], [-99.7516762, -100.12901873, 28.03138434], [-99.7505668, -99.90609849, 30.01892172], [-99.74945741, -99.68317825, 32.00645911], [-99.74834802, -99.46025804, 33.99399649], [-99.74723863, -99.23733782, 35.98153388], [-99.74612924, -99.01441759, 37.96907126], [-99.74501985, -98.79149741, 39.95660864], [-99.74391046, -98.56857717, 41.94414603], [-99.74280106, -98.34565694, 43.93168532], [-99.74169167, -98.12273676, 45.9192227], [-99.74058228, -97.89981646, 47.90676009], [-99.73947289, -97.67689628, 49.89429747], [-99.7383635, -97.4539761, 51.88183486], [-99.73725411, -97.2310558, 53.86937224], [-99.73614469, -97.00813562, 55.85690962], [-99.73503529, -96.78521544, 57.84444701], [-99.7339259, -96.56229526, 59.83198439], [-99.73281651, -96.33937508, 61.81952178], [-99.73170712, -96.11645467, 63.80705916], [-99.73059773, -95.89353449, 65.79459654], [-99.72948834, -95.67061431, 67.78213393], [-99.72837895, -95.44769413, 69.76967131], [-99.72726955, -95.22477395, 71.7572087], [-99.72616016, -95.00185353, 73.74474608], [-99.72505077, -94.77893359, 75.73228728], [-99.72394138, -94.55601317, 77.71982085], [-99.72283199, -94.33309323, 79.70736205], [-99.7217226, -94.11017281, 81.69489562], [-99.72061321, -93.88725239, 83.68243681], [-99.71950381, -93.66433245, 85.66997038], [-99.71839442, -93.44141204, 87.65751158]], "CsaImage.TimeAfterStart": [1.0825, 0.7225, 1.0925, 0.7325, 1.1025, 0.7425, 1.1125, 0.7525, 1.1225, 0.7625, 1.1325, 0.7725, 1.1425, 0.7825, 1.1525, 0.7925, 1.1625, 0.8025, 1.1725, 0.8125, 1.1825, 0.8225, 1.1925, 0.8325, 1.2025, 0.8425, 1.2125, 0.8525, 1.2225, 0.8625, 1.2325, 0.8725, 1.2425, 0.8825, 1.2525, 0.8925, 1.2625, 0.9025, 1.2725, 0.9125, 1.2825, 0.9225, 1.2925, 0.9325, 1.3025, 0.9425, 1.3125, 0.9525, 1.3225, 0.9625, 1.3325, 0.9725, 1.3425, 0.9825, 1.3525, 0.9925, 1.3625, 1.0025, 1.3725, 1.0125, 1.3825, 1.0225, 1.3925, 1.0325, 1.4025, 1.0425, 1.4125, 1.0525, 1.4225, 1.0625, 1.4325, 1.0725], "ImagePositionPatient": [[-99.797161304642, -109.26874787029, -53.457654128052], [-99.79605189829, -109.0458274525, -51.470116744019], [-99.794942506839, -108.82290703472, -49.482579359986], [-99.793833115389, -108.59998661693, -47.495041975952], [-99.792723723938, -108.37706715282, -45.507504591919], [-99.791614332487, -108.15414673503, -43.519967207886], [-99.790504941036, -107.93122631725, -41.532429823853], [-99.789395549585, -107.70830589946, -39.54489243982], [-99.788286158134, -107.48538548168, -37.557355055786], [-99.787176766683, -107.26246554073, -35.569817671753], [-99.786067375232, -107.03954559978, -33.58228028772], [-99.784957983781, -106.81662518199, -31.594742903687], [-99.783848592331, -106.59370524104, -29.607205519654], [-99.782739185979, -106.37078482326, -27.619664320923], [-99.781629794528, -106.14786440547, -25.63212693689], [-99.780520403077, -105.92494446452, -23.644589552857], [-99.779411011626, -105.70202404674, -21.657052168823], [-99.778301620175, -105.47910410579, -19.669516692139], [-99.777192228724, -105.256183688, -17.681979308106], [-99.776082837273, -105.03326374706, -15.694441924073], [-99.774973445822, -104.81034332927, -13.706904540039], [-99.773864054371, -104.58742291149, -11.719365248657], [-99.772754662921, -104.36450297054, -9.7318278646243], [-99.77164527147, -104.14158255275, -7.7442904805911], [-99.770535880019, -103.9186626118, -5.7567530965579], [-99.769426473667, -103.69574219402, -3.7692157125247], [-99.768317082216, -103.47282177623, -1.7816783284915], [-99.767207690765, -103.24990183528, 0.20585905554174], [-99.766098299314, -103.02698165592, 2.1933964395749], [-99.764988907863, -102.80406123813, 4.1809338236082], [-99.763879516412, -102.58114105876, 6.1684712076414], [-99.762770124962, -102.3582208794, 8.1560088300931], [-99.761660733511, -102.13530070003, 10.143546452545], [-99.76055134206, -101.91238052066, 12.131083955787], [-99.759441950609, -101.68946034129, 14.11862145903], [-99.758332559158, -101.46653992351, 16.106159081482], [-99.757223167707, -101.24361974414, 18.093696465515], [-99.756113761355, -101.02069956477, 20.081233849548], [-99.755004369904, -100.79777938541, 22.068771233581], [-99.753894978453, -100.57485908683, 24.056308617614], [-99.752785587002, -100.35193890746, 26.043846955322], [-99.751676195552, -100.1290187281, 28.031384339355], [-99.750566804101, -99.906098489126, 30.018921723388], [-99.74945741265, -99.683178250154, 32.006459107422], [-99.748348021199, -99.460258040985, 33.993996491455], [-99.747238629748, -99.237337816914, 35.981533875488], [-99.746129238297, -99.014417592843, 37.969071259521], [-99.745019846846, -98.791497413476, 39.956608643554], [-99.743910455395, -98.568577174505, 41.944146027588], [-99.742801063944, -98.345656935533, 43.931685318969], [-99.741691672494, -98.122736756166, 45.919222703003], [-99.740582281043, -97.89981645759, 47.906760087036], [-99.739472889592, -97.676896278222, 49.894297471069], [-99.738363498141, -97.453976098855, 51.881834855102], [-99.73725410669, -97.231055800279, 53.869372239135], [-99.736144685437, -97.008135620912, 55.856909623169], [-99.735035293986, -96.785215441545, 57.844447007202], [-99.733925902535, -96.562295262178, 59.831984391235], [-99.732816511084, -96.339375082811, 61.819521775268], [-99.731707119633, -96.116454665025, 63.807059159302], [-99.730597728182, -95.893534485658, 65.794596543335], [-99.729488336732, -95.670614306291, 67.782133927368], [-99.728378945281, -95.447694126924, 69.769671311401], [-99.72726955383, -95.224773947557, 71.757208695434], [-99.726160162379, -95.001853529771, 73.744746079468], [-99.725050770928, -94.778933588823, 75.732287278198], [-99.723941379477, -94.556013171037, 77.719820847534], [-99.722831988026, -94.333093230089, 79.707362046264], [-99.721722596575, -94.110172812303, 81.6948956156], [-99.720613205125, -93.887252394517, 83.682436814331], [-99.719503813674, -93.664332453569, 85.669970383667], [-99.718394422223, -93.441412035783, 87.657511582397]], "InstanceCreationTime": ["155218.895000", "155218.826000", "155218.897000", "155218.828000", "155218.898000", "155218.830000", "155218.900000", "155218.832000", "155218.902000", "155218.834000", "155218.904000", "155218.836000", "155218.906000", "155218.838000", "155218.908000", "155218.840000", "155218.910000", "155218.842000", "155218.912000", "155218.844000", "155218.914000", "155218.846000", "155218.915000", "155218.848000", "155218.917000", "155218.850000", "155218.919000", "155218.851000", "155218.921000", "155218.853000", "155218.923000", "155218.855000", "155218.925000", "155218.857000", "155218.927000", "155218.859000", "155218.929000", "155218.861000", "155218.931000", "155218.863000", "155218.933000", "155218.865000", "155218.935000", "155218.866000", "155218.936000", "155218.868000", "155218.938000", "155218.870000", "155218.940000", "155218.872000", "155218.942000", "155218.874000", "155218.944000", "155218.876000", "155218.946000", "155218.878000", "155218.948000", "155218.880000", "155218.950000", "155218.882000", "155218.952000", "155218.884000", "155218.953000", "155218.885000", "155218.955000", "155218.887000", "155218.957000", "155218.889000", "155218.959000", "155218.891000", "155218.961000", "155218.893000"], "InstanceNumber": [1, 2, 3, 4, 5, 6, 7, 8, 9, 10, 11, 12, 13, 14, 15, 16, 17, 18, 19, 20, 21, 22, 23, 24, 25, 26, 27, 28, 29, 30, 31, 32, 33, 34, 35, 36, 37, 38, 39, 40, 41, 42, 43, 44, 45, 46, 47, 48, 49, 50, 51, 52, 53, 54, 55, 56, 57, 58, 59, 60, 61, 62, 63, 64, 65, 66, 67, 68, 69, 70, 71, 72], "LargestImagePixelValue": [4093, 4095, 4094, 4094, 4095, 4094, 4093, 4094, 4094, 4095, 4094, 4091, 4094, 4094, 4094, 4088, 4094, 4094, 4094, 4095, 4094, 4095, 4092, 4094, 4094, 4091, 4094, 4089, 4093, 4093, 4093, 4094, 4094, 4091, 4094, 4094, 4093, 4095, 4090, 4094, 4091, 4087, 4084, 4092, 4093, 4092, 4093, 4095, 4090, 4095, 4093, 4088, 4093, 4089, 4095, 4092, 4093, 4095, 4094, 4094, 4095, 4093, 4094, 4095, 4094, 4094, 4094, 4094, 4091, 4094, 4094, 4095], "SliceLocation": [-65.359009845421, -63.359009946326, -61.35901004724, -59.359010148154, -57.359010355365, -55.359010456278, -53.359010557192, -51.359010658106, -49.35901075902, -47.359010913082, -45.359011067144, -43.359011168058, -41.35901132212, -39.359007632099, -37.359007733013, -35.359007887075, -33.359007987989, -31.359010037514, -29.359010138428, -27.35901029249, -25.359010393404, -23.359008598855, -21.359008752917, -19.359008853831, -17.359009007893, -15.359009108798, -13.359009209712, -11.359009363774, -9.3590094912624, -7.3590095921763, -5.3590097196643, -3.3590096102194, -1.3590095007744, 0.64099049020403, 2.6409904811825, 4.6409906172016, 6.6409904897136, 8.6409903622338, 10.640990234746, 12.640990120545, 14.640990940789, 16.640990813301, 18.640990692456, 20.640990571612, 22.640990447445, 24.64099032494, 26.640990202435, 28.640990074947, 30.640989954102, 32.640991728721, 34.640991601233, 36.640991487032, 38.640991359544, 40.640991232056, 42.640991117855, 44.640990990384, 46.640990862896, 48.640990735408, 50.64099060792, 52.640990507006, 54.640990379518, 56.64099025203, 58.640990124542, 60.640989997054, 62.64098989614, 64.640993533005, 66.640989641164, 68.640993278029, 70.640989386188, 72.640993076201, 74.640989131212, 76.640992821225], "SmallestImagePixelValue": [0, 3, 4, 0, 0, 0, 0, 0, 0, 0, 0, 0, 1, 1, 0, 2, 0, 0, 0, 2, 0, 2, 2, 0, 0, 1, 5, 0, 1, 1, 0, 5, 0, 0, 0, 1, 0, 1, 4, 0, 0, 0, 1, 0, 0, 0, 2, 1, 0, 5, 0, 1, 0, 0, 1, 1, 2, 6, 0, 2, 0, 0, 1, 0, 0, 0, 0, 0, 0, 1, 0, 0], "WindowCenter": [-244.0, -238.0, -244.0, -220.0, -182.0, -192.0, -200.0, -174.0, -202.0, -188.0, -208.0, -188.0, -164.0, -138.0, -154.0, -134.0, -114.0, -118.0, -184.0, -234.0, -218.0, -202.0, -168.0, -190.0, -210.0, -252.0, -254.0, -266.0, -228.0, -220.0, -194.0, -254.0, -246.0, -232.0, -200.0, -188.0, -172.0, -168.0, -158.0, -136.0, -156.0, -140.0, -256.0, -246.0, -240.0, -226.0, -230.0, -220.0, -204.0, -222.0, -218.0, -216.0, -230.0, -218.0, -224.0, -238.0, -198.0, -202.0, -168.0, -176.0, -82.0, -62.0, -32.0, -140.0, -148.0, -188.0, -198.0, -234.0, -308.0, -302.0, -282.0, -262.0], "WindowWidth": [6228.0, 6306.0, 6326.0, 6376.0, 6402.0, 6346.0, 6272.0, 6254.0, 6178.0, 6198.0, 6166.0, 6174.0, 6168.0, 6220.0, 6212.0, 6178.0, 6142.0, 6096.0, 6076.0, 5994.0, 5924.0, 5866.0, 5832.0, 5746.0, 5686.0, 5566.0, 5606.0, 5496.0, 5506.0, 5568.0, 5560.0, 5414.0, 5356.0, 5282.0, 5356.0, 5272.0, 5322.0, 5286.0, 5302.0, 5324.0, 5212.0, 5208.0, 4616.0, 4608.0, 4612.0, 4596.0, 4604.0, 4592.0, 4594.0, 4602.0, 4604.0, 4598.0, 4624.0, 4614.0, 4640.0, 4654.0, 4662.0, 4670.0, 4678.0, 4698.0, 5208.0, 5482.0, 5644.0, 5604.0, 5790.0, 5838.0, 5860.0, 5994.0, 6006.0, 6078.0, 6178.0, 6166.0]}}, "IntendedFor": ["ses-imagenet02/func/sub-02_ses-imagenet02_task-imagenet_run-04_bold.nii.gz", "ses-imagenet02/func/sub-02_ses-imagenet02_task-imagenet_run-09_bold.nii.gz", "ses-imagenet02/func/sub-02_ses-imagenet02_task-imagenet_run-06_bold.nii.gz", "ses-imagenet02/func/sub-02_ses-imagenet02_task-imagenet_run-10_bold.nii.gz", "ses-imagenet02/func/sub-02_ses-imagenet02_task-imagenet_run-02_bold.nii.gz", "ses-imagenet02/func/sub-02_ses-imagenet02_task-imagenet_run-01_bold.nii.gz", "ses-imagenet02/func/sub-02_ses-imagenet02_task-imagenet_run-03_bold.nii.gz", "ses-imagenet02/func/sub-02_ses-imagenet02_task-imagenet_run-05_bold.nii.gz", "ses-imagenet02/func/sub-02_ses-imagenet02_task-imagenet_run-07_bold.nii.gz", "ses-imagenet02/func/sub-02_ses-imagenet02_task-imagenet_run-08_bold.nii.gz"]}