{"AcquisitionMatrixPE": 100, "AcquisitionNumber": 1, "AcquisitionTime": "16:06:46.922500", "BaseResolution": 100, "BodyPartExamined": "BRAIN", "ConsistencyInfo": "N4_VE11C_LATEST_20160120", "ConversionSoftware": "dcm2niix", "ConversionSoftwareVersion": "v1.0.20180622 GCC4.9.2", "DeviceSerialNumber": "166078", "DwellTime": 8.8e-06, "EchoNumber": 2, "EchoTime": 0.00738, "EchoTime1": 0.00492, "EchoTime2": 0.00738, "FlipAngle": 60, "ImageOrientationPatientDICOM": [1, 4.721e-12, -1.3e-12, -4.897e-12, 0.964095, -0.265556], "ImageType": ["ORIGINAL", "PRIMARY", "P", "ND"], "InPlanePhaseEncodingDirectionDICOM": "ROW", "InstitutionAddress": "Street_StreetNo_Bei_Jing_District_CN_ZIP", "InstitutionName": "BeiJing_Normal_University", "InstitutionalDepartmentName": "Department", "MRAcquisitionType": "2D", "MagneticFieldStrength": 3, "Manufacturer": "Siemens", "ManufacturersModelName": "Prisma", "Modality": "MR", "PartialFourier": 1, "PatientPosition": "HFS", "PercentPhaseFOV": 100, "PhaseEncodingDirection": "i", "PhaseEncodingSteps": 100, "PhaseResolution": 1, "PixelBandwidth": 570, "ProcedureStepDescription": "BNU_P2018_64CH_Zhen.ZongLei", "ProtocolName": "field_mapping_2x2x2", "PulseSequenceDetails": "%SiemensSeq%_gre_field_mapping", "ReceiveCoilActiveElements": "HC1-7;NC1", "ReceiveCoilName": "HeadNeck_64", "ReconMatrixPE": 100, "RepetitionTime": 0.72, "SAR": 0.105995, "ScanningSequence": "GR", "SequenceName": "_fm2d2r", "SequenceVariant": "SP", "SeriesDescription": "field_mapping_2x2x2", "SeriesNumber": 10, "ShimSetting": [-5459, -11476, -1279, 418, -9, -332, -271, 50], "SliceThickness": 2, "SoftwareVersions": "syngo_MR_E11", "SpacingBetweenSlices": 2, "StationName": "AWP166078", "TxRefAmp": 209.31, "dcmmeta_affine": [[-2.0, -9.79399981254625e-12, 0.0, 102.02409362792969], [-9.442000133141892e-12, 1.92819082736969, -0.5311107635498047, -76.74986267089844], [-2.6000000763470865e-12, 0.5311122536659241, 1.928192138671875, -98.02235412597656], [0.0, 0.0, 0.0, 1.0]], "dcmmeta_reorient_transform": [[0.0, -1.0, 0.0, 99.0], [1.0, 0.0, 0.0, 0.0], [0.0, 0.0, -1.0, 71.0], [0.0, 0.0, 0.0, 1.0]], "dcmmeta_shape": [100, 100, 72], "dcmmeta_slice_dim": 2, "dcmmeta_version": 0.6, "global": {"const": {"AcquisitionMatrix": [0, 100, 100, 0], "AcquisitionNumber": 1, "AngioFlag": "N", "BitsAllocated": 16, "BitsStored": 12, "BodyPartExamined": "BRAIN", "Columns": 100, "EchoNumbers": 2, "EchoTime": 7.38, "EchoTrainLength": 0, "FlipAngle": 60.0, "HighBit": 11, "ImageOrientationPatient": [1.0, 4.721e-12, -1.3e-12, -4.897e-12, 0.96409540102014, -0.2655561291551], "ImageType": ["ORIGINAL", "PRIMARY", "P", "ND"], "ImagedNucleus": "1H", "ImagingFrequency": 123.25779, "InPlanePhaseEncodingDirection": "ROW", "MRAcquisitionType": "2D", "MagneticFieldStrength": 3.0, "Manufacturer": "SIEMENS", "ManufacturerModelName": "Prisma", "Modality": "MR", "NumberOfAverages": 1.0, "NumberOfPhaseEncodingSteps": 100, "PercentPhaseFieldOfView": 100.0, "PercentSampling": 100.0, "PerformedProcedureStepStartTime": "152922.304000", "PhotometricInterpretation": "MONOCHROME2", "PixelBandwidth": 570.0, "PixelRepresentation": 0, "PixelSpacing": [2.0, 2.0], "ProtocolName": "field_mapping_2x2x2", "RepetitionTime": 720.0, "RescaleIntercept": -4096.0, "RescaleSlope": 2.0, "RescaleType": "US", "Rows": 100, "SAR": 0.10599534848092, "SamplesPerPixel": 1, "ScanningSequence": "GR", "SequenceName": "*fm2d2r", "SequenceVariant": "SP", "SeriesDescription": "field_mapping_2x2x2", "SeriesNumber": 10, "SeriesTime": "160911.511000", "SliceThickness": 2.0, "SoftwareVersions": "syngo MR E11", "SpacingBetweenSlices": 2.0, "SpecificCharacterSet": "ISO_IR 100", "StudyID": "1", "StudyTime": "152922.223000", "TransmitCoilName": "Body", "VariableFlipAngleFlag": "N", "WindowCenterWidthExplanation": "Algo1", "dBdt": 0.0}, "slices": {"AcquisitionTime": ["160646.922500", "160646.562500", "160646.932500", "160646.572500", "160646.942500", "160646.582500", "160646.952500", "160646.592500", "160646.962500", "160646.602500", "160646.972500", "160646.612500", "160646.982500", "160646.622500", "160646.992500", "160646.632500", "160647.002500", "160646.642500", "160647.012500", "160646.652500", "160647.022500", "160646.662500", "160647.032500", "160646.672500", "160647.042500", "160646.682500", "160647.052500", "160646.692500", "160647.062500", "160646.702500", "160647.072500", "160646.712500", "160647.082500", "160646.722500", "160647.092500", "160646.732500", "160647.102500", "160646.742500", "160647.112500", "160646.752500", "160647.122500", "160646.762500", "160647.132500", "160646.772500", "160647.142500", "160646.782500", "160647.152500", "160646.792500", "160647.162500", "160646.802500", "160647.172500", "160646.812500", "160647.182500", "160646.822500", "160647.192500", "160646.832500", "160647.202500", "160646.842500", "160647.212500", "160646.852500", "160647.222500", "160646.862500", "160647.232500", "160646.872500", "160647.242500", "160646.882500", "160647.252500", "160646.892500", "160647.262500", "160646.902500", "160647.272500", "160646.912500"], "ContentTime": ["160911.580000", "160911.513000", "160911.582000", "160911.515000", "160911.584000", "160911.517000", "160911.586000", "160911.519000", "160911.588000", "160911.521000", "160911.590000", "160911.523000", "160911.591000", "160911.525000", "160911.593000", "160911.527000", "160911.595000", "160911.528000", "160911.597000", "160911.530000", "160911.599000", "160911.532000", "160911.601000", "160911.534000", "160911.602000", "160911.536000", "160911.604000", "160911.538000", "160911.606000", "160911.540000", "160911.608000", "160911.542000", "160911.610000", "160911.543000", "160911.612000", "160911.545000", "160911.614000", "160911.547000", "160911.615000", "160911.549000", "160911.617000", "160911.551000", "160911.619000", "160911.553000", "160911.621000", "160911.554000", "160911.623000", "160911.556000", "160911.625000", "160911.558000", "160911.626000", "160911.560000", "160911.628000", "160911.562000", "160911.630000", "160911.564000", "160911.632000", "160911.566000", "160911.634000", "160911.567000", "160911.636000", "160911.569000", "160911.637000", "160911.571000", "160911.639000", "160911.573000", "160911.641000", "160911.575000", "160911.643000", "160911.577000", "160911.645000", "160911.578000"], "CsaImage.GSWDDataType": ["predicted", "predicted", "measured", "predicted", "measured", "predicted", "measured", "predicted", "measured", "predicted", "measured", "predicted", "measured", "predicted", "measured", "predicted", "measured", "predicted", "measured", "predicted", "measured", "predicted", "measured", "predicted", "measured", "predicted", "measured", "predicted", "measured", "predicted", "measured", "predicted", "measured", "predicted", "measured", "predicted", "measured", "predicted", "measured", "predicted", "measured", "predicted", "measured", "predicted", "measured", "predicted", "measured", "predicted", "measured", "predicted", "measured", "predicted", "measured", "predicted", "measured", "predicted", "measured", "predicted", "measured", "predicted", "measured", "predicted", "measured", "predicted", "measured", "predicted", "measured", "predicted", "measured", "predicted", "measured", "predicted"], "CsaImage.ICE_Dims": ["X_2_1_1_1_1_1_37_1_1_1_1_194", "X_2_1_1_1_1_1_1_1_1_2_1_194", "X_2_1_1_1_1_1_38_1_1_3_1_194", "X_2_1_1_1_1_1_2_1_1_4_1_194", "X_2_1_1_1_1_1_39_1_1_5_1_194", "X_2_1_1_1_1_1_3_1_1_6_1_194", "X_2_1_1_1_1_1_40_1_1_7_1_194", "X_2_1_1_1_1_1_4_1_1_8_1_194", "X_2_1_1_1_1_1_41_1_1_9_1_194", "X_2_1_1_1_1_1_5_1_1_10_1_194", "X_2_1_1_1_1_1_42_1_1_11_1_194", "X_2_1_1_1_1_1_6_1_1_12_1_194", "X_2_1_1_1_1_1_43_1_1_13_1_194", "X_2_1_1_1_1_1_7_1_1_14_1_194", "X_2_1_1_1_1_1_44_1_1_15_1_194", "X_2_1_1_1_1_1_8_1_1_16_1_194", "X_2_1_1_1_1_1_45_1_1_17_1_194", "X_2_1_1_1_1_1_9_1_1_18_1_194", "X_2_1_1_1_1_1_46_1_1_19_1_194", "X_2_1_1_1_1_1_10_1_1_20_1_194", "X_2_1_1_1_1_1_47_1_1_21_1_194", "X_2_1_1_1_1_1_11_1_1_22_1_194", "X_2_1_1_1_1_1_48_1_1_23_1_194", "X_2_1_1_1_1_1_12_1_1_24_1_194", "X_2_1_1_1_1_1_49_1_1_25_1_194", "X_2_1_1_1_1_1_13_1_1_26_1_194", "X_2_1_1_1_1_1_50_1_1_27_1_194", "X_2_1_1_1_1_1_14_1_1_28_1_194", "X_2_1_1_1_1_1_51_1_1_29_1_194", "X_2_1_1_1_1_1_15_1_1_30_1_194", "X_2_1_1_1_1_1_52_1_1_31_1_194", "X_2_1_1_1_1_1_16_1_1_32_1_194", "X_2_1_1_1_1_1_53_1_1_33_1_194", "X_2_1_1_1_1_1_17_1_1_34_1_194", "X_2_1_1_1_1_1_54_1_1_35_1_194", "X_2_1_1_1_1_1_18_1_1_36_1_194", "X_2_1_1_1_1_1_55_1_1_37_1_194", "X_2_1_1_1_1_1_19_1_1_38_1_194", "X_2_1_1_1_1_1_56_1_1_39_1_194", "X_2_1_1_1_1_1_20_1_1_40_1_194", "X_2_1_1_1_1_1_57_1_1_41_1_194", "X_2_1_1_1_1_1_21_1_1_42_1_194", "X_2_1_1_1_1_1_58_1_1_43_1_194", "X_2_1_1_1_1_1_22_1_1_44_1_194", "X_2_1_1_1_1_1_59_1_1_45_1_194", "X_2_1_1_1_1_1_23_1_1_46_1_194", "X_2_1_1_1_1_1_60_1_1_47_1_194", "X_2_1_1_1_1_1_24_1_1_48_1_194", "X_2_1_1_1_1_1_61_1_1_49_1_194", "X_2_1_1_1_1_1_25_1_1_50_1_194", "X_2_1_1_1_1_1_62_1_1_51_1_194", "X_2_1_1_1_1_1_26_1_1_52_1_194", "X_2_1_1_1_1_1_63_1_1_53_1_194", "X_2_1_1_1_1_1_27_1_1_54_1_194", "X_2_1_1_1_1_1_64_1_1_55_1_194", "X_2_1_1_1_1_1_28_1_1_56_1_194", "X_2_1_1_1_1_1_65_1_1_57_1_194", "X_2_1_1_1_1_1_29_1_1_58_1_194", "X_2_1_1_1_1_1_66_1_1_59_1_194", "X_2_1_1_1_1_1_30_1_1_60_1_194", "X_2_1_1_1_1_1_67_1_1_61_1_194", "X_2_1_1_1_1_1_31_1_1_62_1_194", "X_2_1_1_1_1_1_68_1_1_63_1_194", "X_2_1_1_1_1_1_32_1_1_64_1_194", "X_2_1_1_1_1_1_69_1_1_65_1_194", "X_2_1_1_1_1_1_33_1_1_66_1_194", "X_2_1_1_1_1_1_70_1_1_67_1_194", "X_2_1_1_1_1_1_34_1_1_68_1_194", "X_2_1_1_1_1_1_71_1_1_69_1_194", "X_2_1_1_1_1_1_35_1_1_70_1_194", "X_2_1_1_1_1_1_72_1_1_71_1_194", "X_2_1_1_1_1_1_36_1_1_72_1_194"], "CsaImage.ProtocolSliceNumber": [0, 1, 2, 3, 4, 5, 6, 7, 8, 9, 10, 11, 12, 13, 14, 15, 16, 17, 18, 19, 20, 21, 22, 23, 24, 25, 26, 27, 28, 29, 30, 31, 32, 33, 34, 35, 36, 37, 38, 39, 40, 41, 42, 43, 44, 45, 46, 47, 48, 49, 50, 51, 52, 53, 54, 55, 56, 57, 58, 59, 60, 61, 62, 63, 64, 65, 66, 67, 68, 69, 70, 71], "CsaImage.RFSWDDataType": ["measured", "predicted", "measured", "predicted", "measured", "predicted", "measured", "predicted", "measured", "predicted", "measured", "predicted", "measured", "predicted", "measured", "predicted", "measured", "predicted", "measured", "predicted", "measured", "predicted", "measured", "predicted", "measured", "predicted", "measured", "predicted", "measured", "predicted", "measured", "predicted", "measured", "predicted", "measured", "predicted", "measured", "predicted", "measured", "predicted", "measured", "predicted", "measured", "predicted", "measured", "predicted", "measured", "predicted", "measured", "predicted", "measured", "predicted", "measured", "predicted", "measured", "predicted", "measured", "predicted", "measured", "predicted", "measured", "predicted", "measured", "predicted", "measured", "predicted", "measured", "predicted", "measured", "predicted", "measured", "measured"], "CsaImage.SlicePosition_PCS": [[-102.02409649, -114.14113228, -45.44215167], [-102.02409649, -113.61002152, -43.51395953], [-102.02409649, -113.07890885, -41.58576739], [-102.02409649, -112.54779618, -39.65757526], [-102.02409649, -112.0166835, -37.72938312], [-102.02409649, -111.48557179, -35.80119479], [-102.02409649, -110.95445912, -33.87300265], [-102.02409649, -110.4233474, -31.94481433], [-102.02409649, -109.89223473, -30.01662219], [-102.02409649, -109.36112301, -28.08843005], [-102.02409649, -108.83001034, -26.16024173], [-102.02409649, -108.29889862, -24.23204959], [-102.02409649, -107.76778595, -22.30385745], [-102.02409649, -107.23667423, -20.37566913], [-102.02409649, -106.70556156, -18.44747699], [-102.02409649, -106.17444889, -16.51928485], [-102.02409649, -105.64333718, -14.59109653], [-102.02409649, -105.1122245, -12.66290439], [-102.02409649, -104.58111279, -10.73471606], [-102.02409649, -104.05000059, -8.80652393], [-102.02409649, -103.5188884, -6.87833179], [-102.02409649, -102.98777573, -4.95014156], [-102.02409649, -102.45666353, -3.02195132], [-102.02409649, -101.92555134, -1.09376109], [-102.02409649, -101.39443915, 0.83443105], [-102.02409649, -100.86332695, 2.76262128], [-102.02409649, -100.33221476, 4.69081151], [-102.02409649, -99.80110256, 6.61900365], [-102.02409649, -99.26999037, 8.54719388], [-102.02409649, -98.73887818, 10.47538411], [-102.02409649, -98.20776586, 12.4035753], [-102.02409649, -97.67665355, 14.33176648], [-102.02409649, -97.14554136, 16.25995671], [-102.02409649, -96.61442912, 18.1881479], [-102.02409649, -96.08331688, 20.1163386], [-102.02409649, -95.55220465, 22.04452979], [-102.02409649, -95.02109246, 23.97272026], [-102.02409649, -94.48998015, 25.90091121], [-102.02409649, -93.95886795, 27.82910203], [-102.02409649, -93.42775576, 29.75729286], [-102.02409649, -92.89664356, 31.68548381], [-102.02409649, -92.36553137, 33.61367452], [-102.02409649, -91.83441918, 35.54186475], [-102.02409649, -91.30330698, 37.47005593], [-102.02409649, -90.77219431, 39.39824712], [-102.02409649, -90.24108212, 41.32643735], [-102.02409649, -89.70996992, 43.25462758], [-102.02409649, -89.17885773, 45.18281972], [-102.02409649, -88.64774554, 47.11100995], [-102.02409649, -88.11663334, 49.03920018], [-102.02409649, -87.58552067, 50.96739232], [-102.02409649, -87.05440895, 52.89558255], [-102.02409649, -86.52329628, 54.82377278], [-102.02409649, -85.99218457, 56.75196492], [-102.02409649, -85.46107189, 58.68015515], [-102.02409649, -84.92996018, 60.60834729], [-102.02409649, -84.39884751, 62.53653561], [-102.02409649, -83.86773579, 64.46472775], [-102.02409649, -83.33662312, 66.39291989], [-102.02409649, -82.8055114, 68.32110822], [-102.02409649, -82.27439873, 70.24930035], [-102.02409649, -81.74328701, 72.17748868], [-102.02409649, -81.21217434, 74.10568082], [-102.02409649, -80.68106167, 76.03387296], [-102.02409649, -80.14994995, 77.96206128], [-102.02409649, -79.61883728, 79.89025342], [-102.02409649, -79.08772461, 81.81844556], [-102.02409649, -78.55661385, 83.74663388], [-102.02409649, -78.02550118, 85.67482602], [-102.02409649, -77.49438851, 87.60301816], [-102.02409649, -76.96327584, 89.53120648], [-102.02409649, -76.43216507, 91.45939862]], "CsaImage.TimeAfterStart": [1.0825, 0.7225, 1.0925, 0.7325, 1.1025, 0.7425, 1.1125, 0.7525, 1.1225, 0.7625, 1.1325, 0.7725, 1.1425, 0.7825, 1.1525, 0.7925, 1.1625, 0.8025, 1.1725, 0.8125, 1.1825, 0.8225, 1.1925, 0.8325, 1.2025, 0.8425, 1.2125, 0.8525, 1.2225, 0.8625, 1.2325, 0.8725, 1.2425, 0.8825, 1.2525, 0.8925, 1.2625, 0.9025, 1.2725, 0.9125, 1.2825, 0.9225, 1.2925, 0.9325, 1.3025, 0.9425, 1.3125, 0.9525, 1.3225, 0.9625, 1.3325, 0.9725, 1.3425, 0.9825, 1.3525, 0.9925, 1.3625, 1.0025, 1.3725, 1.0125, 1.3825, 1.0225, 1.3925, 1.0325, 1.4025, 1.0425, 1.4125, 1.0525, 1.4225, 1.0625, 1.4325, 1.0725], "ImagePositionPatient": [[-102.02409648846, -114.14113228083, -45.442151671767], [-102.02409648846, -113.61002151728, -43.513959533095], [-102.02409648846, -113.07890884638, -41.585767394424], [-102.02409648846, -112.54779617548, -39.657575255752], [-102.02409648846, -112.01668350459, -37.72938311708], [-102.02409648846, -111.48557178736, -35.801194793105], [-102.02409648846, -110.95445911646, -33.873002654433], [-102.02409648846, -110.42334739924, -31.944814330459], [-102.02409648846, -109.89223472834, -30.016622191787], [-102.02409648846, -109.36112301112, -28.088430053115], [-102.02409648846, -108.83001034022, -26.16024172914], [-102.02409648846, -108.29889862299, -24.232049590469], [-102.02409648846, -107.7677859521, -22.303857451797], [-102.02409648846, -107.23667423487, -20.375669127822], [-102.02409648846, -106.70556156397, -18.44747698915], [-102.02409648846, -106.17444889307, -16.519284850478], [-102.02409648846, -105.64333717585, -14.591096526504], [-102.02409648846, -105.11222450495, -12.662904387832], [-102.02409648846, -104.58111278773, -10.734716063857], [-102.02409648846, -104.05000059367, -8.8065239251853], [-102.02409648846, -103.51888839961, -6.8783317865134], [-102.02409648846, -102.98777572871, -4.9501415551902], [-102.02409648846, -102.45666353465, -3.021951323867], [-102.02409648846, -101.92555134058, -1.0937610925437], [-102.02409648846, -101.39443914652, 0.83443104612817], [-102.02409648846, -100.86332695246, 2.7626212774514], [-102.02409648846, -100.3322147584, 4.6908115087747], [-102.02409648846, -99.801102564339, 6.6190036474465], [-102.02409648846, -99.269990370278, 8.5471938787698], [-102.02409648846, -98.738878176217, 10.475384110093], [-102.02409648846, -98.207765862946, 12.403575295091], [-102.02409648846, -97.676653549675, 14.331766480088], [-102.02409648846, -97.145541355614, 16.259956711411], [-102.02409648846, -96.614429116849, 18.188147896409], [-102.02409648846, -96.083316878085, 20.116338604569], [-102.02409648846, -95.552204654221, 22.044529789567], [-102.02409648846, -95.02109246016, 23.972720259309], [-102.02409648846, -94.489980146889, 25.900911205888], [-102.02409648846, -93.958867952828, 27.829102033257], [-102.02409648846, -93.427755758767, 29.757292860627], [-102.02409648846, -92.896643564705, 31.685483807206], [-102.02409648846, -92.365531370644, 33.613674515366], [-102.02409648846, -91.834419176583, 35.54186474669], [-102.02409648846, -91.303306982522, 37.470055931687], [-102.02409648846, -90.772194311623, 39.398247116685], [-102.02409648846, -90.241082117562, 41.326437348008], [-102.02409648846, -89.709969923501, 43.254627579331], [-102.02409648846, -89.178857729439, 45.182819718003], [-102.02409648846, -88.647745535378, 47.111009949326], [-102.02409648846, -88.116633341317, 49.03920018065], [-102.02409648846, -87.585520670418, 50.967392319322], [-102.02409648846, -87.054408953194, 52.895582550645], [-102.02409648846, -86.523296282296, 54.823772781968], [-102.02409648846, -85.992184565072, 56.75196492064], [-102.02409648846, -85.461071894173, 58.680155151963], [-102.02409648846, -84.929960176949, 60.608347290635], [-102.02409648846, -84.398847506051, 62.53653561461], [-102.02409648846, -83.867735788826, 64.464727753281], [-102.02409648846, -83.336623117928, 66.392919891953], [-102.02409648846, -82.805511400704, 68.321108215928], [-102.02409648846, -82.274398729805, 70.2493003546], [-102.02409648846, -81.743287012581, 72.177488678574], [-102.02409648846, -81.212174341683, 74.105680817246], [-102.02409648846, -80.681061670784, 76.033872955918], [-102.02409648846, -80.14994995356, 77.962061279893], [-102.02409648846, -79.618837282662, 79.890253418565], [-102.02409648846, -79.087724611763, 81.818445557237], [-102.02409648846, -78.556613848214, 83.746633881211], [-102.02409648846, -78.025501177315, 85.674826019883], [-102.02409648846, -77.494388506417, 87.603018158555], [-102.02409648846, -76.963275835518, 89.53120648253], [-102.02409648846, -76.432165071969, 91.459398621201]], "InstanceCreationTime": ["160911.580000", "160911.513000", "160911.582000", "160911.515000", "160911.584000", "160911.517000", "160911.586000", "160911.519000", "160911.588000", "160911.521000", "160911.590000", "160911.523000", "160911.591000", "160911.525000", "160911.593000", "160911.527000", "160911.595000", "160911.528000", "160911.597000", "160911.530000", "160911.599000", "160911.532000", "160911.601000", "160911.534000", "160911.602000", "160911.536000", "160911.604000", "160911.538000", "160911.606000", "160911.540000", "160911.608000", "160911.542000", "160911.610000", "160911.543000", "160911.612000", "160911.545000", "160911.614000", "160911.547000", "160911.615000", "160911.549000", "160911.617000", "160911.551000", "160911.619000", "160911.553000", "160911.621000", "160911.554000", "160911.623000", "160911.556000", "160911.625000", "160911.558000", "160911.626000", "160911.560000", "160911.628000", "160911.562000", "160911.630000", "160911.564000", "160911.632000", "160911.566000", "160911.634000", "160911.567000", "160911.636000", "160911.569000", "160911.637000", "160911.571000", "160911.639000", "160911.573000", "160911.641000", "160911.575000", "160911.643000", "160911.577000", "160911.645000", "160911.578000"], "InstanceNumber": [1, 2, 3, 4, 5, 6, 7, 8, 9, 10, 11, 12, 13, 14, 15, 16, 17, 18, 19, 20, 21, 22, 23, 24, 25, 26, 27, 28, 29, 30, 31, 32, 33, 34, 35, 36, 37, 38, 39, 40, 41, 42, 43, 44, 45, 46, 47, 48, 49, 50, 51, 52, 53, 54, 55, 56, 57, 58, 59, 60, 61, 62, 63, 64, 65, 66, 67, 68, 69, 70, 71, 72], "LargestImagePixelValue": [4092, 4094, 4094, 4093, 4093, 4093, 4095, 4095, 4094, 4095, 4095, 4094, 4094, 4094, 4094, 4095, 4095, 4095, 4093, 4094, 4095, 4095, 4094, 4094, 4093, 4084, 4095, 4094, 4095, 4094, 4094, 4088, 4094, 4094, 4094, 4094, 4090, 4092, 4091, 4091, 4095, 4094, 4086, 4094, 4093, 4095, 4091, 4090, 4093, 4092, 4090, 4090, 4087, 4094, 4094, 4094, 4094, 4092, 4093, 4095, 4092, 4095, 4095, 4094, 4094, 4095, 4088, 4094, 4092, 4094, 4094, 4095], "SliceLocation": [-74.121446705083, -72.121445813385, -70.121444415179, -68.121443016973, -66.121441618768, -64.121444151548, -62.121442753342, -60.121445286123, -58.121443887917, -56.121442742965, -54.121445022492, -52.12144387754, -50.121442479334, -48.121445012115, -46.121443613909, -44.121442215703, -42.121444748484, -40.121443350278, -38.121445883058, -36.12144461148, -34.121443339901, -32.121443780561, -30.121444347849, -28.121444915136, -26.121443643557, -24.121444210845, -22.121444778132, -20.121443506553, -18.121444073841, -16.121444641128, -14.121444257326, -12.121443873523, -10.12144444081, -8.1214440767935, -6.121444172493, -4.1214438124331, -2.1214441498622, -0.121443995918, 1.8785560114403, 3.8785560187986, 5.878556141086, 7.8785560335151, 9.8785554662278, 11.878555818373, 13.878556297146, 15.878555729859, 17.878555162572, 19.87855643415, 21.878555866863, 23.878555299576, 25.878556697781, 27.878556003867, 29.878555563207, 31.878556708158, 33.878556267498, 35.87855741245, 37.878555132923, 39.878556277875, 41.878557676081, 43.8785551433, 45.878556541506, 47.878554008726, 49.878555406931, 51.878556805137, 53.878554272357, 55.878555670562, 57.878557068768, 59.878554282734, 61.878555680939, 63.878557079145, 65.878554799619, 67.878555691316], "SmallestImagePixelValue": [0, 0, 1, 0, 0, 0, 1, 0, 0, 2, 1, 0, 0, 0, 1, 1, 0, 2, 0, 0, 1, 0, 5, 0, 0, 0, 3, 0, 0, 0, 1, 3, 7, 1, 4, 5, 5, 0, 0, 1, 2, 3, 1, 2, 0, 0, 0, 0, 1, 3, 0, 5, 2, 0, 2, 0, 2, 0, 0, 1, 0, 0, 1, 1, 0, 0, 0, 1, 0, 0, 0, 0], "WindowCenter": [-236.0, -258.0, -286.0, -314.0, -314.0, -280.0, -232.0, -196.0, -186.0, -172.0, -138.0, -142.0, -150.0, -202.0, -214.0, -246.0, -198.0, -190.0, -178.0, -222.0, -202.0, -226.0, -272.0, -224.0, -204.0, -196.0, -228.0, -222.0, -232.0, -194.0, -150.0, -146.0, -150.0, -160.0, -150.0, -304.0, -196.0, -292.0, -280.0, -278.0, -254.0, -252.0, -238.0, -230.0, -232.0, -204.0, -210.0, -200.0, -198.0, -222.0, -222.0, -218.0, -212.0, -200.0, -210.0, -198.0, -228.0, -236.0, -260.0, -260.0, -282.0, -292.0, -172.0, -200.0, -228.0, -232.0, -192.0, -268.0, -240.0, -290.0, -280.0, -342.0], "WindowWidth": [6280.0, 6388.0, 6394.0, 6324.0, 6254.0, 6250.0, 6274.0, 6312.0, 6280.0, 6280.0, 6240.0, 6228.0, 6212.0, 6144.0, 6082.0, 5978.0, 6038.0, 5998.0, 6024.0, 5948.0, 5932.0, 5834.0, 5738.0, 5654.0, 5604.0, 5622.0, 5640.0, 5564.0, 5542.0, 5508.0, 5426.0, 5482.0, 5406.0, 5382.0, 5358.0, 4644.0, 5054.0, 4624.0, 4614.0, 4608.0, 4596.0, 4590.0, 4580.0, 4572.0, 4562.0, 4538.0, 4534.0, 4540.0, 4534.0, 4568.0, 4566.0, 4572.0, 4582.0, 4582.0, 4612.0, 4624.0, 4670.0, 4686.0, 4702.0, 4722.0, 4746.0, 4806.0, 5538.0, 5708.0, 5892.0, 5976.0, 6130.0, 6214.0, 6292.0, 6360.0, 6412.0, 6298.0]}}, "IntendedFor": ["ses-floc/func/sub-09_ses-floc_task-floc_run-01_bold.nii.gz", "ses-floc/func/sub-09_ses-floc_task-floc_run-03_bold.nii.gz", "ses-floc/func/sub-09_ses-floc_task-floc_run-04_bold.nii.gz", "ses-floc/func/sub-09_ses-floc_task-floc_run-02_bold.nii.gz"]}