{"AcquisitionMatrixPE": 100, "AcquisitionNumber": 1, "AcquisitionTime": "10:23:31.365000", "BaseResolution": 100, "BodyPartExamined": "BRAIN", "ConsistencyInfo": "N4_VE11C_LATEST_20160120", "ConversionSoftware": "dcm2niix", "ConversionSoftwareVersion": "v1.0.20180622 GCC4.9.2", "DeviceSerialNumber": "166078", "DwellTime": 8.8e-06, "EchoNumber": 2, "EchoTime": 0.00738, "EchoTime1": 0.00492, "EchoTime2": 0.00738, "FlipAngle": 60, "ImageOrientationPatientDICOM": [0.998971, -0.00927655, -0.0444044, -1.23082e-10, 0.978867, -0.204496], "ImageType": ["ORIGINAL", "PRIMARY", "P", "ND"], "InPlanePhaseEncodingDirectionDICOM": "ROW", "InstitutionAddress": "Street_StreetNo_Bei_Jing_District_CN_ZIP", "InstitutionName": "BeiJing_Normal_University", "InstitutionalDepartmentName": "Department", "MRAcquisitionType": "2D", "MagneticFieldStrength": 3, "Manufacturer": "Siemens", "ManufacturersModelName": "Prisma", "Modality": "MR", "PartialFourier": 1, "PatientPosition": "HFS", "PercentPhaseFOV": 100, "PhaseEncodingDirection": "i", "PhaseEncodingSteps": 100, "PhaseResolution": 1, "PixelBandwidth": 570, "ProcedureStepDescription": "BNU_P2018_64CH_Zhen.ZongLei", "ProtocolName": "field_mapping_2x2x2", "PulseSequenceDetails": "%SiemensSeq%_gre_field_mapping", "ReceiveCoilActiveElements": "HC1-7;NC1", "ReceiveCoilName": "HeadNeck_64", "ReconMatrixPE": 100, "RepetitionTime": 0.72, "SAR": 0.115362, "ScanningSequence": "GR", "SequenceName": "_fm2d2r", "SequenceVariant": "SP", "SeriesDescription": "field_mapping_2x2x2", "SeriesNumber": 14, "ShimSetting": [-5462, -11509, -1272, 375, -24, -291, -99, 95], "SliceThickness": 2, "SoftwareVersions": "syngo_MR_E11", "SpacingBetweenSlices": 2, "StationName": "AWP166078", "TxRefAmp": 232.351, "dcmmeta_affine": [[-1.9979411363601685, -2.461640058459835e-10, -0.09072613716125488, 103.11784362792969], [0.018553104251623154, 1.9577348232269287, -0.4085712432861328, -76.18772888183594], [-0.08880870044231415, 0.40899211168289185, 1.955718994140625, -101.91922760009766], [0.0, 0.0, 0.0, 1.0]], "dcmmeta_reorient_transform": [[0.0, -1.0, 0.0, 99.0], [1.0, 0.0, 0.0, 0.0], [0.0, 0.0, -1.0, 71.0], [0.0, 0.0, 0.0, 1.0]], "dcmmeta_shape": [100, 100, 72], "dcmmeta_slice_dim": 2, "dcmmeta_version": 0.6, "global": {"const": {"AcquisitionMatrix": [0, 100, 100, 0], "AcquisitionNumber": 1, "AngioFlag": "N", "BitsAllocated": 16, "BitsStored": 12, "BodyPartExamined": "BRAIN", "Columns": 100, "EchoNumbers": 2, "EchoTime": 7.38, "EchoTrainLength": 0, "FlipAngle": 60.0, "HighBit": 11, "ImageOrientationPatient": [0.99897056982108, -0.0092765517367, -0.0444043491025, -1.23082e-10, 0.97886738866216, -0.2044960523182], "ImageType": ["ORIGINAL", "PRIMARY", "P", "ND"], "ImagedNucleus": "1H", "ImagingFrequency": 123.257725, "InPlanePhaseEncodingDirection": "ROW", "MRAcquisitionType": "2D", "MagneticFieldStrength": 3.0, "Manufacturer": "SIEMENS", "ManufacturerModelName": "Prisma", "Modality": "MR", "NumberOfAverages": 1.0, "NumberOfPhaseEncodingSteps": 100, "PercentPhaseFieldOfView": 100.0, "PercentSampling": 100.0, "PerformedProcedureStepStartTime": "085013.174000", "PhotometricInterpretation": "MONOCHROME2", "PixelBandwidth": 570.0, "PixelRepresentation": 0, "PixelSpacing": [2.0, 2.0], "ProtocolName": "field_mapping_2x2x2", "RepetitionTime": 720.0, "RescaleIntercept": -4096.0, "RescaleSlope": 2.0, "RescaleType": "US", "Rows": 100, "SAR": 0.11536199595589, "SamplesPerPixel": 1, "ScanningSequence": "GR", "SequenceName": "*fm2d2r", "SequenceVariant": "SP", "SeriesDescription": "field_mapping_2x2x2", "SeriesNumber": 14, "SeriesTime": "102555.671000", "SliceThickness": 2.0, "SoftwareVersions": "syngo MR E11", "SpacingBetweenSlices": 2.0, "SpecificCharacterSet": "ISO_IR 100", "StudyID": "1", "StudyTime": "085013.106000", "TransmitCoilName": "Body", "VariableFlipAngleFlag": "N", "WindowCenterWidthExplanation": "Algo1", "dBdt": 0.0}, "slices": {"AcquisitionTime": ["102331.365000", "102331.005000", "102331.375000", "102331.015000", "102331.385000", "102331.025000", "102331.395000", "102331.035000", "102331.405000", "102331.045000", "102331.415000", "102331.055000", "102331.425000", "102331.065000", "102331.435000", "102331.075000", "102331.445000", "102331.085000", "102331.455000", "102331.095000", "102331.465000", "102331.105000", "102331.475000", "102331.115000", "102331.485000", "102331.125000", "102331.495000", "102331.135000", "102331.505000", "102331.145000", "102331.515000", "102331.155000", "102331.525000", "102331.165000", "102331.535000", "102331.175000", "102331.545000", "102331.185000", "102331.555000", "102331.195000", "102331.565000", "102331.205000", "102331.575000", "102331.215000", "102331.585000", "102331.225000", "102331.595000", "102331.235000", "102331.605000", "102331.245000", "102331.615000", "102331.255000", "102331.625000", "102331.265000", "102331.635000", "102331.275000", "102331.645000", "102331.285000", "102331.655000", "102331.295000", "102331.665000", "102331.305000", "102331.675000", "102331.315000", "102331.685000", "102331.325000", "102331.695000", "102331.335000", "102331.705000", "102331.345000", "102331.715000", "102331.355000"], "ContentTime": ["102555.748000", "102555.673000", "102555.749000", "102555.677000", "102555.751000", "102555.679000", "102555.753000", "102555.681000", "102555.755000", "102555.683000", "102555.757000", "102555.685000", "102555.759000", "102555.687000", "102555.761000", "102555.689000", "102555.762000", "102555.691000", "102555.764000", "102555.693000", "102555.766000", "102555.695000", "102555.768000", "102555.697000", "102555.770000", "102555.699000", "102555.772000", "102555.701000", "102555.773000", "102555.704000", "102555.775000", "102555.706000", "102555.777000", "102555.709000", "102555.779000", "102555.711000", "102555.781000", "102555.713000", "102555.783000", "102555.715000", "102555.784000", "102555.718000", "102555.786000", "102555.720000", "102555.788000", "102555.722000", "102555.790000", "102555.724000", "102555.792000", "102555.726000", "102555.793000", "102555.727000", "102555.795000", "102555.729000", "102555.797000", "102555.731000", "102555.799000", "102555.733000", "102555.801000", "102555.735000", "102555.803000", "102555.737000", "102555.804000", "102555.738000", "102555.806000", "102555.740000", "102555.808000", "102555.742000", "102555.810000", "102555.744000", "102555.812000", "102555.746000"], "CsaImage.GSWDDataType": ["measured", "predicted", "measured", "predicted", "measured", "predicted", "measured", "predicted", "measured", "predicted", "measured", "predicted", "measured", "predicted", "measured", "predicted", "measured", "predicted", "measured", "predicted", "measured", "predicted", "measured", "predicted", "measured", "predicted", "measured", "predicted", "measured", "predicted", "measured", "predicted", "measured", "predicted", "measured", "predicted", "measured", "predicted", "measured", "predicted", "measured", "predicted", "measured", "predicted", "measured", "predicted", "measured", "predicted", "measured", "predicted", "measured", "predicted", "measured", "predicted", "measured", "measured", "measured", "measured", "measured", "measured", "measured", "measured", "measured", "measured", "measured", "measured", "measured", "measured", "measured", "measured", "measured", "measured"], "CsaImage.ICE_Dims": ["X_2_1_1_1_1_1_37_1_1_1_1_59", "X_2_1_1_1_1_1_1_1_1_2_1_59", "X_2_1_1_1_1_1_38_1_1_3_1_59", "X_2_1_1_1_1_1_2_1_1_4_1_59", "X_2_1_1_1_1_1_39_1_1_5_1_59", "X_2_1_1_1_1_1_3_1_1_6_1_59", "X_2_1_1_1_1_1_40_1_1_7_1_59", "X_2_1_1_1_1_1_4_1_1_8_1_59", "X_2_1_1_1_1_1_41_1_1_9_1_59", "X_2_1_1_1_1_1_5_1_1_10_1_59", "X_2_1_1_1_1_1_42_1_1_11_1_59", "X_2_1_1_1_1_1_6_1_1_12_1_59", "X_2_1_1_1_1_1_43_1_1_13_1_59", "X_2_1_1_1_1_1_7_1_1_14_1_59", "X_2_1_1_1_1_1_44_1_1_15_1_59", "X_2_1_1_1_1_1_8_1_1_16_1_59", "X_2_1_1_1_1_1_45_1_1_17_1_59", "X_2_1_1_1_1_1_9_1_1_18_1_59", "X_2_1_1_1_1_1_46_1_1_19_1_59", "X_2_1_1_1_1_1_10_1_1_20_1_59", "X_2_1_1_1_1_1_47_1_1_21_1_59", "X_2_1_1_1_1_1_11_1_1_22_1_59", "X_2_1_1_1_1_1_48_1_1_23_1_59", "X_2_1_1_1_1_1_12_1_1_24_1_59", "X_2_1_1_1_1_1_49_1_1_25_1_59", "X_2_1_1_1_1_1_13_1_1_26_1_59", "X_2_1_1_1_1_1_50_1_1_27_1_59", "X_2_1_1_1_1_1_14_1_1_28_1_59", "X_2_1_1_1_1_1_51_1_1_29_1_59", "X_2_1_1_1_1_1_15_1_1_30_1_59", "X_2_1_1_1_1_1_52_1_1_31_1_59", "X_2_1_1_1_1_1_16_1_1_32_1_59", "X_2_1_1_1_1_1_53_1_1_33_1_59", "X_2_1_1_1_1_1_17_1_1_34_1_59", "X_2_1_1_1_1_1_54_1_1_35_1_59", "X_2_1_1_1_1_1_18_1_1_36_1_59", "X_2_1_1_1_1_1_55_1_1_37_1_59", "X_2_1_1_1_1_1_19_1_1_38_1_59", "X_2_1_1_1_1_1_56_1_1_39_1_59", "X_2_1_1_1_1_1_20_1_1_40_1_59", "X_2_1_1_1_1_1_57_1_1_41_1_59", "X_2_1_1_1_1_1_21_1_1_42_1_59", "X_2_1_1_1_1_1_58_1_1_43_1_59", "X_2_1_1_1_1_1_22_1_1_44_1_59", "X_2_1_1_1_1_1_59_1_1_45_1_59", "X_2_1_1_1_1_1_23_1_1_46_1_59", "X_2_1_1_1_1_1_60_1_1_47_1_59", "X_2_1_1_1_1_1_24_1_1_48_1_59", "X_2_1_1_1_1_1_61_1_1_49_1_59", "X_2_1_1_1_1_1_25_1_1_50_1_59", "X_2_1_1_1_1_1_62_1_1_51_1_59", "X_2_1_1_1_1_1_26_1_1_52_1_59", "X_2_1_1_1_1_1_63_1_1_53_1_59", "X_2_1_1_1_1_1_27_1_1_54_1_59", "X_2_1_1_1_1_1_64_1_1_55_1_59", "X_2_1_1_1_1_1_28_1_1_56_1_59", "X_2_1_1_1_1_1_65_1_1_57_1_59", "X_2_1_1_1_1_1_29_1_1_58_1_59", "X_2_1_1_1_1_1_66_1_1_59_1_59", "X_2_1_1_1_1_1_30_1_1_60_1_59", "X_2_1_1_1_1_1_67_1_1_61_1_59", "X_2_1_1_1_1_1_31_1_1_62_1_59", "X_2_1_1_1_1_1_68_1_1_63_1_59", "X_2_1_1_1_1_1_32_1_1_64_1_59", "X_2_1_1_1_1_1_69_1_1_65_1_59", "X_2_1_1_1_1_1_33_1_1_66_1_59", "X_2_1_1_1_1_1_70_1_1_67_1_59", "X_2_1_1_1_1_1_34_1_1_68_1_59", "X_2_1_1_1_1_1_71_1_1_69_1_59", "X_2_1_1_1_1_1_35_1_1_70_1_59", "X_2_1_1_1_1_1_72_1_1_71_1_59", "X_2_1_1_1_1_1_36_1_1_72_1_59"], "CsaImage.ProtocolSliceNumber": [0, 1, 2, 3, 4, 5, 6, 7, 8, 9, 10, 11, 12, 13, 14, 15, 16, 17, 18, 19, 20, 21, 22, 23, 24, 25, 26, 27, 28, 29, 30, 31, 32, 33, 34, 35, 36, 37, 38, 39, 40, 41, 42, 43, 44, 45, 46, 47, 48, 49, 50, 51, 52, 53, 54, 55, 56, 57, 58, 59, 60, 61, 62, 63, 64, 65, 66, 67, 68, 69, 70, 71], "CsaImage.RFSWDDataType": ["measured", "predicted", "measured", "predicted", "measured", "predicted", "measured", "predicted", "measured", "predicted", "measured", "predicted", "measured", "predicted", "measured", "predicted", "measured", "predicted", "measured", "predicted", "measured", "predicted", "measured", "predicted", "measured", "predicted", "measured", "predicted", "measured", "predicted", "measured", "predicted", "measured", "predicted", "measured", "predicted", "measured", "predicted", "measured", "predicted", "measured", "predicted", "measured", "predicted", "measured", "predicted", "measured", "predicted", "measured", "predicted", "measured", "predicted", "measured", "measured", "measured", "measured", "measured", "measured", "measured", "measured", "measured", "measured", "measured", "measured", "measured", "measured", "measured", "measured", "measured", "measured", "measured", "measured"], "CsaImage.SlicePosition_PCS": [[-103.11782924, -117.62800612, -61.42904403], [-103.0271031, -117.21943487, -59.47332503], [-102.9363772, -116.81086363, -57.51759841], [-102.8456513, -116.40229239, -55.56187941], [-102.75492516, -115.99372114, -53.60616042], [-102.66419927, -115.5851499, -51.65044143], [-102.57347337, -115.17657866, -49.69472243], [-102.48274723, -114.76800741, -47.73900344], [-102.39202133, -114.35943808, -45.78328444], [-102.30129543, -113.95086683, -43.82756545], [-102.2105693, -113.54229559, -41.87184645], [-102.1198434, -113.13372435, -39.91612746], [-102.0291175, -112.7251531, -37.96040847], [-101.93839136, -112.31658186, -36.00468947], [-101.84766546, -111.90801062, -34.04897048], [-101.75693944, -111.49943937, -32.09324767], [-101.66621355, -111.09086813, -30.13752868], [-101.57548753, -110.68229784, -28.18180968], [-101.48476151, -110.2737266, -26.22609069], [-101.39403561, -109.86515536, -24.27037169], [-101.30330959, -109.45658411, -22.3146527], [-101.21258357, -109.04801287, -20.3589337], [-101.12185768, -108.63944258, -18.40321471], [-101.03113166, -108.23087134, -16.44749572], [-100.94040564, -107.82230009, -14.49177291], [-100.84967974, -107.41372885, -12.53605391], [-100.75895372, -107.00515761, -10.58033492], [-100.66822776, -106.59658636, -8.62461592], [-100.57750181, -106.18801607, -6.66889693], [-100.48677579, -105.77944483, -4.71317794], [-100.39604983, -105.37087359, -2.75745704], [-100.30532387, -104.96230234, -0.80173804], [-100.21459788, -104.55373158, 1.15398095], [-100.12387191, -104.14516033, 3.10969995], [-100.03314594, -103.73658909, 5.06541894], [-99.94241996, -103.32801832, 7.02113984], [-99.85169398, -102.91944708, 8.97685884], [-99.760968, -102.51087584, 10.93257783], [-99.67024203, -102.10230507, 12.88829778], [-99.57951606, -101.69373383, 14.84401677], [-99.48879007, -101.28516258, 16.79973672], [-99.39806411, -100.87659158, 18.75545572], [-99.30733815, -100.46802057, 20.71117519], [-99.21661213, -100.05944957, 22.66689466], [-99.12588617, -99.65087856, 24.6226141], [-99.03516022, -99.24230732, 26.57833348], [-98.9444342, -98.83373632, 28.53405307], [-98.8537083, -98.42516519, 30.48977254], [-98.76298228, -98.01659419, 32.44549201], [-98.67225626, -97.60802306, 34.40121148], [-98.58153037, -97.19945201, 36.35693048], [-98.49080435, -96.79088095, 38.31265042], [-98.40007833, -96.38230987, 40.26836942], [-98.30935243, -95.97373881, 42.22408937], [-98.21862641, -95.56516768, 44.17980836], [-98.12790039, -95.15659668, 46.13552736], [-98.0371745, -94.74802555, 48.09124635], [-97.94644848, -94.33945455, 50.04696725], [-97.85572258, -93.9308833, 52.00268624], [-97.76499644, -93.5223123, 53.95840524], [-97.67427054, -93.11374129, 55.91412423], [-97.58354464, -92.70517029, 57.86984513], [-97.49281851, -92.29659905, 59.82556413], [-97.40209261, -91.88802828, 61.78128312], [-97.31136671, -91.47945704, 63.73700212], [-97.22064057, -91.07088579, 65.69272111], [-97.12991467, -90.66231503, 67.64844011], [-97.03918878, -90.25374378, 69.6041591], [-96.94846264, -89.84517254, 71.55988191], [-96.85773674, -89.43660177, 73.5156009], [-96.76701084, -89.02803053, 75.4713199], [-96.6762847, -88.61945929, 77.42703889]], "CsaImage.TimeAfterStart": [1.0825, 0.7225, 1.0925, 0.7325, 1.1025, 0.7425, 1.1125, 0.7525, 1.1225, 0.7625, 1.1325, 0.7725, 1.1425, 0.7825, 1.1525, 0.7925, 1.1625, 0.8025, 1.1725, 0.8125, 1.1825, 0.8225, 1.1925, 0.8325, 1.2025, 0.8425, 1.2125, 0.8525, 1.2225, 0.8625, 1.2325, 0.8725, 1.2425, 0.8825, 1.2525, 0.8925, 1.2625, 0.9025, 1.2725, 0.9125, 1.2825, 0.9225, 1.2925, 0.9325, 1.3025, 0.9425, 1.3125, 0.9525, 1.3225, 0.9625, 1.3325, 0.9725, 1.3425, 0.9825, 1.3525, 0.9925, 1.3625, 1.0025, 1.3725, 1.0125, 1.3825, 1.0225, 1.3925, 1.0325, 1.4025, 1.0425, 1.4125, 1.0525, 1.4225, 1.0625, 1.4325, 1.0725], "ImagePositionPatient": [[-103.11782923619, -117.62800611686, -61.429044025407], [-103.02710309903, -117.21943487358, -59.473325031266], [-102.93637720028, -116.81086363029, -57.517598407731], [-102.84565130154, -116.40229238701, -55.56187941359], [-102.75492516438, -115.99372114372, -53.60616041945], [-102.66419926564, -115.58514990043, -51.650441425309], [-102.57347336689, -115.17657865715, -49.694722431168], [-102.48274722973, -114.76800741386, -47.739003437028], [-102.39202133099, -114.35943807792, -45.783284442887], [-102.30129543225, -113.95086683464, -43.827565448747], [-102.21056929509, -113.54229559135, -41.871846454606], [-102.11984339634, -113.13372434807, -39.916127460465], [-102.0291174976, -112.72515310478, -37.960408466325], [-101.93839136044, -112.31658186149, -36.004689472184], [-101.8476654617, -111.90801061821, -34.048970478043], [-101.75693944375, -111.49943937492, -32.093247669206], [-101.666213545, -111.09086813163, -30.137528675065], [-101.57548752705, -110.68229784202, -28.181809680924], [-101.4847615091, -110.27372659874, -26.226090686784], [-101.39403561036, -109.86515535545, -24.270371692643], [-101.3033095924, -109.45658411216, -22.314652698502], [-101.21258357445, -109.04801286888, -20.358933704362], [-101.12185767571, -108.63944257927, -18.403214710221], [-101.03113165776, -108.23087133598, -16.447495716081], [-100.94040563981, -107.82230009269, -14.491772907243], [-100.84967974106, -107.41372884941, -12.536053913102], [-100.75895372311, -107.00515760612, -10.580334918961], [-100.66822776476, -106.59658636284, -8.6246159248208], [-100.57750180642, -106.18801607322, -6.6688969306802], [-100.48677578846, -105.77944482994, -4.7131779365396], [-100.39604983012, -105.37087358665, -2.7574570350503], [-100.30532387177, -104.96230234337, -0.8017380409097], [-100.21459788362, -104.55373157692, 1.1539809532309], [-100.12387191037, -104.14516033363, 3.1096999473716], [-100.03314593712, -103.73658909034, 5.0654189415122], [-99.942419956424, -103.3280183239, 7.0211398430014], [-99.851693983176, -102.91944708061, 8.9768588371421], [-99.760968002476, -102.51087583732, 10.932577831283], [-99.670242029228, -102.10230507087, 12.888297779098], [-99.57951605598, -101.69373382759, 14.844016773238], [-99.48879006783, -101.2851625843, 16.799736721053], [-99.398064109483, -100.87659157943, 18.755455715194], [-99.307338151135, -100.46802057457, 20.711175186172], [-99.216612133183, -100.0594495697, 22.666894657149], [-99.125886174836, -99.650878564832, 24.622614098325], [-99.035160216489, -99.242307321546, 26.578333479896], [-98.944434198537, -98.833736316678, 28.534053070083], [-98.853708299794, -98.425165192601, 30.489772541061], [-98.762982281842, -98.016594187734, 32.445492012038], [-98.67225626389, -97.608023063657, 34.401211483016], [-98.581530365147, -97.199452014086, 36.356930477157], [-98.490804347195, -96.790880949614, 38.312650424972], [-98.400078329243, -96.38230987024, 40.268369419112], [-98.309352430501, -95.973738805768, 42.224089366927], [-98.218626412549, -95.565167681691, 44.179808361068], [-98.127900394597, -95.156596676824, 46.135527355208], [-98.037174495854, -94.748025552747, 48.091246349349], [-97.946448477902, -94.339454547879, 50.046967250838], [-97.85572257916, -93.930883304593, 52.002686244979], [-97.764996441998, -93.522312299726, 53.95840523912], [-97.674270543256, -93.113741294858, 55.91412423326], [-97.583544644513, -92.705170289991, 57.869845134749], [-97.492818507352, -92.296599046705, 59.82556412889], [-97.402092608609, -91.888028280256, 61.781283123031], [-97.311366709866, -91.479457036969, 63.737002117171], [-97.220640572705, -91.070885793683, 65.692721111312], [-97.129914673962, -90.662315027234, 67.648440105453], [-97.03918877522, -90.253743783948, 69.604159099593], [-96.948462638058, -89.845172540662, 71.559881908431], [-96.857736739316, -89.436601774213, 73.515600902572], [-96.767010840573, -89.028030530927, 75.471319896712], [-96.676284703412, -88.619459287641, 77.427038890853]], "InstanceCreationTime": ["102555.748000", "102555.673000", "102555.749000", "102555.677000", "102555.751000", "102555.679000", "102555.753000", "102555.681000", "102555.755000", "102555.683000", "102555.757000", "102555.685000", "102555.759000", "102555.687000", "102555.761000", "102555.689000", "102555.762000", "102555.691000", "102555.764000", "102555.693000", "102555.766000", "102555.695000", "102555.768000", "102555.697000", "102555.770000", "102555.699000", "102555.772000", "102555.701000", "102555.773000", "102555.704000", "102555.775000", "102555.706000", "102555.777000", "102555.709000", "102555.779000", "102555.711000", "102555.781000", "102555.713000", "102555.783000", "102555.715000", "102555.784000", "102555.718000", "102555.786000", "102555.720000", "102555.788000", "102555.722000", "102555.790000", "102555.724000", "102555.792000", "102555.726000", "102555.793000", "102555.727000", "102555.795000", "102555.729000", "102555.797000", "102555.731000", "102555.799000", "102555.733000", "102555.801000", "102555.735000", "102555.803000", "102555.737000", "102555.804000", "102555.738000", "102555.806000", "102555.740000", "102555.808000", "102555.742000", "102555.810000", "102555.744000", "102555.812000", "102555.746000"], "InstanceNumber": [1, 2, 3, 4, 5, 6, 7, 8, 9, 10, 11, 12, 13, 14, 15, 16, 17, 18, 19, 20, 21, 22, 23, 24, 25, 26, 27, 28, 29, 30, 31, 32, 33, 34, 35, 36, 37, 38, 39, 40, 41, 42, 43, 44, 45, 46, 47, 48, 49, 50, 51, 52, 53, 54, 55, 56, 57, 58, 59, 60, 61, 62, 63, 64, 65, 66, 67, 68, 69, 70, 71, 72], "LargestImagePixelValue": [4094, 4094, 4095, 4094, 4094, 4093, 4095, 4095, 4095, 4095, 4095, 4094, 4095, 4095, 4094, 4093, 4095, 4095, 4094, 4092, 4095, 4094, 4094, 4088, 4092, 4086, 4089, 4086, 4085, 4079, 4093, 4094, 4094, 4092, 4089, 4093, 4093, 4091, 4090, 4095, 4090, 4084, 4093, 4091, 4094, 4082, 4093, 4095, 4093, 4095, 4094, 4092, 4090, 4094, 4093, 4094, 4094, 4094, 4095, 4095, 4094, 4095, 4093, 4092, 4094, 4095, 4095, 4094, 4095, 4095, 4093, 4095], "SliceLocation": [-88.77642066055, -86.776421041338, -84.776413972464, -82.776414364068, -80.776414744856, -78.77641513646, -76.776415528064, -74.776415908852, -72.776416690099, -70.776417081703, -68.776417462491, -66.776417854095, -64.776418245699, -62.776418626487, -60.776419018091, -58.776415674048, -56.776416065652, -54.776416646669, -52.776417032865, -50.776417424469, -48.776417810665, -46.776418196861, -44.776418783287, -42.776419169483, -40.77641582544, -38.776416217044, -36.77641660324, -34.77641699214, -32.776417575861, -30.776417962057, -28.776416485838, -26.776416874738, -24.776417359696, -22.77641774792, -20.776418136144, -18.776416756322, -16.776417144545, -14.776417532431, -12.776417085507, -10.77641747373, -8.7764169287186, -6.7764173663239, -4.7764173376494, -2.776417306271, -0.776417306739, 1.2235826832135, 3.2235828311619, 5.2235828814853, 7.2235829128637, 9.2235829685948, 11.223582537418, 13.223583047253, 15.223582627571, 17.223583131998, 19.22358272145, 21.223582286548, 23.223581870592, 25.22358330081, 27.223582909206, 29.223582479712, 31.223582039403, 33.223583464213, 35.223583083425, 37.22358259441, 39.223582202807, 41.223581822018, 43.223581333004, 45.2235809414, 47.223584290851, 49.223583801836, 51.223583410232, 53.223583029444], "SmallestImagePixelValue": [0, 0, 1, 1, 0, 0, 0, 1, 0, 0, 0, 1, 0, 0, 0, 0, 2, 0, 0, 1, 0, 0, 0, 2, 1, 0, 1, 0, 0, 6, 1, 0, 4, 0, 1, 5, 1, 3, 0, 0, 0, 4, 6, 0, 1, 8, 0, 2, 1, 0, 0, 2, 2, 2, 0, 0, 0, 0, 0, 0, 2, 0, 0, 0, 0, 0, 0, 2, 0, 0, 0, 0], "WindowCenter": [-170.0, -164.0, -190.0, -210.0, -178.0, -206.0, -200.0, -162.0, -124.0, -122.0, -156.0, -160.0, -142.0, -256.0, -218.0, -174.0, -252.0, -258.0, -206.0, -258.0, -274.0, -250.0, -262.0, -214.0, -162.0, -152.0, -158.0, -204.0, -146.0, -154.0, -268.0, -108.0, -98.0, -86.0, -44.0, -8.0, 10.0, -114.0, -188.0, -186.0, -44.0, -46.0, 8.0, 16.0, -6.0, -138.0, -52.0, -26.0, 6.0, -10.0, -18.0, -26.0, -24.0, -6.0, -22.0, -30.0, -2.0, -14.0, 26.0, -16.0, -46.0, -36.0, -82.0, -118.0, -86.0, -116.0, -170.0, -162.0, -236.0, -192.0, -246.0, -322.0], "WindowWidth": [6214.0, 6144.0, 6150.0, 6148.0, 6230.0, 6180.0, 6262.0, 6310.0, 6368.0, 6400.0, 6384.0, 6430.0, 6480.0, 6368.0, 6368.0, 6326.0, 6248.0, 6138.0, 6126.0, 5990.0, 5916.0, 5720.0, 5676.0, 5542.0, 5430.0, 5522.0, 5368.0, 5122.0, 5270.0, 5014.0, 4606.0, 5226.0, 5252.0, 5292.0, 5430.0, 5476.0, 5460.0, 4842.0, 4586.0, 4580.0, 5190.0, 5046.0, 5228.0, 5266.0, 5136.0, 4554.0, 4950.0, 5152.0, 5322.0, 5312.0, 5352.0, 5414.0, 5424.0, 5480.0, 5402.0, 5366.0, 5458.0, 5524.0, 5642.0, 5658.0, 5680.0, 5772.0, 5826.0, 5878.0, 5980.0, 5994.0, 6022.0, 6082.0, 6128.0, 6146.0, 6142.0, 6146.0]}}, "IntendedFor": ["ses-imagenet01/func/sub-24_ses-imagenet01_task-imagenet_run-07_bold.nii.gz", "ses-imagenet01/func/sub-24_ses-imagenet01_task-imagenet_run-08_bold.nii.gz", "ses-imagenet01/func/sub-24_ses-imagenet01_task-imagenet_run-05_bold.nii.gz", "ses-imagenet01/func/sub-24_ses-imagenet01_task-imagenet_run-03_bold.nii.gz", "ses-imagenet01/func/sub-24_ses-imagenet01_task-imagenet_run-01_bold.nii.gz", "ses-imagenet01/func/sub-24_ses-imagenet01_task-imagenet_run-02_bold.nii.gz", "ses-imagenet01/func/sub-24_ses-imagenet01_task-imagenet_run-10_bold.nii.gz", "ses-imagenet01/func/sub-24_ses-imagenet01_task-imagenet_run-09_bold.nii.gz", "ses-imagenet01/func/sub-24_ses-imagenet01_task-imagenet_run-06_bold.nii.gz", "ses-imagenet01/func/sub-24_ses-imagenet01_task-imagenet_run-04_bold.nii.gz"]}