{"AcquisitionMatrixPE": 100, "AcquisitionNumber": 1, "AcquisitionTime": "09:50:54.785000", "BaseResolution": 100, "BodyPartExamined": "BRAIN", "ConsistencyInfo": "N4_VE11C_LATEST_20160120", "ConversionSoftware": "dcm2niix", "ConversionSoftwareVersion": "v1.0.20180622 GCC4.9.2", "DeviceSerialNumber": "166078", "DwellTime": 8.8e-06, "EchoNumber": 2, "EchoTime": 0.00738, "EchoTime1": 0.00492, "EchoTime2": 0.00738, "FlipAngle": 60, "ImageOrientationPatientDICOM": [1, 0, 0, 0, 0.977416, -0.211325], "ImageType": ["ORIGINAL", "PRIMARY", "P", "ND"], "InPlanePhaseEncodingDirectionDICOM": "ROW", "InstitutionAddress": "Street_StreetNo_Bei_Jing_District_CN_ZIP", "InstitutionName": "BeiJing_Normal_University", "InstitutionalDepartmentName": "Department", "MRAcquisitionType": "2D", "MagneticFieldStrength": 3, "Manufacturer": "Siemens", "ManufacturersModelName": "Prisma", "Modality": "MR", "PartialFourier": 1, "PatientPosition": "HFS", "PercentPhaseFOV": 100, "PhaseEncodingDirection": "i", "PhaseEncodingSteps": 100, "PhaseResolution": 1, "PixelBandwidth": 570, "ProcedureStepDescription": "BNU_P2018_64CH_Zhen.ZongLei", "ProtocolName": "field_mapping_2x2x2", "PulseSequenceDetails": "%SiemensSeq%_gre_field_mapping", "ReceiveCoilActiveElements": "HC1-7;NC1", "ReceiveCoilName": "HeadNeck_64", "ReconMatrixPE": 100, "RepetitionTime": 0.72, "SAR": 0.104368, "ScanningSequence": "GR", "SequenceName": "_fm2d2r", "SequenceVariant": "SP", "SeriesDescription": "field_mapping_2x2x2", "SeriesNumber": 9, "ShimSetting": [-5458, -11512, -1227, 385, 18, -280, -175, 73], "SliceThickness": 2, "SoftwareVersions": "syngo_MR_E11", "SpacingBetweenSlices": 2, "StationName": "AWP166078", "TxRefAmp": 222.274, "dcmmeta_affine": [[-2.0, 0.0, 0.0, 100.0], [0.0, 1.954831838607788, -0.4226493835449219, -76.24517822265625], [0.0, 0.4226495921611786, 1.9548263549804688, -81.97038269042969], [0.0, 0.0, 0.0, 1.0]], "dcmmeta_reorient_transform": [[0.0, -1.0, 0.0, 99.0], [1.0, 0.0, 0.0, 0.0], [0.0, 0.0, -1.0, 71.0], [0.0, 0.0, 0.0, 1.0]], "dcmmeta_shape": [100, 100, 72], "dcmmeta_slice_dim": 2, "dcmmeta_version": 0.6, "global": {"const": {"AcquisitionMatrix": [0, 100, 100, 0], "AcquisitionNumber": 1, "AngioFlag": "N", "BitsAllocated": 16, "BitsStored": 12, "BodyPartExamined": "BRAIN", "Columns": 100, "EchoNumbers": 2, "EchoTime": 7.38, "EchoTrainLength": 0, "FlipAngle": 60.0, "HighBit": 11, "ImageOrientationPatient": [1.0, 0.0, 0.0, 0.0, 0.97741589373693, -0.2113247989954], "ImageType": ["ORIGINAL", "PRIMARY", "P", "ND"], "ImagedNucleus": "1H", "ImagingFrequency": 123.25772, "InPlanePhaseEncodingDirection": "ROW", "MRAcquisitionType": "2D", "MagneticFieldStrength": 3.0, "Manufacturer": "SIEMENS", "ManufacturerModelName": "Prisma", "Modality": "MR", "NumberOfAverages": 1.0, "NumberOfPhaseEncodingSteps": 100, "PercentPhaseFieldOfView": 100.0, "PercentSampling": 100.0, "PerformedProcedureStepStartTime": "085013.174000", "PhotometricInterpretation": "MONOCHROME2", "PixelBandwidth": 570.0, "PixelRepresentation": 0, "PixelSpacing": [2.0, 2.0], "ProtocolName": "field_mapping_2x2x2", "RepetitionTime": 720.0, "RescaleIntercept": -4096.0, "RescaleSlope": 2.0, "RescaleType": "US", "Rows": 100, "SAR": 0.10436769248253, "SamplesPerPixel": 1, "ScanningSequence": "GR", "SequenceName": "*fm2d2r", "SequenceVariant": "SP", "SeriesDescription": "field_mapping_2x2x2", "SeriesNumber": 9, "SeriesTime": "095319.286000", "SliceThickness": 2.0, "SoftwareVersions": "syngo MR E11", "SpacingBetweenSlices": 2.0, "SpecificCharacterSet": "ISO_IR 100", "StudyID": "1", "StudyTime": "085013.106000", "TransmitCoilName": "Body", "VariableFlipAngleFlag": "N", "WindowCenterWidthExplanation": "Algo1", "dBdt": 0.0}, "slices": {"AcquisitionTime": ["095054.785000", "095054.425000", "095054.795000", "095054.435000", "095054.805000", "095054.445000", "095054.815000", "095054.455000", "095054.825000", "095054.465000", "095054.835000", "095054.475000", "095054.845000", "095054.485000", "095054.855000", "095054.495000", "095054.865000", "095054.505000", "095054.875000", "095054.515000", "095054.885000", "095054.525000", "095054.895000", "095054.535000", "095054.905000", "095054.545000", "095054.915000", "095054.555000", "095054.925000", "095054.565000", "095054.935000", "095054.575000", "095054.945000", "095054.585000", "095054.955000", "095054.595000", "095054.965000", "095054.605000", "095054.975000", "095054.615000", "095054.985000", "095054.625000", "095054.995000", "095054.635000", "095055.005000", "095054.645000", "095055.015000", "095054.655000", "095055.025000", "095054.665000", "095055.035000", "095054.675000", "095055.045000", "095054.685000", "095055.055000", "095054.695000", "095055.065000", "095054.705000", "095055.075000", "095054.715000", "095055.085000", "095054.725000", "095055.095000", "095054.735000", "095055.105000", "095054.745000", "095055.115000", "095054.755000", "095055.125000", "095054.765000", "095055.135000", "095054.775000"], "ContentTime": ["095319.356000", "095319.288000", "095319.358000", "095319.290000", "095319.360000", "095319.292000", "095319.362000", "095319.294000", "095319.364000", "095319.296000", "095319.366000", "095319.298000", "095319.368000", "095319.300000", "095319.369000", "095319.302000", "095319.371000", "095319.304000", "095319.373000", "095319.306000", "095319.375000", "095319.307000", "095319.377000", "095319.309000", "095319.379000", "095319.311000", "095319.381000", "095319.313000", "095319.382000", "095319.315000", "095319.384000", "095319.317000", "095319.386000", "095319.319000", "095319.388000", "095319.320000", "095319.390000", "095319.322000", "095319.392000", "095319.324000", "095319.393000", "095319.326000", "095319.395000", "095319.328000", "095319.397000", "095319.330000", "095319.399000", "095319.332000", "095319.401000", "095319.334000", "095319.402000", "095319.336000", "095319.404000", "095319.337000", "095319.406000", "095319.339000", "095319.408000", "095319.341000", "095319.410000", "095319.343000", "095319.411000", "095319.345000", "095319.414000", "095319.347000", "095319.416000", "095319.349000", "095319.417000", "095319.350000", "095319.419000", "095319.352000", "095319.421000", "095319.354000"], "CsaImage.GSWDDataType": ["measured", "predicted", "measured", "predicted", "measured", "predicted", "measured", "predicted", "measured", "predicted", "measured", "predicted", "measured", "predicted", "measured", "predicted", "measured", "predicted", "measured", "predicted", "measured", "predicted", "measured", "predicted", "measured", "predicted", "measured", "predicted", "measured", "predicted", "measured", "predicted", "measured", "predicted", "measured", "predicted", "measured", "predicted", "measured", "predicted", "measured", "predicted", "measured", "predicted", "measured", "predicted", "measured", "predicted", "measured", "predicted", "measured", "predicted", "measured", "predicted", "measured", "predicted", "measured", "predicted", "measured", "predicted", "measured", "predicted", "measured", "predicted", "measured", "measured", "measured", "measured", "measured", "measured", "measured", "measured"], "CsaImage.ICE_Dims": ["X_2_1_1_1_1_1_37_1_1_1_1_42", "X_2_1_1_1_1_1_1_1_1_2_1_42", "X_2_1_1_1_1_1_38_1_1_3_1_42", "X_2_1_1_1_1_1_2_1_1_4_1_42", "X_2_1_1_1_1_1_39_1_1_5_1_42", "X_2_1_1_1_1_1_3_1_1_6_1_42", "X_2_1_1_1_1_1_40_1_1_7_1_42", "X_2_1_1_1_1_1_4_1_1_8_1_42", "X_2_1_1_1_1_1_41_1_1_9_1_42", "X_2_1_1_1_1_1_5_1_1_10_1_42", "X_2_1_1_1_1_1_42_1_1_11_1_42", "X_2_1_1_1_1_1_6_1_1_12_1_42", "X_2_1_1_1_1_1_43_1_1_13_1_42", "X_2_1_1_1_1_1_7_1_1_14_1_42", "X_2_1_1_1_1_1_44_1_1_15_1_42", "X_2_1_1_1_1_1_8_1_1_16_1_42", "X_2_1_1_1_1_1_45_1_1_17_1_42", "X_2_1_1_1_1_1_9_1_1_18_1_42", "X_2_1_1_1_1_1_46_1_1_19_1_42", "X_2_1_1_1_1_1_10_1_1_20_1_42", "X_2_1_1_1_1_1_47_1_1_21_1_42", "X_2_1_1_1_1_1_11_1_1_22_1_42", "X_2_1_1_1_1_1_48_1_1_23_1_42", "X_2_1_1_1_1_1_12_1_1_24_1_42", "X_2_1_1_1_1_1_49_1_1_25_1_42", "X_2_1_1_1_1_1_13_1_1_26_1_42", "X_2_1_1_1_1_1_50_1_1_27_1_42", "X_2_1_1_1_1_1_14_1_1_28_1_42", "X_2_1_1_1_1_1_51_1_1_29_1_42", "X_2_1_1_1_1_1_15_1_1_30_1_42", "X_2_1_1_1_1_1_52_1_1_31_1_42", "X_2_1_1_1_1_1_16_1_1_32_1_42", "X_2_1_1_1_1_1_53_1_1_33_1_42", "X_2_1_1_1_1_1_17_1_1_34_1_42", "X_2_1_1_1_1_1_54_1_1_35_1_42", "X_2_1_1_1_1_1_18_1_1_36_1_42", "X_2_1_1_1_1_1_55_1_1_37_1_42", "X_2_1_1_1_1_1_19_1_1_38_1_42", "X_2_1_1_1_1_1_56_1_1_39_1_42", "X_2_1_1_1_1_1_20_1_1_40_1_42", "X_2_1_1_1_1_1_57_1_1_41_1_42", "X_2_1_1_1_1_1_21_1_1_42_1_42", "X_2_1_1_1_1_1_58_1_1_43_1_42", "X_2_1_1_1_1_1_22_1_1_44_1_42", "X_2_1_1_1_1_1_59_1_1_45_1_42", "X_2_1_1_1_1_1_23_1_1_46_1_42", "X_2_1_1_1_1_1_60_1_1_47_1_42", "X_2_1_1_1_1_1_24_1_1_48_1_42", "X_2_1_1_1_1_1_61_1_1_49_1_42", "X_2_1_1_1_1_1_25_1_1_50_1_42", "X_2_1_1_1_1_1_62_1_1_51_1_42", "X_2_1_1_1_1_1_26_1_1_52_1_42", "X_2_1_1_1_1_1_63_1_1_53_1_42", "X_2_1_1_1_1_1_27_1_1_54_1_42", "X_2_1_1_1_1_1_64_1_1_55_1_42", "X_2_1_1_1_1_1_28_1_1_56_1_42", "X_2_1_1_1_1_1_65_1_1_57_1_42", "X_2_1_1_1_1_1_29_1_1_58_1_42", "X_2_1_1_1_1_1_66_1_1_59_1_42", "X_2_1_1_1_1_1_30_1_1_60_1_42", "X_2_1_1_1_1_1_67_1_1_61_1_42", "X_2_1_1_1_1_1_31_1_1_62_1_42", "X_2_1_1_1_1_1_68_1_1_63_1_42", "X_2_1_1_1_1_1_32_1_1_64_1_42", "X_2_1_1_1_1_1_69_1_1_65_1_42", "X_2_1_1_1_1_1_33_1_1_66_1_42", "X_2_1_1_1_1_1_70_1_1_67_1_42", "X_2_1_1_1_1_1_34_1_1_68_1_42", "X_2_1_1_1_1_1_71_1_1_69_1_42", "X_2_1_1_1_1_1_35_1_1_70_1_42", "X_2_1_1_1_1_1_72_1_1_71_1_42", "X_2_1_1_1_1_1_36_1_1_72_1_42"], "CsaImage.ProtocolSliceNumber": [0, 1, 2, 3, 4, 5, 6, 7, 8, 9, 10, 11, 12, 13, 14, 15, 16, 17, 18, 19, 20, 21, 22, 23, 24, 25, 26, 27, 28, 29, 30, 31, 32, 33, 34, 35, 36, 37, 38, 39, 40, 41, 42, 43, 44, 45, 46, 47, 48, 49, 50, 51, 52, 53, 54, 55, 56, 57, 58, 59, 60, 61, 62, 63, 64, 65, 66, 67, 68, 69, 70, 71], "CsaImage.RFSWDDataType": ["measured", "predicted", "measured", "predicted", "measured", "predicted", "measured", "predicted", "measured", "predicted", "measured", "predicted", "measured", "predicted", "measured", "predicted", "measured", "predicted", "measured", "predicted", "measured", "predicted", "measured", "predicted", "measured", "predicted", "measured", "predicted", "measured", "predicted", "measured", "predicted", "measured", "predicted", "measured", "predicted", "measured", "predicted", "measured", "predicted", "measured", "predicted", "measured", "predicted", "measured", "predicted", "measured", "predicted", "measured", "predicted", "measured", "predicted", "measured", "predicted", "measured", "predicted", "measured", "predicted", "measured", "predicted", "measured", "measured", "measured", "measured", "measured", "measured", "measured", "measured", "measured", "measured", "measured", "measured"], "CsaImage.SlicePosition_PCS": [[-100.0, -117.28318102, -40.12845684], [-100.0, -116.86052973, -38.17362285], [-100.0, -116.43788034, -36.21879268], [-100.0, -116.01523096, -34.2639587], [-100.0, -115.59258158, -32.30912853], [-100.0, -115.16993219, -30.35429455], [-100.0, -114.74728281, -28.39946438], [-100.0, -114.32463343, -26.44463421], [-100.0, -113.90198404, -24.48980022], [-100.0, -113.47933371, -22.53497005], [-100.0, -113.05668432, -20.58013607], [-100.0, -112.63403494, -18.6253059], [-100.0, -112.2113846, -16.67047573], [-100.0, -111.78873522, -14.71564174], [-100.0, -111.36608583, -12.76081157], [-100.0, -110.94343645, -10.8059795], [-100.0, -110.52078707, -8.85114742], [-100.0, -110.09813673, -6.89631534], [-100.0, -109.67548735, -4.94148327], [-100.0, -109.25283796, -2.98665119], [-100.0, -108.83018858, -1.03181911], [-100.0, -108.4075392, 0.92301297], [-100.0, -107.98488886, 2.87784314], [-100.0, -107.56223947, 4.83267521], [-100.0, -107.13959009, 6.78750729], [-100.0, -106.71694071, 8.74233937], [-100.0, -106.29429037, 10.69717144], [-100.0, -105.87164099, 12.65200257], [-100.0, -105.4489916, 14.60683464], [-100.0, -105.02634222, 16.56166672], [-100.0, -104.60369236, 18.51649832], [-100.0, -104.18104298, 20.4713301], [-100.0, -103.75839312, 22.42616188], [-100.0, -103.33574373, 24.3809936], [-100.0, -102.91309387, 26.33582568], [-100.0, -102.49044449, 28.29065728], [-100.0, -102.06779463, 30.24548935], [-100.0, -101.64514524, 32.20032048], [-100.0, -101.22249562, 34.15515255], [-100.0, -100.799846, 36.10998463], [-100.0, -100.37719638, 38.06481671], [-100.0, -99.95454699, 40.01964878], [-100.0, -99.53189725, 41.97447895], [-100.0, -99.10924775, 43.92931103], [-100.0, -98.68659813, 45.88414311], [-100.0, -98.26394851, 47.83897518], [-100.0, -97.84129891, 49.79380726], [-100.0, -97.41864932, 51.74863934], [-100.0, -96.9959997, 53.70347142], [-100.0, -96.57335014, 55.65830159], [-100.0, -96.15070052, 57.61313557], [-100.0, -95.72805101, 59.56796574], [-100.0, -95.30540139, 61.52279591], [-100.0, -94.88275177, 63.47762989], [-100.0, -94.46010215, 65.43246006], [-100.0, -94.03745253, 67.38729405], [-100.0, -93.61480314, 69.34212422], [-100.0, -93.19215328, 71.2969582], [-100.0, -92.7695039, 73.25178837], [-100.0, -92.34685404, 75.20661854], [-100.0, -91.92420465, 77.16145253], [-100.0, -91.50155479, 79.11628269], [-100.0, -91.07890541, 81.07111668], [-100.0, -90.65625603, 83.02594685], [-100.0, -90.23360617, 84.98078083], [-100.0, -89.81095678, 86.935611], [-100.0, -89.3883074, 88.89044499], [-100.0, -88.96565706, 90.84527134], [-100.0, -88.54300768, 92.80010533], [-100.0, -88.12035829, 94.75493931], [-100.0, -87.69770891, 96.7097733], [-100.0, -87.27505953, 98.66459965]], "CsaImage.TimeAfterStart": [1.0825, 0.7225, 1.0925, 0.7325, 1.1025, 0.7425, 1.1125, 0.7525, 1.1225, 0.7625, 1.1325, 0.7725, 1.1425, 0.7825, 1.1525, 0.7925, 1.1625, 0.8025, 1.1725, 0.8125, 1.1825, 0.8225, 1.1925, 0.8325, 1.2025, 0.8425, 1.2125, 0.8525, 1.2225, 0.8625, 1.2325, 0.8725, 1.2425, 0.8825, 1.2525, 0.8925, 1.2625, 0.9025, 1.2725, 0.9125, 1.2825, 0.9225, 1.2925, 0.9325, 1.3025, 0.9425, 1.3125, 0.9525, 1.3225, 0.9625, 1.3325, 0.9725, 1.3425, 0.9825, 1.3525, 0.9925, 1.3625, 1.0025, 1.3725, 1.0125, 1.3825, 1.0225, 1.3925, 1.0325, 1.4025, 1.0425, 1.4125, 1.0525, 1.4225, 1.0625, 1.4325, 1.0725], "ImagePositionPatient": [[-100.0, -117.28318101798, -40.128456837521], [-100.0, -116.86052972709, -38.173622853146], [-100.0, -116.43788034354, -36.218792683468], [-100.0, -116.01523096, -34.263958699093], [-100.0, -115.59258157645, -32.309128529415], [-100.0, -115.16993219291, -30.35429454504], [-100.0, -114.74728280936, -28.399464375362], [-100.0, -114.32463342582, -26.444634205685], [-100.0, -113.90198404227, -24.48980022131], [-100.0, -113.47933370505, -22.534970051632], [-100.0, -113.05668432151, -20.580136067257], [-100.0, -112.63403493796, -18.625305897579], [-100.0, -112.21138460074, -16.670475727901], [-100.0, -111.7887352172, -14.715641743526], [-100.0, -111.36608583365, -12.760811573849], [-100.0, -110.94343645011, -10.805979496822], [-100.0, -110.52078706656, -8.8511474197959], [-100.0, -110.09813672934, -6.8963153427696], [-100.0, -109.6754873458, -4.9414832657432], [-100.0, -109.25283796226, -2.9866511887168], [-100.0, -108.83018857871, -1.0318191116905], [-100.0, -108.40753919517, 0.9230129653359], [-100.0, -107.98488885795, 2.8778431350136], [-100.0, -107.5622394744, 4.83267521204], [-100.0, -107.13959009086, 6.7875072890664], [-100.0, -106.71694070731, 8.7423393660927], [-100.0, -106.29429037009, 10.697171443119], [-100.0, -105.87164098655, 12.652002566471], [-100.0, -105.448991603, 14.606834643498], [-100.0, -105.02634221946, 16.561666720524], [-100.0, -104.60369235908, 18.516498320713], [-100.0, -104.18104297553, 20.471330099716], [-100.0, -103.75839311515, 22.426161878719], [-100.0, -103.3357437316, 24.380993598118], [-100.0, -102.91309387122, 26.335825675144], [-100.0, -102.49044448768, 28.290657275333], [-100.0, -102.06779462729, 30.24548935236], [-100.0, -101.64514524375, 32.200320475712], [-100.0, -101.22249562179, 34.155152552738], [-100.0, -100.79984599982, 36.109984629765], [-100.0, -100.37719637786, 38.064816706791], [-100.0, -99.954546994314, 40.019648783817], [-100.0, -99.531897253141, 41.974478953495], [-100.0, -99.109247750387, 43.929311030521], [-100.0, -98.686598128423, 45.884143107548], [-100.0, -98.26394850646, 47.838975184574], [-100.0, -97.841298914299, 49.793807261601], [-100.0, -97.418649322137, 51.748639338627], [-100.0, -96.995999700174, 53.703471415653], [-100.0, -96.573350137815, 55.658301585331], [-100.0, -96.150700515852, 57.613135569706], [-100.0, -95.728051013097, 59.567965739384], [-100.0, -95.305401391134, 61.522795909061], [-100.0, -94.88275176917, 63.477629893436], [-100.0, -94.460102147207, 65.432460063114], [-100.0, -94.037452525243, 67.387294047489], [-100.0, -93.614803141698, 69.342124217167], [-100.0, -93.192153281316, 71.296958201542], [-100.0, -92.769503897771, 73.25178837122], [-100.0, -92.346854037389, 75.206618540897], [-100.0, -91.924204653844, 77.161452525272], [-100.0, -91.501554793462, 79.11628269495], [-100.0, -91.078905409917, 81.071116679325], [-100.0, -90.656256026372, 83.025946849003], [-100.0, -90.23360616599, 84.980780833378], [-100.0, -89.810956782445, 86.935611003056], [-100.0, -89.388307398901, 88.890444987431], [-100.0, -88.965657061681, 90.845271342411], [-100.0, -88.543007678136, 92.800105326786], [-100.0, -88.120358294591, 94.754939311161], [-100.0, -87.697708911047, 96.709773295536], [-100.0, -87.275059527502, 98.664599650517]], "InstanceCreationTime": ["095319.356000", "095319.288000", "095319.358000", "095319.290000", "095319.360000", "095319.292000", "095319.362000", "095319.294000", "095319.364000", "095319.296000", "095319.366000", "095319.298000", "095319.368000", "095319.300000", "095319.369000", "095319.302000", "095319.371000", "095319.304000", "095319.373000", "095319.306000", "095319.375000", "095319.307000", "095319.377000", "095319.309000", "095319.379000", "095319.311000", "095319.381000", "095319.313000", "095319.382000", "095319.315000", "095319.384000", "095319.317000", "095319.386000", "095319.319000", "095319.388000", "095319.320000", "095319.390000", "095319.322000", "095319.392000", "095319.324000", "095319.393000", "095319.326000", "095319.395000", "095319.328000", "095319.397000", "095319.330000", "095319.399000", "095319.332000", "095319.401000", "095319.334000", "095319.402000", "095319.336000", "095319.404000", "095319.337000", "095319.406000", "095319.339000", "095319.408000", "095319.341000", "095319.410000", "095319.343000", "095319.411000", "095319.345000", "095319.414000", "095319.347000", "095319.416000", "095319.349000", "095319.417000", "095319.350000", "095319.419000", "095319.352000", "095319.421000", "095319.354000"], "InstanceNumber": [1, 2, 3, 4, 5, 6, 7, 8, 9, 10, 11, 12, 13, 14, 15, 16, 17, 18, 19, 20, 21, 22, 23, 24, 25, 26, 27, 28, 29, 30, 31, 32, 33, 34, 35, 36, 37, 38, 39, 40, 41, 42, 43, 44, 45, 46, 47, 48, 49, 50, 51, 52, 53, 54, 55, 56, 57, 58, 59, 60, 61, 62, 63, 64, 65, 66, 67, 68, 69, 70, 71, 72], "LargestImagePixelValue": [4094, 4093, 4094, 4094, 4091, 4094, 4093, 4094, 4094, 4095, 4095, 4095, 4094, 4088, 4094, 4093, 4094, 4092, 4095, 4095, 4094, 4094, 4093, 4094, 4095, 4093, 4092, 4093, 4083, 4087, 4089, 4092, 4086, 4092, 4091, 4093, 4095, 4088, 4095, 4094, 4091, 4082, 4092, 4082, 4092, 4093, 4092, 4094, 4094, 4095, 4094, 4086, 4095, 4094, 4094, 4093, 4090, 4095, 4095, 4093, 4094, 4093, 4092, 4095, 4093, 4095, 4095, 4094, 4094, 4094, 4094, 4095], "SliceLocation": [-64.007036158294, -62.007033653256, -60.007035279833, -58.007033177865, -56.007034804442, -54.007032702474, -52.007034329051, -50.007035955629, -48.00703385366, -46.007035278703, -44.007033176734, -42.007034803312, -40.007036228354, -38.007034126386, -36.007035752963, -34.007035515268, -32.007035277572, -30.007034838342, -28.007034600646, -26.007034362951, -24.007034125255, -22.00703388756, -20.007035312602, -18.007035074906, -16.007034837211, -14.007034599515, -12.007034160285, -10.007034854726, -8.0070346170303, -6.0070343793348, -4.00703450694, -2.0070345605371, -0.0070345133668, 1.9929653747776, 3.9929657132406, 5.9929654848679, 7.9929658233309, 9.9929651288899, 11.992965416969, 13.992965705048, 15.992965993128, 17.992966230823, 19.992964679821, 21.992964942709, 23.992965230788, 25.992965518867, 27.992965800649, 29.99296608243, 31.992966370509, 33.99296478172, 35.992966934072, 37.992965332686, 39.992963756493, 41.992965908845, 43.992964332651, 45.992966485003, 47.992964858426, 49.992967061162, 51.992965434584, 53.992963908775, 55.992966010743, 57.992964484933, 59.992966586901, 61.992964960324, 63.99296716306, 65.992965536483, 67.992967638451, 69.992962484863, 71.992964586831, 73.9929666888, 75.992968790768, 77.992963435645], "SmallestImagePixelValue": [0, 1, 0, 0, 0, 0, 0, 0, 0, 0, 0, 0, 0, 1, 2, 0, 0, 1, 0, 4, 0, 0, 1, 4, 3, 1, 0, 4, 0, 4, 1, 0, 3, 0, 3, 1, 20, 1, 3, 2, 0, 10, 6, 0, 1, 3, 0, 3, 3, 3, 0, 4, 0, 2, 3, 0, 0, 0, 4, 0, 0, 0, 0, 0, 0, 0, 1, 0, 0, 0, 0, 0], "WindowCenter": [-270.0, -240.0, -188.0, -250.0, -206.0, -232.0, -194.0, -144.0, -148.0, -140.0, -146.0, -220.0, -270.0, -256.0, -314.0, -318.0, -236.0, -246.0, -234.0, -224.0, -214.0, -190.0, -142.0, -140.0, -154.0, -142.0, -174.0, -192.0, -214.0, -152.0, -120.0, -108.0, -94.0, -56.0, -58.0, -82.0, -78.0, -114.0, -118.0, -102.0, -70.0, -84.0, -64.0, -50.0, -46.0, -42.0, -48.0, -32.0, -30.0, -44.0, -54.0, -52.0, -68.0, -80.0, -90.0, -92.0, -76.0, -92.0, -116.0, -124.0, -128.0, -146.0, -132.0, -128.0, -128.0, -154.0, -134.0, -126.0, -188.0, -254.0, -274.0, -372.0], "WindowWidth": [6112.0, 6110.0, 6170.0, 6166.0, 6246.0, 6296.0, 6306.0, 6378.0, 6362.0, 6364.0, 6372.0, 6338.0, 6276.0, 6234.0, 6122.0, 6052.0, 6056.0, 5976.0, 5922.0, 5850.0, 5778.0, 5712.0, 5582.0, 5584.0, 5520.0, 5534.0, 5330.0, 5308.0, 5292.0, 5528.0, 5614.0, 5670.0, 5658.0, 5682.0, 5656.0, 5630.0, 5610.0, 5460.0, 5500.0, 5512.0, 5556.0, 5490.0, 5476.0, 5490.0, 5504.0, 5520.0, 5536.0, 5562.0, 5586.0, 5566.0, 5618.0, 5668.0, 5680.0, 5676.0, 5702.0, 5758.0, 5768.0, 5854.0, 5910.0, 5954.0, 5990.0, 6086.0, 6138.0, 6168.0, 6184.0, 6188.0, 6248.0, 6306.0, 6250.0, 6240.0, 6228.0, 6192.0]}}, "IntendedFor": ["ses-imagenet01/func/sub-24_ses-imagenet01_task-imagenet_run-07_bold.nii.gz", "ses-imagenet01/func/sub-24_ses-imagenet01_task-imagenet_run-08_bold.nii.gz", "ses-imagenet01/func/sub-24_ses-imagenet01_task-imagenet_run-05_bold.nii.gz", "ses-imagenet01/func/sub-24_ses-imagenet01_task-imagenet_run-03_bold.nii.gz", "ses-imagenet01/func/sub-24_ses-imagenet01_task-imagenet_run-01_bold.nii.gz", "ses-imagenet01/func/sub-24_ses-imagenet01_task-imagenet_run-02_bold.nii.gz", "ses-imagenet01/func/sub-24_ses-imagenet01_task-imagenet_run-10_bold.nii.gz", "ses-imagenet01/func/sub-24_ses-imagenet01_task-imagenet_run-09_bold.nii.gz", "ses-imagenet01/func/sub-24_ses-imagenet01_task-imagenet_run-06_bold.nii.gz", "ses-imagenet01/func/sub-24_ses-imagenet01_task-imagenet_run-04_bold.nii.gz"]}