{"AcquisitionMatrixPE": 100, "AcquisitionNumber": 1, "AcquisitionTime": "14:10:18.060000", "BaseResolution": 100, "BodyPartExamined": "BRAIN", "ConsistencyInfo": "N4_VE11C_LATEST_20160120", "ConversionSoftware": "dcm2niix", "ConversionSoftwareVersion": "v1.0.20180622 GCC4.9.2", "DeviceSerialNumber": "166078", "DwellTime": 8.8e-06, "EchoNumber": 2, "EchoTime": 0.00738, "EchoTime1": 0.00492, "EchoTime2": 0.00738, "FlipAngle": 60, "ImageOrientationPatientDICOM": [0.999848, 0.0172696, -0.00251936, -0.0174524, 0.989375, -0.144334], "ImageType": ["ORIGINAL", "PRIMARY", "P", "ND"], "InPlanePhaseEncodingDirectionDICOM": "ROW", "InstitutionAddress": "Street_StreetNo_Bei_Jing_District_CN_ZIP", "InstitutionName": "BeiJing_Normal_University", "InstitutionalDepartmentName": "Department", "MRAcquisitionType": "2D", "MagneticFieldStrength": 3, "Manufacturer": "Siemens", "ManufacturersModelName": "Prisma", "Modality": "MR", "PartialFourier": 1, "PatientPosition": "HFS", "PercentPhaseFOV": 100, "PhaseEncodingDirection": "i", "PhaseEncodingSteps": 100, "PhaseResolution": 1, "PixelBandwidth": 570, "ProcedureStepDescription": "BNU_P2018_64CH_Zhen.ZongLei", "ProtocolName": "field_mapping_2x2x2", "PulseSequenceDetails": "%SiemensSeq%_gre_field_mapping", "ReceiveCoilActiveElements": "HC1-7;NC1", "ReceiveCoilName": "HeadNeck_64", "ReconMatrixPE": 100, "RepetitionTime": 0.72, "SAR": 0.13918, "ScanningSequence": "GR", "SequenceName": "_fm2d2r", "SequenceVariant": "SP", "SeriesDescription": "field_mapping_2x2x2", "SeriesNumber": 9, "ShimSetting": [-5466, -11519, -1239, 264, -34, -100, -141, 97], "SliceThickness": 2, "SoftwareVersions": "syngo_MR_E11", "SpacingBetweenSlices": 2, "StationName": "AWP166078", "TxRefAmp": 245.542, "dcmmeta_affine": [[-1.9996954202651978, -0.03490481153130531, 0.0, 101.69510650634766], [-0.03453921154141426, 1.9787501096725464, -0.2887125015258789, -80.09093475341797], [-0.005038726143538952, 0.2886684238910675, 1.9790496826171875, -82.97310638427734], [0.0, 0.0, 0.0, 1.0]], "dcmmeta_reorient_transform": [[0.0, -1.0, 0.0, 99.0], [1.0, 0.0, 0.0, 0.0], [0.0, 0.0, -1.0, 71.0], [0.0, 0.0, 0.0, 1.0]], "dcmmeta_shape": [100, 100, 72], "dcmmeta_slice_dim": 2, "dcmmeta_version": 0.6, "global": {"const": {"AcquisitionMatrix": [0, 100, 100, 0], "AcquisitionNumber": 1, "AngioFlag": "N", "BitsAllocated": 16, "BitsStored": 12, "BodyPartExamined": "BRAIN", "Columns": 100, "EchoNumbers": 2, "EchoTime": 7.38, "EchoTrainLength": 0, "FlipAngle": 60.0, "HighBit": 11, "ImageOrientationPatient": [0.99984769515274, 0.01726960646707, -0.0025193630591, -0.0174524066464, 0.98937508001849, -0.1443342112621], "ImageType": ["ORIGINAL", "PRIMARY", "P", "ND"], "ImagedNucleus": "1H", "ImagingFrequency": 123.257764, "InPlanePhaseEncodingDirection": "ROW", "MRAcquisitionType": "2D", "MagneticFieldStrength": 3.0, "Manufacturer": "SIEMENS", "ManufacturerModelName": "Prisma", "Modality": "MR", "NumberOfAverages": 1.0, "NumberOfPhaseEncodingSteps": 100, "PercentPhaseFieldOfView": 100.0, "PercentSampling": 100.0, "PerformedProcedureStepStartTime": "131910.311000", "PhotometricInterpretation": "MONOCHROME2", "PixelBandwidth": 570.0, "PixelRepresentation": 0, "PixelSpacing": [2.0, 2.0], "ProtocolName": "field_mapping_2x2x2", "RepetitionTime": 720.0, "RescaleIntercept": -4096.0, "RescaleSlope": 2.0, "RescaleType": "US", "Rows": 100, "SAR": 0.13917978688073, "SamplesPerPixel": 1, "ScanningSequence": "GR", "SequenceName": "*fm2d2r", "SequenceVariant": "SP", "SeriesDescription": "field_mapping_2x2x2", "SeriesNumber": 9, "SeriesTime": "141242.612000", "SliceThickness": 2.0, "SoftwareVersions": "syngo MR E11", "SpacingBetweenSlices": 2.0, "SpecificCharacterSet": "ISO_IR 100", "StudyID": "1", "StudyTime": "131910.219000", "TransmitCoilName": "Body", "VariableFlipAngleFlag": "N", "WindowCenterWidthExplanation": "Algo1", "dBdt": 0.0}, "slices": {"AcquisitionTime": ["141018.060000", "141017.700000", "141018.070000", "141017.710000", "141018.080000", "141017.720000", "141018.090000", "141017.730000", "141018.100000", "141017.740000", "141018.110000", "141017.750000", "141018.120000", "141017.760000", "141018.130000", "141017.770000", "141018.140000", "141017.780000", "141018.150000", "141017.790000", "141018.160000", "141017.800000", "141018.170000", "141017.810000", "141018.180000", "141017.820000", "141018.190000", "141017.830000", "141018.200000", "141017.840000", "141018.210000", "141017.850000", "141018.220000", "141017.860000", "141018.230000", "141017.870000", "141018.240000", "141017.880000", "141018.250000", "141017.890000", "141018.260000", "141017.900000", "141018.270000", "141017.910000", "141018.280000", "141017.920000", "141018.290000", "141017.930000", "141018.300000", "141017.940000", "141018.310000", "141017.950000", "141018.320000", "141017.960000", "141018.330000", "141017.970000", "141018.340000", "141017.980000", "141018.350000", "141017.990000", "141018.360000", "141018.000000", "141018.370000", "141018.010000", "141018.380000", "141018.020000", "141018.390000", "141018.030000", "141018.400000", "141018.040000", "141018.410000", "141018.050000"], "ContentTime": ["141242.683000", "141242.614000", "141242.685000", "141242.616000", "141242.687000", "141242.619000", "141242.689000", "141242.621000", "141242.691000", "141242.623000", "141242.692000", "141242.624000", "141242.695000", "141242.626000", "141242.696000", "141242.628000", "141242.698000", "141242.630000", "141242.700000", "141242.632000", "141242.702000", "141242.634000", "141242.704000", "141242.636000", "141242.706000", "141242.637000", "141242.707000", "141242.639000", "141242.709000", "141242.641000", "141242.711000", "141242.643000", "141242.713000", "141242.645000", "141242.715000", "141242.647000", "141242.717000", "141242.649000", "141242.719000", "141242.651000", "141242.720000", "141242.653000", "141242.722000", "141242.655000", "141242.724000", "141242.657000", "141242.726000", "141242.659000", "141242.728000", "141242.661000", "141242.730000", "141242.663000", "141242.732000", "141242.665000", "141242.734000", "141242.667000", "141242.736000", "141242.668000", "141242.738000", "141242.670000", "141242.739000", "141242.672000", "141242.741000", "141242.674000", "141242.743000", "141242.676000", "141242.745000", "141242.678000", "141242.747000", "141242.680000", "141242.749000", "141242.681000"], "CsaImage.GSWDDataType": ["measured", "predicted", "measured", "predicted", "measured", "predicted", "measured", "predicted", "measured", "predicted", "measured", "predicted", "measured", "predicted", "measured", "predicted", "measured", "predicted", "measured", "predicted", "measured", "predicted", "measured", "predicted", "measured", "predicted", "measured", "predicted", "measured", "predicted", "measured", "predicted", "measured", "predicted", "measured", "predicted", "measured", "predicted", "measured", "predicted", "measured", "predicted", "measured", "predicted", "measured", "predicted", "measured", "predicted", "measured", "predicted", "measured", "predicted", "measured", "predicted", "measured", "predicted", "measured", "predicted", "measured", "predicted", "measured", "predicted", "measured", "predicted", "measured", "predicted", "measured", "measured", "measured", "measured", "measured", "measured"], "CsaImage.ICE_Dims": ["X_2_1_1_1_1_1_37_1_1_1_1_168", "X_2_1_1_1_1_1_1_1_1_2_1_168", "X_2_1_1_1_1_1_38_1_1_3_1_168", "X_2_1_1_1_1_1_2_1_1_4_1_168", "X_2_1_1_1_1_1_39_1_1_5_1_168", "X_2_1_1_1_1_1_3_1_1_6_1_168", "X_2_1_1_1_1_1_40_1_1_7_1_168", "X_2_1_1_1_1_1_4_1_1_8_1_168", "X_2_1_1_1_1_1_41_1_1_9_1_168", "X_2_1_1_1_1_1_5_1_1_10_1_168", "X_2_1_1_1_1_1_42_1_1_11_1_168", "X_2_1_1_1_1_1_6_1_1_12_1_168", "X_2_1_1_1_1_1_43_1_1_13_1_168", "X_2_1_1_1_1_1_7_1_1_14_1_168", "X_2_1_1_1_1_1_44_1_1_15_1_168", "X_2_1_1_1_1_1_8_1_1_16_1_168", "X_2_1_1_1_1_1_45_1_1_17_1_168", "X_2_1_1_1_1_1_9_1_1_18_1_168", "X_2_1_1_1_1_1_46_1_1_19_1_168", "X_2_1_1_1_1_1_10_1_1_20_1_168", "X_2_1_1_1_1_1_47_1_1_21_1_168", "X_2_1_1_1_1_1_11_1_1_22_1_168", "X_2_1_1_1_1_1_48_1_1_23_1_168", "X_2_1_1_1_1_1_12_1_1_24_1_168", "X_2_1_1_1_1_1_49_1_1_25_1_168", "X_2_1_1_1_1_1_13_1_1_26_1_168", "X_2_1_1_1_1_1_50_1_1_27_1_168", "X_2_1_1_1_1_1_14_1_1_28_1_168", "X_2_1_1_1_1_1_51_1_1_29_1_168", "X_2_1_1_1_1_1_15_1_1_30_1_168", "X_2_1_1_1_1_1_52_1_1_31_1_168", "X_2_1_1_1_1_1_16_1_1_32_1_168", "X_2_1_1_1_1_1_53_1_1_33_1_168", "X_2_1_1_1_1_1_17_1_1_34_1_168", "X_2_1_1_1_1_1_54_1_1_35_1_168", "X_2_1_1_1_1_1_18_1_1_36_1_168", "X_2_1_1_1_1_1_55_1_1_37_1_168", "X_2_1_1_1_1_1_19_1_1_38_1_168", "X_2_1_1_1_1_1_56_1_1_39_1_168", "X_2_1_1_1_1_1_20_1_1_40_1_168", "X_2_1_1_1_1_1_57_1_1_41_1_168", "X_2_1_1_1_1_1_21_1_1_42_1_168", "X_2_1_1_1_1_1_58_1_1_43_1_168", "X_2_1_1_1_1_1_22_1_1_44_1_168", "X_2_1_1_1_1_1_59_1_1_45_1_168", "X_2_1_1_1_1_1_23_1_1_46_1_168", "X_2_1_1_1_1_1_60_1_1_47_1_168", "X_2_1_1_1_1_1_24_1_1_48_1_168", "X_2_1_1_1_1_1_61_1_1_49_1_168", "X_2_1_1_1_1_1_25_1_1_50_1_168", "X_2_1_1_1_1_1_62_1_1_51_1_168", "X_2_1_1_1_1_1_26_1_1_52_1_168", "X_2_1_1_1_1_1_63_1_1_53_1_168", "X_2_1_1_1_1_1_27_1_1_54_1_168", "X_2_1_1_1_1_1_64_1_1_55_1_168", "X_2_1_1_1_1_1_28_1_1_56_1_168", "X_2_1_1_1_1_1_65_1_1_57_1_168", "X_2_1_1_1_1_1_29_1_1_58_1_168", "X_2_1_1_1_1_1_66_1_1_59_1_168", "X_2_1_1_1_1_1_30_1_1_60_1_168", "X_2_1_1_1_1_1_67_1_1_61_1_168", "X_2_1_1_1_1_1_31_1_1_62_1_168", "X_2_1_1_1_1_1_68_1_1_63_1_168", "X_2_1_1_1_1_1_32_1_1_64_1_168", "X_2_1_1_1_1_1_69_1_1_65_1_168", "X_2_1_1_1_1_1_33_1_1_66_1_168", "X_2_1_1_1_1_1_70_1_1_67_1_168", "X_2_1_1_1_1_1_34_1_1_68_1_168", "X_2_1_1_1_1_1_71_1_1_69_1_168", "X_2_1_1_1_1_1_35_1_1_70_1_168", "X_2_1_1_1_1_1_72_1_1_71_1_168", "X_2_1_1_1_1_1_36_1_1_72_1_168"], "CsaImage.ProtocolSliceNumber": [0, 1, 2, 3, 4, 5, 6, 7, 8, 9, 10, 11, 12, 13, 14, 15, 16, 17, 18, 19, 20, 21, 22, 23, 24, 25, 26, 27, 28, 29, 30, 31, 32, 33, 34, 35, 36, 37, 38, 39, 40, 41, 42, 43, 44, 45, 46, 47, 48, 49, 50, 51, 52, 53, 54, 55, 56, 57, 58, 59, 60, 61, 62, 63, 64, 65, 66, 67, 68, 69, 70, 71], "CsaImage.RFSWDDataType": ["measured", "predicted", "measured", "predicted", "measured", "predicted", "measured", "predicted", "measured", "predicted", "measured", "predicted", "measured", "predicted", "measured", "predicted", "measured", "predicted", "measured", "predicted", "measured", "predicted", "measured", "predicted", "measured", "predicted", "measured", "predicted", "measured", "predicted", "measured", "predicted", "measured", "predicted", "measured", "predicted", "measured", "predicted", "measured", "predicted", "measured", "predicted", "measured", "predicted", "measured", "predicted", "measured", "predicted", "measured", "predicted", "measured", "predicted", "measured", "predicted", "measured", "predicted", "measured", "predicted", "measured", "predicted", "measured", "predicted", "measured", "measured", "measured", "measured", "measured", "measured", "measured", "measured", "measured", "measured"], "CsaImage.SlicePosition_PCS": [[-98.23952885, -115.80532539, -54.39507165], [-98.23952885, -115.51661289, -52.41602196], [-98.23952885, -115.22790039, -50.43696465], [-98.23952885, -114.93918789, -48.45791497], [-98.23952885, -114.65047539, -46.47886529], [-98.23952885, -114.36176288, -44.49981179], [-98.23952885, -114.07305038, -42.52076211], [-98.23952885, -113.78433883, -40.54170861], [-98.23952885, -113.49562633, -38.56265893], [-98.23952885, -113.20691383, -36.58360543], [-98.23952885, -112.91820133, -34.60455575], [-98.23952885, -112.62948883, -32.62550225], [-98.23952885, -112.34077633, -30.64645257], [-98.23952885, -112.05206383, -28.66739907], [-98.23952885, -111.76335132, -26.68834939], [-98.23952885, -111.47463882, -24.70929589], [-98.23952885, -111.18592632, -22.73024621], [-98.23952885, -110.89721477, -20.75119271], [-98.23952885, -110.60850227, -18.77214303], [-98.23952885, -110.31978977, -16.79308953], [-98.23952885, -110.03107727, -14.81403794], [-98.23952885, -109.74236477, -12.83498635], [-98.23952885, -109.45365227, -10.85593476], [-98.23952885, -109.16493976, -8.87688317], [-98.23952885, -108.87622726, -6.89783158], [-98.23952885, -108.58751524, -4.91877999], [-98.23952885, -108.29880274, -2.9397284], [-98.23952885, -108.01009023, -0.96067776], [-98.23952885, -107.72137773, 1.01837383], [-98.23952885, -107.43266571, 2.99742542], [-98.23952885, -107.14395321, 4.97647701], [-98.23952885, -106.85524071, 6.95552907], [-98.23952885, -106.5665282, 8.93458066], [-98.23952885, -106.2778157, 10.91363202], [-98.23952885, -105.98910368, 12.89268373], [-98.23952885, -105.70039118, 14.87173526], [-98.23952885, -105.41167867, 16.85078679], [-98.23952885, -105.12296617, 18.82983861], [-98.23952885, -104.83425367, 20.8088902], [-98.23952885, -104.54554141, 22.78794132], [-98.23952885, -104.25682915, 24.76699291], [-98.23952885, -103.96811664, 26.7460445], [-98.23952885, -103.67940438, 28.72509609], [-98.23952885, -103.39069188, 30.70414863], [-98.23952885, -103.10197962, 32.68320022], [-98.23952885, -102.81326711, 34.66225181], [-98.23952885, -102.52455473, 36.6413034], [-98.23952885, -102.23584235, 38.62035499], [-98.23952885, -101.94712985, 40.59940658], [-98.23952885, -101.65841747, 42.57845817], [-98.23952885, -101.36970508, 44.55750976], [-98.23952885, -101.08099267, 46.53656135], [-98.23952885, -100.79228027, 48.51561103], [-98.23952885, -100.50356788, 50.49466453], [-98.23952885, -100.21485546, 52.47371421], [-98.23952885, -99.92614305, 54.45276771], [-98.23952885, -99.63743067, 56.43181739], [-98.23952885, -99.34871829, 58.41087089], [-98.23952885, -99.06000591, 60.38992057], [-98.23952885, -98.77129352, 62.36897407], [-98.23952885, -98.48258102, 64.34802375], [-98.23952885, -98.19386876, 66.32707725], [-98.23952885, -97.90515626, 68.30612693], [-98.23952885, -97.61644376, 70.28518043], [-98.23952885, -97.32773149, 72.26423011], [-98.23952885, -97.03901899, 74.24328361], [-98.23952885, -96.75030673, 76.22233329], [-98.23952885, -96.46159446, 78.20138679], [-98.23952885, -96.17288196, 80.18043647], [-98.23952885, -95.88416946, 82.15948616], [-98.23952885, -95.59545696, 84.13854347], [-98.23952885, -95.30674446, 86.11759315]], "CsaImage.TimeAfterStart": [1.0825, 0.7225, 1.0925, 0.7325, 1.1025, 0.7425, 1.1125, 0.7525, 1.1225, 0.7625, 1.1325, 0.7725, 1.1425, 0.7825, 1.1525, 0.7925, 1.1625, 0.8025, 1.1725, 0.8125, 1.1825, 0.8225, 1.1925, 0.8325, 1.2025, 0.8425, 1.2125, 0.8525, 1.2225, 0.8625, 1.2325, 0.8725, 1.2425, 0.8825, 1.2525, 0.8925, 1.2625, 0.9025, 1.2725, 0.9125, 1.2825, 0.9225, 1.2925, 0.9325, 1.3025, 0.9425, 1.3125, 0.9525, 1.3225, 0.9625, 1.3325, 0.9725, 1.3425, 0.9825, 1.3525, 0.9925, 1.3625, 1.0025, 1.3725, 1.0125, 1.3825, 1.0225, 1.3925, 1.0325, 1.4025, 1.0425, 1.4125, 1.0525, 1.4225, 1.0625, 1.4325, 1.0725], "ImagePositionPatient": [[-98.239528850635, -115.80532539142, -54.395071645029], [-98.239528850635, -115.51661288989, -52.416021962411], [-98.239528850635, -115.22790038836, -50.4369646504], [-98.239528850635, -114.93918788684, -48.457914967783], [-98.239528850635, -114.65047538531, -46.478865285165], [-98.239528850635, -114.36176288379, -44.499811787851], [-98.239528850635, -114.07305038226, -42.520762105234], [-98.239528850635, -113.78433883441, -40.541708607919], [-98.239528850635, -113.49562633288, -38.562658925302], [-98.239528850635, -113.20691383136, -36.583605427988], [-98.239528850635, -112.91820132983, -34.60455574537], [-98.239528850635, -112.6294888283, -32.625502248056], [-98.239528850635, -112.34077632678, -30.646452565439], [-98.239528850635, -112.05206382525, -28.667399068124], [-98.239528850635, -111.76335132373, -26.688349385507], [-98.239528850635, -111.4746388222, -24.709295888193], [-98.239528850635, -111.18592632068, -22.730246205576], [-98.239528850635, -110.89721477282, -20.751192708261], [-98.239528850635, -110.6085022713, -18.772143025644], [-98.239528850635, -110.31978976977, -16.793089528329], [-98.239528850635, -110.03107726825, -14.814037938364], [-98.239528850635, -109.74236476672, -12.834986348398], [-98.239528850635, -109.45365226519, -10.855934758432], [-98.239528850635, -109.16493976367, -8.8768831684661], [-98.239528850635, -108.87622726214, -6.8978315785003], [-98.239528850635, -108.58751523745, -4.9187799885345], [-98.239528850635, -108.29880273593, -2.9397283985687], [-98.239528850635, -108.0100902344, -0.9606777622772], [-98.239528850635, -107.72137773288, 1.0183738276886], [-98.239528850635, -107.43266570819, 2.9974254176545], [-98.239528850635, -107.14395320666, 4.9764770076203], [-98.239528850635, -106.85524070514, 6.9555290744233], [-98.239528850635, -106.56652820361, 8.9345806643891], [-98.239528850635, -106.27781570208, 10.913632015936], [-98.239528850635, -105.9891036774, 12.892683725111], [-98.239528850635, -105.70039117587, 14.871735255473], [-98.239528850635, -105.41167867434, 16.850786785834], [-98.239528850635, -105.12296617282, 18.829838614218], [-98.239528850635, -104.83425367129, 20.808890204184], [-98.239528850635, -104.54554140818, 22.787941317313], [-98.239528850635, -104.25682914508, 24.766992907278], [-98.239528850635, -103.96811664355, 26.746044497244], [-98.239528850635, -103.67940438044, 28.72509608721], [-98.239528850635, -103.39069187892, 30.70414863085], [-98.239528850635, -103.10197961581, 32.683200220816], [-98.239528850635, -102.81326711428, 34.662251810782], [-98.239528850635, -102.52455473197, 36.641303400748], [-98.239528850635, -102.23584234965, 38.620354990714], [-98.239528850635, -101.94712984813, 40.599406580679], [-98.239528850635, -101.65841746581, 42.578458170645], [-98.239528850635, -101.36970508349, 44.557509760611], [-98.239528850635, -101.08099267137, 46.536561350577], [-98.239528850635, -100.79228027416, 48.515611033194], [-98.239528850635, -100.50356787694, 50.494664530508], [-98.239528850635, -100.21485546482, 52.473714213126], [-98.239528850635, -99.9261430527, 54.45276771044], [-98.239528850635, -99.637430670384, 56.431817393057], [-98.239528850635, -99.348718288067, 58.410870890372], [-98.239528850635, -99.060005905751, 60.389920572989], [-98.239528850635, -98.771293523434, 62.368974070303], [-98.239528850635, -98.482581021908, 64.348023752921], [-98.239528850635, -98.193868758801, 66.327077250235], [-98.239528850635, -97.905156257275, 68.306126932852], [-98.239528850635, -97.616443755749, 70.285180430167], [-98.239528850635, -97.327731492642, 72.264230112784], [-98.239528850635, -97.039018991116, 74.243283610098], [-98.239528850635, -96.750306728009, 76.222333292716], [-98.239528850635, -96.461594464901, 78.20138679003], [-98.239528850635, -96.172881963376, 80.180436472647], [-98.239528850635, -95.88416946185, 82.159486155264], [-98.239528850635, -95.595456960324, 84.138543467276], [-98.239528850635, -95.306744458798, 86.117593149893]], "InstanceCreationTime": ["141242.683000", "141242.614000", "141242.685000", "141242.616000", "141242.687000", "141242.619000", "141242.689000", "141242.621000", "141242.691000", "141242.623000", "141242.692000", "141242.624000", "141242.695000", "141242.626000", "141242.696000", "141242.628000", "141242.698000", "141242.630000", "141242.700000", "141242.632000", "141242.702000", "141242.634000", "141242.704000", "141242.636000", "141242.706000", "141242.637000", "141242.707000", "141242.639000", "141242.709000", "141242.641000", "141242.711000", "141242.643000", "141242.713000", "141242.645000", "141242.715000", "141242.647000", "141242.717000", "141242.649000", "141242.719000", "141242.651000", "141242.720000", "141242.653000", "141242.722000", "141242.655000", "141242.724000", "141242.657000", "141242.726000", "141242.659000", "141242.728000", "141242.661000", "141242.730000", "141242.663000", "141242.732000", "141242.665000", "141242.734000", "141242.667000", "141242.736000", "141242.668000", "141242.738000", "141242.670000", "141242.739000", "141242.672000", "141242.741000", "141242.674000", "141242.743000", "141242.676000", "141242.745000", "141242.678000", "141242.747000", "141242.680000", "141242.749000", "141242.681000"], "InstanceNumber": [1, 2, 3, 4, 5, 6, 7, 8, 9, 10, 11, 12, 13, 14, 15, 16, 17, 18, 19, 20, 21, 22, 23, 24, 25, 26, 27, 28, 29, 30, 31, 32, 33, 34, 35, 36, 37, 38, 39, 40, 41, 42, 43, 44, 45, 46, 47, 48, 49, 50, 51, 52, 53, 54, 55, 56, 57, 58, 59, 60, 61, 62, 63, 64, 65, 66, 67, 68, 69, 70, 71, 72], "LargestImagePixelValue": [4094, 4094, 4095, 4094, 4093, 4094, 4095, 4094, 4094, 4093, 4095, 4095, 4094, 4090, 4094, 4092, 4095, 4094, 4095, 4091, 4093, 4093, 4089, 4092, 4093, 4091, 4092, 4091, 4086, 4093, 4091, 4094, 4083, 4085, 4093, 4091, 4086, 4091, 4092, 4089, 4084, 4094, 4092, 4074, 4090, 4095, 4092, 4090, 4094, 4093, 4094, 4091, 4089, 4092, 4095, 4090, 4092, 4095, 4084, 4095, 4093, 4090, 4093, 4095, 4095, 4094, 4093, 4092, 4094, 4093, 4094, 4094], "SliceLocation": [-70.542542632909, -68.542544494209, -66.542538806026, -64.542540667326, -62.542542528626, -60.542540615184, -58.542542476484, -56.542540700711, -54.542542562011, -52.54254064857, -50.542542509869, -48.542540596428, -46.542542457728, -44.542540544286, -42.542542405586, -40.542540492144, -38.542542353444, -36.542540577671, -34.542542438971, -32.542540525529, -30.542540499459, -28.542540473388, -26.542540447317, -24.542540421246, -22.542540395175, -20.542540437939, -18.542540411868, -16.542541329482, -14.542541303411, -12.542541346175, -10.542541320104, -8.5425408221903, -6.5425407961194, -4.5425410059698, -2.5425409307726, -0.5425409636821, 1.4574590034085, 3.4574592654007, 5.4574592914716, 7.4574588112826, 9.4574588029363, 11.457458829007, 13.457458820661, 15.457459790417, 17.457459782071, 19.457459808142, 21.457459817004, 23.457459825866, 25.457459851937, 27.457459860799, 29.457459869662, 31.457459882826, 33.457458006469, 35.457459904853, 37.457458030647, 39.457459931182, 41.457458052673, 43.457459948906, 45.457458070398, 47.457459966631, 49.457458105331, 51.457459984356, 53.457458123056, 55.457460036497, 57.45745814078, 59.457460054222, 61.457458158505, 63.457460037529, 65.457458176229, 67.45745631493, 69.457462003113, 71.457460141813], "SmallestImagePixelValue": [0, 0, 0, 1, 0, 1, 0, 0, 0, 0, 0, 0, 0, 0, 4, 1, 0, 5, 1, 0, 1, 0, 1, 0, 2, 5, 17, 0, 6, 17, 11, 21, 6, 0, 9, 0, 10, 0, 0, 4, 5, 6, 0, 3, 0, 5, 0, 0, 0, 0, 8, 0, 0, 6, 0, 0, 2, 5, 0, 2, 0, 2, 1, 0, 0, 0, 0, 1, 0, 0, 0, 2], "WindowCenter": [-324.0, -306.0, -286.0, -312.0, -258.0, -230.0, -258.0, -262.0, -230.0, -236.0, -276.0, -260.0, -242.0, -228.0, -184.0, -194.0, -242.0, -248.0, -190.0, -222.0, -226.0, -292.0, -292.0, -396.0, -370.0, -324.0, -306.0, -272.0, -264.0, -242.0, -70.0, -50.0, -68.0, -30.0, -52.0, -156.0, -46.0, -72.0, -172.0, -16.0, -8.0, 12.0, 28.0, 4.0, 2.0, -12.0, 12.0, 20.0, -16.0, -18.0, -16.0, -42.0, -54.0, -38.0, -70.0, -36.0, -48.0, -46.0, -68.0, -76.0, -82.0, -56.0, -60.0, -62.0, -92.0, -100.0, -162.0, -164.0, -188.0, -196.0, -216.0, -176.0], "WindowWidth": [6186.0, 6188.0, 6244.0, 6250.0, 6302.0, 6322.0, 6310.0, 6322.0, 6312.0, 6246.0, 6210.0, 6152.0, 6086.0, 6064.0, 6044.0, 6052.0, 6030.0, 6010.0, 5892.0, 5790.0, 5686.0, 5568.0, 5364.0, 4660.0, 4628.0, 4608.0, 4598.0, 4592.0, 4590.0, 4574.0, 5190.0, 5204.0, 4936.0, 5110.0, 4962.0, 4530.0, 5040.0, 4932.0, 4540.0, 5172.0, 5148.0, 5262.0, 5336.0, 5216.0, 5246.0, 5172.0, 5322.0, 5362.0, 5340.0, 5432.0, 5486.0, 5456.0, 5424.0, 5530.0, 5458.0, 5584.0, 5602.0, 5674.0, 5690.0, 5712.0, 5736.0, 5796.0, 5816.0, 5868.0, 5912.0, 5916.0, 5984.0, 6056.0, 6168.0, 6238.0, 6292.0, 6328.0]}}, "IntendedFor": ["ses-imagenet01/func/sub-05_ses-imagenet01_task-imagenet_run-01_bold.nii.gz", "ses-imagenet01/func/sub-05_ses-imagenet01_task-imagenet_run-03_bold.nii.gz", "ses-imagenet01/func/sub-05_ses-imagenet01_task-imagenet_run-05_bold.nii.gz", "ses-imagenet01/func/sub-05_ses-imagenet01_task-imagenet_run-07_bold.nii.gz", "ses-imagenet01/func/sub-05_ses-imagenet01_task-imagenet_run-08_bold.nii.gz", "ses-imagenet01/func/sub-05_ses-imagenet01_task-imagenet_run-04_bold.nii.gz", "ses-imagenet01/func/sub-05_ses-imagenet01_task-imagenet_run-09_bold.nii.gz", "ses-imagenet01/func/sub-05_ses-imagenet01_task-imagenet_run-06_bold.nii.gz", "ses-imagenet01/func/sub-05_ses-imagenet01_task-imagenet_run-10_bold.nii.gz", "ses-imagenet01/func/sub-05_ses-imagenet01_task-imagenet_run-02_bold.nii.gz"]}