{"AcquisitionMatrixPE": 100, "AcquisitionNumber": 1, "AcquisitionTime": "15:57:49.952500", "BaseResolution": 100, "BodyPartExamined": "BRAIN", "ConsistencyInfo": "N4_VE11C_LATEST_20160120", "ConversionSoftware": "dcm2niix", "ConversionSoftwareVersion": "v1.0.20180622 GCC4.9.2", "DeviceSerialNumber": "166078", "DwellTime": 8.8e-06, "EchoNumber": 2, "EchoTime": 0.00738, "EchoTime1": 0.00492, "EchoTime2": 0.00738, "FlipAngle": 60, "ImageOrientationPatientDICOM": [1, 0, 0, 0, 0.979223, -0.202787], "ImageType": ["ORIGINAL", "PRIMARY", "P", "ND"], "InPlanePhaseEncodingDirectionDICOM": "ROW", "InstitutionAddress": "Street_StreetNo_Bei_Jing_District_CN_ZIP", "InstitutionName": "BeiJing_Normal_University", "InstitutionalDepartmentName": "Department", "MRAcquisitionType": "2D", "MagneticFieldStrength": 3, "Manufacturer": "Siemens", "ManufacturersModelName": "Prisma", "Modality": "MR", "PartialFourier": 1, "PatientPosition": "HFS", "PercentPhaseFOV": 100, "PhaseEncodingDirection": "i", "PhaseEncodingSteps": 100, "PhaseResolution": 1, "PixelBandwidth": 570, "ProcedureStepDescription": "BNU_P2018_64CH_Zhen.ZongLei", "ProtocolName": "field_mapping_2x2x2", "PulseSequenceDetails": "%SiemensSeq%_gre_field_mapping", "ReceiveCoilActiveElements": "HC1-7;NC1", "ReceiveCoilName": "HeadNeck_64", "ReconMatrixPE": 100, "RepetitionTime": 0.72, "SAR": 0.11912, "ScanningSequence": "GR", "SequenceName": "_fm2d2r", "SequenceVariant": "SP", "SeriesDescription": "field_mapping_2x2x2", "SeriesNumber": 9, "ShimSetting": [-5461, -11506, -1281, 266, -49, -321, -80, 58], "SliceThickness": 2, "SoftwareVersions": "syngo_MR_E11", "SpacingBetweenSlices": 2, "StationName": "AWP166078", "TxRefAmp": 221.623, "dcmmeta_affine": [[-2.0, 0.0, 0.0, 99.32203674316406], [0.0, 1.95844566822052, -0.40557432174682617, -72.1858139038086], [0.0, 0.40557458996772766, 1.9584426879882812, -91.993408203125], [0.0, 0.0, 0.0, 1.0]], "dcmmeta_reorient_transform": [[0.0, -1.0, 0.0, 99.0], [1.0, 0.0, 0.0, 0.0], [0.0, 0.0, -1.0, 71.0], [0.0, 0.0, 0.0, 1.0]], "dcmmeta_shape": [100, 100, 72], "dcmmeta_slice_dim": 2, "dcmmeta_version": 0.6, "global": {"const": {"AcquisitionMatrix": [0, 100, 100, 0], "AcquisitionNumber": 1, "AngioFlag": "N", "BitsAllocated": 16, "BitsStored": 12, "BodyPartExamined": "BRAIN", "Columns": 100, "EchoNumbers": 2, "EchoTime": 7.38, "EchoTrainLength": 0, "FlipAngle": 60.0, "HighBit": 11, "ImageOrientationPatient": [1.0, 0.0, 0.0, 0.0, 0.97922281116774, -0.2027872927201], "ImageType": ["ORIGINAL", "PRIMARY", "P", "ND"], "ImagedNucleus": "1H", "ImagingFrequency": 123.257727, "InPlanePhaseEncodingDirection": "ROW", "MRAcquisitionType": "2D", "MagneticFieldStrength": 3.0, "Manufacturer": "SIEMENS", "ManufacturerModelName": "Prisma", "Modality": "MR", "NumberOfAverages": 1.0, "NumberOfPhaseEncodingSteps": 100, "PercentPhaseFieldOfView": 100.0, "PercentSampling": 100.0, "PerformedProcedureStepStartTime": "145918.143000", "PhotometricInterpretation": "MONOCHROME2", "PixelBandwidth": 570.0, "PixelRepresentation": 0, "PixelSpacing": [2.0, 2.0], "ProtocolName": "field_mapping_2x2x2", "RepetitionTime": 720.0, "RescaleIntercept": -4096.0, "RescaleSlope": 2.0, "RescaleType": "US", "Rows": 100, "SAR": 0.1191201696131, "SamplesPerPixel": 1, "ScanningSequence": "GR", "SequenceName": "*fm2d2r", "SequenceVariant": "SP", "SeriesDescription": "field_mapping_2x2x2", "SeriesNumber": 9, "SeriesTime": "160014.550000", "SliceThickness": 2.0, "SoftwareVersions": "syngo MR E11", "SpacingBetweenSlices": 2.0, "SpecificCharacterSet": "ISO_IR 100", "StudyID": "1", "StudyTime": "145918.084000", "TransmitCoilName": "Body", "VariableFlipAngleFlag": "N", "WindowCenterWidthExplanation": "Algo1", "dBdt": 0.0}, "slices": {"AcquisitionTime": ["155749.952500", "155749.592500", "155749.962500", "155749.602500", "155749.972500", "155749.612500", "155749.982500", "155749.622500", "155749.992500", "155749.632500", "155750.002500", "155749.642500", "155750.012500", "155749.652500", "155750.022500", "155749.662500", "155750.032500", "155749.672500", "155750.042500", "155749.682500", "155750.052500", "155749.692500", "155750.062500", "155749.702500", "155750.072500", "155749.712500", "155750.082500", "155749.722500", "155750.092500", "155749.732500", "155750.102500", "155749.742500", "155750.112500", "155749.752500", "155750.122500", "155749.762500", "155750.132500", "155749.772500", "155750.142500", "155749.782500", "155750.152500", "155749.792500", "155750.162500", "155749.802500", "155750.172500", "155749.812500", "155750.182500", "155749.822500", "155750.192500", "155749.832500", "155750.202500", "155749.842500", "155750.212500", "155749.852500", "155750.222500", "155749.862500", "155750.232500", "155749.872500", "155750.242500", "155749.882500", "155750.252500", "155749.892500", "155750.262500", "155749.902500", "155750.272500", "155749.912500", "155750.282500", "155749.922500", "155750.292500", "155749.932500", "155750.302500", "155749.942500"], "ContentTime": ["160014.626000", "160014.551000", "160014.628000", "160014.555000", "160014.630000", "160014.557000", "160014.632000", "160014.559000", "160014.634000", "160014.560000", "160014.636000", "160014.563000", "160014.638000", "160014.564000", "160014.640000", "160014.566000", "160014.641000", "160014.568000", "160014.644000", "160014.571000", "160014.646000", "160014.573000", "160014.648000", "160014.575000", "160014.650000", "160014.577000", "160014.652000", "160014.580000", "160014.654000", "160014.582000", "160014.657000", "160014.584000", "160014.659000", "160014.586000", "160014.661000", "160014.588000", "160014.663000", "160014.590000", "160014.665000", "160014.591000", "160014.668000", "160014.593000", "160014.677000", "160014.595000", "160014.680000", "160014.597000", "160014.682000", "160014.599000", "160014.687000", "160014.601000", "160014.690000", "160014.604000", "160014.693000", "160014.606000", "160014.695000", "160014.608000", "160014.697000", "160014.609000", "160014.699000", "160014.611000", "160014.701000", "160014.615000", "160014.703000", "160014.617000", "160014.706000", "160014.618000", "160014.708000", "160014.621000", "160014.715000", "160014.622000", "160014.717000", "160014.624000"], "CsaImage.GSWDDataType": ["measured", "predicted", "measured", "predicted", "measured", "predicted", "measured", "predicted", "measured", "predicted", "measured", "predicted", "measured", "predicted", "measured", "predicted", "measured", "predicted", "measured", "predicted", "measured", "predicted", "measured", "predicted", "measured", "predicted", "measured", "predicted", "measured", "predicted", "measured", "predicted", "measured", "predicted", "measured", "predicted", "measured", "predicted", "measured", "predicted", "measured", "predicted", "measured", "predicted", "measured", "predicted", "measured", "predicted", "measured", "predicted", "measured", "predicted", "measured", "predicted", "measured", "predicted", "measured", "predicted", "measured", "predicted", "measured", "predicted", "measured", "predicted", "measured", "measured", "measured", "measured", "measured", "measured", "measured", "measured"], "CsaImage.ICE_Dims": ["X_2_1_1_1_1_1_37_1_1_1_1_211", "X_2_1_1_1_1_1_1_1_1_2_1_211", "X_2_1_1_1_1_1_38_1_1_3_1_211", "X_2_1_1_1_1_1_2_1_1_4_1_211", "X_2_1_1_1_1_1_39_1_1_5_1_211", "X_2_1_1_1_1_1_3_1_1_6_1_211", "X_2_1_1_1_1_1_40_1_1_7_1_211", "X_2_1_1_1_1_1_4_1_1_8_1_211", "X_2_1_1_1_1_1_41_1_1_9_1_211", "X_2_1_1_1_1_1_5_1_1_10_1_211", "X_2_1_1_1_1_1_42_1_1_11_1_211", "X_2_1_1_1_1_1_6_1_1_12_1_211", "X_2_1_1_1_1_1_43_1_1_13_1_211", "X_2_1_1_1_1_1_7_1_1_14_1_211", "X_2_1_1_1_1_1_44_1_1_15_1_211", "X_2_1_1_1_1_1_8_1_1_16_1_211", "X_2_1_1_1_1_1_45_1_1_17_1_211", "X_2_1_1_1_1_1_9_1_1_18_1_211", "X_2_1_1_1_1_1_46_1_1_19_1_211", "X_2_1_1_1_1_1_10_1_1_20_1_211", "X_2_1_1_1_1_1_47_1_1_21_1_211", "X_2_1_1_1_1_1_11_1_1_22_1_211", "X_2_1_1_1_1_1_48_1_1_23_1_211", "X_2_1_1_1_1_1_12_1_1_24_1_211", "X_2_1_1_1_1_1_49_1_1_25_1_211", "X_2_1_1_1_1_1_13_1_1_26_1_211", "X_2_1_1_1_1_1_50_1_1_27_1_211", "X_2_1_1_1_1_1_14_1_1_28_1_211", "X_2_1_1_1_1_1_51_1_1_29_1_211", "X_2_1_1_1_1_1_15_1_1_30_1_211", "X_2_1_1_1_1_1_52_1_1_31_1_211", "X_2_1_1_1_1_1_16_1_1_32_1_211", "X_2_1_1_1_1_1_53_1_1_33_1_211", "X_2_1_1_1_1_1_17_1_1_34_1_211", "X_2_1_1_1_1_1_54_1_1_35_1_211", "X_2_1_1_1_1_1_18_1_1_36_1_211", "X_2_1_1_1_1_1_55_1_1_37_1_211", "X_2_1_1_1_1_1_19_1_1_38_1_211", "X_2_1_1_1_1_1_56_1_1_39_1_211", "X_2_1_1_1_1_1_20_1_1_40_1_211", "X_2_1_1_1_1_1_57_1_1_41_1_211", "X_2_1_1_1_1_1_21_1_1_42_1_211", "X_2_1_1_1_1_1_58_1_1_43_1_211", "X_2_1_1_1_1_1_22_1_1_44_1_211", "X_2_1_1_1_1_1_59_1_1_45_1_211", "X_2_1_1_1_1_1_23_1_1_46_1_211", "X_2_1_1_1_1_1_60_1_1_47_1_211", "X_2_1_1_1_1_1_24_1_1_48_1_211", "X_2_1_1_1_1_1_61_1_1_49_1_211", "X_2_1_1_1_1_1_25_1_1_50_1_211", "X_2_1_1_1_1_1_62_1_1_51_1_211", "X_2_1_1_1_1_1_26_1_1_52_1_211", "X_2_1_1_1_1_1_63_1_1_53_1_211", "X_2_1_1_1_1_1_27_1_1_54_1_211", "X_2_1_1_1_1_1_64_1_1_55_1_211", "X_2_1_1_1_1_1_28_1_1_56_1_211", "X_2_1_1_1_1_1_65_1_1_57_1_211", "X_2_1_1_1_1_1_29_1_1_58_1_211", "X_2_1_1_1_1_1_66_1_1_59_1_211", "X_2_1_1_1_1_1_30_1_1_60_1_211", "X_2_1_1_1_1_1_67_1_1_61_1_211", "X_2_1_1_1_1_1_31_1_1_62_1_211", "X_2_1_1_1_1_1_68_1_1_63_1_211", "X_2_1_1_1_1_1_32_1_1_64_1_211", "X_2_1_1_1_1_1_69_1_1_65_1_211", "X_2_1_1_1_1_1_33_1_1_66_1_211", "X_2_1_1_1_1_1_70_1_1_67_1_211", "X_2_1_1_1_1_1_34_1_1_68_1_211", "X_2_1_1_1_1_1_71_1_1_69_1_211", "X_2_1_1_1_1_1_35_1_1_70_1_211", "X_2_1_1_1_1_1_72_1_1_71_1_211", "X_2_1_1_1_1_1_36_1_1_72_1_211"], "CsaImage.ProtocolSliceNumber": [0, 1, 2, 3, 4, 5, 6, 7, 8, 9, 10, 11, 12, 13, 14, 15, 16, 17, 18, 19, 20, 21, 22, 23, 24, 25, 26, 27, 28, 29, 30, 31, 32, 33, 34, 35, 36, 37, 38, 39, 40, 41, 42, 43, 44, 45, 46, 47, 48, 49, 50, 51, 52, 53, 54, 55, 56, 57, 58, 59, 60, 61, 62, 63, 64, 65, 66, 67, 68, 69, 70, 71], "CsaImage.RFSWDDataType": ["measured", "predicted", "measured", "predicted", "measured", "predicted", "measured", "predicted", "measured", "predicted", "measured", "predicted", "measured", "predicted", "measured", "predicted", "measured", "predicted", "measured", "predicted", "measured", "predicted", "measured", "predicted", "measured", "predicted", "measured", "predicted", "measured", "predicted", "measured", "predicted", "measured", "predicted", "measured", "predicted", "measured", "predicted", "measured", "predicted", "measured", "predicted", "measured", "predicted", "measured", "predicted", "measured", "predicted", "measured", "predicted", "measured", "predicted", "measured", "predicted", "measured", "predicted", "measured", "predicted", "measured", "predicted", "measured", "predicted", "measured", "measured", "measured", "measured", "measured", "measured", "measured", "measured", "measured", "measured"], "CsaImage.SlicePosition_PCS": [[-99.32203388, -121.70032486, -51.84173124], [-99.32203388, -121.29475007, -49.88328855], [-99.32203388, -120.88917527, -47.92483823], [-99.32203388, -120.48360047, -45.96639554], [-99.32203388, -120.07802567, -44.00795286], [-99.32203388, -119.67245087, -42.04950254], [-99.32203388, -119.26687607, -40.09105985], [-99.32203388, -118.86130318, -38.13261335], [-99.32203388, -118.45572838, -36.17416685], [-99.32203388, -118.05015358, -34.21572034], [-99.32203388, -117.64457879, -32.25727384], [-99.32203388, -117.23900399, -30.29883115], [-99.32203388, -116.83342919, -28.34038465], [-99.32203388, -116.42785439, -26.38193815], [-99.32203388, -116.02227959, -24.42349164], [-99.32203388, -115.61670479, -22.46504896], [-99.32203388, -115.21112999, -20.50660245], [-99.32203388, -114.8055571, -18.54815595], [-99.32203388, -114.3999823, -16.58970945], [-99.32203388, -113.99440751, -14.63126676], [-99.32203388, -113.58883271, -12.67282026], [-99.32203388, -113.18325791, -10.71437376], [-99.32203388, -112.77768311, -8.75592916], [-99.32203388, -112.37210831, -6.79748266], [-99.32203388, -111.96653447, -4.83903615], [-99.32203388, -111.56095967, -2.88059156], [-99.32203388, -111.15538487, -0.92214506], [-99.32203388, -110.74981007, 1.03629954], [-99.32203388, -110.34423623, 2.99474604], [-99.32203388, -109.93866143, 4.95319064], [-99.32203388, -109.53308663, 6.91163714], [-99.32203388, -109.12751183, 8.87008269], [-99.32203388, -108.72193703, 10.82852824], [-99.32203388, -108.31636319, 12.78697379], [-99.32203388, -107.91078839, 14.74541934], [-99.32203388, -107.50521359, 16.70386488], [-99.32203388, -107.09963879, 18.66231043], [-99.32203388, -106.69406495, 20.62075607], [-99.32203388, -106.28849015, 22.57920177], [-99.32203388, -105.88291535, 24.53764708], [-99.32203388, -105.47734055, 26.49609311], [-99.32203388, -105.07176623, 28.45453818], [-99.32203388, -104.66619143, 30.41298373], [-99.32203388, -104.26061711, 32.37143023], [-99.32203388, -103.85504231, 34.32987578], [-99.32203388, -103.44946799, 36.28832133], [-99.32203388, -103.04389319, 38.24676592], [-99.32203388, -102.63831839, 40.20521243], [-99.32203388, -102.23274407, 42.16365702], [-99.32203388, -101.82716951, 44.12210352], [-99.32203388, -101.42159471, 46.08055003], [-99.32203388, -101.01602015, 48.03899462], [-99.32203388, -100.61044559, 49.99744113], [-99.32203388, -100.20487103, 51.95588572], [-99.32203388, -99.79929647, 53.91433032], [-99.32203388, -99.39372191, 55.87277682], [-99.32203388, -98.98814723, 57.83122332], [-99.32203388, -98.58257267, 59.78966982], [-99.32203388, -98.17699811, 61.74811251], [-99.32203388, -97.7714235, 63.70655901], [-99.32203388, -97.36584893, 65.66500552], [-99.32203388, -96.96027431, 67.62345202], [-99.32203388, -96.55469975, 69.58189471], [-99.32203388, -96.14912519, 71.54034121], [-99.32203388, -95.74355063, 73.49878771], [-99.32203388, -95.33797607, 75.45723422], [-99.32203388, -94.93240127, 77.41568072], [-99.32203388, -94.52682671, 79.37412341], [-99.32203388, -94.12125215, 81.33256991], [-99.32203388, -93.71567759, 83.29101641], [-99.32203388, -93.31010279, 85.24946291], [-99.32203388, -92.90452847, 87.2079056]], "CsaImage.TimeAfterStart": [1.0825, 0.7225, 1.0925, 0.7325, 1.1025, 0.7425, 1.1125, 0.7525, 1.1225, 0.7625, 1.1325, 0.7725, 1.1425, 0.7825, 1.1525, 0.7925, 1.1625, 0.8025, 1.1725, 0.8125, 1.1825, 0.8225, 1.1925, 0.8325, 1.2025, 0.8425, 1.2125, 0.8525, 1.2225, 0.8625, 1.2325, 0.8725, 1.2425, 0.8825, 1.2525, 0.8925, 1.2625, 0.9025, 1.2725, 0.9125, 1.2825, 0.9225, 1.2925, 0.9325, 1.3025, 0.9425, 1.3125, 0.9525, 1.3225, 0.9625, 1.3325, 0.9725, 1.3425, 0.9825, 1.3525, 0.9925, 1.3625, 1.0025, 1.3725, 1.0125, 1.3825, 1.0225, 1.3925, 1.0325, 1.4025, 1.0425, 1.4125, 1.0525, 1.4225, 1.0625, 1.4325, 1.0725], "ImagePositionPatient": [[-99.322033882141, -121.70032486372, -51.841731238244], [-99.322033882141, -121.29475006514, -49.883288550256], [-99.322033882141, -120.88917526655, -47.924838232873], [-99.322033882141, -120.48360046797, -45.966395544885], [-99.322033882141, -120.07802566939, -44.007952856896], [-99.322033882141, -119.6724508708, -42.049502539513], [-99.322033882141, -119.26687607222, -40.091059851525], [-99.322033882141, -118.86130318098, -38.13261334884], [-99.322033882141, -118.4557283824, -36.174166846154], [-99.322033882141, -118.05015358382, -34.215720343469], [-99.322033882141, -117.64457878523, -32.257273840783], [-99.322033882141, -117.23900398665, -30.298831152795], [-99.322033882141, -116.83342918806, -28.340384650109], [-99.322033882141, -116.42785438948, -26.381938147424], [-99.322033882141, -116.0222795909, -24.423491644738], [-99.322033882141, -115.61670479231, -22.46504895675], [-99.322033882141, -115.21112999373, -20.506602454064], [-99.322033882141, -114.80555710249, -18.548155951379], [-99.322033882141, -114.39998230391, -16.589709448693], [-99.322033882141, -113.99440750532, -14.631266760705], [-99.322033882141, -113.58883270674, -12.672820258019], [-99.322033882141, -113.18325790816, -10.714373755334], [-99.322033882141, -112.77768310957, -8.7559291599968], [-99.322033882141, -112.37210831099, -6.7974826573113], [-99.322033882141, -111.96653446608, -4.8390361546257], [-99.322033882141, -111.56095966749, -2.8805915592888], [-99.322033882141, -111.15538486891, -0.9221450566033], [-99.322033882141, -110.74981007033, 1.0362995387336], [-99.322033882141, -110.34423622542, 2.9947460414192], [-99.322033882141, -109.93866142683, 4.9531906367561], [-99.322033882141, -109.53308662825, 6.9116371394416], [-99.322033882141, -109.12751182966, 8.8700826884529], [-99.322033882141, -108.72193703108, 10.828528237464], [-99.322033882141, -108.31636318617, 12.786973786475], [-99.322033882141, -107.91078838759, 14.745419335487], [-99.322033882141, -107.505213589, 16.703864884498], [-99.322033882141, -107.09963879042, 18.662310433509], [-99.322033882141, -106.69406494551, 20.620756071927], [-99.322033882141, -106.28849014693, 22.57920176995], [-99.322033882141, -105.88291534834, 24.537647080543], [-99.322033882141, -105.47734054976, 26.496093106391], [-99.322033882141, -105.07176622801, 28.454538178565], [-99.322033882141, -104.66619142943, 30.412983727576], [-99.322033882141, -104.26061710768, 32.371430230262], [-99.322033882141, -103.8550423091, 34.329875779273], [-99.322033882141, -103.44946798735, 36.288321328284], [-99.322033882141, -103.04389318876, 38.246765923621], [-99.322033882141, -102.63831839018, 40.205212426307], [-99.322033882141, -102.23274406843, 42.163657021644], [-99.322033882141, -101.82716950827, 44.122103524329], [-99.322033882141, -101.42159470968, 46.080550027015], [-99.322033882141, -101.01602014952, 48.038994622352], [-99.322033882141, -100.61044558935, 49.997441125037], [-99.322033882141, -100.20487102919, 51.955885720374], [-99.322033882141, -99.799296469023, 53.914330315711], [-99.322033882141, -99.393721908858, 55.872776818397], [-99.322033882141, -98.988147229483, 57.831223321082], [-99.322033882141, -98.582572669318, 59.789669823768], [-99.322033882141, -98.176998109152, 61.748112511756], [-99.322033882141, -97.771423504283, 63.706559014442], [-99.322033882141, -97.365848929217, 65.665005517127], [-99.322033882141, -96.960274309447, 67.623452019813], [-99.322033882141, -96.554699749281, 69.581894707801], [-99.322033882141, -96.149125189116, 71.540341210487], [-99.322033882141, -95.743550628951, 73.498787713172], [-99.322033882141, -95.337976068785, 75.457234215858], [-99.322033882141, -94.932401270201, 77.415680718543], [-99.322033882141, -94.526826710036, 79.374123406531], [-99.322033882141, -94.12125214987, 81.332569909217], [-99.322033882141, -93.715677589705, 83.291016411903], [-99.322033882141, -93.310102791121, 85.249462914588], [-99.322033882141, -92.904528469374, 87.207905602576]], "InstanceCreationTime": ["160014.626000", "160014.551000", "160014.628000", "160014.555000", "160014.630000", "160014.557000", "160014.632000", "160014.559000", "160014.634000", "160014.560000", "160014.636000", "160014.563000", "160014.638000", "160014.564000", "160014.640000", "160014.566000", "160014.641000", "160014.568000", "160014.644000", "160014.571000", "160014.646000", "160014.573000", "160014.648000", "160014.575000", "160014.650000", "160014.577000", "160014.652000", "160014.580000", "160014.654000", "160014.582000", "160014.657000", "160014.584000", "160014.659000", "160014.586000", "160014.661000", "160014.588000", "160014.663000", "160014.590000", "160014.665000", "160014.591000", "160014.668000", "160014.593000", "160014.677000", "160014.595000", "160014.680000", "160014.597000", "160014.682000", "160014.599000", "160014.687000", "160014.601000", "160014.690000", "160014.604000", "160014.693000", "160014.606000", "160014.695000", "160014.608000", "160014.697000", "160014.609000", "160014.699000", "160014.611000", "160014.701000", "160014.615000", "160014.703000", "160014.617000", "160014.706000", "160014.618000", "160014.708000", "160014.621000", "160014.715000", "160014.622000", "160014.717000", "160014.624000"], "InstanceNumber": [1, 2, 3, 4, 5, 6, 7, 8, 9, 10, 11, 12, 13, 14, 15, 16, 17, 18, 19, 20, 21, 22, 23, 24, 25, 26, 27, 28, 29, 30, 31, 32, 33, 34, 35, 36, 37, 38, 39, 40, 41, 42, 43, 44, 45, 46, 47, 48, 49, 50, 51, 52, 53, 54, 55, 56, 57, 58, 59, 60, 61, 62, 63, 64, 65, 66, 67, 68, 69, 70, 71, 72], "LargestImagePixelValue": [4091, 4092, 4095, 4094, 4092, 4094, 4095, 4095, 4095, 4094, 4094, 4095, 4095, 4094, 4094, 4090, 4095, 4091, 4093, 4089, 4093, 4094, 4088, 4088, 4092, 4093, 4093, 4095, 4087, 4093, 4094, 4094, 4094, 4090, 4095, 4090, 4092, 4094, 4093, 4093, 4093, 4091, 4094, 4092, 4094, 4087, 4094, 4094, 4094, 4083, 4094, 4088, 4094, 4091, 4094, 4089, 4094, 4093, 4094, 4095, 4094, 4091, 4095, 4095, 4093, 4095, 4095, 4095, 4095, 4094, 4094, 4095], "SliceLocation": [-75.443885201187, -73.443888031343, -71.443883390623, -69.44388622078, -67.443889050937, -65.443884410217, -63.443887240373, -61.443886721878, -59.443885816596, -57.443884911314, -55.443884006033, -53.44388683619, -51.443885930908, -49.443885025626, -47.443884120344, -45.443886950501, -43.44388604522, -41.443885526724, -39.443884621442, -37.443887451599, -35.443886546317, -33.443885641036, -31.443886603473, -29.443885698191, -27.443884986303, -25.44388594874, -23.443885043459, -21.443886005896, -19.443885294008, -17.443886256445, -15.443885351163, -13.443885379741, -11.443885408319, -9.4438856302902, -7.4438856588681, -5.443885687446, -3.443885716024, -1.4438858504456, 0.55611426689206, 2.5561140048492, 4.5561144432011, 6.5561138509968, 8.5561138224189, 10.556114631004, 12.556114602426, 14.556114477152, 16.556113514714, 18.556114419996, 20.556113360862, 22.556114217795, 24.556115123077, 26.556114112291, 28.556114969225, 30.556113958439, 32.556112947653, 34.556113804586, 36.556114685694, 38.556115542627, 40.556112664122, 42.556113530121, 44.556114390076, 46.556115259097, 48.556112380592, 50.556113237525, 52.556114094459, 54.556114951392, 56.556115856674, 58.556112978169, 60.556113835102, 62.556114692036, 64.556115597317, 66.556112670464], "SmallestImagePixelValue": [1, 1, 3, 0, 0, 0, 6, 0, 0, 0, 2, 0, 0, 0, 1, 0, 1, 0, 5, 0, 2, 0, 2, 1, 1, 0, 20, 11, 5, 0, 0, 11, 3, 0, 0, 5, 1, 1, 4, 0, 5, 0, 7, 1, 8, 0, 0, 4, 0, 5, 0, 2, 2, 6, 0, 0, 0, 0, 3, 3, 2, 1, 0, 1, 0, 0, 0, 0, 2, 1, 0, 0], "WindowCenter": [-312.0, -278.0, -274.0, -276.0, -240.0, -206.0, -230.0, -208.0, -178.0, -130.0, -168.0, -192.0, -240.0, -278.0, -290.0, -280.0, -272.0, -250.0, -234.0, -224.0, -222.0, -218.0, -278.0, -318.0, -306.0, -306.0, -310.0, -282.0, -244.0, -212.0, -208.0, -182.0, -170.0, -156.0, -130.0, -132.0, -118.0, -86.0, -94.0, -90.0, -74.0, -40.0, -22.0, -8.0, 2.0, -32.0, -60.0, -46.0, -94.0, -228.0, -234.0, -230.0, -234.0, -248.0, -276.0, -248.0, -248.0, -252.0, -252.0, -80.0, -92.0, -96.0, -68.0, -82.0, -134.0, -156.0, -178.0, -196.0, -210.0, -298.0, -322.0, -312.0], "WindowWidth": [6004.0, 6134.0, 6066.0, 6042.0, 6022.0, 6066.0, 5986.0, 6110.0, 6188.0, 6260.0, 6198.0, 6188.0, 6146.0, 6152.0, 6048.0, 5986.0, 5948.0, 5926.0, 5864.0, 5832.0, 5826.0, 5760.0, 5720.0, 5608.0, 5566.0, 5564.0, 5556.0, 5376.0, 5522.0, 5624.0, 5560.0, 5592.0, 5580.0, 5566.0, 5568.0, 5552.0, 5502.0, 5514.0, 5464.0, 5436.0, 5448.0, 5468.0, 5442.0, 5402.0, 5422.0, 5338.0, 5296.0, 5362.0, 5182.0, 4618.0, 4622.0, 4612.0, 4626.0, 4634.0, 4660.0, 4652.0, 4668.0, 4698.0, 4716.0, 5458.0, 5382.0, 5480.0, 5682.0, 5824.0, 5860.0, 5898.0, 5976.0, 6036.0, 6048.0, 6078.0, 6170.0, 6276.0]}}, "IntendedFor": ["ses-imagenet01/func/sub-22_ses-imagenet01_task-imagenet_run-06_bold.nii.gz", "ses-imagenet01/func/sub-22_ses-imagenet01_task-imagenet_run-09_bold.nii.gz", "ses-imagenet01/func/sub-22_ses-imagenet01_task-imagenet_run-04_bold.nii.gz", "ses-imagenet01/func/sub-22_ses-imagenet01_task-imagenet_run-02_bold.nii.gz", "ses-imagenet01/func/sub-22_ses-imagenet01_task-imagenet_run-10_bold.nii.gz", "ses-imagenet01/func/sub-22_ses-imagenet01_task-imagenet_run-03_bold.nii.gz", "ses-imagenet01/func/sub-22_ses-imagenet01_task-imagenet_run-01_bold.nii.gz", "ses-imagenet01/func/sub-22_ses-imagenet01_task-imagenet_run-08_bold.nii.gz", "ses-imagenet01/func/sub-22_ses-imagenet01_task-imagenet_run-07_bold.nii.gz", "ses-imagenet01/func/sub-22_ses-imagenet01_task-imagenet_run-05_bold.nii.gz"]}