{"AcquisitionMatrixPE": 100, "AcquisitionNumber": 1, "AcquisitionTime": "11:57:35.970000", "BaseResolution": 100, "BodyPartExamined": "BRAIN", "ConsistencyInfo": "N4_VE11C_LATEST_20160120", "ConversionSoftware": "dcm2niix", "ConversionSoftwareVersion": "v1.0.20180622 GCC4.9.2", "DeviceSerialNumber": "166078", "DwellTime": 8.8e-06, "EchoNumber": 2, "EchoTime": 0.00738, "EchoTime1": 0.00492, "EchoTime2": 0.00738, "FlipAngle": 60, "ImageOrientationPatientDICOM": [1, 0, 0, 0, 0.964557, -0.263873], "ImageType": ["ORIGINAL", "PRIMARY", "P", "ND"], "InPlanePhaseEncodingDirectionDICOM": "ROW", "InstitutionAddress": "Street_StreetNo_Bei_Jing_District_CN_ZIP", "InstitutionName": "BeiJing_Normal_University", "InstitutionalDepartmentName": "Department", "MRAcquisitionType": "2D", "MagneticFieldStrength": 3, "Manufacturer": "Siemens", "ManufacturersModelName": "Prisma", "Modality": "MR", "PartialFourier": 1, "PatientPosition": "HFS", "PercentPhaseFOV": 100, "PhaseEncodingDirection": "i", "PhaseEncodingSteps": 100, "PhaseResolution": 1, "PixelBandwidth": 570, "ProcedureStepDescription": "BNU_P2018_64CH_Zhen.ZongLei", "ProtocolName": "field_mapping_2x2x2", "PulseSequenceDetails": "%SiemensSeq%_gre_field_mapping", "ReceiveCoilActiveElements": "HC1-7;NC1", "ReceiveCoilName": "HeadNeck_64", "ReconMatrixPE": 100, "RepetitionTime": 0.72, "SAR": 0.143139, "ScanningSequence": "GR", "SequenceName": "_fm2d2r", "SequenceVariant": "SP", "SeriesDescription": "field_mapping_2x2x2", "SeriesNumber": 9, "ShimSetting": [-5458, -11476, -1285, 418, -8, -101, -131, 76], "SliceThickness": 2, "SoftwareVersions": "syngo_MR_E11", "SpacingBetweenSlices": 2, "StationName": "AWP166078", "TxRefAmp": 233.897, "dcmmeta_affine": [[-2.0, 0.0, 0.0, 100.0], [0.0, 1.929114818572998, -0.5277462005615234, -75.04464721679688], [0.0, 0.5277460813522339, 1.9291152954101562, -104.21305084228516], [0.0, 0.0, 0.0, 1.0]], "dcmmeta_reorient_transform": [[0.0, -1.0, 0.0, 99.0], [1.0, 0.0, 0.0, 0.0], [0.0, 0.0, -1.0, 71.0], [0.0, 0.0, 0.0, 1.0]], "dcmmeta_shape": [100, 100, 72], "dcmmeta_slice_dim": 2, "dcmmeta_version": 0.6, "global": {"const": {"AcquisitionMatrix": [0, 100, 100, 0], "AcquisitionNumber": 1, "AngioFlag": "N", "BitsAllocated": 16, "BitsStored": 12, "BodyPartExamined": "BRAIN", "Columns": 100, "EchoNumbers": 2, "EchoTime": 7.38, "EchoTrainLength": 0, "FlipAngle": 60.0, "HighBit": 11, "ImageOrientationPatient": [1.0, 0.0, 0.0, 0.0, 0.96455741884984, -0.2638730485323], "ImageType": ["ORIGINAL", "PRIMARY", "P", "ND"], "ImagedNucleus": "1H", "ImagingFrequency": 123.257781, "InPlanePhaseEncodingDirection": "ROW", "MRAcquisitionType": "2D", "MagneticFieldStrength": 3.0, "Manufacturer": "SIEMENS", "ManufacturerModelName": "Prisma", "Modality": "MR", "NumberOfAverages": 1.0, "NumberOfPhaseEncodingSteps": 100, "PercentPhaseFieldOfView": 100.0, "PercentSampling": 100.0, "PerformedProcedureStepStartTime": "110550.613000", "PhotometricInterpretation": "MONOCHROME2", "PixelBandwidth": 570.0, "PixelRepresentation": 0, "PixelSpacing": [2.0, 2.0], "ProtocolName": "field_mapping_2x2x2", "RepetitionTime": 720.0, "RescaleIntercept": -4096.0, "RescaleSlope": 2.0, "RescaleType": "US", "Rows": 100, "SAR": 0.14313943878244, "SamplesPerPixel": 1, "ScanningSequence": "GR", "SequenceName": "*fm2d2r", "SequenceVariant": "SP", "SeriesDescription": "field_mapping_2x2x2", "SeriesNumber": 9, "SeriesTime": "115959.343000", "SliceThickness": 2.0, "SoftwareVersions": "syngo MR E11", "SpacingBetweenSlices": 2.0, "SpecificCharacterSet": "ISO_IR 100", "StudyID": "1", "StudyTime": "110550.541000", "TransmitCoilName": "Body", "VariableFlipAngleFlag": "N", "WindowCenterWidthExplanation": "Algo1", "dBdt": 0.0}, "slices": {"AcquisitionTime": ["115735.970000", "115735.610000", "115735.980000", "115735.620000", "115735.990000", "115735.630000", "115736.000000", "115735.640000", "115736.010000", "115735.650000", "115736.020000", "115735.660000", "115736.030000", "115735.670000", "115736.040000", "115735.680000", "115736.050000", "115735.690000", "115736.060000", "115735.700000", "115736.070000", "115735.710000", "115736.080000", "115735.720000", "115736.090000", "115735.730000", "115736.100000", "115735.740000", "115736.110000", "115735.750000", "115736.120000", "115735.760000", "115736.130000", "115735.770000", "115736.140000", "115735.780000", "115736.150000", "115735.790000", "115736.160000", "115735.800000", "115736.170000", "115735.810000", "115736.180000", "115735.820000", "115736.190000", "115735.830000", "115736.200000", "115735.840000", "115736.210000", "115735.850000", "115736.220000", "115735.860000", "115736.230000", "115735.870000", "115736.240000", "115735.880000", "115736.250000", "115735.890000", "115736.260000", "115735.900000", "115736.270000", "115735.910000", "115736.280000", "115735.920000", "115736.290000", "115735.930000", "115736.300000", "115735.940000", "115736.310000", "115735.950000", "115736.320000", "115735.960000"], "ContentTime": ["120000.167000", "115959.345000", "120000.168000", "115959.347000", "120000.170000", "115959.349000", "120000.172000", "115959.351000", "120000.174000", "115959.354000", "120000.176000", "115959.355000", "120000.178000", "115959.357000", "120000.179000", "115959.360000", "120000.181000", "115959.362000", "120000.183000", "115959.364000", "120000.185000", "115959.366000", "120000.187000", "115959.367000", "120000.188000", "115959.369000", "120000.190000", "115959.372000", "120000.192000", "115959.374000", "120000.194000", "115959.375000", "120000.196000", "115959.389000", "120000.198000", "115959.392000", "120000.199000", "115959.394000", "120000.201000", "115959.396000", "120000.203000", "115959.398000", "120000.205000", "115959.400000", "120000.207000", "115959.402000", "120000.208000", "120000.142000", "120000.210000", "120000.144000", "120000.212000", "120000.146000", "120000.214000", "120000.148000", "120000.216000", "120000.150000", "120000.218000", "120000.152000", "120000.219000", "120000.154000", "120000.221000", "120000.155000", "120000.223000", "120000.157000", "120000.225000", "120000.159000", "120000.227000", "120000.161000", "120000.228000", "120000.163000", "120000.230000", "120000.165000"], "CsaImage.GSWDDataType": ["measured", "predicted", "measured", "predicted", "measured", "predicted", "measured", "predicted", "measured", "predicted", "measured", "predicted", "measured", "predicted", "measured", "predicted", "measured", "predicted", "measured", "predicted", "measured", "predicted", "measured", "predicted", "measured", "predicted", "measured", "predicted", "measured", "predicted", "measured", "predicted", "measured", "predicted", "measured", "predicted", "measured", "predicted", "measured", "predicted", "measured", "predicted", "measured", "predicted", "measured", "predicted", "measured", "predicted", "measured", "predicted", "measured", "predicted", "measured", "predicted", "measured", "predicted", "measured", "predicted", "measured", "measured", "measured", "measured", "measured", "measured", "measured", "measured", "measured", "measured", "measured", "measured", "measured", "measured"], "CsaImage.ICE_Dims": ["X_2_1_1_1_1_1_37_1_1_1_1_77", "X_2_1_1_1_1_1_1_1_1_2_1_77", "X_2_1_1_1_1_1_38_1_1_3_1_77", "X_2_1_1_1_1_1_2_1_1_4_1_77", "X_2_1_1_1_1_1_39_1_1_5_1_77", "X_2_1_1_1_1_1_3_1_1_6_1_77", "X_2_1_1_1_1_1_40_1_1_7_1_77", "X_2_1_1_1_1_1_4_1_1_8_1_77", "X_2_1_1_1_1_1_41_1_1_9_1_77", "X_2_1_1_1_1_1_5_1_1_10_1_77", "X_2_1_1_1_1_1_42_1_1_11_1_77", "X_2_1_1_1_1_1_6_1_1_12_1_77", "X_2_1_1_1_1_1_43_1_1_13_1_77", "X_2_1_1_1_1_1_7_1_1_14_1_77", "X_2_1_1_1_1_1_44_1_1_15_1_77", "X_2_1_1_1_1_1_8_1_1_16_1_77", "X_2_1_1_1_1_1_45_1_1_17_1_77", "X_2_1_1_1_1_1_9_1_1_18_1_77", "X_2_1_1_1_1_1_46_1_1_19_1_77", "X_2_1_1_1_1_1_10_1_1_20_1_77", "X_2_1_1_1_1_1_47_1_1_21_1_77", "X_2_1_1_1_1_1_11_1_1_22_1_77", "X_2_1_1_1_1_1_48_1_1_23_1_77", "X_2_1_1_1_1_1_12_1_1_24_1_77", "X_2_1_1_1_1_1_49_1_1_25_1_77", "X_2_1_1_1_1_1_13_1_1_26_1_77", "X_2_1_1_1_1_1_50_1_1_27_1_77", "X_2_1_1_1_1_1_14_1_1_28_1_77", "X_2_1_1_1_1_1_51_1_1_29_1_77", "X_2_1_1_1_1_1_15_1_1_30_1_77", "X_2_1_1_1_1_1_52_1_1_31_1_77", "X_2_1_1_1_1_1_16_1_1_32_1_77", "X_2_1_1_1_1_1_53_1_1_33_1_77", "X_2_1_1_1_1_1_17_1_1_34_1_77", "X_2_1_1_1_1_1_54_1_1_35_1_77", "X_2_1_1_1_1_1_18_1_1_36_1_77", "X_2_1_1_1_1_1_55_1_1_37_1_77", "X_2_1_1_1_1_1_19_1_1_38_1_77", "X_2_1_1_1_1_1_56_1_1_39_1_77", "X_2_1_1_1_1_1_20_1_1_40_1_77", "X_2_1_1_1_1_1_57_1_1_41_1_77", "X_2_1_1_1_1_1_21_1_1_42_1_77", "X_2_1_1_1_1_1_58_1_1_43_1_77", "X_2_1_1_1_1_1_22_1_1_44_1_77", "X_2_1_1_1_1_1_59_1_1_45_1_77", "X_2_1_1_1_1_1_23_1_1_46_1_77", "X_2_1_1_1_1_1_60_1_1_47_1_77", "X_2_1_1_1_1_1_24_1_1_48_1_77", "X_2_1_1_1_1_1_61_1_1_49_1_77", "X_2_1_1_1_1_1_25_1_1_50_1_77", "X_2_1_1_1_1_1_62_1_1_51_1_77", "X_2_1_1_1_1_1_26_1_1_52_1_77", "X_2_1_1_1_1_1_63_1_1_53_1_77", "X_2_1_1_1_1_1_27_1_1_54_1_77", "X_2_1_1_1_1_1_64_1_1_55_1_77", "X_2_1_1_1_1_1_28_1_1_56_1_77", "X_2_1_1_1_1_1_65_1_1_57_1_77", "X_2_1_1_1_1_1_29_1_1_58_1_77", "X_2_1_1_1_1_1_66_1_1_59_1_77", "X_2_1_1_1_1_1_30_1_1_60_1_77", "X_2_1_1_1_1_1_67_1_1_61_1_77", "X_2_1_1_1_1_1_31_1_1_62_1_77", "X_2_1_1_1_1_1_68_1_1_63_1_77", "X_2_1_1_1_1_1_32_1_1_64_1_77", "X_2_1_1_1_1_1_69_1_1_65_1_77", "X_2_1_1_1_1_1_33_1_1_66_1_77", "X_2_1_1_1_1_1_70_1_1_67_1_77", "X_2_1_1_1_1_1_34_1_1_68_1_77", "X_2_1_1_1_1_1_71_1_1_69_1_77", "X_2_1_1_1_1_1_35_1_1_70_1_77", "X_2_1_1_1_1_1_72_1_1_71_1_77", "X_2_1_1_1_1_1_36_1_1_72_1_77"], "CsaImage.ProtocolSliceNumber": [0, 1, 2, 3, 4, 5, 6, 7, 8, 9, 10, 11, 12, 13, 14, 15, 16, 17, 18, 19, 20, 21, 22, 23, 24, 25, 26, 27, 28, 29, 30, 31, 32, 33, 34, 35, 36, 37, 38, 39, 40, 41, 42, 43, 44, 45, 46, 47, 48, 49, 50, 51, 52, 53, 54, 55, 56, 57, 58, 59, 60, 61, 62, 63, 64, 65, 66, 67, 68, 69, 70, 71], "CsaImage.RFSWDDataType": ["measured", "predicted", "measured", "predicted", "measured", "predicted", "measured", "predicted", "measured", "predicted", "measured", "predicted", "measured", "predicted", "measured", "predicted", "measured", "predicted", "measured", "predicted", "measured", "predicted", "measured", "predicted", "measured", "predicted", "measured", "predicted", "measured", "predicted", "measured", "predicted", "measured", "predicted", "measured", "predicted", "measured", "predicted", "measured", "predicted", "measured", "predicted", "measured", "predicted", "measured", "predicted", "measured", "predicted", "measured", "predicted", "measured", "predicted", "measured", "predicted", "measured", "predicted", "measured", "measured", "measured", "measured", "measured", "measured", "measured", "measured", "measured", "measured", "measured", "measured", "measured", "measured", "measured", "measured"], "CsaImage.SlicePosition_PCS": [[-100.0, -115.93771553, -51.96614974], [-100.0, -115.40997124, -50.03703444], [-100.0, -114.88222504, -48.10791915], [-100.0, -114.35447884, -46.17880385], [-100.0, -113.82673264, -44.24968855], [-100.0, -113.29898644, -42.32058089], [-100.0, -112.77124024, -40.39146559], [-100.0, -112.24349404, -38.4623503], [-100.0, -111.71574784, -36.53323119], [-100.0, -111.18800164, -34.60411971], [-100.0, -110.66025543, -32.67500441], [-100.0, -110.13250923, -30.74588912], [-100.0, -109.60476303, -28.81677382], [-100.0, -109.07701683, -26.88765853], [-100.0, -108.54927063, -24.95854323], [-100.0, -108.02152443, -23.02942793], [-100.0, -107.49377919, -21.10031264], [-100.0, -106.96603298, -19.17119734], [-100.0, -106.43828678, -17.24208586], [-100.0, -105.91054058, -15.31297057], [-100.0, -105.38279438, -13.38385527], [-100.0, -104.85504818, -11.45473998], [-100.0, -104.32730198, -9.52562468], [-100.0, -103.79955626, -7.59650939], [-100.0, -103.27181006, -5.66739409], [-100.0, -102.74406386, -3.7382807], [-100.0, -102.21631766, -1.80916541], [-100.0, -101.68857146, 0.11994989], [-100.0, -101.16082573, 2.04906328], [-100.0, -100.63307953, 3.97817857], [-100.0, -100.10533333, 5.90729387], [-100.0, -99.57758737, 7.83640916], [-100.0, -99.04984117, 9.76552255], [-100.0, -98.52209497, 11.69463785], [-100.0, -97.99434901, 13.62375314], [-100.0, -97.46660292, 15.55286748], [-100.0, -96.93885678, 17.48198278], [-100.0, -96.41111069, 19.4110976], [-100.0, -95.88336456, 21.34021242], [-100.0, -95.35561848, 23.26932723], [-100.0, -94.8278724, 25.19844205], [-100.0, -94.30012632, 27.12755693], [-100.0, -93.77238012, 29.05667169], [-100.0, -93.24463415, 30.98578651], [-100.0, -92.71688795, 32.91490133], [-100.0, -92.18914175, 34.84401662], [-100.0, -91.66139555, 36.77313096], [-100.0, -91.13364983, 38.70224626], [-100.0, -90.60590363, 40.6313606], [-100.0, -90.07815743, 42.56047494], [-100.0, -89.55041123, 44.48959024], [-100.0, -89.0226655, 46.41870553], [-100.0, -88.4949193, 48.34782083], [-100.0, -87.96717263, 50.27693422], [-100.0, -87.43942738, 52.20604951], [-100.0, -86.91168118, 54.13516481], [-100.0, -86.38393498, 56.0642801], [-100.0, -85.85618878, 57.99339349], [-100.0, -85.32844258, 59.92251069], [-100.0, -84.80069638, 61.85162218], [-100.0, -84.27295018, 63.78073747], [-100.0, -83.74520397, 65.70985277], [-100.0, -83.21745777, 67.63896806], [-100.0, -82.68971253, 69.56808336], [-100.0, -82.16196633, 71.49719865], [-100.0, -81.63422013, 73.42631395], [-100.0, -81.10647393, 75.35542924], [-100.0, -80.57872772, 77.28454454], [-100.0, -80.05098152, 79.21365602], [-100.0, -79.52323532, 81.14277131], [-100.0, -78.99548912, 83.07188661], [-100.0, -78.46774292, 85.00100191]], "CsaImage.TimeAfterStart": [1.0825, 0.7225, 1.0925, 0.7325, 1.1025, 0.7425, 1.1125, 0.7525, 1.1225, 0.7625, 1.1325, 0.7725, 1.1425, 0.7825, 1.1525, 0.7925, 1.1625, 0.8025, 1.1725, 0.8125, 1.1825, 0.8225, 1.1925, 0.8325, 1.2025, 0.8425, 1.2125, 0.8525, 1.2225, 0.8625, 1.2325, 0.8725, 1.2425, 0.8825, 1.2525, 0.8925, 1.2625, 0.9025, 1.2725, 0.9125, 1.2825, 0.9225, 1.2925, 0.9325, 1.3025, 0.9425, 1.3125, 0.9525, 1.3225, 0.9625, 1.3325, 0.9725, 1.3425, 0.9825, 1.3525, 0.9925, 1.3625, 1.0025, 1.3725, 1.0125, 1.3825, 1.0225, 1.3925, 1.0325, 1.4025, 1.0425, 1.4125, 1.0525, 1.4225, 1.0625, 1.4325, 1.0725], "ImagePositionPatient": [[-100.0, -115.93771553306, -51.966149736614], [-100.0, -115.40997123984, -50.037034441204], [-100.0, -114.88222503928, -48.107919145793], [-100.0, -114.35447883872, -46.178803850383], [-100.0, -113.82673263816, -44.249688554973], [-100.0, -113.2989864376, -42.320580888958], [-100.0, -112.77124023703, -40.391465593547], [-100.0, -112.24349403647, -38.462350298137], [-100.0, -111.71574783591, -36.53323118803], [-100.0, -111.18800163535, -34.604119707317], [-100.0, -110.66025543479, -32.675004411907], [-100.0, -110.13250923423, -30.745889116497], [-100.0, -109.60476303367, -28.816773821086], [-100.0, -109.0770168331, -26.887658525676], [-100.0, -108.54927063254, -24.958543230266], [-100.0, -108.02152443198, -23.029427934856], [-100.0, -107.49377918509, -21.100312639446], [-100.0, -106.96603298453, -19.171197344036], [-100.0, -106.43828678397, -17.242085863323], [-100.0, -105.91054058341, -15.312970567913], [-100.0, -105.38279438285, -13.383855272502], [-100.0, -104.85504818229, -11.454739977092], [-100.0, -104.32730198172, -9.5256246816821], [-100.0, -103.799556258, -7.596509386272], [-100.0, -103.27181005744, -5.6673940908618], [-100.0, -102.74406385688, -3.7382807028003], [-100.0, -102.21631765632, -1.8091654073901], [-100.0, -101.68857145575, 0.11994988802004], [-100.0, -101.16082573203, 2.0490632760816], [-100.0, -100.63307953147, 3.9781785714917], [-100.0, -100.10533333091, 5.9072938669019], [-100.0, -99.577587368764, 7.836409162312], [-100.0, -99.049841168202, 9.7655225503736], [-100.0, -98.522094967641, 11.694637845784], [-100.0, -97.994349005498, 13.623753141194], [-100.0, -97.466602924146, 15.55286748293], [-100.0, -96.938856783189, 17.48198277834], [-100.0, -96.411110686935, 19.411097596913], [-100.0, -95.88336456088, 21.340212415486], [-100.0, -95.355618479527, 23.269327234059], [-100.0, -94.827872398175, 25.198442052632], [-100.0, -94.300126316823, 27.127556930809], [-100.0, -93.772380116261, 29.056671689778], [-100.0, -93.244634154119, 30.985786508351], [-100.0, -92.716887953557, 32.914901326924], [-100.0, -92.189141752995, 34.844016622334], [-100.0, -91.661395552434, 36.77313096407], [-100.0, -91.13364982871, 38.70224625948], [-100.0, -90.605903628148, 40.631360601216], [-100.0, -90.078157427587, 42.560474942952], [-100.0, -89.550411227025, 44.489590238362], [-100.0, -89.022665503301, 46.418705533772], [-100.0, -88.494919302739, 48.347820829182], [-100.0, -87.96717262534, 50.276934217244], [-100.0, -87.439427378453, 52.206049512654], [-100.0, -86.911681177892, 54.135164808064], [-100.0, -86.38393497733, 56.064280103474], [-100.0, -85.856188776769, 57.993393491536], [-100.0, -85.328442576207, 59.922510694294], [-100.0, -84.800696375646, 61.851622175007], [-100.0, -84.272950175084, 63.780737470417], [-100.0, -83.745203974523, 65.709852765828], [-100.0, -83.217457773961, 67.638968061238], [-100.0, -82.689712527074, 69.568083356648], [-100.0, -82.161966326512, 71.497198652058], [-100.0, -81.634220125951, 73.426313947468], [-100.0, -81.106473925389, 75.355429242878], [-100.0, -80.578727724828, 77.284544538289], [-100.0, -80.050981524266, 79.213656019001], [-100.0, -79.523235323705, 81.142771314412], [-100.0, -78.995489123143, 83.071886609822], [-100.0, -78.467742922582, 85.001001905232]], "InstanceCreationTime": ["120000.167000", "115959.345000", "120000.168000", "115959.347000", "120000.170000", "115959.349000", "120000.172000", "115959.351000", "120000.174000", "115959.354000", "120000.176000", "115959.355000", "120000.178000", "115959.357000", "120000.179000", "115959.360000", "120000.181000", "115959.362000", "120000.183000", "115959.364000", "120000.185000", "115959.366000", "120000.187000", "115959.367000", "120000.188000", "115959.369000", "120000.190000", "115959.372000", "120000.192000", "115959.374000", "120000.194000", "115959.375000", "120000.196000", "115959.389000", "120000.198000", "115959.392000", "120000.199000", "115959.394000", "120000.201000", "115959.396000", "120000.203000", "115959.398000", "120000.205000", "115959.400000", "120000.207000", "115959.402000", "120000.208000", "120000.142000", "120000.210000", "120000.144000", "120000.212000", "120000.146000", "120000.214000", "120000.148000", "120000.216000", "120000.150000", "120000.218000", "120000.152000", "120000.219000", "120000.154000", "120000.221000", "120000.155000", "120000.223000", "120000.157000", "120000.225000", "120000.159000", "120000.227000", "120000.161000", "120000.228000", "120000.163000", "120000.230000", "120000.165000"], "InstanceNumber": [1, 2, 3, 4, 5, 6, 7, 8, 9, 10, 11, 12, 13, 14, 15, 16, 17, 18, 19, 20, 21, 22, 23, 24, 25, 26, 27, 28, 29, 30, 31, 32, 33, 34, 35, 36, 37, 38, 39, 40, 41, 42, 43, 44, 45, 46, 47, 48, 49, 50, 51, 52, 53, 54, 55, 56, 57, 58, 59, 60, 61, 62, 63, 64, 65, 66, 67, 68, 69, 70, 71, 72], "LargestImagePixelValue": [4094, 4094, 4094, 4093, 4094, 4091, 4095, 4093, 4095, 4095, 4092, 4094, 4095, 4095, 4094, 4094, 4094, 4095, 4095, 4089, 4094, 4087, 4092, 4094, 4094, 4094, 4094, 4092, 4095, 4094, 4089, 4091, 4091, 4093, 4093, 4095, 4094, 4082, 4093, 4094, 4091, 4094, 4093, 4094, 4092, 4089, 4091, 4093, 4094, 4092, 4092, 4088, 4093, 4094, 4088, 4093, 4093, 4095, 4093, 4093, 4090, 4093, 4093, 4095, 4095, 4092, 4092, 4095, 4095, 4095, 4094, 4095], "SliceLocation": [-80.717173695091, -78.71717372959, -76.717173260792, -74.717172791994, -72.717172323196, -70.717179213387, -68.717178744589, -66.717178275791, -64.717174127498, -62.717177338195, -60.717176869397, -58.717176400599, -56.717175931801, -54.717175463002, -52.717174994204, -50.717174525406, -48.717174308257, -46.717173839459, -44.717177050156, -42.717176581358, -40.717176112559, -38.717175643761, -36.717175174963, -34.71717483199, -32.717174363192, -30.717175734141, -28.717175265343, -26.717174796545, -24.717176293318, -22.71717582452, -20.717175355722, -18.717174949836, -16.717176320785, -14.717175851987, -12.717175446102, -10.717175928633, -8.7171754755632, -6.7171754942261, -4.7171755050249, -2.7171755276197, -0.7171755502146, 1.2828244846827, 3.2828244360518, 5.2828243820008, 7.2828243908621, 9.2828248596602, 11.282824408585, 13.282824751558, 15.282824300483, 17.282823849407, 19.282824318205, 21.282824661179, 23.282825129977, 25.282823884852, 27.282824102001, 29.282824570799, 31.282825039597, 33.282823668648, 35.282825977194, 37.282822766497, 39.282823235295, 41.282823704093, 43.282824172891, 45.28282439004, 47.282824858839, 49.282825327637, 51.282825796435, 53.282826265233, 55.282823054536, 57.282823523334, 59.282823992132, 61.282824460931], "SmallestImagePixelValue": [0, 0, 2, 0, 1, 0, 1, 0, 0, 0, 0, 0, 0, 0, 0, 1, 0, 0, 2, 0, 0, 1, 4, 0, 5, 4, 0, 6, 2, 1, 1, 2, 1, 0, 6, 0, 4, 3, 0, 0, 6, 3, 2, 8, 0, 0, 1, 2, 0, 4, 0, 0, 2, 0, 2, 0, 4, 0, 1, 0, 5, 1, 0, 0, 1, 0, 0, 0, 0, 0, 0, 0], "WindowCenter": [-208.0, -220.0, -216.0, -172.0, -158.0, -216.0, -166.0, -214.0, -178.0, -190.0, -184.0, -208.0, -208.0, -234.0, -340.0, -358.0, -354.0, -318.0, -304.0, -272.0, -270.0, -244.0, -214.0, -210.0, -296.0, -260.0, -234.0, -220.0, -198.0, -208.0, -202.0, -198.0, -82.0, -194.0, -178.0, -160.0, -146.0, -146.0, -132.0, -116.0, -110.0, -110.0, -98.0, -126.0, -120.0, -126.0, -136.0, -142.0, -172.0, -202.0, -228.0, -96.0, -220.0, -84.0, -220.0, -128.0, -78.0, -96.0, -80.0, -52.0, -56.0, -60.0, -60.0, -56.0, -96.0, -96.0, -146.0, -202.0, -246.0, -238.0, -278.0, -326.0], "WindowWidth": [5932.0, 6012.0, 6024.0, 6120.0, 6160.0, 6132.0, 6188.0, 6192.0, 6266.0, 6234.0, 6246.0, 6226.0, 6250.0, 6230.0, 6158.0, 6042.0, 5944.0, 5726.0, 5532.0, 5446.0, 5318.0, 5176.0, 5286.0, 5110.0, 4624.0, 4602.0, 4588.0, 4584.0, 4558.0, 4562.0, 4560.0, 4550.0, 5044.0, 4554.0, 4542.0, 4530.0, 4522.0, 4524.0, 4518.0, 4512.0, 4510.0, 4508.0, 4504.0, 4520.0, 4526.0, 4532.0, 4548.0, 4558.0, 4582.0, 4592.0, 4618.0, 5160.0, 4636.0, 5226.0, 4660.0, 5152.0, 5388.0, 5350.0, 5528.0, 5636.0, 5666.0, 5746.0, 5760.0, 5862.0, 5890.0, 5926.0, 5986.0, 5986.0, 6118.0, 6134.0, 6104.0, 6074.0]}}, "IntendedFor": ["ses-imagenet02/func/sub-03_ses-imagenet02_task-imagenet_run-10_bold.nii.gz", "ses-imagenet02/func/sub-03_ses-imagenet02_task-imagenet_run-02_bold.nii.gz", "ses-imagenet02/func/sub-03_ses-imagenet02_task-imagenet_run-04_bold.nii.gz", "ses-imagenet02/func/sub-03_ses-imagenet02_task-imagenet_run-09_bold.nii.gz", "ses-imagenet02/func/sub-03_ses-imagenet02_task-imagenet_run-06_bold.nii.gz", "ses-imagenet02/func/sub-03_ses-imagenet02_task-imagenet_run-05_bold.nii.gz", "ses-imagenet02/func/sub-03_ses-imagenet02_task-imagenet_run-07_bold.nii.gz", "ses-imagenet02/func/sub-03_ses-imagenet02_task-imagenet_run-08_bold.nii.gz", "ses-imagenet02/func/sub-03_ses-imagenet02_task-imagenet_run-01_bold.nii.gz", "ses-imagenet02/func/sub-03_ses-imagenet02_task-imagenet_run-03_bold.nii.gz"]}