{
 "AcquisitionMatrixPE": 100,
 "AcquisitionNumber": 1,
 "AcquisitionTime": "13:30:4.802500",
 "BandwidthPerPixelPhaseEncode": 18.519,
 "BaseResolution": 100,
 "BodyPartExamined": "BRAIN",
 "ConsistencyInfo": "N4_VE11C_LATEST_20160120",
 "ConversionSoftware": "dcm2niix",
 "ConversionSoftwareVersion": "v1.0.20180622 GCC4.9.2",
 "DerivedVendorReportedEchoSpacing": 0.000539986,
 "DeviceSerialNumber": "166078",
 "DwellTime": 2.1e-06,
 "EchoTime": 0.034,
 "EchoTrainLength": 100,
 "EffectiveEchoSpacing": 0.000539986,
 "FlipAngle": 90,
 "ImageOrientationPatientDICOM": [
  1,
  -7.15896e-05,
  -0.000323094,
  -3.05258e-08,
  0.976301,
  -0.216419
 ],
 "ImageType": [
  "ORIGINAL",
  "PRIMARY",
  "M",
  "ND",
  "MOSAIC"
 ],
 "InPlanePhaseEncodingDirectionDICOM": "COL",
 "InstitutionAddress": "Street_StreetNo_Bei_Jing_District_CN_ZIP",
 "InstitutionName": "BeiJing_Normal_University",
 "InstitutionalDepartmentName": "Department",
 "MRAcquisitionType": "2D",
 "MagneticFieldStrength": 3,
 "Manufacturer": "Siemens",
 "ManufacturersModelName": "Prisma",
 "Modality": "MR",
 "MultibandAccelerationFactor": 3,
 "PartialFourier": 1,
 "PatientPosition": "HFS",
 "PercentPhaseFOV": 100,
 "PhaseEncodingDirection": "j-",
 "PhaseEncodingSteps": 100,
 "PhaseResolution": 1,
 "PixelBandwidth": 2380,
 "ProcedureStepDescription": "BNU_P2018_64CH_Zhen.ZongLei",
 "ProtocolName": "bold_100x100_s3_2x2x2_static_256",
 "PulseSequenceDetails": "%SiemensSeq%_ep2d_bold",
 "ReceiveCoilActiveElements": "HC1-7;NC1",
 "ReceiveCoilName": "HeadNeck_64",
 "ReconMatrixPE": 100,
 "RepetitionTime": 2,
 "SAR": 0.0726713,
 "ScanOptions": "FS",
 "ScanningSequence": "EP",
 "SequenceName": "_epfid2d1_100",
 "SequenceVariant": "SK",
 "SeriesDescription": "bold_100x100_s3_2x2x2_static_256",
 "SeriesNumber": 5,
 "ShimSetting": [
  -5474,
  -11480,
  -1249,
  273,
  -75,
  -134,
  -196,
  41
 ],
 "SliceThickness": 2,
 "SliceTiming": [
  1.485,
  0,
  0.99,
  0.0825,
  1.0725,
  0.165,
  1.155,
  0.2475,
  1.2375,
  0.33,
  1.32,
  0.4125,
  1.4025,
  0.5775,
  1.5675,
  0.66,
  1.65,
  0.7425,
  1.7325,
  0.825,
  1.815,
  0.9075,
  1.8975,
  0.495,
  1.485,
  0,
  0.99,
  0.0825,
  1.0725,
  0.165,
  1.155,
  0.2475,
  1.2375,
  0.33,
  1.32,
  0.4125,
  1.4025,
  0.5775,
  1.5675,
  0.66,
  1.65,
  0.7425,
  1.7325,
  0.825,
  1.815,
  0.9075,
  1.8975,
  0.495,
  1.485,
  0,
  0.99,
  0.0825,
  1.0725,
  0.165,
  1.155,
  0.2475,
  1.2375,
  0.33,
  1.32,
  0.4125,
  1.4025,
  0.5775,
  1.5675,
  0.66,
  1.65,
  0.7425,
  1.7325,
  0.825,
  1.815,
  0.9075,
  1.8975,
  0.495
 ],
 "SoftwareVersions": "syngo_MR_E11",
 "SpacingBetweenSlices": 2,
 "StationName": "AWP166078",
 "TaskName": "imagenet",
 "TotalReadoutTime": 0.0534586,
 "TxRefAmp": 221.303,
 "dcmmeta_affine": [
  [
   -1.9999998807907104,
   -6.105160110791985e-08,
   -0.0006618598126806319,
   99.94599151611328
  ],
  [
   0.000143179131555371,
   1.9526013135910034,
   -0.43283703923225403,
   -75.8633804321289
  ],
  [
   -0.0006461873999796808,
   0.4328370690345764,
   1.9526013135910034,
   -96.04450988769531
  ],
  [
   0.0,
   0.0,
   0.0,
   1.0
  ]
 ],
 "dcmmeta_reorient_transform": [
  [
   0.0,
   -1.0,
   0.0,
   99.0
  ],
  [
   1.0,
   0.0,
   0.0,
   0.0
  ],
  [
   0.0,
   0.0,
   1.0,
   0.0
  ],
  [
   0.0,
   0.0,
   0.0,
   1.0
  ]
 ],
 "dcmmeta_shape": [
  100,
  100,
  72,
  256
 ],
 "dcmmeta_slice_dim": 2,
 "dcmmeta_version": 0.6,
 "global": {
  "const": {
   "AcquisitionMatrix": [
    100,
    0,
    0,
    100
   ],
   "AngioFlag": "N",
   "BitsAllocated": 16,
   "BitsStored": 12,
   "BodyPartExamined": "BRAIN",
   "Columns": 900,
   "EchoNumbers": 1,
   "EchoTime": 34.0,
   "EchoTrainLength": 100,
   "FlipAngle": 90.0,
   "HighBit": 11,
   "ImageOrientationPatient": [
    0.9999999452427,
    -7.15895623e-05,
    -0.0003230937053,
    -3.0525802e-08,
    0.97630068142963,
    -0.2164185284121
   ],
   "ImagePositionPatient": [
    -899.9459147874,
    -898.42743168879,
    120.19965442468
   ],
   "ImageType": [
    "ORIGINAL",
    "PRIMARY",
    "M",
    "ND",
    "MOSAIC"
   ],
   "ImagedNucleus": "1H",
   "ImagingFrequency": 123.257794,
   "InPlanePhaseEncodingDirection": "COL",
   "MRAcquisitionType": "2D",
   "MagneticFieldStrength": 3.0,
   "Manufacturer": "SIEMENS",
   "ManufacturerModelName": "Prisma",
   "Modality": "MR",
   "NumberOfAverages": 1.0,
   "NumberOfPhaseEncodingSteps": 100,
   "PercentPhaseFieldOfView": 100.0,
   "PercentSampling": 100.0,
   "PerformedProcedureStepStartTime": "130757.984000",
   "PhotometricInterpretation": "MONOCHROME2",
   "PixelBandwidth": 2380.0,
   "PixelRepresentation": 0,
   "PixelSpacing": [
    2.0,
    2.0
   ],
   "ProtocolName": "bold_100x100_s3_2x2x2_static_256",
   "RepetitionTime": 2000.0,
   "Rows": 900,
   "SAR": 0.07267128103089,
   "SamplesPerPixel": 1,
   "ScanOptions": "FS",
   "ScanningSequence": "EP",
   "SequenceName": "*epfid2d1_100",
   "SequenceVariant": "SK",
   "SeriesDescription": "bold_100x100_s3_2x2x2_static_256",
   "SeriesNumber": 5,
   "SeriesTime": "133007.539000",
   "SliceLocation": -77.383152939562,
   "SliceThickness": 2.0,
   "SmallestImagePixelValue": 0,
   "SoftwareVersions": "syngo MR E11",
   "SpacingBetweenSlices": 2.0000000043292,
   "SpecificCharacterSet": "ISO_IR 100",
   "StudyID": "1",
   "StudyTime": "130757.863000",
   "TransmitCoilName": "Body",
   "VariableFlipAngleFlag": "N",
   "WindowCenterWidthExplanation": "Algo1",
   "dBdt": 0.0
  },
