{"AcquisitionMatrixPE": 100, "AcquisitionNumber": 1, "AcquisitionTime": "11:36:46.822500", "BaseResolution": 100, "BodyPartExamined": "BRAIN", "ConsistencyInfo": "N4_VE11C_LATEST_20160120", "ConversionSoftware": "dcm2niix", "ConversionSoftwareVersion": "v1.0.20180622 GCC4.9.2", "DeviceSerialNumber": "166078", "DwellTime": 8.8e-06, "EchoNumber": 2, "EchoTime": 0.00738, "EchoTime1": 0.00492, "EchoTime2": 0.00738, "FlipAngle": 60, "ImageOrientationPatientDICOM": [1, 0, 0, 0, 0.993961, -0.109734], "ImageType": ["ORIGINAL", "PRIMARY", "P", "ND"], "InPlanePhaseEncodingDirectionDICOM": "ROW", "InstitutionAddress": "Street_StreetNo_Bei_Jing_District_CN_ZIP", "InstitutionName": "BeiJing_Normal_University", "InstitutionalDepartmentName": "Department", "MRAcquisitionType": "2D", "MagneticFieldStrength": 3, "Manufacturer": "Siemens", "ManufacturersModelName": "Prisma", "Modality": "MR", "PartialFourier": 1, "PatientPosition": "HFS", "PercentPhaseFOV": 100, "PhaseEncodingDirection": "i", "PhaseEncodingSteps": 100, "PhaseResolution": 1, "PixelBandwidth": 570, "ProcedureStepDescription": "BNU_P2018_64CH_Zhen.ZongLei", "ProtocolName": "field_mapping_2x2x2", "PulseSequenceDetails": "%SiemensSeq%_gre_field_mapping", "ReceiveCoilActiveElements": "HC1-7;NC1", "ReceiveCoilName": "HeadNeck_64", "ReconMatrixPE": 100, "RepetitionTime": 0.72, "SAR": 0.113215, "ScanningSequence": "GR", "SequenceName": "_fm2d2r", "SequenceVariant": "SP", "SeriesDescription": "field_mapping_2x2x2", "SeriesNumber": 7, "ShimSetting": [-5469, -11488, -1271, 251, -49, -179, -223, 93], "SliceThickness": 2, "SoftwareVersions": "syngo_MR_E11", "SpacingBetweenSlices": 2, "StationName": "AWP166078", "TxRefAmp": 220.906, "dcmmeta_affine": [[-2.0, 0.0, 0.0, 102.02409362792969], [0.0, 1.987921953201294, -0.2194685935974121, -83.78089141845703], [0.0, 0.2194686383008957, 1.9879226684570312, -86.1637954711914], [0.0, 0.0, 0.0, 1.0]], "dcmmeta_reorient_transform": [[0.0, -1.0, 0.0, 99.0], [1.0, 0.0, 0.0, 0.0], [0.0, 0.0, -1.0, 71.0], [0.0, 0.0, 0.0, 1.0]], "dcmmeta_shape": [100, 100, 72], "dcmmeta_slice_dim": 2, "dcmmeta_version": 0.6, "global": {"const": {"AcquisitionMatrix": [0, 100, 100, 0], "AcquisitionNumber": 1, "AngioFlag": "N", "BitsAllocated": 16, "BitsStored": 12, "BodyPartExamined": "BRAIN", "Columns": 100, "EchoNumbers": 2, "EchoTime": 7.38, "EchoTrainLength": 0, "FlipAngle": 60.0, "HighBit": 11, "ImageOrientationPatient": [1.0, 0.0, 0.0, 0.0, 0.99396095494231, -0.1097343157365], "ImageType": ["ORIGINAL", "PRIMARY", "P", "ND"], "ImagedNucleus": "1H", "ImagingFrequency": 123.257786, "InPlanePhaseEncodingDirection": "ROW", "MRAcquisitionType": "2D", "MagneticFieldStrength": 3.0, "Manufacturer": "SIEMENS", "ManufacturerModelName": "Prisma", "Modality": "MR", "NumberOfAverages": 1.0, "NumberOfPhaseEncodingSteps": 100, "PercentPhaseFieldOfView": 100.0, "PercentSampling": 100.0, "PerformedProcedureStepStartTime": "110624.388000", "PhotometricInterpretation": "MONOCHROME2", "PixelBandwidth": 570.0, "PixelRepresentation": 0, "PixelSpacing": [2.0, 2.0], "ProtocolName": "field_mapping_2x2x2", "RepetitionTime": 720.0, "RescaleIntercept": -4096.0, "RescaleSlope": 2.0, "RescaleType": "US", "Rows": 100, "SAR": 0.11321473154934, "SamplesPerPixel": 1, "ScanningSequence": "GR", "SequenceName": "*fm2d2r", "SequenceVariant": "SP", "SeriesDescription": "field_mapping_2x2x2", "SeriesNumber": 7, "SeriesTime": "113911.447000", "SliceThickness": 2.0, "SoftwareVersions": "syngo MR E11", "SpacingBetweenSlices": 2.0, "SpecificCharacterSet": "ISO_IR 100", "StudyID": "1", "StudyTime": "110624.281000", "TransmitCoilName": "Body", "VariableFlipAngleFlag": "N", "WindowCenterWidthExplanation": "Algo1", "dBdt": 0.0}, "slices": {"AcquisitionTime": ["113646.822500", "113646.462500", "113646.832500", "113646.472500", "113646.842500", "113646.482500", "113646.852500", "113646.492500", "113646.862500", "113646.502500", "113646.872500", "113646.512500", "113646.882500", "113646.522500", "113646.892500", "113646.532500", "113646.902500", "113646.542500", "113646.912500", "113646.552500", "113646.922500", "113646.562500", "113646.932500", "113646.572500", "113646.942500", "113646.582500", "113646.952500", "113646.592500", "113646.962500", "113646.602500", "113646.972500", "113646.612500", "113646.982500", "113646.622500", "113646.992500", "113646.632500", "113647.002500", "113646.642500", "113647.012500", "113646.652500", "113647.022500", "113646.662500", "113647.032500", "113646.672500", "113647.042500", "113646.682500", "113647.052500", "113646.692500", "113647.062500", "113646.702500", "113647.072500", "113646.712500", "113647.082500", "113646.722500", "113647.092500", "113646.732500", "113647.102500", "113646.742500", "113647.112500", "113646.752500", "113647.122500", "113646.762500", "113647.132500", "113646.772500", "113647.142500", "113646.782500", "113647.152500", "113646.792500", "113647.162500", "113646.802500", "113647.172500", "113646.812500"], "ContentTime": ["113911.536000", "113911.449000", "113911.538000", "113911.452000", "113911.540000", "113911.454000", "113911.542000", "113911.457000", "113911.544000", "113911.459000", "113911.546000", "113911.461000", "113911.548000", "113911.464000", "113911.550000", "113911.466000", "113911.676000", "113911.467000", "113911.678000", "113911.469000", "113911.680000", "113911.471000", "113911.681000", "113911.473000", "113911.683000", "113911.475000", "113911.685000", "113911.477000", "113911.687000", "113911.485000", "113911.689000", "113911.488000", "113911.691000", "113911.490000", "113911.692000", "113911.492000", "113911.694000", "113911.495000", "113911.696000", "113911.497000", "113911.698000", "113911.499000", "113911.700000", "113911.502000", "113911.702000", "113911.504000", "113911.704000", "113911.506000", "113911.705000", "113911.508000", "113911.707000", "113911.513000", "113911.709000", "113911.515000", "113911.711000", "113911.517000", "113911.713000", "113911.519000", "113911.714000", "113911.523000", "113911.716000", "113911.524000", "113911.718000", "113911.526000", "113911.720000", "113911.528000", "113911.722000", "113911.530000", "113911.724000", "113911.532000", "113911.726000", "113911.534000"], "CsaImage.GSWDDataType": ["measured", "predicted", "measured", "predicted", "measured", "predicted", "measured", "predicted", "measured", "predicted", "measured", "predicted", "measured", "predicted", "measured", "predicted", "measured", "predicted", "measured", "predicted", "measured", "predicted", "measured", "predicted", "measured", "predicted", "measured", "predicted", "measured", "predicted", "measured", "predicted", "measured", "predicted", "measured", "predicted", "measured", "predicted", "measured", "predicted", "measured", "predicted", "measured", "predicted", "measured", "predicted", "measured", "predicted", "measured", "predicted", "measured", "predicted", "measured", "predicted", "measured", "predicted", "measured", "predicted", "measured", "predicted", "measured", "predicted", "measured", "predicted", "measured", "measured", "measured", "measured", "measured", "measured", "measured", "measured"], "CsaImage.ICE_Dims": ["X_2_1_1_1_1_1_37_1_1_1_1_75", "X_2_1_1_1_1_1_1_1_1_2_1_75", "X_2_1_1_1_1_1_38_1_1_3_1_75", "X_2_1_1_1_1_1_2_1_1_4_1_75", "X_2_1_1_1_1_1_39_1_1_5_1_75", "X_2_1_1_1_1_1_3_1_1_6_1_75", "X_2_1_1_1_1_1_40_1_1_7_1_75", "X_2_1_1_1_1_1_4_1_1_8_1_75", "X_2_1_1_1_1_1_41_1_1_9_1_75", "X_2_1_1_1_1_1_5_1_1_10_1_75", "X_2_1_1_1_1_1_42_1_1_11_1_75", "X_2_1_1_1_1_1_6_1_1_12_1_75", "X_2_1_1_1_1_1_43_1_1_13_1_75", "X_2_1_1_1_1_1_7_1_1_14_1_75", "X_2_1_1_1_1_1_44_1_1_15_1_75", "X_2_1_1_1_1_1_8_1_1_16_1_75", "X_2_1_1_1_1_1_45_1_1_17_1_75", "X_2_1_1_1_1_1_9_1_1_18_1_75", "X_2_1_1_1_1_1_46_1_1_19_1_75", "X_2_1_1_1_1_1_10_1_1_20_1_75", "X_2_1_1_1_1_1_47_1_1_21_1_75", "X_2_1_1_1_1_1_11_1_1_22_1_75", "X_2_1_1_1_1_1_48_1_1_23_1_75", "X_2_1_1_1_1_1_12_1_1_24_1_75", "X_2_1_1_1_1_1_49_1_1_25_1_75", "X_2_1_1_1_1_1_13_1_1_26_1_75", "X_2_1_1_1_1_1_50_1_1_27_1_75", "X_2_1_1_1_1_1_14_1_1_28_1_75", "X_2_1_1_1_1_1_51_1_1_29_1_75", "X_2_1_1_1_1_1_15_1_1_30_1_75", "X_2_1_1_1_1_1_52_1_1_31_1_75", "X_2_1_1_1_1_1_16_1_1_32_1_75", "X_2_1_1_1_1_1_53_1_1_33_1_75", "X_2_1_1_1_1_1_17_1_1_34_1_75", "X_2_1_1_1_1_1_54_1_1_35_1_75", "X_2_1_1_1_1_1_18_1_1_36_1_75", "X_2_1_1_1_1_1_55_1_1_37_1_75", "X_2_1_1_1_1_1_19_1_1_38_1_75", "X_2_1_1_1_1_1_56_1_1_39_1_75", "X_2_1_1_1_1_1_20_1_1_40_1_75", "X_2_1_1_1_1_1_57_1_1_41_1_75", "X_2_1_1_1_1_1_21_1_1_42_1_75", "X_2_1_1_1_1_1_58_1_1_43_1_75", "X_2_1_1_1_1_1_22_1_1_44_1_75", "X_2_1_1_1_1_1_59_1_1_45_1_75", "X_2_1_1_1_1_1_23_1_1_46_1_75", "X_2_1_1_1_1_1_60_1_1_47_1_75", "X_2_1_1_1_1_1_24_1_1_48_1_75", "X_2_1_1_1_1_1_61_1_1_49_1_75", "X_2_1_1_1_1_1_25_1_1_50_1_75", "X_2_1_1_1_1_1_62_1_1_51_1_75", "X_2_1_1_1_1_1_26_1_1_52_1_75", "X_2_1_1_1_1_1_63_1_1_53_1_75", "X_2_1_1_1_1_1_27_1_1_54_1_75", "X_2_1_1_1_1_1_64_1_1_55_1_75", "X_2_1_1_1_1_1_28_1_1_56_1_75", "X_2_1_1_1_1_1_65_1_1_57_1_75", "X_2_1_1_1_1_1_29_1_1_58_1_75", "X_2_1_1_1_1_1_66_1_1_59_1_75", "X_2_1_1_1_1_1_30_1_1_60_1_75", "X_2_1_1_1_1_1_67_1_1_61_1_75", "X_2_1_1_1_1_1_31_1_1_62_1_75", "X_2_1_1_1_1_1_68_1_1_63_1_75", "X_2_1_1_1_1_1_32_1_1_64_1_75", "X_2_1_1_1_1_1_69_1_1_65_1_75", "X_2_1_1_1_1_1_33_1_1_66_1_75", "X_2_1_1_1_1_1_70_1_1_67_1_75", "X_2_1_1_1_1_1_34_1_1_68_1_75", "X_2_1_1_1_1_1_71_1_1_69_1_75", "X_2_1_1_1_1_1_35_1_1_70_1_75", "X_2_1_1_1_1_1_72_1_1_71_1_75", "X_2_1_1_1_1_1_36_1_1_72_1_75"], "CsaImage.ProtocolSliceNumber": [0, 1, 2, 3, 4, 5, 6, 7, 8, 9, 10, 11, 12, 13, 14, 15, 16, 17, 18, 19, 20, 21, 22, 23, 24, 25, 26, 27, 28, 29, 30, 31, 32, 33, 34, 35, 36, 37, 38, 39, 40, 41, 42, 43, 44, 45, 46, 47, 48, 49, 50, 51, 52, 53, 54, 55, 56, 57, 58, 59, 60, 61, 62, 63, 64, 65, 66, 67, 68, 69, 70, 71], "CsaImage.RFSWDDataType": ["measured", "predicted", "measured", "predicted", "measured", "predicted", "measured", "predicted", "measured", "predicted", "measured", "predicted", "measured", "predicted", "measured", "predicted", "measured", "predicted", "measured", "predicted", "measured", "predicted", "measured", "predicted", "measured", "predicted", "measured", "predicted", "measured", "predicted", "measured", "predicted", "measured", "predicted", "measured", "predicted", "measured", "predicted", "measured", "predicted", "measured", "predicted", "measured", "predicted", "measured", "predicted", "measured", "predicted", "measured", "predicted", "measured", "predicted", "measured", "predicted", "measured", "predicted", "measured", "predicted", "measured", "measured", "measured", "measured", "measured", "measured", "measured", "measured", "measured", "measured", "measured", "measured", "measured", "measured"], "CsaImage.SlicePosition_PCS": [[-102.02409649, -113.02337573, -64.43635084], [-102.02409649, -112.80390761, -62.44842817], [-102.02409649, -112.58443854, -60.4605055], [-102.02409649, -112.36497043, -58.47258283], [-102.02409649, -112.14550136, -56.48466016], [-102.02409649, -111.92603324, -54.49673749], [-102.02409649, -111.70656417, -52.50881864], [-102.02409649, -111.48709605, -50.52089597], [-102.02409649, -111.26762698, -48.5329733], [-102.02409649, -111.04815886, -46.54505445], [-102.02409649, -110.82868979, -44.55713178], [-102.02409649, -110.60922168, -42.56920911], [-102.02409649, -110.38975261, -40.58128644], [-102.02409649, -110.17028449, -38.59336378], [-102.02409649, -109.95081542, -36.60544492], [-102.02409649, -109.7313473, -34.61752225], [-102.02409649, -109.51187823, -32.62959958], [-102.02409649, -109.29240916, -30.64167692], [-102.02409649, -109.07294104, -28.65375425], [-102.02409649, -108.85347197, -26.66583539], [-102.02409649, -108.63400386, -24.67791273], [-102.02409649, -108.41453479, -22.68999006], [-102.02409649, -108.19506667, -20.7020693], [-102.02409649, -107.9755976, -18.71414663], [-102.02409649, -107.75612948, -16.72622396], [-102.02409649, -107.53666041, -14.7383032], [-102.02409649, -107.31719182, -12.75038053], [-102.02409649, -107.09772323, -10.76245977], [-102.02409649, -106.87825463, -8.7745371], [-102.02409649, -106.65878604, -6.78661443], [-102.02409649, -106.43931744, -4.79869272], [-102.02409649, -106.21984885, -2.810771], [-102.02409649, -106.00038026, -0.82284929], [-102.02409649, -105.78091166, 1.16507243], [-102.02409649, -105.56144307, 3.15299462], [-102.02409649, -105.34197448, 5.14091633], [-102.02409649, -105.12250588, 7.12883829], [-102.02409649, -104.90303729, 9.11676024], [-102.02409649, -104.6835687, 11.10468213], [-102.02409649, -104.4641001, 13.09260415], [-102.02409649, -104.24463151, 15.08052586], [-102.02409649, -104.02516244, 17.06844805], [-102.02409649, -103.80569384, 19.05636977], [-102.02409649, -103.58622525, 21.04429148], [-102.02409649, -103.3667569, 23.0322132], [-102.02409649, -103.14728806, 25.02013587], [-102.02409649, -102.92781947, 27.00805758], [-102.02409649, -102.70835088, 28.99598025], [-102.02409649, -102.48888228, 30.98390101], [-102.02409649, -102.26941369, 32.97182368], [-102.02409649, -102.0499451, 34.95974444], [-102.02409649, -101.8304765, 36.94766711], [-102.02409649, -101.61100791, 38.93558978], [-102.02409649, -101.3915392, 40.92351054], [-102.02409649, -101.1720706, 42.91143321], [-102.02409649, -100.95260189, 44.89935397], [-102.02409649, -100.7331333, 46.88727664], [-102.02409649, -100.5136647, 48.8751993], [-102.02409649, -100.29419605, 50.86312197], [-102.02409649, -100.07472746, 52.85104083], [-102.02409649, -99.85525883, 54.8389635], [-102.02409649, -99.63579021, 56.82688616], [-102.02409649, -99.41632158, 58.81480883], [-102.02409649, -99.19685296, 60.8027315], [-102.02409649, -98.97738434, 62.79065035], [-102.02409649, -98.75791572, 64.77857302], [-102.02409649, -98.53844712, 66.76649569], [-102.02409649, -98.31897853, 68.75441836], [-102.02409649, -98.09950982, 70.74234103], [-102.02409649, -97.88004122, 72.73025988], [-102.02409649, -97.66057263, 74.71818255], [-102.02409649, -97.44110403, 76.70610522]], "CsaImage.TimeAfterStart": [1.0825, 0.7225, 1.0925, 0.7325, 1.1025, 0.7425, 1.1125, 0.7525, 1.1225, 0.7625, 1.1325, 0.7725, 1.1425, 0.7825, 1.1525, 0.7925, 1.1625, 0.8025, 1.1725, 0.8125, 1.1825, 0.8225, 1.1925, 0.8325, 1.2025, 0.8425, 1.2125, 0.8525, 1.2225, 0.8625, 1.2325, 0.8725, 1.2425, 0.8825, 1.2525, 0.8925, 1.2625, 0.9025, 1.2725, 0.9125, 1.2825, 0.9225, 1.2925, 0.9325, 1.3025, 0.9425, 1.3125, 0.9525, 1.3225, 0.9625, 1.3325, 0.9725, 1.3425, 0.9825, 1.3525, 0.9925, 1.3625, 1.0025, 1.3725, 1.0125, 1.3825, 1.0225, 1.3925, 1.0325, 1.4025, 1.0425, 1.4125, 1.0525, 1.4225, 1.0625, 1.4325, 1.0725], "ImagePositionPatient": [[-102.02409648895, -113.02337572952, -64.436350836015], [-102.02409648895, -112.80390761276, -62.448428167558], [-102.02409648895, -112.58443854233, -60.460505499101], [-102.02409648895, -112.36497042557, -58.472582830644], [-102.02409648895, -112.14550135513, -56.484660162187], [-102.02409648895, -111.92603323837, -54.49673749373], [-102.02409648895, -111.70656416794, -52.50881863997], [-102.02409648895, -111.48709605118, -50.520895971513], [-102.02409648895, -111.26762698074, -48.532973303056], [-102.02409648895, -111.04815886398, -46.545054449296], [-102.02409648895, -110.82868979355, -44.557131780839], [-102.02409648895, -110.60922167679, -42.569209112382], [-102.02409648895, -110.38975260635, -40.581286443925], [-102.02409648895, -110.17028448959, -38.593363775468], [-102.02409648895, -109.95081541916, -36.605444921708], [-102.02409648895, -109.7313473024, -34.617522253251], [-102.02409648895, -109.51187823196, -32.629599584794], [-102.02409648895, -109.29240916153, -30.641676916337], [-102.02409648895, -109.07294104477, -28.65375424788], [-102.02409648895, -108.85347197433, -26.66583539412], [-102.02409648895, -108.63400385757, -24.677912725663], [-102.02409648895, -108.41453478714, -22.689990057206], [-102.02409648895, -108.19506667038, -20.702069296098], [-102.02409648895, -107.97559759994, -18.714146627641], [-102.02409648895, -107.75612948318, -16.726223959184], [-102.02409648895, -107.53666041275, -14.738303198076], [-102.02409648895, -107.31719181915, -12.750380529618], [-102.02409648895, -107.09772322555, -10.76245976851], [-102.02409648895, -106.87825463196, -8.7745371000531], [-102.02409648895, -106.65878603836, -6.786614431596], [-102.02409648895, -106.43931744476, -4.7986927168133], [-102.02409648895, -106.21984885116, -2.8107710020306], [-102.02409648895, -106.00038025757, -0.8228492872479], [-102.02409648895, -105.78091166397, 1.1650724275348], [-102.02409648895, -105.56144307037, 3.1529946191547], [-102.02409648895, -105.34197447677, 5.1409163339374], [-102.02409648895, -105.12250588318, 7.1288382871387], [-102.02409648895, -104.90303728958, 9.11676024034], [-102.02409648895, -104.68356869598, 11.104682133937], [-102.02409648895, -104.46410010239, 13.092604146743], [-102.02409648895, -104.24463150879, 15.080525861525], [-102.02409648895, -104.02516243835, 17.068448053145], [-102.02409648895, -103.80569384476, 19.056369767928], [-102.02409648895, -103.58622525116, 21.044291482711], [-102.02409648895, -103.36675689598, 23.032213197493], [-102.02409648895, -103.14728806396, 25.02013586595], [-102.02409648895, -102.92781947037, 27.008057580733], [-102.02409648895, -102.70835087677, 28.99598024919], [-102.02409648895, -102.48888228317, 30.983901010299], [-102.02409648895, -102.26941368957, 32.971823678756], [-102.02409648895, -102.04994509598, 34.959744439864], [-102.02409648895, -101.83047650238, 36.947667108321], [-102.02409648895, -101.61100790878, 38.935589776778], [-102.02409648895, -101.39153919598, 40.923510537886], [-102.02409648895, -101.17207060238, 42.911433206343], [-102.02409648895, -100.95260188957, 44.899353967452], [-102.02409648895, -100.73313329597, 46.887276635909], [-102.02409648895, -100.51366470238, 48.875199304366], [-102.02409648895, -100.29419604917, 50.863121972823], [-102.02409648895, -100.07472745558, 52.851040826583], [-102.02409648895, -99.855258832177, 54.83896349504], [-102.02409648895, -99.635790208777, 56.826886163497], [-102.02409648895, -99.416321583515, 58.814808831954], [-102.02409648895, -99.196852961978, 60.802731500411], [-102.02409648895, -98.977384338578, 62.790650354171], [-102.02409648895, -98.757915715178, 64.778573022628], [-102.02409648895, -98.538447121581, 66.766495691085], [-102.02409648895, -98.318978527983, 68.754418359542], [-102.02409648895, -98.099509815177, 70.742341027999], [-102.02409648895, -97.880041221579, 72.730259881758], [-102.02409648895, -97.660572627982, 74.718182550216], [-102.02409648895, -97.441104034384, 76.706105218673]], "InstanceCreationTime": ["113911.536000", "113911.449000", "113911.538000", "113911.452000", "113911.540000", "113911.454000", "113911.542000", "113911.457000", "113911.544000", "113911.459000", "113911.546000", "113911.461000", "113911.548000", "113911.464000", "113911.550000", "113911.466000", "113911.676000", "113911.467000", "113911.678000", "113911.469000", "113911.680000", "113911.471000", "113911.681000", "113911.473000", "113911.683000", "113911.475000", "113911.685000", "113911.477000", "113911.687000", "113911.485000", "113911.689000", "113911.488000", "113911.691000", "113911.490000", "113911.692000", "113911.492000", "113911.694000", "113911.495000", "113911.696000", "113911.497000", "113911.698000", "113911.499000", "113911.700000", "113911.502000", "113911.702000", "113911.504000", "113911.704000", "113911.506000", "113911.705000", "113911.508000", "113911.707000", "113911.513000", "113911.709000", "113911.515000", "113911.711000", "113911.517000", "113911.713000", "113911.519000", "113911.714000", "113911.523000", "113911.716000", "113911.524000", "113911.718000", "113911.526000", "113911.720000", "113911.528000", "113911.722000", "113911.530000", "113911.724000", "113911.532000", "113911.726000", "113911.534000"], "InstanceNumber": [1, 2, 3, 4, 5, 6, 7, 8, 9, 10, 11, 12, 13, 14, 15, 16, 17, 18, 19, 20, 21, 22, 23, 24, 25, 26, 27, 28, 29, 30, 31, 32, 33, 34, 35, 36, 37, 38, 39, 40, 41, 42, 43, 44, 45, 46, 47, 48, 49, 50, 51, 52, 53, 54, 55, 56, 57, 58, 59, 60, 61, 62, 63, 64, 65, 66, 67, 68, 69, 70, 71, 72], "LargestImagePixelValue": [4094, 4093, 4095, 4093, 4094, 4094, 4094, 4095, 4093, 4094, 4090, 4093, 4094, 4091, 4095, 4095, 4094, 4095, 4093, 4094, 4093, 4083, 4094, 4095, 4094, 4095, 4093, 4094, 4094, 4095, 4091, 4090, 4091, 4092, 4093, 4095, 4091, 4090, 4092, 4094, 4095, 4093, 4094, 4092, 4092, 4090, 4095, 4093, 4093, 4095, 4093, 4093, 4095, 4093, 4094, 4084, 4093, 4095, 4093, 4095, 4089, 4087, 4094, 4093, 4094, 4094, 4095, 4095, 4093, 4095, 4091, 4094], "SliceLocation": [-76.449759607875, -74.449758910366, -72.449758108205, -70.449757410695, -68.449756608535, -66.449755911025, -64.449758900525, -62.449758203015, -60.449757400855, -58.449760495005, -56.449759692845, -54.449758995335, -52.449758193174, -50.449757495665, -48.449760485164, -46.449759787655, -44.449758985494, -42.449758183334, -40.449757485824, -38.449760475324, -36.449759777814, -34.449758975653, -32.449760173974, -30.449759371813, -28.449758674304, -26.449759767973, -24.449759018138, -22.449760164133, -20.449759414298, -18.449758664463, -16.449758862543, -14.449759060623, -12.449759258703, -10.449759456783, -8.449759180905, -6.449759378985, -4.4497593400862, -2.4497593011873, -0.4497593215332, 1.5502407766103, 3.5502405785304, 5.5502409067333, 7.5502407086534, 9.5502405105734, 11.550240286331, 13.550241062329, 15.550240864249, 17.550241614084, 19.550240468089, 21.550241217924, 23.550240071929, 25.550240821764, 27.550241571599, 29.550240438685, 31.550241188521, 33.550240055607, 35.550240805442, 37.550241555277, 39.550242311653, 41.550239269828, 43.550240022933, 45.550240776039, 47.550241529349, 49.55024228225, 51.550239243695, 53.5502399968, 55.550240746635, 57.55024149647, 59.550242259387, 61.550239217562, 63.550239967397, 65.550240717232], "SmallestImagePixelValue": [0, 0, 1, 0, 0, 0, 0, 0, 1, 0, 0, 1, 0, 0, 0, 0, 2, 0, 0, 2, 0, 7, 4, 1, 1, 2, 1, 0, 10, 1, 3, 4, 0, 1, 1, 0, 2, 2, 4, 0, 0, 4, 1, 2, 0, 0, 1, 0, 0, 0, 6, 0, 3, 0, 0, 2, 0, 2, 0, 0, 0, 0, 2, 2, 0, 0, 0, 0, 0, 0, 0, 0], "WindowCenter": [-234.0, -230.0, -258.0, -246.0, -256.0, -236.0, -250.0, -218.0, -220.0, -212.0, -206.0, -174.0, -144.0, -52.0, -92.0, -184.0, -152.0, -150.0, -180.0, -190.0, -194.0, -222.0, -226.0, -186.0, -146.0, -62.0, -80.0, -138.0, -146.0, -170.0, -192.0, -240.0, -214.0, -262.0, -196.0, -186.0, -146.0, -120.0, -108.0, -96.0, -132.0, -230.0, -240.0, -232.0, -212.0, -196.0, -192.0, -160.0, -150.0, -136.0, -148.0, -142.0, -162.0, -164.0, -172.0, -164.0, -174.0, -68.0, -58.0, -62.0, -74.0, -64.0, -46.0, -50.0, -124.0, -166.0, -152.0, -238.0, -240.0, -306.0, -258.0, -298.0], "WindowWidth": [6044.0, 6046.0, 6048.0, 6060.0, 6104.0, 6146.0, 6162.0, 6204.0, 6162.0, 6092.0, 6064.0, 6090.0, 6174.0, 6216.0, 6156.0, 6046.0, 6068.0, 6130.0, 5994.0, 5934.0, 5760.0, 5566.0, 5526.0, 5518.0, 5488.0, 5594.0, 5570.0, 5586.0, 5606.0, 5530.0, 5376.0, 5104.0, 5396.0, 5120.0, 5478.0, 5324.0, 5412.0, 5380.0, 5324.0, 5336.0, 5016.0, 4602.0, 4610.0, 4600.0, 4584.0, 4570.0, 4572.0, 4548.0, 4554.0, 4548.0, 4562.0, 4562.0, 4582.0, 4588.0, 4598.0, 4616.0, 4622.0, 5178.0, 5318.0, 5378.0, 5376.0, 5512.0, 5688.0, 5662.0, 5700.0, 5600.0, 5736.0, 5674.0, 5852.0, 5806.0, 5896.0, 5900.0]}}, "IntendedFor": ["ses-imagenet05/func/sub-04_ses-imagenet05_task-imagenet_run-05_bold.nii.gz", "ses-imagenet05/func/sub-04_ses-imagenet05_task-imagenet_run-01_bold.nii.gz", "ses-imagenet05/func/sub-04_ses-imagenet05_task-imagenet_run-03_bold.nii.gz", "ses-imagenet05/func/sub-04_ses-imagenet05_task-imagenet_run-02_bold.nii.gz", "ses-imagenet05/func/sub-04_ses-imagenet05_task-imagenet_run-04_bold.nii.gz"]}