{"AcquisitionMatrixPE": 100, "AcquisitionNumber": 1, "AcquisitionTime": "09:53:0.177500", "BaseResolution": 100, "BodyPartExamined": "BRAIN", "ConsistencyInfo": "N4_VE11C_LATEST_20160120", "ConversionSoftware": "dcm2niix", "ConversionSoftwareVersion": "v1.0.20180622 GCC4.9.2", "DeviceSerialNumber": "166078", "DwellTime": 8.8e-06, "EchoNumber": 2, "EchoTime": 0.00738, "EchoTime1": 0.00492, "EchoTime2": 0.00738, "FlipAngle": 60, "ImageOrientationPatientDICOM": [1, 3.44208e-07, 9.387e-06, 1.1e-14, 0.999328, -0.036644], "ImageType": ["ORIGINAL", "PRIMARY", "P", "ND"], "InPlanePhaseEncodingDirectionDICOM": "ROW", "InstitutionAddress": "Street_StreetNo_Bei_Jing_District_CN_ZIP", "InstitutionName": "BeiJing_Normal_University", "InstitutionalDepartmentName": "Department", "MRAcquisitionType": "2D", "MagneticFieldStrength": 3, "Manufacturer": "Siemens", "ManufacturersModelName": "Prisma", "Modality": "MR", "PartialFourier": 1, "PatientPosition": "HFS", "PercentPhaseFOV": 100, "PhaseEncodingDirection": "i", "PhaseEncodingSteps": 100, "PhaseResolution": 1, "PixelBandwidth": 570, "ProcedureStepDescription": "BNU_P2018_64CH_Zhen.ZongLei", "ProtocolName": "field_mapping_2x2x2", "PulseSequenceDetails": "%SiemensSeq%_gre_field_mapping", "ReceiveCoilActiveElements": "HC1-7;NC1", "ReceiveCoilName": "HeadNeck_64", "ReconMatrixPE": 100, "RepetitionTime": 0.72, "SAR": 0.120293, "ScanningSequence": "GR", "SequenceName": "_fm2d2r", "SequenceVariant": "SP", "SeriesDescription": "field_mapping_2x2x2", "SeriesNumber": 9, "ShimSetting": [-5453, -11504, -1262, 147, -85, -137, -127, 72], "SliceThickness": 2, "SoftwareVersions": "syngo_MR_E11", "SpacingBetweenSlices": 2, "StationName": "AWP166078", "TxRefAmp": 240.496, "dcmmeta_affine": [[-2.0, 2.20000002915631e-14, 1.877547038020566e-05, 100.73217010498047], [-6.884164918119495e-07, 1.9986567497253418, -0.0732879638671875, -87.915771484375], [1.8774000636767596e-05, 0.0732879713177681, 1.9986572265625, -74.75653839111328], [0.0, 0.0, 0.0, 1.0]], "dcmmeta_reorient_transform": [[0.0, -1.0, 0.0, 99.0], [1.0, 0.0, 0.0, 0.0], [0.0, 0.0, -1.0, 71.0], [0.0, 0.0, 0.0, 1.0]], "dcmmeta_shape": [100, 100, 72], "dcmmeta_slice_dim": 2, "dcmmeta_version": 0.6, "global": {"const": {"AcquisitionMatrix": [0, 100, 100, 0], "AcquisitionNumber": 1, "AngioFlag": "N", "BitsAllocated": 16, "BitsStored": 12, "BodyPartExamined": "BRAIN", "Columns": 100, "EchoNumbers": 2, "EchoTime": 7.38, "EchoTrainLength": 0, "FlipAngle": 60.0, "HighBit": 11, "ImageOrientationPatient": [0.99999999995588, 3.44208254e-07, 9.387000006e-06, 1.1e-14, 0.9993283836409, -0.0366439851771], "ImageType": ["ORIGINAL", "PRIMARY", "P", "ND"], "ImagedNucleus": "1H", "ImagingFrequency": 123.257771, "InPlanePhaseEncodingDirection": "ROW", "MRAcquisitionType": "2D", "MagneticFieldStrength": 3.0, "Manufacturer": "SIEMENS", "ManufacturerModelName": "Prisma", "Modality": "MR", "NumberOfAverages": 1.0, "NumberOfPhaseEncodingSteps": 100, "PercentPhaseFieldOfView": 100.0, "PercentSampling": 100.0, "PerformedProcedureStepStartTime": "085924.354000", "PhotometricInterpretation": "MONOCHROME2", "PixelBandwidth": 570.0, "PixelRepresentation": 0, "PixelSpacing": [2.0, 2.0], "ProtocolName": "field_mapping_2x2x2", "RepetitionTime": 720.0, "RescaleIntercept": -4096.0, "RescaleSlope": 2.0, "RescaleType": "US", "Rows": 100, "SAR": 0.12029268130178, "SamplesPerPixel": 1, "ScanningSequence": "GR", "SequenceName": "*fm2d2r", "SequenceVariant": "SP", "SeriesDescription": "field_mapping_2x2x2", "SeriesNumber": 9, "SeriesTime": "095524.998000", "SliceThickness": 2.0, "SoftwareVersions": "syngo MR E11", "SpacingBetweenSlices": 2.0, "SpecificCharacterSet": "ISO_IR 100", "StudyID": "1", "StudyTime": "085924.262000", "TransmitCoilName": "Body", "VariableFlipAngleFlag": "N", "WindowCenterWidthExplanation": "Algo1", "dBdt": 0.0}, "slices": {"AcquisitionTime": ["095300.177500", "095259.817500", "095300.187500", "095259.827500", "095300.197500", "095259.837500", "095300.207500", "095259.847500", "095300.217500", "095259.857500", "095300.227500", "095259.867500", "095300.237500", "095259.877500", "095300.247500", "095259.887500", "095300.257500", "095259.897500", "095300.267500", "095259.907500", "095300.277500", "095259.917500", "095300.287500", "095259.927500", "095300.297500", "095259.937500", "095300.307500", "095259.947500", "095300.317500", "095259.957500", "095300.327500", "095259.967500", "095300.337500", "095259.977500", "095300.347500", "095259.987500", "095300.357500", "095259.997500", "095300.367500", "095300.007500", "095300.377500", "095300.017500", "095300.387500", "095300.027500", "095300.397500", "095300.037500", "095300.407500", "095300.047500", "095300.417500", "095300.057500", "095300.427500", "095300.067500", "095300.437500", "095300.077500", "095300.447500", "095300.087500", "095300.457500", "095300.097500", "095300.467500", "095300.107500", "095300.477500", "095300.117500", "095300.487500", "095300.127500", "095300.497500", "095300.137500", "095300.507500", "095300.147500", "095300.517500", "095300.157500", "095300.527500", "095300.167500"], "ContentTime": ["095525.082000", "095525.000000", "095525.084000", "095525.002000", "095525.086000", "095525.004000", "095525.088000", "095525.006000", "095525.090000", "095525.008000", "095525.092000", "095525.010000", "095525.094000", "095525.012000", "095525.096000", "095525.014000", "095525.098000", "095525.016000", "095525.100000", "095525.017000", "095525.101000", "095525.019000", "095525.103000", "095525.021000", "095525.105000", "095525.023000", "095525.107000", "095525.025000", "095525.109000", "095525.027000", "095525.111000", "095525.029000", "095525.112000", "095525.031000", "095525.114000", "095525.033000", "095525.116000", "095525.036000", "095525.118000", "095525.038000", "095525.120000", "095525.040000", "095525.122000", "095525.042000", "095525.124000", "095525.044000", "095525.125000", "095525.046000", "095525.127000", "095525.059000", "095525.129000", "095525.061000", "095525.131000", "095525.063000", "095525.133000", "095525.065000", "095525.135000", "095525.067000", "095525.137000", "095525.069000", "095525.139000", "095525.071000", "095525.141000", "095525.073000", "095525.142000", "095525.075000", "095525.144000", "095525.077000", "095525.146000", "095525.079000", "095525.148000", "095525.081000"], "CsaImage.GSWDDataType": ["measured", "predicted", "measured", "predicted", "measured", "predicted", "measured", "predicted", "measured", "predicted", "measured", "predicted", "measured", "predicted", "measured", "predicted", "measured", "predicted", "measured", "predicted", "measured", "predicted", "measured", "predicted", "measured", "predicted", "measured", "predicted", "measured", "predicted", "measured", "predicted", "measured", "predicted", "measured", "predicted", "measured", "predicted", "measured", "predicted", "measured", "predicted", "measured", "predicted", "measured", "predicted", "measured", "predicted", "measured", "predicted", "measured", "predicted", "measured", "predicted", "measured", "predicted", "measured", "predicted", "measured", "predicted", "measured", "predicted", "measured", "measured", "measured", "measured", "measured", "measured", "measured", "measured", "measured", "measured"], "CsaImage.ICE_Dims": ["X_2_1_1_1_1_1_37_1_1_1_1_30", "X_2_1_1_1_1_1_1_1_1_2_1_30", "X_2_1_1_1_1_1_38_1_1_3_1_30", "X_2_1_1_1_1_1_2_1_1_4_1_30", "X_2_1_1_1_1_1_39_1_1_5_1_30", "X_2_1_1_1_1_1_3_1_1_6_1_30", "X_2_1_1_1_1_1_40_1_1_7_1_30", "X_2_1_1_1_1_1_4_1_1_8_1_30", "X_2_1_1_1_1_1_41_1_1_9_1_30", "X_2_1_1_1_1_1_5_1_1_10_1_30", "X_2_1_1_1_1_1_42_1_1_11_1_30", "X_2_1_1_1_1_1_6_1_1_12_1_30", "X_2_1_1_1_1_1_43_1_1_13_1_30", "X_2_1_1_1_1_1_7_1_1_14_1_30", "X_2_1_1_1_1_1_44_1_1_15_1_30", "X_2_1_1_1_1_1_8_1_1_16_1_30", "X_2_1_1_1_1_1_45_1_1_17_1_30", "X_2_1_1_1_1_1_9_1_1_18_1_30", "X_2_1_1_1_1_1_46_1_1_19_1_30", "X_2_1_1_1_1_1_10_1_1_20_1_30", "X_2_1_1_1_1_1_47_1_1_21_1_30", "X_2_1_1_1_1_1_11_1_1_22_1_30", "X_2_1_1_1_1_1_48_1_1_23_1_30", "X_2_1_1_1_1_1_12_1_1_24_1_30", "X_2_1_1_1_1_1_49_1_1_25_1_30", "X_2_1_1_1_1_1_13_1_1_26_1_30", "X_2_1_1_1_1_1_50_1_1_27_1_30", "X_2_1_1_1_1_1_14_1_1_28_1_30", "X_2_1_1_1_1_1_51_1_1_29_1_30", "X_2_1_1_1_1_1_15_1_1_30_1_30", "X_2_1_1_1_1_1_52_1_1_31_1_30", "X_2_1_1_1_1_1_16_1_1_32_1_30", "X_2_1_1_1_1_1_53_1_1_33_1_30", "X_2_1_1_1_1_1_17_1_1_34_1_30", "X_2_1_1_1_1_1_54_1_1_35_1_30", "X_2_1_1_1_1_1_18_1_1_36_1_30", "X_2_1_1_1_1_1_55_1_1_37_1_30", "X_2_1_1_1_1_1_19_1_1_38_1_30", "X_2_1_1_1_1_1_56_1_1_39_1_30", "X_2_1_1_1_1_1_20_1_1_40_1_30", "X_2_1_1_1_1_1_57_1_1_41_1_30", "X_2_1_1_1_1_1_21_1_1_42_1_30", "X_2_1_1_1_1_1_58_1_1_43_1_30", "X_2_1_1_1_1_1_22_1_1_44_1_30", "X_2_1_1_1_1_1_59_1_1_45_1_30", "X_2_1_1_1_1_1_23_1_1_46_1_30", "X_2_1_1_1_1_1_60_1_1_47_1_30", "X_2_1_1_1_1_1_24_1_1_48_1_30", "X_2_1_1_1_1_1_61_1_1_49_1_30", "X_2_1_1_1_1_1_25_1_1_50_1_30", "X_2_1_1_1_1_1_62_1_1_51_1_30", "X_2_1_1_1_1_1_26_1_1_52_1_30", "X_2_1_1_1_1_1_63_1_1_53_1_30", "X_2_1_1_1_1_1_27_1_1_54_1_30", "X_2_1_1_1_1_1_64_1_1_55_1_30", "X_2_1_1_1_1_1_28_1_1_56_1_30", "X_2_1_1_1_1_1_65_1_1_57_1_30", "X_2_1_1_1_1_1_29_1_1_58_1_30", "X_2_1_1_1_1_1_66_1_1_59_1_30", "X_2_1_1_1_1_1_30_1_1_60_1_30", "X_2_1_1_1_1_1_67_1_1_61_1_30", "X_2_1_1_1_1_1_31_1_1_62_1_30", "X_2_1_1_1_1_1_68_1_1_63_1_30", "X_2_1_1_1_1_1_32_1_1_64_1_30", "X_2_1_1_1_1_1_69_1_1_65_1_30", "X_2_1_1_1_1_1_33_1_1_66_1_30", "X_2_1_1_1_1_1_70_1_1_67_1_30", "X_2_1_1_1_1_1_34_1_1_68_1_30", "X_2_1_1_1_1_1_71_1_1_69_1_30", "X_2_1_1_1_1_1_35_1_1_70_1_30", "X_2_1_1_1_1_1_72_1_1_71_1_30", "X_2_1_1_1_1_1_36_1_1_72_1_30"], "CsaImage.ProtocolSliceNumber": [0, 1, 2, 3, 4, 5, 6, 7, 8, 9, 10, 11, 12, 13, 14, 15, 16, 17, 18, 19, 20, 21, 22, 23, 24, 25, 26, 27, 28, 29, 30, 31, 32, 33, 34, 35, 36, 37, 38, 39, 40, 41, 42, 43, 44, 45, 46, 47, 48, 49, 50, 51, 52, 53, 54, 55, 56, 57, 58, 59, 60, 61, 62, 63, 64, 65, 66, 67, 68, 69, 70, 71], "CsaImage.RFSWDDataType": ["measured", "predicted", "measured", "predicted", "measured", "predicted", "measured", "predicted", "measured", "predicted", "measured", "predicted", "measured", "predicted", "measured", "predicted", "measured", "predicted", "measured", "predicted", "measured", "predicted", "measured", "predicted", "measured", "predicted", "measured", "predicted", "measured", "predicted", "measured", "predicted", "measured", "predicted", "measured", "predicted", "measured", "predicted", "measured", "predicted", "measured", "predicted", "measured", "predicted", "measured", "predicted", "measured", "predicted", "measured", "predicted", "measured", "predicted", "measured", "predicted", "measured", "predicted", "measured", "predicted", "measured", "measured", "measured", "measured", "measured", "measured", "measured", "measured", "measured", "measured", "measured", "measured", "measured", "measured"], "CsaImage.SlicePosition_PCS": [[-100.73216968, -109.95124914, -67.50099941], [-100.73218846, -109.87796117, -65.50234218], [-100.73220723, -109.80467321, -63.50368496], [-100.73222601, -109.73138524, -61.50502773], [-100.73224479, -109.65809728, -59.50637432], [-100.73226356, -109.58480932, -57.50771709], [-100.7322824, -109.51152135, -55.50905987], [-100.73230117, -109.43823339, -53.51040264], [-100.73231995, -109.36494542, -51.51174541], [-100.73233872, -109.29165746, -49.51308819], [-100.7323575, -109.2183695, -47.51443096], [-100.73237633, -109.14508153, -45.51577755], [-100.73239511, -109.07179357, -43.51712032], [-100.73241388, -108.99850465, -41.51846309], [-100.73243266, -108.92521669, -39.51980587], [-100.73245143, -108.85192872, -37.52114864], [-100.73247027, -108.77864076, -35.52249142], [-100.73248905, -108.7053528, -33.52383419], [-100.73250782, -108.63206483, -31.52517696], [-100.7325266, -108.55877687, -29.52651974], [-100.73254537, -108.4854889, -27.52786442], [-100.73256415, -108.41220094, -25.52920719], [-100.73258298, -108.33891298, -23.53055187], [-100.73260176, -108.26562501, -21.53189464], [-100.73262053, -108.19233705, -19.53323742], [-100.73263931, -108.11904908, -17.53458019], [-100.73265808, -108.04576112, -15.53592487], [-100.73267692, -107.97247316, -13.53726765], [-100.73269569, -107.89918567, -11.53861042], [-100.73271447, -107.82589771, -9.53995415], [-100.73273325, -107.75260974, -7.54129692], [-100.73275202, -107.67932178, -5.54264065], [-100.73277086, -107.60603381, -3.5439839], [-100.73278963, -107.53274585, -1.54532667], [-100.73280841, -107.45945789, 0.45332984], [-100.73282718, -107.38616992, 2.45198659], [-100.73284596, -107.31288196, 4.4506434], [-100.73286473, -107.239594, 6.44930009], [-100.73288357, -107.16630603, 8.44795708], [-100.73290234, -107.09301807, 10.44661383], [-100.73292112, -107.0197301, 12.44527058], [-100.73293989, -106.94644214, 14.44392685], [-100.73295867, -106.87315418, 16.44258408], [-100.73297751, -106.79986621, 18.44124035], [-100.73299628, -106.72657825, 20.43989758], [-100.73301506, -106.65329028, 22.4385548], [-100.73303383, -106.58000232, 24.43721203], [-100.73305261, -106.50671436, 26.43586735], [-100.73307144, -106.43342639, 28.43452458], [-100.73309022, -106.36013843, 30.4331818], [-100.73310899, -106.28685047, 32.43183903], [-100.73312777, -106.2135625, 34.43049435], [-100.73314654, -106.14027454, 36.42915348], [-100.73316532, -106.06698657, 38.42780689], [-100.73318415, -105.99369861, 40.42646412], [-100.73320293, -105.92041065, 42.42512135], [-100.73322171, -105.84712268, 44.42377857], [-100.73324048, -105.77383472, 46.4224358], [-100.73325926, -105.70054675, 48.42109303], [-100.73327809, -105.62725879, 50.41975025], [-100.73329687, -105.55397083, 52.41840748], [-100.73331564, -105.48068286, 54.41706089], [-100.73333442, -105.4073949, 56.41571812], [-100.73335319, -105.33410693, 58.41437535], [-100.73337203, -105.26081897, 60.41303257], [-100.7333908, -105.18753101, 62.4116898], [-100.73340958, -105.11424304, 64.41034702], [-100.73342835, -105.0409546, 66.40900425], [-100.73344713, -104.96766664, 68.40766148], [-100.73346591, -104.89437867, 70.4063187], [-100.73348474, -104.82109071, 72.40497593], [-100.73350352, -104.74780275, 74.40363316]], "CsaImage.TimeAfterStart": [1.0825, 0.7225, 1.0925, 0.7325, 1.1025, 0.7425, 1.1125, 0.7525, 1.1225, 0.7625, 1.1325, 0.7725, 1.1425, 0.7825, 1.1525, 0.7925, 1.1625, 0.8025, 1.1725, 0.8125, 1.1825, 0.8225, 1.1925, 0.8325, 1.2025, 0.8425, 1.2125, 0.8525, 1.2225, 0.8625, 1.2325, 0.8725, 1.2425, 0.8825, 1.2525, 0.8925, 1.2625, 0.9025, 1.2725, 0.9125, 1.2825, 0.9225, 1.2925, 0.9325, 1.3025, 0.9425, 1.3125, 0.9525, 1.3225, 0.9625, 1.3325, 0.9725, 1.3425, 0.9825, 1.3525, 0.9925, 1.3625, 1.0025, 1.3725, 1.0125, 1.3825, 1.0225, 1.3925, 1.0325, 1.4025, 1.0425, 1.4125, 1.0525, 1.4225, 1.0625, 1.4325, 1.0725], "ImagePositionPatient": [[-100.73216968334, -109.95124913532, -67.500999410805], [-100.7321884588, -109.87796117145, -65.502342184243], [-100.73220723426, -109.80467320758, -63.50368495768], [-100.73222600973, -109.73138524372, -61.505027731118], [-100.73224478519, -109.65809727985, -59.506374319252], [-100.73226356065, -109.58480931598, -57.50771709269], [-100.73228239572, -109.51152135212, -55.509059866127], [-100.73230117118, -109.43823338825, -53.510402639565], [-100.73231994665, -109.36494542438, -51.511745413002], [-100.73233872211, -109.29165746051, -49.51308818644], [-100.73235749757, -109.21836949665, -47.514430959877], [-100.73237633264, -109.14508153278, -45.515777548012], [-100.7323951081, -109.07179356891, -43.51712032145], [-100.73241388357, -108.99850465137, -41.518463094887], [-100.73243265903, -108.9252166875, -39.519805868325], [-100.73245143449, -108.85192872364, -37.521148641762], [-100.73247026956, -108.77864075977, -35.5224914152], [-100.73248904502, -108.7053527959, -33.523834188637], [-100.73250782049, -108.63206483203, -31.525176962075], [-100.73252659595, -108.55877686817, -29.526519735512], [-100.73254537141, -108.4854889043, -27.527864416298], [-100.73256414688, -108.41220094043, -25.529207189736], [-100.73258298194, -108.33891297657, -23.530551870522], [-100.73260175741, -108.2656250127, -21.531894643959], [-100.73262053287, -108.19233704883, -19.533237417397], [-100.73263930833, -108.11904908496, -17.534580190834], [-100.7326580838, -108.0457611211, -15.53592487162], [-100.73267691886, -107.97247315723, -13.537267645058], [-100.73269569433, -107.8991856702, -11.538610418495], [-100.73271446979, -107.82589770633, -9.5399541456073], [-100.73273324525, -107.75260974247, -7.5412969190448], [-100.73275202072, -107.6793217786, -5.5426406461566], [-100.73277085578, -107.60603381473, -3.5439838964312], [-100.73278963125, -107.53274585086, -1.5453266698687], [-100.73280840671, -107.459457887, 0.45332984143802], [-100.73282718217, -107.38616992313, 2.4519865911634], [-100.73284595764, -107.31288195926, 4.4506434004933], [-100.7328647331, -107.2395939954, 6.449300090614], [-100.73288356817, -107.16630603153, 8.447957078758], [-100.73290234363, -107.09301806766, 10.446613828483], [-100.73292111909, -107.01973010379, 12.445270578209], [-100.73293989456, -106.94644213993, 14.443926851097], [-100.73295867002, -106.87315417606, 16.442584077659], [-100.73297750509, -106.79986621219, 18.441240350548], [-100.73299628055, -106.72657824832, 20.43989757711], [-100.73301505601, -106.65329028446, 22.438554803673], [-100.73303383148, -106.58000232059, 24.437212030235], [-100.73305260694, -106.50671435672, 26.435867349449], [-100.73307144201, -106.43342639286, 28.434524576011], [-100.73309021747, -106.36013842899, 30.433181802574], [-100.73310899293, -106.28685046512, 32.431839029136], [-100.7331277684, -106.21356250125, 34.43049434835], [-100.73314654386, -106.14027453739, 36.429153482261], [-100.73316531932, -106.06698657352, 38.427806894127], [-100.73318415439, -105.99369860965, 40.426464120689], [-100.73320292985, -105.92041064579, 42.425121347252], [-100.73322170532, -105.84712268192, 44.423778573814], [-100.73324048078, -105.77383471805, 46.422435800377], [-100.73325925624, -105.70054675418, 48.421093026939], [-100.73327809131, -105.62725879032, 50.419750253502], [-100.73329686677, -105.55397082645, 52.418407480064], [-100.73331564224, -105.48068286258, 54.417060891929], [-100.7333344177, -105.40739489872, 56.415718118492], [-100.73335319316, -105.33410693485, 58.414375345054], [-100.73337202823, -105.26081897098, 60.413032571617], [-100.73339080369, -105.18753100711, 62.411689798179], [-100.73340957916, -105.11424304325, 64.410347024742], [-100.73342835462, -105.04095460254, 66.409004251304], [-100.73344713008, -104.96766663868, 68.407661477867], [-100.73346590555, -104.89437867481, 70.406318704429], [-100.73348474061, -104.82109071094, 72.404975930992], [-100.73350351608, -104.74780274707, 74.403633157554]], "InstanceCreationTime": ["095525.082000", "095525.000000", "095525.084000", "095525.002000", "095525.086000", "095525.004000", "095525.088000", "095525.006000", "095525.090000", "095525.008000", "095525.092000", "095525.010000", "095525.094000", "095525.012000", "095525.096000", "095525.014000", "095525.098000", "095525.016000", "095525.100000", "095525.017000", "095525.101000", "095525.019000", "095525.103000", "095525.021000", "095525.105000", "095525.023000", "095525.107000", "095525.025000", "095525.109000", "095525.027000", "095525.111000", "095525.029000", "095525.112000", "095525.031000", "095525.114000", "095525.033000", "095525.116000", "095525.036000", "095525.118000", "095525.038000", "095525.120000", "095525.040000", "095525.122000", "095525.042000", "095525.124000", "095525.044000", "095525.125000", "095525.046000", "095525.127000", "095525.059000", "095525.129000", "095525.061000", "095525.131000", "095525.063000", "095525.133000", "095525.065000", "095525.135000", "095525.067000", "095525.137000", "095525.069000", "095525.139000", "095525.071000", "095525.141000", "095525.073000", "095525.142000", "095525.075000", "095525.144000", "095525.077000", "095525.146000", "095525.079000", "095525.148000", "095525.081000"], "InstanceNumber": [1, 2, 3, 4, 5, 6, 7, 8, 9, 10, 11, 12, 13, 14, 15, 16, 17, 18, 19, 20, 21, 22, 23, 24, 25, 26, 27, 28, 29, 30, 31, 32, 33, 34, 35, 36, 37, 38, 39, 40, 41, 42, 43, 44, 45, 46, 47, 48, 49, 50, 51, 52, 53, 54, 55, 56, 57, 58, 59, 60, 61, 62, 63, 64, 65, 66, 67, 68, 69, 70, 71, 72], "LargestImagePixelValue": [4094, 4093, 4094, 4095, 4095, 4094, 4094, 4093, 4089, 4094, 4094, 4094, 4094, 4095, 4088, 4092, 4088, 4092, 4091, 4094, 4095, 4093, 4095, 4085, 4089, 4095, 4090, 4091, 4094, 4088, 4094, 4091, 4091, 4086, 4095, 4090, 4090, 4092, 4095, 4086, 4095, 4090, 4081, 4088, 4091, 4095, 4093, 4078, 4092, 4094, 4095, 4090, 4093, 4092, 4094, 4093, 4094, 4091, 4095, 4090, 4093, 4092, 4094, 4095, 4094, 4092, 4095, 4094, 4090, 4094, 4093, 4094], "SliceLocation": [-71.483770367345, -69.483769908522, -67.483769449699, -65.483768990877, -63.483772344189, -61.483771885367, -59.483771426544, -57.483770967721, -55.483770508898, -53.483770050076, -51.483769591253, -49.483772944565, -47.483772485742, -45.483771991973, -43.483771533151, -41.483771074328, -39.483770615505, -37.483770156682, -35.483769697859, -33.483769239037, -31.483770686282, -29.483770227459, -27.483771674704, -25.483771215881, -23.483770757058, -21.483770298236, -19.483771745481, -17.483771286657, -15.483770845308, -13.483771339519, -11.483770880696, -9.4837713749076, -7.4837713926013, -5.4837709337786, -3.4837711897313, -1.4837712074256, 0.5162288344448, 2.5162287571859, 4.5162289777507, 6.5162289600564, 8.5162289423622, 10.516228448151, 12.516228906974, 14.516228412763, 16.516228871586, 18.516229330408, 20.516229789231, 22.516228341986, 24.516228800809, 26.516229259632, 28.516229718455, 30.51622827121, 32.5162306361, 34.516227282787, 36.51622774161, 38.516228200433, 40.516228659256, 42.516229118078, 44.516229576901, 46.516230035724, 48.516230494547, 50.516227141234, 52.516227600057, 54.51622805888, 56.516228517703, 58.516228976526, 60.516229435348, 62.516229911644, 64.516230370467, 66.516230829289, 68.516231288113, 70.516231746935], "SmallestImagePixelValue": [0, 2, 0, 2, 2, 1, 6, 2, 0, 6, 0, 0, 0, 0, 7, 5, 0, 0, 0, 4, 6, 0, 0, 8, 2, 4, 0, 5, 6, 1, 1, 21, 15, 32, 7, 1, 0, 4, 13, 2, 15, 4, 2, 1, 6, 1, 2, 0, 0, 0, 3, 0, 5, 6, 5, 0, 1, 0, 0, 0, 0, 1, 2, 0, 0, 2, 0, 0, 0, 0, 0, 0], "WindowCenter": [-280.0, -294.0, -310.0, -234.0, -252.0, -294.0, -280.0, -240.0, -334.0, -298.0, -304.0, -332.0, -266.0, -232.0, -300.0, -324.0, -316.0, -286.0, -256.0, -290.0, -276.0, -230.0, -216.0, -202.0, -158.0, -108.0, -92.0, -86.0, -76.0, -102.0, -218.0, -242.0, -256.0, -122.0, -142.0, -232.0, -226.0, -216.0, -226.0, -226.0, -88.0, -94.0, -210.0, -108.0, -34.0, -4.0, -16.0, -28.0, -34.0, -30.0, -48.0, -50.0, -72.0, -52.0, -84.0, -48.0, -56.0, -74.0, -80.0, -86.0, -96.0, -116.0, -74.0, -94.0, -122.0, -170.0, -228.0, -266.0, -244.0, -290.0, -230.0, -278.0], "WindowWidth": [6234.0, 6242.0, 6266.0, 6280.0, 6254.0, 6196.0, 6122.0, 6178.0, 6130.0, 6198.0, 6150.0, 6100.0, 6084.0, 6116.0, 6048.0, 5962.0, 5864.0, 5804.0, 5726.0, 5672.0, 5578.0, 5564.0, 5580.0, 5530.0, 5432.0, 5408.0, 5234.0, 5134.0, 5110.0, 4932.0, 4558.0, 4578.0, 4592.0, 5150.0, 4956.0, 4582.0, 4584.0, 4578.0, 4584.0, 4590.0, 5220.0, 5142.0, 4584.0, 4954.0, 5336.0, 5370.0, 5422.0, 5268.0, 5328.0, 5338.0, 5350.0, 5360.0, 5376.0, 5490.0, 5416.0, 5588.0, 5606.0, 5596.0, 5652.0, 5636.0, 5756.0, 5786.0, 5838.0, 5934.0, 5906.0, 5992.0, 6048.0, 6178.0, 6180.0, 6256.0, 6398.0, 6428.0]}}, "IntendedFor": ["ses-coco/func/sub-05_ses-coco_task-coco_run-05_bold.nii.gz", "ses-coco/func/sub-05_ses-coco_task-coco_run-08_bold.nii.gz", "ses-coco/func/sub-05_ses-coco_task-coco_run-07_bold.nii.gz", "ses-coco/func/sub-05_ses-coco_task-coco_run-11_bold.nii.gz", "ses-coco/func/sub-05_ses-coco_task-coco_run-01_bold.nii.gz", "ses-coco/func/sub-05_ses-coco_task-coco_run-03_bold.nii.gz", "ses-coco/func/sub-05_ses-coco_task-coco_run-10_bold.nii.gz", "ses-coco/func/sub-05_ses-coco_task-coco_run-02_bold.nii.gz", "ses-coco/func/sub-05_ses-coco_task-coco_run-04_bold.nii.gz", "ses-coco/func/sub-05_ses-coco_task-coco_run-06_bold.nii.gz", "ses-coco/func/sub-05_ses-coco_task-coco_run-09_bold.nii.gz"]}