{"AcquisitionMatrixPE": 100, "AcquisitionNumber": 1, "AcquisitionTime": "15:58:48.895000", "BaseResolution": 100, "BodyPartExamined": "BRAIN", "ConsistencyInfo": "N4_VE11C_LATEST_20160120", "ConversionSoftware": "dcm2niix", "ConversionSoftwareVersion": "v1.0.20180622 GCC4.9.2", "DeviceSerialNumber": "166078", "DwellTime": 8.8e-06, "EchoNumber": 2, "EchoTime": 0.00738, "EchoTime1": 0.00492, "EchoTime2": 0.00738, "FlipAngle": 60, "ImageOrientationPatientDICOM": [1, 0, 0, 0, 0.992757, -0.120137], "ImageType": ["ORIGINAL", "PRIMARY", "P", "ND"], "InPlanePhaseEncodingDirectionDICOM": "ROW", "InstitutionAddress": "Street_StreetNo_Bei_Jing_District_CN_ZIP", "InstitutionName": "BeiJing_Normal_University", "InstitutionalDepartmentName": "Department", "MRAcquisitionType": "2D", "MagneticFieldStrength": 3, "Manufacturer": "Siemens", "ManufacturersModelName": "Prisma", "Modality": "MR", "PartialFourier": 1, "PatientPosition": "HFS", "PercentPhaseFOV": 100, "PhaseEncodingDirection": "i", "PhaseEncodingSteps": 100, "PhaseResolution": 1, "PixelBandwidth": 570, "ProcedureStepDescription": "BNU_P2018_64CH_Zhen.ZongLei", "ProtocolName": "field_mapping_2x2x2", "PulseSequenceDetails": "%SiemensSeq%_gre_field_mapping", "ReceiveCoilActiveElements": "HC1-7;NC1", "ReceiveCoilName": "HeadNeck_64", "ReconMatrixPE": 100, "RepetitionTime": 0.72, "SAR": 0.133795, "ScanningSequence": "GR", "SequenceName": "_fm2d2r", "SequenceVariant": "SP", "SeriesDescription": "field_mapping_2x2x2", "SeriesNumber": 9, "ShimSetting": [-5469, -11521, -1267, 437, -7, -194, -148, 39], "SliceThickness": 2, "SoftwareVersions": "syngo_MR_E11", "SpacingBetweenSlices": 2, "StationName": "AWP166078", "TxRefAmp": 211.566, "dcmmeta_affine": [[-2.0, 0.0, 0.0, 106.0722885131836], [0.0, 1.9855146408081055, -0.24027347564697266, -89.55570220947266], [0.0, 0.24027366936206818, 1.9855117797851562, -63.7722282409668], [0.0, 0.0, 0.0, 1.0]], "dcmmeta_reorient_transform": [[0.0, -1.0, 0.0, 99.0], [1.0, 0.0, 0.0, 0.0], [0.0, 0.0, -1.0, 71.0], [0.0, 0.0, 0.0, 1.0]], "dcmmeta_shape": [100, 100, 72], "dcmmeta_slice_dim": 2, "dcmmeta_version": 0.6, "global": {"const": {"AcquisitionMatrix": [0, 100, 100, 0], "AcquisitionNumber": 1, "AngioFlag": "N", "BitsAllocated": 16, "BitsStored": 12, "BodyPartExamined": "BRAIN", "Columns": 100, "EchoNumbers": 2, "EchoTime": 7.38, "EchoTrainLength": 0, "FlipAngle": 60.0, "HighBit": 11, "ImageOrientationPatient": [1.0, 0.0, 0.0, 0.0, 0.99275734245449, -0.1201368344959], "ImageType": ["ORIGINAL", "PRIMARY", "P", "ND"], "ImagedNucleus": "1H", "ImagingFrequency": 123.257767, "InPlanePhaseEncodingDirection": "ROW", "MRAcquisitionType": "2D", "MagneticFieldStrength": 3.0, "Manufacturer": "SIEMENS", "ManufacturerModelName": "Prisma", "Modality": "MR", "NumberOfAverages": 1.0, "NumberOfPhaseEncodingSteps": 100, "PercentPhaseFieldOfView": 100.0, "PercentSampling": 100.0, "PerformedProcedureStepStartTime": "150633.316000", "PhotometricInterpretation": "MONOCHROME2", "PixelBandwidth": 570.0, "PixelRepresentation": 0, "PixelSpacing": [2.0, 2.0], "ProtocolName": "field_mapping_2x2x2", "RepetitionTime": 720.0, "RescaleIntercept": -4096.0, "RescaleSlope": 2.0, "RescaleType": "US", "Rows": 100, "SAR": 0.1337954114119, "SamplesPerPixel": 1, "ScanningSequence": "GR", "SequenceName": "*fm2d2r", "SequenceVariant": "SP", "SeriesDescription": "field_mapping_2x2x2", "SeriesNumber": 9, "SeriesTime": "160113.848000", "SliceThickness": 2.0, "SoftwareVersions": "syngo MR E11", "SpacingBetweenSlices": 2.0, "SpecificCharacterSet": "ISO_IR 100", "StudyID": "1", "StudyTime": "150633.216000", "TransmitCoilName": "Body", "VariableFlipAngleFlag": "N", "WindowCenterWidthExplanation": "Algo1", "dBdt": 0.0}, "slices": {"AcquisitionTime": ["155848.895000", "155848.535000", "155848.905000", "155848.545000", "155848.915000", "155848.555000", "155848.925000", "155848.565000", "155848.935000", "155848.575000", "155848.945000", "155848.585000", "155848.955000", "155848.595000", "155848.965000", "155848.605000", "155848.975000", "155848.615000", "155848.985000", "155848.625000", "155848.995000", "155848.635000", "155849.005000", "155848.645000", "155849.015000", "155848.655000", "155849.025000", "155848.665000", "155849.035000", "155848.675000", "155849.045000", "155848.685000", "155849.055000", "155848.695000", "155849.065000", "155848.705000", "155849.075000", "155848.715000", "155849.085000", "155848.725000", "155849.095000", "155848.735000", "155849.105000", "155848.745000", "155849.115000", "155848.755000", "155849.125000", "155848.765000", "155849.135000", "155848.775000", "155849.145000", "155848.785000", "155849.155000", "155848.795000", "155849.165000", "155848.805000", "155849.175000", "155848.815000", "155849.185000", "155848.825000", "155849.195000", "155848.835000", "155849.205000", "155848.845000", "155849.215000", "155848.855000", "155849.225000", "155848.865000", "155849.235000", "155848.875000", "155849.245000", "155848.885000"], "ContentTime": ["160113.923000", "160113.850000", "160113.925000", "160113.852000", "160113.927000", "160113.855000", "160113.929000", "160113.857000", "160113.931000", "160113.859000", "160113.933000", "160113.861000", "160113.935000", "160113.864000", "160113.936000", "160113.866000", "160113.938000", "160113.868000", "160113.940000", "160113.871000", "160113.942000", "160113.873000", "160113.944000", "160113.875000", "160113.946000", "160113.876000", "160113.948000", "160113.878000", "160113.949000", "160113.881000", "160113.951000", "160113.883000", "160113.953000", "160113.885000", "160113.955000", "160113.887000", "160113.957000", "160113.890000", "160113.959000", "160113.892000", "160113.961000", "160113.893000", "160113.963000", "160113.895000", "160113.965000", "160113.897000", "160113.966000", "160113.899000", "160113.968000", "160113.901000", "160113.970000", "160113.903000", "160113.972000", "160113.905000", "160113.974000", "160113.907000", "160113.976000", "160113.908000", "160113.978000", "160113.910000", "160113.980000", "160113.912000", "160113.982000", "160113.914000", "160113.984000", "160113.916000", "160113.986000", "160113.918000", "160113.988000", "160113.920000", "160113.990000", "160113.921000"], "CsaImage.GSWDDataType": ["measured", "predicted", "measured", "predicted", "measured", "predicted", "measured", "predicted", "measured", "predicted", "measured", "predicted", "measured", "predicted", "measured", "predicted", "measured", "predicted", "measured", "predicted", "measured", "predicted", "measured", "predicted", "measured", "predicted", "measured", "predicted", "measured", "predicted", "measured", "predicted", "measured", "predicted", "measured", "predicted", "measured", "predicted", "measured", "predicted", "measured", "predicted", "measured", "predicted", "measured", "predicted", "measured", "predicted", "measured", "predicted", "measured", "predicted", "measured", "predicted", "measured", "predicted", "measured", "predicted", "measured", "predicted", "measured", "predicted", "measured", "predicted", "measured", "predicted", "measured", "predicted", "measured", "predicted", "measured", "predicted"], "CsaImage.ICE_Dims": ["X_2_1_1_1_1_1_37_1_1_1_1_149", "X_2_1_1_1_1_1_1_1_1_2_1_149", "X_2_1_1_1_1_1_38_1_1_3_1_149", "X_2_1_1_1_1_1_2_1_1_4_1_149", "X_2_1_1_1_1_1_39_1_1_5_1_149", "X_2_1_1_1_1_1_3_1_1_6_1_149", "X_2_1_1_1_1_1_40_1_1_7_1_149", "X_2_1_1_1_1_1_4_1_1_8_1_149", "X_2_1_1_1_1_1_41_1_1_9_1_149", "X_2_1_1_1_1_1_5_1_1_10_1_149", "X_2_1_1_1_1_1_42_1_1_11_1_149", "X_2_1_1_1_1_1_6_1_1_12_1_149", "X_2_1_1_1_1_1_43_1_1_13_1_149", "X_2_1_1_1_1_1_7_1_1_14_1_149", "X_2_1_1_1_1_1_44_1_1_15_1_149", "X_2_1_1_1_1_1_8_1_1_16_1_149", "X_2_1_1_1_1_1_45_1_1_17_1_149", "X_2_1_1_1_1_1_9_1_1_18_1_149", "X_2_1_1_1_1_1_46_1_1_19_1_149", "X_2_1_1_1_1_1_10_1_1_20_1_149", "X_2_1_1_1_1_1_47_1_1_21_1_149", "X_2_1_1_1_1_1_11_1_1_22_1_149", "X_2_1_1_1_1_1_48_1_1_23_1_149", "X_2_1_1_1_1_1_12_1_1_24_1_149", "X_2_1_1_1_1_1_49_1_1_25_1_149", "X_2_1_1_1_1_1_13_1_1_26_1_149", "X_2_1_1_1_1_1_50_1_1_27_1_149", "X_2_1_1_1_1_1_14_1_1_28_1_149", "X_2_1_1_1_1_1_51_1_1_29_1_149", "X_2_1_1_1_1_1_15_1_1_30_1_149", "X_2_1_1_1_1_1_52_1_1_31_1_149", "X_2_1_1_1_1_1_16_1_1_32_1_149", "X_2_1_1_1_1_1_53_1_1_33_1_149", "X_2_1_1_1_1_1_17_1_1_34_1_149", "X_2_1_1_1_1_1_54_1_1_35_1_149", "X_2_1_1_1_1_1_18_1_1_36_1_149", "X_2_1_1_1_1_1_55_1_1_37_1_149", "X_2_1_1_1_1_1_19_1_1_38_1_149", "X_2_1_1_1_1_1_56_1_1_39_1_149", "X_2_1_1_1_1_1_20_1_1_40_1_149", "X_2_1_1_1_1_1_57_1_1_41_1_149", "X_2_1_1_1_1_1_21_1_1_42_1_149", "X_2_1_1_1_1_1_58_1_1_43_1_149", "X_2_1_1_1_1_1_22_1_1_44_1_149", "X_2_1_1_1_1_1_59_1_1_45_1_149", "X_2_1_1_1_1_1_23_1_1_46_1_149", "X_2_1_1_1_1_1_60_1_1_47_1_149", "X_2_1_1_1_1_1_24_1_1_48_1_149", "X_2_1_1_1_1_1_61_1_1_49_1_149", "X_2_1_1_1_1_1_25_1_1_50_1_149", "X_2_1_1_1_1_1_62_1_1_51_1_149", "X_2_1_1_1_1_1_26_1_1_52_1_149", "X_2_1_1_1_1_1_63_1_1_53_1_149", "X_2_1_1_1_1_1_27_1_1_54_1_149", "X_2_1_1_1_1_1_64_1_1_55_1_149", "X_2_1_1_1_1_1_28_1_1_56_1_149", "X_2_1_1_1_1_1_65_1_1_57_1_149", "X_2_1_1_1_1_1_29_1_1_58_1_149", "X_2_1_1_1_1_1_66_1_1_59_1_149", "X_2_1_1_1_1_1_30_1_1_60_1_149", "X_2_1_1_1_1_1_67_1_1_61_1_149", "X_2_1_1_1_1_1_31_1_1_62_1_149", "X_2_1_1_1_1_1_68_1_1_63_1_149", "X_2_1_1_1_1_1_32_1_1_64_1_149", "X_2_1_1_1_1_1_69_1_1_65_1_149", "X_2_1_1_1_1_1_33_1_1_66_1_149", "X_2_1_1_1_1_1_70_1_1_67_1_149", "X_2_1_1_1_1_1_34_1_1_68_1_149", "X_2_1_1_1_1_1_71_1_1_69_1_149", "X_2_1_1_1_1_1_35_1_1_70_1_149", "X_2_1_1_1_1_1_72_1_1_71_1_149", "X_2_1_1_1_1_1_36_1_1_72_1_149"], "CsaImage.ProtocolSliceNumber": [0, 1, 2, 3, 4, 5, 6, 7, 8, 9, 10, 11, 12, 13, 14, 15, 16, 17, 18, 19, 20, 21, 22, 23, 24, 25, 26, 27, 28, 29, 30, 31, 32, 33, 34, 35, 36, 37, 38, 39, 40, 41, 42, 43, 44, 45, 46, 47, 48, 49, 50, 51, 52, 53, 54, 55, 56, 57, 58, 59, 60, 61, 62, 63, 64, 65, 66, 67, 68, 69, 70, 71], "CsaImage.RFSWDDataType": ["measured", "predicted", "measured", "predicted", "measured", "predicted", "measured", "predicted", "measured", "predicted", "measured", "predicted", "measured", "predicted", "measured", "predicted", "measured", "predicted", "measured", "predicted", "measured", "predicted", "measured", "predicted", "measured", "predicted", "measured", "predicted", "measured", "predicted", "measured", "predicted", "measured", "predicted", "measured", "predicted", "measured", "predicted", "measured", "predicted", "measured", "predicted", "measured", "predicted", "measured", "predicted", "measured", "predicted", "measured", "predicted", "measured", "predicted", "measured", "predicted", "measured", "predicted", "measured", "predicted", "measured", "predicted", "measured", "predicted", "measured", "predicted", "measured", "predicted", "measured", "predicted", "measured", "measured", "measured", "measured"], "CsaImage.SlicePosition_PCS": [[-106.07228899, -107.01026899, -39.98533999], [-106.07228899, -106.76999551, -37.99982439], [-106.07228899, -106.52972156, -36.01431261], [-106.07228899, -106.28944808, -34.02879702], [-106.07228899, -106.04917413, -32.04328142], [-106.07228899, -105.80890065, -30.05776583], [-106.07228899, -105.56862718, -28.07225405], [-106.07228899, -105.32835323, -26.08673846], [-106.07228899, -105.08807975, -24.10122286], [-106.07228899, -104.8478058, -22.11570727], [-106.07228899, -104.60753232, -20.13019549], [-106.07228899, -104.36725885, -18.14467989], [-106.07228899, -104.12698489, -16.1591643], [-106.07228899, -103.88671142, -14.17365061], [-106.07228899, -103.64643747, -12.18813502], [-106.07228899, -103.40616399, -10.20262133], [-106.07228899, -103.16589028, -8.21710573], [-106.07228899, -102.92561656, -6.23159205], [-106.07228899, -102.68534285, -4.24607645], [-106.07228899, -102.44506913, -2.26056181], [-106.07228899, -102.20479542, -0.27504717], [-106.07228899, -101.96452194, 1.71046747], [-106.07228899, -101.72424823, 3.69598211], [-106.07228899, -101.48397452, 5.68149675], [-106.07228899, -101.2437008, 7.66701139], [-106.07228899, -101.00342709, 9.65252627], [-106.07228899, -100.76315349, 11.63804094], [-106.07228899, -100.52287978, 13.62355567], [-106.07228899, -100.28260606, 15.60907019], [-106.07228899, -100.04233241, 17.59458507], [-106.07228899, -99.80205876, 19.58009971], [-106.07228899, -99.56178507, 21.56561483], [-106.07228899, -99.32151139, 23.55112947], [-106.07228899, -99.08123772, 25.53664411], [-106.07228899, -98.84096405, 27.52215875], [-106.07228899, -98.60069036, 29.50767339], [-106.07228899, -98.36041671, 31.49318708], [-106.07228899, -98.120143, 33.47870268], [-106.07228899, -97.87986928, 35.46421636], [-106.07228899, -97.63959569, 37.44973196], [-106.07228899, -97.39932197, 39.43524564], [-106.07228899, -97.15904838, 41.42076124], [-106.07228899, -96.91877466, 43.40627683], [-106.07228899, -96.67850095, 45.39179243], [-106.07228899, -96.43822724, 47.37730421], [-106.07228899, -96.19795352, 49.3628198], [-106.07228899, -95.95767981, 51.3483354], [-106.07228899, -95.71740633, 53.33385099], [-106.07228899, -95.47713262, 55.31936277], [-106.07228899, -95.23685867, 57.30487837], [-106.07228899, -94.99658519, 59.29039396], [-106.07228899, -94.75631171, 61.27590955], [-106.07228899, -94.51603776, 63.26142133], [-106.07228899, -94.27576429, 65.24693693], [-106.07228899, -94.03549033, 67.23245252], [-106.07228899, -93.79521686, 69.21796812], [-106.07228899, -93.55494291, 71.2034799], [-106.07228899, -93.31466943, 73.18899549], [-106.07228899, -93.07439595, 75.17451109], [-106.07228899, -92.834122, 77.16002287], [-106.07228899, -92.59384853, 79.14554228], [-106.07228899, -92.35357457, 81.13105406], [-106.07228899, -92.1133011, 83.11656583], [-106.07228899, -91.87302762, 85.10208524], [-106.07228899, -91.63275367, 87.08759702], [-106.07228899, -91.39248019, 89.07311643], [-106.07228899, -91.15220672, 91.05862821], [-106.07228899, -90.91193229, 93.04413999], [-106.07228899, -90.67165881, 95.0296594], [-106.07228899, -90.43138534, 97.01517118], [-106.07228899, -90.19111186, 99.00069059], [-106.07228899, -89.95083839, 100.98620237]], "CsaImage.TimeAfterStart": [1.0825, 0.7225, 1.0925, 0.7325, 1.1025, 0.7425, 1.1125, 0.7525, 1.1225, 0.7625, 1.1325, 0.7725, 1.1425, 0.7825, 1.1525, 0.7925, 1.1625, 0.8025, 1.1725, 0.8125, 1.1825, 0.8225, 1.1925, 0.8325, 1.2025, 0.8425, 1.2125, 0.8525, 1.2225, 0.8625, 1.2325, 0.8725, 1.2425, 0.8825, 1.2525, 0.8925, 1.2625, 0.9025, 1.2725, 0.9125, 1.2825, 0.9225, 1.2925, 0.9325, 1.3025, 0.9425, 1.3125, 0.9525, 1.3225, 0.9625, 1.3325, 0.9725, 1.3425, 0.9825, 1.3525, 0.9925, 1.3625, 1.0025, 1.3725, 1.0125, 1.3825, 1.0225, 1.3925, 1.0325, 1.4025, 1.0425, 1.4125, 1.0525, 1.4225, 1.0625, 1.4325, 1.0725], "ImagePositionPatient": [[-106.07228899002, -107.0102689859, -39.985339987908], [-106.07228899002, -106.76999551025, -37.999824393426], [-106.07228899002, -106.52972155777, -36.01431261364], [-106.07228899002, -106.28944808212, -34.028797019158], [-106.07228899002, -106.04917412963, -32.043281424676], [-106.07228899002, -105.80890065399, -30.057765830193], [-106.07228899002, -105.56862717834, -28.072254050408], [-106.07228899002, -105.32835322586, -26.086738455926], [-106.07228899002, -105.08807975021, -24.101222861443], [-106.07228899002, -104.84780579773, -22.115707266961], [-106.07228899002, -104.60753232208, -20.130195487176], [-106.07228899002, -104.36725884643, -18.144679892693], [-106.07228899002, -104.12698489395, -16.159164298211], [-106.07228899002, -103.8867114183, -14.173650611077], [-106.07228899002, -103.64643746582, -12.188135016595], [-106.07228899002, -103.40616399017, -10.202621329461], [-106.07228899002, -103.1658902761, -8.2171057349783], [-106.07228899002, -102.92561656204, -6.2315920478445], [-106.07228899002, -102.68534284797, -4.2460764533621], [-106.07228899002, -102.44506913391, -2.260561812554], [-106.07228899002, -102.20479541984, -0.2750471717459], [-106.07228899002, -101.96452194419, 1.7104674690622], [-106.07228899002, -101.72424823013, 3.6959821098703], [-106.07228899002, -101.48397451606, 5.6814967506784], [-106.07228899002, -101.243700802, 7.6670113914865], [-106.07228899002, -101.00342708793, 9.6525262707132], [-106.07228899002, -100.76315349308, 11.638040941324], [-106.07228899002, -100.52287977901, 13.623555671539], [-106.07228899002, -100.28260606495, 15.609070193138], [-106.07228899002, -100.04233241048, 17.594585072364], [-106.07228899002, -99.802058756023, 19.580099713172], [-106.07228899002, -99.56178507176, 21.565614830818], [-106.07228899002, -99.321511394947, 23.551129471626], [-106.07228899002, -99.081237718135, 25.536644112434], [-106.07228899002, -98.840964048773, 27.522158753242], [-106.07228899002, -98.60069036451, 29.50767339405], [-106.07228899002, -98.360416710049, 31.493187081184], [-106.07228899002, -98.120142995983, 33.478702675666], [-106.07228899002, -97.879869281918, 35.4642163628], [-106.07228899002, -97.639595687061, 37.449731957282], [-106.07228899002, -97.399321972996, 39.435245644416], [-106.07228899002, -97.159048378139, 41.420761238899], [-106.07228899002, -96.918774664074, 43.406276833381], [-106.07228899002, -96.678500950008, 45.391792427863], [-106.07228899002, -96.438227235943, 47.377304207649], [-106.07228899002, -96.197953521877, 49.362819802131], [-106.07228899002, -95.957679807812, 51.348335396613], [-106.07228899002, -95.717406332165, 53.333850991096], [-106.07228899002, -95.477132618099, 55.319362770881], [-106.07228899002, -95.236858665615, 57.304878365363], [-106.07228899002, -94.996585189968, 59.290393959846], [-106.07228899002, -94.756311714321, 61.275909554328], [-106.07228899002, -94.516037761837, 63.261421334113], [-106.07228899002, -94.27576428619, 65.246936928596], [-106.07228899002, -94.035490333706, 67.232452523078], [-106.07228899002, -93.795216858059, 69.217968117561], [-106.07228899002, -93.554942905575, 71.203479897346], [-106.07228899002, -93.314669429928, 73.188995491828], [-106.07228899002, -93.074395954281, 75.174511086311], [-106.07228899002, -92.834122001797, 77.160022866096], [-106.07228899002, -92.59384852615, 79.145542275276], [-106.07228899002, -92.353574573666, 81.131054055061], [-106.07228899002, -92.113301098019, 83.116565834846], [-106.07228899002, -91.873027622372, 85.102085244026], [-106.07228899002, -91.632753669887, 87.087597023811], [-106.07228899002, -91.392480194241, 89.07311643299], [-106.07228899002, -91.152206718594, 91.058628212776], [-106.07228899002, -90.911932289272, 93.044139992561], [-106.07228899002, -90.671658813625, 95.02965940174], [-106.07228899002, -90.431385337978, 97.015171181526], [-106.07228899002, -90.191111862331, 99.000690590705], [-106.07228899002, -89.950838386684, 100.98620237049]], "InstanceCreationTime": ["160113.923000", "160113.850000", "160113.925000", "160113.852000", "160113.927000", "160113.855000", "160113.929000", "160113.857000", "160113.931000", "160113.859000", "160113.933000", "160113.861000", "160113.935000", "160113.864000", "160113.936000", "160113.866000", "160113.938000", "160113.868000", "160113.940000", "160113.871000", "160113.942000", "160113.873000", "160113.944000", "160113.875000", "160113.946000", "160113.876000", "160113.948000", "160113.878000", "160113.949000", "160113.881000", "160113.951000", "160113.883000", "160113.953000", "160113.885000", "160113.955000", "160113.887000", "160113.957000", "160113.890000", "160113.959000", "160113.892000", "160113.961000", "160113.893000", "160113.963000", "160113.895000", "160113.965000", "160113.897000", "160113.966000", "160113.899000", "160113.968000", "160113.901000", "160113.970000", "160113.903000", "160113.972000", "160113.905000", "160113.974000", "160113.907000", "160113.976000", "160113.908000", "160113.978000", "160113.910000", "160113.980000", "160113.912000", "160113.982000", "160113.914000", "160113.984000", "160113.916000", "160113.986000", "160113.918000", "160113.988000", "160113.920000", "160113.990000", "160113.921000"], "InstanceNumber": [1, 2, 3, 4, 5, 6, 7, 8, 9, 10, 11, 12, 13, 14, 15, 16, 17, 18, 19, 20, 21, 22, 23, 24, 25, 26, 27, 28, 29, 30, 31, 32, 33, 34, 35, 36, 37, 38, 39, 40, 41, 42, 43, 44, 45, 46, 47, 48, 49, 50, 51, 52, 53, 54, 55, 56, 57, 58, 59, 60, 61, 62, 63, 64, 65, 66, 67, 68, 69, 70, 71, 72], "LargestImagePixelValue": [4094, 4094, 4093, 4094, 4095, 4095, 4091, 4094, 4091, 4094, 4094, 4094, 4095, 4094, 4094, 4089, 4095, 4090, 4095, 4093, 4094, 4094, 4093, 4095, 4093, 4093, 4087, 4095, 4094, 4093, 4094, 4091, 4095, 4094, 4093, 4093, 4085, 4095, 4091, 4089, 4095, 4093, 4089, 4091, 4093, 4093, 4093, 4093, 4092, 4093, 4094, 4090, 4091, 4095, 4094, 4094, 4094, 4095, 4093, 4095, 4094, 4095, 4094, 4095, 4095, 4094, 4095, 4095, 4094, 4094, 4095, 4095], "SliceLocation": [-52.551614838057, -50.551613958299, -48.551616808325, -46.551615928567, -44.551614991523, -42.551614111765, -40.551617019076, -38.551616082033, -36.551615202275, -34.551614265231, -32.551617172542, -30.551616292784, -28.55161535574, -26.551616369517, -24.551615432473, -22.55161644625, -20.551615537849, -18.551616522983, -16.551615614582, -14.551615652948, -12.551615691315, -10.551615758324, -8.5516157966907, -6.5516158350572, -4.5516158734236, -2.5516156750983, -0.5516156981997, 1.4483843521933, 3.4483841954809, 5.4483843866456, 7.4483843411184, 9.4483847725552, 11.448384729713, 13.448384686871, 15.448384643134, 17.448384601188, 19.448383608893, 21.448384517294, 23.44838353216, 25.44838442624, 27.448383441106, 29.448384335185, 31.448385243586, 33.448386151987, 35.448383273319, 37.44838418172, 39.44838509012, 41.448385969878, 43.44838309121, 45.448384028254, 47.448384908012, 49.448385787769, 51.448382937744, 53.448383817502, 55.448384754546, 57.448385634304, 59.448382784279, 61.448383664036, 63.448384543794, 65.448381693769, 67.448386360596, 69.448383510571, 71.44838060326, 73.448385270086, 75.448382420061, 77.448387086888, 79.448384179577, 81.448381386837, 83.448386053664, 85.448383146353, 87.44838781318, 89.448384905869], "SmallestImagePixelValue": [1, 0, 1, 0, 1, 0, 0, 1, 0, 0, 0, 0, 0, 0, 1, 0, 0, 0, 3, 0, 0, 2, 1, 0, 0, 1, 0, 6, 4, 0, 2, 0, 0, 1, 0, 6, 2, 0, 2, 0, 4, 5, 1, 3, 2, 0, 0, 0, 8, 6, 6, 0, 0, 1, 0, 0, 2, 2, 0, 0, 1, 0, 0, 0, 0, 0, 0, 1, 0, 0, 0, 0], "WindowCenter": [-220.0, -284.0, -344.0, -296.0, -314.0, -300.0, -286.0, -250.0, -224.0, -210.0, -168.0, -144.0, -132.0, -130.0, -138.0, -200.0, -232.0, -278.0, -232.0, -264.0, -240.0, -232.0, -298.0, -342.0, -312.0, -266.0, -238.0, -218.0, -220.0, -218.0, -208.0, -224.0, -184.0, -168.0, -146.0, -118.0, -142.0, -136.0, -138.0, -134.0, -116.0, -110.0, -104.0, -92.0, -60.0, -28.0, -26.0, -26.0, -52.0, -64.0, -82.0, -92.0, -116.0, -130.0, -138.0, -106.0, -32.0, -50.0, -74.0, -56.0, -116.0, -148.0, -186.0, -198.0, -230.0, -232.0, -256.0, -250.0, -318.0, -288.0, -290.0, -348.0], "WindowWidth": [6224.0, 6230.0, 6266.0, 6274.0, 6324.0, 6294.0, 6340.0, 6342.0, 6374.0, 6476.0, 6492.0, 6434.0, 6518.0, 6554.0, 6446.0, 6356.0, 6276.0, 6170.0, 6118.0, 6028.0, 5960.0, 5856.0, 5606.0, 5600.0, 5550.0, 5482.0, 5644.0, 5624.0, 5546.0, 5442.0, 5338.0, 5190.0, 5322.0, 5420.0, 5452.0, 5524.0, 5432.0, 5402.0, 5392.0, 5364.0, 5410.0, 5430.0, 5444.0, 5472.0, 5422.0, 5450.0, 5486.0, 5486.0, 5490.0, 5494.0, 5548.0, 5622.0, 5554.0, 5612.0, 5708.0, 5768.0, 5818.0, 5804.0, 5814.0, 5838.0, 5868.0, 5940.0, 5942.0, 5976.0, 6070.0, 6080.0, 6136.0, 6070.0, 6138.0, 6100.0, 6224.0, 6284.0]}}, "IntendedFor": ["ses-imagenet03/func/sub-06_ses-imagenet03_task-imagenet_run-03_bold.nii.gz", "ses-imagenet03/func/sub-06_ses-imagenet03_task-imagenet_run-01_bold.nii.gz", "ses-imagenet03/func/sub-06_ses-imagenet03_task-imagenet_run-08_bold.nii.gz", "ses-imagenet03/func/sub-06_ses-imagenet03_task-imagenet_run-07_bold.nii.gz", "ses-imagenet03/func/sub-06_ses-imagenet03_task-imagenet_run-05_bold.nii.gz", "ses-imagenet03/func/sub-06_ses-imagenet03_task-imagenet_run-06_bold.nii.gz", "ses-imagenet03/func/sub-06_ses-imagenet03_task-imagenet_run-09_bold.nii.gz", "ses-imagenet03/func/sub-06_ses-imagenet03_task-imagenet_run-04_bold.nii.gz", "ses-imagenet03/func/sub-06_ses-imagenet03_task-imagenet_run-02_bold.nii.gz", "ses-imagenet03/func/sub-06_ses-imagenet03_task-imagenet_run-10_bold.nii.gz"]}