{"AcquisitionMatrixPE": 100, "AcquisitionNumber": 1, "AcquisitionTime": "16:01:51.230000", "BaseResolution": 100, "BodyPartExamined": "BRAIN", "ConsistencyInfo": "N4_VE11C_LATEST_20160120", "ConversionSoftware": "dcm2niix", "ConversionSoftwareVersion": "v1.0.20180622 GCC4.9.2", "DeviceSerialNumber": "166078", "DwellTime": 8.8e-06, "EchoNumber": 2, "EchoTime": 0.00738, "EchoTime1": 0.00492, "EchoTime2": 0.00738, "FlipAngle": 60, "ImageOrientationPatientDICOM": [0.999893, 0.0026255, -0.0143657, -0.00698069, 0.949972, -0.312256], "ImageType": ["ORIGINAL", "PRIMARY", "P", "ND"], "InPlanePhaseEncodingDirectionDICOM": "ROW", "InstitutionAddress": "Street_StreetNo_Bei_Jing_District_CN_ZIP", "InstitutionName": "BeiJing_Normal_University", "InstitutionalDepartmentName": "Department", "MRAcquisitionType": "2D", "MagneticFieldStrength": 3, "Manufacturer": "Siemens", "ManufacturersModelName": "Prisma", "Modality": "MR", "PartialFourier": 1, "PatientPosition": "HFS", "PercentPhaseFOV": 100, "PhaseEncodingDirection": "i", "PhaseEncodingSteps": 100, "PhaseResolution": 1, "PixelBandwidth": 570, "ProcedureStepDescription": "BNU_P2018_64CH_Zhen.ZongLei", "ProtocolName": "field_mapping_2x2x2", "PulseSequenceDetails": "%SiemensSeq%_gre_field_mapping", "ReceiveCoilActiveElements": "HC1-7;NC1", "ReceiveCoilName": "HeadNeck_64", "ReconMatrixPE": 100, "RepetitionTime": 0.72, "SAR": 0.113597, "ScanningSequence": "GR", "SequenceName": "_fm2d2r", "SequenceVariant": "SP", "SeriesDescription": "field_mapping_2x2x2", "SeriesNumber": 11, "ShimSetting": [-5463, -11479, -1282, 476, 19, -355, -225, 70], "SliceThickness": 2, "SoftwareVersions": "syngo_MR_E11", "SpacingBetweenSlices": 2, "StationName": "AWP166078", "TxRefAmp": 213.025, "dcmmeta_affine": [[-1.9997867345809937, -0.013961371965706348, -0.02565443515777588, 102.93708801269531], [-0.005251002963632345, 1.8999446630477905, -0.6246452331542969, -71.14354705810547], [-0.028731470927596092, 0.6245120763778687, 1.8997802734375, -104.5053939819336], [0.0, 0.0, 0.0, 1.0]], "dcmmeta_reorient_transform": [[0.0, -1.0, 0.0, 99.0], [1.0, 0.0, 0.0, 0.0], [0.0, 0.0, -1.0, 71.0], [0.0, 0.0, 0.0, 1.0]], "dcmmeta_shape": [100, 100, 72], "dcmmeta_slice_dim": 2, "dcmmeta_version": 0.6, "global": {"const": {"AcquisitionMatrix": [0, 100, 100, 0], "AcquisitionNumber": 1, "AngioFlag": "N", "BitsAllocated": 16, "BitsStored": 12, "BodyPartExamined": "BRAIN", "Columns": 100, "EchoNumbers": 2, "EchoTime": 7.38, "EchoTrainLength": 0, "FlipAngle": 60.0, "HighBit": 11, "ImageOrientationPatient": [0.99989336050396, 0.00262550140369, -0.0143657357093, -0.0069806858587, 0.94997233405051, -0.3122560400754], "ImageType": ["ORIGINAL", "PRIMARY", "P", "ND"], "ImagedNucleus": "1H", "ImagingFrequency": 123.25779, "InPlanePhaseEncodingDirection": "ROW", "MRAcquisitionType": "2D", "MagneticFieldStrength": 3.0, "Manufacturer": "SIEMENS", "ManufacturerModelName": "Prisma", "Modality": "MR", "NumberOfAverages": 1.0, "NumberOfPhaseEncodingSteps": 100, "PercentPhaseFieldOfView": 100.0, "PercentSampling": 100.0, "PerformedProcedureStepStartTime": "150705.759000", "PhotometricInterpretation": "MONOCHROME2", "PixelBandwidth": 570.0, "PixelRepresentation": 0, "PixelSpacing": [2.0, 2.0], "ProtocolName": "field_mapping_2x2x2", "RepetitionTime": 720.0, "RescaleIntercept": -4096.0, "RescaleSlope": 2.0, "RescaleType": "US", "Rows": 100, "SAR": 0.11359699044967, "SamplesPerPixel": 1, "ScanningSequence": "GR", "SequenceName": "*fm2d2r", "SequenceVariant": "SP", "SeriesDescription": "field_mapping_2x2x2", "SeriesNumber": 11, "SeriesTime": "160415.677000", "SliceThickness": 2.0, "SoftwareVersions": "syngo MR E11", "SpacingBetweenSlices": 2.0, "SpecificCharacterSet": "ISO_IR 100", "StudyID": "1", "StudyTime": "150705.681000", "TransmitCoilName": "Body", "VariableFlipAngleFlag": "N", "WindowCenterWidthExplanation": "Algo1", "dBdt": 0.0}, "slices": {"AcquisitionTime": ["160151.230000", "160150.870000", "160151.240000", "160150.880000", "160151.250000", "160150.890000", "160151.260000", "160150.900000", "160151.270000", "160150.910000", "160151.280000", "160150.920000", "160151.290000", "160150.930000", "160151.300000", "160150.940000", "160151.310000", "160150.950000", "160151.320000", "160150.960000", "160151.330000", "160150.970000", "160151.340000", "160150.980000", "160151.350000", "160150.990000", "160151.360000", "160151.000000", "160151.370000", "160151.010000", "160151.380000", "160151.020000", "160151.390000", "160151.030000", "160151.400000", "160151.040000", "160151.410000", "160151.050000", "160151.420000", "160151.060000", "160151.430000", "160151.070000", "160151.440000", "160151.080000", "160151.450000", "160151.090000", "160151.460000", "160151.100000", "160151.470000", "160151.110000", "160151.480000", "160151.120000", "160151.490000", "160151.130000", "160151.500000", "160151.140000", "160151.510000", "160151.150000", "160151.520000", "160151.160000", "160151.530000", "160151.170000", "160151.540000", "160151.180000", "160151.550000", "160151.190000", "160151.560000", "160151.200000", "160151.570000", "160151.210000", "160151.580000", "160151.220000"], "ContentTime": ["160415.752000", "160415.679000", "160415.754000", "160415.681000", "160415.756000", "160415.683000", "160415.759000", "160415.685000", "160415.761000", "160415.687000", "160415.763000", "160415.689000", "160415.764000", "160415.691000", "160415.766000", "160415.693000", "160415.768000", "160415.695000", "160415.771000", "160415.697000", "160415.773000", "160415.699000", "160415.775000", "160415.701000", "160415.777000", "160415.703000", "160415.778000", "160415.706000", "160415.780000", "160415.708000", "160415.782000", "160415.710000", "160415.784000", "160415.712000", "160415.786000", "160415.714000", "160415.788000", "160415.716000", "160415.790000", "160415.718000", "160415.791000", "160415.720000", "160415.793000", "160415.723000", "160415.795000", "160415.724000", "160415.797000", "160415.727000", "160415.799000", "160415.729000", "160415.800000", "160415.731000", "160415.802000", "160415.733000", "160415.804000", "160415.735000", "160415.806000", "160415.737000", "160415.808000", "160415.739000", "160415.810000", "160415.740000", "160415.812000", "160415.742000", "160415.813000", "160415.744000", "160415.953000", "160415.746000", "160415.955000", "160415.748000", "160415.956000", "160415.750000"], "CsaImage.GSWDDataType": ["measured", "predicted", "measured", "predicted", "measured", "predicted", "measured", "predicted", "measured", "predicted", "measured", "predicted", "measured", "predicted", "measured", "predicted", "measured", "predicted", "measured", "predicted", "measured", "predicted", "measured", "predicted", "measured", "predicted", "measured", "predicted", "measured", "predicted", "measured", "predicted", "measured", "predicted", "measured", "predicted", "measured", "predicted", "measured", "predicted", "measured", "predicted", "measured", "predicted", "measured", "predicted", "measured", "predicted", "measured", "predicted", "measured", "predicted", "measured", "predicted", "measured", "predicted", "measured", "predicted", "measured", "predicted", "measured", "predicted", "measured", "predicted", "measured", "predicted", "measured", "predicted", "measured", "measured", "measured", "measured"], "CsaImage.ICE_Dims": ["X_2_1_1_1_1_1_37_1_1_1_1_167", "X_2_1_1_1_1_1_1_1_1_2_1_167", "X_2_1_1_1_1_1_38_1_1_3_1_167", "X_2_1_1_1_1_1_2_1_1_4_1_167", "X_2_1_1_1_1_1_39_1_1_5_1_167", "X_2_1_1_1_1_1_3_1_1_6_1_167", "X_2_1_1_1_1_1_40_1_1_7_1_167", "X_2_1_1_1_1_1_4_1_1_8_1_167", "X_2_1_1_1_1_1_41_1_1_9_1_167", "X_2_1_1_1_1_1_5_1_1_10_1_167", "X_2_1_1_1_1_1_42_1_1_11_1_167", "X_2_1_1_1_1_1_6_1_1_12_1_167", "X_2_1_1_1_1_1_43_1_1_13_1_167", "X_2_1_1_1_1_1_7_1_1_14_1_167", "X_2_1_1_1_1_1_44_1_1_15_1_167", "X_2_1_1_1_1_1_8_1_1_16_1_167", "X_2_1_1_1_1_1_45_1_1_17_1_167", "X_2_1_1_1_1_1_9_1_1_18_1_167", "X_2_1_1_1_1_1_46_1_1_19_1_167", "X_2_1_1_1_1_1_10_1_1_20_1_167", "X_2_1_1_1_1_1_47_1_1_21_1_167", "X_2_1_1_1_1_1_11_1_1_22_1_167", "X_2_1_1_1_1_1_48_1_1_23_1_167", "X_2_1_1_1_1_1_12_1_1_24_1_167", "X_2_1_1_1_1_1_49_1_1_25_1_167", "X_2_1_1_1_1_1_13_1_1_26_1_167", "X_2_1_1_1_1_1_50_1_1_27_1_167", "X_2_1_1_1_1_1_14_1_1_28_1_167", "X_2_1_1_1_1_1_51_1_1_29_1_167", "X_2_1_1_1_1_1_15_1_1_30_1_167", "X_2_1_1_1_1_1_52_1_1_31_1_167", "X_2_1_1_1_1_1_16_1_1_32_1_167", "X_2_1_1_1_1_1_53_1_1_33_1_167", "X_2_1_1_1_1_1_17_1_1_34_1_167", "X_2_1_1_1_1_1_54_1_1_35_1_167", "X_2_1_1_1_1_1_18_1_1_36_1_167", "X_2_1_1_1_1_1_55_1_1_37_1_167", "X_2_1_1_1_1_1_19_1_1_38_1_167", "X_2_1_1_1_1_1_56_1_1_39_1_167", "X_2_1_1_1_1_1_20_1_1_40_1_167", "X_2_1_1_1_1_1_57_1_1_41_1_167", "X_2_1_1_1_1_1_21_1_1_42_1_167", "X_2_1_1_1_1_1_58_1_1_43_1_167", "X_2_1_1_1_1_1_22_1_1_44_1_167", "X_2_1_1_1_1_1_59_1_1_45_1_167", "X_2_1_1_1_1_1_23_1_1_46_1_167", "X_2_1_1_1_1_1_60_1_1_47_1_167", "X_2_1_1_1_1_1_24_1_1_48_1_167", "X_2_1_1_1_1_1_61_1_1_49_1_167", "X_2_1_1_1_1_1_25_1_1_50_1_167", "X_2_1_1_1_1_1_62_1_1_51_1_167", "X_2_1_1_1_1_1_26_1_1_52_1_167", "X_2_1_1_1_1_1_63_1_1_53_1_167", "X_2_1_1_1_1_1_27_1_1_54_1_167", "X_2_1_1_1_1_1_64_1_1_55_1_167", "X_2_1_1_1_1_1_28_1_1_56_1_167", "X_2_1_1_1_1_1_65_1_1_57_1_167", "X_2_1_1_1_1_1_29_1_1_58_1_167", "X_2_1_1_1_1_1_66_1_1_59_1_167", "X_2_1_1_1_1_1_30_1_1_60_1_167", "X_2_1_1_1_1_1_67_1_1_61_1_167", "X_2_1_1_1_1_1_31_1_1_62_1_167", "X_2_1_1_1_1_1_68_1_1_63_1_167", "X_2_1_1_1_1_1_32_1_1_64_1_167", "X_2_1_1_1_1_1_69_1_1_65_1_167", "X_2_1_1_1_1_1_33_1_1_66_1_167", "X_2_1_1_1_1_1_70_1_1_67_1_167", "X_2_1_1_1_1_1_34_1_1_68_1_167", "X_2_1_1_1_1_1_71_1_1_69_1_167", "X_2_1_1_1_1_1_35_1_1_70_1_167", "X_2_1_1_1_1_1_72_1_1_71_1_167", "X_2_1_1_1_1_1_36_1_1_72_1_167"], "CsaImage.ProtocolSliceNumber": [0, 1, 2, 3, 4, 5, 6, 7, 8, 9, 10, 11, 12, 13, 14, 15, 16, 17, 18, 19, 20, 21, 22, 23, 24, 25, 26, 27, 28, 29, 30, 31, 32, 33, 34, 35, 36, 37, 38, 39, 40, 41, 42, 43, 44, 45, 46, 47, 48, 49, 50, 51, 52, 53, 54, 55, 56, 57, 58, 59, 60, 61, 62, 63, 64, 65, 66, 67, 68, 69, 70, 71], "CsaImage.RFSWDDataType": ["measured", "predicted", "measured", "predicted", "measured", "predicted", "measured", "predicted", "measured", "predicted", "measured", "predicted", "measured", "predicted", "measured", "predicted", "measured", "predicted", "measured", "predicted", "measured", "predicted", "measured", "predicted", "measured", "predicted", "measured", "predicted", "measured", "predicted", "measured", "predicted", "measured", "predicted", "measured", "predicted", "measured", "predicted", "measured", "predicted", "measured", "predicted", "measured", "predicted", "measured", "predicted", "measured", "predicted", "measured", "predicted", "measured", "predicted", "measured", "predicted", "measured", "predicted", "measured", "predicted", "measured", "predicted", "measured", "predicted", "measured", "predicted", "measured", "measured", "measured", "measured", "measured", "measured", "measured", "measured"], "CsaImage.SlicePosition_PCS": [[-101.55490978, -116.95103149, -42.67858933], [-101.52925546, -116.32638625, -40.77880905], [-101.50360091, -115.70174102, -38.87902878], [-101.47794659, -115.07709388, -36.97925614], [-101.45229203, -114.45244865, -35.07947586], [-101.42663772, -113.82780151, -33.17969559], [-101.40098316, -113.20315627, -31.27991532], [-101.37532885, -112.57850913, -29.38013886], [-101.34967429, -111.9538639, -27.48035858], [-101.32401998, -111.32921867, -25.58058213], [-101.29836542, -110.70457152, -23.68080185], [-101.27271099, -110.07992534, -21.78102158], [-101.24705655, -109.4552801, -19.88124512], [-101.22140212, -108.83063392, -17.98146485], [-101.19574768, -108.20598773, -16.08168839], [-101.17009325, -107.58134154, -14.18190811], [-101.14443869, -106.95669536, -12.28212784], [-101.11878426, -106.33204917, -10.38235138], [-101.09312982, -105.70740298, -8.48257111], [-101.06747539, -105.08275775, -6.58279465], [-101.04182095, -104.45811156, -4.68301438], [-101.01616652, -103.83346538, -2.78323792], [-100.99051208, -103.20881919, -0.88345764], [-100.96485765, -102.584173, 1.01632072], [-100.93920321, -101.95952729, 2.91609909], [-100.91354878, -101.33488111, 4.81587936], [-100.88789434, -100.71023492, 6.71565773], [-100.86223991, -100.08558873, 8.61543609], [-100.83658535, -99.46094302, 10.51521446], [-100.81093092, -98.83629684, 12.41499283], [-100.78527648, -98.21165089, 14.3147731], [-100.75962205, -97.5870047, 16.21455146], [-100.73396761, -96.96235863, 18.11432983], [-100.70831318, -96.33771257, 20.0141082], [-100.68265874, -95.71306656, 21.91388752], [-100.65700431, -95.08842052, 23.81366588], [-100.63134987, -94.46377448, 25.71344473], [-100.60569544, -93.83912841, 27.61322309], [-100.580041, -93.21448235, 29.51300193], [-100.55438645, -92.5898364, 31.41278078], [-100.52873201, -91.96519021, 33.31255944], [-100.50307758, -91.34054426, 35.21233822], [-100.47742314, -90.71589831, 37.11211683], [-100.45176871, -90.09125213, 39.01189567], [-100.42611427, -89.46660594, 40.91167404], [-100.40045984, -88.84196023, 42.81145336], [-100.3748054, -88.21731404, 44.71123172], [-100.34915097, -87.59266786, 46.61101009], [-100.32349653, -86.96802215, 48.51078941], [-100.2978421, -86.34337596, 50.41056778], [-100.2721876, -85.71872977, 52.31034614], [-100.24653317, -85.09408359, 54.21012451], [-100.22087873, -84.4694374, 56.10990478], [-100.1952243, -83.84479121, 58.00968315], [-100.1695698, -83.22014598, 59.90946151], [-100.14391537, -82.59549979, 61.80923988], [-100.11826093, -81.97085361, 63.70901825], [-100.09260649, -81.34620742, 65.60879852], [-100.06695206, -80.72156123, 67.50857498], [-100.04129756, -80.09691505, 69.40835525], [-100.01564313, -79.47226886, 71.30813553], [-99.98998869, -78.84762267, 73.20791198], [-99.96433426, -78.22297744, 75.10769226], [-99.93867982, -77.5983303, 77.00746872], [-99.91302539, -76.97368507, 78.90724899], [-99.88737089, -76.34903983, 80.80702545], [-99.86171646, -75.72439269, 82.70680572], [-99.83606202, -75.09974746, 84.606586], [-99.81040759, -74.47510032, 86.50636245], [-99.78475312, -73.85045508, 88.40614273], [-99.75909869, -73.22580794, 90.30591919], [-99.73344425, -72.60116271, 92.20569946]], "CsaImage.TimeAfterStart": [1.08, 0.72, 1.09, 0.73, 1.1, 0.74, 1.11, 0.75, 1.12, 0.76, 1.13, 0.77, 1.14, 0.78, 1.15, 0.79, 1.16, 0.8, 1.17, 0.81, 1.18, 0.82, 1.19, 0.83, 1.2, 0.84, 1.21, 0.85, 1.22, 0.86, 1.23, 0.87, 1.24, 0.88, 1.25, 0.89, 1.26, 0.9, 1.27, 0.91, 1.28, 0.92, 1.29, 0.93, 1.3, 0.94, 1.31, 0.95, 1.32, 0.96, 1.33, 0.97, 1.34, 0.98, 1.35, 0.99, 1.36, 1.0, 1.37, 1.01, 1.38, 1.02, 1.39, 1.03, 1.4, 1.04, 1.41, 1.05, 1.42, 1.06, 1.43, 1.07], "ImagePositionPatient": [[-101.55490977562, -116.95103148548, -42.678589328268], [-101.52925545967, -116.32638625233, -40.778809054831], [-101.50360090531, -115.70174101917, -38.879028781393], [-101.47794658936, -115.07709387867, -36.97925613735], [-101.45229203499, -114.45244864552, -35.079475863913], [-101.42663771904, -113.82780150501, -33.179695590475], [-101.40098316468, -113.20315627186, -31.279915317038], [-101.37532884873, -112.57850913136, -29.380138858297], [-101.34967429436, -111.9538638982, -27.48035858486], [-101.32401997841, -111.32921866505, -25.58058212612], [-101.29836542405, -110.70457152455, -23.680801852682], [-101.27271098889, -110.07992533772, -21.781021579245], [-101.24705655373, -109.45528010456, -19.881245120505], [-101.22140211857, -108.83063391773, -17.981464847067], [-101.19574768341, -108.20598773091, -16.081688388327], [-101.17009324826, -107.58134154408, -14.181908114889], [-101.14443869389, -106.95669535725, -12.282127841452], [-101.11878425873, -106.33204917042, -10.382351382712], [-101.09312982357, -105.70740298359, -8.482571109274], [-101.06747538842, -105.08275775044, -6.5827946505338], [-101.04182095326, -104.45811156361, -4.6830143770963], [-101.0161665181, -103.83346537678, -2.7832379183561], [-100.99051208294, -103.20881918995, -0.8834576449186], [-100.96485764778, -102.58417300312, 1.0163207211703], [-100.93920321263, -101.95952729313, 2.9160990872592], [-100.91354877747, -101.3348811063, 4.8158793606967], [-100.88789434231, -100.71023491947, 6.7156577267855], [-100.86223990715, -100.08558873264, 8.6154360928744], [-100.83658535279, -99.460943022653, 10.515214458963], [-100.81093091763, -98.836296835825, 12.414992825052], [-100.78527648247, -98.211650887415, 14.31477309849], [-100.75962204731, -97.587004700586, 16.214551464578], [-100.73396761216, -96.962358632967, 18.114329830667], [-100.708313177, -96.337712565348, 20.014108196756], [-100.68265874184, -95.713066557333, 21.913887516519], [-100.65700430668, -95.088420519516, 23.813665882608], [-100.63134987152, -94.463774481699, 25.713444725534], [-100.60569543637, -93.83912841408, 27.613223091623], [-100.58004100121, -93.21448234646, 29.513001934549], [-100.55438644684, -92.58983639805, 31.412780777475], [-100.52873201168, -91.965190211222, 33.312559441587], [-100.50307757653, -91.340544262812, 35.212338224909], [-100.47742314137, -90.715898314402, 37.112116829416], [-100.45176870621, -90.091252127573, 39.011895672342], [-100.42611427105, -89.466605940744, 40.911674038431], [-100.4004598359, -88.841960230753, 42.811453358194], [-100.37480540074, -88.217314043924, 44.711231724283], [-100.34915096558, -87.592667857096, 46.611010090372], [-100.32349653042, -86.968022147104, 48.510789410135], [-100.29784209526, -86.343375960276, 50.410567776224], [-100.2721876005, -85.718729773447, 52.310346142313], [-100.24653316534, -85.094083586618, 54.210124508402], [-100.22087873019, -84.46943739979, 56.109904781839], [-100.19522429503, -83.844791212961, 58.009683147928], [-100.16956980027, -83.220145979807, 59.909461514017], [-100.14391536511, -82.595499792978, 61.809239880106], [-100.11826092995, -81.97085360615, 63.709018246195], [-100.09260649479, -81.346207419321, 65.608798519632], [-100.06695205963, -80.721561232492, 67.508574978372], [-100.04129756487, -80.096915045664, 69.40835525181], [-100.01564312971, -79.472268858835, 71.308135525247], [-99.989988694557, -78.847622672007, 73.207911983988], [-99.964334259399, -78.222977438852, 75.107692257425], [-99.938679824241, -77.598330298349, 77.007468716165], [-99.913025389083, -76.973685065195, 78.907248989603], [-99.887370894321, -76.349039832041, 80.807025448343], [-99.861716459163, -75.724392691538, 82.706805721781], [-99.836062024005, -75.099747458383, 84.606585995218], [-99.810407588848, -74.475100317881, 86.506362453958], [-99.784753123887, -73.850455084726, 88.406142727396], [-99.75909868873, -73.225807944223, 90.305919186136], [-99.733444253572, -72.601162711069, 92.205699459574]], "InstanceCreationTime": ["160415.752000", "160415.679000", "160415.754000", "160415.681000", "160415.756000", "160415.683000", "160415.759000", "160415.685000", "160415.761000", "160415.687000", "160415.763000", "160415.689000", "160415.764000", "160415.691000", "160415.766000", "160415.693000", "160415.768000", "160415.695000", "160415.771000", "160415.697000", "160415.773000", "160415.699000", "160415.775000", "160415.701000", "160415.777000", "160415.703000", "160415.778000", "160415.706000", "160415.780000", "160415.708000", "160415.782000", "160415.710000", "160415.784000", "160415.712000", "160415.786000", "160415.714000", "160415.788000", "160415.716000", "160415.790000", "160415.718000", "160415.791000", "160415.720000", "160415.793000", "160415.723000", "160415.795000", "160415.724000", "160415.797000", "160415.727000", "160415.799000", "160415.729000", "160415.800000", "160415.731000", "160415.802000", "160415.733000", "160415.804000", "160415.735000", "160415.806000", "160415.737000", "160415.808000", "160415.739000", "160415.810000", "160415.740000", "160415.812000", "160415.742000", "160415.813000", "160415.744000", "160415.953000", "160415.746000", "160415.955000", "160415.748000", "160415.956000", "160415.750000"], "InstanceNumber": [1, 2, 3, 4, 5, 6, 7, 8, 9, 10, 11, 12, 13, 14, 15, 16, 17, 18, 19, 20, 21, 22, 23, 24, 25, 26, 27, 28, 29, 30, 31, 32, 33, 34, 35, 36, 37, 38, 39, 40, 41, 42, 43, 44, 45, 46, 47, 48, 49, 50, 51, 52, 53, 54, 55, 56, 57, 58, 59, 60, 61, 62, 63, 64, 65, 66, 67, 68, 69, 70, 71, 72], "LargestImagePixelValue": [4095, 4094, 4095, 4094, 4094, 4093, 4095, 4095, 4095, 4095, 4094, 4093, 4095, 4092, 4095, 4093, 4095, 4095, 4094, 4089, 4094, 4092, 4093, 4091, 4093, 4089, 4091, 4092, 4093, 4095, 4092, 4094, 4092, 4091, 4093, 4091, 4094, 4093, 4092, 4091, 4086, 4094, 4092, 4091, 4094, 4093, 4093, 4095, 4093, 4095, 4094, 4094, 4094, 4095, 4095, 4094, 4095, 4094, 4094, 4095, 4095, 4094, 4095, 4093, 4094, 4095, 4093, 4094, 4095, 4093, 4094, 4094], "SliceLocation": [-78.369105047921, -76.369103823279, -74.369102595578, -72.369108022308, -70.369106794608, -68.369104974257, -66.369103746556, -64.369105549746, -62.369104322045, -60.369106720944, -58.369104897534, -56.369103373509, -54.369105770878, -52.369104246852, -50.369106346367, -48.369104822341, -46.369103296786, -44.369105396301, -42.369103872275, -40.369106269645, -38.369104745619, -36.369106845134, -34.369105321108, -32.369105608852, -30.369106045524, -28.369104521499, -26.369104809243, -24.369105096988, -22.36910553213, -20.369105819875, -18.369104370313, -16.369104658057, -14.369104983033, -12.36910530801, -10.369104745717, -8.3691050800012, -6.369104961343, -4.3691052863193, -2.3691051583531, -0.3691050660895, 1.630894929255, 3.6308949633716, 5.6308948276348, 7.6308949928328, 9.6308947050883, 11.630895174302, 13.630894886557, 15.630894598813, 17.630895068026, 19.630894780281, 21.630894493301, 23.630894205557, 25.630895729583, 27.630895441838, 29.630894857004, 31.630894569259, 33.630894281515, 35.63089580554, 37.630893706026, 39.630895230816, 41.630896754842, 43.630894655327, 45.630895881498, 47.630894079838, 49.630895306009, 51.630892909404, 53.630894731285, 55.630895957456, 57.630894155795, 59.630895382349, 61.630893580689, 63.63089480686], "SmallestImagePixelValue": [0, 0, 0, 0, 0, 0, 0, 1, 0, 0, 0, 1, 1, 3, 1, 0, 1, 0, 1, 0, 0, 0, 2, 1, 1, 0, 0, 2, 5, 4, 0, 1, 4, 0, 6, 3, 0, 1, 0, 4, 4, 0, 0, 1, 4, 1, 10, 2, 2, 6, 1, 1, 0, 0, 0, 2, 1, 0, 2, 1, 0, 1, 0, 0, 0, 0, 0, 4, 1, 1, 0, 0], "WindowCenter": [-214.0, -248.0, -242.0, -244.0, -238.0, -260.0, -218.0, -192.0, -180.0, -196.0, -146.0, -164.0, -152.0, -170.0, -178.0, -194.0, -168.0, -214.0, -198.0, -240.0, -276.0, -262.0, -246.0, -230.0, -202.0, -216.0, -204.0, -182.0, -142.0, -154.0, -152.0, -180.0, -148.0, -202.0, -142.0, -270.0, -126.0, -126.0, -224.0, -228.0, -216.0, -206.0, -196.0, -194.0, -202.0, -200.0, -204.0, -224.0, -208.0, -198.0, -200.0, -180.0, -190.0, -204.0, -178.0, -200.0, -224.0, -228.0, -232.0, -244.0, -254.0, -132.0, -154.0, -190.0, -200.0, -218.0, -238.0, -230.0, -286.0, -308.0, -342.0, -396.0], "WindowWidth": [6144.0, 6266.0, 6210.0, 6196.0, 6166.0, 6176.0, 6192.0, 6214.0, 6260.0, 6210.0, 6204.0, 6136.0, 6132.0, 6078.0, 6074.0, 5972.0, 6034.0, 5940.0, 6006.0, 5906.0, 5982.0, 5832.0, 5790.0, 5632.0, 5638.0, 5608.0, 5542.0, 5562.0, 5536.0, 5416.0, 5514.0, 5382.0, 5488.0, 5100.0, 5336.0, 4638.0, 5152.0, 5078.0, 4612.0, 4594.0, 4600.0, 4582.0, 4576.0, 4564.0, 4570.0, 4556.0, 4550.0, 4564.0, 4566.0, 4560.0, 4568.0, 4568.0, 4584.0, 4604.0, 4604.0, 4638.0, 4664.0, 4684.0, 4700.0, 4756.0, 4766.0, 5618.0, 5646.0, 5692.0, 5938.0, 6044.0, 6138.0, 6272.0, 6288.0, 6370.0, 6438.0, 6408.0]}}, "IntendedFor": ["ses-coco/func/sub-09_ses-coco_task-coco_run-06_bold.nii.gz", "ses-coco/func/sub-09_ses-coco_task-coco_run-09_bold.nii.gz", "ses-coco/func/sub-09_ses-coco_task-coco_run-04_bold.nii.gz", "ses-coco/func/sub-09_ses-coco_task-coco_run-02_bold.nii.gz", "ses-coco/func/sub-09_ses-coco_task-coco_run-10_bold.nii.gz", "ses-coco/func/sub-09_ses-coco_task-coco_run-03_bold.nii.gz", "ses-coco/func/sub-09_ses-coco_task-coco_run-11_bold.nii.gz", "ses-coco/func/sub-09_ses-coco_task-coco_run-01_bold.nii.gz", "ses-coco/func/sub-09_ses-coco_task-coco_run-08_bold.nii.gz", "ses-coco/func/sub-09_ses-coco_task-coco_run-07_bold.nii.gz", "ses-coco/func/sub-09_ses-coco_task-coco_run-05_bold.nii.gz"]}