{"AcquisitionMatrixPE": 100, "AcquisitionNumber": 1, "AcquisitionTime": "12:19:11.325000", "BaseResolution": 100, "BodyPartExamined": "BRAIN", "ConsistencyInfo": "N4_VE11C_LATEST_20160120", "ConversionSoftware": "dcm2niix", "ConversionSoftwareVersion": "v1.0.20180622 GCC4.9.2", "DeviceSerialNumber": "166078", "DwellTime": 8.8e-06, "EchoNumber": 2, "EchoTime": 0.00738, "EchoTime1": 0.00492, "EchoTime2": 0.00738, "FlipAngle": 60, "ImageOrientationPatientDICOM": [0.999473, 0.00824319, 0.0314059, -1.0548e-10, 0.967238, -0.253873], "ImageType": ["ORIGINAL", "PRIMARY", "P", "ND"], "InPlanePhaseEncodingDirectionDICOM": "ROW", "InstitutionAddress": "Street_StreetNo_Bei_Jing_District_CN_ZIP", "InstitutionName": "BeiJing_Normal_University", "InstitutionalDepartmentName": "Department", "MRAcquisitionType": "2D", "MagneticFieldStrength": 3, "Manufacturer": "Siemens", "ManufacturersModelName": "Prisma", "Modality": "MR", "PartialFourier": 1, "PatientPosition": "HFS", "PercentPhaseFOV": 100, "PhaseEncodingDirection": "i", "PhaseEncodingSteps": 100, "PhaseResolution": 1, "PixelBandwidth": 570, "ProcedureStepDescription": "BNU_P2018_64CH_Zhen.ZongLei", "ProtocolName": "field_mapping_2x2x2", "PulseSequenceDetails": "%SiemensSeq%_gre_field_mapping", "ReceiveCoilActiveElements": "HC1-7;NC1", "ReceiveCoilName": "HeadNeck_64", "ReconMatrixPE": 100, "RepetitionTime": 0.72, "SAR": 0.114655, "ScanningSequence": "GR", "SequenceName": "_fm2d2r", "SequenceVariant": "SP", "SeriesDescription": "field_mapping_2x2x2", "SeriesNumber": 11, "ShimSetting": [-5447, -11491, -1251, 371, 28, -218, -150, 17], "SliceThickness": 2, "SoftwareVersions": "syngo_MR_E11", "SpacingBetweenSlices": 2, "StationName": "AWP166078", "TxRefAmp": 220.196, "dcmmeta_affine": [[-1.9989454746246338, -2.1095999946929567e-10, 0.06493949890136719, 96.32490539550781], [-0.01648637093603611, 1.9344751834869385, -0.507476806640625, -74.63710021972656], [0.06281189620494843, 0.5077457427978516, 1.9334564208984375, -100.90164947509766], [0.0, 0.0, 0.0, 1.0]], "dcmmeta_reorient_transform": [[0.0, -1.0, 0.0, 99.0], [1.0, 0.0, 0.0, 0.0], [0.0, 0.0, -1.0, 71.0], [0.0, 0.0, 0.0, 1.0]], "dcmmeta_shape": [100, 100, 72], "dcmmeta_slice_dim": 2, "dcmmeta_version": 0.6, "global": {"const": {"AcquisitionMatrix": [0, 100, 100, 0], "AcquisitionNumber": 1, "AngioFlag": "N", "BitsAllocated": 16, "BitsStored": 12, "BodyPartExamined": "BRAIN", "Columns": 100, "EchoNumbers": 2, "EchoTime": 7.38, "EchoTrainLength": 0, "FlipAngle": 60.0, "HighBit": 11, "ImageOrientationPatient": [0.99947271911455, 0.00824318505143, 0.03140594921319, -1.0548e-10, 0.96723759598557, -0.253872867617], "ImageType": ["ORIGINAL", "PRIMARY", "P", "ND"], "ImagedNucleus": "1H", "ImagingFrequency": 123.257752, "InPlanePhaseEncodingDirection": "ROW", "MRAcquisitionType": "2D", "MagneticFieldStrength": 3.0, "Manufacturer": "SIEMENS", "ManufacturerModelName": "Prisma", "Modality": "MR", "NumberOfAverages": 1.0, "NumberOfPhaseEncodingSteps": 100, "PercentPhaseFieldOfView": 100.0, "PercentSampling": 100.0, "PerformedProcedureStepStartTime": "110239.207000", "PhotometricInterpretation": "MONOCHROME2", "PixelBandwidth": 570.0, "PixelRepresentation": 0, "PixelSpacing": [2.0, 2.0], "ProtocolName": "field_mapping_2x2x2", "RepetitionTime": 720.0, "RescaleIntercept": -4096.0, "RescaleSlope": 2.0, "RescaleType": "US", "Rows": 100, "SAR": 0.11465500063959, "SamplesPerPixel": 1, "ScanningSequence": "GR", "SequenceName": "*fm2d2r", "SequenceVariant": "SP", "SeriesDescription": "field_mapping_2x2x2", "SeriesNumber": 11, "SeriesTime": "122136.326000", "SliceThickness": 2.0, "SoftwareVersions": "syngo MR E11", "SpacingBetweenSlices": 2.0, "SpecificCharacterSet": "ISO_IR 100", "StudyID": "1", "StudyTime": "110239.153000", "TransmitCoilName": "Body", "VariableFlipAngleFlag": "N", "WindowCenterWidthExplanation": "Algo1", "dBdt": 0.0}, "slices": {"AcquisitionTime": ["121911.325000", "121910.965000", "121911.335000", "121910.975000", "121911.345000", "121910.985000", "121911.355000", "121910.995000", "121911.365000", "121911.005000", "121911.375000", "121911.015000", "121911.385000", "121911.025000", "121911.395000", "121911.035000", "121911.405000", "121911.045000", "121911.415000", "121911.055000", "121911.425000", "121911.065000", "121911.435000", "121911.075000", "121911.445000", "121911.085000", "121911.455000", "121911.095000", "121911.465000", "121911.105000", "121911.475000", "121911.115000", "121911.485000", "121911.125000", "121911.495000", "121911.135000", "121911.505000", "121911.145000", "121911.515000", "121911.155000", "121911.525000", "121911.165000", "121911.535000", "121911.175000", "121911.545000", "121911.185000", "121911.555000", "121911.195000", "121911.565000", "121911.205000", "121911.575000", "121911.215000", "121911.585000", "121911.225000", "121911.595000", "121911.235000", "121911.605000", "121911.245000", "121911.615000", "121911.255000", "121911.625000", "121911.265000", "121911.635000", "121911.275000", "121911.645000", "121911.285000", "121911.655000", "121911.295000", "121911.665000", "121911.305000", "121911.675000", "121911.315000"], "ContentTime": ["122136.407000", "122136.333000", "122136.409000", "122136.336000", "122136.411000", "122136.338000", "122136.413000", "122136.340000", "122136.415000", "122136.341000", "122136.417000", "122136.343000", "122136.418000", "122136.345000", "122136.420000", "122136.347000", "122136.422000", "122136.349000", "122136.424000", "122136.351000", "122136.427000", "122136.354000", "122136.429000", "122136.356000", "122136.431000", "122136.358000", "122136.433000", "122136.360000", "122136.435000", "122136.362000", "122136.437000", "122136.364000", "122136.439000", "122136.365000", "122136.441000", "122136.368000", "122136.443000", "122136.369000", "122136.444000", "122136.371000", "122136.447000", "122136.373000", "122136.449000", "122136.375000", "122136.451000", "122136.377000", "122136.453000", "122136.379000", "122136.456000", "122136.382000", "122136.463000", "122136.384000", "122136.465000", "122136.385000", "122136.467000", "122136.387000", "122136.470000", "122136.389000", "122136.472000", "122136.392000", "122136.475000", "122136.394000", "122136.477000", "122136.396000", "122136.479000", "122136.399000", "122136.481000", "122136.402000", "122136.482000", "122136.404000", "122136.484000", "122136.406000"], "CsaImage.GSWDDataType": ["measured", "predicted", "measured", "predicted", "measured", "predicted", "measured", "predicted", "measured", "predicted", "measured", "predicted", "measured", "predicted", "measured", "predicted", "measured", "predicted", "measured", "predicted", "measured", "predicted", "measured", "predicted", "measured", "predicted", "measured", "predicted", "measured", "predicted", "measured", "predicted", "measured", "predicted", "measured", "predicted", "measured", "predicted", "measured", "predicted", "measured", "predicted", "measured", "predicted", "measured", "predicted", "measured", "predicted", "measured", "predicted", "measured", "measured", "measured", "measured", "measured", "measured", "measured", "measured", "measured", "measured", "measured", "measured", "measured", "measured", "measured", "measured", "measured", "measured", "measured", "measured", "measured", "measured"], "CsaImage.ICE_Dims": ["X_2_1_1_1_1_1_37_1_1_1_1_71", "X_2_1_1_1_1_1_1_1_1_2_1_71", "X_2_1_1_1_1_1_38_1_1_3_1_71", "X_2_1_1_1_1_1_2_1_1_4_1_71", "X_2_1_1_1_1_1_39_1_1_5_1_71", "X_2_1_1_1_1_1_3_1_1_6_1_71", "X_2_1_1_1_1_1_40_1_1_7_1_71", "X_2_1_1_1_1_1_4_1_1_8_1_71", "X_2_1_1_1_1_1_41_1_1_9_1_71", "X_2_1_1_1_1_1_5_1_1_10_1_71", "X_2_1_1_1_1_1_42_1_1_11_1_71", "X_2_1_1_1_1_1_6_1_1_12_1_71", "X_2_1_1_1_1_1_43_1_1_13_1_71", "X_2_1_1_1_1_1_7_1_1_14_1_71", "X_2_1_1_1_1_1_44_1_1_15_1_71", "X_2_1_1_1_1_1_8_1_1_16_1_71", "X_2_1_1_1_1_1_45_1_1_17_1_71", "X_2_1_1_1_1_1_9_1_1_18_1_71", "X_2_1_1_1_1_1_46_1_1_19_1_71", "X_2_1_1_1_1_1_10_1_1_20_1_71", "X_2_1_1_1_1_1_47_1_1_21_1_71", "X_2_1_1_1_1_1_11_1_1_22_1_71", "X_2_1_1_1_1_1_48_1_1_23_1_71", "X_2_1_1_1_1_1_12_1_1_24_1_71", "X_2_1_1_1_1_1_49_1_1_25_1_71", "X_2_1_1_1_1_1_13_1_1_26_1_71", "X_2_1_1_1_1_1_50_1_1_27_1_71", "X_2_1_1_1_1_1_14_1_1_28_1_71", "X_2_1_1_1_1_1_51_1_1_29_1_71", "X_2_1_1_1_1_1_15_1_1_30_1_71", "X_2_1_1_1_1_1_52_1_1_31_1_71", "X_2_1_1_1_1_1_16_1_1_32_1_71", "X_2_1_1_1_1_1_53_1_1_33_1_71", "X_2_1_1_1_1_1_17_1_1_34_1_71", "X_2_1_1_1_1_1_54_1_1_35_1_71", "X_2_1_1_1_1_1_18_1_1_36_1_71", "X_2_1_1_1_1_1_55_1_1_37_1_71", "X_2_1_1_1_1_1_19_1_1_38_1_71", "X_2_1_1_1_1_1_56_1_1_39_1_71", "X_2_1_1_1_1_1_20_1_1_40_1_71", "X_2_1_1_1_1_1_57_1_1_41_1_71", "X_2_1_1_1_1_1_21_1_1_42_1_71", "X_2_1_1_1_1_1_58_1_1_43_1_71", "X_2_1_1_1_1_1_22_1_1_44_1_71", "X_2_1_1_1_1_1_59_1_1_45_1_71", "X_2_1_1_1_1_1_23_1_1_46_1_71", "X_2_1_1_1_1_1_60_1_1_47_1_71", "X_2_1_1_1_1_1_24_1_1_48_1_71", "X_2_1_1_1_1_1_61_1_1_49_1_71", "X_2_1_1_1_1_1_25_1_1_50_1_71", "X_2_1_1_1_1_1_62_1_1_51_1_71", "X_2_1_1_1_1_1_26_1_1_52_1_71", "X_2_1_1_1_1_1_63_1_1_53_1_71", "X_2_1_1_1_1_1_27_1_1_54_1_71", "X_2_1_1_1_1_1_64_1_1_55_1_71", "X_2_1_1_1_1_1_28_1_1_56_1_71", "X_2_1_1_1_1_1_65_1_1_57_1_71", "X_2_1_1_1_1_1_29_1_1_58_1_71", "X_2_1_1_1_1_1_66_1_1_59_1_71", "X_2_1_1_1_1_1_30_1_1_60_1_71", "X_2_1_1_1_1_1_67_1_1_61_1_71", "X_2_1_1_1_1_1_31_1_1_62_1_71", "X_2_1_1_1_1_1_68_1_1_63_1_71", "X_2_1_1_1_1_1_32_1_1_64_1_71", "X_2_1_1_1_1_1_69_1_1_65_1_71", "X_2_1_1_1_1_1_33_1_1_66_1_71", "X_2_1_1_1_1_1_70_1_1_67_1_71", "X_2_1_1_1_1_1_34_1_1_68_1_71", "X_2_1_1_1_1_1_71_1_1_69_1_71", "X_2_1_1_1_1_1_35_1_1_70_1_71", "X_2_1_1_1_1_1_72_1_1_71_1_71", "X_2_1_1_1_1_1_36_1_1_72_1_71"], "CsaImage.ProtocolSliceNumber": [0, 1, 2, 3, 4, 5, 6, 7, 8, 9, 10, 11, 12, 13, 14, 15, 16, 17, 18, 19, 20, 21, 22, 23, 24, 25, 26, 27, 28, 29, 30, 31, 32, 33, 34, 35, 36, 37, 38, 39, 40, 41, 42, 43, 44, 45, 46, 47, 48, 49, 50, 51, 52, 53, 54, 55, 56, 57, 58, 59, 60, 61, 62, 63, 64, 65, 66, 67, 68, 69, 70, 71], "CsaImage.RFSWDDataType": ["measured", "predicted", "measured", "predicted", "measured", "predicted", "measured", "predicted", "measured", "predicted", "measured", "predicted", "measured", "predicted", "measured", "predicted", "measured", "predicted", "measured", "predicted", "measured", "predicted", "measured", "predicted", "measured", "predicted", "measured", "predicted", "measured", "predicted", "measured", "predicted", "measured", "predicted", "measured", "predicted", "measured", "predicted", "measured", "predicted", "measured", "predicted", "measured", "predicted", "measured", "predicted", "measured", "measured", "measured", "measured", "measured", "measured", "measured", "measured", "measured", "measured", "measured", "measured", "measured", "measured", "measured", "measured", "measured", "measured", "measured", "measured", "measured", "measured", "measured", "measured", "measured", "measured"], "CsaImage.SlicePosition_PCS": [[-96.32490643, -116.87603144, -50.63473974], [-96.38984593, -116.36855273, -48.70128332], [-96.45478542, -115.86107401, -46.7678269], [-96.51972492, -115.35359721, -44.83437048], [-96.58466418, -114.84611849, -42.90091406], [-96.64960368, -114.33864169, -40.96746145], [-96.71454318, -113.83116297, -39.03400503], [-96.77948268, -113.32368521, -37.10055242], [-96.84442218, -112.8162065, -35.167096], [-96.90936168, -112.30872874, -33.23363958], [-96.97430118, -111.80125098, -31.30018697], [-97.03924068, -111.29377322, -29.36673055], [-97.10418017, -110.7862945, -27.43327413], [-97.16911944, -110.27881674, -25.49982153], [-97.23405893, -109.77133898, -23.56636511], [-97.29899843, -109.26386122, -21.63290868], [-97.36393793, -108.75638251, -19.69945608], [-97.42887743, -108.24890475, -17.76599966], [-97.49381693, -107.74142699, -15.83254324], [-97.55875643, -107.23394827, -13.89909063], [-97.62369593, -106.72647051, -11.96563421], [-97.68863543, -106.21899275, -10.03217779], [-97.75357493, -105.71151499, -8.09872327], [-97.81851419, -105.20403676, -6.16526876], [-97.88345368, -104.69655852, -4.23181234], [-97.94839318, -104.18908076, -2.29835783], [-98.01333268, -103.68160252, -0.36490331], [-98.07827218, -103.17412476, 1.56855311], [-98.14321168, -102.66664652, 3.50200762], [-98.20815118, -102.15916876, 5.43546213], [-98.27309056, -101.65169053, 7.36891856], [-98.33803006, -101.14421253, 9.30237307], [-98.40296956, -100.63673453, 11.23582854], [-98.46790906, -100.12925653, 13.169284], [-98.53284844, -99.62177853, 15.10273899], [-98.59778793, -99.11430053, 17.03619398], [-98.66272743, -98.60682253, 18.96964921], [-98.72766693, -98.09934448, 20.90310432], [-98.79260643, -97.59186645, 22.83655955], [-98.85754581, -97.08438845, 24.77001466], [-98.92248531, -96.57691042, 26.70346989], [-98.98742481, -96.06943242, 28.63692488], [-99.05236425, -95.56195442, 30.57038035], [-99.11730375, -95.0544763, 32.50383581], [-99.18224325, -94.54699831, 34.43729033], [-99.24718268, -94.03952031, 36.3707458], [-99.31212218, -93.53204255, 38.30420031], [-99.37706162, -93.02456431, 40.23765673], [-99.44200112, -92.51708655, 42.17111124], [-99.50694059, -92.00960831, 44.10456576], [-99.57188006, -91.50213008, 46.03802218], [-99.63681953, -90.99465231, 47.97147669], [-99.70175901, -90.48717408, 49.90493121], [-99.76669848, -89.97969632, 51.83838763], [-99.83163795, -89.47221808, 53.77184214], [-99.89657742, -88.96474032, 55.70529856], [-99.9615169, -88.45726256, 57.63875117], [-100.02645637, -87.94978385, 59.57220759], [-100.09139584, -87.44230609, 61.50566401], [-100.15633531, -86.93482832, 63.43911661], [-100.22127478, -86.42735056, 65.37257304], [-100.28621428, -85.91987185, 67.30602946], [-100.35115375, -85.41239409, 69.23948206], [-100.41609322, -84.90491633, 71.17293848], [-100.48103269, -84.39743857, 73.1063949], [-100.54597219, -83.88995986, 75.03984751], [-100.61091163, -83.3824821, 76.97330393], [-100.67585112, -82.87500434, 78.90676035], [-100.74079056, -82.36752562, 80.84021677], [-100.80573006, -81.86004786, 82.77366938], [-100.8706695, -81.35256915, 84.7071258], [-100.935609, -80.84509234, 86.64058222]], "CsaImage.TimeAfterStart": [1.0825, 0.7225, 1.0925, 0.7325, 1.1025, 0.7425, 1.1125, 0.7525, 1.1225, 0.7625, 1.1325, 0.7725, 1.1425, 0.7825, 1.1525, 0.7925, 1.1625, 0.8025, 1.1725, 0.8125, 1.1825, 0.8225, 1.1925, 0.8325, 1.2025, 0.8425, 1.2125, 0.8525, 1.2225, 0.8625, 1.2325, 0.8725, 1.2425, 0.8825, 1.2525, 0.8925, 1.2625, 0.9025, 1.2725, 0.9125, 1.2825, 0.9225, 1.2925, 0.9325, 1.3025, 0.9425, 1.3125, 0.9525, 1.3225, 0.9625, 1.3325, 0.9725, 1.3425, 0.9825, 1.3525, 0.9925, 1.3625, 1.0025, 1.3725, 1.0125, 1.3825, 1.0225, 1.3925, 1.0325, 1.4025, 1.0425, 1.4125, 1.0525, 1.4225, 1.0625, 1.4325, 1.0725], "ImagePositionPatient": [[-96.324906426206, -116.87603144232, -50.634739739213], [-96.389845925107, -116.36855272833, -48.701283318314], [-96.454785424009, -115.86107401434, -46.767826897416], [-96.51972492291, -115.3535972077, -44.834370476518], [-96.584664183393, -114.84611849371, -42.900914055619], [-96.649603682294, -114.33864168707, -40.967461449418], [-96.714543181196, -113.83116297308, -39.034005028519], [-96.779482680097, -113.32368521277, -37.100552422318], [-96.844422178998, -112.81620649878, -35.16709600142], [-96.9093616779, -112.30872873847, -33.233639580521], [-96.974301176801, -111.80125097815, -31.30018697432], [-97.039240675703, -111.29377321784, -29.366730553422], [-97.104180174604, -110.78629450385, -27.433274132523], [-97.169119435087, -110.27881674353, -25.499821526322], [-97.234058933988, -109.77133898322, -23.566365105424], [-97.298998432889, -109.2638612229, -21.632908684525], [-97.363937931791, -108.75638250891, -19.699456078324], [-97.428877430692, -108.2489047486, -17.765999657426], [-97.493816929594, -107.74142698828, -15.832543236527], [-97.558756428495, -107.23394827429, -13.899090630326], [-97.623695927396, -106.72647051398, -11.965634209428], [-97.688635426298, -106.21899275366, -10.032177788529], [-97.753574925199, -105.71151499335, -8.0987232749794], [-97.818514185682, -105.2040367562, -6.1652687614296], [-97.883453684583, -104.69655851904, -4.2318123405312], [-97.948393183485, -104.18908075873, -2.2983578269814], [-98.013332682386, -103.68160252158, -0.3649033134316], [-98.078272181287, -103.17412476126, 1.5685531074668], [-98.143211680189, -102.66664652411, 3.5020076210166], [-98.20815117909, -102.1591687638, 5.4354621345665], [-98.273090558782, -101.65169052664, 7.3689185554649], [-98.338030057683, -101.14421252791, 9.3023730690147], [-98.402969556585, -100.63673452918, 11.235828536239], [-98.467909055486, -100.12925653044, 13.169284003463], [-98.532848435178, -99.621778531709, 15.10273899385], [-98.59778793408, -99.114300532976, 17.036193984237], [-98.662727432981, -98.606822534242, 18.969649213042], [-98.727666931882, -98.099344475904, 20.903104322639], [-98.792606430784, -97.591866454819, 22.836559551444], [-98.857545810476, -97.084388448634, 24.77001466104], [-98.922485309377, -96.576910420099, 26.703469889846], [-98.987424808279, -96.069432421365, 28.636924880233], [-99.052364247575, -95.561954422632, 30.570380347457], [-99.117303746477, -95.054476304689, 32.503835814681], [-99.182243245378, -94.546998305955, 34.437290328231], [-99.247182684675, -94.039520307222, 36.370745795455], [-99.312122183576, -93.532042546907, 38.304200309005], [-99.377061622873, -93.024564309755, 40.237656729903], [-99.442001121774, -92.51708654944, 42.171111243453], [-99.506940590873, -92.009608312288, 44.104565757003], [-99.571880059972, -91.502130075136, 46.038022177901], [-99.636819529071, -90.994652314821, 47.971476691451], [-99.701759013071, -90.487174077668, 49.904931205001], [-99.766698482171, -89.979696317354, 51.838387625899], [-99.83163795127, -89.472218080201, 53.771842139449], [-99.896577424094, -88.964740319887, 55.705298560348], [-99.961516898781, -88.457262559572, 57.638751166549], [-100.02645637347, -87.949783845582, 59.572207587447], [-100.09139584257, -87.442306085267, 61.505664008346], [-100.15633531167, -86.934828324952, 63.439116614547], [-100.22127478077, -86.427350564637, 65.372573035445], [-100.28621427967, -85.919871850648, 67.306029456344], [-100.35115374877, -85.412394090333, 69.239482062545], [-100.41609321786, -84.904916330018, 71.172938483443], [-100.48103268696, -84.397438569703, 73.106394904342], [-100.54597218586, -83.889959855714, 75.039847510543], [-100.61091162516, -83.382482095399, 76.973303931441], [-100.67585112406, -82.875004335084, 78.90676035234], [-100.74079056336, -82.367525621095, 80.840216773238], [-100.80573006226, -81.86004786078, 82.773669379439], [-100.87066950156, -81.352569146791, 84.707125800338], [-100.93560900046, -80.84509234015, 86.640582221236]], "InstanceCreationTime": ["122136.407000", "122136.333000", "122136.409000", "122136.336000", "122136.411000", "122136.338000", "122136.413000", "122136.340000", "122136.415000", "122136.341000", "122136.417000", "122136.343000", "122136.418000", "122136.345000", "122136.420000", "122136.347000", "122136.422000", "122136.349000", "122136.424000", "122136.351000", "122136.427000", "122136.354000", "122136.429000", "122136.356000", "122136.431000", "122136.358000", "122136.433000", "122136.360000", "122136.435000", "122136.362000", "122136.437000", "122136.364000", "122136.439000", "122136.365000", "122136.441000", "122136.368000", "122136.443000", "122136.369000", "122136.444000", "122136.371000", "122136.447000", "122136.373000", "122136.449000", "122136.375000", "122136.451000", "122136.377000", "122136.453000", "122136.379000", "122136.456000", "122136.382000", "122136.463000", "122136.384000", "122136.465000", "122136.385000", "122136.467000", "122136.387000", "122136.470000", "122136.389000", "122136.472000", "122136.392000", "122136.475000", "122136.394000", "122136.477000", "122136.396000", "122136.479000", "122136.399000", "122136.481000", "122136.402000", "122136.482000", "122136.404000", "122136.484000", "122136.406000"], "InstanceNumber": [1, 2, 3, 4, 5, 6, 7, 8, 9, 10, 11, 12, 13, 14, 15, 16, 17, 18, 19, 20, 21, 22, 23, 24, 25, 26, 27, 28, 29, 30, 31, 32, 33, 34, 35, 36, 37, 38, 39, 40, 41, 42, 43, 44, 45, 46, 47, 48, 49, 50, 51, 52, 53, 54, 55, 56, 57, 58, 59, 60, 61, 62, 63, 64, 65, 66, 67, 68, 69, 70, 71, 72], "LargestImagePixelValue": [4094, 4094, 4091, 4095, 4094, 4095, 4095, 4094, 4094, 4093, 4094, 4095, 4092, 4093, 4095, 4092, 4095, 4094, 4094, 4094, 4095, 4095, 4092, 4094, 4090, 4093, 4092, 4087, 4094, 4091, 4095, 4094, 4085, 4088, 4091, 4088, 4095, 4092, 4093, 4093, 4094, 4089, 4092, 4094, 4094, 4092, 4093, 4093, 4083, 4094, 4091, 4091, 4091, 4094, 4092, 4094, 4093, 4095, 4095, 4094, 4094, 4093, 4095, 4094, 4093, 4095, 4094, 4095, 4095, 4093, 4094, 4094], "SliceLocation": [-75.478363618057, -73.478362239262, -71.478360860466, -69.47835996564, -67.478358594586, -65.478361387533, -63.478360008737, -61.478362559699, -59.478361180904, -57.478360044093, -55.478362595055, -53.478361458245, -51.478360079449, -49.478362638153, -47.478361501342, -45.478360364531, -43.478362673509, -41.478361536698, -39.478360399887, -37.478362708865, -35.478361572054, -33.478360435243, -31.478361142319, -29.478361736143, -27.47836047834, -25.478361185416, -23.478361771499, -21.478360634689, -19.478361220772, -17.478361927848, -15.478360673915, -13.478361320495, -11.478361045131, -9.4783607697674, -7.478360959246, -5.4783611448539, -3.478361099976, -1.478361155217, 0.52163889533244, 2.5216388229872, 4.5216388754272, 6.5216386898193, 8.5216389632476, 10.521639268859, 12.52163862228, 14.521638895708, 16.521638188633, 18.5216394445, 20.521638737425, 22.521638150374, 24.521639407209, 26.521638699166, 28.521638112598, 30.521639248442, 32.52163866139, 34.521639797355, 36.521637245606, 38.521638623615, 40.521639759459, 42.521637207529, 44.521638343372, 46.521639722167, 48.521637170237, 50.521638306081, 52.521639441924, 54.521637132946, 56.521638267822, 58.521639404632, 60.521640781492, 62.52163823053, 64.52163960739, 66.521640502217], "SmallestImagePixelValue": [0, 0, 0, 0, 2, 0, 0, 4, 0, 0, 0, 0, 0, 0, 0, 0, 1, 0, 3, 1, 0, 2, 0, 0, 4, 5, 0, 2, 0, 4, 4, 3, 1, 3, 1, 0, 0, 5, 3, 3, 7, 2, 0, 0, 0, 3, 1, 5, 0, 0, 1, 0, 3, 0, 2, 0, 10, 0, 2, 0, 1, 0, 1, 2, 0, 0, 0, 1, 0, 1, 0, 0], "WindowCenter": [-252.0, -316.0, -326.0, -318.0, -288.0, -264.0, -270.0, -238.0, -230.0, -198.0, -200.0, -192.0, -238.0, -234.0, -288.0, -308.0, -286.0, -204.0, -250.0, -286.0, -300.0, -266.0, -380.0, -200.0, -152.0, -178.0, -146.0, -256.0, -178.0, -104.0, -152.0, -120.0, -124.0, -136.0, -124.0, -126.0, -134.0, -110.0, -112.0, -82.0, -66.0, -70.0, -190.0, -30.0, -64.0, -10.0, -78.0, -22.0, -56.0, -116.0, -90.0, -76.0, -110.0, -260.0, -124.0, -128.0, -94.0, -114.0, -102.0, -80.0, -90.0, -70.0, -98.0, -132.0, -158.0, -224.0, -250.0, -282.0, -268.0, -294.0, -318.0, -294.0], "WindowWidth": [6420.0, 6328.0, 6284.0, 6286.0, 6300.0, 6334.0, 6362.0, 6358.0, 6388.0, 6384.0, 6354.0, 6286.0, 6226.0, 6256.0, 6196.0, 6162.0, 6102.0, 6026.0, 5862.0, 5700.0, 5420.0, 5228.0, 4744.0, 5432.0, 5468.0, 5206.0, 5282.0, 4614.0, 4896.0, 5356.0, 5086.0, 5280.0, 5304.0, 5248.0, 5360.0, 5318.0, 5178.0, 5310.0, 5198.0, 5288.0, 5296.0, 5152.0, 4560.0, 5162.0, 4896.0, 5296.0, 4900.0, 5294.0, 5206.0, 4996.0, 5240.0, 5396.0, 5316.0, 4662.0, 5364.0, 5420.0, 5556.0, 5558.0, 5602.0, 5690.0, 5716.0, 5834.0, 5832.0, 5868.0, 5912.0, 5928.0, 5912.0, 5930.0, 5990.0, 6118.0, 6166.0, 6194.0]}}, "IntendedFor": ["ses-imagenet01/func/sub-10_ses-imagenet01_task-imagenet_run-08_bold.nii.gz", "ses-imagenet01/func/sub-10_ses-imagenet01_task-imagenet_run-07_bold.nii.gz", "ses-imagenet01/func/sub-10_ses-imagenet01_task-imagenet_run-05_bold.nii.gz", "ses-imagenet01/func/sub-10_ses-imagenet01_task-imagenet_run-03_bold.nii.gz", "ses-imagenet01/func/sub-10_ses-imagenet01_task-imagenet_run-01_bold.nii.gz", "ses-imagenet01/func/sub-10_ses-imagenet01_task-imagenet_run-02_bold.nii.gz", "ses-imagenet01/func/sub-10_ses-imagenet01_task-imagenet_run-10_bold.nii.gz", "ses-imagenet01/func/sub-10_ses-imagenet01_task-imagenet_run-06_bold.nii.gz", "ses-imagenet01/func/sub-10_ses-imagenet01_task-imagenet_run-09_bold.nii.gz", "ses-imagenet01/func/sub-10_ses-imagenet01_task-imagenet_run-04_bold.nii.gz"]}