{"AcquisitionMatrixPE": 100, "AcquisitionNumber": 1, "AcquisitionTime": "14:13:6.510000", "BaseResolution": 100, "BodyPartExamined": "BRAIN", "ConsistencyInfo": "N4_VE11C_LATEST_20160120", "ConversionSoftware": "dcm2niix", "ConversionSoftwareVersion": "v1.0.20180622 GCC4.9.2", "DeviceSerialNumber": "166078", "DwellTime": 8.8e-06, "EchoNumber": 2, "EchoTime": 0.00738, "EchoTime1": 0.00492, "EchoTime2": 0.00738, "FlipAngle": 60, "ImageOrientationPatientDICOM": [1, 0, 0, 0, 0.936672, -0.350207], "ImageType": ["ORIGINAL", "PRIMARY", "P", "ND"], "InPlanePhaseEncodingDirectionDICOM": "ROW", "InstitutionAddress": "Street_StreetNo_Bei_Jing_District_CN_ZIP", "InstitutionName": "BeiJing_Normal_University", "InstitutionalDepartmentName": "Department", "MRAcquisitionType": "2D", "MagneticFieldStrength": 3, "Manufacturer": "Siemens", "ManufacturersModelName": "Prisma", "Modality": "MR", "PartialFourier": 1, "PatientPosition": "HFS", "PercentPhaseFOV": 100, "PhaseEncodingDirection": "i", "PhaseEncodingSteps": 100, "PhaseResolution": 1, "PixelBandwidth": 570, "ProcedureStepDescription": "BNU_P2018_64CH_Zhen.ZongLei", "ProtocolName": "field_mapping_2x2x2", "PulseSequenceDetails": "%SiemensSeq%_gre_field_mapping", "ReceiveCoilActiveElements": "HC1-7;NC1", "ReceiveCoilName": "HeadNeck_64", "ReconMatrixPE": 100, "RepetitionTime": 0.72, "SAR": 0.102599, "ScanningSequence": "GR", "SequenceName": "_fm2d2r", "SequenceVariant": "SP", "SeriesDescription": "field_mapping_2x2x2", "SeriesNumber": 9, "ShimSetting": [-5458, -11444, -1235, 356, -34, -283, -248, 90], "SliceThickness": 2, "SoftwareVersions": "syngo_MR_E11", "SpacingBetweenSlices": 2, "StationName": "AWP166078", "TxRefAmp": 218.393, "dcmmeta_affine": [[-2.0, 0.0, 0.0, 101.3559341430664], [0.0, 1.8733444213867188, -0.7004146575927734, -69.34561920166016], [0.0, 0.700414776802063, 1.8733444213867188, -102.79983520507812], [0.0, 0.0, 0.0, 1.0]], "dcmmeta_reorient_transform": [[0.0, -1.0, 0.0, 99.0], [1.0, 0.0, 0.0, 0.0], [0.0, 0.0, -1.0, 71.0], [0.0, 0.0, 0.0, 1.0]], "dcmmeta_shape": [100, 100, 72], "dcmmeta_slice_dim": 2, "dcmmeta_version": 0.6, "global": {"const": {"AcquisitionMatrix": [0, 100, 100, 0], "AcquisitionNumber": 1, "AngioFlag": "N", "BitsAllocated": 16, "BitsStored": 12, "BodyPartExamined": "BRAIN", "Columns": 100, "EchoNumbers": 2, "EchoTime": 7.38, "EchoTrainLength": 0, "FlipAngle": 60.0, "HighBit": 11, "ImageOrientationPatient": [1.0, 0.0, 0.0, 0.0, 0.93667218872437, -0.350207382661], "ImageType": ["ORIGINAL", "PRIMARY", "P", "ND"], "ImagedNucleus": "1H", "ImagingFrequency": 123.257752, "InPlanePhaseEncodingDirection": "ROW", "MRAcquisitionType": "2D", "MagneticFieldStrength": 3.0, "Manufacturer": "SIEMENS", "ManufacturerModelName": "Prisma", "Modality": "MR", "NumberOfAverages": 1.0, "NumberOfPhaseEncodingSteps": 100, "PercentPhaseFieldOfView": 100.0, "PercentSampling": 100.0, "PerformedProcedureStepStartTime": "132158.553000", "PhotometricInterpretation": "MONOCHROME2", "PixelBandwidth": 570.0, "PixelRepresentation": 0, "PixelSpacing": [2.0, 2.0], "ProtocolName": "field_mapping_2x2x2", "RepetitionTime": 720.0, "RescaleIntercept": -4096.0, "RescaleSlope": 2.0, "RescaleType": "US", "Rows": 100, "SAR": 0.10259894520236, "SamplesPerPixel": 1, "ScanningSequence": "GR", "SequenceName": "*fm2d2r", "SequenceVariant": "SP", "SeriesDescription": "field_mapping_2x2x2", "SeriesNumber": 9, "SeriesTime": "141531.027000", "SliceThickness": 2.0, "SoftwareVersions": "syngo MR E11", "SpacingBetweenSlices": 2.0, "SpecificCharacterSet": "ISO_IR 100", "StudyID": "1", "StudyTime": "132158.501000", "TransmitCoilName": "Body", "VariableFlipAngleFlag": "N", "WindowCenterWidthExplanation": "Algo1", "dBdt": 0.0}, "slices": {"AcquisitionTime": ["141306.510000", "141306.150000", "141306.520000", "141306.160000", "141306.530000", "141306.170000", "141306.540000", "141306.180000", "141306.550000", "141306.190000", "141306.560000", "141306.200000", "141306.570000", "141306.210000", "141306.580000", "141306.220000", "141306.590000", "141306.230000", "141306.600000", "141306.240000", "141306.610000", "141306.250000", "141306.620000", "141306.260000", "141306.630000", "141306.270000", "141306.640000", "141306.280000", "141306.650000", "141306.290000", "141306.660000", "141306.300000", "141306.670000", "141306.310000", "141306.680000", "141306.320000", "141306.690000", "141306.330000", "141306.700000", "141306.340000", "141306.710000", "141306.350000", "141306.720000", "141306.360000", "141306.730000", "141306.370000", "141306.740000", "141306.380000", "141306.750000", "141306.390000", "141306.760000", "141306.400000", "141306.770000", "141306.410000", "141306.780000", "141306.420000", "141306.790000", "141306.430000", "141306.800000", "141306.440000", "141306.810000", "141306.450000", "141306.820000", "141306.460000", "141306.830000", "141306.470000", "141306.840000", "141306.480000", "141306.850000", "141306.490000", "141306.860000", "141306.500000"], "ContentTime": ["141531.095000", "141531.028000", "141531.097000", "141531.030000", "141531.099000", "141531.032000", "141531.101000", "141531.034000", "141531.102000", "141531.036000", "141531.104000", "141531.038000", "141531.106000", "141531.040000", "141531.108000", "141531.042000", "141531.110000", "141531.044000", "141531.112000", "141531.045000", "141531.114000", "141531.047000", "141531.115000", "141531.049000", "141531.117000", "141531.051000", "141531.119000", "141531.053000", "141531.121000", "141531.055000", "141531.123000", "141531.056000", "141531.125000", "141531.058000", "141531.126000", "141531.060000", "141531.128000", "141531.062000", "141531.130000", "141531.064000", "141531.133000", "141531.066000", "141531.135000", "141531.067000", "141531.141000", "141531.069000", "141531.143000", "141531.071000", "141531.145000", "141531.073000", "141531.147000", "141531.075000", "141531.149000", "141531.077000", "141531.151000", "141531.078000", "141531.153000", "141531.080000", "141531.154000", "141531.082000", "141531.156000", "141531.084000", "141531.158000", "141531.086000", "141531.160000", "141531.088000", "141531.162000", "141531.089000", "141531.164000", "141531.091000", "141531.166000", "141531.093000"], "CsaImage.GSWDDataType": ["measured", "predicted", "measured", "predicted", "measured", "predicted", "measured", "predicted", "measured", "predicted", "measured", "predicted", "measured", "predicted", "measured", "predicted", "measured", "predicted", "measured", "predicted", "measured", "predicted", "measured", "predicted", "measured", "predicted", "measured", "predicted", "measured", "predicted", "measured", "predicted", "measured", "predicted", "measured", "predicted", "measured", "predicted", "measured", "predicted", "measured", "predicted", "measured", "predicted", "measured", "predicted", "measured", "predicted", "measured", "predicted", "measured", "predicted", "measured", "predicted", "measured", "predicted", "measured", "predicted", "measured", "predicted", "measured", "predicted", "measured", "predicted", "measured", "predicted", "measured", "predicted", "measured", "predicted", "measured", "measured"], "CsaImage.ICE_Dims": ["X_2_1_1_1_1_1_37_1_1_1_1_168", "X_2_1_1_1_1_1_1_1_1_2_1_168", "X_2_1_1_1_1_1_38_1_1_3_1_168", "X_2_1_1_1_1_1_2_1_1_4_1_168", "X_2_1_1_1_1_1_39_1_1_5_1_168", "X_2_1_1_1_1_1_3_1_1_6_1_168", "X_2_1_1_1_1_1_40_1_1_7_1_168", "X_2_1_1_1_1_1_4_1_1_8_1_168", "X_2_1_1_1_1_1_41_1_1_9_1_168", "X_2_1_1_1_1_1_5_1_1_10_1_168", "X_2_1_1_1_1_1_42_1_1_11_1_168", "X_2_1_1_1_1_1_6_1_1_12_1_168", "X_2_1_1_1_1_1_43_1_1_13_1_168", "X_2_1_1_1_1_1_7_1_1_14_1_168", "X_2_1_1_1_1_1_44_1_1_15_1_168", "X_2_1_1_1_1_1_8_1_1_16_1_168", "X_2_1_1_1_1_1_45_1_1_17_1_168", "X_2_1_1_1_1_1_9_1_1_18_1_168", "X_2_1_1_1_1_1_46_1_1_19_1_168", "X_2_1_1_1_1_1_10_1_1_20_1_168", "X_2_1_1_1_1_1_47_1_1_21_1_168", "X_2_1_1_1_1_1_11_1_1_22_1_168", "X_2_1_1_1_1_1_48_1_1_23_1_168", "X_2_1_1_1_1_1_12_1_1_24_1_168", "X_2_1_1_1_1_1_49_1_1_25_1_168", "X_2_1_1_1_1_1_13_1_1_26_1_168", "X_2_1_1_1_1_1_50_1_1_27_1_168", "X_2_1_1_1_1_1_14_1_1_28_1_168", "X_2_1_1_1_1_1_51_1_1_29_1_168", "X_2_1_1_1_1_1_15_1_1_30_1_168", "X_2_1_1_1_1_1_52_1_1_31_1_168", "X_2_1_1_1_1_1_16_1_1_32_1_168", "X_2_1_1_1_1_1_53_1_1_33_1_168", "X_2_1_1_1_1_1_17_1_1_34_1_168", "X_2_1_1_1_1_1_54_1_1_35_1_168", "X_2_1_1_1_1_1_18_1_1_36_1_168", "X_2_1_1_1_1_1_55_1_1_37_1_168", "X_2_1_1_1_1_1_19_1_1_38_1_168", "X_2_1_1_1_1_1_56_1_1_39_1_168", "X_2_1_1_1_1_1_20_1_1_40_1_168", "X_2_1_1_1_1_1_57_1_1_41_1_168", "X_2_1_1_1_1_1_21_1_1_42_1_168", "X_2_1_1_1_1_1_58_1_1_43_1_168", "X_2_1_1_1_1_1_22_1_1_44_1_168", "X_2_1_1_1_1_1_59_1_1_45_1_168", "X_2_1_1_1_1_1_23_1_1_46_1_168", "X_2_1_1_1_1_1_60_1_1_47_1_168", "X_2_1_1_1_1_1_24_1_1_48_1_168", "X_2_1_1_1_1_1_61_1_1_49_1_168", "X_2_1_1_1_1_1_25_1_1_50_1_168", "X_2_1_1_1_1_1_62_1_1_51_1_168", "X_2_1_1_1_1_1_26_1_1_52_1_168", "X_2_1_1_1_1_1_63_1_1_53_1_168", "X_2_1_1_1_1_1_27_1_1_54_1_168", "X_2_1_1_1_1_1_64_1_1_55_1_168", "X_2_1_1_1_1_1_28_1_1_56_1_168", "X_2_1_1_1_1_1_65_1_1_57_1_168", "X_2_1_1_1_1_1_29_1_1_58_1_168", "X_2_1_1_1_1_1_66_1_1_59_1_168", "X_2_1_1_1_1_1_30_1_1_60_1_168", "X_2_1_1_1_1_1_67_1_1_61_1_168", "X_2_1_1_1_1_1_31_1_1_62_1_168", "X_2_1_1_1_1_1_68_1_1_63_1_168", "X_2_1_1_1_1_1_32_1_1_64_1_168", "X_2_1_1_1_1_1_69_1_1_65_1_168", "X_2_1_1_1_1_1_33_1_1_66_1_168", "X_2_1_1_1_1_1_70_1_1_67_1_168", "X_2_1_1_1_1_1_34_1_1_68_1_168", "X_2_1_1_1_1_1_71_1_1_69_1_168", "X_2_1_1_1_1_1_35_1_1_70_1_168", "X_2_1_1_1_1_1_72_1_1_71_1_168", "X_2_1_1_1_1_1_36_1_1_72_1_168"], "CsaImage.ProtocolSliceNumber": [0, 1, 2, 3, 4, 5, 6, 7, 8, 9, 10, 11, 12, 13, 14, 15, 16, 17, 18, 19, 20, 21, 22, 23, 24, 25, 26, 27, 28, 29, 30, 31, 32, 33, 34, 35, 36, 37, 38, 39, 40, 41, 42, 43, 44, 45, 46, 47, 48, 49, 50, 51, 52, 53, 54, 55, 56, 57, 58, 59, 60, 61, 62, 63, 64, 65, 66, 67, 68, 69, 70, 71], "CsaImage.RFSWDDataType": ["measured", "predicted", "measured", "predicted", "measured", "predicted", "measured", "predicted", "measured", "predicted", "measured", "predicted", "measured", "predicted", "measured", "predicted", "measured", "predicted", "measured", "predicted", "measured", "predicted", "measured", "predicted", "measured", "predicted", "measured", "predicted", "measured", "predicted", "measured", "predicted", "measured", "predicted", "measured", "predicted", "measured", "predicted", "measured", "predicted", "measured", "predicted", "measured", "predicted", "measured", "predicted", "measured", "predicted", "measured", "predicted", "measured", "predicted", "measured", "predicted", "measured", "predicted", "measured", "predicted", "measured", "predicted", "measured", "predicted", "measured", "predicted", "measured", "predicted", "measured", "measured", "measured", "measured", "measured", "measured"], "CsaImage.SlicePosition_PCS": [[-101.35593224, -116.11547823, -33.45877681], [-101.35593224, -115.41506357, -31.58543239], [-101.35593224, -114.71464891, -29.71208797], [-101.35593224, -114.01423425, -27.83873973], [-101.35593224, -113.3138196, -25.96539531], [-101.35593224, -112.61340494, -24.09205089], [-101.35593224, -111.91299028, -22.21870647], [-101.35593224, -111.21257562, -20.34536205], [-101.35593224, -110.51215906, -18.47201762], [-101.35593224, -109.8117444, -16.5986732], [-101.35593224, -109.1113307, -14.72532878], [-101.35593224, -108.41091604, -12.85198436], [-101.35593224, -107.71050043, -10.97863994], [-101.35593224, -107.01008577, -9.10529552], [-101.35593224, -106.30967111, -7.2319511], [-101.35593224, -105.60925645, -5.35860667], [-101.35593224, -104.9088418, -3.48526225], [-101.35593224, -104.20842714, -1.61191783], [-101.35593224, -103.50801248, 0.26142659], [-101.35593224, -102.80759782, 2.1347672], [-101.35593224, -102.10718317, 4.00811353], [-101.35593224, -101.40676803, 5.88145795], [-101.35593224, -100.70635337, 7.75480237], [-101.35593224, -100.00593872, 9.62814679], [-101.35593224, -99.30552358, 11.50149121], [-101.35593224, -98.60510893, 13.37483563], [-101.35593224, -97.90469427, 15.24818005], [-101.35593224, -97.20427937, 17.12152448], [-101.35593224, -96.50386471, 18.9948689], [-101.35593224, -95.80344982, 20.86821332], [-101.35593224, -95.10303516, 22.74155679], [-101.35593224, -94.40262038, 24.61490121], [-101.35593224, -93.70220565, 26.48824563], [-101.35593224, -93.00179089, 28.36159053], [-101.35593224, -92.30137617, 30.23493495], [-101.35593224, -91.6009614, 32.10827913], [-101.35593224, -90.9005465, 33.98162355], [-101.35593224, -90.20013184, 35.85496791], [-101.35593224, -89.49971695, 37.7283124], [-101.35593224, -88.79930229, 39.60165658], [-101.35593224, -88.09888763, 41.475001], [-101.35593224, -87.39847297, 43.34834542], [-101.35593224, -86.69805784, 45.22168984], [-101.35593224, -85.99764318, 47.09503426], [-101.35593224, -85.29722852, 48.96837869], [-101.35593224, -84.59681387, 50.84172311], [-101.35593224, -83.89639921, 52.71506657], [-101.35593224, -83.19598455, 54.588411], [-101.35593224, -82.49556989, 56.46175542], [-101.35593224, -81.79515428, 58.33509984], [-101.35593224, -81.09473962, 60.20844426], [-101.35593224, -80.39432497, 62.08178868], [-101.35593224, -79.69391031, 63.9551331], [-101.35593224, -78.99349565, 65.82847752], [-101.35593224, -78.29308099, 67.70182195], [-101.35593224, -77.59266634, 69.57516637], [-101.35593224, -76.89225168, 71.44851079], [-101.35593224, -76.19183702, 73.32185521], [-101.35593224, -75.49142236, 75.19519963], [-101.35593224, -74.79100771, 77.06854405], [-101.35593224, -74.09059305, 78.94188847], [-101.35593224, -73.39017839, 80.8152329], [-101.35593224, -72.68976183, 82.68857732], [-101.35593224, -71.98934717, 84.56192174], [-101.35593224, -71.28893251, 86.43526616], [-101.35593224, -70.58851785, 88.30861058], [-101.35593224, -69.8881032, 90.181955], [-101.35593224, -69.18768854, 92.05529942], [-101.35593224, -68.48727388, 93.92864384], [-101.35593224, -67.78685922, 95.80198827], [-101.35593224, -67.08644457, 97.67533269], [-101.35593224, -66.38602991, 99.54867711]], "CsaImage.TimeAfterStart": [1.0825, 0.7225, 1.0925, 0.7325, 1.1025, 0.7425, 1.1125, 0.7525, 1.1225, 0.7625, 1.1325, 0.7725, 1.1425, 0.7825, 1.1525, 0.7925, 1.1625, 0.8025, 1.1725, 0.8125, 1.1825, 0.8225, 1.1925, 0.8325, 1.2025, 0.8425, 1.2125, 0.8525, 1.2225, 0.8625, 1.2325, 0.8725, 1.2425, 0.8825, 1.2525, 0.8925, 1.2625, 0.9025, 1.2725, 0.9125, 1.2825, 0.9225, 1.2925, 0.9325, 1.3025, 0.9425, 1.3125, 0.9525, 1.3225, 0.9625, 1.3325, 0.9725, 1.3425, 0.9825, 1.3525, 0.9925, 1.3625, 1.0025, 1.3725, 1.0125, 1.3825, 1.0225, 1.3925, 1.0325, 1.4025, 1.0425, 1.4125, 1.0525, 1.4225, 1.0625, 1.4325, 1.0725], "ImagePositionPatient": [[-101.35593223572, -116.11547822607, -33.45877680958], [-101.35593223572, -115.41506356848, -31.585432388193], [-101.35593223572, -114.71464891089, -29.712087966806], [-101.35593223572, -114.0142342533, -27.838739730722], [-101.35593223572, -113.3138195957, -25.965395309335], [-101.35593223572, -112.61340493811, -24.092050887949], [-101.35593223572, -111.91299028052, -22.218706466562], [-101.35593223572, -111.21257562293, -20.345362045175], [-101.35593223572, -110.51215905798, -18.472017623789], [-101.35593223572, -109.81174440039, -16.598673202402], [-101.35593223572, -109.11133069647, -14.725328781015], [-101.35593223572, -108.41091603888, -12.851984359628], [-101.35593223572, -107.71050042761, -10.978639938242], [-101.35593223572, -107.01008577002, -9.105295516855], [-101.35593223572, -106.30967111243, -7.2319510954683], [-101.35593223572, -105.60925645483, -5.3586066740815], [-101.35593223572, -104.90884179724, -3.4852622526948], [-101.35593223572, -104.20842713965, -1.6119178313081], [-101.35593223572, -103.50801248206, 0.26142659007861], [-101.35593223572, -102.80759782446, 2.1347671967681], [-101.35593223572, -102.10718316687, 4.0081135255034], [-101.35593223572, -101.40676803244, 5.8814579468901], [-101.35593223572, -100.70635337485, 7.7548023682769], [-101.35593223572, -100.00593871726, 9.6281467896636], [-101.35593223572, -99.305523582825, 11.50149121105], [-101.35593223572, -98.605108925232, 13.374835632437], [-101.35593223572, -97.90469426764, 15.248180053824], [-101.35593223572, -97.204279371628, 17.12152447521], [-101.35593223572, -96.503864714036, 18.994868896597], [-101.35593223572, -95.803449818024, 20.868213317984], [-101.35593223572, -95.103035160431, 22.741556785696], [-101.35593223572, -94.402620383629, 24.614901207083], [-101.35593223572, -93.702205651531, 26.48824562847], [-101.35593223572, -93.00179088963, 28.361590526694], [-101.35593223572, -92.301376172432, 30.23493494808], [-101.35593223572, -91.60096139563, 32.108279131048], [-101.35593223572, -90.900546499619, 33.981623552435], [-101.35593223572, -90.200131842026, 35.854967914217], [-101.35593223572, -89.499716946015, 37.728312395209], [-101.35593223572, -88.799302288422, 39.601656578177], [-101.35593223572, -88.098887630829, 41.475000999563], [-101.35593223572, -87.398472973237, 43.34834542095], [-101.35593223572, -86.698057838807, 45.221689842337], [-101.35593223572, -85.997643181214, 47.095034263724], [-101.35593223572, -85.297228523621, 48.96837868511], [-101.35593223572, -84.596813866028, 50.841723106497], [-101.35593223572, -83.896399208436, 52.715066574209], [-101.35593223572, -83.195984550843, 54.588410995596], [-101.35593223572, -82.49556989325, 56.461755416983], [-101.35593223572, -81.795154281983, 58.33509983837], [-101.35593223572, -81.09473962439, 60.208444259756], [-101.35593223572, -80.394324966797, 62.081788681143], [-101.35593223572, -79.693910309205, 63.95513310253], [-101.35593223572, -78.993495651612, 65.828477523917], [-101.35593223572, -78.293080994019, 67.701821945303], [-101.35593223572, -77.592666336426, 69.57516636669], [-101.35593223572, -76.892251678833, 71.448510788077], [-101.35593223572, -76.191837021241, 73.321855209463], [-101.35593223572, -75.491422363648, 75.19519963085], [-101.35593223572, -74.791007706055, 77.068544052237], [-101.35593223572, -74.090593048462, 78.941888473624], [-101.35593223572, -73.39017839087, 80.81523289501], [-101.35593223572, -72.689761825928, 82.688577316397], [-101.35593223572, -71.989347168335, 84.561921737784], [-101.35593223572, -71.288932510743, 86.43526615917], [-101.35593223572, -70.58851785315, 88.308610580557], [-101.35593223572, -69.888103195557, 90.181955001944], [-101.35593223572, -69.187688537964, 92.055299423331], [-101.35593223572, -68.487273880372, 93.928643844717], [-101.35593223572, -67.786859222779, 95.801988266104], [-101.35593223572, -67.086444565186, 97.675332687491], [-101.35593223572, -66.386029907593, 99.548677108877]], "InstanceCreationTime": ["141531.095000", "141531.028000", "141531.097000", "141531.030000", "141531.099000", "141531.032000", "141531.101000", "141531.034000", "141531.102000", "141531.036000", "141531.104000", "141531.038000", "141531.106000", "141531.040000", "141531.108000", "141531.042000", "141531.110000", "141531.044000", "141531.112000", "141531.045000", "141531.114000", "141531.047000", "141531.115000", "141531.049000", "141531.117000", "141531.051000", "141531.119000", "141531.053000", "141531.121000", "141531.055000", "141531.123000", "141531.056000", "141531.125000", "141531.058000", "141531.126000", "141531.060000", "141531.128000", "141531.062000", "141531.130000", "141531.064000", "141531.133000", "141531.066000", "141531.135000", "141531.067000", "141531.141000", "141531.069000", "141531.143000", "141531.071000", "141531.145000", "141531.073000", "141531.147000", "141531.075000", "141531.149000", "141531.077000", "141531.151000", "141531.078000", "141531.153000", "141531.080000", "141531.154000", "141531.082000", "141531.156000", "141531.084000", "141531.158000", "141531.086000", "141531.160000", "141531.088000", "141531.162000", "141531.089000", "141531.164000", "141531.091000", "141531.166000", "141531.093000"], "InstanceNumber": [1, 2, 3, 4, 5, 6, 7, 8, 9, 10, 11, 12, 13, 14, 15, 16, 17, 18, 19, 20, 21, 22, 23, 24, 25, 26, 27, 28, 29, 30, 31, 32, 33, 34, 35, 36, 37, 38, 39, 40, 41, 42, 43, 44, 45, 46, 47, 48, 49, 50, 51, 52, 53, 54, 55, 56, 57, 58, 59, 60, 61, 62, 63, 64, 65, 66, 67, 68, 69, 70, 71, 72], "LargestImagePixelValue": [4095, 4095, 4095, 4094, 4093, 4094, 4095, 4095, 4093, 4095, 4094, 4095, 4092, 4094, 4093, 4088, 4094, 4091, 4092, 4094, 4090, 4092, 4092, 4091, 4093, 4091, 4094, 4082, 4090, 4094, 4093, 4090, 4092, 4090, 4093, 4076, 4093, 4095, 4089, 4077, 4087, 4095, 4086, 4095, 4093, 4095, 4089, 4092, 4091, 4088, 4095, 4092, 4095, 4077, 4093, 4089, 4094, 4094, 4093, 4095, 4095, 4093, 4095, 4094, 4093, 4094, 4095, 4095, 4095, 4094, 4095, 4094], "SliceLocation": [-72.004403422258, -70.00440341883, -68.004403415402, -66.004399838853, -64.004399835425, -62.004399831998, -60.00439982857, -58.004399825142, -56.004399153746, -54.004399150318, -52.004399480874, -50.004399477446, -48.004399140035, -46.004399136607, -44.004399133179, -42.004399129751, -40.004399126323, -38.004399122895, -36.004399119468, -34.00440268916, -32.004400899172, -30.004400728752, -28.004400725325, -26.004400721897, -24.004400551477, -22.004400548049, -20.004400544621, -18.004400457697, -16.004400454269, -14.004400367346, -12.004401257198, -10.004401212022, -8.0044011825017, -6.0044006959042, -4.0044006716023, -2.0044008497465, -0.0044007628227, 1.9955991847752, 3.995599327529, 5.9955991076369, 7.9955991110647, 9.9955991144926, 11.995599284912, 13.99559928834, 15.995599291768, 17.995599295196, 19.995598405344, 21.995598408772, 23.995598412199, 25.995598749611, 27.995598753039, 29.995598756467, 31.995598759895, 33.995598763323, 35.995598766751, 37.995598770178, 39.995598773606, 41.995598777034, 43.995598780462, 45.99559878389, 47.995598787318, 49.995598790746, 51.995599462141, 53.995599465569, 55.995599468997, 57.995599472425, 59.995599475853, 61.995599479281, 63.995599482708, 65.995599486136, 67.995599489564, 69.995599492992], "SmallestImagePixelValue": [0, 0, 1, 0, 0, 0, 1, 0, 0, 0, 0, 0, 0, 6, 1, 0, 0, 0, 0, 0, 0, 1, 0, 0, 1, 1, 6, 3, 6, 3, 5, 6, 1, 0, 1, 3, 0, 1, 0, 7, 2, 0, 0, 0, 4, 0, 1, 12, 1, 0, 2, 0, 0, 0, 2, 1, 0, 3, 0, 0, 1, 0, 0, 0, 0, 0, 0, 0, 0, 0, 0, 0], "WindowCenter": [-372.0, -298.0, -406.0, -256.0, -262.0, -218.0, -192.0, -192.0, -132.0, -240.0, -250.0, -250.0, -266.0, -246.0, -242.0, -200.0, -204.0, -156.0, -210.0, -214.0, -264.0, -238.0, -244.0, -254.0, -236.0, -232.0, -286.0, -308.0, -378.0, -328.0, -308.0, -150.0, -256.0, -240.0, -234.0, -240.0, -108.0, -80.0, -102.0, -74.0, -184.0, -198.0, -170.0, -174.0, -172.0, -56.0, -38.0, -170.0, -166.0, -104.0, -82.0, -58.0, -56.0, -116.0, -88.0, -100.0, -96.0, -100.0, -96.0, -122.0, -110.0, -106.0, -86.0, -78.0, -156.0, -138.0, -134.0, -186.0, -208.0, -194.0, -302.0, -318.0], "WindowWidth": [5824.0, 5972.0, 5400.0, 5848.0, 5786.0, 5982.0, 6012.0, 6008.0, 6090.0, 6126.0, 6066.0, 6036.0, 5918.0, 5922.0, 5806.0, 5826.0, 5792.0, 5840.0, 5798.0, 5776.0, 5484.0, 5582.0, 5464.0, 5318.0, 5312.0, 5430.0, 5258.0, 5146.0, 4662.0, 4628.0, 4624.0, 5202.0, 4596.0, 4588.0, 4592.0, 4594.0, 4976.0, 5070.0, 4842.0, 5100.0, 4546.0, 4548.0, 4540.0, 4532.0, 4548.0, 5030.0, 5136.0, 4554.0, 4562.0, 4774.0, 4942.0, 5240.0, 5308.0, 5136.0, 5438.0, 5464.0, 5594.0, 5610.0, 5720.0, 5772.0, 5820.0, 5840.0, 5884.0, 5964.0, 5918.0, 6008.0, 6048.0, 6086.0, 6136.0, 6080.0, 6022.0, 6002.0]}}, "IntendedFor": ["ses-imagenet01/func/sub-14_ses-imagenet01_task-imagenet_run-07_bold.nii.gz", "ses-imagenet01/func/sub-14_ses-imagenet01_task-imagenet_run-08_bold.nii.gz", "ses-imagenet01/func/sub-14_ses-imagenet01_task-imagenet_run-05_bold.nii.gz", "ses-imagenet01/func/sub-14_ses-imagenet01_task-imagenet_run-03_bold.nii.gz", "ses-imagenet01/func/sub-14_ses-imagenet01_task-imagenet_run-01_bold.nii.gz", "ses-imagenet01/func/sub-14_ses-imagenet01_task-imagenet_run-02_bold.nii.gz", "ses-imagenet01/func/sub-14_ses-imagenet01_task-imagenet_run-10_bold.nii.gz", "ses-imagenet01/func/sub-14_ses-imagenet01_task-imagenet_run-09_bold.nii.gz", "ses-imagenet01/func/sub-14_ses-imagenet01_task-imagenet_run-06_bold.nii.gz", "ses-imagenet01/func/sub-14_ses-imagenet01_task-imagenet_run-04_bold.nii.gz"]}