{"AcquisitionMatrixPE": 100, "AcquisitionNumber": 1, "AcquisitionTime": "10:09:16.605000", "BaseResolution": 100, "BodyPartExamined": "BRAIN", "ConsistencyInfo": "N4_VE11C_LATEST_20160120", "ConversionSoftware": "dcm2niix", "ConversionSoftwareVersion": "v1.0.20180622 GCC4.9.2", "DeviceSerialNumber": "166078", "DwellTime": 8.8e-06, "EchoNumber": 2, "EchoTime": 0.00738, "EchoTime1": 0.00492, "EchoTime2": 0.00738, "FlipAngle": 60, "ImageOrientationPatientDICOM": [1, 4.811e-12, -9.09e-13, -4.897e-12, 0.982613, -0.185667], "ImageType": ["ORIGINAL", "PRIMARY", "P", "ND"], "InPlanePhaseEncodingDirectionDICOM": "ROW", "InstitutionAddress": "Street_StreetNo_Bei_Jing_District_CN_ZIP", "InstitutionName": "BeiJing_Normal_University", "InstitutionalDepartmentName": "Department", "MRAcquisitionType": "2D", "MagneticFieldStrength": 3, "Manufacturer": "Siemens", "ManufacturersModelName": "Prisma", "Modality": "MR", "PartialFourier": 1, "PatientPosition": "HFS", "PercentPhaseFOV": 100, "PhaseEncodingDirection": "i", "PhaseEncodingSteps": 100, "PhaseResolution": 1, "PixelBandwidth": 570, "ProcedureStepDescription": "BNU_P2018_64CH_Zhen.ZongLei", "ProtocolName": "field_mapping_2x2x2", "PulseSequenceDetails": "%SiemensSeq%_gre_field_mapping", "ReceiveCoilActiveElements": "HC1-7;NC1", "ReceiveCoilName": "HeadNeck_64", "ReconMatrixPE": 100, "RepetitionTime": 0.72, "SAR": 0.0995704, "ScanningSequence": "GR", "SequenceName": "_fm2d2r", "SequenceVariant": "SP", "SeriesDescription": "field_mapping_2x2x2", "SeriesNumber": 12, "ShimSetting": [-5459, -11481, -1266, 375, -10, -160, -174, 40], "SliceThickness": 2, "SoftwareVersions": "syngo_MR_E11", "SpacingBetweenSlices": 2, "StationName": "AWP166078", "TxRefAmp": 203.919, "dcmmeta_affine": [[-2.0, -9.79399981254625e-12, 0.0, 100.67469787597656], [-9.622000245179674e-12, 1.9652255773544312, -0.37133312225341797, -82.8872299194336], [-1.8179999606432462e-12, 0.37133321166038513, 1.9652252197265625, -82.91020965576172], [0.0, 0.0, 0.0, 1.0]], "dcmmeta_reorient_transform": [[0.0, -1.0, 0.0, 99.0], [1.0, 0.0, 0.0, 0.0], [0.0, 0.0, -1.0, 71.0], [0.0, 0.0, 0.0, 1.0]], "dcmmeta_shape": [100, 100, 72], "dcmmeta_slice_dim": 2, "dcmmeta_version": 0.6, "global": {"const": {"AcquisitionMatrix": [0, 100, 100, 0], "AcquisitionNumber": 1, "AngioFlag": "N", "BitsAllocated": 16, "BitsStored": 12, "BodyPartExamined": "BRAIN", "Columns": 100, "EchoNumbers": 2, "EchoTime": 7.38, "EchoTrainLength": 0, "FlipAngle": 60.0, "HighBit": 11, "ImageOrientationPatient": [1.0, 4.811e-12, -9.09e-13, -4.897e-12, 0.98261279726654, -0.1856666115596], "ImageType": ["ORIGINAL", "PRIMARY", "P", "ND"], "ImagedNucleus": "1H", "ImagingFrequency": 123.257765, "InPlanePhaseEncodingDirection": "ROW", "MRAcquisitionType": "2D", "MagneticFieldStrength": 3.0, "Manufacturer": "SIEMENS", "ManufacturerModelName": "Prisma", "Modality": "MR", "NumberOfAverages": 1.0, "NumberOfPhaseEncodingSteps": 100, "PercentPhaseFieldOfView": 100.0, "PercentSampling": 100.0, "PerformedProcedureStepStartTime": "090738.955000", "PhotometricInterpretation": "MONOCHROME2", "PixelBandwidth": 570.0, "PixelRepresentation": 0, "PixelSpacing": [2.0, 2.0], "ProtocolName": "field_mapping_2x2x2", "RepetitionTime": 720.0, "RescaleIntercept": -4096.0, "RescaleSlope": 2.0, "RescaleType": "US", "Rows": 100, "SAR": 0.09957036969236, "SamplesPerPixel": 1, "ScanningSequence": "GR", "SequenceName": "*fm2d2r", "SequenceVariant": "SP", "SeriesDescription": "field_mapping_2x2x2", "SeriesNumber": 12, "SeriesTime": "101141.185000", "SliceThickness": 2.0, "SoftwareVersions": "syngo MR E11", "SpacingBetweenSlices": 2.0, "SpecificCharacterSet": "ISO_IR 100", "StudyID": "1", "StudyTime": "090738.859000", "TransmitCoilName": "Body", "VariableFlipAngleFlag": "N", "WindowCenterWidthExplanation": "Algo1", "dBdt": 0.0}, "slices": {"AcquisitionTime": ["100916.605000", "100916.245000", "100916.615000", "100916.255000", "100916.625000", "100916.265000", "100916.635000", "100916.275000", "100916.645000", "100916.285000", "100916.655000", "100916.295000", "100916.665000", "100916.305000", "100916.675000", "100916.315000", "100916.685000", "100916.325000", "100916.695000", "100916.335000", "100916.705000", "100916.345000", "100916.715000", "100916.355000", "100916.725000", "100916.365000", "100916.735000", "100916.375000", "100916.745000", "100916.385000", "100916.755000", "100916.395000", "100916.765000", "100916.405000", "100916.775000", "100916.415000", "100916.785000", "100916.425000", "100916.795000", "100916.435000", "100916.805000", "100916.445000", "100916.815000", "100916.455000", "100916.825000", "100916.465000", "100916.835000", "100916.475000", "100916.845000", "100916.485000", "100916.855000", "100916.495000", "100916.865000", "100916.505000", "100916.875000", "100916.515000", "100916.885000", "100916.525000", "100916.895000", "100916.535000", "100916.905000", "100916.545000", "100916.915000", "100916.555000", "100916.925000", "100916.565000", "100916.935000", "100916.575000", "100916.945000", "100916.585000", "100916.955000", "100916.595000"], "ContentTime": ["101141.254000", "101141.187000", "101141.256000", "101141.190000", "101141.258000", "101141.192000", "101141.260000", "101141.193000", "101141.262000", "101141.195000", "101141.263000", "101141.197000", "101141.265000", "101141.199000", "101141.267000", "101141.201000", "101141.269000", "101141.203000", "101141.271000", "101141.205000", "101141.273000", "101141.206000", "101141.274000", "101141.208000", "101141.276000", "101141.210000", "101141.278000", "101141.212000", "101141.280000", "101141.214000", "101141.282000", "101141.216000", "101141.284000", "101141.217000", "101141.285000", "101141.219000", "101141.287000", "101141.221000", "101141.289000", "101141.223000", "101141.291000", "101141.225000", "101141.293000", "101141.227000", "101141.294000", "101141.228000", "101141.296000", "101141.230000", "101141.298000", "101141.232000", "101141.300000", "101141.234000", "101141.302000", "101141.236000", "101141.304000", "101141.238000", "101141.306000", "101141.240000", "101141.307000", "101141.241000", "101141.309000", "101141.243000", "101141.311000", "101141.245000", "101141.313000", "101141.247000", "101141.315000", "101141.249000", "101141.316000", "101141.251000", "101141.318000", "101141.252000"], "CsaImage.GSWDDataType": ["measured", "predicted", "measured", "predicted", "measured", "predicted", "measured", "predicted", "measured", "predicted", "measured", "predicted", "measured", "predicted", "measured", "predicted", "measured", "predicted", "measured", "predicted", "measured", "predicted", "measured", "predicted", "measured", "predicted", "measured", "predicted", "measured", "predicted", "measured", "predicted", "measured", "predicted", "measured", "predicted", "measured", "predicted", "measured", "predicted", "measured", "predicted", "measured", "predicted", "measured", "predicted", "measured", "predicted", "measured", "predicted", "measured", "predicted", "measured", "predicted", "measured", "predicted", "measured", "predicted", "measured", "measured", "measured", "measured", "measured", "measured", "measured", "measured", "measured", "measured", "measured", "measured", "measured", "measured"], "CsaImage.ICE_Dims": ["X_2_1_1_1_1_1_37_1_1_1_1_36", "X_2_1_1_1_1_1_1_1_1_2_1_36", "X_2_1_1_1_1_1_38_1_1_3_1_36", "X_2_1_1_1_1_1_2_1_1_4_1_36", "X_2_1_1_1_1_1_39_1_1_5_1_36", "X_2_1_1_1_1_1_3_1_1_6_1_36", "X_2_1_1_1_1_1_40_1_1_7_1_36", "X_2_1_1_1_1_1_4_1_1_8_1_36", "X_2_1_1_1_1_1_41_1_1_9_1_36", "X_2_1_1_1_1_1_5_1_1_10_1_36", "X_2_1_1_1_1_1_42_1_1_11_1_36", "X_2_1_1_1_1_1_6_1_1_12_1_36", "X_2_1_1_1_1_1_43_1_1_13_1_36", "X_2_1_1_1_1_1_7_1_1_14_1_36", "X_2_1_1_1_1_1_44_1_1_15_1_36", "X_2_1_1_1_1_1_8_1_1_16_1_36", "X_2_1_1_1_1_1_45_1_1_17_1_36", "X_2_1_1_1_1_1_9_1_1_18_1_36", "X_2_1_1_1_1_1_46_1_1_19_1_36", "X_2_1_1_1_1_1_10_1_1_20_1_36", "X_2_1_1_1_1_1_47_1_1_21_1_36", "X_2_1_1_1_1_1_11_1_1_22_1_36", "X_2_1_1_1_1_1_48_1_1_23_1_36", "X_2_1_1_1_1_1_12_1_1_24_1_36", "X_2_1_1_1_1_1_49_1_1_25_1_36", "X_2_1_1_1_1_1_13_1_1_26_1_36", "X_2_1_1_1_1_1_50_1_1_27_1_36", "X_2_1_1_1_1_1_14_1_1_28_1_36", "X_2_1_1_1_1_1_51_1_1_29_1_36", "X_2_1_1_1_1_1_15_1_1_30_1_36", "X_2_1_1_1_1_1_52_1_1_31_1_36", "X_2_1_1_1_1_1_16_1_1_32_1_36", "X_2_1_1_1_1_1_53_1_1_33_1_36", "X_2_1_1_1_1_1_17_1_1_34_1_36", "X_2_1_1_1_1_1_54_1_1_35_1_36", "X_2_1_1_1_1_1_18_1_1_36_1_36", "X_2_1_1_1_1_1_55_1_1_37_1_36", "X_2_1_1_1_1_1_19_1_1_38_1_36", "X_2_1_1_1_1_1_56_1_1_39_1_36", "X_2_1_1_1_1_1_20_1_1_40_1_36", "X_2_1_1_1_1_1_57_1_1_41_1_36", "X_2_1_1_1_1_1_21_1_1_42_1_36", "X_2_1_1_1_1_1_58_1_1_43_1_36", "X_2_1_1_1_1_1_22_1_1_44_1_36", "X_2_1_1_1_1_1_59_1_1_45_1_36", "X_2_1_1_1_1_1_23_1_1_46_1_36", "X_2_1_1_1_1_1_60_1_1_47_1_36", "X_2_1_1_1_1_1_24_1_1_48_1_36", "X_2_1_1_1_1_1_61_1_1_49_1_36", "X_2_1_1_1_1_1_25_1_1_50_1_36", "X_2_1_1_1_1_1_62_1_1_51_1_36", "X_2_1_1_1_1_1_26_1_1_52_1_36", "X_2_1_1_1_1_1_63_1_1_53_1_36", "X_2_1_1_1_1_1_27_1_1_54_1_36", "X_2_1_1_1_1_1_64_1_1_55_1_36", "X_2_1_1_1_1_1_28_1_1_56_1_36", "X_2_1_1_1_1_1_65_1_1_57_1_36", "X_2_1_1_1_1_1_29_1_1_58_1_36", "X_2_1_1_1_1_1_66_1_1_59_1_36", "X_2_1_1_1_1_1_30_1_1_60_1_36", "X_2_1_1_1_1_1_67_1_1_61_1_36", "X_2_1_1_1_1_1_31_1_1_62_1_36", "X_2_1_1_1_1_1_68_1_1_63_1_36", "X_2_1_1_1_1_1_32_1_1_64_1_36", "X_2_1_1_1_1_1_69_1_1_65_1_36", "X_2_1_1_1_1_1_33_1_1_66_1_36", "X_2_1_1_1_1_1_70_1_1_67_1_36", "X_2_1_1_1_1_1_34_1_1_68_1_36", "X_2_1_1_1_1_1_71_1_1_69_1_36", "X_2_1_1_1_1_1_35_1_1_70_1_36", "X_2_1_1_1_1_1_72_1_1_71_1_36", "X_2_1_1_1_1_1_36_1_1_72_1_36"], "CsaImage.ProtocolSliceNumber": [0, 1, 2, 3, 4, 5, 6, 7, 8, 9, 10, 11, 12, 13, 14, 15, 16, 17, 18, 19, 20, 21, 22, 23, 24, 25, 26, 27, 28, 29, 30, 31, 32, 33, 34, 35, 36, 37, 38, 39, 40, 41, 42, 43, 44, 45, 46, 47, 48, 49, 50, 51, 52, 53, 54, 55, 56, 57, 58, 59, 60, 61, 62, 63, 64, 65, 66, 67, 68, 69, 70, 71], "CsaImage.RFSWDDataType": ["measured", "predicted", "measured", "predicted", "measured", "predicted", "measured", "predicted", "measured", "predicted", "measured", "predicted", "measured", "predicted", "measured", "predicted", "measured", "predicted", "measured", "predicted", "measured", "predicted", "measured", "predicted", "measured", "predicted", "measured", "predicted", "measured", "predicted", "measured", "predicted", "measured", "predicted", "measured", "predicted", "measured", "predicted", "measured", "predicted", "measured", "predicted", "measured", "predicted", "measured", "predicted", "measured", "predicted", "measured", "predicted", "measured", "predicted", "measured", "predicted", "measured", "measured", "measured", "measured", "measured", "measured", "measured", "measured", "measured", "measured", "measured", "measured", "measured", "measured", "measured", "measured", "measured", "measured"], "CsaImage.SlicePosition_PCS": [[-100.67469877, -111.67011514, -46.14824363], [-100.67469877, -111.29878202, -44.18301841], [-100.67469877, -110.92744889, -42.21779319], [-100.67469877, -110.55611577, -40.25256797], [-100.67469877, -110.18478265, -38.28734275], [-100.67469877, -109.81344953, -36.32211753], [-100.67469877, -109.4421164, -34.35689231], [-100.67469877, -109.07078328, -32.39166709], [-100.67469877, -108.69944921, -30.42644187], [-100.67469877, -108.32811608, -28.46121284], [-100.67469877, -107.95678296, -26.49598762], [-100.67469877, -107.58544984, -24.5307624], [-100.67469877, -107.21411672, -22.56553718], [-100.67469877, -106.8427836, -20.60031196], [-100.67469877, -106.47145047, -18.63508674], [-100.67469877, -106.10011687, -16.66986152], [-100.67469877, -105.72878375, -14.7046363], [-100.67469877, -105.35745063, -12.73940917], [-100.67469877, -104.98611751, -10.77418395], [-100.67469877, -104.61478391, -8.80895873], [-100.67469877, -104.24345079, -6.84373351], [-100.67469877, -103.87211766, -4.87850829], [-100.67469877, -103.50078454, -2.91328117], [-100.67469877, -103.12945094, -0.94805595], [-100.67469877, -102.75811782, 1.01716927], [-100.67469877, -102.3867847, 2.98239449], [-100.67469877, -102.01545134, 4.94762067], [-100.67469877, -101.64411821, 6.91284589], [-100.67469877, -101.27278509, 8.87807206], [-100.67469877, -100.90145173, 10.84329728], [-100.67469877, -100.53011861, 12.80852298], [-100.67469877, -100.15878525, 14.77374843], [-100.67469877, -99.78745201, 16.73897401], [-100.67469877, -99.41611889, 18.70419959], [-100.67469877, -99.04478558, 20.66942529], [-100.67469877, -98.67345237, 22.63465098], [-100.67469877, -98.30211913, 24.5998762], [-100.67469877, -97.93078592, 26.5651019], [-100.67469877, -97.55945268, 28.53032712], [-100.67469877, -97.18811944, 30.49555329], [-100.67469877, -96.81678619, 32.46077851], [-100.67469877, -96.44545295, 34.42600468], [-100.67469877, -96.07411971, 36.39123086], [-100.67469877, -95.70278659, 38.35645608], [-100.67469877, -95.33145323, 40.3216813], [-100.67469877, -94.96012011, 42.28690652], [-100.67469877, -94.58878675, 44.25213174], [-100.67469877, -94.21745362, 46.21735696], [-100.67469877, -93.8461205, 48.18258408], [-100.67469877, -93.4747869, 50.1478093], [-100.67469877, -93.10345378, 52.11303643], [-100.67469877, -92.73212066, 54.07826165], [-100.67469877, -92.36078754, 56.04348687], [-100.67469877, -91.98945441, 58.00871209], [-100.67469877, -91.61812081, 59.97393731], [-100.67469877, -91.24678769, 61.93916253], [-100.67469877, -90.87545457, 63.90438775], [-100.67469877, -90.50412145, 65.86961297], [-100.67469877, -90.13278833, 67.83483819], [-100.67469877, -89.7614552, 69.80006341], [-100.67469877, -89.39012113, 71.76529244], [-100.67469877, -89.01878801, 73.73051766], [-100.67469877, -88.64745488, 75.69574288], [-100.67469877, -88.27612176, 77.6609681], [-100.67469877, -87.90478864, 79.62619332], [-100.67469877, -87.53345552, 81.59141854], [-100.67469877, -87.16212239, 83.55664376], [-100.67469877, -86.79078927, 85.52186898], [-100.67469877, -86.41945615, 87.4870942], [-100.67469877, -86.04812207, 89.45231942], [-100.67469877, -85.67678895, 91.41754464], [-100.67469877, -85.30545583, 93.38276986]], "CsaImage.TimeAfterStart": [1.0825, 0.7225, 1.0925, 0.7325, 1.1025, 0.7425, 1.1125, 0.7525, 1.1225, 0.7625, 1.1325, 0.7725, 1.1425, 0.7825, 1.1525, 0.7925, 1.1625, 0.8025, 1.1725, 0.8125, 1.1825, 0.8225, 1.1925, 0.8325, 1.2025, 0.8425, 1.2125, 0.8525, 1.2225, 0.8625, 1.2325, 0.8725, 1.2425, 0.8825, 1.2525, 0.8925, 1.2625, 0.9025, 1.2725, 0.9125, 1.2825, 0.9225, 1.2925, 0.9325, 1.3025, 0.9425, 1.3125, 0.9525, 1.3225, 0.9625, 1.3325, 0.9725, 1.3425, 0.9825, 1.3525, 0.9925, 1.3625, 1.0025, 1.3725, 1.0125, 1.3825, 1.0225, 1.3925, 1.0325, 1.4025, 1.0425, 1.4125, 1.0525, 1.4225, 1.0625, 1.4325, 1.0725], "ImagePositionPatient": [[-100.67469876956, -111.67011513821, -46.148243629104], [-100.67469876956, -111.29878201595, -44.183018409378], [-100.67469876956, -110.9274488937, -42.217793189651], [-100.67469876956, -110.55611577145, -40.252567969925], [-100.67469876956, -110.18478264919, -38.287342750198], [-100.67469876956, -109.81344952694, -36.322117530472], [-100.67469876956, -109.44211640469, -34.356892310745], [-100.67469876956, -109.07078328243, -32.391667091018], [-100.67469876956, -108.69944920651, -30.426441871292], [-100.67469876956, -108.32811608425, -28.461212836868], [-100.67469876956, -107.956782962, -26.495987617141], [-100.67469876956, -107.58544983974, -24.530762397415], [-100.67469876956, -107.21411671749, -22.565537177688], [-100.67469876956, -106.84278359524, -20.600311957962], [-100.67469876956, -106.47145047298, -18.635086738235], [-100.67469876956, -106.10011687389, -16.669861518509], [-100.67469876956, -105.72878375164, -14.704636298782], [-100.67469876956, -105.35745062939, -12.739409171707], [-100.67469876956, -104.98611750713, -10.77418395198], [-100.67469876956, -104.61478390804, -8.8089587322538], [-100.67469876956, -104.24345078579, -6.8437335125272], [-100.67469876956, -103.87211766354, -4.8785082928006], [-100.67469876956, -103.50078454128, -2.9132811657254], [-100.67469876956, -103.12945094219, -0.9480559459989], [-100.67469876956, -102.75811781994, 1.0171692737277], [-100.67469876956, -102.38678469769, 2.9823944934542], [-100.67469876956, -102.01545133701, 4.9476206668551], [-100.67469876956, -101.64411821476, 6.9128458865817], [-100.67469876956, -101.27278509251, 8.8780720599826], [-100.67469876956, -100.90145173183, 10.843297279709], [-100.67469876956, -100.53011860958, 12.808522976273], [-100.67469876956, -100.15878524891, 14.773748434418], [-100.67469876956, -99.787452007447, 16.738974011772], [-100.67469876956, -99.416118885193, 18.704199589127], [-100.67469876956, -99.044785584126, 20.669425285691], [-100.67469876956, -98.673452372466, 22.634650982254], [-100.67469876956, -98.302119134728, 24.599876201981], [-100.67469876956, -97.930785919342, 26.565101898545], [-100.67469876956, -97.55945267788, 28.530327118271], [-100.67469876956, -97.188119436417, 30.495553291672], [-100.67469876956, -96.816786194954, 32.460778511399], [-100.67469876956, -96.445452953492, 34.426004684799], [-100.67469876956, -96.074119712029, 36.3912308582], [-100.67469876956, -95.702786589775, 38.356456077927], [-100.67469876956, -95.331453229103, 40.321681297653], [-100.67469876956, -94.96012010685, 42.28690651738], [-100.67469876956, -94.588786746178, 44.252131737107], [-100.67469876956, -94.217453623925, 46.217356956833], [-100.67469876956, -93.846120501671, 48.182584083908], [-100.67469876956, -93.474786902581, 50.147809303635], [-100.67469876956, -93.103453780327, 52.11303643071], [-100.67469876956, -92.732120658074, 54.078261650437], [-100.67469876956, -92.36078753582, 56.043486870163], [-100.67469876956, -91.989454413567, 58.00871208989], [-100.67469876956, -91.618120814476, 59.973937309616], [-100.67469876956, -91.246787692223, 61.939162529343], [-100.67469876956, -90.87545456997, 63.904387749069], [-100.67469876956, -90.504121447716, 65.869612968796], [-100.67469876956, -90.132788325463, 67.834838188523], [-100.67469876956, -89.761455203209, 69.800063408249], [-100.67469876956, -89.390121127282, 71.765292442673], [-100.67469876956, -89.018788005028, 73.7305176624], [-100.67469876956, -88.647454882775, 75.695742882126], [-100.67469876956, -88.276121760521, 77.660968101853], [-100.67469876956, -87.904788638268, 79.626193321579], [-100.67469876956, -87.533455516014, 81.591418541306], [-100.67469876956, -87.162122393761, 83.556643761032], [-100.67469876956, -86.790789271508, 85.521868980759], [-100.67469876956, -86.419456149254, 87.487094200486], [-100.67469876956, -86.048122073327, 89.452319420212], [-100.67469876956, -85.676788951073, 91.417544639939], [-100.67469876956, -85.30545582882, 93.382769859665]], "InstanceCreationTime": ["101141.254000", "101141.187000", "101141.256000", "101141.190000", "101141.258000", "101141.192000", "101141.260000", "101141.193000", "101141.262000", "101141.195000", "101141.263000", "101141.197000", "101141.265000", "101141.199000", "101141.267000", "101141.201000", "101141.269000", "101141.203000", "101141.271000", "101141.205000", "101141.273000", "101141.206000", "101141.274000", "101141.208000", "101141.276000", "101141.210000", "101141.278000", "101141.212000", "101141.280000", "101141.214000", "101141.282000", "101141.216000", "101141.284000", "101141.217000", "101141.285000", "101141.219000", "101141.287000", "101141.221000", "101141.289000", "101141.223000", "101141.291000", "101141.225000", "101141.293000", "101141.227000", "101141.294000", "101141.228000", "101141.296000", "101141.230000", "101141.298000", "101141.232000", "101141.300000", "101141.234000", "101141.302000", "101141.236000", "101141.304000", "101141.238000", "101141.306000", "101141.240000", "101141.307000", "101141.241000", "101141.309000", "101141.243000", "101141.311000", "101141.245000", "101141.313000", "101141.247000", "101141.315000", "101141.249000", "101141.316000", "101141.251000", "101141.318000", "101141.252000"], "InstanceNumber": [1, 2, 3, 4, 5, 6, 7, 8, 9, 10, 11, 12, 13, 14, 15, 16, 17, 18, 19, 20, 21, 22, 23, 24, 25, 26, 27, 28, 29, 30, 31, 32, 33, 34, 35, 36, 37, 38, 39, 40, 41, 42, 43, 44, 45, 46, 47, 48, 49, 50, 51, 52, 53, 54, 55, 56, 57, 58, 59, 60, 61, 62, 63, 64, 65, 66, 67, 68, 69, 70, 71, 72], "LargestImagePixelValue": [4094, 4094, 4093, 4094, 4095, 4089, 4095, 4093, 4094, 4094, 4094, 4094, 4095, 4093, 4094, 4095, 4095, 4095, 4092, 4095, 4095, 4093, 4087, 4095, 4092, 4094, 4086, 4086, 4094, 4089, 4093, 4095, 4093, 4089, 4086, 4093, 4095, 4093, 4089, 4095, 4090, 4093, 4088, 4093, 4095, 4088, 4091, 4093, 4093, 4094, 4092, 4089, 4095, 4086, 4094, 4092, 4095, 4095, 4093, 4093, 4094, 4095, 4095, 4094, 4095, 4095, 4093, 4094, 4094, 4094, 4093, 4095], "SliceLocation": [-66.079266651514, -64.079267038531, -62.079267425549, -60.079267812566, -58.079268199583, -56.0792685866, -54.079268973617, -52.079269360634, -50.079269570586, -48.079266209232, -46.079266596249, -44.079266983267, -42.079267370284, -40.079267757301, -38.079268144318, -36.079268442802, -34.079268829819, -32.079267342651, -30.079267729668, -28.079268028153, -26.07926841517, -24.079268802187, -22.079267315019, -20.079267613503, -18.07926800052, -16.079268387537, -14.079267793195, -12.079268180212, -10.079267630137, -8.0792679728877, -6.0792678913584, -4.079267999836, -2.0792680133102, -0.0792680489176, 1.9207320658114, 3.9207321639405, 5.9207317983649, 7.9207318971857, 9.9207315323018, 11.92073210451, 13.920731739627, 15.920732311835, 17.920732884044, 19.920732497027, 21.920732154276, 23.920731767259, 25.920731424508, 27.920731037491, 29.920732524659, 31.920732226175, 33.920733713343, 35.920733326326, 37.920732939309, 39.920732552292, 41.920732253807, 43.92073186679, 45.920731479773, 47.920731092756, 49.920730705739, 51.920730318722, 53.920733857141, 55.920733470124, 57.920733083106, 59.920732696089, 61.920732309072, 63.920731922055, 65.920731535038, 67.920731148021, 69.920730761004, 71.920730551052, 73.920730164035, 75.920729777018], "SmallestImagePixelValue": [0, 2, 0, 1, 0, 0, 0, 0, 0, 0, 0, 1, 0, 2, 0, 1, 0, 0, 1, 1, 2, 0, 2, 1, 1, 0, 0, 0, 2, 3, 5, 1, 1, 0, 1, 4, 3, 2, 6, 0, 0, 6, 3, 14, 0, 2, 1, 2, 0, 0, 0, 1, 3, 0, 0, 0, 4, 0, 1, 0, 0, 0, 0, 0, 1, 0, 1, 0, 0, 0, 1, 0], "WindowCenter": [-178.0, -156.0, -200.0, -142.0, -222.0, -206.0, -258.0, -234.0, -212.0, -208.0, -120.0, -108.0, -94.0, -88.0, -118.0, -186.0, -234.0, -236.0, -240.0, -234.0, -222.0, -208.0, -204.0, -250.0, -350.0, -354.0, -408.0, -310.0, -340.0, -360.0, -404.0, -382.0, -316.0, -296.0, -288.0, -272.0, -174.0, -254.0, -248.0, -154.0, -244.0, -238.0, -94.0, -242.0, -238.0, -128.0, -230.0, -226.0, -220.0, -224.0, -76.0, -72.0, -50.0, -72.0, -52.0, -68.0, -84.0, -96.0, -102.0, -240.0, -118.0, -146.0, -158.0, -156.0, -142.0, -256.0, -272.0, -234.0, -262.0, -296.0, -320.0, -320.0], "WindowWidth": [6228.0, 6320.0, 6342.0, 6314.0, 6306.0, 6312.0, 6290.0, 6254.0, 6290.0, 6306.0, 6330.0, 6344.0, 6340.0, 6292.0, 6254.0, 6182.0, 6104.0, 6076.0, 5972.0, 5878.0, 5690.0, 5642.0, 5518.0, 5264.0, 4678.0, 4676.0, 4684.0, 5528.0, 5370.0, 5212.0, 4652.0, 4636.0, 4626.0, 4616.0, 4624.0, 4614.0, 4926.0, 4614.0, 4612.0, 4978.0, 4610.0, 4606.0, 5176.0, 4614.0, 4606.0, 5090.0, 4618.0, 4612.0, 4618.0, 4622.0, 5350.0, 5294.0, 5334.0, 5176.0, 5330.0, 5336.0, 5278.0, 5416.0, 5456.0, 4752.0, 5416.0, 5476.0, 5464.0, 5480.0, 5676.0, 5516.0, 5516.0, 5736.0, 5848.0, 6000.0, 5934.0, 6084.0]}}, "IntendedFor": ["ses-floc/func/sub-01_ses-floc_task-floc_run-04_bold.nii.gz", "ses-floc/func/sub-01_ses-floc_task-floc_run-02_bold.nii.gz", "ses-floc/func/sub-01_ses-floc_task-floc_run-01_bold.nii.gz", "ses-floc/func/sub-01_ses-floc_task-floc_run-03_bold.nii.gz"]}