{"AcquisitionMatrixPE": 100, "AcquisitionNumber": 1, "AcquisitionTime": "13:53:24.527500", "BaseResolution": 100, "BodyPartExamined": "BRAIN", "ConsistencyInfo": "N4_VE11C_LATEST_20160120", "ConversionSoftware": "dcm2niix", "ConversionSoftwareVersion": "v1.0.20180622 GCC4.9.2", "DeviceSerialNumber": "166078", "DwellTime": 8.8e-06, "EchoNumber": 2, "EchoTime": 0.00738, "EchoTime1": 0.00492, "EchoTime2": 0.00738, "FlipAngle": 60, "ImageOrientationPatientDICOM": [1, 0, 0, 0, 0.985996, -0.166769], "ImageType": ["ORIGINAL", "PRIMARY", "P", "ND"], "InPlanePhaseEncodingDirectionDICOM": "ROW", "InstitutionAddress": "Street_StreetNo_Bei_Jing_District_CN_ZIP", "InstitutionName": "BeiJing_Normal_University", "InstitutionalDepartmentName": "Department", "MRAcquisitionType": "2D", "MagneticFieldStrength": 3, "Manufacturer": "Siemens", "ManufacturersModelName": "Prisma", "Modality": "MR", "PartialFourier": 1, "PatientPosition": "HFS", "PercentPhaseFOV": 100, "PhaseEncodingDirection": "i", "PhaseEncodingSteps": 100, "PhaseResolution": 1, "PixelBandwidth": 570, "ProcedureStepDescription": "BNU_P2018_64CH_Zhen.ZongLei", "ProtocolName": "field_mapping_2x2x2", "PulseSequenceDetails": "%SiemensSeq%_gre_field_mapping", "ReceiveCoilActiveElements": "HC1-7;NC1", "ReceiveCoilName": "HeadNeck_64", "ReconMatrixPE": 100, "RepetitionTime": 0.72, "SAR": 0.124686, "ScanningSequence": "GR", "SequenceName": "_fm2d2r", "SequenceVariant": "SP", "SeriesDescription": "field_mapping_2x2x2", "SeriesNumber": 9, "ShimSetting": [-5460, -11537, -1250, 483, -22, -387, -91, 30], "SliceThickness": 2, "SoftwareVersions": "syngo_MR_E11", "SpacingBetweenSlices": 2, "StationName": "AWP166078", "TxRefAmp": 210.46, "dcmmeta_affine": [[-2.0, 0.0, 0.0, 100.0], [0.0, 1.971992015838623, -0.33353710174560547, -86.56430053710938], [0.0, 0.3335374891757965, 1.9719924926757812, -85.72923278808594], [0.0, 0.0, 0.0, 1.0]], "dcmmeta_reorient_transform": [[0.0, -1.0, 0.0, 99.0], [1.0, 0.0, 0.0, 0.0], [0.0, 0.0, -1.0, 71.0], [0.0, 0.0, 0.0, 1.0]], "dcmmeta_shape": [100, 100, 72], "dcmmeta_slice_dim": 2, "dcmmeta_version": 0.6, "global": {"const": {"AcquisitionMatrix": [0, 100, 100, 0], "AcquisitionNumber": 1, "AngioFlag": "N", "BitsAllocated": 16, "BitsStored": 12, "BodyPartExamined": "BRAIN", "Columns": 100, "EchoNumbers": 2, "EchoTime": 7.38, "EchoTrainLength": 0, "FlipAngle": 60.0, "HighBit": 11, "ImageOrientationPatient": [1.0, 0.0, 0.0, 0.0, 0.98599603720648, -0.1667687459122], "ImageType": ["ORIGINAL", "PRIMARY", "P", "ND"], "ImagedNucleus": "1H", "ImagingFrequency": 123.257737, "InPlanePhaseEncodingDirection": "ROW", "MRAcquisitionType": "2D", "MagneticFieldStrength": 3.0, "Manufacturer": "SIEMENS", "ManufacturerModelName": "Prisma", "Modality": "MR", "NumberOfAverages": 1.0, "NumberOfPhaseEncodingSteps": 100, "PercentPhaseFieldOfView": 100.0, "PercentSampling": 100.0, "PerformedProcedureStepStartTime": "130057.019000", "PhotometricInterpretation": "MONOCHROME2", "PixelBandwidth": 570.0, "PixelRepresentation": 0, "PixelSpacing": [2.0, 2.0], "ProtocolName": "field_mapping_2x2x2", "RepetitionTime": 720.0, "RescaleIntercept": -4096.0, "RescaleSlope": 2.0, "RescaleType": "US", "Rows": 100, "SAR": 0.12468594635775, "SamplesPerPixel": 1, "ScanningSequence": "GR", "SequenceName": "*fm2d2r", "SequenceVariant": "SP", "SeriesDescription": "field_mapping_2x2x2", "SeriesNumber": 9, "SeriesTime": "135549.375000", "SliceThickness": 2.0, "SoftwareVersions": "syngo MR E11", "SpacingBetweenSlices": 2.0, "SpecificCharacterSet": "ISO_IR 100", "StudyID": "1", "StudyTime": "130056.942000", "TransmitCoilName": "Body", "VariableFlipAngleFlag": "N", "WindowCenterWidthExplanation": "Algo1", "dBdt": 0.0}, "slices": {"AcquisitionTime": ["135324.527500", "135324.167500", "135324.537500", "135324.177500", "135324.547500", "135324.187500", "135324.557500", "135324.197500", "135324.567500", "135324.207500", "135324.577500", "135324.217500", "135324.587500", "135324.227500", "135324.597500", "135324.237500", "135324.607500", "135324.247500", "135324.617500", "135324.257500", "135324.627500", "135324.267500", "135324.637500", "135324.277500", "135324.647500", "135324.287500", "135324.657500", "135324.297500", "135324.667500", "135324.307500", "135324.677500", "135324.317500", "135324.687500", "135324.327500", "135324.697500", "135324.337500", "135324.707500", "135324.347500", "135324.717500", "135324.357500", "135324.727500", "135324.367500", "135324.737500", "135324.377500", "135324.747500", "135324.387500", "135324.757500", "135324.397500", "135324.767500", "135324.407500", "135324.777500", "135324.417500", "135324.787500", "135324.427500", "135324.797500", "135324.437500", "135324.807500", "135324.447500", "135324.817500", "135324.457500", "135324.827500", "135324.467500", "135324.837500", "135324.477500", "135324.847500", "135324.487500", "135324.857500", "135324.497500", "135324.867500", "135324.507500", "135324.877500", "135324.517500"], "ContentTime": ["135549.467000", "135549.381000", "135549.471000", "135549.383000", "135549.473000", "135549.385000", "135549.475000", "135549.388000", "135549.478000", "135549.390000", "135549.480000", "135549.392000", "135549.482000", "135549.394000", "135549.484000", "135549.396000", "135549.486000", "135549.399000", "135549.488000", "135549.401000", "135549.490000", "135549.403000", "135549.492000", "135549.408000", "135549.494000", "135549.410000", "135549.496000", "135549.412000", "135549.498000", "135549.415000", "135549.501000", "135549.419000", "135549.503000", "135549.421000", "135549.508000", "135549.423000", "135549.510000", "135549.425000", "135549.513000", "135549.428000", "135549.515000", "135549.430000", "135549.518000", "135549.432000", "135549.521000", "135549.434000", "135549.523000", "135549.436000", "135549.525000", "135549.444000", "135549.527000", "135549.446000", "135549.529000", "135549.448000", "135549.531000", "135549.450000", "135549.540000", "135549.452000", "135549.542000", "135549.454000", "135549.544000", "135549.455000", "135549.547000", "135549.457000", "135549.548000", "135549.459000", "135549.550000", "135549.461000", "135549.552000", "135549.463000", "135549.554000", "135549.465000"], "CsaImage.GSWDDataType": ["measured", "predicted", "measured", "predicted", "measured", "predicted", "measured", "predicted", "measured", "predicted", "measured", "predicted", "measured", "predicted", "measured", "predicted", "measured", "predicted", "measured", "predicted", "measured", "predicted", "measured", "predicted", "measured", "predicted", "measured", "predicted", "measured", "predicted", "measured", "predicted", "measured", "predicted", "measured", "predicted", "measured", "predicted", "measured", "predicted", "measured", "predicted", "measured", "predicted", "measured", "predicted", "measured", "predicted", "measured", "predicted", "measured", "predicted", "measured", "predicted", "measured", "measured", "measured", "measured", "measured", "measured", "measured", "measured", "measured", "measured", "measured", "measured", "measured", "measured", "measured", "measured", "measured", "measured"], "CsaImage.ICE_Dims": ["X_2_1_1_1_1_1_37_1_1_1_1_171", "X_2_1_1_1_1_1_1_1_1_2_1_171", "X_2_1_1_1_1_1_38_1_1_3_1_171", "X_2_1_1_1_1_1_2_1_1_4_1_171", "X_2_1_1_1_1_1_39_1_1_5_1_171", "X_2_1_1_1_1_1_3_1_1_6_1_171", "X_2_1_1_1_1_1_40_1_1_7_1_171", "X_2_1_1_1_1_1_4_1_1_8_1_171", "X_2_1_1_1_1_1_41_1_1_9_1_171", "X_2_1_1_1_1_1_5_1_1_10_1_171", "X_2_1_1_1_1_1_42_1_1_11_1_171", "X_2_1_1_1_1_1_6_1_1_12_1_171", "X_2_1_1_1_1_1_43_1_1_13_1_171", "X_2_1_1_1_1_1_7_1_1_14_1_171", "X_2_1_1_1_1_1_44_1_1_15_1_171", "X_2_1_1_1_1_1_8_1_1_16_1_171", "X_2_1_1_1_1_1_45_1_1_17_1_171", "X_2_1_1_1_1_1_9_1_1_18_1_171", "X_2_1_1_1_1_1_46_1_1_19_1_171", "X_2_1_1_1_1_1_10_1_1_20_1_171", "X_2_1_1_1_1_1_47_1_1_21_1_171", "X_2_1_1_1_1_1_11_1_1_22_1_171", "X_2_1_1_1_1_1_48_1_1_23_1_171", "X_2_1_1_1_1_1_12_1_1_24_1_171", "X_2_1_1_1_1_1_49_1_1_25_1_171", "X_2_1_1_1_1_1_13_1_1_26_1_171", "X_2_1_1_1_1_1_50_1_1_27_1_171", "X_2_1_1_1_1_1_14_1_1_28_1_171", "X_2_1_1_1_1_1_51_1_1_29_1_171", "X_2_1_1_1_1_1_15_1_1_30_1_171", "X_2_1_1_1_1_1_52_1_1_31_1_171", "X_2_1_1_1_1_1_16_1_1_32_1_171", "X_2_1_1_1_1_1_53_1_1_33_1_171", "X_2_1_1_1_1_1_17_1_1_34_1_171", "X_2_1_1_1_1_1_54_1_1_35_1_171", "X_2_1_1_1_1_1_18_1_1_36_1_171", "X_2_1_1_1_1_1_55_1_1_37_1_171", "X_2_1_1_1_1_1_19_1_1_38_1_171", "X_2_1_1_1_1_1_56_1_1_39_1_171", "X_2_1_1_1_1_1_20_1_1_40_1_171", "X_2_1_1_1_1_1_57_1_1_41_1_171", "X_2_1_1_1_1_1_21_1_1_42_1_171", "X_2_1_1_1_1_1_58_1_1_43_1_171", "X_2_1_1_1_1_1_22_1_1_44_1_171", "X_2_1_1_1_1_1_59_1_1_45_1_171", "X_2_1_1_1_1_1_23_1_1_46_1_171", "X_2_1_1_1_1_1_60_1_1_47_1_171", "X_2_1_1_1_1_1_24_1_1_48_1_171", "X_2_1_1_1_1_1_61_1_1_49_1_171", "X_2_1_1_1_1_1_25_1_1_50_1_171", "X_2_1_1_1_1_1_62_1_1_51_1_171", "X_2_1_1_1_1_1_26_1_1_52_1_171", "X_2_1_1_1_1_1_63_1_1_53_1_171", "X_2_1_1_1_1_1_27_1_1_54_1_171", "X_2_1_1_1_1_1_64_1_1_55_1_171", "X_2_1_1_1_1_1_28_1_1_56_1_171", "X_2_1_1_1_1_1_65_1_1_57_1_171", "X_2_1_1_1_1_1_29_1_1_58_1_171", "X_2_1_1_1_1_1_66_1_1_59_1_171", "X_2_1_1_1_1_1_30_1_1_60_1_171", "X_2_1_1_1_1_1_67_1_1_61_1_171", "X_2_1_1_1_1_1_31_1_1_62_1_171", "X_2_1_1_1_1_1_68_1_1_63_1_171", "X_2_1_1_1_1_1_32_1_1_64_1_171", "X_2_1_1_1_1_1_69_1_1_65_1_171", "X_2_1_1_1_1_1_33_1_1_66_1_171", "X_2_1_1_1_1_1_70_1_1_67_1_171", "X_2_1_1_1_1_1_34_1_1_68_1_171", "X_2_1_1_1_1_1_71_1_1_69_1_171", "X_2_1_1_1_1_1_35_1_1_70_1_171", "X_2_1_1_1_1_1_72_1_1_71_1_171", "X_2_1_1_1_1_1_36_1_1_72_1_171"], "CsaImage.ProtocolSliceNumber": [0, 1, 2, 3, 4, 5, 6, 7, 8, 9, 10, 11, 12, 13, 14, 15, 16, 17, 18, 19, 20, 21, 22, 23, 24, 25, 26, 27, 28, 29, 30, 31, 32, 33, 34, 35, 36, 37, 38, 39, 40, 41, 42, 43, 44, 45, 46, 47, 48, 49, 50, 51, 52, 53, 54, 55, 56, 57, 58, 59, 60, 61, 62, 63, 64, 65, 66, 67, 68, 69, 70, 71], "CsaImage.RFSWDDataType": ["measured", "predicted", "measured", "predicted", "measured", "predicted", "measured", "predicted", "measured", "predicted", "measured", "predicted", "measured", "predicted", "measured", "predicted", "measured", "predicted", "measured", "predicted", "measured", "predicted", "measured", "predicted", "measured", "predicted", "measured", "predicted", "measured", "predicted", "measured", "predicted", "measured", "predicted", "measured", "predicted", "measured", "predicted", "measured", "predicted", "measured", "predicted", "measured", "predicted", "measured", "predicted", "measured", "predicted", "measured", "predicted", "measured", "measured", "measured", "measured", "measured", "measured", "measured", "measured", "measured", "measured", "measured", "measured", "measured", "measured", "measured", "measured", "measured", "measured", "measured", "measured", "measured", "measured"], "CsaImage.SlicePosition_PCS": [[-100.0, -108.66294486, -52.70898967], [-100.0, -108.32940776, -50.73699717], [-100.0, -107.9958697, -48.76500468], [-100.0, -107.6623326, -46.79301219], [-100.0, -107.3287955, -44.8210197], [-100.0, -106.99525745, -42.8490272], [-100.0, -106.66172034, -40.87703853], [-100.0, -106.32818276, -38.90504603], [-100.0, -105.99464519, -36.93305354], [-100.0, -105.66110761, -34.96106105], [-100.0, -105.32757003, -32.98906855], [-100.0, -104.99403245, -31.01707606], [-100.0, -104.66049535, -29.04508357], [-100.0, -104.32695777, -27.07309108], [-100.0, -103.99342019, -25.10109858], [-100.0, -103.65988261, -23.12910991], [-100.0, -103.32634503, -21.15711741], [-100.0, -102.99280746, -19.18512492], [-100.0, -102.65927035, -17.21313243], [-100.0, -102.32573254, -15.24113994], [-100.0, -101.9921952, -13.26914744], [-100.0, -101.65865762, -11.29715495], [-100.0, -101.32512028, -9.32516436], [-100.0, -100.9915827, -7.35317187], [-100.0, -100.65804512, -5.38117938], [-100.0, -100.32450766, -3.40918689], [-100.0, -99.9909702, -1.4371963], [-100.0, -99.65743274, 0.53479619], [-100.0, -99.32389522, 2.50678868], [-100.0, -98.99035771, 4.47878118], [-100.0, -98.65682023, 6.45077272], [-100.0, -98.32328273, 8.42276521], [-100.0, -97.98974527, 10.39475722], [-100.0, -97.65620775, 12.36674924], [-100.0, -97.32267029, 14.33874126], [-100.0, -96.98913271, 16.31073327], [-100.0, -96.65559525, 18.28272541], [-100.0, -96.32205779, 20.25471754], [-100.0, -95.98852021, 22.22670932], [-100.0, -95.65498287, 24.19870134], [-100.0, -95.32144529, 26.17069383], [-100.0, -94.98790772, 28.14268537], [-100.0, -94.65437038, 30.11467786], [-100.0, -94.3208328, 32.0866694], [-100.0, -93.98729522, 34.05866285], [-100.0, -93.65375764, 36.03065343], [-100.0, -93.32022054, 38.00264592], [-100.0, -92.98668296, 39.97463842], [-100.0, -92.65314538, 41.94663091], [-100.0, -92.3196078, 43.91862149], [-100.0, -91.98607022, 45.89061399], [-100.0, -91.65253265, 47.86260648], [-100.0, -91.31899554, 49.83459706], [-100.0, -90.98545796, 51.80658956], [-100.0, -90.65192039, 53.77858205], [-100.0, -90.31838328, 55.75057454], [-100.0, -89.98484523, 57.72256704], [-100.0, -89.65130813, 59.69455953], [-100.0, -89.31777007, 61.66655202], [-100.0, -88.98423297, 63.63854451], [-100.0, -88.65069587, 65.61053701], [-100.0, -88.31715781, 67.58252568], [-100.0, -87.98362071, 69.55451818], [-100.0, -87.65008266, 71.52651067], [-100.0, -87.31654555, 73.49850316], [-100.0, -86.9830075, 75.47049565], [-100.0, -86.6494704, 77.44248815], [-100.0, -86.3159333, 79.41448064], [-100.0, -85.98239524, 81.38646932], [-100.0, -85.64885814, 83.35846181], [-100.0, -85.31532008, 85.3304543], [-100.0, -84.98178298, 87.3024468]], "CsaImage.TimeAfterStart": [1.0825, 0.7225, 1.0925, 0.7325, 1.1025, 0.7425, 1.1125, 0.7525, 1.1225, 0.7625, 1.1325, 0.7725, 1.1425, 0.7825, 1.1525, 0.7925, 1.1625, 0.8025, 1.1725, 0.8125, 1.1825, 0.8225, 1.1925, 0.8325, 1.2025, 0.8425, 1.2125, 0.8525, 1.2225, 0.8625, 1.2325, 0.8725, 1.2425, 0.8825, 1.2525, 0.8925, 1.2625, 0.9025, 1.2725, 0.9125, 1.2825, 0.9225, 1.2925, 0.9325, 1.3025, 0.9425, 1.3125, 0.9525, 1.3225, 0.9625, 1.3325, 0.9725, 1.3425, 0.9825, 1.3525, 0.9925, 1.3625, 1.0025, 1.3725, 1.0125, 1.3825, 1.0225, 1.3925, 1.0325, 1.4025, 1.0425, 1.4125, 1.0525, 1.4225, 1.0625, 1.4325, 1.0725], "ImagePositionPatient": [[-100.0, -108.6629448614, -52.708989666594], [-100.0, -108.32940775965, -50.736997173918], [-100.0, -107.99586970423, -48.765004681242], [-100.0, -107.66233260248, -46.793012188566], [-100.0, -107.32879550074, -44.82101969589], [-100.0, -106.99525744532, -42.849027203215], [-100.0, -106.66172034357, -40.877038525236], [-100.0, -106.32818276499, -38.90504603256], [-100.0, -105.99464518641, -36.933053539885], [-100.0, -105.66110760782, -34.961061047209], [-100.0, -105.32757002924, -32.989068554533], [-100.0, -104.99403245066, -31.017076061857], [-100.0, -104.66049534891, -29.045083569181], [-100.0, -104.32695777033, -27.073091076506], [-100.0, -103.99342019175, -25.10109858383], [-100.0, -103.65988261317, -23.129109905851], [-100.0, -103.32634503458, -21.157117413176], [-100.0, -102.992807456, -19.1851249205], [-100.0, -102.65927035425, -17.213132427824], [-100.0, -102.32573253725, -15.241139935148], [-100.0, -101.99219519709, -13.269147442472], [-100.0, -101.65865761851, -11.297154949797], [-100.0, -101.32512027834, -9.3251643644695], [-100.0, -100.99158269976, -7.3531718717937], [-100.0, -100.65804512118, -5.3811793791179], [-100.0, -100.3245076618, -3.4091868864421], [-100.0, -99.990970202429, -1.437196301115], [-100.0, -99.657432743056, 0.53479619156079], [-100.0, -99.323895224077, 2.5067886842366], [-100.0, -98.990357705099, 4.4787811769124], [-100.0, -98.656820227099, 6.4507727159138], [-100.0, -98.323282726748, 8.4227652085896], [-100.0, -97.989745267374, 10.394757224428], [-100.0, -97.656207748396, 12.366749240267], [-100.0, -97.322670289023, 14.338741256105], [-100.0, -96.98913271044, 16.310733271944], [-100.0, -96.655595251066, 18.282725406992], [-100.0, -96.322057791693, 20.25471754204], [-100.0, -95.98852021311, 22.22670931946], [-100.0, -95.654982872946, 24.198701335299], [-100.0, -95.321445294363, 26.170693827974], [-100.0, -94.98790771578, 28.142685366976], [-100.0, -94.654370375616, 30.114677859652], [-100.0, -94.320832797034, 32.086669398653], [-100.0, -93.987295218451, 34.058662845003], [-100.0, -93.653757639868, 36.03065343033], [-100.0, -93.320220538122, 38.002645923006], [-100.0, -92.98668295954, 39.974638415682], [-100.0, -92.653145380957, 41.946630908358], [-100.0, -92.319607802374, 43.918621493685], [-100.0, -91.986070223791, 45.890613986361], [-100.0, -91.652532645209, 47.862606479036], [-100.0, -91.318995543463, 49.834597064364], [-100.0, -90.98545796488, 51.806589557039], [-100.0, -90.651920386297, 53.778582049715], [-100.0, -90.318383284552, 55.750574542391], [-100.0, -89.984845229132, 57.722567035067], [-100.0, -89.651308127386, 59.694559527742], [-100.0, -89.317770071966, 61.666552020418], [-100.0, -88.984232970221, 63.638544513094], [-100.0, -88.650695868475, 65.61053700577], [-100.0, -88.317157813055, 67.582525683748], [-100.0, -87.98362071131, 69.554518176424], [-100.0, -87.65008265589, 71.5265106691], [-100.0, -87.316545554144, 73.498503161776], [-100.0, -86.983007498724, 75.470495654451], [-100.0, -86.649470396979, 77.442488147127], [-100.0, -86.315933295233, 79.414480639803], [-100.0, -85.982395239813, 81.386469317781], [-100.0, -85.648858138067, 83.358461810457], [-100.0, -85.315320082648, 85.330454303133], [-100.0, -84.981782980902, 87.302446795809]], "InstanceCreationTime": ["135549.467000", "135549.381000", "135549.471000", "135549.383000", "135549.473000", "135549.385000", "135549.475000", "135549.388000", "135549.478000", "135549.390000", "135549.480000", "135549.392000", "135549.482000", "135549.394000", "135549.484000", "135549.396000", "135549.486000", "135549.399000", "135549.488000", "135549.401000", "135549.490000", "135549.403000", "135549.492000", "135549.408000", "135549.494000", "135549.410000", "135549.496000", "135549.412000", "135549.498000", "135549.415000", "135549.501000", "135549.419000", "135549.503000", "135549.421000", "135549.508000", "135549.423000", "135549.510000", "135549.425000", "135549.513000", "135549.428000", "135549.515000", "135549.430000", "135549.518000", "135549.432000", "135549.521000", "135549.434000", "135549.523000", "135549.436000", "135549.525000", "135549.444000", "135549.527000", "135549.446000", "135549.529000", "135549.448000", "135549.531000", "135549.450000", "135549.540000", "135549.452000", "135549.542000", "135549.454000", "135549.544000", "135549.455000", "135549.547000", "135549.457000", "135549.548000", "135549.459000", "135549.550000", "135549.461000", "135549.552000", "135549.463000", "135549.554000", "135549.465000"], "InstanceNumber": [1, 2, 3, 4, 5, 6, 7, 8, 9, 10, 11, 12, 13, 14, 15, 16, 17, 18, 19, 20, 21, 22, 23, 24, 25, 26, 27, 28, 29, 30, 31, 32, 33, 34, 35, 36, 37, 38, 39, 40, 41, 42, 43, 44, 45, 46, 47, 48, 49, 50, 51, 52, 53, 54, 55, 56, 57, 58, 59, 60, 61, 62, 63, 64, 65, 66, 67, 68, 69, 70, 71, 72], "LargestImagePixelValue": [4095, 4094, 4092, 4094, 4093, 4095, 4093, 4093, 4094, 4093, 4094, 4094, 4095, 4092, 4095, 4092, 4094, 4094, 4092, 4091, 4092, 4093, 4090, 4095, 4092, 4093, 4094, 4089, 4093, 4092, 4090, 4095, 4088, 4093, 4095, 4089, 4094, 4093, 4094, 4093, 4094, 4090, 4095, 4086, 4094, 4095, 4095, 4095, 4093, 4090, 4094, 4092, 4088, 4091, 4093, 4092, 4094, 4094, 4095, 4094, 4093, 4095, 4091, 4095, 4094, 4093, 4094, 4095, 4095, 4094, 4094, 4095], "SliceLocation": [-70.092437978079, -68.092437630726, -66.09243712433, -64.092436776978, -62.092436429625, -60.09243592323, -58.092439337154, -56.092438910279, -54.092438483405, -52.092438056531, -50.092437629657, -48.092437202783, -46.092436855431, -44.092436428557, -42.092436001682, -40.092439336085, -38.092438909211, -36.092438482337, -34.092438134984, -32.092437668349, -30.092437281236, -28.092436854362, -26.092438347887, -24.092437921013, -22.092437494139, -20.092437087145, -18.092438560789, -16.092438153796, -14.092437736862, -12.092437319928, -10.092437850147, -8.0924374363194, -6.0924374994853, -4.0924375527109, -2.0924376158768, -0.0924376591623, 1.9075623952118, 3.9075624495858, 5.9075621712206, 7.9075620881743, 9.9075625150484, 11.907562001603, 13.907562388717, 15.907561875272, 17.907563242465, 19.907561788701, 21.907562136053, 23.907562562927, 25.907562989801, 27.907561536037, 29.907561962911, 31.907562389785, 33.9075608565, 35.907561283374, 37.907561710248, 39.907562057601, 41.907562563996, 43.907562911349, 45.907563417744, 47.907563765097, 49.907564112449, 51.907560857569, 53.907561204921, 55.907561711317, 57.907562058669, 59.907562565065, 61.907562912417, 63.90756325977, 65.907560004889, 67.907560352242, 69.907560858637, 71.90756120599], "SmallestImagePixelValue": [0, 0, 0, 0, 0, 0, 0, 0, 1, 0, 2, 0, 0, 0, 0, 0, 1, 0, 0, 0, 0, 0, 0, 2, 5, 0, 0, 0, 7, 5, 1, 9, 0, 0, 9, 0, 1, 0, 2, 0, 1, 3, 0, 0, 0, 3, 0, 1, 0, 0, 7, 1, 0, 0, 1, 0, 2, 0, 3, 2, 1, 0, 5, 0, 0, 0, 0, 0, 1, 0, 0, 0], "WindowCenter": [-228.0, -162.0, -188.0, -158.0, -130.0, -152.0, -174.0, -166.0, -220.0, -250.0, -234.0, -220.0, -236.0, -178.0, -180.0, -152.0, -168.0, -168.0, -240.0, -222.0, -276.0, -248.0, -320.0, -268.0, -272.0, -224.0, -224.0, -208.0, -208.0, -196.0, -206.0, -158.0, -180.0, -166.0, -176.0, -164.0, -148.0, -126.0, -128.0, -114.0, -124.0, -90.0, -60.0, -50.0, -60.0, -8.0, -6.0, 30.0, -150.0, -154.0, -32.0, -160.0, -170.0, -180.0, -198.0, -218.0, -102.0, -110.0, -110.0, -78.0, -62.0, -48.0, -80.0, -98.0, -154.0, -142.0, -144.0, -228.0, -226.0, -282.0, -254.0, -386.0], "WindowWidth": [5768.0, 5938.0, 5986.0, 6096.0, 6092.0, 6134.0, 6056.0, 6126.0, 6066.0, 6132.0, 6198.0, 6278.0, 6292.0, 6422.0, 6352.0, 6350.0, 6256.0, 6330.0, 6246.0, 6264.0, 6098.0, 6156.0, 5964.0, 5936.0, 5804.0, 5772.0, 5672.0, 5658.0, 5618.0, 5642.0, 5520.0, 5658.0, 5542.0, 5554.0, 5504.0, 5504.0, 5504.0, 5534.0, 5544.0, 5524.0, 5390.0, 5422.0, 5416.0, 5308.0, 5184.0, 5296.0, 5270.0, 5370.0, 4582.0, 4592.0, 5184.0, 4598.0, 4604.0, 4620.0, 4638.0, 4656.0, 5176.0, 5228.0, 5216.0, 5590.0, 5676.0, 5766.0, 5888.0, 5944.0, 5972.0, 6082.0, 6138.0, 6176.0, 6198.0, 6240.0, 6260.0, 6292.0]}}, "IntendedFor": ["ses-imagenet01/func/sub-21_ses-imagenet01_task-imagenet_run-04_bold.nii.gz", "ses-imagenet01/func/sub-21_ses-imagenet01_task-imagenet_run-06_bold.nii.gz", "ses-imagenet01/func/sub-21_ses-imagenet01_task-imagenet_run-09_bold.nii.gz", "ses-imagenet01/func/sub-21_ses-imagenet01_task-imagenet_run-10_bold.nii.gz", "ses-imagenet01/func/sub-21_ses-imagenet01_task-imagenet_run-02_bold.nii.gz", "ses-imagenet01/func/sub-21_ses-imagenet01_task-imagenet_run-01_bold.nii.gz", "ses-imagenet01/func/sub-21_ses-imagenet01_task-imagenet_run-03_bold.nii.gz", "ses-imagenet01/func/sub-21_ses-imagenet01_task-imagenet_run-05_bold.nii.gz", "ses-imagenet01/func/sub-21_ses-imagenet01_task-imagenet_run-08_bold.nii.gz", "ses-imagenet01/func/sub-21_ses-imagenet01_task-imagenet_run-07_bold.nii.gz"]}