{
  "AcquisitionMatrixPE": 100,
  "AcquisitionNumber": 1,
  "AcquisitionTime": "11:36:39.050000",
  "BandwidthPerPixelPhaseEncode": 18.519,
  "BaseResolution": 100,
  "BodyPartExamined": "BRAIN",
  "ConsistencyInfo": "N4_VE11C_LATEST_20160120",
  "ConversionSoftware": "dcm2niix",
  "ConversionSoftwareVersion": "v1.0.20180622 GCC4.9.2",
  "DerivedVendorReportedEchoSpacing": 0.000539986,
  "DeviceSerialNumber": "166078",
  "DwellTime": 2.1e-06,
  "EchoTime": 0.034,
  "EchoTrainLength": 100,
  "EffectiveEchoSpacing": 0.000539986,
  "FlipAngle": 90,
  "ImageOrientationPatientDICOM": [0.999473, 0.00824314, 0.031406, 4.92206e-08, 0.967238, -0.253873],
  "ImageType": [
    "ORIGINAL",
    "PRIMARY",
    "M",
    "ND",
    "MOSAIC"
],
  "InPlanePhaseEncodingDirectionDICOM": "COL",
  "InstitutionAddress": "Street_StreetNo_Bei_Jing_District_CN_ZIP",
  "InstitutionName": "BeiJing_Normal_University",
  "InstitutionalDepartmentName": "Department",
  "MRAcquisitionType": "2D",
  "MagneticFieldStrength": 3,
  "Manufacturer": "Siemens",
  "ManufacturersModelName": "Prisma",
  "Modality": "MR",
  "MultibandAccelerationFactor": 3,
  "PartialFourier": 1,
  "PatientPosition": "HFS",
  "PercentPhaseFOV": 100,
  "PhaseEncodingDirection": "j-",
  "PhaseEncodingSteps": 100,
  "PhaseResolution": 1,
  "PixelBandwidth": 2380,
  "ProcedureStepDescription": "BNU_P2018_64CH_Zhen.ZongLei",
  "ProtocolName": "bold_100x100_s3_2x2x2_static_256",
  "PulseSequenceDetails": "%SiemensSeq%_ep2d_bold",
  "ReceiveCoilActiveElements": "HC1-7;NC1",
  "ReceiveCoilName": "HeadNeck_64",
  "ReconMatrixPE": 100,
  "RepetitionTime": 2,
  "SAR": 0.0696149,
  "ScanOptions": "FS",
  "ScanningSequence": "EP",
  "SequenceName": "_epfid2d1_100",
  "SequenceVariant": "SK",
  "SeriesDescription": "bold_100x100_s3_2x2x2_static_256",
  "SeriesNumber": 6,
  "ShimSetting": [-5447, -11491, -1251, 371, 28, -218, -150, 17],
  "SliceThickness": 2,
  "SliceTiming": [1.485, 0, 0.99, 0.0825, 1.0725, 0.165, 1.155, 0.2475, 1.2375, 0.33, 1.32, 0.4125, 1.4025, 0.5775, 1.5675, 0.66, 1.65, 0.7425, 1.7325, 0.825, 1.815, 0.9075, 1.8975, 0.495, 1.485, 0, 0.99, 0.0825, 1.0725, 0.165, 1.155, 0.2475, 1.2375, 0.33, 1.32, 0.4125, 1.4025, 0.5775, 1.5675, 0.66, 1.65, 0.7425, 1.7325, 0.825, 1.815, 0.9075, 1.8975, 0.495, 1.485, 0, 0.99, 0.0825, 1.0725, 0.165, 1.155, 0.2475, 1.2375, 0.33, 1.32, 0.4125, 1.4025, 0.5775, 1.5675, 0.66, 1.65, 0.7425, 1.7325, 0.825, 1.815, 0.9075, 1.8975, 0.495],
  "SoftwareVersions": "syngo_MR_E11",
  "SpacingBetweenSlices": 2,
  "StationName": "AWP166078",
  "TaskName": "naturalvision",
  "TotalReadoutTime": 0.0534586,
  "TxRefAmp": 220.196,
  "dcmmeta_affine": [
    [-1.9989454746246338, 9.844122672575395e-08, 0.0649394616484642, 96.32490539550781],
    [-0.01648627035319805, 1.9344751834869385, -0.5074779987335205, -74.63701629638672],
    [0.06281191110610962, 0.5077457427978516, 1.933455228805542, -100.90156555175781],
    [0.0, 0.0, 0.0, 1.0]
],
  "dcmmeta_reorient_transform": [
    [0.0, -1.0, 0.0, 99.0],
    [1.0, 0.0, 0.0, 0.0],
    [0.0, 0.0, 1.0, 0.0],
    [0.0, 0.0, 0.0, 1.0]
],
  "dcmmeta_shape": [100, 100, 72, 256],
  "dcmmeta_slice_dim": 2,
  "dcmmeta_version": 0.6,
  "global": {
    "const": {
      "AcquisitionMatrix": [100, 0, 0, 100],
      "AngioFlag": "N",
      "BitsAllocated": 16,
      "BitsStored": 12,
      "BodyPartExamined": "BRAIN",
      "Columns": 900,
      "EchoNumbers": 1,
      "EchoTime": 34.0,
      "EchoTrainLength": 100,
      "FlipAngle": 90.0,
      "HighBit": 11,
      "ImageOrientationPatient": [0.9994727193567, 0.00824313522471, 0.03140595458493, 4.9220613e-08, 0.96723759800227, -0.2538728599335],
      "ImagePositionPatient": [-895.90312624488, -897.2606132429, 127.33878323411],
      "ImageType": [
        "ORIGINAL",
        "PRIMARY",
        "M",
        "ND",
        "MOSAIC"
],
      "ImagedNucleus": "1H",
      "ImagingFrequency": 123.257749,
      "InPlanePhaseEncodingDirection": "COL",
      "LargestImagePixelValue": 4095,
      "MRAcquisitionType": "2D",
      "MagneticFieldStrength": 3.0,
      "Manufacturer": "SIEMENS",
      "ManufacturerModelName": "Prisma",
      "Modality": "MR",
      "NumberOfAverages": 1.0,
      "NumberOfPhaseEncodingSteps": 100,
      "PercentPhaseFieldOfView": 100.0,
      "PercentSampling": 100.0,
      "PerformedProcedureStepStartTime": "110239.207000",
      "PhotometricInterpretation": "MONOCHROME2",
      "PixelBandwidth": 2380.0,
      "PixelRepresentation": 0,
      "PixelSpacing": [2.0, 2.0],
      "ProtocolName": "bold_100x100_s3_2x2x2_static_256",
      "RepetitionTime": 2000.0,
      "Rows": 900,
      "SAR": 0.06961487953929,
      "SamplesPerPixel": 1,
      "ScanOptions": "FS",
      "ScanningSequence": "EP",
      "SequenceName": "*epfid2d1_100",
      "SequenceVariant": "SK",
      "SeriesDescription": "bold_100x100_s3_2x2x2_static_256",
      "SeriesNumber": 6,
      "SeriesTime": "113641.968000",
      "SliceLocation": -75.478363608097,
      "SliceThickness": 2.0,
      "SmallestImagePixelValue": 0,
      "SoftwareVersions": "syngo MR E11",
      "SpacingBetweenSlices": 2.000000058032,
      "SpecificCharacterSet": "ISO_IR 100",
      "StudyID": "1",
      "StudyTime": "110239.153000",
      "TransmitCoilName": "Body",
      "VariableFlipAngleFlag": "N",
      "WindowCenterWidthExplanation": "Algo1",
      "dBdt": 0.0},
