{"AcquisitionMatrixPE": 100, "AcquisitionNumber": 1, "AcquisitionTime": "09:56:51.692500", "BaseResolution": 100, "BodyPartExamined": "BRAIN", "ConsistencyInfo": "N4_VE11C_LATEST_20160120", "ConversionSoftware": "dcm2niix", "ConversionSoftwareVersion": "v1.0.20180622 GCC4.9.2", "DeviceSerialNumber": "166078", "DwellTime": 8.8e-06, "EchoNumber": 2, "EchoTime": 0.00738, "EchoTime1": 0.00492, "EchoTime2": 0.00738, "FlipAngle": 60, "ImageOrientationPatientDICOM": [1, 0, 0, 0, 0.983255, -0.182236], "ImageType": ["ORIGINAL", "PRIMARY", "P", "ND"], "InPlanePhaseEncodingDirectionDICOM": "ROW", "InstitutionAddress": "Street_StreetNo_Bei_Jing_District_CN_ZIP", "InstitutionName": "BeiJing_Normal_University", "InstitutionalDepartmentName": "Department", "MRAcquisitionType": "2D", "MagneticFieldStrength": 3, "Manufacturer": "Siemens", "ManufacturersModelName": "Prisma", "Modality": "MR", "PartialFourier": 1, "PatientPosition": "HFS", "PercentPhaseFOV": 100, "PhaseEncodingDirection": "i", "PhaseEncodingSteps": 100, "PhaseResolution": 1, "PixelBandwidth": 570, "ProcedureStepDescription": "BNU_P2018_64CH_Zhen.ZongLei", "ProtocolName": "field_mapping_2x2x2", "PulseSequenceDetails": "%SiemensSeq%_gre_field_mapping", "ReceiveCoilActiveElements": "HC1-7;NC1", "ReceiveCoilName": "HeadNeck_64", "ReconMatrixPE": 100, "RepetitionTime": 0.72, "SAR": 0.0992191, "ScanningSequence": "GR", "SequenceName": "_fm2d2r", "SequenceVariant": "SP", "SeriesDescription": "field_mapping_2x2x2", "SeriesNumber": 9, "ShimSetting": [-5464, -11487, -1276, 377, -26, -110, -132, 54], "SliceThickness": 2, "SoftwareVersions": "syngo_MR_E11", "SpacingBetweenSlices": 2, "StationName": "AWP166078", "TxRefAmp": 206.412, "dcmmeta_affine": [[-2.0, 0.0, 0.0, 100.0], [0.0, 1.9665098190307617, -0.364471435546875, -84.1768569946289], [0.0, 0.36447104811668396, 1.9665069580078125, -89.79046630859375], [0.0, 0.0, 0.0, 1.0]], "dcmmeta_reorient_transform": [[0.0, -1.0, 0.0, 99.0], [1.0, 0.0, 0.0, 0.0], [0.0, 0.0, -1.0, 71.0], [0.0, 0.0, 0.0, 1.0]], "dcmmeta_shape": [100, 100, 72], "dcmmeta_slice_dim": 2, "dcmmeta_version": 0.6, "global": {"const": {"AcquisitionMatrix": [0, 100, 100, 0], "AcquisitionNumber": 1, "AngioFlag": "N", "BitsAllocated": 16, "BitsStored": 12, "BodyPartExamined": "BRAIN", "Columns": 100, "EchoNumbers": 2, "EchoTime": 7.38, "EchoTrainLength": 0, "FlipAngle": 60.0, "HighBit": 11, "ImageOrientationPatient": [1.0, 0.0, 0.0, 0.0, 0.98325490782871, -0.1822355240637], "ImageType": ["ORIGINAL", "PRIMARY", "P", "ND"], "ImagedNucleus": "1H", "ImagingFrequency": 123.257776, "InPlanePhaseEncodingDirection": "ROW", "MRAcquisitionType": "2D", "MagneticFieldStrength": 3.0, "Manufacturer": "SIEMENS", "ManufacturerModelName": "Prisma", "Modality": "MR", "NumberOfAverages": 1.0, "NumberOfPhaseEncodingSteps": 100, "PercentPhaseFieldOfView": 100.0, "PercentSampling": 100.0, "PerformedProcedureStepStartTime": "090340.430000", "PhotometricInterpretation": "MONOCHROME2", "PixelBandwidth": 570.0, "PixelRepresentation": 0, "PixelSpacing": [2.0, 2.0], "ProtocolName": "field_mapping_2x2x2", "RepetitionTime": 720.0, "RescaleIntercept": -4096.0, "RescaleSlope": 2.0, "RescaleType": "US", "Rows": 100, "SAR": 0.09921905225599, "SamplesPerPixel": 1, "ScanningSequence": "GR", "SequenceName": "*fm2d2r", "SequenceVariant": "SP", "SeriesDescription": "field_mapping_2x2x2", "SeriesNumber": 9, "SeriesTime": "095916.132000", "SliceThickness": 2.0, "SoftwareVersions": "syngo MR E11", "SpacingBetweenSlices": 2.0, "SpecificCharacterSet": "ISO_IR 100", "StudyID": "1", "StudyTime": "090340.321000", "TransmitCoilName": "Body", "VariableFlipAngleFlag": "N", "WindowCenterWidthExplanation": "Algo1", "dBdt": 0.0}, "slices": {"AcquisitionTime": ["095651.692500", "095651.332500", "095651.702500", "095651.342500", "095651.712500", "095651.352500", "095651.722500", "095651.362500", "095651.732500", "095651.372500", "095651.742500", "095651.382500", "095651.752500", "095651.392500", "095651.762500", "095651.402500", "095651.772500", "095651.412500", "095651.782500", "095651.422500", "095651.792500", "095651.432500", "095651.802500", "095651.442500", "095651.812500", "095651.452500", "095651.822500", "095651.462500", "095651.832500", "095651.472500", "095651.842500", "095651.482500", "095651.852500", "095651.492500", "095651.862500", "095651.502500", "095651.872500", "095651.512500", "095651.882500", "095651.522500", "095651.892500", "095651.532500", "095651.902500", "095651.542500", "095651.912500", "095651.552500", "095651.922500", "095651.562500", "095651.932500", "095651.572500", "095651.942500", "095651.582500", "095651.952500", "095651.592500", "095651.962500", "095651.602500", "095651.972500", "095651.612500", "095651.982500", "095651.622500", "095651.992500", "095651.632500", "095652.002500", "095651.642500", "095652.012500", "095651.652500", "095652.022500", "095651.662500", "095652.032500", "095651.672500", "095652.042500", "095651.682500"], "ContentTime": ["095916.236000", "095916.135000", "095916.238000", "095916.137000", "095916.240000", "095916.139000", "095916.242000", "095916.141000", "095916.244000", "095916.143000", "095916.246000", "095916.145000", "095916.248000", "095916.147000", "095916.250000", "095916.149000", "095916.253000", "095916.152000", "095916.255000", "095916.154000", "095916.257000", "095916.156000", "095916.259000", "095916.157000", "095916.261000", "095916.159000", "095916.263000", "095916.161000", "095916.265000", "095916.163000", "095916.267000", "095916.165000", "095916.270000", "095916.169000", "095916.273000", "095916.171000", "095916.275000", "095916.173000", "095916.277000", "095916.175000", "095916.281000", "095916.177000", "095916.290000", "095916.179000", "095916.297000", "095916.181000", "095916.307000", "095916.184000", "095916.309000", "095916.187000", "095916.311000", "095916.189000", "095916.312000", "095916.191000", "095916.314000", "095916.193000", "095916.316000", "095916.196000", "095916.318000", "095916.198000", "095916.320000", "095916.200000", "095916.322000", "095916.215000", "095916.324000", "095916.224000", "095916.326000", "095916.226000", "095916.328000", "095916.228000", "095916.331000", "095916.230000"], "CsaImage.GSWDDataType": ["measured", "predicted", "measured", "predicted", "measured", "predicted", "measured", "predicted", "measured", "predicted", "measured", "predicted", "measured", "predicted", "measured", "predicted", "measured", "predicted", "measured", "predicted", "measured", "predicted", "measured", "predicted", "measured", "predicted", "measured", "predicted", "measured", "predicted", "measured", "predicted", "measured", "predicted", "measured", "predicted", "measured", "predicted", "measured", "predicted", "measured", "predicted", "measured", "predicted", "measured", "predicted", "measured", "predicted", "measured", "predicted", "measured", "predicted", "measured", "predicted", "measured", "predicted", "measured", "predicted", "measured", "measured", "measured", "measured", "measured", "measured", "measured", "measured", "measured", "measured", "measured", "measured", "measured", "measured"], "CsaImage.ICE_Dims": ["X_2_1_1_1_1_1_37_1_1_1_1_30", "X_2_1_1_1_1_1_1_1_1_2_1_30", "X_2_1_1_1_1_1_38_1_1_3_1_30", "X_2_1_1_1_1_1_2_1_1_4_1_30", "X_2_1_1_1_1_1_39_1_1_5_1_30", "X_2_1_1_1_1_1_3_1_1_6_1_30", "X_2_1_1_1_1_1_40_1_1_7_1_30", "X_2_1_1_1_1_1_4_1_1_8_1_30", "X_2_1_1_1_1_1_41_1_1_9_1_30", "X_2_1_1_1_1_1_5_1_1_10_1_30", "X_2_1_1_1_1_1_42_1_1_11_1_30", "X_2_1_1_1_1_1_6_1_1_12_1_30", "X_2_1_1_1_1_1_43_1_1_13_1_30", "X_2_1_1_1_1_1_7_1_1_14_1_30", "X_2_1_1_1_1_1_44_1_1_15_1_30", "X_2_1_1_1_1_1_8_1_1_16_1_30", "X_2_1_1_1_1_1_45_1_1_17_1_30", "X_2_1_1_1_1_1_9_1_1_18_1_30", "X_2_1_1_1_1_1_46_1_1_19_1_30", "X_2_1_1_1_1_1_10_1_1_20_1_30", "X_2_1_1_1_1_1_47_1_1_21_1_30", "X_2_1_1_1_1_1_11_1_1_22_1_30", "X_2_1_1_1_1_1_48_1_1_23_1_30", "X_2_1_1_1_1_1_12_1_1_24_1_30", "X_2_1_1_1_1_1_49_1_1_25_1_30", "X_2_1_1_1_1_1_13_1_1_26_1_30", "X_2_1_1_1_1_1_50_1_1_27_1_30", "X_2_1_1_1_1_1_14_1_1_28_1_30", "X_2_1_1_1_1_1_51_1_1_29_1_30", "X_2_1_1_1_1_1_15_1_1_30_1_30", "X_2_1_1_1_1_1_52_1_1_31_1_30", "X_2_1_1_1_1_1_16_1_1_32_1_30", "X_2_1_1_1_1_1_53_1_1_33_1_30", "X_2_1_1_1_1_1_17_1_1_34_1_30", "X_2_1_1_1_1_1_54_1_1_35_1_30", "X_2_1_1_1_1_1_18_1_1_36_1_30", "X_2_1_1_1_1_1_55_1_1_37_1_30", "X_2_1_1_1_1_1_19_1_1_38_1_30", "X_2_1_1_1_1_1_56_1_1_39_1_30", "X_2_1_1_1_1_1_20_1_1_40_1_30", "X_2_1_1_1_1_1_57_1_1_41_1_30", "X_2_1_1_1_1_1_21_1_1_42_1_30", "X_2_1_1_1_1_1_58_1_1_43_1_30", "X_2_1_1_1_1_1_22_1_1_44_1_30", "X_2_1_1_1_1_1_59_1_1_45_1_30", "X_2_1_1_1_1_1_23_1_1_46_1_30", "X_2_1_1_1_1_1_60_1_1_47_1_30", "X_2_1_1_1_1_1_24_1_1_48_1_30", "X_2_1_1_1_1_1_61_1_1_49_1_30", "X_2_1_1_1_1_1_25_1_1_50_1_30", "X_2_1_1_1_1_1_62_1_1_51_1_30", "X_2_1_1_1_1_1_26_1_1_52_1_30", "X_2_1_1_1_1_1_63_1_1_53_1_30", "X_2_1_1_1_1_1_27_1_1_54_1_30", "X_2_1_1_1_1_1_64_1_1_55_1_30", "X_2_1_1_1_1_1_28_1_1_56_1_30", "X_2_1_1_1_1_1_65_1_1_57_1_30", "X_2_1_1_1_1_1_29_1_1_58_1_30", "X_2_1_1_1_1_1_66_1_1_59_1_30", "X_2_1_1_1_1_1_30_1_1_60_1_30", "X_2_1_1_1_1_1_67_1_1_61_1_30", "X_2_1_1_1_1_1_31_1_1_62_1_30", "X_2_1_1_1_1_1_68_1_1_63_1_30", "X_2_1_1_1_1_1_32_1_1_64_1_30", "X_2_1_1_1_1_1_69_1_1_65_1_30", "X_2_1_1_1_1_1_33_1_1_66_1_30", "X_2_1_1_1_1_1_70_1_1_67_1_30", "X_2_1_1_1_1_1_34_1_1_68_1_30", "X_2_1_1_1_1_1_71_1_1_69_1_30", "X_2_1_1_1_1_1_35_1_1_70_1_30", "X_2_1_1_1_1_1_72_1_1_71_1_30", "X_2_1_1_1_1_1_36_1_1_72_1_30"], "CsaImage.ProtocolSliceNumber": [0, 1, 2, 3, 4, 5, 6, 7, 8, 9, 10, 11, 12, 13, 14, 15, 16, 17, 18, 19, 20, 21, 22, 23, 24, 25, 26, 27, 28, 29, 30, 31, 32, 33, 34, 35, 36, 37, 38, 39, 40, 41, 42, 43, 44, 45, 46, 47, 48, 49, 50, 51, 52, 53, 54, 55, 56, 57, 58, 59, 60, 61, 62, 63, 64, 65, 66, 67, 68, 69, 70, 71], "CsaImage.RFSWDDataType": ["measured", "predicted", "measured", "predicted", "measured", "predicted", "measured", "predicted", "measured", "predicted", "measured", "predicted", "measured", "predicted", "measured", "predicted", "measured", "predicted", "measured", "predicted", "measured", "predicted", "measured", "predicted", "measured", "predicted", "measured", "predicted", "measured", "predicted", "measured", "predicted", "measured", "predicted", "measured", "predicted", "measured", "predicted", "measured", "predicted", "measured", "predicted", "measured", "predicted", "measured", "predicted", "measured", "predicted", "measured", "predicted", "measured", "predicted", "measured", "predicted", "measured", "predicted", "measured", "measured", "measured", "measured", "measured", "measured", "measured", "measured", "measured", "measured", "measured", "measured", "measured", "measured", "measured", "measured"], "CsaImage.SlicePosition_PCS": [[-100.0, -110.50758631, -53.70802718], [-100.0, -110.14311583, -51.74152023], [-100.0, -109.77864439, -49.77500564], [-100.0, -109.41417296, -47.80849868], [-100.0, -109.04970248, -45.84199172], [-100.0, -108.68523104, -43.87547713], [-100.0, -108.32076056, -41.90897018], [-100.0, -107.95628912, -39.9424594], [-100.0, -107.59181864, -37.97594863], [-100.0, -107.22734721, -36.00943786], [-100.0, -106.86287577, -34.0429309], [-100.0, -106.49840529, -32.07642013], [-100.0, -106.13393385, -30.10990936], [-100.0, -105.76946289, -28.14339858], [-100.0, -105.40499193, -26.17689162], [-100.0, -105.04052098, -24.21038085], [-100.0, -104.67604954, -22.24387008], [-100.0, -104.31157858, -20.27735931], [-100.0, -103.94710762, -18.31085235], [-100.0, -103.58263666, -16.34434158], [-100.0, -103.21816571, -14.3778308], [-100.0, -102.85369475, -12.41132194], [-100.0, -102.48922331, -10.44481116], [-100.0, -102.12475235, -8.4783023], [-100.0, -101.76028139, -6.51179153], [-100.0, -101.3958102, -4.54528266], [-100.0, -101.03133924, -2.57877189], [-100.0, -100.66686828, -0.61226302], [-100.0, -100.3023972, 1.35424775], [-100.0, -99.93792612, 3.32075661], [-100.0, -99.57345505, 5.28726643], [-100.0, -99.20898403, 7.25377625], [-100.0, -98.84451295, 9.22028607], [-100.0, -98.4800419, 11.18679589], [-100.0, -98.11557085, 13.15330571], [-100.0, -97.75109978, 15.11981553], [-100.0, -97.38662876, 17.08632535], [-100.0, -97.02215774, 19.05283523], [-100.0, -96.65768666, 21.01934499], [-100.0, -96.29321558, 22.98585481], [-100.0, -95.92874462, 24.95236462], [-100.0, -95.56427343, 26.91887444], [-100.0, -95.19980247, 28.88538426], [-100.0, -94.83533151, 30.85189408], [-100.0, -94.47086031, 32.8184039], [-100.0, -94.10638935, 34.78491372], [-100.0, -93.7419184, 36.75142258], [-100.0, -93.37744696, 38.71793336], [-100.0, -93.012976, 40.68444222], [-100.0, -92.64850504, 42.650953], [-100.0, -92.28403408, 44.61746186], [-100.0, -91.91956312, 46.58397263], [-100.0, -91.55509217, 48.5504815], [-100.0, -91.19062073, 50.51699036], [-100.0, -90.82614977, 52.48350114], [-100.0, -90.46167881, 54.45001191], [-100.0, -90.09720785, 56.41652268], [-100.0, -89.73273642, 58.38302964], [-100.0, -89.36826594, 60.34954041], [-100.0, -89.0037945, 62.31605119], [-100.0, -88.63932307, 64.28256196], [-100.0, -88.27485258, 66.24906892], [-100.0, -87.91038115, 68.21557969], [-100.0, -87.54591067, 70.18209046], [-100.0, -87.18143923, 72.14860123], [-100.0, -86.81696875, 74.11510819], [-100.0, -86.45249731, 76.08161897], [-100.0, -86.08802588, 78.04812974], [-100.0, -85.7235554, 80.01464051], [-100.0, -85.35908396, 81.98114747], [-100.0, -84.99461348, 83.94765824], [-100.0, -84.63014204, 85.9141652]], "CsaImage.TimeAfterStart": [1.0825, 0.7225, 1.0925, 0.7325, 1.1025, 0.7425, 1.1125, 0.7525, 1.1225, 0.7625, 1.1325, 0.7725, 1.1425, 0.7825, 1.1525, 0.7925, 1.1625, 0.8025, 1.1725, 0.8125, 1.1825, 0.8225, 1.1925, 0.8325, 1.2025, 0.8425, 1.2125, 0.8525, 1.2225, 0.8625, 1.2325, 0.8725, 1.2425, 0.8825, 1.2525, 0.8925, 1.2625, 0.9025, 1.2725, 0.9125, 1.2825, 0.9225, 1.2925, 0.9325, 1.3025, 0.9425, 1.3125, 0.9525, 1.3225, 0.9625, 1.3325, 0.9725, 1.3425, 0.9825, 1.3525, 0.9925, 1.3625, 1.0025, 1.3725, 1.0125, 1.3825, 1.0225, 1.3925, 1.0325, 1.4025, 1.0425, 1.4125, 1.0525, 1.4225, 1.0625, 1.4325, 1.0725], "ImagePositionPatient": [[-100.0, -110.50758631052, -53.708027183478], [-100.0, -110.14311582865, -51.74152022547], [-100.0, -109.7786443931, -49.775005638068], [-100.0, -109.41417295755, -47.80849868006], [-100.0, -109.04970247568, -45.841991722052], [-100.0, -108.68523104013, -43.87547713465], [-100.0, -108.32076055826, -41.908970176642], [-100.0, -107.95628912271, -39.942459403937], [-100.0, -107.59181864084, -37.975948631232], [-100.0, -107.2273472053, -36.009437858527], [-100.0, -106.86287576975, -34.042930900519], [-100.0, -106.49840528788, -32.076420127814], [-100.0, -106.13393385233, -30.109909355109], [-100.0, -105.76946289362, -28.143398582404], [-100.0, -105.40499193491, -26.176891624396], [-100.0, -105.0405209762, -24.210380851691], [-100.0, -104.67604954065, -22.243870078986], [-100.0, -104.31157858194, -20.27735930628], [-100.0, -103.94710762323, -18.310852348273], [-100.0, -103.58263666452, -16.344341575568], [-100.0, -103.21816570581, -14.377830802863], [-100.0, -102.8536947471, -12.411321937506], [-100.0, -102.48922331156, -10.444811164801], [-100.0, -102.12475235285, -8.4783022994445], [-100.0, -101.76028139414, -6.5117915267395], [-100.0, -101.39581019701, -4.545282661383], [-100.0, -101.0313392383, -2.5787718886779], [-100.0, -100.66686827959, -0.6122630233215], [-100.0, -100.30239720167, 1.3542477493836], [-100.0, -99.937926123752, 3.32075661474], [-100.0, -99.573455045833, 5.2872664337708], [-100.0, -99.208984027519, 7.2537762528015], [-100.0, -98.8445129496, 9.2202860718323], [-100.0, -98.480041901483, 11.186795890863], [-100.0, -98.115570853367, 13.153305709894], [-100.0, -97.751099775448, 15.119815528925], [-100.0, -97.386628757133, 17.086325347955], [-100.0, -97.022157738819, 19.052835226591], [-100.0, -96.6576866609, 21.019344986017], [-100.0, -96.293215582981, 22.985854805048], [-100.0, -95.928744624271, 24.952364624078], [-100.0, -95.564273427143, 26.918874443109], [-100.0, -95.199802468433, 28.88538426214], [-100.0, -94.835331509723, 30.851894081171], [-100.0, -94.470860312595, 32.818403900201], [-100.0, -94.106389353885, 34.784913719232], [-100.0, -93.741918395176, 36.751422584589], [-100.0, -93.377446959629, 38.717933357294], [-100.0, -93.012976000919, 40.68444222265], [-100.0, -92.648505042209, 42.650952995355], [-100.0, -92.2840340835, 44.617461860712], [-100.0, -91.91956312479, 46.583972633417], [-100.0, -91.55509216608, 48.550481498773], [-100.0, -91.190620730533, 50.51699036413], [-100.0, -90.826149771824, 52.483501136835], [-100.0, -90.461678813114, 54.45001190954], [-100.0, -90.097207854404, 56.416522682245], [-100.0, -89.732736418857, 58.383029640253], [-100.0, -89.368265936985, 60.349540412958], [-100.0, -89.003794501438, 62.316051185663], [-100.0, -88.639323065891, 64.282561958368], [-100.0, -88.274852584018, 66.249068916376], [-100.0, -87.910381148472, 68.215579689081], [-100.0, -87.545910666599, 70.182090461786], [-100.0, -87.181439231052, 72.148601234491], [-100.0, -86.81696874918, 74.115108192499], [-100.0, -86.452497313633, 76.081618965204], [-100.0, -86.088025878086, 78.048129737909], [-100.0, -85.723555396213, 80.014640510614], [-100.0, -85.359083960666, 81.981147468622], [-100.0, -84.994613478794, 83.947658241327], [-100.0, -84.630142043247, 85.914165199335]], "InstanceCreationTime": ["095916.236000", "095916.135000", "095916.238000", "095916.137000", "095916.240000", "095916.139000", "095916.242000", "095916.141000", "095916.244000", "095916.143000", "095916.246000", "095916.145000", "095916.248000", "095916.147000", "095916.250000", "095916.149000", "095916.253000", "095916.152000", "095916.255000", "095916.154000", "095916.257000", "095916.156000", "095916.259000", "095916.157000", "095916.261000", "095916.159000", "095916.263000", "095916.161000", "095916.265000", "095916.163000", "095916.267000", "095916.165000", "095916.270000", "095916.169000", "095916.273000", "095916.171000", "095916.275000", "095916.173000", "095916.277000", "095916.175000", "095916.281000", "095916.177000", "095916.290000", "095916.179000", "095916.297000", "095916.181000", "095916.307000", "095916.184000", "095916.309000", "095916.187000", "095916.311000", "095916.189000", "095916.312000", "095916.191000", "095916.314000", "095916.193000", "095916.316000", "095916.196000", "095916.318000", "095916.198000", "095916.320000", "095916.200000", "095916.322000", "095916.215000", "095916.324000", "095916.224000", "095916.326000", "095916.226000", "095916.328000", "095916.228000", "095916.331000", "095916.230000"], "InstanceNumber": [1, 2, 3, 4, 5, 6, 7, 8, 9, 10, 11, 12, 13, 14, 15, 16, 17, 18, 19, 20, 21, 22, 23, 24, 25, 26, 27, 28, 29, 30, 31, 32, 33, 34, 35, 36, 37, 38, 39, 40, 41, 42, 43, 44, 45, 46, 47, 48, 49, 50, 51, 52, 53, 54, 55, 56, 57, 58, 59, 60, 61, 62, 63, 64, 65, 66, 67, 68, 69, 70, 71, 72], "LargestImagePixelValue": [4095, 4094, 4095, 4094, 4095, 4095, 4095, 4095, 4095, 4095, 4094, 4095, 4093, 4095, 4093, 4094, 4087, 4094, 4092, 4094, 4094, 4094, 4093, 4095, 4095, 4094, 4095, 4095, 4085, 4093, 4092, 4094, 4092, 4086, 4094, 4093, 4088, 4094, 4093, 4094, 4087, 4091, 4095, 4093, 4090, 4093, 4094, 4092, 4095, 4095, 4094, 4095, 4090, 4090, 4094, 4094, 4090, 4094, 4093, 4094, 4094, 4094, 4095, 4094, 4093, 4095, 4095, 4095, 4095, 4094, 4094, 4094], "SliceLocation": [-72.94708922226, -70.94709213525, -68.947087372806, -66.947090112003, -64.947093024993, -62.947088262549, -60.947091175539, -58.947090163916, -56.947089326086, -54.947088314462, -52.947091053659, -50.947090215828, -48.947089204205, -46.947088279478, -44.947091105571, -42.947090180845, -40.947089169221, -38.947088244494, -36.947091070588, -34.947090145861, -32.947089221134, -30.947090171817, -28.947089160194, -26.947090110877, -24.94708918615, -22.947090093385, -20.947089168658, -18.947090119341, -16.947089172891, -14.94709010185, -12.947090093104, -10.94709009522, -8.9470900864738, -6.9470900831588, -4.9470900798439, -2.947090071098, -0.9470900732141, 1.0529099832764, 3.0529099334158, 5.0529099421617, 7.0529099291835, 9.0529099596536, 11.052909946675, 13.052909933697, 15.052909964167, 17.052909951189, 19.052909000506, 21.052910012129, 23.052909061446, 25.052909986173, 27.05290903549, 29.052909960217, 31.052909009533, 33.052908145747, 35.052909070474, 37.0529099952, 39.052910919927, 41.052908180731, 43.052909018561, 45.052910030184, 47.052911041808, 49.052908128818, 51.052909140441, 53.052909978271, 55.052910989895, 57.052908076905, 59.052909088529, 61.052910100152, 63.052910937982, 65.052908198786, 67.052909036616, 69.052906297419], "SmallestImagePixelValue": [0, 0, 0, 1, 0, 0, 0, 0, 0, 2, 0, 1, 0, 0, 0, 0, 0, 0, 3, 2, 3, 2, 1, 0, 2, 0, 0, 1, 3, 0, 4, 0, 2, 9, 12, 0, 3, 1, 2, 6, 0, 0, 0, 6, 2, 2, 4, 0, 1, 6, 0, 4, 1, 0, 2, 0, 0, 0, 0, 0, 0, 0, 0, 0, 0, 0, 0, 3, 0, 0, 0, 0], "WindowCenter": [-208.0, -180.0, -222.0, -212.0, -244.0, -234.0, -232.0, -224.0, -246.0, -184.0, -162.0, -138.0, -108.0, -140.0, -156.0, -174.0, -268.0, -262.0, -270.0, -250.0, -240.0, -210.0, -206.0, -204.0, -226.0, -200.0, -190.0, -220.0, -246.0, -226.0, -236.0, -218.0, -198.0, -210.0, -158.0, -138.0, -156.0, -154.0, -150.0, -140.0, -128.0, -150.0, -100.0, -96.0, -86.0, -90.0, -76.0, -84.0, -74.0, -54.0, -46.0, -62.0, -24.0, -14.0, -30.0, -34.0, -64.0, -64.0, -76.0, -76.0, -48.0, -104.0, -80.0, -124.0, -152.0, -166.0, -208.0, -236.0, -276.0, -242.0, -332.0, -358.0], "WindowWidth": [6312.0, 6360.0, 6426.0, 6390.0, 6328.0, 6290.0, 6314.0, 6348.0, 6334.0, 6366.0, 6420.0, 6442.0, 6472.0, 6412.0, 6390.0, 6346.0, 6238.0, 6170.0, 6090.0, 6028.0, 5964.0, 5912.0, 5854.0, 5842.0, 5718.0, 5644.0, 5678.0, 5722.0, 5694.0, 5566.0, 5568.0, 5418.0, 5472.0, 5148.0, 5374.0, 5448.0, 5290.0, 5300.0, 5254.0, 5300.0, 5310.0, 5162.0, 5356.0, 5336.0, 5416.0, 5380.0, 5432.0, 5406.0, 5392.0, 5464.0, 5438.0, 5412.0, 5404.0, 5422.0, 5464.0, 5454.0, 5392.0, 5514.0, 5496.0, 5558.0, 5596.0, 5430.0, 5644.0, 5652.0, 5700.0, 5776.0, 5828.0, 5872.0, 5976.0, 6050.0, 6094.0, 6116.0]}}, "IntendedFor": ["ses-coco/func/sub-01_ses-coco_task-coco_run-03_bold.nii.gz", "ses-coco/func/sub-01_ses-coco_task-coco_run-01_bold.nii.gz", "ses-coco/func/sub-01_ses-coco_task-coco_run-07_bold.nii.gz", "ses-coco/func/sub-01_ses-coco_task-coco_run-08_bold.nii.gz", "ses-coco/func/sub-01_ses-coco_task-coco_run-05_bold.nii.gz", "ses-coco/func/sub-01_ses-coco_task-coco_run-09_bold.nii.gz", "ses-coco/func/sub-01_ses-coco_task-coco_run-06_bold.nii.gz", "ses-coco/func/sub-01_ses-coco_task-coco_run-04_bold.nii.gz", "ses-coco/func/sub-01_ses-coco_task-coco_run-02_bold.nii.gz", "ses-coco/func/sub-01_ses-coco_task-coco_run-10_bold.nii.gz"]}