{"AcquisitionMatrixPE": 100, "AcquisitionNumber": 1, "AcquisitionTime": "14:03:42.357500", "BaseResolution": 100, "BodyPartExamined": "BRAIN", "ConsistencyInfo": "N4_VE11C_LATEST_20160120", "ConversionSoftware": "dcm2niix", "ConversionSoftwareVersion": "v1.0.20180622 GCC4.9.2", "DeviceSerialNumber": "166078", "DwellTime": 8.8e-06, "EchoNumber": 2, "EchoTime": 0.00738, "EchoTime1": 0.00492, "EchoTime2": 0.00738, "FlipAngle": 60, "ImageOrientationPatientDICOM": [1, 0, 0, 0, 0.981293, -0.192522], "ImageType": ["ORIGINAL", "PRIMARY", "P", "ND"], "InPlanePhaseEncodingDirectionDICOM": "ROW", "InstitutionAddress": "Street_StreetNo_Bei_Jing_District_CN_ZIP", "InstitutionName": "BeiJing_Normal_University", "InstitutionalDepartmentName": "Department", "MRAcquisitionType": "2D", "MagneticFieldStrength": 3, "Manufacturer": "Siemens", "ManufacturersModelName": "Prisma", "Modality": "MR", "PartialFourier": 1, "PatientPosition": "HFS", "PercentPhaseFOV": 100, "PhaseEncodingDirection": "i", "PhaseEncodingSteps": 100, "PhaseResolution": 1, "PixelBandwidth": 570, "ProcedureStepDescription": "BNU_P2018_64CH_Zhen.ZongLei", "ProtocolName": "field_mapping_2x2x2", "PulseSequenceDetails": "%SiemensSeq%_gre_field_mapping", "ReceiveCoilActiveElements": "HC1-7;NC1", "ReceiveCoilName": "HeadNeck_64", "ReconMatrixPE": 100, "RepetitionTime": 0.72, "SAR": 0.119962, "ScanningSequence": "GR", "SequenceName": "_fm2d2r", "SequenceVariant": "SP", "SeriesDescription": "field_mapping_2x2x2", "SeriesNumber": 9, "ShimSetting": [-5463, -11482, -1288, 326, 36, -205, -159, 48], "SliceThickness": 2, "SoftwareVersions": "syngo_MR_E11", "SpacingBetweenSlices": 2, "StationName": "AWP166078", "TxRefAmp": 208.17, "dcmmeta_affine": [[-2.0, 0.0, 0.0, 102.03389739990234], [0.0, 1.9625853300094604, -0.3850440979003906, -83.61625671386719], [0.0, 0.3850439488887787, 1.96258544921875, -83.5801010131836], [0.0, 0.0, 0.0, 1.0]], "dcmmeta_reorient_transform": [[0.0, -1.0, 0.0, 99.0], [1.0, 0.0, 0.0, 0.0], [0.0, 0.0, -1.0, 71.0], [0.0, 0.0, 0.0, 1.0]], "dcmmeta_shape": [100, 100, 72], "dcmmeta_slice_dim": 2, "dcmmeta_version": 0.6, "global": {"const": {"AcquisitionMatrix": [0, 100, 100, 0], "AcquisitionNumber": 1, "AngioFlag": "N", "BitsAllocated": 16, "BitsStored": 12, "BodyPartExamined": "BRAIN", "Columns": 100, "EchoNumbers": 2, "EchoTime": 7.38, "EchoTrainLength": 0, "FlipAngle": 60.0, "HighBit": 11, "ImageOrientationPatient": [1.0, 0.0, 0.0, 0.0, 0.98129266328111, -0.1925219701506], "ImageType": ["ORIGINAL", "PRIMARY", "P", "ND"], "ImagedNucleus": "1H", "ImagingFrequency": 123.257725, "InPlanePhaseEncodingDirection": "ROW", "MRAcquisitionType": "2D", "MagneticFieldStrength": 3.0, "Manufacturer": "SIEMENS", "ManufacturerModelName": "Prisma", "Modality": "MR", "NumberOfAverages": 1.0, "NumberOfPhaseEncodingSteps": 100, "PercentPhaseFieldOfView": 100.0, "PercentSampling": 100.0, "PerformedProcedureStepStartTime": "130455.886000", "PhotometricInterpretation": "MONOCHROME2", "PixelBandwidth": 570.0, "PixelRepresentation": 0, "PixelSpacing": [2.0, 2.0], "ProtocolName": "field_mapping_2x2x2", "RepetitionTime": 720.0, "RescaleIntercept": -4096.0, "RescaleSlope": 2.0, "RescaleType": "US", "Rows": 100, "SAR": 0.11996207824377, "SamplesPerPixel": 1, "ScanningSequence": "GR", "SequenceName": "*fm2d2r", "SequenceVariant": "SP", "SeriesDescription": "field_mapping_2x2x2", "SeriesNumber": 9, "SeriesTime": "140605.950000", "SliceThickness": 2.0, "SoftwareVersions": "syngo MR E11", "SpacingBetweenSlices": 2.0, "SpecificCharacterSet": "ISO_IR 100", "StudyID": "1", "StudyTime": "130455.795000", "TransmitCoilName": "Body", "VariableFlipAngleFlag": "N", "WindowCenterWidthExplanation": "Algo1", "dBdt": 0.0}, "slices": {"AcquisitionTime": ["140342.357500", "140341.997500", "140342.367500", "140342.007500", "140342.377500", "140342.017500", "140342.387500", "140342.027500", "140342.397500", "140342.037500", "140342.407500", "140342.047500", "140342.417500", "140342.057500", "140342.427500", "140342.067500", "140342.437500", "140342.077500", "140342.447500", "140342.087500", "140342.457500", "140342.097500", "140342.467500", "140342.107500", "140342.477500", "140342.117500", "140342.487500", "140342.127500", "140342.497500", "140342.137500", "140342.507500", "140342.147500", "140342.517500", "140342.157500", "140342.527500", "140342.167500", "140342.537500", "140342.177500", "140342.547500", "140342.187500", "140342.557500", "140342.197500", "140342.567500", "140342.207500", "140342.577500", "140342.217500", "140342.587500", "140342.227500", "140342.597500", "140342.237500", "140342.607500", "140342.247500", "140342.617500", "140342.257500", "140342.627500", "140342.267500", "140342.637500", "140342.277500", "140342.647500", "140342.287500", "140342.657500", "140342.297500", "140342.667500", "140342.307500", "140342.677500", "140342.317500", "140342.687500", "140342.327500", "140342.697500", "140342.337500", "140342.707500", "140342.347500"], "ContentTime": ["140606.852000", "140605.952000", "140606.854000", "140605.954000", "140606.856000", "140605.956000", "140606.858000", "140605.958000", "140606.859000", "140605.960000", "140606.861000", "140605.963000", "140606.863000", "140605.965000", "140606.865000", "140605.967000", "140606.867000", "140605.969000", "140606.869000", "140605.970000", "140606.871000", "140605.972000", "140606.873000", "140605.975000", "140606.874000", "140605.980000", "140606.876000", "140605.982000", "140606.878000", "140605.985000", "140606.880000", "140605.987000", "140606.882000", "140605.989000", "140606.884000", "140605.992000", "140606.886000", "140605.994000", "140606.888000", "140606.806000", "140606.890000", "140606.808000", "140606.891000", "140606.810000", "140606.893000", "140606.811000", "140606.895000", "140606.820000", "140606.897000", "140606.822000", "140606.899000", "140606.824000", "140606.901000", "140606.826000", "140606.903000", "140606.835000", "140606.904000", "140606.837000", "140606.906000", "140606.839000", "140606.908000", "140606.841000", "140606.910000", "140606.843000", "140606.912000", "140606.844000", "140606.914000", "140606.846000", "140606.916000", "140606.848000", "140606.918000", "140606.850000"], "CsaImage.GSWDDataType": ["measured", "predicted", "measured", "predicted", "measured", "predicted", "measured", "predicted", "measured", "predicted", "measured", "predicted", "measured", "predicted", "measured", "predicted", "measured", "predicted", "measured", "predicted", "measured", "predicted", "measured", "predicted", "measured", "predicted", "measured", "predicted", "measured", "predicted", "measured", "predicted", "measured", "predicted", "measured", "predicted", "measured", "predicted", "measured", "predicted", "measured", "predicted", "measured", "predicted", "measured", "predicted", "measured", "predicted", "measured", "predicted", "measured", "predicted", "measured", "predicted", "measured", "predicted", "measured", "predicted", "measured", "predicted", "measured", "predicted", "measured", "predicted", "measured", "predicted", "measured", "measured", "measured", "measured", "measured", "measured"], "CsaImage.ICE_Dims": ["X_2_1_1_1_1_1_37_1_1_1_1_63", "X_2_1_1_1_1_1_1_1_1_2_1_63", "X_2_1_1_1_1_1_38_1_1_3_1_63", "X_2_1_1_1_1_1_2_1_1_4_1_63", "X_2_1_1_1_1_1_39_1_1_5_1_63", "X_2_1_1_1_1_1_3_1_1_6_1_63", "X_2_1_1_1_1_1_40_1_1_7_1_63", "X_2_1_1_1_1_1_4_1_1_8_1_63", "X_2_1_1_1_1_1_41_1_1_9_1_63", "X_2_1_1_1_1_1_5_1_1_10_1_63", "X_2_1_1_1_1_1_42_1_1_11_1_63", "X_2_1_1_1_1_1_6_1_1_12_1_63", "X_2_1_1_1_1_1_43_1_1_13_1_63", "X_2_1_1_1_1_1_7_1_1_14_1_63", "X_2_1_1_1_1_1_44_1_1_15_1_63", "X_2_1_1_1_1_1_8_1_1_16_1_63", "X_2_1_1_1_1_1_45_1_1_17_1_63", "X_2_1_1_1_1_1_9_1_1_18_1_63", "X_2_1_1_1_1_1_46_1_1_19_1_63", "X_2_1_1_1_1_1_10_1_1_20_1_63", "X_2_1_1_1_1_1_47_1_1_21_1_63", "X_2_1_1_1_1_1_11_1_1_22_1_63", "X_2_1_1_1_1_1_48_1_1_23_1_63", "X_2_1_1_1_1_1_12_1_1_24_1_63", "X_2_1_1_1_1_1_49_1_1_25_1_63", "X_2_1_1_1_1_1_13_1_1_26_1_63", "X_2_1_1_1_1_1_50_1_1_27_1_63", "X_2_1_1_1_1_1_14_1_1_28_1_63", "X_2_1_1_1_1_1_51_1_1_29_1_63", "X_2_1_1_1_1_1_15_1_1_30_1_63", "X_2_1_1_1_1_1_52_1_1_31_1_63", "X_2_1_1_1_1_1_16_1_1_32_1_63", "X_2_1_1_1_1_1_53_1_1_33_1_63", "X_2_1_1_1_1_1_17_1_1_34_1_63", "X_2_1_1_1_1_1_54_1_1_35_1_63", "X_2_1_1_1_1_1_18_1_1_36_1_63", "X_2_1_1_1_1_1_55_1_1_37_1_63", "X_2_1_1_1_1_1_19_1_1_38_1_63", "X_2_1_1_1_1_1_56_1_1_39_1_63", "X_2_1_1_1_1_1_20_1_1_40_1_63", "X_2_1_1_1_1_1_57_1_1_41_1_63", "X_2_1_1_1_1_1_21_1_1_42_1_63", "X_2_1_1_1_1_1_58_1_1_43_1_63", "X_2_1_1_1_1_1_22_1_1_44_1_63", "X_2_1_1_1_1_1_59_1_1_45_1_63", "X_2_1_1_1_1_1_23_1_1_46_1_63", "X_2_1_1_1_1_1_60_1_1_47_1_63", "X_2_1_1_1_1_1_24_1_1_48_1_63", "X_2_1_1_1_1_1_61_1_1_49_1_63", "X_2_1_1_1_1_1_25_1_1_50_1_63", "X_2_1_1_1_1_1_62_1_1_51_1_63", "X_2_1_1_1_1_1_26_1_1_52_1_63", "X_2_1_1_1_1_1_63_1_1_53_1_63", "X_2_1_1_1_1_1_27_1_1_54_1_63", "X_2_1_1_1_1_1_64_1_1_55_1_63", "X_2_1_1_1_1_1_28_1_1_56_1_63", "X_2_1_1_1_1_1_65_1_1_57_1_63", "X_2_1_1_1_1_1_29_1_1_58_1_63", "X_2_1_1_1_1_1_66_1_1_59_1_63", "X_2_1_1_1_1_1_30_1_1_60_1_63", "X_2_1_1_1_1_1_67_1_1_61_1_63", "X_2_1_1_1_1_1_31_1_1_62_1_63", "X_2_1_1_1_1_1_68_1_1_63_1_63", "X_2_1_1_1_1_1_32_1_1_64_1_63", "X_2_1_1_1_1_1_69_1_1_65_1_63", "X_2_1_1_1_1_1_33_1_1_66_1_63", "X_2_1_1_1_1_1_70_1_1_67_1_63", "X_2_1_1_1_1_1_34_1_1_68_1_63", "X_2_1_1_1_1_1_71_1_1_69_1_63", "X_2_1_1_1_1_1_35_1_1_70_1_63", "X_2_1_1_1_1_1_72_1_1_71_1_63", "X_2_1_1_1_1_1_36_1_1_72_1_63"], "CsaImage.ProtocolSliceNumber": [0, 1, 2, 3, 4, 5, 6, 7, 8, 9, 10, 11, 12, 13, 14, 15, 16, 17, 18, 19, 20, 21, 22, 23, 24, 25, 26, 27, 28, 29, 30, 31, 32, 33, 34, 35, 36, 37, 38, 39, 40, 41, 42, 43, 44, 45, 46, 47, 48, 49, 50, 51, 52, 53, 54, 55, 56, 57, 58, 59, 60, 61, 62, 63, 64, 65, 66, 67, 68, 69, 70, 71], "CsaImage.RFSWDDataType": ["measured", "predicted", "measured", "predicted", "measured", "predicted", "measured", "predicted", "measured", "predicted", "measured", "predicted", "measured", "predicted", "measured", "predicted", "measured", "predicted", "measured", "predicted", "measured", "predicted", "measured", "predicted", "measured", "predicted", "measured", "predicted", "measured", "predicted", "measured", "predicted", "measured", "predicted", "measured", "predicted", "measured", "predicted", "measured", "predicted", "measured", "predicted", "measured", "predicted", "measured", "predicted", "measured", "predicted", "measured", "predicted", "measured", "predicted", "measured", "predicted", "measured", "predicted", "measured", "predicted", "measured", "predicted", "measured", "predicted", "measured", "measured", "measured", "measured", "measured", "measured", "measured", "measured", "measured", "measured"], "CsaImage.SlicePosition_PCS": [[-102.03389835, -110.67968232, -45.46074702], [-102.03389835, -110.29463822, -43.49815775], [-102.03389835, -109.90959413, -41.5355723], [-102.03389835, -109.52455003, -39.57298685], [-102.03389835, -109.13950593, -37.6104014], [-102.03389835, -108.75446183, -35.64781595], [-102.03389835, -108.36941869, -33.68523051], [-102.03389835, -107.98437459, -31.72264887], [-102.03389835, -107.59933049, -29.76006342], [-102.03389835, -107.21428639, -27.79747797], [-102.03389835, -106.8292423, -25.83489252], [-102.03389835, -106.4441982, -23.87230707], [-102.03389835, -106.05915458, -21.90972163], [-102.03389835, -105.67411096, -19.94713618], [-102.03389835, -105.28906686, -17.98455073], [-102.03389835, -104.90402276, -16.02196528], [-102.03389835, -104.51897914, -14.05937983], [-102.03389835, -104.13393504, -12.09679438], [-102.03389835, -103.74889094, -10.13420893], [-102.03389835, -103.36384732, -8.17162348], [-102.03389835, -102.97880322, -6.20903803], [-102.03389835, -102.59375913, -4.24645258], [-102.03389835, -102.2087155, -2.28386713], [-102.03389835, -101.82367141, -0.32128168], [-102.03389835, -101.43862755, 1.64130377], [-102.03389835, -101.05358345, 3.60388921], [-102.03389835, -100.66853959, 5.56647371], [-102.03389835, -100.28349573, 7.52905916], [-102.03389835, -99.89845175, 9.49164461], [-102.03389835, -99.51340777, 11.45423006], [-102.03389835, -99.12836391, 13.41681551], [-102.03389835, -98.74331994, 15.37940072], [-102.03389835, -98.35827603, 17.34198617], [-102.03389835, -97.9732321, 19.30457147], [-102.03389835, -97.58818818, 21.26715683], [-102.03389835, -97.2031442, 23.22974204], [-102.03389835, -96.81810028, 25.19232725], [-102.03389835, -96.4330563, 27.1549127], [-102.03389835, -96.04801232, 29.11749815], [-102.03389835, -95.66296846, 31.0800836], [-102.03389835, -95.2779246, 33.04266905], [-102.03389835, -94.89288074, 35.00525449], [-102.03389835, -94.50783665, 36.96783994], [-102.03389835, -94.12279279, 38.93042539], [-102.03389835, -93.73774869, 40.89301084], [-102.03389835, -93.35270507, 42.85559629], [-102.03389835, -92.96766097, 44.81817983], [-102.03389835, -92.58261687, 46.78076528], [-102.03389835, -92.19757325, 48.74335073], [-102.03389835, -91.81252915, 50.70593618], [-102.03389835, -91.42748506, 52.66852163], [-102.03389835, -91.04244143, 54.63110708], [-102.03389835, -90.65739734, 56.59369253], [-102.03389835, -90.27235324, 58.55627798], [-102.03389835, -89.88730962, 60.51886343], [-102.03389835, -89.50226552, 62.48144888], [-102.03389835, -89.11722142, 64.44403433], [-102.03389835, -88.73217732, 66.40661978], [-102.03389835, -88.34713418, 68.36920522], [-102.03389835, -87.96209008, 70.33179067], [-102.03389835, -87.57704598, 72.29437612], [-102.03389835, -87.19200189, 74.25696157], [-102.03389835, -86.80695779, 76.21954702], [-102.03389835, -86.42191369, 78.18213247], [-102.03389835, -86.03687055, 80.14471792], [-102.03389835, -85.65182645, 82.10730337], [-102.03389835, -85.26678235, 84.069885], [-102.03389835, -84.88173825, 86.03247045], [-102.03389835, -84.49669415, 87.9950559], [-102.03389835, -84.11165006, 89.95764135], [-102.03389835, -83.72660691, 91.9202268], [-102.03389835, -83.34156281, 93.88281225]], "CsaImage.TimeAfterStart": [1.0825, 0.7225, 1.0925, 0.7325, 1.1025, 0.7425, 1.1125, 0.7525, 1.1225, 0.7625, 1.1325, 0.7725, 1.1425, 0.7825, 1.1525, 0.7925, 1.1625, 0.8025, 1.1725, 0.8125, 1.1825, 0.8225, 1.1925, 0.8325, 1.2025, 0.8425, 1.2125, 0.8525, 1.2225, 0.8625, 1.2325, 0.8725, 1.2425, 0.8825, 1.2525, 0.8925, 1.2625, 0.9025, 1.2725, 0.9125, 1.2825, 0.9225, 1.2925, 0.9325, 1.3025, 0.9425, 1.3125, 0.9525, 1.3225, 0.9625, 1.3325, 0.9725, 1.3425, 0.9825, 1.3525, 0.9925, 1.3625, 1.0025, 1.3725, 1.0125, 1.3825, 1.0225, 1.3925, 1.0325, 1.4025, 1.0425, 1.4125, 1.0525, 1.4225, 1.0625, 1.4325, 1.0725], "ImagePositionPatient": [[-102.03389835358, -110.67968232085, -45.460747015704], [-102.03389835358, -110.29463822295, -43.498157751788], [-102.03389835358, -109.90959412505, -41.535572302569], [-102.03389835358, -109.52455002715, -39.57298685335], [-102.03389835358, -109.13950592925, -37.610401404131], [-102.03389835358, -108.75446183135, -35.647815954913], [-102.03389835358, -108.36941868712, -33.685230505694], [-102.03389835358, -107.98437458922, -31.722648871172], [-102.03389835358, -107.59933049132, -29.760063421954], [-102.03389835358, -107.21428639342, -27.797477972735], [-102.03389835358, -106.82924229552, -25.834892523516], [-102.03389835358, -106.44419819762, -23.872307074297], [-102.03389835358, -106.05915457655, -21.909721625079], [-102.03389835358, -105.67411095549, -19.94713617586], [-102.03389835358, -105.28906685759, -17.984550726641], [-102.03389835358, -104.90402275969, -16.021965277422], [-102.03389835358, -104.51897913863, -14.059379828204], [-102.03389835358, -104.13393504073, -12.096794378985], [-102.03389835358, -103.74889094283, -10.134208929766], [-102.03389835358, -103.36384732176, -8.1716234805475], [-102.03389835358, -102.97880322386, -6.2090380313287], [-102.03389835358, -102.59375912596, -4.24645258211], [-102.03389835358, -102.2087155049, -2.2838671328912], [-102.03389835358, -101.823671407, -0.3212816836725], [-102.03389835358, -101.43862754752, 1.6413037655463], [-102.03389835358, -101.05358344962, 3.603889214765], [-102.03389835358, -100.66853959013, 5.5664737103095], [-102.03389835358, -100.28349573065, 7.5290591595282], [-102.03389835358, -99.898451751962, 9.491644608747], [-102.03389835358, -99.513407773271, 11.454230057966], [-102.03389835358, -99.128363913789, 13.416815507184], [-102.03389835358, -98.743319935098, 15.379400717985], [-102.03389835358, -98.358276030913, 17.341986167203], [-102.03389835358, -97.973232096925, 19.304571467411], [-102.03389835358, -97.588188177839, 21.267156827222], [-102.03389835358, -97.203144199148, 23.229742038022], [-102.03389835358, -96.818100280061, 25.192327248823], [-102.03389835358, -96.43305630137, 27.154912698041], [-102.03389835358, -96.048012322679, 29.11749814726], [-102.03389835358, -95.662968463197, 31.080083596479], [-102.03389835358, -95.277924603715, 33.042669045698], [-102.03389835358, -94.892880744233, 35.005254494916], [-102.03389835358, -94.507836646333, 36.967839944135], [-102.03389835358, -94.122792786851, 38.930425393354], [-102.03389835358, -93.737748688951, 40.893010842573], [-102.03389835358, -93.352705067888, 42.855596291791], [-102.03389835358, -92.967660969987, 44.818179833662], [-102.03389835358, -92.582616872087, 46.78076528288], [-102.03389835358, -92.197573251024, 48.743350732099], [-102.03389835358, -91.812529153123, 50.705936181318], [-102.03389835358, -91.427485055223, 52.668521630537], [-102.03389835358, -91.04244143416, 54.631107079755], [-102.03389835358, -90.657397336259, 56.593692528974], [-102.03389835358, -90.272353238359, 58.556277978193], [-102.03389835358, -89.887309617296, 60.518863427412], [-102.03389835358, -89.502265519395, 62.48144887663], [-102.03389835358, -89.117221421495, 64.444034325849], [-102.03389835358, -88.732177323594, 66.406619775068], [-102.03389835358, -88.347134179368, 68.369205224287], [-102.03389835358, -87.962090081468, 70.331790673505], [-102.03389835358, -87.577045983568, 72.294376122724], [-102.03389835358, -87.192001885667, 74.256961571943], [-102.03389835358, -86.806957787767, 76.219547021162], [-102.03389835358, -86.421913689866, 78.18213247038], [-102.03389835358, -86.03687054564, 80.144717919599], [-102.03389835358, -85.65182644774, 82.107303368818], [-102.03389835358, -85.26678234984, 84.069885003339], [-102.03389835358, -84.881738251939, 86.032470452558], [-102.03389835358, -84.496694154039, 87.995055901777], [-102.03389835358, -84.111650056138, 89.957641350996], [-102.03389835358, -83.726606911912, 91.920226800214], [-102.03389835358, -83.341562814012, 93.882812249433]], "InstanceCreationTime": ["140606.852000", "140605.952000", "140606.854000", "140605.954000", "140606.856000", "140605.956000", "140606.858000", "140605.958000", "140606.859000", "140605.960000", "140606.861000", "140605.963000", "140606.863000", "140605.965000", "140606.865000", "140605.967000", "140606.867000", "140605.969000", "140606.869000", "140605.970000", "140606.871000", "140605.972000", "140606.873000", "140605.975000", "140606.874000", "140605.980000", "140606.876000", "140605.982000", "140606.878000", "140605.985000", "140606.880000", "140605.987000", "140606.882000", "140605.989000", "140606.884000", "140605.992000", "140606.886000", "140605.994000", "140606.888000", "140606.806000", "140606.890000", "140606.808000", "140606.891000", "140606.810000", "140606.893000", "140606.811000", "140606.895000", "140606.820000", "140606.897000", "140606.822000", "140606.899000", "140606.824000", "140606.901000", "140606.826000", "140606.903000", "140606.835000", "140606.904000", "140606.837000", "140606.906000", "140606.839000", "140606.908000", "140606.841000", "140606.910000", "140606.843000", "140606.912000", "140606.844000", "140606.914000", "140606.846000", "140606.916000", "140606.848000", "140606.918000", "140606.850000"], "InstanceNumber": [1, 2, 3, 4, 5, 6, 7, 8, 9, 10, 11, 12, 13, 14, 15, 16, 17, 18, 19, 20, 21, 22, 23, 24, 25, 26, 27, 28, 29, 30, 31, 32, 33, 34, 35, 36, 37, 38, 39, 40, 41, 42, 43, 44, 45, 46, 47, 48, 49, 50, 51, 52, 53, 54, 55, 56, 57, 58, 59, 60, 61, 62, 63, 64, 65, 66, 67, 68, 69, 70, 71, 72], "LargestImagePixelValue": [4095, 4093, 4095, 4095, 4094, 4092, 4094, 4094, 4095, 4093, 4094, 4095, 4094, 4094, 4094, 4090, 4094, 4093, 4095, 4094, 4094, 4094, 4092, 4088, 4094, 4095, 4091, 4094, 4094, 4090, 4095, 4095, 4090, 4088, 4095, 4093, 4091, 4095, 4090, 4092, 4094, 4094, 4085, 4094, 4091, 4092, 4095, 4090, 4095, 4093, 4086, 4094, 4091, 4092, 4091, 4095, 4094, 4094, 4093, 4094, 4095, 4095, 4093, 4095, 4095, 4094, 4095, 4095, 4095, 4095, 4095, 4095], "SliceLocation": [-65.918568009839, -63.918564115801, -61.918563965098, -59.918563814395, -57.918563663691, -55.918563512988, -53.918563545888, -51.918567138519, -49.918566987816, -47.918566837113, -45.918566686409, -43.918566535706, -41.918566476805, -39.918566417903, -37.9185662672, -35.918566116496, -33.918566057595, -31.918565906891, -29.918565756188, -27.918565697287, -25.918565546583, -23.91856539588, -21.918565336978, -19.918565186275, -17.918565081473, -15.918564930769, -13.918565761801, -11.918565656998, -9.9185655292453, -7.9185654014925, -5.91856529669, -3.9185654028956, -1.9185652894867, 0.08143468343574, 2.081434711979, 4.0814346057734, 6.0814344880927, 8.0814346158455, 10.081434743598, 12.081434848401, 14.081434953203, 16.081435058006, 18.081435208709, 20.081435313511, 22.081435464215, 24.081435523116, 26.081433802152, 28.081433952856, 30.081434011757, 32.081434162461, 34.081434313164, 36.081434372065, 38.081434522769, 40.081434673472, 42.081434732374, 44.081434883077, 46.08143503378, 48.081435184483, 50.081435151583, 52.081435302287, 54.08143545299, 56.081435603693, 58.081435754396, 60.0814359051, 62.0814358722, 64.081436022903, 66.081432430272, 68.081432580975, 70.081432731678, 72.081432882382, 74.081432849482, 76.081433000185], "SmallestImagePixelValue": [2, 0, 0, 0, 0, 0, 0, 0, 0, 0, 0, 0, 0, 1, 0, 4, 0, 1, 0, 0, 0, 0, 0, 0, 1, 0, 2, 1, 0, 1, 0, 5, 4, 0, 2, 4, 0, 6, 0, 2, 0, 1, 1, 0, 0, 4, 0, 0, 1, 1, 0, 2, 0, 6, 0, 0, 0, 0, 0, 1, 5, 4, 0, 0, 0, 0, 0, 2, 0, 0, 0, 0], "WindowCenter": [-352.0, -308.0, -394.0, -354.0, -360.0, -302.0, -302.0, -292.0, -286.0, -266.0, -186.0, -188.0, -142.0, -136.0, -142.0, -192.0, -178.0, -190.0, -220.0, -198.0, -232.0, -260.0, -272.0, -224.0, -222.0, -206.0, -176.0, -216.0, -220.0, -188.0, -168.0, -204.0, -206.0, -186.0, -178.0, -170.0, -152.0, -170.0, -288.0, -140.0, -150.0, -152.0, -256.0, -176.0, -242.0, -226.0, -220.0, -202.0, -78.0, -184.0, -210.0, -182.0, -180.0, -168.0, -66.0, -26.0, -12.0, -16.0, -8.0, -22.0, -4.0, -28.0, -36.0, -58.0, -90.0, -122.0, -172.0, -184.0, -202.0, -254.0, -268.0, -290.0], "WindowWidth": [5832.0, 6076.0, 6022.0, 5978.0, 5986.0, 6088.0, 6094.0, 6052.0, 6062.0, 6016.0, 6110.0, 6070.0, 6082.0, 6036.0, 6006.0, 5902.0, 5908.0, 5786.0, 5728.0, 5666.0, 5684.0, 5534.0, 5402.0, 5350.0, 5266.0, 5298.0, 5450.0, 5504.0, 5452.0, 5360.0, 5444.0, 5452.0, 5482.0, 5332.0, 5420.0, 5420.0, 5416.0, 5102.0, 4644.0, 5320.0, 5286.0, 5138.0, 4624.0, 4798.0, 4616.0, 4608.0, 4604.0, 4604.0, 5150.0, 4596.0, 4604.0, 4604.0, 4610.0, 4608.0, 5150.0, 5344.0, 5434.0, 5398.0, 5446.0, 5514.0, 5640.0, 5600.0, 5694.0, 5748.0, 5818.0, 5896.0, 5882.0, 5946.0, 5986.0, 6010.0, 6042.0, 6044.0]}}, "IntendedFor": ["ses-imagenet01/func/sub-19_ses-imagenet01_task-imagenet_run-07_bold.nii.gz", "ses-imagenet01/func/sub-19_ses-imagenet01_task-imagenet_run-08_bold.nii.gz", "ses-imagenet01/func/sub-19_ses-imagenet01_task-imagenet_run-05_bold.nii.gz", "ses-imagenet01/func/sub-19_ses-imagenet01_task-imagenet_run-03_bold.nii.gz", "ses-imagenet01/func/sub-19_ses-imagenet01_task-imagenet_run-01_bold.nii.gz", "ses-imagenet01/func/sub-19_ses-imagenet01_task-imagenet_run-02_bold.nii.gz", "ses-imagenet01/func/sub-19_ses-imagenet01_task-imagenet_run-10_bold.nii.gz", "ses-imagenet01/func/sub-19_ses-imagenet01_task-imagenet_run-09_bold.nii.gz", "ses-imagenet01/func/sub-19_ses-imagenet01_task-imagenet_run-06_bold.nii.gz", "ses-imagenet01/func/sub-19_ses-imagenet01_task-imagenet_run-04_bold.nii.gz"]}