{"AcquisitionMatrixPE": 100, "AcquisitionNumber": 1, "AcquisitionTime": "16:06:44.995000", "BaseResolution": 100, "BodyPartExamined": "BRAIN", "ConsistencyInfo": "N4_VE11C_LATEST_20160120", "ConversionSoftware": "dcm2niix", "ConversionSoftwareVersion": "v1.0.20180622 GCC4.9.2", "DeviceSerialNumber": "166078", "DwellTime": 8.8e-06, "EchoNumber": 2, "EchoTime": 0.00738, "EchoTime1": 0.00492, "EchoTime2": 0.00738, "FlipAngle": 60, "ImageOrientationPatientDICOM": [1, -7.34954e-06, -6.87766e-05, -4.855e-12, 0.994339, -0.106256], "ImageType": ["ORIGINAL", "PRIMARY", "P", "ND"], "InPlanePhaseEncodingDirectionDICOM": "ROW", "InstitutionAddress": "Street_StreetNo_Bei_Jing_District_CN_ZIP", "InstitutionName": "BeiJing_Normal_University", "InstitutionalDepartmentName": "Department", "MRAcquisitionType": "2D", "MagneticFieldStrength": 3, "Manufacturer": "Siemens", "ManufacturersModelName": "Prisma", "Modality": "MR", "PartialFourier": 1, "PatientPosition": "HFS", "PercentPhaseFOV": 100, "PhaseEncodingDirection": "i", "PhaseEncodingSteps": 100, "PhaseResolution": 1, "PixelBandwidth": 570, "ProcedureStepDescription": "BNU_P2018_64CH_Zhen.ZongLei", "ProtocolName": "field_mapping_2x2x2", "PulseSequenceDetails": "%SiemensSeq%_gre_field_mapping", "ReceiveCoilActiveElements": "HC1-7;NC1", "ReceiveCoilName": "HeadNeck_64", "ReconMatrixPE": 100, "RepetitionTime": 0.72, "SAR": 0.135383, "ScanningSequence": "GR", "SequenceName": "_fm2d2r", "SequenceVariant": "SP", "SeriesDescription": "field_mapping_2x2x2", "SeriesNumber": 11, "ShimSetting": [-5461, -11518, -1248, 228, -37, -154, -137, 42], "SliceThickness": 2, "SoftwareVersions": "syngo_MR_E11", "SpacingBetweenSlices": 2, "StationName": "AWP166078", "TxRefAmp": 249.589, "dcmmeta_affine": [[-2.0, -9.710000165030763e-12, -0.00013833492994308472, 100.02751922607422], [1.4699071471113712e-05, 1.9886776208877563, -0.21251225471496582, -81.75199890136719], [-0.00013755314284935594, 0.2125122845172882, 1.988677978515625, -79.15382385253906], [0.0, 0.0, 0.0, 1.0]], "dcmmeta_reorient_transform": [[0.0, -1.0, 0.0, 99.0], [1.0, 0.0, 0.0, 0.0], [0.0, 0.0, -1.0, 71.0], [0.0, 0.0, 0.0, 1.0]], "dcmmeta_shape": [100, 100, 72], "dcmmeta_slice_dim": 2, "dcmmeta_version": 0.6, "global": {"const": {"AcquisitionMatrix": [0, 100, 100, 0], "AcquisitionNumber": 1, "AngioFlag": "N", "BitsAllocated": 16, "BitsStored": 12, "BodyPartExamined": "BRAIN", "Columns": 100, "EchoNumbers": 2, "EchoTime": 7.38, "EchoTrainLength": 0, "FlipAngle": 60.0, "HighBit": 11, "ImageOrientationPatient": [0.99999999760788, -7.34953596e-06, -6.87765749e-05, -4.855e-12, 0.99433879142033, -0.1062561427719], "ImageType": ["ORIGINAL", "PRIMARY", "P", "ND"], "ImagedNucleus": "1H", "ImagingFrequency": 123.257763, "InPlanePhaseEncodingDirection": "ROW", "MRAcquisitionType": "2D", "MagneticFieldStrength": 3.0, "Manufacturer": "SIEMENS", "ManufacturerModelName": "Prisma", "Modality": "MR", "NumberOfAverages": 1.0, "NumberOfPhaseEncodingSteps": 100, "PercentPhaseFieldOfView": 100.0, "PercentSampling": 100.0, "PerformedProcedureStepStartTime": "151925.678000", "PhotometricInterpretation": "MONOCHROME2", "PixelBandwidth": 570.0, "PixelRepresentation": 0, "PixelSpacing": [2.0, 2.0], "ProtocolName": "field_mapping_2x2x2", "RepetitionTime": 720.0, "RescaleIntercept": -4096.0, "RescaleSlope": 2.0, "RescaleType": "US", "Rows": 100, "SAR": 0.13538339387443, "SamplesPerPixel": 1, "ScanningSequence": "GR", "SequenceName": "*fm2d2r", "SequenceVariant": "SP", "SeriesDescription": "field_mapping_2x2x2", "SeriesNumber": 11, "SeriesTime": "160909.934000", "SliceThickness": 2.0, "SoftwareVersions": "syngo MR E11", "SpacingBetweenSlices": 2.0, "SpecificCharacterSet": "ISO_IR 100", "StudyID": "1", "StudyTime": "151925.613000", "TransmitCoilName": "Body", "VariableFlipAngleFlag": "N", "WindowCenterWidthExplanation": "Algo1", "dBdt": 0.0}, "slices": {"AcquisitionTime": ["160644.995000", "160644.635000", "160645.005000", "160644.645000", "160645.015000", "160644.655000", "160645.025000", "160644.665000", "160645.035000", "160644.675000", "160645.045000", "160644.685000", "160645.055000", "160644.695000", "160645.065000", "160644.705000", "160645.075000", "160644.715000", "160645.085000", "160644.725000", "160645.095000", "160644.735000", "160645.105000", "160644.745000", "160645.115000", "160644.755000", "160645.125000", "160644.765000", "160645.135000", "160644.775000", "160645.145000", "160644.785000", "160645.155000", "160644.795000", "160645.165000", "160644.805000", "160645.175000", "160644.815000", "160645.185000", "160644.825000", "160645.195000", "160644.835000", "160645.205000", "160644.845000", "160645.215000", "160644.855000", "160645.225000", "160644.865000", "160645.235000", "160644.875000", "160645.245000", "160644.885000", "160645.255000", "160644.895000", "160645.265000", "160644.905000", "160645.275000", "160644.915000", "160645.285000", "160644.925000", "160645.295000", "160644.935000", "160645.305000", "160644.945000", "160645.315000", "160644.955000", "160645.325000", "160644.965000", "160645.335000", "160644.975000", "160645.345000", "160644.985000"], "ContentTime": ["160910.004000", "160909.936000", "160910.006000", "160909.938000", "160910.007000", "160909.940000", "160910.009000", "160909.942000", "160910.011000", "160909.944000", "160910.013000", "160909.945000", "160910.015000", "160909.947000", "160910.017000", "160909.949000", "160910.018000", "160909.951000", "160910.020000", "160909.953000", "160910.022000", "160909.955000", "160910.024000", "160909.957000", "160910.026000", "160909.959000", "160910.027000", "160909.961000", "160910.029000", "160909.963000", "160910.031000", "160909.964000", "160910.033000", "160909.966000", "160910.035000", "160909.968000", "160910.037000", "160909.970000", "160910.039000", "160909.972000", "160910.041000", "160909.974000", "160910.042000", "160909.976000", "160910.044000", "160909.977000", "160910.046000", "160909.979000", "160910.048000", "160909.981000", "160910.050000", "160909.983000", "160910.051000", "160909.985000", "160910.053000", "160909.987000", "160910.055000", "160909.988000", "160910.057000", "160909.990000", "160910.059000", "160909.992000", "160910.061000", "160909.994000", "160910.062000", "160909.996000", "160910.064000", "160909.997000", "160910.066000", "160910.000000", "160910.068000", "160910.002000"], "CsaImage.GSWDDataType": ["measured", "predicted", "measured", "predicted", "measured", "predicted", "measured", "predicted", "measured", "predicted", "measured", "predicted", "measured", "predicted", "measured", "predicted", "measured", "predicted", "measured", "predicted", "measured", "predicted", "measured", "predicted", "measured", "predicted", "measured", "predicted", "measured", "predicted", "measured", "predicted", "measured", "predicted", "measured", "predicted", "measured", "predicted", "measured", "predicted", "measured", "predicted", "measured", "predicted", "measured", "predicted", "measured", "predicted", "measured", "predicted", "measured", "predicted", "measured", "predicted", "measured", "predicted", "measured", "predicted", "measured", "predicted", "measured", "measured", "measured", "measured", "measured", "measured", "measured", "measured", "measured", "measured", "measured", "measured"], "CsaImage.ICE_Dims": ["X_2_1_1_1_1_1_37_1_1_1_1_146", "X_2_1_1_1_1_1_1_1_1_2_1_146", "X_2_1_1_1_1_1_38_1_1_3_1_146", "X_2_1_1_1_1_1_2_1_1_4_1_146", "X_2_1_1_1_1_1_39_1_1_5_1_146", "X_2_1_1_1_1_1_3_1_1_6_1_146", "X_2_1_1_1_1_1_40_1_1_7_1_146", "X_2_1_1_1_1_1_4_1_1_8_1_146", "X_2_1_1_1_1_1_41_1_1_9_1_146", "X_2_1_1_1_1_1_5_1_1_10_1_146", "X_2_1_1_1_1_1_42_1_1_11_1_146", "X_2_1_1_1_1_1_6_1_1_12_1_146", "X_2_1_1_1_1_1_43_1_1_13_1_146", "X_2_1_1_1_1_1_7_1_1_14_1_146", "X_2_1_1_1_1_1_44_1_1_15_1_146", "X_2_1_1_1_1_1_8_1_1_16_1_146", "X_2_1_1_1_1_1_45_1_1_17_1_146", "X_2_1_1_1_1_1_9_1_1_18_1_146", "X_2_1_1_1_1_1_46_1_1_19_1_146", "X_2_1_1_1_1_1_10_1_1_20_1_146", "X_2_1_1_1_1_1_47_1_1_21_1_146", "X_2_1_1_1_1_1_11_1_1_22_1_146", "X_2_1_1_1_1_1_48_1_1_23_1_146", "X_2_1_1_1_1_1_12_1_1_24_1_146", "X_2_1_1_1_1_1_49_1_1_25_1_146", "X_2_1_1_1_1_1_13_1_1_26_1_146", "X_2_1_1_1_1_1_50_1_1_27_1_146", "X_2_1_1_1_1_1_14_1_1_28_1_146", "X_2_1_1_1_1_1_51_1_1_29_1_146", "X_2_1_1_1_1_1_15_1_1_30_1_146", "X_2_1_1_1_1_1_52_1_1_31_1_146", "X_2_1_1_1_1_1_16_1_1_32_1_146", "X_2_1_1_1_1_1_53_1_1_33_1_146", "X_2_1_1_1_1_1_17_1_1_34_1_146", "X_2_1_1_1_1_1_54_1_1_35_1_146", "X_2_1_1_1_1_1_18_1_1_36_1_146", "X_2_1_1_1_1_1_55_1_1_37_1_146", "X_2_1_1_1_1_1_19_1_1_38_1_146", "X_2_1_1_1_1_1_56_1_1_39_1_146", "X_2_1_1_1_1_1_20_1_1_40_1_146", "X_2_1_1_1_1_1_57_1_1_41_1_146", "X_2_1_1_1_1_1_21_1_1_42_1_146", "X_2_1_1_1_1_1_58_1_1_43_1_146", "X_2_1_1_1_1_1_22_1_1_44_1_146", "X_2_1_1_1_1_1_59_1_1_45_1_146", "X_2_1_1_1_1_1_23_1_1_46_1_146", "X_2_1_1_1_1_1_60_1_1_47_1_146", "X_2_1_1_1_1_1_24_1_1_48_1_146", "X_2_1_1_1_1_1_61_1_1_49_1_146", "X_2_1_1_1_1_1_25_1_1_50_1_146", "X_2_1_1_1_1_1_62_1_1_51_1_146", "X_2_1_1_1_1_1_26_1_1_52_1_146", "X_2_1_1_1_1_1_63_1_1_53_1_146", "X_2_1_1_1_1_1_27_1_1_54_1_146", "X_2_1_1_1_1_1_64_1_1_55_1_146", "X_2_1_1_1_1_1_28_1_1_56_1_146", "X_2_1_1_1_1_1_65_1_1_57_1_146", "X_2_1_1_1_1_1_29_1_1_58_1_146", "X_2_1_1_1_1_1_66_1_1_59_1_146", "X_2_1_1_1_1_1_30_1_1_60_1_146", "X_2_1_1_1_1_1_67_1_1_61_1_146", "X_2_1_1_1_1_1_31_1_1_62_1_146", "X_2_1_1_1_1_1_68_1_1_63_1_146", "X_2_1_1_1_1_1_32_1_1_64_1_146", "X_2_1_1_1_1_1_69_1_1_65_1_146", "X_2_1_1_1_1_1_33_1_1_66_1_146", "X_2_1_1_1_1_1_70_1_1_67_1_146", "X_2_1_1_1_1_1_34_1_1_68_1_146", "X_2_1_1_1_1_1_71_1_1_69_1_146", "X_2_1_1_1_1_1_35_1_1_70_1_146", "X_2_1_1_1_1_1_72_1_1_71_1_146", "X_2_1_1_1_1_1_36_1_1_72_1_146"], "CsaImage.ProtocolSliceNumber": [0, 1, 2, 3, 4, 5, 6, 7, 8, 9, 10, 11, 12, 13, 14, 15, 16, 17, 18, 19, 20, 21, 22, 23, 24, 25, 26, 27, 28, 29, 30, 31, 32, 33, 34, 35, 36, 37, 38, 39, 40, 41, 42, 43, 44, 45, 46, 47, 48, 49, 50, 51, 52, 53, 54, 55, 56, 57, 58, 59, 60, 61, 62, 63, 64, 65, 66, 67, 68, 69, 70, 71], "CsaImage.RFSWDDataType": ["measured", "predicted", "measured", "predicted", "measured", "predicted", "measured", "predicted", "measured", "predicted", "measured", "predicted", "measured", "predicted", "measured", "predicted", "measured", "predicted", "measured", "predicted", "measured", "predicted", "measured", "predicted", "measured", "predicted", "measured", "predicted", "measured", "predicted", "measured", "predicted", "measured", "predicted", "measured", "predicted", "measured", "predicted", "measured", "predicted", "measured", "predicted", "measured", "predicted", "measured", "predicted", "measured", "predicted", "measured", "predicted", "measured", "predicted", "measured", "predicted", "measured", "predicted", "measured", "measured", "measured", "measured", "measured", "measured", "measured", "measured", "measured", "measured", "measured", "measured", "measured", "measured", "measured", "measured"], "CsaImage.SlicePosition_PCS": [[-100.02751973, -115.12708054, -58.11508192], [-100.02738139, -114.91456852, -56.12640394], [-100.02724306, -114.7020565, -54.13772596], [-100.02710472, -114.48954449, -52.14904798], [-100.02696639, -114.27703152, -50.16037], [-100.02682805, -114.0645195, -48.17169203], [-100.02668971, -113.85200748, -46.18301405], [-100.02655138, -113.63949451, -44.19433607], [-100.02641304, -113.4269825, -42.20565809], [-100.0262747, -113.21447048, -40.21698011], [-100.02613637, -113.00195847, -38.22830213], [-100.02599803, -112.7894455, -36.23962415], [-100.0258597, -112.57693348, -34.25094618], [-100.02572136, -112.36442146, -32.26227201], [-100.02558302, -112.15190945, -30.27359403], [-100.02544469, -111.93939648, -28.28491605], [-100.02530635, -111.72688446, -26.29623808], [-100.02516801, -111.51437244, -24.3075601], [-100.02502968, -111.30185947, -22.31888212], [-100.02489134, -111.08934746, -20.33020414], [-100.024753, -110.87683544, -18.34152807], [-100.02461467, -110.66432343, -16.35285009], [-100.02447633, -110.45181046, -14.36417211], [-100.024338, -110.23929844, -12.37549413], [-100.02419966, -110.02678642, -10.38681616], [-100.02406132, -109.81427345, -8.39814008], [-100.02392299, -109.60176144, -6.40946211], [-100.02378465, -109.38924942, -4.42078413], [-100.02364631, -109.1767374, -2.4321071], [-100.02350798, -108.96422443, -0.44342912], [-100.02336964, -108.75171242, 1.5452479], [-100.02323131, -108.5392004, 3.53392588], [-100.02309297, -108.32668839, 5.52260338], [-100.02295463, -108.11417542, 7.51128112], [-100.0228163, -107.9016634, 9.49995862], [-100.02267796, -107.68915138, 11.48863624], [-100.02253962, -107.47663841, 13.47731386], [-100.02240129, -107.2641264, 15.46599137], [-100.02226295, -107.05161438, 17.45466887], [-100.02212462, -106.83910189, 19.44334685], [-100.02198628, -106.62658987, 21.43202387], [-100.02184794, -106.41407738, 23.42070185], [-100.02170961, -106.20156488, 25.40937887], [-100.02157127, -105.98905287, 27.39805781], [-100.02143293, -105.77654038, 29.38673388], [-100.0212946, -105.56402836, 31.37541186], [-100.02115626, -105.35151587, 33.36408984], [-100.02101792, -105.13900385, 35.35276781], [-100.02087959, -104.92649136, 37.34144388], [-100.02074125, -104.71397934, 39.33012186], [-100.02060292, -104.50146685, 41.31879984], [-100.02046458, -104.28895435, 43.30747591], [-100.02032624, -104.07644234, 45.29615389], [-100.02018791, -103.86392984, 47.28483187], [-100.02004957, -103.65141783, 49.27350985], [-100.01991123, -103.43890533, 51.26218783], [-100.0197729, -103.22639308, 53.25086581], [-100.01963456, -103.01388083, 55.23954378], [-100.01949623, -102.80136857, 57.22822176], [-100.01935789, -102.58885632, 59.21689974], [-100.01921955, -102.37634406, 61.2055739], [-100.01908122, -102.16383181, 63.19425188], [-100.01894288, -101.95131955, 65.18292986], [-100.01880454, -101.7388073, 67.17160784], [-100.01866621, -101.5262948, 69.16028582], [-100.01852787, -101.31378267, 71.1489638], [-100.01838953, -101.10127029, 73.13764178], [-100.0182512, -100.88875804, 75.12631975], [-100.01811286, -100.67624579, 77.11499773], [-100.01797453, -100.46373353, 79.10367571], [-100.01783619, -100.25122122, 81.09235369], [-100.01769785, -100.03870896, 83.08103167]], "CsaImage.TimeAfterStart": [1.0825, 0.7225, 1.0925, 0.7325, 1.1025, 0.7425, 1.1125, 0.7525, 1.1225, 0.7625, 1.1325, 0.7725, 1.1425, 0.7825, 1.1525, 0.7925, 1.1625, 0.8025, 1.1725, 0.8125, 1.1825, 0.8225, 1.1925, 0.8325, 1.2025, 0.8425, 1.2125, 0.8525, 1.2225, 0.8625, 1.2325, 0.8725, 1.2425, 0.8825, 1.2525, 0.8925, 1.2625, 0.9025, 1.2725, 0.9125, 1.2825, 0.9225, 1.2925, 0.9325, 1.3025, 0.9425, 1.3125, 0.9525, 1.3225, 0.9625, 1.3325, 0.9725, 1.3425, 0.9825, 1.3525, 0.9925, 1.3625, 1.0025, 1.3725, 1.0125, 1.3825, 1.0225, 1.3925, 1.0325, 1.4025, 1.0425, 1.4125, 1.0525, 1.4225, 1.0625, 1.4325, 1.0725], "ImagePositionPatient": [[-100.02751973143, -115.1270805364, -58.115081917859], [-100.02738139464, -114.9145685201, -56.126403939343], [-100.02724305785, -114.70205650381, -54.137725960828], [-100.02710472292, -114.48954448751, -52.149047982312], [-100.02696638613, -114.27703151754, -50.160370003797], [-100.02682804933, -114.06451950124, -48.171692025281], [-100.02668971254, -113.85200748495, -46.183014046765], [-100.02655137761, -113.63949451497, -44.19433606825], [-100.02641304082, -113.42698249868, -42.205658089734], [-100.02627470403, -113.21447048238, -40.216980111218], [-100.0261363691, -113.00195846609, -38.228302132703], [-100.0259980323, -112.78944549612, -36.239624154187], [-100.02585969551, -112.57693347982, -34.250946175672], [-100.02572135872, -112.36442146352, -32.262272011853], [-100.02558302379, -112.15190944723, -30.273594033338], [-100.025444687, -111.93939647726, -28.284916054822], [-100.0253063502, -111.72688446096, -26.296238076306], [-100.02516801341, -111.51437244466, -24.307560097791], [-100.02502967848, -111.30185947469, -22.318882119275], [-100.02489134169, -111.0893474584, -20.330204140759], [-100.0247530049, -110.8768354421, -18.341528069592], [-100.0246146681, -110.6643234258, -16.352850091077], [-100.02447633317, -110.45181045583, -14.364172112561], [-100.02433799638, -110.23929843954, -12.375494134046], [-100.02419965959, -110.02678642324, -10.38681615553], [-100.0240613228, -109.81427345327, -8.398140084363], [-100.02392298787, -109.60176143697, -6.4094621058473], [-100.02378465107, -109.38924942068, -4.4207841273317], [-100.02364631428, -109.17673740438, -2.4321071024904], [-100.02350797935, -108.96422443441, -0.4434291239748], [-100.02336964256, -108.75171241811, 1.5452479008665], [-100.02323130577, -108.53920040182, 3.5339258793822], [-100.02309296897, -108.32668838552, 5.5226033810606], [-100.02295463404, -108.11417541555, 7.5112811211577], [-100.02281629725, -107.90166339925, 9.4999586228361], [-100.02267796046, -107.68915138296, 11.488636243724], [-100.02253962367, -107.47663841299, 13.477313864612], [-100.02240128874, -107.26412639669, 15.46599136629], [-100.02226295194, -107.05161438039, 17.454668867969], [-100.02212461515, -106.83910188726, 19.443346846484], [-100.02198627836, -106.62658987096, 21.432023871326], [-100.02184794343, -106.41407737783, 23.420701849841], [-100.02170960664, -106.2015648847, 25.409378874682], [-100.02157126984, -105.9890528684, 27.398057806872], [-100.02143293305, -105.77654037527, 29.386733878039], [-100.02129459812, -105.56402835897, 31.375411856555], [-100.02115626133, -105.35151586584, 33.364089835071], [-100.02101792453, -105.13900384954, 35.352767813586], [-100.0208795896, -104.92649135641, 37.341443884753], [-100.02074125281, -104.71397934011, 39.330121863269], [-100.02060291602, -104.50146684698, 41.318799841784], [-100.02046457923, -104.28895435384, 43.307475912951], [-100.0203262443, -104.07644233755, 45.296153891467], [-100.0201879075, -103.86392984441, 47.284831869983], [-100.02004957071, -103.65141782812, 49.273509848498], [-100.01991123392, -103.43890533498, 51.262187827014], [-100.01977289899, -103.22639308027, 53.25086580553], [-100.0196345622, -103.01388082555, 55.239543784045], [-100.0194962254, -102.80136857084, 57.228221762561], [-100.01935788861, -102.58885631612, 59.216899741076], [-100.01921955368, -102.37634406141, 61.205573904895], [-100.01908121689, -102.16383180669, 63.19425188341], [-100.0189428801, -101.95131955198, 65.182929861926], [-100.0188045433, -101.73880729726, 67.171607840442], [-100.01866620837, -101.52629480413, 69.160285818957], [-100.01852787158, -101.31378266862, 71.148963797473], [-100.01838953479, -101.1012702947, 73.137641775989], [-100.01825119986, -100.88875803998, 75.126319754504], [-100.01811286307, -100.67624578527, 77.11499773302], [-100.01797452627, -100.46373353055, 79.103675711535], [-100.01783618948, -100.25122121623, 81.092353690051], [-100.01769785455, -100.03870896152, 83.081031668567]], "InstanceCreationTime": ["160910.004000", "160909.936000", "160910.006000", "160909.938000", "160910.007000", "160909.940000", "160910.009000", "160909.942000", "160910.011000", "160909.944000", "160910.013000", "160909.945000", "160910.015000", "160909.947000", "160910.017000", "160909.949000", "160910.018000", "160909.951000", "160910.020000", "160909.953000", "160910.022000", "160909.955000", "160910.024000", "160909.957000", "160910.026000", "160909.959000", "160910.027000", "160909.961000", "160910.029000", "160909.963000", "160910.031000", "160909.964000", "160910.033000", "160909.966000", "160910.035000", "160909.968000", "160910.037000", "160909.970000", "160910.039000", "160909.972000", "160910.041000", "160909.974000", "160910.042000", "160909.976000", "160910.044000", "160909.977000", "160910.046000", "160909.979000", "160910.048000", "160909.981000", "160910.050000", "160909.983000", "160910.051000", "160909.985000", "160910.053000", "160909.987000", "160910.055000", "160909.988000", "160910.057000", "160909.990000", "160910.059000", "160909.992000", "160910.061000", "160909.994000", "160910.062000", "160909.996000", "160910.064000", "160909.997000", "160910.066000", "160910.000000", "160910.068000", "160910.002000"], "InstanceNumber": [1, 2, 3, 4, 5, 6, 7, 8, 9, 10, 11, 12, 13, 14, 15, 16, 17, 18, 19, 20, 21, 22, 23, 24, 25, 26, 27, 28, 29, 30, 31, 32, 33, 34, 35, 36, 37, 38, 39, 40, 41, 42, 43, 44, 45, 46, 47, 48, 49, 50, 51, 52, 53, 54, 55, 56, 57, 58, 59, 60, 61, 62, 63, 64, 65, 66, 67, 68, 69, 70, 71, 72], "LargestImagePixelValue": [4094, 4093, 4091, 4095, 4093, 4094, 4094, 4092, 4094, 4093, 4095, 4094, 4094, 4094, 4094, 4095, 4092, 4091, 4092, 4091, 4090, 4090, 4088, 4094, 4093, 4094, 4089, 4084, 4092, 4093, 4094, 4075, 4081, 4085, 4094, 4088, 4085, 4058, 4077, 4095, 4095, 4092, 4090, 4093, 4092, 4090, 4091, 4092, 4094, 4093, 4094, 4094, 4094, 4094, 4094, 4093, 4091, 4094, 4094, 4092, 4095, 4093, 4094, 4092, 4093, 4094, 4093, 4095, 4094, 4094, 4093, 4095], "SliceLocation": [-70.025958374851, -68.025958005241, -66.025957635631, -64.025957266021, -62.025956795077, -60.025956425467, -58.025956055857, -56.025955584913, -54.025955215303, -52.025954845693, -50.025954476083, -48.025954005139, -46.025953635529, -44.025957059021, -42.025956689411, -40.025956218467, -38.025955848857, -36.025955479247, -34.025955008303, -32.025954638693, -30.025956165634, -28.025955796024, -26.02595532508, -24.02595495547, -22.02595458586, -20.025956011467, -18.025955641857, -16.025955272247, -14.025955850912, -12.025955379969, -10.025955958634, -8.025955589024, -6.0259556935517, -4.0259554596768, -2.0259555642045, -0.0259555501977, 1.9740445651428, 3.9740444606151, 5.9740443560874, 7.9740447763644, 9.974044197699, 11.974044617976, 13.974044089977, 15.974045407863, 17.974043931589, 19.974044301199, 21.974044721476, 23.974045091086, 25.974043614812, 27.974043984422, 29.974044404699, 31.974042928425, 33.974043298035, 35.974043718312, 37.974044087922, 39.974044508199, 41.974044903142, 43.974045298086, 45.974045693029, 47.974046087973, 49.974042689815, 51.974043084758, 53.974043479702, 55.974043874645, 57.974044294922, 59.974044677199, 61.974045084809, 63.974045479752, 65.974045874696, 67.974046269639, 69.974046670916, 71.974047065859], "SmallestImagePixelValue": [0, 0, 0, 0, 0, 0, 2, 3, 5, 0, 3, 0, 0, 2, 0, 0, 0, 1, 0, 0, 4, 0, 0, 1, 6, 16, 4, 7, 12, 5, 3, 12, 16, 1, 2, 1, 22, 0, 3, 1, 0, 1, 12, 0, 15, 0, 6, 0, 0, 0, 1, 0, 3, 0, 3, 0, 1, 2, 0, 6, 4, 3, 0, 0, 0, 0, 0, 1, 1, 1, 0, 0], "WindowCenter": [-328.0, -334.0, -312.0, -284.0, -280.0, -278.0, -304.0, -294.0, -252.0, -292.0, -258.0, -208.0, -210.0, -248.0, -308.0, -312.0, -340.0, -266.0, -228.0, -236.0, -264.0, -274.0, -264.0, -204.0, -152.0, -138.0, -164.0, -130.0, -276.0, -196.0, -260.0, -268.0, -260.0, -150.0, -126.0, -98.0, -54.0, -44.0, -70.0, -172.0, -26.0, -32.0, 0.0, -4.0, 30.0, 24.0, 42.0, 56.0, 22.0, 22.0, 16.0, -8.0, 4.0, -8.0, 6.0, -10.0, -20.0, -52.0, -36.0, -56.0, -72.0, -48.0, -54.0, -76.0, -44.0, -58.0, -72.0, -100.0, -142.0, -150.0, -200.0, -226.0], "WindowWidth": [6152.0, 6082.0, 6118.0, 6190.0, 6156.0, 6200.0, 6146.0, 6184.0, 6266.0, 6242.0, 6266.0, 6306.0, 6254.0, 6168.0, 6064.0, 5992.0, 5884.0, 5894.0, 5942.0, 5980.0, 5930.0, 5884.0, 5896.0, 5768.0, 5644.0, 5510.0, 5326.0, 5362.0, 4618.0, 4846.0, 4602.0, 4604.0, 4598.0, 5034.0, 5082.0, 5214.0, 5286.0, 5246.0, 5036.0, 4544.0, 5236.0, 5182.0, 5292.0, 5218.0, 5288.0, 5262.0, 5298.0, 5342.0, 5242.0, 5248.0, 5292.0, 5290.0, 5390.0, 5378.0, 5484.0, 5468.0, 5516.0, 5468.0, 5578.0, 5586.0, 5606.0, 5660.0, 5712.0, 5734.0, 5814.0, 5820.0, 5906.0, 5988.0, 6020.0, 6082.0, 6158.0, 6222.0]}}, "IntendedFor": ["ses-prf/func/sub-05_ses-prf_task-prf_run-02_bold.nii.gz", "ses-prf/func/sub-05_ses-prf_task-prf_run-10_bold.nii.gz", "ses-prf/func/sub-05_ses-prf_task-prf_run-06_bold.nii.gz", "ses-prf/func/sub-05_ses-prf_task-prf_run-09_bold.nii.gz", "ses-prf/func/sub-05_ses-prf_task-prf_run-04_bold.nii.gz", "ses-prf/func/sub-05_ses-prf_task-prf_run-08_bold.nii.gz", "ses-prf/func/sub-05_ses-prf_task-prf_run-07_bold.nii.gz", "ses-prf/func/sub-05_ses-prf_task-prf_run-05_bold.nii.gz", "ses-prf/func/sub-05_ses-prf_task-prf_run-03_bold.nii.gz", "ses-prf/func/sub-05_ses-prf_task-prf_run-01_bold.nii.gz"]}