{"AcquisitionMatrixPE": 100, "AcquisitionNumber": 1, "AcquisitionTime": "16:09:37.512500", "BaseResolution": 100, "BodyPartExamined": "BRAIN", "ConsistencyInfo": "N4_VE11C_LATEST_20160120", "ConversionSoftware": "dcm2niix", "ConversionSoftwareVersion": "v1.0.20180622 GCC4.9.2", "DeviceSerialNumber": "166078", "DwellTime": 8.8e-06, "EchoNumber": 2, "EchoTime": 0.00738, "EchoTime1": 0.00492, "EchoTime2": 0.00738, "FlipAngle": 60, "ImageOrientationPatientDICOM": [1, 0.000106368, 0.000574272, 1.67e-12, 0.983275, -0.182125], "ImageType": ["ORIGINAL", "PRIMARY", "P", "ND"], "InPlanePhaseEncodingDirectionDICOM": "ROW", "InstitutionAddress": "Street_StreetNo_Bei_Jing_District_CN_ZIP", "InstitutionName": "BeiJing_Normal_University", "InstitutionalDepartmentName": "Department", "MRAcquisitionType": "2D", "MagneticFieldStrength": 3, "Manufacturer": "Siemens", "ManufacturersModelName": "Prisma", "Modality": "MR", "PartialFourier": 1, "PatientPosition": "HFS", "PercentPhaseFOV": 100, "PhaseEncodingDirection": "i", "PhaseEncodingSteps": 100, "PhaseResolution": 1, "PixelBandwidth": 570, "ProcedureStepDescription": "BNU_P2018_64CH_Zhen.ZongLei", "ProtocolName": "field_mapping_2x2x2", "PulseSequenceDetails": "%SiemensSeq%_gre_field_mapping", "ReceiveCoilActiveElements": "HC1-7;NC1", "ReceiveCoilName": "HeadNeck_64", "ReconMatrixPE": 100, "RepetitionTime": 0.72, "SAR": 0.105487, "ScanningSequence": "GR", "SequenceName": "_fm2d2r", "SequenceVariant": "SP", "SeriesDescription": "field_mapping_2x2x2", "SeriesNumber": 9, "ShimSetting": [-5461, -11488, -1290, 294, -94, -291, -83, 26], "SliceThickness": 2, "SoftwareVersions": "syngo_MR_E11", "SpacingBetweenSlices": 2, "StationName": "AWP166078", "TxRefAmp": 235.543, "dcmmeta_affine": [[-1.9999996423721313, 3.3399999346123144e-12, 0.001168079674243927, 100.001708984375], [-0.0002127359330188483, 1.9665509462356567, -0.36424922943115234, -77.9105224609375], [0.0011485439026728272, 0.3642490804195404, 1.9665489196777344, -103.87022399902344], [0.0, 0.0, 0.0, 1.0]], "dcmmeta_reorient_transform": [[0.0, -1.0, 0.0, 99.0], [1.0, 0.0, 0.0, 0.0], [0.0, 0.0, -1.0, 71.0], [0.0, 0.0, 0.0, 1.0]], "dcmmeta_shape": [100, 100, 72], "dcmmeta_slice_dim": 2, "dcmmeta_version": 0.6, "global": {"const": {"AcquisitionMatrix": [0, 100, 100, 0], "AcquisitionNumber": 1, "AngioFlag": "N", "BitsAllocated": 16, "BitsStored": 12, "BodyPartExamined": "BRAIN", "Columns": 100, "EchoNumbers": 2, "EchoTime": 7.38, "EchoTrainLength": 0, "FlipAngle": 60.0, "HighBit": 11, "ImageOrientationPatient": [0.99999982944878, 0.00010636796929, 0.00057427193893, 1.67e-12, 0.98327546976355, -0.1821245468389], "ImageType": ["ORIGINAL", "PRIMARY", "P", "ND"], "ImagedNucleus": "1H", "ImagingFrequency": 123.25775, "InPlanePhaseEncodingDirection": "ROW", "MRAcquisitionType": "2D", "MagneticFieldStrength": 3.0, "Manufacturer": "SIEMENS", "ManufacturerModelName": "Prisma", "Modality": "MR", "NumberOfAverages": 1.0, "NumberOfPhaseEncodingSteps": 100, "PercentPhaseFieldOfView": 100.0, "PercentSampling": 100.0, "PerformedProcedureStepStartTime": "151951.028000", "PhotometricInterpretation": "MONOCHROME2", "PixelBandwidth": 570.0, "PixelRepresentation": 0, "PixelSpacing": [2.0, 2.0], "ProtocolName": "field_mapping_2x2x2", "RepetitionTime": 720.0, "RescaleIntercept": -4096.0, "RescaleSlope": 2.0, "RescaleType": "US", "Rows": 100, "SAR": 0.10548715792862, "SamplesPerPixel": 1, "ScanningSequence": "GR", "SequenceName": "*fm2d2r", "SequenceVariant": "SP", "SeriesDescription": "field_mapping_2x2x2", "SeriesNumber": 9, "SeriesTime": "161201.818000", "SliceThickness": 2.0, "SoftwareVersions": "syngo MR E11", "SpacingBetweenSlices": 2.0, "SpecificCharacterSet": "ISO_IR 100", "StudyID": "1", "StudyTime": "151950.955000", "TransmitCoilName": "Body", "VariableFlipAngleFlag": "N", "WindowCenterWidthExplanation": "Algo1", "dBdt": 0.0}, "slices": {"AcquisitionTime": ["160937.512500", "160937.152500", "160937.522500", "160937.162500", "160937.532500", "160937.172500", "160937.542500", "160937.182500", "160937.552500", "160937.192500", "160937.562500", "160937.202500", "160937.572500", "160937.212500", "160937.582500", "160937.222500", "160937.592500", "160937.232500", "160937.602500", "160937.242500", "160937.612500", "160937.252500", "160937.622500", "160937.262500", "160937.632500", "160937.272500", "160937.642500", "160937.282500", "160937.652500", "160937.292500", "160937.662500", "160937.302500", "160937.672500", "160937.312500", "160937.682500", "160937.322500", "160937.692500", "160937.332500", "160937.702500", "160937.342500", "160937.712500", "160937.352500", "160937.722500", "160937.362500", "160937.732500", "160937.372500", "160937.742500", "160937.382500", "160937.752500", "160937.392500", "160937.762500", "160937.402500", "160937.772500", "160937.412500", "160937.782500", "160937.422500", "160937.792500", "160937.432500", "160937.802500", "160937.442500", "160937.812500", "160937.452500", "160937.822500", "160937.462500", "160937.832500", "160937.472500", "160937.842500", "160937.482500", "160937.852500", "160937.492500", "160937.862500", "160937.502500"], "ContentTime": ["161202.036000", "161201.821000", "161202.038000", "161201.965000", "161202.040000", "161201.967000", "161202.042000", "161201.969000", "161202.044000", "161201.971000", "161202.046000", "161201.973000", "161202.048000", "161201.975000", "161202.050000", "161201.977000", "161202.052000", "161201.979000", "161202.054000", "161201.981000", "161202.056000", "161201.983000", "161202.058000", "161201.985000", "161202.061000", "161201.987000", "161202.063000", "161201.989000", "161202.065000", "161201.991000", "161202.068000", "161201.993000", "161202.072000", "161201.995000", "161202.074000", "161201.997000", "161202.076000", "161202.000000", "161202.078000", "161202.002000", "161202.080000", "161202.004000", "161202.083000", "161202.006000", "161202.085000", "161202.008000", "161202.088000", "161202.010000", "161202.090000", "161202.012000", "161202.092000", "161202.014000", "161202.093000", "161202.017000", "161202.097000", "161202.019000", "161202.099000", "161202.021000", "161202.100000", "161202.023000", "161202.103000", "161202.025000", "161202.116000", "161202.026000", "161202.119000", "161202.028000", "161202.121000", "161202.030000", "161202.123000", "161202.032000", "161202.125000", "161202.034000"], "CsaImage.GSWDDataType": ["measured", "predicted", "measured", "predicted", "measured", "predicted", "measured", "predicted", "measured", "predicted", "measured", "predicted", "measured", "predicted", "measured", "predicted", "measured", "predicted", "measured", "predicted", "measured", "predicted", "measured", "predicted", "measured", "predicted", "measured", "predicted", "measured", "predicted", "measured", "predicted", "measured", "predicted", "measured", "predicted", "measured", "predicted", "measured", "predicted", "measured", "predicted", "measured", "predicted", "measured", "predicted", "measured", "predicted", "measured", "predicted", "measured", "predicted", "measured", "predicted", "measured", "predicted", "measured", "predicted", "measured", "predicted", "measured", "predicted", "measured", "predicted", "measured", "predicted", "measured", "measured", "measured", "measured", "measured", "measured"], "CsaImage.ICE_Dims": ["X_2_1_1_1_1_1_37_1_1_1_1_142", "X_2_1_1_1_1_1_1_1_1_2_1_142", "X_2_1_1_1_1_1_38_1_1_3_1_142", "X_2_1_1_1_1_1_2_1_1_4_1_142", "X_2_1_1_1_1_1_39_1_1_5_1_142", "X_2_1_1_1_1_1_3_1_1_6_1_142", "X_2_1_1_1_1_1_40_1_1_7_1_142", "X_2_1_1_1_1_1_4_1_1_8_1_142", "X_2_1_1_1_1_1_41_1_1_9_1_142", "X_2_1_1_1_1_1_5_1_1_10_1_142", "X_2_1_1_1_1_1_42_1_1_11_1_142", "X_2_1_1_1_1_1_6_1_1_12_1_142", "X_2_1_1_1_1_1_43_1_1_13_1_142", "X_2_1_1_1_1_1_7_1_1_14_1_142", "X_2_1_1_1_1_1_44_1_1_15_1_142", "X_2_1_1_1_1_1_8_1_1_16_1_142", "X_2_1_1_1_1_1_45_1_1_17_1_142", "X_2_1_1_1_1_1_9_1_1_18_1_142", "X_2_1_1_1_1_1_46_1_1_19_1_142", "X_2_1_1_1_1_1_10_1_1_20_1_142", "X_2_1_1_1_1_1_47_1_1_21_1_142", "X_2_1_1_1_1_1_11_1_1_22_1_142", "X_2_1_1_1_1_1_48_1_1_23_1_142", "X_2_1_1_1_1_1_12_1_1_24_1_142", "X_2_1_1_1_1_1_49_1_1_25_1_142", "X_2_1_1_1_1_1_13_1_1_26_1_142", "X_2_1_1_1_1_1_50_1_1_27_1_142", "X_2_1_1_1_1_1_14_1_1_28_1_142", "X_2_1_1_1_1_1_51_1_1_29_1_142", "X_2_1_1_1_1_1_15_1_1_30_1_142", "X_2_1_1_1_1_1_52_1_1_31_1_142", "X_2_1_1_1_1_1_16_1_1_32_1_142", "X_2_1_1_1_1_1_53_1_1_33_1_142", "X_2_1_1_1_1_1_17_1_1_34_1_142", "X_2_1_1_1_1_1_54_1_1_35_1_142", "X_2_1_1_1_1_1_18_1_1_36_1_142", "X_2_1_1_1_1_1_55_1_1_37_1_142", "X_2_1_1_1_1_1_19_1_1_38_1_142", "X_2_1_1_1_1_1_56_1_1_39_1_142", "X_2_1_1_1_1_1_20_1_1_40_1_142", "X_2_1_1_1_1_1_57_1_1_41_1_142", "X_2_1_1_1_1_1_21_1_1_42_1_142", "X_2_1_1_1_1_1_58_1_1_43_1_142", "X_2_1_1_1_1_1_22_1_1_44_1_142", "X_2_1_1_1_1_1_59_1_1_45_1_142", "X_2_1_1_1_1_1_23_1_1_46_1_142", "X_2_1_1_1_1_1_60_1_1_47_1_142", "X_2_1_1_1_1_1_24_1_1_48_1_142", "X_2_1_1_1_1_1_61_1_1_49_1_142", "X_2_1_1_1_1_1_25_1_1_50_1_142", "X_2_1_1_1_1_1_62_1_1_51_1_142", "X_2_1_1_1_1_1_26_1_1_52_1_142", "X_2_1_1_1_1_1_63_1_1_53_1_142", "X_2_1_1_1_1_1_27_1_1_54_1_142", "X_2_1_1_1_1_1_64_1_1_55_1_142", "X_2_1_1_1_1_1_28_1_1_56_1_142", "X_2_1_1_1_1_1_65_1_1_57_1_142", "X_2_1_1_1_1_1_29_1_1_58_1_142", "X_2_1_1_1_1_1_66_1_1_59_1_142", "X_2_1_1_1_1_1_30_1_1_60_1_142", "X_2_1_1_1_1_1_67_1_1_61_1_142", "X_2_1_1_1_1_1_31_1_1_62_1_142", "X_2_1_1_1_1_1_68_1_1_63_1_142", "X_2_1_1_1_1_1_32_1_1_64_1_142", "X_2_1_1_1_1_1_69_1_1_65_1_142", "X_2_1_1_1_1_1_33_1_1_66_1_142", "X_2_1_1_1_1_1_70_1_1_67_1_142", "X_2_1_1_1_1_1_34_1_1_68_1_142", "X_2_1_1_1_1_1_71_1_1_69_1_142", "X_2_1_1_1_1_1_35_1_1_70_1_142", "X_2_1_1_1_1_1_72_1_1_71_1_142", "X_2_1_1_1_1_1_36_1_1_72_1_142"], "CsaImage.ProtocolSliceNumber": [0, 1, 2, 3, 4, 5, 6, 7, 8, 9, 10, 11, 12, 13, 14, 15, 16, 17, 18, 19, 20, 21, 22, 23, 24, 25, 26, 27, 28, 29, 30, 31, 32, 33, 34, 35, 36, 37, 38, 39, 40, 41, 42, 43, 44, 45, 46, 47, 48, 49, 50, 51, 52, 53, 54, 55, 56, 57, 58, 59, 60, 61, 62, 63, 64, 65, 66, 67, 68, 69, 70, 71], "CsaImage.RFSWDDataType": ["measured", "predicted", "measured", "predicted", "measured", "predicted", "measured", "predicted", "measured", "predicted", "measured", "predicted", "measured", "predicted", "measured", "predicted", "measured", "predicted", "measured", "predicted", "measured", "predicted", "measured", "predicted", "measured", "predicted", "measured", "predicted", "measured", "predicted", "measured", "predicted", "measured", "predicted", "measured", "predicted", "measured", "predicted", "measured", "predicted", "measured", "predicted", "measured", "predicted", "measured", "predicted", "measured", "predicted", "measured", "predicted", "measured", "predicted", "measured", "predicted", "measured", "predicted", "measured", "predicted", "measured", "predicted", "measured", "predicted", "measured", "measured", "measured", "measured", "measured", "measured", "measured", "measured", "measured", "measured"], "CsaImage.SlicePosition_PCS": [[-100.00170989, -116.77800311, -67.80967893], [-100.00287797, -116.41375483, -65.8431262], [-100.00404605, -116.04950656, -63.87658109], [-100.00521413, -115.68525637, -61.91002836], [-100.00638221, -115.3210081, -59.94347562], [-100.00755029, -114.95675792, -57.97693052], [-100.00871837, -114.59250964, -56.01037778], [-100.00988645, -114.22826041, -54.04382505], [-100.01105452, -113.86401118, -52.07727231], [-100.0122226, -113.49976291, -50.11072721], [-100.01339068, -113.13551368, -48.14417448], [-100.01455876, -112.77126445, -46.17762174], [-100.01572684, -112.40701522, -44.21107282], [-100.01689492, -112.04276694, -42.2445239], [-100.018063, -111.67851771, -40.27797117], [-100.01923108, -111.31426848, -38.31142225], [-100.02039916, -110.95001925, -36.34486951], [-100.02156724, -110.58577002, -34.37832059], [-100.02273532, -110.22152175, -32.41176786], [-100.0239034, -109.85727252, -30.44521894], [-100.02507148, -109.49302329, -28.47866621], [-100.02623956, -109.12877406, -26.51211729], [-100.02740764, -108.76452483, -24.54556837], [-100.02857572, -108.40027655, -22.57901563], [-100.0297438, -108.03602732, -20.61246671], [-100.03091188, -107.6717781, -18.64591398], [-100.03207995, -107.30752887, -16.67936506], [-100.03324803, -106.94328059, -14.71281232], [-100.03441611, -106.57903136, -12.7462634], [-100.03558419, -106.21478213, -10.77971258], [-100.03675227, -105.8505329, -8.81316175], [-100.03792035, -105.48628415, -6.84661092], [-100.03908843, -105.12203492, -4.8800601], [-100.04025651, -104.75778617, -2.91350927], [-100.04142459, -104.39353694, -0.94695844], [-100.04259267, -104.02928819, 1.01959048], [-100.04376075, -103.66503896, 2.98614226], [-100.04492883, -103.30078973, 4.95269213], [-100.04609691, -102.93654097, 6.91924296], [-100.04726499, -102.57229174, 8.88579379], [-100.04843306, -102.20804275, 10.85234414], [-100.04960114, -101.84379376, 12.81889496], [-100.05076922, -101.47954477, 14.78544555], [-100.0519373, -101.11529578, 16.75199614], [-100.05310538, -100.75104679, 18.71854667], [-100.05427346, -100.3867978, 20.68509732], [-100.05544154, -100.02254869, 22.65164815], [-100.05660962, -99.6582997, 24.6181985], [-100.0577777, -99.29405065, 26.58474932], [-100.05894578, -98.9298016, 28.55130015], [-100.06011386, -98.56555258, 30.51785002], [-100.06128194, -98.20130355, 32.48440085], [-100.06245002, -97.8370545, 34.45095072], [-100.0636181, -97.47280551, 36.41750155], [-100.06478618, -97.10855652, 38.38405238], [-100.06595426, -96.74430741, 40.3506032], [-100.06712234, -96.38005842, 42.31715403], [-100.06829042, -96.01580943, 44.28370486], [-100.0694585, -95.65156044, 46.25025569], [-100.07062657, -95.28731145, 48.21680651], [-100.07179465, -94.92306222, 50.18335543], [-100.07296273, -94.55881323, 52.14990817], [-100.07413081, -94.19456424, 54.11645709], [-100.07529889, -93.83031548, 56.08300982], [-100.07646697, -93.46606625, 58.04955874], [-100.07763505, -93.10181702, 60.01610766], [-100.07880313, -92.73756827, 61.98266039], [-100.07997121, -92.37331904, 63.94920931], [-100.08113929, -92.00907029, 65.91576205], [-100.08230737, -91.64482106, 67.88231097], [-100.08347545, -91.28057231, 69.8488637], [-100.08464353, -90.91632308, 71.81541262]], "CsaImage.TimeAfterStart": [1.0825, 0.7225, 1.0925, 0.7325, 1.1025, 0.7425, 1.1125, 0.7525, 1.1225, 0.7625, 1.1325, 0.7725, 1.1425, 0.7825, 1.1525, 0.7925, 1.1625, 0.8025, 1.1725, 0.8125, 1.1825, 0.8225, 1.1925, 0.8325, 1.2025, 0.8425, 1.2125, 0.8525, 1.2225, 0.8625, 1.2325, 0.8725, 1.2425, 0.8825, 1.2525, 0.8925, 1.2625, 0.9025, 1.2725, 0.9125, 1.2825, 0.9225, 1.2925, 0.9325, 1.3025, 0.9425, 1.3125, 0.9525, 1.3225, 0.9625, 1.3325, 0.9725, 1.3425, 0.9825, 1.3525, 0.9925, 1.3625, 1.0025, 1.3725, 1.0125, 1.3825, 1.0225, 1.3925, 1.0325, 1.4025, 1.0425, 1.4125, 1.0525, 1.4225, 1.0625, 1.4325, 1.0725], "ImagePositionPatient": [[-100.00170988974, -116.77800310922, -67.809678930903], [-100.00287796918, -116.41375483346, -65.843126196528], [-100.00404604839, -116.04950655771, -63.876581091547], [-100.00521412807, -115.6852563746, -61.910028357172], [-100.00638220728, -115.32100809885, -59.943475622797], [-100.00755028695, -114.95675791574, -57.976930517817], [-100.00871836616, -114.59250963998, -56.010377783442], [-100.00988644583, -114.22826041055, -54.043825049067], [-100.01105452458, -113.86401118112, -52.077272314692], [-100.01222260425, -113.49976290536, -50.110727209711], [-100.01339068392, -113.13551367593, -48.144174475336], [-100.0145587636, -112.7712644465, -46.177621740961], [-100.01572684327, -112.40701521707, -44.211072821284], [-100.01689492295, -112.04276694131, -42.244523901606], [-100.01806300076, -111.67851771188, -40.277971167231], [-100.01923108043, -111.31426848245, -38.311422247553], [-100.02039916011, -110.95001925302, -36.344869513178], [-100.02156723978, -110.58577002359, -34.3783205935], [-100.02273531946, -110.22152174783, -32.411767859125], [-100.02390339913, -109.8572725184, -30.445218939448], [-100.0250714788, -109.49302328897, -28.478666205073], [-100.02623955662, -109.12877405954, -26.512117285395], [-100.02740763629, -108.76452483011, -24.545568365717], [-100.02857571596, -108.40027655435, -22.579015631342], [-100.02974379564, -108.03602732492, -20.612466711664], [-100.03091187531, -107.67177809549, -18.645913977289], [-100.03207995312, -107.30752886606, -16.679365057612], [-100.0332480328, -106.9432805903, -14.712812323237], [-100.03441611247, -106.57903136087, -12.746263403559], [-100.03558419215, -106.21478213144, -10.779712576533], [-100.03675227182, -105.85053290201, -8.8131617495063], [-100.0379203515, -105.48628414941, -6.8466109224799], [-100.03908843117, -105.12203491998, -4.8800600954535], [-100.04025651084, -104.75778616739, -2.9135092684272], [-100.04142459052, -104.39353693796, -0.9469584414008], [-100.04259267019, -104.02928818536, 1.0195904782769], [-100.04376074987, -103.66503895593, 2.9861422589776], [-100.04492882954, -103.3007897265, 4.9526921323297], [-100.04609690549, -102.93654097391, 6.9192429593561], [-100.04726498516, -102.57229174448, 8.8857937863824], [-100.04843306484, -102.20804275346, 10.852344136572], [-100.04960114451, -101.84379376245, 12.818894963598], [-100.05076922419, -101.47954477144, 14.785445552206], [-100.05193730386, -101.11529578043, 16.751996140814], [-100.05310538354, -100.75104678941, 18.718546669817], [-100.05427346321, -100.3867977984, 20.685097318029], [-100.05544154288, -100.02254868818, 22.651648145056], [-100.05660962256, -99.658299697165, 24.618198495245], [-100.05777770223, -99.294050646548, 26.584749322271], [-100.05894578191, -98.929801595931, 28.551300149297], [-100.06011386158, -98.565552575116, 30.51785002265], [-100.06128194126, -98.201303554301, 32.484400849676], [-100.0624500172, -97.837054503684, 34.450950723028], [-100.0636181006, -97.472805512671, 36.417501550054], [-100.06478618028, -97.108556521659, 38.384052377081], [-100.06595425995, -96.744307411437, 40.350603204107], [-100.06712233963, -96.380058420424, 42.317154031133], [-100.0682904193, -96.015809429412, 44.28370485816], [-100.06945849897, -95.651560438399, 46.250255685186], [-100.0706265712, -95.287311447387, 48.216806512213], [-100.07179465087, -94.923062217956, 50.18335543189], [-100.07296273055, -94.558813226943, 52.149908166265], [-100.07413081022, -94.19456423593, 54.116457085943], [-100.0752988899, -93.830315483336, 56.083009820318], [-100.07646696957, -93.466066253905, 58.049558739996], [-100.07763504924, -93.101817024474, 60.016107659673], [-100.07880312892, -92.73756827188, 61.982660394048], [-100.07997120859, -92.373319042449, 63.949209313726], [-100.08113928827, -92.009070289855, 65.915762048101], [-100.08230736794, -91.644821060424, 67.882310967779], [-100.08347544762, -91.28057230783, 69.848863702154], [-100.08464352729, -90.916323078399, 71.815412621832]], "InstanceCreationTime": ["161202.036000", "161201.821000", "161202.038000", "161201.965000", "161202.040000", "161201.967000", "161202.042000", "161201.969000", "161202.044000", "161201.971000", "161202.046000", "161201.973000", "161202.048000", "161201.975000", "161202.050000", "161201.977000", "161202.052000", "161201.979000", "161202.054000", "161201.981000", "161202.056000", "161201.983000", "161202.058000", "161201.985000", "161202.061000", "161201.987000", "161202.063000", "161201.989000", "161202.065000", "161201.991000", "161202.068000", "161201.993000", "161202.072000", "161201.995000", "161202.074000", "161201.997000", "161202.076000", "161202.000000", "161202.078000", "161202.002000", "161202.080000", "161202.004000", "161202.083000", "161202.006000", "161202.085000", "161202.008000", "161202.088000", "161202.010000", "161202.090000", "161202.012000", "161202.092000", "161202.014000", "161202.093000", "161202.017000", "161202.097000", "161202.019000", "161202.099000", "161202.021000", "161202.100000", "161202.023000", "161202.103000", "161202.025000", "161202.116000", "161202.026000", "161202.119000", "161202.028000", "161202.121000", "161202.030000", "161202.123000", "161202.032000", "161202.125000", "161202.034000"], "InstanceNumber": [1, 2, 3, 4, 5, 6, 7, 8, 9, 10, 11, 12, 13, 14, 15, 16, 17, 18, 19, 20, 21, 22, 23, 24, 25, 26, 27, 28, 29, 30, 31, 32, 33, 34, 35, 36, 37, 38, 39, 40, 41, 42, 43, 44, 45, 46, 47, 48, 49, 50, 51, 52, 53, 54, 55, 56, 57, 58, 59, 60, 61, 62, 63, 64, 65, 66, 67, 68, 69, 70, 71, 72], "LargestImagePixelValue": [4093, 4092, 4094, 4093, 4095, 4094, 4091, 4095, 4094, 4095, 4095, 4095, 4095, 4094, 4094, 4094, 4095, 4093, 4093, 4095, 4093, 4094, 4093, 4094, 4095, 4093, 4093, 4087, 4093, 4092, 4090, 4087, 4094, 4093, 4090, 4095, 4094, 4094, 4095, 4092, 4091, 4092, 4093, 4093, 4089, 4090, 4095, 4094, 4091, 4094, 4094, 4094, 4091, 4094, 4092, 4095, 4095, 4095, 4093, 4094, 4094, 4095, 4093, 4095, 4095, 4095, 4094, 4092, 4094, 4094, 4091, 4095], "SliceLocation": [-87.885314831889, -85.88531287492, -83.885318419747, -81.885316115403, -79.885314158435, -77.885319355887, -75.885317398918, -73.885315268262, -71.885313137607, -69.885318682433, -67.885316551777, -65.885314421121, -63.885316041362, -61.885317835291, -59.885315704636, -57.885317324878, -55.885315194222, -53.885316814463, -51.885314857494, -49.885316477736, -47.88531434708, -45.885315967322, -43.885317587564, -41.885315630595, -39.885317250837, -37.88531512018, -35.885316740423, -33.885314783454, -31.885316403696, -29.885316148488, -27.885315893281, -25.885315724918, -23.88531546971, -21.885315301347, -19.885315046139, -17.885316753225, -15.885315560293, -13.88531624281, -11.885316074448, -9.8853158192411, -7.8853160763178, -5.8853158645324, -3.885315887178, -1.8853159098237, 0.11468400892292, 2.1146840448851, 4.1146842783814, 6.1146840213047, 8.1146842439456, 10.114684466587, 12.114683746075, 14.114683963289, 16.114683248203, 18.114683459991, 20.114683671776, 22.114683905272, 24.114684117058, 26.114684328843, 28.114684540629, 30.11468475241, 32.114683132168, 34.114685219403, 36.114683555739, 38.114685599552, 40.11468397931, 42.114682359069, 44.114684402881, 46.11468278264, 48.114684826452, 50.114683206211, 52.114685250023, 54.114683629782], "SmallestImagePixelValue": [0, 1, 0, 0, 1, 1, 3, 0, 0, 1, 1, 0, 1, 0, 0, 1, 0, 0, 0, 0, 5, 0, 2, 3, 0, 0, 6, 4, 1, 0, 4, 7, 9, 4, 1, 5, 7, 0, 2, 1, 4, 0, 2, 0, 0, 2, 1, 0, 2, 0, 0, 3, 1, 3, 1, 0, 1, 5, 1, 1, 0, 0, 0, 0, 1, 0, 0, 1, 0, 0, 0, 2], "WindowCenter": [-254.0, -248.0, -228.0, -272.0, -250.0, -264.0, -276.0, -242.0, -222.0, -160.0, -132.0, -76.0, -86.0, -66.0, -40.0, -74.0, -226.0, -268.0, -284.0, -270.0, -256.0, -190.0, -228.0, -240.0, -266.0, -244.0, -184.0, -188.0, -186.0, -156.0, -158.0, -132.0, -164.0, -120.0, -78.0, -76.0, -94.0, -102.0, -110.0, -60.0, -102.0, -118.0, -86.0, -210.0, -204.0, -188.0, -50.0, -52.0, -70.0, -180.0, -188.0, -28.0, -72.0, -64.0, -28.0, -42.0, -34.0, -46.0, -74.0, -56.0, -50.0, -78.0, -84.0, -92.0, -78.0, -122.0, -136.0, -186.0, -200.0, -234.0, -282.0, -314.0], "WindowWidth": [6208.0, 6328.0, 6372.0, 6384.0, 6434.0, 6494.0, 6494.0, 6524.0, 6492.0, 6594.0, 6668.0, 6686.0, 6662.0, 6648.0, 6704.0, 6586.0, 6476.0, 6372.0, 6214.0, 6072.0, 5924.0, 5834.0, 5746.0, 5638.0, 5536.0, 5636.0, 5726.0, 5644.0, 5530.0, 5500.0, 5386.0, 5426.0, 5226.0, 5330.0, 5488.0, 5460.0, 5388.0, 5232.0, 5182.0, 5404.0, 5194.0, 5060.0, 5274.0, 4590.0, 4586.0, 4586.0, 5150.0, 5152.0, 5044.0, 4600.0, 4606.0, 5314.0, 5140.0, 5258.0, 5416.0, 5458.0, 5522.0, 5574.0, 5514.0, 5732.0, 5760.0, 5800.0, 5760.0, 5904.0, 5970.0, 6038.0, 6042.0, 6150.0, 6138.0, 6142.0, 6200.0, 6254.0]}}, "IntendedFor": ["ses-imagenet01/func/sub-15_ses-imagenet01_task-imagenet_run-03_bold.nii.gz", "ses-imagenet01/func/sub-15_ses-imagenet01_task-imagenet_run-01_bold.nii.gz", "ses-imagenet01/func/sub-15_ses-imagenet01_task-imagenet_run-07_bold.nii.gz", "ses-imagenet01/func/sub-15_ses-imagenet01_task-imagenet_run-08_bold.nii.gz", "ses-imagenet01/func/sub-15_ses-imagenet01_task-imagenet_run-05_bold.nii.gz", "ses-imagenet01/func/sub-15_ses-imagenet01_task-imagenet_run-09_bold.nii.gz", "ses-imagenet01/func/sub-15_ses-imagenet01_task-imagenet_run-06_bold.nii.gz", "ses-imagenet01/func/sub-15_ses-imagenet01_task-imagenet_run-04_bold.nii.gz", "ses-imagenet01/func/sub-15_ses-imagenet01_task-imagenet_run-02_bold.nii.gz", "ses-imagenet01/func/sub-15_ses-imagenet01_task-imagenet_run-10_bold.nii.gz"]}