{"AcquisitionMatrixPE": 100, "AcquisitionNumber": 1, "AcquisitionTime": "15:57:7.185000", "BaseResolution": 100, "BodyPartExamined": "BRAIN", "ConsistencyInfo": "N4_VE11C_LATEST_20160120", "ConversionSoftware": "dcm2niix", "ConversionSoftwareVersion": "v1.0.20180622 GCC4.9.2", "DeviceSerialNumber": "166078", "DwellTime": 8.8e-06, "EchoNumber": 2, "EchoTime": 0.00738, "EchoTime1": 0.00492, "EchoTime2": 0.00738, "FlipAngle": 60, "ImageOrientationPatientDICOM": [0.999627, 0.0233493, -0.0141742, -0.0244304, 0.996364, -0.0816166], "ImageType": ["ORIGINAL", "PRIMARY", "P", "ND"], "InPlanePhaseEncodingDirectionDICOM": "ROW", "InstitutionAddress": "Street_StreetNo_Bei_Jing_District_CN_ZIP", "InstitutionName": "BeiJing_Normal_University", "InstitutionalDepartmentName": "Department", "MRAcquisitionType": "2D", "MagneticFieldStrength": 3, "Manufacturer": "Siemens", "ManufacturersModelName": "Prisma", "Modality": "MR", "PartialFourier": 1, "PatientPosition": "HFS", "PercentPhaseFOV": 100, "PhaseEncodingDirection": "i", "PhaseEncodingSteps": 100, "PhaseResolution": 1, "PixelBandwidth": 570, "ProcedureStepDescription": "BNU_P2018_64CH_Zhen.ZongLei", "ProtocolName": "field_mapping_2x2x2", "PulseSequenceDetails": "%SiemensSeq%_gre_field_mapping", "ReceiveCoilActiveElements": "HC1-7;NC1", "ReceiveCoilName": "HeadNeck_64", "ReconMatrixPE": 100, "RepetitionTime": 0.72, "SAR": 0.123122, "ScanningSequence": "GR", "SequenceName": "_fm2d2r", "SequenceVariant": "SP", "SeriesDescription": "field_mapping_2x2x2", "SeriesNumber": 10, "ShimSetting": [-5468, -11530, -1293, 550, 34, -223, -130, 6], "SliceThickness": 2, "SoftwareVersions": "syngo_MR_E11", "SpacingBetweenSlices": 2, "StationName": "AWP166078", "TxRefAmp": 212.813, "dcmmeta_affine": [[-1.999253749847412, -0.04886070638895035, -0.024434030055999756, 104.57366943359375], [-0.04669855535030365, 1.9927287101745605, -0.1638648509979248, -85.66024780273438], [-0.028348442167043686, 0.16323311626911163, 1.9931259155273438, -70.20443725585938], [0.0, 0.0, 0.0, 1.0]], "dcmmeta_reorient_transform": [[0.0, -1.0, 0.0, 99.0], [1.0, 0.0, 0.0, 0.0], [0.0, 0.0, -1.0, 71.0], [0.0, 0.0, 0.0, 1.0]], "dcmmeta_shape": [100, 100, 72], "dcmmeta_slice_dim": 2, "dcmmeta_version": 0.6, "global": {"const": {"AcquisitionMatrix": [0, 100, 100, 0], "AcquisitionNumber": 1, "AngioFlag": "N", "BitsAllocated": 16, "BitsStored": 12, "BodyPartExamined": "BRAIN", "Columns": 100, "EchoNumbers": 2, "EchoTime": 7.38, "EchoTrainLength": 0, "FlipAngle": 60.0, "HighBit": 11, "ImageOrientationPatient": [0.99962688174905, 0.02334927710499, -0.0141742210843, -0.0244303536337, 0.9963643383195, -0.0816165617169], "ImageType": ["ORIGINAL", "PRIMARY", "P", "ND"], "ImagedNucleus": "1H", "ImagingFrequency": 123.257778, "InPlanePhaseEncodingDirection": "ROW", "MRAcquisitionType": "2D", "MagneticFieldStrength": 3.0, "Manufacturer": "SIEMENS", "ManufacturerModelName": "Prisma", "Modality": "MR", "NumberOfAverages": 1.0, "NumberOfPhaseEncodingSteps": 100, "PercentPhaseFieldOfView": 100.0, "PercentSampling": 100.0, "PerformedProcedureStepStartTime": "150708.363000", "PhotometricInterpretation": "MONOCHROME2", "PixelBandwidth": 570.0, "PixelRepresentation": 0, "PixelSpacing": [2.0, 2.0], "ProtocolName": "field_mapping_2x2x2", "RepetitionTime": 720.0, "RescaleIntercept": -4096.0, "RescaleSlope": 2.0, "RescaleType": "US", "Rows": 100, "SAR": 0.12312168014198, "SamplesPerPixel": 1, "ScanningSequence": "GR", "SequenceName": "*fm2d2r", "SequenceVariant": "SP", "SeriesDescription": "field_mapping_2x2x2", "SeriesNumber": 10, "SeriesTime": "155931.793000", "SliceThickness": 2.0, "SoftwareVersions": "syngo MR E11", "SpacingBetweenSlices": 2.0, "SpecificCharacterSet": "ISO_IR 100", "StudyID": "1", "StudyTime": "150708.281000", "TransmitCoilName": "Body", "VariableFlipAngleFlag": "N", "WindowCenterWidthExplanation": "Algo1", "dBdt": 0.0}, "slices": {"AcquisitionTime": ["155707.185000", "155706.825000", "155707.195000", "155706.835000", "155707.205000", "155706.845000", "155707.215000", "155706.855000", "155707.225000", "155706.865000", "155707.235000", "155706.875000", "155707.245000", "155706.885000", "155707.255000", "155706.895000", "155707.265000", "155706.905000", "155707.275000", "155706.915000", "155707.285000", "155706.925000", "155707.295000", "155706.935000", "155707.305000", "155706.945000", "155707.315000", "155706.955000", "155707.325000", "155706.965000", "155707.335000", "155706.975000", "155707.345000", "155706.985000", "155707.355000", "155706.995000", "155707.365000", "155707.005000", "155707.375000", "155707.015000", "155707.385000", "155707.025000", "155707.395000", "155707.035000", "155707.405000", "155707.045000", "155707.415000", "155707.055000", "155707.425000", "155707.065000", "155707.435000", "155707.075000", "155707.445000", "155707.085000", "155707.455000", "155707.095000", "155707.465000", "155707.105000", "155707.475000", "155707.115000", "155707.485000", "155707.125000", "155707.495000", "155707.135000", "155707.505000", "155707.145000", "155707.515000", "155707.155000", "155707.525000", "155707.165000", "155707.535000", "155707.175000"], "ContentTime": ["155931.862000", "155931.795000", "155931.864000", "155931.797000", "155931.865000", "155931.799000", "155931.867000", "155931.801000", "155931.869000", "155931.803000", "155931.871000", "155931.805000", "155931.873000", "155931.807000", "155931.874000", "155931.808000", "155931.876000", "155931.810000", "155931.878000", "155931.812000", "155931.880000", "155931.814000", "155931.882000", "155931.816000", "155931.884000", "155931.817000", "155931.885000", "155931.819000", "155931.887000", "155931.821000", "155931.889000", "155931.823000", "155931.891000", "155931.825000", "155931.893000", "155931.827000", "155931.894000", "155931.829000", "155931.896000", "155931.830000", "155931.898000", "155931.832000", "155931.900000", "155931.834000", "155931.902000", "155931.836000", "155931.904000", "155931.838000", "155931.905000", "155931.840000", "155931.907000", "155931.842000", "155931.909000", "155931.843000", "155931.911000", "155931.845000", "155931.913000", "155931.847000", "155931.915000", "155931.849000", "155931.916000", "155931.851000", "155931.918000", "155931.853000", "155931.920000", "155931.854000", "155931.922000", "155931.856000", "155931.924000", "155931.858000", "155931.926000", "155931.860000"], "CsaImage.GSWDDataType": ["measured", "predicted", "measured", "predicted", "measured", "predicted", "measured", "predicted", "measured", "predicted", "measured", "predicted", "measured", "predicted", "measured", "predicted", "measured", "predicted", "measured", "predicted", "measured", "predicted", "measured", "predicted", "measured", "predicted", "measured", "predicted", "measured", "predicted", "measured", "predicted", "measured", "predicted", "measured", "predicted", "measured", "predicted", "measured", "predicted", "measured", "predicted", "measured", "predicted", "measured", "predicted", "measured", "predicted", "measured", "predicted", "measured", "predicted", "measured", "predicted", "measured", "predicted", "measured", "predicted", "measured", "predicted", "measured", "predicted", "measured", "predicted", "measured", "measured", "measured", "measured", "measured", "measured", "measured", "measured"], "CsaImage.ICE_Dims": ["X_2_1_1_1_1_1_37_1_1_1_1_139", "X_2_1_1_1_1_1_1_1_1_2_1_139", "X_2_1_1_1_1_1_38_1_1_3_1_139", "X_2_1_1_1_1_1_2_1_1_4_1_139", "X_2_1_1_1_1_1_39_1_1_5_1_139", "X_2_1_1_1_1_1_3_1_1_6_1_139", "X_2_1_1_1_1_1_40_1_1_7_1_139", "X_2_1_1_1_1_1_4_1_1_8_1_139", "X_2_1_1_1_1_1_41_1_1_9_1_139", "X_2_1_1_1_1_1_5_1_1_10_1_139", "X_2_1_1_1_1_1_42_1_1_11_1_139", "X_2_1_1_1_1_1_6_1_1_12_1_139", "X_2_1_1_1_1_1_43_1_1_13_1_139", "X_2_1_1_1_1_1_7_1_1_14_1_139", "X_2_1_1_1_1_1_44_1_1_15_1_139", "X_2_1_1_1_1_1_8_1_1_16_1_139", "X_2_1_1_1_1_1_45_1_1_17_1_139", "X_2_1_1_1_1_1_9_1_1_18_1_139", "X_2_1_1_1_1_1_46_1_1_19_1_139", "X_2_1_1_1_1_1_10_1_1_20_1_139", "X_2_1_1_1_1_1_47_1_1_21_1_139", "X_2_1_1_1_1_1_11_1_1_22_1_139", "X_2_1_1_1_1_1_48_1_1_23_1_139", "X_2_1_1_1_1_1_12_1_1_24_1_139", "X_2_1_1_1_1_1_49_1_1_25_1_139", "X_2_1_1_1_1_1_13_1_1_26_1_139", "X_2_1_1_1_1_1_50_1_1_27_1_139", "X_2_1_1_1_1_1_14_1_1_28_1_139", "X_2_1_1_1_1_1_51_1_1_29_1_139", "X_2_1_1_1_1_1_15_1_1_30_1_139", "X_2_1_1_1_1_1_52_1_1_31_1_139", "X_2_1_1_1_1_1_16_1_1_32_1_139", "X_2_1_1_1_1_1_53_1_1_33_1_139", "X_2_1_1_1_1_1_17_1_1_34_1_139", "X_2_1_1_1_1_1_54_1_1_35_1_139", "X_2_1_1_1_1_1_18_1_1_36_1_139", "X_2_1_1_1_1_1_55_1_1_37_1_139", "X_2_1_1_1_1_1_19_1_1_38_1_139", "X_2_1_1_1_1_1_56_1_1_39_1_139", "X_2_1_1_1_1_1_20_1_1_40_1_139", "X_2_1_1_1_1_1_57_1_1_41_1_139", "X_2_1_1_1_1_1_21_1_1_42_1_139", "X_2_1_1_1_1_1_58_1_1_43_1_139", "X_2_1_1_1_1_1_22_1_1_44_1_139", "X_2_1_1_1_1_1_59_1_1_45_1_139", "X_2_1_1_1_1_1_23_1_1_46_1_139", "X_2_1_1_1_1_1_60_1_1_47_1_139", "X_2_1_1_1_1_1_24_1_1_48_1_139", "X_2_1_1_1_1_1_61_1_1_49_1_139", "X_2_1_1_1_1_1_25_1_1_50_1_139", "X_2_1_1_1_1_1_62_1_1_51_1_139", "X_2_1_1_1_1_1_26_1_1_52_1_139", "X_2_1_1_1_1_1_63_1_1_53_1_139", "X_2_1_1_1_1_1_27_1_1_54_1_139", "X_2_1_1_1_1_1_64_1_1_55_1_139", "X_2_1_1_1_1_1_28_1_1_56_1_139", "X_2_1_1_1_1_1_65_1_1_57_1_139", "X_2_1_1_1_1_1_29_1_1_58_1_139", "X_2_1_1_1_1_1_66_1_1_59_1_139", "X_2_1_1_1_1_1_30_1_1_60_1_139", "X_2_1_1_1_1_1_67_1_1_61_1_139", "X_2_1_1_1_1_1_31_1_1_62_1_139", "X_2_1_1_1_1_1_68_1_1_63_1_139", "X_2_1_1_1_1_1_32_1_1_64_1_139", "X_2_1_1_1_1_1_69_1_1_65_1_139", "X_2_1_1_1_1_1_33_1_1_66_1_139", "X_2_1_1_1_1_1_70_1_1_67_1_139", "X_2_1_1_1_1_1_34_1_1_68_1_139", "X_2_1_1_1_1_1_71_1_1_69_1_139", "X_2_1_1_1_1_1_35_1_1_70_1_139", "X_2_1_1_1_1_1_72_1_1_71_1_139", "X_2_1_1_1_1_1_36_1_1_72_1_139"], "CsaImage.ProtocolSliceNumber": [0, 1, 2, 3, 4, 5, 6, 7, 8, 9, 10, 11, 12, 13, 14, 15, 16, 17, 18, 19, 20, 21, 22, 23, 24, 25, 26, 27, 28, 29, 30, 31, 32, 33, 34, 35, 36, 37, 38, 39, 40, 41, 42, 43, 44, 45, 46, 47, 48, 49, 50, 51, 52, 53, 54, 55, 56, 57, 58, 59, 60, 61, 62, 63, 64, 65, 66, 67, 68, 69, 70, 71], "CsaImage.RFSWDDataType": ["measured", "predicted", "measured", "predicted", "measured", "predicted", "measured", "predicted", "measured", "predicted", "measured", "predicted", "measured", "predicted", "measured", "predicted", "measured", "predicted", "measured", "predicted", "measured", "predicted", "measured", "predicted", "measured", "predicted", "measured", "predicted", "measured", "predicted", "measured", "predicted", "measured", "predicted", "measured", "predicted", "measured", "predicted", "measured", "predicted", "measured", "predicted", "measured", "predicted", "measured", "predicted", "measured", "predicted", "measured", "predicted", "measured", "predicted", "measured", "predicted", "measured", "predicted", "measured", "predicted", "measured", "predicted", "measured", "measured", "measured", "measured", "measured", "measured", "measured", "measured", "measured", "measured", "measured", "measured"], "CsaImage.SlicePosition_PCS": [[-99.73645755, -111.61988678, -54.04436532], [-99.71202346, -111.45602169, -52.05123941], [-99.68758938, -111.29215756, -50.05811349], [-99.66315552, -111.12829247, -48.06498758], [-99.63872143, -110.96442738, -46.07186166], [-99.61428734, -110.80056324, -44.07873575], [-99.58985349, -110.63669815, -42.08560983], [-99.5654194, -110.47283306, -40.09248391], [-99.54098555, -110.30896893, -38.099358], [-99.51655146, -110.14510384, -36.10623208], [-99.49211749, -109.98123875, -34.11310617], [-99.4676834, -109.81737413, -32.11998025], [-99.44324943, -109.65350952, -30.12685434], [-99.41881546, -109.48964443, -28.13372842], [-99.39438149, -109.32577982, -26.14060251], [-99.3699474, -109.16191521, -24.14747659], [-99.34551343, -108.99805012, -22.15434877], [-99.32107946, -108.83418551, -20.16122285], [-99.29664549, -108.67032042, -18.16809694], [-99.2722114, -108.5064558, -16.17497102], [-99.24777743, -108.34259119, -14.18184511], [-99.22334346, -108.1787261, -12.18871919], [-99.19890937, -108.01486149, -10.19559327], [-99.1744754, -107.85099688, -8.20246736], [-99.15004143, -107.68713179, -6.20934049], [-99.12560746, -107.52326717, -4.21621457], [-99.10117337, -107.35940209, -2.22308866], [-99.0767394, -107.19553747, -0.22996274], [-99.05230543, -107.03167286, 1.76316317], [-99.02787146, -106.86780777, 3.75628909], [-99.00343737, -106.70394316, 5.74941524], [-98.9790034, -106.54007855, 7.74254128], [-98.95456943, -106.37621346, 9.73566736], [-98.93013546, -106.21234884, 11.72879347], [-98.90570137, -106.04848423, 13.72191914], [-98.8812674, -105.88461914, 15.71504553], [-98.85683343, -105.72075453, 17.70817145], [-98.83239946, -105.55688968, 19.70129737], [-98.80796537, -105.39302483, 21.69442328], [-98.7835314, -105.22915998, 23.6875492], [-98.75909742, -105.06529536, 25.68067511], [-98.73466334, -104.90143051, 27.67380103], [-98.71022936, -104.73756566, 29.66692694], [-98.68579539, -104.57370105, 31.66005286], [-98.66136142, -104.4098362, 33.65317877], [-98.63692733, -104.24597135, 35.64630469], [-98.61249336, -104.0821065, 37.63943061], [-98.58805939, -103.91824176, 39.63255843], [-98.56362542, -103.75437703, 41.62568244], [-98.53919133, -103.59051218, 43.61880835], [-98.51475736, -103.42664745, 45.61193427], [-98.49032339, -103.2627826, 47.60506018], [-98.46588936, -103.09891787, 49.5981861], [-98.44145539, -102.93505308, 51.59131201], [-98.41702136, -102.77118828, 53.58443793], [-98.39258739, -102.60732349, 55.57756385], [-98.36815336, -102.4434587, 57.57069358], [-98.34371939, -102.27959391, 59.56381949], [-98.31928536, -102.11572913, 61.55694541], [-98.29485139, -101.95186435, 63.55007132], [-98.27041736, -101.78799957, 65.54319724], [-98.24598333, -101.62413477, 67.53632315], [-98.22154936, -101.46027001, 69.52944907], [-98.19711533, -101.29640522, 71.52257498], [-98.17268136, -101.13254043, 73.5157009], [-98.14824733, -100.96867564, 75.50882682], [-98.12381336, -100.80481079, 77.50195273], [-98.09937933, -100.64094606, 79.49507865], [-98.07494536, -100.47708132, 81.48820456], [-98.05051133, -100.31321647, 83.48133048], [-98.02607736, -100.14935174, 85.47445639], [-98.00164333, -99.98548689, 87.46758231]], "CsaImage.TimeAfterStart": [1.0825, 0.7225, 1.0925, 0.7325, 1.1025, 0.7425, 1.1125, 0.7525, 1.1225, 0.7625, 1.1325, 0.7725, 1.1425, 0.7825, 1.1525, 0.7925, 1.1625, 0.8025, 1.1725, 0.8125, 1.1825, 0.8225, 1.1925, 0.8325, 1.2025, 0.8425, 1.2125, 0.8525, 1.2225, 0.8625, 1.2325, 0.8725, 1.2425, 0.8825, 1.2525, 0.8925, 1.2625, 0.9025, 1.2725, 0.9125, 1.2825, 0.9225, 1.2925, 0.9325, 1.3025, 0.9425, 1.3125, 0.9525, 1.3225, 0.9625, 1.3325, 0.9725, 1.3425, 0.9825, 1.3525, 0.9925, 1.3625, 1.0025, 1.3725, 1.0125, 1.3825, 1.0225, 1.3925, 1.0325, 1.4025, 1.0425, 1.4125, 1.0525, 1.4225, 1.0625, 1.4325, 1.0725], "ImagePositionPatient": [[-99.73645755435, -111.61988678049, -54.044365323398], [-99.712023464689, -111.45602169107, -52.051239407871], [-99.687589375028, -111.29215755533, -50.058113492344], [-99.663155523786, -111.12829246591, -48.064987576816], [-99.638721434126, -110.96442737649, -46.071861661289], [-99.614287344465, -110.80056324075, -44.078735745762], [-99.589853493223, -110.63669815134, -42.085609830234], [-99.565419403562, -110.47283306192, -40.092483914707], [-99.54098555232, -110.30896892618, -38.099357999179], [-99.51655146266, -110.14510383676, -36.106232083652], [-99.492117492208, -109.98123874734, -34.113106168125], [-99.467683402548, -109.81737413476, -32.119980252597], [-99.443249432096, -109.65350952219, -30.12685433707], [-99.418815461645, -109.48964443277, -28.133728421543], [-99.394381491194, -109.32577982019, -26.140602506015], [-99.369947401533, -109.16191520761, -24.147476590488], [-99.345513431082, -108.99805011819, -22.154348767612], [-99.32107946063, -108.83418550561, -20.161222852085], [-99.296645490179, -108.6703204162, -18.168096936557], [-99.272211400518, -108.50645580362, -16.17497102103], [-99.247777430067, -108.34259119104, -14.181845105503], [-99.223343459616, -108.17872610162, -12.188719189975], [-99.198909369955, -108.01486148904, -10.195593274448], [-99.174475399504, -107.85099687646, -8.2024673589207], [-99.150041429052, -107.68713178705, -6.209340489719], [-99.125607458601, -107.52326717447, -4.2162145741917], [-99.10117336894, -107.35940208505, -2.2230886586643], [-99.076739398489, -107.19553747247, -0.229962743137], [-99.052305428037, -107.03167285989, 1.7631631723904], [-99.027871457586, -106.86780777048, 3.7562890879177], [-99.003437367925, -106.7039431579, 5.7494152418636], [-98.979003397474, -106.54007854532, 7.7425412766003], [-98.954569427023, -106.3762134559, 9.7356673560404], [-98.930135456571, -106.21234884332, 11.728793465283], [-98.905701366911, -106.04848423074, 13.721919142392], [-98.881267396459, -105.88461914133, 15.715045534756], [-98.856833426008, -105.72075452875, 17.708171450283], [-98.832399455557, -105.55688967775, 19.701297365811], [-98.807965365896, -105.39302482675, 21.694423281338], [-98.783531395445, -105.22915997575, 23.687549196865], [-98.759097424993, -105.06529536317, 25.680675112393], [-98.734663335333, -104.90143051218, 27.67380102792], [-98.710229364881, -104.73756566118, 29.666926943447], [-98.68579539443, -104.5737010486, 31.660052858975], [-98.661361423979, -104.4098361976, 33.653178774502], [-98.636927334318, -104.2459713466, 35.64630469003], [-98.612493363867, -104.0821064956, 37.639430605557], [-98.588059393415, -103.91824176382, 39.632558428433], [-98.563625422964, -103.75437703203, 41.625682436612], [-98.539191333303, -103.59051218103, 43.618808352139], [-98.514757362852, -103.42664744924, 45.611934267666], [-98.490323392401, -103.26278259824, 47.605060183194], [-98.465889362345, -103.09891786645, 49.598186098721], [-98.441455391893, -102.93505307506, 51.591312014248], [-98.417021361837, -102.77118828367, 53.584437929776], [-98.392587391386, -102.60732349227, 55.577563845303], [-98.36815336133, -102.44345870088, 57.570693575528], [-98.343719390878, -102.27959390949, 59.563819491055], [-98.319285360822, -102.115729133, 61.556945406582], [-98.294851390371, -101.95186434905, 63.55007132211], [-98.270417360315, -101.78799956511, 65.543197237637], [-98.245983330259, -101.62413477372, 67.536323153164], [-98.221549359808, -101.46027001213, 69.529449068692], [-98.197115329752, -101.29640522073, 71.522574984219], [-98.1726813593, -101.13254042934, 73.515700899746], [-98.148247329244, -100.96867563795, 75.508826815274], [-98.123813358793, -100.80481078695, 77.501952730801], [-98.099379328737, -100.64094605516, 79.495078646328], [-98.074945358286, -100.47708132337, 81.488204561856], [-98.05051132823, -100.31321647237, 83.481330477383], [-98.026077357778, -100.14935174058, 85.47445639291], [-98.001643327722, -99.985486889586, 87.467582308438]], "InstanceCreationTime": ["155931.862000", "155931.795000", "155931.864000", "155931.797000", "155931.865000", "155931.799000", "155931.867000", "155931.801000", "155931.869000", "155931.803000", "155931.871000", "155931.805000", "155931.873000", "155931.807000", "155931.874000", "155931.808000", "155931.876000", "155931.810000", "155931.878000", "155931.812000", "155931.880000", "155931.814000", "155931.882000", "155931.816000", "155931.884000", "155931.817000", "155931.885000", "155931.819000", "155931.887000", "155931.821000", "155931.889000", "155931.823000", "155931.891000", "155931.825000", "155931.893000", "155931.827000", "155931.894000", "155931.829000", "155931.896000", "155931.830000", "155931.898000", "155931.832000", "155931.900000", "155931.834000", "155931.902000", "155931.836000", "155931.904000", "155931.838000", "155931.905000", "155931.840000", "155931.907000", "155931.842000", "155931.909000", "155931.843000", "155931.911000", "155931.845000", "155931.913000", "155931.847000", "155931.915000", "155931.849000", "155931.916000", "155931.851000", "155931.918000", "155931.853000", "155931.920000", "155931.854000", "155931.922000", "155931.856000", "155931.924000", "155931.858000", "155931.926000", "155931.860000"], "InstanceNumber": [1, 2, 3, 4, 5, 6, 7, 8, 9, 10, 11, 12, 13, 14, 15, 16, 17, 18, 19, 20, 21, 22, 23, 24, 25, 26, 27, 28, 29, 30, 31, 32, 33, 34, 35, 36, 37, 38, 39, 40, 41, 42, 43, 44, 45, 46, 47, 48, 49, 50, 51, 52, 53, 54, 55, 56, 57, 58, 59, 60, 61, 62, 63, 64, 65, 66, 67, 68, 69, 70, 71, 72], "LargestImagePixelValue": [4095, 4091, 4094, 4094, 4095, 4095, 4094, 4095, 4095, 4095, 4094, 4094, 4094, 4094, 4093, 4090, 4094, 4090, 4093, 4093, 4094, 4094, 4093, 4094, 4094, 4095, 4092, 4092, 4088, 4095, 4091, 4095, 4090, 4085, 4093, 4089, 4092, 4090, 4092, 4094, 4094, 4085, 4086, 4095, 4091, 4094, 4094, 4087, 4091, 4095, 4094, 4092, 4088, 4095, 4093, 4095, 4094, 4094, 4094, 4093, 4095, 4095, 4093, 4092, 4095, 4093, 4094, 4095, 4094, 4094, 4095, 4094], "SliceLocation": [-64.22237975848, -62.222379831626, -60.22237998291, -58.222380058969, -56.222380132116, -54.222380283399, -52.222380359459, -50.222380432605, -48.222380586801, -46.222380659948, -44.222380734551, -42.222380846766, -40.222380960437, -38.22238103504, -36.222381148712, -34.222381260927, -32.222379434737, -30.222379548408, -28.222379623011, -26.222379735226, -24.222379848897, -22.2223799235, -20.222380035715, -18.222380149387, -16.222379273593, -14.222379387264, -12.222379460411, -10.222379574082, -8.2223796877538, -6.2223797623568, -4.2223796369726, -2.2223796318445, -0.222379543098, 1.7776205362799, 3.7776201864657, 5.777620587061, 7.7776204733897, 9.7776203792525, 11.777620286572, 13.777620192435, 15.777620078763, 17.777619986082, 19.777619891945, 21.777619778274, 23.777619684137, 25.777619591456, 27.777619497319, 29.777621294207, 31.77761928951, 33.777619196829, 35.777619092925, 37.777618998788, 39.777618895612, 41.777618796591, 43.777618698298, 45.777618599278, 47.777622302571, 49.777622203551, 51.777622104037, 53.777622004406, 55.777621905503, 57.77762180721, 59.777621705748, 61.777621607455, 63.777621508435, 65.777621410142, 67.777621316005, 69.777621212829, 71.777621108925, 73.777621015516, 75.777620911611, 77.777620818202], "SmallestImagePixelValue": [0, 0, 0, 1, 1, 0, 1, 0, 0, 0, 0, 0, 0, 0, 0, 0, 0, 0, 0, 0, 0, 0, 0, 0, 1, 2, 0, 4, 6, 0, 3, 0, 1, 0, 0, 2, 1, 8, 0, 1, 3, 0, 1, 3, 1, 1, 0, 0, 3, 0, 0, 0, 1, 0, 0, 5, 0, 1, 0, 0, 0, 0, 0, 0, 0, 0, 0, 0, 0, 0, 0, 0], "WindowCenter": [-258.0, -248.0, -242.0, -202.0, -230.0, -216.0, -212.0, -148.0, -116.0, -50.0, -156.0, -184.0, -156.0, -192.0, -212.0, -258.0, -258.0, -268.0, -252.0, -260.0, -244.0, -274.0, -290.0, -286.0, -262.0, -234.0, -212.0, -186.0, -218.0, -210.0, -250.0, -206.0, -196.0, -200.0, -186.0, -166.0, -128.0, -112.0, -110.0, -72.0, -64.0, -62.0, -24.0, -12.0, -12.0, 16.0, 4.0, 8.0, -2.0, 0.0, -22.0, -2.0, -6.0, 2.0, -16.0, -22.0, -64.0, -68.0, -64.0, -60.0, -110.0, -144.0, -138.0, -220.0, -224.0, -238.0, -286.0, -304.0, -304.0, -292.0, -392.0, -314.0], "WindowWidth": [6190.0, 6264.0, 6322.0, 6354.0, 6394.0, 6448.0, 6464.0, 6534.0, 6644.0, 6660.0, 6690.0, 6518.0, 6462.0, 6332.0, 6248.0, 6170.0, 6168.0, 6180.0, 6170.0, 6144.0, 6144.0, 6040.0, 5960.0, 5876.0, 5848.0, 5802.0, 5732.0, 5700.0, 5598.0, 5604.0, 5422.0, 5516.0, 5552.0, 5444.0, 5436.0, 5446.0, 5462.0, 5456.0, 5394.0, 5430.0, 5380.0, 5366.0, 5448.0, 5446.0, 5430.0, 5528.0, 5532.0, 5532.0, 5520.0, 5534.0, 5484.0, 5616.0, 5580.0, 5636.0, 5722.0, 5780.0, 5836.0, 5844.0, 5866.0, 5924.0, 5990.0, 6036.0, 6058.0, 6080.0, 6146.0, 6176.0, 6170.0, 6180.0, 6144.0, 6240.0, 6184.0, 6338.0]}}, "IntendedFor": ["ses-coco/func/sub-06_ses-coco_task-coco_run-04_bold.nii.gz", "ses-coco/func/sub-06_ses-coco_task-coco_run-06_bold.nii.gz", "ses-coco/func/sub-06_ses-coco_task-coco_run-09_bold.nii.gz", "ses-coco/func/sub-06_ses-coco_task-coco_run-10_bold.nii.gz", "ses-coco/func/sub-06_ses-coco_task-coco_run-02_bold.nii.gz", "ses-coco/func/sub-06_ses-coco_task-coco_run-01_bold.nii.gz", "ses-coco/func/sub-06_ses-coco_task-coco_run-11_bold.nii.gz", "ses-coco/func/sub-06_ses-coco_task-coco_run-03_bold.nii.gz", "ses-coco/func/sub-06_ses-coco_task-coco_run-05_bold.nii.gz", "ses-coco/func/sub-06_ses-coco_task-coco_run-08_bold.nii.gz", "ses-coco/func/sub-06_ses-coco_task-coco_run-07_bold.nii.gz"]}