{"AcquisitionMatrixPE": 100, "AcquisitionNumber": 1, "AcquisitionTime": "11:57:33.825000", "BaseResolution": 100, "BodyPartExamined": "BRAIN", "ConsistencyInfo": "N4_VE11C_LATEST_20160120", "ConversionSoftware": "dcm2niix", "ConversionSoftwareVersion": "v1.0.20180622 GCC4.9.2", "DeviceSerialNumber": "166078", "DwellTime": 8.8e-06, "EchoNumber": 2, "EchoTime": 0.00738, "EchoTime1": 0.00492, "EchoTime2": 0.00738, "FlipAngle": 60, "ImageOrientationPatientDICOM": [1, -0.000118466, -0.000577278, 4.443e-12, 0.979586, -0.201026], "ImageType": ["ORIGINAL", "PRIMARY", "P", "ND"], "InPlanePhaseEncodingDirectionDICOM": "ROW", "InstitutionAddress": "Street_StreetNo_Bei_Jing_District_CN_ZIP", "InstitutionName": "BeiJing_Normal_University", "InstitutionalDepartmentName": "Department", "MRAcquisitionType": "2D", "MagneticFieldStrength": 3, "Manufacturer": "Siemens", "ManufacturersModelName": "Prisma", "Modality": "MR", "PartialFourier": 1, "PatientPosition": "HFS", "PercentPhaseFOV": 100, "PhaseEncodingDirection": "i", "PhaseEncodingSteps": 100, "PhaseResolution": 1, "PixelBandwidth": 570, "ProcedureStepDescription": "BNU_P2018_64CH_Zhen.ZongLei", "ProtocolName": "field_mapping_2x2x2", "PulseSequenceDetails": "%SiemensSeq%_gre_field_mapping", "ReceiveCoilActiveElements": "HC1-7;NC1", "ReceiveCoilName": "HeadNeck_64", "ReconMatrixPE": 100, "RepetitionTime": 0.72, "SAR": 0.144482, "ScanningSequence": "GR", "SequenceName": "_fm2d2r", "SequenceVariant": "SP", "SeriesDescription": "field_mapping_2x2x2", "SeriesNumber": 9, "ShimSetting": [-5467, -11499, -1303, 498, -24, -181, -115, 87], "SliceThickness": 2, "SoftwareVersions": "syngo_MR_E11", "SpacingBetweenSlices": 2, "StationName": "AWP166078", "TxRefAmp": 237.429, "dcmmeta_affine": [[-1.9999996423721313, 8.885999575047876e-12, -0.0011786222457885742, 100.61857604980469], [0.00023693215916864574, 1.9591718912124634, -0.4020519256591797, -79.76740264892578], [-0.001154555007815361, 0.402051717042923, 1.9591712951660156, -100.22396087646484], [0.0, 0.0, 0.0, 1.0]], "dcmmeta_reorient_transform": [[0.0, -1.0, 0.0, 99.0], [1.0, 0.0, 0.0, 0.0], [0.0, 0.0, -1.0, 71.0], [0.0, 0.0, 0.0, 1.0]], "dcmmeta_shape": [100, 100, 72], "dcmmeta_slice_dim": 2, "dcmmeta_version": 0.6, "global": {"const": {"AcquisitionMatrix": [0, 100, 100, 0], "AcquisitionNumber": 1, "AngioFlag": "N", "BitsAllocated": 16, "BitsStored": 12, "BodyPartExamined": "BRAIN", "Columns": 100, "EchoNumbers": 2, "EchoTime": 7.38, "EchoTrainLength": 0, "FlipAngle": 60.0, "HighBit": 11, "ImageOrientationPatient": [0.99999982635824, -0.0001184660815, -0.000577277475, 4.443e-12, 0.97958593414213, -0.2010258630895], "ImageType": ["ORIGINAL", "PRIMARY", "P", "ND"], "ImagedNucleus": "1H", "ImagingFrequency": 123.257791, "InPlanePhaseEncodingDirection": "ROW", "MRAcquisitionType": "2D", "MagneticFieldStrength": 3.0, "Manufacturer": "SIEMENS", "ManufacturerModelName": "Prisma", "Modality": "MR", "NumberOfAverages": 1.0, "NumberOfPhaseEncodingSteps": 100, "PercentPhaseFieldOfView": 100.0, "PercentSampling": 100.0, "PerformedProcedureStepStartTime": "110629.002000", "PhotometricInterpretation": "MONOCHROME2", "PixelBandwidth": 570.0, "PixelRepresentation": 0, "PixelSpacing": [2.0, 2.0], "ProtocolName": "field_mapping_2x2x2", "RepetitionTime": 720.0, "RescaleIntercept": -4096.0, "RescaleSlope": 2.0, "RescaleType": "US", "Rows": 100, "SAR": 0.1444817218072, "SamplesPerPixel": 1, "ScanningSequence": "GR", "SequenceName": "*fm2d2r", "SequenceVariant": "SP", "SeriesDescription": "field_mapping_2x2x2", "SeriesNumber": 9, "SeriesTime": "115958.544000", "SliceThickness": 2.0, "SoftwareVersions": "syngo MR E11", "SpacingBetweenSlices": 2.0, "SpecificCharacterSet": "ISO_IR 100", "StudyID": "1", "StudyTime": "110628.913000", "TransmitCoilName": "Body", "VariableFlipAngleFlag": "N", "WindowCenterWidthExplanation": "Algo1", "dBdt": 0.0}, "slices": {"AcquisitionTime": ["115733.825000", "115733.465000", "115733.835000", "115733.475000", "115733.845000", "115733.485000", "115733.855000", "115733.495000", "115733.865000", "115733.505000", "115733.875000", "115733.515000", "115733.885000", "115733.525000", "115733.895000", "115733.535000", "115733.905000", "115733.545000", "115733.915000", "115733.555000", "115733.925000", "115733.565000", "115733.935000", "115733.575000", "115733.945000", "115733.585000", "115733.955000", "115733.595000", "115733.965000", "115733.605000", "115733.975000", "115733.615000", "115733.985000", "115733.625000", "115733.995000", "115733.635000", "115734.005000", "115733.645000", "115734.015000", "115733.655000", "115734.025000", "115733.665000", "115734.035000", "115733.675000", "115734.045000", "115733.685000", "115734.055000", "115733.695000", "115734.065000", "115733.705000", "115734.075000", "115733.715000", "115734.085000", "115733.725000", "115734.095000", "115733.735000", "115734.105000", "115733.745000", "115734.115000", "115733.755000", "115734.125000", "115733.765000", "115734.135000", "115733.775000", "115734.145000", "115733.785000", "115734.155000", "115733.795000", "115734.165000", "115733.805000", "115734.175000", "115733.815000"], "ContentTime": ["115958.615000", "115958.545000", "115958.616000", "115958.547000", "115958.618000", "115958.549000", "115958.620000", "115958.551000", "115958.622000", "115958.553000", "115958.624000", "115958.555000", "115958.626000", "115958.556000", "115958.627000", "115958.558000", "115958.629000", "115958.560000", "115958.631000", "115958.562000", "115958.633000", "115958.564000", "115958.635000", "115958.565000", "115958.636000", "115958.567000", "115958.638000", "115958.569000", "115958.640000", "115958.571000", "115958.642000", "115958.573000", "115958.644000", "115958.575000", "115958.646000", "115958.577000", "115958.648000", "115958.579000", "115958.649000", "115958.581000", "115958.651000", "115958.583000", "115958.653000", "115958.585000", "115958.655000", "115958.587000", "115958.657000", "115958.589000", "115958.658000", "115958.592000", "115958.660000", "115958.594000", "115958.662000", "115958.596000", "115958.664000", "115958.598000", "115958.666000", "115958.600000", "115958.667000", "115958.601000", "115958.669000", "115958.603000", "115958.671000", "115958.605000", "115958.673000", "115958.607000", "115958.675000", "115958.609000", "115958.677000", "115958.611000", "115958.678000", "115958.613000"], "CsaImage.GSWDDataType": ["measured", "predicted", "measured", "predicted", "measured", "predicted", "measured", "predicted", "measured", "predicted", "measured", "predicted", "measured", "predicted", "measured", "predicted", "measured", "predicted", "measured", "predicted", "measured", "predicted", "measured", "predicted", "measured", "predicted", "measured", "predicted", "measured", "predicted", "measured", "predicted", "measured", "predicted", "measured", "predicted", "measured", "predicted", "measured", "predicted", "measured", "predicted", "measured", "predicted", "measured", "predicted", "measured", "predicted", "measured", "predicted", "measured", "predicted", "measured", "predicted", "measured", "predicted", "measured", "predicted", "measured", "predicted", "measured", "measured", "measured", "measured", "measured", "measured", "measured", "measured", "measured", "measured", "measured", "measured"], "CsaImage.ICE_Dims": ["X_2_1_1_1_1_1_37_1_1_1_1_65", "X_2_1_1_1_1_1_1_1_1_2_1_65", "X_2_1_1_1_1_1_38_1_1_3_1_65", "X_2_1_1_1_1_1_2_1_1_4_1_65", "X_2_1_1_1_1_1_39_1_1_5_1_65", "X_2_1_1_1_1_1_3_1_1_6_1_65", "X_2_1_1_1_1_1_40_1_1_7_1_65", "X_2_1_1_1_1_1_4_1_1_8_1_65", "X_2_1_1_1_1_1_41_1_1_9_1_65", "X_2_1_1_1_1_1_5_1_1_10_1_65", "X_2_1_1_1_1_1_42_1_1_11_1_65", "X_2_1_1_1_1_1_6_1_1_12_1_65", "X_2_1_1_1_1_1_43_1_1_13_1_65", "X_2_1_1_1_1_1_7_1_1_14_1_65", "X_2_1_1_1_1_1_44_1_1_15_1_65", "X_2_1_1_1_1_1_8_1_1_16_1_65", "X_2_1_1_1_1_1_45_1_1_17_1_65", "X_2_1_1_1_1_1_9_1_1_18_1_65", "X_2_1_1_1_1_1_46_1_1_19_1_65", "X_2_1_1_1_1_1_10_1_1_20_1_65", "X_2_1_1_1_1_1_47_1_1_21_1_65", "X_2_1_1_1_1_1_11_1_1_22_1_65", "X_2_1_1_1_1_1_48_1_1_23_1_65", "X_2_1_1_1_1_1_12_1_1_24_1_65", "X_2_1_1_1_1_1_49_1_1_25_1_65", "X_2_1_1_1_1_1_13_1_1_26_1_65", "X_2_1_1_1_1_1_50_1_1_27_1_65", "X_2_1_1_1_1_1_14_1_1_28_1_65", "X_2_1_1_1_1_1_51_1_1_29_1_65", "X_2_1_1_1_1_1_15_1_1_30_1_65", "X_2_1_1_1_1_1_52_1_1_31_1_65", "X_2_1_1_1_1_1_16_1_1_32_1_65", "X_2_1_1_1_1_1_53_1_1_33_1_65", "X_2_1_1_1_1_1_17_1_1_34_1_65", "X_2_1_1_1_1_1_54_1_1_35_1_65", "X_2_1_1_1_1_1_18_1_1_36_1_65", "X_2_1_1_1_1_1_55_1_1_37_1_65", "X_2_1_1_1_1_1_19_1_1_38_1_65", "X_2_1_1_1_1_1_56_1_1_39_1_65", "X_2_1_1_1_1_1_20_1_1_40_1_65", "X_2_1_1_1_1_1_57_1_1_41_1_65", "X_2_1_1_1_1_1_21_1_1_42_1_65", "X_2_1_1_1_1_1_58_1_1_43_1_65", "X_2_1_1_1_1_1_22_1_1_44_1_65", "X_2_1_1_1_1_1_59_1_1_45_1_65", "X_2_1_1_1_1_1_23_1_1_46_1_65", "X_2_1_1_1_1_1_60_1_1_47_1_65", "X_2_1_1_1_1_1_24_1_1_48_1_65", "X_2_1_1_1_1_1_61_1_1_49_1_65", "X_2_1_1_1_1_1_25_1_1_50_1_65", "X_2_1_1_1_1_1_62_1_1_51_1_65", "X_2_1_1_1_1_1_26_1_1_52_1_65", "X_2_1_1_1_1_1_63_1_1_53_1_65", "X_2_1_1_1_1_1_27_1_1_54_1_65", "X_2_1_1_1_1_1_64_1_1_55_1_65", "X_2_1_1_1_1_1_28_1_1_56_1_65", "X_2_1_1_1_1_1_65_1_1_57_1_65", "X_2_1_1_1_1_1_29_1_1_58_1_65", "X_2_1_1_1_1_1_66_1_1_59_1_65", "X_2_1_1_1_1_1_30_1_1_60_1_65", "X_2_1_1_1_1_1_67_1_1_61_1_65", "X_2_1_1_1_1_1_31_1_1_62_1_65", "X_2_1_1_1_1_1_68_1_1_63_1_65", "X_2_1_1_1_1_1_32_1_1_64_1_65", "X_2_1_1_1_1_1_69_1_1_65_1_65", "X_2_1_1_1_1_1_33_1_1_66_1_65", "X_2_1_1_1_1_1_70_1_1_67_1_65", "X_2_1_1_1_1_1_34_1_1_68_1_65", "X_2_1_1_1_1_1_71_1_1_69_1_65", "X_2_1_1_1_1_1_35_1_1_70_1_65", "X_2_1_1_1_1_1_72_1_1_71_1_65", "X_2_1_1_1_1_1_36_1_1_72_1_65"], "CsaImage.ProtocolSliceNumber": [0, 1, 2, 3, 4, 5, 6, 7, 8, 9, 10, 11, 12, 13, 14, 15, 16, 17, 18, 19, 20, 21, 22, 23, 24, 25, 26, 27, 28, 29, 30, 31, 32, 33, 34, 35, 36, 37, 38, 39, 40, 41, 42, 43, 44, 45, 46, 47, 48, 49, 50, 51, 52, 53, 54, 55, 56, 57, 58, 59, 60, 61, 62, 63, 64, 65, 66, 67, 68, 69, 70, 71], "CsaImage.RFSWDDataType": ["measured", "predicted", "measured", "predicted", "measured", "predicted", "measured", "predicted", "measured", "predicted", "measured", "predicted", "measured", "predicted", "measured", "predicted", "measured", "predicted", "measured", "predicted", "measured", "predicted", "measured", "predicted", "measured", "predicted", "measured", "predicted", "measured", "predicted", "measured", "predicted", "measured", "predicted", "measured", "predicted", "measured", "predicted", "measured", "predicted", "measured", "predicted", "measured", "predicted", "measured", "predicted", "measured", "predicted", "measured", "predicted", "measured", "predicted", "measured", "predicted", "measured", "predicted", "measured", "measured", "measured", "measured", "measured", "measured", "measured", "measured", "measured", "measured", "measured", "measured", "measured", "measured", "measured", "measured"], "CsaImage.SlicePosition_PCS": [[-100.61857925, -114.1905937, -60.42085507], [-100.61740063, -113.78854177, -58.46168759], [-100.61622201, -113.3864908, -56.50251248], [-100.61504338, -112.98443888, -54.543345], [-100.61386476, -112.58238695, -52.58416989], [-100.61268614, -112.18033502, -50.62500241], [-100.61150758, -111.77828405, -48.6658273], [-100.61032895, -111.37623213, -46.70665982], [-100.60915033, -110.9741802, -44.74748471], [-100.60797171, -110.57212828, -42.78831342], [-100.60679309, -110.1700773, -40.82914212], [-100.60561446, -109.76802538, -38.86997083], [-100.60443584, -109.36597345, -36.91079953], [-100.60325722, -108.96392153, -34.95162823], [-100.60207866, -108.56187055, -32.99245694], [-100.60090004, -108.15981863, -31.03328564], [-100.59972141, -107.7577667, -29.07411435], [-100.59854279, -107.35571573, -27.11494305], [-100.59736417, -106.95366381, -25.15576794], [-100.59618555, -106.55161188, -23.19659665], [-100.59500692, -106.14955995, -21.23742535], [-100.5938283, -105.74750851, -19.27825406], [-100.59264968, -105.34545706, -17.31908276], [-100.59147112, -104.94340513, -15.35991147], [-100.59029249, -104.54135368, -13.40074017], [-100.58911387, -104.13930176, -11.44156888], [-100.58793525, -103.73725031, -9.48239758], [-100.58675663, -103.33519838, -7.52322629], [-100.58557801, -102.93314693, -5.56405499], [-100.58439938, -102.53109548, -3.6048837], [-100.58322076, -102.12904356, -1.6457124], [-100.58204214, -101.72699187, 0.3134608], [-100.58086358, -101.32494018, 2.2726321], [-100.57968495, -100.9228885, 4.23180339], [-100.57850633, -100.52083681, 6.19097469], [-100.57732771, -100.11878512, 8.15014598], [-100.57614909, -99.71673355, 10.10931728], [-100.57497046, -99.31468187, 12.06848952], [-100.57379184, -98.91263024, 14.02766082], [-100.57261322, -98.51057855, 15.98683212], [-100.57143466, -98.10852688, 17.94600365], [-100.57025604, -97.70647521, 19.90517524], [-100.56907741, -97.30442355, 21.86434672], [-100.56789879, -96.90237186, 23.82351825], [-100.56672017, -96.50032018, 25.78269002], [-100.56554155, -96.09826849, 27.74186132], [-100.56436292, -95.6962168, 29.70103309], [-100.5631843, -95.29416511, 31.66020438], [-100.56200568, -94.89211343, 33.61937568], [-100.56082712, -94.49006174, 35.57854697], [-100.5596485, -94.08801005, 37.53771922], [-100.55846987, -93.68595837, 39.49689052], [-100.55729125, -93.28390692, 41.45606181], [-100.55611263, -92.88185499, 43.41523311], [-100.55493401, -92.47980354, 45.3744044], [-100.55375538, -92.07775162, 47.3335757], [-100.55257676, -91.67570017, 49.2927489], [-100.55139814, -91.27364824, 51.2519202], [-100.55021958, -90.87159679, 53.21109149], [-100.54904095, -90.46954534, 55.17026279], [-100.54786233, -90.06749342, 57.12943408], [-100.54668371, -89.66544149, 59.08860538], [-100.54550509, -89.26339052, 61.04777667], [-100.54432647, -88.8613386, 63.00694797], [-100.54314784, -88.45928667, 64.96611926], [-100.54196922, -88.05723474, 66.92529056], [-100.54079066, -87.65518377, 68.88446185], [-100.53961204, -87.25313185, 70.84363315], [-100.53843341, -86.85107992, 72.80280826], [-100.53725479, -86.449028, 74.76197955], [-100.53607617, -86.04697702, 76.72115085], [-100.53489755, -85.6449251, 78.68032214]], "CsaImage.TimeAfterStart": [1.0825, 0.7225, 1.0925, 0.7325, 1.1025, 0.7425, 1.1125, 0.7525, 1.1225, 0.7625, 1.1325, 0.7725, 1.1425, 0.7825, 1.1525, 0.7925, 1.1625, 0.8025, 1.1725, 0.8125, 1.1825, 0.8225, 1.1925, 0.8325, 1.2025, 0.8425, 1.2125, 0.8525, 1.2225, 0.8625, 1.2325, 0.8725, 1.2425, 0.8825, 1.2525, 0.8925, 1.2625, 0.9025, 1.2725, 0.9125, 1.2825, 0.9225, 1.2925, 0.9325, 1.3025, 0.9425, 1.3125, 0.9525, 1.3225, 0.9625, 1.3325, 0.9725, 1.3425, 0.9825, 1.3525, 0.9925, 1.3625, 1.0025, 1.3725, 1.0125, 1.3825, 1.0225, 1.3925, 1.0325, 1.4025, 1.0425, 1.4125, 1.0525, 1.4225, 1.0625, 1.4325, 1.0725], "ImagePositionPatient": [[-100.61857924968, -114.19059369938, -60.420855071964], [-100.61740062743, -113.78854177372, -58.461687591495], [-100.61622200518, -113.38649080173, -56.502512481632], [-100.61504338294, -112.98443887607, -54.543345001163], [-100.61386476069, -112.58238695041, -52.5841698913], [-100.61268613845, -112.18033502475, -50.625002410831], [-100.61150757581, -111.77828405277, -48.665827300968], [-100.61032895356, -111.37623212711, -46.706659820499], [-100.60915033131, -110.97418020145, -44.747484710636], [-100.60797170907, -110.57212827579, -42.78831341547], [-100.60679308682, -110.17007730381, -40.829142120304], [-100.60561446458, -109.76802537815, -38.869970825138], [-100.60443584233, -109.36597345249, -36.910799529972], [-100.60325722008, -108.96392152683, -34.951628234806], [-100.60207865744, -108.56187055484, -32.99245693964], [-100.6009000352, -108.15981862918, -31.033285644474], [-100.59972141295, -107.75776670353, -29.074114349308], [-100.59854279071, -107.35571573154, -27.114943054142], [-100.59736416846, -106.95366380588, -25.155767944279], [-100.59618554621, -106.55161188022, -23.196596649113], [-100.59500692397, -106.14955995456, -21.237425353947], [-100.59382830172, -105.74750850574, -19.278254058781], [-100.59264967948, -105.34545705692, -17.319082763615], [-100.59147111684, -104.94340513126, -15.359911468449], [-100.59029249459, -104.54135368244, -13.400740173283], [-100.58911387234, -104.13930175678, -11.441568878117], [-100.5879352501, -103.73725030796, -9.4823975829505], [-100.58675662785, -103.3351983823, -7.5232262877845], [-100.58557800561, -102.93314693348, -5.5640549926185], [-100.58439938336, -102.53109548465, -3.6048836974524], [-100.58322076112, -102.12904355899, -1.6457124022864], [-100.58204213887, -101.72699187175, 0.31346080022822], [-100.58086357623, -101.32494018451, 2.2726320953942], [-100.57968495398, -100.92288849727, 4.2318033905602], [-100.57850633174, -100.52083681003, 6.1909746857263], [-100.57732770949, -100.11878512279, 8.1501459808923], [-100.57614908725, -99.71673355476, 10.109317276058], [-100.574970465, -99.314681867519, 12.068489524899], [-100.57379184275, -98.912630239883, 14.027660820065], [-100.57261322051, -98.510578552643, 15.986832115231], [-100.57143465787, -98.108526880303, 17.946003648815], [-100.57025603562, -97.706475207964, 19.905175242004], [-100.56907741338, -97.304423550526, 21.864346715984], [-100.56789879113, -96.902371863285, 23.823518249569], [-100.56672016888, -96.500320176044, 25.782690021572], [-100.56554154664, -96.098268488804, 27.741861316738], [-100.56436292439, -95.696216801563, 29.701033088741], [-100.56318430215, -95.294165114323, 31.660204383907], [-100.5620056799, -94.892113427082, 33.619375679073], [-100.56082711726, -94.490061739841, 35.578546974239], [-100.55964849501, -94.088010052601, 37.53771922308], [-100.55846987277, -93.68595836536, 39.496890518246], [-100.55729125052, -93.283906916538, 41.456061813412], [-100.55611262828, -92.881854990879, 43.415233108578], [-100.55493400603, -92.479803542057, 45.374404403744], [-100.55375538378, -92.077751616398, 47.33357569891], [-100.55257676154, -91.675700167576, 49.292748901425], [-100.55139813929, -91.273648241917, 51.251920196591], [-100.55021957665, -90.871596793095, 53.211091491757], [-100.54904095441, -90.469545344273, 55.170262786923], [-100.54786233216, -90.067493418613, 57.129434082089], [-100.54668370991, -89.665441492954, 59.088605377255], [-100.54550508767, -89.263390520969, 61.047776672421], [-100.54432646542, -88.86133859531, 63.006947967587], [-100.54314784318, -88.459286669651, 64.966119262753], [-100.54196922093, -88.057234743992, 66.925290557919], [-100.54079065829, -87.655183772007, 68.884461853085], [-100.53961203604, -87.253131846348, 70.843633148251], [-100.5384334138, -86.851079920689, 72.802808258114], [-100.53725479155, -86.449027995029, 74.76197955328], [-100.53607616931, -86.046977023044, 76.721150848446], [-100.53489754706, -85.644925097385, 78.680322143612]], "InstanceCreationTime": ["115958.615000", "115958.545000", "115958.616000", "115958.547000", "115958.618000", "115958.549000", "115958.620000", "115958.551000", "115958.622000", "115958.553000", "115958.624000", "115958.555000", "115958.626000", "115958.556000", "115958.627000", "115958.558000", "115958.629000", "115958.560000", "115958.631000", "115958.562000", "115958.633000", "115958.564000", "115958.635000", "115958.565000", "115958.636000", "115958.567000", "115958.638000", "115958.569000", "115958.640000", "115958.571000", "115958.642000", "115958.573000", "115958.644000", "115958.575000", "115958.646000", "115958.577000", "115958.648000", "115958.579000", "115958.649000", "115958.581000", "115958.651000", "115958.583000", "115958.653000", "115958.585000", "115958.655000", "115958.587000", "115958.657000", "115958.589000", "115958.658000", "115958.592000", "115958.660000", "115958.594000", "115958.662000", "115958.596000", "115958.664000", "115958.598000", "115958.666000", "115958.600000", "115958.667000", "115958.601000", "115958.669000", "115958.603000", "115958.671000", "115958.605000", "115958.673000", "115958.607000", "115958.675000", "115958.609000", "115958.677000", "115958.611000", "115958.678000", "115958.613000"], "InstanceNumber": [1, 2, 3, 4, 5, 6, 7, 8, 9, 10, 11, 12, 13, 14, 15, 16, 17, 18, 19, 20, 21, 22, 23, 24, 25, 26, 27, 28, 29, 30, 31, 32, 33, 34, 35, 36, 37, 38, 39, 40, 41, 42, 43, 44, 45, 46, 47, 48, 49, 50, 51, 52, 53, 54, 55, 56, 57, 58, 59, 60, 61, 62, 63, 64, 65, 66, 67, 68, 69, 70, 71, 72], "LargestImagePixelValue": [4094, 4094, 4092, 4095, 4095, 4093, 4095, 4090, 4094, 4094, 4092, 4094, 4092, 4095, 4092, 4094, 4095, 4089, 4091, 4092, 4091, 4095, 4094, 4092, 4092, 4094, 4095, 4094, 4095, 4095, 4088, 4095, 4094, 4095, 4094, 4095, 4093, 4090, 4080, 4093, 4088, 4090, 4094, 4094, 4094, 4094, 4095, 4094, 4092, 4094, 4095, 4095, 4095, 4095, 4095, 4093, 4093, 4093, 4095, 4095, 4095, 4094, 4093, 4093, 4094, 4095, 4095, 4092, 4094, 4094, 4094, 4095], "SliceLocation": [-82.201963446626, -80.201967357479, -78.2019639864, -76.201967897253, -74.20196433446, -72.201968245314, -70.201964874269, -68.201968785122, -66.20196522233, -64.20196539636, -62.201965762103, -60.201965936133, -58.201966110164, -56.201966284194, -54.201966649972, -52.201966824003, -50.201966998033, -48.201967363776, -46.201963800984, -44.201963975014, -42.201964149044, -40.201964418931, -38.201964688818, -36.201964862883, -34.20196513277, -32.2019653068, -30.201965576687, -28.201965750717, -26.201966020604, -24.201966290491, -22.201966464521, -20.201964818068, -18.201965040062, -16.20196526202, -14.201965483979, -12.201965705937, -10.20196595186, -8.2019652396128, -6.2019654735534, -4.201965695512, -2.2019656869497, -0.2019656199645, 1.7980343272495, 3.7980343388424, 5.7980345839868, 7.7980343620283, 9.7980346071726, 11.798034385214, 13.798034163256, 15.798033941262, 17.798034653509, 19.798034431551, 21.798034161664, 23.798033987633, 25.798033717747, 27.798033543716, 29.798035142241, 31.798034968211, 33.798034698289, 35.798034428402, 37.798034254372, 39.798034080342, 41.798033714598, 43.798033540568, 45.798033366538, 47.798033192507, 49.798032826729, 51.798032652699, 53.798036215492, 55.798036041461, 57.798035675718, 59.798035501688], "SmallestImagePixelValue": [0, 0, 0, 0, 0, 0, 0, 0, 2, 0, 0, 0, 0, 0, 0, 2, 0, 1, 0, 0, 1, 0, 1, 0, 1, 0, 0, 2, 5, 1, 7, 8, 0, 0, 4, 4, 0, 7, 0, 2, 4, 1, 0, 0, 3, 3, 0, 0, 3, 4, 1, 1, 2, 0, 2, 0, 0, 1, 0, 3, 0, 1, 0, 3, 0, 1, 0, 0, 2, 0, 0, 0], "WindowCenter": [-104.0, -182.0, -212.0, -228.0, -236.0, -220.0, -230.0, -228.0, -216.0, -192.0, -150.0, -134.0, -120.0, -84.0, -154.0, -180.0, -174.0, -206.0, -232.0, -228.0, -178.0, -200.0, -196.0, -212.0, -236.0, -212.0, -230.0, -258.0, -250.0, -274.0, -244.0, -344.0, -280.0, -266.0, -106.0, -128.0, -94.0, -108.0, -240.0, -86.0, -214.0, -74.0, -40.0, -76.0, -42.0, -74.0, -82.0, -50.0, -68.0, -78.0, -124.0, -124.0, -102.0, -110.0, -80.0, -98.0, -100.0, -104.0, -90.0, -84.0, -92.0, -134.0, -90.0, -130.0, -174.0, -180.0, -220.0, -278.0, -314.0, -336.0, -368.0, -306.0], "WindowWidth": [6170.0, 6238.0, 6240.0, 6162.0, 6130.0, 6100.0, 6080.0, 6138.0, 6202.0, 6200.0, 6220.0, 6226.0, 6208.0, 6232.0, 6200.0, 6126.0, 6088.0, 5970.0, 5928.0, 5828.0, 5800.0, 5684.0, 5688.0, 5658.0, 5524.0, 5494.0, 5514.0, 5522.0, 5420.0, 5150.0, 5058.0, 4630.0, 4616.0, 4616.0, 5244.0, 5118.0, 5318.0, 5146.0, 4604.0, 5196.0, 4596.0, 5232.0, 5420.0, 5224.0, 5372.0, 5250.0, 5136.0, 5280.0, 5272.0, 5314.0, 5022.0, 5140.0, 5334.0, 5318.0, 5428.0, 5528.0, 5552.0, 5556.0, 5654.0, 5642.0, 5708.0, 5734.0, 5736.0, 5770.0, 5820.0, 5902.0, 5910.0, 5950.0, 6032.0, 6030.0, 6036.0, 6266.0]}}, "IntendedFor": ["ses-imagenet03/func/sub-08_ses-imagenet03_task-imagenet_run-10_bold.nii.gz", "ses-imagenet03/func/sub-08_ses-imagenet03_task-imagenet_run-02_bold.nii.gz", "ses-imagenet03/func/sub-08_ses-imagenet03_task-imagenet_run-04_bold.nii.gz", "ses-imagenet03/func/sub-08_ses-imagenet03_task-imagenet_run-09_bold.nii.gz", "ses-imagenet03/func/sub-08_ses-imagenet03_task-imagenet_run-06_bold.nii.gz", "ses-imagenet03/func/sub-08_ses-imagenet03_task-imagenet_run-05_bold.nii.gz", "ses-imagenet03/func/sub-08_ses-imagenet03_task-imagenet_run-07_bold.nii.gz", "ses-imagenet03/func/sub-08_ses-imagenet03_task-imagenet_run-08_bold.nii.gz", "ses-imagenet03/func/sub-08_ses-imagenet03_task-imagenet_run-01_bold.nii.gz", "ses-imagenet03/func/sub-08_ses-imagenet03_task-imagenet_run-03_bold.nii.gz"]}