{"AcquisitionMatrixPE": 100, "AcquisitionNumber": 1, "AcquisitionTime": "16:08:40.715000", "BaseResolution": 100, "BodyPartExamined": "BRAIN", "ConsistencyInfo": "N4_VE11C_LATEST_20160120", "ConversionSoftware": "dcm2niix", "ConversionSoftwareVersion": "v1.0.20180622 GCC4.9.2", "DeviceSerialNumber": "166078", "DwellTime": 8.8e-06, "EchoNumber": 2, "EchoTime": 0.00738, "EchoTime1": 0.00492, "EchoTime2": 0.00738, "FlipAngle": 60, "ImageOrientationPatientDICOM": [0.999224, 0.0130178, 0.0371696, -0.0087201, 0.993497, -0.113527], "ImageType": ["ORIGINAL", "PRIMARY", "P", "ND"], "InPlanePhaseEncodingDirectionDICOM": "ROW", "InstitutionAddress": "Street_StreetNo_Bei_Jing_District_CN_ZIP", "InstitutionName": "BeiJing_Normal_University", "InstitutionalDepartmentName": "Department", "MRAcquisitionType": "2D", "MagneticFieldStrength": 3, "Manufacturer": "Siemens", "ManufacturersModelName": "Prisma", "Modality": "MR", "PartialFourier": 1, "PatientPosition": "HFS", "PercentPhaseFOV": 100, "PhaseEncodingDirection": "i", "PhaseEncodingSteps": 100, "PhaseResolution": 1, "PixelBandwidth": 570, "ProcedureStepDescription": "BNU_P2018_64CH_Zhen.ZongLei", "ProtocolName": "field_mapping_2x2x2", "PulseSequenceDetails": "%SiemensSeq%_gre_field_mapping", "ReceiveCoilActiveElements": "HC1-7;NC1", "ReceiveCoilName": "HeadNeck_64", "ReconMatrixPE": 100, "RepetitionTime": 0.72, "SAR": 0.133733, "ScanningSequence": "GR", "SequenceName": "_fm2d2r", "SequenceVariant": "SP", "SeriesDescription": "field_mapping_2x2x2", "SeriesNumber": 9, "ShimSetting": [-5467, -11516, -1288, 566, 3, -137, -139, 4], "SliceThickness": 2, "SoftwareVersions": "syngo_MR_E11", "SpacingBetweenSlices": 2, "StationName": "AWP166078", "TxRefAmp": 214.423, "dcmmeta_affine": [[-1.998448371887207, -0.0174401942640543, 0.07681131362915039, 98.10401916503906], [-0.02603551186621189, 1.9869931936264038, -0.22623062133789062, -89.13325500488281], [0.07433910667896271, 0.2270548790693283, 1.9856796264648438, -82.25039672851562], [0.0, 0.0, 0.0, 1.0]], "dcmmeta_reorient_transform": [[0.0, -1.0, 0.0, 99.0], [1.0, 0.0, 0.0, 0.0], [0.0, 0.0, -1.0, 71.0], [0.0, 0.0, 0.0, 1.0]], "dcmmeta_shape": [100, 100, 72], "dcmmeta_slice_dim": 2, "dcmmeta_version": 0.6, "global": {"const": {"AcquisitionMatrix": [0, 100, 100, 0], "AcquisitionNumber": 1, "AngioFlag": "N", "BitsAllocated": 16, "BitsStored": 12, "BodyPartExamined": "BRAIN", "Columns": 100, "EchoNumbers": 2, "EchoTime": 7.38, "EchoTrainLength": 0, "FlipAngle": 60.0, "HighBit": 11, "ImageOrientationPatient": [0.99922418023486, 0.01301775576398, 0.0371695529816, -0.0087200969707, 0.99349659281877, -0.1135274414682], "ImageType": ["ORIGINAL", "PRIMARY", "P", "ND"], "ImagedNucleus": "1H", "ImagingFrequency": 123.257778, "InPlanePhaseEncodingDirection": "ROW", "MRAcquisitionType": "2D", "MagneticFieldStrength": 3.0, "Manufacturer": "SIEMENS", "ManufacturerModelName": "Prisma", "Modality": "MR", "NumberOfAverages": 1.0, "NumberOfPhaseEncodingSteps": 100, "PercentPhaseFieldOfView": 100.0, "PercentSampling": 100.0, "PerformedProcedureStepStartTime": "151530.281000", "PhotometricInterpretation": "MONOCHROME2", "PixelBandwidth": 570.0, "PixelRepresentation": 0, "PixelSpacing": [2.0, 2.0], "ProtocolName": "field_mapping_2x2x2", "RepetitionTime": 720.0, "RescaleIntercept": -4096.0, "RescaleSlope": 2.0, "RescaleType": "US", "Rows": 100, "SAR": 0.13373260218026, "SamplesPerPixel": 1, "ScanningSequence": "GR", "SequenceName": "*fm2d2r", "SequenceVariant": "SP", "SeriesDescription": "field_mapping_2x2x2", "SeriesNumber": 9, "SeriesTime": "161104.868000", "SliceThickness": 2.0, "SoftwareVersions": "syngo MR E11", "SpacingBetweenSlices": 2.0, "SpecificCharacterSet": "ISO_IR 100", "StudyID": "1", "StudyTime": "151530.195000", "TransmitCoilName": "Body", "VariableFlipAngleFlag": "N", "WindowCenterWidthExplanation": "Algo1", "dBdt": 0.0}, "slices": {"AcquisitionTime": ["160840.715000", "160840.355000", "160840.725000", "160840.365000", "160840.735000", "160840.375000", "160840.745000", "160840.385000", "160840.755000", "160840.395000", "160840.765000", "160840.405000", "160840.775000", "160840.415000", "160840.785000", "160840.425000", "160840.795000", "160840.435000", "160840.805000", "160840.445000", "160840.815000", "160840.455000", "160840.825000", "160840.465000", "160840.835000", "160840.475000", "160840.845000", "160840.485000", "160840.855000", "160840.495000", "160840.865000", "160840.505000", "160840.875000", "160840.515000", "160840.885000", "160840.525000", "160840.895000", "160840.535000", "160840.905000", "160840.545000", "160840.915000", "160840.555000", "160840.925000", "160840.565000", "160840.935000", "160840.575000", "160840.945000", "160840.585000", "160840.955000", "160840.595000", "160840.965000", "160840.605000", "160840.975000", "160840.615000", "160840.985000", "160840.625000", "160840.995000", "160840.635000", "160841.005000", "160840.645000", "160841.015000", "160840.655000", "160841.025000", "160840.665000", "160841.035000", "160840.675000", "160841.045000", "160840.685000", "160841.055000", "160840.695000", "160841.065000", "160840.705000"], "ContentTime": ["161104.944000", "161104.870000", "161104.947000", "161104.872000", "161104.948000", "161104.874000", "161104.950000", "161104.876000", "161104.952000", "161104.878000", "161104.954000", "161104.880000", "161104.956000", "161104.882000", "161104.958000", "161104.883000", "161104.960000", "161104.885000", "161104.962000", "161104.887000", "161104.963000", "161104.889000", "161104.965000", "161104.891000", "161104.967000", "161104.893000", "161104.969000", "161104.895000", "161104.971000", "161104.897000", "161104.973000", "161104.899000", "161104.977000", "161104.901000", "161104.979000", "161104.902000", "161104.980000", "161104.904000", "161104.982000", "161104.906000", "161104.985000", "161104.908000", "161104.986000", "161104.910000", "161104.988000", "161104.912000", "161104.990000", "161104.914000", "161104.992000", "161104.916000", "161104.994000", "161104.922000", "161104.996000", "161104.924000", "161104.997000", "161104.926000", "161105.000000", "161104.928000", "161105.002000", "161104.930000", "161105.004000", "161104.931000", "161105.006000", "161104.933000", "161105.008000", "161104.935000", "161105.010000", "161104.937000", "161105.011000", "161104.939000", "161105.013000", "161104.941000"], "CsaImage.GSWDDataType": ["measured", "predicted", "measured", "predicted", "measured", "predicted", "measured", "predicted", "measured", "predicted", "measured", "predicted", "measured", "predicted", "measured", "predicted", "measured", "predicted", "measured", "predicted", "measured", "predicted", "measured", "predicted", "measured", "predicted", "measured", "predicted", "measured", "predicted", "measured", "predicted", "measured", "predicted", "measured", "predicted", "measured", "predicted", "measured", "predicted", "measured", "predicted", "measured", "predicted", "measured", "predicted", "measured", "predicted", "measured", "predicted", "measured", "predicted", "measured", "predicted", "measured", "predicted", "measured", "predicted", "measured", "predicted", "measured", "predicted", "measured", "predicted", "measured", "predicted", "measured", "predicted", "measured", "measured", "measured", "measured"], "CsaImage.ICE_Dims": ["X_2_1_1_1_1_1_37_1_1_1_1_203", "X_2_1_1_1_1_1_1_1_1_2_1_203", "X_2_1_1_1_1_1_38_1_1_3_1_203", "X_2_1_1_1_1_1_2_1_1_4_1_203", "X_2_1_1_1_1_1_39_1_1_5_1_203", "X_2_1_1_1_1_1_3_1_1_6_1_203", "X_2_1_1_1_1_1_40_1_1_7_1_203", "X_2_1_1_1_1_1_4_1_1_8_1_203", "X_2_1_1_1_1_1_41_1_1_9_1_203", "X_2_1_1_1_1_1_5_1_1_10_1_203", "X_2_1_1_1_1_1_42_1_1_11_1_203", "X_2_1_1_1_1_1_6_1_1_12_1_203", "X_2_1_1_1_1_1_43_1_1_13_1_203", "X_2_1_1_1_1_1_7_1_1_14_1_203", "X_2_1_1_1_1_1_44_1_1_15_1_203", "X_2_1_1_1_1_1_8_1_1_16_1_203", "X_2_1_1_1_1_1_45_1_1_17_1_203", "X_2_1_1_1_1_1_9_1_1_18_1_203", "X_2_1_1_1_1_1_46_1_1_19_1_203", "X_2_1_1_1_1_1_10_1_1_20_1_203", "X_2_1_1_1_1_1_47_1_1_21_1_203", "X_2_1_1_1_1_1_11_1_1_22_1_203", "X_2_1_1_1_1_1_48_1_1_23_1_203", "X_2_1_1_1_1_1_12_1_1_24_1_203", "X_2_1_1_1_1_1_49_1_1_25_1_203", "X_2_1_1_1_1_1_13_1_1_26_1_203", "X_2_1_1_1_1_1_50_1_1_27_1_203", "X_2_1_1_1_1_1_14_1_1_28_1_203", "X_2_1_1_1_1_1_51_1_1_29_1_203", "X_2_1_1_1_1_1_15_1_1_30_1_203", "X_2_1_1_1_1_1_52_1_1_31_1_203", "X_2_1_1_1_1_1_16_1_1_32_1_203", "X_2_1_1_1_1_1_53_1_1_33_1_203", "X_2_1_1_1_1_1_17_1_1_34_1_203", "X_2_1_1_1_1_1_54_1_1_35_1_203", "X_2_1_1_1_1_1_18_1_1_36_1_203", "X_2_1_1_1_1_1_55_1_1_37_1_203", "X_2_1_1_1_1_1_19_1_1_38_1_203", "X_2_1_1_1_1_1_56_1_1_39_1_203", "X_2_1_1_1_1_1_20_1_1_40_1_203", "X_2_1_1_1_1_1_57_1_1_41_1_203", "X_2_1_1_1_1_1_21_1_1_42_1_203", "X_2_1_1_1_1_1_58_1_1_43_1_203", "X_2_1_1_1_1_1_22_1_1_44_1_203", "X_2_1_1_1_1_1_59_1_1_45_1_203", "X_2_1_1_1_1_1_23_1_1_46_1_203", "X_2_1_1_1_1_1_60_1_1_47_1_203", "X_2_1_1_1_1_1_24_1_1_48_1_203", "X_2_1_1_1_1_1_61_1_1_49_1_203", "X_2_1_1_1_1_1_25_1_1_50_1_203", "X_2_1_1_1_1_1_62_1_1_51_1_203", "X_2_1_1_1_1_1_26_1_1_52_1_203", "X_2_1_1_1_1_1_63_1_1_53_1_203", "X_2_1_1_1_1_1_27_1_1_54_1_203", "X_2_1_1_1_1_1_64_1_1_55_1_203", "X_2_1_1_1_1_1_28_1_1_56_1_203", "X_2_1_1_1_1_1_65_1_1_57_1_203", "X_2_1_1_1_1_1_29_1_1_58_1_203", "X_2_1_1_1_1_1_66_1_1_59_1_203", "X_2_1_1_1_1_1_30_1_1_60_1_203", "X_2_1_1_1_1_1_67_1_1_61_1_203", "X_2_1_1_1_1_1_31_1_1_62_1_203", "X_2_1_1_1_1_1_68_1_1_63_1_203", "X_2_1_1_1_1_1_32_1_1_64_1_203", "X_2_1_1_1_1_1_69_1_1_65_1_203", "X_2_1_1_1_1_1_33_1_1_66_1_203", "X_2_1_1_1_1_1_70_1_1_67_1_203", "X_2_1_1_1_1_1_34_1_1_68_1_203", "X_2_1_1_1_1_1_71_1_1_69_1_203", "X_2_1_1_1_1_1_35_1_1_70_1_203", "X_2_1_1_1_1_1_72_1_1_71_1_203", "X_2_1_1_1_1_1_36_1_1_72_1_203"], "CsaImage.ProtocolSliceNumber": [0, 1, 2, 3, 4, 5, 6, 7, 8, 9, 10, 11, 12, 13, 14, 15, 16, 17, 18, 19, 20, 21, 22, 23, 24, 25, 26, 27, 28, 29, 30, 31, 32, 33, 34, 35, 36, 37, 38, 39, 40, 41, 42, 43, 44, 45, 46, 47, 48, 49, 50, 51, 52, 53, 54, 55, 56, 57, 58, 59, 60, 61, 62, 63, 64, 65, 66, 67, 68, 69, 70, 71], "CsaImage.RFSWDDataType": ["measured", "predicted", "measured", "predicted", "measured", "predicted", "measured", "predicted", "measured", "predicted", "measured", "predicted", "measured", "predicted", "measured", "predicted", "measured", "predicted", "measured", "predicted", "measured", "predicted", "measured", "predicted", "measured", "predicted", "measured", "predicted", "measured", "predicted", "measured", "predicted", "measured", "predicted", "measured", "predicted", "measured", "predicted", "measured", "predicted", "measured", "predicted", "measured", "predicted", "measured", "predicted", "measured", "predicted", "measured", "predicted", "measured", "predicted", "measured", "predicted", "measured", "predicted", "measured", "predicted", "measured", "predicted", "measured", "predicted", "measured", "predicted", "measured", "measured", "measured", "measured", "measured", "measured", "measured", "measured"], "CsaImage.SlicePosition_PCS": [[-96.37743374, -107.57906147, -59.77189548], [-96.45424505, -107.35283085, -57.78621585], [-96.53105637, -107.12660023, -55.80054004], [-96.60786792, -106.90037008, -53.81486041], [-96.68467923, -106.67413946, -51.82918079], [-96.76149055, -106.44790884, -49.84350497], [-96.8383021, -106.22167822, -47.85782535], [-96.91511341, -105.99544807, -45.87214572], [-96.99192473, -105.76921745, -43.8864661], [-97.06873628, -105.54298683, -41.90079028], [-97.14554759, -105.31675669, -39.91511066], [-97.22235902, -105.09052606, -37.92943103], [-97.29917046, -104.86429544, -35.9437514], [-97.37598177, -104.63806506, -33.95807559], [-97.4527932, -104.41183444, -31.97239597], [-97.52960464, -104.18560406, -29.98671634], [-97.60641595, -103.95937343, -28.00103671], [-97.68322738, -103.73314305, -26.0153609], [-97.76003882, -103.50691267, -24.02968127], [-97.83685013, -103.28068205, -22.04400165], [-97.91366156, -103.05445166, -20.05832393], [-97.990473, -102.82822104, -18.0726443], [-98.06728431, -102.60199054, -16.08696658], [-98.14409574, -102.37576016, -14.10128696], [-98.22090711, -102.14952966, -12.11560924], [-98.29771849, -101.92329915, -10.12992961], [-98.37452992, -101.69706865, -8.14425094], [-98.45134129, -101.47083815, -6.15857322], [-98.52815267, -101.24460765, -4.17289455], [-98.60496407, -101.01837717, -2.18721587], [-98.68177547, -100.79214667, -0.20153672], [-98.75858688, -100.56591618, 1.78414195], [-98.83539826, -100.3396857, 3.76982062], [-98.91220965, -100.1134552, 5.75549929], [-98.98902105, -99.88722469, 7.74117794], [-99.06583244, -99.66099419, 9.72685664], [-99.14264383, -99.43476375, 11.71253531], [-99.21945522, -99.20853325, 13.69821399], [-99.29626662, -98.98230274, 15.68389218], [-99.37307801, -98.75607224, 17.66957085], [-99.44988941, -98.52984186, 19.65524953], [-99.52670079, -98.30361124, 21.6409282], [-99.60351219, -98.07738086, 23.62660687], [-99.68032356, -97.85115023, 25.6122865], [-99.757135, -97.62491985, 27.59796422], [-99.83394637, -97.39868923, 29.58364384], [-99.91075774, -97.17245885, 31.56932156], [-99.98756918, -96.94622823, 33.55500119], [-100.06438061, -96.71999784, 35.54067891], [-100.14119192, -96.49376722, 37.52635854], [-100.21800336, -96.26753708, 39.51203625], [-100.29481479, -96.04130646, 41.49771588], [-100.3716261, -95.81507583, 43.48339551], [-100.44843753, -95.58884521, 45.46907132], [-100.52524897, -95.36261507, 47.45475095], [-100.60206028, -95.13638445, 49.44043057], [-100.67887171, -94.91015383, 51.4261102], [-100.75568315, -94.6839232, 53.41178601], [-100.83249446, -94.45769306, 55.39746564], [-100.90930589, -94.23146244, 57.38314526], [-100.98611733, -94.00523182, 59.36882489], [-101.06292864, -93.77900167, 61.3545007], [-101.13973995, -93.55277105, 63.34018033], [-101.21655151, -93.32654043, 65.32585995], [-101.29336282, -93.10030981, 67.31153958], [-101.37017413, -92.87407966, 69.29721539], [-101.44698568, -92.64784904, 71.28289502], [-101.523797, -92.42161842, 73.26857083], [-101.60060831, -92.1953878, 75.25425046], [-101.67741986, -91.96915718, 77.23993008], [-101.75423118, -91.74292751, 79.22560971], [-101.83104249, -91.51669689, 81.21128934]], "CsaImage.TimeAfterStart": [1.0825, 0.7225, 1.0925, 0.7325, 1.1025, 0.7425, 1.1125, 0.7525, 1.1225, 0.7625, 1.1325, 0.7725, 1.1425, 0.7825, 1.1525, 0.7925, 1.1625, 0.8025, 1.1725, 0.8125, 1.1825, 0.8225, 1.1925, 0.8325, 1.2025, 0.8425, 1.2125, 0.8525, 1.2225, 0.8625, 1.2325, 0.8725, 1.2425, 0.8825, 1.2525, 0.8925, 1.2625, 0.9025, 1.2725, 0.9125, 1.2825, 0.9225, 1.2925, 0.9325, 1.3025, 0.9425, 1.3125, 0.9525, 1.3225, 0.9625, 1.3325, 0.9725, 1.3425, 0.9825, 1.3525, 0.9925, 1.3625, 1.0025, 1.3725, 1.0125, 1.3825, 1.0225, 1.3925, 1.0325, 1.4025, 1.0425, 1.4125, 1.0525, 1.4225, 1.0625, 1.4325, 1.0725], "ImagePositionPatient": [[-96.377433739926, -107.57906146808, -59.771895477513], [-96.454245053555, -107.35283084674, -57.786215851048], [-96.531056367184, -107.1266002254, -55.80054003928], [-96.607867919232, -106.9003700809, -53.814860412816], [-96.684679232861, -106.67413945956, -51.829180786351], [-96.761490546491, -106.44790883823, -49.843504974583], [-96.838302098538, -106.22167821689, -47.857825348118], [-96.915113412167, -105.99544807239, -45.872145721654], [-96.991924725797, -105.76921745105, -43.886466095189], [-97.068736277844, -105.54298682971, -41.900790283421], [-97.145547591473, -105.31675668521, -39.915110656956], [-97.222359024312, -105.09052606387, -37.929431030491], [-97.29917045715, -104.86429544253, -35.943751404027], [-97.375981770779, -104.63806505961, -33.958075592259], [-97.452793203618, -104.41183443828, -31.972395965794], [-97.529604636456, -104.18560405536, -29.986716339329], [-97.606415950085, -103.95937343402, -28.001036712864], [-97.683227382924, -103.7331430511, -26.015360901097], [-97.760038815762, -103.50691266818, -24.029681274632], [-97.836850129392, -103.28068204684, -22.044001648167], [-97.91366156223, -103.05445166392, -20.058323929051], [-97.990472995068, -102.82822104259, -18.072644302586], [-98.067284308698, -102.60199054046, -16.08696658347], [-98.144095741536, -102.37576015754, -14.101286957005], [-98.22090711477, -102.14952965541, -12.115609237889], [-98.297718488004, -101.92329915328, -10.129929611424], [-98.374529920842, -101.69706865115, -8.1442509386335], [-98.451341294076, -101.47083814902, -6.1585732195173], [-98.52815266731, -101.2446076469, -4.1728945467267], [-98.604964070346, -101.01837717457, -2.1872158739362], [-98.681775473382, -100.79214667244, -0.2015367243085], [-98.758586876418, -100.56591617776, 1.784141948482], [-98.835398264553, -100.33968569799, 3.7698206212725], [-98.912209652688, -100.11345519586, 5.7554992940631], [-98.989021048273, -99.887224693728, 7.7411779370513], [-99.065832439202, -99.6609941916, 9.7268566396441], [-99.142643831994, -99.434763749076, 11.712535312435], [-99.219455220129, -99.208533246947, 13.698213985225], [-99.296266623165, -98.982302744818, 15.683892181179], [-99.3730780113, -98.75607224269, 17.669570853969], [-99.449889414336, -98.529841859771, 19.65524952676], [-99.52670078757, -98.303611238433, 21.64092819955], [-99.603512190606, -98.077380855513, 23.626606872341], [-99.68032356384, -97.851150234175, 25.612286498805], [-99.757134996678, -97.624919851256, 27.597964217922], [-99.833946369912, -97.398689229918, 29.583643844387], [-99.910757743146, -97.172458846999, 31.569321563503], [-99.987569175984, -96.946228225661, 33.555001189968], [-100.06438060882, -96.719997842742, 35.540678909084], [-100.14119192245, -96.493767221404, 37.526358535549], [-100.21800335529, -96.267537076903, 39.512036254665], [-100.29481478813, -96.041306455565, 41.49771588113], [-100.37162610176, -95.815075834227, 43.483395507595], [-100.4484375346, -95.588845212889, 45.469071319362], [-100.52524896743, -95.362615068389, 47.454750945827], [-100.60206028106, -95.136384447051, 49.440430572292], [-100.6788717139, -94.910153825713, 51.426110198757], [-100.75568314674, -94.683923204375, 53.411786010524], [-100.83249446037, -94.457693059874, 55.397465636989], [-100.90930589321, -94.231462438536, 57.383145263454], [-100.98611732605, -94.005231817199, 59.368824889919], [-101.06292863968, -93.779001672698, 61.354500701686], [-101.13973995331, -93.55277105136, 63.340180328151], [-101.21655150535, -93.326540430022, 65.325859954616], [-101.29336281898, -93.100309808684, 67.311539581081], [-101.37017413261, -92.874079664183, 69.297215392848], [-101.44698568466, -92.647849042846, 71.282895019313], [-101.52379699829, -92.421618421508, 73.268570831081], [-101.60060831192, -92.19538780017, 75.254250457546], [-101.67741986396, -91.969157178832, 77.239930084011], [-101.75423117759, -91.742927511168, 79.225609710475], [-101.83104249122, -91.51669688983, 81.21128933694]], "InstanceCreationTime": ["161104.944000", "161104.870000", "161104.947000", "161104.872000", "161104.948000", "161104.874000", "161104.950000", "161104.876000", "161104.952000", "161104.878000", "161104.954000", "161104.880000", "161104.956000", "161104.882000", "161104.958000", "161104.883000", "161104.960000", "161104.885000", "161104.962000", "161104.887000", "161104.963000", "161104.889000", "161104.965000", "161104.891000", "161104.967000", "161104.893000", "161104.969000", "161104.895000", "161104.971000", "161104.897000", "161104.973000", "161104.899000", "161104.977000", "161104.901000", "161104.979000", "161104.902000", "161104.980000", "161104.904000", "161104.982000", "161104.906000", "161104.985000", "161104.908000", "161104.986000", "161104.910000", "161104.988000", "161104.912000", "161104.990000", "161104.914000", "161104.992000", "161104.916000", "161104.994000", "161104.922000", "161104.996000", "161104.924000", "161104.997000", "161104.926000", "161105.000000", "161104.928000", "161105.002000", "161104.930000", "161105.004000", "161104.931000", "161105.006000", "161104.933000", "161105.008000", "161104.935000", "161105.010000", "161104.937000", "161105.011000", "161104.939000", "161105.013000", "161104.941000"], "InstanceNumber": [1, 2, 3, 4, 5, 6, 7, 8, 9, 10, 11, 12, 13, 14, 15, 16, 17, 18, 19, 20, 21, 22, 23, 24, 25, 26, 27, 28, 29, 30, 31, 32, 33, 34, 35, 36, 37, 38, 39, 40, 41, 42, 43, 44, 45, 46, 47, 48, 49, 50, 51, 52, 53, 54, 55, 56, 57, 58, 59, 60, 61, 62, 63, 64, 65, 66, 67, 68, 69, 70, 71, 72], "LargestImagePixelValue": [4094, 4094, 4094, 4094, 4094, 4095, 4094, 4093, 4095, 4094, 4095, 4095, 4094, 4095, 4095, 4095, 4094, 4095, 4094, 4095, 4094, 4095, 4092, 4091, 4094, 4094, 4094, 4091, 4090, 4081, 4094, 4092, 4092, 4091, 4090, 4088, 4092, 4092, 4094, 4090, 4095, 4095, 4091, 4095, 4092, 4095, 4095, 4089, 4091, 4095, 4094, 4094, 4094, 4095, 4092, 4092, 4091, 4095, 4094, 4092, 4092, 4093, 4094, 4095, 4094, 4094, 4093, 4095, 4094, 4094, 4094, 4094], "SliceLocation": [-67.811278070045, -65.811277107323, -63.811279931982, -61.811279014041, -59.811278051319, -57.811280875978, -55.811279904099, -53.811278995314, -51.811278032592, -49.811280848095, -47.81127993931, -45.81127897201, -43.811278004709, -41.811280856337, -39.811279889036, -37.811278948705, -35.811277985982, -33.811280833032, -31.8112798927, -29.811278929978, -27.811279883337, -25.811278916036, -23.811279860489, -21.811278920158, -19.811279862321, -17.811278910794, -15.811278903823, -13.811279845987, -11.811279841306, -9.8112798388504, -7.8112793596015, -5.8112793546181, -3.8112793518925, -1.8112793466385, 0.18872062931262, 2.1887206642628, 4.1887206629534, 6.1887206682073, 8.1887202006108, 10.188720205865, 12.188720198207, 14.188720216373, 16.188720208714, 18.188721173726, 20.188720220367, 22.188721185378, 24.18872022973, 26.188721197031, 28.188720243672, 30.188721206394, 32.188720226066, 34.188721193367, 36.188722156089, 38.188719336008, 40.188720249371, 42.188721212093, 44.188722179394, 46.188719359313, 48.188720268098, 50.188721235398, 52.188722202699, 54.188719324102, 56.188720286824, 58.188721258703, 60.188722221425, 62.188719342829, 64.188720314708, 66.188717490048, 68.188718452771, 70.188719424649, 72.188720279497, 74.188721242219], "SmallestImagePixelValue": [0, 1, 0, 0, 0, 0, 0, 0, 1, 0, 0, 0, 0, 0, 2, 0, 2, 2, 1, 0, 2, 1, 1, 0, 4, 0, 0, 0, 4, 3, 0, 0, 9, 2, 2, 3, 0, 0, 2, 1, 1, 0, 0, 1, 5, 2, 0, 0, 0, 1, 0, 2, 1, 0, 0, 0, 0, 1, 0, 0, 0, 0, 4, 0, 0, 0, 0, 0, 0, 0, 0, 0], "WindowCenter": [-252.0, -256.0, -316.0, -266.0, -282.0, -222.0, -200.0, -172.0, -154.0, -168.0, -144.0, -170.0, -176.0, -226.0, -284.0, -242.0, -288.0, -282.0, -266.0, -232.0, -258.0, -222.0, -256.0, -276.0, -254.0, -220.0, -218.0, -240.0, -352.0, -218.0, -244.0, -222.0, -204.0, -188.0, -174.0, -168.0, -164.0, -152.0, -116.0, -98.0, -82.0, -58.0, -38.0, -16.0, 16.0, -4.0, 34.0, 26.0, 8.0, 22.0, 14.0, 10.0, -2.0, 10.0, 14.0, -30.0, -36.0, -82.0, -92.0, -60.0, -124.0, -180.0, -168.0, -154.0, -262.0, -280.0, -288.0, -326.0, -356.0, -318.0, -398.0, -372.0], "WindowWidth": [6324.0, 6390.0, 6416.0, 6368.0, 6436.0, 6450.0, 6466.0, 6472.0, 6566.0, 6512.0, 6558.0, 6410.0, 6354.0, 6266.0, 6236.0, 6198.0, 6126.0, 6068.0, 6086.0, 6080.0, 6032.0, 5980.0, 5824.0, 5690.0, 5646.0, 5610.0, 5468.0, 5202.0, 4688.0, 5328.0, 5220.0, 5310.0, 5382.0, 5334.0, 5426.0, 5424.0, 5416.0, 5440.0, 5494.0, 5474.0, 5472.0, 5506.0, 5474.0, 5450.0, 5540.0, 5484.0, 5588.0, 5528.0, 5508.0, 5596.0, 5562.0, 5642.0, 5678.0, 5724.0, 5800.0, 5810.0, 5892.0, 5914.0, 5960.0, 5990.0, 6032.0, 6108.0, 6142.0, 6148.0, 6216.0, 6206.0, 6202.0, 6154.0, 6200.0, 6202.0, 6198.0, 6260.0]}}, "IntendedFor": ["ses-imagenet01/func/sub-06_ses-imagenet01_task-imagenet_run-02_bold.nii.gz", "ses-imagenet01/func/sub-06_ses-imagenet01_task-imagenet_run-10_bold.nii.gz", "ses-imagenet01/func/sub-06_ses-imagenet01_task-imagenet_run-06_bold.nii.gz", "ses-imagenet01/func/sub-06_ses-imagenet01_task-imagenet_run-09_bold.nii.gz", "ses-imagenet01/func/sub-06_ses-imagenet01_task-imagenet_run-04_bold.nii.gz", "ses-imagenet01/func/sub-06_ses-imagenet01_task-imagenet_run-08_bold.nii.gz", "ses-imagenet01/func/sub-06_ses-imagenet01_task-imagenet_run-07_bold.nii.gz", "ses-imagenet01/func/sub-06_ses-imagenet01_task-imagenet_run-05_bold.nii.gz", "ses-imagenet01/func/sub-06_ses-imagenet01_task-imagenet_run-03_bold.nii.gz", "ses-imagenet01/func/sub-06_ses-imagenet01_task-imagenet_run-01_bold.nii.gz"]}