{"AcquisitionMatrixPE": 100, "AcquisitionNumber": 1, "AcquisitionTime": "09:58:38.935000", "BaseResolution": 100, "BodyPartExamined": "BRAIN", "ConsistencyInfo": "N4_VE11C_LATEST_20160120", "ConversionSoftware": "dcm2niix", "ConversionSoftwareVersion": "v1.0.20180622 GCC4.9.2", "DeviceSerialNumber": "166078", "DwellTime": 8.8e-06, "EchoNumber": 2, "EchoTime": 0.00738, "EchoTime1": 0.00492, "EchoTime2": 0.00738, "FlipAngle": 60, "ImageOrientationPatientDICOM": [1, 0, 0, 0, 0.999962, -0.00872654], "ImageType": ["ORIGINAL", "PRIMARY", "P", "ND"], "InPlanePhaseEncodingDirectionDICOM": "ROW", "InstitutionAddress": "Street_StreetNo_Bei_Jing_District_CN_ZIP", "InstitutionName": "BeiJing_Normal_University", "InstitutionalDepartmentName": "Department", "MRAcquisitionType": "2D", "MagneticFieldStrength": 3, "Manufacturer": "Siemens", "ManufacturersModelName": "Prisma", "Modality": "MR", "PartialFourier": 1, "PatientPosition": "HFS", "PercentPhaseFOV": 100, "PhaseEncodingDirection": "i", "PhaseEncodingSteps": 100, "PhaseResolution": 1, "PixelBandwidth": 570, "ProcedureStepDescription": "BNU_P2018_64CH_Zhen.ZongLei", "ProtocolName": "field_mapping_2x2x2", "PulseSequenceDetails": "%SiemensSeq%_gre_field_mapping", "ReceiveCoilActiveElements": "HC1-7;NC1", "ReceiveCoilName": "HeadNeck_64", "ReconMatrixPE": 100, "RepetitionTime": 0.72, "SAR": 0.10158, "ScanningSequence": "GR", "SequenceName": "_fm2d2r", "SequenceVariant": "SP", "SeriesDescription": "field_mapping_2x2x2", "SeriesNumber": 9, "ShimSetting": [-5448, -11460, -1288, 444, -55, -313, -216, 133], "SliceThickness": 2, "SoftwareVersions": "syngo_MR_E11", "SpacingBetweenSlices": 2, "StationName": "AWP166078", "TxRefAmp": 212.039, "dcmmeta_affine": [[-2.0, 0.0, 0.0, 100.0], [0.0, 1.999923825263977, -0.01745319366455078, -87.8609390258789], [0.0, 0.017453070729970932, 1.9999237060546875, -79.48445129394531], [0.0, 0.0, 0.0, 1.0]], "dcmmeta_reorient_transform": [[0.0, -1.0, 0.0, 99.0], [1.0, 0.0, 0.0, 0.0], [0.0, 0.0, -1.0, 71.0], [0.0, 0.0, 0.0, 1.0]], "dcmmeta_shape": [100, 100, 72], "dcmmeta_slice_dim": 2, "dcmmeta_version": 0.6, "global": {"const": {"AcquisitionMatrix": [0, 100, 100, 0], "AcquisitionNumber": 1, "AngioFlag": "N", "BitsAllocated": 16, "BitsStored": 12, "BodyPartExamined": "BRAIN", "Columns": 100, "EchoNumbers": 2, "EchoTime": 7.38, "EchoTrainLength": 0, "FlipAngle": 60.0, "HighBit": 11, "ImageOrientationPatient": [1.0, 0.0, 0.0, 0.0, 0.99996192306561, -0.008726535334], "ImageType": ["ORIGINAL", "PRIMARY", "P", "ND"], "ImagedNucleus": "1H", "ImagingFrequency": 123.257746, "InPlanePhaseEncodingDirection": "ROW", "MRAcquisitionType": "2D", "MagneticFieldStrength": 3.0, "Manufacturer": "SIEMENS", "ManufacturerModelName": "Prisma", "Modality": "MR", "NumberOfAverages": 1.0, "NumberOfPhaseEncodingSteps": 100, "PercentPhaseFieldOfView": 100.0, "PercentSampling": 100.0, "PerformedProcedureStepStartTime": "090101.576000", "PhotometricInterpretation": "MONOCHROME2", "PixelBandwidth": 570.0, "PixelRepresentation": 0, "PixelSpacing": [2.0, 2.0], "ProtocolName": "field_mapping_2x2x2", "RepetitionTime": 720.0, "RescaleIntercept": -4096.0, "RescaleSlope": 2.0, "RescaleType": "US", "Rows": 100, "SAR": 0.10157954821572, "SamplesPerPixel": 1, "ScanningSequence": "GR", "SequenceName": "*fm2d2r", "SequenceVariant": "SP", "SeriesDescription": "field_mapping_2x2x2", "SeriesNumber": 9, "SeriesTime": "100104.167000", "SliceThickness": 2.0, "SoftwareVersions": "syngo MR E11", "SpacingBetweenSlices": 2.0, "SpecificCharacterSet": "ISO_IR 100", "StudyID": "1", "StudyTime": "090101.320000", "TransmitCoilName": "Body", "VariableFlipAngleFlag": "N", "WindowCenterWidthExplanation": "Algo1", "dBdt": 0.0}, "slices": {"AcquisitionTime": ["095838.935000", "095838.575000", "095838.945000", "095838.585000", "095838.955000", "095838.595000", "095838.965000", "095838.605000", "095838.975000", "095838.615000", "095838.985000", "095838.625000", "095838.995000", "095838.635000", "095839.005000", "095838.645000", "095839.015000", "095838.655000", "095839.025000", "095838.665000", "095839.035000", "095838.675000", "095839.045000", "095838.685000", "095839.055000", "095838.695000", "095839.065000", "095838.705000", "095839.075000", "095838.715000", "095839.085000", "095838.725000", "095839.095000", "095838.735000", "095839.105000", "095838.745000", "095839.115000", "095838.755000", "095839.125000", "095838.765000", "095839.135000", "095838.775000", "095839.145000", "095838.785000", "095839.155000", "095838.795000", "095839.165000", "095838.805000", "095839.175000", "095838.815000", "095839.185000", "095838.825000", "095839.195000", "095838.835000", "095839.205000", "095838.845000", "095839.215000", "095838.855000", "095839.225000", "095838.865000", "095839.235000", "095838.875000", "095839.245000", "095838.885000", "095839.255000", "095838.895000", "095839.265000", "095838.905000", "095839.275000", "095838.915000", "095839.285000", "095838.925000"], "ContentTime": ["100104.237000", "100104.169000", "100104.238000", "100104.172000", "100104.240000", "100104.174000", "100104.242000", "100104.175000", "100104.244000", "100104.177000", "100104.246000", "100104.179000", "100104.248000", "100104.181000", "100104.250000", "100104.183000", "100104.252000", "100104.184000", "100104.254000", "100104.186000", "100104.255000", "100104.188000", "100104.257000", "100104.190000", "100104.259000", "100104.192000", "100104.261000", "100104.194000", "100104.263000", "100104.196000", "100104.265000", "100104.198000", "100104.266000", "100104.199000", "100104.268000", "100104.201000", "100104.270000", "100104.203000", "100104.272000", "100104.205000", "100104.274000", "100104.207000", "100104.276000", "100104.209000", "100104.278000", "100104.211000", "100104.279000", "100104.212000", "100104.281000", "100104.214000", "100104.283000", "100104.216000", "100104.285000", "100104.218000", "100104.287000", "100104.220000", "100104.289000", "100104.222000", "100104.291000", "100104.224000", "100104.293000", "100104.225000", "100104.295000", "100104.227000", "100104.297000", "100104.229000", "100104.298000", "100104.231000", "100104.300000", "100104.233000", "100104.302000", "100104.235000"], "CsaImage.GSWDDataType": ["measured", "predicted", "measured", "predicted", "measured", "predicted", "measured", "predicted", "measured", "predicted", "measured", "predicted", "measured", "predicted", "measured", "predicted", "measured", "predicted", "measured", "predicted", "measured", "predicted", "measured", "predicted", "measured", "predicted", "measured", "predicted", "measured", "predicted", "measured", "predicted", "measured", "predicted", "measured", "predicted", "measured", "predicted", "measured", "predicted", "measured", "predicted", "measured", "predicted", "measured", "predicted", "measured", "predicted", "measured", "predicted", "measured", "predicted", "measured", "predicted", "measured", "predicted", "measured", "predicted", "measured", "predicted", "measured", "predicted", "measured", "predicted", "measured", "measured", "measured", "measured", "measured", "measured", "measured", "measured"], "CsaImage.ICE_Dims": ["X_2_1_1_1_1_1_37_1_1_1_1_30", "X_2_1_1_1_1_1_1_1_1_2_1_30", "X_2_1_1_1_1_1_38_1_1_3_1_30", "X_2_1_1_1_1_1_2_1_1_4_1_30", "X_2_1_1_1_1_1_39_1_1_5_1_30", "X_2_1_1_1_1_1_3_1_1_6_1_30", "X_2_1_1_1_1_1_40_1_1_7_1_30", "X_2_1_1_1_1_1_4_1_1_8_1_30", "X_2_1_1_1_1_1_41_1_1_9_1_30", "X_2_1_1_1_1_1_5_1_1_10_1_30", "X_2_1_1_1_1_1_42_1_1_11_1_30", "X_2_1_1_1_1_1_6_1_1_12_1_30", "X_2_1_1_1_1_1_43_1_1_13_1_30", "X_2_1_1_1_1_1_7_1_1_14_1_30", "X_2_1_1_1_1_1_44_1_1_15_1_30", "X_2_1_1_1_1_1_8_1_1_16_1_30", "X_2_1_1_1_1_1_45_1_1_17_1_30", "X_2_1_1_1_1_1_9_1_1_18_1_30", "X_2_1_1_1_1_1_46_1_1_19_1_30", "X_2_1_1_1_1_1_10_1_1_20_1_30", "X_2_1_1_1_1_1_47_1_1_21_1_30", "X_2_1_1_1_1_1_11_1_1_22_1_30", "X_2_1_1_1_1_1_48_1_1_23_1_30", "X_2_1_1_1_1_1_12_1_1_24_1_30", "X_2_1_1_1_1_1_49_1_1_25_1_30", "X_2_1_1_1_1_1_13_1_1_26_1_30", "X_2_1_1_1_1_1_50_1_1_27_1_30", "X_2_1_1_1_1_1_14_1_1_28_1_30", "X_2_1_1_1_1_1_51_1_1_29_1_30", "X_2_1_1_1_1_1_15_1_1_30_1_30", "X_2_1_1_1_1_1_52_1_1_31_1_30", "X_2_1_1_1_1_1_16_1_1_32_1_30", "X_2_1_1_1_1_1_53_1_1_33_1_30", "X_2_1_1_1_1_1_17_1_1_34_1_30", "X_2_1_1_1_1_1_54_1_1_35_1_30", "X_2_1_1_1_1_1_18_1_1_36_1_30", "X_2_1_1_1_1_1_55_1_1_37_1_30", "X_2_1_1_1_1_1_19_1_1_38_1_30", "X_2_1_1_1_1_1_56_1_1_39_1_30", "X_2_1_1_1_1_1_20_1_1_40_1_30", "X_2_1_1_1_1_1_57_1_1_41_1_30", "X_2_1_1_1_1_1_21_1_1_42_1_30", "X_2_1_1_1_1_1_58_1_1_43_1_30", "X_2_1_1_1_1_1_22_1_1_44_1_30", "X_2_1_1_1_1_1_59_1_1_45_1_30", "X_2_1_1_1_1_1_23_1_1_46_1_30", "X_2_1_1_1_1_1_60_1_1_47_1_30", "X_2_1_1_1_1_1_24_1_1_48_1_30", "X_2_1_1_1_1_1_61_1_1_49_1_30", "X_2_1_1_1_1_1_25_1_1_50_1_30", "X_2_1_1_1_1_1_62_1_1_51_1_30", "X_2_1_1_1_1_1_26_1_1_52_1_30", "X_2_1_1_1_1_1_63_1_1_53_1_30", "X_2_1_1_1_1_1_27_1_1_54_1_30", "X_2_1_1_1_1_1_64_1_1_55_1_30", "X_2_1_1_1_1_1_28_1_1_56_1_30", "X_2_1_1_1_1_1_65_1_1_57_1_30", "X_2_1_1_1_1_1_29_1_1_58_1_30", "X_2_1_1_1_1_1_66_1_1_59_1_30", "X_2_1_1_1_1_1_30_1_1_60_1_30", "X_2_1_1_1_1_1_67_1_1_61_1_30", "X_2_1_1_1_1_1_31_1_1_62_1_30", "X_2_1_1_1_1_1_68_1_1_63_1_30", "X_2_1_1_1_1_1_32_1_1_64_1_30", "X_2_1_1_1_1_1_69_1_1_65_1_30", "X_2_1_1_1_1_1_33_1_1_66_1_30", "X_2_1_1_1_1_1_70_1_1_67_1_30", "X_2_1_1_1_1_1_34_1_1_68_1_30", "X_2_1_1_1_1_1_71_1_1_69_1_30", "X_2_1_1_1_1_1_35_1_1_70_1_30", "X_2_1_1_1_1_1_72_1_1_71_1_30", "X_2_1_1_1_1_1_36_1_1_72_1_30"], "CsaImage.ProtocolSliceNumber": [0, 1, 2, 3, 4, 5, 6, 7, 8, 9, 10, 11, 12, 13, 14, 15, 16, 17, 18, 19, 20, 21, 22, 23, 24, 25, 26, 27, 28, 29, 30, 31, 32, 33, 34, 35, 36, 37, 38, 39, 40, 41, 42, 43, 44, 45, 46, 47, 48, 49, 50, 51, 52, 53, 54, 55, 56, 57, 58, 59, 60, 61, 62, 63, 64, 65, 66, 67, 68, 69, 70, 71], "CsaImage.RFSWDDataType": ["measured", "predicted", "measured", "predicted", "measured", "predicted", "measured", "predicted", "measured", "predicted", "measured", "predicted", "measured", "predicted", "measured", "predicted", "measured", "predicted", "measured", "predicted", "measured", "predicted", "measured", "predicted", "measured", "predicted", "measured", "predicted", "measured", "predicted", "measured", "predicted", "measured", "predicted", "measured", "predicted", "measured", "predicted", "measured", "predicted", "measured", "predicted", "measured", "predicted", "measured", "predicted", "measured", "predicted", "measured", "predicted", "measured", "predicted", "measured", "predicted", "measured", "predicted", "measured", "predicted", "measured", "predicted", "measured", "measured", "measured", "measured", "measured", "measured", "measured", "measured", "measured", "measured", "measured", "measured"], "CsaImage.SlicePosition_PCS": [[-100.0, -110.13151488, -77.75660367], [-100.0, -110.11406168, -75.75667996], [-100.0, -110.09660849, -73.75675626], [-100.0, -110.0791553, -71.75683255], [-100.0, -110.0617021, -69.75690884], [-100.0, -110.04424986, -67.75698514], [-100.0, -110.02679667, -65.75706143], [-100.0, -110.00934348, -63.75713773], [-100.0, -109.99189028, -61.75721402], [-100.0, -109.97443709, -59.75729031], [-100.0, -109.95698389, -57.75736661], [-100.0, -109.9395307, -55.7574429], [-100.0, -109.92207751, -53.7575192], [-100.0, -109.90462527, -51.75759549], [-100.0, -109.88717207, -49.75767178], [-100.0, -109.86971888, -47.75774808], [-100.0, -109.85226569, -45.75782437], [-100.0, -109.83481249, -43.75790067], [-100.0, -109.8173593, -41.75797315], [-100.0, -109.79990611, -39.75804944], [-100.0, -109.78245387, -37.75812573], [-100.0, -109.76500067, -35.75820203], [-100.0, -109.74754748, -33.75827832], [-100.0, -109.73009428, -31.75835461], [-100.0, -109.71264109, -29.75843282], [-100.0, -109.6951879, -27.7585072], [-100.0, -109.6777347, -25.7585835], [-100.0, -109.66028151, -23.75865979], [-100.0, -109.64282927, -21.75873608], [-100.0, -109.62537608, -19.75881238], [-100.0, -109.60792288, -17.75888867], [-100.0, -109.59046969, -15.75896497], [-100.0, -109.57301649, -13.75904126], [-100.0, -109.5555633, -11.75911755], [-100.0, -109.53811011, -9.75919385], [-100.0, -109.52065691, -7.75926919], [-100.0, -109.50320467, -5.75934596], [-100.0, -109.48575148, -3.75942178], [-100.0, -109.46829829, -1.75949807], [-100.0, -109.45084509, 0.24042575], [-100.0, -109.4333919, 2.24034958], [-100.0, -109.41593871, 4.24027352], [-100.0, -109.39848551, 6.24019723], [-100.0, -109.38103232, 8.24012094], [-100.0, -109.36358008, 10.24004512], [-100.0, -109.34612688, 12.23996883], [-100.0, -109.32867369, 14.23989253], [-100.0, -109.3112205, 16.23981624], [-100.0, -109.2937673, 18.23973994], [-100.0, -109.27631411, 20.23966365], [-100.0, -109.25886092, 22.23958736], [-100.0, -109.24140868, 24.23951106], [-100.0, -109.22395548, 26.23943668], [-100.0, -109.20650229, 28.23936038], [-100.0, -109.1890491, 30.23928409], [-100.0, -109.1715959, 32.23920779], [-100.0, -109.15414271, 34.2391315], [-100.0, -109.13668951, 36.23905521], [-100.0, -109.11923632, 38.23897891], [-100.0, -109.10178408, 40.23890262], [-100.0, -109.08433089, 42.23882632], [-100.0, -109.06687769, 44.23875003], [-100.0, -109.0494245, 46.23867374], [-100.0, -109.03197131, 48.23859744], [-100.0, -109.01451811, 50.23852115], [-100.0, -108.99706492, 52.23844485], [-100.0, -108.97961172, 54.23836856], [-100.0, -108.96215948, 56.23829227], [-100.0, -108.94470629, 58.23821597], [-100.0, -108.9272531, 60.23813968], [-100.0, -108.9097999, 62.23806338], [-100.0, -108.89234671, 64.23798709]], "CsaImage.TimeAfterStart": [1.0825, 0.7225, 1.0925, 0.7325, 1.1025, 0.7425, 1.1125, 0.7525, 1.1225, 0.7625, 1.1325, 0.7725, 1.1425, 0.7825, 1.1525, 0.7925, 1.1625, 0.8025, 1.1725, 0.8125, 1.1825, 0.8225, 1.1925, 0.8325, 1.2025, 0.8425, 1.2125, 0.8525, 1.2225, 0.8625, 1.2325, 0.8725, 1.2425, 0.8825, 1.2525, 0.8925, 1.2625, 0.9025, 1.2725, 0.9125, 1.2825, 0.9225, 1.2925, 0.9325, 1.3025, 0.9425, 1.3125, 0.9525, 1.3225, 0.9625, 1.3325, 0.9725, 1.3425, 0.9825, 1.3525, 0.9925, 1.3625, 1.0025, 1.3725, 1.0125, 1.3825, 1.0225, 1.3925, 1.0325, 1.4025, 1.0425, 1.4125, 1.0525, 1.4225, 1.0625, 1.4325, 1.0725], "ImagePositionPatient": [[-100.0, -110.13151487736, -77.75660366875], [-100.0, -110.1140616837, -75.756679962695], [-100.0, -110.09660849003, -73.756756256641], [-100.0, -110.07915529637, -71.756832550586], [-100.0, -110.0617021027, -69.756908844531], [-100.0, -110.04424986271, -67.756985138476], [-100.0, -110.02679666905, -65.757061432422], [-100.0, -110.00934347538, -63.757137726367], [-100.0, -109.99189028172, -61.757214020312], [-100.0, -109.97443708806, -59.757290314258], [-100.0, -109.95698389439, -57.757366608203], [-100.0, -109.93953070073, -55.757442902148], [-100.0, -109.92207750706, -53.757519196094], [-100.0, -109.90462526707, -51.757595490039], [-100.0, -109.88717207341, -49.757671783984], [-100.0, -109.86971887974, -47.75774807793], [-100.0, -109.85226568608, -45.757824371875], [-100.0, -109.83481249241, -43.75790066582], [-100.0, -109.81735929875, -41.757973145068], [-100.0, -109.79990610508, -39.758049439014], [-100.0, -109.78245386509, -37.758125732959], [-100.0, -109.76500067143, -35.758202026904], [-100.0, -109.74754747776, -33.75827832085], [-100.0, -109.7300942841, -31.758354614795], [-100.0, -109.71264109044, -29.758432816089], [-100.0, -109.69518789677, -27.758507202685], [-100.0, -109.67773470311, -25.758583496631], [-100.0, -109.66028150944, -23.758659790576], [-100.0, -109.64282926945, -21.758736084521], [-100.0, -109.62537607579, -19.758812378467], [-100.0, -109.60792288212, -17.758888672412], [-100.0, -109.59046968846, -15.758964966357], [-100.0, -109.57301649479, -13.759041260303], [-100.0, -109.55556330113, -11.759117554248], [-100.0, -109.53811010746, -9.7591938481933], [-100.0, -109.5206569138, -7.7592691884643], [-100.0, -109.50320467381, -5.7593459592468], [-100.0, -109.48575148014, -3.7594217763549], [-100.0, -109.46829828648, -1.7594980703002], [-100.0, -109.45084509282, 0.24042575496375], [-100.0, -109.43339189915, 2.2403495802277], [-100.0, -109.41593870549, 4.240273524701], [-100.0, -109.39848551182, 6.2401972307557], [-100.0, -109.38103231816, 8.2401209368104], [-100.0, -109.36358007817, 10.240045119702], [-100.0, -109.3461268845, 12.239968825757], [-100.0, -109.32867369084, 14.239892531812], [-100.0, -109.31122049717, 16.239816237866], [-100.0, -109.29376730351, 18.239739943921], [-100.0, -109.27631410984, 20.239663649976], [-100.0, -109.25886091618, 22.23958735603], [-100.0, -109.24140867619, 24.239511062085], [-100.0, -109.22395548253, 26.239436675488], [-100.0, -109.20650228886, 28.239360381543], [-100.0, -109.1890490952, 30.239284087598], [-100.0, -109.17159590153, 32.239207793652], [-100.0, -109.15414270787, 34.239131499707], [-100.0, -109.1366895142, 36.239055205762], [-100.0, -109.11923632054, 38.238978911816], [-100.0, -109.10178408055, 40.238902617871], [-100.0, -109.08433088688, 42.238826323926], [-100.0, -109.06687769322, 44.238750029981], [-100.0, -109.04942449955, 46.238673736035], [-100.0, -109.03197130589, 48.23859744209], [-100.0, -109.01451811223, 50.238521148145], [-100.0, -108.99706491856, 52.238444854199], [-100.0, -108.9796117249, 54.238368560254], [-100.0, -108.96215948491, 56.238292266309], [-100.0, -108.94470629124, 58.238215972363], [-100.0, -108.92725309758, 60.238139678418], [-100.0, -108.90979990391, 62.238063384473], [-100.0, -108.89234671025, 64.237987090527]], "InstanceCreationTime": ["100104.237000", "100104.169000", "100104.238000", "100104.172000", "100104.240000", "100104.174000", "100104.242000", "100104.175000", "100104.244000", "100104.177000", "100104.246000", "100104.179000", "100104.248000", "100104.181000", "100104.250000", "100104.183000", "100104.252000", "100104.184000", "100104.254000", "100104.186000", "100104.255000", "100104.188000", "100104.257000", "100104.190000", "100104.259000", "100104.192000", "100104.261000", "100104.194000", "100104.263000", "100104.196000", "100104.265000", "100104.198000", "100104.266000", "100104.199000", "100104.268000", "100104.201000", "100104.270000", "100104.203000", "100104.272000", "100104.205000", "100104.274000", "100104.207000", "100104.276000", "100104.209000", "100104.278000", "100104.211000", "100104.279000", "100104.212000", "100104.281000", "100104.214000", "100104.283000", "100104.216000", "100104.285000", "100104.218000", "100104.287000", "100104.220000", "100104.289000", "100104.222000", "100104.291000", "100104.224000", "100104.293000", "100104.225000", "100104.295000", "100104.227000", "100104.297000", "100104.229000", "100104.298000", "100104.231000", "100104.300000", "100104.233000", "100104.302000", "100104.235000"], "InstanceNumber": [1, 2, 3, 4, 5, 6, 7, 8, 9, 10, 11, 12, 13, 14, 15, 16, 17, 18, 19, 20, 21, 22, 23, 24, 25, 26, 27, 28, 29, 30, 31, 32, 33, 34, 35, 36, 37, 38, 39, 40, 41, 42, 43, 44, 45, 46, 47, 48, 49, 50, 51, 52, 53, 54, 55, 56, 57, 58, 59, 60, 61, 62, 63, 64, 65, 66, 67, 68, 69, 70, 71, 72], "LargestImagePixelValue": [4094, 4095, 4093, 4095, 4094, 4095, 4094, 4092, 4094, 4093, 4095, 4095, 4095, 4093, 4093, 4095, 4094, 4093, 4093, 4093, 4093, 4094, 4087, 4095, 4091, 4093, 4090, 4094, 4094, 4093, 4094, 4090, 4093, 4093, 4095, 4083, 4094, 4092, 4094, 4093, 4089, 4076, 4092, 4095, 4095, 4095, 4087, 4092, 4088, 4089, 4093, 4094, 4095, 4095, 4094, 4094, 4093, 4094, 4094, 4095, 4095, 4095, 4094, 4094, 4095, 4094, 4095, 4095, 4095, 4094, 4095, 4094], "SliceLocation": [-78.714709491616, -76.714709630614, -74.714709769612, -72.71470990861, -70.714710047607, -68.714710194927, -66.714710333925, -64.714710472923, -62.714710611921, -60.714710750919, -58.714710889917, -56.714711028915, -54.714711167912, -52.714711315233, -50.71471145423, -48.714711593228, -46.714711732226, -44.714711871224, -42.71470819567, -40.714708334668, -38.714708481988, -36.714708620986, -34.714708759984, -32.714708898981, -30.714710945255, -28.714709176977, -26.714709315975, -24.714709454973, -22.714709602293, -20.714709741291, -18.714709880289, -16.714710019287, -14.714710158284, -12.714710297282, -10.71471043628, -8.71470962164, -6.7147102457791, -4.714709907958, -2.7147100469558, -0.7147100667489, 1.285289913458, 3.2852900128696, 5.2852898738718, 7.2852897348739, 9.2852900643728, 11.285289925375, 13.285289786377, 15.285289647379, 17.285289508381, 19.285289369383, 21.285289230386, 23.285289083066, 25.285290851344, 27.285290712346, 29.285290573348, 31.28529043435, 33.285290295352, 35.285290156354, 37.285290017357, 39.285289870036, 41.285289731039, 43.285289592041, 45.285289453043, 47.285289314045, 49.285289175047, 51.285289036049, 53.285288897051, 55.285288749731, 57.285288610733, 59.285288471736, 61.285288332738, 63.28528819374], "SmallestImagePixelValue": [0, 1, 0, 0, 0, 0, 1, 1, 0, 1, 0, 0, 1, 0, 0, 0, 0, 0, 0, 2, 0, 0, 0, 0, 0, 1, 0, 2, 5, 4, 2, 1, 0, 1, 9, 1, 0, 3, 2, 0, 4, 0, 7, 1, 3, 1, 0, 0, 0, 3, 1, 2, 2, 9, 0, 0, 0, 2, 2, 0, 0, 0, 0, 0, 0, 2, 1, 0, 0, 0, 0, 0], "WindowCenter": [-264.0, -252.0, -224.0, -204.0, -222.0, -224.0, -202.0, -170.0, -180.0, -152.0, -152.0, -160.0, -112.0, -144.0, -82.0, -124.0, -176.0, -224.0, -256.0, -250.0, -260.0, -236.0, -212.0, -172.0, -122.0, -150.0, -132.0, -102.0, -98.0, -120.0, -154.0, -128.0, -154.0, -148.0, -138.0, -134.0, -116.0, -118.0, -96.0, -106.0, -68.0, -214.0, -88.0, -190.0, -190.0, -190.0, -56.0, -52.0, -62.0, -204.0, -74.0, -74.0, -74.0, -74.0, -94.0, -92.0, -96.0, -144.0, -166.0, -180.0, -170.0, -176.0, -156.0, -148.0, -206.0, -244.0, -280.0, -296.0, -342.0, -312.0, -366.0, -376.0], "WindowWidth": [6294.0, 6222.0, 6380.0, 6340.0, 6384.0, 6320.0, 6328.0, 6338.0, 6332.0, 6352.0, 6344.0, 6310.0, 6370.0, 6320.0, 6398.0, 6356.0, 6294.0, 6206.0, 6158.0, 6070.0, 5982.0, 5890.0, 5752.0, 5718.0, 5744.0, 5604.0, 5582.0, 5646.0, 5670.0, 5604.0, 5552.0, 5464.0, 5488.0, 5438.0, 5424.0, 5374.0, 5408.0, 5342.0, 5314.0, 5190.0, 5282.0, 4582.0, 5034.0, 4564.0, 4566.0, 4568.0, 5124.0, 5198.0, 5252.0, 4614.0, 5184.0, 5308.0, 5258.0, 5478.0, 5516.0, 5594.0, 5650.0, 5638.0, 5792.0, 5860.0, 5898.0, 6006.0, 6086.0, 6110.0, 6160.0, 6174.0, 6188.0, 6236.0, 6290.0, 6360.0, 6446.0, 6488.0]}}, "IntendedFor": ["ses-imagenet01/func/sub-30_ses-imagenet01_task-imagenet_run-03_bold.nii.gz", "ses-imagenet01/func/sub-30_ses-imagenet01_task-imagenet_run-01_bold.nii.gz", "ses-imagenet01/func/sub-30_ses-imagenet01_task-imagenet_run-08_bold.nii.gz", "ses-imagenet01/func/sub-30_ses-imagenet01_task-imagenet_run-07_bold.nii.gz", "ses-imagenet01/func/sub-30_ses-imagenet01_task-imagenet_run-05_bold.nii.gz", "ses-imagenet01/func/sub-30_ses-imagenet01_task-imagenet_run-06_bold.nii.gz", "ses-imagenet01/func/sub-30_ses-imagenet01_task-imagenet_run-09_bold.nii.gz", "ses-imagenet01/func/sub-30_ses-imagenet01_task-imagenet_run-04_bold.nii.gz", "ses-imagenet01/func/sub-30_ses-imagenet01_task-imagenet_run-02_bold.nii.gz", "ses-imagenet01/func/sub-30_ses-imagenet01_task-imagenet_run-10_bold.nii.gz"]}