{"AcquisitionMatrixPE": 100, "AcquisitionNumber": 1, "AcquisitionTime": "13:33:44.742500", "BaseResolution": 100, "BodyPartExamined": "BRAIN", "ConsistencyInfo": "N4_VE11C_LATEST_20160120", "ConversionSoftware": "dcm2niix", "ConversionSoftwareVersion": "v1.0.20180622 GCC4.9.2", "DeviceSerialNumber": "166078", "DwellTime": 8.8e-06, "EchoNumber": 2, "EchoTime": 0.00738, "EchoTime1": 0.00492, "EchoTime2": 0.00738, "FlipAngle": 60, "ImageOrientationPatientDICOM": [1, 0, 0, 0, 0.996041, -0.0888943], "ImageType": ["ORIGINAL", "PRIMARY", "P", "ND"], "InPlanePhaseEncodingDirectionDICOM": "ROW", "InstitutionAddress": "Street_StreetNo_Bei_Jing_District_CN_ZIP", "InstitutionName": "BeiJing_Normal_University", "InstitutionalDepartmentName": "Department", "MRAcquisitionType": "2D", "MagneticFieldStrength": 3, "Manufacturer": "Siemens", "ManufacturersModelName": "Prisma", "Modality": "MR", "PartialFourier": 1, "PatientPosition": "HFS", "PercentPhaseFOV": 100, "PhaseEncodingDirection": "i", "PhaseEncodingSteps": 100, "PhaseResolution": 1, "PixelBandwidth": 570, "ProcedureStepDescription": "BNU_P2018_64CH_Zhen.ZongLei", "ProtocolName": "field_mapping_2x2x2", "PulseSequenceDetails": "%SiemensSeq%_gre_field_mapping", "ReceiveCoilActiveElements": "HC1-7;NC1", "ReceiveCoilName": "HeadNeck_64", "ReconMatrixPE": 100, "RepetitionTime": 0.72, "SAR": 0.109806, "ScanningSequence": "GR", "SequenceName": "_fm2d2r", "SequenceVariant": "SP", "SeriesDescription": "field_mapping_2x2x2", "SeriesNumber": 9, "ShimSetting": [-5448, -11505, -1247, 313, -18, -263, -197, 53], "SliceThickness": 2, "SoftwareVersions": "syngo_MR_E11", "SpacingBetweenSlices": 2, "StationName": "AWP166078", "TxRefAmp": 210.806, "dcmmeta_affine": [[-2.0, 0.0, 0.0, 100.0], [0.0, 1.992082118988037, -0.17778873443603516, -92.80657196044922], [0.0, 0.1777886003255844, 1.9920806884765625, -66.89776611328125], [0.0, 0.0, 0.0, 1.0]], "dcmmeta_reorient_transform": [[0.0, -1.0, 0.0, 99.0], [1.0, 0.0, 0.0, 0.0], [0.0, 0.0, -1.0, 71.0], [0.0, 0.0, 0.0, 1.0]], "dcmmeta_shape": [100, 100, 72], "dcmmeta_slice_dim": 2, "dcmmeta_version": 0.6, "global": {"const": {"AcquisitionMatrix": [0, 100, 100, 0], "AcquisitionNumber": 1, "AngioFlag": "N", "BitsAllocated": 16, "BitsStored": 12, "BodyPartExamined": "BRAIN", "Columns": 100, "EchoNumbers": 2, "EchoTime": 7.38, "EchoTrainLength": 0, "FlipAngle": 60.0, "HighBit": 11, "ImageOrientationPatient": [1.0, 0.0, 0.0, 0.0, 0.99604106538524, -0.0888942971525], "ImageType": ["ORIGINAL", "PRIMARY", "P", "ND"], "ImagedNucleus": "1H", "ImagingFrequency": 123.257708, "InPlanePhaseEncodingDirection": "ROW", "MRAcquisitionType": "2D", "MagneticFieldStrength": 3.0, "Manufacturer": "SIEMENS", "ManufacturerModelName": "Prisma", "Modality": "MR", "NumberOfAverages": 1.0, "NumberOfPhaseEncodingSteps": 100, "PercentPhaseFieldOfView": 100.0, "PercentSampling": 100.0, "PerformedProcedureStepStartTime": "124054.037000", "PhotometricInterpretation": "MONOCHROME2", "PixelBandwidth": 570.0, "PixelRepresentation": 0, "PixelSpacing": [2.0, 2.0], "ProtocolName": "field_mapping_2x2x2", "RepetitionTime": 720.0, "RescaleIntercept": -4096.0, "RescaleSlope": 2.0, "RescaleType": "US", "Rows": 100, "SAR": 0.10980619401645, "SamplesPerPixel": 1, "ScanningSequence": "GR", "SequenceName": "*fm2d2r", "SequenceVariant": "SP", "SeriesDescription": "field_mapping_2x2x2", "SeriesNumber": 9, "SeriesTime": "133608.918000", "SliceThickness": 2.0, "SoftwareVersions": "syngo MR E11", "SpacingBetweenSlices": 2.0, "SpecificCharacterSet": "ISO_IR 100", "StudyID": "1", "StudyTime": "124053.962000", "TransmitCoilName": "Body", "VariableFlipAngleFlag": "N", "WindowCenterWidthExplanation": "Algo1", "dBdt": 0.0}, "slices": {"AcquisitionTime": ["133344.742500", "133344.382500", "133344.752500", "133344.392500", "133344.762500", "133344.402500", "133344.772500", "133344.412500", "133344.782500", "133344.422500", "133344.792500", "133344.432500", "133344.802500", "133344.442500", "133344.812500", "133344.452500", "133344.822500", "133344.462500", "133344.832500", "133344.472500", "133344.842500", "133344.482500", "133344.852500", "133344.492500", "133344.862500", "133344.502500", "133344.872500", "133344.512500", "133344.882500", "133344.522500", "133344.892500", "133344.532500", "133344.902500", "133344.542500", "133344.912500", "133344.552500", "133344.922500", "133344.562500", "133344.932500", "133344.572500", "133344.942500", "133344.582500", "133344.952500", "133344.592500", "133344.962500", "133344.602500", "133344.972500", "133344.612500", "133344.982500", "133344.622500", "133344.992500", "133344.632500", "133345.002500", "133344.642500", "133345.012500", "133344.652500", "133345.022500", "133344.662500", "133345.032500", "133344.672500", "133345.042500", "133344.682500", "133345.052500", "133344.692500", "133345.062500", "133344.702500", "133345.072500", "133344.712500", "133345.082500", "133344.722500", "133345.092500", "133344.732500"], "ContentTime": ["133609.019000", "133608.921000", "133609.021000", "133608.924000", "133609.539000", "133608.926000", "133609.542000", "133608.928000", "133609.544000", "133608.931000", "133609.546000", "133608.933000", "133609.548000", "133608.935000", "133609.550000", "133608.937000", "133609.551000", "133608.939000", "133609.553000", "133608.941000", "133609.555000", "133608.943000", "133609.557000", "133608.945000", "133609.559000", "133608.950000", "133609.561000", "133608.952000", "133609.563000", "133608.954000", "133609.564000", "133608.956000", "133609.566000", "133608.958000", "133609.570000", "133608.960000", "133609.572000", "133608.962000", "133609.574000", "133608.964000", "133609.576000", "133608.966000", "133609.578000", "133608.968000", "133609.579000", "133608.970000", "133609.581000", "133608.973000", "133609.583000", "133608.975000", "133609.597000", "133608.978000", "133609.599000", "133608.981000", "133609.601000", "133608.983000", "133609.604000", "133608.985000", "133609.605000", "133608.987000", "133609.607000", "133608.989000", "133609.609000", "133609.001000", "133609.611000", "133609.003000", "133609.613000", "133609.007000", "133609.615000", "133609.009000", "133609.618000", "133609.014000"], "CsaImage.GSWDDataType": ["measured", "predicted", "measured", "predicted", "measured", "predicted", "measured", "predicted", "measured", "predicted", "measured", "predicted", "measured", "predicted", "measured", "predicted", "measured", "predicted", "measured", "predicted", "measured", "predicted", "measured", "predicted", "measured", "predicted", "measured", "predicted", "measured", "predicted", "measured", "predicted", "measured", "predicted", "measured", "predicted", "measured", "predicted", "measured", "predicted", "measured", "predicted", "measured", "predicted", "measured", "predicted", "measured", "predicted", "measured", "predicted", "measured", "predicted", "measured", "predicted", "measured", "predicted", "measured", "predicted", "measured", "predicted", "measured", "predicted", "measured", "predicted", "measured", "measured", "measured", "measured", "measured", "measured", "measured", "measured"], "CsaImage.ICE_Dims": ["X_2_1_1_1_1_1_37_1_1_1_1_134", "X_2_1_1_1_1_1_1_1_1_2_1_134", "X_2_1_1_1_1_1_38_1_1_3_1_134", "X_2_1_1_1_1_1_2_1_1_4_1_134", "X_2_1_1_1_1_1_39_1_1_5_1_134", "X_2_1_1_1_1_1_3_1_1_6_1_134", "X_2_1_1_1_1_1_40_1_1_7_1_134", "X_2_1_1_1_1_1_4_1_1_8_1_134", "X_2_1_1_1_1_1_41_1_1_9_1_134", "X_2_1_1_1_1_1_5_1_1_10_1_134", "X_2_1_1_1_1_1_42_1_1_11_1_134", "X_2_1_1_1_1_1_6_1_1_12_1_134", "X_2_1_1_1_1_1_43_1_1_13_1_134", "X_2_1_1_1_1_1_7_1_1_14_1_134", "X_2_1_1_1_1_1_44_1_1_15_1_134", "X_2_1_1_1_1_1_8_1_1_16_1_134", "X_2_1_1_1_1_1_45_1_1_17_1_134", "X_2_1_1_1_1_1_9_1_1_18_1_134", "X_2_1_1_1_1_1_46_1_1_19_1_134", "X_2_1_1_1_1_1_10_1_1_20_1_134", "X_2_1_1_1_1_1_47_1_1_21_1_134", "X_2_1_1_1_1_1_11_1_1_22_1_134", "X_2_1_1_1_1_1_48_1_1_23_1_134", "X_2_1_1_1_1_1_12_1_1_24_1_134", "X_2_1_1_1_1_1_49_1_1_25_1_134", "X_2_1_1_1_1_1_13_1_1_26_1_134", "X_2_1_1_1_1_1_50_1_1_27_1_134", "X_2_1_1_1_1_1_14_1_1_28_1_134", "X_2_1_1_1_1_1_51_1_1_29_1_134", "X_2_1_1_1_1_1_15_1_1_30_1_134", "X_2_1_1_1_1_1_52_1_1_31_1_134", "X_2_1_1_1_1_1_16_1_1_32_1_134", "X_2_1_1_1_1_1_53_1_1_33_1_134", "X_2_1_1_1_1_1_17_1_1_34_1_134", "X_2_1_1_1_1_1_54_1_1_35_1_134", "X_2_1_1_1_1_1_18_1_1_36_1_134", "X_2_1_1_1_1_1_55_1_1_37_1_134", "X_2_1_1_1_1_1_19_1_1_38_1_134", "X_2_1_1_1_1_1_56_1_1_39_1_134", "X_2_1_1_1_1_1_20_1_1_40_1_134", "X_2_1_1_1_1_1_57_1_1_41_1_134", "X_2_1_1_1_1_1_21_1_1_42_1_134", "X_2_1_1_1_1_1_58_1_1_43_1_134", "X_2_1_1_1_1_1_22_1_1_44_1_134", "X_2_1_1_1_1_1_59_1_1_45_1_134", "X_2_1_1_1_1_1_23_1_1_46_1_134", "X_2_1_1_1_1_1_60_1_1_47_1_134", "X_2_1_1_1_1_1_24_1_1_48_1_134", "X_2_1_1_1_1_1_61_1_1_49_1_134", "X_2_1_1_1_1_1_25_1_1_50_1_134", "X_2_1_1_1_1_1_62_1_1_51_1_134", "X_2_1_1_1_1_1_26_1_1_52_1_134", "X_2_1_1_1_1_1_63_1_1_53_1_134", "X_2_1_1_1_1_1_27_1_1_54_1_134", "X_2_1_1_1_1_1_64_1_1_55_1_134", "X_2_1_1_1_1_1_28_1_1_56_1_134", "X_2_1_1_1_1_1_65_1_1_57_1_134", "X_2_1_1_1_1_1_29_1_1_58_1_134", "X_2_1_1_1_1_1_66_1_1_59_1_134", "X_2_1_1_1_1_1_30_1_1_60_1_134", "X_2_1_1_1_1_1_67_1_1_61_1_134", "X_2_1_1_1_1_1_31_1_1_62_1_134", "X_2_1_1_1_1_1_68_1_1_63_1_134", "X_2_1_1_1_1_1_32_1_1_64_1_134", "X_2_1_1_1_1_1_69_1_1_65_1_134", "X_2_1_1_1_1_1_33_1_1_66_1_134", "X_2_1_1_1_1_1_70_1_1_67_1_134", "X_2_1_1_1_1_1_34_1_1_68_1_134", "X_2_1_1_1_1_1_71_1_1_69_1_134", "X_2_1_1_1_1_1_35_1_1_70_1_134", "X_2_1_1_1_1_1_72_1_1_71_1_134", "X_2_1_1_1_1_1_36_1_1_72_1_134"], "CsaImage.ProtocolSliceNumber": [0, 1, 2, 3, 4, 5, 6, 7, 8, 9, 10, 11, 12, 13, 14, 15, 16, 17, 18, 19, 20, 21, 22, 23, 24, 25, 26, 27, 28, 29, 30, 31, 32, 33, 34, 35, 36, 37, 38, 39, 40, 41, 42, 43, 44, 45, 46, 47, 48, 49, 50, 51, 52, 53, 54, 55, 56, 57, 58, 59, 60, 61, 62, 63, 64, 65, 66, 67, 68, 69, 70, 71], "CsaImage.RFSWDDataType": ["measured", "predicted", "measured", "predicted", "measured", "predicted", "measured", "predicted", "measured", "predicted", "measured", "predicted", "measured", "predicted", "measured", "predicted", "measured", "predicted", "measured", "predicted", "measured", "predicted", "measured", "predicted", "measured", "predicted", "measured", "predicted", "measured", "predicted", "measured", "predicted", "measured", "predicted", "measured", "predicted", "measured", "predicted", "measured", "predicted", "measured", "predicted", "measured", "predicted", "measured", "predicted", "measured", "predicted", "measured", "predicted", "measured", "predicted", "measured", "predicted", "measured", "predicted", "measured", "predicted", "measured", "predicted", "measured", "predicted", "measured", "measured", "measured", "measured", "measured", "measured", "measured", "measured", "measured", "measured"], "CsaImage.SlicePosition_PCS": [[-100.0, -104.40954839, -49.29679999], [-100.0, -104.23175966, -47.30471549], [-100.0, -104.05397093, -45.3126348], [-100.0, -103.87618267, -43.3205503], [-100.0, -103.69839393, -41.32846961], [-100.0, -103.52060544, -39.33638892], [-100.0, -103.3428167, -37.34430442], [-100.0, -103.16502821, -35.35222373], [-100.0, -102.98723971, -33.36014304], [-100.0, -102.80945098, -31.36805854], [-100.0, -102.63166248, -29.37597785], [-100.0, -102.45387375, -27.38389334], [-100.0, -102.27608525, -25.39181266], [-100.0, -102.09829652, -23.39973197], [-100.0, -101.92050802, -21.40764937], [-100.0, -101.74271952, -19.41556678], [-100.0, -101.56493079, -17.42348418], [-100.0, -101.38714229, -15.43140158], [-100.0, -101.20935368, -13.43931899], [-100.0, -101.03156506, -11.4472383], [-100.0, -100.85377645, -9.4551557], [-100.0, -100.67598783, -7.46307311], [-100.0, -100.49819928, -5.47099147], [-100.0, -100.32041066, -3.47890887], [-100.0, -100.14262211, -1.48682723], [-100.0, -99.96483349, 0.50525537], [-100.0, -99.78704491, 2.49733701], [-100.0, -99.60925632, 4.48941913], [-100.0, -99.43146772, 6.48150149], [-100.0, -99.25367912, 8.47358352], [-100.0, -99.07589053, 10.46566561], [-100.0, -98.89810192, 12.45774784], [-100.0, -98.72031336, 14.44982972], [-100.0, -98.54252481, 16.44191184], [-100.0, -98.36473619, 18.43399396], [-100.0, -98.18694758, 20.42607656], [-100.0, -98.00915896, 22.4181582], [-100.0, -97.83137035, 24.4102408], [-100.0, -97.65358173, 26.40232339], [-100.0, -97.47579324, 28.39440408], [-100.0, -97.2980045, 30.38648668], [-100.0, -97.12021601, 32.37856927], [-100.0, -96.94242751, 34.37065187], [-100.0, -96.76463877, 36.36273256], [-100.0, -96.58685028, 38.35481515], [-100.0, -96.40906154, 40.34689775], [-100.0, -96.23127305, 42.33898034], [-100.0, -96.05348455, 44.33106103], [-100.0, -95.87569582, 46.32314554], [-100.0, -95.69790732, 48.31522622], [-100.0, -95.52011883, 50.30730691], [-100.0, -95.34233009, 52.29939142], [-100.0, -95.16454136, 54.2914721], [-100.0, -94.9867531, 56.28355279], [-100.0, -94.80896436, 58.2756373], [-100.0, -94.63117563, 60.26771798], [-100.0, -94.4533869, 62.25980249], [-100.0, -94.27559864, 64.25188318], [-100.0, -94.0978099, 66.24396386], [-100.0, -93.92002117, 68.23604837], [-100.0, -93.74223291, 70.22812906], [-100.0, -93.56444418, 72.22021356], [-100.0, -93.38665544, 74.21229043], [-100.0, -93.20886671, 76.20437875], [-100.0, -93.03107845, 78.19645944], [-100.0, -92.85328972, 80.18854013], [-100.0, -92.67550098, 82.18062082], [-100.0, -92.49771272, 84.1727015], [-100.0, -92.31992399, 86.16478982], [-100.0, -92.14213526, 88.15687051], [-100.0, -91.964347, 90.1489512], [-100.0, -91.78655826, 92.14103189]], "CsaImage.TimeAfterStart": [1.0825, 0.7225, 1.0925, 0.7325, 1.1025, 0.7425, 1.1125, 0.7525, 1.1225, 0.7625, 1.1325, 0.7725, 1.1425, 0.7825, 1.1525, 0.7925, 1.1625, 0.8025, 1.1725, 0.8125, 1.1825, 0.8225, 1.1925, 0.8325, 1.2025, 0.8425, 1.2125, 0.8525, 1.2225, 0.8625, 1.2325, 0.8725, 1.2425, 0.8825, 1.2525, 0.8925, 1.2625, 0.9025, 1.2725, 0.9125, 1.2825, 0.9225, 1.2925, 0.9325, 1.3025, 0.9425, 1.3125, 0.9525, 1.3225, 0.9625, 1.3325, 0.9725, 1.3425, 0.9825, 1.3525, 0.9925, 1.3625, 1.0025, 1.3725, 1.0125, 1.3825, 1.0225, 1.3925, 1.0325, 1.4025, 1.0425, 1.4125, 1.0525, 1.4225, 1.0625, 1.4325, 1.0725], "ImagePositionPatient": [[-100.0, -104.40954839491, -49.29679999056], [-100.0, -104.23175966047, -47.304715487386], [-100.0, -104.05397092604, -45.31263479891], [-100.0, -103.87618266844, -43.320550295736], [-100.0, -103.698393934, -41.328469607259], [-100.0, -103.52060543798, -39.336388918783], [-100.0, -103.34281670355, -37.344304415609], [-100.0, -103.16502820753, -35.352223727133], [-100.0, -102.98723971151, -33.360143038656], [-100.0, -102.80945097708, -31.368058535482], [-100.0, -102.63166248106, -29.375977847006], [-100.0, -102.45387374662, -27.383893343832], [-100.0, -102.27608525061, -25.391812655355], [-100.0, -102.09829651617, -23.399731966879], [-100.0, -101.92050802015, -21.407649371053], [-100.0, -101.74271952413, -19.415566775228], [-100.0, -101.5649307897, -17.423484179403], [-100.0, -101.38714229368, -15.431401583578], [-100.0, -101.20935367845, -13.439318987753], [-100.0, -101.03156506323, -11.447238299276], [-100.0, -100.853776448, -9.4551557034509], [-100.0, -100.67598783277, -7.4630731076257], [-100.0, -100.49819927715, -5.4709914654748], [-100.0, -100.32041066193, -3.4789088696496], [-100.0, -100.1426221063, -1.4868272274987], [-100.0, -99.964833491077, 0.50525536832647], [-100.0, -99.787044905652, 2.4973370104774], [-100.0, -99.609256316503, 4.4894191294654], [-100.0, -99.431467719902, 6.481501486872], [-100.0, -99.253679119577, 8.4735835164531], [-100.0, -99.075890534152, 10.465665605639], [-100.0, -98.898101918926, 12.457747843836], [-100.0, -98.720313363304, 14.449829724406], [-100.0, -98.542524807681, 16.441911843394], [-100.0, -98.364736192455, 18.433993962382], [-100.0, -98.186947577228, 20.426076558207], [-100.0, -98.009158962001, 22.418158200358], [-100.0, -97.831370346774, 24.410240796183], [-100.0, -97.653581731548, 26.402323392008], [-100.0, -97.47579323553, 28.394404080485], [-100.0, -97.298004501094, 30.38648667631], [-100.0, -97.120216005077, 32.378569272135], [-100.0, -96.942427509059, 34.37065186796], [-100.0, -96.764638774623, 36.362732556437], [-100.0, -96.586850278606, 38.354815152262], [-100.0, -96.40906154417, 40.346897748087], [-100.0, -96.231273048152, 42.338980343912], [-100.0, -96.053484552135, 44.331061032389], [-100.0, -95.875695817699, 46.323145535563], [-100.0, -95.697907321681, 48.315226224039], [-100.0, -95.520118825664, 50.307306912516], [-100.0, -95.342330091228, 52.29939141569], [-100.0, -95.164541356792, 54.291472104166], [-100.0, -94.986753099193, 56.283552792643], [-100.0, -94.808964364757, 58.275637295817], [-100.0, -94.631175630321, 60.267717984293], [-100.0, -94.453386895885, 62.259802487467], [-100.0, -94.275598638286, 64.251883175944], [-100.0, -94.09780990385, 66.24396386442], [-100.0, -93.920021169414, 68.236048367594], [-100.0, -93.742232911815, 70.228129056071], [-100.0, -93.564444177379, 72.220213559244], [-100.0, -93.386655442943, 74.212290433024], [-100.0, -93.208866708507, 76.204378750895], [-100.0, -93.031078450908, 78.196459439371], [-100.0, -92.853289716472, 80.188540127848], [-100.0, -92.675500982036, 82.180620816325], [-100.0, -92.497712724437, 84.172701504801], [-100.0, -92.319923990001, 86.164789822672], [-100.0, -92.142135255565, 88.156870511149], [-100.0, -91.964346997966, 90.148951199625], [-100.0, -91.78655826353, 92.141031888102]], "InstanceCreationTime": ["133609.019000", "133608.921000", "133609.021000", "133608.924000", "133609.539000", "133608.926000", "133609.542000", "133608.928000", "133609.544000", "133608.931000", "133609.546000", "133608.933000", "133609.548000", "133608.935000", "133609.550000", "133608.937000", "133609.551000", "133608.939000", "133609.553000", "133608.941000", "133609.555000", "133608.943000", "133609.557000", "133608.945000", "133609.559000", "133608.950000", "133609.561000", "133608.952000", "133609.563000", "133608.954000", "133609.564000", "133608.956000", "133609.566000", "133608.958000", "133609.570000", "133608.960000", "133609.572000", "133608.962000", "133609.574000", "133608.964000", "133609.576000", "133608.966000", "133609.578000", "133608.968000", "133609.579000", "133608.970000", "133609.581000", "133608.973000", "133609.583000", "133608.975000", "133609.597000", "133608.978000", "133609.599000", "133608.981000", "133609.601000", "133608.983000", "133609.604000", "133608.985000", "133609.605000", "133608.987000", "133609.607000", "133608.989000", "133609.609000", "133609.001000", "133609.611000", "133609.003000", "133609.613000", "133609.007000", "133609.615000", "133609.009000", "133609.618000", "133609.014000"], "InstanceNumber": [1, 2, 3, 4, 5, 6, 7, 8, 9, 10, 11, 12, 13, 14, 15, 16, 17, 18, 19, 20, 21, 22, 23, 24, 25, 26, 27, 28, 29, 30, 31, 32, 33, 34, 35, 36, 37, 38, 39, 40, 41, 42, 43, 44, 45, 46, 47, 48, 49, 50, 51, 52, 53, 54, 55, 56, 57, 58, 59, 60, 61, 62, 63, 64, 65, 66, 67, 68, 69, 70, 71, 72], "LargestImagePixelValue": [4095, 4094, 4095, 4092, 4094, 4094, 4094, 4093, 4092, 4095, 4091, 4094, 4091, 4094, 4088, 4089, 4093, 4093, 4093, 4094, 4093, 4091, 4093, 4094, 4094, 4095, 4094, 4090, 4094, 4094, 4093, 4095, 4092, 4092, 4091, 4089, 4094, 4093, 4090, 4093, 4093, 4095, 4094, 4093, 4087, 4095, 4095, 4093, 4092, 4092, 4088, 4094, 4094, 4094, 4090, 4093, 4092, 4093, 4091, 4094, 4095, 4094, 4093, 4095, 4093, 4094, 4093, 4093, 4095, 4094, 4095, 4094], "SliceLocation": [-58.383050603256, -56.383048227788, -54.383049651915, -52.383047318835, -50.383048742963, -48.383050188284, -46.383047812816, -44.383049258137, -42.383050703458, -40.38304832799, -38.383049773311, -36.383047397843, -34.383048843164, -32.383050267292, -30.383049812815, -28.383049358339, -26.383048882668, -24.383048428192, -22.383047963119, -20.383049397843, -18.383048932769, -16.383048467696, -14.38304895782, -12.383048492746, -10.38304898287, -8.3830485177967, -6.3830490052714, -4.3830490174654, -2.3830487915225, -0.3830488917761, 1.6169510660143, 3.6169511748757, 5.6169509222265, 7.616950907052, 9.6169508971761, 11.616951362249, 13.616950877424, 15.616951342498, 17.616951807571, 19.61695036225, 21.61695083792, 23.616951292397, 25.616951746873, 27.616950322746, 29.616950777222, 31.616951252893, 33.616951707369, 35.616950262048, 37.616952637516, 39.616951192195, 41.616949746874, 43.616952122342, 45.616950698215, 47.616949231699, 49.616951607167, 51.61695018304, 53.616952558508, 55.616951091993, 57.616949667866, 59.616952043334, 61.616950576819, 63.616952952287, 65.616947728564, 67.616953903628, 69.616952437112, 71.616951012985, 73.616949588858, 75.616948122343, 77.616954297406, 79.616952873279, 81.616951406764, 83.616949982637], "SmallestImagePixelValue": [3, 1, 0, 0, 2, 0, 0, 2, 2, 1, 0, 0, 0, 0, 0, 0, 0, 0, 2, 0, 1, 0, 0, 4, 2, 1, 2, 0, 3, 0, 3, 8, 0, 5, 2, 1, 2, 3, 5, 1, 0, 0, 2, 2, 0, 0, 4, 0, 13, 3, 1, 3, 7, 0, 1, 2, 0, 0, 1, 0, 0, 0, 2, 0, 0, 0, 0, 0, 1, 0, 0, 0], "WindowCenter": [-256.0, -224.0, -212.0, -194.0, -262.0, -266.0, -302.0, -278.0, -272.0, -272.0, -216.0, -192.0, -198.0, -176.0, -196.0, -214.0, -248.0, -282.0, -272.0, -224.0, -188.0, -202.0, -222.0, -238.0, -222.0, -182.0, -142.0, -138.0, -156.0, -182.0, -226.0, -156.0, -154.0, -142.0, -134.0, -148.0, -142.0, -166.0, -94.0, -100.0, -90.0, -124.0, -60.0, -88.0, -212.0, -66.0, -40.0, -38.0, -12.0, -156.0, -168.0, -76.0, -196.0, -76.0, -32.0, -198.0, -30.0, -46.0, -56.0, -30.0, -38.0, -56.0, -72.0, -94.0, -120.0, -132.0, -176.0, -250.0, -224.0, -278.0, -278.0, -278.0], "WindowWidth": [6222.0, 6248.0, 6270.0, 6254.0, 6200.0, 6178.0, 6138.0, 6058.0, 6056.0, 6104.0, 6122.0, 6136.0, 6104.0, 6122.0, 6122.0, 6062.0, 6002.0, 5916.0, 5816.0, 5824.0, 5740.0, 5618.0, 5582.0, 5538.0, 5570.0, 5588.0, 5574.0, 5556.0, 5514.0, 5476.0, 5292.0, 5594.0, 5538.0, 5462.0, 5450.0, 5346.0, 5292.0, 5016.0, 5290.0, 5318.0, 5302.0, 5138.0, 5354.0, 5202.0, 4586.0, 5184.0, 5290.0, 5242.0, 5212.0, 4566.0, 4576.0, 5038.0, 4612.0, 5234.0, 5442.0, 4630.0, 5406.0, 5464.0, 5354.0, 5544.0, 5614.0, 5650.0, 5726.0, 5716.0, 5736.0, 5806.0, 5972.0, 6038.0, 6128.0, 6152.0, 6152.0, 6134.0]}}, "IntendedFor": ["ses-imagenet01/func/sub-28_ses-imagenet01_task-imagenet_run-06_bold.nii.gz", "ses-imagenet01/func/sub-28_ses-imagenet01_task-imagenet_run-09_bold.nii.gz", "ses-imagenet01/func/sub-28_ses-imagenet01_task-imagenet_run-04_bold.nii.gz", "ses-imagenet01/func/sub-28_ses-imagenet01_task-imagenet_run-02_bold.nii.gz", "ses-imagenet01/func/sub-28_ses-imagenet01_task-imagenet_run-10_bold.nii.gz", "ses-imagenet01/func/sub-28_ses-imagenet01_task-imagenet_run-03_bold.nii.gz", "ses-imagenet01/func/sub-28_ses-imagenet01_task-imagenet_run-01_bold.nii.gz", "ses-imagenet01/func/sub-28_ses-imagenet01_task-imagenet_run-08_bold.nii.gz", "ses-imagenet01/func/sub-28_ses-imagenet01_task-imagenet_run-07_bold.nii.gz", "ses-imagenet01/func/sub-28_ses-imagenet01_task-imagenet_run-05_bold.nii.gz"]}