{"AcquisitionMatrixPE": 100, "AcquisitionNumber": 1, "AcquisitionTime": "13:54:14.420000", "BaseResolution": 100, "BodyPartExamined": "BRAIN", "ConsistencyInfo": "N4_VE11C_LATEST_20160120", "ConversionSoftware": "dcm2niix", "ConversionSoftwareVersion": "v1.0.20180622 GCC4.9.2", "DeviceSerialNumber": "166078", "DwellTime": 8.8e-06, "EchoNumber": 2, "EchoTime": 0.00738, "EchoTime1": 0.00492, "EchoTime2": 0.00738, "FlipAngle": 60, "ImageOrientationPatientDICOM": [1, 0, 0, 0, 0.995396, -0.0958458], "ImageType": ["ORIGINAL", "PRIMARY", "P", "ND"], "InPlanePhaseEncodingDirectionDICOM": "ROW", "InstitutionAddress": "Street_StreetNo_Bei_Jing_District_CN_ZIP", "InstitutionName": "BeiJing_Normal_University", "InstitutionalDepartmentName": "Department", "MRAcquisitionType": "2D", "MagneticFieldStrength": 3, "Manufacturer": "Siemens", "ManufacturersModelName": "Prisma", "Modality": "MR", "PartialFourier": 1, "PatientPosition": "HFS", "PercentPhaseFOV": 100, "PhaseEncodingDirection": "i", "PhaseEncodingSteps": 100, "PhaseResolution": 1, "PixelBandwidth": 570, "ProcedureStepDescription": "BNU_P2018_64CH_Zhen.ZongLei", "ProtocolName": "field_mapping_2x2x2", "PulseSequenceDetails": "%SiemensSeq%_gre_field_mapping", "ReceiveCoilActiveElements": "HC1-7;NC1", "ReceiveCoilName": "HeadNeck_64", "ReconMatrixPE": 100, "RepetitionTime": 0.72, "SAR": 0.141443, "ScanningSequence": "GR", "SequenceName": "_fm2d2r", "SequenceVariant": "SP", "SeriesDescription": "field_mapping_2x2x2", "SeriesNumber": 9, "ShimSetting": [-5470, -11521, -1286, 464, 46, -149, -121, -16], "SliceThickness": 2, "SoftwareVersions": "syngo_MR_E11", "SpacingBetweenSlices": 2, "StationName": "AWP166078", "TxRefAmp": 216.502, "dcmmeta_affine": [[-2.0, 0.0, 0.0, 100.67469787597656], [0.0, 1.9907923936843872, -0.19169139862060547, -96.91728210449219], [0.0, 0.19169150292873383, 1.9907913208007812, -64.95268249511719], [0.0, 0.0, 0.0, 1.0]], "dcmmeta_reorient_transform": [[0.0, -1.0, 0.0, 99.0], [1.0, 0.0, 0.0, 0.0], [0.0, 0.0, -1.0, 71.0], [0.0, 0.0, 0.0, 1.0]], "dcmmeta_shape": [100, 100, 72], "dcmmeta_slice_dim": 2, "dcmmeta_version": 0.6, "global": {"const": {"AcquisitionMatrix": [0, 100, 100, 0], "AcquisitionNumber": 1, "AngioFlag": "N", "BitsAllocated": 16, "BitsStored": 12, "BodyPartExamined": "BRAIN", "Columns": 100, "EchoNumbers": 2, "EchoTime": 7.38, "EchoTrainLength": 0, "FlipAngle": 60.0, "HighBit": 11, "ImageOrientationPatient": [1.0, 0.0, 0.0, 0.0, 0.995396198158, -0.0958457546926], "ImageType": ["ORIGINAL", "PRIMARY", "P", "ND"], "ImagedNucleus": "1H", "ImagingFrequency": 123.257765, "InPlanePhaseEncodingDirection": "ROW", "MRAcquisitionType": "2D", "MagneticFieldStrength": 3.0, "Manufacturer": "SIEMENS", "ManufacturerModelName": "Prisma", "Modality": "MR", "NumberOfAverages": 1.0, "NumberOfPhaseEncodingSteps": 100, "PercentPhaseFieldOfView": 100.0, "PercentSampling": 100.0, "PerformedProcedureStepStartTime": "130253.939000", "PhotometricInterpretation": "MONOCHROME2", "PixelBandwidth": 570.0, "PixelRepresentation": 0, "PixelSpacing": [2.0, 2.0], "ProtocolName": "field_mapping_2x2x2", "RepetitionTime": 720.0, "RescaleIntercept": -4096.0, "RescaleSlope": 2.0, "RescaleType": "US", "Rows": 100, "SAR": 0.1414433910534, "SamplesPerPixel": 1, "ScanningSequence": "GR", "SequenceName": "*fm2d2r", "SequenceVariant": "SP", "SeriesDescription": "field_mapping_2x2x2", "SeriesNumber": 9, "SeriesTime": "135639.172000", "SliceThickness": 2.0, "SoftwareVersions": "syngo MR E11", "SpacingBetweenSlices": 2.0, "SpecificCharacterSet": "ISO_IR 100", "StudyID": "1", "StudyTime": "130253.827000", "TransmitCoilName": "Body", "VariableFlipAngleFlag": "N", "WindowCenterWidthExplanation": "Algo1", "dBdt": 0.0}, "slices": {"AcquisitionTime": ["135414.420000", "135414.060000", "135414.430000", "135414.070000", "135414.440000", "135414.080000", "135414.450000", "135414.090000", "135414.460000", "135414.100000", "135414.470000", "135414.110000", "135414.480000", "135414.120000", "135414.490000", "135414.130000", "135414.500000", "135414.140000", "135414.510000", "135414.150000", "135414.520000", "135414.160000", "135414.530000", "135414.170000", "135414.540000", "135414.180000", "135414.550000", "135414.190000", "135414.560000", "135414.200000", "135414.570000", "135414.210000", "135414.580000", "135414.220000", "135414.590000", "135414.230000", "135414.600000", "135414.240000", "135414.610000", "135414.250000", "135414.620000", "135414.260000", "135414.630000", "135414.270000", "135414.640000", "135414.280000", "135414.650000", "135414.290000", "135414.660000", "135414.300000", "135414.670000", "135414.310000", "135414.680000", "135414.320000", "135414.690000", "135414.330000", "135414.700000", "135414.340000", "135414.710000", "135414.350000", "135414.720000", "135414.360000", "135414.730000", "135414.370000", "135414.740000", "135414.380000", "135414.750000", "135414.390000", "135414.760000", "135414.400000", "135414.770000", "135414.410000"], "ContentTime": ["135639.248000", "135639.179000", "135639.250000", "135639.182000", "135639.252000", "135639.184000", "135639.254000", "135639.186000", "135639.255000", "135639.187000", "135639.257000", "135639.190000", "135639.259000", "135639.192000", "135639.261000", "135639.193000", "135639.263000", "135639.195000", "135639.265000", "135639.197000", "135639.267000", "135639.199000", "135639.269000", "135639.201000", "135639.270000", "135639.203000", "135639.272000", "135639.205000", "135639.274000", "135639.207000", "135639.276000", "135639.209000", "135639.278000", "135639.210000", "135639.280000", "135639.212000", "135639.282000", "135639.214000", "135639.284000", "135639.216000", "135639.286000", "135639.218000", "135639.288000", "135639.220000", "135639.290000", "135639.222000", "135639.292000", "135639.224000", "135639.293000", "135639.226000", "135639.295000", "135639.227000", "135639.297000", "135639.229000", "135639.299000", "135639.231000", "135639.301000", "135639.233000", "135639.303000", "135639.235000", "135639.305000", "135639.237000", "135639.307000", "135639.239000", "135639.309000", "135639.240000", "135639.311000", "135639.242000", "135639.313000", "135639.244000", "135639.315000", "135639.246000"], "CsaImage.GSWDDataType": ["measured", "predicted", "measured", "predicted", "measured", "predicted", "measured", "predicted", "measured", "predicted", "measured", "predicted", "measured", "predicted", "measured", "predicted", "measured", "predicted", "measured", "predicted", "measured", "predicted", "measured", "predicted", "measured", "predicted", "measured", "predicted", "measured", "predicted", "measured", "predicted", "measured", "predicted", "measured", "predicted", "measured", "predicted", "measured", "predicted", "measured", "predicted", "measured", "predicted", "measured", "predicted", "measured", "predicted", "measured", "predicted", "measured", "predicted", "measured", "predicted", "measured", "predicted", "measured", "predicted", "measured", "predicted", "measured", "predicted", "measured", "measured", "measured", "measured", "measured", "measured", "measured", "measured", "measured", "measured"], "CsaImage.ICE_Dims": ["X_2_1_1_1_1_1_37_1_1_1_1_112", "X_2_1_1_1_1_1_1_1_1_2_1_112", "X_2_1_1_1_1_1_38_1_1_3_1_112", "X_2_1_1_1_1_1_2_1_1_4_1_112", "X_2_1_1_1_1_1_39_1_1_5_1_112", "X_2_1_1_1_1_1_3_1_1_6_1_112", "X_2_1_1_1_1_1_40_1_1_7_1_112", "X_2_1_1_1_1_1_4_1_1_8_1_112", "X_2_1_1_1_1_1_41_1_1_9_1_112", "X_2_1_1_1_1_1_5_1_1_10_1_112", "X_2_1_1_1_1_1_42_1_1_11_1_112", "X_2_1_1_1_1_1_6_1_1_12_1_112", "X_2_1_1_1_1_1_43_1_1_13_1_112", "X_2_1_1_1_1_1_7_1_1_14_1_112", "X_2_1_1_1_1_1_44_1_1_15_1_112", "X_2_1_1_1_1_1_8_1_1_16_1_112", "X_2_1_1_1_1_1_45_1_1_17_1_112", "X_2_1_1_1_1_1_9_1_1_18_1_112", "X_2_1_1_1_1_1_46_1_1_19_1_112", "X_2_1_1_1_1_1_10_1_1_20_1_112", "X_2_1_1_1_1_1_47_1_1_21_1_112", "X_2_1_1_1_1_1_11_1_1_22_1_112", "X_2_1_1_1_1_1_48_1_1_23_1_112", "X_2_1_1_1_1_1_12_1_1_24_1_112", "X_2_1_1_1_1_1_49_1_1_25_1_112", "X_2_1_1_1_1_1_13_1_1_26_1_112", "X_2_1_1_1_1_1_50_1_1_27_1_112", "X_2_1_1_1_1_1_14_1_1_28_1_112", "X_2_1_1_1_1_1_51_1_1_29_1_112", "X_2_1_1_1_1_1_15_1_1_30_1_112", "X_2_1_1_1_1_1_52_1_1_31_1_112", "X_2_1_1_1_1_1_16_1_1_32_1_112", "X_2_1_1_1_1_1_53_1_1_33_1_112", "X_2_1_1_1_1_1_17_1_1_34_1_112", "X_2_1_1_1_1_1_54_1_1_35_1_112", "X_2_1_1_1_1_1_18_1_1_36_1_112", "X_2_1_1_1_1_1_55_1_1_37_1_112", "X_2_1_1_1_1_1_19_1_1_38_1_112", "X_2_1_1_1_1_1_56_1_1_39_1_112", "X_2_1_1_1_1_1_20_1_1_40_1_112", "X_2_1_1_1_1_1_57_1_1_41_1_112", "X_2_1_1_1_1_1_21_1_1_42_1_112", "X_2_1_1_1_1_1_58_1_1_43_1_112", "X_2_1_1_1_1_1_22_1_1_44_1_112", "X_2_1_1_1_1_1_59_1_1_45_1_112", "X_2_1_1_1_1_1_23_1_1_46_1_112", "X_2_1_1_1_1_1_60_1_1_47_1_112", "X_2_1_1_1_1_1_24_1_1_48_1_112", "X_2_1_1_1_1_1_61_1_1_49_1_112", "X_2_1_1_1_1_1_25_1_1_50_1_112", "X_2_1_1_1_1_1_62_1_1_51_1_112", "X_2_1_1_1_1_1_26_1_1_52_1_112", "X_2_1_1_1_1_1_63_1_1_53_1_112", "X_2_1_1_1_1_1_27_1_1_54_1_112", "X_2_1_1_1_1_1_64_1_1_55_1_112", "X_2_1_1_1_1_1_28_1_1_56_1_112", "X_2_1_1_1_1_1_65_1_1_57_1_112", "X_2_1_1_1_1_1_29_1_1_58_1_112", "X_2_1_1_1_1_1_66_1_1_59_1_112", "X_2_1_1_1_1_1_30_1_1_60_1_112", "X_2_1_1_1_1_1_67_1_1_61_1_112", "X_2_1_1_1_1_1_31_1_1_62_1_112", "X_2_1_1_1_1_1_68_1_1_63_1_112", "X_2_1_1_1_1_1_32_1_1_64_1_112", "X_2_1_1_1_1_1_69_1_1_65_1_112", "X_2_1_1_1_1_1_33_1_1_66_1_112", "X_2_1_1_1_1_1_70_1_1_67_1_112", "X_2_1_1_1_1_1_34_1_1_68_1_112", "X_2_1_1_1_1_1_71_1_1_69_1_112", "X_2_1_1_1_1_1_35_1_1_70_1_112", "X_2_1_1_1_1_1_72_1_1_71_1_112", "X_2_1_1_1_1_1_36_1_1_72_1_112"], "CsaImage.ProtocolSliceNumber": [0, 1, 2, 3, 4, 5, 6, 7, 8, 9, 10, 11, 12, 13, 14, 15, 16, 17, 18, 19, 20, 21, 22, 23, 24, 25, 26, 27, 28, 29, 30, 31, 32, 33, 34, 35, 36, 37, 38, 39, 40, 41, 42, 43, 44, 45, 46, 47, 48, 49, 50, 51, 52, 53, 54, 55, 56, 57, 58, 59, 60, 61, 62, 63, 64, 65, 66, 67, 68, 69, 70, 71], "CsaImage.RFSWDDataType": ["measured", "predicted", "measured", "predicted", "measured", "predicted", "measured", "predicted", "measured", "predicted", "measured", "predicted", "measured", "predicted", "measured", "predicted", "measured", "predicted", "measured", "predicted", "measured", "predicted", "measured", "predicted", "measured", "predicted", "measured", "predicted", "measured", "predicted", "measured", "predicted", "measured", "predicted", "measured", "predicted", "measured", "predicted", "measured", "predicted", "measured", "predicted", "measured", "predicted", "measured", "predicted", "measured", "predicted", "measured", "predicted", "measured", "predicted", "measured", "predicted", "measured", "predicted", "measured", "predicted", "measured", "measured", "measured", "measured", "measured", "measured", "measured", "measured", "measured", "measured", "measured", "measured", "measured", "measured"], "CsaImage.SlicePosition_PCS": [[-100.67469877, -100.17117424, -45.97530002], [-100.67469877, -99.97948275, -43.9845087], [-100.67469877, -99.78779126, -41.99371738], [-100.67469877, -99.59609975, -40.00292606], [-100.67469877, -99.40440824, -38.01213092], [-100.67469877, -99.21271674, -36.0213396], [-100.67469877, -99.02102525, -34.03054828], [-100.67469877, -98.82933373, -32.03975314], [-100.67469877, -98.63764222, -30.04896182], [-100.67469877, -98.44595076, -28.0581705], [-100.67469877, -98.25425924, -26.06737918], [-100.67469877, -98.06256772, -24.07658405], [-100.67469877, -97.87087621, -22.08579273], [-100.67469877, -97.67918469, -20.0949995], [-100.67469877, -97.48749317, -18.10420818], [-100.67469877, -97.29580177, -16.11341495], [-100.67469877, -97.10411013, -14.12262363], [-100.67469877, -96.91241874, -12.1318304], [-100.67469877, -96.7207271, -10.14103908], [-100.67469877, -96.5290357, -8.15024585], [-100.67469877, -96.33734406, -6.15945358], [-100.67469877, -96.14565266, -4.1686613], [-100.67469877, -95.95396127, -2.17786903], [-100.67469877, -95.76226963, -0.18707675], [-100.67469877, -95.57057823, 1.803716], [-100.67469877, -95.37888659, 3.79450827], [-100.67469877, -95.18719519, 5.78530079], [-100.67469877, -94.9955038, 7.77609306], [-100.67469877, -94.80381192, 9.7668855], [-100.67469877, -94.61212052, 11.75767785], [-100.67469877, -94.42042912, 13.74847012], [-100.67469877, -94.22873772, 15.73926287], [-100.67469877, -94.03704633, 17.73005467], [-100.67469877, -93.84535445, 19.7208479], [-100.67469877, -93.65366305, 21.71164017], [-100.67469877, -93.46197165, 23.70243245], [-100.67469877, -93.27028025, 25.69322377], [-100.67469877, -93.07858838, 27.684017], [-100.67469877, -92.88689698, 29.67481023], [-100.67469877, -92.69520558, 31.66560155], [-100.67469877, -92.50351418, 33.65639477], [-100.67469877, -92.31182278, 35.6471861], [-100.67469877, -92.12013091, 37.63797932], [-100.67469877, -91.92843951, 39.62877064], [-100.67469877, -91.73674811, 41.61956387], [-100.67469877, -91.54505671, 43.61035519], [-100.67469877, -91.35336531, 45.60115033], [-100.67469877, -91.16167392, 47.59194165], [-100.67469877, -90.96998156, 49.58273297], [-100.67469877, -90.77829016, 51.57352429], [-100.67469877, -90.58659877, 53.56431943], [-100.67469877, -90.39490737, 55.55511075], [-100.67469877, -90.20321597, 57.54590207], [-100.67469877, -90.01152457, 59.5366972], [-100.67469877, -89.81983317, 61.52748852], [-100.67469877, -89.62814177, 63.51827985], [-100.67469877, -89.43645037, 65.50907117], [-100.67469877, -89.24475802, 67.4998663], [-100.67469877, -89.05306662, 69.49065762], [-100.67469877, -88.86137523, 71.48144894], [-100.67469877, -88.66968383, 73.47224408], [-100.67469877, -88.47799243, 75.46303158], [-100.67469877, -88.28630103, 77.45383054], [-100.67469877, -88.09460963, 79.44462186], [-100.67469877, -87.90291823, 81.43541318], [-100.67469877, -87.71122683, 83.4262045], [-100.67469877, -87.51953448, 85.41699582], [-100.67469877, -87.32784308, 87.40778714], [-100.67469877, -87.13615168, 89.39857846], [-100.67469877, -86.94446029, 91.38937741], [-100.67469877, -86.75276889, 93.38016873], [-100.67469877, -86.56107749, 95.37096005]], "CsaImage.TimeAfterStart": [1.0825, 0.7225, 1.0925, 0.7325, 1.1025, 0.7425, 1.1125, 0.7525, 1.1225, 0.7625, 1.1325, 0.7725, 1.1425, 0.7825, 1.1525, 0.7925, 1.1625, 0.8025, 1.1725, 0.8125, 1.1825, 0.8225, 1.1925, 0.8325, 1.2025, 0.8425, 1.2125, 0.8525, 1.2225, 0.8625, 1.2325, 0.8725, 1.2425, 0.8825, 1.2525, 0.8925, 1.2625, 0.9025, 1.2725, 0.9125, 1.2825, 0.9225, 1.2925, 0.9325, 1.3025, 0.9425, 1.3125, 0.9525, 1.3225, 0.9625, 1.3325, 0.9725, 1.3425, 0.9825, 1.3525, 0.9925, 1.3625, 1.0025, 1.3725, 1.0125, 1.3825, 1.0225, 1.3925, 1.0325, 1.4025, 1.0425, 1.4125, 1.0525, 1.4225, 1.0625, 1.4325, 1.0725], "ImagePositionPatient": [[-100.67469877005, -100.17117424056, -45.975300019018], [-100.67469877005, -99.979482752535, -43.984508698217], [-100.67469877005, -99.787791264508, -41.993717377416], [-100.67469877005, -99.596099754128, -40.002926056615], [-100.67469877005, -99.404408243749, -38.012130921117], [-100.67469877005, -99.21271674082, -36.021339600317], [-100.67469877005, -99.021025252793, -34.030548279516], [-100.67469877005, -98.829333734963, -32.039753144018], [-100.67469877005, -98.637642217133, -30.048961823217], [-100.67469877005, -98.445950758908, -28.058170502416], [-100.67469877005, -98.254259241078, -26.067379181615], [-100.67469877005, -98.062567723248, -24.076584046117], [-100.67469877005, -97.870876205418, -22.085792725317], [-100.67469877005, -97.679184687588, -20.094999497167], [-100.67469877005, -97.487493169758, -18.104208176366], [-100.67469877005, -97.295801771138, -16.113414948217], [-100.67469877005, -97.104110134098, -14.122623627416], [-100.67469877005, -96.912418735478, -12.131830399267], [-100.67469877005, -96.720727098439, -10.141039078466], [-100.67469877005, -96.529035699818, -8.1502458503166], [-100.67469877005, -96.337344062779, -6.1594535758415], [-100.67469877005, -96.145652664158, -4.1686613013664], [-100.67469877005, -95.953961265538, -2.1778690268913], [-100.67469877005, -95.762269628498, -0.1870767524162], [-100.67469877005, -95.570578229878, 1.8037159988961], [-100.67469877005, -95.378886592839, 3.7945082733712], [-100.67469877005, -95.187195194218, 5.7853007862648], [-100.67469877005, -94.995503795597, 7.7760930607399], [-100.67469877005, -94.80381192014, 9.7668854991278], [-100.67469877005, -94.612120521519, 11.757677848109], [-100.67469877005, -94.420429122898, 13.748470122584], [-100.67469877005, -94.228737724278, 15.739262873896], [-100.67469877005, -94.037046325657, 17.730054671534], [-100.67469877005, -93.845354450199, 19.720847899683], [-100.67469877005, -93.653663051579, 21.711640174159], [-100.67469877005, -93.461971652958, 23.702432448634], [-100.67469877005, -93.270280254338, 25.693223769434], [-100.67469877005, -93.07858837888, 27.684016997584], [-100.67469877005, -92.886896980259, 29.674810225733], [-100.67469877005, -92.695205581639, 31.665601546534], [-100.67469877005, -92.503514183018, 33.656394774683], [-100.67469877005, -92.311822784397, 35.647186095484], [-100.67469877005, -92.12013090894, 37.637979323634], [-100.67469877005, -91.928439510319, 39.628770644434], [-100.67469877005, -91.736748111698, 41.619563872584], [-100.67469877005, -91.545056713078, 43.610355193385], [-100.67469877005, -91.353365314457, 45.601150328883], [-100.67469877005, -91.161673915837, 47.591941649683], [-100.67469877005, -90.969981563542, 49.582732970484], [-100.67469877005, -90.778290164921, 51.573524291285], [-100.67469877005, -90.5865987663, 53.564319426783], [-100.67469877005, -90.39490736768, 55.555110747584], [-100.67469877005, -90.203215969059, 57.545902068385], [-100.67469877005, -90.011524570439, 59.536697203883], [-100.67469877005, -89.819833171818, 61.527488524683], [-100.67469877005, -89.628141773197, 63.518279845484], [-100.67469877005, -89.436450374577, 65.509071166285], [-100.67469877005, -89.244758022282, 67.499866301783], [-100.67469877005, -89.053066623661, 69.490657622584], [-100.67469877005, -88.861375225041, 71.481448943385], [-100.67469877005, -88.66968382642, 73.472244078883], [-100.67469877005, -88.4779924278, 75.463031584986], [-100.67469877005, -88.286301029179, 77.453830535181], [-100.67469877005, -88.094609630558, 79.444621855982], [-100.67469877005, -87.902918231938, 81.435413176783], [-100.67469877005, -87.711226833317, 83.426204497584], [-100.67469877005, -87.519534481022, 85.416995818385], [-100.67469877005, -87.327843082402, 87.407787139185], [-100.67469877005, -87.136151683781, 89.398578459986], [-100.67469877005, -86.94446028516, 91.389377410181], [-100.67469877005, -86.75276888654, 93.380168730982], [-100.67469877005, -86.561077487919, 95.370960051783]], "InstanceCreationTime": ["135639.248000", "135639.179000", "135639.250000", "135639.182000", "135639.252000", "135639.184000", "135639.254000", "135639.186000", "135639.255000", "135639.187000", "135639.257000", "135639.190000", "135639.259000", "135639.192000", "135639.261000", "135639.193000", "135639.263000", "135639.195000", "135639.265000", "135639.197000", "135639.267000", "135639.199000", "135639.269000", "135639.201000", "135639.270000", "135639.203000", "135639.272000", "135639.205000", "135639.274000", "135639.207000", "135639.276000", "135639.209000", "135639.278000", "135639.210000", "135639.280000", "135639.212000", "135639.282000", "135639.214000", "135639.284000", "135639.216000", "135639.286000", "135639.218000", "135639.288000", "135639.220000", "135639.290000", "135639.222000", "135639.292000", "135639.224000", "135639.293000", "135639.226000", "135639.295000", "135639.227000", "135639.297000", "135639.229000", "135639.299000", "135639.231000", "135639.301000", "135639.233000", "135639.303000", "135639.235000", "135639.305000", "135639.237000", "135639.307000", "135639.239000", "135639.309000", "135639.240000", "135639.311000", "135639.242000", "135639.313000", "135639.244000", "135639.315000", "135639.246000"], "InstanceNumber": [1, 2, 3, 4, 5, 6, 7, 8, 9, 10, 11, 12, 13, 14, 15, 16, 17, 18, 19, 20, 21, 22, 23, 24, 25, 26, 27, 28, 29, 30, 31, 32, 33, 34, 35, 36, 37, 38, 39, 40, 41, 42, 43, 44, 45, 46, 47, 48, 49, 50, 51, 52, 53, 54, 55, 56, 57, 58, 59, 60, 61, 62, 63, 64, 65, 66, 67, 68, 69, 70, 71, 72], "LargestImagePixelValue": [4095, 4095, 4094, 4094, 4095, 4094, 4094, 4093, 4095, 4094, 4094, 4095, 4095, 4092, 4094, 4094, 4095, 4092, 4094, 4094, 4093, 4093, 4094, 4095, 4094, 4094, 4089, 4091, 4094, 4093, 4094, 4093, 4094, 4093, 4094, 4095, 4093, 4088, 4086, 4093, 4094, 4093, 4093, 4083, 4088, 4094, 4092, 4095, 4093, 4095, 4095, 4095, 4085, 4093, 4095, 4093, 4093, 4093, 4095, 4094, 4094, 4093, 4094, 4093, 4095, 4095, 4093, 4094, 4095, 4095, 4095, 4095], "SliceLocation": [-55.364620641638, -53.364621714249, -51.364622786859, -49.364623857328, -47.364621130661, -45.364622201844, -43.364623274455, -41.364620547074, -39.364621616828, -37.364622692295, -35.36462376205, -33.364621034669, -31.364622104423, -29.36462127561, -27.364622345365, -25.364621527977, -23.364622586306, -21.364621768918, -19.364622827247, -17.364622009859, -15.364622118904, -13.364622250801, -11.364622382697, -9.3646224917418, -7.3646221489962, -5.3646222580411, -3.3646221526165, -1.3646222845128, 0.63537779245192, 2.6353777347184, 4.6353776028221, 6.6353779455677, 8.6353773390295, 10.63537820212, 12.635378070224, 14.635377938327, 16.635376857147, 18.635377720238, 20.635378537625, 22.635377456445, 24.635378273832, 26.635377192652, 28.635378055743, 30.635376974563, 32.63537779195, 34.63537671077, 36.635379426725, 38.635378345545, 40.635377355771, 42.63537627459, 44.635378990546, 46.635377909365, 48.635376828185, 50.63537954414, 52.63537846296, 54.63537738178, 56.6353763006, 58.635379107961, 60.635378026781, 62.635376945601, 64.635379661556, 66.635374783241, 68.635381296331, 70.635380215151, 72.635379133971, 74.635378052791, 76.635377063016, 78.635375981836, 80.635374900656, 82.635381413746, 84.635380332566, 86.635379251386], "SmallestImagePixelValue": [1, 0, 0, 0, 0, 0, 0, 0, 0, 0, 0, 0, 0, 0, 0, 0, 0, 4, 1, 0, 0, 0, 0, 0, 0, 0, 1, 2, 8, 2, 2, 1, 2, 3, 7, 3, 1, 0, 12, 8, 3, 0, 1, 5, 4, 0, 0, 0, 0, 1, 0, 0, 1, 0, 0, 0, 0, 0, 0, 0, 0, 0, 0, 0, 0, 0, 0, 0, 0, 0, 1, 0], "WindowCenter": [-268.0, -286.0, -294.0, -300.0, -226.0, -224.0, -194.0, -152.0, -160.0, -112.0, -110.0, -118.0, -150.0, -162.0, -286.0, -290.0, -316.0, -262.0, -276.0, -298.0, -354.0, -364.0, -360.0, -412.0, -340.0, -264.0, -256.0, -248.0, -244.0, -284.0, -210.0, -160.0, -188.0, -156.0, -132.0, -134.0, -130.0, -110.0, -130.0, -114.0, -106.0, -98.0, -62.0, -52.0, -30.0, -2.0, -12.0, 0.0, -30.0, -4.0, -14.0, -18.0, -32.0, -50.0, -74.0, -70.0, -72.0, -104.0, -100.0, -94.0, -138.0, -136.0, -154.0, -202.0, -224.0, -226.0, -284.0, -302.0, -338.0, -326.0, -338.0, -336.0], "WindowWidth": [6152.0, 6230.0, 6284.0, 6276.0, 6284.0, 6374.0, 6450.0, 6482.0, 6512.0, 6488.0, 6606.0, 6626.0, 6620.0, 6534.0, 6372.0, 6346.0, 6280.0, 6224.0, 6176.0, 6130.0, 6054.0, 5956.0, 5952.0, 5758.0, 5630.0, 5626.0, 5472.0, 5426.0, 5338.0, 4900.0, 5158.0, 5428.0, 5256.0, 5432.0, 5482.0, 5374.0, 5324.0, 5362.0, 5270.0, 5382.0, 5346.0, 5252.0, 5312.0, 5326.0, 5404.0, 5496.0, 5344.0, 5480.0, 5424.0, 5492.0, 5548.0, 5582.0, 5582.0, 5548.0, 5604.0, 5688.0, 5710.0, 5784.0, 5812.0, 5840.0, 5928.0, 5862.0, 5954.0, 5954.0, 5958.0, 5944.0, 6028.0, 5968.0, 5980.0, 6022.0, 6130.0, 6182.0]}}, "IntendedFor": ["ses-imagenet04/func/sub-06_ses-imagenet04_task-imagenet_run-07_bold.nii.gz", "ses-imagenet04/func/sub-06_ses-imagenet04_task-imagenet_run-08_bold.nii.gz", "ses-imagenet04/func/sub-06_ses-imagenet04_task-imagenet_run-05_bold.nii.gz", "ses-imagenet04/func/sub-06_ses-imagenet04_task-imagenet_run-03_bold.nii.gz", "ses-imagenet04/func/sub-06_ses-imagenet04_task-imagenet_run-01_bold.nii.gz", "ses-imagenet04/func/sub-06_ses-imagenet04_task-imagenet_run-02_bold.nii.gz", "ses-imagenet04/func/sub-06_ses-imagenet04_task-imagenet_run-10_bold.nii.gz", "ses-imagenet04/func/sub-06_ses-imagenet04_task-imagenet_run-09_bold.nii.gz", "ses-imagenet04/func/sub-06_ses-imagenet04_task-imagenet_run-06_bold.nii.gz", "ses-imagenet04/func/sub-06_ses-imagenet04_task-imagenet_run-04_bold.nii.gz"]}