{"AcquisitionMatrixPE": 100, "AcquisitionNumber": 1, "AcquisitionTime": "13:52:50.515000", "BaseResolution": 100, "BodyPartExamined": "BRAIN", "ConsistencyInfo": "N4_VE11C_LATEST_20160120", "ConversionSoftware": "dcm2niix", "ConversionSoftwareVersion": "v1.0.20180622 GCC4.9.2", "DeviceSerialNumber": "166078", "DwellTime": 8.8e-06, "EchoNumber": 2, "EchoTime": 0.00738, "EchoTime1": 0.00492, "EchoTime2": 0.00738, "FlipAngle": 60, "ImageOrientationPatientDICOM": [1, -7.88999e-05, -0.000471782, -2.03e-13, 0.986302, -0.164947], "ImageType": ["ORIGINAL", "PRIMARY", "P", "ND"], "InPlanePhaseEncodingDirectionDICOM": "ROW", "InstitutionAddress": "Street_StreetNo_Bei_Jing_District_CN_ZIP", "InstitutionName": "BeiJing_Normal_University", "InstitutionalDepartmentName": "Department", "MRAcquisitionType": "2D", "MagneticFieldStrength": 3, "Manufacturer": "Siemens", "ManufacturersModelName": "Prisma", "Modality": "MR", "PartialFourier": 1, "PatientPosition": "HFS", "PercentPhaseFOV": 100, "PhaseEncodingDirection": "i", "PhaseEncodingSteps": 100, "PhaseResolution": 1, "PixelBandwidth": 570, "ProcedureStepDescription": "BNU_P2018_64CH_Zhen.ZongLei", "ProtocolName": "field_mapping_2x2x2", "PulseSequenceDetails": "%SiemensSeq%_gre_field_mapping", "ReceiveCoilActiveElements": "HC1-7;NC1", "ReceiveCoilName": "HeadNeck_64", "ReconMatrixPE": 100, "RepetitionTime": 0.72, "SAR": 0.109002, "ScanningSequence": "GR", "SequenceName": "_fm2d2r", "SequenceVariant": "SP", "SeriesDescription": "field_mapping_2x2x2", "SeriesNumber": 9, "ShimSetting": [-5461, -11491, -1259, 273, -89, -184, -187, 30], "SliceThickness": 2, "SoftwareVersions": "syngo_MR_E11", "SpacingBetweenSlices": 2, "StationName": "AWP166078", "TxRefAmp": 216.643, "dcmmeta_affine": [[-1.999999761581421, -4.059999949082571e-13, -0.0009566545486450195, 99.7325668334961], [0.0001577997172717005, 1.9726048707962036, -0.3298940658569336, -78.03263092041016], [-0.0009435646934434772, 0.32989415526390076, 1.9726028442382812, -94.77550506591797], [0.0, 0.0, 0.0, 1.0]], "dcmmeta_reorient_transform": [[0.0, -1.0, 0.0, 99.0], [1.0, 0.0, 0.0, 0.0], [0.0, 0.0, -1.0, 71.0], [0.0, 0.0, 0.0, 1.0]], "dcmmeta_shape": [100, 100, 72], "dcmmeta_slice_dim": 2, "dcmmeta_version": 0.6, "global": {"const": {"AcquisitionMatrix": [0, 100, 100, 0], "AcquisitionNumber": 1, "AngioFlag": "N", "BitsAllocated": 16, "BitsStored": 12, "BodyPartExamined": "BRAIN", "Columns": 100, "EchoNumbers": 2, "EchoTime": 7.38, "EchoTrainLength": 0, "FlipAngle": 60.0, "HighBit": 11, "ImageOrientationPatient": [0.99999988559811, -7.88998588e-05, -0.000471782342, -2.03e-13, 0.9863024178239, -0.1649470842262], "ImageType": ["ORIGINAL", "PRIMARY", "P", "ND"], "ImagedNucleus": "1H", "ImagingFrequency": 123.257781, "InPlanePhaseEncodingDirection": "ROW", "MRAcquisitionType": "2D", "MagneticFieldStrength": 3.0, "Manufacturer": "SIEMENS", "ManufacturerModelName": "Prisma", "Modality": "MR", "NumberOfAverages": 1.0, "NumberOfPhaseEncodingSteps": 100, "PercentPhaseFieldOfView": 100.0, "PercentSampling": 100.0, "PerformedProcedureStepStartTime": "130212.680000", "PhotometricInterpretation": "MONOCHROME2", "PixelBandwidth": 570.0, "PixelRepresentation": 0, "PixelSpacing": [2.0, 2.0], "ProtocolName": "field_mapping_2x2x2", "RepetitionTime": 720.0, "RescaleIntercept": -4096.0, "RescaleSlope": 2.0, "RescaleType": "US", "Rows": 100, "SAR": 0.10900161658517, "SamplesPerPixel": 1, "ScanningSequence": "GR", "SequenceName": "*fm2d2r", "SequenceVariant": "SP", "SeriesDescription": "field_mapping_2x2x2", "SeriesNumber": 9, "SeriesTime": "135514.641000", "SliceThickness": 2.0, "SoftwareVersions": "syngo MR E11", "SpacingBetweenSlices": 2.0, "SpecificCharacterSet": "ISO_IR 100", "StudyID": "1", "StudyTime": "130212.611000", "TransmitCoilName": "Body", "VariableFlipAngleFlag": "N", "WindowCenterWidthExplanation": "Algo1", "dBdt": 0.0}, "slices": {"AcquisitionTime": ["135250.515000", "135250.155000", "135250.525000", "135250.165000", "135250.535000", "135250.175000", "135250.545000", "135250.185000", "135250.555000", "135250.195000", "135250.565000", "135250.205000", "135250.575000", "135250.215000", "135250.585000", "135250.225000", "135250.595000", "135250.235000", "135250.605000", "135250.245000", "135250.615000", "135250.255000", "135250.625000", "135250.265000", "135250.635000", "135250.275000", "135250.645000", "135250.285000", "135250.655000", "135250.295000", "135250.665000", "135250.305000", "135250.675000", "135250.315000", "135250.685000", "135250.325000", "135250.695000", "135250.335000", "135250.705000", "135250.345000", "135250.715000", "135250.355000", "135250.725000", "135250.365000", "135250.735000", "135250.375000", "135250.745000", "135250.385000", "135250.755000", "135250.395000", "135250.765000", "135250.405000", "135250.775000", "135250.415000", "135250.785000", "135250.425000", "135250.795000", "135250.435000", "135250.805000", "135250.445000", "135250.815000", "135250.455000", "135250.825000", "135250.465000", "135250.835000", "135250.475000", "135250.845000", "135250.485000", "135250.855000", "135250.495000", "135250.865000", "135250.505000"], "ContentTime": ["135514.717000", "135514.648000", "135514.719000", "135514.651000", "135514.721000", "135514.653000", "135514.723000", "135514.654000", "135514.725000", "135514.656000", "135514.727000", "135514.658000", "135514.729000", "135514.660000", "135514.731000", "135514.662000", "135514.733000", "135514.664000", "135514.735000", "135514.665000", "135514.737000", "135514.667000", "135514.739000", "135514.669000", "135514.741000", "135514.671000", "135514.742000", "135514.673000", "135514.744000", "135514.675000", "135514.746000", "135514.676000", "135514.748000", "135514.678000", "135514.750000", "135514.680000", "135514.752000", "135514.683000", "135514.754000", "135514.685000", "135514.756000", "135514.687000", "135514.758000", "135514.688000", "135514.760000", "135514.690000", "135514.762000", "135514.692000", "135514.764000", "135514.694000", "135514.765000", "135514.696000", "135514.767000", "135514.698000", "135514.769000", "135514.700000", "135514.772000", "135514.702000", "135514.774000", "135514.703000", "135514.776000", "135514.705000", "135514.778000", "135514.707000", "135514.780000", "135514.709000", "135514.782000", "135514.711000", "135514.783000", "135514.713000", "135514.785000", "135514.715000"], "CsaImage.GSWDDataType": ["measured", "predicted", "measured", "predicted", "measured", "predicted", "measured", "predicted", "measured", "predicted", "measured", "predicted", "measured", "predicted", "measured", "predicted", "measured", "predicted", "measured", "predicted", "measured", "predicted", "measured", "predicted", "measured", "predicted", "measured", "predicted", "measured", "predicted", "measured", "predicted", "measured", "predicted", "measured", "predicted", "measured", "predicted", "measured", "predicted", "measured", "predicted", "measured", "predicted", "measured", "predicted", "measured", "predicted", "measured", "predicted", "measured", "predicted", "measured", "predicted", "measured", "predicted", "measured", "predicted", "measured", "predicted", "measured", "predicted", "measured", "predicted", "measured", "measured", "measured", "measured", "measured", "measured", "measured", "measured"], "CsaImage.ICE_Dims": ["X_2_1_1_1_1_1_37_1_1_1_1_101", "X_2_1_1_1_1_1_1_1_1_2_1_101", "X_2_1_1_1_1_1_38_1_1_3_1_101", "X_2_1_1_1_1_1_2_1_1_4_1_101", "X_2_1_1_1_1_1_39_1_1_5_1_101", "X_2_1_1_1_1_1_3_1_1_6_1_101", "X_2_1_1_1_1_1_40_1_1_7_1_101", "X_2_1_1_1_1_1_4_1_1_8_1_101", "X_2_1_1_1_1_1_41_1_1_9_1_101", "X_2_1_1_1_1_1_5_1_1_10_1_101", "X_2_1_1_1_1_1_42_1_1_11_1_101", "X_2_1_1_1_1_1_6_1_1_12_1_101", "X_2_1_1_1_1_1_43_1_1_13_1_101", "X_2_1_1_1_1_1_7_1_1_14_1_101", "X_2_1_1_1_1_1_44_1_1_15_1_101", "X_2_1_1_1_1_1_8_1_1_16_1_101", "X_2_1_1_1_1_1_45_1_1_17_1_101", "X_2_1_1_1_1_1_9_1_1_18_1_101", "X_2_1_1_1_1_1_46_1_1_19_1_101", "X_2_1_1_1_1_1_10_1_1_20_1_101", "X_2_1_1_1_1_1_47_1_1_21_1_101", "X_2_1_1_1_1_1_11_1_1_22_1_101", "X_2_1_1_1_1_1_48_1_1_23_1_101", "X_2_1_1_1_1_1_12_1_1_24_1_101", "X_2_1_1_1_1_1_49_1_1_25_1_101", "X_2_1_1_1_1_1_13_1_1_26_1_101", "X_2_1_1_1_1_1_50_1_1_27_1_101", "X_2_1_1_1_1_1_14_1_1_28_1_101", "X_2_1_1_1_1_1_51_1_1_29_1_101", "X_2_1_1_1_1_1_15_1_1_30_1_101", "X_2_1_1_1_1_1_52_1_1_31_1_101", "X_2_1_1_1_1_1_16_1_1_32_1_101", "X_2_1_1_1_1_1_53_1_1_33_1_101", "X_2_1_1_1_1_1_17_1_1_34_1_101", "X_2_1_1_1_1_1_54_1_1_35_1_101", "X_2_1_1_1_1_1_18_1_1_36_1_101", "X_2_1_1_1_1_1_55_1_1_37_1_101", "X_2_1_1_1_1_1_19_1_1_38_1_101", "X_2_1_1_1_1_1_56_1_1_39_1_101", "X_2_1_1_1_1_1_20_1_1_40_1_101", "X_2_1_1_1_1_1_57_1_1_41_1_101", "X_2_1_1_1_1_1_21_1_1_42_1_101", "X_2_1_1_1_1_1_58_1_1_43_1_101", "X_2_1_1_1_1_1_22_1_1_44_1_101", "X_2_1_1_1_1_1_59_1_1_45_1_101", "X_2_1_1_1_1_1_23_1_1_46_1_101", "X_2_1_1_1_1_1_60_1_1_47_1_101", "X_2_1_1_1_1_1_24_1_1_48_1_101", "X_2_1_1_1_1_1_61_1_1_49_1_101", "X_2_1_1_1_1_1_25_1_1_50_1_101", "X_2_1_1_1_1_1_62_1_1_51_1_101", "X_2_1_1_1_1_1_26_1_1_52_1_101", "X_2_1_1_1_1_1_63_1_1_53_1_101", "X_2_1_1_1_1_1_27_1_1_54_1_101", "X_2_1_1_1_1_1_64_1_1_55_1_101", "X_2_1_1_1_1_1_28_1_1_56_1_101", "X_2_1_1_1_1_1_65_1_1_57_1_101", "X_2_1_1_1_1_1_29_1_1_58_1_101", "X_2_1_1_1_1_1_66_1_1_59_1_101", "X_2_1_1_1_1_1_30_1_1_60_1_101", "X_2_1_1_1_1_1_67_1_1_61_1_101", "X_2_1_1_1_1_1_31_1_1_62_1_101", "X_2_1_1_1_1_1_68_1_1_63_1_101", "X_2_1_1_1_1_1_32_1_1_64_1_101", "X_2_1_1_1_1_1_69_1_1_65_1_101", "X_2_1_1_1_1_1_33_1_1_66_1_101", "X_2_1_1_1_1_1_70_1_1_67_1_101", "X_2_1_1_1_1_1_34_1_1_68_1_101", "X_2_1_1_1_1_1_71_1_1_69_1_101", "X_2_1_1_1_1_1_35_1_1_70_1_101", "X_2_1_1_1_1_1_72_1_1_71_1_101", "X_2_1_1_1_1_1_36_1_1_72_1_101"], "CsaImage.ProtocolSliceNumber": [0, 1, 2, 3, 4, 5, 6, 7, 8, 9, 10, 11, 12, 13, 14, 15, 16, 17, 18, 19, 20, 21, 22, 23, 24, 25, 26, 27, 28, 29, 30, 31, 32, 33, 34, 35, 36, 37, 38, 39, 40, 41, 42, 43, 44, 45, 46, 47, 48, 49, 50, 51, 52, 53, 54, 55, 56, 57, 58, 59, 60, 61, 62, 63, 64, 65, 66, 67, 68, 69, 70, 71], "CsaImage.RFSWDDataType": ["measured", "predicted", "measured", "predicted", "measured", "predicted", "measured", "predicted", "measured", "predicted", "measured", "predicted", "measured", "predicted", "measured", "predicted", "measured", "predicted", "measured", "predicted", "measured", "predicted", "measured", "predicted", "measured", "predicted", "measured", "predicted", "measured", "predicted", "measured", "predicted", "measured", "predicted", "measured", "predicted", "measured", "predicted", "measured", "predicted", "measured", "predicted", "measured", "predicted", "measured", "predicted", "measured", "predicted", "measured", "predicted", "measured", "predicted", "measured", "predicted", "measured", "predicted", "measured", "predicted", "measured", "predicted", "measured", "measured", "measured", "measured", "measured", "measured", "measured", "measured", "measured", "measured", "measured", "measured"], "CsaImage.SlicePosition_PCS": [[-99.73256529, -117.25525013, -62.11611047], [-99.7316086, -116.92535511, -60.14350763], [-99.73065195, -116.59546009, -58.17089716], [-99.72969526, -116.26556698, -56.19829431], [-99.72873861, -115.93567196, -54.22569147], [-99.72778193, -115.60577884, -52.25308862], [-99.72682527, -115.27588382, -50.28047815], [-99.72586859, -114.94599071, -48.30787531], [-99.72491193, -114.61609665, -46.33527246], [-99.72395528, -114.28620163, -44.3626658], [-99.72299859, -113.95630756, -42.39006296], [-99.72204194, -113.6264135, -40.4174563], [-99.72108525, -113.29651943, -38.44485346], [-99.7201286, -112.96662536, -36.47225061], [-99.71917192, -112.6367313, -34.49964395], [-99.71821526, -112.30683723, -32.52704111], [-99.71725858, -111.97694317, -30.55443445], [-99.71630192, -111.6470491, -28.5818316], [-99.71534524, -111.31715503, -26.60922495], [-99.71438858, -110.98726097, -24.6366221], [-99.7134319, -110.6573669, -22.66401544], [-99.71247524, -110.32747284, -20.6914126], [-99.71151856, -109.99757877, -18.71880594], [-99.71056191, -109.66768471, -16.7462031], [-99.70960522, -109.33779064, -14.77359834], [-99.70864857, -109.00789562, -12.80099359], [-99.70769188, -108.67800155, -10.82838884], [-99.70673523, -108.34810749, -8.85578409], [-99.70577854, -108.01821342, -6.88317934], [-99.70482189, -107.68831936, -4.91057459], [-99.70386523, -107.35842529, -2.93796983], [-99.70290855, -107.02853122, -0.96536508], [-99.7019519, -106.69863716, 1.00723872], [-99.70099521, -106.36874309, 2.97984347], [-99.70003856, -106.03884903, 4.95244822], [-99.69908187, -105.70895496, 6.92505297], [-99.69812522, -105.3790609, 8.89765724], [-99.69716853, -105.04916635, 10.870262], [-99.69621188, -104.71927229, 12.84286651], [-99.69525519, -104.38937822, 14.81547102], [-99.69429854, -104.05948416, 16.78807568], [-99.69334186, -103.72959009, 18.76068029], [-99.6923852, -103.39969602, 20.7332848], [-99.69142852, -103.06980196, 22.70588955], [-99.69047186, -102.73990789, 24.67849383], [-99.68951518, -102.41001359, 26.65109858], [-99.68855852, -102.08011952, 28.62370333], [-99.68760184, -101.75022522, 30.59630808], [-99.68664518, -101.42033115, 32.56891188], [-99.6856885, -101.09043709, 34.54151663], [-99.68473184, -100.76054302, 36.51412138], [-99.68377519, -100.43064883, 38.48672613], [-99.68281851, -100.10075465, 40.45933089], [-99.68186185, -99.77086058, 42.43193564], [-99.68090517, -99.4409664, 44.40454039], [-99.67994851, -99.11107227, 46.37714514], [-99.67899183, -98.78117816, 48.34974989], [-99.67803517, -98.45128402, 50.32235464], [-99.67707849, -98.1213899, 52.29495749], [-99.67612183, -97.79149577, 54.26756415], [-99.67516515, -97.46160165, 56.24016699], [-99.6742085, -97.13170758, 58.21277365], [-99.67325181, -96.80181339, 60.18537649], [-99.67229516, -96.47191921, 62.15798315], [-99.67133847, -96.14202514, 64.130586], [-99.67038182, -95.81213108, 66.10319266], [-99.66942513, -95.48223677, 68.0757955], [-99.66846848, -95.15234271, 70.04839835], [-99.66751179, -94.82244864, 72.021005], [-99.66655514, -94.49255434, 73.99360785], [-99.66559846, -94.16266027, 75.96621451], [-99.6646418, -93.83276621, 77.93881735]], "CsaImage.TimeAfterStart": [1.0825, 0.7225, 1.0925, 0.7325, 1.1025, 0.7425, 1.1125, 0.7525, 1.1225, 0.7625, 1.1325, 0.7725, 1.1425, 0.7825, 1.1525, 0.7925, 1.1625, 0.8025, 1.1725, 0.8125, 1.1825, 0.8225, 1.1925, 0.8325, 1.2025, 0.8425, 1.2125, 0.8525, 1.2225, 0.8625, 1.2325, 0.8725, 1.2425, 0.8825, 1.2525, 0.8925, 1.2625, 0.9025, 1.2725, 0.9125, 1.2825, 0.9225, 1.2925, 0.9325, 1.3025, 0.9425, 1.3125, 0.9525, 1.3225, 0.9625, 1.3325, 0.9725, 1.3425, 0.9825, 1.3525, 0.9925, 1.3625, 1.0025, 1.3725, 1.0125, 1.3825, 1.0225, 1.3925, 1.0325, 1.4025, 1.0425, 1.4125, 1.0525, 1.4225, 1.0625, 1.4325, 1.0725], "ImagePositionPatient": [[-99.732565287658, -117.2552501272, -62.116110474523], [-99.731608603307, -116.92535510767, -60.143507630285], [-99.730651948758, -116.59546008814, -58.170897156652], [-99.729695264407, -116.26556697595, -56.198294312414], [-99.728738609859, -115.93567195642, -54.225691468175], [-99.727781925508, -115.60577884424, -52.253088623937], [-99.726825270959, -115.27588382471, -50.280478150304], [-99.725868586608, -114.94599071253, -48.307875306066], [-99.724911932059, -114.61609664667, -46.335272461828], [-99.723955277511, -114.28620162714, -44.362665802892], [-99.72299859316, -113.95630756128, -42.390062958654], [-99.722041938611, -113.62641349542, -40.417456299718], [-99.72108525426, -113.29651942957, -38.44485345548], [-99.720128599712, -112.96662536371, -36.472250611242], [-99.719171915361, -112.63673129785, -34.499643952306], [-99.718215260812, -112.306837232, -32.527041108068], [-99.717258576461, -111.97694316614, -30.554434449132], [-99.716301921912, -111.64704910028, -28.581831604894], [-99.715345237561, -111.31715503442, -26.609224945959], [-99.714388583013, -110.98726096857, -24.63662210172], [-99.713431898662, -110.65736690271, -22.664015442785], [-99.712475244113, -110.32747283685, -20.691412598546], [-99.711518559762, -109.997578771, -18.718805939611], [-99.710561905213, -109.66768470514, -16.746203095373], [-99.709605220862, -109.33779063928, -14.773598343786], [-99.708648566314, -109.00789561975, -12.800993592199], [-99.707691881963, -108.67800155389, -10.828388840612], [-99.706735227414, -108.34810748804, -8.855784089025], [-99.705778543063, -108.01821342218, -6.8831793374381], [-99.704821888515, -107.68831935632, -4.9105745858512], [-99.703865233966, -107.35842529047, -2.9379698342643], [-99.702908549615, -107.02853122461, -0.9653650826774], [-99.701951895066, -106.69863715875, 1.0072387152352], [-99.700995210715, -106.3687430929, 2.9798434668222], [-99.700038556167, -106.03884902704, 4.9524482184091], [-99.699081871816, -105.70895496118, 6.925052969996], [-99.698125217267, -105.37906089533, 8.8976572447457], [-99.697168532916, -105.04916635263, 10.870261996333], [-99.696211878368, -104.71927228677, 12.842866509501], [-99.695255194017, -104.38937822092, 14.815471022669], [-99.694298539468, -104.05948415506, 16.788075684849], [-99.693341855117, -103.7295900892, 18.760680287425], [-99.692385200568, -103.39969602335, 20.733284800593], [-99.691428516217, -103.06980195749, 22.70588955218], [-99.690471861669, -102.73990789163, 24.67849382693], [-99.689515177318, -102.41001358736, 26.651098578516], [-99.688558522769, -102.0801195215, 28.623703330103], [-99.687601838418, -101.75022521722, 30.59630808169], [-99.686645183869, -101.42033115137, 32.568911879603], [-99.685688499518, -101.09043708551, 34.54151663119], [-99.68473184497, -100.76054301965, 36.514121382777], [-99.683775190421, -100.43064883459, 38.486726134364], [-99.68281850607, -100.10075464952, 40.459330885951], [-99.681861851522, -99.770860583665, 42.431935637537], [-99.680905167171, -99.440966398598, 44.404540389124], [-99.679948512622, -99.111072273137, 46.377145140711], [-99.678991828271, -98.781178162576, 48.349749892298], [-99.678035173722, -98.451284022214, 50.322354643885], [-99.677078489371, -98.121389896752, 52.294957488123], [-99.676121834823, -97.79149577129, 54.267564147059], [-99.675165150472, -97.461601645829, 56.240166991297], [-99.674208495923, -97.131707579972, 58.212773650233], [-99.673251811572, -96.801813394906, 60.185376494471], [-99.672295157024, -96.471919209839, 62.157983153407], [-99.671338472673, -96.142025143983, 64.130585997645], [-99.670381818124, -95.812131078126, 66.10319265658], [-99.669425133773, -95.48223677385, 68.075795500819], [-99.668468479224, -95.152342707993, 70.048398345057], [-99.667511794873, -94.822448642136, 72.021005003993], [-99.666555140325, -94.492554337861, 73.993607848231], [-99.665598455974, -94.162660272004, 75.966214507166], [-99.664641801425, -93.832766206147, 77.938817351405]], "InstanceCreationTime": ["135514.717000", "135514.648000", "135514.719000", "135514.651000", "135514.721000", "135514.653000", "135514.723000", "135514.654000", "135514.725000", "135514.656000", "135514.727000", "135514.658000", "135514.729000", "135514.660000", "135514.731000", "135514.662000", "135514.733000", "135514.664000", "135514.735000", "135514.665000", "135514.737000", "135514.667000", "135514.739000", "135514.669000", "135514.741000", "135514.671000", "135514.742000", "135514.673000", "135514.744000", "135514.675000", "135514.746000", "135514.676000", "135514.748000", "135514.678000", "135514.750000", "135514.680000", "135514.752000", "135514.683000", "135514.754000", "135514.685000", "135514.756000", "135514.687000", "135514.758000", "135514.688000", "135514.760000", "135514.690000", "135514.762000", "135514.692000", "135514.764000", "135514.694000", "135514.765000", "135514.696000", "135514.767000", "135514.698000", "135514.769000", "135514.700000", "135514.772000", "135514.702000", "135514.774000", "135514.703000", "135514.776000", "135514.705000", "135514.778000", "135514.707000", "135514.780000", "135514.709000", "135514.782000", "135514.711000", "135514.783000", "135514.713000", "135514.785000", "135514.715000"], "InstanceNumber": [1, 2, 3, 4, 5, 6, 7, 8, 9, 10, 11, 12, 13, 14, 15, 16, 17, 18, 19, 20, 21, 22, 23, 24, 25, 26, 27, 28, 29, 30, 31, 32, 33, 34, 35, 36, 37, 38, 39, 40, 41, 42, 43, 44, 45, 46, 47, 48, 49, 50, 51, 52, 53, 54, 55, 56, 57, 58, 59, 60, 61, 62, 63, 64, 65, 66, 67, 68, 69, 70, 71, 72], "LargestImagePixelValue": [4095, 4094, 4095, 4094, 4094, 4095, 4094, 4094, 4094, 4095, 4092, 4094, 4092, 4091, 4094, 4095, 4093, 4094, 4094, 4094, 4095, 4094, 4091, 4091, 4093, 4091, 4092, 4094, 4086, 4094, 4095, 4090, 4092, 4087, 4091, 4093, 4094, 4089, 4088, 4094, 4094, 4094, 4093, 4091, 4093, 4092, 4090, 4095, 4094, 4095, 4092, 4094, 4093, 4095, 4095, 4095, 4094, 4089, 4092, 4095, 4094, 4095, 4094, 4094, 4095, 4095, 4094, 4094, 4094, 4095, 4094, 4095], "SliceLocation": [-80.653877857451, -78.653879452389, -76.653873522451, -74.653875432, -72.653877026952, -70.653878936501, -68.653873006564, -66.653874916113, -64.653876668371, -62.653874500878, -60.653876253121, -58.653874242934, -56.653875995177, -54.653877747435, -52.653875737234, -50.653877489491, -48.65387547929, -46.653877231548, -44.653875221346, -42.653876973604, -40.653874963403, -38.65387671566, -36.653874705459, -34.653876457717, -32.653876328738, -30.653876042467, -28.653875913488, -26.653875784524, -24.653875655545, -22.65387552658, -20.653875397615, -18.653875268636, -16.653876080283, -14.653875951304, -12.653875822339, -10.65387569336, -8.6538760347012, -6.6538758270694, -4.6538759332575, -2.6538760394313, -0.6538759986489, 1.3461239833596, 3.3461238771715, 5.3461240061504, 7.3461236648095, 9.3461238331149, 11.34612396208, 13.346124130385, 15.346123318739, 17.346123447717, 19.346123576682, 21.34612372531, 23.346123873952, 25.346124002917, 27.346124151559, 29.346124290355, 31.346124426708, 33.346124567962, 35.346122825551, 37.346124845569, 39.346123103157, 41.346125113344, 43.346123380764, 45.346125410615, 47.346123658371, 49.346125668558, 51.346123955641, 53.346122203384, 55.346124213585, 57.346122500654, 59.346124510855, 61.346122758597], "SmallestImagePixelValue": [1, 0, 0, 0, 1, 0, 0, 1, 1, 0, 5, 0, 0, 1, 1, 2, 6, 2, 2, 1, 3, 1, 2, 1, 0, 0, 2, 2, 0, 6, 0, 2, 0, 3, 0, 1, 0, 1, 6, 5, 7, 6, 2, 0, 0, 1, 1, 0, 0, 0, 8, 0, 0, 3, 0, 0, 0, 0, 2, 1, 1, 0, 1, 0, 0, 0, 1, 0, 0, 0, 1, 0], "WindowCenter": [-236.0, -210.0, -284.0, -256.0, -290.0, -270.0, -264.0, -250.0, -236.0, -252.0, -208.0, -204.0, -142.0, -100.0, -156.0, -174.0, -204.0, -216.0, -214.0, -206.0, -206.0, -170.0, -166.0, -166.0, -178.0, -162.0, -140.0, -152.0, -290.0, -306.0, -304.0, -158.0, -118.0, -116.0, -102.0, -114.0, -126.0, -246.0, -254.0, -244.0, -230.0, -222.0, -210.0, -182.0, -168.0, -138.0, -96.0, -114.0, -128.0, -140.0, -160.0, -172.0, -206.0, -206.0, -84.0, -206.0, -206.0, -180.0, -194.0, -24.0, -24.0, -16.0, -34.0, -90.0, -102.0, -166.0, -196.0, -220.0, -248.0, -296.0, -290.0, -338.0], "WindowWidth": [6106.0, 6066.0, 5976.0, 5930.0, 5902.0, 5884.0, 5874.0, 5964.0, 6026.0, 6094.0, 6128.0, 6162.0, 6168.0, 6148.0, 6102.0, 6108.0, 5988.0, 5886.0, 5844.0, 5832.0, 5758.0, 5606.0, 5576.0, 5618.0, 5504.0, 5510.0, 5446.0, 5278.0, 4620.0, 4626.0, 4634.0, 5278.0, 5380.0, 5400.0, 5466.0, 5362.0, 5234.0, 4606.0, 4612.0, 4608.0, 4598.0, 4594.0, 4588.0, 4578.0, 4574.0, 4556.0, 4532.0, 4538.0, 4556.0, 4574.0, 4592.0, 4592.0, 4624.0, 4630.0, 5030.0, 4668.0, 4670.0, 4676.0, 4704.0, 5496.0, 5656.0, 5664.0, 5752.0, 5746.0, 5758.0, 5912.0, 5932.0, 6030.0, 6090.0, 6066.0, 6154.0, 6044.0]}}, "IntendedFor": ["ses-prf/func/sub-04_ses-prf_task-prf_run-09_bold.nii.gz", "ses-prf/func/sub-04_ses-prf_task-prf_run-10_bold.nii.gz"]}