{"AcquisitionMatrixPE": 100, "AcquisitionNumber": 1, "AcquisitionTime": "11:56:20.450000", "BaseResolution": 100, "BodyPartExamined": "BRAIN", "ConsistencyInfo": "N4_VE11C_LATEST_20160120", "ConversionSoftware": "dcm2niix", "ConversionSoftwareVersion": "v1.0.20180622 GCC4.9.2", "DeviceSerialNumber": "166078", "DwellTime": 8.8e-06, "EchoNumber": 2, "EchoTime": 0.00738, "EchoTime1": 0.00492, "EchoTime2": 0.00738, "FlipAngle": 60, "ImageOrientationPatientDICOM": [1, 0, 0, 0, 0.992546, -0.121869], "ImageType": ["ORIGINAL", "PRIMARY", "P", "ND"], "InPlanePhaseEncodingDirectionDICOM": "ROW", "InstitutionAddress": "Street_StreetNo_Bei_Jing_District_CN_ZIP", "InstitutionName": "BeiJing_Normal_University", "InstitutionalDepartmentName": "Department", "MRAcquisitionType": "2D", "MagneticFieldStrength": 3, "Manufacturer": "Siemens", "ManufacturersModelName": "Prisma", "Modality": "MR", "PartialFourier": 1, "PatientPosition": "HFS", "PercentPhaseFOV": 100, "PhaseEncodingDirection": "i", "PhaseEncodingSteps": 100, "PhaseResolution": 1, "PixelBandwidth": 570, "ProcedureStepDescription": "BNU_P2018_64CH_Zhen.ZongLei", "ProtocolName": "field_mapping_2x2x2", "PulseSequenceDetails": "%SiemensSeq%_gre_field_mapping", "ReceiveCoilActiveElements": "HC1-7;NC1", "ReceiveCoilName": "HeadNeck_64", "ReconMatrixPE": 100, "RepetitionTime": 0.72, "SAR": 0.112584, "ScanningSequence": "GR", "SequenceName": "_fm2d2r", "SequenceVariant": "SP", "SeriesDescription": "field_mapping_2x2x2", "SeriesNumber": 9, "ShimSetting": [-5462, -11495, -1241, 549, -40, -75, -51, 32], "SliceThickness": 2, "SoftwareVersions": "syngo_MR_E11", "SpacingBetweenSlices": 2, "StationName": "AWP166078", "TxRefAmp": 211.066, "dcmmeta_affine": [[-2.0, 0.0, 0.0, 100.67469787597656], [0.0, 1.985092282295227, -0.24373865127563477, -77.38306427001953], [0.0, 0.24373869597911835, 1.9850921630859375, -68.47661590576172], [0.0, 0.0, 0.0, 1.0]], "dcmmeta_reorient_transform": [[0.0, -1.0, 0.0, 99.0], [1.0, 0.0, 0.0, 0.0], [0.0, 0.0, -1.0, 71.0], [0.0, 0.0, 0.0, 1.0]], "dcmmeta_shape": [100, 100, 72], "dcmmeta_slice_dim": 2, "dcmmeta_version": 0.6, "global": {"const": {"AcquisitionMatrix": [0, 100, 100, 0], "AcquisitionNumber": 1, "AngioFlag": "N", "BitsAllocated": 16, "BitsStored": 12, "BodyPartExamined": "BRAIN", "Columns": 100, "EchoNumbers": 2, "EchoTime": 7.38, "EchoTrainLength": 0, "FlipAngle": 60.0, "HighBit": 11, "ImageOrientationPatient": [1.0, 0.0, 0.0, 0.0, 0.99254615113406, -0.1218693475365], "ImageType": ["ORIGINAL", "PRIMARY", "P", "ND"], "ImagedNucleus": "1H", "ImagingFrequency": 123.257757, "InPlanePhaseEncodingDirection": "ROW", "MRAcquisitionType": "2D", "MagneticFieldStrength": 3.0, "Manufacturer": "SIEMENS", "ManufacturerModelName": "Prisma", "Modality": "MR", "NumberOfAverages": 1.0, "NumberOfPhaseEncodingSteps": 100, "PercentPhaseFieldOfView": 100.0, "PercentSampling": 100.0, "PerformedProcedureStepStartTime": "110253.980000", "PhotometricInterpretation": "MONOCHROME2", "PixelBandwidth": 570.0, "PixelRepresentation": 0, "PixelSpacing": [2.0, 2.0], "ProtocolName": "field_mapping_2x2x2", "RepetitionTime": 720.0, "RescaleIntercept": -4096.0, "RescaleSlope": 2.0, "RescaleType": "US", "Rows": 100, "SAR": 0.11258362690002, "SamplesPerPixel": 1, "ScanningSequence": "GR", "SequenceName": "*fm2d2r", "SequenceVariant": "SP", "SeriesDescription": "field_mapping_2x2x2", "SeriesNumber": 9, "SeriesTime": "115844.843000", "SliceThickness": 2.0, "SoftwareVersions": "syngo MR E11", "SpacingBetweenSlices": 2.0, "SpecificCharacterSet": "ISO_IR 100", "StudyID": "1", "StudyTime": "110253.893000", "TransmitCoilName": "Body", "VariableFlipAngleFlag": "N", "WindowCenterWidthExplanation": "Algo1", "dBdt": 0.0}, "slices": {"AcquisitionTime": ["115620.450000", "115620.090000", "115620.460000", "115620.100000", "115620.470000", "115620.110000", "115620.480000", "115620.120000", "115620.490000", "115620.130000", "115620.500000", "115620.140000", "115620.510000", "115620.150000", "115620.520000", "115620.160000", "115620.530000", "115620.170000", "115620.540000", "115620.180000", "115620.550000", "115620.190000", "115620.560000", "115620.200000", "115620.570000", "115620.210000", "115620.580000", "115620.220000", "115620.590000", "115620.230000", "115620.600000", "115620.240000", "115620.610000", "115620.250000", "115620.620000", "115620.260000", "115620.630000", "115620.270000", "115620.640000", "115620.280000", "115620.650000", "115620.290000", "115620.660000", "115620.300000", "115620.670000", "115620.310000", "115620.680000", "115620.320000", "115620.690000", "115620.330000", "115620.700000", "115620.340000", "115620.710000", "115620.350000", "115620.720000", "115620.360000", "115620.730000", "115620.370000", "115620.740000", "115620.380000", "115620.750000", "115620.390000", "115620.760000", "115620.400000", "115620.770000", "115620.410000", "115620.780000", "115620.420000", "115620.790000", "115620.430000", "115620.800000", "115620.440000"], "ContentTime": ["115844.921000", "115844.845000", "115844.923000", "115844.847000", "115844.932000", "115844.849000", "115844.933000", "115844.851000", "115844.937000", "115844.853000", "115844.940000", "115844.855000", "115844.942000", "115844.857000", "115844.944000", "115844.859000", "115844.946000", "115844.861000", "115844.948000", "115844.863000", "115844.950000", "115844.866000", "115844.952000", "115844.868000", "115844.954000", "115844.873000", "115844.956000", "115844.876000", "115844.958000", "115844.878000", "115844.959000", "115844.880000", "115844.962000", "115844.882000", "115844.963000", "115844.884000", "115844.965000", "115844.886000", "115844.967000", "115844.888000", "115844.969000", "115844.890000", "115844.971000", "115844.892000", "115844.973000", "115844.894000", "115844.975000", "115844.896000", "115844.976000", "115844.899000", "115844.978000", "115844.901000", "115844.980000", "115844.902000", "115844.982000", "115844.904000", "115844.984000", "115844.906000", "115844.986000", "115844.908000", "115844.988000", "115844.910000", "115844.990000", "115844.912000", "115844.992000", "115844.914000", "115844.994000", "115844.916000", "115844.996000", "115844.918000", "115844.997000", "115844.920000"], "CsaImage.GSWDDataType": ["measured", "predicted", "measured", "predicted", "measured", "predicted", "measured", "predicted", "measured", "predicted", "measured", "predicted", "measured", "predicted", "measured", "predicted", "measured", "predicted", "measured", "predicted", "measured", "predicted", "measured", "predicted", "measured", "predicted", "measured", "predicted", "measured", "predicted", "measured", "predicted", "measured", "predicted", "measured", "predicted", "measured", "predicted", "measured", "predicted", "measured", "predicted", "measured", "predicted", "measured", "predicted", "measured", "predicted", "measured", "predicted", "measured", "predicted", "measured", "predicted", "measured", "predicted", "measured", "predicted", "measured", "predicted", "measured", "predicted", "measured", "predicted", "measured", "measured", "measured", "measured", "measured", "measured", "measured", "measured"], "CsaImage.ICE_Dims": ["X_2_1_1_1_1_1_37_1_1_1_1_77", "X_2_1_1_1_1_1_1_1_1_2_1_77", "X_2_1_1_1_1_1_38_1_1_3_1_77", "X_2_1_1_1_1_1_2_1_1_4_1_77", "X_2_1_1_1_1_1_39_1_1_5_1_77", "X_2_1_1_1_1_1_3_1_1_6_1_77", "X_2_1_1_1_1_1_40_1_1_7_1_77", "X_2_1_1_1_1_1_4_1_1_8_1_77", "X_2_1_1_1_1_1_41_1_1_9_1_77", "X_2_1_1_1_1_1_5_1_1_10_1_77", "X_2_1_1_1_1_1_42_1_1_11_1_77", "X_2_1_1_1_1_1_6_1_1_12_1_77", "X_2_1_1_1_1_1_43_1_1_13_1_77", "X_2_1_1_1_1_1_7_1_1_14_1_77", "X_2_1_1_1_1_1_44_1_1_15_1_77", "X_2_1_1_1_1_1_8_1_1_16_1_77", "X_2_1_1_1_1_1_45_1_1_17_1_77", "X_2_1_1_1_1_1_9_1_1_18_1_77", "X_2_1_1_1_1_1_46_1_1_19_1_77", "X_2_1_1_1_1_1_10_1_1_20_1_77", "X_2_1_1_1_1_1_47_1_1_21_1_77", "X_2_1_1_1_1_1_11_1_1_22_1_77", "X_2_1_1_1_1_1_48_1_1_23_1_77", "X_2_1_1_1_1_1_12_1_1_24_1_77", "X_2_1_1_1_1_1_49_1_1_25_1_77", "X_2_1_1_1_1_1_13_1_1_26_1_77", "X_2_1_1_1_1_1_50_1_1_27_1_77", "X_2_1_1_1_1_1_14_1_1_28_1_77", "X_2_1_1_1_1_1_51_1_1_29_1_77", "X_2_1_1_1_1_1_15_1_1_30_1_77", "X_2_1_1_1_1_1_52_1_1_31_1_77", "X_2_1_1_1_1_1_16_1_1_32_1_77", "X_2_1_1_1_1_1_53_1_1_33_1_77", "X_2_1_1_1_1_1_17_1_1_34_1_77", "X_2_1_1_1_1_1_54_1_1_35_1_77", "X_2_1_1_1_1_1_18_1_1_36_1_77", "X_2_1_1_1_1_1_55_1_1_37_1_77", "X_2_1_1_1_1_1_19_1_1_38_1_77", "X_2_1_1_1_1_1_56_1_1_39_1_77", "X_2_1_1_1_1_1_20_1_1_40_1_77", "X_2_1_1_1_1_1_57_1_1_41_1_77", "X_2_1_1_1_1_1_21_1_1_42_1_77", "X_2_1_1_1_1_1_58_1_1_43_1_77", "X_2_1_1_1_1_1_22_1_1_44_1_77", "X_2_1_1_1_1_1_59_1_1_45_1_77", "X_2_1_1_1_1_1_23_1_1_46_1_77", "X_2_1_1_1_1_1_60_1_1_47_1_77", "X_2_1_1_1_1_1_24_1_1_48_1_77", "X_2_1_1_1_1_1_61_1_1_49_1_77", "X_2_1_1_1_1_1_25_1_1_50_1_77", "X_2_1_1_1_1_1_62_1_1_51_1_77", "X_2_1_1_1_1_1_26_1_1_52_1_77", "X_2_1_1_1_1_1_63_1_1_53_1_77", "X_2_1_1_1_1_1_27_1_1_54_1_77", "X_2_1_1_1_1_1_64_1_1_55_1_77", "X_2_1_1_1_1_1_28_1_1_56_1_77", "X_2_1_1_1_1_1_65_1_1_57_1_77", "X_2_1_1_1_1_1_29_1_1_58_1_77", "X_2_1_1_1_1_1_66_1_1_59_1_77", "X_2_1_1_1_1_1_30_1_1_60_1_77", "X_2_1_1_1_1_1_67_1_1_61_1_77", "X_2_1_1_1_1_1_31_1_1_62_1_77", "X_2_1_1_1_1_1_68_1_1_63_1_77", "X_2_1_1_1_1_1_32_1_1_64_1_77", "X_2_1_1_1_1_1_69_1_1_65_1_77", "X_2_1_1_1_1_1_33_1_1_66_1_77", "X_2_1_1_1_1_1_70_1_1_67_1_77", "X_2_1_1_1_1_1_34_1_1_68_1_77", "X_2_1_1_1_1_1_71_1_1_69_1_77", "X_2_1_1_1_1_1_35_1_1_70_1_77", "X_2_1_1_1_1_1_72_1_1_71_1_77", "X_2_1_1_1_1_1_36_1_1_72_1_77"], "CsaImage.ProtocolSliceNumber": [0, 1, 2, 3, 4, 5, 6, 7, 8, 9, 10, 11, 12, 13, 14, 15, 16, 17, 18, 19, 20, 21, 22, 23, 24, 25, 26, 27, 28, 29, 30, 31, 32, 33, 34, 35, 36, 37, 38, 39, 40, 41, 42, 43, 44, 45, 46, 47, 48, 49, 50, 51, 52, 53, 54, 55, 56, 57, 58, 59, 60, 61, 62, 63, 64, 65, 66, 67, 68, 69, 70, 71], "CsaImage.RFSWDDataType": ["measured", "predicted", "measured", "predicted", "measured", "predicted", "measured", "predicted", "measured", "predicted", "measured", "predicted", "measured", "predicted", "measured", "predicted", "measured", "predicted", "measured", "predicted", "measured", "predicted", "measured", "predicted", "measured", "predicted", "measured", "predicted", "measured", "predicted", "measured", "predicted", "measured", "predicted", "measured", "predicted", "measured", "predicted", "measured", "predicted", "measured", "predicted", "measured", "predicted", "measured", "predicted", "measured", "predicted", "measured", "predicted", "measured", "predicted", "measured", "predicted", "measured", "predicted", "measured", "predicted", "measured", "predicted", "measured", "predicted", "measured", "measured", "measured", "measured", "measured", "measured", "measured", "measured", "measured", "measured"], "CsaImage.SlicePosition_PCS": [[-100.67469877, -119.14107256, -44.34649344], [-100.67469877, -118.89733438, -42.36140128], [-100.67469877, -118.65359621, -40.37630911], [-100.67469877, -118.40985803, -38.39121695], [-100.67469877, -118.16611795, -36.40612479], [-100.67469877, -117.92237978, -34.42103262], [-100.67469877, -117.6786416, -32.43594046], [-100.67469877, -117.43490343, -30.4508483], [-100.67469877, -117.19116335, -28.46575232], [-100.67469877, -116.94742517, -26.48066016], [-100.67469877, -116.703687, -24.49556799], [-100.67469877, -116.45994882, -22.51047583], [-100.67469877, -116.21620874, -20.52538367], [-100.67469877, -115.97247057, -18.54029341], [-100.67469877, -115.72873239, -16.55520125], [-100.67469877, -115.48499231, -14.57010718], [-100.67469877, -115.24125414, -12.58501501], [-100.67469877, -114.99751596, -10.59992285], [-100.67469877, -114.75377683, -8.61483069], [-100.67469877, -114.51003866, -6.62973853], [-100.67469877, -114.26629953, -4.64464636], [-100.67469877, -114.02256136, -2.6595542], [-100.67469877, -113.77882223, -0.67446204], [-100.67469877, -113.53508405, 1.31063013], [-100.67469877, -113.29134493, 3.29572229], [-100.67469877, -113.0476058, 5.28081493], [-100.67469877, -112.80386762, 7.26590709], [-100.67469877, -112.5601285, 9.25099949], [-100.67469877, -112.31639032, 11.2360919], [-100.67469877, -112.07265119, 13.22118418], [-100.67469877, -111.82891302, 15.20627646], [-100.67469877, -111.58517389, 17.19136886], [-100.67469877, -111.34143572, 19.17646103], [-100.67469877, -111.09769659, 21.16155367], [-100.67469877, -110.85395841, 23.14664583], [-100.67469877, -110.61021929, 25.13173799], [-100.67469877, -110.36648111, 27.11683015], [-100.67469877, -110.12274198, 29.10192232], [-100.67469877, -109.87900381, 31.08701448], [-100.67469877, -109.63526468, 33.07210664], [-100.67469877, -109.39152555, 35.05719881], [-100.67469877, -109.14778738, 37.04229097], [-100.67469877, -108.90404825, 39.02738504], [-100.67469877, -108.66031007, 41.0124772], [-100.67469877, -108.41657095, 42.99756937], [-100.67469877, -108.17283277, 44.98266153], [-100.67469877, -107.92909364, 46.96775369], [-100.67469877, -107.68535547, 48.95284586], [-100.67469877, -107.44161634, 50.93793802], [-100.67469877, -107.19787769, 52.92303018], [-100.67469877, -106.95413904, 54.90812235], [-100.67469877, -106.71040039, 56.89321451], [-100.67469877, -106.46666174, 58.87830667], [-100.67469877, -106.22292309, 60.86339883], [-100.67469877, -105.97918443, 62.848491], [-100.67469877, -105.73544578, 64.83358316], [-100.67469877, -105.49170713, 66.81867532], [-100.67469877, -105.24796848, 68.80376749], [-100.67469877, -105.00422983, 70.78885965], [-100.67469877, -104.7604907, 72.77395181], [-100.67469877, -104.51675205, 74.75904398], [-100.67469877, -104.2730134, 76.74413995], [-100.67469877, -104.02927475, 78.72923212], [-100.67469877, -103.7855361, 80.71432428], [-100.67469877, -103.54179744, 82.69941644], [-100.67469877, -103.29805879, 84.68450861], [-100.67469877, -103.05432014, 86.66960077], [-100.67469877, -102.81058149, 88.65469293], [-100.67469877, -102.56684284, 90.6397851], [-100.67469877, -102.32310395, 92.62487726], [-100.67469877, -102.0793653, 94.60996942], [-100.67469877, -101.83562665, 96.59506158]], "CsaImage.TimeAfterStart": [1.0825, 0.7225, 1.0925, 0.7325, 1.1025, 0.7425, 1.1125, 0.7525, 1.1225, 0.7625, 1.1325, 0.7725, 1.1425, 0.7825, 1.1525, 0.7925, 1.1625, 0.8025, 1.1725, 0.8125, 1.1825, 0.8225, 1.1925, 0.8325, 1.2025, 0.8425, 1.2125, 0.8525, 1.2225, 0.8625, 1.2325, 0.8725, 1.2425, 0.8825, 1.2525, 0.8925, 1.2625, 0.9025, 1.2725, 0.9125, 1.2825, 0.9225, 1.2925, 0.9325, 1.3025, 0.9425, 1.3125, 0.9525, 1.3225, 0.9625, 1.3325, 0.9725, 1.3425, 0.9825, 1.3525, 0.9925, 1.3625, 1.0025, 1.3725, 1.0125, 1.3825, 1.0225, 1.3925, 1.0325, 1.4025, 1.0425, 1.4125, 1.0525, 1.4225, 1.0625, 1.4325, 1.0725], "ImagePositionPatient": [[-100.67469877005, -119.14107255664, -44.34649343849], [-100.67469877005, -118.8973343822, -42.361401275404], [-100.67469877005, -118.65359620777, -40.376309112318], [-100.67469877005, -118.40985803333, -38.391216949232], [-100.67469877005, -118.16611795154, -36.406124786146], [-100.67469877005, -117.9223797771, -34.42103262306], [-100.67469877005, -117.67864160266, -32.435940459974], [-100.67469877005, -117.43490342823, -30.450848296888], [-100.67469877005, -117.19116334644, -28.465752319105], [-100.67469877005, -116.947425172, -26.480660156019], [-100.67469877005, -116.70368699756, -24.495567992933], [-100.67469877005, -116.45994882312, -22.510475829847], [-100.67469877005, -116.21620874134, -20.525383666761], [-100.67469877005, -115.9724705669, -18.540293411024], [-100.67469877005, -115.72873239246, -16.555201247938], [-100.67469877005, -115.48499231067, -14.570107177503], [-100.67469877005, -115.24125413623, -12.585015014417], [-100.67469877005, -114.99751596179, -10.599922851331], [-100.67469877005, -114.75377683368, -8.6148306882455], [-100.67469877005, -114.51003865924, -6.6297385251596], [-100.67469877005, -114.26629953113, -4.6446463620737], [-100.67469877005, -114.02256135669, -2.6595541989877], [-100.67469877005, -113.77882222858, -0.6744620359018], [-100.67469877005, -113.53508405414, 1.3106301271842], [-100.67469877005, -113.29134492603, 3.2957222902701], [-100.67469877005, -113.04760579792, 5.2808149301932], [-100.67469877005, -112.80386762348, 7.2659070932791], [-100.67469877005, -112.56012849536, 9.2509994947836], [-100.67469877005, -112.31639032093, 11.236091896288], [-100.67469877005, -112.07265119281, 13.221184178583], [-100.67469877005, -111.82891301837, 15.206276460879], [-100.67469877005, -111.58517389026, 17.191368862383], [-100.67469877005, -111.34143571582, 19.176461025469], [-100.67469877005, -111.09769658771, 21.161553665392], [-100.67469877005, -110.85395841327, 23.146645828478], [-100.67469877005, -110.61021928516, 25.131737991564], [-100.67469877005, -110.36648111072, 27.11683015465], [-100.67469877005, -110.12274198261, 29.101922317736], [-100.67469877005, -109.87900380817, 31.087014480822], [-100.67469877005, -109.63526468006, 33.072106643908], [-100.67469877005, -109.39152555194, 35.057198806994], [-100.67469877005, -109.14778737751, 37.04229097008], [-100.67469877005, -108.90404824939, 39.027385040514], [-100.67469877005, -108.66031007495, 41.0124772036], [-100.67469877005, -108.41657094684, 42.997569366686], [-100.67469877005, -108.1728327724, 44.982661529772], [-100.67469877005, -107.92909364429, 46.967753692858], [-100.67469877005, -107.68535546985, 48.952845855944], [-100.67469877005, -107.44161634174, 50.93793801903], [-100.67469877005, -107.19787769046, 52.923030182116], [-100.67469877005, -106.95413903919, 54.908122345202], [-100.67469877005, -106.71040038791, 56.893214508288], [-100.67469877005, -106.46666173664, 58.878306671374], [-100.67469877005, -106.22292308536, 60.86339883446], [-100.67469877005, -105.97918443408, 62.848490997545], [-100.67469877005, -105.73544578281, 64.833583160631], [-100.67469877005, -105.49170713153, 66.818675323717], [-100.67469877005, -105.24796848026, 68.803767486803], [-100.67469877005, -105.00422982898, 70.788859649889], [-100.67469877005, -104.76049070087, 72.773951812975], [-100.67469877005, -104.51675204959, 74.759043976061], [-100.67469877005, -104.27301339832, 76.744139953844], [-100.67469877005, -104.02927474704, 78.72923211693], [-100.67469877005, -103.78553609577, 80.714324280016], [-100.67469877005, -103.54179744449, 82.699416443102], [-100.67469877005, -103.29805879322, 84.684508606188], [-100.67469877005, -103.05432014194, 86.669600769274], [-100.67469877005, -102.81058149066, 88.65469293236], [-100.67469877005, -102.56684283939, 90.639785095446], [-100.67469877005, -102.32310394969, 92.624877258532], [-100.67469877005, -102.07936529842, 94.609969421618], [-100.67469877005, -101.83562664714, 96.595061584704]], "InstanceCreationTime": ["115844.921000", "115844.845000", "115844.923000", "115844.847000", "115844.932000", "115844.849000", "115844.933000", "115844.851000", "115844.937000", "115844.853000", "115844.940000", "115844.855000", "115844.942000", "115844.857000", "115844.944000", "115844.859000", "115844.946000", "115844.861000", "115844.948000", "115844.863000", "115844.950000", "115844.866000", "115844.952000", "115844.868000", "115844.954000", "115844.873000", "115844.956000", "115844.876000", "115844.958000", "115844.878000", "115844.959000", "115844.880000", "115844.962000", "115844.882000", "115844.963000", "115844.884000", "115844.965000", "115844.886000", "115844.967000", "115844.888000", "115844.969000", "115844.890000", "115844.971000", "115844.892000", "115844.973000", "115844.894000", "115844.975000", "115844.896000", "115844.976000", "115844.899000", "115844.978000", "115844.901000", "115844.980000", "115844.902000", "115844.982000", "115844.904000", "115844.984000", "115844.906000", "115844.986000", "115844.908000", "115844.988000", "115844.910000", "115844.990000", "115844.912000", "115844.992000", "115844.914000", "115844.994000", "115844.916000", "115844.996000", "115844.918000", "115844.997000", "115844.920000"], "InstanceNumber": [1, 2, 3, 4, 5, 6, 7, 8, 9, 10, 11, 12, 13, 14, 15, 16, 17, 18, 19, 20, 21, 22, 23, 24, 25, 26, 27, 28, 29, 30, 31, 32, 33, 34, 35, 36, 37, 38, 39, 40, 41, 42, 43, 44, 45, 46, 47, 48, 49, 50, 51, 52, 53, 54, 55, 56, 57, 58, 59, 60, 61, 62, 63, 64, 65, 66, 67, 68, 69, 70, 71, 72], "LargestImagePixelValue": [4094, 4094, 4095, 4095, 4094, 4094, 4095, 4095, 4093, 4093, 4095, 4095, 4094, 4094, 4094, 4095, 4095, 4092, 4094, 4093, 4094, 4093, 4092, 4093, 4094, 4095, 4095, 4093, 4091, 4093, 4092, 4094, 4095, 4093, 4094, 4095, 4094, 4094, 4094, 4093, 4094, 4093, 4092, 4094, 4088, 4087, 4093, 4095, 4094, 4094, 4093, 4094, 4091, 4094, 4091, 4094, 4094, 4089, 4093, 4094, 4094, 4094, 4094, 4095, 4094, 4095, 4094, 4094, 4094, 4095, 4095, 4093], "SliceLocation": [-58.53558615594, -56.535586357534, -54.535586559129, -52.535586760723, -50.53558672987, -48.535586931464, -46.535587133058, -44.535587334652, -42.535583517536, -40.53558371913, -38.535583920724, -36.535584122318, -34.535584091465, -32.53558618619, -30.535586387785, -28.5355844638, -26.535584665394, -24.535584866988, -22.535584952358, -20.535585153953, -18.535585239323, -16.535585440917, -14.535585526288, -12.535585727882, -10.535585813252, -8.5355854253397, -6.5355856269339, -4.5355854756629, -2.5355854406155, -0.5355854076653, 1.4644145090613, 3.4644146603323, 5.4644144587382, 7.4644148466506, 9.4644146450565, 11.464414559686, 13.464414358092, 15.464414272721, 17.464414071127, 19.464413985757, 21.464413900386, 23.464413698792, 25.464415506553, 27.464415304959, 29.464415219589, 31.464415017995, 33.464414932624, 35.46441473103, 37.46441464566, 39.464414502177, 41.464414358695, 43.464414215213, 45.464414071731, 47.464413928248, 49.464413784766, 51.464413641284, 53.464413497801, 55.464413354319, 57.464413210837, 59.464413125466, 61.464412981984, 63.464416624765, 65.464416481283, 67.4644163378, 69.464416194318, 71.464416050836, 73.464415907353, 75.464415763871, 77.464415620389, 79.464415505962, 81.46441536248, 83.464415218998], "SmallestImagePixelValue": [0, 0, 1, 1, 0, 0, 0, 0, 0, 0, 0, 0, 0, 1, 0, 0, 1, 0, 0, 1, 1, 2, 0, 2, 0, 0, 0, 0, 2, 1, 1, 0, 6, 11, 1, 0, 1, 0, 3, 1, 0, 0, 2, 5, 3, 9, 0, 2, 3, 3, 0, 3, 0, 1, 0, 1, 1, 0, 3, 0, 0, 0, 0, 0, 0, 0, 0, 0, 0, 0, 0, 0], "WindowCenter": [-228.0, -184.0, -166.0, -166.0, -174.0, -176.0, -250.0, -220.0, -238.0, -194.0, -212.0, -178.0, -204.0, -198.0, -174.0, -144.0, -176.0, -166.0, -142.0, -170.0, -192.0, -194.0, -204.0, -182.0, -176.0, -198.0, -224.0, -230.0, -268.0, -294.0, -306.0, -240.0, -212.0, -200.0, -188.0, -158.0, -164.0, -174.0, -162.0, -188.0, -158.0, -182.0, -168.0, -170.0, -168.0, -166.0, -136.0, -160.0, -136.0, -136.0, -108.0, -88.0, -68.0, -46.0, -22.0, -20.0, -26.0, -42.0, -42.0, -30.0, -40.0, -46.0, -64.0, -106.0, -126.0, -242.0, -176.0, -360.0, -206.0, -256.0, -328.0, -384.0], "WindowWidth": [6362.0, 6390.0, 6456.0, 6442.0, 6460.0, 6470.0, 6496.0, 6508.0, 6486.0, 6464.0, 6546.0, 6522.0, 6474.0, 6396.0, 6376.0, 6318.0, 6222.0, 6154.0, 6126.0, 6052.0, 6008.0, 5916.0, 5816.0, 5838.0, 5762.0, 5682.0, 5678.0, 5656.0, 5498.0, 5356.0, 5338.0, 5440.0, 5504.0, 5504.0, 5478.0, 5490.0, 5432.0, 5328.0, 5386.0, 5234.0, 5452.0, 5412.0, 5440.0, 5436.0, 5430.0, 5480.0, 5566.0, 5490.0, 5484.0, 5416.0, 5458.0, 5482.0, 5500.0, 5482.0, 5542.0, 5480.0, 5524.0, 5550.0, 5530.0, 5634.0, 5666.0, 5636.0, 5660.0, 5630.0, 5636.0, 5298.0, 5668.0, 4938.0, 5700.0, 5522.0, 5776.0, 5696.0]}}, "IntendedFor": ["ses-imagenet03/func/sub-01_ses-imagenet03_task-imagenet_run-07_bold.nii.gz", "ses-imagenet03/func/sub-01_ses-imagenet03_task-imagenet_run-08_bold.nii.gz", "ses-imagenet03/func/sub-01_ses-imagenet03_task-imagenet_run-05_bold.nii.gz", "ses-imagenet03/func/sub-01_ses-imagenet03_task-imagenet_run-03_bold.nii.gz", "ses-imagenet03/func/sub-01_ses-imagenet03_task-imagenet_run-01_bold.nii.gz", "ses-imagenet03/func/sub-01_ses-imagenet03_task-imagenet_run-02_bold.nii.gz", "ses-imagenet03/func/sub-01_ses-imagenet03_task-imagenet_run-10_bold.nii.gz", "ses-imagenet03/func/sub-01_ses-imagenet03_task-imagenet_run-09_bold.nii.gz", "ses-imagenet03/func/sub-01_ses-imagenet03_task-imagenet_run-06_bold.nii.gz", "ses-imagenet03/func/sub-01_ses-imagenet03_task-imagenet_run-04_bold.nii.gz"]}
