{"AcquisitionMatrixPE": 100, "AcquisitionNumber": 1, "AcquisitionTime": "15:54:58.482500", "BaseResolution": 100, "BodyPartExamined": "BRAIN", "ConsistencyInfo": "N4_VE11C_LATEST_20160120", "ConversionSoftware": "dcm2niix", "ConversionSoftwareVersion": "v1.0.20180622 GCC4.9.2", "DeviceSerialNumber": "166078", "DwellTime": 8.8e-06, "EchoNumber": 2, "EchoTime": 0.00738, "EchoTime1": 0.00492, "EchoTime2": 0.00738, "FlipAngle": 60, "ImageOrientationPatientDICOM": [1, -2.19941e-05, -9.60307e-05, 4.65e-13, 0.974761, -0.223251], "ImageType": ["ORIGINAL", "PRIMARY", "P", "ND"], "InPlanePhaseEncodingDirectionDICOM": "ROW", "InstitutionAddress": "Street_StreetNo_Bei_Jing_District_CN_ZIP", "InstitutionName": "BeiJing_Normal_University", "InstitutionalDepartmentName": "Department", "MRAcquisitionType": "2D", "MagneticFieldStrength": 3, "Manufacturer": "Siemens", "ManufacturersModelName": "Prisma", "Modality": "MR", "PartialFourier": 1, "PatientPosition": "HFS", "PercentPhaseFOV": 100, "PhaseEncodingDirection": "i", "PhaseEncodingSteps": 100, "PhaseResolution": 1, "PixelBandwidth": 570, "ProcedureStepDescription": "BNU_P2018_64CH_Zhen.ZongLei", "ProtocolName": "field_mapping_2x2x2", "PulseSequenceDetails": "%SiemensSeq%_gre_field_mapping", "ReceiveCoilActiveElements": "HC1-7;NC1", "ReceiveCoilName": "HeadNeck_64", "ReconMatrixPE": 100, "RepetitionTime": 0.72, "SAR": 0.114106, "ScanningSequence": "GR", "SequenceName": "_fm2d2r", "SequenceVariant": "SP", "SeriesDescription": "field_mapping_2x2x2", "SeriesNumber": 9, "ShimSetting": [-5452, -11499, -1275, 438, -63, -222, -167, 16], "SliceThickness": 2, "SoftwareVersions": "syngo_MR_E11", "SpacingBetweenSlices": 2, "StationName": "AWP166078", "TxRefAmp": 214.03, "dcmmeta_affine": [[-2.0, 9.30000000620712e-13, -0.0001970529556274414, 98.6575927734375], [4.3988122342852876e-05, 1.9495220184326172, -0.446502685546875, -77.94756317138672], [-0.00019206138676963747, 0.44650208950042725, 1.94952392578125, -104.41699981689453], [0.0, 0.0, 0.0, 1.0]], "dcmmeta_reorient_transform": [[0.0, -1.0, 0.0, 99.0], [1.0, 0.0, 0.0, 0.0], [0.0, 0.0, -1.0, 71.0], [0.0, 0.0, 0.0, 1.0]], "dcmmeta_shape": [100, 100, 72], "dcmmeta_slice_dim": 2, "dcmmeta_version": 0.6, "global": {"const": {"AcquisitionMatrix": [0, 100, 100, 0], "AcquisitionNumber": 1, "AngioFlag": "N", "BitsAllocated": 16, "BitsStored": 12, "BodyPartExamined": "BRAIN", "Columns": 100, "EchoNumbers": 2, "EchoTime": 7.38, "EchoTrainLength": 0, "FlipAngle": 60.0, "HighBit": 11, "ImageOrientationPatient": [0.99999999514718, -2.19940616e-05, -9.60306932e-05, 4.65e-13, 0.9747609813521, -0.2232510453133], "ImageType": ["ORIGINAL", "PRIMARY", "P", "ND"], "ImagedNucleus": "1H", "ImagingFrequency": 123.257798, "InPlanePhaseEncodingDirection": "ROW", "MRAcquisitionType": "2D", "MagneticFieldStrength": 3.0, "Manufacturer": "SIEMENS", "ManufacturerModelName": "Prisma", "Modality": "MR", "NumberOfAverages": 1.0, "NumberOfPhaseEncodingSteps": 100, "PercentPhaseFieldOfView": 100.0, "PercentSampling": 100.0, "PerformedProcedureStepStartTime": "150249.728000", "PhotometricInterpretation": "MONOCHROME2", "PixelBandwidth": 570.0, "PixelRepresentation": 0, "PixelSpacing": [2.0, 2.0], "ProtocolName": "field_mapping_2x2x2", "RepetitionTime": 720.0, "RescaleIntercept": -4096.0, "RescaleSlope": 2.0, "RescaleType": "US", "Rows": 100, "SAR": 0.1141064656536, "SamplesPerPixel": 1, "ScanningSequence": "GR", "SequenceName": "*fm2d2r", "SequenceVariant": "SP", "SeriesDescription": "field_mapping_2x2x2", "SeriesNumber": 9, "SeriesTime": "155722.838000", "SliceThickness": 2.0, "SoftwareVersions": "syngo MR E11", "SpacingBetweenSlices": 2.0, "SpecificCharacterSet": "ISO_IR 100", "StudyID": "1", "StudyTime": "150249.679000", "TransmitCoilName": "Body", "VariableFlipAngleFlag": "N", "WindowCenterWidthExplanation": "Algo1", "dBdt": 0.0}, "slices": {"AcquisitionTime": ["155458.482500", "155458.122500", "155458.492500", "155458.132500", "155458.502500", "155458.142500", "155458.512500", "155458.152500", "155458.522500", "155458.162500", "155458.532500", "155458.172500", "155458.542500", "155458.182500", "155458.552500", "155458.192500", "155458.562500", "155458.202500", "155458.572500", "155458.212500", "155458.582500", "155458.222500", "155458.592500", "155458.232500", "155458.602500", "155458.242500", "155458.612500", "155458.252500", "155458.622500", "155458.262500", "155458.632500", "155458.272500", "155458.642500", "155458.282500", "155458.652500", "155458.292500", "155458.662500", "155458.302500", "155458.672500", "155458.312500", "155458.682500", "155458.322500", "155458.692500", "155458.332500", "155458.702500", "155458.342500", "155458.712500", "155458.352500", "155458.722500", "155458.362500", "155458.732500", "155458.372500", "155458.742500", "155458.382500", "155458.752500", "155458.392500", "155458.762500", "155458.402500", "155458.772500", "155458.412500", "155458.782500", "155458.422500", "155458.792500", "155458.432500", "155458.802500", "155458.442500", "155458.812500", "155458.452500", "155458.822500", "155458.462500", "155458.832500", "155458.472500"], "ContentTime": ["155722.997000", "155722.840000", "155723.000000", "155722.927000", "155723.003000", "155722.929000", "155723.005000", "155722.931000", "155723.008000", "155722.933000", "155723.011000", "155722.935000", "155723.013000", "155722.937000", "155723.015000", "155722.939000", "155723.017000", "155722.940000", "155723.019000", "155722.942000", "155723.021000", "155722.944000", "155723.023000", "155722.946000", "155723.024000", "155722.948000", "155723.026000", "155722.951000", "155723.028000", "155722.953000", "155723.030000", "155722.955000", "155723.032000", "155722.957000", "155723.035000", "155722.960000", "155723.038000", "155722.962000", "155723.040000", "155722.964000", "155723.042000", "155722.966000", "155723.045000", "155722.968000", "155723.052000", "155722.970000", "155723.058000", "155722.972000", "155723.060000", "155722.974000", "155723.063000", "155722.976000", "155723.065000", "155722.977000", "155723.066000", "155722.979000", "155723.068000", "155722.981000", "155723.071000", "155722.983000", "155723.072000", "155722.985000", "155723.074000", "155722.987000", "155723.076000", "155722.989000", "155723.078000", "155722.991000", "155723.080000", "155722.993000", "155723.082000", "155722.995000"], "CsaImage.GSWDDataType": ["measured", "predicted", "measured", "predicted", "measured", "predicted", "measured", "predicted", "measured", "predicted", "measured", "predicted", "measured", "predicted", "measured", "predicted", "measured", "predicted", "measured", "predicted", "measured", "predicted", "measured", "predicted", "measured", "predicted", "measured", "predicted", "measured", "predicted", "measured", "predicted", "measured", "predicted", "measured", "predicted", "measured", "predicted", "measured", "predicted", "measured", "predicted", "measured", "predicted", "measured", "predicted", "measured", "predicted", "measured", "predicted", "measured", "predicted", "measured", "predicted", "measured", "predicted", "measured", "predicted", "measured", "predicted", "measured", "measured", "measured", "measured", "measured", "measured", "measured", "measured", "measured", "measured", "measured", "measured"], "CsaImage.ICE_Dims": ["X_2_1_1_1_1_1_37_1_1_1_1_153", "X_2_1_1_1_1_1_1_1_1_2_1_153", "X_2_1_1_1_1_1_38_1_1_3_1_153", "X_2_1_1_1_1_1_2_1_1_4_1_153", "X_2_1_1_1_1_1_39_1_1_5_1_153", "X_2_1_1_1_1_1_3_1_1_6_1_153", "X_2_1_1_1_1_1_40_1_1_7_1_153", "X_2_1_1_1_1_1_4_1_1_8_1_153", "X_2_1_1_1_1_1_41_1_1_9_1_153", "X_2_1_1_1_1_1_5_1_1_10_1_153", "X_2_1_1_1_1_1_42_1_1_11_1_153", "X_2_1_1_1_1_1_6_1_1_12_1_153", "X_2_1_1_1_1_1_43_1_1_13_1_153", "X_2_1_1_1_1_1_7_1_1_14_1_153", "X_2_1_1_1_1_1_44_1_1_15_1_153", "X_2_1_1_1_1_1_8_1_1_16_1_153", "X_2_1_1_1_1_1_45_1_1_17_1_153", "X_2_1_1_1_1_1_9_1_1_18_1_153", "X_2_1_1_1_1_1_46_1_1_19_1_153", "X_2_1_1_1_1_1_10_1_1_20_1_153", "X_2_1_1_1_1_1_47_1_1_21_1_153", "X_2_1_1_1_1_1_11_1_1_22_1_153", "X_2_1_1_1_1_1_48_1_1_23_1_153", "X_2_1_1_1_1_1_12_1_1_24_1_153", "X_2_1_1_1_1_1_49_1_1_25_1_153", "X_2_1_1_1_1_1_13_1_1_26_1_153", "X_2_1_1_1_1_1_50_1_1_27_1_153", "X_2_1_1_1_1_1_14_1_1_28_1_153", "X_2_1_1_1_1_1_51_1_1_29_1_153", "X_2_1_1_1_1_1_15_1_1_30_1_153", "X_2_1_1_1_1_1_52_1_1_31_1_153", "X_2_1_1_1_1_1_16_1_1_32_1_153", "X_2_1_1_1_1_1_53_1_1_33_1_153", "X_2_1_1_1_1_1_17_1_1_34_1_153", "X_2_1_1_1_1_1_54_1_1_35_1_153", "X_2_1_1_1_1_1_18_1_1_36_1_153", "X_2_1_1_1_1_1_55_1_1_37_1_153", "X_2_1_1_1_1_1_19_1_1_38_1_153", "X_2_1_1_1_1_1_56_1_1_39_1_153", "X_2_1_1_1_1_1_20_1_1_40_1_153", "X_2_1_1_1_1_1_57_1_1_41_1_153", "X_2_1_1_1_1_1_21_1_1_42_1_153", "X_2_1_1_1_1_1_58_1_1_43_1_153", "X_2_1_1_1_1_1_22_1_1_44_1_153", "X_2_1_1_1_1_1_59_1_1_45_1_153", "X_2_1_1_1_1_1_23_1_1_46_1_153", "X_2_1_1_1_1_1_60_1_1_47_1_153", "X_2_1_1_1_1_1_24_1_1_48_1_153", "X_2_1_1_1_1_1_61_1_1_49_1_153", "X_2_1_1_1_1_1_25_1_1_50_1_153", "X_2_1_1_1_1_1_62_1_1_51_1_153", "X_2_1_1_1_1_1_26_1_1_52_1_153", "X_2_1_1_1_1_1_63_1_1_53_1_153", "X_2_1_1_1_1_1_27_1_1_54_1_153", "X_2_1_1_1_1_1_64_1_1_55_1_153", "X_2_1_1_1_1_1_28_1_1_56_1_153", "X_2_1_1_1_1_1_65_1_1_57_1_153", "X_2_1_1_1_1_1_29_1_1_58_1_153", "X_2_1_1_1_1_1_66_1_1_59_1_153", "X_2_1_1_1_1_1_30_1_1_60_1_153", "X_2_1_1_1_1_1_67_1_1_61_1_153", "X_2_1_1_1_1_1_31_1_1_62_1_153", "X_2_1_1_1_1_1_68_1_1_63_1_153", "X_2_1_1_1_1_1_32_1_1_64_1_153", "X_2_1_1_1_1_1_69_1_1_65_1_153", "X_2_1_1_1_1_1_33_1_1_66_1_153", "X_2_1_1_1_1_1_70_1_1_67_1_153", "X_2_1_1_1_1_1_34_1_1_68_1_153", "X_2_1_1_1_1_1_71_1_1_69_1_153", "X_2_1_1_1_1_1_35_1_1_70_1_153", "X_2_1_1_1_1_1_72_1_1_71_1_153", "X_2_1_1_1_1_1_36_1_1_72_1_153"], "CsaImage.ProtocolSliceNumber": [0, 1, 2, 3, 4, 5, 6, 7, 8, 9, 10, 11, 12, 13, 14, 15, 16, 17, 18, 19, 20, 21, 22, 23, 24, 25, 26, 27, 28, 29, 30, 31, 32, 33, 34, 35, 36, 37, 38, 39, 40, 41, 42, 43, 44, 45, 46, 47, 48, 49, 50, 51, 52, 53, 54, 55, 56, 57, 58, 59, 60, 61, 62, 63, 64, 65, 66, 67, 68, 69, 70, 71], "CsaImage.RFSWDDataType": ["measured", "predicted", "measured", "predicted", "measured", "predicted", "measured", "predicted", "measured", "predicted", "measured", "predicted", "measured", "predicted", "measured", "predicted", "measured", "predicted", "measured", "predicted", "measured", "predicted", "measured", "predicted", "measured", "predicted", "measured", "predicted", "measured", "predicted", "measured", "predicted", "measured", "predicted", "measured", "predicted", "measured", "predicted", "measured", "predicted", "measured", "predicted", "measured", "predicted", "measured", "predicted", "measured", "predicted", "measured", "predicted", "measured", "predicted", "measured", "predicted", "measured", "predicted", "measured", "measured", "measured", "measured", "measured", "measured", "measured", "measured", "measured", "measured", "measured", "measured", "measured", "measured", "measured", "measured"], "CsaImage.SlicePosition_PCS": [[-98.65759431, -115.05507167, -60.21315922], [-98.65739726, -114.60857089, -58.26363529], [-98.65720021, -114.16206821, -56.31411137], [-98.65700316, -113.71556552, -54.36458744], [-98.65680622, -113.26906379, -52.41507115], [-98.65660917, -112.82256206, -50.46554722], [-98.65641212, -112.37605937, -48.5160233], [-98.65621506, -111.92955764, -46.566507], [-98.65601801, -111.48305591, -44.61698307], [-98.65582096, -111.03655322, -42.66745915], [-98.65562402, -110.59005149, -40.71793904], [-98.65542697, -110.14354976, -38.76841511], [-98.65522992, -109.69704707, -36.818895], [-98.65503286, -109.25054534, -34.86937107], [-98.65483581, -108.80404266, -32.91985096], [-98.65463876, -108.35754093, -30.97032704], [-98.65444183, -107.91103919, -29.02080693], [-98.65424477, -107.46453651, -27.071283], [-98.65404772, -107.01803478, -25.12176289], [-98.65385067, -106.57153209, -23.17223896], [-98.65365361, -106.12503036, -21.22271885], [-98.65345656, -105.67852863, -19.27319493], [-98.65325951, -105.23202642, -17.32367482], [-98.65306257, -104.78552421, -15.37415089], [-98.65286552, -104.339022, -13.42463078], [-98.65266847, -103.89251979, -11.47510685], [-98.65247141, -103.44601758, -9.52558674], [-98.65227436, -102.99951585, -7.57606472], [-98.65207731, -102.55301364, -5.6265427], [-98.65188038, -102.10651143, -3.67702069], [-98.65168332, -101.66000923, -1.72749867], [-98.65148627, -101.21350726, 0.22202335], [-98.65128922, -100.76700528, 2.17154537], [-98.65109216, -100.32050308, 4.12106739], [-98.65089511, -99.87400111, 6.07058941], [-98.65069806, -99.4274989, 8.02011142], [-98.65050112, -98.98099681, 9.96963344], [-98.65030407, -98.53449472, 11.91915546], [-98.65010702, -98.08799263, 13.86867748], [-98.64990996, -97.64149051, 15.81819902], [-98.64971291, -97.19498839, 17.76772104], [-98.64951586, -96.7484863, 19.71724306], [-98.64931893, -96.30198415, 21.66676502], [-98.64912187, -95.85548206, 23.61628698], [-98.64892482, -95.40897997, 25.56580888], [-98.64872777, -94.962478, 27.51533066], [-98.64853071, -94.51597579, 29.46485267], [-98.64833366, -94.06947358, 31.41437469], [-98.64813673, -93.62297161, 33.36389671], [-98.64793967, -93.17646964, 35.31341873], [-98.64774262, -92.72996744, 37.26294075], [-98.64754557, -92.28346523, 39.21246181], [-98.64734851, -91.83696302, 41.16198383], [-98.64715146, -91.39046129, 43.11150585], [-98.64695441, -90.94395908, 45.06102787], [-98.64675748, -90.49745687, 47.01054989], [-98.64656042, -90.05095466, 48.9600719], [-98.64636337, -89.60445245, 50.90959392], [-98.64616632, -89.15795024, 52.85911594], [-98.64596926, -88.71144851, 54.80863796], [-98.64577221, -88.26494678, 56.75816189], [-98.64557528, -87.81844409, 58.707682], [-98.64537822, -87.37194236, 60.65720592], [-98.64518117, -86.92543968, 62.60672603], [-98.64498412, -86.47893794, 64.55624614], [-98.64478706, -86.03243621, 66.50577007], [-98.64459001, -85.58593353, 68.45529018], [-98.64439296, -85.13943179, 70.40481411], [-98.64419603, -84.69292911, 72.35433422], [-98.64399897, -84.24642738, 74.30385814], [-98.64380192, -83.79992565, 76.25337825], [-98.64360487, -83.35342296, 78.20290218]], "CsaImage.TimeAfterStart": [1.0825, 0.7225, 1.0925, 0.7325, 1.1025, 0.7425, 1.1125, 0.7525, 1.1225, 0.7625, 1.1325, 0.7725, 1.1425, 0.7825, 1.1525, 0.7925, 1.1625, 0.8025, 1.1725, 0.8125, 1.1825, 0.8225, 1.1925, 0.8325, 1.2025, 0.8425, 1.2125, 0.8525, 1.2225, 0.8625, 1.2325, 0.8725, 1.2425, 0.8825, 1.2525, 0.8925, 1.2625, 0.9025, 1.2725, 0.9125, 1.2825, 0.9225, 1.2925, 0.9325, 1.3025, 0.9425, 1.3125, 0.9525, 1.3225, 0.9625, 1.3325, 0.9725, 1.3425, 0.9825, 1.3525, 0.9925, 1.3625, 1.0025, 1.3725, 1.0125, 1.3825, 1.0225, 1.3925, 1.0325, 1.4025, 1.0425, 1.4125, 1.0525, 1.4225, 1.0625, 1.4325, 1.0725], "ImagePositionPatient": [[-98.65759431476, -115.05507167216, -60.213159220638], [-98.657397261804, -114.60857089396, -58.263635294857], [-98.657200208849, -114.16206820842, -56.314111369076], [-98.657003155893, -113.71556552287, -54.364587443295], [-98.656806222147, -113.269063791, -52.415071146908], [-98.656609169191, -112.82256205913, -50.465547221127], [-98.656412116235, -112.37605937358, -48.516023295345], [-98.65621506328, -111.92955764171, -46.566506998959], [-98.656018010324, -111.48305590983, -44.616983073177], [-98.655820957369, -111.03655322429, -42.667459147396], [-98.655624023622, -110.59005149241, -40.717939036312], [-98.655426970667, -110.14354976054, -38.768415110531], [-98.655229917711, -109.69704707499, -36.818894999447], [-98.655032864755, -109.25054534312, -34.869371073666], [-98.6548358118, -108.80404265758, -32.919850962582], [-98.654638758844, -108.3575409257, -30.9703270368], [-98.654441825098, -107.91103919383, -29.020806925716], [-98.654244772142, -107.46453650828, -27.071282999935], [-98.654047719186, -107.01803477641, -25.121762888851], [-98.653850666231, -106.57153209086, -23.17223896307], [-98.653653613275, -106.12503035899, -21.222718851986], [-98.65345656032, -105.67852862712, -19.273194926205], [-98.653259507364, -105.23202641841, -17.323674815121], [-98.653062573618, -104.7855242097, -15.37415088934], [-98.652865520662, -104.33902200099, -13.424630778256], [-98.652668467706, -103.89251979228, -11.475106852474], [-98.652471414751, -103.44601758357, -9.5255867413903], [-98.652274361795, -102.9995158517, -7.5760647229577], [-98.65207730884, -102.55301364299, -5.6265427045251], [-98.651880375093, -102.10651143428, -3.6770206860925], [-98.651683322138, -101.66000922557, -1.7274986676598], [-98.651486269182, -101.21350725528, 0.22202335077277], [-98.651289216226, -100.76700528499, 2.1715453692054], [-98.651092163271, -100.32050307628, 4.121067387638], [-98.650895110315, -99.874001105985, 6.0705894060706], [-98.650698057359, -99.427498897275, 8.0201114245032], [-98.650501123613, -98.980996807775, 9.9696334429359], [-98.650304070657, -98.534494718274, 11.919155461368], [-98.650107017702, -98.087992628774, 13.868677479801], [-98.649909964746, -97.641490509471, 15.818199021397], [-98.649712911791, -97.194988390169, 17.767721039829], [-98.649515858835, -96.748486300668, 19.717243058262], [-98.649318925089, -96.301984151563, 21.66676501709], [-98.649121872133, -95.855482062063, 23.616286975918], [-98.648924819177, -95.408979972562, 25.565808875141], [-98.648727766222, -94.962478002271, 27.515330655155], [-98.648530713266, -94.515975793561, 29.464852673588], [-98.64833366031, -94.069473584852, 31.41437469202], [-98.648136726564, -93.62297161456, 33.363896710453], [-98.647939673608, -93.176469644269, 35.313418728886], [-98.647742620653, -92.72996743556, 37.262940747318], [-98.647545567697, -92.28346522685, 39.212461812076], [-98.647348514742, -91.83696301814, 41.161983830509], [-98.647151461786, -91.390461286268, 43.111505848942], [-98.64695440883, -90.943959077558, 45.061027867374], [-98.646757475084, -90.497456868848, 47.010549885807], [-98.646560422128, -90.050954660139, 48.96007190424], [-98.646363369173, -89.604452451429, 50.909593922672], [-98.646166316217, -89.157950242719, 52.859115941105], [-98.645969263262, -88.711448510847, 54.808637959537], [-98.645772210306, -88.264946778974, 56.758161885319], [-98.64557527656, -87.818444093427, 58.707681996403], [-98.645378223604, -87.371942361555, 60.657205922184], [-98.645181170648, -86.925439676008, 62.606726033268], [-98.644984117693, -86.478937944135, 64.556246144352], [-98.644787064737, -86.032436212263, 66.505770070133], [-98.644590011781, -85.585933526716, 68.455290181217], [-98.644392958826, -85.139431794843, 70.404814106998], [-98.644196025079, -84.692929109296, 72.354334218082], [-98.643998972124, -84.246427377424, 74.303858143864], [-98.643801919168, -83.799925645551, 76.253378254948], [-98.643604866213, -83.353422960004, 78.202902180729]], "InstanceCreationTime": ["155722.997000", "155722.840000", "155723.000000", "155722.927000", "155723.003000", "155722.929000", "155723.005000", "155722.931000", "155723.008000", "155722.933000", "155723.011000", "155722.935000", "155723.013000", "155722.937000", "155723.015000", "155722.939000", "155723.017000", "155722.940000", "155723.019000", "155722.942000", "155723.021000", "155722.944000", "155723.023000", "155722.946000", "155723.024000", "155722.948000", "155723.026000", "155722.951000", "155723.028000", "155722.953000", "155723.030000", "155722.955000", "155723.032000", "155722.957000", "155723.035000", "155722.960000", "155723.038000", "155722.962000", "155723.040000", "155722.964000", "155723.042000", "155722.966000", "155723.045000", "155722.968000", "155723.052000", "155722.970000", "155723.058000", "155722.972000", "155723.060000", "155722.974000", "155723.063000", "155722.976000", "155723.065000", "155722.977000", "155723.066000", "155722.979000", "155723.068000", "155722.981000", "155723.071000", "155722.983000", "155723.072000", "155722.985000", "155723.074000", "155722.987000", "155723.076000", "155722.989000", "155723.078000", "155722.991000", "155723.080000", "155722.993000", "155723.082000", "155722.995000"], "InstanceNumber": [1, 2, 3, 4, 5, 6, 7, 8, 9, 10, 11, 12, 13, 14, 15, 16, 17, 18, 19, 20, 21, 22, 23, 24, 25, 26, 27, 28, 29, 30, 31, 32, 33, 34, 35, 36, 37, 38, 39, 40, 41, 42, 43, 44, 45, 46, 47, 48, 49, 50, 51, 52, 53, 54, 55, 56, 57, 58, 59, 60, 61, 62, 63, 64, 65, 66, 67, 68, 69, 70, 71, 72], "LargestImagePixelValue": [4095, 4095, 4095, 4095, 4095, 4094, 4094, 4095, 4093, 4094, 4095, 4092, 4093, 4092, 4094, 4095, 4095, 4094, 4094, 4095, 4095, 4094, 4091, 4094, 4095, 4093, 4095, 4090, 4090, 4095, 4095, 4090, 4085, 4090, 4090, 4093, 4095, 4093, 4089, 4092, 4088, 4093, 4094, 4091, 4094, 4095, 4092, 4094, 4090, 4095, 4093, 4094, 4092, 4093, 4093, 4095, 4089, 4093, 4094, 4094, 4093, 4094, 4095, 4094, 4094, 4094, 4093, 4094, 4094, 4095, 4095, 4095], "SliceLocation": [-84.389322249139, -82.389320618902, -80.389318562847, -78.389316506792, -76.389322100494, -74.389320257347, -72.389318201293, -70.389323794982, -68.389321951836, -66.389319895781, -64.389321771065, -62.389319927919, -60.389321590282, -58.389319747136, -56.389321409499, -54.389319566353, -52.389321441636, -50.389319385581, -48.389321260853, -46.389319204798, -44.38932108007, -42.389319236924, -40.389321005742, -38.389319056153, -36.38932082497, -34.38931887537, -32.389320644187, -30.38932066025, -28.389320569859, -26.389320479479, -24.389320389087, -22.389320351923, -20.389320314759, -18.389320224367, -16.389320187203, -14.389320096811, -12.389320033045, -10.389319969267, -8.3893199054893, -6.3893202998602, -4.3893202294289, -2.389320165651, -0.3893201466783, 1.6106798589994, 3.6106798065767, 5.6106796113399, 7.6106797017314, 9.610679792123, 11.610679829276, 13.61067986644, 15.610679956831, 17.610679117618, 19.61067920801, 21.610679191947, 23.610679282339, 25.610679372718, 27.61067946311, 29.610679553501, 31.610679643893, 33.61067962783, 35.610681470976, 37.610679808601, 39.610681651748, 41.610679989384, 43.610678114113, 45.610679957259, 47.610678294896, 49.610680138042, 51.610678475667, 53.610680318813, 55.610678443541, 57.610680499596], "SmallestImagePixelValue": [0, 0, 0, 0, 2, 1, 0, 0, 1, 0, 0, 0, 0, 0, 0, 0, 0, 0, 0, 0, 1, 3, 3, 3, 0, 2, 0, 1, 1, 3, 0, 0, 15, 4, 0, 8, 1, 0, 1, 0, 0, 0, 1, 0, 4, 8, 0, 6, 0, 0, 0, 2, 1, 0, 0, 0, 0, 0, 2, 0, 0, 2, 0, 0, 2, 3, 0, 0, 0, 0, 0, 0], "WindowCenter": [-184.0, -166.0, -210.0, -198.0, -182.0, -190.0, -186.0, -214.0, -192.0, -212.0, -202.0, -198.0, -152.0, -118.0, -136.0, -136.0, -158.0, -134.0, -192.0, -158.0, -244.0, -296.0, -284.0, -310.0, -268.0, -214.0, -222.0, -182.0, -196.0, -150.0, -132.0, -130.0, -140.0, -146.0, -122.0, -132.0, -122.0, -158.0, -238.0, -230.0, -218.0, -202.0, -180.0, -188.0, -180.0, -170.0, -158.0, -166.0, -146.0, -184.0, -186.0, -188.0, -158.0, -180.0, -184.0, -198.0, -178.0, -182.0, -194.0, -110.0, -86.0, -108.0, -102.0, -150.0, -170.0, -224.0, -262.0, -270.0, -308.0, -350.0, -356.0, -408.0], "WindowWidth": [6092.0, 6300.0, 6236.0, 6218.0, 6184.0, 6182.0, 6182.0, 6242.0, 6216.0, 6234.0, 6170.0, 6154.0, 6140.0, 6238.0, 6172.0, 6186.0, 6110.0, 6068.0, 6002.0, 5954.0, 5866.0, 5840.0, 5726.0, 5604.0, 5486.0, 5616.0, 5510.0, 5504.0, 5324.0, 5352.0, 5396.0, 5456.0, 5370.0, 5312.0, 5356.0, 5170.0, 5270.0, 4918.0, 4612.0, 4606.0, 4598.0, 4578.0, 4570.0, 4568.0, 4570.0, 4552.0, 4548.0, 4552.0, 4544.0, 4572.0, 4578.0, 4582.0, 4592.0, 4606.0, 4632.0, 4652.0, 4664.0, 4706.0, 4714.0, 5226.0, 5586.0, 5674.0, 5778.0, 5836.0, 5998.0, 6078.0, 6176.0, 6236.0, 6344.0, 6430.0, 6434.0, 6400.0]}}, "IntendedFor": ["ses-imagenet01/func/sub-09_ses-imagenet01_task-imagenet_run-01_bold.nii.gz", "ses-imagenet01/func/sub-09_ses-imagenet01_task-imagenet_run-03_bold.nii.gz", "ses-imagenet01/func/sub-09_ses-imagenet01_task-imagenet_run-05_bold.nii.gz", "ses-imagenet01/func/sub-09_ses-imagenet01_task-imagenet_run-07_bold.nii.gz", "ses-imagenet01/func/sub-09_ses-imagenet01_task-imagenet_run-08_bold.nii.gz", "ses-imagenet01/func/sub-09_ses-imagenet01_task-imagenet_run-04_bold.nii.gz", "ses-imagenet01/func/sub-09_ses-imagenet01_task-imagenet_run-09_bold.nii.gz", "ses-imagenet01/func/sub-09_ses-imagenet01_task-imagenet_run-06_bold.nii.gz", "ses-imagenet01/func/sub-09_ses-imagenet01_task-imagenet_run-10_bold.nii.gz", "ses-imagenet01/func/sub-09_ses-imagenet01_task-imagenet_run-02_bold.nii.gz"]}