{"AcquisitionMatrixPE": 100, "AcquisitionNumber": 1, "AcquisitionTime": "15:48:58.577500", "BaseResolution": 100, "BodyPartExamined": "BRAIN", "ConsistencyInfo": "N4_VE11C_LATEST_20160120", "ConversionSoftware": "dcm2niix", "ConversionSoftwareVersion": "v1.0.20180622 GCC4.9.2", "DeviceSerialNumber": "166078", "DwellTime": 8.8e-06, "EchoNumber": 2, "EchoTime": 0.00738, "EchoTime1": 0.00492, "EchoTime2": 0.00738, "FlipAngle": 60, "ImageOrientationPatientDICOM": [1, 0, 0, 0, 0.969016, -0.246999], "ImageType": ["ORIGINAL", "PRIMARY", "P", "ND"], "InPlanePhaseEncodingDirectionDICOM": "ROW", "InstitutionAddress": "Street_StreetNo_Bei_Jing_District_CN_ZIP", "InstitutionName": "BeiJing_Normal_University", "InstitutionalDepartmentName": "Department", "MRAcquisitionType": "2D", "MagneticFieldStrength": 3, "Manufacturer": "Siemens", "ManufacturersModelName": "Prisma", "Modality": "MR", "PartialFourier": 1, "PatientPosition": "HFS", "PercentPhaseFOV": 100, "PhaseEncodingDirection": "i", "PhaseEncodingSteps": 100, "PhaseResolution": 1, "PixelBandwidth": 570, "ProcedureStepDescription": "BNU_P2018_64CH_Zhen.ZongLei", "ProtocolName": "field_mapping_2x2x2", "PulseSequenceDetails": "%SiemensSeq%_gre_field_mapping", "ReceiveCoilActiveElements": "HC1-7;NC1", "ReceiveCoilName": "HeadNeck_64", "ReconMatrixPE": 100, "RepetitionTime": 0.72, "SAR": 0.139112, "ScanningSequence": "GR", "SequenceName": "_fm2d2r", "SequenceVariant": "SP", "SeriesDescription": "field_mapping_2x2x2", "SeriesNumber": 9, "ShimSetting": [-5456, -11470, -1256, 424, -8, -113, -192, 57], "SliceThickness": 2, "SoftwareVersions": "syngo_MR_E11", "SpacingBetweenSlices": 2, "StationName": "AWP166078", "TxRefAmp": 230.828, "dcmmeta_affine": [[-2.0, 0.0, 0.0, 100.67469787597656], [0.0, 1.9380314350128174, -0.49399757385253906, -78.31820678710938], [0.0, 0.4939980208873749, 1.9380340576171875, -92.38933563232422], [0.0, 0.0, 0.0, 1.0]], "dcmmeta_reorient_transform": [[0.0, -1.0, 0.0, 99.0], [1.0, 0.0, 0.0, 0.0], [0.0, 0.0, -1.0, 71.0], [0.0, 0.0, 0.0, 1.0]], "dcmmeta_shape": [100, 100, 72], "dcmmeta_slice_dim": 2, "dcmmeta_version": 0.6, "global": {"const": {"AcquisitionMatrix": [0, 100, 100, 0], "AcquisitionNumber": 1, "AngioFlag": "N", "BitsAllocated": 16, "BitsStored": 12, "BodyPartExamined": "BRAIN", "Columns": 100, "EchoNumbers": 2, "EchoTime": 7.38, "EchoTrainLength": 0, "FlipAngle": 60.0, "HighBit": 11, "ImageOrientationPatient": [1.0, 0.0, 0.0, 0.0, 0.96901573026375, -0.2469990172074], "ImageType": ["ORIGINAL", "PRIMARY", "P", "ND"], "ImagedNucleus": "1H", "ImagingFrequency": 123.257779, "InPlanePhaseEncodingDirection": "ROW", "MRAcquisitionType": "2D", "MagneticFieldStrength": 3.0, "Manufacturer": "SIEMENS", "ManufacturerModelName": "Prisma", "Modality": "MR", "NumberOfAverages": 1.0, "NumberOfPhaseEncodingSteps": 100, "PercentPhaseFieldOfView": 100.0, "PercentSampling": 100.0, "PerformedProcedureStepStartTime": "145824.153000", "PhotometricInterpretation": "MONOCHROME2", "PixelBandwidth": 570.0, "PixelRepresentation": 0, "PixelSpacing": [2.0, 2.0], "ProtocolName": "field_mapping_2x2x2", "RepetitionTime": 720.0, "RescaleIntercept": -4096.0, "RescaleSlope": 2.0, "RescaleType": "US", "Rows": 100, "SAR": 0.13911238893252, "SamplesPerPixel": 1, "ScanningSequence": "GR", "SequenceName": "*fm2d2r", "SequenceVariant": "SP", "SeriesDescription": "field_mapping_2x2x2", "SeriesNumber": 9, "SeriesTime": "155123.210000", "SliceThickness": 2.0, "SoftwareVersions": "syngo MR E11", "SpacingBetweenSlices": 2.0, "SpecificCharacterSet": "ISO_IR 100", "StudyID": "1", "StudyTime": "145824.063000", "TransmitCoilName": "Body", "VariableFlipAngleFlag": "N", "WindowCenterWidthExplanation": "Algo1", "dBdt": 0.0}, "slices": {"AcquisitionTime": ["154858.577500", "154858.217500", "154858.587500", "154858.227500", "154858.597500", "154858.237500", "154858.607500", "154858.247500", "154858.617500", "154858.257500", "154858.627500", "154858.267500", "154858.637500", "154858.277500", "154858.647500", "154858.287500", "154858.657500", "154858.297500", "154858.667500", "154858.307500", "154858.677500", "154858.317500", "154858.687500", "154858.327500", "154858.697500", "154858.337500", "154858.707500", "154858.347500", "154858.717500", "154858.357500", "154858.727500", "154858.367500", "154858.737500", "154858.377500", "154858.747500", "154858.387500", "154858.757500", "154858.397500", "154858.767500", "154858.407500", "154858.777500", "154858.417500", "154858.787500", "154858.427500", "154858.797500", "154858.437500", "154858.807500", "154858.447500", "154858.817500", "154858.457500", "154858.827500", "154858.467500", "154858.837500", "154858.477500", "154858.847500", "154858.487500", "154858.857500", "154858.497500", "154858.867500", "154858.507500", "154858.877500", "154858.517500", "154858.887500", "154858.527500", "154858.897500", "154858.537500", "154858.907500", "154858.547500", "154858.917500", "154858.557500", "154858.927500", "154858.567500"], "ContentTime": ["155123.286000", "155123.212000", "155123.288000", "155123.215000", "155123.290000", "155123.218000", "155123.292000", "155123.221000", "155123.294000", "155123.223000", "155123.296000", "155123.225000", "155123.297000", "155123.227000", "155123.299000", "155123.229000", "155123.301000", "155123.231000", "155123.303000", "155123.233000", "155123.305000", "155123.235000", "155123.307000", "155123.237000", "155123.309000", "155123.240000", "155123.311000", "155123.242000", "155123.312000", "155123.244000", "155123.314000", "155123.246000", "155123.316000", "155123.248000", "155123.318000", "155123.250000", "155123.320000", "155123.252000", "155123.322000", "155123.254000", "155123.324000", "155123.256000", "155123.326000", "155123.258000", "155123.327000", "155123.260000", "155123.329000", "155123.262000", "155123.331000", "155123.264000", "155123.333000", "155123.266000", "155123.335000", "155123.267000", "155123.337000", "155123.269000", "155123.339000", "155123.271000", "155123.341000", "155123.273000", "155123.342000", "155123.275000", "155123.344000", "155123.277000", "155123.346000", "155123.279000", "155123.348000", "155123.281000", "155123.350000", "155123.282000", "155123.352000", "155123.284000"], "CsaImage.GSWDDataType": ["measured", "predicted", "measured", "predicted", "measured", "predicted", "measured", "predicted", "measured", "predicted", "measured", "predicted", "measured", "predicted", "measured", "predicted", "measured", "predicted", "measured", "predicted", "measured", "predicted", "measured", "predicted", "measured", "predicted", "measured", "predicted", "measured", "predicted", "measured", "predicted", "measured", "predicted", "measured", "predicted", "measured", "predicted", "measured", "predicted", "measured", "predicted", "measured", "predicted", "measured", "predicted", "measured", "predicted", "measured", "predicted", "measured", "predicted", "measured", "predicted", "measured", "predicted", "measured", "predicted", "measured", "predicted", "measured", "predicted", "measured", "predicted", "measured", "measured", "measured", "measured", "measured", "measured", "measured", "measured"], "CsaImage.ICE_Dims": ["X_2_1_1_1_1_1_37_1_1_1_1_147", "X_2_1_1_1_1_1_1_1_1_2_1_147", "X_2_1_1_1_1_1_38_1_1_3_1_147", "X_2_1_1_1_1_1_2_1_1_4_1_147", "X_2_1_1_1_1_1_39_1_1_5_1_147", "X_2_1_1_1_1_1_3_1_1_6_1_147", "X_2_1_1_1_1_1_40_1_1_7_1_147", "X_2_1_1_1_1_1_4_1_1_8_1_147", "X_2_1_1_1_1_1_41_1_1_9_1_147", "X_2_1_1_1_1_1_5_1_1_10_1_147", "X_2_1_1_1_1_1_42_1_1_11_1_147", "X_2_1_1_1_1_1_6_1_1_12_1_147", "X_2_1_1_1_1_1_43_1_1_13_1_147", "X_2_1_1_1_1_1_7_1_1_14_1_147", "X_2_1_1_1_1_1_44_1_1_15_1_147", "X_2_1_1_1_1_1_8_1_1_16_1_147", "X_2_1_1_1_1_1_45_1_1_17_1_147", "X_2_1_1_1_1_1_9_1_1_18_1_147", "X_2_1_1_1_1_1_46_1_1_19_1_147", "X_2_1_1_1_1_1_10_1_1_20_1_147", "X_2_1_1_1_1_1_47_1_1_21_1_147", "X_2_1_1_1_1_1_11_1_1_22_1_147", "X_2_1_1_1_1_1_48_1_1_23_1_147", "X_2_1_1_1_1_1_12_1_1_24_1_147", "X_2_1_1_1_1_1_49_1_1_25_1_147", "X_2_1_1_1_1_1_13_1_1_26_1_147", "X_2_1_1_1_1_1_50_1_1_27_1_147", "X_2_1_1_1_1_1_14_1_1_28_1_147", "X_2_1_1_1_1_1_51_1_1_29_1_147", "X_2_1_1_1_1_1_15_1_1_30_1_147", "X_2_1_1_1_1_1_52_1_1_31_1_147", "X_2_1_1_1_1_1_16_1_1_32_1_147", "X_2_1_1_1_1_1_53_1_1_33_1_147", "X_2_1_1_1_1_1_17_1_1_34_1_147", "X_2_1_1_1_1_1_54_1_1_35_1_147", "X_2_1_1_1_1_1_18_1_1_36_1_147", "X_2_1_1_1_1_1_55_1_1_37_1_147", "X_2_1_1_1_1_1_19_1_1_38_1_147", "X_2_1_1_1_1_1_56_1_1_39_1_147", "X_2_1_1_1_1_1_20_1_1_40_1_147", "X_2_1_1_1_1_1_57_1_1_41_1_147", "X_2_1_1_1_1_1_21_1_1_42_1_147", "X_2_1_1_1_1_1_58_1_1_43_1_147", "X_2_1_1_1_1_1_22_1_1_44_1_147", "X_2_1_1_1_1_1_59_1_1_45_1_147", "X_2_1_1_1_1_1_23_1_1_46_1_147", "X_2_1_1_1_1_1_60_1_1_47_1_147", "X_2_1_1_1_1_1_24_1_1_48_1_147", "X_2_1_1_1_1_1_61_1_1_49_1_147", "X_2_1_1_1_1_1_25_1_1_50_1_147", "X_2_1_1_1_1_1_62_1_1_51_1_147", "X_2_1_1_1_1_1_26_1_1_52_1_147", "X_2_1_1_1_1_1_63_1_1_53_1_147", "X_2_1_1_1_1_1_27_1_1_54_1_147", "X_2_1_1_1_1_1_64_1_1_55_1_147", "X_2_1_1_1_1_1_28_1_1_56_1_147", "X_2_1_1_1_1_1_65_1_1_57_1_147", "X_2_1_1_1_1_1_29_1_1_58_1_147", "X_2_1_1_1_1_1_66_1_1_59_1_147", "X_2_1_1_1_1_1_30_1_1_60_1_147", "X_2_1_1_1_1_1_67_1_1_61_1_147", "X_2_1_1_1_1_1_31_1_1_62_1_147", "X_2_1_1_1_1_1_68_1_1_63_1_147", "X_2_1_1_1_1_1_32_1_1_64_1_147", "X_2_1_1_1_1_1_69_1_1_65_1_147", "X_2_1_1_1_1_1_33_1_1_66_1_147", "X_2_1_1_1_1_1_70_1_1_67_1_147", "X_2_1_1_1_1_1_34_1_1_68_1_147", "X_2_1_1_1_1_1_71_1_1_69_1_147", "X_2_1_1_1_1_1_35_1_1_70_1_147", "X_2_1_1_1_1_1_72_1_1_71_1_147", "X_2_1_1_1_1_1_36_1_1_72_1_147"], "CsaImage.ProtocolSliceNumber": [0, 1, 2, 3, 4, 5, 6, 7, 8, 9, 10, 11, 12, 13, 14, 15, 16, 17, 18, 19, 20, 21, 22, 23, 24, 25, 26, 27, 28, 29, 30, 31, 32, 33, 34, 35, 36, 37, 38, 39, 40, 41, 42, 43, 44, 45, 46, 47, 48, 49, 50, 51, 52, 53, 54, 55, 56, 57, 58, 59, 60, 61, 62, 63, 64, 65, 66, 67, 68, 69, 70, 71], "CsaImage.RFSWDDataType": ["measured", "predicted", "measured", "predicted", "measured", "predicted", "measured", "predicted", "measured", "predicted", "measured", "predicted", "measured", "predicted", "measured", "predicted", "measured", "predicted", "measured", "predicted", "measured", "predicted", "measured", "predicted", "measured", "predicted", "measured", "predicted", "measured", "predicted", "measured", "predicted", "measured", "predicted", "measured", "predicted", "measured", "predicted", "measured", "predicted", "measured", "predicted", "measured", "predicted", "measured", "predicted", "measured", "predicted", "measured", "predicted", "measured", "predicted", "measured", "predicted", "measured", "predicted", "measured", "predicted", "measured", "predicted", "measured", "measured", "measured", "measured", "measured", "measured", "measured", "measured", "measured", "measured", "measured", "measured"], "CsaImage.SlicePosition_PCS": [[-100.67469877, -113.54693588, -43.48334871], [-100.67469877, -113.05293831, -41.54531465], [-100.67469877, -112.55894073, -39.60728822], [-100.67469877, -112.06494221, -37.66925416], [-100.67469877, -111.57094463, -35.73122011], [-100.67469877, -111.0769461, -33.79318986], [-100.67469877, -110.58294853, -31.85515962], [-100.67469877, -110.08895096, -29.91712938], [-100.67469877, -109.59495243, -27.97909532], [-100.67469877, -109.10095485, -26.04106508], [-100.67469877, -108.60695633, -24.10303483], [-100.67469877, -108.11295875, -22.16500078], [-100.67469877, -107.61896023, -20.22697053], [-100.67469877, -107.12496265, -18.28894029], [-100.67469877, -106.63096412, -16.35090623], [-100.67469877, -106.13696655, -14.41287599], [-100.67469877, -105.64296802, -12.47484575], [-100.67469877, -105.14897045, -10.53681169], [-100.67469877, -104.6549724, -8.59878145], [-100.67469877, -104.16097435, -6.6607493], [-100.67469877, -103.6669763, -4.72271905], [-100.67469877, -103.17297825, -2.7846869], [-100.67469877, -102.6789802, -0.84665475], [-100.67469877, -102.18498215, 1.09137549], [-100.67469877, -101.69098409, 3.02940764], [-100.67469877, -101.19698604, 4.96743788], [-100.67469877, -100.70298799, 6.90547003], [-100.67469877, -100.20898994, 8.84350218], [-100.67469877, -99.71499189, 10.78153338], [-100.67469877, -99.22099384, 12.71956458], [-100.67469877, -98.72699591, 14.65759577], [-100.67469877, -98.23299786, 16.59562792], [-100.67469877, -97.73899987, 18.53365912], [-100.67469877, -97.24500182, 20.47169032], [-100.67469877, -96.7510038, 22.40972199], [-100.67469877, -96.25700578, 24.34775346], [-100.67469877, -95.76300772, 26.28578498], [-100.67469877, -95.26900967, 28.2238163], [-100.67469877, -94.77501162, 30.16184773], [-100.67469877, -94.28101357, 32.0998794], [-100.67469877, -93.78701576, 34.0379106], [-100.67469877, -93.29301771, 35.9759418], [-100.67469877, -92.79901966, 37.91397395], [-100.67469877, -92.30502161, 39.85200514], [-100.67469877, -91.81102356, 41.7900373], [-100.67469877, -91.31702551, 43.72806754], [-100.67469877, -90.82302746, 45.66609969], [-100.67469877, -90.32902941, 47.60413184], [-100.67469877, -89.83503135, 49.54216208], [-100.67469877, -89.3410333, 51.48019423], [-100.67469877, -88.84703525, 53.41822447], [-100.67469877, -88.35303768, 55.35625662], [-100.67469877, -87.85903915, 57.29428878], [-100.67469877, -87.36504158, 59.23231902], [-100.67469877, -86.87104305, 61.17035308], [-100.67469877, -86.37704548, 63.10838332], [-100.67469877, -85.88304695, 65.04641356], [-100.67469877, -85.38904938, 66.9844438], [-100.67469877, -84.89505085, 68.92247786], [-100.67469877, -84.40105327, 70.86050811], [-100.67469877, -83.90705475, 72.79853835], [-100.67469877, -83.41305717, 74.73657241], [-100.67469877, -82.91905864, 76.67460265], [-100.67469877, -82.42506107, 78.61263289], [-100.67469877, -81.9310635, 80.55066695], [-100.67469877, -81.43706497, 82.48869719], [-100.67469877, -80.9430674, 84.42672743], [-100.67469877, -80.44906982, 86.36476149], [-100.67469877, -79.95507034, 88.30279174], [-100.67469877, -79.46107277, 90.24082579], [-100.67469877, -78.96707519, 92.17885222], [-100.67469877, -78.47307762, 94.11688628]], "CsaImage.TimeAfterStart": [1.0825, 0.7225, 1.0925, 0.7325, 1.1025, 0.7425, 1.1125, 0.7525, 1.1225, 0.7625, 1.1325, 0.7725, 1.1425, 0.7825, 1.1525, 0.7925, 1.1625, 0.8025, 1.1725, 0.8125, 1.1825, 0.8225, 1.1925, 0.8325, 1.2025, 0.8425, 1.2125, 0.8525, 1.2225, 0.8625, 1.2325, 0.8725, 1.2425, 0.8825, 1.2525, 0.8925, 1.2625, 0.9025, 1.2725, 0.9125, 1.2825, 0.9225, 1.2925, 0.9325, 1.3025, 0.9425, 1.3125, 0.9525, 1.3225, 0.9625, 1.3325, 0.9725, 1.3425, 0.9825, 1.3525, 0.9925, 1.3625, 1.0025, 1.3725, 1.0125, 1.3825, 1.0225, 1.3925, 1.0325, 1.4025, 1.0425, 1.4125, 1.0525, 1.4225, 1.0625, 1.4325, 1.0725], "ImagePositionPatient": [[-100.67469877005, -113.54693588038, -43.483348706506], [-100.67469877005, -113.05293830653, -41.545314648889], [-100.67469877005, -112.55894073267, -39.607288220666], [-100.67469877005, -112.06494220515, -37.669254163049], [-100.67469877005, -111.57094463129, -35.731220105432], [-100.67469877005, -111.07694610377, -33.793189862512], [-100.67469877005, -110.58294852992, -31.855159619592], [-100.67469877005, -110.08895095606, -29.917129376672], [-100.67469877005, -109.59495242854, -27.979095319055], [-100.67469877005, -109.10095485468, -26.041065076135], [-100.67469877005, -108.60695632716, -24.103034833215], [-100.67469877005, -108.1129587533, -22.165000775598], [-100.67469877005, -107.61896022578, -20.226970532678], [-100.67469877005, -107.12496265192, -18.288940289758], [-100.67469877005, -106.6309641244, -16.350906232141], [-100.67469877005, -106.13696655054, -14.412875989221], [-100.67469877005, -105.64296802302, -12.474845746301], [-100.67469877005, -105.14897044917, -10.536811688684], [-100.67469877005, -104.65497239848, -8.5987814457639], [-100.67469877005, -104.16097434779, -6.6607492954954], [-100.67469877005, -103.6669762971, -4.7227190525754], [-100.67469877005, -103.17297824641, -2.7846869023069], [-100.67469877005, -102.67898019572, -0.8466547520383], [-100.67469877005, -102.18498214503, 1.0913754908816], [-100.67469877005, -101.69098409434, 3.0294076411502], [-100.67469877005, -101.19698604365, 4.9674378840701], [-100.67469877005, -100.70298799296, 6.9054700343386], [-100.67469877005, -100.20898994227, 8.8435021846072], [-100.67469877005, -99.714991891579, 10.781533381201], [-100.67469877005, -99.220993840889, 12.719564577796], [-100.67469877005, -98.726995909409, 14.65759577439], [-100.67469877005, -98.232997858719, 16.595627924658], [-100.67469877005, -97.738999867634, 18.533659121253], [-100.67469877005, -97.245001816944, 20.471690317847], [-100.67469877005, -96.751003796057, 22.409721991278], [-100.67469877005, -96.25700577517, 24.347753456093], [-100.67469877005, -95.76300772448, 26.285784980513], [-100.67469877005, -95.26900967379, 28.223816296317], [-100.67469877005, -94.7750116231, 30.16184773133], [-100.67469877005, -94.281013572411, 32.099879404761], [-100.67469877005, -93.78701576014, 34.037910601355], [-100.67469877005, -93.29301770945, 35.975941797949], [-100.67469877005, -92.79901965876, 37.913973948218], [-100.67469877005, -92.305021608071, 39.852005144812], [-100.67469877005, -91.811023557381, 41.790037295081], [-100.67469877005, -91.317025506691, 43.728067538001], [-100.67469877005, -90.823027456001, 45.666099688269], [-100.67469877005, -90.329029405312, 47.604131838538], [-100.67469877005, -89.835031354622, 49.542162081458], [-100.67469877005, -89.341033303932, 51.480194231726], [-100.67469877005, -88.847035253243, 53.418224474646], [-100.67469877005, -88.35303767939, 55.356256624915], [-100.67469877005, -87.859039151863, 57.294288775183], [-100.67469877005, -87.365041578011, 59.232319018103], [-100.67469877005, -86.871043050484, 61.17035307572], [-100.67469877005, -86.377045476631, 63.10838331864], [-100.67469877005, -85.883046949104, 65.04641356156], [-100.67469877005, -85.389049375252, 66.98444380448], [-100.67469877005, -84.895050847725, 68.922477862097], [-100.67469877005, -84.401053273873, 70.860508105017], [-100.67469877005, -83.907054746346, 72.798538347937], [-100.67469877005, -83.413057172493, 74.736572405554], [-100.67469877005, -82.919058644966, 76.674602648474], [-100.67469877005, -82.425061071114, 78.612632891394], [-100.67469877005, -81.931063497261, 80.550666949011], [-100.67469877005, -81.437064969734, 82.488697191931], [-100.67469877005, -80.943067395882, 84.426727434851], [-100.67469877005, -80.449069822029, 86.364761492469], [-100.67469877005, -79.955070340828, 88.302791735388], [-100.67469877005, -79.461072766976, 90.240825793006], [-100.67469877005, -78.967075193123, 92.178852221228], [-100.67469877005, -78.473077619271, 94.116886278845]], "InstanceCreationTime": ["155123.286000", "155123.212000", "155123.288000", "155123.215000", "155123.290000", "155123.218000", "155123.292000", "155123.221000", "155123.294000", "155123.223000", "155123.296000", "155123.225000", "155123.297000", "155123.227000", "155123.299000", "155123.229000", "155123.301000", "155123.231000", "155123.303000", "155123.233000", "155123.305000", "155123.235000", "155123.307000", "155123.237000", "155123.309000", "155123.240000", "155123.311000", "155123.242000", "155123.312000", "155123.244000", "155123.314000", "155123.246000", "155123.316000", "155123.248000", "155123.318000", "155123.250000", "155123.320000", "155123.252000", "155123.322000", "155123.254000", "155123.324000", "155123.256000", "155123.326000", "155123.258000", "155123.327000", "155123.260000", "155123.329000", "155123.262000", "155123.331000", "155123.264000", "155123.333000", "155123.266000", "155123.335000", "155123.267000", "155123.337000", "155123.269000", "155123.339000", "155123.271000", "155123.341000", "155123.273000", "155123.342000", "155123.275000", "155123.344000", "155123.277000", "155123.346000", "155123.279000", "155123.348000", "155123.281000", "155123.350000", "155123.282000", "155123.352000", "155123.284000"], "InstanceNumber": [1, 2, 3, 4, 5, 6, 7, 8, 9, 10, 11, 12, 13, 14, 15, 16, 17, 18, 19, 20, 21, 22, 23, 24, 25, 26, 27, 28, 29, 30, 31, 32, 33, 34, 35, 36, 37, 38, 39, 40, 41, 42, 43, 44, 45, 46, 47, 48, 49, 50, 51, 52, 53, 54, 55, 56, 57, 58, 59, 60, 61, 62, 63, 64, 65, 66, 67, 68, 69, 70, 71, 72], "LargestImagePixelValue": [4095, 4095, 4095, 4094, 4095, 4090, 4095, 4094, 4095, 4094, 4091, 4095, 4094, 4094, 4093, 4095, 4094, 4092, 4095, 4091, 4094, 4088, 4091, 4095, 4094, 4094, 4092, 4091, 4090, 4092, 4090, 4094, 4091, 4094, 4089, 4093, 4094, 4091, 4095, 4092, 4087, 4094, 4092, 4095, 4089, 4093, 4093, 4093, 4095, 4094, 4095, 4095, 4086, 4089, 4095, 4095, 4094, 4093, 4095, 4094, 4093, 4095, 4094, 4093, 4093, 4094, 4094, 4095, 4094, 4095, 4095, 4095], "SliceLocation": [-70.182030470513, -68.182028067651, -66.182033057792, -64.182030419373, -62.182028016511, -60.182029074593, -58.182030368233, -56.182031661872, -54.182029023453, -52.182030317092, -50.182031375175, -48.182028972313, -46.182030030395, -44.182031324035, -42.182028685616, -40.182029979255, -38.182031037338, -36.182028634475, -34.182029810336, -32.182029137946, -30.182030313807, -28.182029641418, -26.182028969028, -24.182030144889, -22.182029472499, -20.18203064836, -18.18202997597, -16.18202930358, -14.182029555316, -12.182029807051, -10.182030088232, -8.1820294158418, -6.1820296822997, -4.1820299340353, -2.1820297310693, -0.1820297302558, 1.8179703356768, 3.8179701994569, 5.8179701787526, 7.8179703890797, 9.817970078455, 11.817969826719, 13.817970499109, 15.817970247374, 17.817970919763, 19.817969743902, 21.817970416292, 23.817971088682, 25.817969912821, 27.817970585211, 29.81796940935, 31.817969963961, 33.81797075413, 35.81796946049, 37.817972098909, 39.81797080527, 41.817969747187, 43.817968453548, 45.817971091967, 47.817969798328, 49.817968740245, 51.817971143107, 53.817970085025, 55.817968791385, 57.817971194248, 59.817970136165, 61.817968842526, 63.817971245388, 65.817970422862, 67.817972825724, 69.817967835583, 71.817970238446], "SmallestImagePixelValue": [4, 0, 0, 0, 0, 0, 3, 0, 0, 0, 2, 0, 1, 5, 3, 1, 1, 0, 0, 4, 0, 1, 2, 1, 0, 6, 9, 0, 0, 5, 1, 0, 3, 0, 9, 0, 3, 16, 12, 5, 9, 0, 3, 0, 0, 2, 1, 4, 1, 0, 10, 0, 0, 0, 1, 0, 0, 0, 0, 2, 0, 1, 0, 0, 0, 0, 1, 0, 0, 0, 0, 0], "WindowCenter": [-210.0, -206.0, -202.0, -194.0, -182.0, -218.0, -144.0, -228.0, -180.0, -272.0, -256.0, -310.0, -288.0, -294.0, -272.0, -250.0, -200.0, -210.0, -190.0, -194.0, -178.0, -150.0, -148.0, -134.0, -112.0, -70.0, -64.0, -50.0, -86.0, -198.0, -84.0, -216.0, -202.0, -210.0, -196.0, -184.0, -166.0, -50.0, -150.0, -136.0, -142.0, -14.0, -118.0, 0.0, -136.0, -142.0, 0.0, -8.0, -170.0, -22.0, -46.0, -44.0, -32.0, -32.0, -22.0, -46.0, -44.0, -66.0, -100.0, -124.0, -136.0, -66.0, -94.0, -146.0, -152.0, -160.0, -216.0, -216.0, -292.0, -348.0, -332.0, -316.0], "WindowWidth": [5944.0, 6020.0, 5998.0, 6026.0, 6040.0, 6030.0, 6130.0, 6066.0, 6146.0, 6062.0, 6034.0, 5984.0, 6050.0, 5952.0, 5984.0, 5876.0, 5792.0, 5684.0, 5664.0, 5500.0, 5466.0, 5534.0, 5490.0, 5452.0, 5344.0, 5396.0, 5286.0, 5308.0, 5056.0, 4566.0, 5034.0, 4570.0, 4566.0, 4570.0, 4566.0, 4554.0, 4548.0, 4984.0, 4536.0, 4530.0, 4534.0, 5008.0, 4522.0, 5068.0, 4546.0, 4554.0, 5258.0, 5276.0, 4586.0, 5390.0, 5306.0, 5374.0, 5526.0, 5568.0, 5602.0, 5660.0, 5746.0, 5764.0, 5814.0, 5838.0, 5884.0, 5954.0, 6000.0, 6028.0, 6076.0, 6090.0, 6170.0, 6160.0, 6236.0, 6212.0, 6216.0, 6228.0]}}, "IntendedFor": ["ses-imagenet03/func/sub-03_ses-imagenet03_task-imagenet_run-10_bold.nii.gz", "ses-imagenet03/func/sub-03_ses-imagenet03_task-imagenet_run-02_bold.nii.gz", "ses-imagenet03/func/sub-03_ses-imagenet03_task-imagenet_run-04_bold.nii.gz", "ses-imagenet03/func/sub-03_ses-imagenet03_task-imagenet_run-09_bold.nii.gz", "ses-imagenet03/func/sub-03_ses-imagenet03_task-imagenet_run-06_bold.nii.gz", "ses-imagenet03/func/sub-03_ses-imagenet03_task-imagenet_run-05_bold.nii.gz", "ses-imagenet03/func/sub-03_ses-imagenet03_task-imagenet_run-07_bold.nii.gz", "ses-imagenet03/func/sub-03_ses-imagenet03_task-imagenet_run-08_bold.nii.gz", "ses-imagenet03/func/sub-03_ses-imagenet03_task-imagenet_run-01_bold.nii.gz", "ses-imagenet03/func/sub-03_ses-imagenet03_task-imagenet_run-03_bold.nii.gz"]}