{"AcquisitionMatrixPE": 100, "AcquisitionNumber": 1, "AcquisitionTime": "13:53:1.620000", "BaseResolution": 100, "BodyPartExamined": "BRAIN", "ConsistencyInfo": "N4_VE11C_LATEST_20160120", "ConversionSoftware": "dcm2niix", "ConversionSoftwareVersion": "v1.0.20180622 GCC4.9.2", "DeviceSerialNumber": "166078", "DwellTime": 8.8e-06, "EchoNumber": 2, "EchoTime": 0.00738, "EchoTime1": 0.00492, "EchoTime2": 0.00738, "FlipAngle": 60, "ImageOrientationPatientDICOM": [0.999354, 0.0153283, 0.0325131, -0.0104656, 0.989409, -0.144776], "ImageType": ["ORIGINAL", "PRIMARY", "P", "ND"], "InPlanePhaseEncodingDirectionDICOM": "ROW", "InstitutionAddress": "Street_StreetNo_Bei_Jing_District_CN_ZIP", "InstitutionName": "BeiJing_Normal_University", "InstitutionalDepartmentName": "Department", "MRAcquisitionType": "2D", "MagneticFieldStrength": 3, "Manufacturer": "Siemens", "ManufacturersModelName": "Prisma", "Modality": "MR", "PartialFourier": 1, "PatientPosition": "HFS", "PercentPhaseFOV": 100, "PhaseEncodingDirection": "i", "PhaseEncodingSteps": 100, "PhaseResolution": 1, "PixelBandwidth": 570, "ProcedureStepDescription": "BNU_P2018_64CH_Zhen.ZongLei", "ProtocolName": "field_mapping_2x2x2", "PulseSequenceDetails": "%SiemensSeq%_gre_field_mapping", "ReceiveCoilActiveElements": "HC1-7;NC1", "ReceiveCoilName": "HeadNeck_64", "ReconMatrixPE": 100, "RepetitionTime": 0.72, "SAR": 0.109655, "ScanningSequence": "GR", "SequenceName": "_fm2d2r", "SequenceVariant": "SP", "SeriesDescription": "field_mapping_2x2x2", "SeriesNumber": 9, "ShimSetting": [-5453, -11492, -1261, 271, -19, -147, -206, 46], "SliceThickness": 2, "SoftwareVersions": "syngo_MR_E11", "SpacingBetweenSlices": 2, "StationName": "AWP166078", "TxRefAmp": 217.351, "dcmmeta_affine": [[-1.9987075328826904, -0.02093118242919445, 0.06877589225769043, 99.7071533203125], [-0.03065655380487442, 1.9788181781768799, -0.2886843681335449, -80.11170196533203], [0.06502611935138702, 0.28955191373825073, 1.9778633117675781, -97.139404296875], [0.0, 0.0, 0.0, 1.0]], "dcmmeta_reorient_transform": [[0.0, -1.0, 0.0, 99.0], [1.0, 0.0, 0.0, 0.0], [0.0, 0.0, -1.0, 71.0], [0.0, 0.0, 0.0, 1.0]], "dcmmeta_shape": [100, 100, 72], "dcmmeta_slice_dim": 2, "dcmmeta_version": 0.6, "global": {"const": {"AcquisitionMatrix": [0, 100, 100, 0], "AcquisitionNumber": 1, "AngioFlag": "N", "BitsAllocated": 16, "BitsStored": 12, "BodyPartExamined": "BRAIN", "Columns": 100, "EchoNumbers": 2, "EchoTime": 7.38, "EchoTrainLength": 0, "FlipAngle": 60.0, "HighBit": 11, "ImageOrientationPatient": [0.9993537636429, 0.01532827733433, 0.03251305901844, -0.0104655913512, 0.98940911361851, -0.144775955484], "ImageType": ["ORIGINAL", "PRIMARY", "P", "ND"], "ImagedNucleus": "1H", "ImagingFrequency": 123.257773, "InPlanePhaseEncodingDirection": "ROW", "MRAcquisitionType": "2D", "MagneticFieldStrength": 3.0, "Manufacturer": "SIEMENS", "ManufacturerModelName": "Prisma", "Modality": "MR", "NumberOfAverages": 1.0, "NumberOfPhaseEncodingSteps": 100, "PercentPhaseFieldOfView": 100.0, "PercentSampling": 100.0, "PerformedProcedureStepStartTime": "130045.791000", "PhotometricInterpretation": "MONOCHROME2", "PixelBandwidth": 570.0, "PixelRepresentation": 0, "PixelSpacing": [2.0, 2.0], "ProtocolName": "field_mapping_2x2x2", "RepetitionTime": 720.0, "RescaleIntercept": -4096.0, "RescaleSlope": 2.0, "RescaleType": "US", "Rows": 100, "SAR": 0.10965502875106, "SamplesPerPixel": 1, "ScanningSequence": "GR", "SequenceName": "*fm2d2r", "SequenceVariant": "SP", "SeriesDescription": "field_mapping_2x2x2", "SeriesNumber": 9, "SeriesTime": "135526.430000", "SliceThickness": 2.0, "SoftwareVersions": "syngo MR E11", "SpacingBetweenSlices": 2.0, "SpecificCharacterSet": "ISO_IR 100", "StudyID": "1", "StudyTime": "130045.697000", "TransmitCoilName": "Body", "VariableFlipAngleFlag": "N", "WindowCenterWidthExplanation": "Algo1", "dBdt": 0.0}, "slices": {"AcquisitionTime": ["135301.620000", "135301.260000", "135301.630000", "135301.270000", "135301.640000", "135301.280000", "135301.650000", "135301.290000", "135301.660000", "135301.300000", "135301.670000", "135301.310000", "135301.680000", "135301.320000", "135301.690000", "135301.330000", "135301.700000", "135301.340000", "135301.710000", "135301.350000", "135301.720000", "135301.360000", "135301.730000", "135301.370000", "135301.740000", "135301.380000", "135301.750000", "135301.390000", "135301.760000", "135301.400000", "135301.770000", "135301.410000", "135301.780000", "135301.420000", "135301.790000", "135301.430000", "135301.800000", "135301.440000", "135301.810000", "135301.450000", "135301.820000", "135301.460000", "135301.830000", "135301.470000", "135301.840000", "135301.480000", "135301.850000", "135301.490000", "135301.860000", "135301.500000", "135301.870000", "135301.510000", "135301.880000", "135301.520000", "135301.890000", "135301.530000", "135301.900000", "135301.540000", "135301.910000", "135301.550000", "135301.920000", "135301.560000", "135301.930000", "135301.570000", "135301.940000", "135301.580000", "135301.950000", "135301.590000", "135301.960000", "135301.600000", "135301.970000", "135301.610000"], "ContentTime": ["135526.499000", "135526.431000", "135526.501000", "135526.434000", "135526.503000", "135526.436000", "135526.505000", "135526.438000", "135526.506000", "135526.439000", "135526.508000", "135526.441000", "135526.510000", "135526.443000", "135526.512000", "135526.445000", "135526.514000", "135526.447000", "135526.515000", "135526.449000", "135526.517000", "135526.451000", "135526.519000", "135526.453000", "135526.521000", "135526.455000", "135526.523000", "135526.457000", "135526.524000", "135526.459000", "135526.526000", "135526.461000", "135526.528000", "135526.462000", "135526.530000", "135526.464000", "135526.532000", "135526.466000", "135526.534000", "135526.468000", "135526.535000", "135526.470000", "135526.537000", "135526.471000", "135526.539000", "135526.473000", "135526.541000", "135526.475000", "135526.543000", "135526.477000", "135526.545000", "135526.479000", "135526.547000", "135526.481000", "135526.548000", "135526.483000", "135526.550000", "135526.484000", "135526.552000", "135526.486000", "135526.554000", "135526.488000", "135526.556000", "135526.490000", "135526.558000", "135526.492000", "135526.559000", "135526.494000", "135526.561000", "135526.495000", "135526.563000", "135526.497000"], "CsaImage.GSWDDataType": ["measured", "predicted", "measured", "predicted", "measured", "predicted", "measured", "predicted", "measured", "predicted", "measured", "predicted", "measured", "predicted", "measured", "predicted", "measured", "predicted", "measured", "predicted", "measured", "predicted", "measured", "predicted", "measured", "predicted", "measured", "predicted", "measured", "predicted", "measured", "predicted", "measured", "predicted", "measured", "predicted", "measured", "predicted", "measured", "predicted", "measured", "predicted", "measured", "predicted", "measured", "predicted", "measured", "predicted", "measured", "predicted", "measured", "predicted", "measured", "predicted", "measured", "predicted", "measured", "predicted", "measured", "predicted", "measured", "predicted", "measured", "predicted", "measured", "predicted", "measured", "measured", "measured", "measured", "measured", "measured"], "CsaImage.ICE_Dims": ["X_2_1_1_1_1_1_37_1_1_1_1_117", "X_2_1_1_1_1_1_1_1_1_2_1_117", "X_2_1_1_1_1_1_38_1_1_3_1_117", "X_2_1_1_1_1_1_2_1_1_4_1_117", "X_2_1_1_1_1_1_39_1_1_5_1_117", "X_2_1_1_1_1_1_3_1_1_6_1_117", "X_2_1_1_1_1_1_40_1_1_7_1_117", "X_2_1_1_1_1_1_4_1_1_8_1_117", "X_2_1_1_1_1_1_41_1_1_9_1_117", "X_2_1_1_1_1_1_5_1_1_10_1_117", "X_2_1_1_1_1_1_42_1_1_11_1_117", "X_2_1_1_1_1_1_6_1_1_12_1_117", "X_2_1_1_1_1_1_43_1_1_13_1_117", "X_2_1_1_1_1_1_7_1_1_14_1_117", "X_2_1_1_1_1_1_44_1_1_15_1_117", "X_2_1_1_1_1_1_8_1_1_16_1_117", "X_2_1_1_1_1_1_45_1_1_17_1_117", "X_2_1_1_1_1_1_9_1_1_18_1_117", "X_2_1_1_1_1_1_46_1_1_19_1_117", "X_2_1_1_1_1_1_10_1_1_20_1_117", "X_2_1_1_1_1_1_47_1_1_21_1_117", "X_2_1_1_1_1_1_11_1_1_22_1_117", "X_2_1_1_1_1_1_48_1_1_23_1_117", "X_2_1_1_1_1_1_12_1_1_24_1_117", "X_2_1_1_1_1_1_49_1_1_25_1_117", "X_2_1_1_1_1_1_13_1_1_26_1_117", "X_2_1_1_1_1_1_50_1_1_27_1_117", "X_2_1_1_1_1_1_14_1_1_28_1_117", "X_2_1_1_1_1_1_51_1_1_29_1_117", "X_2_1_1_1_1_1_15_1_1_30_1_117", "X_2_1_1_1_1_1_52_1_1_31_1_117", "X_2_1_1_1_1_1_16_1_1_32_1_117", "X_2_1_1_1_1_1_53_1_1_33_1_117", "X_2_1_1_1_1_1_17_1_1_34_1_117", "X_2_1_1_1_1_1_54_1_1_35_1_117", "X_2_1_1_1_1_1_18_1_1_36_1_117", "X_2_1_1_1_1_1_55_1_1_37_1_117", "X_2_1_1_1_1_1_19_1_1_38_1_117", "X_2_1_1_1_1_1_56_1_1_39_1_117", "X_2_1_1_1_1_1_20_1_1_40_1_117", "X_2_1_1_1_1_1_57_1_1_41_1_117", "X_2_1_1_1_1_1_21_1_1_42_1_117", "X_2_1_1_1_1_1_58_1_1_43_1_117", "X_2_1_1_1_1_1_22_1_1_44_1_117", "X_2_1_1_1_1_1_59_1_1_45_1_117", "X_2_1_1_1_1_1_23_1_1_46_1_117", "X_2_1_1_1_1_1_60_1_1_47_1_117", "X_2_1_1_1_1_1_24_1_1_48_1_117", "X_2_1_1_1_1_1_61_1_1_49_1_117", "X_2_1_1_1_1_1_25_1_1_50_1_117", "X_2_1_1_1_1_1_62_1_1_51_1_117", "X_2_1_1_1_1_1_26_1_1_52_1_117", "X_2_1_1_1_1_1_63_1_1_53_1_117", "X_2_1_1_1_1_1_27_1_1_54_1_117", "X_2_1_1_1_1_1_64_1_1_55_1_117", "X_2_1_1_1_1_1_28_1_1_56_1_117", "X_2_1_1_1_1_1_65_1_1_57_1_117", "X_2_1_1_1_1_1_29_1_1_58_1_117", "X_2_1_1_1_1_1_66_1_1_59_1_117", "X_2_1_1_1_1_1_30_1_1_60_1_117", "X_2_1_1_1_1_1_67_1_1_61_1_117", "X_2_1_1_1_1_1_31_1_1_62_1_117", "X_2_1_1_1_1_1_68_1_1_63_1_117", "X_2_1_1_1_1_1_32_1_1_64_1_117", "X_2_1_1_1_1_1_69_1_1_65_1_117", "X_2_1_1_1_1_1_33_1_1_66_1_117", "X_2_1_1_1_1_1_70_1_1_67_1_117", "X_2_1_1_1_1_1_34_1_1_68_1_117", "X_2_1_1_1_1_1_71_1_1_69_1_117", "X_2_1_1_1_1_1_35_1_1_70_1_117", "X_2_1_1_1_1_1_72_1_1_71_1_117", "X_2_1_1_1_1_1_36_1_1_72_1_117"], "CsaImage.ProtocolSliceNumber": [0, 1, 2, 3, 4, 5, 6, 7, 8, 9, 10, 11, 12, 13, 14, 15, 16, 17, 18, 19, 20, 21, 22, 23, 24, 25, 26, 27, 28, 29, 30, 31, 32, 33, 34, 35, 36, 37, 38, 39, 40, 41, 42, 43, 44, 45, 46, 47, 48, 49, 50, 51, 52, 53, 54, 55, 56, 57, 58, 59, 60, 61, 62, 63, 64, 65, 66, 67, 68, 69, 70, 71], "CsaImage.RFSWDDataType": ["measured", "predicted", "measured", "predicted", "measured", "predicted", "measured", "predicted", "measured", "predicted", "measured", "predicted", "measured", "predicted", "measured", "predicted", "measured", "predicted", "measured", "predicted", "measured", "predicted", "measured", "predicted", "measured", "predicted", "measured", "predicted", "measured", "predicted", "measured", "predicted", "measured", "predicted", "measured", "predicted", "measured", "predicted", "measured", "predicted", "measured", "predicted", "measured", "predicted", "measured", "predicted", "measured", "predicted", "measured", "predicted", "measured", "predicted", "measured", "predicted", "measured", "predicted", "measured", "predicted", "measured", "predicted", "measured", "predicted", "measured", "predicted", "measured", "measured", "measured", "measured", "measured", "measured", "measured", "measured"], "CsaImage.SlicePosition_PCS": [[-97.63497166, -115.79129166, -68.47354708], [-97.70374743, -115.50260777, -66.49568759], [-97.7725232, -115.21392293, -64.51782809], [-97.84129898, -114.92523903, -62.53996859], [-97.91007481, -114.63655514, -60.5621091], [-97.97885052, -114.3478703, -58.5842496], [-98.04762629, -114.05918641, -56.6063901], [-98.11640207, -113.77050156, -54.6285306], [-98.18517784, -113.48181767, -52.65066729], [-98.25395361, -113.19313378, -50.6728078], [-98.32272939, -112.90444893, -48.6949483], [-98.39150516, -112.61576504, -46.7170888], [-98.46028093, -112.3270802, -44.73922549], [-98.52905668, -112.03839631, -42.76136599], [-98.59783245, -111.74971242, -40.7835065], [-98.66660822, -111.46102757, -38.805647], [-98.735384, -111.17234368, -36.8277875], [-98.80415975, -110.88365979, -34.84992419], [-98.87293553, -110.59497494, -32.87206469], [-98.94171129, -110.30629105, -30.8942052], [-99.01048706, -110.01760621, -28.9163457], [-99.07926283, -109.72892232, -26.9384862], [-99.1480386, -109.44023842, -24.96062289], [-99.21681435, -109.15155358, -22.98276339], [-99.28559012, -108.86286969, -21.0049039], [-99.35436589, -108.57418484, -19.0270444], [-99.42314164, -108.28550095, -17.04918299], [-99.49191741, -107.99681658, -15.0713235], [-99.56069318, -107.70813269, -13.09346209], [-99.62946896, -107.41944832, -11.1156026], [-99.69824473, -107.13076396, -9.1377431], [-99.7670205, -106.84207959, -7.15988169], [-99.83579628, -106.55339522, -5.1820222], [-99.90457205, -106.26471133, -3.20416175], [-99.97334782, -105.97602696, -1.2263013], [-100.04212359, -105.68734259, 0.75155915], [-100.11089937, -105.39865822, 2.72941961], [-100.17967514, -105.10997433, 4.70727958], [-100.24845091, -104.82128996, 6.68514003], [-100.31722669, -104.5326056, 8.66300048], [-100.38600246, -104.24392147, 10.64086063], [-100.45477823, -103.9552371, 12.61872091], [-100.52355389, -103.66655297, 14.59658112], [-100.59232966, -103.3778686, 16.57444133], [-100.66110543, -103.08918423, 18.55230178], [-100.72988121, -102.8005001, 20.53016176], [-100.79865698, -102.51181573, 22.50802221], [-100.86743275, -102.2231316, 24.48588266], [-100.93620864, -101.93444736, 26.46374311], [-101.0049843, -101.64576299, 28.4416026], [-101.07376019, -101.3570788, 30.41946401], [-101.14253584, -101.06839455, 32.39732351], [-101.2113115, -100.77971027, 34.37518491], [-101.28008739, -100.491026, 36.35304441], [-101.34886304, -100.20234174, 38.3309039], [-101.41763894, -99.91365749, 40.30876531], [-101.48641459, -99.62497325, 42.28662481], [-101.55519048, -99.336289, 44.26448621], [-101.62396614, -99.04760475, 46.24234571], [-101.69274203, -98.7589205, 48.2202052], [-101.76151768, -98.47023625, 50.1980647], [-101.83029357, -98.18155188, 52.17592801], [-101.89906923, -97.89286775, 54.15378751], [-101.96784512, -97.60418338, 56.13164701], [-102.03662077, -97.31549925, 58.1095065], [-102.10539667, -97.02681489, 60.087366], [-102.17417232, -96.73813052, 62.06522931], [-102.24294821, -96.44944615, 64.04308881], [-102.31172387, -96.16076226, 66.02094831], [-102.38049976, -95.87207789, 67.9988078], [-102.44927541, -95.58339352, 69.9766673], [-102.5180513, -95.29470915, 71.95453061]], "CsaImage.TimeAfterStart": [1.0825, 0.7225, 1.0925, 0.7325, 1.1025, 0.7425, 1.1125, 0.7525, 1.1225, 0.7625, 1.1325, 0.7725, 1.1425, 0.7825, 1.1525, 0.7925, 1.1625, 0.8025, 1.1725, 0.8125, 1.1825, 0.8225, 1.1925, 0.8325, 1.2025, 0.8425, 1.2125, 0.8525, 1.2225, 0.8625, 1.2325, 0.8725, 1.2425, 0.8825, 1.2525, 0.8925, 1.2625, 0.9025, 1.2725, 0.9125, 1.2825, 0.9225, 1.2925, 0.9325, 1.3025, 0.9425, 1.3125, 0.9525, 1.3225, 0.9625, 1.3325, 0.9725, 1.3425, 0.9825, 1.3525, 0.9925, 1.3625, 1.0025, 1.3725, 1.0125, 1.3825, 1.0225, 1.3925, 1.0325, 1.4025, 1.0425, 1.4125, 1.0525, 1.4225, 1.0625, 1.4325, 1.0725], "ImagePositionPatient": [[-97.6349716567, -115.79129166181, -68.473547084401], [-97.703747429748, -115.50260777052, -66.495687587331], [-97.772523202797, -115.21392292555, -64.517828090261], [-97.841298975845, -114.92523903425, -62.53996859319], [-97.910074808498, -114.63655514295, -60.56210909612], [-97.978850521942, -114.34787029798, -58.58424959905], [-98.04762629499, -114.05918640669, -56.606390101979], [-98.116402068039, -113.77050156171, -54.628530604909], [-98.185177841087, -113.48181767042, -52.650667293142], [-98.253953614135, -113.19313377912, -50.672807796071], [-98.322729387184, -112.90444893415, -48.694948299001], [-98.391505160232, -112.61576504285, -46.717088801931], [-98.460280933281, -112.32708019788, -44.739225490163], [-98.529056676527, -112.03839630659, -42.761365993093], [-98.597832449575, -111.74971241529, -40.783506496022], [-98.666608222623, -111.46102757032, -38.805646998952], [-98.735383995672, -111.17234367902, -36.827787501882], [-98.804159753819, -110.88365978773, -34.849924190114], [-98.872935525005, -110.59497494276, -32.872064693044], [-98.941711292465, -110.30629105146, -30.894205195974], [-99.010487058063, -110.01760620649, -28.916345698903], [-99.079262831112, -109.72892231519, -26.938486201833], [-99.14803860416, -109.4402384239, -24.960622890065], [-99.216814347406, -109.15155357893, -22.982763392995], [-99.285590120454, -108.86286968763, -21.004903895925], [-99.354365893503, -108.57418484266, -19.027044398854], [-99.423141636749, -108.28550095136, -17.049182994436], [-99.491917409797, -107.99681658323, -15.071323497365], [-99.560693182846, -107.70813269193, -13.093462092946], [-99.629468955894, -107.4194483238, -11.115602595876], [-99.698244728943, -107.13076395567, -9.1377430988056], [-99.767020501991, -106.84207958753, -7.1598816943867], [-99.835796275039, -106.5533952194, -5.1820221973164], [-99.904572048088, -106.2647113281, -3.2041617465717], [-99.973347821136, -105.97602695997, -1.2263012958271], [-100.04212359418, -105.68734259184, 0.75155915491751], [-100.11089936723, -105.3986582237, 2.7294196056621], [-100.17967514028, -105.10997433241, 4.7072795795696], [-100.24845091333, -104.82128996427, 6.6851400303142], [-100.31722668638, -104.53260559614, 8.6630004810589], [-100.38600245943, -104.24392146642, 10.64086063378], [-100.45477823247, -103.95523709829, 12.618720905711], [-100.52355388631, -103.66655296858, 14.596581118037], [-100.59232965936, -103.37786860044, 16.574441330363], [-100.66110543241, -103.08918423231, 18.552301781108], [-100.72988120546, -102.80050010259, 20.530161755015], [-100.79865697851, -102.51181573446, 22.50802220576], [-100.86743275156, -102.22313160474, 24.485882656504], [-100.93620864381, -101.93444735582, 26.463743107249], [-101.00498429765, -101.64576298769, 28.441602604319], [-101.07376018991, -101.35707879837, 30.419464008738], [-101.14253584375, -101.06839454944, 32.397323505809], [-101.21131149759, -100.77971027072, 34.375184910228], [-101.28008738985, -100.49102600317, 36.353044407298], [-101.34886304369, -100.20234174307, 38.330903904368], [-101.41763893594, -99.913657494141, 40.308765308787], [-101.48641458978, -99.624973245217, 42.286624805857], [-101.55519048204, -99.336288996293, 44.264486210276], [-101.62396613588, -99.047604747368, 46.242345707347], [-101.69274202814, -98.758920498444, 48.220205204417], [-101.76151768198, -98.47023624952, 50.198064701487], [-101.83029357423, -98.181551881386, 52.175928013255], [-101.89906922807, -97.892867751671, 54.153787510325], [-101.96784512033, -97.604183383538, 56.131647007396], [-102.03662077417, -97.315499253823, 58.109506504466], [-102.10539666643, -97.026814885689, 60.087366001536], [-102.17417232027, -96.738130517556, 62.065229313304], [-102.24294821252, -96.449446149422, 64.043088810374], [-102.31172386636, -96.160762258126, 66.020948307444], [-102.38049975862, -95.872077889992, 67.998807804515], [-102.44927541246, -95.583393521859, 69.976667301585], [-102.51805130472, -95.294709153725, 71.954530613353]], "InstanceCreationTime": ["135526.499000", "135526.431000", "135526.501000", "135526.434000", "135526.503000", "135526.436000", "135526.505000", "135526.438000", "135526.506000", "135526.439000", "135526.508000", "135526.441000", "135526.510000", "135526.443000", "135526.512000", "135526.445000", "135526.514000", "135526.447000", "135526.515000", "135526.449000", "135526.517000", "135526.451000", "135526.519000", "135526.453000", "135526.521000", "135526.455000", "135526.523000", "135526.457000", "135526.524000", "135526.459000", "135526.526000", "135526.461000", "135526.528000", "135526.462000", "135526.530000", "135526.464000", "135526.532000", "135526.466000", "135526.534000", "135526.468000", "135526.535000", "135526.470000", "135526.537000", "135526.471000", "135526.539000", "135526.473000", "135526.541000", "135526.475000", "135526.543000", "135526.477000", "135526.545000", "135526.479000", "135526.547000", "135526.481000", "135526.548000", "135526.483000", "135526.550000", "135526.484000", "135526.552000", "135526.486000", "135526.554000", "135526.488000", "135526.556000", "135526.490000", "135526.558000", "135526.492000", "135526.559000", "135526.494000", "135526.561000", "135526.495000", "135526.563000", "135526.497000"], "InstanceNumber": [1, 2, 3, 4, 5, 6, 7, 8, 9, 10, 11, 12, 13, 14, 15, 16, 17, 18, 19, 20, 21, 22, 23, 24, 25, 26, 27, 28, 29, 30, 31, 32, 33, 34, 35, 36, 37, 38, 39, 40, 41, 42, 43, 44, 45, 46, 47, 48, 49, 50, 51, 52, 53, 54, 55, 56, 57, 58, 59, 60, 61, 62, 63, 64, 65, 66, 67, 68, 69, 70, 71, 72], "LargestImagePixelValue": [4093, 4094, 4094, 4095, 4095, 4095, 4094, 4095, 4094, 4094, 4095, 4094, 4095, 4094, 4091, 4095, 4094, 4093, 4093, 4094, 4094, 4093, 4092, 4093, 4094, 4094, 4094, 4090, 4095, 4088, 4091, 4093, 4090, 4093, 4094, 4094, 4092, 4095, 4093, 4085, 4093, 4091, 4095, 4094, 4095, 4090, 4093, 4094, 4092, 4091, 4095, 4089, 4094, 4095, 4093, 4092, 4094, 4095, 4094, 4095, 4093, 4093, 4095, 4093, 4092, 4092, 4094, 4094, 4094, 4095, 4095, 4093], "SliceLocation": [-81.071655995081, -79.071656823531, -77.071657514324, -75.071658342774, -73.071659169173, -71.071659862017, -69.071660690466, -67.07166138126, -65.07165843724, -63.07165926569, -61.071659956483, -59.071660784933, -57.071657703257, -55.071658532732, -53.071659361181, -51.071660051975, -49.071660880424, -47.071657936917, -45.071658627775, -43.071659456416, -41.071660147466, -39.071660975915, -37.071658031896, -35.071658723714, -33.071659552164, -31.071660242957, -29.071659186197, -27.071659945819, -25.071658888033, -23.071659647655, -21.071660407276, -19.071659280663, -17.071660040285, -15.071659925617, -13.071659742121, -11.071659558626, -9.07165937513, -7.0716597320206, -5.0716595485249, -3.0716593650292, -1.0716595106715, 0.92834049598968, 2.9283404051928, 4.9283403529092, 6.9283405364049, 8.9283402139281, 10.928340397424, 12.928340546506, 14.928340716894, 16.928339953173, 18.928341058075, 20.928340277147, 22.928341386755, 24.928340616715, 26.9283398374, 28.928340950905, 30.928340169978, 32.928341283483, 34.928340502555, 36.928339729826, 38.928338948898, 40.928341965845, 42.92834116771, 44.928340412188, 46.928339614053, 48.928338858531, 50.928341867279, 52.928341111757, 54.928340279208, 56.928339523686, 58.928338759965, 60.928341776912], "SmallestImagePixelValue": [0, 1, 0, 1, 0, 0, 1, 0, 0, 0, 0, 0, 1, 0, 0, 1, 0, 1, 0, 0, 1, 0, 0, 3, 0, 2, 0, 1, 0, 1, 0, 0, 2, 0, 0, 0, 0, 2, 8, 0, 0, 0, 1, 0, 0, 3, 3, 1, 0, 0, 0, 2, 2, 1, 1, 0, 0, 0, 0, 0, 0, 0, 2, 0, 1, 1, 0, 0, 0, 0, 1, 0], "WindowCenter": [-352.0, -224.0, -298.0, -262.0, -318.0, -278.0, -280.0, -246.0, -246.0, -224.0, -206.0, -182.0, -154.0, -140.0, -134.0, -136.0, -188.0, -182.0, -210.0, -186.0, -196.0, -254.0, -222.0, -196.0, -172.0, -116.0, -150.0, -136.0, -134.0, -172.0, -156.0, -204.0, -192.0, -176.0, -136.0, -126.0, -116.0, -120.0, -126.0, -148.0, -68.0, -102.0, -232.0, -222.0, -120.0, -192.0, -154.0, -144.0, -138.0, -152.0, -170.0, -174.0, -204.0, -202.0, -228.0, -100.0, -244.0, -136.0, -108.0, -106.0, -112.0, -62.0, -66.0, -66.0, -76.0, -120.0, -114.0, -196.0, -266.0, -218.0, -212.0, -310.0], "WindowWidth": [6142.0, 6188.0, 6156.0, 6152.0, 6042.0, 6068.0, 6150.0, 6090.0, 6072.0, 6058.0, 6126.0, 6156.0, 6194.0, 6210.0, 6188.0, 6164.0, 6064.0, 6026.0, 5970.0, 5946.0, 5908.0, 5800.0, 5720.0, 5634.0, 5644.0, 5646.0, 5624.0, 5550.0, 5544.0, 5484.0, 5396.0, 5280.0, 5438.0, 5456.0, 5442.0, 5484.0, 5504.0, 5396.0, 5220.0, 5074.0, 5322.0, 5048.0, 4620.0, 4608.0, 4872.0, 4578.0, 4546.0, 4544.0, 4548.0, 4558.0, 4576.0, 4578.0, 4606.0, 4612.0, 4640.0, 5208.0, 4672.0, 5168.0, 5422.0, 5450.0, 5476.0, 5634.0, 5658.0, 5738.0, 5786.0, 5726.0, 5906.0, 5968.0, 5936.0, 6006.0, 6102.0, 6050.0]}}, "IntendedFor": ["ses-imagenet05/func/sub-04_ses-imagenet05_task-imagenet_run-06_bold.nii.gz"]}
