{"AcquisitionMatrixPE": 100, "AcquisitionNumber": 1, "AcquisitionTime": "14:01:44.100000", "BaseResolution": 100, "BodyPartExamined": "BRAIN", "ConsistencyInfo": "N4_VE11C_LATEST_20160120", "ConversionSoftware": "dcm2niix", "ConversionSoftwareVersion": "v1.0.20180622 GCC4.9.2", "DeviceSerialNumber": "166078", "DwellTime": 8.8e-06, "EchoNumber": 2, "EchoTime": 0.00738, "EchoTime1": 0.00492, "EchoTime2": 0.00738, "FlipAngle": 60, "ImageOrientationPatientDICOM": [0.999997, -0.000169717, -0.00242854, 5.666e-12, 0.997567, -0.0697142], "ImageType": ["ORIGINAL", "PRIMARY", "P", "ND"], "InPlanePhaseEncodingDirectionDICOM": "ROW", "InstitutionAddress": "Street_StreetNo_Bei_Jing_District_CN_ZIP", "InstitutionName": "BeiJing_Normal_University", "InstitutionalDepartmentName": "Department", "MRAcquisitionType": "2D", "MagneticFieldStrength": 3, "Manufacturer": "Siemens", "ManufacturersModelName": "Prisma", "Modality": "MR", "PartialFourier": 1, "PatientPosition": "HFS", "PercentPhaseFOV": 100, "PhaseEncodingDirection": "i", "PhaseEncodingSteps": 100, "PhaseResolution": 1, "PixelBandwidth": 570, "ProcedureStepDescription": "BNU_P2018_64CH_Zhen.ZongLei", "ProtocolName": "field_mapping_2x2x2", "PulseSequenceDetails": "%SiemensSeq%_gre_field_mapping", "ReceiveCoilActiveElements": "HC1-7;NC1", "ReceiveCoilName": "HeadNeck_64", "ReconMatrixPE": 100, "RepetitionTime": 0.72, "SAR": 0.12064, "ScanningSequence": "GR", "SequenceName": "_fm2d2r", "SequenceVariant": "SP", "SeriesDescription": "field_mapping_2x2x2", "SeriesNumber": 10, "ShimSetting": [-5444, -11503, -1290, 509, 13, -153, -12, 62], "SliceThickness": 2, "SoftwareVersions": "syngo_MR_E11", "SpacingBetweenSlices": 2, "StationName": "AWP166078", "TxRefAmp": 209.577, "dcmmeta_affine": [[-1.9999940395355225, 1.1331999574815121e-11, -0.004868984222412109, 101.43584442138672], [0.00033943381276912987, 1.9951339960098267, -0.13942813873291016, -92.04171752929688], [-0.004857088904827833, 0.13942836225032806, 1.9951248168945312, -72.13644409179688], [0.0, 0.0, 0.0, 1.0]], "dcmmeta_reorient_transform": [[0.0, -1.0, 0.0, 99.0], [1.0, 0.0, 0.0, 0.0], [0.0, 0.0, -1.0, 71.0], [0.0, 0.0, 0.0, 1.0]], "dcmmeta_shape": [100, 100, 72], "dcmmeta_slice_dim": 2, "dcmmeta_version": 0.6, "global": {"const": {"AcquisitionMatrix": [0, 100, 100, 0], "AcquisitionNumber": 1, "AngioFlag": "N", "BitsAllocated": 16, "BitsStored": 12, "BodyPartExamined": "BRAIN", "Columns": 100, "EchoNumbers": 2, "EchoTime": 7.38, "EchoTrainLength": 0, "FlipAngle": 60.0, "HighBit": 11, "ImageOrientationPatient": [0.99999703667985, -0.0001697169123, -0.0024285443559, 5.666e-12, 0.99756700659214, -0.0697141833402], "ImageType": ["ORIGINAL", "PRIMARY", "P", "ND"], "ImagedNucleus": "1H", "ImagingFrequency": 123.257779, "InPlanePhaseEncodingDirection": "ROW", "MRAcquisitionType": "2D", "MagneticFieldStrength": 3.0, "Manufacturer": "SIEMENS", "ManufacturerModelName": "Prisma", "Modality": "MR", "NumberOfAverages": 1.0, "NumberOfPhaseEncodingSteps": 100, "PercentPhaseFieldOfView": 100.0, "PercentSampling": 100.0, "PerformedProcedureStepStartTime": "130856.311000", "PhotometricInterpretation": "MONOCHROME2", "PixelBandwidth": 570.0, "PixelRepresentation": 0, "PixelSpacing": [2.0, 2.0], "ProtocolName": "field_mapping_2x2x2", "RepetitionTime": 720.0, "RescaleIntercept": -4096.0, "RescaleSlope": 2.0, "RescaleType": "US", "Rows": 100, "SAR": 0.120640264451, "SamplesPerPixel": 1, "ScanningSequence": "GR", "SequenceName": "*fm2d2r", "SequenceVariant": "SP", "SeriesDescription": "field_mapping_2x2x2", "SeriesNumber": 10, "SeriesTime": "140409.110000", "SliceThickness": 2.0, "SoftwareVersions": "syngo MR E11", "SpacingBetweenSlices": 2.0, "SpecificCharacterSet": "ISO_IR 100", "StudyID": "1", "StudyTime": "130856.194000", "TransmitCoilName": "Body", "VariableFlipAngleFlag": "N", "WindowCenterWidthExplanation": "Algo1", "dBdt": 0.0}, "slices": {"AcquisitionTime": ["140144.100000", "140143.740000", "140144.110000", "140143.750000", "140144.120000", "140143.760000", "140144.130000", "140143.770000", "140144.140000", "140143.780000", "140144.150000", "140143.790000", "140144.160000", "140143.800000", "140144.170000", "140143.810000", "140144.180000", "140143.820000", "140144.190000", "140143.830000", "140144.200000", "140143.840000", "140144.210000", "140143.850000", "140144.220000", "140143.860000", "140144.230000", "140143.870000", "140144.240000", "140143.880000", "140144.250000", "140143.890000", "140144.260000", "140143.900000", "140144.270000", "140143.910000", "140144.280000", "140143.920000", "140144.290000", "140143.930000", "140144.300000", "140143.940000", "140144.310000", "140143.950000", "140144.320000", "140143.960000", "140144.330000", "140143.970000", "140144.340000", "140143.980000", "140144.350000", "140143.990000", "140144.360000", "140144.000000", "140144.370000", "140144.010000", "140144.380000", "140144.020000", "140144.390000", "140144.030000", "140144.400000", "140144.040000", "140144.410000", "140144.050000", "140144.420000", "140144.060000", "140144.430000", "140144.070000", "140144.440000", "140144.080000", "140144.450000", "140144.090000"], "ContentTime": ["140409.183000", "140409.112000", "140409.185000", "140409.114000", "140409.187000", "140409.116000", "140409.189000", "140409.118000", "140409.191000", "140409.120000", "140409.193000", "140409.122000", "140409.195000", "140409.124000", "140409.197000", "140409.126000", "140409.198000", "140409.128000", "140409.200000", "140409.130000", "140409.202000", "140409.132000", "140409.204000", "140409.134000", "140409.206000", "140409.136000", "140409.208000", "140409.137000", "140409.210000", "140409.139000", "140409.214000", "140409.141000", "140409.216000", "140409.143000", "140409.218000", "140409.145000", "140409.220000", "140409.147000", "140409.222000", "140409.149000", "140409.226000", "140409.151000", "140409.228000", "140409.153000", "140409.230000", "140409.154000", "140409.232000", "140409.156000", "140409.233000", "140409.158000", "140409.235000", "140409.161000", "140409.237000", "140409.163000", "140409.239000", "140409.165000", "140409.241000", "140409.167000", "140409.243000", "140409.168000", "140409.245000", "140409.170000", "140409.247000", "140409.173000", "140409.249000", "140409.176000", "140409.251000", "140409.177000", "140409.253000", "140409.179000", "140409.255000", "140409.181000"], "CsaImage.GSWDDataType": ["measured", "predicted", "measured", "predicted", "measured", "predicted", "measured", "predicted", "measured", "predicted", "measured", "predicted", "measured", "predicted", "measured", "predicted", "measured", "predicted", "measured", "predicted", "measured", "predicted", "measured", "predicted", "measured", "predicted", "measured", "predicted", "measured", "predicted", "measured", "predicted", "measured", "predicted", "measured", "predicted", "measured", "predicted", "measured", "predicted", "measured", "predicted", "measured", "predicted", "measured", "predicted", "measured", "predicted", "measured", "predicted", "measured", "predicted", "measured", "predicted", "measured", "predicted", "measured", "predicted", "measured", "predicted", "measured", "measured", "measured", "measured", "measured", "measured", "measured", "measured", "measured", "measured", "measured", "measured"], "CsaImage.ICE_Dims": ["X_2_1_1_1_1_1_37_1_1_1_1_136", "X_2_1_1_1_1_1_1_1_1_2_1_136", "X_2_1_1_1_1_1_38_1_1_3_1_136", "X_2_1_1_1_1_1_2_1_1_4_1_136", "X_2_1_1_1_1_1_39_1_1_5_1_136", "X_2_1_1_1_1_1_3_1_1_6_1_136", "X_2_1_1_1_1_1_40_1_1_7_1_136", "X_2_1_1_1_1_1_4_1_1_8_1_136", "X_2_1_1_1_1_1_41_1_1_9_1_136", "X_2_1_1_1_1_1_5_1_1_10_1_136", "X_2_1_1_1_1_1_42_1_1_11_1_136", "X_2_1_1_1_1_1_6_1_1_12_1_136", "X_2_1_1_1_1_1_43_1_1_13_1_136", "X_2_1_1_1_1_1_7_1_1_14_1_136", "X_2_1_1_1_1_1_44_1_1_15_1_136", "X_2_1_1_1_1_1_8_1_1_16_1_136", "X_2_1_1_1_1_1_45_1_1_17_1_136", "X_2_1_1_1_1_1_9_1_1_18_1_136", "X_2_1_1_1_1_1_46_1_1_19_1_136", "X_2_1_1_1_1_1_10_1_1_20_1_136", "X_2_1_1_1_1_1_47_1_1_21_1_136", "X_2_1_1_1_1_1_11_1_1_22_1_136", "X_2_1_1_1_1_1_48_1_1_23_1_136", "X_2_1_1_1_1_1_12_1_1_24_1_136", "X_2_1_1_1_1_1_49_1_1_25_1_136", "X_2_1_1_1_1_1_13_1_1_26_1_136", "X_2_1_1_1_1_1_50_1_1_27_1_136", "X_2_1_1_1_1_1_14_1_1_28_1_136", "X_2_1_1_1_1_1_51_1_1_29_1_136", "X_2_1_1_1_1_1_15_1_1_30_1_136", "X_2_1_1_1_1_1_52_1_1_31_1_136", "X_2_1_1_1_1_1_16_1_1_32_1_136", "X_2_1_1_1_1_1_53_1_1_33_1_136", "X_2_1_1_1_1_1_17_1_1_34_1_136", "X_2_1_1_1_1_1_54_1_1_35_1_136", "X_2_1_1_1_1_1_18_1_1_36_1_136", "X_2_1_1_1_1_1_55_1_1_37_1_136", "X_2_1_1_1_1_1_19_1_1_38_1_136", "X_2_1_1_1_1_1_56_1_1_39_1_136", "X_2_1_1_1_1_1_20_1_1_40_1_136", "X_2_1_1_1_1_1_57_1_1_41_1_136", "X_2_1_1_1_1_1_21_1_1_42_1_136", "X_2_1_1_1_1_1_58_1_1_43_1_136", "X_2_1_1_1_1_1_22_1_1_44_1_136", "X_2_1_1_1_1_1_59_1_1_45_1_136", "X_2_1_1_1_1_1_23_1_1_46_1_136", "X_2_1_1_1_1_1_60_1_1_47_1_136", "X_2_1_1_1_1_1_24_1_1_48_1_136", "X_2_1_1_1_1_1_61_1_1_49_1_136", "X_2_1_1_1_1_1_25_1_1_50_1_136", "X_2_1_1_1_1_1_62_1_1_51_1_136", "X_2_1_1_1_1_1_26_1_1_52_1_136", "X_2_1_1_1_1_1_63_1_1_53_1_136", "X_2_1_1_1_1_1_27_1_1_54_1_136", "X_2_1_1_1_1_1_64_1_1_55_1_136", "X_2_1_1_1_1_1_28_1_1_56_1_136", "X_2_1_1_1_1_1_65_1_1_57_1_136", "X_2_1_1_1_1_1_29_1_1_58_1_136", "X_2_1_1_1_1_1_66_1_1_59_1_136", "X_2_1_1_1_1_1_30_1_1_60_1_136", "X_2_1_1_1_1_1_67_1_1_61_1_136", "X_2_1_1_1_1_1_31_1_1_62_1_136", "X_2_1_1_1_1_1_68_1_1_63_1_136", "X_2_1_1_1_1_1_32_1_1_64_1_136", "X_2_1_1_1_1_1_69_1_1_65_1_136", "X_2_1_1_1_1_1_33_1_1_66_1_136", "X_2_1_1_1_1_1_70_1_1_67_1_136", "X_2_1_1_1_1_1_34_1_1_68_1_136", "X_2_1_1_1_1_1_71_1_1_69_1_136", "X_2_1_1_1_1_1_35_1_1_70_1_136", "X_2_1_1_1_1_1_72_1_1_71_1_136", "X_2_1_1_1_1_1_36_1_1_72_1_136"], "CsaImage.ProtocolSliceNumber": [0, 1, 2, 3, 4, 5, 6, 7, 8, 9, 10, 11, 12, 13, 14, 15, 16, 17, 18, 19, 20, 21, 22, 23, 24, 25, 26, 27, 28, 29, 30, 31, 32, 33, 34, 35, 36, 37, 38, 39, 40, 41, 42, 43, 44, 45, 46, 47, 48, 49, 50, 51, 52, 53, 54, 55, 56, 57, 58, 59, 60, 61, 62, 63, 64, 65, 66, 67, 68, 69, 70, 71], "CsaImage.RFSWDDataType": ["measured", "predicted", "measured", "predicted", "measured", "predicted", "measured", "predicted", "measured", "predicted", "measured", "predicted", "measured", "predicted", "measured", "predicted", "measured", "predicted", "measured", "predicted", "measured", "predicted", "measured", "predicted", "measured", "predicted", "measured", "predicted", "measured", "predicted", "measured", "predicted", "measured", "predicted", "measured", "predicted", "measured", "predicted", "measured", "predicted", "measured", "predicted", "measured", "predicted", "measured", "predicted", "measured", "predicted", "measured", "predicted", "measured", "predicted", "measured", "predicted", "measured", "predicted", "measured", "measured", "measured", "measured", "measured", "measured", "measured", "measured", "measured", "measured", "measured", "measured", "measured", "measured", "measured", "measured"], "CsaImage.SlicePosition_PCS": [[-101.43583753, -105.47654061, -58.33327362], [-101.43096855, -105.33711294, -56.33814117], [-101.42609968, -105.19768481, -54.34301254], [-101.4212307, -105.05825714, -52.34788391], [-101.41636183, -104.918829, -50.35275909], [-101.41149285, -104.77940087, -48.35763046], [-101.40662386, -104.6399732, -46.36250183], [-101.401755, -104.50054507, -44.3673732], [-101.39688601, -104.36111693, -42.37224456], [-101.39201715, -104.22168926, -40.37711593], [-101.38714816, -104.08226113, -38.3819873], [-101.38227918, -103.94283346, -36.38686248], [-101.37741032, -103.80340533, -34.39173385], [-101.37254133, -103.66397742, -32.39660522], [-101.36767247, -103.52454929, -30.40147659], [-101.36280348, -103.38512139, -28.40634796], [-101.35793462, -103.24569349, -26.41121933], [-101.35306563, -103.10626559, -24.4160926], [-101.34819665, -102.96683745, -22.42096397], [-101.34332778, -102.82740955, -20.42583534], [-101.3384588, -102.68798165, -18.43070861], [-101.33358993, -102.54855375, -16.43557998], [-101.32872095, -102.40912561, -14.44045135], [-101.32385197, -102.26969771, -12.44532272], [-101.3189831, -102.13026981, -10.450196], [-101.31411412, -101.99084191, -8.45506736], [-101.30924525, -101.85141377, -6.45993873], [-101.30437627, -101.71198587, -4.46481105], [-101.29950728, -101.57255797, -2.46968338], [-101.29463842, -101.43312995, -0.47455475], [-101.28976943, -101.29370205, 1.52057341], [-101.28490057, -101.15427403, 3.51570133], [-101.28003158, -101.01484613, 5.51082936], [-101.27516272, -100.87541811, 7.50595752], [-101.27029374, -100.73599015, 9.50108555], [-101.26542475, -100.59656219, 11.49621371], [-101.26055589, -100.45713423, 13.49134186], [-101.2556869, -100.31770627, 15.48646954], [-101.25081804, -100.17827831, 17.48159817], [-101.24594905, -100.03885035, 19.47672585], [-101.24108007, -99.8994224, 21.47185448], [-101.2362112, -99.75999444, 23.46698311], [-101.23134222, -99.62056648, 25.46210984], [-101.22647335, -99.48113851, 27.45723847], [-101.22160437, -99.34171055, 29.4523671], [-101.21673539, -99.20228259, 31.44749382], [-101.21186652, -99.06285463, 33.44262246], [-101.20699754, -98.92342667, 35.43775109], [-101.20212867, -98.78399871, 37.43287972], [-101.19725969, -98.64457075, 39.42800644], [-101.19239082, -98.50514285, 41.42313507], [-101.18752184, -98.36571483, 43.41826371], [-101.18265285, -98.22628693, 45.41339234], [-101.17778399, -98.08685891, 47.40852097], [-101.172915, -97.94743101, 49.40364579], [-101.16804614, -97.80800299, 51.39877442], [-101.16317716, -97.66857509, 53.39390305], [-101.15830817, -97.52914719, 55.38903168], [-101.15343931, -97.38971905, 57.38416031], [-101.14857032, -97.25029115, 59.37928894], [-101.14370146, -97.11086325, 61.37441758], [-101.13883247, -96.97143535, 63.36954621], [-101.13396349, -96.83200721, 65.36467102], [-101.12909462, -96.69257931, 67.35979966], [-101.12422564, -96.55315141, 69.35492829], [-101.11935677, -96.41372351, 71.3500531], [-101.11448779, -96.27429537, 73.34518555], [-101.10961893, -96.13486747, 75.34031037], [-101.10474994, -95.99543957, 77.33544281], [-101.09988096, -95.85601167, 79.33056763], [-101.09501209, -95.71658377, 81.32570008], [-101.09014311, -95.57715563, 83.32082489]], "CsaImage.TimeAfterStart": [1.0825, 0.7225, 1.0925, 0.7325, 1.1025, 0.7425, 1.1125, 0.7525, 1.1225, 0.7625, 1.1325, 0.7725, 1.1425, 0.7825, 1.1525, 0.7925, 1.1625, 0.8025, 1.1725, 0.8125, 1.1825, 0.8225, 1.1925, 0.8325, 1.2025, 0.8425, 1.2125, 0.8525, 1.2225, 0.8625, 1.2325, 0.8725, 1.2425, 0.8825, 1.2525, 0.8925, 1.2625, 0.9025, 1.2725, 0.9125, 1.2825, 0.9225, 1.2925, 0.9325, 1.3025, 0.9425, 1.3125, 0.9525, 1.3225, 0.9625, 1.3325, 0.9725, 1.3425, 0.9825, 1.3525, 0.9925, 1.3625, 1.0025, 1.3725, 1.0125, 1.3825, 1.0225, 1.3925, 1.0325, 1.4025, 1.0425, 1.4125, 1.0525, 1.4225, 1.0625, 1.4325, 1.0725], "ImagePositionPatient": [[-101.43583753009, -105.47654060587, -58.333273617103], [-101.43096854587, -105.33711294397, -56.338141170813], [-101.42609968086, -105.19768480524, -54.343012539222], [-101.42123069664, -105.05825714334, -52.34788390763], [-101.41636183162, -104.91882900461, -50.352759090735], [-101.4114928474, -104.77940086587, -48.357630459144], [-101.40662386318, -104.63997320398, -46.362501827552], [-101.40175499816, -104.50054506525, -44.36737319596], [-101.39688601394, -104.36111692651, -42.372244564368], [-101.39201714893, -104.22168926462, -40.377115932776], [-101.38714816471, -104.08226112588, -38.381987301185], [-101.38227918048, -103.94283346399, -36.38686248429], [-101.37741031547, -103.80340532526, -34.391733852698], [-101.37254133125, -103.66397742494, -32.396605221106], [-101.36767246624, -103.52454928621, -30.401476589515], [-101.36280348201, -103.38512138589, -28.406347957923], [-101.357934617, -103.24569348558, -26.411219326331], [-101.35306563278, -103.10626558527, -24.416092602088], [-101.34819664855, -102.96683744653, -22.420963970496], [-101.34332778354, -102.82740954622, -20.425835338904], [-101.33845879932, -102.6879816459, -18.430708614661], [-101.33358993431, -102.54855374559, -16.435579983069], [-101.32872095008, -102.40912560686, -14.440451351478], [-101.32385196586, -102.26969770654, -12.445322719886], [-101.31898310085, -102.13026980623, -10.450195995643], [-101.31411411663, -101.99084190591, -8.4550673640508], [-101.30924525161, -101.85141376718, -6.459938732459], [-101.30437626739, -101.71198586687, -4.4648110545415], [-101.29950728317, -101.57255796655, -2.469683376624], [-101.29463841815, -101.43312994703, -0.4745547450322], [-101.28976943393, -101.29370204671, 1.5205734097224], [-101.28490056892, -101.15427402719, 3.5157013260585], [-101.2800315847, -101.01484612688, 5.5108293616038], [-101.27516271968, -100.87541810735, 7.5059575163584], [-101.27029373546, -100.73599014743, 9.5010855519038], [-101.26542475124, -100.59656218751, 11.496213706658], [-101.26055588623, -100.4571342276, 13.491341861413], [-101.255686902, -100.31770626768, 15.486469539331], [-101.25081803699, -100.17827830776, 17.481598170922], [-101.24594905277, -100.03885034784, 19.47672584884], [-101.24108006855, -99.899422402821, 21.471854480432], [-101.23621120353, -99.759994439177, 23.466983112023], [-101.23134221931, -99.620566475533, 25.462109836267], [-101.2264733543, -99.481138508163, 27.457238467858], [-101.22160437007, -99.341710548244, 29.45236709945], [-101.21673538585, -99.202282588325, 31.447493823693], [-101.21186652084, -99.062854628406, 33.442622455285], [-101.20699753662, -98.923426668487, 35.437751086877], [-101.2021286716, -98.783998708568, 37.432879718469], [-101.19725968738, -98.644570748649, 39.428006442712], [-101.19239082237, -98.505142848335, 41.423135074304], [-101.18752183815, -98.365714828811, 43.418263705895], [-101.18265285392, -98.226286928497, 45.413392337487], [-101.17778398891, -98.086858908973, 47.408520969079], [-101.17291500469, -97.947431008659, 49.403645785974], [-101.16804613967, -97.808002989135, 51.398774417565], [-101.16317715545, -97.668575088821, 53.393903049157], [-101.15830817123, -97.529147188507, 55.389031680749], [-101.15343930622, -97.389719049774, 57.384160312341], [-101.14857032199, -97.250291149459, 59.379288943933], [-101.14370145698, -97.110863249145, 61.374417575524], [-101.13883247276, -96.971435348831, 63.369546207116], [-101.13396348854, -96.832007210098, 65.364671024011], [-101.12909462352, -96.692579309784, 67.359799655603], [-101.1242256393, -96.553151409469, 69.354928287194], [-101.11935677429, -96.413723509155, 71.350053104089], [-101.11448779006, -96.274295370422, 73.345185550378], [-101.10961892505, -96.134867470108, 75.340310367272], [-101.10474994083, -95.995439569793, 77.335442813562], [-101.09988095661, -95.856011669479, 79.330567630456], [-101.09501209159, -95.716583769165, 81.325700076745], [-101.09014310737, -95.577155630432, 83.32082489364]], "InstanceCreationTime": ["140409.183000", "140409.112000", "140409.185000", "140409.114000", "140409.187000", "140409.116000", "140409.189000", "140409.118000", "140409.191000", "140409.120000", "140409.193000", "140409.122000", "140409.195000", "140409.124000", "140409.197000", "140409.126000", "140409.198000", "140409.128000", "140409.200000", "140409.130000", "140409.202000", "140409.132000", "140409.204000", "140409.134000", "140409.206000", "140409.136000", "140409.208000", "140409.137000", "140409.210000", "140409.139000", "140409.214000", "140409.141000", "140409.216000", "140409.143000", "140409.218000", "140409.145000", "140409.220000", "140409.147000", "140409.222000", "140409.149000", "140409.226000", "140409.151000", "140409.228000", "140409.153000", "140409.230000", "140409.154000", "140409.232000", "140409.156000", "140409.233000", "140409.158000", "140409.235000", "140409.161000", "140409.237000", "140409.163000", "140409.239000", "140409.165000", "140409.241000", "140409.167000", "140409.243000", "140409.168000", "140409.245000", "140409.170000", "140409.247000", "140409.173000", "140409.249000", "140409.176000", "140409.251000", "140409.177000", "140409.253000", "140409.179000", "140409.255000", "140409.181000"], "InstanceNumber": [1, 2, 3, 4, 5, 6, 7, 8, 9, 10, 11, 12, 13, 14, 15, 16, 17, 18, 19, 20, 21, 22, 23, 24, 25, 26, 27, 28, 29, 30, 31, 32, 33, 34, 35, 36, 37, 38, 39, 40, 41, 42, 43, 44, 45, 46, 47, 48, 49, 50, 51, 52, 53, 54, 55, 56, 57, 58, 59, 60, 61, 62, 63, 64, 65, 66, 67, 68, 69, 70, 71, 72], "LargestImagePixelValue": [4094, 4095, 4095, 4095, 4095, 4094, 4094, 4094, 4095, 4094, 4093, 4095, 4093, 4095, 4094, 4094, 4095, 4091, 4094, 4094, 4089, 4091, 4094, 4093, 4095, 4092, 4091, 4095, 4093, 4087, 4095, 4094, 4095, 4092, 4091, 4089, 4092, 4085, 4091, 4094, 4093, 4094, 4090, 4094, 4094, 4090, 4092, 4093, 4090, 4092, 4091, 4092, 4094, 4089, 4093, 4093, 4093, 4095, 4095, 4095, 4094, 4092, 4094, 4095, 4095, 4093, 4095, 4095, 4094, 4094, 4094, 4093], "SliceLocation": [-65.791308046911, -63.79130373238, -61.791303190301, -59.791302681175, -57.791305944501, -55.791305402132, -53.791304893006, -51.791304350927, -49.791303808558, -47.791303299722, -45.791302757353, -43.791306053632, -41.791305511553, -39.791304985806, -37.791304443727, -35.791303917979, -33.791303392522, -31.791304769477, -29.791304227108, -27.791303701651, -25.791305078606, -23.791304553148, -21.791304010779, -19.791303485032, -17.791304862277, -15.791304336529, -13.791303794451, -11.791304220054, -9.7913046456578, -7.7913041118899, -5.7913040618178, -3.7913042415633, -1.7913043104102, 0.20869574768219, 2.2086956829906, 4.2086957372179, 6.208695791155, 8.2086953697066, 10.208695899319, 12.208695477871, 14.208696006735, 16.208696536607, 18.208695164068, 20.2086956942, 22.208696224103, 24.208694851303, 26.208695380916, 28.208695910819, 30.208696440431, 32.208695067632, 34.208695593089, 36.208696127147, 38.208696652895, 40.208697186663, 42.208693907006, 44.208694440774, 46.208694966521, 48.208695492269, 50.208696034348, 52.208696560095, 54.208697085553, 56.2086976113, 58.208694348264, 60.208694873721, 62.208695399469, 64.208692119522, 66.208696467295, 68.208693187348, 70.2086975185, 72.208694238843, 74.208698569705, 76.208695306669], "SmallestImagePixelValue": [0, 0, 0, 0, 0, 0, 0, 1, 0, 0, 0, 1, 0, 0, 0, 2, 2, 0, 0, 0, 1, 6, 3, 1, 1, 4, 0, 0, 1, 6, 2, 0, 0, 0, 0, 0, 7, 0, 2, 0, 4, 3, 2, 0, 3, 1, 0, 2, 1, 0, 0, 1, 5, 0, 1, 0, 1, 0, 0, 0, 0, 0, 0, 0, 0, 0, 0, 0, 0, 0, 0, 0], "WindowCenter": [-262.0, -224.0, -214.0, -174.0, -162.0, -204.0, -190.0, -206.0, -196.0, -198.0, -156.0, -170.0, -94.0, -106.0, -108.0, -114.0, -186.0, -190.0, -210.0, -180.0, -190.0, -192.0, -218.0, -224.0, -234.0, -220.0, -234.0, -234.0, -214.0, -282.0, -280.0, -272.0, -222.0, -164.0, -194.0, -154.0, -164.0, -148.0, -92.0, -108.0, -110.0, -92.0, -74.0, -86.0, -60.0, -42.0, -48.0, -22.0, -50.0, -16.0, -26.0, -40.0, -26.0, -42.0, -66.0, -58.0, -98.0, -36.0, -28.0, -58.0, -44.0, -82.0, -150.0, -148.0, -250.0, -270.0, -306.0, -254.0, -338.0, -342.0, -328.0, -358.0], "WindowWidth": [6386.0, 6414.0, 6428.0, 6444.0, 6376.0, 6308.0, 6340.0, 6236.0, 6212.0, 6172.0, 6220.0, 6184.0, 6234.0, 6226.0, 6214.0, 6220.0, 6112.0, 6086.0, 6000.0, 5958.0, 5854.0, 5820.0, 5724.0, 5702.0, 5586.0, 5540.0, 5410.0, 5420.0, 5528.0, 5294.0, 5376.0, 5324.0, 5440.0, 5492.0, 5282.0, 5430.0, 5278.0, 5296.0, 5446.0, 5332.0, 5272.0, 5380.0, 5446.0, 5332.0, 5354.0, 5382.0, 5374.0, 5370.0, 5196.0, 5362.0, 5342.0, 5368.0, 5424.0, 5462.0, 5408.0, 5542.0, 5442.0, 5598.0, 5634.0, 5728.0, 5770.0, 5792.0, 5818.0, 5888.0, 5926.0, 5954.0, 6060.0, 6090.0, 6078.0, 6206.0, 6278.0, 6380.0]}}, "IntendedFor": ["ses-imagenet03/func/sub-02_ses-imagenet03_task-imagenet_run-02_bold.nii.gz", "ses-imagenet03/func/sub-02_ses-imagenet03_task-imagenet_run-10_bold.nii.gz", "ses-imagenet03/func/sub-02_ses-imagenet03_task-imagenet_run-06_bold.nii.gz", "ses-imagenet03/func/sub-02_ses-imagenet03_task-imagenet_run-09_bold.nii.gz", "ses-imagenet03/func/sub-02_ses-imagenet03_task-imagenet_run-04_bold.nii.gz", "ses-imagenet03/func/sub-02_ses-imagenet03_task-imagenet_run-08_bold.nii.gz", "ses-imagenet03/func/sub-02_ses-imagenet03_task-imagenet_run-07_bold.nii.gz", "ses-imagenet03/func/sub-02_ses-imagenet03_task-imagenet_run-05_bold.nii.gz", "ses-imagenet03/func/sub-02_ses-imagenet03_task-imagenet_run-03_bold.nii.gz", "ses-imagenet03/func/sub-02_ses-imagenet03_task-imagenet_run-01_bold.nii.gz", "ses-imagenet03/func/sub-02_ses-imagenet03_task-imagenet_run-11_bold.nii.gz"]}