{"AcquisitionMatrixPE": 100, "AcquisitionNumber": 1, "AcquisitionTime": "13:53:54.077500", "BaseResolution": 100, "BodyPartExamined": "BRAIN", "ConsistencyInfo": "N4_VE11C_LATEST_20160120", "ConversionSoftware": "dcm2niix", "ConversionSoftwareVersion": "v1.0.20180622 GCC4.9.2", "DeviceSerialNumber": "166078", "DwellTime": 8.8e-06, "EchoNumber": 2, "EchoTime": 0.00738, "EchoTime1": 0.00492, "EchoTime2": 0.00738, "FlipAngle": 60, "ImageOrientationPatientDICOM": [1, 0, 0, 0, 0.976296, -0.21644], "ImageType": ["ORIGINAL", "PRIMARY", "P", "ND"], "InPlanePhaseEncodingDirectionDICOM": "ROW", "InstitutionAddress": "Street_StreetNo_Bei_Jing_District_CN_ZIP", "InstitutionName": "BeiJing_Normal_University", "InstitutionalDepartmentName": "Department", "MRAcquisitionType": "2D", "MagneticFieldStrength": 3, "Manufacturer": "Siemens", "ManufacturersModelName": "Prisma", "Modality": "MR", "PartialFourier": 1, "PatientPosition": "HFS", "PercentPhaseFOV": 100, "PhaseEncodingDirection": "i", "PhaseEncodingSteps": 100, "PhaseResolution": 1, "PixelBandwidth": 570, "ProcedureStepDescription": "BNU_P2018_64CH_Zhen.ZongLei", "ProtocolName": "field_mapping_2x2x2", "PulseSequenceDetails": "%SiemensSeq%_gre_field_mapping", "ReceiveCoilActiveElements": "HC1-7;NC1", "ReceiveCoilName": "HeadNeck_64", "ReconMatrixPE": 100, "RepetitionTime": 0.72, "SAR": 0.114151, "ScanningSequence": "GR", "SequenceName": "_fm2d2r", "SequenceVariant": "SP", "SeriesDescription": "field_mapping_2x2x2", "SeriesNumber": 9, "ShimSetting": [-5451, -11480, -1266, 297, 30, -133, -191, 75], "SliceThickness": 2, "SoftwareVersions": "syngo_MR_E11", "SpacingBetweenSlices": 2, "StationName": "AWP166078", "TxRefAmp": 225.288, "dcmmeta_affine": [[-2.0, 0.0, 0.0, 102.02409362792969], [0.0, 1.9525920152664185, -0.4328794479370117, -80.4109878540039], [0.0, 0.432879239320755, 1.9525985717773438, -80.639404296875], [0.0, 0.0, 0.0, 1.0]], "dcmmeta_reorient_transform": [[0.0, -1.0, 0.0, 99.0], [1.0, 0.0, 0.0, 0.0], [0.0, 0.0, -1.0, 71.0], [0.0, 0.0, 0.0, 1.0]], "dcmmeta_shape": [100, 100, 72], "dcmmeta_slice_dim": 2, "dcmmeta_version": 0.6, "global": {"const": {"AcquisitionMatrix": [0, 100, 100, 0], "AcquisitionNumber": 1, "AngioFlag": "N", "BitsAllocated": 16, "BitsStored": 12, "BodyPartExamined": "BRAIN", "Columns": 100, "EchoNumbers": 2, "EchoTime": 7.38, "EchoTrainLength": 0, "FlipAngle": 60.0, "HighBit": 11, "ImageOrientationPatient": [1.0, 0.0, 0.0, 0.0, 0.976296006102, -0.2164396185297], "ImageType": ["ORIGINAL", "PRIMARY", "P", "ND"], "ImagedNucleus": "1H", "ImagingFrequency": 123.257753, "InPlanePhaseEncodingDirection": "ROW", "MRAcquisitionType": "2D", "MagneticFieldStrength": 3.0, "Manufacturer": "SIEMENS", "ManufacturerModelName": "Prisma", "Modality": "MR", "NumberOfAverages": 1.0, "NumberOfPhaseEncodingSteps": 100, "PercentPhaseFieldOfView": 100.0, "PercentSampling": 100.0, "PerformedProcedureStepStartTime": "130057.132000", "PhotometricInterpretation": "MONOCHROME2", "PixelBandwidth": 570.0, "PixelRepresentation": 0, "PixelSpacing": [2.0, 2.0], "ProtocolName": "field_mapping_2x2x2", "RepetitionTime": 720.0, "RescaleIntercept": -4096.0, "RescaleSlope": 2.0, "RescaleType": "US", "Rows": 100, "SAR": 0.1141510105599, "SamplesPerPixel": 1, "ScanningSequence": "GR", "SequenceName": "*fm2d2r", "SequenceVariant": "SP", "SeriesDescription": "field_mapping_2x2x2", "SeriesNumber": 9, "SeriesTime": "135618.373000", "SliceThickness": 2.0, "SoftwareVersions": "syngo MR E11", "SpacingBetweenSlices": 2.0, "SpecificCharacterSet": "ISO_IR 100", "StudyID": "1", "StudyTime": "130057.027000", "TransmitCoilName": "Body", "VariableFlipAngleFlag": "N", "WindowCenterWidthExplanation": "Algo1", "dBdt": 0.0}, "slices": {"AcquisitionTime": ["135354.077500", "135353.717500", "135354.087500", "135353.727500", "135354.097500", "135353.737500", "135354.107500", "135353.747500", "135354.117500", "135353.757500", "135354.127500", "135353.767500", "135354.137500", "135353.777500", "135354.147500", "135353.787500", "135354.157500", "135353.797500", "135354.167500", "135353.807500", "135354.177500", "135353.817500", "135354.187500", "135353.827500", "135354.197500", "135353.837500", "135354.207500", "135353.847500", "135354.217500", "135353.857500", "135354.227500", "135353.867500", "135354.237500", "135353.877500", "135354.247500", "135353.887500", "135354.257500", "135353.897500", "135354.267500", "135353.907500", "135354.277500", "135353.917500", "135354.287500", "135353.927500", "135354.297500", "135353.937500", "135354.307500", "135353.947500", "135354.317500", "135353.957500", "135354.327500", "135353.967500", "135354.337500", "135353.977500", "135354.347500", "135353.987500", "135354.357500", "135353.997500", "135354.367500", "135354.007500", "135354.377500", "135354.017500", "135354.387500", "135354.027500", "135354.397500", "135354.037500", "135354.407500", "135354.047500", "135354.417500", "135354.057500", "135354.427500", "135354.067500"], "ContentTime": ["135618.451000", "135618.377000", "135618.453000", "135618.379000", "135618.455000", "135618.386000", "135618.457000", "135618.388000", "135618.459000", "135618.390000", "135618.460000", "135618.392000", "135618.462000", "135618.394000", "135618.464000", "135618.396000", "135618.466000", "135618.398000", "135618.468000", "135618.400000", "135618.470000", "135618.401000", "135618.472000", "135618.403000", "135618.474000", "135618.405000", "135618.476000", "135618.407000", "135618.477000", "135618.409000", "135618.479000", "135618.411000", "135618.481000", "135618.413000", "135618.483000", "135618.415000", "135618.485000", "135618.416000", "135618.487000", "135618.418000", "135618.489000", "135618.421000", "135618.491000", "135618.423000", "135618.493000", "135618.424000", "135618.494000", "135618.426000", "135618.496000", "135618.428000", "135618.498000", "135618.430000", "135618.500000", "135618.432000", "135618.502000", "135618.434000", "135618.504000", "135618.436000", "135618.506000", "135618.438000", "135618.508000", "135618.439000", "135618.509000", "135618.441000", "135618.511000", "135618.444000", "135618.513000", "135618.445000", "135618.515000", "135618.447000", "135618.517000", "135618.449000"], "CsaImage.GSWDDataType": ["measured", "predicted", "measured", "predicted", "measured", "predicted", "measured", "predicted", "measured", "predicted", "measured", "predicted", "measured", "predicted", "measured", "predicted", "measured", "predicted", "measured", "predicted", "measured", "predicted", "measured", "predicted", "measured", "predicted", "measured", "predicted", "measured", "predicted", "measured", "predicted", "measured", "predicted", "measured", "predicted", "measured", "predicted", "measured", "predicted", "measured", "predicted", "measured", "predicted", "measured", "predicted", "measured", "predicted", "measured", "predicted", "measured", "predicted", "measured", "predicted", "measured", "predicted", "measured", "predicted", "measured", "predicted", "measured", "predicted", "measured", "measured", "measured", "measured", "measured", "measured", "measured", "measured", "measured", "measured"], "CsaImage.ICE_Dims": ["X_2_1_1_1_1_1_37_1_1_1_1_112", "X_2_1_1_1_1_1_1_1_1_2_1_112", "X_2_1_1_1_1_1_38_1_1_3_1_112", "X_2_1_1_1_1_1_2_1_1_4_1_112", "X_2_1_1_1_1_1_39_1_1_5_1_112", "X_2_1_1_1_1_1_3_1_1_6_1_112", "X_2_1_1_1_1_1_40_1_1_7_1_112", "X_2_1_1_1_1_1_4_1_1_8_1_112", "X_2_1_1_1_1_1_41_1_1_9_1_112", "X_2_1_1_1_1_1_5_1_1_10_1_112", "X_2_1_1_1_1_1_42_1_1_11_1_112", "X_2_1_1_1_1_1_6_1_1_12_1_112", "X_2_1_1_1_1_1_43_1_1_13_1_112", "X_2_1_1_1_1_1_7_1_1_14_1_112", "X_2_1_1_1_1_1_44_1_1_15_1_112", "X_2_1_1_1_1_1_8_1_1_16_1_112", "X_2_1_1_1_1_1_45_1_1_17_1_112", "X_2_1_1_1_1_1_9_1_1_18_1_112", "X_2_1_1_1_1_1_46_1_1_19_1_112", "X_2_1_1_1_1_1_10_1_1_20_1_112", "X_2_1_1_1_1_1_47_1_1_21_1_112", "X_2_1_1_1_1_1_11_1_1_22_1_112", "X_2_1_1_1_1_1_48_1_1_23_1_112", "X_2_1_1_1_1_1_12_1_1_24_1_112", "X_2_1_1_1_1_1_49_1_1_25_1_112", "X_2_1_1_1_1_1_13_1_1_26_1_112", "X_2_1_1_1_1_1_50_1_1_27_1_112", "X_2_1_1_1_1_1_14_1_1_28_1_112", "X_2_1_1_1_1_1_51_1_1_29_1_112", "X_2_1_1_1_1_1_15_1_1_30_1_112", "X_2_1_1_1_1_1_52_1_1_31_1_112", "X_2_1_1_1_1_1_16_1_1_32_1_112", "X_2_1_1_1_1_1_53_1_1_33_1_112", "X_2_1_1_1_1_1_17_1_1_34_1_112", "X_2_1_1_1_1_1_54_1_1_35_1_112", "X_2_1_1_1_1_1_18_1_1_36_1_112", "X_2_1_1_1_1_1_55_1_1_37_1_112", "X_2_1_1_1_1_1_19_1_1_38_1_112", "X_2_1_1_1_1_1_56_1_1_39_1_112", "X_2_1_1_1_1_1_20_1_1_40_1_112", "X_2_1_1_1_1_1_57_1_1_41_1_112", "X_2_1_1_1_1_1_21_1_1_42_1_112", "X_2_1_1_1_1_1_58_1_1_43_1_112", "X_2_1_1_1_1_1_22_1_1_44_1_112", "X_2_1_1_1_1_1_59_1_1_45_1_112", "X_2_1_1_1_1_1_23_1_1_46_1_112", "X_2_1_1_1_1_1_60_1_1_47_1_112", "X_2_1_1_1_1_1_24_1_1_48_1_112", "X_2_1_1_1_1_1_61_1_1_49_1_112", "X_2_1_1_1_1_1_25_1_1_50_1_112", "X_2_1_1_1_1_1_62_1_1_51_1_112", "X_2_1_1_1_1_1_26_1_1_52_1_112", "X_2_1_1_1_1_1_63_1_1_53_1_112", "X_2_1_1_1_1_1_27_1_1_54_1_112", "X_2_1_1_1_1_1_64_1_1_55_1_112", "X_2_1_1_1_1_1_28_1_1_56_1_112", "X_2_1_1_1_1_1_65_1_1_57_1_112", "X_2_1_1_1_1_1_29_1_1_58_1_112", "X_2_1_1_1_1_1_66_1_1_59_1_112", "X_2_1_1_1_1_1_30_1_1_60_1_112", "X_2_1_1_1_1_1_67_1_1_61_1_112", "X_2_1_1_1_1_1_31_1_1_62_1_112", "X_2_1_1_1_1_1_68_1_1_63_1_112", "X_2_1_1_1_1_1_32_1_1_64_1_112", "X_2_1_1_1_1_1_69_1_1_65_1_112", "X_2_1_1_1_1_1_33_1_1_66_1_112", "X_2_1_1_1_1_1_70_1_1_67_1_112", "X_2_1_1_1_1_1_34_1_1_68_1_112", "X_2_1_1_1_1_1_71_1_1_69_1_112", "X_2_1_1_1_1_1_35_1_1_70_1_112", "X_2_1_1_1_1_1_72_1_1_71_1_112", "X_2_1_1_1_1_1_36_1_1_72_1_112"], "CsaImage.ProtocolSliceNumber": [0, 1, 2, 3, 4, 5, 6, 7, 8, 9, 10, 11, 12, 13, 14, 15, 16, 17, 18, 19, 20, 21, 22, 23, 24, 25, 26, 27, 28, 29, 30, 31, 32, 33, 34, 35, 36, 37, 38, 39, 40, 41, 42, 43, 44, 45, 46, 47, 48, 49, 50, 51, 52, 53, 54, 55, 56, 57, 58, 59, 60, 61, 62, 63, 64, 65, 66, 67, 68, 69, 70, 71], "CsaImage.RFSWDDataType": ["measured", "predicted", "measured", "predicted", "measured", "predicted", "measured", "predicted", "measured", "predicted", "measured", "predicted", "measured", "predicted", "measured", "predicted", "measured", "predicted", "measured", "predicted", "measured", "predicted", "measured", "predicted", "measured", "predicted", "measured", "predicted", "measured", "predicted", "measured", "predicted", "measured", "predicted", "measured", "predicted", "measured", "predicted", "measured", "predicted", "measured", "predicted", "measured", "predicted", "measured", "predicted", "measured", "predicted", "measured", "predicted", "measured", "predicted", "measured", "predicted", "measured", "predicted", "measured", "predicted", "measured", "measured", "measured", "measured", "measured", "measured", "measured", "measured", "measured", "measured", "measured", "measured", "measured", "measured"], "CsaImage.SlicePosition_PCS": [[-102.02409649, -112.89560803, -37.78389841], [-102.02409649, -112.46272954, -35.83130746], [-102.02409649, -112.02985009, -33.87871271], [-102.02409649, -111.59697064, -31.92612177], [-102.02409649, -111.1640912, -29.97353082], [-102.02409649, -110.7312127, -28.02093607], [-102.02409649, -110.29833325, -26.06834512], [-102.02409649, -109.86545381, -24.11575418], [-102.02409649, -109.43257436, -22.16316324], [-102.02409649, -108.99969491, -20.21056848], [-102.02409649, -108.56681642, -18.25797754], [-102.02409649, -108.13393697, -16.3053866], [-102.02409649, -107.70105752, -14.35279565], [-102.02409649, -107.26817807, -12.4002009], [-102.02409649, -106.83529958, -10.44760995], [-102.02409649, -106.40242013, -8.49501711], [-102.02409649, -105.96954068, -6.54242616], [-102.02409649, -105.53666171, -4.58983331], [-102.02409649, -105.10378226, -2.63724237], [-102.02409649, -104.67090281, -0.68464952], [-102.02409649, -104.23802384, 1.26794142], [-102.02409649, -103.8051444, 3.22053427], [-102.02409649, -103.37226542, 5.17312712], [-102.02409649, -102.93938598, 7.12571806], [-102.02409649, -102.50650701, 9.07830996], [-102.02409649, -102.07362756, 11.03090186], [-102.02409649, -101.64074859, 12.98349471], [-102.02409649, -101.20786914, 14.93608612], [-102.02409649, -100.77498993, 16.8886785], [-102.02409649, -100.34211072, 18.84127039], [-102.02409649, -99.90923151, 20.79386241], [-102.02409649, -99.4763523, 22.74645442], [-102.02409649, -99.04347309, 24.69904632], [-102.02409649, -98.61059388, 26.65163845], [-102.02409649, -98.17771461, 28.60423035], [-102.02409649, -97.7448354, 30.55682272], [-102.02409649, -97.31195616, 32.50941462], [-102.02409649, -96.87907692, 34.46200652], [-102.02409649, -96.44619771, 36.41459841], [-102.02409649, -96.0133185, 38.36719031], [-102.02409649, -95.58043918, 40.31978316], [-102.02409649, -95.14755997, 42.2723741], [-102.02409649, -94.71468076, 44.22496695], [-102.02409649, -94.28180155, 46.17755789], [-102.02409649, -93.84892234, 48.13015074], [-102.02409649, -93.41604289, 50.08274168], [-102.02409649, -92.98316392, 52.03533453], [-102.02409649, -92.55028447, 53.98792548], [-102.02409649, -92.1174055, 55.94052023], [-102.02409649, -91.68452605, 57.89311118], [-102.02409649, -91.25164708, 59.84570212], [-102.02409649, -90.81876763, 61.79829306], [-102.02409649, -90.38588866, 63.75088782], [-102.02409649, -89.95300921, 65.70347876], [-102.02409649, -89.52013024, 67.6560697], [-102.02409649, -89.08725079, 69.60866446], [-102.02409649, -88.65437135, 71.5612554], [-102.02409649, -88.22149285, 73.51384634], [-102.02409649, -87.7886134, 75.46643729], [-102.02409649, -87.35573396, 77.41903204], [-102.02409649, -86.92285451, 79.37162299], [-102.02409649, -86.48997506, 81.32421393], [-102.02409649, -86.05709657, 83.27680869], [-102.02409649, -85.62421712, 85.22939963], [-102.02409649, -85.19133767, 87.18199438], [-102.02409649, -84.75845822, 89.13458533], [-102.02409649, -84.32557973, 91.08717627], [-102.02409649, -83.89270028, 93.03976721], [-102.02409649, -83.45982083, 94.99235815], [-102.02409649, -83.02694138, 96.9449491], [-102.02409649, -82.59406289, 98.89754004], [-102.02409649, -82.16118344, 100.85013861]], "CsaImage.TimeAfterStart": [1.0825, 0.7225, 1.0925, 0.7325, 1.1025, 0.7425, 1.1125, 0.7525, 1.1225, 0.7625, 1.1325, 0.7725, 1.1425, 0.7825, 1.1525, 0.7925, 1.1625, 0.8025, 1.1725, 0.8125, 1.1825, 0.8225, 1.1925, 0.8325, 1.2025, 0.8425, 1.2125, 0.8525, 1.2225, 0.8625, 1.2325, 0.8725, 1.2425, 0.8825, 1.2525, 0.8925, 1.2625, 0.9025, 1.2725, 0.9125, 1.2825, 0.9225, 1.2925, 0.9325, 1.3025, 0.9425, 1.3125, 0.9525, 1.3225, 0.9625, 1.3325, 0.9725, 1.3425, 0.9825, 1.3525, 0.9925, 1.3625, 1.0025, 1.3725, 1.0125, 1.3825, 1.0225, 1.3925, 1.0325, 1.4025, 1.0425, 1.4125, 1.0525, 1.4225, 1.0625, 1.4325, 1.0725], "ImagePositionPatient": [[-102.02409648895, -112.8956080336, -37.783898407038], [-102.02409648895, -112.46272953934, -35.831307464655], [-102.02409648895, -112.0298500914, -33.878712707575], [-102.02409648895, -111.59697064346, -31.926121765192], [-102.02409648895, -111.16409119553, -29.973530822809], [-102.02409648895, -110.73121270126, -28.020936065729], [-102.02409648895, -110.29833325333, -26.068345123346], [-102.02409648895, -109.86545380539, -24.115754180964], [-102.02409648895, -109.43257435745, -22.163163238581], [-102.02409648895, -108.99969490952, -20.210568481501], [-102.02409648895, -108.56681641525, -18.257977539118], [-102.02409648895, -108.13393696732, -16.305386596735], [-102.02409648895, -107.70105751938, -14.352795654352], [-102.02409648895, -107.26817807144, -12.400200897272], [-102.02409648895, -106.83529957718, -10.447609954889], [-102.02409648895, -106.40242012924, -8.4950171051579], [-102.02409648895, -105.96954068131, -6.5424261627751], [-102.02409648895, -105.53666171021, -4.5898333130436], [-102.02409648895, -105.10378226227, -2.6372423706608], [-102.02409648895, -104.67090281433, -0.6846495209294], [-102.02409648895, -104.23802384323, 1.2679414214534], [-102.02409648895, -103.8051443953, 3.2205342711849], [-102.02409648895, -103.3722654242, 5.1731271209163], [-102.02409648895, -102.93938597626, 7.1257180632991], [-102.02409648895, -102.50650700516, 9.0783099593563], [-102.02409648895, -102.07362755722, 11.030901855413], [-102.02409648895, -101.64074858612, 12.983494705145], [-102.02409648895, -101.20786913818, 14.936086124365], [-102.02409648895, -100.77498992867, 16.888678497259], [-102.02409648895, -100.34211071915, 18.841270393316], [-102.02409648895, -99.909231509629, 20.793862408583], [-102.02409648895, -99.476352300111, 22.746454423849], [-102.02409648895, -99.043473090592, 24.699046319906], [-102.02409648895, -98.610593881074, 26.651638454382], [-102.02409648895, -98.177714611951, 28.604230350439], [-102.02409648895, -97.744835402433, 30.556822723333], [-102.02409648895, -97.311956163112, 32.50941461939], [-102.02409648895, -96.879076923791, 34.462006515448], [-102.02409648895, -96.446197714273, 36.414598411505], [-102.02409648895, -96.013318504754, 38.367190307562], [-102.02409648895, -95.580439176026, 40.319783157293], [-102.02409648895, -95.147559966508, 42.272374099676], [-102.02409648895, -94.71468075699, 44.224966949408], [-102.02409648895, -94.281801547471, 46.17755789179], [-102.02409648895, -93.848922337953, 48.130150741522], [-102.02409648895, -93.416042890016, 50.082741683905], [-102.02409648895, -92.983163918916, 52.035334533636], [-102.02409648895, -92.550284470979, 53.987925476019], [-102.02409648895, -92.117405499879, 55.940520233099], [-102.02409648895, -91.684526051942, 57.893111175482], [-102.02409648895, -91.251647080842, 59.845702117865], [-102.02409648895, -90.818767632905, 61.798293060247], [-102.02409648895, -90.385888661805, 63.750887817327], [-102.02409648895, -89.953009213868, 65.70347875971], [-102.02409648895, -89.520130242768, 67.656069702093], [-102.02409648895, -89.087250794831, 69.608664459173], [-102.02409648895, -88.654371346894, 71.561255401556], [-102.02409648895, -88.221492852632, 73.513846343939], [-102.02409648895, -87.788613404695, 75.466437286322], [-102.02409648895, -87.355733956758, 77.419032043402], [-102.02409648895, -86.922854508821, 79.371622985784], [-102.02409648895, -86.489975060884, 81.324213928167], [-102.02409648895, -86.057096566621, 83.276808685247], [-102.02409648895, -85.624217118684, 85.22939962763], [-102.02409648895, -85.191337670747, 87.18199438471], [-102.02409648895, -84.75845822281, 89.134585327093], [-102.02409648895, -84.325579728547, 91.087176269476], [-102.02409648895, -83.89270028061, 93.039767211859], [-102.02409648895, -83.459820832673, 94.992358154242], [-102.02409648895, -83.026941384736, 96.944949096624], [-102.02409648895, -82.594062890473, 98.897540039007], [-102.02409648895, -82.161183442536, 100.85013861078]], "InstanceCreationTime": ["135618.451000", "135618.377000", "135618.453000", "135618.379000", "135618.455000", "135618.386000", "135618.457000", "135618.388000", "135618.459000", "135618.390000", "135618.460000", "135618.392000", "135618.462000", "135618.394000", "135618.464000", "135618.396000", "135618.466000", "135618.398000", "135618.468000", "135618.400000", "135618.470000", "135618.401000", "135618.472000", "135618.403000", "135618.474000", "135618.405000", "135618.476000", "135618.407000", "135618.477000", "135618.409000", "135618.479000", "135618.411000", "135618.481000", "135618.413000", "135618.483000", "135618.415000", "135618.485000", "135618.416000", "135618.487000", "135618.418000", "135618.489000", "135618.421000", "135618.491000", "135618.423000", "135618.493000", "135618.424000", "135618.494000", "135618.426000", "135618.496000", "135618.428000", "135618.498000", "135618.430000", "135618.500000", "135618.432000", "135618.502000", "135618.434000", "135618.504000", "135618.436000", "135618.506000", "135618.438000", "135618.508000", "135618.439000", "135618.509000", "135618.441000", "135618.511000", "135618.444000", "135618.513000", "135618.445000", "135618.515000", "135618.447000", "135618.517000", "135618.449000"], "InstanceNumber": [1, 2, 3, 4, 5, 6, 7, 8, 9, 10, 11, 12, 13, 14, 15, 16, 17, 18, 19, 20, 21, 22, 23, 24, 25, 26, 27, 28, 29, 30, 31, 32, 33, 34, 35, 36, 37, 38, 39, 40, 41, 42, 43, 44, 45, 46, 47, 48, 49, 50, 51, 52, 53, 54, 55, 56, 57, 58, 59, 60, 61, 62, 63, 64, 65, 66, 67, 68, 69, 70, 71, 72], "LargestImagePixelValue": [4095, 4095, 4094, 4094, 4094, 4094, 4095, 4095, 4095, 4094, 4094, 4094, 4093, 4093, 4094, 4093, 4095, 4094, 4094, 4093, 4094, 4092, 4093, 4093, 4091, 4094, 4092, 4092, 4094, 4094, 4095, 4094, 4095, 4094, 4091, 4094, 4093, 4094, 4092, 4095, 4093, 4093, 4087, 4090, 4088, 4092, 4092, 4094, 4094, 4095, 4094, 4091, 4095, 4095, 4093, 4092, 4094, 4094, 4094, 4095, 4094, 4094, 4094, 4093, 4094, 4094, 4093, 4095, 4095, 4094, 4095, 4095], "SliceLocation": [-61.323351446228, -59.323352651461, -57.323349926007, -55.323350924827, -53.323351923647, -51.323349404606, -49.323350403426, -47.323351402245, -45.323352401065, -43.323349675612, -41.323350880844, -39.323351879664, -37.323352878484, -35.32335015303, -33.323351358263, -31.323350494946, -29.323351493766, -27.323350733655, -25.323351732475, -23.323350869158, -21.323351971185, -19.323351107868, -17.323350347757, -15.323351346577, -13.323351517535, -11.323351585286, -9.3233508251759, -7.3233513584616, -5.3233510122821, -3.3233511316368, -1.3233511346079, 0.67664886242098, 2.6766487430663, 4.6766488564787, 6.6766487500248, 8.6766490962044, 10.6766489833, 12.676648870396, 14.676648751041, 16.676648631686, 18.676649469202, 20.676648418779, 22.676649230492, 24.676648180069, 26.676648991783, 28.676647992963, 30.676648753074, 32.676647754254, 34.676650376501, 36.676649377681, 38.676648275655, 40.676647276835, 42.676649899082, 44.676648900263, 46.676647798236, 48.67665052369, 50.67664952487, 52.676648319637, 54.676647320817, 56.676650046271, 58.676649047451, 60.676648048632, 62.676650567672, 64.676649568853, 66.676652294306, 68.676651295486, 70.676650090254, 72.676649091434, 74.676648092614, 76.676647093794, 78.676645888561, 80.676652338289], "SmallestImagePixelValue": [0, 0, 0, 0, 1, 0, 0, 0, 5, 1, 0, 0, 2, 0, 0, 0, 0, 0, 0, 0, 0, 0, 0, 0, 1, 4, 1, 7, 0, 0, 2, 0, 1, 0, 2, 4, 0, 15, 0, 1, 0, 0, 7, 4, 5, 4, 3, 4, 4, 0, 7, 0, 0, 0, 2, 0, 0, 0, 1, 0, 1, 5, 0, 0, 0, 0, 0, 0, 0, 0, 0, 0], "WindowCenter": [-328.0, -322.0, -312.0, -296.0, -306.0, -240.0, -188.0, -188.0, -202.0, -194.0, -224.0, -198.0, -226.0, -218.0, -266.0, -230.0, -208.0, -196.0, -188.0, -234.0, -278.0, -244.0, -204.0, -182.0, -162.0, -150.0, -176.0, -170.0, -130.0, -124.0, -88.0, -72.0, -84.0, -98.0, -138.0, -242.0, -126.0, -104.0, -80.0, -122.0, -78.0, -186.0, -62.0, -174.0, -12.0, -18.0, 4.0, 12.0, -22.0, -20.0, -30.0, -24.0, -36.0, 2.0, 0.0, -22.0, -44.0, -42.0, -92.0, -94.0, -122.0, -120.0, -168.0, -246.0, -256.0, -274.0, -210.0, -244.0, -252.0, -314.0, -318.0, -312.0], "WindowWidth": [6016.0, 6048.0, 6040.0, 6006.0, 5968.0, 6066.0, 6086.0, 6138.0, 6154.0, 6206.0, 6220.0, 6216.0, 6172.0, 6110.0, 5996.0, 6028.0, 5974.0, 5914.0, 5870.0, 5726.0, 5642.0, 5690.0, 5690.0, 5604.0, 5586.0, 5578.0, 5426.0, 5328.0, 5416.0, 5400.0, 5470.0, 5470.0, 5406.0, 5384.0, 5098.0, 4602.0, 5008.0, 5106.0, 5196.0, 4826.0, 5078.0, 4562.0, 5090.0, 4560.0, 5266.0, 5206.0, 5304.0, 5352.0, 5338.0, 5324.0, 5350.0, 5388.0, 5414.0, 5518.0, 5562.0, 5550.0, 5590.0, 5708.0, 5694.0, 5718.0, 5742.0, 5796.0, 5822.0, 5852.0, 5840.0, 5926.0, 5938.0, 6014.0, 6050.0, 6094.0, 6090.0, 6182.0]}}, "IntendedFor": ["ses-imagenet02/func/sub-07_ses-imagenet02_task-imagenet_run-04_bold.nii.gz", "ses-imagenet02/func/sub-07_ses-imagenet02_task-imagenet_run-06_bold.nii.gz", "ses-imagenet02/func/sub-07_ses-imagenet02_task-imagenet_run-09_bold.nii.gz", "ses-imagenet02/func/sub-07_ses-imagenet02_task-imagenet_run-10_bold.nii.gz", "ses-imagenet02/func/sub-07_ses-imagenet02_task-imagenet_run-02_bold.nii.gz", "ses-imagenet02/func/sub-07_ses-imagenet02_task-imagenet_run-01_bold.nii.gz", "ses-imagenet02/func/sub-07_ses-imagenet02_task-imagenet_run-03_bold.nii.gz", "ses-imagenet02/func/sub-07_ses-imagenet02_task-imagenet_run-05_bold.nii.gz", "ses-imagenet02/func/sub-07_ses-imagenet02_task-imagenet_run-08_bold.nii.gz", "ses-imagenet02/func/sub-07_ses-imagenet02_task-imagenet_run-07_bold.nii.gz"]}