{
 "AcquisitionMatrixPE": 100,
 "AcquisitionNumber": 1,
 "AcquisitionTime": "15:35:57.260000",
 "BandwidthPerPixelPhaseEncode": 18.519,
 "BaseResolution": 100,
 "BodyPartExamined": "BRAIN",
 "ConsistencyInfo": "N4_VE11C_LATEST_20160120",
 "ConversionSoftware": "dcm2niix",
 "ConversionSoftwareVersion": "v1.0.20180622 GCC4.9.2",
 "DerivedVendorReportedEchoSpacing": 0.000539986,
 "DeviceSerialNumber": "166078",
 "DwellTime": 2.1e-06,
 "EchoTime": 0.034,
 "EchoTrainLength": 100,
 "EffectiveEchoSpacing": 0.000539986,
 "FlipAngle": 90,
 "ImageOrientationPatientDICOM": [
  1,
  -7.37861e-06,
  -6.87783e-05,
  2.87274e-08,
  0.994339,
  -0.106256
 ],
 "ImageType": [
  "ORIGINAL",
  "PRIMARY",
  "M",
  "ND",
  "MOSAIC"
 ],
 "InPlanePhaseEncodingDirectionDICOM": "COL",
 "InstitutionAddress": "Street_StreetNo_Bei_Jing_District_CN_ZIP",
 "InstitutionName": "BeiJing_Normal_University",
 "InstitutionalDepartmentName": "Department",
 "MRAcquisitionType": "2D",
 "MagneticFieldStrength": 3,
 "Manufacturer": "Siemens",
 "ManufacturersModelName": "Prisma",
 "Modality": "MR",
 "MultibandAccelerationFactor": 3,
 "PartialFourier": 1,
 "PatientPosition": "HFS",
 "PercentPhaseFOV": 100,
 "PhaseEncodingDirection": "j-",
 "PhaseEncodingSteps": 100,
 "PhaseResolution": 1,
 "PixelBandwidth": 2380,
 "ProcedureStepDescription": "BNU_P2018_64CH_Zhen.ZongLei",
 "ProtocolName": "bold_100x100_s3_2x2x2_retino_150",
 "PulseSequenceDetails": "%SiemensSeq%_ep2d_bold",
 "ReceiveCoilActiveElements": "HC1-7;NC1",
 "ReceiveCoilName": "HeadNeck_64",
 "ReconMatrixPE": 100,
 "RepetitionTime": 2,
 "SAR": 0.0816931,
 "ScanOptions": "FS",
 "ScanningSequence": "EP",
 "SequenceName": "_epfid2d1_100",
 "SequenceVariant": "SK",
 "SeriesDescription": "bold_100x100_s3_2x2x2_retino_150",
 "SeriesNumber": 5,
 "ShimSetting": [
  -5461,
  -11518,
  -1248,
  228,
  -37,
  -154,
  -137,
  42
 ],
 "SliceThickness": 2,
 "SliceTiming": [
  1.485,
  0,
  0.99,
  0.0825,
  1.0725,
  0.165,
  1.155,
  0.2475,
  1.2375,
  0.33,
  1.32,
  0.4125,
  1.4025,
  0.5775,
  1.5675,
  0.66,
  1.65,
  0.7425,
  1.7325,
  0.825,
  1.815,
  0.9075,
  1.8975,
  0.495,
  1.485,
  0,
  0.99,
  0.0825,
  1.0725,
  0.165,
  1.155,
  0.2475,
  1.2375,
  0.33,
  1.32,
  0.4125,
  1.4025,
  0.5775,
  1.5675,
  0.66,
  1.65,
  0.7425,
  1.7325,
  0.825,
  1.815,
  0.9075,
  1.8975,
  0.495,
  1.485,
  0,
  0.99,
  0.0825,
  1.0725,
  0.165,
  1.155,
  0.2475,
  1.2375,
  0.33,
  1.32,
  0.4125,
  1.4025,
  0.5775,
  1.5675,
  0.66,
  1.65,
  0.7425,
  1.7325,
  0.825,
  1.815,
  0.9075,
  1.8975,
  0.495
 ],
 "SoftwareVersions": "syngo_MR_E11",
 "SpacingBetweenSlices": 2,
 "StationName": "AWP166078",
 "TaskName": "prf",
 "TotalReadoutTime": 0.0534586,
 "TxRefAmp": 249.589,
 "dcmmeta_affine": [
  [
   -2.0,
   5.745484088492958e-08,
   -0.000138345843879506,
   100.02751922607422
  ],
  [
   1.4757224562345073e-05,
   1.9886776208877563,
   -0.2125122994184494,
   -81.75200653076172
  ],
  [
   -0.00013755651889368892,
   0.2125122845172882,
   1.9886776208877563,
   -79.15380096435547
  ],
  [
   0.0,
   0.0,
   0.0,
   1.0
  ]
 ],
 "dcmmeta_reorient_transform": [
  [
   0.0,
   -1.0,
   0.0,
   99.0
  ],
  [
   1.0,
   0.0,
   0.0,
   0.0
  ],
  [
   0.0,
   0.0,
   1.0,
   0.0
  ],
  [
   0.0,
   0.0,
   0.0,
   1.0
  ]
 ],
 "dcmmeta_shape": [
  100,
  100,
  72,
  150
 ],
 "dcmmeta_slice_dim": 2,
 "dcmmeta_version": 0.6,
 "global": {
  "const": {
   "AcquisitionMatrix": [
    100,
    0,
    0,
    100
   ],
   "AngioFlag": "N",
   "BitsAllocated": 16,
   "BitsStored": 12,
   "BodyPartExamined": "BRAIN",
   "Columns": 900,
   "EchoNumbers": 1,
   "EchoTime": 34.0,
   "EchoTrainLength": 100,
   "FlipAngle": 90.0,
   "HighBit": 11,
   "ImageOrientationPatient": [
    0.99999999760755,
    -7.37861208e-06,
    -6.87782609e-05,
    2.8727421e-08,
    0.9943387912732,
    -0.1062561441487
   ],
   "ImagePositionPatient": [
    -900.02754367261,
    -910.59220774297,
    26.944856316083
   ],
   "ImageType": [
    "ORIGINAL",
    "PRIMARY",
    "M",
    "ND",
    "MOSAIC"
   ],
   "ImagedNucleus": "1H",
   "ImagingFrequency": 123.257758,
   "InPlanePhaseEncodingDirection": "COL",
   "MRAcquisitionType": "2D",
   "MagneticFieldStrength": 3.0,
   "Manufacturer": "SIEMENS",
   "ManufacturerModelName": "Prisma",
   "Modality": "MR",
   "NumberOfAverages": 1.0,
   "NumberOfPhaseEncodingSteps": 100,
   "PercentPhaseFieldOfView": 100.0,
   "PercentSampling": 100.0,
   "PerformedProcedureStepStartTime": "151925.678000",
   "PhotometricInterpretation": "MONOCHROME2",
   "PixelBandwidth": 2380.0,
   "PixelRepresentation": 0,
   "PixelSpacing": [
    2.0,
    2.0
   ],
   "ProtocolName": "bold_100x100_s3_2x2x2_retino_150",
   "RepetitionTime": 2000.0,
   "Rows": 900,
   "SAR": 0.08169310377612,
   "SamplesPerPixel": 1,
   "ScanOptions": "FS",
   "ScanningSequence": "EP",
   "SequenceName": "*epfid2d1_100",
   "SequenceVariant": "SK",
   "SeriesDescription": "bold_100x100_s3_2x2x2_retino_150",
   "SeriesNumber": 5,
   "SeriesTime": "153559.711000",
   "SliceLocation": -70.025958386435,
   "SliceThickness": 2.0,
   "SmallestImagePixelValue": 0,
   "SoftwareVersions": "syngo MR E11",
   "SpacingBetweenSlices": 2.0000000766297,
   "SpecificCharacterSet": "ISO_IR 100",
   "StudyID": "1",
   "StudyTime": "151925.613000",
   "TransmitCoilName": "Body",
   "VariableFlipAngleFlag": "N",
   "WindowCenterWidthExplanation": "Algo1",
   "dBdt": 0.0
  },
