{"AcquisitionMatrixPE": 100, "AcquisitionNumber": 1, "AcquisitionTime": "09:56:24.117500", "BaseResolution": 100, "BodyPartExamined": "BRAIN", "ConsistencyInfo": "N4_VE11C_LATEST_20160120", "ConversionSoftware": "dcm2niix", "ConversionSoftwareVersion": "v1.0.20180622 GCC4.9.2", "DeviceSerialNumber": "166078", "DwellTime": 8.8e-06, "EchoNumber": 2, "EchoTime": 0.00738, "EchoTime1": 0.00492, "EchoTime2": 0.00738, "FlipAngle": 60, "ImageOrientationPatientDICOM": [1, 0, 0, 0, 0.973179, -0.23005], "ImageType": ["ORIGINAL", "PRIMARY", "P", "ND"], "InPlanePhaseEncodingDirectionDICOM": "ROW", "InstitutionAddress": "Street_StreetNo_Bei_Jing_District_CN_ZIP", "InstitutionName": "BeiJing_Normal_University", "InstitutionalDepartmentName": "Department", "MRAcquisitionType": "2D", "MagneticFieldStrength": 3, "Manufacturer": "Siemens", "ManufacturersModelName": "Prisma", "Modality": "MR", "PartialFourier": 1, "PatientPosition": "HFS", "PercentPhaseFOV": 100, "PhaseEncodingDirection": "i", "PhaseEncodingSteps": 100, "PhaseResolution": 1, "PixelBandwidth": 570, "ProcedureStepDescription": "BNU_P2018_64CH_Zhen.ZongLei", "ProtocolName": "field_mapping_2x2x2", "PulseSequenceDetails": "%SiemensSeq%_gre_field_mapping", "ReceiveCoilActiveElements": "HC1-7;NC1", "ReceiveCoilName": "HeadNeck_64", "ReconMatrixPE": 100, "RepetitionTime": 0.72, "SAR": 0.109212, "ScanningSequence": "GR", "SequenceName": "_fm2d2r", "SequenceVariant": "SP", "SeriesDescription": "field_mapping_2x2x2", "SeriesNumber": 9, "ShimSetting": [-5447, -11477, -1275, 328, 42, -124, -173, 51], "SliceThickness": 2, "SoftwareVersions": "syngo_MR_E11", "SpacingBetweenSlices": 2, "StationName": "AWP166078", "TxRefAmp": 221.315, "dcmmeta_affine": [[-2.0, 0.0, 0.0, 102.69879150390625], [0.0, 1.9463577270507812, -0.4600982666015625, -80.3730239868164], [0.0, 0.4600994884967804, 1.9463577270507812, -85.62611389160156], [0.0, 0.0, 0.0, 1.0]], "dcmmeta_reorient_transform": [[0.0, -1.0, 0.0, 99.0], [1.0, 0.0, 0.0, 0.0], [0.0, 0.0, -1.0, 71.0], [0.0, 0.0, 0.0, 1.0]], "dcmmeta_shape": [100, 100, 72], "dcmmeta_slice_dim": 2, "dcmmeta_version": 0.6, "global": {"const": {"AcquisitionMatrix": [0, 100, 100, 0], "AcquisitionNumber": 1, "AngioFlag": "N", "BitsAllocated": 16, "BitsStored": 12, "BodyPartExamined": "BRAIN", "Columns": 100, "EchoNumbers": 2, "EchoTime": 7.38, "EchoTrainLength": 0, "FlipAngle": 60.0, "HighBit": 11, "ImageOrientationPatient": [1.0, 0.0, 0.0, 0.0, 0.97317887223358, -0.2300497394873], "ImageType": ["ORIGINAL", "PRIMARY", "P", "ND"], "ImagedNucleus": "1H", "ImagingFrequency": 123.257742, "InPlanePhaseEncodingDirection": "ROW", "MRAcquisitionType": "2D", "MagneticFieldStrength": 3.0, "Manufacturer": "SIEMENS", "ManufacturerModelName": "Prisma", "Modality": "MR", "NumberOfAverages": 1.0, "NumberOfPhaseEncodingSteps": 100, "PercentPhaseFieldOfView": 100.0, "PercentSampling": 100.0, "PerformedProcedureStepStartTime": "085258.449000", "PhotometricInterpretation": "MONOCHROME2", "PixelBandwidth": 570.0, "PixelRepresentation": 0, "PixelSpacing": [2.0, 2.0], "ProtocolName": "field_mapping_2x2x2", "RepetitionTime": 720.0, "RescaleIntercept": -4096.0, "RescaleSlope": 2.0, "RescaleType": "US", "Rows": 100, "SAR": 0.10921246752751, "SamplesPerPixel": 1, "ScanningSequence": "GR", "SequenceName": "*fm2d2r", "SequenceVariant": "SP", "SeriesDescription": "field_mapping_2x2x2", "SeriesNumber": 9, "SeriesTime": "095847.538000", "SliceThickness": 2.0, "SoftwareVersions": "syngo MR E11", "SpacingBetweenSlices": 2.0, "SpecificCharacterSet": "ISO_IR 100", "StudyID": "1", "StudyTime": "085258.378000", "TransmitCoilName": "Body", "VariableFlipAngleFlag": "N", "WindowCenterWidthExplanation": "Algo1", "dBdt": 0.0}, "slices": {"AcquisitionTime": ["095624.117500", "095623.757500", "095624.127500", "095623.767500", "095624.137500", "095623.777500", "095624.147500", "095623.787500", "095624.157500", "095623.797500", "095624.167500", "095623.807500", "095624.177500", "095623.817500", "095624.187500", "095623.827500", "095624.197500", "095623.837500", "095624.207500", "095623.847500", "095624.217500", "095623.857500", "095624.227500", "095623.867500", "095624.237500", "095623.877500", "095624.247500", "095623.887500", "095624.257500", "095623.897500", "095624.267500", "095623.907500", "095624.277500", "095623.917500", "095624.287500", "095623.927500", "095624.297500", "095623.937500", "095624.307500", "095623.947500", "095624.317500", "095623.957500", "095624.327500", "095623.967500", "095624.337500", "095623.977500", "095624.347500", "095623.987500", "095624.357500", "095623.997500", "095624.367500", "095624.007500", "095624.377500", "095624.017500", "095624.387500", "095624.027500", "095624.397500", "095624.037500", "095624.407500", "095624.047500", "095624.417500", "095624.057500", "095624.427500", "095624.067500", "095624.437500", "095624.077500", "095624.447500", "095624.087500", "095624.457500", "095624.097500", "095624.467500", "095624.107500"], "ContentTime": ["095848.410000", "095847.540000", "095848.412000", "095847.543000", "095848.414000", "095847.545000", "095848.415000", "095847.547000", "095848.417000", "095847.549000", "095848.420000", "095847.551000", "095848.422000", "095847.553000", "095848.424000", "095847.555000", "095848.427000", "095847.557000", "095848.430000", "095847.565000", "095848.432000", "095847.568000", "095848.434000", "095847.570000", "095848.436000", "095847.572000", "095848.438000", "095847.574000", "095848.440000", "095847.576000", "095848.442000", "095847.578000", "095848.444000", "095847.580000", "095848.446000", "095847.582000", "095848.448000", "095847.584000", "095848.449000", "095847.586000", "095848.451000", "095847.588000", "095848.453000", "095847.590000", "095848.456000", "095847.592000", "095848.458000", "095847.594000", "095848.462000", "095847.596000", "095848.465000", "095847.598000", "095848.467000", "095847.600000", "095848.469000", "095847.602000", "095848.471000", "095847.604000", "095848.473000", "095848.396000", "095848.475000", "095848.398000", "095848.477000", "095848.401000", "095848.479000", "095848.402000", "095848.481000", "095848.404000", "095848.483000", "095848.406000", "095848.485000", "095848.408000"], "CsaImage.GSWDDataType": ["measured", "predicted", "measured", "predicted", "measured", "predicted", "measured", "predicted", "measured", "predicted", "measured", "predicted", "measured", "predicted", "measured", "predicted", "measured", "predicted", "measured", "predicted", "measured", "predicted", "measured", "predicted", "measured", "predicted", "measured", "predicted", "measured", "predicted", "measured", "predicted", "measured", "predicted", "measured", "predicted", "measured", "predicted", "measured", "predicted", "measured", "predicted", "measured", "predicted", "measured", "predicted", "measured", "predicted", "measured", "predicted", "measured", "predicted", "measured", "predicted", "measured", "predicted", "measured", "predicted", "measured", "predicted", "measured", "predicted", "measured", "predicted", "measured", "measured", "measured", "measured", "measured", "measured", "measured", "measured"], "CsaImage.ICE_Dims": ["X_2_1_1_1_1_1_37_1_1_1_1_42", "X_2_1_1_1_1_1_1_1_1_2_1_42", "X_2_1_1_1_1_1_38_1_1_3_1_42", "X_2_1_1_1_1_1_2_1_1_4_1_42", "X_2_1_1_1_1_1_39_1_1_5_1_42", "X_2_1_1_1_1_1_3_1_1_6_1_42", "X_2_1_1_1_1_1_40_1_1_7_1_42", "X_2_1_1_1_1_1_4_1_1_8_1_42", "X_2_1_1_1_1_1_41_1_1_9_1_42", "X_2_1_1_1_1_1_5_1_1_10_1_42", "X_2_1_1_1_1_1_42_1_1_11_1_42", "X_2_1_1_1_1_1_6_1_1_12_1_42", "X_2_1_1_1_1_1_43_1_1_13_1_42", "X_2_1_1_1_1_1_7_1_1_14_1_42", "X_2_1_1_1_1_1_44_1_1_15_1_42", "X_2_1_1_1_1_1_8_1_1_16_1_42", "X_2_1_1_1_1_1_45_1_1_17_1_42", "X_2_1_1_1_1_1_9_1_1_18_1_42", "X_2_1_1_1_1_1_46_1_1_19_1_42", "X_2_1_1_1_1_1_10_1_1_20_1_42", "X_2_1_1_1_1_1_47_1_1_21_1_42", "X_2_1_1_1_1_1_11_1_1_22_1_42", "X_2_1_1_1_1_1_48_1_1_23_1_42", "X_2_1_1_1_1_1_12_1_1_24_1_42", "X_2_1_1_1_1_1_49_1_1_25_1_42", "X_2_1_1_1_1_1_13_1_1_26_1_42", "X_2_1_1_1_1_1_50_1_1_27_1_42", "X_2_1_1_1_1_1_14_1_1_28_1_42", "X_2_1_1_1_1_1_51_1_1_29_1_42", "X_2_1_1_1_1_1_15_1_1_30_1_42", "X_2_1_1_1_1_1_52_1_1_31_1_42", "X_2_1_1_1_1_1_16_1_1_32_1_42", "X_2_1_1_1_1_1_53_1_1_33_1_42", "X_2_1_1_1_1_1_17_1_1_34_1_42", "X_2_1_1_1_1_1_54_1_1_35_1_42", "X_2_1_1_1_1_1_18_1_1_36_1_42", "X_2_1_1_1_1_1_55_1_1_37_1_42", "X_2_1_1_1_1_1_19_1_1_38_1_42", "X_2_1_1_1_1_1_56_1_1_39_1_42", "X_2_1_1_1_1_1_20_1_1_40_1_42", "X_2_1_1_1_1_1_57_1_1_41_1_42", "X_2_1_1_1_1_1_21_1_1_42_1_42", "X_2_1_1_1_1_1_58_1_1_43_1_42", "X_2_1_1_1_1_1_22_1_1_44_1_42", "X_2_1_1_1_1_1_59_1_1_45_1_42", "X_2_1_1_1_1_1_23_1_1_46_1_42", "X_2_1_1_1_1_1_60_1_1_47_1_42", "X_2_1_1_1_1_1_24_1_1_48_1_42", "X_2_1_1_1_1_1_61_1_1_49_1_42", "X_2_1_1_1_1_1_25_1_1_50_1_42", "X_2_1_1_1_1_1_62_1_1_51_1_42", "X_2_1_1_1_1_1_26_1_1_52_1_42", "X_2_1_1_1_1_1_63_1_1_53_1_42", "X_2_1_1_1_1_1_27_1_1_54_1_42", "X_2_1_1_1_1_1_64_1_1_55_1_42", "X_2_1_1_1_1_1_28_1_1_56_1_42", "X_2_1_1_1_1_1_65_1_1_57_1_42", "X_2_1_1_1_1_1_29_1_1_58_1_42", "X_2_1_1_1_1_1_66_1_1_59_1_42", "X_2_1_1_1_1_1_30_1_1_60_1_42", "X_2_1_1_1_1_1_67_1_1_61_1_42", "X_2_1_1_1_1_1_31_1_1_62_1_42", "X_2_1_1_1_1_1_68_1_1_63_1_42", "X_2_1_1_1_1_1_32_1_1_64_1_42", "X_2_1_1_1_1_1_69_1_1_65_1_42", "X_2_1_1_1_1_1_33_1_1_66_1_42", "X_2_1_1_1_1_1_70_1_1_67_1_42", "X_2_1_1_1_1_1_34_1_1_68_1_42", "X_2_1_1_1_1_1_71_1_1_69_1_42", "X_2_1_1_1_1_1_35_1_1_70_1_42", "X_2_1_1_1_1_1_72_1_1_71_1_42", "X_2_1_1_1_1_1_36_1_1_72_1_42"], "CsaImage.ProtocolSliceNumber": [0, 1, 2, 3, 4, 5, 6, 7, 8, 9, 10, 11, 12, 13, 14, 15, 16, 17, 18, 19, 20, 21, 22, 23, 24, 25, 26, 27, 28, 29, 30, 31, 32, 33, 34, 35, 36, 37, 38, 39, 40, 41, 42, 43, 44, 45, 46, 47, 48, 49, 50, 51, 52, 53, 54, 55, 56, 57, 58, 59, 60, 61, 62, 63, 64, 65, 66, 67, 68, 69, 70, 71], "CsaImage.RFSWDDataType": ["measured", "predicted", "measured", "predicted", "measured", "predicted", "measured", "predicted", "measured", "predicted", "measured", "predicted", "measured", "predicted", "measured", "predicted", "measured", "predicted", "measured", "predicted", "measured", "predicted", "measured", "predicted", "measured", "predicted", "measured", "predicted", "measured", "predicted", "measured", "predicted", "measured", "predicted", "measured", "predicted", "measured", "predicted", "measured", "predicted", "measured", "predicted", "measured", "predicted", "measured", "predicted", "measured", "predicted", "measured", "predicted", "measured", "predicted", "measured", "predicted", "measured", "predicted", "measured", "predicted", "measured", "predicted", "measured", "measured", "measured", "measured", "measured", "measured", "measured", "measured", "measured", "measured", "measured", "measured"], "CsaImage.SlicePosition_PCS": [[-102.69879508, -112.31647865, -40.07626766], [-102.69879508, -111.85637943, -38.12990993], [-102.69879508, -111.39628021, -36.1835522], [-102.69879508, -110.93618003, -34.23719448], [-102.69879508, -110.47608081, -32.29083675], [-102.69879508, -110.01598159, -30.34447902], [-102.69879508, -109.55588237, -28.3981213], [-102.69879508, -109.0957822, -26.45176357], [-102.69879508, -108.63568298, -24.50540584], [-102.69879508, -108.17558376, -22.55904812], [-102.69879508, -107.71548454, -20.61269039], [-102.69879508, -107.25538436, -18.66633266], [-102.69879508, -106.79528514, -16.71997493], [-102.69879508, -106.33518592, -14.77361721], [-102.69879508, -105.87508575, -12.82725948], [-102.69879508, -105.41498653, -10.88090175], [-102.69879508, -104.95488731, -8.93454403], [-102.69879508, -104.49478761, -6.9881863], [-102.69879508, -104.03468839, -5.04182857], [-102.69879508, -103.57458869, -3.09547084], [-102.69879508, -103.11448947, -1.14911312], [-102.69879508, -102.65438978, 0.79724461], [-102.69879508, -102.19429056, 2.74360234], [-102.69879508, -101.73419086, 4.68996006], [-102.69879508, -101.2740914, 6.63631779], [-102.69879508, -100.81399194, 8.58267552], [-102.69879508, -100.35389248, 10.52903324], [-102.69879508, -99.89379302, 12.47539097], [-102.69879508, -99.43369356, 14.4217487], [-102.69879508, -98.97359411, 16.36810643], [-102.69879508, -98.51349453, 18.31446415], [-102.69879508, -98.05339513, 20.26082188], [-102.69879508, -97.59329561, 22.20717967], [-102.69879508, -97.13319615, 24.15353745], [-102.69879508, -96.67309669, 26.09989506], [-102.69879508, -96.21299723, 28.04625279], [-102.69879508, -95.75289778, 29.99261051], [-102.69879508, -95.2927982, 31.93896824], [-102.69879508, -94.83269874, 33.88532597], [-102.69879508, -94.37259928, 35.8316837], [-102.69879508, -93.91249982, 37.77804142], [-102.69879508, -93.45240036, 39.72439915], [-102.69879508, -92.9923009, 41.67075688], [-102.69879508, -92.53220121, 43.6171146], [-102.69879508, -92.07210199, 45.56347233], [-102.69879508, -91.61200229, 47.50983006], [-102.69879508, -91.15190307, 49.45618779], [-102.69879508, -90.69180337, 51.40254551], [-102.69879508, -90.23170415, 53.34890324], [-102.69879508, -89.77160446, 55.29526097], [-102.69879508, -89.31150523, 57.24161869], [-102.69879508, -88.85140601, 59.18797642], [-102.69879508, -88.39130584, 61.13433415], [-102.69879508, -87.93120662, 63.08069187], [-102.69879508, -87.4711074, 65.0270496], [-102.69879508, -87.01100818, 66.97340733], [-102.69879508, -86.55090801, 68.91976506], [-102.69879508, -86.09080879, 70.86612278], [-102.69879508, -85.63070957, 72.81248051], [-102.69879508, -85.17060939, 74.75883824], [-102.69879508, -84.71051017, 76.70519596], [-102.69879508, -84.25041095, 78.65155369], [-102.69879508, -83.79031173, 80.59791142], [-102.69879508, -83.33021156, 82.54426915], [-102.69879508, -82.87011234, 84.49062687], [-102.69879508, -82.41001312, 86.4369846], [-102.69879508, -81.9499139, 88.38334614], [-102.69879508, -81.48981372, 90.32970387], [-102.69879508, -81.02971546, 92.2760616], [-102.69879508, -80.56961528, 94.22241932], [-102.69879508, -80.10951511, 96.16877705], [-102.69879508, -79.64941684, 98.11513478]], "CsaImage.TimeAfterStart": [1.0825, 0.7225, 1.0925, 0.7325, 1.1025, 0.7425, 1.1125, 0.7525, 1.1225, 0.7625, 1.1325, 0.7725, 1.1425, 0.7825, 1.1525, 0.7925, 1.1625, 0.8025, 1.1725, 0.8125, 1.1825, 0.8225, 1.1925, 0.8325, 1.2025, 0.8425, 1.2125, 0.8525, 1.2225, 0.8625, 1.2325, 0.8725, 1.2425, 0.8825, 1.2525, 0.8925, 1.2625, 0.9025, 1.2725, 0.9125, 1.2825, 0.9225, 1.2925, 0.9325, 1.3025, 0.9425, 1.3125, 0.9525, 1.3225, 0.9625, 1.3325, 0.9725, 1.3425, 0.9825, 1.3525, 0.9925, 1.3625, 1.0025, 1.3725, 1.0125, 1.3825, 1.0225, 1.3925, 1.0325, 1.4025, 1.0425, 1.4125, 1.0525, 1.4225, 1.0625, 1.4325, 1.0725], "ImagePositionPatient": [[-102.69879508018, -112.31647864639, -40.076267658934], [-102.69879508018, -111.85637942612, -38.129909931883], [-102.69879508018, -111.39628020584, -36.183552204832], [-102.69879508018, -110.93618003189, -34.237194477782], [-102.69879508018, -110.47608081161, -32.290836750731], [-102.69879508018, -110.01598159134, -30.34447902368], [-102.69879508018, -109.55588237106, -28.398121296629], [-102.69879508018, -109.09578219711, -26.451763569579], [-102.69879508018, -108.63568297684, -24.505405842528], [-102.69879508018, -108.17558375656, -22.559048115477], [-102.69879508018, -107.71548453629, -20.612690388426], [-102.69879508018, -107.25538436234, -18.666332661375], [-102.69879508018, -106.79528514206, -16.719974934325], [-102.69879508018, -106.33518592178, -14.773617207274], [-102.69879508018, -105.87508574783, -12.827259480223], [-102.69879508018, -105.41498652756, -10.880901753172], [-102.69879508018, -104.95488730728, -8.9345440261215], [-102.69879508018, -104.49478761017, -6.9881862990707], [-102.69879508018, -104.03468838989, -5.04182857202], [-102.69879508018, -103.57458869278, -3.0954708449692], [-102.69879508018, -103.1144894725, -1.1491131179184], [-102.69879508018, -102.65438977539, 0.79724460913239], [-102.69879508018, -102.19429055511, 2.7436023361832], [-102.69879508018, -101.734190858, 4.689960063234], [-102.69879508018, -101.27409139931, 6.6363177902847], [-102.69879508018, -100.81399194061, 8.5826755173355], [-102.69879508018, -100.35389248192, 10.529033244386], [-102.69879508018, -99.893793023224, 12.475390971437], [-102.69879508018, -99.433693564529, 14.421748698488], [-102.69879508018, -98.973594105835, 16.368106425539], [-102.69879508018, -98.513494527931, 18.314464152589], [-102.69879508018, -98.053395128841, 20.26082187964], [-102.69879508018, -97.593295610542, 22.207179666296], [-102.69879508018, -97.133196151848, 24.153537452951], [-102.69879508018, -96.673096693153, 26.099895060793], [-102.69879508018, -96.212997234459, 28.046252787843], [-102.69879508018, -95.752897775764, 29.992610514894], [-102.69879508018, -95.292798197861, 31.938968241945], [-102.69879508018, -94.832698739166, 33.885325968996], [-102.69879508018, -94.372599280472, 35.831683696046], [-102.69879508018, -93.912499821777, 37.778041423097], [-102.69879508018, -93.452400363083, 39.724399150148], [-102.69879508018, -92.992300904388, 41.670756877199], [-102.69879508018, -92.532201207275, 43.61711460425], [-102.69879508018, -92.072101986999, 45.5634723313], [-102.69879508018, -91.612002289886, 47.509830058351], [-102.69879508018, -91.15190306961, 49.456187785402], [-102.69879508018, -90.691803372497, 51.402545512453], [-102.69879508018, -90.231704152222, 53.348903239503], [-102.69879508018, -89.771604455108, 55.295260966554], [-102.69879508018, -89.311505234833, 57.241618693605], [-102.69879508018, -88.851406014557, 59.187976420656], [-102.69879508018, -88.391305840607, 61.134334147707], [-102.69879508018, -87.931206620331, 63.080691874757], [-102.69879508018, -87.471107400055, 65.027049601808], [-102.69879508018, -87.011008179779, 66.973407328859], [-102.69879508018, -86.550908005829, 68.91976505591], [-102.69879508018, -86.090808785553, 70.866122782961], [-102.69879508018, -85.630709565277, 72.812480510011], [-102.69879508018, -85.170609391327, 74.758838237062], [-102.69879508018, -84.710510171051, 76.705195964113], [-102.69879508018, -84.250410950775, 78.651553691164], [-102.69879508018, -83.790311730499, 80.597911418214], [-102.69879508018, -83.330211556549, 82.544269145265], [-102.69879508018, -82.870112336273, 84.490626872316], [-102.69879508018, -82.410013115997, 86.436984599367], [-102.69879508018, -81.949913895721, 88.383346141115], [-102.69879508018, -81.489813721771, 90.329703868166], [-102.69879508018, -81.02971545517, 92.276061595216], [-102.69879508018, -80.569615281219, 94.222419322267], [-102.69879508018, -80.109515107269, 96.168777049318], [-102.69879508018, -79.649416840668, 98.115134776369]], "InstanceCreationTime": ["095848.410000", "095847.540000", "095848.412000", "095847.543000", "095848.414000", "095847.545000", "095848.415000", "095847.547000", "095848.417000", "095847.549000", "095848.420000", "095847.551000", "095848.422000", "095847.553000", "095848.424000", "095847.555000", "095848.427000", "095847.557000", "095848.430000", "095847.565000", "095848.432000", "095847.568000", "095848.434000", "095847.570000", "095848.436000", "095847.572000", "095848.438000", "095847.574000", "095848.440000", "095847.576000", "095848.442000", "095847.578000", "095848.444000", "095847.580000", "095848.446000", "095847.582000", "095848.448000", "095847.584000", "095848.449000", "095847.586000", "095848.451000", "095847.588000", "095848.453000", "095847.590000", "095848.456000", "095847.592000", "095848.458000", "095847.594000", "095848.462000", "095847.596000", "095848.465000", "095847.598000", "095848.467000", "095847.600000", "095848.469000", "095847.602000", "095848.471000", "095847.604000", "095848.473000", "095848.396000", "095848.475000", "095848.398000", "095848.477000", "095848.401000", "095848.479000", "095848.402000", "095848.481000", "095848.404000", "095848.483000", "095848.406000", "095848.485000", "095848.408000"], "InstanceNumber": [1, 2, 3, 4, 5, 6, 7, 8, 9, 10, 11, 12, 13, 14, 15, 16, 17, 18, 19, 20, 21, 22, 23, 24, 25, 26, 27, 28, 29, 30, 31, 32, 33, 34, 35, 36, 37, 38, 39, 40, 41, 42, 43, 44, 45, 46, 47, 48, 49, 50, 51, 52, 53, 54, 55, 56, 57, 58, 59, 60, 61, 62, 63, 64, 65, 66, 67, 68, 69, 70, 71, 72], "LargestImagePixelValue": [4095, 4095, 4090, 4093, 4093, 4094, 4095, 4095, 4091, 4094, 4094, 4093, 4094, 4089, 4093, 4095, 4093, 4094, 4094, 4093, 4094, 4092, 4094, 4091, 4094, 4094, 4091, 4092, 4089, 4093, 4090, 4090, 4090, 4086, 4094, 4094, 4093, 4090, 4090, 4094, 4085, 4088, 4095, 4089, 4094, 4092, 4095, 4088, 4095, 4091, 4093, 4088, 4094, 4094, 4094, 4093, 4094, 4094, 4093, 4090, 4095, 4093, 4094, 4095, 4093, 4095, 4095, 4095, 4095, 4094, 4095, 4095], "SliceLocation": [-64.839753616388, -62.839753692851, -60.839753769314, -58.839753626384, -56.839753702847, -54.83975377931, -52.839753855773, -50.839753712843, -48.839753789306, -46.839753865768, -44.839753942231, -42.839753799302, -40.839753875764, -38.839753952227, -36.839753809298, -34.83975388576, -32.839753962223, -30.83975392899, -28.839754005453, -26.839753972219, -24.839754048682, -22.839754015449, -20.839754091911, -18.839754058678, -16.839754080293, -14.839754101907, -12.839754123522, -10.839754145137, -8.8397541667514, -6.8397541883661, -4.8397541825567, -2.8397542178835, -0.8397541677802, 1.1602458686111, 3.1602457309845, 5.1602457093698, 7.1602456877551, 9.1602456935644, 11.16024567195, 13.160245650335, 15.16024562872, 17.160245607106, 19.160245585491, 21.160245618724, 23.160245542262, 25.160245575495, 27.160245499032, 29.160245532266, 31.160245455803, 33.160245489036, 35.160245412573, 37.160245336111, 39.16024547904, 41.160245402577, 43.160245326115, 45.160245249652, 47.160245392581, 49.160245316119, 51.160245239656, 53.160245382586, 55.160245306123, 57.16024522966, 59.160245153197, 61.160245296127, 63.160245219664, 65.160245143201, 67.160248779121, 69.160248922051, 71.160248626195, 73.160248769125, 75.160248912055, 77.160248616199], "SmallestImagePixelValue": [0, 0, 0, 0, 0, 2, 2, 2, 0, 0, 0, 0, 0, 1, 0, 0, 0, 0, 0, 0, 3, 2, 3, 0, 2, 1, 1, 0, 0, 1, 2, 1, 0, 1, 3, 3, 1, 0, 2, 3, 0, 0, 3, 0, 0, 1, 0, 6, 4, 0, 6, 2, 1, 0, 0, 3, 0, 2, 0, 3, 1, 2, 0, 1, 0, 0, 5, 0, 0, 0, 0, 0], "WindowCenter": [-332.0, -316.0, -284.0, -262.0, -198.0, -216.0, -190.0, -204.0, -206.0, -192.0, -210.0, -246.0, -250.0, -306.0, -270.0, -218.0, -234.0, -212.0, -232.0, -256.0, -258.0, -230.0, -200.0, -194.0, -180.0, -186.0, -170.0, -134.0, -112.0, -130.0, -132.0, -126.0, -144.0, -128.0, -148.0, -186.0, -176.0, -136.0, -92.0, -222.0, -62.0, -76.0, -26.0, -18.0, -4.0, 8.0, 2.0, -12.0, -44.0, -50.0, -52.0, -46.0, -42.0, -30.0, -20.0, -22.0, -26.0, -38.0, -26.0, -30.0, -84.0, -96.0, -98.0, -102.0, -146.0, -164.0, -170.0, -242.0, -256.0, -260.0, -264.0, -288.0], "WindowWidth": [6016.0, 6092.0, 6082.0, 6116.0, 6178.0, 6160.0, 6168.0, 6152.0, 6116.0, 6138.0, 6116.0, 6154.0, 6120.0, 6044.0, 6030.0, 6008.0, 5992.0, 5952.0, 5946.0, 5898.0, 5824.0, 5824.0, 5778.0, 5666.0, 5660.0, 5602.0, 5584.0, 5612.0, 5588.0, 5466.0, 5384.0, 5430.0, 5326.0, 5360.0, 5210.0, 4940.0, 4896.0, 5080.0, 5240.0, 4590.0, 5330.0, 5120.0, 5264.0, 5244.0, 5258.0, 5334.0, 5344.0, 5336.0, 5308.0, 5314.0, 5354.0, 5416.0, 5388.0, 5512.0, 5512.0, 5592.0, 5606.0, 5650.0, 5722.0, 5784.0, 5798.0, 5876.0, 5972.0, 6008.0, 6020.0, 6006.0, 5994.0, 6002.0, 6134.0, 6226.0, 6250.0, 6240.0]}}, "IntendedFor": ["ses-imagenet03/func/sub-07_ses-imagenet03_task-imagenet_run-06_bold.nii.gz", "ses-imagenet03/func/sub-07_ses-imagenet03_task-imagenet_run-09_bold.nii.gz", "ses-imagenet03/func/sub-07_ses-imagenet03_task-imagenet_run-04_bold.nii.gz", "ses-imagenet03/func/sub-07_ses-imagenet03_task-imagenet_run-02_bold.nii.gz", "ses-imagenet03/func/sub-07_ses-imagenet03_task-imagenet_run-10_bold.nii.gz", "ses-imagenet03/func/sub-07_ses-imagenet03_task-imagenet_run-03_bold.nii.gz", "ses-imagenet03/func/sub-07_ses-imagenet03_task-imagenet_run-01_bold.nii.gz", "ses-imagenet03/func/sub-07_ses-imagenet03_task-imagenet_run-08_bold.nii.gz", "ses-imagenet03/func/sub-07_ses-imagenet03_task-imagenet_run-07_bold.nii.gz", "ses-imagenet03/func/sub-07_ses-imagenet03_task-imagenet_run-05_bold.nii.gz"]}