{"AcquisitionMatrixPE": 100, "AcquisitionNumber": 1, "AcquisitionTime": "15:46:14.387500", "BaseResolution": 100, "BodyPartExamined": "BRAIN", "ConsistencyInfo": "N4_VE11C_LATEST_20160120", "ConversionSoftware": "dcm2niix", "ConversionSoftwareVersion": "v1.0.20180622 GCC4.9.2", "DeviceSerialNumber": "166078", "DwellTime": 8.8e-06, "EchoNumber": 2, "EchoTime": 0.00738, "EchoTime1": 0.00492, "EchoTime2": 0.00738, "FlipAngle": 60, "ImageOrientationPatientDICOM": [1, 0, 0, 0, 0.966823, -0.255446], "ImageType": ["ORIGINAL", "PRIMARY", "P", "ND"], "InPlanePhaseEncodingDirectionDICOM": "ROW", "InstitutionAddress": "Street_StreetNo_Bei_Jing_District_CN_ZIP", "InstitutionName": "BeiJing_Normal_University", "InstitutionalDepartmentName": "Department", "MRAcquisitionType": "2D", "MagneticFieldStrength": 3, "Manufacturer": "Siemens", "ManufacturersModelName": "Prisma", "Modality": "MR", "PartialFourier": 1, "PatientPosition": "HFS", "PercentPhaseFOV": 100, "PhaseEncodingDirection": "i", "PhaseEncodingSteps": 100, "PhaseResolution": 1, "PixelBandwidth": 570, "ProcedureStepDescription": "BNU_P2018_64CH_Zhen.ZongLei", "ProtocolName": "field_mapping_2x2x2", "PulseSequenceDetails": "%SiemensSeq%_gre_field_mapping", "ReceiveCoilActiveElements": "HC1-7;NC1", "ReceiveCoilName": "HeadNeck_64", "ReconMatrixPE": 100, "RepetitionTime": 0.72, "SAR": 0.141781, "ScanningSequence": "GR", "SequenceName": "_fm2d2r", "SequenceVariant": "SP", "SeriesDescription": "field_mapping_2x2x2", "SeriesNumber": 9, "ShimSetting": [-5471, -11503, -1236, 217, -150, -424, -93, 13], "SliceThickness": 2, "SoftwareVersions": "syngo_MR_E11", "SpacingBetweenSlices": 2, "StationName": "AWP166078", "TxRefAmp": 247.435, "dcmmeta_affine": [[-2.0, 0.0, 0.0, 102.03389739990234], [0.0, 1.93364679813385, -0.5108909606933594, -74.67019653320312], [0.0, 0.5108914971351624, 1.9336471557617188, -95.65396118164062], [0.0, 0.0, 0.0, 1.0]], "dcmmeta_reorient_transform": [[0.0, -1.0, 0.0, 99.0], [1.0, 0.0, 0.0, 0.0], [0.0, 0.0, -1.0, 71.0], [0.0, 0.0, 0.0, 1.0]], "dcmmeta_shape": [100, 100, 72], "dcmmeta_slice_dim": 2, "dcmmeta_version": 0.6, "global": {"const": {"AcquisitionMatrix": [0, 100, 100, 0], "AcquisitionNumber": 1, "AngioFlag": "N", "BitsAllocated": 16, "BitsStored": 12, "BodyPartExamined": "BRAIN", "Columns": 100, "EchoNumbers": 2, "EchoTime": 7.38, "EchoTrainLength": 0, "FlipAngle": 60.0, "HighBit": 11, "ImageOrientationPatient": [1.0, 0.0, 0.0, 0.0, 0.96682338877572, -0.2554457572876], "ImageType": ["ORIGINAL", "PRIMARY", "P", "ND"], "ImagedNucleus": "1H", "ImagingFrequency": 123.257734, "InPlanePhaseEncodingDirection": "ROW", "MRAcquisitionType": "2D", "MagneticFieldStrength": 3.0, "Manufacturer": "SIEMENS", "ManufacturerModelName": "Prisma", "Modality": "MR", "NumberOfAverages": 1.0, "NumberOfPhaseEncodingSteps": 100, "PercentPhaseFieldOfView": 100.0, "PercentSampling": 100.0, "PerformedProcedureStepStartTime": "145716.168000", "PhotometricInterpretation": "MONOCHROME2", "PixelBandwidth": 570.0, "PixelRepresentation": 0, "PixelSpacing": [2.0, 2.0], "ProtocolName": "field_mapping_2x2x2", "RepetitionTime": 720.0, "RescaleIntercept": -4096.0, "RescaleSlope": 2.0, "RescaleType": "US", "Rows": 100, "SAR": 0.14178068628318, "SamplesPerPixel": 1, "ScanningSequence": "GR", "SequenceName": "*fm2d2r", "SequenceVariant": "SP", "SeriesDescription": "field_mapping_2x2x2", "SeriesNumber": 9, "SeriesTime": "154839.497000", "SliceThickness": 2.0, "SoftwareVersions": "syngo MR E11", "SpacingBetweenSlices": 2.0, "SpecificCharacterSet": "ISO_IR 100", "StudyID": "1", "StudyTime": "145716.108000", "TransmitCoilName": "Body", "VariableFlipAngleFlag": "N", "WindowCenterWidthExplanation": "Algo1", "dBdt": 0.0}, "slices": {"AcquisitionTime": ["154614.387500", "154614.027500", "154614.397500", "154614.037500", "154614.407500", "154614.047500", "154614.417500", "154614.057500", "154614.427500", "154614.067500", "154614.437500", "154614.077500", "154614.447500", "154614.087500", "154614.457500", "154614.097500", "154614.467500", "154614.107500", "154614.477500", "154614.117500", "154614.487500", "154614.127500", "154614.497500", "154614.137500", "154614.507500", "154614.147500", "154614.517500", "154614.157500", "154614.527500", "154614.167500", "154614.537500", "154614.177500", "154614.547500", "154614.187500", "154614.557500", "154614.197500", "154614.567500", "154614.207500", "154614.577500", "154614.217500", "154614.587500", "154614.227500", "154614.597500", "154614.237500", "154614.607500", "154614.247500", "154614.617500", "154614.257500", "154614.627500", "154614.267500", "154614.637500", "154614.277500", "154614.647500", "154614.287500", "154614.657500", "154614.297500", "154614.667500", "154614.307500", "154614.677500", "154614.317500", "154614.687500", "154614.327500", "154614.697500", "154614.337500", "154614.707500", "154614.347500", "154614.717500", "154614.357500", "154614.727500", "154614.367500", "154614.737500", "154614.377500"], "ContentTime": ["154839.567000", "154839.499000", "154839.569000", "154839.502000", "154839.571000", "154839.504000", "154839.573000", "154839.506000", "154839.575000", "154839.508000", "154839.577000", "154839.509000", "154839.579000", "154839.511000", "154839.581000", "154839.513000", "154839.583000", "154839.515000", "154839.584000", "154839.517000", "154839.586000", "154839.519000", "154839.589000", "154839.521000", "154839.591000", "154839.522000", "154839.593000", "154839.524000", "154839.594000", "154839.526000", "154839.596000", "154839.528000", "154839.598000", "154839.530000", "154839.600000", "154839.532000", "154839.602000", "154839.534000", "154839.604000", "154839.536000", "154839.606000", "154839.537000", "154839.607000", "154839.539000", "154839.609000", "154839.541000", "154839.611000", "154839.543000", "154839.613000", "154839.545000", "154839.615000", "154839.547000", "154839.617000", "154839.549000", "154839.619000", "154839.551000", "154839.621000", "154839.552000", "154839.623000", "154839.554000", "154839.626000", "154839.556000", "154839.628000", "154839.558000", "154839.630000", "154839.560000", "154839.632000", "154839.562000", "154839.634000", "154839.563000", "154839.636000", "154839.565000"], "CsaImage.GSWDDataType": ["measured", "predicted", "measured", "predicted", "measured", "predicted", "measured", "predicted", "measured", "predicted", "measured", "predicted", "measured", "predicted", "measured", "predicted", "measured", "predicted", "measured", "predicted", "measured", "predicted", "measured", "predicted", "measured", "predicted", "measured", "predicted", "measured", "predicted", "measured", "predicted", "measured", "predicted", "measured", "predicted", "measured", "predicted", "measured", "predicted", "measured", "predicted", "measured", "predicted", "measured", "predicted", "measured", "predicted", "measured", "predicted", "measured", "predicted", "measured", "predicted", "measured", "measured", "measured", "measured", "measured", "measured", "measured", "measured", "measured", "measured", "measured", "measured", "measured", "measured", "measured", "measured", "measured", "measured"], "CsaImage.ICE_Dims": ["X_2_1_1_1_1_1_37_1_1_1_1_127", "X_2_1_1_1_1_1_1_1_1_2_1_127", "X_2_1_1_1_1_1_38_1_1_3_1_127", "X_2_1_1_1_1_1_2_1_1_4_1_127", "X_2_1_1_1_1_1_39_1_1_5_1_127", "X_2_1_1_1_1_1_3_1_1_6_1_127", "X_2_1_1_1_1_1_40_1_1_7_1_127", "X_2_1_1_1_1_1_4_1_1_8_1_127", "X_2_1_1_1_1_1_41_1_1_9_1_127", "X_2_1_1_1_1_1_5_1_1_10_1_127", "X_2_1_1_1_1_1_42_1_1_11_1_127", "X_2_1_1_1_1_1_6_1_1_12_1_127", "X_2_1_1_1_1_1_43_1_1_13_1_127", "X_2_1_1_1_1_1_7_1_1_14_1_127", "X_2_1_1_1_1_1_44_1_1_15_1_127", "X_2_1_1_1_1_1_8_1_1_16_1_127", "X_2_1_1_1_1_1_45_1_1_17_1_127", "X_2_1_1_1_1_1_9_1_1_18_1_127", "X_2_1_1_1_1_1_46_1_1_19_1_127", "X_2_1_1_1_1_1_10_1_1_20_1_127", "X_2_1_1_1_1_1_47_1_1_21_1_127", "X_2_1_1_1_1_1_11_1_1_22_1_127", "X_2_1_1_1_1_1_48_1_1_23_1_127", "X_2_1_1_1_1_1_12_1_1_24_1_127", "X_2_1_1_1_1_1_49_1_1_25_1_127", "X_2_1_1_1_1_1_13_1_1_26_1_127", "X_2_1_1_1_1_1_50_1_1_27_1_127", "X_2_1_1_1_1_1_14_1_1_28_1_127", "X_2_1_1_1_1_1_51_1_1_29_1_127", "X_2_1_1_1_1_1_15_1_1_30_1_127", "X_2_1_1_1_1_1_52_1_1_31_1_127", "X_2_1_1_1_1_1_16_1_1_32_1_127", "X_2_1_1_1_1_1_53_1_1_33_1_127", "X_2_1_1_1_1_1_17_1_1_34_1_127", "X_2_1_1_1_1_1_54_1_1_35_1_127", "X_2_1_1_1_1_1_18_1_1_36_1_127", "X_2_1_1_1_1_1_55_1_1_37_1_127", "X_2_1_1_1_1_1_19_1_1_38_1_127", "X_2_1_1_1_1_1_56_1_1_39_1_127", "X_2_1_1_1_1_1_20_1_1_40_1_127", "X_2_1_1_1_1_1_57_1_1_41_1_127", "X_2_1_1_1_1_1_21_1_1_42_1_127", "X_2_1_1_1_1_1_58_1_1_43_1_127", "X_2_1_1_1_1_1_22_1_1_44_1_127", "X_2_1_1_1_1_1_59_1_1_45_1_127", "X_2_1_1_1_1_1_23_1_1_46_1_127", "X_2_1_1_1_1_1_60_1_1_47_1_127", "X_2_1_1_1_1_1_24_1_1_48_1_127", "X_2_1_1_1_1_1_61_1_1_49_1_127", "X_2_1_1_1_1_1_25_1_1_50_1_127", "X_2_1_1_1_1_1_62_1_1_51_1_127", "X_2_1_1_1_1_1_26_1_1_52_1_127", "X_2_1_1_1_1_1_63_1_1_53_1_127", "X_2_1_1_1_1_1_27_1_1_54_1_127", "X_2_1_1_1_1_1_64_1_1_55_1_127", "X_2_1_1_1_1_1_28_1_1_56_1_127", "X_2_1_1_1_1_1_65_1_1_57_1_127", "X_2_1_1_1_1_1_29_1_1_58_1_127", "X_2_1_1_1_1_1_66_1_1_59_1_127", "X_2_1_1_1_1_1_30_1_1_60_1_127", "X_2_1_1_1_1_1_67_1_1_61_1_127", "X_2_1_1_1_1_1_31_1_1_62_1_127", "X_2_1_1_1_1_1_68_1_1_63_1_127", "X_2_1_1_1_1_1_32_1_1_64_1_127", "X_2_1_1_1_1_1_69_1_1_65_1_127", "X_2_1_1_1_1_1_33_1_1_66_1_127", "X_2_1_1_1_1_1_70_1_1_67_1_127", "X_2_1_1_1_1_1_34_1_1_68_1_127", "X_2_1_1_1_1_1_71_1_1_69_1_127", "X_2_1_1_1_1_1_35_1_1_70_1_127", "X_2_1_1_1_1_1_72_1_1_71_1_127", "X_2_1_1_1_1_1_36_1_1_72_1_127"], "CsaImage.ProtocolSliceNumber": [0, 1, 2, 3, 4, 5, 6, 7, 8, 9, 10, 11, 12, 13, 14, 15, 16, 17, 18, 19, 20, 21, 22, 23, 24, 25, 26, 27, 28, 29, 30, 31, 32, 33, 34, 35, 36, 37, 38, 39, 40, 41, 42, 43, 44, 45, 46, 47, 48, 49, 50, 51, 52, 53, 54, 55, 56, 57, 58, 59, 60, 61, 62, 63, 64, 65, 66, 67, 68, 69, 70, 71], "CsaImage.RFSWDDataType": ["measured", "predicted", "measured", "predicted", "measured", "predicted", "measured", "predicted", "measured", "predicted", "measured", "predicted", "measured", "predicted", "measured", "predicted", "measured", "predicted", "measured", "predicted", "measured", "predicted", "measured", "predicted", "measured", "predicted", "measured", "predicted", "measured", "predicted", "measured", "predicted", "measured", "predicted", "measured", "predicted", "measured", "predicted", "measured", "predicted", "measured", "predicted", "measured", "predicted", "measured", "predicted", "measured", "predicted", "measured", "predicted", "measured", "measured", "measured", "measured", "measured", "measured", "measured", "measured", "measured", "measured", "measured", "measured", "measured", "measured", "measured", "measured", "measured", "measured", "measured", "measured", "measured", "measured"], "CsaImage.SlicePosition_PCS": [[-102.03389835, -116.76087586, -45.07567116], [-102.03389835, -116.2499849, -43.142024], [-102.03389835, -115.73909394, -41.20837685], [-102.03389835, -115.22820108, -39.27472969], [-102.03389835, -114.71731011, -37.34108635], [-102.03389835, -114.20641915, -35.40743919], [-102.03389835, -113.69552629, -33.47379204], [-102.03389835, -113.18463533, -31.54014488], [-102.03389835, -112.67374436, -29.60649773], [-102.03389835, -112.16285245, -27.67285057], [-102.03389835, -111.65196149, -25.73920342], [-102.03389835, -111.14106958, -23.80555626], [-102.03389835, -110.63017766, -21.8719091], [-102.03389835, -110.1192867, -19.93826195], [-102.03389835, -109.60839479, -18.00461861], [-102.03389835, -109.09750383, -16.07097145], [-102.03389835, -108.58661191, -14.1373243], [-102.03389835, -108.07572095, -12.20367714], [-102.03389835, -107.56482904, -10.27002998], [-102.03389835, -107.05393712, -8.33638283], [-102.03389835, -106.54304616, -6.40273567], [-102.03389835, -106.03215425, -4.46908852], [-102.03389835, -105.52126329, -2.53544327], [-102.03389835, -105.01037137, -0.60179611], [-102.03389835, -104.49947993, 1.33185104], [-102.03389835, -103.9885885, 3.2654982], [-102.03389835, -103.47769706, 5.19914535], [-102.03389835, -102.96680514, 7.1327906], [-102.03389835, -102.45591371, 9.06643776], [-102.03389835, -101.94502227, 11.00008491], [-102.03389835, -101.43413083, 12.93373112], [-102.03389835, -100.92323939, 14.86737827], [-102.03389835, -100.41234772, 16.80102543], [-102.03389835, -99.90145628, 18.73467163], [-102.03389835, -99.39056484, 20.66831879], [-102.03389835, -98.87967317, 22.60196546], [-102.03389835, -98.36878173, 24.53561214], [-102.03389835, -97.85789017, 26.46925894], [-102.03389835, -97.34699874, 28.40290574], [-102.03389835, -96.83610719, 30.33655266], [-102.03389835, -96.32521568, 32.27019934], [-102.03389835, -95.81432418, 34.20384602], [-102.03389835, -95.30343263, 36.13749317], [-102.03389835, -94.79254107, 38.07113937], [-102.03389835, -94.28164951, 40.00478653], [-102.03389835, -93.77075808, 41.93843368], [-102.03389835, -93.25986664, 43.87208084], [-102.03389835, -92.74897496, 45.80572609], [-102.03389835, -92.23808353, 47.73937324], [-102.03389835, -91.72719209, 49.6730204], [-102.03389835, -91.21630065, 51.60666756], [-102.03389835, -90.70540921, 53.54031471], [-102.03389835, -90.1945173, 55.47395996], [-102.03389835, -89.68362586, 57.40760712], [-102.03389835, -89.17273442, 59.34125236], [-102.03389835, -88.66184251, 61.27489952], [-102.03389835, -88.15095155, 63.20854668], [-102.03389835, -87.64005963, 65.14219383], [-102.03389835, -87.12916867, 67.07584099], [-102.03389835, -86.61827676, 69.00948814], [-102.03389835, -86.1073858, 70.9431353], [-102.03389835, -85.59649388, 72.87678245], [-102.03389835, -85.08560197, 74.81042961], [-102.03389835, -84.57471101, 76.74407677], [-102.03389835, -84.06381909, 78.67772011], [-102.03389835, -83.55292813, 80.61136726], [-102.03389835, -83.04203622, 82.54501442], [-102.03389835, -82.53114431, 84.47866157], [-102.03389835, -82.02025334, 86.41230873], [-102.03389835, -81.50936143, 88.34595589], [-102.03389835, -80.99847047, 90.27959923], [-102.03389835, -80.48757951, 92.21324638]], "CsaImage.TimeAfterStart": [1.0825, 0.7225, 1.0925, 0.7325, 1.1025, 0.7425, 1.1125, 0.7525, 1.1225, 0.7625, 1.1325, 0.7725, 1.1425, 0.7825, 1.1525, 0.7925, 1.1625, 0.8025, 1.1725, 0.8125, 1.1825, 0.8225, 1.1925, 0.8325, 1.2025, 0.8425, 1.2125, 0.8525, 1.2225, 0.8625, 1.2325, 0.8725, 1.2425, 0.8825, 1.2525, 0.8925, 1.2625, 0.9025, 1.2725, 0.9125, 1.2825, 0.9225, 1.2925, 0.9325, 1.3025, 0.9425, 1.3125, 0.9525, 1.3225, 0.9625, 1.3325, 0.9725, 1.3425, 0.9825, 1.3525, 0.9925, 1.3625, 1.0025, 1.3725, 1.0125, 1.3825, 1.0225, 1.3925, 1.0325, 1.4025, 1.0425, 1.4125, 1.0525, 1.4225, 1.0625, 1.4325, 1.0725], "ImagePositionPatient": [[-102.03389835358, -116.76087586488, -45.075671158445], [-102.03389835358, -116.24998490418, -43.142024002683], [-102.03389835358, -115.73909394349, -41.208376846922], [-102.03389835358, -115.22820107545, -39.27472969116], [-102.03389835358, -114.71731011475, -37.341086350095], [-102.03389835358, -114.20641915406, -35.407439194334], [-102.03389835358, -113.69552628602, -33.473792038572], [-102.03389835358, -113.18463532533, -31.54014488281], [-102.03389835358, -112.67374436463, -29.606497727049], [-102.03389835358, -112.16285245026, -27.672850571287], [-102.03389835358, -111.65196148957, -25.739203415525], [-102.03389835358, -111.1410695752, -23.805556259763], [-102.03389835358, -110.63017766084, -21.871909104002], [-102.03389835358, -110.11928670014, -19.93826194824], [-102.03389835358, -109.60839478578, -18.004618607176], [-102.03389835358, -109.09750382508, -16.070971451414], [-102.03389835358, -108.58661191071, -14.137324295652], [-102.03389835358, -108.07572095002, -12.20367713989], [-102.03389835358, -107.56482903565, -10.270029984129], [-102.03389835358, -107.05393712129, -8.3363828283669], [-102.03389835358, -106.54304616059, -6.4027356726052], [-102.03389835358, -106.03215424622, -4.4690885168435], [-102.03389835358, -105.52126328553, -2.5354432684304], [-102.03389835358, -105.01037137116, -0.6017961126687], [-102.03389835358, -104.49947993363, 1.3318510430931], [-102.03389835358, -103.9885884961, 3.2654981988548], [-102.03389835358, -103.47769705857, 5.1991453546165], [-102.03389835358, -102.9668051442, 7.1327906030296], [-102.03389835358, -102.45591370667, 9.0664377587913], [-102.03389835358, -101.94502226914, 11.000084914553], [-102.03389835358, -101.43413083161, 12.93373111664], [-102.03389835358, -100.92323939408, 14.867378272402], [-102.03389835358, -100.41234771813, 16.801025428164], [-102.03389835358, -99.901456280602, 18.734671630251], [-102.03389835358, -99.390564843072, 20.668318786013], [-102.03389835358, -98.879673167123, 22.601965464938], [-102.03389835358, -98.368781729592, 24.535612143862], [-102.03389835358, -97.857890172852, 26.469258941996], [-102.03389835358, -97.346998735322, 28.40290574013], [-102.03389835358, -96.836107193483, 30.336552657473], [-102.03389835358, -96.325215681447, 32.270199336397], [-102.03389835358, -95.814324184312, 34.203846015322], [-102.03389835358, -95.303432627572, 36.137493171084], [-102.03389835358, -94.792541070832, 38.071139373171], [-102.03389835358, -94.281649514092, 40.004786528933], [-102.03389835358, -93.770758076562, 41.938433684695], [-102.03389835358, -93.259866639031, 43.872080840456], [-102.03389835358, -92.748974963082, 45.805726088869], [-102.03389835358, -92.238083525552, 47.739373244631], [-102.03389835358, -91.727192088021, 49.673020400393], [-102.03389835358, -91.216300650491, 51.606667556155], [-102.03389835358, -90.70540921296, 53.540314711916], [-102.03389835358, -90.194517298593, 55.473959960329], [-102.03389835358, -89.683625861062, 57.407607116091], [-102.03389835358, -89.172734423531, 59.341252364504], [-102.03389835358, -88.661842509164, 61.274899520266], [-102.03389835358, -88.15095154847, 63.208546676028], [-102.03389835358, -87.640059634103, 65.142193831789], [-102.03389835358, -87.129168673409, 67.075840987551], [-102.03389835358, -86.618276759042, 69.009488143313], [-102.03389835358, -86.107385798348, 70.943135299074], [-102.03389835358, -85.596493883981, 72.876782454836], [-102.03389835358, -85.085601969613, 74.810429610598], [-102.03389835358, -84.57471100892, 76.74407676636], [-102.03389835358, -84.063819094552, 78.677720107424], [-102.03389835358, -83.552928133859, 80.611367263186], [-102.03389835358, -83.042036219491, 82.545014418948], [-102.03389835358, -82.531144305123, 84.478661574709], [-102.03389835358, -82.02025334443, 86.412308730471], [-102.03389835358, -81.509361430062, 88.345955886233], [-102.03389835358, -80.998470469369, 90.279599227297], [-102.03389835358, -80.487579508676, 92.213246383059]], "InstanceCreationTime": ["154839.567000", "154839.499000", "154839.569000", "154839.502000", "154839.571000", "154839.504000", "154839.573000", "154839.506000", "154839.575000", "154839.508000", "154839.577000", "154839.509000", "154839.579000", "154839.511000", "154839.581000", "154839.513000", "154839.583000", "154839.515000", "154839.584000", "154839.517000", "154839.586000", "154839.519000", "154839.589000", "154839.521000", "154839.591000", "154839.522000", "154839.593000", "154839.524000", "154839.594000", "154839.526000", "154839.596000", "154839.528000", "154839.598000", "154839.530000", "154839.600000", "154839.532000", "154839.602000", "154839.534000", "154839.604000", "154839.536000", "154839.606000", "154839.537000", "154839.607000", "154839.539000", "154839.609000", "154839.541000", "154839.611000", "154839.543000", "154839.613000", "154839.545000", "154839.615000", "154839.547000", "154839.617000", "154839.549000", "154839.619000", "154839.551000", "154839.621000", "154839.552000", "154839.623000", "154839.554000", "154839.626000", "154839.556000", "154839.628000", "154839.558000", "154839.630000", "154839.560000", "154839.632000", "154839.562000", "154839.634000", "154839.563000", "154839.636000", "154839.565000"], "InstanceNumber": [1, 2, 3, 4, 5, 6, 7, 8, 9, 10, 11, 12, 13, 14, 15, 16, 17, 18, 19, 20, 21, 22, 23, 24, 25, 26, 27, 28, 29, 30, 31, 32, 33, 34, 35, 36, 37, 38, 39, 40, 41, 42, 43, 44, 45, 46, 47, 48, 49, 50, 51, 52, 53, 54, 55, 56, 57, 58, 59, 60, 61, 62, 63, 64, 65, 66, 67, 68, 69, 70, 71, 72], "LargestImagePixelValue": [4095, 4090, 4095, 4095, 4095, 4094, 4092, 4094, 4095, 4093, 4093, 4093, 4094, 4093, 4093, 4094, 4095, 4094, 4095, 4093, 4095, 4095, 4094, 4092, 4092, 4093, 4094, 4094, 4091, 4093, 4092, 4086, 4093, 4094, 4095, 4090, 4091, 4093, 4094, 4085, 4083, 4095, 4094, 4095, 4086, 4090, 4093, 4094, 4090, 4088, 4094, 4094, 4094, 4093, 4094, 4093, 4089, 4091, 4093, 4092, 4093, 4094, 4095, 4092, 4094, 4095, 4095, 4095, 4094, 4093, 4094, 4095], "SliceLocation": [-73.406283497617, -71.406283273441, -69.406283049265, -67.406282337865, -65.406285801828, -63.406285577652, -61.406284866252, -59.406284642076, -57.406284417901, -55.406283950113, -53.406283725937, -51.406283258149, -49.406282790361, -47.406282566186, -45.406285786536, -43.40628556236, -41.406285094573, -39.406284870397, -37.406284402609, -35.406283934821, -33.406283710645, -31.406283242858, -29.406284862751, -27.406284394963, -25.406284048981, -23.406283703, -21.406283357018, -19.406284733299, -17.406284387317, -15.406284041336, -13.406284617388, -11.406284271407, -9.4062838645218, -7.4062844405746, -5.4062840945928, -3.4062841487253, -1.4062842637608, 0.59371576690951, 2.5937157671283, 4.5937159092465, 6.5937158132432, 8.5937157134335, 10.593716089867, 12.593715544265, 14.593715920699, 16.593716266681, 18.593716612662, 20.593715175478, 22.59371552146, 24.593715867442, 26.593716213423, 28.593716559405, 30.593715183124, 32.593715529106, 34.593714031018, 36.593714498806, 38.593714722982, 40.59371519077, 42.593715414945, 44.593715882733, 46.593716106909, 48.593716574697, 50.593717042485, 52.59371726666, 54.59371404631, 56.593714270486, 58.593714738273, 60.593715206061, 62.593715430237, 64.593715898025, 66.593712434062, 68.593712658238], "SmallestImagePixelValue": [2, 0, 0, 0, 0, 0, 0, 2, 0, 0, 0, 0, 0, 0, 0, 0, 0, 1, 0, 1, 1, 0, 6, 1, 2, 0, 2, 1, 0, 1, 0, 0, 4, 19, 2, 3, 0, 2, 0, 5, 2, 0, 0, 0, 1, 0, 2, 4, 3, 4, 0, 2, 4, 5, 1, 1, 0, 0, 0, 0, 0, 0, 0, 0, 0, 0, 1, 1, 0, 0, 0, 0], "WindowCenter": [-236.0, -212.0, -214.0, -218.0, -178.0, -128.0, -112.0, -94.0, -88.0, -152.0, -164.0, -174.0, -204.0, -190.0, -164.0, -226.0, -242.0, -248.0, -280.0, -308.0, -294.0, -244.0, -240.0, -248.0, -244.0, -254.0, -230.0, -208.0, -166.0, -164.0, -114.0, -64.0, -24.0, -14.0, -38.0, -46.0, -60.0, -14.0, -6.0, -20.0, -24.0, -2.0, -4.0, 8.0, -144.0, -66.0, -160.0, -184.0, -20.0, -22.0, -138.0, -10.0, -6.0, -176.0, -52.0, -30.0, -64.0, -66.0, -112.0, -104.0, -88.0, -88.0, -86.0, -72.0, -72.0, -76.0, -72.0, -90.0, -138.0, -150.0, -214.0, -234.0], "WindowWidth": [6222.0, 6254.0, 6220.0, 6266.0, 6278.0, 6336.0, 6374.0, 6386.0, 6364.0, 6428.0, 6344.0, 6324.0, 6312.0, 6260.0, 6260.0, 6176.0, 6158.0, 6140.0, 6104.0, 6012.0, 5964.0, 5950.0, 5822.0, 5710.0, 5598.0, 5502.0, 5488.0, 5454.0, 5484.0, 5302.0, 5364.0, 5432.0, 5482.0, 5394.0, 5290.0, 5192.0, 5118.0, 5356.0, 5334.0, 5244.0, 5140.0, 5240.0, 5252.0, 5244.0, 4548.0, 4940.0, 4576.0, 4580.0, 5180.0, 5092.0, 4552.0, 5216.0, 5224.0, 4586.0, 5160.0, 5360.0, 5350.0, 5406.0, 5272.0, 5426.0, 5504.0, 5510.0, 5620.0, 5768.0, 5796.0, 5850.0, 5952.0, 5960.0, 5992.0, 6024.0, 6096.0, 6132.0]}}, "IntendedFor": ["ses-imagenet01/func/sub-13_ses-imagenet01_task-imagenet_run-09_bold.nii.gz", "ses-imagenet01/func/sub-13_ses-imagenet01_task-imagenet_run-06_bold.nii.gz", "ses-imagenet01/func/sub-13_ses-imagenet01_task-imagenet_run-04_bold.nii.gz", "ses-imagenet01/func/sub-13_ses-imagenet01_task-imagenet_run-02_bold.nii.gz", "ses-imagenet01/func/sub-13_ses-imagenet01_task-imagenet_run-10_bold.nii.gz", "ses-imagenet01/func/sub-13_ses-imagenet01_task-imagenet_run-03_bold.nii.gz", "ses-imagenet01/func/sub-13_ses-imagenet01_task-imagenet_run-01_bold.nii.gz", "ses-imagenet01/func/sub-13_ses-imagenet01_task-imagenet_run-07_bold.nii.gz", "ses-imagenet01/func/sub-13_ses-imagenet01_task-imagenet_run-08_bold.nii.gz", "ses-imagenet01/func/sub-13_ses-imagenet01_task-imagenet_run-05_bold.nii.gz"]}