{"AcquisitionMatrixPE": 100, "AcquisitionNumber": 1, "AcquisitionTime": "12:00:4.125000", "BaseResolution": 100, "BodyPartExamined": "BRAIN", "ConsistencyInfo": "N4_VE11C_LATEST_20160120", "ConversionSoftware": "dcm2niix", "ConversionSoftwareVersion": "v1.0.20180622 GCC4.9.2", "DeviceSerialNumber": "166078", "DwellTime": 8.8e-06, "EchoNumber": 2, "EchoTime": 0.00738, "EchoTime1": 0.00492, "EchoTime2": 0.00738, "FlipAngle": 60, "ImageOrientationPatientDICOM": [0.998393, 0.00675556, 0.0562657, 0.00174253, 0.98874, -0.149633], "ImageType": ["ORIGINAL", "PRIMARY", "P", "ND"], "InPlanePhaseEncodingDirectionDICOM": "ROW", "InstitutionAddress": "Street_StreetNo_Bei_Jing_District_CN_ZIP", "InstitutionName": "BeiJing_Normal_University", "InstitutionalDepartmentName": "Department", "MRAcquisitionType": "2D", "MagneticFieldStrength": 3, "Manufacturer": "Siemens", "ManufacturersModelName": "Prisma", "Modality": "MR", "PartialFourier": 1, "PatientPosition": "HFS", "PercentPhaseFOV": 100, "PhaseEncodingDirection": "i", "PhaseEncodingSteps": 100, "PhaseResolution": 1, "PixelBandwidth": 570, "ProcedureStepDescription": "BNU_P2018_64CH_Zhen.ZongLei", "ProtocolName": "field_mapping_2x2x2", "PulseSequenceDetails": "%SiemensSeq%_gre_field_mapping", "ReceiveCoilActiveElements": "HC1-7;NC1", "ReceiveCoilName": "HeadNeck_64", "ReconMatrixPE": 100, "RepetitionTime": 0.72, "SAR": 0.115304, "ScanningSequence": "GR", "SequenceName": "_fm2d2r", "SequenceVariant": "SP", "SeriesDescription": "field_mapping_2x2x2", "SeriesNumber": 9, "ShimSetting": [-5452, -11487, -1283, 313, 69, -113, -156, 113], "SliceThickness": 2, "SoftwareVersions": "syngo_MR_E11", "SpacingBetweenSlices": 2, "StationName": "AWP166078", "TxRefAmp": 228.714, "dcmmeta_affine": [[-1.9967859983444214, 0.003485052613541484, 0.11328601837158203, 98.32249450683594], [-0.01351111102849245, 1.9774800539016724, -0.2989811897277832, -83.06226348876953], [0.11253142356872559, 0.2992662489414215, 1.9742813110351562, -85.9146957397461], [0.0, 0.0, 0.0, 1.0]], "dcmmeta_reorient_transform": [[0.0, -1.0, 0.0, 99.0], [1.0, 0.0, 0.0, 0.0], [0.0, 0.0, -1.0, 71.0], [0.0, 0.0, 0.0, 1.0]], "dcmmeta_shape": [100, 100, 72], "dcmmeta_slice_dim": 2, "dcmmeta_version": 0.6, "global": {"const": {"AcquisitionMatrix": [0, 100, 100, 0], "AcquisitionNumber": 1, "AngioFlag": "N", "BitsAllocated": 16, "BitsStored": 12, "BodyPartExamined": "BRAIN", "Columns": 100, "EchoNumbers": 2, "EchoTime": 7.38, "EchoTrainLength": 0, "FlipAngle": 60.0, "HighBit": 11, "ImageOrientationPatient": [0.99839297480563, 0.00675555551696, 0.05626571183604, 0.00174252632124, 0.9887400523803, -0.1496331260818], "ImageType": ["ORIGINAL", "PRIMARY", "P", "ND"], "ImagedNucleus": "1H", "ImagingFrequency": 123.257761, "InPlanePhaseEncodingDirection": "ROW", "MRAcquisitionType": "2D", "MagneticFieldStrength": 3.0, "Manufacturer": "SIEMENS", "ManufacturerModelName": "Prisma", "Modality": "MR", "NumberOfAverages": 1.0, "NumberOfPhaseEncodingSteps": 100, "PercentPhaseFieldOfView": 100.0, "PercentSampling": 100.0, "PerformedProcedureStepStartTime": "110641.103000", "PhotometricInterpretation": "MONOCHROME2", "PixelBandwidth": 570.0, "PixelRepresentation": 0, "PixelSpacing": [2.0, 2.0], "ProtocolName": "field_mapping_2x2x2", "RepetitionTime": 720.0, "RescaleIntercept": -4096.0, "RescaleSlope": 2.0, "RescaleType": "US", "Rows": 100, "SAR": 0.11530358299675, "SamplesPerPixel": 1, "ScanningSequence": "GR", "SequenceName": "*fm2d2r", "SequenceVariant": "SP", "SeriesDescription": "field_mapping_2x2x2", "SeriesNumber": 9, "SeriesTime": "120228.288000", "SliceThickness": 2.0, "SoftwareVersions": "syngo MR E11", "SpacingBetweenSlices": 2.0, "SpecificCharacterSet": "ISO_IR 100", "StudyID": "1", "StudyTime": "110641.031000", "TransmitCoilName": "Body", "VariableFlipAngleFlag": "N", "WindowCenterWidthExplanation": "Algo1", "dBdt": 0.0}, "slices": {"AcquisitionTime": ["120004.125000", "120003.765000", "120004.135000", "120003.775000", "120004.145000", "120003.785000", "120004.155000", "120003.795000", "120004.165000", "120003.805000", "120004.175000", "120003.815000", "120004.185000", "120003.825000", "120004.195000", "120003.835000", "120004.205000", "120003.845000", "120004.215000", "120003.855000", "120004.225000", "120003.865000", "120004.235000", "120003.875000", "120004.245000", "120003.885000", "120004.255000", "120003.895000", "120004.265000", "120003.905000", "120004.275000", "120003.915000", "120004.285000", "120003.925000", "120004.295000", "120003.935000", "120004.305000", "120003.945000", "120004.315000", "120003.955000", "120004.325000", "120003.965000", "120004.335000", "120003.975000", "120004.345000", "120003.985000", "120004.355000", "120003.995000", "120004.365000", "120004.005000", "120004.375000", "120004.015000", "120004.385000", "120004.025000", "120004.395000", "120004.035000", "120004.405000", "120004.045000", "120004.415000", "120004.055000", "120004.425000", "120004.065000", "120004.435000", "120004.075000", "120004.445000", "120004.085000", "120004.455000", "120004.095000", "120004.465000", "120004.105000", "120004.475000", "120004.115000"], "ContentTime": ["120228.376000", "120228.302000", "120228.378000", "120228.304000", "120228.380000", "120228.306000", "120228.383000", "120228.308000", "120228.385000", "120228.310000", "120228.387000", "120228.312000", "120228.390000", "120228.314000", "120228.392000", "120228.316000", "120228.394000", "120228.318000", "120228.396000", "120228.319000", "120228.398000", "120228.321000", "120228.400000", "120228.323000", "120228.402000", "120228.325000", "120228.403000", "120228.327000", "120228.405000", "120228.329000", "120228.408000", "120228.331000", "120228.410000", "120228.333000", "120228.412000", "120228.335000", "120228.414000", "120228.337000", "120228.416000", "120228.339000", "120228.417000", "120228.341000", "120228.419000", "120228.343000", "120228.421000", "120228.345000", "120228.423000", "120228.350000", "120228.425000", "120228.352000", "120228.427000", "120228.354000", "120228.429000", "120228.356000", "120228.432000", "120228.358000", "120228.435000", "120228.360000", "120228.437000", "120228.362000", "120228.439000", "120228.364000", "120228.441000", "120228.366000", "120228.443000", "120228.368000", "120228.445000", "120228.370000", "120228.447000", "120228.372000", "120228.449000", "120228.374000"], "CsaImage.GSWDDataType": ["predicted", "predicted", "predicted", "predicted", "predicted", "predicted", "predicted", "predicted", "predicted", "predicted", "predicted", "predicted", "predicted", "predicted", "predicted", "predicted", "predicted", "predicted", "predicted", "predicted", "predicted", "predicted", "predicted", "predicted", "predicted", "predicted", "predicted", "predicted", "predicted", "predicted", "predicted", "predicted", "predicted", "predicted", "predicted", "predicted", "measured", "predicted", "measured", "predicted", "measured", "predicted", "measured", "predicted", "measured", "predicted", "measured", "predicted", "measured", "predicted", "measured", "predicted", "measured", "predicted", "measured", "predicted", "measured", "predicted", "measured", "predicted", "measured", "predicted", "measured", "predicted", "measured", "predicted", "measured", "predicted", "measured", "predicted", "measured", "predicted"], "CsaImage.ICE_Dims": ["X_2_1_1_1_1_1_37_1_1_1_1_101", "X_2_1_1_1_1_1_1_1_1_2_1_101", "X_2_1_1_1_1_1_38_1_1_3_1_101", "X_2_1_1_1_1_1_2_1_1_4_1_101", "X_2_1_1_1_1_1_39_1_1_5_1_101", "X_2_1_1_1_1_1_3_1_1_6_1_101", "X_2_1_1_1_1_1_40_1_1_7_1_101", "X_2_1_1_1_1_1_4_1_1_8_1_101", "X_2_1_1_1_1_1_41_1_1_9_1_101", "X_2_1_1_1_1_1_5_1_1_10_1_101", "X_2_1_1_1_1_1_42_1_1_11_1_101", "X_2_1_1_1_1_1_6_1_1_12_1_101", "X_2_1_1_1_1_1_43_1_1_13_1_101", "X_2_1_1_1_1_1_7_1_1_14_1_101", "X_2_1_1_1_1_1_44_1_1_15_1_101", "X_2_1_1_1_1_1_8_1_1_16_1_101", "X_2_1_1_1_1_1_45_1_1_17_1_101", "X_2_1_1_1_1_1_9_1_1_18_1_101", "X_2_1_1_1_1_1_46_1_1_19_1_101", "X_2_1_1_1_1_1_10_1_1_20_1_101", "X_2_1_1_1_1_1_47_1_1_21_1_101", "X_2_1_1_1_1_1_11_1_1_22_1_101", "X_2_1_1_1_1_1_48_1_1_23_1_101", "X_2_1_1_1_1_1_12_1_1_24_1_101", "X_2_1_1_1_1_1_49_1_1_25_1_101", "X_2_1_1_1_1_1_13_1_1_26_1_101", "X_2_1_1_1_1_1_50_1_1_27_1_101", "X_2_1_1_1_1_1_14_1_1_28_1_101", "X_2_1_1_1_1_1_51_1_1_29_1_101", "X_2_1_1_1_1_1_15_1_1_30_1_101", "X_2_1_1_1_1_1_52_1_1_31_1_101", "X_2_1_1_1_1_1_16_1_1_32_1_101", "X_2_1_1_1_1_1_53_1_1_33_1_101", "X_2_1_1_1_1_1_17_1_1_34_1_101", "X_2_1_1_1_1_1_54_1_1_35_1_101", "X_2_1_1_1_1_1_18_1_1_36_1_101", "X_2_1_1_1_1_1_55_1_1_37_1_101", "X_2_1_1_1_1_1_19_1_1_38_1_101", "X_2_1_1_1_1_1_56_1_1_39_1_101", "X_2_1_1_1_1_1_20_1_1_40_1_101", "X_2_1_1_1_1_1_57_1_1_41_1_101", "X_2_1_1_1_1_1_21_1_1_42_1_101", "X_2_1_1_1_1_1_58_1_1_43_1_101", "X_2_1_1_1_1_1_22_1_1_44_1_101", "X_2_1_1_1_1_1_59_1_1_45_1_101", "X_2_1_1_1_1_1_23_1_1_46_1_101", "X_2_1_1_1_1_1_60_1_1_47_1_101", "X_2_1_1_1_1_1_24_1_1_48_1_101", "X_2_1_1_1_1_1_61_1_1_49_1_101", "X_2_1_1_1_1_1_25_1_1_50_1_101", "X_2_1_1_1_1_1_62_1_1_51_1_101", "X_2_1_1_1_1_1_26_1_1_52_1_101", "X_2_1_1_1_1_1_63_1_1_53_1_101", "X_2_1_1_1_1_1_27_1_1_54_1_101", "X_2_1_1_1_1_1_64_1_1_55_1_101", "X_2_1_1_1_1_1_28_1_1_56_1_101", "X_2_1_1_1_1_1_65_1_1_57_1_101", "X_2_1_1_1_1_1_29_1_1_58_1_101", "X_2_1_1_1_1_1_66_1_1_59_1_101", "X_2_1_1_1_1_1_30_1_1_60_1_101", "X_2_1_1_1_1_1_67_1_1_61_1_101", "X_2_1_1_1_1_1_31_1_1_62_1_101", "X_2_1_1_1_1_1_68_1_1_63_1_101", "X_2_1_1_1_1_1_32_1_1_64_1_101", "X_2_1_1_1_1_1_69_1_1_65_1_101", "X_2_1_1_1_1_1_33_1_1_66_1_101", "X_2_1_1_1_1_1_70_1_1_67_1_101", "X_2_1_1_1_1_1_34_1_1_68_1_101", "X_2_1_1_1_1_1_71_1_1_69_1_101", "X_2_1_1_1_1_1_35_1_1_70_1_101", "X_2_1_1_1_1_1_72_1_1_71_1_101", "X_2_1_1_1_1_1_36_1_1_72_1_101"], "CsaImage.ProtocolSliceNumber": [0, 1, 2, 3, 4, 5, 6, 7, 8, 9, 10, 11, 12, 13, 14, 15, 16, 17, 18, 19, 20, 21, 22, 23, 24, 25, 26, 27, 28, 29, 30, 31, 32, 33, 34, 35, 36, 37, 38, 39, 40, 41, 42, 43, 44, 45, 46, 47, 48, 49, 50, 51, 52, 53, 54, 55, 56, 57, 58, 59, 60, 61, 62, 63, 64, 65, 66, 67, 68, 69, 70, 71], "CsaImage.RFSWDDataType": ["measured", "predicted", "measured", "predicted", "measured", "predicted", "measured", "predicted", "measured", "predicted", "measured", "predicted", "measured", "predicted", "measured", "predicted", "measured", "predicted", "measured", "predicted", "measured", "predicted", "measured", "predicted", "measured", "predicted", "measured", "predicted", "measured", "predicted", "measured", "predicted", "measured", "predicted", "measured", "predicted", "measured", "predicted", "measured", "predicted", "measured", "predicted", "measured", "predicted", "measured", "predicted", "measured", "predicted", "measured", "predicted", "measured", "predicted", "measured", "predicted", "measured", "predicted", "measured", "predicted", "measured", "predicted", "measured", "predicted", "measured", "predicted", "measured", "predicted", "measured", "predicted", "measured", "measured", "measured", "measured"], "CsaImage.SlicePosition_PCS": [[-98.66751666, -112.70828081, -56.28715231], [-98.78080268, -112.40929914, -54.31287482], [-98.8940887, -112.11031747, -52.33859351], [-99.00737471, -111.81133676, -50.36431601], [-99.12066073, -111.51235509, -48.39003851], [-99.23394681, -111.21337343, -46.4157572], [-99.34723283, -110.91439176, -44.44147971], [-99.46051885, -110.61541105, -42.46720221], [-99.5738049, -110.31642938, -40.49292471], [-99.68709091, -110.01744771, -38.5186434], [-99.80037695, -109.71846605, -36.54436591], [-99.91366299, -109.41948534, -34.57008841], [-100.02694902, -109.12050367, -32.5958071], [-100.14023505, -108.821522, -30.6215296], [-100.25352108, -108.52254129, -28.64725211], [-100.36680711, -108.22355962, -26.67297079], [-100.48009316, -107.92457796, -24.6986933], [-100.59337921, -107.62559629, -22.7244158], [-100.70666523, -107.3266151, -20.7501364], [-100.81995125, -107.02763391, -18.77585699], [-100.93323726, -106.72865224, -16.80157759], [-101.04652328, -106.42967105, -14.82730009], [-101.1598093, -106.13068939, -12.85302069], [-101.27309532, -105.8317082, -10.87874319], [-101.38638146, -105.53272653, -8.90446379], [-101.49966748, -105.23374534, -6.93018439], [-101.61295349, -104.93476367, -4.95590594], [-101.72623951, -104.63578248, -2.98162749], [-101.83952553, -104.33680129, -1.00734904], [-101.95281155, -104.03781963, 0.96692941], [-102.06609757, -103.73883844, 2.94120834], [-102.17938359, -103.43985677, 4.91548727], [-102.2926696, -103.14087534, 6.88976595], [-102.40595562, -102.84189392, 8.86404458], [-102.51924164, -102.54291273, 10.83832333], [-102.63252766, -102.2439313, 12.81260202], [-102.74581392, -101.94494987, 14.78688047], [-102.85909993, -101.64596844, 16.7611594], [-102.97238595, -101.34698701, 18.73543832], [-103.08567197, -101.04800559, 20.70971677], [-103.19895799, -100.74902416, 22.68399522], [-103.31224401, -100.45004273, 24.65827463], [-103.42553003, -100.15106136, 26.63255212], [-103.53881604, -99.85207993, 28.60683153], [-103.65210206, -99.55309851, 30.58111093], [-103.76538808, -99.25411711, 32.55538843], [-103.8786741, -98.95513571, 34.52966783], [-103.99196012, -98.65615428, 36.50394724], [-104.10524638, -98.35717285, 38.47822473], [-104.21853239, -98.05819142, 40.45250414], [-104.33181841, -97.75920999, 42.42678354], [-104.44510443, -97.46022869, 44.40106104], [-104.55839045, -97.16124726, 46.37533853], [-104.67167647, -96.86226583, 48.34961984], [-104.78496249, -96.5632844, 50.32389734], [-104.8982485, -96.26430297, 52.29817484], [-105.01153452, -95.96532155, 54.27245615], [-105.12482054, -95.66634012, 56.24673364], [-105.23810656, -95.36735893, 58.22101114], [-105.35139258, -95.06837726, 60.19529245], [-105.4646786, -94.76939607, 62.16956995], [-105.57796461, -94.4704144, 64.14384744], [-105.69125063, -94.17143321, 66.11812875], [-105.80453665, -93.87245155, 68.09240625], [-105.91782267, -93.57347036, 70.06668375], [-106.03110869, -93.27448869, 72.04096124], [-106.14439471, -92.9755075, 74.01523874], [-106.25768072, -92.67652584, 75.98952005], [-106.37096674, -92.37754465, 77.96380136], [-106.48425276, -92.07856346, 79.93807504], [-106.59753878, -91.77958179, 81.91235635], [-106.7108248, -91.4806006, 83.88663766]], "CsaImage.TimeAfterStart": [1.0825, 0.7225, 1.0925, 0.7325, 1.1025, 0.7425, 1.1125, 0.7525, 1.1225, 0.7625, 1.1325, 0.7725, 1.1425, 0.7825, 1.1525, 0.7925, 1.1625, 0.8025, 1.1725, 0.8125, 1.1825, 0.8225, 1.1925, 0.8325, 1.2025, 0.8425, 1.2125, 0.8525, 1.2225, 0.8625, 1.2325, 0.8725, 1.2425, 0.8825, 1.2525, 0.8925, 1.2625, 0.9025, 1.2725, 0.9125, 1.2825, 0.9225, 1.2925, 0.9325, 1.3025, 0.9425, 1.3125, 0.9525, 1.3225, 0.9625, 1.3325, 0.9725, 1.3425, 0.9825, 1.3525, 0.9925, 1.3625, 1.0025, 1.3725, 1.0125, 1.3825, 1.0225, 1.3925, 1.0325, 1.4025, 1.0425, 1.4125, 1.0525, 1.4225, 1.0625, 1.4325, 1.0725], "ImagePositionPatient": [[-98.667516658746, -112.70828080621, -56.287152313216], [-98.780802677118, -112.40929913964, -54.312874816878], [-98.894088695489, -112.11031747308, -52.338593505843], [-99.007374713861, -111.81133676019, -50.364316009505], [-99.120660732232, -111.51235509362, -48.390038513167], [-99.233946810209, -111.21337342706, -46.415757202132], [-99.34723282858, -110.91439176049, -44.441479705794], [-99.460518846952, -110.6154110476, -42.467202209456], [-99.573804895126, -110.31642938104, -40.492924713118], [-99.687090913497, -110.01744771447, -38.518643402083], [-99.80037694677, -109.71846604791, -36.544365905745], [-99.913662987493, -109.41948533501, -34.570088409407], [-100.0269490189, -109.12050366845, -32.595807098372], [-100.14023504659, -108.82152200188, -30.621529602034], [-100.25352107986, -108.52254128899, -28.647252105696], [-100.36680711313, -108.22355962243, -26.672970794661], [-100.48009316131, -107.92457795586, -24.698693298323], [-100.59337920948, -107.6255962893, -22.724415801986], [-100.70666522785, -107.32661509957, -20.750136398299], [-100.81995124622, -107.02763390984, -18.775856994612], [-100.9332372646, -106.72865224328, -16.801577590926], [-101.04652328297, -106.42967105355, -14.827300094588], [-101.15980930134, -106.13068938699, -12.853020690902], [-101.27309531971, -105.83170819726, -10.878743194564], [-101.38638145729, -105.53272653069, -8.9044637908771], [-101.49966747566, -105.23374534097, -6.9301843871906], [-101.61295349404, -104.9347636744, -4.9559059371784], [-101.72623951241, -104.63578248467, -2.9816274871662], [-101.83952553078, -104.33680129494, -1.007349037154], [-101.95281154915, -104.03781962838, 0.96692941285825], [-102.06609756752, -103.73883843865, 2.9412083397076], [-102.17938358589, -103.43985677209, 4.915487266557], [-102.29266960426, -103.14087534394, 6.8897659549878], [-102.40595562264, -102.84189391579, 8.8640445838139], [-102.51924164101, -102.54291272607, 10.838323331849], [-102.63252765938, -102.24393129792, 12.81260202028], [-102.74581391617, -101.94494986977, 14.786880470292], [-102.85909993454, -101.64596844163, 16.761159397142], [-102.97238595291, -101.34698701348, 18.735438323991], [-103.08567197128, -101.04800558533, 20.709716774003], [-103.19895798966, -100.74902415719, 22.683995224015], [-103.31224400803, -100.45004272904, 24.658274627702], [-103.4255300264, -100.1510613605, 26.63255212404], [-103.53881604477, -99.852079932354, 28.606831527726], [-103.65210206314, -99.553098513521, 30.581110931413], [-103.76538808151, -99.254117105864, 32.555388427751], [-103.87867409989, -98.95513570752, 34.529667831437], [-103.99196011826, -98.656154279373, 36.503947235124], [-104.10524637505, -98.357172851227, 38.478224731462], [-104.21853239342, -98.058191423081, 40.452504135148], [-104.33181841179, -97.759209994934, 42.426783538835], [-104.44510443016, -97.460228685997, 44.401061035173], [-104.55839044853, -97.161247257851, 46.375338531511], [-104.6716764669, -96.862265829704, 48.349619842546], [-104.78496248528, -96.563284401558, 50.323897338884], [-104.89824850365, -96.264302973412, 52.298174835222], [-105.01153452202, -95.965321545265, 54.272456146257], [-105.12482054039, -95.666340117119, 56.246733642595], [-105.23810655876, -95.367358927391, 58.221011138932], [-105.35139257713, -95.068377260826, 60.195292449968], [-105.46467859551, -94.769396071098, 62.169569946306], [-105.57796461388, -94.470414404534, 64.143847442643], [-105.69125063225, -94.171433214806, 66.118128753679], [-105.80453665062, -93.872451548241, 68.092406250016], [-105.91782266899, -93.573470358513, 70.066683746354], [-106.03110868736, -93.274488691948, 72.040961242692], [-106.14439470574, -92.97550750222, 74.01523873903], [-106.25768072411, -92.676525835655, 75.989520050065], [-106.37096674248, -92.377544645928, 77.9638013611], [-106.48425276085, -92.0785634562, 79.938075042741], [-106.59753877922, -91.779581789635, 81.912356353776], [-106.71082479759, -91.480600599907, 83.886637664811]], "InstanceCreationTime": ["120228.376000", "120228.302000", "120228.378000", "120228.304000", "120228.380000", "120228.306000", "120228.383000", "120228.308000", "120228.385000", "120228.310000", "120228.387000", "120228.312000", "120228.390000", "120228.314000", "120228.392000", "120228.316000", "120228.394000", "120228.318000", "120228.396000", "120228.319000", "120228.398000", "120228.321000", "120228.400000", "120228.323000", "120228.402000", "120228.325000", "120228.403000", "120228.327000", "120228.405000", "120228.329000", "120228.408000", "120228.331000", "120228.410000", "120228.333000", "120228.412000", "120228.335000", "120228.414000", "120228.337000", "120228.416000", "120228.339000", "120228.417000", "120228.341000", "120228.419000", "120228.343000", "120228.421000", "120228.345000", "120228.423000", "120228.350000", "120228.425000", "120228.352000", "120228.427000", "120228.354000", "120228.429000", "120228.356000", "120228.432000", "120228.358000", "120228.435000", "120228.360000", "120228.437000", "120228.362000", "120228.439000", "120228.364000", "120228.441000", "120228.366000", "120228.443000", "120228.368000", "120228.445000", "120228.370000", "120228.447000", "120228.372000", "120228.449000", "120228.374000"], "InstanceNumber": [1, 2, 3, 4, 5, 6, 7, 8, 9, 10, 11, 12, 13, 14, 15, 16, 17, 18, 19, 20, 21, 22, 23, 24, 25, 26, 27, 28, 29, 30, 31, 32, 33, 34, 35, 36, 37, 38, 39, 40, 41, 42, 43, 44, 45, 46, 47, 48, 49, 50, 51, 52, 53, 54, 55, 56, 57, 58, 59, 60, 61, 62, 63, 64, 65, 66, 67, 68, 69, 70, 71, 72], "LargestImagePixelValue": [4095, 4095, 4095, 4093, 4095, 4094, 4095, 4093, 4092, 4095, 4095, 4094, 4093, 4093, 4094, 4092, 4093, 4090, 4094, 4094, 4091, 4083, 4092, 4092, 4093, 4090, 4092, 4087, 4087, 4095, 4095, 4095, 4094, 4095, 4088, 4093, 4095, 4092, 4093, 4095, 4094, 4092, 4087, 4095, 4092, 4086, 4094, 4092, 4094, 4092, 4094, 4091, 4095, 4094, 4093, 4093, 4093, 4091, 4091, 4093, 4095, 4094, 4095, 4094, 4093, 4095, 4095, 4095, 4095, 4094, 4095, 4095], "SliceLocation": [-66.823277586698, -64.823278738837, -62.823276125338, -60.823277420042, -58.823278572181, -56.823275955306, -54.823277107444, -52.823278402148, -50.823279552599, -48.8232769391, -46.823278090395, -44.823279383833, -42.823276769595, -40.823277921206, -38.823279215066, -36.823276600723, -34.823277751174, -32.823278901625, -30.823278242227, -28.82327758283, -26.823276852149, -24.823278075571, -22.823277344891, -20.823278568312, -18.82327783088, -16.823277171482, -14.823277382211, -12.823277664223, -10.823277946235, -8.8232781569647, -6.823277968272, -4.8232777082966, -2.8232777193148, -0.8232777891712, 1.1767222230073, 3.176722211989, 5.1767219791231, 7.1767222034572, 9.1767224277913, 11.176722181421, 13.17672193505, 15.176722630089, 17.176721433398, 19.176722128437, 21.176722822084, 23.176721631241, 25.176722321824, 27.176723016863, 29.176721842588, 31.176722537627, 33.176723232666, 35.176722027065, 37.176720839285, 39.176723417142, 41.176722229362, 43.176721041582, 45.17672361944, 47.17672243166, 49.176721208238, 51.176723821737, 53.176722598316, 55.176721446177, 57.176723988394, 59.176722836255, 61.176721612833, 63.176720460695, 65.176719237273, 67.176721850772, 69.176724392989, 71.17671940393, 73.176722017429, 75.176724559645], "SmallestImagePixelValue": [1, 0, 0, 0, 1, 1, 0, 0, 2, 0, 0, 0, 0, 0, 4, 6, 3, 0, 0, 1, 0, 4, 0, 6, 2, 0, 1, 0, 0, 0, 4, 1, 11, 0, 6, 2, 1, 0, 1, 0, 0, 0, 1, 1, 0, 2, 0, 10, 0, 5, 0, 1, 1, 0, 0, 0, 1, 2, 0, 0, 0, 0, 0, 0, 0, 3, 0, 0, 1, 1, 0, 0], "WindowCenter": [-264.0, -206.0, -284.0, -288.0, -318.0, -254.0, -226.0, -200.0, -208.0, -164.0, -204.0, -174.0, -242.0, -224.0, -266.0, -292.0, -252.0, -222.0, -200.0, -228.0, -234.0, -260.0, -252.0, -202.0, -186.0, -156.0, -146.0, -138.0, -146.0, -142.0, -108.0, -130.0, -128.0, -120.0, -128.0, -114.0, -104.0, -118.0, -86.0, -124.0, -78.0, -78.0, -30.0, -38.0, -48.0, -8.0, -20.0, -16.0, -8.0, -54.0, -124.0, -102.0, -128.0, -100.0, -118.0, -122.0, -120.0, -116.0, -132.0, -120.0, -150.0, -148.0, -156.0, -138.0, -126.0, -144.0, -168.0, -176.0, -210.0, -230.0, -240.0, -274.0], "WindowWidth": [6178.0, 6288.0, 6220.0, 6262.0, 6196.0, 6236.0, 6216.0, 6226.0, 6212.0, 6252.0, 6248.0, 6296.0, 6268.0, 6206.0, 6164.0, 6104.0, 6074.0, 6058.0, 6020.0, 6010.0, 5928.0, 5890.0, 5866.0, 5862.0, 5826.0, 5798.0, 5736.0, 5638.0, 5594.0, 5612.0, 5714.0, 5632.0, 5534.0, 5510.0, 5378.0, 5364.0, 5326.0, 5276.0, 5364.0, 5102.0, 5322.0, 5214.0, 5346.0, 5296.0, 5108.0, 5320.0, 5270.0, 5362.0, 5434.0, 5372.0, 5146.0, 5376.0, 5372.0, 5500.0, 5432.0, 5492.0, 5556.0, 5628.0, 5636.0, 5706.0, 5758.0, 5806.0, 5880.0, 5928.0, 5992.0, 6006.0, 6028.0, 6156.0, 6208.0, 6312.0, 6370.0, 6378.0]}}, "IntendedFor": ["ses-imagenet01/func/sub-07_ses-imagenet01_task-imagenet_run-10_bold.nii.gz", "ses-imagenet01/func/sub-07_ses-imagenet01_task-imagenet_run-02_bold.nii.gz", "ses-imagenet01/func/sub-07_ses-imagenet01_task-imagenet_run-04_bold.nii.gz", "ses-imagenet01/func/sub-07_ses-imagenet01_task-imagenet_run-09_bold.nii.gz", "ses-imagenet01/func/sub-07_ses-imagenet01_task-imagenet_run-06_bold.nii.gz", "ses-imagenet01/func/sub-07_ses-imagenet01_task-imagenet_run-05_bold.nii.gz", "ses-imagenet01/func/sub-07_ses-imagenet01_task-imagenet_run-07_bold.nii.gz", "ses-imagenet01/func/sub-07_ses-imagenet01_task-imagenet_run-08_bold.nii.gz", "ses-imagenet01/func/sub-07_ses-imagenet01_task-imagenet_run-01_bold.nii.gz", "ses-imagenet01/func/sub-07_ses-imagenet01_task-imagenet_run-03_bold.nii.gz"]}