{"AcquisitionMatrixPE": 100, "AcquisitionNumber": 1, "AcquisitionTime": "13:57:6.980000", "BaseResolution": 100, "BodyPartExamined": "BRAIN", "ConsistencyInfo": "N4_VE11C_LATEST_20160120", "ConversionSoftware": "dcm2niix", "ConversionSoftwareVersion": "v1.0.20180622 GCC4.9.2", "DeviceSerialNumber": "166078", "DwellTime": 8.8e-06, "EchoNumber": 2, "EchoTime": 0.00738, "EchoTime1": 0.00492, "EchoTime2": 0.00738, "FlipAngle": 60, "ImageOrientationPatientDICOM": [1, 0, 0, 0, 0.983571, -0.180519], "ImageType": ["ORIGINAL", "PRIMARY", "P", "ND"], "InPlanePhaseEncodingDirectionDICOM": "ROW", "InstitutionAddress": "Street_StreetNo_Bei_Jing_District_CN_ZIP", "InstitutionName": "BeiJing_Normal_University", "InstitutionalDepartmentName": "Department", "MRAcquisitionType": "2D", "MagneticFieldStrength": 3, "Manufacturer": "Siemens", "ManufacturersModelName": "Prisma", "Modality": "MR", "PartialFourier": 1, "PatientPosition": "HFS", "PercentPhaseFOV": 100, "PhaseEncodingDirection": "i", "PhaseEncodingSteps": 100, "PhaseResolution": 1, "PixelBandwidth": 570, "ProcedureStepDescription": "BNU_P2018_64CH_Zhen.ZongLei", "ProtocolName": "field_mapping_2x2x2", "PulseSequenceDetails": "%SiemensSeq%_gre_field_mapping", "ReceiveCoilActiveElements": "HC1-7;NC1", "ReceiveCoilName": "HeadNeck_64", "ReconMatrixPE": 100, "RepetitionTime": 0.72, "SAR": 0.116959, "ScanningSequence": "GR", "SequenceName": "_fm2d2r", "SequenceVariant": "SP", "SeriesDescription": "field_mapping_2x2x2", "SeriesNumber": 9, "ShimSetting": [-5477, -11529, -1274, 540, -18, -239, -165, 47], "SliceThickness": 2, "SoftwareVersions": "syngo_MR_E11", "SpacingBetweenSlices": 2, "StationName": "AWP166078", "TxRefAmp": 216.057, "dcmmeta_affine": [[-2.0, 0.0, 0.0, 106.7796630859375], [0.0, 1.967142939567566, -0.3610382080078125, -75.60704803466797], [0.0, 0.36103829741477966, 1.9671478271484375, -79.15675354003906], [0.0, 0.0, 0.0, 1.0]], "dcmmeta_reorient_transform": [[0.0, -1.0, 0.0, 99.0], [1.0, 0.0, 0.0, 0.0], [0.0, 0.0, -1.0, 71.0], [0.0, 0.0, 0.0, 1.0]], "dcmmeta_shape": [100, 100, 72], "dcmmeta_slice_dim": 2, "dcmmeta_version": 0.6, "global": {"const": {"AcquisitionMatrix": [0, 100, 100, 0], "AcquisitionNumber": 1, "AngioFlag": "N", "BitsAllocated": 16, "BitsStored": 12, "BodyPartExamined": "BRAIN", "Columns": 100, "EchoNumbers": 2, "EchoTime": 7.38, "EchoTrainLength": 0, "FlipAngle": 60.0, "HighBit": 11, "ImageOrientationPatient": [1.0, 0.0, 0.0, 0.0, 0.98357147145538, -0.1805191417526], "ImageType": ["ORIGINAL", "PRIMARY", "P", "ND"], "ImagedNucleus": "1H", "ImagingFrequency": 123.257734, "InPlanePhaseEncodingDirection": "ROW", "MRAcquisitionType": "2D", "MagneticFieldStrength": 3.0, "Manufacturer": "SIEMENS", "ManufacturerModelName": "Prisma", "Modality": "MR", "NumberOfAverages": 1.0, "NumberOfPhaseEncodingSteps": 100, "PercentPhaseFieldOfView": 100.0, "PercentSampling": 100.0, "PerformedProcedureStepStartTime": "130454.803000", "PhotometricInterpretation": "MONOCHROME2", "PixelBandwidth": 570.0, "PixelRepresentation": 0, "PixelSpacing": [2.0, 2.0], "ProtocolName": "field_mapping_2x2x2", "RepetitionTime": 720.0, "RescaleIntercept": -4096.0, "RescaleSlope": 2.0, "RescaleType": "US", "Rows": 100, "SAR": 0.11695884225276, "SamplesPerPixel": 1, "ScanningSequence": "GR", "SequenceName": "*fm2d2r", "SequenceVariant": "SP", "SeriesDescription": "field_mapping_2x2x2", "SeriesNumber": 9, "SeriesTime": "135931.934000", "SliceThickness": 2.0, "SoftwareVersions": "syngo MR E11", "SpacingBetweenSlices": 2.0, "SpecificCharacterSet": "ISO_IR 100", "StudyID": "1", "StudyTime": "130454.677000", "TransmitCoilName": "Body", "VariableFlipAngleFlag": "N", "WindowCenterWidthExplanation": "Algo1", "dBdt": 0.0}, "slices": {"AcquisitionTime": ["135706.980000", "135706.620000", "135706.990000", "135706.630000", "135707.000000", "135706.640000", "135707.010000", "135706.650000", "135707.020000", "135706.660000", "135707.030000", "135706.670000", "135707.040000", "135706.680000", "135707.050000", "135706.690000", "135707.060000", "135706.700000", "135707.070000", "135706.710000", "135707.080000", "135706.720000", "135707.090000", "135706.730000", "135707.100000", "135706.740000", "135707.110000", "135706.750000", "135707.120000", "135706.760000", "135707.130000", "135706.770000", "135707.140000", "135706.780000", "135707.150000", "135706.790000", "135707.160000", "135706.800000", "135707.170000", "135706.810000", "135707.180000", "135706.820000", "135707.190000", "135706.830000", "135707.200000", "135706.840000", "135707.210000", "135706.850000", "135707.220000", "135706.860000", "135707.230000", "135706.870000", "135707.240000", "135706.880000", "135707.250000", "135706.890000", "135707.260000", "135706.900000", "135707.270000", "135706.910000", "135707.280000", "135706.920000", "135707.290000", "135706.930000", "135707.300000", "135706.940000", "135707.310000", "135706.950000", "135707.320000", "135706.960000", "135707.330000", "135706.970000"], "ContentTime": ["135932.006000", "135931.936000", "135932.008000", "135931.938000", "135932.009000", "135931.940000", "135932.011000", "135931.942000", "135932.013000", "135931.944000", "135932.015000", "135931.946000", "135932.018000", "135931.948000", "135932.020000", "135931.950000", "135932.022000", "135931.951000", "135932.024000", "135931.953000", "135932.026000", "135931.955000", "135932.028000", "135931.957000", "135932.029000", "135931.959000", "135932.031000", "135931.961000", "135932.033000", "135931.963000", "135932.035000", "135931.965000", "135932.037000", "135931.966000", "135932.039000", "135931.968000", "135932.041000", "135931.970000", "135932.043000", "135931.972000", "135932.045000", "135931.974000", "135932.047000", "135931.976000", "135932.048000", "135931.978000", "135932.050000", "135931.980000", "135932.052000", "135931.982000", "135932.054000", "135931.984000", "135932.056000", "135931.986000", "135932.058000", "135931.988000", "135932.060000", "135931.989000", "135932.062000", "135931.992000", "135932.064000", "135931.993000", "135932.065000", "135931.995000", "135932.067000", "135931.997000", "135932.069000", "135932.000000", "135932.071000", "135932.002000", "135932.073000", "135932.004000"], "CsaImage.GSWDDataType": ["measured", "predicted", "measured", "predicted", "measured", "predicted", "measured", "predicted", "measured", "predicted", "measured", "predicted", "measured", "predicted", "measured", "predicted", "measured", "predicted", "measured", "predicted", "measured", "predicted", "measured", "predicted", "measured", "predicted", "measured", "predicted", "measured", "predicted", "measured", "predicted", "measured", "predicted", "measured", "predicted", "measured", "predicted", "measured", "predicted", "measured", "predicted", "measured", "predicted", "measured", "predicted", "measured", "predicted", "measured", "predicted", "measured", "predicted", "measured", "predicted", "measured", "predicted", "measured", "predicted", "measured", "predicted", "measured", "predicted", "measured", "predicted", "measured", "predicted", "measured", "predicted", "measured", "predicted", "measured", "measured"], "CsaImage.ICE_Dims": ["X_2_1_1_1_1_1_37_1_1_1_1_112", "X_2_1_1_1_1_1_1_1_1_2_1_112", "X_2_1_1_1_1_1_38_1_1_3_1_112", "X_2_1_1_1_1_1_2_1_1_4_1_112", "X_2_1_1_1_1_1_39_1_1_5_1_112", "X_2_1_1_1_1_1_3_1_1_6_1_112", "X_2_1_1_1_1_1_40_1_1_7_1_112", "X_2_1_1_1_1_1_4_1_1_8_1_112", "X_2_1_1_1_1_1_41_1_1_9_1_112", "X_2_1_1_1_1_1_5_1_1_10_1_112", "X_2_1_1_1_1_1_42_1_1_11_1_112", "X_2_1_1_1_1_1_6_1_1_12_1_112", "X_2_1_1_1_1_1_43_1_1_13_1_112", "X_2_1_1_1_1_1_7_1_1_14_1_112", "X_2_1_1_1_1_1_44_1_1_15_1_112", "X_2_1_1_1_1_1_8_1_1_16_1_112", "X_2_1_1_1_1_1_45_1_1_17_1_112", "X_2_1_1_1_1_1_9_1_1_18_1_112", "X_2_1_1_1_1_1_46_1_1_19_1_112", "X_2_1_1_1_1_1_10_1_1_20_1_112", "X_2_1_1_1_1_1_47_1_1_21_1_112", "X_2_1_1_1_1_1_11_1_1_22_1_112", "X_2_1_1_1_1_1_48_1_1_23_1_112", "X_2_1_1_1_1_1_12_1_1_24_1_112", "X_2_1_1_1_1_1_49_1_1_25_1_112", "X_2_1_1_1_1_1_13_1_1_26_1_112", "X_2_1_1_1_1_1_50_1_1_27_1_112", "X_2_1_1_1_1_1_14_1_1_28_1_112", "X_2_1_1_1_1_1_51_1_1_29_1_112", "X_2_1_1_1_1_1_15_1_1_30_1_112", "X_2_1_1_1_1_1_52_1_1_31_1_112", "X_2_1_1_1_1_1_16_1_1_32_1_112", "X_2_1_1_1_1_1_53_1_1_33_1_112", "X_2_1_1_1_1_1_17_1_1_34_1_112", "X_2_1_1_1_1_1_54_1_1_35_1_112", "X_2_1_1_1_1_1_18_1_1_36_1_112", "X_2_1_1_1_1_1_55_1_1_37_1_112", "X_2_1_1_1_1_1_19_1_1_38_1_112", "X_2_1_1_1_1_1_56_1_1_39_1_112", "X_2_1_1_1_1_1_20_1_1_40_1_112", "X_2_1_1_1_1_1_57_1_1_41_1_112", "X_2_1_1_1_1_1_21_1_1_42_1_112", "X_2_1_1_1_1_1_58_1_1_43_1_112", "X_2_1_1_1_1_1_22_1_1_44_1_112", "X_2_1_1_1_1_1_59_1_1_45_1_112", "X_2_1_1_1_1_1_23_1_1_46_1_112", "X_2_1_1_1_1_1_60_1_1_47_1_112", "X_2_1_1_1_1_1_24_1_1_48_1_112", "X_2_1_1_1_1_1_61_1_1_49_1_112", "X_2_1_1_1_1_1_25_1_1_50_1_112", "X_2_1_1_1_1_1_62_1_1_51_1_112", "X_2_1_1_1_1_1_26_1_1_52_1_112", "X_2_1_1_1_1_1_63_1_1_53_1_112", "X_2_1_1_1_1_1_27_1_1_54_1_112", "X_2_1_1_1_1_1_64_1_1_55_1_112", "X_2_1_1_1_1_1_28_1_1_56_1_112", "X_2_1_1_1_1_1_65_1_1_57_1_112", "X_2_1_1_1_1_1_29_1_1_58_1_112", "X_2_1_1_1_1_1_66_1_1_59_1_112", "X_2_1_1_1_1_1_30_1_1_60_1_112", "X_2_1_1_1_1_1_67_1_1_61_1_112", "X_2_1_1_1_1_1_31_1_1_62_1_112", "X_2_1_1_1_1_1_68_1_1_63_1_112", "X_2_1_1_1_1_1_32_1_1_64_1_112", "X_2_1_1_1_1_1_69_1_1_65_1_112", "X_2_1_1_1_1_1_33_1_1_66_1_112", "X_2_1_1_1_1_1_70_1_1_67_1_112", "X_2_1_1_1_1_1_34_1_1_68_1_112", "X_2_1_1_1_1_1_71_1_1_69_1_112", "X_2_1_1_1_1_1_35_1_1_70_1_112", "X_2_1_1_1_1_1_72_1_1_71_1_112", "X_2_1_1_1_1_1_36_1_1_72_1_112"], "CsaImage.ProtocolSliceNumber": [0, 1, 2, 3, 4, 5, 6, 7, 8, 9, 10, 11, 12, 13, 14, 15, 16, 17, 18, 19, 20, 21, 22, 23, 24, 25, 26, 27, 28, 29, 30, 31, 32, 33, 34, 35, 36, 37, 38, 39, 40, 41, 42, 43, 44, 45, 46, 47, 48, 49, 50, 51, 52, 53, 54, 55, 56, 57, 58, 59, 60, 61, 62, 63, 64, 65, 66, 67, 68, 69, 70, 71], "CsaImage.RFSWDDataType": ["measured", "predicted", "measured", "predicted", "measured", "predicted", "measured", "predicted", "measured", "predicted", "measured", "predicted", "measured", "predicted", "measured", "predicted", "measured", "predicted", "measured", "predicted", "measured", "predicted", "measured", "predicted", "measured", "predicted", "measured", "predicted", "measured", "predicted", "measured", "predicted", "measured", "predicted", "measured", "predicted", "measured", "predicted", "measured", "predicted", "measured", "predicted", "measured", "predicted", "measured", "predicted", "measured", "predicted", "measured", "predicted", "measured", "predicted", "measured", "predicted", "measured", "predicted", "measured", "predicted", "measured", "predicted", "measured", "predicted", "measured", "predicted", "measured", "predicted", "measured", "measured", "measured", "measured", "measured", "measured"], "CsaImage.SlicePosition_PCS": [[-106.77966118, -119.14010804, -43.41362003], [-106.77966118, -118.77906983, -41.44647984], [-106.77966118, -118.41803162, -39.47933582], [-106.77966118, -118.05699341, -37.51219181], [-106.77966118, -117.69595521, -35.54505161], [-106.77966118, -117.334917, -33.5779076], [-106.77966118, -116.97387879, -31.61076359], [-106.77966118, -116.61284058, -29.64361958], [-106.77966118, -116.25180237, -27.67647938], [-106.77966118, -115.89076417, -25.70933537], [-106.77966118, -115.52972596, -23.74219135], [-106.77966118, -115.16868775, -21.77504734], [-106.77966118, -114.80764954, -19.80790714], [-106.77966118, -114.44660943, -17.84076313], [-106.77966118, -114.08557217, -15.87361912], [-106.77966118, -113.72453396, -13.90647701], [-106.77966118, -113.36349576, -11.93933491], [-106.77966118, -113.00245755, -9.9721909], [-106.77966118, -112.64141934, -8.00504879], [-106.77966118, -112.28038018, -6.03790478], [-106.77966118, -111.91934197, -4.07076267], [-106.77966118, -111.55830376, -2.10362057], [-106.77966118, -111.19726555, -0.13647656], [-106.77966118, -110.83622735, 1.83066555], [-106.77966118, -110.47518914, 3.79780956], [-106.77966118, -110.11415093, 5.76495167], [-106.77966118, -109.75311272, 7.73209472], [-106.77966118, -109.39207451, 9.69923778], [-106.77966118, -109.03103631, 11.66638084], [-106.77966118, -108.6699981, 13.6335239], [-106.77966118, -108.30895989, 15.60066672], [-106.77966118, -107.94792073, 17.56780969], [-106.77966118, -107.58688252, 19.5349526], [-106.77966118, -107.22584431, 21.50209566], [-106.77966118, -106.8648061, 23.46923872], [-106.77966118, -106.5037679, 25.4363813], [-106.77966118, -106.14272969, 27.40352436], [-106.77966118, -105.78169148, 29.37066742], [-106.77966118, -105.42065327, 31.33781048], [-106.77966118, -105.05961459, 33.30495354], [-106.77966118, -104.69857638, 35.27209659], [-106.77966118, -104.33753817, 37.2392387], [-106.77966118, -103.97649996, 39.20638271], [-106.77966118, -103.61546176, 41.17352482], [-106.77966118, -103.25442355, 43.14066883], [-106.77966118, -102.89338486, 45.10781093], [-106.77966118, -102.53234665, 47.07495304], [-106.77966118, -102.17130845, 49.04209705], [-106.77966118, -101.81027024, 51.00923916], [-106.77966118, -101.44923203, 52.97638317], [-106.77966118, -101.08819358, 54.94352718], [-106.77966118, -100.72715538, 56.91066738], [-106.77966118, -100.36611717, 58.87781139], [-106.77966118, -100.00507872, 60.8449554], [-106.77966118, -99.64404051, 62.8120956], [-106.77966118, -99.28300219, 64.77923961], [-106.77966118, -98.92196386, 66.74638363], [-106.77966118, -98.56092559, 68.71352764], [-106.77966118, -98.19988731, 70.68066784], [-106.77966118, -97.838849, 72.64781185], [-106.77966118, -97.47781073, 74.61495586], [-106.77966118, -97.11677246, 76.58209606], [-106.77966118, -96.75573413, 78.54924007], [-106.77966118, -96.39469581, 80.51638408], [-106.77966118, -96.03365748, 82.48352428], [-106.77966118, -95.67261927, 84.45067211], [-106.77966118, -95.31158106, 86.41781231], [-106.77966118, -94.95054262, 88.38495251], [-106.77966118, -94.58950441, 90.35210033], [-106.77966118, -94.22846596, 92.31924053], [-106.77966118, -93.86742775, 94.28638073], [-106.77966118, -93.50638955, 96.25352856]], "CsaImage.TimeAfterStart": [1.0825, 0.7225, 1.0925, 0.7325, 1.1025, 0.7425, 1.1125, 0.7525, 1.1225, 0.7625, 1.1325, 0.7725, 1.1425, 0.7825, 1.1525, 0.7925, 1.1625, 0.8025, 1.1725, 0.8125, 1.1825, 0.8225, 1.1925, 0.8325, 1.2025, 0.8425, 1.2125, 0.8525, 1.2225, 0.8625, 1.2325, 0.8725, 1.2425, 0.8825, 1.2525, 0.8925, 1.2625, 0.9025, 1.2725, 0.9125, 1.2825, 0.9225, 1.2925, 0.9325, 1.3025, 0.9425, 1.3125, 0.9525, 1.3225, 0.9625, 1.3325, 0.9725, 1.3425, 0.9825, 1.3525, 0.9925, 1.3625, 1.0025, 1.3725, 1.0125, 1.3825, 1.0225, 1.3925, 1.0325, 1.4025, 1.0425, 1.4125, 1.0525, 1.4225, 1.0625, 1.4325, 1.0725], "ImagePositionPatient": [[-106.77966117859, -119.14010803726, -43.413620034944], [-106.77966117859, -118.77906982925, -41.44647983719], [-106.77966117859, -118.41803162125, -39.479335824739], [-106.77966117859, -118.05699341324, -37.512191812288], [-106.77966117859, -117.69595520523, -35.545051614534], [-106.77966117859, -117.33491699722, -33.577907602083], [-106.77966117859, -116.97387878921, -31.610763589632], [-106.77966117859, -116.61284058121, -29.64361957718], [-106.77966117859, -116.2518023732, -27.676479379427], [-106.77966117859, -115.89076416519, -25.709335366975], [-106.77966117859, -115.52972595718, -23.742191354524], [-106.77966117859, -115.16868774918, -21.775047342073], [-106.77966117859, -114.80764954117, -19.807907144319], [-106.77966117859, -114.44660942581, -17.840763131868], [-106.77966117859, -114.08557217148, -15.873619119417], [-106.77966117859, -113.72453396347, -13.906477014314], [-106.77966117859, -113.36349575546, -11.939334909212], [-106.77966117859, -113.00245754745, -9.9721908967605], [-106.77966117859, -112.64141933945, -8.0050487916579], [-106.77966117859, -112.28038017776, -6.0379047792068], [-106.77966117859, -111.91934196976, -4.0707626741042], [-106.77966117859, -111.55830376175, -2.1036205690017], [-106.77966117859, -111.19726555374, -0.1364765565505], [-106.77966117859, -110.83622734573, 1.830665548552], [-106.77966117859, -110.47518913773, 3.7978095610032], [-106.77966117859, -110.11415092972, 5.7649516661057], [-106.77966117859, -109.75311272171, 7.7320947248826], [-106.77966117859, -109.3920745137, 9.6992377836594], [-106.77966117859, -109.03103630569, 11.666380842436], [-106.77966117859, -108.66999809769, 13.633523901213], [-106.77966117859, -108.30895988968, 15.600666721571], [-106.77966117859, -107.947920728, 17.567809690941], [-106.77966117859, -107.58688251999, 19.534952600707], [-106.77966117859, -107.22584431198, 21.502095659483], [-106.77966117859, -106.86480610397, 23.46923871826], [-106.77966117859, -106.50376789597, 25.4363813002], [-106.77966117859, -106.14272968796, 27.403524358977], [-106.77966117859, -105.78169147995, 29.370667417754], [-106.77966117859, -105.42065327194, 31.337810476531], [-106.77966117859, -105.0596145871, 33.304953535307], [-106.77966117859, -104.69857637909, 35.272096594084], [-106.77966117859, -104.33753817108, 37.239238699187], [-106.77966117859, -103.97649996307, 39.206382711638], [-106.77966117859, -103.61546175507, 41.17352481674], [-106.77966117859, -103.25442354706, 43.140668829192], [-106.77966117859, -102.89338486221, 45.107810934294], [-106.77966117859, -102.53234665421, 47.074953039397], [-106.77966117859, -102.1713084462, 49.042097051848], [-106.77966117859, -101.81027023819, 51.00923915695], [-106.77966117859, -101.44923203018, 52.976383169402], [-106.77966117859, -101.08819358376, 54.943527181853], [-106.77966117859, -100.72715537575, 56.910667379607], [-106.77966117859, -100.36611716774, 58.877811392058], [-106.77966117859, -100.00507872131, 60.844955404509], [-106.77966117859, -99.644040513305, 62.812095602263], [-106.77966117859, -99.283002186088, 64.779239614714], [-106.77966117859, -98.921963858871, 66.746383627165], [-106.77966117859, -98.560925591259, 68.713527639616], [-106.77966117859, -98.199887308745, 70.68066783737], [-106.77966117859, -97.838848996429, 72.647811849822], [-106.77966117859, -97.477810728817, 74.614955862273], [-106.77966117859, -97.116772461204, 76.582096060027], [-106.77966117859, -96.755734133987, 78.549240072478], [-106.77966117859, -96.39469580677, 80.516384084929], [-106.77966117859, -96.033657479553, 82.483524282683], [-106.77966117859, -95.672619271545, 84.450672109831], [-106.77966117859, -95.311581063537, 86.417812307585], [-106.77966117859, -94.950542617111, 88.384952505339], [-106.77966117859, -94.589504409103, 90.352100332488], [-106.77966117859, -94.228465962677, 92.319240530241], [-106.77966117859, -93.867427754669, 94.286380727995], [-106.77966117859, -93.506389546661, 96.253528555144]], "InstanceCreationTime": ["135932.006000", "135931.936000", "135932.008000", "135931.938000", "135932.009000", "135931.940000", "135932.011000", "135931.942000", "135932.013000", "135931.944000", "135932.015000", "135931.946000", "135932.018000", "135931.948000", "135932.020000", "135931.950000", "135932.022000", "135931.951000", "135932.024000", "135931.953000", "135932.026000", "135931.955000", "135932.028000", "135931.957000", "135932.029000", "135931.959000", "135932.031000", "135931.961000", "135932.033000", "135931.963000", "135932.035000", "135931.965000", "135932.037000", "135931.966000", "135932.039000", "135931.968000", "135932.041000", "135931.970000", "135932.043000", "135931.972000", "135932.045000", "135931.974000", "135932.047000", "135931.976000", "135932.048000", "135931.978000", "135932.050000", "135931.980000", "135932.052000", "135931.982000", "135932.054000", "135931.984000", "135932.056000", "135931.986000", "135932.058000", "135931.988000", "135932.060000", "135931.989000", "135932.062000", "135931.992000", "135932.064000", "135931.993000", "135932.065000", "135931.995000", "135932.067000", "135931.997000", "135932.069000", "135932.000000", "135932.071000", "135932.002000", "135932.073000", "135932.004000"], "InstanceNumber": [1, 2, 3, 4, 5, 6, 7, 8, 9, 10, 11, 12, 13, 14, 15, 16, 17, 18, 19, 20, 21, 22, 23, 24, 25, 26, 27, 28, 29, 30, 31, 32, 33, 34, 35, 36, 37, 38, 39, 40, 41, 42, 43, 44, 45, 46, 47, 48, 49, 50, 51, 52, 53, 54, 55, 56, 57, 58, 59, 60, 61, 62, 63, 64, 65, 66, 67, 68, 69, 70, 71, 72], "LargestImagePixelValue": [4095, 4095, 4094, 4095, 4094, 4094, 4095, 4095, 4094, 4095, 4094, 4095, 4095, 4095, 4095, 4094, 4095, 4093, 4095, 4094, 4094, 4095, 4094, 4094, 4095, 4095, 4095, 4092, 4091, 4094, 4094, 4088, 4095, 4089, 4083, 4094, 4091, 4093, 4095, 4093, 4091, 4095, 4093, 4091, 4094, 4094, 4093, 4093, 4095, 4094, 4094, 4095, 4094, 4091, 4094, 4095, 4090, 4094, 4093, 4093, 4093, 4094, 4094, 4095, 4094, 4095, 4095, 4094, 4095, 4094, 4095, 4094], "SliceLocation": [-64.207468190174, -62.207470903861, -60.20746986552, -58.20746882718, -56.207471540866, -54.207470502526, -52.207469464185, -50.207468425844, -48.207471139531, -46.20747010119, -44.20746906285, -42.207468024509, -40.207470738196, -38.207469355542, -36.207468489358, -34.207469327031, -32.207470164704, -30.207469126363, -28.207469964036, -26.207468753539, -24.207469591212, -22.207470428885, -20.207469390544, -18.207470228217, -16.207469189876, -14.207470027549, -12.207469927215, -10.207469826882, -8.2074697265477, -6.2074696262138, -4.2074697603817, -2.2074695758295, -0.2074696220592, 1.7925304782747, 3.7925305786085, 5.792530209939, 7.7925303102728, 9.7925304106067, 11.792530510941, 13.792530697353, 15.792530797686, 17.792529960013, 19.792530998354, 21.792530160681, 23.792531199022, 25.792530447427, 27.792529609754, 29.792530648095, 31.792529810422, 33.792530848763, 35.792531930142, 37.792529216456, 39.792530254796, 41.792531336176, 43.79252862249, 45.79252968235, 47.79253074221, 49.792531791311, 51.792529091074, 53.792530148244, 55.792531197344, 57.792528494418, 59.792529554278, 61.792530614138, 63.792527921971, 65.792532712339, 67.792529998652, 69.792527328005, 71.792532118373, 73.792529447725, 75.792526734039, 77.792531524407], "SmallestImagePixelValue": [1, 0, 0, 0, 0, 0, 0, 0, 0, 0, 0, 0, 0, 1, 1, 0, 0, 0, 1, 0, 0, 0, 0, 1, 0, 1, 0, 5, 4, 7, 1, 4, 0, 7, 0, 0, 0, 3, 0, 0, 0, 0, 2, 4, 4, 0, 2, 0, 2, 0, 0, 2, 0, 0, 0, 0, 2, 1, 0, 0, 0, 0, 0, 0, 0, 0, 0, 0, 1, 0, 0, 0], "WindowCenter": [-168.0, -182.0, -266.0, -194.0, -206.0, -216.0, -202.0, -164.0, -182.0, -224.0, -230.0, -210.0, -140.0, -172.0, -192.0, -186.0, -196.0, -212.0, -210.0, -196.0, -122.0, -146.0, -204.0, -260.0, -350.0, -364.0, -430.0, -414.0, -442.0, -358.0, -432.0, -270.0, -208.0, -168.0, -132.0, -124.0, -114.0, -112.0, -92.0, -96.0, -66.0, -86.0, -64.0, -44.0, -38.0, -26.0, -40.0, -46.0, -68.0, -24.0, -28.0, -18.0, -34.0, -54.0, -222.0, -256.0, -236.0, -240.0, -266.0, -130.0, -170.0, -176.0, -154.0, -186.0, -194.0, -224.0, -262.0, -286.0, -264.0, -256.0, -310.0, -362.0], "WindowWidth": [6172.0, 6300.0, 6392.0, 6330.0, 6394.0, 6324.0, 6362.0, 6266.0, 6300.0, 6298.0, 6338.0, 6310.0, 6390.0, 6436.0, 6472.0, 6378.0, 6322.0, 6142.0, 6156.0, 6104.0, 6122.0, 6004.0, 6016.0, 5948.0, 5838.0, 5732.0, 5564.0, 5576.0, 5152.0, 5240.0, 4724.0, 5094.0, 5242.0, 5372.0, 5442.0, 5462.0, 5490.0, 5572.0, 5572.0, 5506.0, 5514.0, 5432.0, 5424.0, 5460.0, 5398.0, 5448.0, 5534.0, 5548.0, 5558.0, 5512.0, 5388.0, 5448.0, 5482.0, 5232.0, 4702.0, 4710.0, 4730.0, 4760.0, 4778.0, 5426.0, 5358.0, 5582.0, 5736.0, 5784.0, 5916.0, 5998.0, 6016.0, 6086.0, 6196.0, 6220.0, 6270.0, 6332.0]}}, "IntendedFor": ["ses-imagenet01/func/sub-18_ses-imagenet01_task-imagenet_run-05_bold.nii.gz", "ses-imagenet01/func/sub-18_ses-imagenet01_task-imagenet_run-07_bold.nii.gz", "ses-imagenet01/func/sub-18_ses-imagenet01_task-imagenet_run-08_bold.nii.gz", "ses-imagenet01/func/sub-18_ses-imagenet01_task-imagenet_run-01_bold.nii.gz", "ses-imagenet01/func/sub-18_ses-imagenet01_task-imagenet_run-03_bold.nii.gz", "ses-imagenet01/func/sub-18_ses-imagenet01_task-imagenet_run-10_bold.nii.gz", "ses-imagenet01/func/sub-18_ses-imagenet01_task-imagenet_run-02_bold.nii.gz", "ses-imagenet01/func/sub-18_ses-imagenet01_task-imagenet_run-04_bold.nii.gz", "ses-imagenet01/func/sub-18_ses-imagenet01_task-imagenet_run-09_bold.nii.gz", "ses-imagenet01/func/sub-18_ses-imagenet01_task-imagenet_run-06_bold.nii.gz"]}