{"AcquisitionMatrixPE": 100, "AcquisitionNumber": 1, "AcquisitionTime": "15:23:26.255000", "BaseResolution": 100, "BodyPartExamined": "BRAIN", "ConsistencyInfo": "N4_VE11C_LATEST_20160120", "ConversionSoftware": "dcm2niix", "ConversionSoftwareVersion": "v1.0.20180622 GCC4.9.2", "DeviceSerialNumber": "166078", "DwellTime": 8.8e-06, "EchoNumber": 2, "EchoTime": 0.00738, "EchoTime1": 0.00492, "EchoTime2": 0.00738, "FlipAngle": 60, "ImageOrientationPatientDICOM": [1, 0, 0, 0, 0.989776, -0.142629], "ImageType": ["ORIGINAL", "PRIMARY", "P", "ND"], "InPlanePhaseEncodingDirectionDICOM": "ROW", "InstitutionAddress": "Street_StreetNo_Bei_Jing_District_CN_ZIP", "InstitutionName": "BeiJing_Normal_University", "InstitutionalDepartmentName": "Department", "MRAcquisitionType": "2D", "MagneticFieldStrength": 3, "Manufacturer": "Siemens", "ManufacturersModelName": "Prisma", "Modality": "MR", "PartialFourier": 1, "PatientPosition": "HFS", "PercentPhaseFOV": 100, "PhaseEncodingDirection": "i", "PhaseEncodingSteps": 100, "PhaseResolution": 1, "PixelBandwidth": 570, "ProcedureStepDescription": "BNU_P2018_64CH_Zhen.ZongLei", "ProtocolName": "field_mapping_2x2x2", "PulseSequenceDetails": "%SiemensSeq%_gre_field_mapping", "ReceiveCoilActiveElements": "HC1-7;NC1", "ReceiveCoilName": "HeadNeck_64", "ReconMatrixPE": 100, "RepetitionTime": 0.72, "SAR": 0.135449, "ScanningSequence": "GR", "SequenceName": "_fm2d2r", "SequenceVariant": "SP", "SeriesDescription": "field_mapping_2x2x2", "SeriesNumber": 9, "ShimSetting": [-5473, -11478, -1247, 182, 26, -206, -220, 82], "SliceThickness": 2, "SoftwareVersions": "syngo_MR_E11", "SpacingBetweenSlices": 2, "StationName": "AWP166078", "TxRefAmp": 249.511, "dcmmeta_affine": [[-2.0, 0.0, 0.0, 100.0], [0.0, 1.9795525074005127, -0.28525781631469727, -82.65454864501953], [0.0, 0.28525787591934204, 1.97955322265625, -87.33614349365234], [0.0, 0.0, 0.0, 1.0]], "dcmmeta_reorient_transform": [[0.0, -1.0, 0.0, 99.0], [1.0, 0.0, 0.0, 0.0], [0.0, 0.0, -1.0, 71.0], [0.0, 0.0, 0.0, 1.0]], "dcmmeta_shape": [100, 100, 72], "dcmmeta_slice_dim": 2, "dcmmeta_version": 0.6, "global": {"const": {"AcquisitionMatrix": [0, 100, 100, 0], "AcquisitionNumber": 1, "AngioFlag": "N", "BitsAllocated": 16, "BitsStored": 12, "BodyPartExamined": "BRAIN", "Columns": 100, "EchoNumbers": 2, "EchoTime": 7.38, "EchoTrainLength": 0, "FlipAngle": 60.0, "HighBit": 11, "ImageOrientationPatient": [1.0, 0.0, 0.0, 0.0, 0.98977622936229, -0.1426289444306], "ImageType": ["ORIGINAL", "PRIMARY", "P", "ND"], "ImagedNucleus": "1H", "ImagingFrequency": 123.257781, "InPlanePhaseEncodingDirection": "ROW", "MRAcquisitionType": "2D", "MagneticFieldStrength": 3.0, "Manufacturer": "SIEMENS", "ManufacturerModelName": "Prisma", "Modality": "MR", "NumberOfAverages": 1.0, "NumberOfPhaseEncodingSteps": 100, "PercentPhaseFieldOfView": 100.0, "PercentSampling": 100.0, "PerformedProcedureStepStartTime": "143323.646000", "PhotometricInterpretation": "MONOCHROME2", "PixelBandwidth": 570.0, "PixelRepresentation": 0, "PixelSpacing": [2.0, 2.0], "ProtocolName": "field_mapping_2x2x2", "RepetitionTime": 720.0, "RescaleIntercept": -4096.0, "RescaleSlope": 2.0, "RescaleType": "US", "Rows": 100, "SAR": 0.13544949845388, "SamplesPerPixel": 1, "ScanningSequence": "GR", "SequenceName": "*fm2d2r", "SequenceVariant": "SP", "SeriesDescription": "field_mapping_2x2x2", "SeriesNumber": 9, "SeriesTime": "152550.530000", "SliceThickness": 2.0, "SoftwareVersions": "syngo MR E11", "SpacingBetweenSlices": 2.0, "SpecificCharacterSet": "ISO_IR 100", "StudyID": "1", "StudyTime": "143323.539000", "TransmitCoilName": "Body", "VariableFlipAngleFlag": "N", "WindowCenterWidthExplanation": "Algo1", "dBdt": 0.0}, "slices": {"AcquisitionTime": ["152326.255000", "152325.895000", "152326.265000", "152325.905000", "152326.275000", "152325.915000", "152326.285000", "152325.925000", "152326.295000", "152325.935000", "152326.305000", "152325.945000", "152326.315000", "152325.955000", "152326.325000", "152325.965000", "152326.335000", "152325.975000", "152326.345000", "152325.985000", "152326.355000", "152325.995000", "152326.365000", "152326.005000", "152326.375000", "152326.015000", "152326.385000", "152326.025000", "152326.395000", "152326.035000", "152326.405000", "152326.045000", "152326.415000", "152326.055000", "152326.425000", "152326.065000", "152326.435000", "152326.075000", "152326.445000", "152326.085000", "152326.455000", "152326.095000", "152326.465000", "152326.105000", "152326.475000", "152326.115000", "152326.485000", "152326.125000", "152326.495000", "152326.135000", "152326.505000", "152326.145000", "152326.515000", "152326.155000", "152326.525000", "152326.165000", "152326.535000", "152326.175000", "152326.545000", "152326.185000", "152326.555000", "152326.195000", "152326.565000", "152326.205000", "152326.575000", "152326.215000", "152326.585000", "152326.225000", "152326.595000", "152326.235000", "152326.605000", "152326.245000"], "ContentTime": ["152550.599000", "152550.532000", "152550.601000", "152550.534000", "152550.603000", "152550.536000", "152550.605000", "152550.538000", "152550.607000", "152550.540000", "152550.609000", "152550.541000", "152550.610000", "152550.543000", "152550.612000", "152550.545000", "152550.614000", "152550.547000", "152550.616000", "152550.549000", "152550.618000", "152550.551000", "152550.620000", "152550.553000", "152550.622000", "152550.555000", "152550.623000", "152550.556000", "152550.625000", "152550.558000", "152550.627000", "152550.560000", "152550.629000", "152550.562000", "152550.631000", "152550.564000", "152550.633000", "152550.566000", "152550.635000", "152550.568000", "152550.637000", "152550.570000", "152550.638000", "152550.572000", "152550.640000", "152550.573000", "152550.642000", "152550.575000", "152550.644000", "152550.577000", "152550.646000", "152550.579000", "152550.648000", "152550.581000", "152550.650000", "152550.583000", "152550.651000", "152550.585000", "152550.653000", "152550.586000", "152550.655000", "152550.588000", "152550.657000", "152550.590000", "152550.659000", "152550.592000", "152550.661000", "152550.594000", "152550.662000", "152550.596000", "152550.664000", "152550.598000"], "CsaImage.GSWDDataType": ["measured", "predicted", "measured", "predicted", "measured", "predicted", "measured", "predicted", "measured", "predicted", "measured", "predicted", "measured", "predicted", "measured", "predicted", "measured", "predicted", "measured", "predicted", "measured", "predicted", "measured", "predicted", "measured", "predicted", "measured", "predicted", "measured", "predicted", "measured", "predicted", "measured", "predicted", "measured", "predicted", "measured", "predicted", "measured", "predicted", "measured", "predicted", "measured", "predicted", "measured", "predicted", "measured", "predicted", "measured", "predicted", "measured", "predicted", "measured", "measured", "measured", "measured", "measured", "measured", "measured", "measured", "measured", "measured", "measured", "measured", "measured", "measured", "measured", "measured", "measured", "measured", "measured", "measured"], "CsaImage.ICE_Dims": ["X_2_1_1_1_1_1_37_1_1_1_1_133", "X_2_1_1_1_1_1_1_1_1_2_1_133", "X_2_1_1_1_1_1_38_1_1_3_1_133", "X_2_1_1_1_1_1_2_1_1_4_1_133", "X_2_1_1_1_1_1_39_1_1_5_1_133", "X_2_1_1_1_1_1_3_1_1_6_1_133", "X_2_1_1_1_1_1_40_1_1_7_1_133", "X_2_1_1_1_1_1_4_1_1_8_1_133", "X_2_1_1_1_1_1_41_1_1_9_1_133", "X_2_1_1_1_1_1_5_1_1_10_1_133", "X_2_1_1_1_1_1_42_1_1_11_1_133", "X_2_1_1_1_1_1_6_1_1_12_1_133", "X_2_1_1_1_1_1_43_1_1_13_1_133", "X_2_1_1_1_1_1_7_1_1_14_1_133", "X_2_1_1_1_1_1_44_1_1_15_1_133", "X_2_1_1_1_1_1_8_1_1_16_1_133", "X_2_1_1_1_1_1_45_1_1_17_1_133", "X_2_1_1_1_1_1_9_1_1_18_1_133", "X_2_1_1_1_1_1_46_1_1_19_1_133", "X_2_1_1_1_1_1_10_1_1_20_1_133", "X_2_1_1_1_1_1_47_1_1_21_1_133", "X_2_1_1_1_1_1_11_1_1_22_1_133", "X_2_1_1_1_1_1_48_1_1_23_1_133", "X_2_1_1_1_1_1_12_1_1_24_1_133", "X_2_1_1_1_1_1_49_1_1_25_1_133", "X_2_1_1_1_1_1_13_1_1_26_1_133", "X_2_1_1_1_1_1_50_1_1_27_1_133", "X_2_1_1_1_1_1_14_1_1_28_1_133", "X_2_1_1_1_1_1_51_1_1_29_1_133", "X_2_1_1_1_1_1_15_1_1_30_1_133", "X_2_1_1_1_1_1_52_1_1_31_1_133", "X_2_1_1_1_1_1_16_1_1_32_1_133", "X_2_1_1_1_1_1_53_1_1_33_1_133", "X_2_1_1_1_1_1_17_1_1_34_1_133", "X_2_1_1_1_1_1_54_1_1_35_1_133", "X_2_1_1_1_1_1_18_1_1_36_1_133", "X_2_1_1_1_1_1_55_1_1_37_1_133", "X_2_1_1_1_1_1_19_1_1_38_1_133", "X_2_1_1_1_1_1_56_1_1_39_1_133", "X_2_1_1_1_1_1_20_1_1_40_1_133", "X_2_1_1_1_1_1_57_1_1_41_1_133", "X_2_1_1_1_1_1_21_1_1_42_1_133", "X_2_1_1_1_1_1_58_1_1_43_1_133", "X_2_1_1_1_1_1_22_1_1_44_1_133", "X_2_1_1_1_1_1_59_1_1_45_1_133", "X_2_1_1_1_1_1_23_1_1_46_1_133", "X_2_1_1_1_1_1_60_1_1_47_1_133", "X_2_1_1_1_1_1_24_1_1_48_1_133", "X_2_1_1_1_1_1_61_1_1_49_1_133", "X_2_1_1_1_1_1_25_1_1_50_1_133", "X_2_1_1_1_1_1_62_1_1_51_1_133", "X_2_1_1_1_1_1_26_1_1_52_1_133", "X_2_1_1_1_1_1_63_1_1_53_1_133", "X_2_1_1_1_1_1_27_1_1_54_1_133", "X_2_1_1_1_1_1_64_1_1_55_1_133", "X_2_1_1_1_1_1_28_1_1_56_1_133", "X_2_1_1_1_1_1_65_1_1_57_1_133", "X_2_1_1_1_1_1_29_1_1_58_1_133", "X_2_1_1_1_1_1_66_1_1_59_1_133", "X_2_1_1_1_1_1_30_1_1_60_1_133", "X_2_1_1_1_1_1_67_1_1_61_1_133", "X_2_1_1_1_1_1_31_1_1_62_1_133", "X_2_1_1_1_1_1_68_1_1_63_1_133", "X_2_1_1_1_1_1_32_1_1_64_1_133", "X_2_1_1_1_1_1_69_1_1_65_1_133", "X_2_1_1_1_1_1_33_1_1_66_1_133", "X_2_1_1_1_1_1_70_1_1_67_1_133", "X_2_1_1_1_1_1_34_1_1_68_1_133", "X_2_1_1_1_1_1_71_1_1_69_1_133", "X_2_1_1_1_1_1_35_1_1_70_1_133", "X_2_1_1_1_1_1_72_1_1_71_1_133", "X_2_1_1_1_1_1_36_1_1_72_1_133"], "CsaImage.ProtocolSliceNumber": [0, 1, 2, 3, 4, 5, 6, 7, 8, 9, 10, 11, 12, 13, 14, 15, 16, 17, 18, 19, 20, 21, 22, 23, 24, 25, 26, 27, 28, 29, 30, 31, 32, 33, 34, 35, 36, 37, 38, 39, 40, 41, 42, 43, 44, 45, 46, 47, 48, 49, 50, 51, 52, 53, 54, 55, 56, 57, 58, 59, 60, 61, 62, 63, 64, 65, 66, 67, 68, 69, 70, 71], "CsaImage.RFSWDDataType": ["measured", "predicted", "measured", "predicted", "measured", "predicted", "measured", "predicted", "measured", "predicted", "measured", "predicted", "measured", "predicted", "measured", "predicted", "measured", "predicted", "measured", "predicted", "measured", "predicted", "measured", "predicted", "measured", "predicted", "measured", "predicted", "measured", "predicted", "measured", "predicted", "measured", "predicted", "measured", "predicted", "measured", "predicted", "measured", "predicted", "measured", "predicted", "measured", "predicted", "measured", "predicted", "measured", "predicted", "measured", "measured", "measured", "measured", "measured", "measured", "measured", "measured", "measured", "measured", "measured", "measured", "measured", "measured", "measured", "measured", "measured", "measured", "measured", "measured", "measured", "measured", "measured", "measured"], "CsaImage.SlicePosition_PCS": [[-100.0, -113.32114501, -59.0955574], [-100.0, -113.03588671, -57.11600418], [-100.0, -112.75062938, -55.13645095], [-100.0, -112.46537108, -53.15689773], [-100.0, -112.18011279, -51.17734451], [-100.0, -111.89485545, -49.19779129], [-100.0, -111.60959716, -47.21824188], [-100.0, -111.32433982, -45.23868866], [-100.0, -111.03908152, -43.25913543], [-100.0, -110.75382418, -41.27958221], [-100.0, -110.46856589, -39.30002899], [-100.0, -110.18330855, -37.32047958], [-100.0, -109.89805026, -35.34092636], [-100.0, -109.61279197, -33.36137314], [-100.0, -109.32753463, -31.38181991], [-100.0, -109.04227633, -29.40226669], [-100.0, -108.75701899, -27.42271728], [-100.0, -108.4717607, -25.44316406], [-100.0, -108.18650336, -23.46361084], [-100.0, -107.90124507, -21.48405761], [-100.0, -107.61598773, -19.50450439], [-100.0, -107.33072943, -17.52495308], [-100.0, -107.04547114, -15.54540176], [-100.0, -106.7602138, -13.56584854], [-100.0, -106.47495599, -11.58629532], [-100.0, -106.18969817, -9.606744], [-100.0, -105.90444035, -7.62719078], [-100.0, -105.61918206, -5.64763946], [-100.0, -105.33392424, -3.66808624], [-100.0, -105.04866643, -1.68853397], [-100.0, -104.76340861, 0.2910183], [-100.0, -104.47815079, 2.27057057], [-100.0, -104.19289298, 4.25012379], [-100.0, -103.90763516, 6.22967606], [-100.0, -103.62237735, 8.20922833], [-100.0, -103.33711953, 10.18878107], [-100.0, -103.05186124, 12.16833334], [-100.0, -102.76660366, 14.14788578], [-100.0, -102.48134584, 16.12743824], [-100.0, -102.19608779, 18.10699063], [-100.0, -101.91082997, 20.08654337], [-100.0, -101.62557215, 22.06609564], [-100.0, -101.34031434, 24.04564839], [-100.0, -101.05505628, 26.02520066], [-100.0, -100.76979859, 28.00475293], [-100.0, -100.48454065, 29.98430519], [-100.0, -100.19928283, 31.96385842], [-100.0, -99.91402496, 33.94340973], [-100.0, -99.62876708, 35.92296296], [-100.0, -99.34350921, 37.90251618], [-100.0, -99.05825133, 39.88206749], [-100.0, -98.77299346, 41.86162072], [-100.0, -98.48773558, 43.84117203], [-100.0, -98.2024777, 45.82072525], [-100.0, -97.91721983, 47.80027848], [-100.0, -97.63196201, 49.7798317], [-100.0, -97.34670408, 51.75938111], [-100.0, -97.06144626, 53.73893433], [-100.0, -96.77618832, 55.71848755], [-100.0, -96.49093051, 57.69804077], [-100.0, -96.20567269, 59.677594], [-100.0, -95.92041488, 61.65714341], [-100.0, -95.63515682, 63.63669663], [-100.0, -95.349899, 65.61624985], [-100.0, -95.06464119, 67.59580307], [-100.0, -94.77938313, 69.5753563], [-100.0, -94.49412532, 71.5549057], [-100.0, -94.2088675, 73.53445893], [-100.0, -93.92360968, 75.51401215], [-100.0, -93.63835187, 77.49356537], [-100.0, -93.35309405, 79.47311478], [-100.0, -93.06783624, 81.452668]], "CsaImage.TimeAfterStart": [1.0825, 0.7225, 1.0925, 0.7325, 1.1025, 0.7425, 1.1125, 0.7525, 1.1225, 0.7625, 1.1325, 0.7725, 1.1425, 0.7825, 1.1525, 0.7925, 1.1625, 0.8025, 1.1725, 0.8125, 1.1825, 0.8225, 1.1925, 0.8325, 1.2025, 0.8425, 1.2125, 0.8525, 1.2225, 0.8625, 1.2325, 0.8725, 1.2425, 0.8825, 1.2525, 0.8925, 1.2625, 0.9025, 1.2725, 0.9125, 1.2825, 0.9225, 1.2925, 0.9325, 1.3025, 0.9425, 1.3125, 0.9525, 1.3225, 0.9625, 1.3325, 0.9725, 1.3425, 0.9825, 1.3525, 0.9925, 1.3625, 1.0025, 1.3725, 1.0125, 1.3825, 1.0225, 1.3925, 1.0325, 1.4025, 1.0425, 1.4125, 1.0525, 1.4225, 1.0625, 1.4325, 1.0725], "ImagePositionPatient": [[-100.0, -113.32114500807, -59.095557400206], [-100.0, -113.03588671492, -57.116004177549], [-100.0, -112.75062937544, -55.136450954893], [-100.0, -112.46537108229, -53.156897732237], [-100.0, -112.18011278913, -51.177344509581], [-100.0, -111.89485544966, -49.197791286924], [-100.0, -111.6095971565, -47.218241878965], [-100.0, -111.32433981703, -45.238688656309], [-100.0, -111.03908152388, -43.259135433653], [-100.0, -110.7538241844, -41.279582210997], [-100.0, -110.46856589125, -39.30002898834], [-100.0, -110.18330855177, -37.320479580382], [-100.0, -109.89805025862, -35.340926357725], [-100.0, -109.61279196546, -33.361373135069], [-100.0, -109.32753462599, -31.381819912413], [-100.0, -109.04227633284, -29.402266689756], [-100.0, -108.75701899336, -27.422717281798], [-100.0, -108.47176070021, -25.443164059141], [-100.0, -108.18650336073, -23.463610836485], [-100.0, -107.90124506758, -21.484057613829], [-100.0, -107.6159877281, -19.504504391173], [-100.0, -107.33072943495, -17.524953075865], [-100.0, -107.0454711418, -15.545401760557], [-100.0, -106.76021380232, -13.565848537901], [-100.0, -106.474955986, -11.586295315245], [-100.0, -106.18969816969, -9.6067439999372], [-100.0, -105.90444035337, -7.6271907772809], [-100.0, -105.61918206022, -5.6476394619733], [-100.0, -105.33392424391, -3.668086239317], [-100.0, -105.04866642759, -1.6885339703351], [-100.0, -104.76340861128, 0.29101829864682], [-100.0, -104.47815079496, 2.2705705676288], [-100.0, -104.19289297865, 4.250123790285], [-100.0, -103.90763516233, 6.2296760592669], [-100.0, -103.62237734602, 8.2092283282489], [-100.0, -103.3371195297, 10.188781074068], [-100.0, -103.05186123655, 12.16833334305], [-100.0, -102.76660365866, 14.147885783395], [-100.0, -102.48134584234, 16.127438238642], [-100.0, -102.19608778761, 18.106990626833], [-100.0, -101.91082997129, 20.086543372652], [-100.0, -101.62557215498, 22.066095641634], [-100.0, -101.34031433866, 24.045648387453], [-100.0, -101.05505628393, 26.025200656435], [-100.0, -100.76979858683, 28.004752925417], [-100.0, -100.4845406513, 29.984305194399], [-100.0, -100.19928283499, 31.963858417055], [-100.0, -99.914024959068, 33.943409732363], [-100.0, -99.628767083148, 35.922962955019], [-100.0, -99.343509207229, 37.902516177675], [-100.0, -99.05825133131, 39.882067492983], [-100.0, -98.77299345539, 41.861620715639], [-100.0, -98.487735579471, 43.841172030947], [-100.0, -98.202477703552, 45.820725253603], [-100.0, -97.917219827632, 47.800278476259], [-100.0, -97.631962011318, 49.779831698915], [-100.0, -97.346704075794, 51.759381106874], [-100.0, -97.061446259479, 53.738934329531], [-100.0, -96.776188323955, 55.718487552187], [-100.0, -96.49093050764, 57.698040774843], [-100.0, -96.205672691325, 59.677593997499], [-100.0, -95.920414875011, 61.657143405458], [-100.0, -95.635156820277, 63.636696628115], [-100.0, -95.349899003963, 65.616249850771], [-100.0, -95.064641187648, 67.595803073427], [-100.0, -94.779383132915, 69.575356296083], [-100.0, -94.4941253166, 71.554905704042], [-100.0, -94.208867500285, 73.534458926699], [-100.0, -93.923609683971, 75.514012149355], [-100.0, -93.638351867656, 77.493565372011], [-100.0, -93.353094051341, 79.47311477997], [-100.0, -93.067836235027, 81.452668002626]], "InstanceCreationTime": ["152550.599000", "152550.532000", "152550.601000", "152550.534000", "152550.603000", "152550.536000", "152550.605000", "152550.538000", "152550.607000", "152550.540000", "152550.609000", "152550.541000", "152550.610000", "152550.543000", "152550.612000", "152550.545000", "152550.614000", "152550.547000", "152550.616000", "152550.549000", "152550.618000", "152550.551000", "152550.620000", "152550.553000", "152550.622000", "152550.555000", "152550.623000", "152550.556000", "152550.625000", "152550.558000", "152550.627000", "152550.560000", "152550.629000", "152550.562000", "152550.631000", "152550.564000", "152550.633000", "152550.566000", "152550.635000", "152550.568000", "152550.637000", "152550.570000", "152550.638000", "152550.572000", "152550.640000", "152550.573000", "152550.642000", "152550.575000", "152550.644000", "152550.577000", "152550.646000", "152550.579000", "152550.648000", "152550.581000", "152550.650000", "152550.583000", "152550.651000", "152550.585000", "152550.653000", "152550.586000", "152550.655000", "152550.588000", "152550.657000", "152550.590000", "152550.659000", "152550.592000", "152550.661000", "152550.594000", "152550.662000", "152550.596000", "152550.664000", "152550.598000"], "InstanceNumber": [1, 2, 3, 4, 5, 6, 7, 8, 9, 10, 11, 12, 13, 14, 15, 16, 17, 18, 19, 20, 21, 22, 23, 24, 25, 26, 27, 28, 29, 30, 31, 32, 33, 34, 35, 36, 37, 38, 39, 40, 41, 42, 43, 44, 45, 46, 47, 48, 49, 50, 51, 52, 53, 54, 55, 56, 57, 58, 59, 60, 61, 62, 63, 64, 65, 66, 67, 68, 69, 70, 71, 72], "LargestImagePixelValue": [4094, 4090, 4094, 4095, 4092, 4093, 4095, 4092, 4091, 4091, 4094, 4092, 4092, 4091, 4095, 4095, 4091, 4092, 4091, 4084, 4093, 4093, 4092, 4087, 4093, 4093, 4094, 4091, 4094, 4094, 4087, 4092, 4094, 4083, 4091, 4091, 4083, 4093, 4095, 4090, 4095, 4094, 4093, 4094, 4087, 4095, 4094, 4079, 4094, 4090, 4094, 4093, 4094, 4095, 4094, 4087, 4089, 4085, 4094, 4095, 4092, 4093, 4094, 4091, 4095, 4094, 4092, 4095, 4090, 4093, 4092, 4093], "SliceLocation": [-74.654253269801, -72.654252456016, -70.654251778253, -68.654250964468, -66.654250150683, -64.654249472919, -62.654252434831, -60.654251757068, -58.654250943283, -56.654250265519, -54.654249451734, -52.654252549668, -50.654251735883, -48.654250922098, -46.654250244334, -44.654249430549, -42.654252528482, -40.654251714698, -38.654251036934, -36.654250223149, -34.654249545386, -32.654250619449, -30.654251693512, -28.654251015749, -26.654250269975, -24.654251412049, -22.654250666275, -20.654251740338, -18.654250994564, -16.654251192714, -14.654251390864, -12.654251589014, -10.65425084324, -8.6542510413896, -6.6542512395396, -4.6542509657275, -2.6542510958667, -0.6542511584106, 1.3457488277996, 3.3457487816455, 5.3457490554576, 7.3457488573076, 9.3457491311198, 11.345748966975, 13.345748751823, 15.345748570675, 17.345749316449, 19.345748182877, 21.345748937152, 23.345749691428, 25.345748557855, 27.34574931213, 29.345748178558, 31.345748932833, 33.345749687109, 35.345750432883, 37.345747419963, 39.345748165737, 41.345748928514, 43.345749674288, 45.345750420063, 47.34574739014, 49.34574816992, 51.345748915694, 53.345749661468, 55.345750441248, 57.345747411325, 59.345748157099, 61.345748902874, 63.345749648648, 65.345746618725, 67.3457473645], "SmallestImagePixelValue": [0, 0, 0, 0, 0, 1, 1, 0, 5, 0, 0, 0, 0, 0, 0, 0, 0, 4, 1, 3, 0, 0, 0, 3, 3, 0, 0, 27, 2, 0, 2, 9, 8, 6, 0, 10, 24, 9, 0, 0, 4, 8, 8, 4, 3, 0, 4, 4, 1, 3, 1, 3, 5, 6, 6, 0, 0, 4, 1, 0, 0, 0, 0, 4, 0, 0, 0, 0, 0, 1, 0, 0], "WindowCenter": [-344.0, -374.0, -312.0, -328.0, -290.0, -304.0, -250.0, -288.0, -254.0, -254.0, -260.0, -218.0, -168.0, -170.0, -128.0, -180.0, -278.0, -298.0, -262.0, -280.0, -276.0, -296.0, -266.0, -238.0, -262.0, -252.0, -214.0, -124.0, -122.0, -88.0, -206.0, -88.0, -214.0, -212.0, -70.0, -82.0, -46.0, -56.0, -24.0, -40.0, 0.0, -12.0, -32.0, 12.0, 16.0, 24.0, 2.0, -2.0, 6.0, 6.0, 12.0, -16.0, -24.0, -62.0, -84.0, -48.0, -72.0, -50.0, -104.0, -102.0, -104.0, -84.0, -114.0, -84.0, -128.0, -166.0, -180.0, -206.0, -212.0, -192.0, -196.0, -192.0], "WindowWidth": [6094.0, 6036.0, 6078.0, 6066.0, 6066.0, 6044.0, 6078.0, 6022.0, 6094.0, 6072.0, 6122.0, 6108.0, 6212.0, 6188.0, 6212.0, 6196.0, 6116.0, 5948.0, 5946.0, 5820.0, 5780.0, 5596.0, 5538.0, 5588.0, 5408.0, 5226.0, 5208.0, 5316.0, 5088.0, 5138.0, 4554.0, 5150.0, 4568.0, 4568.0, 5186.0, 5112.0, 5254.0, 5190.0, 5312.0, 5190.0, 5300.0, 5228.0, 5058.0, 5248.0, 5248.0, 5308.0, 5264.0, 5294.0, 5308.0, 5346.0, 5418.0, 5318.0, 5346.0, 5260.0, 5302.0, 5454.0, 5412.0, 5502.0, 5480.0, 5520.0, 5562.0, 5676.0, 5670.0, 5690.0, 5592.0, 5736.0, 5832.0, 5900.0, 5964.0, 6056.0, 6122.0, 6174.0]}}, "IntendedFor": ["ses-imagenet02/func/sub-05_ses-imagenet02_task-imagenet_run-05_bold.nii.gz", "ses-imagenet02/func/sub-05_ses-imagenet02_task-imagenet_run-08_bold.nii.gz", "ses-imagenet02/func/sub-05_ses-imagenet02_task-imagenet_run-07_bold.nii.gz", "ses-imagenet02/func/sub-05_ses-imagenet02_task-imagenet_run-01_bold.nii.gz", "ses-imagenet02/func/sub-05_ses-imagenet02_task-imagenet_run-03_bold.nii.gz", "ses-imagenet02/func/sub-05_ses-imagenet02_task-imagenet_run-10_bold.nii.gz", "ses-imagenet02/func/sub-05_ses-imagenet02_task-imagenet_run-02_bold.nii.gz", "ses-imagenet02/func/sub-05_ses-imagenet02_task-imagenet_run-04_bold.nii.gz", "ses-imagenet02/func/sub-05_ses-imagenet02_task-imagenet_run-06_bold.nii.gz", "ses-imagenet02/func/sub-05_ses-imagenet02_task-imagenet_run-09_bold.nii.gz"]}