{
 "AcquisitionMatrixPE": 100,
 "AcquisitionNumber": 1,
 "AcquisitionTime": "09:56:50.702500",
 "BandwidthPerPixelPhaseEncode": 18.519,
 "BaseResolution": 100,
 "BodyPartExamined": "BRAIN",
 "ConsistencyInfo": "N4_VE11C_LATEST_20160120",
 "ConversionSoftware": "dcm2niix",
 "ConversionSoftwareVersion": "v1.0.20180622 GCC4.9.2",
 "DerivedVendorReportedEchoSpacing": 0.000539986,
 "DeviceSerialNumber": "166078",
 "DwellTime": 2.1e-06,
 "EchoTime": 0.034,
 "EchoTrainLength": 100,
 "EffectiveEchoSpacing": 0.000539986,
 "FlipAngle": 90,
 "ImageOrientationPatientDICOM": [
  0.999719,
  0.0132877,
  0.0196131,
  -0.00872443,
  0.976206,
  -0.216669
 ],
 "ImageType": [
  "ORIGINAL",
  "PRIMARY",
  "M",
  "ND",
  "MOSAIC"
 ],
 "InPlanePhaseEncodingDirectionDICOM": "COL",
 "InstitutionAddress": "Street_StreetNo_Bei_Jing_District_CN_ZIP",
 "InstitutionName": "BeiJing_Normal_University",
 "InstitutionalDepartmentName": "Department",
 "MRAcquisitionType": "2D",
 "MagneticFieldStrength": 3,
 "Manufacturer": "Siemens",
 "ManufacturersModelName": "Prisma",
 "Modality": "MR",
 "MultibandAccelerationFactor": 3,
 "PartialFourier": 1,
 "PatientPosition": "HFS",
 "PercentPhaseFOV": 100,
 "PhaseEncodingDirection": "j-",
 "PhaseEncodingSteps": 100,
 "PhaseResolution": 1,
 "PixelBandwidth": 2380,
 "ProcedureStepDescription": "BNU_P2018_64CH_Zhen.ZongLei",
 "ProtocolName": "bold_100x100_s3_2x2x2_static_256",
 "PulseSequenceDetails": "%SiemensSeq%_ep2d_bold",
 "ReceiveCoilActiveElements": "HC1-7;NC1",
 "ReceiveCoilName": "HeadNeck_64",
 "ReconMatrixPE": 100,
 "RepetitionTime": 2,
 "SAR": 0.0602393,
 "ScanOptions": "FS",
 "ScanningSequence": "EP",
 "SequenceName": "_epfid2d1_100",
 "SequenceVariant": "SK",
 "SeriesDescription": "bold_100x100_s3_2x2x2_static_256",
 "SeriesNumber": 6,
 "ShimSetting": [
  -5455,
  -11485,
  -1293,
  524,
  12,
  -139,
  -173,
  69
 ],
 "SliceThickness": 2,
 "SliceTiming": [
  1.485,
  0,
  0.99,
  0.0825,
  1.0725,
  0.165,
  1.155,
  0.2475,
  1.2375,
  0.33,
  1.32,
  0.4125,
  1.4025,
  0.5775,
  1.5675,
  0.66,
  1.65,
  0.7425,
  1.7325,
  0.825,
  1.815,
  0.9075,
  1.8975,
  0.495,
  1.485,
  0,
  0.99,
  0.0825,
  1.0725,
  0.165,
  1.155,
  0.2475,
  1.2375,
  0.33,
  1.32,
  0.4125,
  1.4025,
  0.5775,
  1.5675,
  0.66,
  1.65,
  0.7425,
  1.7325,
  0.825,
  1.815,
  0.9075,
  1.8975,
  0.495,
  1.485,
  0,
  0.99,
  0.0825,
  1.0725,
  0.165,
  1.155,
  0.2475,
  1.2375,
  0.33,
  1.32,
  0.4125,
  1.4025,
  0.5775,
  1.5675,
  0.66,
  1.65,
  0.7425,
  1.7325,
  0.825,
  1.815,
  0.9075,
  1.8975,
  0.495
 ],
 "SoftwareVersions": "syngo_MR_E11",
 "SpacingBetweenSlices": 2,
 "StationName": "AWP166078",
 "TaskName": "imagenet",
 "TotalReadoutTime": 0.0534586,
 "TxRefAmp": 207.313,
 "dcmmeta_affine": [
  [
   -1.9994386434555054,
   -0.01744886115193367,
   0.04405096173286438,
   99.02194213867188
  ],
  [
   -0.02657538838684559,
   1.952412486076355,
   -0.43287327885627747,
   -73.90641021728516
  ],
  [
   0.03922625258564949,
   0.43333712220191956,
   1.9520963430404663,
   -101.12844848632812
  ],
  [
   0.0,
   0.0,
   0.0,
   1.0
  ]
 ],
 "dcmmeta_reorient_transform": [
  [
   0.0,
   -1.0,
   0.0,
   99.0
  ],
  [
   1.0,
   0.0,
   0.0,
   0.0
  ],
  [
   0.0,
   0.0,
   1.0,
   0.0
  ],
  [
   0.0,
   0.0,
   0.0,
   1.0
  ]
 ],
 "dcmmeta_shape": [
  100,
  100,
  72,
  256
 ],
 "dcmmeta_slice_dim": 2,
 "dcmmeta_version": 0.6,
 "global": {
  "const": {
   "AcquisitionMatrix": [
    100,
    0,
    0,
    100
   ],
   "AngioFlag": "N",
   "BitsAllocated": 16,
   "BitsStored": 12,
   "BodyPartExamined": "BRAIN",
   "Columns": 900,
   "EchoNumbers": 1,
   "EchoTime": 34.0,
   "EchoTrainLength": 100,
   "FlipAngle": 90.0,
   "HighBit": 11,
   "ImageOrientationPatient": [
    0.99971934186107,
    0.0132876940621,
    0.01961312558925,
    -0.0087244305584,
    0.97620623639043,
    -0.2166685679647
   ],
   "ImagePositionPatient": [
    -890.09043512603,
    -910.97756848943,
    99.416281499706
   ],
   "ImageType": [
    "ORIGINAL",
    "PRIMARY",
    "M",
    "ND",
    "MOSAIC"
   ],
   "ImagedNucleus": "1H",
   "ImagingFrequency": 123.257765,
   "InPlanePhaseEncodingDirection": "COL",
   "MRAcquisitionType": "2D",
   "MagneticFieldStrength": 3.0,
   "Manufacturer": "SIEMENS",
   "ManufacturerModelName": "Prisma",
   "Modality": "MR",
   "NumberOfAverages": 1.0,
   "NumberOfPhaseEncodingSteps": 100,
   "PercentPhaseFieldOfView": 100.0,
   "PercentSampling": 100.0,
   "PerformedProcedureStepStartTime": "091221.094000",
   "PhotometricInterpretation": "MONOCHROME2",
   "PixelBandwidth": 2380.0,
   "PixelRepresentation": 0,
   "PixelSpacing": [
    2.0,
    2.0
   ],
   "ProtocolName": "bold_100x100_s3_2x2x2_static_256",
   "RepetitionTime": 2000.0,
   "Rows": 900,
   "SAR": 0.06023934089953,
   "SamplesPerPixel": 1,
   "ScanOptions": "FS",
   "ScanningSequence": "EP",
   "SequenceName": "*epfid2d1_100",
   "SequenceVariant": "SK",
   "SeriesDescription": "bold_100x100_s3_2x2x2_static_256",
   "SeriesNumber": 6,
   "SeriesTime": "095653.807000",
   "SliceLocation": -80.529177326096,
   "SliceThickness": 2.0,
   "SmallestImagePixelValue": 0,
   "SoftwareVersions": "syngo MR E11",
   "SpacingBetweenSlices": 2.0000000060451,
   "SpecificCharacterSet": "ISO_IR 100",
   "StudyID": "1",
   "StudyTime": "091220.948000",
   "TransmitCoilName": "Body",
   "VariableFlipAngleFlag": "N",
   "WindowCenterWidthExplanation": "Algo1",
   "dBdt": 0.0
  },
