{"AcquisitionMatrixPE": 100, "AcquisitionNumber": 1, "AcquisitionTime": "14:16:41.040000", "BaseResolution": 100, "BodyPartExamined": "BRAIN", "ConsistencyInfo": "N4_VE11C_LATEST_20160120", "ConversionSoftware": "dcm2niix", "ConversionSoftwareVersion": "v1.0.20180622 GCC4.9.2", "DeviceSerialNumber": "166078", "DwellTime": 8.8e-06, "EchoNumber": 2, "EchoTime": 0.00738, "EchoTime1": 0.00492, "EchoTime2": 0.00738, "FlipAngle": 60, "ImageOrientationPatientDICOM": [1, 0, 0, 0, 0.959314, -0.282341], "ImageType": ["ORIGINAL", "PRIMARY", "P", "ND"], "InPlanePhaseEncodingDirectionDICOM": "ROW", "InstitutionAddress": "Street_StreetNo_Bei_Jing_District_CN_ZIP", "InstitutionName": "BeiJing_Normal_University", "InstitutionalDepartmentName": "Department", "MRAcquisitionType": "2D", "MagneticFieldStrength": 3, "Manufacturer": "Siemens", "ManufacturersModelName": "Prisma", "Modality": "MR", "PartialFourier": 1, "PatientPosition": "HFS", "PercentPhaseFOV": 100, "PhaseEncodingDirection": "i", "PhaseEncodingSteps": 100, "PhaseResolution": 1, "PixelBandwidth": 570, "ProcedureStepDescription": "BNU_P2018_64CH_Zhen.ZongLei", "ProtocolName": "field_mapping_2x2x2", "PulseSequenceDetails": "%SiemensSeq%_gre_field_mapping", "ReceiveCoilActiveElements": "HC1-7;NC1", "ReceiveCoilName": "HeadNeck_64", "ReconMatrixPE": 100, "RepetitionTime": 0.72, "SAR": 0.141319, "ScanningSequence": "GR", "SequenceName": "_fm2d2r", "SequenceVariant": "SP", "SeriesDescription": "field_mapping_2x2x2", "SeriesNumber": 9, "ShimSetting": [-5458, -11481, -1288, 427, 2, -166, -130, 77], "SliceThickness": 2, "SoftwareVersions": "syngo_MR_E11", "SpacingBetweenSlices": 2, "StationName": "AWP166078", "TxRefAmp": 233.016, "dcmmeta_affine": [[-2.0, 0.0, 0.0, 100.0], [0.0, 1.9186279773712158, -0.5646839141845703, -72.60260009765625], [0.0, 0.5646829009056091, 1.9186248779296875, -108.11788940429688], [0.0, 0.0, 0.0, 1.0]], "dcmmeta_reorient_transform": [[0.0, -1.0, 0.0, 99.0], [1.0, 0.0, 0.0, 0.0], [0.0, 0.0, -1.0, 71.0], [0.0, 0.0, 0.0, 1.0]], "dcmmeta_shape": [100, 100, 72], "dcmmeta_slice_dim": 2, "dcmmeta_version": 0.6, "global": {"const": {"AcquisitionMatrix": [0, 100, 100, 0], "AcquisitionNumber": 1, "AngioFlag": "N", "BitsAllocated": 16, "BitsStored": 12, "BodyPartExamined": "BRAIN", "Columns": 100, "EchoNumbers": 2, "EchoTime": 7.38, "EchoTrainLength": 0, "FlipAngle": 60.0, "HighBit": 11, "ImageOrientationPatient": [1.0, 0.0, 0.0, 0.0, 0.95931397399808, -0.2823414586844], "ImageType": ["ORIGINAL", "PRIMARY", "P", "ND"], "ImagedNucleus": "1H", "ImagingFrequency": 123.257793, "InPlanePhaseEncodingDirection": "ROW", "MRAcquisitionType": "2D", "MagneticFieldStrength": 3.0, "Manufacturer": "SIEMENS", "ManufacturerModelName": "Prisma", "Modality": "MR", "NumberOfAverages": 1.0, "NumberOfPhaseEncodingSteps": 100, "PercentPhaseFieldOfView": 100.0, "PercentSampling": 100.0, "PerformedProcedureStepStartTime": "132301.583000", "PhotometricInterpretation": "MONOCHROME2", "PixelBandwidth": 570.0, "PixelRepresentation": 0, "PixelSpacing": [2.0, 2.0], "ProtocolName": "field_mapping_2x2x2", "RepetitionTime": 720.0, "RescaleIntercept": -4096.0, "RescaleSlope": 2.0, "RescaleType": "US", "Rows": 100, "SAR": 0.1413190202421, "SamplesPerPixel": 1, "ScanningSequence": "GR", "SequenceName": "*fm2d2r", "SequenceVariant": "SP", "SeriesDescription": "field_mapping_2x2x2", "SeriesNumber": 9, "SeriesTime": "141905.922000", "SliceThickness": 2.0, "SoftwareVersions": "syngo MR E11", "SpacingBetweenSlices": 2.0, "SpecificCharacterSet": "ISO_IR 100", "StudyID": "1", "StudyTime": "132301.505000", "TransmitCoilName": "Body", "VariableFlipAngleFlag": "N", "WindowCenterWidthExplanation": "Algo1", "dBdt": 0.0}, "slices": {"AcquisitionTime": ["141641.040000", "141640.680000", "141641.050000", "141640.690000", "141641.060000", "141640.700000", "141641.070000", "141640.710000", "141641.080000", "141640.720000", "141641.090000", "141640.730000", "141641.100000", "141640.740000", "141641.110000", "141640.750000", "141641.120000", "141640.760000", "141641.130000", "141640.770000", "141641.140000", "141640.780000", "141641.150000", "141640.790000", "141641.160000", "141640.800000", "141641.170000", "141640.810000", "141641.180000", "141640.820000", "141641.190000", "141640.830000", "141641.200000", "141640.840000", "141641.210000", "141640.850000", "141641.220000", "141640.860000", "141641.230000", "141640.870000", "141641.240000", "141640.880000", "141641.250000", "141640.890000", "141641.260000", "141640.900000", "141641.270000", "141640.910000", "141641.280000", "141640.920000", "141641.290000", "141640.930000", "141641.300000", "141640.940000", "141641.310000", "141640.950000", "141641.320000", "141640.960000", "141641.330000", "141640.970000", "141641.340000", "141640.980000", "141641.350000", "141640.990000", "141641.360000", "141641.000000", "141641.370000", "141641.010000", "141641.380000", "141641.020000", "141641.390000", "141641.030000"], "ContentTime": ["141906.002000", "141905.929000", "141906.004000", "141905.931000", "141906.006000", "141905.933000", "141906.008000", "141905.935000", "141906.010000", "141905.937000", "141906.012000", "141905.939000", "141906.014000", "141905.941000", "141906.016000", "141905.943000", "141906.018000", "141905.945000", "141906.020000", "141905.947000", "141906.022000", "141905.949000", "141906.023000", "141905.951000", "141906.025000", "141905.953000", "141906.027000", "141905.955000", "141906.029000", "141905.957000", "141906.031000", "141905.959000", "141906.033000", "141905.961000", "141906.036000", "141905.963000", "141906.038000", "141905.965000", "141906.040000", "141905.967000", "141906.042000", "141905.969000", "141906.044000", "141905.971000", "141906.046000", "141905.973000", "141906.048000", "141905.975000", "141906.050000", "141905.977000", "141906.052000", "141905.979000", "141906.054000", "141905.981000", "141906.056000", "141905.983000", "141906.057000", "141905.985000", "141906.059000", "141905.987000", "141906.061000", "141905.989000", "141906.063000", "141905.991000", "141906.065000", "141905.993000", "141906.067000", "141905.995000", "141906.069000", "141905.997000", "141906.071000", "141906.000000"], "CsaImage.GSWDDataType": ["measured", "predicted", "measured", "predicted", "measured", "predicted", "measured", "predicted", "measured", "predicted", "measured", "predicted", "measured", "predicted", "measured", "predicted", "measured", "predicted", "measured", "predicted", "measured", "predicted", "measured", "predicted", "measured", "predicted", "measured", "predicted", "measured", "predicted", "measured", "predicted", "measured", "predicted", "measured", "predicted", "measured", "predicted", "measured", "predicted", "measured", "predicted", "measured", "predicted", "measured", "predicted", "measured", "predicted", "measured", "predicted", "measured", "predicted", "measured", "predicted", "measured", "predicted", "measured", "predicted", "measured", "predicted", "measured", "predicted", "measured", "predicted", "measured", "measured", "measured", "measured", "measured", "measured", "measured", "measured"], "CsaImage.ICE_Dims": ["X_2_1_1_1_1_1_37_1_1_1_1_132", "X_2_1_1_1_1_1_1_1_1_2_1_132", "X_2_1_1_1_1_1_38_1_1_3_1_132", "X_2_1_1_1_1_1_2_1_1_4_1_132", "X_2_1_1_1_1_1_39_1_1_5_1_132", "X_2_1_1_1_1_1_3_1_1_6_1_132", "X_2_1_1_1_1_1_40_1_1_7_1_132", "X_2_1_1_1_1_1_4_1_1_8_1_132", "X_2_1_1_1_1_1_41_1_1_9_1_132", "X_2_1_1_1_1_1_5_1_1_10_1_132", "X_2_1_1_1_1_1_42_1_1_11_1_132", "X_2_1_1_1_1_1_6_1_1_12_1_132", "X_2_1_1_1_1_1_43_1_1_13_1_132", "X_2_1_1_1_1_1_7_1_1_14_1_132", "X_2_1_1_1_1_1_44_1_1_15_1_132", "X_2_1_1_1_1_1_8_1_1_16_1_132", "X_2_1_1_1_1_1_45_1_1_17_1_132", "X_2_1_1_1_1_1_9_1_1_18_1_132", "X_2_1_1_1_1_1_46_1_1_19_1_132", "X_2_1_1_1_1_1_10_1_1_20_1_132", "X_2_1_1_1_1_1_47_1_1_21_1_132", "X_2_1_1_1_1_1_11_1_1_22_1_132", "X_2_1_1_1_1_1_48_1_1_23_1_132", "X_2_1_1_1_1_1_12_1_1_24_1_132", "X_2_1_1_1_1_1_49_1_1_25_1_132", "X_2_1_1_1_1_1_13_1_1_26_1_132", "X_2_1_1_1_1_1_50_1_1_27_1_132", "X_2_1_1_1_1_1_14_1_1_28_1_132", "X_2_1_1_1_1_1_51_1_1_29_1_132", "X_2_1_1_1_1_1_15_1_1_30_1_132", "X_2_1_1_1_1_1_52_1_1_31_1_132", "X_2_1_1_1_1_1_16_1_1_32_1_132", "X_2_1_1_1_1_1_53_1_1_33_1_132", "X_2_1_1_1_1_1_17_1_1_34_1_132", "X_2_1_1_1_1_1_54_1_1_35_1_132", "X_2_1_1_1_1_1_18_1_1_36_1_132", "X_2_1_1_1_1_1_55_1_1_37_1_132", "X_2_1_1_1_1_1_19_1_1_38_1_132", "X_2_1_1_1_1_1_56_1_1_39_1_132", "X_2_1_1_1_1_1_20_1_1_40_1_132", "X_2_1_1_1_1_1_57_1_1_41_1_132", "X_2_1_1_1_1_1_21_1_1_42_1_132", "X_2_1_1_1_1_1_58_1_1_43_1_132", "X_2_1_1_1_1_1_22_1_1_44_1_132", "X_2_1_1_1_1_1_59_1_1_45_1_132", "X_2_1_1_1_1_1_23_1_1_46_1_132", "X_2_1_1_1_1_1_60_1_1_47_1_132", "X_2_1_1_1_1_1_24_1_1_48_1_132", "X_2_1_1_1_1_1_61_1_1_49_1_132", "X_2_1_1_1_1_1_25_1_1_50_1_132", "X_2_1_1_1_1_1_62_1_1_51_1_132", "X_2_1_1_1_1_1_26_1_1_52_1_132", "X_2_1_1_1_1_1_63_1_1_53_1_132", "X_2_1_1_1_1_1_27_1_1_54_1_132", "X_2_1_1_1_1_1_64_1_1_55_1_132", "X_2_1_1_1_1_1_28_1_1_56_1_132", "X_2_1_1_1_1_1_65_1_1_57_1_132", "X_2_1_1_1_1_1_29_1_1_58_1_132", "X_2_1_1_1_1_1_66_1_1_59_1_132", "X_2_1_1_1_1_1_30_1_1_60_1_132", "X_2_1_1_1_1_1_67_1_1_61_1_132", "X_2_1_1_1_1_1_31_1_1_62_1_132", "X_2_1_1_1_1_1_68_1_1_63_1_132", "X_2_1_1_1_1_1_32_1_1_64_1_132", "X_2_1_1_1_1_1_69_1_1_65_1_132", "X_2_1_1_1_1_1_33_1_1_66_1_132", "X_2_1_1_1_1_1_70_1_1_67_1_132", "X_2_1_1_1_1_1_34_1_1_68_1_132", "X_2_1_1_1_1_1_71_1_1_69_1_132", "X_2_1_1_1_1_1_35_1_1_70_1_132", "X_2_1_1_1_1_1_72_1_1_71_1_132", "X_2_1_1_1_1_1_36_1_1_72_1_132"], "CsaImage.ProtocolSliceNumber": [0, 1, 2, 3, 4, 5, 6, 7, 8, 9, 10, 11, 12, 13, 14, 15, 16, 17, 18, 19, 20, 21, 22, 23, 24, 25, 26, 27, 28, 29, 30, 31, 32, 33, 34, 35, 36, 37, 38, 39, 40, 41, 42, 43, 44, 45, 46, 47, 48, 49, 50, 51, 52, 53, 54, 55, 56, 57, 58, 59, 60, 61, 62, 63, 64, 65, 66, 67, 68, 69, 70, 71], "CsaImage.RFSWDDataType": ["measured", "predicted", "measured", "predicted", "measured", "predicted", "measured", "predicted", "measured", "predicted", "measured", "predicted", "measured", "predicted", "measured", "predicted", "measured", "predicted", "measured", "predicted", "measured", "predicted", "measured", "predicted", "measured", "predicted", "measured", "predicted", "measured", "predicted", "measured", "predicted", "measured", "predicted", "measured", "predicted", "measured", "predicted", "measured", "predicted", "measured", "predicted", "measured", "predicted", "measured", "predicted", "measured", "predicted", "measured", "predicted", "measured", "predicted", "measured", "predicted", "measured", "predicted", "measured", "predicted", "measured", "predicted", "measured", "measured", "measured", "measured", "measured", "measured", "measured", "measured", "measured", "measured", "measured", "measured"], "CsaImage.SlicePosition_PCS": [[-100.0, -117.34149643, -52.21449305], [-100.0, -116.77681252, -50.29586817], [-100.0, -116.21213051, -48.37724329], [-100.0, -115.64744659, -46.45861078], [-100.0, -115.08276459, -44.53998591], [-100.0, -114.51808258, -42.6213534], [-100.0, -113.95339867, -40.70272852], [-100.0, -113.38871666, -38.78410364], [-100.0, -112.82403275, -36.86547114], [-100.0, -112.25935074, -34.94684244], [-100.0, -111.69466682, -33.02821757], [-100.0, -111.12998386, -31.10958887], [-100.0, -110.5653009, -29.19096018], [-100.0, -110.00061794, -27.27233149], [-100.0, -109.43593594, -25.35370279], [-100.0, -108.87125298, -23.43507792], [-100.0, -108.30657001, -21.51644922], [-100.0, -107.74188705, -19.59782053], [-100.0, -107.17720409, -17.67919184], [-100.0, -106.61252113, -15.76056315], [-100.0, -106.04783817, -13.84193827], [-100.0, -105.48315521, -11.92330958], [-100.0, -104.91847225, -10.00468088], [-100.0, -104.35378929, -8.08605219], [-100.0, -103.78910633, -6.1674235], [-100.0, -103.22442337, -4.24879862], [-100.0, -102.65974041, -2.33016993], [-100.0, -102.09505745, -0.41154123], [-100.0, -101.53037449, 1.50708746], [-100.0, -100.96569153, 3.42571424], [-100.0, -100.40100904, 5.34434294], [-100.0, -99.83632585, 7.26297163], [-100.0, -99.27164312, 9.18159841], [-100.0, -98.70696016, 11.10022711], [-100.0, -98.1422772, 13.01885485], [-100.0, -97.57759424, 14.93748258], [-100.0, -97.0129114, 16.85611032], [-100.0, -96.44822844, 18.77473806], [-100.0, -95.88354554, 20.69336628], [-100.0, -95.31886264, 22.61199449], [-100.0, -94.75417968, 24.53062223], [-100.0, -94.18949684, 26.44925021], [-100.0, -93.624814, 28.36787814], [-100.0, -93.06013103, 30.28650616], [-100.0, -92.49544807, 32.20513414], [-100.0, -91.93076511, 34.12376188], [-100.0, -91.36608215, 36.0423901], [-100.0, -90.80139919, 37.96101831], [-100.0, -90.23671623, 39.87964605], [-100.0, -89.67203327, 41.79827379], [-100.0, -89.10735079, 43.71690153], [-100.0, -88.54266783, 45.63553022], [-100.0, -87.97798487, 47.55415701], [-100.0, -87.41330143, 49.4727857], [-100.0, -86.84861847, 51.39141439], [-100.0, -86.28393646, 53.31004118], [-100.0, -85.7192535, 55.22866987], [-100.0, -85.15457054, 57.14729666], [-100.0, -84.58988758, 59.06592535], [-100.0, -84.02520462, 60.98455404], [-100.0, -83.46052166, 62.90318273], [-100.0, -82.8958387, 64.82180761], [-100.0, -82.33115574, 66.7404363], [-100.0, -81.76647278, 68.659065], [-100.0, -81.20178982, 70.57769369], [-100.0, -80.63710686, 72.49632238], [-100.0, -80.0724239, 74.41494726], [-100.0, -79.50774094, 76.33357595], [-100.0, -78.94305893, 78.25220465], [-100.0, -78.37837502, 80.17083334], [-100.0, -77.81369301, 82.08946203], [-100.0, -77.24900909, 84.00808691]], "CsaImage.TimeAfterStart": [1.0825, 0.7225, 1.0925, 0.7325, 1.1025, 0.7425, 1.1125, 0.7525, 1.1225, 0.7625, 1.1325, 0.7725, 1.1425, 0.7825, 1.1525, 0.7925, 1.1625, 0.8025, 1.1725, 0.8125, 1.1825, 0.8225, 1.1925, 0.8325, 1.2025, 0.8425, 1.2125, 0.8525, 1.2225, 0.8625, 1.2325, 0.8725, 1.2425, 0.8825, 1.2525, 0.8925, 1.2625, 0.9025, 1.2725, 0.9125, 1.2825, 0.9225, 1.2925, 0.9325, 1.3025, 0.9425, 1.3125, 0.9525, 1.3225, 0.9625, 1.3325, 0.9725, 1.3425, 0.9825, 1.3525, 0.9925, 1.3625, 1.0025, 1.3725, 1.0125, 1.3825, 1.0225, 1.3925, 1.0325, 1.4025, 1.0425, 1.4125, 1.0525, 1.4225, 1.0625, 1.4325, 1.0725], "ImagePositionPatient": [[-100.0, -117.34149642935, -52.214493047578], [-100.0, -116.77681251516, -50.295868169648], [-100.0, -116.21213050833, -48.377243291718], [-100.0, -115.64744659414, -46.458610784394], [-100.0, -115.08276458731, -44.539985906464], [-100.0, -114.51808258047, -42.62135339914], [-100.0, -113.95339866629, -40.70272852121], [-100.0, -113.38871665945, -38.784103643281], [-100.0, -112.82403274527, -36.865471135957], [-100.0, -112.25935073843, -34.94684244333], [-100.0, -111.69466682425, -33.0282175654], [-100.0, -111.12998386374, -31.109588872773], [-100.0, -110.56530090323, -29.190960180146], [-100.0, -110.00061794272, -27.272331487519], [-100.0, -109.43593593588, -25.353702794892], [-100.0, -108.87125297537, -23.435077916962], [-100.0, -108.30657001486, -21.516449224335], [-100.0, -107.74188705435, -19.597820531708], [-100.0, -107.17720409384, -17.679191839082], [-100.0, -106.61252113333, -15.760563146455], [-100.0, -106.04783817282, -13.841938268525], [-100.0, -105.48315521231, -11.923309575898], [-100.0, -104.9184722518, -10.004680883271], [-100.0, -104.35378929129, -8.086052190644], [-100.0, -103.78910633078, -6.1674234980171], [-100.0, -103.22442337027, -4.2487986200874], [-100.0, -102.65974040976, -2.3301699274604], [-100.0, -102.09505744925, -0.4115412348335], [-100.0, -101.53037448874, 1.5070874577935], [-100.0, -100.96569152823, 3.4257142430718], [-100.0, -100.40100904455, 5.3443429356987], [-100.0, -99.836325845624, 7.2629716283257], [-100.0, -99.271643123532, 9.181598413604], [-100.0, -98.706960163022, 11.100227106231], [-100.0, -98.142277202512, 13.018854845184], [-100.0, -97.577594242002, 14.937482584136], [-100.0, -97.012911400701, 16.856110323089], [-100.0, -96.44822844019, 18.774738062042], [-100.0, -95.883545539285, 20.693366277831], [-100.0, -95.318862638379, 22.611994493621], [-100.0, -94.754179677869, 24.530622232574], [-100.0, -94.189496836568, 26.449250209945], [-100.0, -93.624813995267, 28.367878142613], [-100.0, -93.060131034757, 30.286506164687], [-100.0, -92.495448074246, 32.205134142059], [-100.0, -91.930765113736, 34.123761881011], [-100.0, -91.366082153226, 36.042390096801], [-100.0, -90.801399192716, 37.961018312591], [-100.0, -90.236716232205, 39.879646051543], [-100.0, -89.672033271695, 41.798273790496], [-100.0, -89.107350788022, 43.716901529449], [-100.0, -88.542667827512, 45.635530222076], [-100.0, -87.977984867002, 47.554157007354], [-100.0, -87.413301429654, 49.472785699981], [-100.0, -86.848618469144, 51.391414392608], [-100.0, -86.283936462308, 53.310041177886], [-100.0, -85.719253501798, 55.228669870513], [-100.0, -85.154570541287, 57.147296655792], [-100.0, -84.589887580777, 59.065925348418], [-100.0, -84.025204620267, 60.984554041045], [-100.0, -83.460521659757, 62.903182733672], [-100.0, -82.895838699246, 64.821807611602], [-100.0, -82.331155738736, 66.740436304229], [-100.0, -81.766472778226, 68.659064996856], [-100.0, -81.201789817716, 70.577693689483], [-100.0, -80.637106857205, 72.49632238211], [-100.0, -80.072423896695, 74.41494726004], [-100.0, -79.507740936185, 76.333575952667], [-100.0, -78.943058929349, 78.252204645293], [-100.0, -78.378375015164, 80.17083333792], [-100.0, -77.813693008329, 82.089462030547], [-100.0, -77.249009094144, 84.008086908477]], "InstanceCreationTime": ["141906.002000", "141905.929000", "141906.004000", "141905.931000", "141906.006000", "141905.933000", "141906.008000", "141905.935000", "141906.010000", "141905.937000", "141906.012000", "141905.939000", "141906.014000", "141905.941000", "141906.016000", "141905.943000", "141906.018000", "141905.945000", "141906.020000", "141905.947000", "141906.022000", "141905.949000", "141906.023000", "141905.951000", "141906.025000", "141905.953000", "141906.027000", "141905.955000", "141906.029000", "141905.957000", "141906.031000", "141905.959000", "141906.033000", "141905.961000", "141906.036000", "141905.963000", "141906.038000", "141905.965000", "141906.040000", "141905.967000", "141906.042000", "141905.969000", "141906.044000", "141905.971000", "141906.046000", "141905.973000", "141906.048000", "141905.975000", "141906.050000", "141905.977000", "141906.052000", "141905.979000", "141906.054000", "141905.981000", "141906.056000", "141905.983000", "141906.057000", "141905.985000", "141906.059000", "141905.987000", "141906.061000", "141905.989000", "141906.063000", "141905.991000", "141906.065000", "141905.993000", "141906.067000", "141905.995000", "141906.069000", "141905.997000", "141906.071000", "141906.000000"], "InstanceNumber": [1, 2, 3, 4, 5, 6, 7, 8, 9, 10, 11, 12, 13, 14, 15, 16, 17, 18, 19, 20, 21, 22, 23, 24, 25, 26, 27, 28, 29, 30, 31, 32, 33, 34, 35, 36, 37, 38, 39, 40, 41, 42, 43, 44, 45, 46, 47, 48, 49, 50, 51, 52, 53, 54, 55, 56, 57, 58, 59, 60, 61, 62, 63, 64, 65, 66, 67, 68, 69, 70, 71, 72], "LargestImagePixelValue": [4090, 4092, 4094, 4095, 4093, 4095, 4095, 4092, 4095, 4094, 4095, 4095, 4095, 4093, 4092, 4093, 4094, 4094, 4087, 4092, 4086, 4093, 4089, 4084, 4077, 4091, 4093, 4095, 4091, 4091, 4095, 4089, 4095, 4095, 4087, 4093, 4094, 4092, 4094, 4094, 4094, 4092, 4093, 4093, 4091, 4094, 4087, 4088, 4093, 4095, 4093, 4094, 4088, 4094, 4095, 4092, 4093, 4086, 4093, 4093, 4095, 4094, 4094, 4092, 4095, 4092, 4093, 4094, 4092, 4095, 4095, 4095], "SliceLocation": [-83.220462091837, -81.220464755552, -79.220467957791, -77.220463302521, -75.22046650476, -73.220462388014, -71.220465051729, -69.220468253968, -67.220463598698, -65.220463141445, -63.22046580516, -61.220465078645, -59.220464352129, -57.220463625614, -55.22046316836, -53.220466101337, -51.220465374822, -49.220464648307, -47.220463921791, -45.220463195276, -43.220466128253, -41.220465401738, -39.220464675222, -37.220463948707, -35.220463222192, -33.220466155169, -31.220465428653, -29.220464702138, -27.220463975622, -25.220465078853, -23.220464486969, -21.220463693138, -19.220464863684, -17.220464137169, -15.220464325527, -13.220464513884, -11.2204647359, -9.2204649242575, -7.2204646720076, -5.2204644197576, -3.2204646081154, -1.2204646014125, 0.77953536240561, 2.7795354456508, 4.7795354860114, 6.7795352976536, 8.7795355667325, 10.779535835811, 12.779535647454, 14.779535459096, 16.779535136107, 18.779535862623, 20.779534759392, 22.779535620538, 24.779536347053, 26.779534974561, 28.779535701076, 30.779534597845, 32.779535324361, 34.779536050876, 36.779536777391, 38.779533844414, 40.77953457093, 42.779535297445, 44.779536023961, 46.779536750476, 48.779533817499, 50.779534544014, 52.779535001268, 54.779535997045, 56.779536454299, 58.779533790583], "SmallestImagePixelValue": [0, 3, 2, 3, 2, 1, 0, 0, 0, 3, 0, 0, 0, 0, 1, 1, 0, 0, 0, 0, 4, 1, 0, 0, 0, 0, 1, 3, 0, 1, 1, 2, 0, 0, 0, 3, 2, 1, 0, 1, 0, 2, 0, 4, 0, 3, 3, 1, 3, 0, 4, 0, 1, 0, 1, 0, 4, 0, 2, 1, 2, 2, 0, 3, 0, 0, 0, 0, 0, 0, 0, 0], "WindowCenter": [-222.0, -202.0, -188.0, -190.0, -148.0, -142.0, -156.0, -164.0, -152.0, -154.0, -212.0, -218.0, -278.0, -316.0, -378.0, -326.0, -308.0, -308.0, -302.0, -294.0, -268.0, -252.0, -230.0, -206.0, -186.0, -148.0, -130.0, -118.0, -258.0, -86.0, -66.0, -82.0, -78.0, -222.0, -86.0, -36.0, -54.0, -18.0, -34.0, 0.0, 12.0, -4.0, 10.0, 26.0, 2.0, 6.0, -14.0, -18.0, -12.0, -54.0, -78.0, -72.0, -62.0, -54.0, -84.0, -58.0, -90.0, -56.0, -50.0, -104.0, -74.0, -82.0, -30.0, -100.0, -114.0, -110.0, -132.0, -226.0, -222.0, -252.0, -250.0, -304.0], "WindowWidth": [6046.0, 6102.0, 6200.0, 6264.0, 6290.0, 6304.0, 6318.0, 6218.0, 6218.0, 6308.0, 6284.0, 6324.0, 6228.0, 6278.0, 6206.0, 6130.0, 6062.0, 5994.0, 5822.0, 5750.0, 5644.0, 5522.0, 5532.0, 5544.0, 5558.0, 5514.0, 5480.0, 5344.0, 4622.0, 5398.0, 5398.0, 5340.0, 5334.0, 4588.0, 5178.0, 5276.0, 5198.0, 5232.0, 5144.0, 5180.0, 5234.0, 5088.0, 5234.0, 5340.0, 5290.0, 5300.0, 5364.0, 5262.0, 5434.0, 5348.0, 5326.0, 5358.0, 5490.0, 5560.0, 5544.0, 5622.0, 5588.0, 5678.0, 5716.0, 5740.0, 5804.0, 5864.0, 5926.0, 5990.0, 6026.0, 6088.0, 6126.0, 6138.0, 6160.0, 6232.0, 6226.0, 6200.0]}}, "IntendedFor": ["ses-imagenet01/func/sub-03_ses-imagenet01_task-imagenet_run-06_bold.nii.gz", "ses-imagenet01/func/sub-03_ses-imagenet01_task-imagenet_run-09_bold.nii.gz", "ses-imagenet01/func/sub-03_ses-imagenet01_task-imagenet_run-04_bold.nii.gz", "ses-imagenet01/func/sub-03_ses-imagenet01_task-imagenet_run-02_bold.nii.gz", "ses-imagenet01/func/sub-03_ses-imagenet01_task-imagenet_run-10_bold.nii.gz", "ses-imagenet01/func/sub-03_ses-imagenet01_task-imagenet_run-03_bold.nii.gz", "ses-imagenet01/func/sub-03_ses-imagenet01_task-imagenet_run-01_bold.nii.gz", "ses-imagenet01/func/sub-03_ses-imagenet01_task-imagenet_run-08_bold.nii.gz", "ses-imagenet01/func/sub-03_ses-imagenet01_task-imagenet_run-07_bold.nii.gz", "ses-imagenet01/func/sub-03_ses-imagenet01_task-imagenet_run-05_bold.nii.gz"]}