{"AcquisitionMatrixPE": 100, "AcquisitionNumber": 1, "AcquisitionTime": "15:55:28.075000", "BaseResolution": 100, "BodyPartExamined": "BRAIN", "ConsistencyInfo": "N4_VE11C_LATEST_20160120", "ConversionSoftware": "dcm2niix", "ConversionSoftwareVersion": "v1.0.20180622 GCC4.9.2", "DeviceSerialNumber": "166078", "DwellTime": 8.8e-06, "EchoNumber": 2, "EchoTime": 0.00738, "EchoTime1": 0.00492, "EchoTime2": 0.00738, "FlipAngle": 60, "ImageOrientationPatientDICOM": [1, 0, 0, 0, 0.977416, -0.211325], "ImageType": ["ORIGINAL", "PRIMARY", "P", "ND"], "InPlanePhaseEncodingDirectionDICOM": "ROW", "InstitutionAddress": "Street_StreetNo_Bei_Jing_District_CN_ZIP", "InstitutionName": "BeiJing_Normal_University", "InstitutionalDepartmentName": "Department", "MRAcquisitionType": "2D", "MagneticFieldStrength": 3, "Manufacturer": "Siemens", "ManufacturersModelName": "Prisma", "Modality": "MR", "PartialFourier": 1, "PatientPosition": "HFS", "PercentPhaseFOV": 100, "PhaseEncodingDirection": "i", "PhaseEncodingSteps": 100, "PhaseResolution": 1, "PixelBandwidth": 570, "ProcedureStepDescription": "BNU_P2018_64CH_Zhen.ZongLei", "ProtocolName": "field_mapping_2x2x2", "PulseSequenceDetails": "%SiemensSeq%_gre_field_mapping", "ReceiveCoilActiveElements": "HC1-7;NC1", "ReceiveCoilName": "HeadNeck_64", "ReconMatrixPE": 100, "RepetitionTime": 0.72, "SAR": 0.112421, "ScanningSequence": "GR", "SequenceName": "_fm2d2r", "SequenceVariant": "SP", "SeriesDescription": "field_mapping_2x2x2", "SeriesNumber": 9, "ShimSetting": [-5412, -11519, -1322, 422, 35, -288, -292, -21], "SliceThickness": 2, "SoftwareVersions": "syngo_MR_E11", "SpacingBetweenSlices": 2, "StationName": "AWP166078", "TxRefAmp": 216.68, "dcmmeta_affine": [[-2.0, 0.0, 0.0, 100.67796325683594], [0.0, 1.954831838607788, -0.4226493835449219, -73.99820709228516], [0.0, 0.4226495921611786, 1.954833984375, -85.14767456054688], [0.0, 0.0, 0.0, 1.0]], "dcmmeta_reorient_transform": [[0.0, -1.0, 0.0, 99.0], [1.0, 0.0, 0.0, 0.0], [0.0, 0.0, -1.0, 71.0], [0.0, 0.0, 0.0, 1.0]], "dcmmeta_shape": [100, 100, 72], "dcmmeta_slice_dim": 2, "dcmmeta_version": 0.6, "global": {"const": {"AcquisitionMatrix": [0, 100, 100, 0], "AcquisitionNumber": 1, "AngioFlag": "N", "BitsAllocated": 16, "BitsStored": 12, "BodyPartExamined": "BRAIN", "Columns": 100, "EchoNumbers": 2, "EchoTime": 7.38, "EchoTrainLength": 0, "FlipAngle": 60.0, "HighBit": 11, "ImageOrientationPatient": [1.0, 0.0, 0.0, 0.0, 0.97741589373693, -0.2113247989954], "ImageType": ["ORIGINAL", "PRIMARY", "P", "ND"], "ImagedNucleus": "1H", "ImagingFrequency": 123.257811, "InPlanePhaseEncodingDirection": "ROW", "MRAcquisitionType": "2D", "MagneticFieldStrength": 3.0, "Manufacturer": "SIEMENS", "ManufacturerModelName": "Prisma", "Modality": "MR", "NumberOfAverages": 1.0, "NumberOfPhaseEncodingSteps": 100, "PercentPhaseFieldOfView": 100.0, "PercentSampling": 100.0, "PerformedProcedureStepStartTime": "145722.228000", "PhotometricInterpretation": "MONOCHROME2", "PixelBandwidth": 570.0, "PixelRepresentation": 0, "PixelSpacing": [2.0, 2.0], "ProtocolName": "field_mapping_2x2x2", "RepetitionTime": 720.0, "RescaleIntercept": -4096.0, "RescaleSlope": 2.0, "RescaleType": "US", "Rows": 100, "SAR": 0.11242060859155, "SamplesPerPixel": 1, "ScanningSequence": "GR", "SequenceName": "*fm2d2r", "SequenceVariant": "SP", "SeriesDescription": "field_mapping_2x2x2", "SeriesNumber": 9, "SeriesTime": "155751.187000", "SliceThickness": 2.0, "SoftwareVersions": "syngo MR E11", "SpacingBetweenSlices": 2.0, "SpecificCharacterSet": "ISO_IR 100", "StudyID": "1", "StudyTime": "145722.150000", "TransmitCoilName": "Body", "VariableFlipAngleFlag": "N", "WindowCenterWidthExplanation": "Algo1", "dBdt": 0.0}, "slices": {"AcquisitionTime": ["155528.075000", "155527.715000", "155528.085000", "155527.725000", "155528.095000", "155527.735000", "155528.105000", "155527.745000", "155528.115000", "155527.755000", "155528.125000", "155527.765000", "155528.135000", "155527.775000", "155528.145000", "155527.785000", "155528.155000", "155527.795000", "155528.165000", "155527.805000", "155528.175000", "155527.815000", "155528.185000", "155527.825000", "155528.195000", "155527.835000", "155528.205000", "155527.845000", "155528.215000", "155527.855000", "155528.225000", "155527.865000", "155528.235000", "155527.875000", "155528.245000", "155527.885000", "155528.255000", "155527.895000", "155528.265000", "155527.905000", "155528.275000", "155527.915000", "155528.285000", "155527.925000", "155528.295000", "155527.935000", "155528.305000", "155527.945000", "155528.315000", "155527.955000", "155528.325000", "155527.965000", "155528.335000", "155527.975000", "155528.345000", "155527.985000", "155528.355000", "155527.995000", "155528.365000", "155528.005000", "155528.375000", "155528.015000", "155528.385000", "155528.025000", "155528.395000", "155528.035000", "155528.405000", "155528.045000", "155528.415000", "155528.055000", "155528.425000", "155528.065000"], "ContentTime": ["155752.161000", "155751.190000", "155752.163000", "155751.192000", "155752.164000", "155751.194000", "155752.166000", "155751.196000", "155752.168000", "155751.198000", "155752.170000", "155751.200000", "155752.172000", "155751.202000", "155752.174000", "155751.204000", "155752.176000", "155751.206000", "155752.178000", "155751.208000", "155752.179000", "155751.209000", "155752.181000", "155751.211000", "155752.183000", "155751.213000", "155752.185000", "155751.216000", "155752.187000", "155751.218000", "155752.189000", "155751.221000", "155752.191000", "155751.223000", "155752.193000", "155752.124000", "155752.195000", "155752.127000", "155752.196000", "155752.128000", "155752.198000", "155752.130000", "155752.200000", "155752.132000", "155752.202000", "155752.134000", "155752.204000", "155752.136000", "155752.206000", "155752.138000", "155752.208000", "155752.140000", "155752.209000", "155752.142000", "155752.211000", "155752.144000", "155752.213000", "155752.146000", "155752.215000", "155752.147000", "155752.217000", "155752.149000", "155752.219000", "155752.151000", "155752.221000", "155752.153000", "155752.223000", "155752.155000", "155752.225000", "155752.157000", "155752.226000", "155752.159000"], "CsaImage.GSWDDataType": ["measured", "predicted", "measured", "predicted", "measured", "predicted", "measured", "predicted", "measured", "predicted", "measured", "predicted", "measured", "predicted", "measured", "predicted", "measured", "predicted", "measured", "predicted", "measured", "predicted", "measured", "predicted", "measured", "predicted", "measured", "predicted", "measured", "predicted", "measured", "predicted", "measured", "predicted", "measured", "predicted", "measured", "predicted", "measured", "predicted", "measured", "predicted", "measured", "predicted", "measured", "predicted", "measured", "predicted", "measured", "predicted", "measured", "predicted", "measured", "predicted", "measured", "predicted", "measured", "predicted", "measured", "predicted", "measured", "predicted", "measured", "predicted", "measured", "predicted", "measured", "predicted", "measured", "measured", "measured", "measured"], "CsaImage.ICE_Dims": ["X_2_1_1_1_1_1_37_1_1_1_1_147", "X_2_1_1_1_1_1_1_1_1_2_1_147", "X_2_1_1_1_1_1_38_1_1_3_1_147", "X_2_1_1_1_1_1_2_1_1_4_1_147", "X_2_1_1_1_1_1_39_1_1_5_1_147", "X_2_1_1_1_1_1_3_1_1_6_1_147", "X_2_1_1_1_1_1_40_1_1_7_1_147", "X_2_1_1_1_1_1_4_1_1_8_1_147", "X_2_1_1_1_1_1_41_1_1_9_1_147", "X_2_1_1_1_1_1_5_1_1_10_1_147", "X_2_1_1_1_1_1_42_1_1_11_1_147", "X_2_1_1_1_1_1_6_1_1_12_1_147", "X_2_1_1_1_1_1_43_1_1_13_1_147", "X_2_1_1_1_1_1_7_1_1_14_1_147", "X_2_1_1_1_1_1_44_1_1_15_1_147", "X_2_1_1_1_1_1_8_1_1_16_1_147", "X_2_1_1_1_1_1_45_1_1_17_1_147", "X_2_1_1_1_1_1_9_1_1_18_1_147", "X_2_1_1_1_1_1_46_1_1_19_1_147", "X_2_1_1_1_1_1_10_1_1_20_1_147", "X_2_1_1_1_1_1_47_1_1_21_1_147", "X_2_1_1_1_1_1_11_1_1_22_1_147", "X_2_1_1_1_1_1_48_1_1_23_1_147", "X_2_1_1_1_1_1_12_1_1_24_1_147", "X_2_1_1_1_1_1_49_1_1_25_1_147", "X_2_1_1_1_1_1_13_1_1_26_1_147", "X_2_1_1_1_1_1_50_1_1_27_1_147", "X_2_1_1_1_1_1_14_1_1_28_1_147", "X_2_1_1_1_1_1_51_1_1_29_1_147", "X_2_1_1_1_1_1_15_1_1_30_1_147", "X_2_1_1_1_1_1_52_1_1_31_1_147", "X_2_1_1_1_1_1_16_1_1_32_1_147", "X_2_1_1_1_1_1_53_1_1_33_1_147", "X_2_1_1_1_1_1_17_1_1_34_1_147", "X_2_1_1_1_1_1_54_1_1_35_1_147", "X_2_1_1_1_1_1_18_1_1_36_1_147", "X_2_1_1_1_1_1_55_1_1_37_1_147", "X_2_1_1_1_1_1_19_1_1_38_1_147", "X_2_1_1_1_1_1_56_1_1_39_1_147", "X_2_1_1_1_1_1_20_1_1_40_1_147", "X_2_1_1_1_1_1_57_1_1_41_1_147", "X_2_1_1_1_1_1_21_1_1_42_1_147", "X_2_1_1_1_1_1_58_1_1_43_1_147", "X_2_1_1_1_1_1_22_1_1_44_1_147", "X_2_1_1_1_1_1_59_1_1_45_1_147", "X_2_1_1_1_1_1_23_1_1_46_1_147", "X_2_1_1_1_1_1_60_1_1_47_1_147", "X_2_1_1_1_1_1_24_1_1_48_1_147", "X_2_1_1_1_1_1_61_1_1_49_1_147", "X_2_1_1_1_1_1_25_1_1_50_1_147", "X_2_1_1_1_1_1_62_1_1_51_1_147", "X_2_1_1_1_1_1_26_1_1_52_1_147", "X_2_1_1_1_1_1_63_1_1_53_1_147", "X_2_1_1_1_1_1_27_1_1_54_1_147", "X_2_1_1_1_1_1_64_1_1_55_1_147", "X_2_1_1_1_1_1_28_1_1_56_1_147", "X_2_1_1_1_1_1_65_1_1_57_1_147", "X_2_1_1_1_1_1_29_1_1_58_1_147", "X_2_1_1_1_1_1_66_1_1_59_1_147", "X_2_1_1_1_1_1_30_1_1_60_1_147", "X_2_1_1_1_1_1_67_1_1_61_1_147", "X_2_1_1_1_1_1_31_1_1_62_1_147", "X_2_1_1_1_1_1_68_1_1_63_1_147", "X_2_1_1_1_1_1_32_1_1_64_1_147", "X_2_1_1_1_1_1_69_1_1_65_1_147", "X_2_1_1_1_1_1_33_1_1_66_1_147", "X_2_1_1_1_1_1_70_1_1_67_1_147", "X_2_1_1_1_1_1_34_1_1_68_1_147", "X_2_1_1_1_1_1_71_1_1_69_1_147", "X_2_1_1_1_1_1_35_1_1_70_1_147", "X_2_1_1_1_1_1_72_1_1_71_1_147", "X_2_1_1_1_1_1_36_1_1_72_1_147"], "CsaImage.ProtocolSliceNumber": [0, 1, 2, 3, 4, 5, 6, 7, 8, 9, 10, 11, 12, 13, 14, 15, 16, 17, 18, 19, 20, 21, 22, 23, 24, 25, 26, 27, 28, 29, 30, 31, 32, 33, 34, 35, 36, 37, 38, 39, 40, 41, 42, 43, 44, 45, 46, 47, 48, 49, 50, 51, 52, 53, 54, 55, 56, 57, 58, 59, 60, 61, 62, 63, 64, 65, 66, 67, 68, 69, 70, 71], "CsaImage.RFSWDDataType": ["measured", "predicted", "measured", "predicted", "measured", "predicted", "measured", "predicted", "measured", "predicted", "measured", "predicted", "measured", "predicted", "measured", "predicted", "measured", "predicted", "measured", "predicted", "measured", "predicted", "measured", "predicted", "measured", "predicted", "measured", "predicted", "measured", "predicted", "measured", "predicted", "measured", "predicted", "measured", "predicted", "measured", "predicted", "measured", "predicted", "measured", "predicted", "measured", "predicted", "measured", "predicted", "measured", "predicted", "measured", "predicted", "measured", "predicted", "measured", "predicted", "measured", "predicted", "measured", "predicted", "measured", "predicted", "measured", "predicted", "measured", "measured", "measured", "measured", "measured", "measured", "measured", "measured", "measured", "measured"], "CsaImage.SlicePosition_PCS": [[-100.67796612, -119.53015406, -43.30521084], [-100.67796612, -119.10750467, -41.35038067], [-100.67796612, -118.68485529, -39.39554668], [-100.67796612, -118.262204, -37.44071651], [-100.67796612, -117.83955461, -35.48588253], [-100.67796612, -117.41690523, -33.53105236], [-100.67796612, -116.99425585, -31.57621837], [-100.67796612, -116.57160646, -29.6213882], [-100.67796612, -116.14895708, -27.66655803], [-100.67796612, -115.7263077, -25.71172405], [-100.67796612, -115.30365831, -23.75689388], [-100.67796612, -114.88100893, -21.8020599], [-100.67796612, -114.45835764, -19.84722973], [-100.67796612, -114.03570825, -17.89239574], [-100.67796612, -113.61305887, -15.93756557], [-100.67796612, -113.19040949, -13.9827354], [-100.67796612, -112.7677601, -12.02790142], [-100.67796612, -112.34511072, -10.07307125], [-100.67796612, -111.92246134, -8.11823917], [-100.67796612, -111.499811, -6.16340709], [-100.67796612, -111.07716162, -4.20857502], [-100.67796612, -110.65451223, -2.25374294], [-100.67796612, -110.23186285, -0.29891086], [-100.67796612, -109.80921251, 1.65592121], [-100.67796612, -109.38656313, 3.61075138], [-100.67796612, -108.96391375, 5.56558346], [-100.67796612, -108.54126436, 7.52041554], [-100.67796612, -108.11861498, 9.47524761], [-100.67796612, -107.69596464, 11.43007969], [-100.67796612, -107.27331526, 13.38491082], [-100.67796612, -106.85066587, 15.33974289], [-100.67796612, -106.42801649, 17.29457473], [-100.67796612, -106.00536615, 19.24940645], [-100.67796612, -105.58271677, 21.2042382], [-100.67796612, -105.16006739, 23.15907001], [-100.67796612, -104.737418, 25.11390185], [-100.67796612, -104.31476814, 27.06873345], [-100.67796612, -103.89211876, 29.02356552], [-100.67796612, -103.4694689, 30.9783976], [-100.67796612, -103.04681951, 32.93322872], [-100.67796612, -102.62416965, 34.8880608], [-100.67796612, -102.20152027, 36.84289288], [-100.67796612, -101.77887089, 38.79772496], [-100.67796612, -101.35622103, 40.75255703], [-100.67796612, -100.9335714, 42.7073872], [-100.67796612, -100.51092178, 44.66221928], [-100.67796612, -100.08827216, 46.61705136], [-100.67796612, -99.66562266, 48.57188343], [-100.67796612, -99.24297304, 50.52671551], [-100.67796612, -98.82032353, 52.48154759], [-100.67796612, -98.39767391, 54.43637776], [-100.67796612, -97.97502432, 56.39121174], [-100.67796612, -97.55237473, 58.34604191], [-100.67796612, -97.1297251, 60.30087208], [-100.67796612, -96.70707554, 62.25570607], [-100.67796612, -96.28442592, 64.21053623], [-100.67796612, -95.8617763, 66.16537022], [-100.67796612, -95.4391268, 68.12020039], [-100.67796612, -95.01647717, 70.07503437], [-100.67796612, -94.59382755, 72.02986454], [-100.67796612, -94.17117793, 73.98469471], [-100.67796612, -93.74852831, 75.9395287], [-100.67796612, -93.32587892, 77.89435887], [-100.67796612, -92.90322906, 79.84919285], [-100.67796612, -92.48057968, 81.80402302], [-100.67796612, -92.05792982, 83.75885701], [-100.67796612, -91.63528044, 85.71368717], [-100.67796612, -91.21263105, 87.66852116], [-100.67796612, -90.78998119, 89.62334751], [-100.67796612, -90.36733181, 91.5781815], [-100.67796612, -89.94468195, 93.53301548], [-100.67796612, -89.52203257, 95.48784947]], "CsaImage.TimeAfterStart": [1.0825, 0.7225, 1.0925, 0.7325, 1.1025, 0.7425, 1.1125, 0.7525, 1.1225, 0.7625, 1.1325, 0.7725, 1.1425, 0.7825, 1.1525, 0.7925, 1.1625, 0.8025, 1.1725, 0.8125, 1.1825, 0.8225, 1.1925, 0.8325, 1.2025, 0.8425, 1.2125, 0.8525, 1.2225, 0.8625, 1.2325, 0.8725, 1.2425, 0.8825, 1.2525, 0.8925, 1.2625, 0.9025, 1.2725, 0.9125, 1.2825, 0.9225, 1.2925, 0.9325, 1.3025, 0.9425, 1.3125, 0.9525, 1.3225, 0.9625, 1.3325, 0.9725, 1.3425, 0.9825, 1.3525, 0.9925, 1.3625, 1.0025, 1.3725, 1.0125, 1.3825, 1.0225, 1.3925, 1.0325, 1.4025, 1.0425, 1.4125, 1.0525, 1.4225, 1.0625, 1.4325, 1.0725], "ImagePositionPatient": [[-100.67796611786, -119.5301540557, -43.305210835323], [-100.67796611786, -119.10750467215, -41.350380665646], [-100.67796611786, -118.68485528861, -39.395546681271], [-100.67796611786, -118.26220399772, -37.440716511593], [-100.67796611786, -117.83955461417, -35.485882527218], [-100.67796611786, -117.41690523063, -33.53105235754], [-100.67796611786, -116.99425584708, -31.576218373165], [-100.67796611786, -116.57160646354, -29.621388203487], [-100.67796611786, -116.14895707999, -27.66655803381], [-100.67796611786, -115.72630769645, -25.711724049435], [-100.67796611786, -115.3036583129, -23.756893879757], [-100.67796611786, -114.88100892936, -21.802059895382], [-100.67796611786, -114.45835763846, -19.847229725704], [-100.67796611786, -114.03570825492, -17.892395741329], [-100.67796611786, -113.61305887137, -15.937565571651], [-100.67796611786, -113.19040948783, -13.982735401974], [-100.67796611786, -112.76776010428, -12.027901417599], [-100.67796611786, -112.34511072074, -10.073071247921], [-100.67796611786, -111.92246133719, -8.1182391708946], [-100.67796611786, -111.49981099997, -6.1634070938682], [-100.67796611786, -111.07716161643, -4.2085750168418], [-100.67796611786, -110.65451223288, -2.2537429398155], [-100.67796611786, -110.23186284934, -0.2989108627891], [-100.67796611786, -109.80921251212, 1.6559212142373], [-100.67796611786, -109.38656312858, 3.610751383915], [-100.67796611786, -108.96391374503, 5.5655834609414], [-100.67796611786, -108.54126436149, 7.5204155379677], [-100.67796611786, -108.11861497794, 9.4752476149941], [-100.67796611786, -107.69596464072, 11.43007969202], [-100.67796611786, -107.27331525718, 13.384910815373], [-100.67796611786, -106.85066587363, 15.339742892399], [-100.67796611786, -106.42801649009, 17.294574731007], [-100.67796611786, -106.00536615287, 19.249406450405], [-100.67796611786, -105.58271676932, 21.204238199606], [-100.67796611786, -105.16006738578, 23.159070008411], [-100.67796611786, -104.73741800223, 25.113901847019], [-100.67796611786, -104.31476814185, 27.068733447208], [-100.67796611786, -103.89211875831, 29.023565524235], [-100.67796611786, -103.46946889792, 30.978397601261], [-100.67796611786, -103.04681951438, 32.933228724613], [-100.67796611786, -102.624169654, 34.88806080164], [-100.67796611786, -102.20152027045, 36.842892878666], [-100.67796611786, -101.77887088691, 38.797724955692], [-100.67796611786, -101.35622102653, 40.752557032719], [-100.67796611786, -100.93357140456, 42.707387202396], [-100.67796611786, -100.5109217826, 44.662219279423], [-100.67796611786, -100.08827216063, 46.617051356449], [-100.67796611786, -99.66562265788, 48.571883433476], [-100.67796611786, -99.242973035917, 50.526715510502], [-100.67796611786, -98.820323533163, 52.481547587528], [-100.67796611786, -98.397673911199, 54.436377757206], [-100.67796611786, -97.975024319038, 56.391211741581], [-100.67796611786, -97.552374726877, 58.346041911259], [-100.67796611786, -97.129725104913, 60.300872080936], [-100.67796611786, -96.707075542554, 62.255706065311], [-100.67796611786, -96.284425920591, 64.210536234989], [-100.67796611786, -95.861776298627, 66.165370219364], [-100.67796611786, -95.439126795873, 68.120200389042], [-100.67796611786, -95.01647717391, 70.075034373417], [-100.67796611786, -94.593827551946, 72.029864543095], [-100.67796611786, -94.171177929983, 73.984694712772], [-100.67796611786, -93.748528308019, 75.939528697147], [-100.67796611786, -93.325878924474, 77.894358866825], [-100.67796611786, -92.903229064092, 79.8491928512], [-100.67796611786, -92.480579680547, 81.804023020878], [-100.67796611786, -92.057929820165, 83.758857005253], [-100.67796611786, -91.63528043662, 85.713687174931], [-100.67796611786, -91.212631053075, 87.668521159306], [-100.67796611786, -90.789981192693, 89.623347514286], [-100.67796611786, -90.367331809148, 91.578181498661], [-100.67796611786, -89.944681948766, 93.533015483036], [-100.67796611786, -89.522032565221, 95.487849467411]], "InstanceCreationTime": ["155752.161000", "155751.190000", "155752.163000", "155751.192000", "155752.164000", "155751.194000", "155752.166000", "155751.196000", "155752.168000", "155751.198000", "155752.170000", "155751.200000", "155752.172000", "155751.202000", "155752.174000", "155751.204000", "155752.176000", "155751.206000", "155752.178000", "155751.208000", "155752.179000", "155751.209000", "155752.181000", "155751.211000", "155752.183000", "155751.213000", "155752.185000", "155751.216000", "155752.187000", "155751.218000", "155752.189000", "155751.221000", "155752.191000", "155751.223000", "155752.193000", "155752.124000", "155752.195000", "155752.127000", "155752.196000", "155752.128000", "155752.198000", "155752.130000", "155752.200000", "155752.132000", "155752.202000", "155752.134000", "155752.204000", "155752.136000", "155752.206000", "155752.138000", "155752.208000", "155752.140000", "155752.209000", "155752.142000", "155752.211000", "155752.144000", "155752.213000", "155752.146000", "155752.215000", "155752.147000", "155752.217000", "155752.149000", "155752.219000", "155752.151000", "155752.221000", "155752.153000", "155752.223000", "155752.155000", "155752.225000", "155752.157000", "155752.226000", "155752.159000"], "InstanceNumber": [1, 2, 3, 4, 5, 6, 7, 8, 9, 10, 11, 12, 13, 14, 15, 16, 17, 18, 19, 20, 21, 22, 23, 24, 25, 26, 27, 28, 29, 30, 31, 32, 33, 34, 35, 36, 37, 38, 39, 40, 41, 42, 43, 44, 45, 46, 47, 48, 49, 50, 51, 52, 53, 54, 55, 56, 57, 58, 59, 60, 61, 62, 63, 64, 65, 66, 67, 68, 69, 70, 71, 72], "LargestImagePixelValue": [4094, 4094, 4091, 4095, 4095, 4092, 4094, 4093, 4092, 4095, 4095, 4093, 4093, 4095, 4094, 4094, 4094, 4091, 4095, 4095, 4094, 4090, 4095, 4094, 4095, 4093, 4090, 4090, 4092, 4095, 4095, 4094, 4092, 4094, 4095, 4093, 4095, 4095, 4093, 4095, 4093, 4095, 4094, 4094, 4094, 4090, 4090, 4095, 4092, 4093, 4093, 4092, 4094, 4089, 4094, 4094, 4093, 4094, 4094, 4094, 4095, 4091, 4093, 4094, 4094, 4094, 4095, 4093, 4094, 4094, 4094, 4094], "SliceLocation": [-67.586887131783, -65.586888758361, -63.586886656392, -61.5868878799, -59.586885777931, -57.586887404509, -55.58688530254, -53.586886929118, -51.586888555695, -49.586886453727, -47.586888080304, -45.586885978336, -43.586887201843, -41.586885099875, -39.586886726452, -37.586888353029, -35.586886251061, -33.586887877638, -31.586887639943, -29.586887200712, -27.586886963017, -25.586886725321, -23.586886487626, -21.586886048395, -19.586887674973, -17.586887437277, -15.586887199582, -13.586886961886, -11.586886522656, -9.5868872170966, -7.5868869794011, -5.5868869747397, -3.5868868850603, -1.5868869677867, 0.41311300774539, 2.4131130124068, 4.4131128848016, 6.4131131224971, 8.4131134609601, 10.413112766519, 12.413113104982, 14.413113342678, 16.413113580373, 18.413113918836, 20.413112342643, 22.413112630722, 24.413112918801, 26.413113181688, 28.413113469768, 30.413113732655, 32.413112156461, 34.413114302516, 36.413112720024, 38.41311114383, 40.413113283587, 42.413111707393, 44.413113859745, 46.41311225836, 48.413114410712, 50.413112834518, 52.413111258325, 54.413113410677, 56.413111784099, 58.413113986835, 60.413112360258, 62.413114562994, 64.413112936416, 66.413115038385, 68.413109784029, 70.413111885997, 72.413114088733, 74.413116190702], "SmallestImagePixelValue": [0, 0, 0, 2, 0, 0, 0, 5, 0, 0, 2, 0, 0, 0, 0, 0, 1, 0, 0, 0, 1, 0, 1, 4, 12, 2, 0, 0, 3, 2, 2, 4, 1, 9, 2, 0, 0, 0, 10, 0, 1, 4, 0, 18, 0, 2, 2, 0, 0, 0, 0, 0, 6, 0, 2, 1, 0, 0, 0, 0, 0, 0, 1, 0, 0, 0, 0, 0, 0, 1, 0, 0], "WindowCenter": [-196.0, -158.0, -162.0, -182.0, -214.0, -226.0, -262.0, -214.0, -200.0, -174.0, -162.0, -190.0, -168.0, -130.0, -160.0, -198.0, -200.0, -218.0, -210.0, -176.0, -172.0, -162.0, -170.0, -188.0, -204.0, -234.0, -252.0, -348.0, -218.0, -214.0, -196.0, -170.0, -158.0, -154.0, -128.0, -122.0, -120.0, -122.0, -120.0, -90.0, -120.0, -106.0, -80.0, -86.0, -102.0, -72.0, -54.0, -68.0, -54.0, -44.0, -46.0, -198.0, -220.0, -82.0, -64.0, -22.0, -32.0, -30.0, -30.0, -44.0, -68.0, -82.0, -68.0, -132.0, -94.0, -152.0, -204.0, -212.0, -262.0, -222.0, -274.0, -328.0], "WindowWidth": [6242.0, 6276.0, 6300.0, 6320.0, 6310.0, 6314.0, 6240.0, 6226.0, 6268.0, 6212.0, 6220.0, 6168.0, 6220.0, 6188.0, 6200.0, 6098.0, 6062.0, 5974.0, 5946.0, 5906.0, 5886.0, 5812.0, 5756.0, 5656.0, 5606.0, 5434.0, 5268.0, 4692.0, 5154.0, 5264.0, 5356.0, 5454.0, 5442.0, 5394.0, 5440.0, 5412.0, 5370.0, 5322.0, 5198.0, 5380.0, 5244.0, 5298.0, 5416.0, 5372.0, 5174.0, 5340.0, 5352.0, 5344.0, 5388.0, 5400.0, 5422.0, 4630.0, 4648.0, 5186.0, 5260.0, 5502.0, 5530.0, 5566.0, 5640.0, 5646.0, 5700.0, 5756.0, 5904.0, 5908.0, 5988.0, 6072.0, 6112.0, 6214.0, 6290.0, 6272.0, 6330.0, 6326.0]}}, "IntendedFor": ["ses-imagenet01/func/sub-20_ses-imagenet01_task-imagenet_run-04_bold.nii.gz", "ses-imagenet01/func/sub-20_ses-imagenet01_task-imagenet_run-09_bold.nii.gz", "ses-imagenet01/func/sub-20_ses-imagenet01_task-imagenet_run-06_bold.nii.gz", "ses-imagenet01/func/sub-20_ses-imagenet01_task-imagenet_run-10_bold.nii.gz", "ses-imagenet01/func/sub-20_ses-imagenet01_task-imagenet_run-02_bold.nii.gz", "ses-imagenet01/func/sub-20_ses-imagenet01_task-imagenet_run-01_bold.nii.gz", "ses-imagenet01/func/sub-20_ses-imagenet01_task-imagenet_run-03_bold.nii.gz", "ses-imagenet01/func/sub-20_ses-imagenet01_task-imagenet_run-05_bold.nii.gz", "ses-imagenet01/func/sub-20_ses-imagenet01_task-imagenet_run-07_bold.nii.gz", "ses-imagenet01/func/sub-20_ses-imagenet01_task-imagenet_run-08_bold.nii.gz"]}