{"AcquisitionMatrixPE": 100, "AcquisitionNumber": 1, "AcquisitionTime": "14:07:22.195000", "BaseResolution": 100, "BodyPartExamined": "BRAIN", "ConsistencyInfo": "N4_VE11C_LATEST_20160120", "ConversionSoftware": "dcm2niix", "ConversionSoftwareVersion": "v1.0.20180622 GCC4.9.2", "DeviceSerialNumber": "166078", "DwellTime": 8.8e-06, "EchoNumber": 2, "EchoTime": 0.00738, "EchoTime1": 0.00492, "EchoTime2": 0.00738, "FlipAngle": 60, "ImageOrientationPatientDICOM": [0.999962, 0.00193335, 0.00850968, -1.459e-11, 0.975149, -0.221548], "ImageType": ["ORIGINAL", "PRIMARY", "P", "ND"], "InPlanePhaseEncodingDirectionDICOM": "ROW", "InstitutionAddress": "Street_StreetNo_Bei_Jing_District_CN_ZIP", "InstitutionName": "BeiJing_Normal_University", "InstitutionalDepartmentName": "Department", "MRAcquisitionType": "2D", "MagneticFieldStrength": 3, "Manufacturer": "Siemens", "ManufacturersModelName": "Prisma", "Modality": "MR", "PartialFourier": 1, "PatientPosition": "HFS", "PercentPhaseFOV": 100, "PhaseEncodingDirection": "i", "PhaseEncodingSteps": 100, "PhaseResolution": 1, "PixelBandwidth": 570, "ProcedureStepDescription": "BNU_P2018_64CH_Zhen.ZongLei", "ProtocolName": "field_mapping_2x2x2", "PulseSequenceDetails": "%SiemensSeq%_gre_field_mapping", "ReceiveCoilActiveElements": "HC1-7;NC1", "ReceiveCoilName": "HeadNeck_64", "ReconMatrixPE": 100, "RepetitionTime": 0.72, "SAR": 0.126632, "ScanningSequence": "GR", "SequenceName": "_fm2d2r", "SequenceVariant": "SP", "SeriesDescription": "field_mapping_2x2x2", "SeriesNumber": 10, "ShimSetting": [-5463, -11511, -1295, 471, -65, -229, -93, 55], "SliceThickness": 2, "SoftwareVersions": "syngo_MR_E11", "SpacingBetweenSlices": 2, "StationName": "AWP166078", "TxRefAmp": 218.717, "dcmmeta_affine": [[-1.999923825263977, -2.9179998695116893e-11, 0.01745319366455078, 101.54608917236328], [-0.003866701852530241, 1.9502986669540405, -0.44307994842529297, -77.69588470458984], [0.017019351944327354, 0.44309699535369873, 1.950225830078125, -102.74607849121094], [0.0, 0.0, 0.0, 1.0]], "dcmmeta_reorient_transform": [[0.0, -1.0, 0.0, 99.0], [1.0, 0.0, 0.0, 0.0], [0.0, 0.0, -1.0, 71.0], [0.0, 0.0, 0.0, 1.0]], "dcmmeta_shape": [100, 100, 72], "dcmmeta_slice_dim": 2, "dcmmeta_version": 0.6, "global": {"const": {"AcquisitionMatrix": [0, 100, 100, 0], "AcquisitionNumber": 1, "AngioFlag": "N", "BitsAllocated": 16, "BitsStored": 12, "BodyPartExamined": "BRAIN", "Columns": 100, "EchoNumbers": 2, "EchoTime": 7.38, "EchoTrainLength": 0, "FlipAngle": 60.0, "HighBit": 11, "ImageOrientationPatient": [0.99996192306186, 0.00193335088737, 0.00850967571462, -1.459e-11, 0.97514935468442, -0.2215484959519], "ImageType": ["ORIGINAL", "PRIMARY", "P", "ND"], "ImagedNucleus": "1H", "ImagingFrequency": 123.257753, "InPlanePhaseEncodingDirection": "ROW", "MRAcquisitionType": "2D", "MagneticFieldStrength": 3.0, "Manufacturer": "SIEMENS", "ManufacturerModelName": "Prisma", "Modality": "MR", "NumberOfAverages": 1.0, "NumberOfPhaseEncodingSteps": 100, "PercentPhaseFieldOfView": 100.0, "PercentSampling": 100.0, "PerformedProcedureStepStartTime": "130903.284000", "PhotometricInterpretation": "MONOCHROME2", "PixelBandwidth": 570.0, "PixelRepresentation": 0, "PixelSpacing": [2.0, 2.0], "ProtocolName": "field_mapping_2x2x2", "RepetitionTime": 720.0, "RescaleIntercept": -4096.0, "RescaleSlope": 2.0, "RescaleType": "US", "Rows": 100, "SAR": 0.12663247762064, "SamplesPerPixel": 1, "ScanningSequence": "GR", "SequenceName": "*fm2d2r", "SequenceVariant": "SP", "SeriesDescription": "field_mapping_2x2x2", "SeriesNumber": 10, "SeriesTime": "140947.046000", "SliceThickness": 2.0, "SoftwareVersions": "syngo MR E11", "SpacingBetweenSlices": 2.0, "SpecificCharacterSet": "ISO_IR 100", "StudyID": "1", "StudyTime": "130903.184000", "TransmitCoilName": "Body", "VariableFlipAngleFlag": "N", "WindowCenterWidthExplanation": "Algo1", "dBdt": 0.0}, "slices": {"AcquisitionTime": ["140722.195000", "140721.835000", "140722.205000", "140721.845000", "140722.215000", "140721.855000", "140722.225000", "140721.865000", "140722.235000", "140721.875000", "140722.245000", "140721.885000", "140722.255000", "140721.895000", "140722.265000", "140721.905000", "140722.275000", "140721.915000", "140722.285000", "140721.925000", "140722.295000", "140721.935000", "140722.305000", "140721.945000", "140722.315000", "140721.955000", "140722.325000", "140721.965000", "140722.335000", "140721.975000", "140722.345000", "140721.985000", "140722.355000", "140721.995000", "140722.365000", "140722.005000", "140722.375000", "140722.015000", "140722.385000", "140722.025000", "140722.395000", "140722.035000", "140722.405000", "140722.045000", "140722.415000", "140722.055000", "140722.425000", "140722.065000", "140722.435000", "140722.075000", "140722.445000", "140722.085000", "140722.455000", "140722.095000", "140722.465000", "140722.105000", "140722.475000", "140722.115000", "140722.485000", "140722.125000", "140722.495000", "140722.135000", "140722.505000", "140722.145000", "140722.515000", "140722.155000", "140722.525000", "140722.165000", "140722.535000", "140722.175000", "140722.545000", "140722.185000"], "ContentTime": ["140947.116000", "140947.048000", "140947.118000", "140947.051000", "140947.126000", "140947.053000", "140947.128000", "140947.055000", "140947.130000", "140947.057000", "140947.131000", "140947.059000", "140947.133000", "140947.061000", "140947.135000", "140947.062000", "140947.137000", "140947.064000", "140947.139000", "140947.066000", "140947.141000", "140947.068000", "140947.142000", "140947.070000", "140947.145000", "140947.072000", "140947.147000", "140947.074000", "140947.149000", "140947.075000", "140947.151000", "140947.077000", "140947.153000", "140947.079000", "140947.154000", "140947.081000", "140947.156000", "140947.083000", "140947.159000", "140947.084000", "140947.161000", "140947.086000", "140947.163000", "140947.088000", "140947.165000", "140947.090000", "140947.167000", "140947.092000", "140947.169000", "140947.094000", "140947.171000", "140947.096000", "140947.172000", "140947.097000", "140947.174000", "140947.099000", "140947.176000", "140947.101000", "140947.178000", "140947.103000", "140947.180000", "140947.105000", "140947.182000", "140947.106000", "140947.184000", "140947.108000", "140947.185000", "140947.110000", "140947.187000", "140947.112000", "140947.189000", "140947.114000"], "CsaImage.GSWDDataType": ["measured", "predicted", "measured", "predicted", "measured", "predicted", "measured", "predicted", "measured", "predicted", "measured", "predicted", "measured", "predicted", "measured", "predicted", "measured", "predicted", "measured", "predicted", "measured", "predicted", "measured", "predicted", "measured", "predicted", "measured", "predicted", "measured", "predicted", "measured", "predicted", "measured", "predicted", "measured", "predicted", "measured", "predicted", "measured", "predicted", "measured", "predicted", "measured", "predicted", "measured", "predicted", "measured", "predicted", "measured", "predicted", "measured", "predicted", "measured", "predicted", "measured", "predicted", "measured", "predicted", "measured", "predicted", "measured", "predicted", "measured", "measured", "measured", "measured", "measured", "measured", "measured", "measured", "measured", "measured"], "CsaImage.ICE_Dims": ["X_2_1_1_1_1_1_37_1_1_1_1_143", "X_2_1_1_1_1_1_1_1_1_2_1_143", "X_2_1_1_1_1_1_38_1_1_3_1_143", "X_2_1_1_1_1_1_2_1_1_4_1_143", "X_2_1_1_1_1_1_39_1_1_5_1_143", "X_2_1_1_1_1_1_3_1_1_6_1_143", "X_2_1_1_1_1_1_40_1_1_7_1_143", "X_2_1_1_1_1_1_4_1_1_8_1_143", "X_2_1_1_1_1_1_41_1_1_9_1_143", "X_2_1_1_1_1_1_5_1_1_10_1_143", "X_2_1_1_1_1_1_42_1_1_11_1_143", "X_2_1_1_1_1_1_6_1_1_12_1_143", "X_2_1_1_1_1_1_43_1_1_13_1_143", "X_2_1_1_1_1_1_7_1_1_14_1_143", "X_2_1_1_1_1_1_44_1_1_15_1_143", "X_2_1_1_1_1_1_8_1_1_16_1_143", "X_2_1_1_1_1_1_45_1_1_17_1_143", "X_2_1_1_1_1_1_9_1_1_18_1_143", "X_2_1_1_1_1_1_46_1_1_19_1_143", "X_2_1_1_1_1_1_10_1_1_20_1_143", "X_2_1_1_1_1_1_47_1_1_21_1_143", "X_2_1_1_1_1_1_11_1_1_22_1_143", "X_2_1_1_1_1_1_48_1_1_23_1_143", "X_2_1_1_1_1_1_12_1_1_24_1_143", "X_2_1_1_1_1_1_49_1_1_25_1_143", "X_2_1_1_1_1_1_13_1_1_26_1_143", "X_2_1_1_1_1_1_50_1_1_27_1_143", "X_2_1_1_1_1_1_14_1_1_28_1_143", "X_2_1_1_1_1_1_51_1_1_29_1_143", "X_2_1_1_1_1_1_15_1_1_30_1_143", "X_2_1_1_1_1_1_52_1_1_31_1_143", "X_2_1_1_1_1_1_16_1_1_32_1_143", "X_2_1_1_1_1_1_53_1_1_33_1_143", "X_2_1_1_1_1_1_17_1_1_34_1_143", "X_2_1_1_1_1_1_54_1_1_35_1_143", "X_2_1_1_1_1_1_18_1_1_36_1_143", "X_2_1_1_1_1_1_55_1_1_37_1_143", "X_2_1_1_1_1_1_19_1_1_38_1_143", "X_2_1_1_1_1_1_56_1_1_39_1_143", "X_2_1_1_1_1_1_20_1_1_40_1_143", "X_2_1_1_1_1_1_57_1_1_41_1_143", "X_2_1_1_1_1_1_21_1_1_42_1_143", "X_2_1_1_1_1_1_58_1_1_43_1_143", "X_2_1_1_1_1_1_22_1_1_44_1_143", "X_2_1_1_1_1_1_59_1_1_45_1_143", "X_2_1_1_1_1_1_23_1_1_46_1_143", "X_2_1_1_1_1_1_60_1_1_47_1_143", "X_2_1_1_1_1_1_24_1_1_48_1_143", "X_2_1_1_1_1_1_61_1_1_49_1_143", "X_2_1_1_1_1_1_25_1_1_50_1_143", "X_2_1_1_1_1_1_62_1_1_51_1_143", "X_2_1_1_1_1_1_26_1_1_52_1_143", "X_2_1_1_1_1_1_63_1_1_53_1_143", "X_2_1_1_1_1_1_27_1_1_54_1_143", "X_2_1_1_1_1_1_64_1_1_55_1_143", "X_2_1_1_1_1_1_28_1_1_56_1_143", "X_2_1_1_1_1_1_65_1_1_57_1_143", "X_2_1_1_1_1_1_29_1_1_58_1_143", "X_2_1_1_1_1_1_66_1_1_59_1_143", "X_2_1_1_1_1_1_30_1_1_60_1_143", "X_2_1_1_1_1_1_67_1_1_61_1_143", "X_2_1_1_1_1_1_31_1_1_62_1_143", "X_2_1_1_1_1_1_68_1_1_63_1_143", "X_2_1_1_1_1_1_32_1_1_64_1_143", "X_2_1_1_1_1_1_69_1_1_65_1_143", "X_2_1_1_1_1_1_33_1_1_66_1_143", "X_2_1_1_1_1_1_70_1_1_67_1_143", "X_2_1_1_1_1_1_34_1_1_68_1_143", "X_2_1_1_1_1_1_71_1_1_69_1_143", "X_2_1_1_1_1_1_35_1_1_70_1_143", "X_2_1_1_1_1_1_72_1_1_71_1_143", "X_2_1_1_1_1_1_36_1_1_72_1_143"], "CsaImage.ProtocolSliceNumber": [0, 1, 2, 3, 4, 5, 6, 7, 8, 9, 10, 11, 12, 13, 14, 15, 16, 17, 18, 19, 20, 21, 22, 23, 24, 25, 26, 27, 28, 29, 30, 31, 32, 33, 34, 35, 36, 37, 38, 39, 40, 41, 42, 43, 44, 45, 46, 47, 48, 49, 50, 51, 52, 53, 54, 55, 56, 57, 58, 59, 60, 61, 62, 63, 64, 65, 66, 67, 68, 69, 70, 71], "CsaImage.RFSWDDataType": ["measured", "predicted", "measured", "predicted", "measured", "predicted", "measured", "predicted", "measured", "predicted", "measured", "predicted", "measured", "predicted", "measured", "predicted", "measured", "predicted", "measured", "predicted", "measured", "predicted", "measured", "predicted", "measured", "predicted", "measured", "predicted", "measured", "predicted", "measured", "predicted", "measured", "predicted", "measured", "predicted", "measured", "predicted", "measured", "predicted", "measured", "predicted", "measured", "predicted", "measured", "predicted", "measured", "predicted", "measured", "predicted", "measured", "predicted", "measured", "predicted", "measured", "predicted", "measured", "predicted", "measured", "predicted", "measured", "measured", "measured", "measured", "measured", "measured", "measured", "measured", "measured", "measured", "measured", "measured"], "CsaImage.SlicePosition_PCS": [[-101.54609975, -115.38369895, -58.87938366], [-101.56355283, -114.94061805, -56.92915783], [-101.5810059, -114.49753714, -54.978932], [-101.59845897, -114.05445815, -53.02870617], [-101.61591205, -113.61137725, -51.07848797], [-101.63336512, -113.1682973, -49.12826214], [-101.6508182, -112.72521735, -47.17803631], [-101.66827127, -112.2821374, -45.22781048], [-101.68572435, -111.83905745, -43.27758465], [-101.70317742, -111.39597655, -41.32736264], [-101.7206305, -110.9528966, -39.37713681], [-101.73808357, -110.50981665, -37.42691479], [-101.75553664, -110.06673671, -35.47668896], [-101.77298972, -109.62365676, -33.52646313], [-101.79044279, -109.18057681, -31.57624111], [-101.80789587, -108.73749591, -29.62601528], [-101.82534894, -108.29441596, -27.67578945], [-101.84280202, -107.85133601, -25.72556744], [-101.86025509, -107.40825606, -23.77534161], [-101.87770817, -106.96517611, -21.82511578], [-101.89516124, -106.52209521, -19.87489376], [-101.91261431, -106.07901526, -17.92466793], [-101.93006739, -105.63593531, -15.97444592], [-101.94752046, -105.19285537, -14.02422009], [-101.96497354, -104.74977494, -12.07399426], [-101.98242661, -104.30669499, -10.12377034], [-101.99987969, -103.86361504, -8.17354641], [-102.01733264, -103.42053462, -6.22332249], [-102.03478584, -102.97745467, -4.27309666], [-102.05223879, -102.53437472, -2.32287274], [-102.06969198, -102.0912943, -0.37264881], [-102.08714494, -101.64821435, 1.57757511], [-102.10459813, -101.20513416, 3.52780094], [-102.12205109, -100.76205397, 5.47802486], [-102.13950428, -100.31897403, 7.42824878], [-102.15695724, -99.87589384, 9.37847366], [-102.17441043, -99.43281365, 11.32869758], [-102.19186339, -98.98973358, 13.27892246], [-102.20931658, -98.5466534, 15.22914686], [-102.22676954, -98.1035733, 17.17937126], [-102.24422273, -97.66049317, 19.1295959], [-102.26167568, -97.21741305, 21.07982024], [-102.27912888, -96.77433295, 23.0300447], [-102.29658183, -96.33125282, 24.9802691], [-102.31403503, -95.88817263, 26.93049373], [-102.33148798, -95.44509245, 28.88071813], [-102.34894118, -95.0020125, 30.83094253], [-102.36639413, -94.55893231, 32.78116646], [-102.38384732, -94.11585212, 34.73139133], [-102.40130028, -93.67277194, 36.68161621], [-102.41875347, -93.22969199, 38.63184108], [-102.43620643, -92.78661204, 40.58206501], [-102.45365938, -92.34353162, 42.53228893], [-102.47111258, -91.90045167, 44.48251285], [-102.48856553, -91.45737124, 46.43273868], [-102.50601873, -91.01429129, 48.38296261], [-102.52347168, -90.57121135, 50.33318653], [-102.54092488, -90.12813092, 52.28341045], [-102.55837783, -89.68505049, 54.23363437], [-102.57583102, -89.24197055, 56.1838602], [-102.59328398, -88.7988906, 58.13408603], [-102.61073717, -88.35581065, 60.08430805], [-102.62819013, -87.9127307, 62.03453388], [-102.64564332, -87.46965075, 63.98475971], [-102.66309628, -87.02656985, 65.93498172], [-102.68054947, -86.5834899, 67.88520755], [-102.69800243, -86.14040995, 69.83542957], [-102.71545562, -85.69733001, 71.7856554], [-102.73290858, -85.25425006, 73.73588123], [-102.75036177, -84.81116915, 75.68610325], [-102.76781472, -84.36808921, 77.63632908], [-102.78526792, -83.92500926, 79.58655491]], "CsaImage.TimeAfterStart": [1.0825, 0.7225, 1.0925, 0.7325, 1.1025, 0.7425, 1.1125, 0.7525, 1.1225, 0.7625, 1.1325, 0.7725, 1.1425, 0.7825, 1.1525, 0.7925, 1.1625, 0.8025, 1.1725, 0.8125, 1.1825, 0.8225, 1.1925, 0.8325, 1.2025, 0.8425, 1.2125, 0.8525, 1.2225, 0.8625, 1.2325, 0.8725, 1.2425, 0.8825, 1.2525, 0.8925, 1.2625, 0.9025, 1.2725, 0.9125, 1.2825, 0.9225, 1.2925, 0.9325, 1.3025, 0.9425, 1.3125, 0.9525, 1.3225, 0.9625, 1.3325, 0.9725, 1.3425, 0.9825, 1.3525, 0.9925, 1.3625, 1.0025, 1.3725, 1.0125, 1.3825, 1.0225, 1.3925, 1.0325, 1.4025, 1.0425, 1.4125, 1.0525, 1.4225, 1.0625, 1.4325, 1.0725], "ImagePositionPatient": [[-101.54609975063, -115.38369894768, -58.879383662306], [-101.56355282509, -114.94061804558, -56.929157832228], [-101.58100589955, -114.49753714348, -54.978932002149], [-101.598458974, -114.05445814873, -53.028706172071], [-101.61591204846, -113.61137724663, -51.078487971388], [-101.63336512291, -113.16829729821, -49.12826214131], [-101.65081819737, -112.72521734978, -47.178036311231], [-101.66827127182, -112.28213740136, -45.227810481153], [-101.68572434628, -111.83905745293, -43.277584651075], [-101.70317742073, -111.39597655083, -41.327362635694], [-101.72063049519, -110.95289660241, -39.377136805616], [-101.73808356964, -110.50981665398, -37.426914790235], [-101.7555366441, -110.06673670556, -35.476688960157], [-101.77298971855, -109.62365675713, -33.526463130079], [-101.79044279301, -109.18057680871, -31.576241114698], [-101.80789586746, -108.73749590661, -29.62601528462], [-101.82534894192, -108.29441595818, -27.675789454542], [-101.84280201637, -107.85133600976, -25.725567439161], [-101.86025509083, -107.40825606133, -23.775341609083], [-101.87770816528, -106.9651761129, -21.825115779005], [-101.89516123974, -106.5220952108, -19.874893763624], [-101.9126143142, -106.07901526238, -17.924667933546], [-101.93006738865, -105.63593531395, -15.974445918165], [-101.94752046311, -105.19285536553, -14.024220088087], [-101.96497353756, -104.74977494027, -12.073994258009], [-101.98242661202, -104.30669499184, -10.123770335279], [-101.99987968647, -103.86361504342, -8.1735464125498], [-102.01733264172, -103.42053461815, -6.2233224898203], [-102.03478583538, -102.97745466973, -4.2730966597422], [-102.05223879063, -102.5343747213, -2.3228727370127], [-102.06969198429, -102.09129429604, -0.3726488142832], [-102.08714493954, -101.64821434762, 1.5775751084463], [-102.1045981332, -101.20513416077, 3.5278009385244], [-102.12205108845, -100.76205397393, 5.4780248612539], [-102.13950428211, -100.3189740255, 7.4282487839834], [-102.15695723736, -99.875893838658, 9.3784736603872], [-102.17441043102, -99.432813651814, 11.328697583117], [-102.19186338627, -98.98973358418, 13.278922459521], [-102.20931657993, -98.546653397336, 15.229146859087], [-102.22676953518, -98.103573299899, 17.179371258654], [-102.24422272885, -97.660493168935, 19.129595896639], [-102.26167568409, -97.217413045421, 21.079820236601], [-102.27912887776, -96.774332947984, 23.030044695772], [-102.296581833, -96.331252820744, 24.980269095339], [-102.31403502667, -95.888172633901, 26.930493733324], [-102.33148798191, -95.445092447057, 28.880718132891], [-102.34894117558, -95.002012498631, 30.830942532458], [-102.36639413082, -94.558932311788, 32.781166455187], [-102.38384732449, -94.115852124944, 34.731391331591], [-102.40130027973, -93.6727719381, 36.681616207995], [-102.4187534734, -93.229691989675, 38.631841084398], [-102.43620642864, -92.786612041249, 40.582065007128], [-102.45365938389, -92.343531615987, 42.532288929857], [-102.47111257755, -91.900451667561, 44.482512852587], [-102.4885655328, -91.457371242299, 46.432738682665], [-102.50601872646, -91.014291293874, 48.382962605395], [-102.52347168171, -90.571211345448, 50.333186528124], [-102.54092487538, -90.128130920186, 52.283410450854], [-102.55837783062, -89.685050494924, 54.233634373583], [-102.57583102429, -89.241970546498, 56.183860203661], [-102.59328397953, -88.798890598073, 58.134086033739], [-102.6107371732, -88.355810649648, 60.08430804912], [-102.62819012844, -87.912730701222, 62.034533879198], [-102.64564332211, -87.469650752797, 63.984759709276], [-102.66309627735, -87.026569850697, 65.934981724657], [-102.68054947102, -86.583489902272, 67.885207554735], [-102.69800242626, -86.140409953847, 69.835429570116], [-102.71545561993, -85.697330005422, 71.785655400194], [-102.73290857517, -85.254250056996, 73.735881230272], [-102.75036176884, -84.811169154897, 75.686103245653], [-102.76781472408, -84.368089206471, 77.636329075731], [-102.78526791775, -83.925009258046, 79.58655490581]], "InstanceCreationTime": ["140947.116000", "140947.048000", "140947.118000", "140947.051000", "140947.126000", "140947.053000", "140947.128000", "140947.055000", "140947.130000", "140947.057000", "140947.131000", "140947.059000", "140947.133000", "140947.061000", "140947.135000", "140947.062000", "140947.137000", "140947.064000", "140947.139000", "140947.066000", "140947.141000", "140947.068000", "140947.142000", "140947.070000", "140947.145000", "140947.072000", "140947.147000", "140947.074000", "140947.149000", "140947.075000", "140947.151000", "140947.077000", "140947.153000", "140947.079000", "140947.154000", "140947.081000", "140947.156000", "140947.083000", "140947.159000", "140947.084000", "140947.161000", "140947.086000", "140947.163000", "140947.088000", "140947.165000", "140947.090000", "140947.167000", "140947.092000", "140947.169000", "140947.094000", "140947.171000", "140947.096000", "140947.172000", "140947.097000", "140947.174000", "140947.099000", "140947.176000", "140947.101000", "140947.178000", "140947.103000", "140947.180000", "140947.105000", "140947.182000", "140947.106000", "140947.184000", "140947.108000", "140947.185000", "140947.110000", "140947.187000", "140947.112000", "140947.189000", "140947.114000"], "InstanceNumber": [1, 2, 3, 4, 5, 6, 7, 8, 9, 10, 11, 12, 13, 14, 15, 16, 17, 18, 19, 20, 21, 22, 23, 24, 25, 26, 27, 28, 29, 30, 31, 32, 33, 34, 35, 36, 37, 38, 39, 40, 41, 42, 43, 44, 45, 46, 47, 48, 49, 50, 51, 52, 53, 54, 55, 56, 57, 58, 59, 60, 61, 62, 63, 64, 65, 66, 67, 68, 69, 70, 71, 72], "LargestImagePixelValue": [4094, 4094, 4095, 4092, 4095, 4094, 4095, 4095, 4094, 4095, 4094, 4094, 4091, 4093, 4095, 4094, 4093, 4094, 4089, 4095, 4093, 4085, 4095, 4092, 4090, 4094, 4095, 4095, 4094, 4093, 4094, 4091, 4081, 4089, 4090, 4082, 4091, 4093, 4094, 4092, 4093, 4093, 4092, 4095, 4095, 4088, 4094, 4090, 4094, 4094, 4092, 4094, 4095, 4095, 4094, 4092, 4095, 4095, 4094, 4094, 4095, 4094, 4094, 4093, 4089, 4095, 4093, 4095, 4095, 4093, 4095, 4095], "SliceLocation": [-82.089972673836, -80.089971152857, -78.089969631879, -76.089968533454, -74.089974451991, -72.08997314229, -70.089971832588, -68.089970522886, -66.089969213185, -64.089971411964, -62.089970102262, -60.089972512319, -58.089971202617, -56.089969892915, -54.089972302972, -52.089970781993, -50.089969472291, -48.089971882348, -46.089970572646, -44.089969262945, -42.089971461724, -40.089970152022, -38.089972562078, -36.089971252377, -34.089969837037, -32.089970387214, -30.089970937391, -28.089971382971, -26.089970072229, -24.089970623446, -22.089971066945, -20.089971618162, -18.089970254601, -16.089970753, -14.089971302137, -12.089970870596, -10.089971366913, -8.0899709617819, -6.0899709931299, -4.0899710463658, -2.0899708576085, -0.0899709631884, 1.9100290437775, 3.9100289971441, 5.9100291982809, 7.9100291648523, 9.9100290806849, 11.910028582287, 13.910029015908, 15.910029447449, 17.910029828252, 19.910029277034, 21.910028831455, 23.910028282318, 25.910029696618, 27.910029147481, 29.910028596263, 31.910028152765, 33.910027707186, 35.910029017927, 37.910030326589, 39.910027917573, 41.910029226234, 43.910030536976, 45.910028337156, 47.910029647898, 49.910027236802, 51.910028547544, 53.910029856205, 55.910027658466, 57.910028967127, 59.910030277869], "SmallestImagePixelValue": [0, 0, 0, 0, 1, 0, 3, 0, 3, 1, 1, 0, 1, 0, 0, 1, 1, 0, 0, 0, 0, 1, 19, 2, 1, 0, 4, 3, 0, 3, 0, 1, 1, 8, 2, 1, 2, 0, 6, 0, 0, 0, 0, 2, 0, 2, 0, 3, 0, 0, 1, 4, 1, 0, 0, 1, 0, 1, 0, 4, 1, 0, 0, 0, 0, 0, 0, 0, 0, 0, 0, 0], "WindowCenter": [-200.0, -230.0, -222.0, -198.0, -196.0, -144.0, -150.0, -136.0, -144.0, -160.0, -162.0, -186.0, -174.0, -162.0, -146.0, -130.0, -178.0, -242.0, -312.0, -326.0, -312.0, -386.0, -372.0, -338.0, -304.0, -292.0, -146.0, -266.0, -254.0, -240.0, -238.0, -110.0, -108.0, -214.0, -206.0, -208.0, -196.0, -34.0, -104.0, -66.0, -48.0, -182.0, -210.0, -220.0, -238.0, -220.0, -86.0, -126.0, -68.0, -60.0, -60.0, -18.0, -30.0, -38.0, 12.0, -32.0, -12.0, -42.0, -86.0, -118.0, -134.0, -166.0, -208.0, -254.0, -258.0, -336.0, -306.0, -350.0, -344.0, -346.0, -382.0, -378.0], "WindowWidth": [6140.0, 6210.0, 6196.0, 6198.0, 6168.0, 6216.0, 6232.0, 6260.0, 6210.0, 6242.0, 6164.0, 6092.0, 6016.0, 5972.0, 5942.0, 5962.0, 5900.0, 5768.0, 5364.0, 5328.0, 5104.0, 4672.0, 4672.0, 4644.0, 4632.0, 4630.0, 5164.0, 4610.0, 4600.0, 4598.0, 4586.0, 4960.0, 4880.0, 4584.0, 4572.0, 4586.0, 4576.0, 5334.0, 4964.0, 4996.0, 5080.0, 4590.0, 4604.0, 4618.0, 4632.0, 4636.0, 5244.0, 4998.0, 5302.0, 5366.0, 5412.0, 5530.0, 5512.0, 5486.0, 5652.0, 5656.0, 5754.0, 5784.0, 5864.0, 5924.0, 5928.0, 6046.0, 6054.0, 6100.0, 6156.0, 6214.0, 6282.0, 6350.0, 6400.0, 6508.0, 6506.0, 6538.0]}}, "IntendedFor": ["ses-imagenet01/func/sub-26_ses-imagenet01_task-imagenet_run-05_bold.nii.gz", "ses-imagenet01/func/sub-26_ses-imagenet01_task-imagenet_run-07_bold.nii.gz", "ses-imagenet01/func/sub-26_ses-imagenet01_task-imagenet_run-08_bold.nii.gz", "ses-imagenet01/func/sub-26_ses-imagenet01_task-imagenet_run-01_bold.nii.gz", "ses-imagenet01/func/sub-26_ses-imagenet01_task-imagenet_run-03_bold.nii.gz", "ses-imagenet01/func/sub-26_ses-imagenet01_task-imagenet_run-10_bold.nii.gz", "ses-imagenet01/func/sub-26_ses-imagenet01_task-imagenet_run-02_bold.nii.gz", "ses-imagenet01/func/sub-26_ses-imagenet01_task-imagenet_run-04_bold.nii.gz", "ses-imagenet01/func/sub-26_ses-imagenet01_task-imagenet_run-09_bold.nii.gz", "ses-imagenet01/func/sub-26_ses-imagenet01_task-imagenet_run-06_bold.nii.gz"]}