{"AcquisitionMatrixPE": 100, "AcquisitionNumber": 1, "AcquisitionTime": "13:44:30.787500", "BaseResolution": 100, "BodyPartExamined": "BRAIN", "ConsistencyInfo": "N4_VE11C_LATEST_20160120", "ConversionSoftware": "dcm2niix", "ConversionSoftwareVersion": "v1.0.20180622 GCC4.9.2", "DeviceSerialNumber": "166078", "DwellTime": 8.8e-06, "EchoNumber": 2, "EchoTime": 0.00738, "EchoTime1": 0.00492, "EchoTime2": 0.00738, "FlipAngle": 60, "ImageOrientationPatientDICOM": [1, -0.000158785, -0.000795367, -4.465e-12, 0.980649, -0.195774], "ImageType": ["ORIGINAL", "PRIMARY", "P", "ND"], "InPlanePhaseEncodingDirectionDICOM": "ROW", "InstitutionAddress": "Street_StreetNo_Bei_Jing_District_CN_ZIP", "InstitutionName": "BeiJing_Normal_University", "InstitutionalDepartmentName": "Department", "MRAcquisitionType": "2D", "MagneticFieldStrength": 3, "Manufacturer": "Siemens", "ManufacturersModelName": "Prisma", "Modality": "MR", "PartialFourier": 1, "PatientPosition": "HFS", "PercentPhaseFOV": 100, "PhaseEncodingDirection": "i", "PhaseEncodingSteps": 100, "PhaseResolution": 1, "PixelBandwidth": 570, "ProcedureStepDescription": "BNU_P2018_64CH_Zhen.ZongLei", "ProtocolName": "field_mapping_2x2x2", "PulseSequenceDetails": "%SiemensSeq%_gre_field_mapping", "ReceiveCoilActiveElements": "HC1-7;NC1", "ReceiveCoilName": "HeadNeck_64", "ReconMatrixPE": 100, "RepetitionTime": 0.72, "SAR": 0.127273, "ScanningSequence": "GR", "SequenceName": "_fm2d2r", "SequenceVariant": "SP", "SeriesDescription": "field_mapping_2x2x2", "SeriesNumber": 9, "ShimSetting": [-5456, -11488, -1248, 388, -33, -219, -155, 57], "SliceThickness": 2, "SoftwareVersions": "syngo_MR_E11", "SpacingBetweenSlices": 2, "StationName": "AWP166078", "TxRefAmp": 222.948, "dcmmeta_affine": [[-1.9999992847442627, -8.92999996865429e-12, -0.0016221404075622559, 100.8614501953125], [0.00031757017131894827, 1.9612979888916016, -0.39154815673828125, -84.06616973876953], [-0.0015907338820397854, 0.39154866337776184, 1.9612960815429688, -78.90282440185547], [0.0, 0.0, 0.0, 1.0]], "dcmmeta_reorient_transform": [[0.0, -1.0, 0.0, 99.0], [1.0, 0.0, 0.0, 0.0], [0.0, 0.0, -1.0, 71.0], [0.0, 0.0, 0.0, 1.0]], "dcmmeta_shape": [100, 100, 72], "dcmmeta_slice_dim": 2, "dcmmeta_version": 0.6, "global": {"const": {"AcquisitionMatrix": [0, 100, 100, 0], "AcquisitionNumber": 1, "AngioFlag": "N", "BitsAllocated": 16, "BitsStored": 12, "BodyPartExamined": "BRAIN", "Columns": 100, "EchoNumbers": 2, "EchoTime": 7.38, "EchoTrainLength": 0, "FlipAngle": 60.0, "HighBit": 11, "ImageOrientationPatient": [0.99999967108931, -0.0001587850799, -0.0007953669394, -4.465e-12, 0.98064897461204, -0.19577433078], "ImageType": ["ORIGINAL", "PRIMARY", "P", "ND"], "ImagedNucleus": "1H", "ImagingFrequency": 123.25774, "InPlanePhaseEncodingDirection": "ROW", "MRAcquisitionType": "2D", "MagneticFieldStrength": 3.0, "Manufacturer": "SIEMENS", "ManufacturerModelName": "Prisma", "Modality": "MR", "NumberOfAverages": 1.0, "NumberOfPhaseEncodingSteps": 100, "PercentPhaseFieldOfView": 100.0, "PercentSampling": 100.0, "PerformedProcedureStepStartTime": "125038.673000", "PhotometricInterpretation": "MONOCHROME2", "PixelBandwidth": 570.0, "PixelRepresentation": 0, "PixelSpacing": [2.0, 2.0], "ProtocolName": "field_mapping_2x2x2", "RepetitionTime": 720.0, "RescaleIntercept": -4096.0, "RescaleSlope": 2.0, "RescaleType": "US", "Rows": 100, "SAR": 0.12727318483726, "SamplesPerPixel": 1, "ScanningSequence": "GR", "SequenceName": "*fm2d2r", "SequenceVariant": "SP", "SeriesDescription": "field_mapping_2x2x2", "SeriesNumber": 9, "SeriesTime": "134655.965000", "SliceThickness": 2.0, "SoftwareVersions": "syngo MR E11", "SpacingBetweenSlices": 2.0, "SpecificCharacterSet": "ISO_IR 100", "StudyID": "1", "StudyTime": "125038.603000", "TransmitCoilName": "Body", "VariableFlipAngleFlag": "N", "WindowCenterWidthExplanation": "Algo1", "dBdt": 0.0}, "slices": {"AcquisitionTime": ["134430.787500", "134430.427500", "134430.797500", "134430.437500", "134430.807500", "134430.447500", "134430.817500", "134430.457500", "134430.827500", "134430.467500", "134430.837500", "134430.477500", "134430.847500", "134430.487500", "134430.857500", "134430.497500", "134430.867500", "134430.507500", "134430.877500", "134430.517500", "134430.887500", "134430.527500", "134430.897500", "134430.537500", "134430.907500", "134430.547500", "134430.917500", "134430.557500", "134430.927500", "134430.567500", "134430.937500", "134430.577500", "134430.947500", "134430.587500", "134430.957500", "134430.597500", "134430.967500", "134430.607500", "134430.977500", "134430.617500", "134430.987500", "134430.627500", "134430.997500", "134430.637500", "134431.007500", "134430.647500", "134431.017500", "134430.657500", "134431.027500", "134430.667500", "134431.037500", "134430.677500", "134431.047500", "134430.687500", "134431.057500", "134430.697500", "134431.067500", "134430.707500", "134431.077500", "134430.717500", "134431.087500", "134430.727500", "134431.097500", "134430.737500", "134431.107500", "134430.747500", "134431.117500", "134430.757500", "134431.127500", "134430.767500", "134431.137500", "134430.777500"], "ContentTime": ["134656.034000", "134655.967000", "134656.036000", "134655.969000", "134656.038000", "134655.971000", "134656.040000", "134655.973000", "134656.042000", "134655.975000", "134656.044000", "134655.977000", "134656.045000", "134655.978000", "134656.047000", "134655.980000", "134656.049000", "134655.982000", "134656.051000", "134655.984000", "134656.053000", "134655.986000", "134656.055000", "134655.988000", "134656.056000", "134655.989000", "134656.058000", "134655.991000", "134656.060000", "134655.993000", "134656.062000", "134655.995000", "134656.064000", "134655.997000", "134656.066000", "134656.000000", "134656.067000", "134656.001000", "134656.069000", "134656.003000", "134656.071000", "134656.005000", "134656.073000", "134656.007000", "134656.075000", "134656.009000", "134656.077000", "134656.011000", "134656.078000", "134656.013000", "134656.080000", "134656.014000", "134656.082000", "134656.016000", "134656.084000", "134656.018000", "134656.086000", "134656.020000", "134656.088000", "134656.022000", "134656.089000", "134656.023000", "134656.091000", "134656.025000", "134656.093000", "134656.027000", "134656.095000", "134656.029000", "134656.097000", "134656.031000", "134656.099000", "134656.033000"], "CsaImage.GSWDDataType": ["measured", "predicted", "measured", "predicted", "measured", "predicted", "measured", "predicted", "measured", "predicted", "measured", "predicted", "measured", "predicted", "measured", "predicted", "measured", "predicted", "measured", "predicted", "measured", "predicted", "measured", "predicted", "measured", "predicted", "measured", "predicted", "measured", "predicted", "measured", "predicted", "measured", "predicted", "measured", "predicted", "measured", "predicted", "measured", "predicted", "measured", "predicted", "measured", "predicted", "measured", "predicted", "measured", "predicted", "measured", "predicted", "measured", "predicted", "measured", "predicted", "measured", "predicted", "measured", "predicted", "measured", "predicted", "measured", "predicted", "measured", "predicted", "measured", "measured", "measured", "measured", "measured", "measured", "measured", "measured"], "CsaImage.ICE_Dims": ["X_2_1_1_1_1_1_37_1_1_1_1_123", "X_2_1_1_1_1_1_1_1_1_2_1_123", "X_2_1_1_1_1_1_38_1_1_3_1_123", "X_2_1_1_1_1_1_2_1_1_4_1_123", "X_2_1_1_1_1_1_39_1_1_5_1_123", "X_2_1_1_1_1_1_3_1_1_6_1_123", "X_2_1_1_1_1_1_40_1_1_7_1_123", "X_2_1_1_1_1_1_4_1_1_8_1_123", "X_2_1_1_1_1_1_41_1_1_9_1_123", "X_2_1_1_1_1_1_5_1_1_10_1_123", "X_2_1_1_1_1_1_42_1_1_11_1_123", "X_2_1_1_1_1_1_6_1_1_12_1_123", "X_2_1_1_1_1_1_43_1_1_13_1_123", "X_2_1_1_1_1_1_7_1_1_14_1_123", "X_2_1_1_1_1_1_44_1_1_15_1_123", "X_2_1_1_1_1_1_8_1_1_16_1_123", "X_2_1_1_1_1_1_45_1_1_17_1_123", "X_2_1_1_1_1_1_9_1_1_18_1_123", "X_2_1_1_1_1_1_46_1_1_19_1_123", "X_2_1_1_1_1_1_10_1_1_20_1_123", "X_2_1_1_1_1_1_47_1_1_21_1_123", "X_2_1_1_1_1_1_11_1_1_22_1_123", "X_2_1_1_1_1_1_48_1_1_23_1_123", "X_2_1_1_1_1_1_12_1_1_24_1_123", "X_2_1_1_1_1_1_49_1_1_25_1_123", "X_2_1_1_1_1_1_13_1_1_26_1_123", "X_2_1_1_1_1_1_50_1_1_27_1_123", "X_2_1_1_1_1_1_14_1_1_28_1_123", "X_2_1_1_1_1_1_51_1_1_29_1_123", "X_2_1_1_1_1_1_15_1_1_30_1_123", "X_2_1_1_1_1_1_52_1_1_31_1_123", "X_2_1_1_1_1_1_16_1_1_32_1_123", "X_2_1_1_1_1_1_53_1_1_33_1_123", "X_2_1_1_1_1_1_17_1_1_34_1_123", "X_2_1_1_1_1_1_54_1_1_35_1_123", "X_2_1_1_1_1_1_18_1_1_36_1_123", "X_2_1_1_1_1_1_55_1_1_37_1_123", "X_2_1_1_1_1_1_19_1_1_38_1_123", "X_2_1_1_1_1_1_56_1_1_39_1_123", "X_2_1_1_1_1_1_20_1_1_40_1_123", "X_2_1_1_1_1_1_57_1_1_41_1_123", "X_2_1_1_1_1_1_21_1_1_42_1_123", "X_2_1_1_1_1_1_58_1_1_43_1_123", "X_2_1_1_1_1_1_22_1_1_44_1_123", "X_2_1_1_1_1_1_59_1_1_45_1_123", "X_2_1_1_1_1_1_23_1_1_46_1_123", "X_2_1_1_1_1_1_60_1_1_47_1_123", "X_2_1_1_1_1_1_24_1_1_48_1_123", "X_2_1_1_1_1_1_61_1_1_49_1_123", "X_2_1_1_1_1_1_25_1_1_50_1_123", "X_2_1_1_1_1_1_62_1_1_51_1_123", "X_2_1_1_1_1_1_26_1_1_52_1_123", "X_2_1_1_1_1_1_63_1_1_53_1_123", "X_2_1_1_1_1_1_27_1_1_54_1_123", "X_2_1_1_1_1_1_64_1_1_55_1_123", "X_2_1_1_1_1_1_28_1_1_56_1_123", "X_2_1_1_1_1_1_65_1_1_57_1_123", "X_2_1_1_1_1_1_29_1_1_58_1_123", "X_2_1_1_1_1_1_66_1_1_59_1_123", "X_2_1_1_1_1_1_30_1_1_60_1_123", "X_2_1_1_1_1_1_67_1_1_61_1_123", "X_2_1_1_1_1_1_31_1_1_62_1_123", "X_2_1_1_1_1_1_68_1_1_63_1_123", "X_2_1_1_1_1_1_32_1_1_64_1_123", "X_2_1_1_1_1_1_69_1_1_65_1_123", "X_2_1_1_1_1_1_33_1_1_66_1_123", "X_2_1_1_1_1_1_70_1_1_67_1_123", "X_2_1_1_1_1_1_34_1_1_68_1_123", "X_2_1_1_1_1_1_71_1_1_69_1_123", "X_2_1_1_1_1_1_35_1_1_70_1_123", "X_2_1_1_1_1_1_72_1_1_71_1_123", "X_2_1_1_1_1_1_36_1_1_72_1_123"], "CsaImage.ProtocolSliceNumber": [0, 1, 2, 3, 4, 5, 6, 7, 8, 9, 10, 11, 12, 13, 14, 15, 16, 17, 18, 19, 20, 21, 22, 23, 24, 25, 26, 27, 28, 29, 30, 31, 32, 33, 34, 35, 36, 37, 38, 39, 40, 41, 42, 43, 44, 45, 46, 47, 48, 49, 50, 51, 52, 53, 54, 55, 56, 57, 58, 59, 60, 61, 62, 63, 64, 65, 66, 67, 68, 69, 70, 71], "CsaImage.RFSWDDataType": ["measured", "predicted", "measured", "predicted", "measured", "predicted", "measured", "predicted", "measured", "predicted", "measured", "predicted", "measured", "predicted", "measured", "predicted", "measured", "predicted", "measured", "predicted", "measured", "predicted", "measured", "predicted", "measured", "predicted", "measured", "predicted", "measured", "predicted", "measured", "predicted", "measured", "predicted", "measured", "predicted", "measured", "predicted", "measured", "predicted", "measured", "predicted", "measured", "predicted", "measured", "predicted", "measured", "predicted", "measured", "predicted", "measured", "predicted", "measured", "predicted", "measured", "predicted", "measured", "predicted", "measured", "predicted", "measured", "measured", "measured", "measured", "measured", "measured", "measured", "measured", "measured", "measured", "measured", "measured"], "CsaImage.SlicePosition_PCS": [[-100.86144633, -110.1023551, -40.13959624], [-100.85982419, -109.71080599, -38.17830016], [-100.85820205, -109.31925783, -36.21700026], [-100.85657997, -108.92770872, -34.25570418], [-100.85495783, -108.53616056, -32.2944081], [-100.85333569, -108.14461241, -30.3331082], [-100.85171361, -107.7530633, -28.37181212], [-100.85009147, -107.36151514, -26.41051604], [-100.84846933, -106.96996698, -24.44921614], [-100.84684719, -106.57841787, -22.48792006], [-100.84522511, -106.18686971, -20.52662398], [-100.84360297, -105.79532108, -18.5653279], [-100.84198083, -105.40377245, -16.604028], [-100.84035874, -105.01222381, -14.64273192], [-100.8387366, -104.62067518, -12.68143584], [-100.83711446, -104.22912702, -10.72013594], [-100.83549232, -103.83757839, -8.75883986], [-100.83387024, -103.44602976, -6.79754187], [-100.8322481, -103.05448112, -4.83624579], [-100.83062596, -102.66293249, -2.8749478], [-100.82900388, -102.27138433, -0.91364981], [-100.82738174, -101.8798357, 1.04764627], [-100.8257596, -101.48828707, 3.00894426], [-100.82413746, -101.09673843, 4.97024129], [-100.82251538, -100.70519004, 6.93153928], [-100.82089324, -100.3136414, 8.89283632], [-100.8192711, -99.92209301, 10.85413335], [-100.81764902, -99.53054437, 12.81543087], [-100.81602688, -99.13899586, 14.7767279], [-100.81440474, -98.74744735, 16.73802541], [-100.8127826, -98.35589883, 18.69932275], [-100.81116052, -97.96435029, 20.66062008], [-100.80953837, -97.57280174, 22.62191723], [-100.80791623, -97.18125323, 24.58321451], [-100.80629415, -96.78970465, 26.54451202], [-100.80467201, -96.39815614, 28.50580953], [-100.80304987, -96.00660763, 30.46710657], [-100.80142773, -95.61505899, 32.4284036], [-100.79980565, -95.2235106, 34.38970159], [-100.79818351, -94.83196196, 36.35099863], [-100.79656137, -94.44041357, 38.31229662], [-100.79493923, -94.04886493, 40.2735927], [-100.79331715, -93.6573163, 42.23489069], [-100.79169501, -93.26576767, 44.19618677], [-100.79007287, -92.87421951, 46.15748476], [-100.78845079, -92.48267088, 48.11878274], [-100.78682865, -92.09112224, 50.08007883], [-100.78520651, -91.69957361, 52.04137682], [-100.78358437, -91.30802545, 54.0026729], [-100.78196229, -90.91647682, 55.96397279], [-100.78034015, -90.52492819, 57.92526887], [-100.778718, -90.13337955, 59.88656496], [-100.77709592, -89.74183092, 61.84786485], [-100.77547378, -89.35028276, 63.80916093], [-100.77385164, -88.95873365, 65.77045702], [-100.7722295, -88.5671855, 67.73175691], [-100.77060742, -88.17563734, 69.69305299], [-100.76898528, -87.78408823, 71.65434907], [-100.76736314, -87.39254007, 73.61564897], [-100.76574106, -87.00099096, 75.57694505], [-100.76411892, -86.6094428, 77.53824113], [-100.76249678, -86.21789465, 79.49954103], [-100.76087464, -85.82634554, 81.46083711], [-100.75925256, -85.43479738, 83.42213319], [-100.75763042, -85.04324827, 85.38343309], [-100.75600828, -84.65170011, 87.34472917], [-100.7543862, -84.26015196, 89.30602525], [-100.75276406, -83.86860285, 91.26732133], [-100.75114192, -83.47705469, 93.22861742], [-100.74951978, -83.08550653, 95.18992113], [-100.74789769, -82.69395742, 97.15121721], [-100.74627555, -82.30240927, 99.11251329]], "CsaImage.TimeAfterStart": [1.0825, 0.7225, 1.0925, 0.7325, 1.1025, 0.7425, 1.1125, 0.7525, 1.1225, 0.7625, 1.1325, 0.7725, 1.1425, 0.7825, 1.1525, 0.7925, 1.1625, 0.8025, 1.1725, 0.8125, 1.1825, 0.8225, 1.1925, 0.8325, 1.2025, 0.8425, 1.2125, 0.8525, 1.2225, 0.8625, 1.2325, 0.8725, 1.2425, 0.8825, 1.2525, 0.8925, 1.2625, 0.9025, 1.2725, 0.9125, 1.2825, 0.9225, 1.2925, 0.9325, 1.3025, 0.9425, 1.3125, 0.9525, 1.3225, 0.9625, 1.3325, 0.9725, 1.3425, 0.9825, 1.3525, 0.9925, 1.3625, 1.0025, 1.3725, 1.0125, 1.3825, 1.0225, 1.3925, 1.0325, 1.4025, 1.0425, 1.4125, 1.0525, 1.4225, 1.0625, 1.4325, 1.0725], "ImagePositionPatient": [[-100.86144633126, -110.1023550967, -40.139596237584], [-100.85982419085, -109.71080598629, -38.178300156041], [-100.85820205044, -109.31925782955, -36.2170002598], [-100.85657996964, -108.92770871914, -34.255704178257], [-100.85495782923, -108.5361605624, -32.294408096714], [-100.85333568883, -108.14461240566, -30.333108200474], [-100.85171360802, -107.75306329525, -28.371812118931], [-100.85009146762, -107.36151513851, -26.410516037388], [-100.84846932721, -106.96996698177, -24.449216141148], [-100.8468471868, -106.57841787136, -22.487920059605], [-100.845225106, -106.18686971462, -20.526623978062], [-100.84360296559, -105.79532108105, -18.565327896519], [-100.84198082518, -105.40377244747, -16.604028000279], [-100.84035874438, -105.0122238139, -14.642731918736], [-100.83873660397, -104.62067518032, -12.681435837193], [-100.83711446356, -104.22912702358, -10.720135940953], [-100.83549232316, -103.83757839001, -8.7588398594098], [-100.83387024235, -103.44602975643, -6.7975418705182], [-100.83224810195, -103.05448112286, -4.8362457889752], [-100.83062596154, -102.66293248928, -2.8749478000836], [-100.82900388074, -102.27138433254, -0.913649811192], [-100.82738174033, -101.87983569897, 1.047646270351], [-100.82575959992, -101.48828706539, 3.0089442592426], [-100.82413745951, -101.09673843182, 4.9702412944599], [-100.82251537871, -100.70519003666, 6.9315392833515], [-100.8208932383, -100.31364140309, 8.8928363185688], [-100.81927109789, -99.922093007929, 10.854133353786], [-100.81764901709, -99.530544374353, 12.81543086584], [-100.81602687668, -99.138995859987, 14.776727901058], [-100.81440473628, -98.747447345621, 16.738025413112], [-100.81278259587, -98.355898831255, 18.699322746353], [-100.81116051507, -97.964350287086, 20.660620079593], [-100.80953837466, -97.572801742918, 22.62191723402], [-100.80791623425, -97.181253228552, 24.583214507656], [-100.80629415345, -96.789704654581, 26.54451201971], [-100.80467201304, -96.398156140215, 28.505809531765], [-100.80304987263, -96.006607625848, 30.467106566982], [-100.80142773223, -95.615058992273, 32.428403602199], [-100.79980565142, -95.223510597116, 34.389701591091], [-100.79818351102, -94.831961963541, 36.350998626308], [-100.79656137061, -94.440413568384, 38.3122966152], [-100.7949392302, -94.048864934808, 40.273592696743], [-100.7933171494, -93.657316301233, 42.234890685634], [-100.79169500899, -93.265767667658, 44.196186767177], [-100.79007286858, -92.874219510919, 46.157484756069], [-100.78845078778, -92.482670877344, 48.11878274496], [-100.78682864737, -92.091122243768, 50.080078826503], [-100.78520650696, -91.699573610193, 52.041376815395], [-100.78358436656, -91.308025453455, 54.002672896938], [-100.78196228575, -90.916476819879, 55.963972793178], [-100.78034014535, -90.524928186304, 57.925268874721], [-100.77871800494, -90.133379552728, 59.886564956264], [-100.77709592414, -89.741830919153, 61.847864852504], [-100.77547378373, -89.350282762415, 63.809160934047], [-100.77385164332, -88.958733652002, 65.77045701559], [-100.77222950291, -88.567185495264, 67.73175691183], [-100.77060742211, -88.175637338525, 69.693052993373], [-100.7689852817, -87.784088228113, 71.654349074916], [-100.76736314129, -87.392540071375, 73.615648971157], [-100.76574106049, -87.000990960962, 75.5769450527], [-100.76411892008, -86.609442804224, 77.538241134243], [-100.76249677968, -86.217894647485, 79.499541030483], [-100.76087463927, -85.826345537073, 81.460837112026], [-100.75925255847, -85.434797380335, 83.422133193569], [-100.75763041806, -85.043248269922, 85.383433089809], [-100.75600827765, -84.651700113184, 87.344729171352], [-100.75438619685, -84.260151956445, 89.306025252895], [-100.75276405644, -83.868602846033, 91.267321334438], [-100.75114191603, -83.477054689294, 93.228617415981], [-100.74951977563, -83.085506532556, 95.189921126918], [-100.74789769482, -82.693957422144, 97.151217208461], [-100.74627555441, -82.302409265405, 99.112513290004]], "InstanceCreationTime": ["134656.034000", "134655.967000", "134656.036000", "134655.969000", "134656.038000", "134655.971000", "134656.040000", "134655.973000", "134656.042000", "134655.975000", "134656.044000", "134655.977000", "134656.045000", "134655.978000", "134656.047000", "134655.980000", "134656.049000", "134655.982000", "134656.051000", "134655.984000", "134656.053000", "134655.986000", "134656.055000", "134655.988000", "134656.056000", "134655.989000", "134656.058000", "134655.991000", "134656.060000", "134655.993000", "134656.062000", "134655.995000", "134656.064000", "134655.997000", "134656.066000", "134656.000000", "134656.067000", "134656.001000", "134656.069000", "134656.003000", "134656.071000", "134656.005000", "134656.073000", "134656.007000", "134656.075000", "134656.009000", "134656.077000", "134656.011000", "134656.078000", "134656.013000", "134656.080000", "134656.014000", "134656.082000", "134656.016000", "134656.084000", "134656.018000", "134656.086000", "134656.020000", "134656.088000", "134656.022000", "134656.089000", "134656.023000", "134656.091000", "134656.025000", "134656.093000", "134656.027000", "134656.095000", "134656.029000", "134656.097000", "134656.031000", "134656.099000", "134656.033000"], "InstanceNumber": [1, 2, 3, 4, 5, 6, 7, 8, 9, 10, 11, 12, 13, 14, 15, 16, 17, 18, 19, 20, 21, 22, 23, 24, 25, 26, 27, 28, 29, 30, 31, 32, 33, 34, 35, 36, 37, 38, 39, 40, 41, 42, 43, 44, 45, 46, 47, 48, 49, 50, 51, 52, 53, 54, 55, 56, 57, 58, 59, 60, 61, 62, 63, 64, 65, 66, 67, 68, 69, 70, 71, 72], "LargestImagePixelValue": [4095, 4092, 4094, 4094, 4093, 4095, 4093, 4094, 4094, 4094, 4092, 4093, 4094, 4093, 4095, 4094, 4095, 4089, 4091, 4095, 4090, 4093, 4095, 4095, 4087, 4090, 4095, 4094, 4091, 4093, 4092, 4092, 4093, 4094, 4094, 4093, 4094, 4087, 4094, 4094, 4078, 4095, 4095, 4093, 4092, 4092, 4092, 4091, 4095, 4091, 4091, 4092, 4093, 4091, 4093, 4094, 4090, 4095, 4095, 4094, 4093, 4093, 4095, 4094, 4095, 4094, 4095, 4094, 4093, 4094, 4094, 4095], "SliceLocation": [-60.99985360934, -58.99985469517, -56.999852226828, -54.999853312706, -52.999854585242, -50.999852116899, -48.999853202778, -46.999854475313, -44.999852006971, -42.999853092801, -40.999854365385, -38.999855544568, -36.999852982873, -34.999854162104, -32.999855341287, -30.999852872945, -28.999854052127, -26.99985336092, -24.999854540103, -22.999853848847, -20.999853250991, -18.999854430174, -16.999853738918, -14.999853982882, -12.99985333835, -10.999853582314, -8.9998538729532, -6.9998536493552, -4.9998539166567, -2.9998537163485, -0.999853691394, 1.0001463393467, 3.0001461947821, 5.0001461612855, 7.0001463732144, 9.0001465735226, 11.000146306221, 13.000146062258, 15.000146706789, 17.000146462826, 19.000147107405, 21.000145928223, 23.00014661943, 25.000145440247, 27.000146038151, 29.000146729359, 31.000145550176, 33.000146241432, 35.000144968897, 37.000147530543, 39.00014635136, 41.000145172177, 43.000147733824, 45.000146461289, 47.000145375458, 49.000147843801, 51.000146571217, 53.000145485387, 55.000147953729, 57.00014686785, 59.000145595315, 61.000148063657, 63.000146977827, 65.000145705243, 67.000148360291, 69.000147087755, 71.000145815172, 73.000144729341, 75.000143456806, 77.000149666026, 79.000148580147, 81.000147307612], "SmallestImagePixelValue": [0, 1, 0, 0, 0, 7, 0, 0, 0, 1, 2, 0, 1, 0, 0, 0, 0, 1, 2, 0, 2, 0, 1, 0, 0, 0, 0, 3, 1, 1, 6, 0, 1, 3, 0, 0, 0, 9, 2, 1, 0, 0, 8, 6, 8, 21, 0, 0, 3, 0, 1, 1, 0, 2, 6, 1, 8, 2, 0, 1, 0, 0, 4, 0, 0, 0, 4, 5, 1, 0, 0, 0], "WindowCenter": [-222.0, -252.0, -214.0, -246.0, -224.0, -266.0, -260.0, -240.0, -262.0, -218.0, -210.0, -218.0, -194.0, -180.0, -168.0, -202.0, -206.0, -194.0, -232.0, -284.0, -298.0, -286.0, -294.0, -296.0, -322.0, -276.0, -292.0, -282.0, -410.0, -376.0, -338.0, -306.0, -148.0, -90.0, -246.0, -238.0, -242.0, -132.0, -138.0, -122.0, -236.0, -92.0, -58.0, -74.0, -30.0, -64.0, -84.0, -92.0, -98.0, -66.0, -82.0, -80.0, -120.0, -114.0, -126.0, -134.0, -132.0, -130.0, -108.0, -112.0, -100.0, -100.0, -96.0, -100.0, -144.0, -208.0, -312.0, -456.0, -464.0, -364.0, -328.0, -312.0], "WindowWidth": [6024.0, 6074.0, 6130.0, 6114.0, 6134.0, 6128.0, 6130.0, 6148.0, 6160.0, 6174.0, 6200.0, 6172.0, 6144.0, 6082.0, 6112.0, 6066.0, 6054.0, 6014.0, 6016.0, 5914.0, 5834.0, 5828.0, 5706.0, 5558.0, 5222.0, 5442.0, 5288.0, 5180.0, 4634.0, 4598.0, 4608.0, 4588.0, 5166.0, 5334.0, 4592.0, 4594.0, 4594.0, 5122.0, 5018.0, 5100.0, 4598.0, 5196.0, 5352.0, 5234.0, 5402.0, 5306.0, 5310.0, 5318.0, 5232.0, 5354.0, 5298.0, 5352.0, 5322.0, 5324.0, 5276.0, 5398.0, 5434.0, 5622.0, 5706.0, 5686.0, 5756.0, 5782.0, 5780.0, 5822.0, 5868.0, 5766.0, 5260.0, 4942.0, 4976.0, 5546.0, 5984.0, 6174.0]}}, "IntendedFor": ["ses-coco/func/sub-08_ses-coco_task-coco_run-06_bold.nii.gz", "ses-coco/func/sub-08_ses-coco_task-coco_run-09_bold.nii.gz", "ses-coco/func/sub-08_ses-coco_task-coco_run-04_bold.nii.gz", "ses-coco/func/sub-08_ses-coco_task-coco_run-02_bold.nii.gz", "ses-coco/func/sub-08_ses-coco_task-coco_run-10_bold.nii.gz", "ses-coco/func/sub-08_ses-coco_task-coco_run-03_bold.nii.gz", "ses-coco/func/sub-08_ses-coco_task-coco_run-11_bold.nii.gz", "ses-coco/func/sub-08_ses-coco_task-coco_run-01_bold.nii.gz", "ses-coco/func/sub-08_ses-coco_task-coco_run-08_bold.nii.gz", "ses-coco/func/sub-08_ses-coco_task-coco_run-07_bold.nii.gz", "ses-coco/func/sub-08_ses-coco_task-coco_run-05_bold.nii.gz"]}