{"AcquisitionMatrixPE": 100, "AcquisitionNumber": 1, "AcquisitionTime": "11:58:55.445000", "BaseResolution": 100, "BodyPartExamined": "BRAIN", "ConsistencyInfo": "N4_VE11C_LATEST_20160120", "ConversionSoftware": "dcm2niix", "ConversionSoftwareVersion": "v1.0.20180622 GCC4.9.2", "DeviceSerialNumber": "166078", "DwellTime": 8.8e-06, "EchoNumber": 2, "EchoTime": 0.00738, "EchoTime1": 0.00492, "EchoTime2": 0.00738, "FlipAngle": 60, "ImageOrientationPatientDICOM": [1, 0, 0, 0, 1, 0], "ImageType": ["ORIGINAL", "PRIMARY", "P", "ND"], "InPlanePhaseEncodingDirectionDICOM": "ROW", "InstitutionAddress": "Street_StreetNo_Bei_Jing_District_CN_ZIP", "InstitutionName": "BeiJing_Normal_University", "InstitutionalDepartmentName": "Department", "MRAcquisitionType": "2D", "MagneticFieldStrength": 3, "Manufacturer": "Siemens", "ManufacturersModelName": "Prisma", "Modality": "MR", "PartialFourier": 1, "PatientPosition": "HFS", "PercentPhaseFOV": 100, "PhaseEncodingDirection": "i", "PhaseEncodingSteps": 100, "PhaseResolution": 1, "PixelBandwidth": 570, "ProcedureStepDescription": "BNU_P2018_64CH_Zhen.ZongLei", "ProtocolName": "field_mapping_2x2x2", "PulseSequenceDetails": "%SiemensSeq%_gre_field_mapping", "ReceiveCoilActiveElements": "HC1-7;NC1", "ReceiveCoilName": "HeadNeck_64", "ReconMatrixPE": 100, "RepetitionTime": 0.72, "SAR": 0.121265, "ScanningSequence": "GR", "SequenceName": "_fm2d2r", "SequenceVariant": "SP", "SeriesDescription": "field_mapping_2x2x2", "SeriesNumber": 12, "ShimSetting": [-5457, -11494, -1267, 325, 25, -233, -185, 28], "SliceThickness": 2, "SoftwareVersions": "syngo_MR_E11", "SpacingBetweenSlices": 2, "StationName": "AWP166078", "TxRefAmp": 213.228, "dcmmeta_affine": [[-2.0, 0.0, 0.0, 99.93217468261719], [0.0, 2.0, 0.0, -92.02891540527344], [0.0, 0.0, 2.0, -69.12970733642578], [0.0, 0.0, 0.0, 1.0]], "dcmmeta_reorient_transform": [[0.0, -1.0, 0.0, 99.0], [1.0, 0.0, 0.0, 0.0], [0.0, 0.0, -1.0, 71.0], [0.0, 0.0, 0.0, 1.0]], "dcmmeta_shape": [100, 100, 72], "dcmmeta_slice_dim": 2, "dcmmeta_version": 0.6, "global": {"const": {"AcquisitionMatrix": [0, 100, 100, 0], "AcquisitionNumber": 1, "AngioFlag": "N", "BitsAllocated": 16, "BitsStored": 12, "BodyPartExamined": "BRAIN", "Columns": 100, "EchoNumbers": 2, "EchoTime": 7.38, "EchoTrainLength": 0, "FlipAngle": 60.0, "HighBit": 11, "ImageOrientationPatient": [1.0, 0.0, 0.0, 0.0, 1.0, 0.0], "ImageType": ["ORIGINAL", "PRIMARY", "P", "ND"], "ImagedNucleus": "1H", "ImagingFrequency": 123.257782, "InPlanePhaseEncodingDirection": "ROW", "MRAcquisitionType": "2D", "MagneticFieldStrength": 3.0, "Manufacturer": "SIEMENS", "ManufacturerModelName": "Prisma", "Modality": "MR", "NumberOfAverages": 1.0, "NumberOfPhaseEncodingSteps": 100, "PercentPhaseFieldOfView": 100.0, "PercentSampling": 100.0, "PerformedProcedureStepStartTime": "105944.298000", "PhotometricInterpretation": "MONOCHROME2", "PixelBandwidth": 570.0, "PixelRepresentation": 0, "PixelSpacing": [2.0, 2.0], "ProtocolName": "field_mapping_2x2x2", "RepetitionTime": 720.0, "RescaleIntercept": -4096.0, "RescaleSlope": 2.0, "RescaleType": "US", "Rows": 100, "SAR": 0.12126468250876, "SamplesPerPixel": 1, "ScanningSequence": "GR", "SequenceName": "*fm2d2r", "SequenceVariant": "SP", "SeriesDescription": "field_mapping_2x2x2", "SeriesNumber": 12, "SeriesTime": "120120.107000", "SliceThickness": 2.0, "SoftwareVersions": "syngo MR E11", "SpacingBetweenSlices": 2.0, "SpecificCharacterSet": "ISO_IR 100", "StudyID": "1", "StudyTime": "105944.233000", "TransmitCoilName": "Body", "VariableFlipAngleFlag": "N", "WindowCenterWidthExplanation": "Algo1", "dBdt": 0.0}, "slices": {"AcquisitionTime": ["115855.445000", "115855.085000", "115855.455000", "115855.095000", "115855.465000", "115855.105000", "115855.475000", "115855.115000", "115855.485000", "115855.125000", "115855.495000", "115855.135000", "115855.505000", "115855.145000", "115855.515000", "115855.155000", "115855.525000", "115855.165000", "115855.535000", "115855.175000", "115855.545000", "115855.185000", "115855.555000", "115855.195000", "115855.565000", "115855.205000", "115855.575000", "115855.215000", "115855.585000", "115855.225000", "115855.595000", "115855.235000", "115855.605000", "115855.245000", "115855.615000", "115855.255000", "115855.625000", "115855.265000", "115855.635000", "115855.275000", "115855.645000", "115855.285000", "115855.655000", "115855.295000", "115855.665000", "115855.305000", "115855.675000", "115855.315000", "115855.685000", "115855.325000", "115855.695000", "115855.335000", "115855.705000", "115855.345000", "115855.715000", "115855.355000", "115855.725000", "115855.365000", "115855.735000", "115855.375000", "115855.745000", "115855.385000", "115855.755000", "115855.395000", "115855.765000", "115855.405000", "115855.775000", "115855.415000", "115855.785000", "115855.425000", "115855.795000", "115855.435000"], "ContentTime": ["120120.186000", "120120.109000", "120120.189000", "120120.111000", "120120.191000", "120120.113000", "120120.194000", "120120.116000", "120120.196000", "120120.118000", "120120.198000", "120120.120000", "120120.200000", "120120.122000", "120120.202000", "120120.124000", "120120.204000", "120120.126000", "120120.206000", "120120.128000", "120120.208000", "120120.130000", "120120.210000", "120120.132000", "120120.212000", "120120.134000", "120120.214000", "120120.135000", "120120.216000", "120120.137000", "120120.218000", "120120.139000", "120120.220000", "120120.141000", "120120.222000", "120120.143000", "120120.224000", "120120.145000", "120120.226000", "120120.147000", "120120.228000", "120120.149000", "120120.230000", "120120.151000", "120120.231000", "120120.153000", "120120.233000", "120120.157000", "120120.235000", "120120.161000", "120120.237000", "120120.163000", "120120.239000", "120120.165000", "120120.242000", "120120.167000", "120120.243000", "120120.170000", "120120.245000", "120120.172000", "120120.247000", "120120.174000", "120120.249000", "120120.176000", "120120.251000", "120120.178000", "120120.253000", "120120.180000", "120120.266000", "120120.182000", "120120.269000", "120120.184000"], "CsaImage.GSWDDataType": ["measured", "predicted", "measured", "predicted", "measured", "predicted", "measured", "predicted", "measured", "predicted", "measured", "predicted", "measured", "predicted", "measured", "predicted", "measured", "predicted", "measured", "predicted", "measured", "predicted", "measured", "predicted", "measured", "predicted", "measured", "predicted", "measured", "predicted", "measured", "predicted", "measured", "predicted", "measured", "predicted", "measured", "predicted", "measured", "predicted", "measured", "predicted", "measured", "predicted", "measured", "predicted", "measured", "predicted", "measured", "predicted", "measured", "predicted", "measured", "predicted", "measured", "predicted", "measured", "predicted", "measured", "measured", "measured", "measured", "measured", "measured", "measured", "measured", "measured", "measured", "measured", "measured", "measured", "measured"], "CsaImage.ICE_Dims": ["X_2_1_1_1_1_1_37_1_1_1_1_84", "X_2_1_1_1_1_1_1_1_1_2_1_84", "X_2_1_1_1_1_1_38_1_1_3_1_84", "X_2_1_1_1_1_1_2_1_1_4_1_84", "X_2_1_1_1_1_1_39_1_1_5_1_84", "X_2_1_1_1_1_1_3_1_1_6_1_84", "X_2_1_1_1_1_1_40_1_1_7_1_84", "X_2_1_1_1_1_1_4_1_1_8_1_84", "X_2_1_1_1_1_1_41_1_1_9_1_84", "X_2_1_1_1_1_1_5_1_1_10_1_84", "X_2_1_1_1_1_1_42_1_1_11_1_84", "X_2_1_1_1_1_1_6_1_1_12_1_84", "X_2_1_1_1_1_1_43_1_1_13_1_84", "X_2_1_1_1_1_1_7_1_1_14_1_84", "X_2_1_1_1_1_1_44_1_1_15_1_84", "X_2_1_1_1_1_1_8_1_1_16_1_84", "X_2_1_1_1_1_1_45_1_1_17_1_84", "X_2_1_1_1_1_1_9_1_1_18_1_84", "X_2_1_1_1_1_1_46_1_1_19_1_84", "X_2_1_1_1_1_1_10_1_1_20_1_84", "X_2_1_1_1_1_1_47_1_1_21_1_84", "X_2_1_1_1_1_1_11_1_1_22_1_84", "X_2_1_1_1_1_1_48_1_1_23_1_84", "X_2_1_1_1_1_1_12_1_1_24_1_84", "X_2_1_1_1_1_1_49_1_1_25_1_84", "X_2_1_1_1_1_1_13_1_1_26_1_84", "X_2_1_1_1_1_1_50_1_1_27_1_84", "X_2_1_1_1_1_1_14_1_1_28_1_84", "X_2_1_1_1_1_1_51_1_1_29_1_84", "X_2_1_1_1_1_1_15_1_1_30_1_84", "X_2_1_1_1_1_1_52_1_1_31_1_84", "X_2_1_1_1_1_1_16_1_1_32_1_84", "X_2_1_1_1_1_1_53_1_1_33_1_84", "X_2_1_1_1_1_1_17_1_1_34_1_84", "X_2_1_1_1_1_1_54_1_1_35_1_84", "X_2_1_1_1_1_1_18_1_1_36_1_84", "X_2_1_1_1_1_1_55_1_1_37_1_84", "X_2_1_1_1_1_1_19_1_1_38_1_84", "X_2_1_1_1_1_1_56_1_1_39_1_84", "X_2_1_1_1_1_1_20_1_1_40_1_84", "X_2_1_1_1_1_1_57_1_1_41_1_84", "X_2_1_1_1_1_1_21_1_1_42_1_84", "X_2_1_1_1_1_1_58_1_1_43_1_84", "X_2_1_1_1_1_1_22_1_1_44_1_84", "X_2_1_1_1_1_1_59_1_1_45_1_84", "X_2_1_1_1_1_1_23_1_1_46_1_84", "X_2_1_1_1_1_1_60_1_1_47_1_84", "X_2_1_1_1_1_1_24_1_1_48_1_84", "X_2_1_1_1_1_1_61_1_1_49_1_84", "X_2_1_1_1_1_1_25_1_1_50_1_84", "X_2_1_1_1_1_1_62_1_1_51_1_84", "X_2_1_1_1_1_1_26_1_1_52_1_84", "X_2_1_1_1_1_1_63_1_1_53_1_84", "X_2_1_1_1_1_1_27_1_1_54_1_84", "X_2_1_1_1_1_1_64_1_1_55_1_84", "X_2_1_1_1_1_1_28_1_1_56_1_84", "X_2_1_1_1_1_1_65_1_1_57_1_84", "X_2_1_1_1_1_1_29_1_1_58_1_84", "X_2_1_1_1_1_1_66_1_1_59_1_84", "X_2_1_1_1_1_1_30_1_1_60_1_84", "X_2_1_1_1_1_1_67_1_1_61_1_84", "X_2_1_1_1_1_1_31_1_1_62_1_84", "X_2_1_1_1_1_1_68_1_1_63_1_84", "X_2_1_1_1_1_1_32_1_1_64_1_84", "X_2_1_1_1_1_1_69_1_1_65_1_84", "X_2_1_1_1_1_1_33_1_1_66_1_84", "X_2_1_1_1_1_1_70_1_1_67_1_84", "X_2_1_1_1_1_1_34_1_1_68_1_84", "X_2_1_1_1_1_1_71_1_1_69_1_84", "X_2_1_1_1_1_1_35_1_1_70_1_84", "X_2_1_1_1_1_1_72_1_1_71_1_84", "X_2_1_1_1_1_1_36_1_1_72_1_84"], "CsaImage.ProtocolSliceNumber": [0, 1, 2, 3, 4, 5, 6, 7, 8, 9, 10, 11, 12, 13, 14, 15, 16, 17, 18, 19, 20, 21, 22, 23, 24, 25, 26, 27, 28, 29, 30, 31, 32, 33, 34, 35, 36, 37, 38, 39, 40, 41, 42, 43, 44, 45, 46, 47, 48, 49, 50, 51, 52, 53, 54, 55, 56, 57, 58, 59, 60, 61, 62, 63, 64, 65, 66, 67, 68, 69, 70, 71], "CsaImage.RFSWDDataType": ["measured", "predicted", "measured", "predicted", "measured", "predicted", "measured", "predicted", "measured", "predicted", "measured", "predicted", "measured", "predicted", "measured", "predicted", "measured", "predicted", "measured", "predicted", "measured", "predicted", "measured", "predicted", "measured", "predicted", "measured", "predicted", "measured", "predicted", "measured", "predicted", "measured", "predicted", "measured", "predicted", "measured", "predicted", "measured", "predicted", "measured", "predicted", "measured", "predicted", "measured", "predicted", "measured", "predicted", "measured", "predicted", "measured", "predicted", "measured", "predicted", "measured", "measured", "measured", "measured", "measured", "measured", "measured", "measured", "measured", "measured", "measured", "measured", "measured", "measured", "measured", "measured", "measured", "measured"], "CsaImage.SlicePosition_PCS": [[-99.93217359, -105.97108412, -69.12970734], [-99.93217359, -105.97108412, -67.12970734], [-99.93217359, -105.97108412, -65.12970734], [-99.93217359, -105.97108412, -63.12970734], [-99.93217359, -105.97108412, -61.12970734], [-99.93217359, -105.97108412, -59.12970734], [-99.93217359, -105.97108412, -57.12970734], [-99.93217359, -105.97108412, -55.12970734], [-99.93217359, -105.97108412, -53.12970734], [-99.93217359, -105.97108412, -51.12970734], [-99.93217359, -105.97108412, -49.12970734], [-99.93217359, -105.97108412, -47.12970734], [-99.93217359, -105.97108412, -45.12970734], [-99.93217359, -105.97108412, -43.12970734], [-99.93217359, -105.97108412, -41.12970734], [-99.93217359, -105.97108412, -39.12970734], [-99.93217359, -105.97108412, -37.12970734], [-99.93217359, -105.97108412, -35.12970734], [-99.93217359, -105.97108412, -33.12970734], [-99.93217359, -105.97108412, -31.12970543], [-99.93217359, -105.97108412, -29.12970543], [-99.93217359, -105.97108412, -27.12970543], [-99.93217359, -105.97108412, -25.12970543], [-99.93217359, -105.97108412, -23.12970543], [-99.93217359, -105.97108412, -21.12970543], [-99.93217359, -105.97108412, -19.12970543], [-99.93217359, -105.97108412, -17.12970543], [-99.93217359, -105.97108412, -15.12970638], [-99.93217359, -105.97108412, -13.12970638], [-99.93217359, -105.97108412, -11.12970638], [-99.93217359, -105.97108412, -9.12970638], [-99.93217359, -105.97108412, -7.12970638], [-99.93217359, -105.97108412, -5.12970638], [-99.93217359, -105.97108412, -3.12970614], [-99.93217359, -105.97108412, -1.12970614], [-99.93217359, -105.97108412, 0.87029386], [-99.93217359, -105.97108412, 2.87029386], [-99.93217359, -105.97108412, 4.87029362], [-99.93217359, -105.97108412, 6.87029362], [-99.93217359, -105.97108412, 8.87029362], [-99.93217359, -105.97108412, 10.87029362], [-99.93217359, -105.97108412, 12.87029362], [-99.93217359, -105.97108412, 14.87029362], [-99.93217359, -105.97108412, 16.87029457], [-99.93217359, -105.97108412, 18.87029457], [-99.93217359, -105.97108412, 20.87029457], [-99.93217359, -105.97108412, 22.87029457], [-99.93217359, -105.97108412, 24.87029457], [-99.93217359, -105.97108412, 26.87029457], [-99.93217359, -105.97108412, 28.87029457], [-99.93217359, -105.97108412, 30.87029457], [-99.93217359, -105.97108412, 32.87029266], [-99.93217359, -105.97108412, 34.87029266], [-99.93217359, -105.97108412, 36.87029266], [-99.93217359, -105.97108412, 38.87029266], [-99.93217359, -105.97108412, 40.87029266], [-99.93217359, -105.97108412, 42.87029266], [-99.93217359, -105.97108412, 44.87029266], [-99.93217359, -105.97108412, 46.87029266], [-99.93217359, -105.97108412, 48.87029266], [-99.93217359, -105.97108412, 50.87029266], [-99.93217359, -105.97108412, 52.87029266], [-99.93217359, -105.97108412, 54.87029266], [-99.93217359, -105.97108412, 56.87029266], [-99.93217359, -105.97108412, 58.87029266], [-99.93217359, -105.97108412, 60.87029266], [-99.93217359, -105.97108412, 62.87029266], [-99.93217359, -105.97108412, 64.87029266], [-99.93217359, -105.97108412, 66.87029266], [-99.93217359, -105.97108412, 68.87029266], [-99.93217359, -105.97108412, 70.87029266], [-99.93217359, -105.97108412, 72.87029266]], "CsaImage.TimeAfterStart": [1.0825, 0.7225, 1.0925, 0.7325, 1.1025, 0.7425, 1.1125, 0.7525, 1.1225, 0.7625, 1.1325, 0.7725, 1.1425, 0.7825, 1.1525, 0.7925, 1.1625, 0.8025, 1.1725, 0.8125, 1.1825, 0.8225, 1.1925, 0.8325, 1.2025, 0.8425, 1.2125, 0.8525, 1.2225, 0.8625, 1.2325, 0.8725, 1.2425, 0.8825, 1.2525, 0.8925, 1.2625, 0.9025, 1.2725, 0.9125, 1.2825, 0.9225, 1.2925, 0.9325, 1.3025, 0.9425, 1.3125, 0.9525, 1.3225, 0.9625, 1.3325, 0.9725, 1.3425, 0.9825, 1.3525, 0.9925, 1.3625, 1.0025, 1.3725, 1.0125, 1.3825, 1.0225, 1.3925, 1.0325, 1.4025, 1.0425, 1.4125, 1.0525, 1.4225, 1.0625, 1.4325, 1.0725], "ImagePositionPatient": [[-99.932173594832, -105.97108411789, -69.129707336426], [-99.932173594832, -105.97108411789, -67.129707336426], [-99.932173594832, -105.97108411789, -65.129707336426], [-99.932173594832, -105.97108411789, -63.129707336426], [-99.932173594832, -105.97108411789, -61.129707336426], [-99.932173594832, -105.97108411789, -59.129707336426], [-99.932173594832, -105.97108411789, -57.129707336426], [-99.932173594832, -105.97108411789, -55.129707336426], [-99.932173594832, -105.97108411789, -53.129707336426], [-99.932173594832, -105.97108411789, -51.129707336426], [-99.932173594832, -105.97108411789, -49.129707336426], [-99.932173594832, -105.97108411789, -47.129707336426], [-99.932173594832, -105.97108411789, -45.129707336426], [-99.932173594832, -105.97108411789, -43.129707336426], [-99.932173594832, -105.97108411789, -41.129707336426], [-99.932173594832, -105.97108411789, -39.129707336426], [-99.932173594832, -105.97108411789, -37.129707336426], [-99.932173594832, -105.97108411789, -35.129707336426], [-99.932173594832, -105.97108411789, -33.129707336426], [-99.932173594832, -105.97108411789, -31.129705429077], [-99.932173594832, -105.97108411789, -29.129705429077], [-99.932173594832, -105.97108411789, -27.129705429077], [-99.932173594832, -105.97108411789, -25.129705429077], [-99.932173594832, -105.97108411789, -23.129705429077], [-99.932173594832, -105.97108411789, -21.129705429077], [-99.932173594832, -105.97108411789, -19.129705429077], [-99.932173594832, -105.97108411789, -17.129705429077], [-99.932173594832, -105.97108411789, -15.129706382751], [-99.932173594832, -105.97108411789, -13.129706382751], [-99.932173594832, -105.97108411789, -11.129706382751], [-99.932173594832, -105.97108411789, -9.1297063827515], [-99.932173594832, -105.97108411789, -7.1297063827515], [-99.932173594832, -105.97108411789, -5.1297063827515], [-99.932173594832, -105.97108411789, -3.1297061443329], [-99.932173594832, -105.97108411789, -1.1297061443329], [-99.932173594832, -105.97108411789, 0.87029385566711], [-99.932173594832, -105.97108411789, 2.8702938556671], [-99.932173594832, -105.97108411789, 4.8702936172485], [-99.932173594832, -105.97108411789, 6.8702936172485], [-99.932173594832, -105.97108411789, 8.8702936172485], [-99.932173594832, -105.97108411789, 10.870293617249], [-99.932173594832, -105.97108411789, 12.870293617249], [-99.932173594832, -105.97108411789, 14.870293617249], [-99.932173594832, -105.97108411789, 16.870294570923], [-99.932173594832, -105.97108411789, 18.870294570923], [-99.932173594832, -105.97108411789, 20.870294570923], [-99.932173594832, -105.97108411789, 22.870294570923], [-99.932173594832, -105.97108411789, 24.870294570923], [-99.932173594832, -105.97108411789, 26.870294570923], [-99.932173594832, -105.97108411789, 28.870294570923], [-99.932173594832, -105.97108411789, 30.870294570923], [-99.932173594832, -105.97108411789, 32.870292663574], [-99.932173594832, -105.97108411789, 34.870292663574], [-99.932173594832, -105.97108411789, 36.870292663574], [-99.932173594832, -105.97108411789, 38.870292663574], [-99.932173594832, -105.97108411789, 40.870292663574], [-99.932173594832, -105.97108411789, 42.870292663574], [-99.932173594832, -105.97108411789, 44.870292663574], [-99.932173594832, -105.97108411789, 46.870292663574], [-99.932173594832, -105.97108411789, 48.870292663574], [-99.932173594832, -105.97108411789, 50.870292663574], [-99.932173594832, -105.97108411789, 52.870292663574], [-99.932173594832, -105.97108411789, 54.870292663574], [-99.932173594832, -105.97108411789, 56.870292663574], [-99.932173594832, -105.97108411789, 58.870292663574], [-99.932173594832, -105.97108411789, 60.870292663574], [-99.932173594832, -105.97108411789, 62.870292663574], [-99.932173594832, -105.97108411789, 64.870292663574], [-99.932173594832, -105.97108411789, 66.870292663574], [-99.932173594832, -105.97108411789, 68.870292663574], [-99.932173594832, -105.97108411789, 70.870292663574], [-99.932173594832, -105.97108411789, 72.870292663574]], "InstanceCreationTime": ["120120.186000", "120120.109000", "120120.189000", "120120.111000", "120120.191000", "120120.113000", "120120.194000", "120120.116000", "120120.196000", "120120.118000", "120120.198000", "120120.120000", "120120.200000", "120120.122000", "120120.202000", "120120.124000", "120120.204000", "120120.126000", "120120.206000", "120120.128000", "120120.208000", "120120.130000", "120120.210000", "120120.132000", "120120.212000", "120120.134000", "120120.214000", "120120.135000", "120120.216000", "120120.137000", "120120.218000", "120120.139000", "120120.220000", "120120.141000", "120120.222000", "120120.143000", "120120.224000", "120120.145000", "120120.226000", "120120.147000", "120120.228000", "120120.149000", "120120.230000", "120120.151000", "120120.231000", "120120.153000", "120120.233000", "120120.157000", "120120.235000", "120120.161000", "120120.237000", "120120.163000", "120120.239000", "120120.165000", "120120.242000", "120120.167000", "120120.243000", "120120.170000", "120120.245000", "120120.172000", "120120.247000", "120120.174000", "120120.249000", "120120.176000", "120120.251000", "120120.178000", "120120.253000", "120120.180000", "120120.266000", "120120.182000", "120120.269000", "120120.184000"], "InstanceNumber": [1, 2, 3, 4, 5, 6, 7, 8, 9, 10, 11, 12, 13, 14, 15, 16, 17, 18, 19, 20, 21, 22, 23, 24, 25, 26, 27, 28, 29, 30, 31, 32, 33, 34, 35, 36, 37, 38, 39, 40, 41, 42, 43, 44, 45, 46, 47, 48, 49, 50, 51, 52, 53, 54, 55, 56, 57, 58, 59, 60, 61, 62, 63, 64, 65, 66, 67, 68, 69, 70, 71, 72], "LargestImagePixelValue": [4094, 4095, 4095, 4094, 4092, 4095, 4093, 4095, 4092, 4094, 4094, 4095, 4093, 4093, 4095, 4095, 4092, 4095, 4095, 4094, 4093, 4093, 4094, 4095, 4094, 4094, 4093, 4095, 4095, 4094, 4094, 4091, 4094, 4089, 4091, 4091, 4095, 4085, 4088, 4093, 4087, 4091, 4090, 4095, 4093, 4093, 4087, 4091, 4089, 4095, 4089, 4090, 4092, 4093, 4094, 4092, 4093, 4094, 4088, 4094, 4092, 4094, 4094, 4095, 4094, 4095, 4095, 4095, 4094, 4094, 4094, 4095], "SliceLocation": [-69.129707336426, -67.129707336426, -65.129707336426, -63.129707336426, -61.129707336426, -59.129707336426, -57.129707336426, -55.129707336426, -53.129707336426, -51.129707336426, -49.129707336426, -47.129707336426, -45.129707336426, -43.129707336426, -41.129707336426, -39.129707336426, -37.129707336426, -35.129707336426, -33.129707336426, -31.129705429077, -29.129705429077, -27.129705429077, -25.129705429077, -23.129705429077, -21.129705429077, -19.129705429077, -17.129705429077, -15.129706382751, -13.129706382751, -11.129706382751, -9.1297063827515, -7.1297063827515, -5.1297063827515, -3.1297061443329, -1.1297061443329, 0.87029385566711, 2.8702938556671, 4.8702936172485, 6.8702936172485, 8.8702936172485, 10.870293617249, 12.870293617249, 14.870293617249, 16.870294570923, 18.870294570923, 20.870294570923, 22.870294570923, 24.870294570923, 26.870294570923, 28.870294570923, 30.870294570923, 32.870292663574, 34.870292663574, 36.870292663574, 38.870292663574, 40.870292663574, 42.870292663574, 44.870292663574, 46.870292663574, 48.870292663574, 50.870292663574, 52.870292663574, 54.870292663574, 56.870292663574, 58.870292663574, 60.870292663574, 62.870292663574, 64.870292663574, 66.870292663574, 68.870292663574, 70.870292663574, 72.870292663574], "SmallestImagePixelValue": [0, 0, 0, 0, 0, 0, 0, 0, 0, 0, 0, 0, 0, 0, 0, 1, 2, 0, 0, 2, 0, 0, 0, 0, 0, 0, 4, 1, 0, 0, 0, 1, 0, 1, 2, 0, 0, 1, 0, 2, 0, 0, 0, 0, 1, 2, 0, 1, 0, 3, 8, 0, 0, 1, 4, 1, 0, 1, 4, 0, 5, 0, 2, 0, 0, 0, 1, 0, 0, 1, 0, 0], "WindowCenter": [-648.0, -426.0, -388.0, -394.0, -348.0, -350.0, -296.0, -292.0, -314.0, -256.0, -222.0, -238.0, -268.0, -216.0, -228.0, -222.0, -226.0, -222.0, -242.0, -208.0, -240.0, -204.0, -224.0, -208.0, -200.0, -120.0, -134.0, -96.0, -70.0, -52.0, -50.0, -22.0, -54.0, -56.0, -84.0, -114.0, -98.0, -90.0, -100.0, -74.0, -90.0, -218.0, -210.0, -202.0, -200.0, -206.0, -216.0, -210.0, -214.0, -228.0, -222.0, -236.0, -252.0, -276.0, -294.0, -312.0, -298.0, -304.0, -312.0, -286.0, -288.0, -290.0, -340.0, -352.0, -352.0, -392.0, -248.0, -294.0, -256.0, -292.0, -278.0, -332.0], "WindowWidth": [4988.0, 5748.0, 5836.0, 5896.0, 5962.0, 6120.0, 6102.0, 6184.0, 6170.0, 6254.0, 6248.0, 6224.0, 6076.0, 6030.0, 5918.0, 5946.0, 5900.0, 5948.0, 5960.0, 6002.0, 5992.0, 6034.0, 5922.0, 5936.0, 5818.0, 5838.0, 5718.0, 5698.0, 5684.0, 5630.0, 5612.0, 5678.0, 5596.0, 5542.0, 5516.0, 5368.0, 5408.0, 5328.0, 5274.0, 5362.0, 5262.0, 4592.0, 4580.0, 4582.0, 4568.0, 4572.0, 4560.0, 4558.0, 4546.0, 4558.0, 4540.0, 4564.0, 4560.0, 4590.0, 4594.0, 4626.0, 4608.0, 4662.0, 4658.0, 4696.0, 4686.0, 4730.0, 4738.0, 4804.0, 4800.0, 4896.0, 5574.0, 5854.0, 6028.0, 6154.0, 6214.0, 6340.0]}}, "IntendedFor": ["ses-imagenet03/func/sub-09_ses-imagenet03_task-imagenet_run-04_bold.nii.gz", "ses-imagenet03/func/sub-09_ses-imagenet03_task-imagenet_run-06_bold.nii.gz", "ses-imagenet03/func/sub-09_ses-imagenet03_task-imagenet_run-09_bold.nii.gz", "ses-imagenet03/func/sub-09_ses-imagenet03_task-imagenet_run-10_bold.nii.gz", "ses-imagenet03/func/sub-09_ses-imagenet03_task-imagenet_run-02_bold.nii.gz", "ses-imagenet03/func/sub-09_ses-imagenet03_task-imagenet_run-01_bold.nii.gz", "ses-imagenet03/func/sub-09_ses-imagenet03_task-imagenet_run-03_bold.nii.gz", "ses-imagenet03/func/sub-09_ses-imagenet03_task-imagenet_run-05_bold.nii.gz", "ses-imagenet03/func/sub-09_ses-imagenet03_task-imagenet_run-08_bold.nii.gz", "ses-imagenet03/func/sub-09_ses-imagenet03_task-imagenet_run-07_bold.nii.gz"]}