{"AcquisitionMatrixPE": 100, "AcquisitionNumber": 1, "AcquisitionTime": "15:36:26.605000", "BaseResolution": 100, "BodyPartExamined": "BRAIN", "ConsistencyInfo": "N4_VE11C_LATEST_20160120", "ConversionSoftware": "dcm2niix", "ConversionSoftwareVersion": "v1.0.20180622 GCC4.9.2", "DeviceSerialNumber": "166078", "DwellTime": 8.8e-06, "EchoNumber": 2, "EchoTime": 0.00738, "EchoTime1": 0.00492, "EchoTime2": 0.00738, "FlipAngle": 60, "ImageOrientationPatientDICOM": [1, 0, 0, 0, 0.982613, -0.185667], "ImageType": ["ORIGINAL", "PRIMARY", "P", "ND"], "InPlanePhaseEncodingDirectionDICOM": "ROW", "InstitutionAddress": "Street_StreetNo_Bei_Jing_District_CN_ZIP", "InstitutionName": "BeiJing_Normal_University", "InstitutionalDepartmentName": "Department", "MRAcquisitionType": "2D", "MagneticFieldStrength": 3, "Manufacturer": "Siemens", "ManufacturersModelName": "Prisma", "Modality": "MR", "PartialFourier": 1, "PatientPosition": "HFS", "PercentPhaseFOV": 100, "PhaseEncodingDirection": "i", "PhaseEncodingSteps": 100, "PhaseResolution": 1, "PixelBandwidth": 570, "ProcedureStepDescription": "BNU_P2018_64CH_Zhen.ZongLei", "ProtocolName": "field_mapping_2x2x2", "PulseSequenceDetails": "%SiemensSeq%_gre_field_mapping", "ReceiveCoilActiveElements": "HC1-7;NC1", "ReceiveCoilName": "HeadNeck_64", "ReconMatrixPE": 100, "RepetitionTime": 0.72, "SAR": 0.142084, "ScanningSequence": "GR", "SequenceName": "_fm2d2r", "SequenceVariant": "SP", "SeriesDescription": "field_mapping_2x2x2", "SeriesNumber": 9, "ShimSetting": [-5452, -11487, -1226, 373, 2, -131, -150, 66], "SliceThickness": 2, "SoftwareVersions": "syngo_MR_E11", "SpacingBetweenSlices": 2, "StationName": "AWP166078", "TxRefAmp": 228.481, "dcmmeta_affine": [[-2.0, 0.0, 0.0, 100.0], [0.0, 1.9652255773544312, -0.37133312225341797, -84.0631332397461], [0.0, 0.37133321166038513, 1.9652252197265625, -68.39454650878906], [0.0, 0.0, 0.0, 1.0]], "dcmmeta_reorient_transform": [[0.0, -1.0, 0.0, 99.0], [1.0, 0.0, 0.0, 0.0], [0.0, 0.0, -1.0, 71.0], [0.0, 0.0, 0.0, 1.0]], "dcmmeta_shape": [100, 100, 72], "dcmmeta_slice_dim": 2, "dcmmeta_version": 0.6, "global": {"const": {"AcquisitionMatrix": [0, 100, 100, 0], "AcquisitionNumber": 1, "AngioFlag": "N", "BitsAllocated": 16, "BitsStored": 12, "BodyPartExamined": "BRAIN", "Columns": 100, "EchoNumbers": 2, "EchoTime": 7.38, "EchoTrainLength": 0, "FlipAngle": 60.0, "HighBit": 11, "ImageOrientationPatient": [1.0, 0.0, 0.0, 0.0, 0.98261279726654, -0.1856666115596], "ImageType": ["ORIGINAL", "PRIMARY", "P", "ND"], "ImagedNucleus": "1H", "ImagingFrequency": 123.257756, "InPlanePhaseEncodingDirection": "ROW", "MRAcquisitionType": "2D", "MagneticFieldStrength": 3.0, "Manufacturer": "SIEMENS", "ManufacturerModelName": "Prisma", "Modality": "MR", "NumberOfAverages": 1.0, "NumberOfPhaseEncodingSteps": 100, "PercentPhaseFieldOfView": 100.0, "PercentSampling": 100.0, "PerformedProcedureStepStartTime": "144208.776000", "PhotometricInterpretation": "MONOCHROME2", "PixelBandwidth": 570.0, "PixelRepresentation": 0, "PixelSpacing": [2.0, 2.0], "ProtocolName": "field_mapping_2x2x2", "RepetitionTime": 720.0, "RescaleIntercept": -4096.0, "RescaleSlope": 2.0, "RescaleType": "US", "Rows": 100, "SAR": 0.14208357396287, "SamplesPerPixel": 1, "ScanningSequence": "GR", "SequenceName": "*fm2d2r", "SequenceVariant": "SP", "SeriesDescription": "field_mapping_2x2x2", "SeriesNumber": 9, "SeriesTime": "153851.621000", "SliceThickness": 2.0, "SoftwareVersions": "syngo MR E11", "SpacingBetweenSlices": 2.0, "SpecificCharacterSet": "ISO_IR 100", "StudyID": "1", "StudyTime": "144208.691000", "TransmitCoilName": "Body", "VariableFlipAngleFlag": "N", "WindowCenterWidthExplanation": "Algo1", "dBdt": 0.0}, "slices": {"AcquisitionTime": ["153626.605000", "153626.245000", "153626.615000", "153626.255000", "153626.625000", "153626.265000", "153626.635000", "153626.275000", "153626.645000", "153626.285000", "153626.655000", "153626.295000", "153626.665000", "153626.305000", "153626.675000", "153626.315000", "153626.685000", "153626.325000", "153626.695000", "153626.335000", "153626.705000", "153626.345000", "153626.715000", "153626.355000", "153626.725000", "153626.365000", "153626.735000", "153626.375000", "153626.745000", "153626.385000", "153626.755000", "153626.395000", "153626.765000", "153626.405000", "153626.775000", "153626.415000", "153626.785000", "153626.425000", "153626.795000", "153626.435000", "153626.805000", "153626.445000", "153626.815000", "153626.455000", "153626.825000", "153626.465000", "153626.835000", "153626.475000", "153626.845000", "153626.485000", "153626.855000", "153626.495000", "153626.865000", "153626.505000", "153626.875000", "153626.515000", "153626.885000", "153626.525000", "153626.895000", "153626.535000", "153626.905000", "153626.545000", "153626.915000", "153626.555000", "153626.925000", "153626.565000", "153626.935000", "153626.575000", "153626.945000", "153626.585000", "153626.955000", "153626.595000"], "ContentTime": ["153851.702000", "153851.623000", "153851.705000", "153851.626000", "153851.707000", "153851.628000", "153851.708000", "153851.630000", "153851.710000", "153851.632000", "153851.712000", "153851.634000", "153851.715000", "153851.636000", "153851.716000", "153851.638000", "153851.718000", "153851.640000", "153851.720000", "153851.642000", "153851.730000", "153851.644000", "153851.733000", "153851.646000", "153851.735000", "153851.648000", "153851.738000", "153851.650000", "153851.740000", "153851.652000", "153851.742000", "153851.655000", "153851.745000", "153851.657000", "153851.747000", "153851.659000", "153851.749000", "153851.663000", "153851.751000", "153851.665000", "153851.755000", "153851.667000", "153851.757000", "153851.673000", "153851.759000", "153851.675000", "153851.761000", "153851.677000", "153851.763000", "153851.679000", "153851.765000", "153851.681000", "153851.767000", "153851.682000", "153851.769000", "153851.685000", "153851.771000", "153851.686000", "153851.773000", "153851.688000", "153851.775000", "153851.690000", "153851.777000", "153851.692000", "153851.779000", "153851.694000", "153851.781000", "153851.696000", "153851.782000", "153851.698000", "153851.784000", "153851.700000"], "CsaImage.GSWDDataType": ["measured", "predicted", "measured", "predicted", "measured", "predicted", "measured", "predicted", "measured", "predicted", "measured", "predicted", "measured", "predicted", "measured", "predicted", "measured", "predicted", "measured", "predicted", "measured", "predicted", "measured", "predicted", "measured", "predicted", "measured", "predicted", "measured", "predicted", "measured", "predicted", "measured", "predicted", "measured", "predicted", "measured", "predicted", "measured", "predicted", "measured", "predicted", "measured", "predicted", "measured", "predicted", "measured", "predicted", "measured", "predicted", "measured", "predicted", "measured", "predicted", "measured", "predicted", "measured", "predicted", "measured", "predicted", "measured", "measured", "measured", "measured", "measured", "measured", "measured", "measured", "measured", "measured", "measured", "measured"], "CsaImage.ICE_Dims": ["X_2_1_1_1_1_1_37_1_1_1_1_141", "X_2_1_1_1_1_1_1_1_1_2_1_141", "X_2_1_1_1_1_1_38_1_1_3_1_141", "X_2_1_1_1_1_1_2_1_1_4_1_141", "X_2_1_1_1_1_1_39_1_1_5_1_141", "X_2_1_1_1_1_1_3_1_1_6_1_141", "X_2_1_1_1_1_1_40_1_1_7_1_141", "X_2_1_1_1_1_1_4_1_1_8_1_141", "X_2_1_1_1_1_1_41_1_1_9_1_141", "X_2_1_1_1_1_1_5_1_1_10_1_141", "X_2_1_1_1_1_1_42_1_1_11_1_141", "X_2_1_1_1_1_1_6_1_1_12_1_141", "X_2_1_1_1_1_1_43_1_1_13_1_141", "X_2_1_1_1_1_1_7_1_1_14_1_141", "X_2_1_1_1_1_1_44_1_1_15_1_141", "X_2_1_1_1_1_1_8_1_1_16_1_141", "X_2_1_1_1_1_1_45_1_1_17_1_141", "X_2_1_1_1_1_1_9_1_1_18_1_141", "X_2_1_1_1_1_1_46_1_1_19_1_141", "X_2_1_1_1_1_1_10_1_1_20_1_141", "X_2_1_1_1_1_1_47_1_1_21_1_141", "X_2_1_1_1_1_1_11_1_1_22_1_141", "X_2_1_1_1_1_1_48_1_1_23_1_141", "X_2_1_1_1_1_1_12_1_1_24_1_141", "X_2_1_1_1_1_1_49_1_1_25_1_141", "X_2_1_1_1_1_1_13_1_1_26_1_141", "X_2_1_1_1_1_1_50_1_1_27_1_141", "X_2_1_1_1_1_1_14_1_1_28_1_141", "X_2_1_1_1_1_1_51_1_1_29_1_141", "X_2_1_1_1_1_1_15_1_1_30_1_141", "X_2_1_1_1_1_1_52_1_1_31_1_141", "X_2_1_1_1_1_1_16_1_1_32_1_141", "X_2_1_1_1_1_1_53_1_1_33_1_141", "X_2_1_1_1_1_1_17_1_1_34_1_141", "X_2_1_1_1_1_1_54_1_1_35_1_141", "X_2_1_1_1_1_1_18_1_1_36_1_141", "X_2_1_1_1_1_1_55_1_1_37_1_141", "X_2_1_1_1_1_1_19_1_1_38_1_141", "X_2_1_1_1_1_1_56_1_1_39_1_141", "X_2_1_1_1_1_1_20_1_1_40_1_141", "X_2_1_1_1_1_1_57_1_1_41_1_141", "X_2_1_1_1_1_1_21_1_1_42_1_141", "X_2_1_1_1_1_1_58_1_1_43_1_141", "X_2_1_1_1_1_1_22_1_1_44_1_141", "X_2_1_1_1_1_1_59_1_1_45_1_141", "X_2_1_1_1_1_1_23_1_1_46_1_141", "X_2_1_1_1_1_1_60_1_1_47_1_141", "X_2_1_1_1_1_1_24_1_1_48_1_141", "X_2_1_1_1_1_1_61_1_1_49_1_141", "X_2_1_1_1_1_1_25_1_1_50_1_141", "X_2_1_1_1_1_1_62_1_1_51_1_141", "X_2_1_1_1_1_1_26_1_1_52_1_141", "X_2_1_1_1_1_1_63_1_1_53_1_141", "X_2_1_1_1_1_1_27_1_1_54_1_141", "X_2_1_1_1_1_1_64_1_1_55_1_141", "X_2_1_1_1_1_1_28_1_1_56_1_141", "X_2_1_1_1_1_1_65_1_1_57_1_141", "X_2_1_1_1_1_1_29_1_1_58_1_141", "X_2_1_1_1_1_1_66_1_1_59_1_141", "X_2_1_1_1_1_1_30_1_1_60_1_141", "X_2_1_1_1_1_1_67_1_1_61_1_141", "X_2_1_1_1_1_1_31_1_1_62_1_141", "X_2_1_1_1_1_1_68_1_1_63_1_141", "X_2_1_1_1_1_1_32_1_1_64_1_141", "X_2_1_1_1_1_1_69_1_1_65_1_141", "X_2_1_1_1_1_1_33_1_1_66_1_141", "X_2_1_1_1_1_1_70_1_1_67_1_141", "X_2_1_1_1_1_1_34_1_1_68_1_141", "X_2_1_1_1_1_1_71_1_1_69_1_141", "X_2_1_1_1_1_1_35_1_1_70_1_141", "X_2_1_1_1_1_1_72_1_1_71_1_141", "X_2_1_1_1_1_1_36_1_1_72_1_141"], "CsaImage.ProtocolSliceNumber": [0, 1, 2, 3, 4, 5, 6, 7, 8, 9, 10, 11, 12, 13, 14, 15, 16, 17, 18, 19, 20, 21, 22, 23, 24, 25, 26, 27, 28, 29, 30, 31, 32, 33, 34, 35, 36, 37, 38, 39, 40, 41, 42, 43, 44, 45, 46, 47, 48, 49, 50, 51, 52, 53, 54, 55, 56, 57, 58, 59, 60, 61, 62, 63, 64, 65, 66, 67, 68, 69, 70, 71], "CsaImage.RFSWDDataType": ["measured", "predicted", "measured", "predicted", "measured", "predicted", "measured", "predicted", "measured", "predicted", "measured", "predicted", "measured", "predicted", "measured", "predicted", "measured", "predicted", "measured", "predicted", "measured", "predicted", "measured", "predicted", "measured", "predicted", "measured", "predicted", "measured", "predicted", "measured", "predicted", "measured", "predicted", "measured", "predicted", "measured", "predicted", "measured", "predicted", "measured", "predicted", "measured", "predicted", "measured", "predicted", "measured", "predicted", "measured", "predicted", "measured", "predicted", "measured", "predicted", "measured", "predicted", "measured", "measured", "measured", "measured", "measured", "measured", "measured", "measured", "measured", "measured", "measured", "measured", "measured", "measured", "measured", "measured"], "CsaImage.SlicePosition_PCS": [[-100.0, -110.49421182, -31.63258048], [-100.0, -110.1228787, -29.66735526], [-100.0, -109.75154557, -27.70213004], [-100.0, -109.38021245, -25.73690482], [-100.0, -109.00887933, -23.7716796], [-100.0, -108.63754525, -21.80645438], [-100.0, -108.26621213, -19.84122916], [-100.0, -107.89487901, -17.87600394], [-100.0, -107.52354589, -15.91077872], [-100.0, -107.15221276, -13.9455535], [-100.0, -106.78087964, -11.98032638], [-100.0, -106.40954652, -10.01510116], [-100.0, -106.03821292, -8.04987594], [-100.0, -105.6668798, -6.08464881], [-100.0, -105.29554668, -4.11942359], [-100.0, -104.92421355, -2.15419837], [-100.0, -104.55287995, -0.18897315], [-100.0, -104.18154683, 1.77625207], [-100.0, -103.81021371, 3.74147824], [-100.0, -103.43888059, 5.70670346], [-100.0, -103.06754699, 7.67192963], [-100.0, -102.69621387, 9.63715485], [-100.0, -102.32488074, 11.60238055], [-100.0, -101.95354762, 13.56760625], [-100.0, -101.58221426, 15.53283194], [-100.0, -101.21088114, 17.49805752], [-100.0, -100.83954778, 19.4632831], [-100.0, -100.46821466, 21.42850856], [-100.0, -100.09688141, 23.39373425], [-100.0, -99.72554817, 25.35895995], [-100.0, -99.35421493, 27.32418565], [-100.0, -98.98288169, 29.28941087], [-100.0, -98.61154845, 31.25463704], [-100.0, -98.24021521, 33.21986226], [-100.0, -97.868882, 35.18508843], [-100.0, -97.49754872, 37.15031365], [-100.0, -97.12621548, 39.11553887], [-100.0, -96.75488224, 41.08076409], [-100.0, -96.38354912, 43.04598931], [-100.0, -96.01221576, 45.01121644], [-100.0, -95.64088264, 46.97644166], [-100.0, -95.26954928, 48.94166688], [-100.0, -94.89821615, 50.90689401], [-100.0, -94.52688279, 52.87211922], [-100.0, -94.15554967, 54.83734444], [-100.0, -93.78421655, 56.80256966], [-100.0, -93.41288343, 58.76779488], [-100.0, -93.04154983, 60.7330201], [-100.0, -92.6702167, 62.69824532], [-100.0, -92.29888358, 64.66347054], [-100.0, -91.92755046, 66.62869576], [-100.0, -91.55621686, 68.5939248], [-100.0, -91.18488374, 70.55915002], [-100.0, -90.81355062, 72.52437524], [-100.0, -90.44221749, 74.48960046], [-100.0, -90.07088437, 76.45482568], [-100.0, -89.69955125, 78.4200509], [-100.0, -89.32821813, 80.38527612], [-100.0, -88.95688405, 82.35050134], [-100.0, -88.58555093, 84.31573037], [-100.0, -88.21421781, 86.28095559], [-100.0, -87.84288468, 88.24618081], [-100.0, -87.47155156, 90.21140603], [-100.0, -87.10021844, 92.17663125], [-100.0, -86.72888532, 94.14185647], [-100.0, -86.3575522, 96.10708169], [-100.0, -85.98621907, 98.07230691], [-100.0, -85.614885, 100.03753213], [-100.0, -85.24355187, 102.00275735], [-100.0, -84.87221875, 103.96798257], [-100.0, -84.50088563, 105.93320779], [-100.0, -84.12955251, 107.89843301]], "CsaImage.TimeAfterStart": [1.0825, 0.7225, 1.0925, 0.7325, 1.1025, 0.7425, 1.1125, 0.7525, 1.1225, 0.7625, 1.1325, 0.7725, 1.1425, 0.7825, 1.1525, 0.7925, 1.1625, 0.8025, 1.1725, 0.8125, 1.1825, 0.8225, 1.1925, 0.8325, 1.2025, 0.8425, 1.2125, 0.8525, 1.2225, 0.8625, 1.2325, 0.8725, 1.2425, 0.8825, 1.2525, 0.8925, 1.2625, 0.9025, 1.2725, 0.9125, 1.2825, 0.9225, 1.2925, 0.9325, 1.3025, 0.9425, 1.3125, 0.9525, 1.3225, 0.9625, 1.3325, 0.9725, 1.3425, 0.9825, 1.3525, 0.9925, 1.3625, 1.0025, 1.3725, 1.0125, 1.3825, 1.0225, 1.3925, 1.0325, 1.4025, 1.0425, 1.4125, 1.0525, 1.4225, 1.0625, 1.4325, 1.0725], "ImagePositionPatient": [[-100.0, -110.49421181741, -31.632580482223], [-100.0, -110.12287869516, -29.667355262496], [-100.0, -109.75154557291, -27.702130042769], [-100.0, -109.38021245065, -25.736904823043], [-100.0, -109.0088793284, -23.771679603316], [-100.0, -108.63754525247, -21.80645438359], [-100.0, -108.26621213022, -19.841229163863], [-100.0, -107.89487900797, -17.876003944137], [-100.0, -107.52354588571, -15.91077872441], [-100.0, -107.15221276346, -13.945553504684], [-100.0, -106.7808796412, -11.980326377608], [-100.0, -106.40954651895, -10.015101157882], [-100.0, -106.03821291986, -8.0498759381552], [-100.0, -105.66687979761, -6.08464881108], [-100.0, -105.29554667535, -4.1194235913535], [-100.0, -104.9242135531, -2.1541983716269], [-100.0, -104.55287995401, -0.1889731519003], [-100.0, -104.18154683176, 1.7762520678262], [-100.0, -103.8102137095, 3.7414782412271], [-100.0, -103.43888058725, 5.7067034609537], [-100.0, -103.06754698816, 7.6719296343546], [-100.0, -102.69621386591, 9.6371548540811], [-100.0, -102.32488074365, 11.602380550645], [-100.0, -101.9535476214, 13.567606247209], [-100.0, -101.58221426073, 15.532831943772], [-100.0, -101.21088113847, 17.498057521127], [-100.0, -100.8395477778, 19.463283098481], [-100.0, -100.46821465555, 21.428508556626], [-100.0, -100.09688141409, 23.39373425319], [-100.0, -99.725548172623, 25.358959949754], [-100.0, -99.35421493116, 27.324185646317], [-100.0, -98.982881689697, 29.289410866044], [-100.0, -98.611548448235, 31.254637039445], [-100.0, -98.240215214222, 33.219862259171], [-100.0, -97.868881995111, 35.185088432572], [-100.0, -97.497548723846, 37.150313652299], [-100.0, -97.126215482384, 39.115538872025], [-100.0, -96.754882240921, 41.080764091752], [-100.0, -96.383549118668, 43.045989311479], [-100.0, -96.012215757996, 45.011216438554], [-100.0, -95.640882635742, 46.97644165828], [-100.0, -95.26954927507, 48.941666878007], [-100.0, -94.898216152817, 50.906894005082], [-100.0, -94.526882792145, 52.872119224809], [-100.0, -94.155549669891, 54.837344444535], [-100.0, -93.784216547638, 56.802569664262], [-100.0, -93.412883425384, 58.767794883988], [-100.0, -93.041549826294, 60.733020103715], [-100.0, -92.67021670404, 62.698245323441], [-100.0, -92.298883581787, 64.663470543168], [-100.0, -91.927550459534, 66.628695762895], [-100.0, -91.556216860443, 68.593924797318], [-100.0, -91.18488373819, 70.559150017045], [-100.0, -90.813550615936, 72.524375236772], [-100.0, -90.442217493683, 74.489600456498], [-100.0, -90.070884371429, 76.454825676225], [-100.0, -89.699551249176, 78.420050895951], [-100.0, -89.328218126923, 80.385276115678], [-100.0, -88.956884050995, 82.350501335404], [-100.0, -88.585550928741, 84.315730369828], [-100.0, -88.214217806488, 86.280955589555], [-100.0, -87.842884684235, 88.246180809281], [-100.0, -87.471551561981, 90.211406029008], [-100.0, -87.100218439728, 92.176631248734], [-100.0, -86.728885317474, 94.141856468461], [-100.0, -86.357552195221, 96.107081688188], [-100.0, -85.986219072967, 98.072306907914], [-100.0, -85.61488499704, 100.03753212764], [-100.0, -85.243551874786, 102.00275734737], [-100.0, -84.872218752533, 103.96798256709], [-100.0, -84.500885630279, 105.93320778682], [-100.0, -84.129552508026, 107.89843300655]], "InstanceCreationTime": ["153851.702000", "153851.623000", "153851.705000", "153851.626000", "153851.707000", "153851.628000", "153851.708000", "153851.630000", "153851.710000", "153851.632000", "153851.712000", "153851.634000", "153851.715000", "153851.636000", "153851.716000", "153851.638000", "153851.718000", "153851.640000", "153851.720000", "153851.642000", "153851.730000", "153851.644000", "153851.733000", "153851.646000", "153851.735000", "153851.648000", "153851.738000", "153851.650000", "153851.740000", "153851.652000", "153851.742000", "153851.655000", "153851.745000", "153851.657000", "153851.747000", "153851.659000", "153851.749000", "153851.663000", "153851.751000", "153851.665000", "153851.755000", "153851.667000", "153851.757000", "153851.673000", "153851.759000", "153851.675000", "153851.761000", "153851.677000", "153851.763000", "153851.679000", "153851.765000", "153851.681000", "153851.767000", "153851.682000", "153851.769000", "153851.685000", "153851.771000", "153851.686000", "153851.773000", "153851.688000", "153851.775000", "153851.690000", "153851.777000", "153851.692000", "153851.779000", "153851.694000", "153851.781000", "153851.696000", "153851.782000", "153851.698000", "153851.784000", "153851.700000"], "InstanceNumber": [1, 2, 3, 4, 5, 6, 7, 8, 9, 10, 11, 12, 13, 14, 15, 16, 17, 18, 19, 20, 21, 22, 23, 24, 25, 26, 27, 28, 29, 30, 31, 32, 33, 34, 35, 36, 37, 38, 39, 40, 41, 42, 43, 44, 45, 46, 47, 48, 49, 50, 51, 52, 53, 54, 55, 56, 57, 58, 59, 60, 61, 62, 63, 64, 65, 66, 67, 68, 69, 70, 71, 72], "LargestImagePixelValue": [4091, 4095, 4095, 4095, 4093, 4095, 4093, 4094, 4093, 4094, 4095, 4093, 4094, 4095, 4094, 4093, 4095, 4090, 4094, 4091, 4092, 4090, 4093, 4094, 4091, 4093, 4091, 4093, 4093, 4087, 4092, 4095, 4093, 4084, 4089, 4094, 4093, 4092, 4093, 4093, 4092, 4095, 4095, 4094, 4095, 4090, 4092, 4094, 4095, 4094, 4094, 4089, 4093, 4092, 4094, 4092, 4094, 4094, 4092, 4095, 4090, 4094, 4090, 4095, 4095, 4095, 4094, 4092, 4095, 4095, 4094, 4095], "SliceLocation": [-51.597664297485, -49.597664684502, -47.597665071519, -45.597665458536, -43.597665845553, -41.597666055505, -39.597666442522, -37.597666829539, -35.597667216556, -33.597667603573, -31.597666116405, -29.597666503422, -27.597666801906, -25.597665314738, -23.597665701755, -21.597666088772, -19.597666387257, -17.597666774274, -15.597666224198, -13.597666611215, -11.597665972607, -9.5976663596243, -7.5976662780951, -5.5976661965659, -3.5976660707703, -1.5976661063777, 0.40233390228132, 2.4023337495374, 4.4023338531998, 6.4023339568622, 8.4023340605245, 10.402333695641, 12.402334267849, 14.402333901582, 16.402334469641, 18.40233411029, 20.402333745406, 22.402333380522, 24.402332993505, 26.40233452494, 28.402334137923, 30.402333795172, 32.40233528234, 34.402334939589, 36.402334552572, 38.402334165555, 40.402333778538, 42.402333480054, 44.402333093037, 46.402332706019, 48.402332319002, 50.402335768888, 52.402335381871, 54.402334994854, 56.402334607837, 58.40233422082, 60.402333833803, 62.402333446786, 64.402333236834, 66.402336598188, 68.40233621117, 70.402335824153, 72.402335437136, 74.402335050119, 76.402334663102, 78.402334276085, 80.402333889068, 82.402333679116, 84.402333292099, 86.402332905082, 88.402332518065, 90.402332131048], "SmallestImagePixelValue": [1, 0, 0, 0, 0, 0, 0, 0, 3, 0, 1, 5, 0, 0, 0, 1, 1, 0, 0, 1, 0, 0, 1, 2, 0, 1, 3, 9, 4, 5, 2, 18, 5, 7, 2, 1, 3, 2, 13, 1, 0, 4, 0, 1, 0, 1, 3, 13, 5, 0, 0, 0, 0, 1, 0, 0, 0, 4, 2, 1, 2, 0, 0, 5, 0, 0, 0, 0, 0, 0, 2, 0], "WindowCenter": [-190.0, -154.0, -160.0, -160.0, -154.0, -206.0, -206.0, -200.0, -222.0, -270.0, -286.0, -294.0, -298.0, -284.0, -286.0, -286.0, -244.0, -218.0, -236.0, -244.0, -208.0, -192.0, -178.0, -158.0, -138.0, -96.0, -84.0, -76.0, -70.0, -90.0, -78.0, -68.0, -52.0, -50.0, -90.0, -56.0, -76.0, -44.0, -24.0, -36.0, -32.0, -142.0, -42.0, -54.0, -54.0, -64.0, -56.0, -46.0, -38.0, -52.0, -64.0, -66.0, -70.0, -50.0, -72.0, -40.0, -62.0, -52.0, -64.0, -52.0, -72.0, -70.0, -84.0, -92.0, -76.0, -140.0, -150.0, -212.0, -192.0, -276.0, -306.0, -322.0], "WindowWidth": [6142.0, 6186.0, 6222.0, 6222.0, 6264.0, 6230.0, 6286.0, 6208.0, 6232.0, 6162.0, 6188.0, 6124.0, 6130.0, 6180.0, 6114.0, 6060.0, 5968.0, 5834.0, 5728.0, 5632.0, 5612.0, 5604.0, 5552.0, 5454.0, 5392.0, 5386.0, 5368.0, 5388.0, 5304.0, 5204.0, 5192.0, 5198.0, 5260.0, 5246.0, 5038.0, 5286.0, 5060.0, 5192.0, 5178.0, 5054.0, 5040.0, 4542.0, 5030.0, 5160.0, 5184.0, 5142.0, 5232.0, 5328.0, 5440.0, 5470.0, 5526.0, 5542.0, 5586.0, 5696.0, 5716.0, 5792.0, 5802.0, 5880.0, 5884.0, 5920.0, 5940.0, 5970.0, 5982.0, 5984.0, 5994.0, 5984.0, 6028.0, 6050.0, 6052.0, 5974.0, 5900.0, 6086.0]}}, "IntendedFor": ["ses-imagenet04/func/sub-03_ses-imagenet04_task-imagenet_run-03_bold.nii.gz", "ses-imagenet04/func/sub-03_ses-imagenet04_task-imagenet_run-01_bold.nii.gz", "ses-imagenet04/func/sub-03_ses-imagenet04_task-imagenet_run-07_bold.nii.gz", "ses-imagenet04/func/sub-03_ses-imagenet04_task-imagenet_run-08_bold.nii.gz", "ses-imagenet04/func/sub-03_ses-imagenet04_task-imagenet_run-05_bold.nii.gz", "ses-imagenet04/func/sub-03_ses-imagenet04_task-imagenet_run-09_bold.nii.gz", "ses-imagenet04/func/sub-03_ses-imagenet04_task-imagenet_run-06_bold.nii.gz", "ses-imagenet04/func/sub-03_ses-imagenet04_task-imagenet_run-04_bold.nii.gz", "ses-imagenet04/func/sub-03_ses-imagenet04_task-imagenet_run-02_bold.nii.gz", "ses-imagenet04/func/sub-03_ses-imagenet04_task-imagenet_run-10_bold.nii.gz"]}