{"AcquisitionMatrixPE": 100, "AcquisitionNumber": 1, "AcquisitionTime": "10:02:56.227500", "BaseResolution": 100, "BodyPartExamined": "BRAIN", "ConsistencyInfo": "N4_VE11C_LATEST_20160120", "ConversionSoftware": "dcm2niix", "ConversionSoftwareVersion": "v1.0.20180622 GCC4.9.2", "DeviceSerialNumber": "166078", "DwellTime": 8.8e-06, "EchoNumber": 2, "EchoTime": 0.00738, "EchoTime1": 0.00492, "EchoTime2": 0.00738, "FlipAngle": 60, "ImageOrientationPatientDICOM": [1, 0, 0, 0, 0.994338, -0.106264], "ImageType": ["ORIGINAL", "PRIMARY", "P", "ND"], "InPlanePhaseEncodingDirectionDICOM": "ROW", "InstitutionAddress": "Street_StreetNo_Bei_Jing_District_CN_ZIP", "InstitutionName": "BeiJing_Normal_University", "InstitutionalDepartmentName": "Department", "MRAcquisitionType": "2D", "MagneticFieldStrength": 3, "Manufacturer": "Siemens", "ManufacturersModelName": "Prisma", "Modality": "MR", "PartialFourier": 1, "PatientPosition": "HFS", "PercentPhaseFOV": 100, "PhaseEncodingDirection": "i", "PhaseEncodingSteps": 100, "PhaseResolution": 1, "PixelBandwidth": 570, "ProcedureStepDescription": "BNU_P2018_64CH_Zhen.ZongLei", "ProtocolName": "field_mapping_2x2x2", "PulseSequenceDetails": "%SiemensSeq%_gre_field_mapping", "ReceiveCoilActiveElements": "HC1-7;NC1", "ReceiveCoilName": "HeadNeck_64", "ReconMatrixPE": 100, "RepetitionTime": 0.72, "SAR": 0.103565, "ScanningSequence": "GR", "SequenceName": "_fm2d2r", "SequenceVariant": "SP", "SeriesDescription": "field_mapping_2x2x2", "SeriesNumber": 9, "ShimSetting": [-5474, -11488, -1252, 433, -26, -116, -135, 81], "SliceThickness": 2, "SoftwareVersions": "syngo_MR_E11", "SpacingBetweenSlices": 2, "StationName": "AWP166078", "TxRefAmp": 203.771, "dcmmeta_affine": [[-2.0, 0.0, 0.0, 100.0], [0.0, 1.988675832748413, -0.21252822875976562, -84.8353042602539], [0.0, 0.21252813935279846, 1.988677978515625, -72.3758773803711], [0.0, 0.0, 0.0, 1.0]], "dcmmeta_reorient_transform": [[0.0, -1.0, 0.0, 99.0], [1.0, 0.0, 0.0, 0.0], [0.0, 0.0, -1.0, 71.0], [0.0, 0.0, 0.0, 1.0]], "dcmmeta_shape": [100, 100, 72], "dcmmeta_slice_dim": 2, "dcmmeta_version": 0.6, "global": {"const": {"AcquisitionMatrix": [0, 100, 100, 0], "AcquisitionNumber": 1, "AngioFlag": "N", "BitsAllocated": 16, "BitsStored": 12, "BodyPartExamined": "BRAIN", "Columns": 100, "EchoNumbers": 2, "EchoTime": 7.38, "EchoTrainLength": 0, "FlipAngle": 60.0, "HighBit": 11, "ImageOrientationPatient": [1.0, 0.0, 0.0, 0.0, 0.99433794427043, -0.1062640700522], "ImageType": ["ORIGINAL", "PRIMARY", "P", "ND"], "ImagedNucleus": "1H", "ImagingFrequency": 123.257768, "InPlanePhaseEncodingDirection": "ROW", "MRAcquisitionType": "2D", "MagneticFieldStrength": 3.0, "Manufacturer": "SIEMENS", "ManufacturerModelName": "Prisma", "Modality": "MR", "NumberOfAverages": 1.0, "NumberOfPhaseEncodingSteps": 100, "PercentPhaseFieldOfView": 100.0, "PercentSampling": 100.0, "PerformedProcedureStepStartTime": "090547.909000", "PhotometricInterpretation": "MONOCHROME2", "PixelBandwidth": 570.0, "PixelRepresentation": 0, "PixelSpacing": [2.0, 2.0], "ProtocolName": "field_mapping_2x2x2", "RepetitionTime": 720.0, "RescaleIntercept": -4096.0, "RescaleSlope": 2.0, "RescaleType": "US", "Rows": 100, "SAR": 0.10356520473988, "SamplesPerPixel": 1, "ScanningSequence": "GR", "SequenceName": "*fm2d2r", "SequenceVariant": "SP", "SeriesDescription": "field_mapping_2x2x2", "SeriesNumber": 9, "SeriesTime": "100521.156000", "SliceThickness": 2.0, "SoftwareVersions": "syngo MR E11", "SpacingBetweenSlices": 2.0, "SpecificCharacterSet": "ISO_IR 100", "StudyID": "1", "StudyTime": "090547.818000", "TransmitCoilName": "Body", "VariableFlipAngleFlag": "N", "WindowCenterWidthExplanation": "Algo1", "dBdt": 0.0}, "slices": {"AcquisitionTime": ["100256.227500", "100255.867500", "100256.237500", "100255.877500", "100256.247500", "100255.887500", "100256.257500", "100255.897500", "100256.267500", "100255.907500", "100256.277500", "100255.917500", "100256.287500", "100255.927500", "100256.297500", "100255.937500", "100256.307500", "100255.947500", "100256.317500", "100255.957500", "100256.327500", "100255.967500", "100256.337500", "100255.977500", "100256.347500", "100255.987500", "100256.357500", "100255.997500", "100256.367500", "100256.007500", "100256.377500", "100256.017500", "100256.387500", "100256.027500", "100256.397500", "100256.037500", "100256.407500", "100256.047500", "100256.417500", "100256.057500", "100256.427500", "100256.067500", "100256.437500", "100256.077500", "100256.447500", "100256.087500", "100256.457500", "100256.097500", "100256.467500", "100256.107500", "100256.477500", "100256.117500", "100256.487500", "100256.127500", "100256.497500", "100256.137500", "100256.507500", "100256.147500", "100256.517500", "100256.157500", "100256.527500", "100256.167500", "100256.537500", "100256.177500", "100256.547500", "100256.187500", "100256.557500", "100256.197500", "100256.567500", "100256.207500", "100256.577500", "100256.217500"], "ContentTime": ["100521.227000", "100521.158000", "100521.229000", "100521.161000", "100521.231000", "100521.163000", "100521.233000", "100521.165000", "100521.235000", "100521.167000", "100521.236000", "100521.169000", "100521.238000", "100521.170000", "100521.240000", "100521.172000", "100521.242000", "100521.174000", "100521.244000", "100521.176000", "100521.246000", "100521.178000", "100521.248000", "100521.180000", "100521.249000", "100521.182000", "100521.251000", "100521.183000", "100521.253000", "100521.185000", "100521.255000", "100521.187000", "100521.257000", "100521.189000", "100521.259000", "100521.191000", "100521.260000", "100521.193000", "100521.262000", "100521.195000", "100521.264000", "100521.197000", "100521.266000", "100521.198000", "100521.268000", "100521.200000", "100521.270000", "100521.202000", "100521.271000", "100521.204000", "100521.273000", "100521.206000", "100521.275000", "100521.208000", "100521.277000", "100521.210000", "100521.279000", "100521.212000", "100521.281000", "100521.214000", "100521.283000", "100521.215000", "100521.284000", "100521.217000", "100521.286000", "100521.219000", "100521.288000", "100521.221000", "100521.290000", "100521.223000", "100521.292000", "100521.225000"], "CsaImage.GSWDDataType": ["measured", "predicted", "measured", "predicted", "measured", "predicted", "measured", "predicted", "measured", "predicted", "measured", "predicted", "measured", "predicted", "measured", "predicted", "measured", "predicted", "measured", "predicted", "measured", "predicted", "measured", "predicted", "measured", "predicted", "measured", "predicted", "measured", "predicted", "measured", "predicted", "measured", "predicted", "measured", "predicted", "measured", "predicted", "measured", "predicted", "measured", "predicted", "measured", "predicted", "measured", "predicted", "measured", "predicted", "measured", "predicted", "measured", "predicted", "measured", "predicted", "measured", "predicted", "measured", "predicted", "measured", "predicted", "measured", "predicted", "measured", "predicted", "measured", "measured", "measured", "measured", "measured", "measured", "measured", "measured"], "CsaImage.ICE_Dims": ["X_2_1_1_1_1_1_37_1_1_1_1_30", "X_2_1_1_1_1_1_1_1_1_2_1_30", "X_2_1_1_1_1_1_38_1_1_3_1_30", "X_2_1_1_1_1_1_2_1_1_4_1_30", "X_2_1_1_1_1_1_39_1_1_5_1_30", "X_2_1_1_1_1_1_3_1_1_6_1_30", "X_2_1_1_1_1_1_40_1_1_7_1_30", "X_2_1_1_1_1_1_4_1_1_8_1_30", "X_2_1_1_1_1_1_41_1_1_9_1_30", "X_2_1_1_1_1_1_5_1_1_10_1_30", "X_2_1_1_1_1_1_42_1_1_11_1_30", "X_2_1_1_1_1_1_6_1_1_12_1_30", "X_2_1_1_1_1_1_43_1_1_13_1_30", "X_2_1_1_1_1_1_7_1_1_14_1_30", "X_2_1_1_1_1_1_44_1_1_15_1_30", "X_2_1_1_1_1_1_8_1_1_16_1_30", "X_2_1_1_1_1_1_45_1_1_17_1_30", "X_2_1_1_1_1_1_9_1_1_18_1_30", "X_2_1_1_1_1_1_46_1_1_19_1_30", "X_2_1_1_1_1_1_10_1_1_20_1_30", "X_2_1_1_1_1_1_47_1_1_21_1_30", "X_2_1_1_1_1_1_11_1_1_22_1_30", "X_2_1_1_1_1_1_48_1_1_23_1_30", "X_2_1_1_1_1_1_12_1_1_24_1_30", "X_2_1_1_1_1_1_49_1_1_25_1_30", "X_2_1_1_1_1_1_13_1_1_26_1_30", "X_2_1_1_1_1_1_50_1_1_27_1_30", "X_2_1_1_1_1_1_14_1_1_28_1_30", "X_2_1_1_1_1_1_51_1_1_29_1_30", "X_2_1_1_1_1_1_15_1_1_30_1_30", "X_2_1_1_1_1_1_52_1_1_31_1_30", "X_2_1_1_1_1_1_16_1_1_32_1_30", "X_2_1_1_1_1_1_53_1_1_33_1_30", "X_2_1_1_1_1_1_17_1_1_34_1_30", "X_2_1_1_1_1_1_54_1_1_35_1_30", "X_2_1_1_1_1_1_18_1_1_36_1_30", "X_2_1_1_1_1_1_55_1_1_37_1_30", "X_2_1_1_1_1_1_19_1_1_38_1_30", "X_2_1_1_1_1_1_56_1_1_39_1_30", "X_2_1_1_1_1_1_20_1_1_40_1_30", "X_2_1_1_1_1_1_57_1_1_41_1_30", "X_2_1_1_1_1_1_21_1_1_42_1_30", "X_2_1_1_1_1_1_58_1_1_43_1_30", "X_2_1_1_1_1_1_22_1_1_44_1_30", "X_2_1_1_1_1_1_59_1_1_45_1_30", "X_2_1_1_1_1_1_23_1_1_46_1_30", "X_2_1_1_1_1_1_60_1_1_47_1_30", "X_2_1_1_1_1_1_24_1_1_48_1_30", "X_2_1_1_1_1_1_61_1_1_49_1_30", "X_2_1_1_1_1_1_25_1_1_50_1_30", "X_2_1_1_1_1_1_62_1_1_51_1_30", "X_2_1_1_1_1_1_26_1_1_52_1_30", "X_2_1_1_1_1_1_63_1_1_53_1_30", "X_2_1_1_1_1_1_27_1_1_54_1_30", "X_2_1_1_1_1_1_64_1_1_55_1_30", "X_2_1_1_1_1_1_28_1_1_56_1_30", "X_2_1_1_1_1_1_65_1_1_57_1_30", "X_2_1_1_1_1_1_29_1_1_58_1_30", "X_2_1_1_1_1_1_66_1_1_59_1_30", "X_2_1_1_1_1_1_30_1_1_60_1_30", "X_2_1_1_1_1_1_67_1_1_61_1_30", "X_2_1_1_1_1_1_31_1_1_62_1_30", "X_2_1_1_1_1_1_68_1_1_63_1_30", "X_2_1_1_1_1_1_32_1_1_64_1_30", "X_2_1_1_1_1_1_69_1_1_65_1_30", "X_2_1_1_1_1_1_33_1_1_66_1_30", "X_2_1_1_1_1_1_70_1_1_67_1_30", "X_2_1_1_1_1_1_34_1_1_68_1_30", "X_2_1_1_1_1_1_71_1_1_69_1_30", "X_2_1_1_1_1_1_35_1_1_70_1_30", "X_2_1_1_1_1_1_72_1_1_71_1_30", "X_2_1_1_1_1_1_36_1_1_72_1_30"], "CsaImage.ProtocolSliceNumber": [0, 1, 2, 3, 4, 5, 6, 7, 8, 9, 10, 11, 12, 13, 14, 15, 16, 17, 18, 19, 20, 21, 22, 23, 24, 25, 26, 27, 28, 29, 30, 31, 32, 33, 34, 35, 36, 37, 38, 39, 40, 41, 42, 43, 44, 45, 46, 47, 48, 49, 50, 51, 52, 53, 54, 55, 56, 57, 58, 59, 60, 61, 62, 63, 64, 65, 66, 67, 68, 69, 70, 71], "CsaImage.RFSWDDataType": ["measured", "predicted", "measured", "predicted", "measured", "predicted", "measured", "predicted", "measured", "predicted", "measured", "predicted", "measured", "predicted", "measured", "predicted", "measured", "predicted", "measured", "predicted", "measured", "predicted", "measured", "predicted", "measured", "predicted", "measured", "predicted", "measured", "predicted", "measured", "predicted", "measured", "predicted", "measured", "predicted", "measured", "predicted", "measured", "predicted", "measured", "predicted", "measured", "predicted", "measured", "predicted", "measured", "predicted", "measured", "predicted", "measured", "predicted", "measured", "predicted", "measured", "predicted", "measured", "predicted", "measured", "predicted", "measured", "predicted", "measured", "measured", "measured", "measured", "measured", "measured", "measured", "measured", "measured", "measured"], "CsaImage.SlicePosition_PCS": [[-100.0, -112.04360335, -51.33544221], [-100.0, -111.83107512, -49.34676804], [-100.0, -111.61854785, -47.35809007], [-100.0, -111.40601962, -45.3694159], [-100.0, -111.19349139, -43.38073792], [-100.0, -110.98096316, -41.39206376], [-100.0, -110.76843493, -39.40338578], [-100.0, -110.5559067, -37.41471162], [-100.0, -110.34337847, -35.42603364], [-100.0, -110.13085024, -33.43735947], [-100.0, -109.91832201, -31.44868531], [-100.0, -109.70579379, -29.46000733], [-100.0, -109.49326556, -27.47133317], [-100.0, -109.28073828, -25.48265519], [-100.0, -109.06821005, -23.49398103], [-100.0, -108.85568182, -21.50530305], [-100.0, -108.6431536, -19.51662888], [-100.0, -108.43062537, -17.52795281], [-100.0, -108.21809714, -15.53927674], [-100.0, -108.00556891, -13.55060067], [-100.0, -107.79304068, -11.5619246], [-100.0, -107.58051245, -9.57324853], [-100.0, -107.3679847, -7.58457246], [-100.0, -107.15545647, -5.59589639], [-100.0, -106.94292824, -3.60722127], [-100.0, -106.73040001, -1.6185452], [-100.0, -106.51787179, 0.37013087], [-100.0, -106.30534403, 2.35880695], [-100.0, -106.0928158, 4.34748254], [-100.0, -105.88028758, 6.33615813], [-100.0, -105.66775935, 8.32483421], [-100.0, -105.45523112, 10.3135101], [-100.0, -105.24270337, 12.30218599], [-100.0, -105.03017514, 14.29086194], [-100.0, -104.81764691, 16.27953754], [-100.0, -104.60511868, 18.26821361], [-100.0, -104.39259045, 20.25688968], [-100.0, -104.18006222, 22.24556575], [-100.0, -103.96753447, 24.23424087], [-100.0, -103.75500624, 26.22291694], [-100.0, -103.54247801, 28.21159301], [-100.0, -103.32994978, 30.20026908], [-100.0, -103.11742179, 32.18894515], [-100.0, -102.90489357, 34.17762122], [-100.0, -102.69236557, 36.16629729], [-100.0, -102.47983735, 38.15497337], [-100.0, -102.26730912, 40.14364753], [-100.0, -102.05478113, 42.1323236], [-100.0, -101.8422529, 44.12100158], [-100.0, -101.62972467, 46.10967574], [-100.0, -101.41719656, 48.09835372], [-100.0, -101.20466845, 50.08702789], [-100.0, -100.99214034, 52.07570205], [-100.0, -100.77961223, 54.06438003], [-100.0, -100.567084, 56.05305419], [-100.0, -100.35455589, 58.04173217], [-100.0, -100.14202772, 60.03040633], [-100.0, -99.92949961, 62.01908431], [-100.0, -99.71697145, 64.00775848], [-100.0, -99.50444331, 65.99643645], [-100.0, -99.29191518, 67.98511062], [-100.0, -99.07938703, 69.9737886], [-100.0, -98.86685889, 71.96246276], [-100.0, -98.65433072, 73.95113692], [-100.0, -98.44180261, 75.9398149], [-100.0, -98.22927444, 77.92849288], [-100.0, -98.01674633, 79.91716323], [-100.0, -97.80421822, 81.90584121], [-100.0, -97.59168999, 83.89451919], [-100.0, -97.379162, 85.88319717], [-100.0, -97.16663377, 87.87186752], [-100.0, -96.95410554, 89.86054549]], "CsaImage.TimeAfterStart": [1.0825, 0.7225, 1.0925, 0.7325, 1.1025, 0.7425, 1.1125, 0.7525, 1.1225, 0.7625, 1.1325, 0.7725, 1.1425, 0.7825, 1.1525, 0.7925, 1.1625, 0.8025, 1.1725, 0.8125, 1.1825, 0.8225, 1.1925, 0.8325, 1.2025, 0.8425, 1.2125, 0.8525, 1.2225, 0.8625, 1.2325, 0.8725, 1.2425, 0.8825, 1.2525, 0.8925, 1.2625, 0.9025, 1.2725, 0.9125, 1.2825, 0.9225, 1.2925, 0.9325, 1.3025, 0.9425, 1.3125, 0.9525, 1.3225, 0.9625, 1.3325, 0.9725, 1.3425, 0.9825, 1.3525, 0.9925, 1.3625, 1.0025, 1.3725, 1.0125, 1.3825, 1.0225, 1.3925, 1.0325, 1.4025, 1.0425, 1.4125, 1.0525, 1.4225, 1.0625, 1.4325, 1.0725], "ImagePositionPatient": [[-100.0, -112.04360334886, -51.335442207426], [-100.0, -111.8310751201, -49.346768043608], [-100.0, -111.61854784501, -47.358090065092], [-100.0, -111.40601961625, -45.369415901274], [-100.0, -111.19349138749, -43.380737922759], [-100.0, -110.98096315873, -41.39206375894], [-100.0, -110.76843492997, -39.403385780425], [-100.0, -110.55590670121, -37.414711616606], [-100.0, -110.34337847245, -35.426033638091], [-100.0, -110.13085024369, -33.437359474272], [-100.0, -109.91832201493, -31.448685310454], [-100.0, -109.70579378617, -29.460007331938], [-100.0, -109.49326555741, -27.47133316812], [-100.0, -109.28073828233, -25.482655189604], [-100.0, -109.06821005357, -23.493981025786], [-100.0, -108.85568182481, -21.50530304727], [-100.0, -108.64315359605, -19.516628883452], [-100.0, -108.43062536729, -17.527952812285], [-100.0, -108.21809713853, -15.539276741118], [-100.0, -108.00556890977, -13.550600669951], [-100.0, -107.79304068101, -11.561924598784], [-100.0, -107.58051245225, -9.5732485276169], [-100.0, -107.36798470033, -7.5845724564499], [-100.0, -107.15545647157, -5.5958963852829], [-100.0, -106.94292824281, -3.6072212677903], [-100.0, -106.73040001405, -1.6185451966233], [-100.0, -106.51787178529, 0.37013087454373], [-100.0, -106.30534403337, 2.3588069457107], [-100.0, -106.09281580461, 4.3474825400406], [-100.0, -105.88028757585, 6.3361581343704], [-100.0, -105.66775934709, 8.3248342055374], [-100.0, -105.45523111833, 10.31351009789], [-100.0, -105.2427033664, 12.302185990243], [-100.0, -105.03017513764, 14.290861942201], [-100.0, -104.81764690889, 16.279537536531], [-100.0, -104.60511868013, 18.268213607698], [-100.0, -104.39259045137, 20.256889678865], [-100.0, -104.18006222261, 22.245565750032], [-100.0, -103.96753447068, 24.234240867525], [-100.0, -103.75500624192, 26.222916938692], [-100.0, -103.54247801316, 28.211593009859], [-100.0, -103.3299497844, 30.200269081026], [-100.0, -103.11742179406, 32.188945152193], [-100.0, -102.9048935653, 34.17762122336], [-100.0, -102.69236557496, 36.166297294527], [-100.0, -102.4798373462, 38.154973365694], [-100.0, -102.26730911744, 40.143647529512], [-100.0, -102.0547811271, 42.132323600679], [-100.0, -101.84225289834, 44.121001579195], [-100.0, -101.62972466958, 46.109675743013], [-100.0, -101.41719656003, 48.098353721529], [-100.0, -101.20466845048, 50.087027885347], [-100.0, -100.99214034093, 52.075702049165], [-100.0, -100.77961223138, 54.064380027681], [-100.0, -100.56708400262, 56.053054191499], [-100.0, -100.35455589307, 58.041732170015], [-100.0, -100.14202772391, 60.030406333833], [-100.0, -99.929499614364, 62.019084312349], [-100.0, -99.716971445209, 64.007758476167], [-100.0, -99.504443313306, 65.996436454683], [-100.0, -99.291915181404, 67.985110618501], [-100.0, -99.07938702715, 69.973788597017], [-100.0, -98.866858887797, 71.962462760835], [-100.0, -98.654330718642, 73.951136924654], [-100.0, -98.441802609092, 75.939814903169], [-100.0, -98.229274439937, 77.928492881685], [-100.0, -98.016746330386, 79.917163230806], [-100.0, -97.804218220836, 81.905841209322], [-100.0, -97.591689992076, 83.894519187837], [-100.0, -97.379162001735, 85.883197166353], [-100.0, -97.166633772975, 87.871867515474], [-100.0, -96.954105544215, 89.86054549399]], "InstanceCreationTime": ["100521.227000", "100521.158000", "100521.229000", "100521.161000", "100521.231000", "100521.163000", "100521.233000", "100521.165000", "100521.235000", "100521.167000", "100521.236000", "100521.169000", "100521.238000", "100521.170000", "100521.240000", "100521.172000", "100521.242000", "100521.174000", "100521.244000", "100521.176000", "100521.246000", "100521.178000", "100521.248000", "100521.180000", "100521.249000", "100521.182000", "100521.251000", "100521.183000", "100521.253000", "100521.185000", "100521.255000", "100521.187000", "100521.257000", "100521.189000", "100521.259000", "100521.191000", "100521.260000", "100521.193000", "100521.262000", "100521.195000", "100521.264000", "100521.197000", "100521.266000", "100521.198000", "100521.268000", "100521.200000", "100521.270000", "100521.202000", "100521.271000", "100521.204000", "100521.273000", "100521.206000", "100521.275000", "100521.208000", "100521.277000", "100521.210000", "100521.279000", "100521.212000", "100521.281000", "100521.214000", "100521.283000", "100521.215000", "100521.284000", "100521.217000", "100521.286000", "100521.219000", "100521.288000", "100521.221000", "100521.290000", "100521.223000", "100521.292000", "100521.225000"], "InstanceNumber": [1, 2, 3, 4, 5, 6, 7, 8, 9, 10, 11, 12, 13, 14, 15, 16, 17, 18, 19, 20, 21, 22, 23, 24, 25, 26, 27, 28, 29, 30, 31, 32, 33, 34, 35, 36, 37, 38, 39, 40, 41, 42, 43, 44, 45, 46, 47, 48, 49, 50, 51, 52, 53, 54, 55, 56, 57, 58, 59, 60, 61, 62, 63, 64, 65, 66, 67, 68, 69, 70, 71, 72], "LargestImagePixelValue": [4094, 4094, 4095, 4095, 4094, 4094, 4094, 4094, 4095, 4093, 4093, 4095, 4094, 4095, 4089, 4095, 4094, 4095, 4094, 4091, 4093, 4094, 4095, 4092, 4095, 4095, 4092, 4092, 4086, 4093, 4093, 4095, 4094, 4095, 4093, 4094, 4094, 4084, 4085, 4094, 4094, 4095, 4093, 4088, 4091, 4095, 4094, 4089, 4091, 4092, 4092, 4091, 4094, 4088, 4093, 4092, 4095, 4091, 4092, 4092, 4095, 4094, 4095, 4095, 4095, 4095, 4093, 4094, 4094, 4094, 4094, 4095], "SliceLocation": [-62.95098738791, -60.950989093446, -58.950987107225, -56.950988812761, -54.950986725199, -52.950988430735, -50.950986343173, -48.950988048709, -46.950985961147, -44.950987666683, -42.950989372219, -40.950987284657, -38.950988990193, -36.950987003973, -34.950988709509, -32.950986621947, -30.950988327483, -28.95098813647, -26.950987945457, -24.950987754444, -22.950987563431, -20.950987372418, -18.950987232076, -16.950987041063, -14.950987798324, -12.950987607311, -10.950987416298, -8.950987275956, -6.9509875590803, -4.9509878422046, -2.9509876511916, -0.9509876379801, 1.0490123245607, 3.0490123970394, 5.0490121139151, 7.049012304928, 9.049012495941, 11.049012686954, 13.049011879022, 15.049012070035, 17.049012261048, 19.049012452061, 21.049012617738, 23.049012808751, 25.049012974429, 27.049013165442, 29.049011459906, 31.049011625583, 33.049013713146, 35.049012007609, 37.049014082504, 39.0490123643, 41.049010646096, 43.049012720991, 45.049011015454, 47.049013090349, 49.049011378479, 51.049013453373, 53.049011741503, 55.049013818773, 57.049012102944, 59.049014182589, 61.049012467552, 63.049010755682, 65.049012830577, 67.049014911805, 69.049009400503, 71.049011475397, 73.04901356296, 75.049015625186, 77.049010126552, 79.049012214114], "SmallestImagePixelValue": [0, 2, 0, 0, 1, 2, 1, 0, 0, 1, 0, 0, 1, 1, 0, 0, 0, 0, 0, 1, 0, 2, 0, 2, 0, 0, 0, 0, 3, 0, 2, 3, 10, 7, 1, 1, 1, 1, 0, 0, 0, 0, 6, 2, 2, 0, 4, 0, 1, 0, 4, 1, 0, 0, 1, 0, 0, 2, 0, 0, 0, 0, 1, 0, 0, 1, 0, 0, 0, 0, 0, 0], "WindowCenter": [-234.0, -164.0, -168.0, -272.0, -234.0, -256.0, -206.0, -222.0, -188.0, -196.0, -204.0, -168.0, -196.0, -182.0, -226.0, -256.0, -260.0, -250.0, -212.0, -184.0, -194.0, -184.0, -194.0, -206.0, -208.0, -192.0, -204.0, -248.0, -258.0, -364.0, -324.0, -308.0, -286.0, -288.0, -286.0, -270.0, -266.0, -258.0, -248.0, -258.0, -256.0, -264.0, -116.0, -232.0, -242.0, -230.0, -230.0, -228.0, -222.0, -226.0, -64.0, -68.0, -212.0, -70.0, -72.0, -78.0, -62.0, -62.0, -104.0, -92.0, -88.0, -102.0, -166.0, -206.0, -244.0, -290.0, -266.0, -296.0, -344.0, -358.0, -358.0, -372.0], "WindowWidth": [6236.0, 6340.0, 6304.0, 6266.0, 6254.0, 6278.0, 6292.0, 6282.0, 6294.0, 6296.0, 6310.0, 6352.0, 6266.0, 6194.0, 6184.0, 6124.0, 6034.0, 5966.0, 5942.0, 5828.0, 5756.0, 5756.0, 5608.0, 5420.0, 5486.0, 5582.0, 5656.0, 5472.0, 5388.0, 4662.0, 4640.0, 4628.0, 4612.0, 4626.0, 4632.0, 4630.0, 4624.0, 4622.0, 4612.0, 4620.0, 4614.0, 4626.0, 5222.0, 4610.0, 4612.0, 4606.0, 4620.0, 4616.0, 4622.0, 4628.0, 5286.0, 5260.0, 4670.0, 5320.0, 5250.0, 5336.0, 5294.0, 5528.0, 5446.0, 5668.0, 5760.0, 5782.0, 5884.0, 5880.0, 6036.0, 6028.0, 6048.0, 6112.0, 6232.0, 6208.0, 6320.0, 6288.0]}}, "IntendedFor": ["ses-imagenet04/func/sub-01_ses-imagenet04_task-imagenet_run-01_bold.nii.gz", "ses-imagenet04/func/sub-01_ses-imagenet04_task-imagenet_run-03_bold.nii.gz", "ses-imagenet04/func/sub-01_ses-imagenet04_task-imagenet_run-05_bold.nii.gz", "ses-imagenet04/func/sub-01_ses-imagenet04_task-imagenet_run-07_bold.nii.gz", "ses-imagenet04/func/sub-01_ses-imagenet04_task-imagenet_run-08_bold.nii.gz", "ses-imagenet04/func/sub-01_ses-imagenet04_task-imagenet_run-04_bold.nii.gz", "ses-imagenet04/func/sub-01_ses-imagenet04_task-imagenet_run-09_bold.nii.gz", "ses-imagenet04/func/sub-01_ses-imagenet04_task-imagenet_run-06_bold.nii.gz", "ses-imagenet04/func/sub-01_ses-imagenet04_task-imagenet_run-10_bold.nii.gz", "ses-imagenet04/func/sub-01_ses-imagenet04_task-imagenet_run-02_bold.nii.gz"]}
