{"AcquisitionMatrixPE": 100, "AcquisitionNumber": 1, "AcquisitionTime": "11:26:36.567500", "BaseResolution": 100, "BodyPartExamined": "BRAIN", "ConsistencyInfo": "N4_VE11C_LATEST_20160120", "ConversionSoftware": "dcm2niix", "ConversionSoftwareVersion": "v1.0.20180622 GCC4.9.2", "DeviceSerialNumber": "166078", "DwellTime": 8.8e-06, "EchoNumber": 2, "EchoTime": 0.00738, "EchoTime1": 0.00492, "EchoTime2": 0.00738, "FlipAngle": 60, "ImageOrientationPatientDICOM": [1, -8.09487e-06, -7.3328e-05, -4.782e-12, 0.993962, -0.109726], "ImageType": ["ORIGINAL", "PRIMARY", "P", "ND"], "InPlanePhaseEncodingDirectionDICOM": "ROW", "InstitutionAddress": "Street_StreetNo_Bei_Jing_District_CN_ZIP", "InstitutionName": "BeiJing_Normal_University", "InstitutionalDepartmentName": "Department", "MRAcquisitionType": "2D", "MagneticFieldStrength": 3, "Manufacturer": "Siemens", "ManufacturersModelName": "Prisma", "Modality": "MR", "PartialFourier": 1, "PatientPosition": "HFS", "PercentPhaseFOV": 100, "PhaseEncodingDirection": "i", "PhaseEncodingSteps": 100, "PhaseResolution": 1, "PixelBandwidth": 570, "ProcedureStepDescription": "BNU_P2018_64CH_Zhen.ZongLei", "ProtocolName": "field_mapping_2x2x2", "PulseSequenceDetails": "%SiemensSeq%_gre_field_mapping", "ReceiveCoilActiveElements": "HC1-7;NC1", "ReceiveCoilName": "HeadNeck_64", "ReconMatrixPE": 100, "RepetitionTime": 0.72, "SAR": 0.11465, "ScanningSequence": "GR", "SequenceName": "_fm2d2r", "SequenceVariant": "SP", "SeriesDescription": "field_mapping_2x2x2", "SeriesNumber": 9, "ShimSetting": [-5460, -11491, -1329, 515, -5, -227, -89, 35], "SliceThickness": 2, "SoftwareVersions": "syngo_MR_E11", "SpacingBetweenSlices": 2, "StationName": "AWP166078", "TxRefAmp": 208.785, "dcmmeta_affine": [[-2.0, -9.56399976576039e-12, -0.0001475811004638672, 100.58197021484375], [1.6189744201255962e-05, 1.9879237413406372, -0.2194523811340332, -86.4015884399414], [-0.00014665604976471514, 0.21945223212242126, 1.9879226684570312, -90.0103530883789], [0.0, 0.0, 0.0, 1.0]], "dcmmeta_reorient_transform": [[0.0, -1.0, 0.0, 99.0], [1.0, 0.0, 0.0, 0.0], [0.0, 0.0, -1.0, 71.0], [0.0, 0.0, 0.0, 1.0]], "dcmmeta_shape": [100, 100, 72], "dcmmeta_slice_dim": 2, "dcmmeta_version": 0.6, "global": {"const": {"AcquisitionMatrix": [0, 100, 100, 0], "AcquisitionNumber": 1, "AngioFlag": "N", "BitsAllocated": 16, "BitsStored": 12, "BodyPartExamined": "BRAIN", "Columns": 100, "EchoNumbers": 2, "EchoTime": 7.38, "EchoTrainLength": 0, "FlipAngle": 60.0, "HighBit": 11, "ImageOrientationPatient": [0.99999999727874, -8.09487238e-06, -7.33280214e-05, -4.782e-12, 0.99396185984953, -0.1097261188799], "ImageType": ["ORIGINAL", "PRIMARY", "P", "ND"], "ImagedNucleus": "1H", "ImagingFrequency": 123.257785, "InPlanePhaseEncodingDirection": "ROW", "MRAcquisitionType": "2D", "MagneticFieldStrength": 3.0, "Manufacturer": "SIEMENS", "ManufacturerModelName": "Prisma", "Modality": "MR", "NumberOfAverages": 1.0, "NumberOfPhaseEncodingSteps": 100, "PercentPhaseFieldOfView": 100.0, "PercentSampling": 100.0, "PerformedProcedureStepStartTime": "103043.874000", "PhotometricInterpretation": "MONOCHROME2", "PixelBandwidth": 570.0, "PixelRepresentation": 0, "PixelSpacing": [2.0, 2.0], "ProtocolName": "field_mapping_2x2x2", "RepetitionTime": 720.0, "RescaleIntercept": -4096.0, "RescaleSlope": 2.0, "RescaleType": "US", "Rows": 100, "SAR": 0.11464983247819, "SamplesPerPixel": 1, "ScanningSequence": "GR", "SequenceName": "*fm2d2r", "SequenceVariant": "SP", "SeriesDescription": "field_mapping_2x2x2", "SeriesNumber": 9, "SeriesTime": "112901.528000", "SliceThickness": 2.0, "SoftwareVersions": "syngo MR E11", "SpacingBetweenSlices": 2.0, "SpecificCharacterSet": "ISO_IR 100", "StudyID": "1", "StudyTime": "103043.822000", "TransmitCoilName": "Body", "VariableFlipAngleFlag": "N", "WindowCenterWidthExplanation": "Algo1", "dBdt": 0.0}, "slices": {"AcquisitionTime": ["112636.567500", "112636.207500", "112636.577500", "112636.217500", "112636.587500", "112636.227500", "112636.597500", "112636.237500", "112636.607500", "112636.247500", "112636.617500", "112636.257500", "112636.627500", "112636.267500", "112636.637500", "112636.277500", "112636.647500", "112636.287500", "112636.657500", "112636.297500", "112636.667500", "112636.307500", "112636.677500", "112636.317500", "112636.687500", "112636.327500", "112636.697500", "112636.337500", "112636.707500", "112636.347500", "112636.717500", "112636.357500", "112636.727500", "112636.367500", "112636.737500", "112636.377500", "112636.747500", "112636.387500", "112636.757500", "112636.397500", "112636.767500", "112636.407500", "112636.777500", "112636.417500", "112636.787500", "112636.427500", "112636.797500", "112636.437500", "112636.807500", "112636.447500", "112636.817500", "112636.457500", "112636.827500", "112636.467500", "112636.837500", "112636.477500", "112636.847500", "112636.487500", "112636.857500", "112636.497500", "112636.867500", "112636.507500", "112636.877500", "112636.517500", "112636.887500", "112636.527500", "112636.897500", "112636.537500", "112636.907500", "112636.547500", "112636.917500", "112636.557500"], "ContentTime": ["112901.599000", "112901.530000", "112901.601000", "112901.532000", "112901.603000", "112901.534000", "112901.604000", "112901.536000", "112901.606000", "112901.538000", "112901.608000", "112901.540000", "112901.610000", "112901.541000", "112901.612000", "112901.543000", "112901.614000", "112901.545000", "112901.616000", "112901.547000", "112901.618000", "112901.549000", "112901.620000", "112901.551000", "112901.622000", "112901.553000", "112901.624000", "112901.555000", "112901.625000", "112901.557000", "112901.627000", "112901.558000", "112901.629000", "112901.560000", "112901.631000", "112901.562000", "112901.633000", "112901.564000", "112901.635000", "112901.566000", "112901.637000", "112901.568000", "112901.639000", "112901.570000", "112901.641000", "112901.572000", "112901.643000", "112901.573000", "112901.645000", "112901.576000", "112901.647000", "112901.577000", "112901.648000", "112901.579000", "112901.650000", "112901.581000", "112901.652000", "112901.583000", "112901.655000", "112901.585000", "112901.656000", "112901.587000", "112901.658000", "112901.589000", "112901.660000", "112901.591000", "112901.662000", "112901.593000", "112901.664000", "112901.595000", "112901.666000", "112901.597000"], "CsaImage.GSWDDataType": ["measured", "predicted", "measured", "predicted", "measured", "predicted", "measured", "predicted", "measured", "predicted", "measured", "predicted", "measured", "predicted", "measured", "predicted", "measured", "predicted", "measured", "predicted", "measured", "predicted", "measured", "predicted", "measured", "predicted", "measured", "predicted", "measured", "predicted", "measured", "predicted", "measured", "predicted", "measured", "predicted", "measured", "predicted", "measured", "predicted", "measured", "predicted", "measured", "predicted", "measured", "predicted", "measured", "predicted", "measured", "predicted", "measured", "predicted", "measured", "predicted", "measured", "measured", "measured", "measured", "measured", "measured", "measured", "measured", "measured", "measured", "measured", "measured", "measured", "measured", "measured", "measured", "measured", "measured"], "CsaImage.ICE_Dims": ["X_2_1_1_1_1_1_37_1_1_1_1_63", "X_2_1_1_1_1_1_1_1_1_2_1_63", "X_2_1_1_1_1_1_38_1_1_3_1_63", "X_2_1_1_1_1_1_2_1_1_4_1_63", "X_2_1_1_1_1_1_39_1_1_5_1_63", "X_2_1_1_1_1_1_3_1_1_6_1_63", "X_2_1_1_1_1_1_40_1_1_7_1_63", "X_2_1_1_1_1_1_4_1_1_8_1_63", "X_2_1_1_1_1_1_41_1_1_9_1_63", "X_2_1_1_1_1_1_5_1_1_10_1_63", "X_2_1_1_1_1_1_42_1_1_11_1_63", "X_2_1_1_1_1_1_6_1_1_12_1_63", "X_2_1_1_1_1_1_43_1_1_13_1_63", "X_2_1_1_1_1_1_7_1_1_14_1_63", "X_2_1_1_1_1_1_44_1_1_15_1_63", "X_2_1_1_1_1_1_8_1_1_16_1_63", "X_2_1_1_1_1_1_45_1_1_17_1_63", "X_2_1_1_1_1_1_9_1_1_18_1_63", "X_2_1_1_1_1_1_46_1_1_19_1_63", "X_2_1_1_1_1_1_10_1_1_20_1_63", "X_2_1_1_1_1_1_47_1_1_21_1_63", "X_2_1_1_1_1_1_11_1_1_22_1_63", "X_2_1_1_1_1_1_48_1_1_23_1_63", "X_2_1_1_1_1_1_12_1_1_24_1_63", "X_2_1_1_1_1_1_49_1_1_25_1_63", "X_2_1_1_1_1_1_13_1_1_26_1_63", "X_2_1_1_1_1_1_50_1_1_27_1_63", "X_2_1_1_1_1_1_14_1_1_28_1_63", "X_2_1_1_1_1_1_51_1_1_29_1_63", "X_2_1_1_1_1_1_15_1_1_30_1_63", "X_2_1_1_1_1_1_52_1_1_31_1_63", "X_2_1_1_1_1_1_16_1_1_32_1_63", "X_2_1_1_1_1_1_53_1_1_33_1_63", "X_2_1_1_1_1_1_17_1_1_34_1_63", "X_2_1_1_1_1_1_54_1_1_35_1_63", "X_2_1_1_1_1_1_18_1_1_36_1_63", "X_2_1_1_1_1_1_55_1_1_37_1_63", "X_2_1_1_1_1_1_19_1_1_38_1_63", "X_2_1_1_1_1_1_56_1_1_39_1_63", "X_2_1_1_1_1_1_20_1_1_40_1_63", "X_2_1_1_1_1_1_57_1_1_41_1_63", "X_2_1_1_1_1_1_21_1_1_42_1_63", "X_2_1_1_1_1_1_58_1_1_43_1_63", "X_2_1_1_1_1_1_22_1_1_44_1_63", "X_2_1_1_1_1_1_59_1_1_45_1_63", "X_2_1_1_1_1_1_23_1_1_46_1_63", "X_2_1_1_1_1_1_60_1_1_47_1_63", "X_2_1_1_1_1_1_24_1_1_48_1_63", "X_2_1_1_1_1_1_61_1_1_49_1_63", "X_2_1_1_1_1_1_25_1_1_50_1_63", "X_2_1_1_1_1_1_62_1_1_51_1_63", "X_2_1_1_1_1_1_26_1_1_52_1_63", "X_2_1_1_1_1_1_63_1_1_53_1_63", "X_2_1_1_1_1_1_27_1_1_54_1_63", "X_2_1_1_1_1_1_64_1_1_55_1_63", "X_2_1_1_1_1_1_28_1_1_56_1_63", "X_2_1_1_1_1_1_65_1_1_57_1_63", "X_2_1_1_1_1_1_29_1_1_58_1_63", "X_2_1_1_1_1_1_66_1_1_59_1_63", "X_2_1_1_1_1_1_30_1_1_60_1_63", "X_2_1_1_1_1_1_67_1_1_61_1_63", "X_2_1_1_1_1_1_31_1_1_62_1_63", "X_2_1_1_1_1_1_68_1_1_63_1_63", "X_2_1_1_1_1_1_32_1_1_64_1_63", "X_2_1_1_1_1_1_69_1_1_65_1_63", "X_2_1_1_1_1_1_33_1_1_66_1_63", "X_2_1_1_1_1_1_70_1_1_67_1_63", "X_2_1_1_1_1_1_34_1_1_68_1_63", "X_2_1_1_1_1_1_71_1_1_69_1_63", "X_2_1_1_1_1_1_35_1_1_70_1_63", "X_2_1_1_1_1_1_72_1_1_71_1_63", "X_2_1_1_1_1_1_36_1_1_72_1_63"], "CsaImage.ProtocolSliceNumber": [0, 1, 2, 3, 4, 5, 6, 7, 8, 9, 10, 11, 12, 13, 14, 15, 16, 17, 18, 19, 20, 21, 22, 23, 24, 25, 26, 27, 28, 29, 30, 31, 32, 33, 34, 35, 36, 37, 38, 39, 40, 41, 42, 43, 44, 45, 46, 47, 48, 49, 50, 51, 52, 53, 54, 55, 56, 57, 58, 59, 60, 61, 62, 63, 64, 65, 66, 67, 68, 69, 70, 71], "CsaImage.RFSWDDataType": ["measured", "predicted", "measured", "predicted", "measured", "predicted", "measured", "predicted", "measured", "predicted", "measured", "predicted", "measured", "predicted", "measured", "predicted", "measured", "predicted", "measured", "predicted", "measured", "predicted", "measured", "predicted", "measured", "predicted", "measured", "predicted", "measured", "predicted", "measured", "predicted", "measured", "predicted", "measured", "predicted", "measured", "predicted", "measured", "predicted", "measured", "predicted", "measured", "predicted", "measured", "predicted", "measured", "predicted", "measured", "predicted", "measured", "measured", "measured", "measured", "measured", "measured", "measured", "measured", "measured", "measured", "measured", "measured", "measured", "measured", "measured", "measured", "measured", "measured", "measured", "measured", "measured", "measured"], "CsaImage.SlicePosition_PCS": [[-100.58196583, -110.4028514, -68.28465034], [-100.58181831, -110.18339854, -66.29672767], [-100.58167079, -109.96394663, -64.308805], [-100.58152321, -109.74449473, -62.32088234], [-100.58137568, -109.52504187, -60.33295967], [-100.5812281, -109.30558997, -58.34502937], [-100.58108058, -109.08613806, -56.3571067], [-100.580933, -108.86668521, -54.36918403], [-100.58078548, -108.6472333, -52.38126136], [-100.58063796, -108.42778044, -50.3933387], [-100.58049038, -108.20832854, -48.40541603], [-100.58034285, -107.98887664, -46.41748954], [-100.58019527, -107.76942378, -44.42956688], [-100.58004775, -107.54997187, -42.44164421], [-100.57990017, -107.33051949, -40.45371772], [-100.57975265, -107.11106759, -38.46579506], [-100.57960513, -106.89161521, -36.47787239], [-100.57945755, -106.67216283, -34.48994972], [-100.57931003, -106.45271092, -32.50202324], [-100.57916244, -106.23325854, -30.51410057], [-100.57901492, -106.01380616, -28.5261779], [-100.57886734, -105.79435378, -26.53825523], [-100.57871982, -105.57490187, -24.55032875], [-100.5785723, -105.35544949, -22.56240608], [-100.57842472, -105.13599711, -20.5744815], [-100.5782772, -104.91654521, -18.58655883], [-100.57812961, -104.69709283, -16.59863426], [-100.57798209, -104.47764044, -14.61071159], [-100.57783451, -104.25818806, -12.62278701], [-100.57768699, -104.03873616, -10.63486435], [-100.57753947, -103.81928378, -8.64693977], [-100.57739189, -103.5998314, -6.6590171], [-100.57724437, -103.38037925, -4.67109253], [-100.57709679, -103.16092711, -2.6831689], [-100.57694926, -102.94147473, -0.69524528], [-100.57680168, -102.72202259, 1.29267834], [-100.57665416, -102.50257044, 3.28060196], [-100.57650664, -102.28311806, 5.26852606], [-100.57635906, -102.06366592, 7.25644968], [-100.57621154, -101.84421354, 9.24437331], [-100.57606396, -101.6247614, 11.23229705], [-100.57591643, -101.40530902, 13.22022079], [-100.57576885, -101.18585687, 15.20814465], [-100.57562133, -100.96640461, 17.19606827], [-100.57547381, -100.74695235, 19.18399189], [-100.57532623, -100.52750009, 21.17191552], [-100.57517871, -100.30804788, 23.15983914], [-100.57503113, -100.08859568, 25.14776276], [-100.57488361, -99.86914342, 27.13568734], [-100.57473608, -99.64969116, 29.12361], [-100.5745885, -99.43023893, 31.11153458], [-100.57444098, -99.21078668, 33.09945725], [-100.5742934, -98.99133443, 35.08738182], [-100.57414588, -98.77188217, 37.07530449], [-100.5739983, -98.55242997, 39.06322907], [-100.57385078, -98.33297771, 41.05115364], [-100.57370325, -98.11352544, 43.03907631], [-100.57355567, -97.89407318, 45.02699898], [-100.57340815, -97.67462092, 47.01492546], [-100.57326057, -97.45516878, 49.00284813], [-100.57311305, -97.2357164, 50.9907708], [-100.57296547, -97.01626425, 52.97869347], [-100.57281795, -96.79681211, 54.96661995], [-100.57267043, -96.57735973, 56.95454262], [-100.57252284, -96.35790759, 58.94246529], [-100.57237532, -96.13845521, 60.93039177], [-100.57222774, -95.91900306, 62.91831444], [-100.57208022, -95.69955068, 64.90623711], [-100.57193264, -95.48009854, 66.89415978], [-100.57178512, -95.26064616, 68.88208626], [-100.5716376, -95.04119425, 70.87000893], [-100.57149002, -94.82174187, 72.8579316]], "CsaImage.TimeAfterStart": [1.0825, 0.7225, 1.0925, 0.7325, 1.1025, 0.7425, 1.1125, 0.7525, 1.1225, 0.7625, 1.1325, 0.7725, 1.1425, 0.7825, 1.1525, 0.7925, 1.1625, 0.8025, 1.1725, 0.8125, 1.1825, 0.8225, 1.1925, 0.8325, 1.2025, 0.8425, 1.2125, 0.8525, 1.2225, 0.8625, 1.2325, 0.8725, 1.2425, 0.8825, 1.2525, 0.8925, 1.2625, 0.9025, 1.2725, 0.9125, 1.2825, 0.9225, 1.2925, 0.9325, 1.3025, 0.9425, 1.3125, 0.9525, 1.3225, 0.9625, 1.3325, 0.9725, 1.3425, 0.9825, 1.3525, 0.9925, 1.3625, 1.0025, 1.3725, 1.0125, 1.3825, 1.0225, 1.3925, 1.0325, 1.4025, 1.0425, 1.4125, 1.0525, 1.4225, 1.0625, 1.4325, 1.0725], "ImagePositionPatient": [[-100.58196582952, -110.40285139701, -68.284650341605], [-100.58181830802, -110.18339853904, -66.296727673148], [-100.58167078653, -109.96394663474, -64.308805004691], [-100.58152320543, -109.74449473044, -62.320882336234], [-100.58137568393, -109.52504187247, -60.332959667777], [-100.58122810283, -109.30558996817, -58.345029369926], [-100.58108058133, -109.08613806388, -56.357106701469], [-100.58093300023, -108.86668520591, -54.369184033012], [-100.58078547874, -108.64723330161, -52.381261364555], [-100.58063795724, -108.42778044364, -50.393338696098], [-100.58049037614, -108.20832853934, -48.405416027641], [-100.58034285465, -107.98887663504, -46.417489544486], [-100.58019527355, -107.76942377707, -44.429566876029], [-100.58004775205, -107.54997187278, -42.441644207572], [-100.57990017095, -107.33051949164, -40.453717724418], [-100.57975264945, -107.11106758734, -38.465795055961], [-100.57960512796, -106.89161520621, -36.477872387504], [-100.57945754686, -106.67216282508, -34.489949719047], [-100.57931002536, -106.45271092078, -32.502023235893], [-100.57916244426, -106.23325853965, -30.514100567436], [-100.57901492277, -106.01380615851, -28.526177898979], [-100.57886734167, -105.79435377738, -26.538255230522], [-100.57871982017, -105.57490187308, -24.550328747367], [-100.57857229867, -105.35544949195, -22.56240607891], [-100.57842471757, -105.13599711081, -20.574481503105], [-100.57827719608, -104.91654520652, -18.586558834647], [-100.57812961498, -104.69709282538, -16.598634258842], [-100.57798209348, -104.47764044425, -14.610711590385], [-100.57783451238, -104.25818806311, -12.622787014579], [-100.57768699088, -104.03873615882, -10.634864346122], [-100.57753946939, -103.81928377768, -8.6469397703164], [-100.57739188829, -103.59983139655, -6.6590171018594], [-100.57724436679, -103.38037925383, -4.6710925260537], [-100.57709678569, -103.16092711112, -2.6831689039224], [-100.5769492642, -102.94147472998, -0.695245281791], [-100.5768016831, -102.72202258727, 1.2926783403403], [-100.5766541616, -102.50257044455, 3.2806019624717], [-100.5765066401, -102.28311806342, 5.2685260614402], [-100.576359059, -102.0636659207, 7.2564496835715], [-100.57621153751, -101.84421353957, 9.2443733057029], [-100.57606395641, -101.62476139685, 11.232297047044], [-100.57591643491, -101.40530901572, 13.220220788384], [-100.57576885381, -101.185856873, 15.208144648934], [-100.57562133232, -100.96640461108, 17.196068271065], [-100.57547381082, -100.74695234916, 19.183991893197], [-100.57532622972, -100.52750008723, 21.171915515328], [-100.57517870822, -100.30804788491, 23.159839137459], [-100.57503112712, -100.08859568259, 25.147762759591], [-100.57488360563, -99.869143420665, 27.135687335396], [-100.57473608413, -99.649691158741, 29.123610003854], [-100.57458850303, -99.430238926618, 31.111534579659], [-100.57444098153, -99.210786679595, 33.099457248116], [-100.57429340043, -98.991334432571, 35.087381823922], [-100.57414587894, -98.771882170646, 37.075304492379], [-100.57399829784, -98.552429968326, 39.063229068185], [-100.57385077634, -98.332977706401, 41.05115364399], [-100.57370325485, -98.113525444477, 43.039076312447], [-100.57355567375, -97.894073182552, 45.026998980904], [-100.57340815225, -97.674620920627, 47.014925464059], [-100.57326057115, -97.455168777912, 49.002848132516], [-100.57311304965, -97.235716396778, 50.990770800973], [-100.57296546855, -97.016264254062, 52.97869346943], [-100.57281794706, -96.796812111347, 54.966619952584], [-100.57267042556, -96.577359730213, 56.954542621041], [-100.57252284446, -96.357907587497, 58.942465289498], [-100.57237532297, -96.138455206363, 60.930391772652], [-100.57222774186, -95.919003063648, 62.918314441109], [-100.57208022037, -95.699550682514, 64.906237109566], [-100.57193263927, -95.480098539798, 66.894159778023], [-100.57178511777, -95.260646158664, 68.882086261178], [-100.57163759628, -95.041194254367, 70.870008929635], [-100.57149001518, -94.821741873233, 72.857931598092]], "InstanceCreationTime": ["112901.599000", "112901.530000", "112901.601000", "112901.532000", "112901.603000", "112901.534000", "112901.604000", "112901.536000", "112901.606000", "112901.538000", "112901.608000", "112901.540000", "112901.610000", "112901.541000", "112901.612000", "112901.543000", "112901.614000", "112901.545000", "112901.616000", "112901.547000", "112901.618000", "112901.549000", "112901.620000", "112901.551000", "112901.622000", "112901.553000", "112901.624000", "112901.555000", "112901.625000", "112901.557000", "112901.627000", "112901.558000", "112901.629000", "112901.560000", "112901.631000", "112901.562000", "112901.633000", "112901.564000", "112901.635000", "112901.566000", "112901.637000", "112901.568000", "112901.639000", "112901.570000", "112901.641000", "112901.572000", "112901.643000", "112901.573000", "112901.645000", "112901.576000", "112901.647000", "112901.577000", "112901.648000", "112901.579000", "112901.650000", "112901.581000", "112901.652000", "112901.583000", "112901.655000", "112901.585000", "112901.656000", "112901.587000", "112901.658000", "112901.589000", "112901.660000", "112901.591000", "112901.662000", "112901.593000", "112901.664000", "112901.595000", "112901.666000", "112901.597000"], "InstanceNumber": [1, 2, 3, 4, 5, 6, 7, 8, 9, 10, 11, 12, 13, 14, 15, 16, 17, 18, 19, 20, 21, 22, 23, 24, 25, 26, 27, 28, 29, 30, 31, 32, 33, 34, 35, 36, 37, 38, 39, 40, 41, 42, 43, 44, 45, 46, 47, 48, 49, 50, 51, 52, 53, 54, 55, 56, 57, 58, 59, 60, 61, 62, 63, 64, 65, 66, 67, 68, 69, 70, 71, 72], "LargestImagePixelValue": [4094, 4094, 4093, 4094, 4095, 4093, 4092, 4095, 4094, 4094, 4094, 4095, 4094, 4095, 4094, 4094, 4094, 4095, 4094, 4095, 4094, 4093, 4095, 4093, 4095, 4093, 4095, 4089, 4094, 4095, 4094, 4084, 4095, 4089, 4093, 4095, 4082, 4094, 4089, 4093, 4094, 4090, 4089, 4094, 4093, 4095, 4093, 4089, 4093, 4092, 4095, 4095, 4094, 4091, 4094, 4094, 4094, 4094, 4094, 4094, 4093, 4095, 4095, 4094, 4095, 4092, 4094, 4095, 4095, 4095, 4094, 4095], "SliceLocation": [-79.993834513312, -77.993835484713, -75.993836560756, -73.993837636795, -71.993838608196, -69.993832100908, -67.993833176951, -65.993834148347, -63.99383522439, -61.993836195791, -59.99383727183, -57.99383455621, -55.993835527606, -53.993836603649, -51.993833835703, -49.993834911747, -47.993835935469, -45.993836959186, -43.993834243566, -41.993835267284, -39.993836291006, -37.993837314723, -35.993834599103, -33.993835622825, -31.993834750711, -29.993835826754, -27.99383495464, -25.993835978362, -23.993835106248, -21.993836182291, -19.993835310181, -17.993836333899, -15.99383548795, -13.993835589912, -11.993835665718, -9.9938357676806, -7.9938358696474, -5.9938354714955, -3.9938355734579, -1.993835649264, 0.00616436726312, 2.0061644099466, 4.0061645449631, 6.0061644560767, 8.0061643671903, 10.006164278308, 12.006164182882, 14.006164087459, 16.006164946489, 18.006163909687, 20.00616476545, 22.006163727013, 24.006164584412, 26.006163547609, 28.006164400103, 30.006165259133, 32.00616422233, 34.006163185532, 36.006165940394, 38.006164890515, 40.006163866793, 42.006162816915, 44.006165558696, 46.006164534974, 48.006163485096, 50.006166253037, 52.006165203159, 54.006164179437, 56.006163129559, 58.0061658975, 60.006164821457, 62.006163797739], "SmallestImagePixelValue": [0, 0, 0, 1, 0, 0, 2, 0, 0, 0, 0, 0, 0, 0, 0, 2, 0, 0, 0, 3, 0, 0, 0, 0, 3, 0, 8, 3, 1, 3, 0, 0, 3, 0, 0, 6, 0, 5, 1, 3, 7, 1, 3, 4, 2, 1, 3, 0, 2, 4, 0, 0, 2, 0, 0, 1, 0, 1, 5, 0, 1, 0, 0, 0, 0, 0, 0, 2, 0, 0, 0, 0], "WindowCenter": [-218.0, -204.0, -192.0, -228.0, -260.0, -228.0, -244.0, -234.0, -194.0, -198.0, -254.0, -206.0, -124.0, -122.0, -88.0, -28.0, -72.0, -90.0, -180.0, -226.0, -210.0, -182.0, -164.0, -224.0, -274.0, -258.0, -266.0, -258.0, -248.0, -266.0, -262.0, -304.0, -266.0, -202.0, -196.0, -296.0, -152.0, -152.0, -132.0, -122.0, -122.0, -80.0, -122.0, -126.0, -74.0, -82.0, -210.0, -188.0, -196.0, -198.0, -198.0, -208.0, -222.0, -236.0, -242.0, -250.0, -228.0, -196.0, -188.0, -86.0, 6.0, -92.0, -60.0, -128.0, -154.0, -202.0, -226.0, -224.0, -274.0, -306.0, -308.0, -348.0], "WindowWidth": [6418.0, 6384.0, 6460.0, 6438.0, 6470.0, 6394.0, 6334.0, 6264.0, 6224.0, 6220.0, 6202.0, 6224.0, 6206.0, 6208.0, 6222.0, 6230.0, 6228.0, 6208.0, 6088.0, 6026.0, 6000.0, 5990.0, 5870.0, 5774.0, 5756.0, 5672.0, 5596.0, 5586.0, 5516.0, 5420.0, 5410.0, 5032.0, 5162.0, 5270.0, 5202.0, 4660.0, 5320.0, 5230.0, 5298.0, 5238.0, 5190.0, 5306.0, 5076.0, 5004.0, 5286.0, 5172.0, 4582.0, 4574.0, 4582.0, 4572.0, 4588.0, 4596.0, 4626.0, 4632.0, 4642.0, 4658.0, 4660.0, 4658.0, 4690.0, 4938.0, 5554.0, 5440.0, 5690.0, 5750.0, 5810.0, 5838.0, 5922.0, 6028.0, 6046.0, 6132.0, 6114.0, 6180.0]}}, "IntendedFor": ["ses-imagenet01/func/sub-02_ses-imagenet01_task-imagenet_run-01_bold.nii.gz", "ses-imagenet01/func/sub-02_ses-imagenet01_task-imagenet_run-03_bold.nii.gz", "ses-imagenet01/func/sub-02_ses-imagenet01_task-imagenet_run-05_bold.nii.gz", "ses-imagenet01/func/sub-02_ses-imagenet01_task-imagenet_run-07_bold.nii.gz", "ses-imagenet01/func/sub-02_ses-imagenet01_task-imagenet_run-08_bold.nii.gz", "ses-imagenet01/func/sub-02_ses-imagenet01_task-imagenet_run-04_bold.nii.gz", "ses-imagenet01/func/sub-02_ses-imagenet01_task-imagenet_run-09_bold.nii.gz", "ses-imagenet01/func/sub-02_ses-imagenet01_task-imagenet_run-06_bold.nii.gz", "ses-imagenet01/func/sub-02_ses-imagenet01_task-imagenet_run-10_bold.nii.gz", "ses-imagenet01/func/sub-02_ses-imagenet01_task-imagenet_run-02_bold.nii.gz"]}