{"AcquisitionMatrixPE": 100, "AcquisitionNumber": 1, "AcquisitionTime": "16:04:27.947500", "BaseResolution": 100, "BodyPartExamined": "BRAIN", "ConsistencyInfo": "N4_VE11C_LATEST_20160120", "ConversionSoftware": "dcm2niix", "ConversionSoftwareVersion": "v1.0.20180622 GCC4.9.2", "DeviceSerialNumber": "166078", "DwellTime": 8.8e-06, "EchoNumber": 2, "EchoTime": 0.00738, "EchoTime1": 0.00492, "EchoTime2": 0.00738, "FlipAngle": 60, "ImageOrientationPatientDICOM": [1, 0, 0, 0, 0.997801, -0.0662739], "ImageType": ["ORIGINAL", "PRIMARY", "P", "ND"], "InPlanePhaseEncodingDirectionDICOM": "ROW", "InstitutionAddress": "Street_StreetNo_Bei_Jing_District_CN_ZIP", "InstitutionName": "BeiJing_Normal_University", "InstitutionalDepartmentName": "Department", "MRAcquisitionType": "2D", "MagneticFieldStrength": 3, "Manufacturer": "Siemens", "ManufacturersModelName": "Prisma", "Modality": "MR", "PartialFourier": 1, "PatientPosition": "HFS", "PercentPhaseFOV": 100, "PhaseEncodingDirection": "i", "PhaseEncodingSteps": 100, "PhaseResolution": 1, "PixelBandwidth": 570, "ProcedureStepDescription": "BNU_P2018_64CH_Zhen.ZongLei", "ProtocolName": "field_mapping_2x2x2", "PulseSequenceDetails": "%SiemensSeq%_gre_field_mapping", "ReceiveCoilActiveElements": "HC1-7;NC1", "ReceiveCoilName": "HeadNeck_64", "ReconMatrixPE": 100, "RepetitionTime": 0.72, "SAR": 0.120703, "ScanningSequence": "GR", "SequenceName": "_fm2d2r", "SequenceVariant": "SP", "SeriesDescription": "field_mapping_2x2x2", "SeriesNumber": 11, "ShimSetting": [-5470, -11503, -1261, 194, -47, -248, -201, 60], "SliceThickness": 2, "SoftwareVersions": "syngo_MR_E11", "SpacingBetweenSlices": 2, "StationName": "AWP166078", "TxRefAmp": 219.2, "dcmmeta_affine": [[-2.0, 0.0, 0.0, 100.05597686767578], [0.0, 1.9956029653549194, -0.1325477957725525, -88.70864868164062], [0.0, 0.1325477957725525, 1.99560546875, -71.36302185058594], [0.0, 0.0, 0.0, 1.0]], "dcmmeta_reorient_transform": [[0.0, -1.0, 0.0, 99.0], [1.0, 0.0, 0.0, 0.0], [0.0, 0.0, -1.0, 71.0], [0.0, 0.0, 0.0, 1.0]], "dcmmeta_shape": [100, 100, 72], "dcmmeta_slice_dim": 2, "dcmmeta_version": 0.6, "global": {"const": {"AcquisitionMatrix": [0, 100, 100, 0], "AcquisitionNumber": 1, "AngioFlag": "N", "BitsAllocated": 16, "BitsStored": 12, "BodyPartExamined": "BRAIN", "Columns": 100, "EchoNumbers": 2, "EchoTime": 7.38, "EchoTrainLength": 0, "FlipAngle": 60.0, "HighBit": 11, "ImageOrientationPatient": [1.0, 0.0, 0.0, 0.0, 0.99780146846364, -0.0662738978166], "ImageType": ["ORIGINAL", "PRIMARY", "P", "ND"], "ImagedNucleus": "1H", "ImagingFrequency": 123.257766, "InPlanePhaseEncodingDirection": "ROW", "MRAcquisitionType": "2D", "MagneticFieldStrength": 3.0, "Manufacturer": "SIEMENS", "ManufacturerModelName": "Prisma", "Modality": "MR", "NumberOfAverages": 1.0, "NumberOfPhaseEncodingSteps": 100, "PercentPhaseFieldOfView": 100.0, "PercentSampling": 100.0, "PerformedProcedureStepStartTime": "150127.919000", "PhotometricInterpretation": "MONOCHROME2", "PixelBandwidth": 570.0, "PixelRepresentation": 0, "PixelSpacing": [2.0, 2.0], "ProtocolName": "field_mapping_2x2x2", "RepetitionTime": 720.0, "RescaleIntercept": -4096.0, "RescaleSlope": 2.0, "RescaleType": "US", "Rows": 100, "SAR": 0.12070343563647, "SamplesPerPixel": 1, "ScanningSequence": "GR", "SequenceName": "*fm2d2r", "SequenceVariant": "SP", "SeriesDescription": "field_mapping_2x2x2", "SeriesNumber": 11, "SeriesTime": "160652.504000", "SliceThickness": 2.0, "SoftwareVersions": "syngo MR E11", "SpacingBetweenSlices": 2.0, "SpecificCharacterSet": "ISO_IR 100", "StudyID": "1", "StudyTime": "150127.834000", "TransmitCoilName": "Body", "VariableFlipAngleFlag": "N", "WindowCenterWidthExplanation": "Algo1", "dBdt": 0.0}, "slices": {"AcquisitionTime": ["160427.947500", "160427.587500", "160427.957500", "160427.597500", "160427.967500", "160427.607500", "160427.977500", "160427.617500", "160427.987500", "160427.627500", "160427.997500", "160427.637500", "160428.007500", "160427.647500", "160428.017500", "160427.657500", "160428.027500", "160427.667500", "160428.037500", "160427.677500", "160428.047500", "160427.687500", "160428.057500", "160427.697500", "160428.067500", "160427.707500", "160428.077500", "160427.717500", "160428.087500", "160427.727500", "160428.097500", "160427.737500", "160428.107500", "160427.747500", "160428.117500", "160427.757500", "160428.127500", "160427.767500", "160428.137500", "160427.777500", "160428.147500", "160427.787500", "160428.157500", "160427.797500", "160428.167500", "160427.807500", "160428.177500", "160427.817500", "160428.187500", "160427.827500", "160428.197500", "160427.837500", "160428.207500", "160427.847500", "160428.217500", "160427.857500", "160428.227500", "160427.867500", "160428.237500", "160427.877500", "160428.247500", "160427.887500", "160428.257500", "160427.897500", "160428.267500", "160427.907500", "160428.277500", "160427.917500", "160428.287500", "160427.927500", "160428.297500", "160427.937500"], "ContentTime": ["160652.580000", "160652.506000", "160652.581000", "160652.508000", "160652.583000", "160652.510000", "160652.586000", "160652.513000", "160652.590000", "160652.515000", "160652.592000", "160652.516000", "160652.594000", "160652.518000", "160652.596000", "160652.520000", "160652.598000", "160652.522000", "160652.600000", "160652.524000", "160652.602000", "160652.526000", "160652.605000", "160652.528000", "160652.609000", "160652.531000", "160652.611000", "160652.533000", "160652.613000", "160652.534000", "160652.615000", "160652.536000", "160652.617000", "160652.539000", "160652.619000", "160652.541000", "160652.621000", "160652.543000", "160652.623000", "160652.544000", "160652.625000", "160652.546000", "160652.627000", "160652.548000", "160652.629000", "160652.550000", "160652.631000", "160652.552000", "160652.633000", "160652.554000", "160652.635000", "160652.556000", "160652.637000", "160652.558000", "160652.639000", "160652.560000", "160652.641000", "160652.562000", "160652.643000", "160652.564000", "160652.644000", "160652.567000", "160652.646000", "160652.570000", "160652.648000", "160652.572000", "160652.651000", "160652.574000", "160652.653000", "160652.576000", "160652.655000", "160652.578000"], "CsaImage.GSWDDataType": ["measured", "predicted", "measured", "predicted", "measured", "predicted", "measured", "predicted", "measured", "predicted", "measured", "predicted", "measured", "predicted", "measured", "predicted", "measured", "predicted", "measured", "predicted", "measured", "predicted", "measured", "predicted", "measured", "predicted", "measured", "predicted", "measured", "predicted", "measured", "predicted", "measured", "predicted", "measured", "predicted", "measured", "predicted", "measured", "predicted", "measured", "predicted", "measured", "predicted", "measured", "predicted", "measured", "predicted", "measured", "predicted", "measured", "predicted", "measured", "predicted", "measured", "predicted", "measured", "predicted", "measured", "predicted", "measured", "measured", "measured", "measured", "measured", "measured", "measured", "measured", "measured", "measured", "measured", "measured"], "CsaImage.ICE_Dims": ["X_2_1_1_1_1_1_37_1_1_1_1_173", "X_2_1_1_1_1_1_1_1_1_2_1_173", "X_2_1_1_1_1_1_38_1_1_3_1_173", "X_2_1_1_1_1_1_2_1_1_4_1_173", "X_2_1_1_1_1_1_39_1_1_5_1_173", "X_2_1_1_1_1_1_3_1_1_6_1_173", "X_2_1_1_1_1_1_40_1_1_7_1_173", "X_2_1_1_1_1_1_4_1_1_8_1_173", "X_2_1_1_1_1_1_41_1_1_9_1_173", "X_2_1_1_1_1_1_5_1_1_10_1_173", "X_2_1_1_1_1_1_42_1_1_11_1_173", "X_2_1_1_1_1_1_6_1_1_12_1_173", "X_2_1_1_1_1_1_43_1_1_13_1_173", "X_2_1_1_1_1_1_7_1_1_14_1_173", "X_2_1_1_1_1_1_44_1_1_15_1_173", "X_2_1_1_1_1_1_8_1_1_16_1_173", "X_2_1_1_1_1_1_45_1_1_17_1_173", "X_2_1_1_1_1_1_9_1_1_18_1_173", "X_2_1_1_1_1_1_46_1_1_19_1_173", "X_2_1_1_1_1_1_10_1_1_20_1_173", "X_2_1_1_1_1_1_47_1_1_21_1_173", "X_2_1_1_1_1_1_11_1_1_22_1_173", "X_2_1_1_1_1_1_48_1_1_23_1_173", "X_2_1_1_1_1_1_12_1_1_24_1_173", "X_2_1_1_1_1_1_49_1_1_25_1_173", "X_2_1_1_1_1_1_13_1_1_26_1_173", "X_2_1_1_1_1_1_50_1_1_27_1_173", "X_2_1_1_1_1_1_14_1_1_28_1_173", "X_2_1_1_1_1_1_51_1_1_29_1_173", "X_2_1_1_1_1_1_15_1_1_30_1_173", "X_2_1_1_1_1_1_52_1_1_31_1_173", "X_2_1_1_1_1_1_16_1_1_32_1_173", "X_2_1_1_1_1_1_53_1_1_33_1_173", "X_2_1_1_1_1_1_17_1_1_34_1_173", "X_2_1_1_1_1_1_54_1_1_35_1_173", "X_2_1_1_1_1_1_18_1_1_36_1_173", "X_2_1_1_1_1_1_55_1_1_37_1_173", "X_2_1_1_1_1_1_19_1_1_38_1_173", "X_2_1_1_1_1_1_56_1_1_39_1_173", "X_2_1_1_1_1_1_20_1_1_40_1_173", "X_2_1_1_1_1_1_57_1_1_41_1_173", "X_2_1_1_1_1_1_21_1_1_42_1_173", "X_2_1_1_1_1_1_58_1_1_43_1_173", "X_2_1_1_1_1_1_22_1_1_44_1_173", "X_2_1_1_1_1_1_59_1_1_45_1_173", "X_2_1_1_1_1_1_23_1_1_46_1_173", "X_2_1_1_1_1_1_60_1_1_47_1_173", "X_2_1_1_1_1_1_24_1_1_48_1_173", "X_2_1_1_1_1_1_61_1_1_49_1_173", "X_2_1_1_1_1_1_25_1_1_50_1_173", "X_2_1_1_1_1_1_62_1_1_51_1_173", "X_2_1_1_1_1_1_26_1_1_52_1_173", "X_2_1_1_1_1_1_63_1_1_53_1_173", "X_2_1_1_1_1_1_27_1_1_54_1_173", "X_2_1_1_1_1_1_64_1_1_55_1_173", "X_2_1_1_1_1_1_28_1_1_56_1_173", "X_2_1_1_1_1_1_65_1_1_57_1_173", "X_2_1_1_1_1_1_29_1_1_58_1_173", "X_2_1_1_1_1_1_66_1_1_59_1_173", "X_2_1_1_1_1_1_30_1_1_60_1_173", "X_2_1_1_1_1_1_67_1_1_61_1_173", "X_2_1_1_1_1_1_31_1_1_62_1_173", "X_2_1_1_1_1_1_68_1_1_63_1_173", "X_2_1_1_1_1_1_32_1_1_64_1_173", "X_2_1_1_1_1_1_69_1_1_65_1_173", "X_2_1_1_1_1_1_33_1_1_66_1_173", "X_2_1_1_1_1_1_70_1_1_67_1_173", "X_2_1_1_1_1_1_34_1_1_68_1_173", "X_2_1_1_1_1_1_71_1_1_69_1_173", "X_2_1_1_1_1_1_35_1_1_70_1_173", "X_2_1_1_1_1_1_72_1_1_71_1_173", "X_2_1_1_1_1_1_36_1_1_72_1_173"], "CsaImage.ProtocolSliceNumber": [0, 1, 2, 3, 4, 5, 6, 7, 8, 9, 10, 11, 12, 13, 14, 15, 16, 17, 18, 19, 20, 21, 22, 23, 24, 25, 26, 27, 28, 29, 30, 31, 32, 33, 34, 35, 36, 37, 38, 39, 40, 41, 42, 43, 44, 45, 46, 47, 48, 49, 50, 51, 52, 53, 54, 55, 56, 57, 58, 59, 60, 61, 62, 63, 64, 65, 66, 67, 68, 69, 70, 71], "CsaImage.RFSWDDataType": ["measured", "predicted", "measured", "predicted", "measured", "predicted", "measured", "predicted", "measured", "predicted", "measured", "predicted", "measured", "predicted", "measured", "predicted", "measured", "predicted", "measured", "predicted", "measured", "predicted", "measured", "predicted", "measured", "predicted", "measured", "predicted", "measured", "predicted", "measured", "predicted", "measured", "predicted", "measured", "predicted", "measured", "predicted", "measured", "predicted", "measured", "predicted", "measured", "predicted", "measured", "predicted", "measured", "predicted", "measured", "predicted", "measured", "predicted", "measured", "predicted", "measured", "predicted", "measured", "measured", "measured", "measured", "measured", "measured", "measured", "measured", "measured", "measured", "measured", "measured", "measured", "measured", "measured", "measured"], "CsaImage.SlicePosition_PCS": [[-100.05598034, -108.85604311, -58.24061406], [-100.05598034, -108.72349478, -56.24500859], [-100.05598034, -108.5909474, -54.24940313], [-100.05598034, -108.45840002, -52.25380147], [-100.05598034, -108.32585169, -50.25819982], [-100.05598034, -108.19330431, -48.26259435], [-100.05598034, -108.06075598, -46.2669927], [-100.05598034, -107.9282086, -44.27139104], [-100.05598034, -107.79566027, -42.27578557], [-100.05598034, -107.66311289, -40.28018392], [-100.05598034, -107.53056503, -38.28458226], [-100.05598034, -107.39801718, -36.2889768], [-100.05598034, -107.26546932, -34.29337514], [-100.05598034, -107.13292147, -32.29777349], [-100.05598034, -107.00037361, -30.30216802], [-100.05598034, -106.86782623, -28.30656636], [-100.05598034, -106.73527838, -26.31096471], [-100.05598034, -106.60273052, -24.31536115], [-100.05598034, -106.47018267, -22.31975759], [-100.05598034, -106.33763481, -20.32415593], [-100.05598034, -106.20508696, -18.32855237], [-100.05598034, -106.0725391, -16.33294881], [-100.05598034, -105.93999124, -14.33734716], [-100.05598034, -105.80744339, -12.3417436], [-100.05598034, -105.67489601, -10.34614003], [-100.05598034, -105.54234816, -8.35053743], [-100.05598034, -105.4098003, -6.35493482], [-100.05598034, -105.27725244, -4.35933126], [-100.05598034, -105.14470459, -2.36372865], [-100.05598034, -105.01215673, -0.36812556], [-100.05598034, -104.87960888, 1.62747704], [-100.05598034, -104.74706102, 3.62308013], [-100.05598034, -104.61451317, 5.61868309], [-100.05598034, -104.48196579, 7.61428606], [-100.05598034, -104.34941793, 9.6098889], [-100.05598034, -104.21687008, 11.60549199], [-100.05598034, -104.08432222, 13.60109507], [-100.05598034, -103.95177437, 15.59669768], [-100.05598034, -103.81922651, 17.59230029], [-100.05598034, -103.6866789, 19.58790385], [-100.05598034, -103.55413104, 21.58350646], [-100.05598034, -103.42158318, 23.57910907], [-100.05598034, -103.28903533, 25.57471263], [-100.05598034, -103.15648747, 27.57031619], [-100.05598034, -103.02393986, 29.56591784], [-100.05598034, -102.891392, 31.5615214], [-100.05598034, -102.75884415, 33.55712497], [-100.05598034, -102.62629629, 35.55272662], [-100.05598034, -102.49374867, 37.54833018], [-100.05598034, -102.36120082, 39.54393183], [-100.05598034, -102.22865296, 41.5395373], [-100.05598034, -102.09610511, 43.53513896], [-100.05598034, -101.96355725, 45.53074061], [-100.05598034, -101.83100964, 47.52634608], [-100.05598034, -101.69846178, 49.52194773], [-100.05598034, -101.56591392, 51.51754939], [-100.05598034, -101.43336619, 53.51315486], [-100.05598034, -101.30081833, 55.50875651], [-100.05598034, -101.1682706, 57.50435817], [-100.05598034, -101.03572274, 59.49996363], [-100.05598034, -100.90317501, 61.49556529], [-100.05598034, -100.77062715, 63.49116694], [-100.05598034, -100.63807935, 65.48677241], [-100.05598034, -100.50553156, 67.48237407], [-100.05598034, -100.37298376, 69.47797572], [-100.05598034, -100.24043597, 71.47358119], [-100.05598034, -100.10788814, 73.46918666], [-100.05598034, -99.97534036, 75.4647845], [-100.05598034, -99.84279255, 77.46038996], [-100.05598034, -99.71024475, 79.45599543], [-100.05598034, -99.57769696, 81.45159327], [-100.05598034, -99.44514916, 83.44719874]], "CsaImage.TimeAfterStart": [1.0825, 0.7225, 1.0925, 0.7325, 1.1025, 0.7425, 1.1125, 0.7525, 1.1225, 0.7625, 1.1325, 0.7725, 1.1425, 0.7825, 1.1525, 0.7925, 1.1625, 0.8025, 1.1725, 0.8125, 1.1825, 0.8225, 1.1925, 0.8325, 1.2025, 0.8425, 1.2125, 0.8525, 1.2225, 0.8625, 1.2325, 0.8725, 1.2425, 0.8825, 1.2525, 0.8925, 1.2625, 0.9025, 1.2725, 0.9125, 1.2825, 0.9225, 1.2925, 0.9325, 1.3025, 0.9425, 1.3125, 0.9525, 1.3225, 0.9625, 1.3325, 0.9725, 1.3425, 0.9825, 1.3525, 0.9925, 1.3625, 1.0025, 1.3725, 1.0125, 1.3825, 1.0225, 1.3925, 1.0325, 1.4025, 1.0425, 1.4125, 1.0525, 1.4225, 1.0625, 1.4325, 1.0725], "ImagePositionPatient": [[-100.05598034337, -108.85604310949, -58.240614063554], [-100.05598034337, -108.72349477727, -56.245008594804], [-100.05598034337, -108.59094739873, -54.249403126054], [-100.05598034337, -108.45840002019, -52.253801472001], [-100.05598034337, -108.32585168798, -50.258199817949], [-100.05598034337, -108.19330430944, -48.262594349199], [-100.05598034337, -108.06075597722, -46.266992695146], [-100.05598034337, -107.92820859868, -44.271391041093], [-100.05598034337, -107.79566026647, -42.275785572343], [-100.05598034337, -107.66311288793, -40.28018391829], [-100.05598034337, -107.53056503255, -38.284582264238], [-100.05598034337, -107.39801717717, -36.288976795488], [-100.05598034337, -107.2654693218, -34.293375141435], [-100.05598034337, -107.13292146642, -32.297773487382], [-100.05598034337, -107.00037361104, -30.302168018632], [-100.05598034337, -106.8678262325, -28.306566364579], [-100.05598034337, -106.73527837713, -26.310964710527], [-100.05598034337, -106.60273052175, -24.315361149125], [-100.05598034337, -106.47018266637, -22.319757587724], [-100.05598034337, -106.33763481099, -20.324155933671], [-100.05598034337, -106.20508695562, -18.32855237227], [-100.05598034337, -106.07253910024, -16.332948810868], [-100.05598034337, -105.93999124486, -14.337347156816], [-100.05598034337, -105.80744338949, -12.341743595414], [-100.05598034337, -105.67489601095, -10.346140034013], [-100.05598034337, -105.54234815557, -8.350537426286], [-100.05598034337, -105.40980030019, -6.3549348185589], [-100.05598034337, -105.27725244481, -4.3593312571576], [-100.05598034337, -105.14470458944, -2.3637286494305], [-100.05598034337, -105.01215673406, -0.3681255648663], [-100.05598034337, -104.87960887868, 1.6274770428608], [-100.05598034337, -104.7470610233, 3.623080127425], [-100.05598034337, -104.61451316793, 5.6186830927799], [-100.05598034337, -104.48196578939, 7.6142860581348], [-100.05598034337, -104.34941793401, 9.6098889042804], [-100.05598034337, -104.21687007863, 11.605491988845], [-100.05598034337, -104.08432222326, 13.601095073409], [-100.05598034337, -103.95177436788, 15.596697681136], [-100.05598034337, -103.8192265125, 17.592300288863], [-100.05598034337, -103.68667889554, 19.587903850264], [-100.05598034337, -103.55413104017, 21.583506457991], [-100.05598034337, -103.42158318479, 23.579109065718], [-100.05598034337, -103.28903532941, 25.57471262712], [-100.05598034337, -103.15648747403, 27.570316188521], [-100.05598034337, -103.02393985708, 29.565917842574], [-100.05598034337, -102.8913920017, 31.561521403975], [-100.05598034337, -102.75884414632, 33.557124965377], [-100.05598034337, -102.62629629094, 35.552726619429], [-100.05598034337, -102.49374867399, 37.548330180831], [-100.05598034337, -102.36120081861, 39.543931834883], [-100.05598034337, -102.22865296323, 41.539537303633], [-100.05598034337, -102.09610510785, 43.535138957686], [-100.05598034337, -101.96355725248, 45.530740611739], [-100.05598034337, -101.83100963552, 47.526346080489], [-100.05598034337, -101.69846178014, 49.521947734542], [-100.05598034337, -101.56591392476, 51.517549388594], [-100.05598034337, -101.4333661886, 53.513154857344], [-100.05598034337, -101.30081833322, 55.508756511397], [-100.05598034337, -101.16827059705, 57.50435816545], [-100.05598034337, -101.03572274167, 59.4999636342], [-100.05598034337, -100.90317500551, 61.495565288253], [-100.05598034337, -100.77062715013, 63.491166942305], [-100.05598034337, -100.63807935436, 65.486772411055], [-100.05598034337, -100.50553155858, 67.482374065108], [-100.05598034337, -100.37298376281, 69.477975719161], [-100.05598034337, -100.24043596704, 71.473581187911], [-100.05598034337, -100.10788814146, 73.469186656661], [-100.05598034337, -99.975340360592, 75.464784496016], [-100.05598034337, -99.842792549918, 77.460389964766], [-100.05598034337, -99.710244754146, 79.455995433516], [-100.05598034337, -99.577696958373, 81.451593272872], [-100.05598034337, -99.445149162601, 83.447198741622]], "InstanceCreationTime": ["160652.580000", "160652.506000", "160652.581000", "160652.508000", "160652.583000", "160652.510000", "160652.586000", "160652.513000", "160652.590000", "160652.515000", "160652.592000", "160652.516000", "160652.594000", "160652.518000", "160652.596000", "160652.520000", "160652.598000", "160652.522000", "160652.600000", "160652.524000", "160652.602000", "160652.526000", "160652.605000", "160652.528000", "160652.609000", "160652.531000", "160652.611000", "160652.533000", "160652.613000", "160652.534000", "160652.615000", "160652.536000", "160652.617000", "160652.539000", "160652.619000", "160652.541000", "160652.621000", "160652.543000", "160652.623000", "160652.544000", "160652.625000", "160652.546000", "160652.627000", "160652.548000", "160652.629000", "160652.550000", "160652.631000", "160652.552000", "160652.633000", "160652.554000", "160652.635000", "160652.556000", "160652.637000", "160652.558000", "160652.639000", "160652.560000", "160652.641000", "160652.562000", "160652.643000", "160652.564000", "160652.644000", "160652.567000", "160652.646000", "160652.570000", "160652.648000", "160652.572000", "160652.651000", "160652.574000", "160652.653000", "160652.576000", "160652.655000", "160652.578000"], "InstanceNumber": [1, 2, 3, 4, 5, 6, 7, 8, 9, 10, 11, 12, 13, 14, 15, 16, 17, 18, 19, 20, 21, 22, 23, 24, 25, 26, 27, 28, 29, 30, 31, 32, 33, 34, 35, 36, 37, 38, 39, 40, 41, 42, 43, 44, 45, 46, 47, 48, 49, 50, 51, 52, 53, 54, 55, 56, 57, 58, 59, 60, 61, 62, 63, 64, 65, 66, 67, 68, 69, 70, 71, 72], "LargestImagePixelValue": [4094, 4093, 4095, 4094, 4094, 4093, 4095, 4094, 4094, 4095, 4095, 4094, 4092, 4094, 4095, 4095, 4095, 4095, 4095, 4093, 4095, 4093, 4095, 4094, 4093, 4095, 4095, 4094, 4094, 4094, 4094, 4092, 4092, 4093, 4089, 4092, 4094, 4095, 4094, 4094, 4088, 4095, 4094, 4091, 4087, 4094, 4089, 4093, 4094, 4093, 4093, 4093, 4094, 4088, 4094, 4095, 4093, 4094, 4094, 4094, 4090, 4094, 4095, 4095, 4092, 4091, 4094, 4094, 4094, 4095, 4095, 4095], "SliceLocation": [-65.326884514597, -63.326881952779, -61.326879454165, -59.326880761861, -57.326882006354, -55.32687950774, -53.326880752233, -51.326882059929, -49.326879498112, -47.326880805808, -45.326882081903, -43.326879551687, -41.326880827781, -39.326882103876, -37.32687957366, -35.326880881357, -33.326882157451, -31.326881530391, -29.32688090333, -27.326882179425, -25.326881552364, -23.326880925303, -21.326882201398, -19.326881574337, -17.326880978879, -15.326881303396, -13.326881627913, -11.326881000852, -9.3268813253691, -7.3268811740973, -5.3268814986143, -3.3268813473424, -1.3268813150178, 0.67311868570491, 2.6731185990823, 4.6731187503541, 6.6731189016259, 8.6731185771089, 10.673118252592, 12.673118863852, 14.673118539335, 16.673118214818, 18.673118841878, 20.673119468939, 22.673118177043, 24.673118804104, 26.673119431165, 28.67311815507, 30.67311876633, 32.673117490235, 34.673120020451, 36.673118744356, 38.673117468262, 40.673119982677, 42.673118706582, 44.673117430487, 46.673119952803, 48.673118676708, 50.673117392713, 52.673119922929, 54.673118638934, 56.673117362839, 58.673119889105, 60.67311860906, 62.673117329015, 64.673119855281, 66.673122383522, 68.673117296179, 70.673119823432, 72.673122349697, 74.673117263342, 76.673119789608], "SmallestImagePixelValue": [1, 1, 0, 0, 1, 0, 0, 1, 0, 0, 0, 1, 0, 0, 2, 0, 0, 0, 0, 0, 3, 0, 3, 3, 0, 1, 1, 2, 0, 1, 4, 1, 6, 2, 0, 0, 8, 0, 3, 5, 1, 0, 4, 6, 0, 1, 0, 1, 2, 0, 3, 0, 0, 7, 0, 0, 0, 1, 3, 4, 0, 0, 0, 0, 3, 0, 0, 0, 0, 1, 0, 0], "WindowCenter": [-230.0, -226.0, -242.0, -210.0, -172.0, -148.0, -146.0, -162.0, -138.0, -140.0, -156.0, -184.0, -142.0, -138.0, -148.0, -170.0, -202.0, -180.0, -230.0, -294.0, -260.0, -278.0, -216.0, -174.0, -116.0, -78.0, -52.0, -84.0, -132.0, -162.0, -180.0, -184.0, -166.0, -164.0, -168.0, -164.0, -102.0, -88.0, -48.0, -60.0, -54.0, -88.0, -104.0, -218.0, -222.0, -204.0, -38.0, -184.0, -188.0, -188.0, -204.0, -68.0, -202.0, -56.0, -60.0, -70.0, -44.0, -64.0, -80.0, -36.0, -68.0, -74.0, -96.0, -130.0, -144.0, -198.0, -186.0, -252.0, -226.0, -268.0, -272.0, -294.0], "WindowWidth": [6150.0, 6196.0, 6184.0, 6218.0, 6298.0, 6296.0, 6276.0, 6284.0, 6266.0, 6236.0, 6188.0, 6118.0, 6160.0, 6208.0, 6218.0, 6192.0, 6172.0, 6194.0, 6156.0, 6000.0, 5878.0, 5670.0, 5646.0, 5626.0, 5626.0, 5672.0, 5624.0, 5658.0, 5608.0, 5604.0, 5520.0, 5444.0, 5442.0, 5352.0, 5482.0, 5406.0, 5488.0, 5452.0, 5498.0, 5396.0, 5390.0, 5226.0, 5076.0, 4602.0, 4602.0, 4592.0, 5282.0, 4578.0, 4594.0, 4586.0, 4606.0, 5210.0, 4628.0, 5234.0, 5282.0, 5256.0, 5438.0, 5462.0, 5414.0, 5590.0, 5448.0, 5460.0, 5588.0, 5676.0, 5834.0, 5826.0, 5952.0, 6020.0, 6104.0, 6110.0, 6142.0, 6114.0]}}, "IntendedFor": ["ses-imagenet03/func/sub-04_ses-imagenet03_task-imagenet_run-03_bold.nii.gz", "ses-imagenet03/func/sub-04_ses-imagenet03_task-imagenet_run-01_bold.nii.gz", "ses-imagenet03/func/sub-04_ses-imagenet03_task-imagenet_run-08_bold.nii.gz", "ses-imagenet03/func/sub-04_ses-imagenet03_task-imagenet_run-07_bold.nii.gz", "ses-imagenet03/func/sub-04_ses-imagenet03_task-imagenet_run-05_bold.nii.gz", "ses-imagenet03/func/sub-04_ses-imagenet03_task-imagenet_run-06_bold.nii.gz", "ses-imagenet03/func/sub-04_ses-imagenet03_task-imagenet_run-09_bold.nii.gz", "ses-imagenet03/func/sub-04_ses-imagenet03_task-imagenet_run-04_bold.nii.gz", "ses-imagenet03/func/sub-04_ses-imagenet03_task-imagenet_run-02_bold.nii.gz", "ses-imagenet03/func/sub-04_ses-imagenet03_task-imagenet_run-10_bold.nii.gz"]}