{"AcquisitionMatrixPE": 100, "AcquisitionNumber": 1, "AcquisitionTime": "15:34:31.722500", "BaseResolution": 100, "BodyPartExamined": "BRAIN", "ConsistencyInfo": "N4_VE11C_LATEST_20160120", "ConversionSoftware": "dcm2niix", "ConversionSoftwareVersion": "v1.0.20180622 GCC4.9.2", "DeviceSerialNumber": "166078", "DwellTime": 8.8e-06, "EchoNumber": 2, "EchoTime": 0.00738, "EchoTime1": 0.00492, "EchoTime2": 0.00738, "FlipAngle": 60, "ImageOrientationPatientDICOM": [1, 0, 0, 0, 0.999781, -0.0209424], "ImageType": ["ORIGINAL", "PRIMARY", "P", "ND"], "InPlanePhaseEncodingDirectionDICOM": "ROW", "InstitutionAddress": "Street_StreetNo_Bei_Jing_District_CN_ZIP", "InstitutionName": "BeiJing_Normal_University", "InstitutionalDepartmentName": "Department", "MRAcquisitionType": "2D", "MagneticFieldStrength": 3, "Manufacturer": "Siemens", "ManufacturersModelName": "Prisma", "Modality": "MR", "PartialFourier": 1, "PatientPosition": "HFS", "PercentPhaseFOV": 100, "PhaseEncodingDirection": "i", "PhaseEncodingSteps": 100, "PhaseResolution": 1, "PixelBandwidth": 570, "ProcedureStepDescription": "BNU_P2018_64CH_Zhen.ZongLei", "ProtocolName": "field_mapping_2x2x2", "PulseSequenceDetails": "%SiemensSeq%_gre_field_mapping", "ReceiveCoilActiveElements": "HC1-7;NC1", "ReceiveCoilName": "HeadNeck_64", "ReconMatrixPE": 100, "RepetitionTime": 0.72, "SAR": 0.127024, "ScanningSequence": "GR", "SequenceName": "_fm2d2r", "SequenceVariant": "SP", "SeriesDescription": "field_mapping_2x2x2", "SeriesNumber": 9, "ShimSetting": [-5450, -11528, -1197, 543, 14, -244, 22, 63], "SliceThickness": 2, "SoftwareVersions": "syngo_MR_E11", "SpacingBetweenSlices": 2, "StationName": "AWP166078", "TxRefAmp": 209.645, "dcmmeta_affine": [[-2.0, 0.0, 0.0, 100.67469787597656], [0.0, 1.9995613098144531, -0.0418853759765625, -82.38553619384766], [0.0, 0.04188484326004982, 1.9995574951171875, -38.74253463745117], [0.0, 0.0, 0.0, 1.0]], "dcmmeta_reorient_transform": [[0.0, -1.0, 0.0, 99.0], [1.0, 0.0, 0.0, 0.0], [0.0, 0.0, -1.0, 71.0], [0.0, 0.0, 0.0, 1.0]], "dcmmeta_shape": [100, 100, 72], "dcmmeta_slice_dim": 2, "dcmmeta_version": 0.6, "global": {"const": {"AcquisitionMatrix": [0, 100, 100, 0], "AcquisitionNumber": 1, "AngioFlag": "N", "BitsAllocated": 16, "BitsStored": 12, "BodyPartExamined": "BRAIN", "Columns": 100, "EchoNumbers": 2, "EchoTime": 7.38, "EchoTrainLength": 0, "FlipAngle": 60.0, "HighBit": 11, "ImageOrientationPatient": [1.0, 0.0, 0.0, 0.0, 0.99978068345589, -0.0209424207882], "ImageType": ["ORIGINAL", "PRIMARY", "P", "ND"], "ImagedNucleus": "1H", "ImagingFrequency": 123.257724, "InPlanePhaseEncodingDirection": "ROW", "MRAcquisitionType": "2D", "MagneticFieldStrength": 3.0, "Manufacturer": "SIEMENS", "ManufacturerModelName": "Prisma", "Modality": "MR", "NumberOfAverages": 1.0, "NumberOfPhaseEncodingSteps": 100, "PercentPhaseFieldOfView": 100.0, "PercentSampling": 100.0, "PerformedProcedureStepStartTime": "144707.790000", "PhotometricInterpretation": "MONOCHROME2", "PixelBandwidth": 570.0, "PixelRepresentation": 0, "PixelSpacing": [2.0, 2.0], "ProtocolName": "field_mapping_2x2x2", "RepetitionTime": 720.0, "RescaleIntercept": -4096.0, "RescaleSlope": 2.0, "RescaleType": "US", "Rows": 100, "SAR": 0.1270235502209, "SamplesPerPixel": 1, "ScanningSequence": "GR", "SequenceName": "*fm2d2r", "SequenceVariant": "SP", "SeriesDescription": "field_mapping_2x2x2", "SeriesNumber": 9, "SeriesTime": "153656.868000", "SliceThickness": 2.0, "SoftwareVersions": "syngo MR E11", "SpacingBetweenSlices": 2.0, "SpecificCharacterSet": "ISO_IR 100", "StudyID": "1", "StudyTime": "144707.690000", "TransmitCoilName": "Body", "VariableFlipAngleFlag": "N", "WindowCenterWidthExplanation": "Algo1", "dBdt": 0.0}, "slices": {"AcquisitionTime": ["153431.722500", "153431.362500", "153431.732500", "153431.372500", "153431.742500", "153431.382500", "153431.752500", "153431.392500", "153431.762500", "153431.402500", "153431.772500", "153431.412500", "153431.782500", "153431.422500", "153431.792500", "153431.432500", "153431.802500", "153431.442500", "153431.812500", "153431.452500", "153431.822500", "153431.462500", "153431.832500", "153431.472500", "153431.842500", "153431.482500", "153431.852500", "153431.492500", "153431.862500", "153431.502500", "153431.872500", "153431.512500", "153431.882500", "153431.522500", "153431.892500", "153431.532500", "153431.902500", "153431.542500", "153431.912500", "153431.552500", "153431.922500", "153431.562500", "153431.932500", "153431.572500", "153431.942500", "153431.582500", "153431.952500", "153431.592500", "153431.962500", "153431.602500", "153431.972500", "153431.612500", "153431.982500", "153431.622500", "153431.992500", "153431.632500", "153432.002500", "153431.642500", "153432.012500", "153431.652500", "153432.022500", "153431.662500", "153432.032500", "153431.672500", "153432.042500", "153431.682500", "153432.052500", "153431.692500", "153432.062500", "153431.702500", "153432.072500", "153431.712500"], "ContentTime": ["153656.938000", "153656.869000", "153656.940000", "153656.872000", "153656.942000", "153656.874000", "153656.944000", "153656.876000", "153656.946000", "153656.878000", "153656.947000", "153656.880000", "153656.949000", "153656.882000", "153656.951000", "153656.884000", "153656.953000", "153656.886000", "153656.955000", "153656.887000", "153656.957000", "153656.889000", "153656.959000", "153656.891000", "153656.960000", "153656.893000", "153656.962000", "153656.895000", "153656.964000", "153656.897000", "153656.966000", "153656.899000", "153656.968000", "153656.900000", "153656.970000", "153656.902000", "153656.972000", "153656.904000", "153656.973000", "153656.906000", "153656.975000", "153656.908000", "153656.977000", "153656.910000", "153656.979000", "153656.912000", "153656.981000", "153656.913000", "153656.983000", "153656.915000", "153656.985000", "153656.917000", "153656.987000", "153656.920000", "153656.988000", "153656.921000", "153656.990000", "153656.923000", "153656.992000", "153656.925000", "153656.994000", "153656.927000", "153656.996000", "153656.929000", "153656.998000", "153656.931000", "153657.001000", "153656.933000", "153657.003000", "153656.934000", "153657.005000", "153656.936000"], "CsaImage.GSWDDataType": ["measured", "predicted", "measured", "predicted", "measured", "predicted", "measured", "predicted", "measured", "predicted", "measured", "predicted", "measured", "predicted", "measured", "predicted", "measured", "predicted", "measured", "predicted", "measured", "predicted", "measured", "predicted", "measured", "predicted", "measured", "predicted", "measured", "predicted", "measured", "predicted", "measured", "predicted", "measured", "predicted", "measured", "predicted", "measured", "predicted", "measured", "predicted", "measured", "predicted", "measured", "predicted", "measured", "predicted", "measured", "predicted", "measured", "predicted", "measured", "predicted", "measured", "predicted", "measured", "predicted", "measured", "predicted", "measured", "predicted", "measured", "predicted", "measured", "predicted", "measured", "measured", "measured", "measured", "measured", "measured"], "CsaImage.ICE_Dims": ["X_2_1_1_1_1_1_37_1_1_1_1_162", "X_2_1_1_1_1_1_1_1_1_2_1_162", "X_2_1_1_1_1_1_38_1_1_3_1_162", "X_2_1_1_1_1_1_2_1_1_4_1_162", "X_2_1_1_1_1_1_39_1_1_5_1_162", "X_2_1_1_1_1_1_3_1_1_6_1_162", "X_2_1_1_1_1_1_40_1_1_7_1_162", "X_2_1_1_1_1_1_4_1_1_8_1_162", "X_2_1_1_1_1_1_41_1_1_9_1_162", "X_2_1_1_1_1_1_5_1_1_10_1_162", "X_2_1_1_1_1_1_42_1_1_11_1_162", "X_2_1_1_1_1_1_6_1_1_12_1_162", "X_2_1_1_1_1_1_43_1_1_13_1_162", "X_2_1_1_1_1_1_7_1_1_14_1_162", "X_2_1_1_1_1_1_44_1_1_15_1_162", "X_2_1_1_1_1_1_8_1_1_16_1_162", "X_2_1_1_1_1_1_45_1_1_17_1_162", "X_2_1_1_1_1_1_9_1_1_18_1_162", "X_2_1_1_1_1_1_46_1_1_19_1_162", "X_2_1_1_1_1_1_10_1_1_20_1_162", "X_2_1_1_1_1_1_47_1_1_21_1_162", "X_2_1_1_1_1_1_11_1_1_22_1_162", "X_2_1_1_1_1_1_48_1_1_23_1_162", "X_2_1_1_1_1_1_12_1_1_24_1_162", "X_2_1_1_1_1_1_49_1_1_25_1_162", "X_2_1_1_1_1_1_13_1_1_26_1_162", "X_2_1_1_1_1_1_50_1_1_27_1_162", "X_2_1_1_1_1_1_14_1_1_28_1_162", "X_2_1_1_1_1_1_51_1_1_29_1_162", "X_2_1_1_1_1_1_15_1_1_30_1_162", "X_2_1_1_1_1_1_52_1_1_31_1_162", "X_2_1_1_1_1_1_16_1_1_32_1_162", "X_2_1_1_1_1_1_53_1_1_33_1_162", "X_2_1_1_1_1_1_17_1_1_34_1_162", "X_2_1_1_1_1_1_54_1_1_35_1_162", "X_2_1_1_1_1_1_18_1_1_36_1_162", "X_2_1_1_1_1_1_55_1_1_37_1_162", "X_2_1_1_1_1_1_19_1_1_38_1_162", "X_2_1_1_1_1_1_56_1_1_39_1_162", "X_2_1_1_1_1_1_20_1_1_40_1_162", "X_2_1_1_1_1_1_57_1_1_41_1_162", "X_2_1_1_1_1_1_21_1_1_42_1_162", "X_2_1_1_1_1_1_58_1_1_43_1_162", "X_2_1_1_1_1_1_22_1_1_44_1_162", "X_2_1_1_1_1_1_59_1_1_45_1_162", "X_2_1_1_1_1_1_23_1_1_46_1_162", "X_2_1_1_1_1_1_60_1_1_47_1_162", "X_2_1_1_1_1_1_24_1_1_48_1_162", "X_2_1_1_1_1_1_61_1_1_49_1_162", "X_2_1_1_1_1_1_25_1_1_50_1_162", "X_2_1_1_1_1_1_62_1_1_51_1_162", "X_2_1_1_1_1_1_26_1_1_52_1_162", "X_2_1_1_1_1_1_63_1_1_53_1_162", "X_2_1_1_1_1_1_27_1_1_54_1_162", "X_2_1_1_1_1_1_64_1_1_55_1_162", "X_2_1_1_1_1_1_28_1_1_56_1_162", "X_2_1_1_1_1_1_65_1_1_57_1_162", "X_2_1_1_1_1_1_29_1_1_58_1_162", "X_2_1_1_1_1_1_66_1_1_59_1_162", "X_2_1_1_1_1_1_30_1_1_60_1_162", "X_2_1_1_1_1_1_67_1_1_61_1_162", "X_2_1_1_1_1_1_31_1_1_62_1_162", "X_2_1_1_1_1_1_68_1_1_63_1_162", "X_2_1_1_1_1_1_32_1_1_64_1_162", "X_2_1_1_1_1_1_69_1_1_65_1_162", "X_2_1_1_1_1_1_33_1_1_66_1_162", "X_2_1_1_1_1_1_70_1_1_67_1_162", "X_2_1_1_1_1_1_34_1_1_68_1_162", "X_2_1_1_1_1_1_71_1_1_69_1_162", "X_2_1_1_1_1_1_35_1_1_70_1_162", "X_2_1_1_1_1_1_72_1_1_71_1_162", "X_2_1_1_1_1_1_36_1_1_72_1_162"], "CsaImage.ProtocolSliceNumber": [0, 1, 2, 3, 4, 5, 6, 7, 8, 9, 10, 11, 12, 13, 14, 15, 16, 17, 18, 19, 20, 21, 22, 23, 24, 25, 26, 27, 28, 29, 30, 31, 32, 33, 34, 35, 36, 37, 38, 39, 40, 41, 42, 43, 44, 45, 46, 47, 48, 49, 50, 51, 52, 53, 54, 55, 56, 57, 58, 59, 60, 61, 62, 63, 64, 65, 66, 67, 68, 69, 70, 71], "CsaImage.RFSWDDataType": ["measured", "predicted", "measured", "predicted", "measured", "predicted", "measured", "predicted", "measured", "predicted", "measured", "predicted", "measured", "predicted", "measured", "predicted", "measured", "predicted", "measured", "predicted", "measured", "predicted", "measured", "predicted", "measured", "predicted", "measured", "predicted", "measured", "predicted", "measured", "predicted", "measured", "predicted", "measured", "predicted", "measured", "predicted", "measured", "predicted", "measured", "predicted", "measured", "predicted", "measured", "predicted", "measured", "predicted", "measured", "predicted", "measured", "predicted", "measured", "predicted", "measured", "predicted", "measured", "predicted", "measured", "predicted", "measured", "predicted", "measured", "measured", "measured", "measured", "measured", "measured", "measured", "measured", "measured", "measured"], "CsaImage.SlicePosition_PCS": [[-100.67469877, -115.57100391, -34.5962105], [-100.67469877, -115.52911949, -32.59664919], [-100.67469877, -115.48723411, -30.59708788], [-100.67469877, -115.44534969, -28.59752657], [-100.67469877, -115.40346526, -26.59796526], [-100.67469877, -115.36157989, -24.59840395], [-100.67469877, -115.31969547, -22.59884264], [-100.67469877, -115.27781009, -20.59928133], [-100.67469877, -115.23592567, -18.59972002], [-100.67469877, -115.19404029, -16.60015871], [-100.67469877, -115.15215587, -14.6005974], [-100.67469877, -115.11027145, -12.60103514], [-100.67469877, -115.06838607, -10.60147383], [-100.67469877, -115.02650165, -8.60191252], [-100.67469877, -114.98461627, -6.60235121], [-100.67469877, -114.94273185, -4.6027899], [-100.67469877, -114.90084648, -2.60322859], [-100.67469877, -114.85896205, -0.60366728], [-100.67469877, -114.81707668, 1.39589403], [-100.67469877, -114.77519225, 3.39545546], [-100.67469877, -114.73330783, 5.39501689], [-100.67469877, -114.69142246, 7.39457796], [-100.67469877, -114.64953803, 9.39413975], [-100.67469877, -114.60765266, 11.39370058], [-100.67469877, -114.56576824, 13.39326189], [-100.67469877, -114.52388286, 15.3928232], [-100.67469877, -114.48199844, 17.39238547], [-100.67469877, -114.44011402, 19.39194678], [-100.67469877, -114.39822864, 21.39150809], [-100.67469877, -114.35634422, 23.3910694], [-100.67469877, -114.31445884, 25.3906307], [-100.67469877, -114.27257442, 27.39019201], [-100.67469877, -114.23068904, 29.38975332], [-100.67469877, -114.18880462, 31.38931463], [-100.67469877, -114.14691924, 33.38887594], [-100.67469877, -114.10503482, 35.38843916], [-100.67469877, -114.0631504, 37.38800047], [-100.67469877, -114.02126502, 39.38756178], [-100.67469877, -113.9793806, 41.38712309], [-100.67469877, -113.93749523, 43.3866844], [-100.67469877, -113.8956108, 45.38624571], [-100.67469877, -113.85372543, 47.38580702], [-100.67469877, -113.811841, 49.38536833], [-100.67469877, -113.76995658, 51.38492964], [-100.67469877, -113.72807121, 53.38449095], [-100.67469877, -113.68618678, 55.38405226], [-100.67469877, -113.64430141, 57.38361357], [-100.67469877, -113.60241699, 59.38317488], [-100.67469877, -113.56053161, 61.38273619], [-100.67469877, -113.51864719, 63.3822975], [-100.67469877, -113.47676181, 65.38185881], [-100.67469877, -113.43487739, 67.38142012], [-100.67469877, -113.39299297, 69.38097761], [-100.67469877, -113.35110759, 71.38054274], [-100.67469877, -113.30922317, 73.38010023], [-100.67469877, -113.26733779, 75.37966536], [-100.67469877, -113.22545337, 77.37922285], [-100.67469877, -113.18356799, 79.37878798], [-100.67469877, -113.14168357, 81.37834547], [-100.67469877, -113.09979915, 83.3779106], [-100.67469877, -113.05791377, 85.37746809], [-100.67469877, -113.01602935, 87.37703322], [-100.67469877, -112.97414398, 89.37659071], [-100.67469877, -112.93225955, 91.37615584], [-100.67469877, -112.89037418, 93.37571333], [-100.67469877, -112.84848976, 95.37527846], [-100.67469877, -112.80660438, 97.37483595], [-100.67469877, -112.76471996, 99.37440108], [-100.67469877, -112.72283553, 101.3739662], [-100.67469877, -112.68095016, 103.3735237], [-100.67469877, -112.63906574, 105.37308882], [-100.67469877, -112.59718036, 107.37264631]], "CsaImage.TimeAfterStart": [1.0825, 0.7225, 1.0925, 0.7325, 1.1025, 0.7425, 1.1125, 0.7525, 1.1225, 0.7625, 1.1325, 0.7725, 1.1425, 0.7825, 1.1525, 0.7925, 1.1625, 0.8025, 1.1725, 0.8125, 1.1825, 0.8225, 1.1925, 0.8325, 1.2025, 0.8425, 1.2125, 0.8525, 1.2225, 0.8625, 1.2325, 0.8725, 1.2425, 0.8825, 1.2525, 0.8925, 1.2625, 0.9025, 1.2725, 0.9125, 1.2825, 0.9225, 1.2925, 0.9325, 1.3025, 0.9425, 1.3125, 0.9525, 1.3225, 0.9625, 1.3325, 0.9725, 1.3425, 0.9825, 1.3525, 0.9925, 1.3625, 1.0025, 1.3725, 1.0125, 1.3825, 1.0225, 1.3925, 1.0325, 1.4025, 1.0425, 1.4125, 1.0525, 1.4225, 1.0625, 1.4325, 1.0725], "ImagePositionPatient": [[-100.67469877005, -115.57100390772, -34.596210496868], [-100.67469877005, -115.52911948542, -32.596649187054], [-100.67469877005, -115.48723410944, -30.597087877239], [-100.67469877005, -115.44534968714, -28.597526567425], [-100.67469877005, -115.40346526484, -26.59796525761], [-100.67469877005, -115.36157988886, -24.598403947796], [-100.67469877005, -115.31969546656, -22.598842637981], [-100.67469877005, -115.27781009058, -20.599281328167], [-100.67469877005, -115.23592566828, -18.599720018352], [-100.67469877005, -115.19404029231, -16.600158708538], [-100.67469877005, -115.15215587, -14.600597398724], [-100.67469877005, -115.1102714477, -12.601035135235], [-100.67469877005, -115.06838607172, -10.60147382542], [-100.67469877005, -115.02650164942, -8.6019125156059], [-100.67469877005, -114.98461627345, -6.6023512057914], [-100.67469877005, -114.94273185114, -4.602789895977], [-100.67469877005, -114.90084647517, -2.6032285861625], [-100.67469877005, -114.85896205286, -0.6036672763481], [-100.67469877005, -114.81707667689, 1.3958940334664], [-100.67469877005, -114.77519225459, 3.3954554624901], [-100.67469877005, -114.73330783228, 5.3950168915139], [-100.67469877005, -114.69142245631, 7.3945779629097], [-100.67469877005, -114.649538034, 9.3941397495614], [-100.67469877005, -114.60765265803, 11.393700582539], [-100.67469877005, -114.56576823573, 13.393261892353], [-100.67469877005, -114.52388285975, 15.392823202168], [-100.67469877005, -114.48199843745, 17.392385465656], [-100.67469877005, -114.44011401514, 19.391946775471], [-100.67469877005, -114.39822863917, 21.391508085285], [-100.67469877005, -114.35634421687, 23.3910693951], [-100.67469877005, -114.31445884089, 25.390630704914], [-100.67469877005, -114.27257441859, 27.390192014729], [-100.67469877005, -114.23068904261, 29.389753324543], [-100.67469877005, -114.18880462031, 31.389314634357], [-100.67469877005, -114.14691924433, 33.388875944172], [-100.67469877005, -114.10503482203, 35.388439161335], [-100.67469877005, -114.06315039973, 37.388000471149], [-100.67469877005, -114.02126502375, 39.387561780964], [-100.67469877005, -113.97938060145, 41.387123090778], [-100.67469877005, -113.93749522547, 43.386684400593], [-100.67469877005, -113.89561080317, 45.386245710407], [-100.67469877005, -113.85372542719, 47.385807020222], [-100.67469877005, -113.81184100489, 49.385368330036], [-100.67469877005, -113.76995658259, 51.384929639851], [-100.67469877005, -113.72807120661, 53.384490949665], [-100.67469877005, -113.68618678431, 55.38405225948], [-100.67469877005, -113.64430140833, 57.383613569294], [-100.67469877005, -113.60241698603, 59.383174879108], [-100.67469877005, -113.56053161005, 61.382736188923], [-100.67469877005, -113.51864718775, 63.382297498737], [-100.67469877005, -113.47676181178, 65.381858808552], [-100.67469877005, -113.43487738947, 67.381420118366], [-100.67469877005, -113.39299296717, 69.380977613483], [-100.67469877005, -113.35110759119, 71.380542737995], [-100.67469877005, -113.30922316889, 73.380100233112], [-100.67469877005, -113.26733779292, 75.379665357624], [-100.67469877005, -113.22545337061, 77.379222852741], [-100.67469877005, -113.18356799464, 79.378787977253], [-100.67469877005, -113.14168357233, 81.37834547237], [-100.67469877005, -113.09979915003, 83.377910596882], [-100.67469877005, -113.05791377406, 85.377468091999], [-100.67469877005, -113.01602935175, 87.377033216511], [-100.67469877005, -112.97414397578, 89.376590711628], [-100.67469877005, -112.93225955347, 91.37615583614], [-100.67469877005, -112.8903741775, 93.375713331257], [-100.67469877005, -112.8484897552, 95.375278455769], [-100.67469877005, -112.80660437922, 97.374835950886], [-100.67469877005, -112.76471995692, 99.374401075398], [-100.67469877005, -112.72283553461, 101.37396619991], [-100.67469877005, -112.68095015864, 103.37352369503], [-100.67469877005, -112.63906573634, 105.37308881954], [-100.67469877005, -112.59718036036, 107.37264631466]], "InstanceCreationTime": ["153656.938000", "153656.869000", "153656.940000", "153656.872000", "153656.942000", "153656.874000", "153656.944000", "153656.876000", "153656.946000", "153656.878000", "153656.947000", "153656.880000", "153656.949000", "153656.882000", "153656.951000", "153656.884000", "153656.953000", "153656.886000", "153656.955000", "153656.887000", "153656.957000", "153656.889000", "153656.959000", "153656.891000", "153656.960000", "153656.893000", "153656.962000", "153656.895000", "153656.964000", "153656.897000", "153656.966000", "153656.899000", "153656.968000", "153656.900000", "153656.970000", "153656.902000", "153656.972000", "153656.904000", "153656.973000", "153656.906000", "153656.975000", "153656.908000", "153656.977000", "153656.910000", "153656.979000", "153656.912000", "153656.981000", "153656.913000", "153656.983000", "153656.915000", "153656.985000", "153656.917000", "153656.987000", "153656.920000", "153656.988000", "153656.921000", "153656.990000", "153656.923000", "153656.992000", "153656.925000", "153656.994000", "153656.927000", "153656.996000", "153656.929000", "153656.998000", "153656.931000", "153657.001000", "153656.933000", "153657.003000", "153656.934000", "153657.005000", "153656.936000"], "InstanceNumber": [1, 2, 3, 4, 5, 6, 7, 8, 9, 10, 11, 12, 13, 14, 15, 16, 17, 18, 19, 20, 21, 22, 23, 24, 25, 26, 27, 28, 29, 30, 31, 32, 33, 34, 35, 36, 37, 38, 39, 40, 41, 42, 43, 44, 45, 46, 47, 48, 49, 50, 51, 52, 53, 54, 55, 56, 57, 58, 59, 60, 61, 62, 63, 64, 65, 66, 67, 68, 69, 70, 71, 72], "LargestImagePixelValue": [4094, 4094, 4095, 4093, 4095, 4095, 4095, 4093, 4094, 4092, 4094, 4093, 4093, 4095, 4094, 4094, 4091, 4092, 4091, 4095, 4090, 4092, 4095, 4095, 4094, 4095, 4093, 4091, 4091, 4084, 4093, 4093, 4093, 4093, 4094, 4089, 4094, 4095, 4089, 4088, 4094, 4094, 4090, 4094, 4094, 4089, 4093, 4095, 4092, 4092, 4095, 4095, 4094, 4094, 4094, 4094, 4095, 4095, 4094, 4091, 4095, 4094, 4095, 4094, 4094, 4095, 4094, 4095, 4094, 4095, 4094, 4094], "SliceLocation": [-37.008959570288, -35.008959636153, -33.008959682046, -31.008959747912, -29.008959813777, -27.00895985967, -25.008959925536, -23.008959971429, -21.008960037294, -19.008960083188, -17.008960149053, -15.008959261453, -13.008959307346, -11.008959373212, -9.008959419105, -7.0089594849705, -5.0089595308636, -3.0089595967291, -1.0089596426222, 0.99104041069549, 2.9910404640132, 4.9910401797537, 6.9910405906209, 8.9910400679951, 10.99104000213, 12.991039956237, 14.991040843836, 16.991040777971, 18.991040732078, 20.991040666212, 22.991040620319, 24.991040554454, 26.99104050856, 28.991040442695, 30.991040396802, 32.991042237867, 34.991042172001, 36.991042126108, 38.991042060243, 40.99104201435, 42.991041948484, 44.991041902591, 46.991041836726, 48.99104177086, 50.991041724967, 52.991041659102, 54.991041613208, 56.991041547343, 58.99104150145, 60.991041435584, 62.991041389691, 64.991041323826, 66.9910374441, 68.991041212067, 70.991037332341, 72.991041100309, 74.991037220582, 76.99104098855, 78.991037108824, 80.991040856819, 82.991036997065, 84.991040745061, 86.991036885307, 88.991040633302, 90.991036773548, 92.991040521543, 94.991036661789, 96.991040409785, 98.99104415778, 100.99104029803, 102.99104404602, 104.99104018627], "SmallestImagePixelValue": [0, 0, 0, 2, 0, 1, 0, 0, 0, 0, 0, 1, 0, 3, 1, 0, 1, 0, 0, 1, 0, 0, 2, 0, 3, 0, 0, 1, 1, 0, 6, 0, 1, 5, 1, 2, 1, 6, 0, 8, 3, 0, 4, 0, 10, 0, 14, 8, 0, 2, 0, 2, 4, 0, 0, 0, 3, 1, 0, 0, 1, 0, 0, 0, 0, 0, 0, 0, 0, 2, 0, 0], "WindowCenter": [-166.0, -194.0, -194.0, -174.0, -158.0, -168.0, -228.0, -180.0, -176.0, -206.0, -170.0, -142.0, -134.0, -152.0, -166.0, -188.0, -194.0, -178.0, -174.0, -114.0, -130.0, -186.0, -240.0, -280.0, -272.0, -290.0, -276.0, -240.0, -254.0, -262.0, -240.0, -370.0, -214.0, -328.0, -202.0, -170.0, -162.0, -130.0, -134.0, -142.0, -142.0, -114.0, -110.0, -78.0, -82.0, -232.0, -112.0, -58.0, -92.0, -220.0, -100.0, -208.0, -252.0, -236.0, -60.0, -36.0, -20.0, 2.0, -44.0, -74.0, -114.0, -98.0, -174.0, -162.0, -216.0, -312.0, -290.0, -256.0, -304.0, -364.0, -380.0, -374.0], "WindowWidth": [6418.0, 6468.0, 6498.0, 6442.0, 6426.0, 6382.0, 6382.0, 6374.0, 6382.0, 6380.0, 6310.0, 6310.0, 6246.0, 6216.0, 6114.0, 6080.0, 6018.0, 6000.0, 6026.0, 6014.0, 5958.0, 5892.0, 5778.0, 5678.0, 5572.0, 5370.0, 5436.0, 5420.0, 5382.0, 5382.0, 5384.0, 4716.0, 5368.0, 4684.0, 5234.0, 5292.0, 5270.0, 5318.0, 5258.0, 5144.0, 5138.0, 5248.0, 5248.0, 5364.0, 5348.0, 4620.0, 5088.0, 5330.0, 5122.0, 4604.0, 5018.0, 4620.0, 4642.0, 4670.0, 5316.0, 5420.0, 5400.0, 5462.0, 5358.0, 5494.0, 5542.0, 5670.0, 5644.0, 5820.0, 5814.0, 5814.0, 5906.0, 6014.0, 6052.0, 6062.0, 6314.0, 6434.0]}}, "IntendedFor": ["ses-coco/func/sub-02_ses-coco_task-coco_run-08_bold.nii.gz", "ses-coco/func/sub-02_ses-coco_task-coco_run-07_bold.nii.gz", "ses-coco/func/sub-02_ses-coco_task-coco_run-05_bold.nii.gz", "ses-coco/func/sub-02_ses-coco_task-coco_run-03_bold.nii.gz", "ses-coco/func/sub-02_ses-coco_task-coco_run-01_bold.nii.gz", "ses-coco/func/sub-02_ses-coco_task-coco_run-11_bold.nii.gz", "ses-coco/func/sub-02_ses-coco_task-coco_run-02_bold.nii.gz", "ses-coco/func/sub-02_ses-coco_task-coco_run-10_bold.nii.gz", "ses-coco/func/sub-02_ses-coco_task-coco_run-06_bold.nii.gz", "ses-coco/func/sub-02_ses-coco_task-coco_run-09_bold.nii.gz", "ses-coco/func/sub-02_ses-coco_task-coco_run-04_bold.nii.gz"]}