{"AcquisitionMatrixPE": 100, "AcquisitionNumber": 1, "AcquisitionTime": "11:59:42.005000", "BaseResolution": 100, "BodyPartExamined": "BRAIN", "ConsistencyInfo": "N4_VE11C_LATEST_20160120", "ConversionSoftware": "dcm2niix", "ConversionSoftwareVersion": "v1.0.20180622 GCC4.9.2", "DeviceSerialNumber": "166078", "DwellTime": 8.8e-06, "EchoNumber": 2, "EchoTime": 0.00738, "EchoTime1": 0.00492, "EchoTime2": 0.00738, "FlipAngle": 60, "ImageOrientationPatientDICOM": [1, -4.13331e-07, -1.24631e-05, -4.889e-12, 0.999451, -0.0331466], "ImageType": ["ORIGINAL", "PRIMARY", "P", "ND"], "InPlanePhaseEncodingDirectionDICOM": "ROW", "InstitutionAddress": "Street_StreetNo_Bei_Jing_District_CN_ZIP", "InstitutionName": "BeiJing_Normal_University", "InstitutionalDepartmentName": "Department", "MRAcquisitionType": "2D", "MagneticFieldStrength": 3, "Manufacturer": "Siemens", "ManufacturersModelName": "Prisma", "Modality": "MR", "PartialFourier": 1, "PatientPosition": "HFS", "PercentPhaseFOV": 100, "PhaseEncodingDirection": "i", "PhaseEncodingSteps": 100, "PhaseResolution": 1, "PixelBandwidth": 570, "ProcedureStepDescription": "BNU_P2018_64CH_Zhen.ZongLei", "ProtocolName": "field_mapping_2x2x2", "PulseSequenceDetails": "%SiemensSeq%_gre_field_mapping", "ReceiveCoilActiveElements": "HC1-7;NC1", "ReceiveCoilName": "HeadNeck_64", "ReconMatrixPE": 100, "RepetitionTime": 0.72, "SAR": 0.133912, "ScanningSequence": "GR", "SequenceName": "_fm2d2r", "SequenceVariant": "SP", "SeriesDescription": "field_mapping_2x2x2", "SeriesNumber": 11, "ShimSetting": [-5467, -11522, -1299, 496, -16, -246, -103, 19], "SliceThickness": 2, "SoftwareVersions": "syngo_MR_E11", "SpacingBetweenSlices": 2, "StationName": "AWP166078", "TxRefAmp": 214.219, "dcmmeta_affine": [[-2.0, -9.777999590565578e-12, -2.4937089619925246e-05, 100.0988540649414], [8.266629265563097e-07, 1.9989010095596313, -0.06629323959350586, -95.54011535644531], [-2.4926157493609935e-05, 0.06629328429698944, 1.9989013671875, -63.81889343261719], [0.0, 0.0, 0.0, 1.0]], "dcmmeta_reorient_transform": [[0.0, -1.0, 0.0, 99.0], [1.0, 0.0, 0.0, 0.0], [0.0, 0.0, -1.0, 71.0], [0.0, 0.0, 0.0, 1.0]], "dcmmeta_shape": [100, 100, 72], "dcmmeta_slice_dim": 2, "dcmmeta_version": 0.6, "global": {"const": {"AcquisitionMatrix": [0, 100, 100, 0], "AcquisitionNumber": 1, "AngioFlag": "N", "BitsAllocated": 16, "BitsStored": 12, "BodyPartExamined": "BRAIN", "Columns": 100, "EchoNumbers": 2, "EchoTime": 7.38, "EchoTrainLength": 0, "FlipAngle": 60.0, "HighBit": 11, "ImageOrientationPatient": [0.99999999992225, -4.1333146e-07, -1.24630785e-05, -4.889e-12, 0.99945049902524, -0.0331466438452], "ImageType": ["ORIGINAL", "PRIMARY", "P", "ND"], "ImagedNucleus": "1H", "ImagingFrequency": 123.257763, "InPlanePhaseEncodingDirection": "ROW", "MRAcquisitionType": "2D", "MagneticFieldStrength": 3.0, "Manufacturer": "SIEMENS", "ManufacturerModelName": "Prisma", "Modality": "MR", "NumberOfAverages": 1.0, "NumberOfPhaseEncodingSteps": 100, "PercentPhaseFieldOfView": 100.0, "PercentSampling": 100.0, "PerformedProcedureStepStartTime": "110417.131000", "PhotometricInterpretation": "MONOCHROME2", "PixelBandwidth": 570.0, "PixelRepresentation": 0, "PixelSpacing": [2.0, 2.0], "ProtocolName": "field_mapping_2x2x2", "RepetitionTime": 720.0, "RescaleIntercept": -4096.0, "RescaleSlope": 2.0, "RescaleType": "US", "Rows": 100, "SAR": 0.13391244722218, "SamplesPerPixel": 1, "ScanningSequence": "GR", "SequenceName": "*fm2d2r", "SequenceVariant": "SP", "SeriesDescription": "field_mapping_2x2x2", "SeriesNumber": 11, "SeriesTime": "120207.125000", "SliceThickness": 2.0, "SoftwareVersions": "syngo MR E11", "SpacingBetweenSlices": 2.0, "SpecificCharacterSet": "ISO_IR 100", "StudyID": "1", "StudyTime": "110417.034000", "TransmitCoilName": "Body", "VariableFlipAngleFlag": "N", "WindowCenterWidthExplanation": "Algo1", "dBdt": 0.0}, "slices": {"AcquisitionTime": ["115942.005000", "115941.645000", "115942.015000", "115941.655000", "115942.025000", "115941.665000", "115942.035000", "115941.675000", "115942.045000", "115941.685000", "115942.055000", "115941.695000", "115942.065000", "115941.705000", "115942.075000", "115941.715000", "115942.085000", "115941.725000", "115942.095000", "115941.735000", "115942.105000", "115941.745000", "115942.115000", "115941.755000", "115942.125000", "115941.765000", "115942.135000", "115941.775000", "115942.145000", "115941.785000", "115942.155000", "115941.795000", "115942.165000", "115941.805000", "115942.175000", "115941.815000", "115942.185000", "115941.825000", "115942.195000", "115941.835000", "115942.205000", "115941.845000", "115942.215000", "115941.855000", "115942.225000", "115941.865000", "115942.235000", "115941.875000", "115942.245000", "115941.885000", "115942.255000", "115941.895000", "115942.265000", "115941.905000", "115942.275000", "115941.915000", "115942.285000", "115941.925000", "115942.295000", "115941.935000", "115942.305000", "115941.945000", "115942.315000", "115941.955000", "115942.325000", "115941.965000", "115942.335000", "115941.975000", "115942.345000", "115941.985000", "115942.355000", "115941.995000"], "ContentTime": ["120207.226000", "120207.127000", "120207.228000", "120207.132000", "120207.230000", "120207.136000", "120207.232000", "120207.138000", "120207.234000", "120207.140000", "120207.236000", "120207.142000", "120207.237000", "120207.144000", "120207.239000", "120207.147000", "120207.241000", "120207.149000", "120207.243000", "120207.151000", "120207.245000", "120207.153000", "120207.247000", "120207.155000", "120207.249000", "120207.157000", "120207.251000", "120207.159000", "120207.253000", "120207.161000", "120207.254000", "120207.162000", "120207.256000", "120207.164000", "120207.258000", "120207.166000", "120207.260000", "120207.168000", "120207.262000", "120207.170000", "120207.264000", "120207.172000", "120207.266000", "120207.174000", "120207.268000", "120207.176000", "120207.270000", "120207.177000", "120207.272000", "120207.203000", "120207.274000", "120207.205000", "120207.275000", "120207.207000", "120207.277000", "120207.209000", "120207.279000", "120207.211000", "120207.281000", "120207.213000", "120207.283000", "120207.215000", "120207.285000", "120207.217000", "120207.287000", "120207.219000", "120207.289000", "120207.221000", "120207.291000", "120207.222000", "120207.292000", "120207.224000"], "CsaImage.GSWDDataType": ["measured", "predicted", "measured", "predicted", "measured", "predicted", "measured", "predicted", "measured", "predicted", "measured", "predicted", "measured", "predicted", "measured", "predicted", "measured", "predicted", "measured", "predicted", "measured", "predicted", "measured", "predicted", "measured", "predicted", "measured", "predicted", "measured", "predicted", "measured", "predicted", "measured", "predicted", "measured", "predicted", "measured", "predicted", "measured", "predicted", "measured", "predicted", "measured", "predicted", "measured", "predicted", "measured", "predicted", "measured", "predicted", "measured", "predicted", "measured", "predicted", "measured", "predicted", "measured", "predicted", "measured", "predicted", "measured", "predicted", "measured", "predicted", "measured", "predicted", "measured", "measured", "measured", "measured", "measured", "measured"], "CsaImage.ICE_Dims": ["X_2_1_1_1_1_1_37_1_1_1_1_71", "X_2_1_1_1_1_1_1_1_1_2_1_71", "X_2_1_1_1_1_1_38_1_1_3_1_71", "X_2_1_1_1_1_1_2_1_1_4_1_71", "X_2_1_1_1_1_1_39_1_1_5_1_71", "X_2_1_1_1_1_1_3_1_1_6_1_71", "X_2_1_1_1_1_1_40_1_1_7_1_71", "X_2_1_1_1_1_1_4_1_1_8_1_71", "X_2_1_1_1_1_1_41_1_1_9_1_71", "X_2_1_1_1_1_1_5_1_1_10_1_71", "X_2_1_1_1_1_1_42_1_1_11_1_71", "X_2_1_1_1_1_1_6_1_1_12_1_71", "X_2_1_1_1_1_1_43_1_1_13_1_71", "X_2_1_1_1_1_1_7_1_1_14_1_71", "X_2_1_1_1_1_1_44_1_1_15_1_71", "X_2_1_1_1_1_1_8_1_1_16_1_71", "X_2_1_1_1_1_1_45_1_1_17_1_71", "X_2_1_1_1_1_1_9_1_1_18_1_71", "X_2_1_1_1_1_1_46_1_1_19_1_71", "X_2_1_1_1_1_1_10_1_1_20_1_71", "X_2_1_1_1_1_1_47_1_1_21_1_71", "X_2_1_1_1_1_1_11_1_1_22_1_71", "X_2_1_1_1_1_1_48_1_1_23_1_71", "X_2_1_1_1_1_1_12_1_1_24_1_71", "X_2_1_1_1_1_1_49_1_1_25_1_71", "X_2_1_1_1_1_1_13_1_1_26_1_71", "X_2_1_1_1_1_1_50_1_1_27_1_71", "X_2_1_1_1_1_1_14_1_1_28_1_71", "X_2_1_1_1_1_1_51_1_1_29_1_71", "X_2_1_1_1_1_1_15_1_1_30_1_71", "X_2_1_1_1_1_1_52_1_1_31_1_71", "X_2_1_1_1_1_1_16_1_1_32_1_71", "X_2_1_1_1_1_1_53_1_1_33_1_71", "X_2_1_1_1_1_1_17_1_1_34_1_71", "X_2_1_1_1_1_1_54_1_1_35_1_71", "X_2_1_1_1_1_1_18_1_1_36_1_71", "X_2_1_1_1_1_1_55_1_1_37_1_71", "X_2_1_1_1_1_1_19_1_1_38_1_71", "X_2_1_1_1_1_1_56_1_1_39_1_71", "X_2_1_1_1_1_1_20_1_1_40_1_71", "X_2_1_1_1_1_1_57_1_1_41_1_71", "X_2_1_1_1_1_1_21_1_1_42_1_71", "X_2_1_1_1_1_1_58_1_1_43_1_71", "X_2_1_1_1_1_1_22_1_1_44_1_71", "X_2_1_1_1_1_1_59_1_1_45_1_71", "X_2_1_1_1_1_1_23_1_1_46_1_71", "X_2_1_1_1_1_1_60_1_1_47_1_71", "X_2_1_1_1_1_1_24_1_1_48_1_71", "X_2_1_1_1_1_1_61_1_1_49_1_71", "X_2_1_1_1_1_1_25_1_1_50_1_71", "X_2_1_1_1_1_1_62_1_1_51_1_71", "X_2_1_1_1_1_1_26_1_1_52_1_71", "X_2_1_1_1_1_1_63_1_1_53_1_71", "X_2_1_1_1_1_1_27_1_1_54_1_71", "X_2_1_1_1_1_1_64_1_1_55_1_71", "X_2_1_1_1_1_1_28_1_1_56_1_71", "X_2_1_1_1_1_1_65_1_1_57_1_71", "X_2_1_1_1_1_1_29_1_1_58_1_71", "X_2_1_1_1_1_1_66_1_1_59_1_71", "X_2_1_1_1_1_1_30_1_1_60_1_71", "X_2_1_1_1_1_1_67_1_1_61_1_71", "X_2_1_1_1_1_1_31_1_1_62_1_71", "X_2_1_1_1_1_1_68_1_1_63_1_71", "X_2_1_1_1_1_1_32_1_1_64_1_71", "X_2_1_1_1_1_1_69_1_1_65_1_71", "X_2_1_1_1_1_1_33_1_1_66_1_71", "X_2_1_1_1_1_1_70_1_1_67_1_71", "X_2_1_1_1_1_1_34_1_1_68_1_71", "X_2_1_1_1_1_1_71_1_1_69_1_71", "X_2_1_1_1_1_1_35_1_1_70_1_71", "X_2_1_1_1_1_1_72_1_1_71_1_71", "X_2_1_1_1_1_1_36_1_1_72_1_71"], "CsaImage.ProtocolSliceNumber": [0, 1, 2, 3, 4, 5, 6, 7, 8, 9, 10, 11, 12, 13, 14, 15, 16, 17, 18, 19, 20, 21, 22, 23, 24, 25, 26, 27, 28, 29, 30, 31, 32, 33, 34, 35, 36, 37, 38, 39, 40, 41, 42, 43, 44, 45, 46, 47, 48, 49, 50, 51, 52, 53, 54, 55, 56, 57, 58, 59, 60, 61, 62, 63, 64, 65, 66, 67, 68, 69, 70, 71], "CsaImage.RFSWDDataType": ["measured", "predicted", "measured", "predicted", "measured", "predicted", "measured", "predicted", "measured", "predicted", "measured", "predicted", "measured", "predicted", "measured", "predicted", "measured", "predicted", "measured", "predicted", "measured", "predicted", "measured", "predicted", "measured", "predicted", "measured", "predicted", "measured", "predicted", "measured", "predicted", "measured", "predicted", "measured", "predicted", "measured", "predicted", "measured", "predicted", "measured", "predicted", "measured", "predicted", "measured", "predicted", "measured", "predicted", "measured", "predicted", "measured", "predicted", "measured", "predicted", "measured", "predicted", "measured", "predicted", "measured", "predicted", "measured", "predicted", "measured", "predicted", "measured", "measured", "measured", "measured", "measured", "measured", "measured", "measured"], "CsaImage.SlicePosition_PCS": [[-100.09885082, -102.35108619, -57.25583232], [-100.09882589, -102.28479271, -55.25693095], [-100.09880095, -102.21849948, -53.25802958], [-100.098776, -102.15220624, -51.25912822], [-100.09875107, -102.085913, -49.26022685], [-100.09872613, -102.01961976, -47.26132548], [-100.09870119, -101.95332628, -45.26242412], [-100.09867625, -101.88703304, -43.26352275], [-100.0986513, -101.8207398, -41.26462138], [-100.09862637, -101.75444656, -39.26572001], [-100.09860143, -101.6881532, -37.26681865], [-100.09857649, -101.62185996, -35.26792109], [-100.09855155, -101.5555666, -33.26901973], [-100.09852661, -101.48927336, -31.27011836], [-100.09850167, -101.42298, -29.27121699], [-100.09847673, -101.35668676, -27.27231563], [-100.09845178, -101.29039352, -25.27341426], [-100.09842685, -101.22410017, -23.27451289], [-100.09840191, -101.15780693, -21.27561343], [-100.09837697, -101.09151357, -19.27671206], [-100.09835203, -101.02522033, -17.2778107], [-100.09832709, -100.95892709, -15.27890933], [-100.09830215, -100.89263373, -13.28000796], [-100.09827721, -100.82634043, -11.28110755], [-100.09825227, -100.76004719, -9.28220618], [-100.09822733, -100.69375389, -7.28330577], [-100.09820239, -100.62746059, -5.2844044], [-100.09817745, -100.56116729, -3.28550351], [-100.09815251, -100.49487399, -1.28660262], [-100.09812757, -100.42858072, 0.71229851], [-100.09810263, -100.36228743, 2.71119946], [-100.09807769, -100.29599416, 4.71010053], [-100.09805275, -100.22970086, 6.70900142], [-100.09802781, -100.16340757, 8.70790231], [-100.09800287, -100.09711427, 10.70680367], [-100.09797793, -100.03082099, 12.70570409], [-100.09795299, -99.9645277, 14.70460546], [-100.09792805, -99.89823441, 16.70350682], [-100.09790311, -99.83194112, 18.70240724], [-100.09787817, -99.76564784, 20.70130765], [-100.09785324, -99.69935454, 22.70020902], [-100.09782829, -99.63306125, 24.69911038], [-100.09780335, -99.56676795, 26.69801175], [-100.09777841, -99.50047468, 28.69691312], [-100.09775347, -99.43418139, 30.69581258], [-100.09772853, -99.36788809, 32.69471395], [-100.09770359, -99.30159479, 34.69361531], [-100.09767865, -99.23530155, 36.69251668], [-100.09765372, -99.16900825, 38.69141805], [-100.09762877, -99.10271495, 40.69031941], [-100.09760383, -99.03642165, 42.68922078], [-100.09757889, -98.97012835, 44.68812215], [-100.09755395, -98.90383511, 46.6870197], [-100.09752902, -98.83754175, 48.68592107], [-100.09750407, -98.77124851, 50.68482244], [-100.09747913, -98.70495515, 52.6837238], [-100.0974542, -98.63866191, 54.68262517], [-100.09742925, -98.57236867, 56.68152654], [-100.09740432, -98.50607532, 58.6804279], [-100.09737937, -98.43978208, 60.67932927], [-100.09735443, -98.37348872, 62.67823064], [-100.0973295, -98.30719548, 64.67713201], [-100.09730455, -98.24090224, 66.67602956], [-100.09727961, -98.17460888, 68.67493474], [-100.09725468, -98.10831564, 70.67383611], [-100.09722973, -98.04202228, 72.67273747], [-100.0972048, -97.97572904, 74.67163884], [-100.09717986, -97.9094358, 76.67054021], [-100.09715491, -97.84314256, 78.66943395], [-100.09712998, -97.77684908, 80.66833531], [-100.09710503, -97.71055584, 82.66723668], [-100.0970801, -97.64426261, 84.66613805]], "CsaImage.TimeAfterStart": [1.08, 0.72, 1.09, 0.73, 1.1, 0.74, 1.11, 0.75, 1.12, 0.76, 1.13, 0.77, 1.14, 0.78, 1.15, 0.79, 1.16, 0.8, 1.17, 0.81, 1.18, 0.82, 1.19, 0.83, 1.2, 0.84, 1.21, 0.85, 1.22, 0.86, 1.23, 0.87, 1.24, 0.88, 1.25, 0.89, 1.26, 0.9, 1.27, 0.91, 1.28, 0.92, 1.29, 0.93, 1.3, 0.94, 1.31, 0.95, 1.32, 0.96, 1.33, 0.97, 1.34, 0.98, 1.35, 0.99, 1.36, 1.0, 1.37, 1.01, 1.38, 1.02, 1.39, 1.03, 1.4, 1.04, 1.41, 1.05, 1.42, 1.06, 1.43, 1.07], "ImagePositionPatient": [[-100.09885082313, -102.35108619275, -57.25583231911], [-100.09882588603, -102.28479271473, -55.256930951922], [-100.09880094894, -102.21849947514, -53.258029584735], [-100.0987760044, -102.15220623555, -51.259128217547], [-100.0987510673, -102.08591299595, -49.26022685036], [-100.09872613021, -102.01961975636, -47.261325483172], [-100.09870118566, -101.95332627835, -45.262424115985], [-100.09867624857, -101.88703303875, -43.263522748797], [-100.09865130403, -101.82073979916, -41.26462138161], [-100.09862636693, -101.75444655957, -39.265720014422], [-100.09860142984, -101.68815320076, -37.266818647235], [-100.0985764853, -101.62185996117, -35.267921094745], [-100.0985515482, -101.55556660237, -33.269019727557], [-100.09852661111, -101.48927336277, -31.27011836037], [-100.09850166657, -101.42298000397, -29.271216993182], [-100.09847672947, -101.35668676438, -27.272315625995], [-100.09845178493, -101.29039352478, -25.273414258807], [-100.09842684784, -101.22410016598, -23.27451289162], [-100.09840191074, -101.15780692639, -21.275613431781], [-100.0983769662, -101.09151356759, -19.276712064593], [-100.09835202911, -101.02522032799, -17.277810697406], [-100.09832709201, -100.9589270884, -15.278909330218], [-100.09830214747, -100.8926337296, -13.280007963031], [-100.09827721038, -100.8263404304, -11.281107549518], [-100.09825226583, -100.7600471908, -9.2822061823301], [-100.09822732874, -100.69375389161, -7.2833057688169], [-100.09820239165, -100.62746059241, -5.2844044016294], [-100.0981774471, -100.56116729321, -3.2855035112791], [-100.09815251001, -100.49487399401, -1.2866026209288], [-100.09812757292, -100.42858072462, 0.71229850784016], [-100.09810262837, -100.36228742542, 2.7111994577951], [-100.09807769128, -100.29599415602, 4.7101005269594], [-100.09805275418, -100.22970085682, 6.7090014173098], [-100.09802780964, -100.16340757253, 8.7079023076601], [-100.09800287255, -100.09711427333, 10.706803674848], [-100.097977928, -100.03082098903, 12.705704088361], [-100.09795299091, -99.964527701009, 14.704605455548], [-100.09792805382, -99.898234412986, 16.703506822736], [-100.09790310927, -99.831941121239, 18.702407236249], [-100.09787817218, -99.765647836942, 20.701307649762], [-100.09785323509, -99.699354537744, 22.70020901695], [-100.09782829054, -99.633061253447, 24.699110384137], [-100.09780335345, -99.566767954249, 26.698011751325], [-100.09777840891, -99.500474684853, 28.696913118512], [-100.09775347181, -99.434181385655, 30.695812578351], [-100.09772853472, -99.367888086456, 32.694713945539], [-100.09770359018, -99.301594787258, 34.693615312726], [-100.09767865308, -99.235301547665, 36.692516679914], [-100.09765371599, -99.169008248467, 38.691418047101], [-100.09762877145, -99.102714949268, 40.690319414289], [-100.09760383435, -99.03642165007, 42.689220781476], [-100.09757888981, -98.970128350872, 44.688122148664], [-100.09755395272, -98.903835111279, 46.687019701154], [-100.09752901562, -98.837541752476, 48.685921068341], [-100.09750407108, -98.771248512882, 50.684822435529], [-100.09747913398, -98.70495515408, 52.683723802716], [-100.09745419689, -98.638661914486, 54.682625169904], [-100.09742925235, -98.572368674893, 56.681526537091], [-100.09740431525, -98.50607531609, 58.680427904279], [-100.09737937071, -98.439782076496, 60.679329271466], [-100.09735443362, -98.373488717693, 62.678230638654], [-100.09732949652, -98.3071954781, 64.677132005841], [-100.09730455198, -98.240902238506, 66.676029558331], [-100.09727961489, -98.174608879704, 68.674934740216], [-100.09725467779, -98.10831564011, 70.673836107404], [-100.09722973325, -98.042022281307, 72.672737474591], [-100.09720479616, -97.975729041714, 74.671638841779], [-100.09717985906, -97.90943580212, 76.670540208966], [-100.09715491452, -97.843142562527, 78.669433946759], [-100.09712997743, -97.776849084515, 80.668335313947], [-100.09710503288, -97.710555844921, 82.667236681134], [-100.09708009579, -97.644262605328, 84.666138048322]], "InstanceCreationTime": ["120207.226000", "120207.127000", "120207.228000", "120207.132000", "120207.230000", "120207.136000", "120207.232000", "120207.138000", "120207.234000", "120207.140000", "120207.236000", "120207.142000", "120207.237000", "120207.144000", "120207.239000", "120207.147000", "120207.241000", "120207.149000", "120207.243000", "120207.151000", "120207.245000", "120207.153000", "120207.247000", "120207.155000", "120207.249000", "120207.157000", "120207.251000", "120207.159000", "120207.253000", "120207.161000", "120207.254000", "120207.162000", "120207.256000", "120207.164000", "120207.258000", "120207.166000", "120207.260000", "120207.168000", "120207.262000", "120207.170000", "120207.264000", "120207.172000", "120207.266000", "120207.174000", "120207.268000", "120207.176000", "120207.270000", "120207.177000", "120207.272000", "120207.203000", "120207.274000", "120207.205000", "120207.275000", "120207.207000", "120207.277000", "120207.209000", "120207.279000", "120207.211000", "120207.281000", "120207.213000", "120207.283000", "120207.215000", "120207.285000", "120207.217000", "120207.287000", "120207.219000", "120207.289000", "120207.221000", "120207.291000", "120207.222000", "120207.292000", "120207.224000"], "InstanceNumber": [1, 2, 3, 4, 5, 6, 7, 8, 9, 10, 11, 12, 13, 14, 15, 16, 17, 18, 19, 20, 21, 22, 23, 24, 25, 26, 27, 28, 29, 30, 31, 32, 33, 34, 35, 36, 37, 38, 39, 40, 41, 42, 43, 44, 45, 46, 47, 48, 49, 50, 51, 52, 53, 54, 55, 56, 57, 58, 59, 60, 61, 62, 63, 64, 65, 66, 67, 68, 69, 70, 71, 72], "LargestImagePixelValue": [4094, 4093, 4094, 4095, 4095, 4094, 4094, 4094, 4093, 4094, 4094, 4094, 4094, 4093, 4095, 4093, 4093, 4094, 4093, 4095, 4093, 4094, 4092, 4093, 4095, 4094, 4092, 4075, 4095, 4095, 4093, 4092, 4094, 4090, 4094, 4094, 4087, 4083, 4095, 4095, 4094, 4088, 4093, 4094, 4093, 4094, 4095, 4094, 4090, 4092, 4095, 4089, 4095, 4094, 4095, 4094, 4095, 4093, 4095, 4094, 4093, 4095, 4095, 4095, 4094, 4094, 4095, 4095, 4095, 4095, 4092, 4095], "SliceLocation": [-60.618213405642, -58.618213030244, -56.618212662749, -54.618212295253, -52.618211927758, -50.618211560263, -48.618211184864, -46.618210817369, -44.618210449873, -42.618210082378, -40.618209710931, -38.618213156037, -36.61821278459, -34.618212417095, -32.618212045648, -30.618211678152, -28.618211310657, -26.61821093921, -24.618212478015, -22.618212106568, -20.618211739073, -18.618211371578, -16.618211000131, -14.61821158381, -12.618211216314, -10.618211799994, -8.6182114305226, -6.6182115376265, -4.6182116447306, -2.6182115145349, -0.618211562067, 1.3817885085568, 3.3817884014528, 5.3817882938549, 7.381788663326, 9.381788079153, 11.381788448254, 13.381788817354, 15.381788233428, 17.381787649255, 19.381788018726, 21.381788387703, 23.381788757175, 25.381789125658, 27.381787588828, 29.3817879583, 31.381788327771, 33.381788695266, 35.381789064737, 37.381789434208, 39.381789803679, 41.381790173151, 43.381786728045, 45.381787099492, 47.381787466987, 49.381787838434, 51.381788205929, 53.381788573425, 55.381788944872, 57.381789312367, 59.381789683814, 61.381790051309, 63.381786606204, 65.381790790252, 67.381791157747, 69.381791529194, 71.381791896689, 73.381792264185, 75.381785006478, 77.381785381876, 79.381785749372, 81.381786116867], "SmallestImagePixelValue": [0, 0, 4, 0, 0, 0, 0, 1, 0, 0, 0, 0, 0, 0, 1, 0, 3, 2, 0, 0, 0, 3, 0, 0, 2, 0, 15, 5, 1, 1, 2, 5, 1, 3, 4, 0, 6, 13, 0, 2, 0, 0, 4, 1, 0, 1, 1, 0, 3, 0, 0, 0, 0, 1, 1, 1, 0, 0, 0, 1, 0, 0, 0, 0, 0, 0, 0, 0, 0, 0, 0, 0], "WindowCenter": [-198.0, -230.0, -232.0, -254.0, -232.0, -222.0, -152.0, -166.0, -142.0, -146.0, -140.0, -132.0, -226.0, -216.0, -196.0, -238.0, -282.0, -256.0, -254.0, -252.0, -286.0, -292.0, -310.0, -210.0, -162.0, -132.0, -106.0, -142.0, -152.0, -194.0, -214.0, -166.0, -206.0, -194.0, -136.0, -110.0, -120.0, -116.0, -82.0, -132.0, -96.0, -100.0, -36.0, -60.0, -70.0, -50.0, 2.0, -26.0, -8.0, -32.0, 0.0, 4.0, 18.0, -4.0, -8.0, -20.0, -34.0, -18.0, -74.0, -88.0, -194.0, -184.0, -210.0, -266.0, -274.0, -272.0, -276.0, -302.0, -334.0, -314.0, -356.0, -368.0], "WindowWidth": [6166.0, 6162.0, 6226.0, 6214.0, 6264.0, 6308.0, 6418.0, 6350.0, 6408.0, 6390.0, 6438.0, 6404.0, 6482.0, 6490.0, 6410.0, 6270.0, 6138.0, 6116.0, 6068.0, 6016.0, 5864.0, 5748.0, 5644.0, 5734.0, 5652.0, 5564.0, 5598.0, 5452.0, 5464.0, 5236.0, 4946.0, 5294.0, 5138.0, 5180.0, 5368.0, 5440.0, 5424.0, 5296.0, 5416.0, 5224.0, 5294.0, 5242.0, 5424.0, 5344.0, 5318.0, 5404.0, 5472.0, 5348.0, 5362.0, 5274.0, 5534.0, 5574.0, 5650.0, 5660.0, 5680.0, 5746.0, 5764.0, 5788.0, 5708.0, 5790.0, 5718.0, 5818.0, 5812.0, 5886.0, 5790.0, 5790.0, 5962.0, 5980.0, 5948.0, 6148.0, 6084.0, 6190.0]}}, "IntendedFor": ["ses-floc/func/sub-06_ses-floc_task-floc_run-03_bold.nii.gz", "ses-floc/func/sub-06_ses-floc_task-floc_run-01_bold.nii.gz", "ses-floc/func/sub-06_ses-floc_task-floc_run-02_bold.nii.gz", "ses-floc/func/sub-06_ses-floc_task-floc_run-04_bold.nii.gz"]}