{"AcquisitionMatrixPE": 100, "AcquisitionNumber": 1, "AcquisitionTime": "13:39:51.335000", "BaseResolution": 100, "BodyPartExamined": "BRAIN", "ConsistencyInfo": "N4_VE11C_LATEST_20160120", "ConversionSoftware": "dcm2niix", "ConversionSoftwareVersion": "v1.0.20180622 GCC4.9.2", "DeviceSerialNumber": "166078", "DwellTime": 8.8e-06, "EchoNumber": 2, "EchoTime": 0.00738, "EchoTime1": 0.00492, "EchoTime2": 0.00738, "FlipAngle": 60, "ImageOrientationPatientDICOM": [1, 0, 0, 0, 0.988228, -0.152986], "ImageType": ["ORIGINAL", "PRIMARY", "P", "ND"], "InPlanePhaseEncodingDirectionDICOM": "ROW", "InstitutionAddress": "Street_StreetNo_Bei_Jing_District_CN_ZIP", "InstitutionName": "BeiJing_Normal_University", "InstitutionalDepartmentName": "Department", "MRAcquisitionType": "2D", "MagneticFieldStrength": 3, "Manufacturer": "Siemens", "ManufacturersModelName": "Prisma", "Modality": "MR", "PartialFourier": 1, "PatientPosition": "HFS", "PercentPhaseFOV": 100, "PhaseEncodingDirection": "i", "PhaseEncodingSteps": 100, "PhaseResolution": 1, "PixelBandwidth": 570, "ProcedureStepDescription": "BNU_P2018_64CH_Zhen.ZongLei", "ProtocolName": "field_mapping_2x2x2", "PulseSequenceDetails": "%SiemensSeq%_gre_field_mapping", "ReceiveCoilActiveElements": "HC1-7;NC1", "ReceiveCoilName": "HeadNeck_64", "ReconMatrixPE": 100, "RepetitionTime": 0.72, "SAR": 0.121497, "ScanningSequence": "GR", "SequenceName": "_fm2d2r", "SequenceVariant": "SP", "SeriesDescription": "field_mapping_2x2x2", "SeriesNumber": 9, "ShimSetting": [-5449, -11493, -1257, 267, -29, -269, -251, 68], "SliceThickness": 2, "SoftwareVersions": "syngo_MR_E11", "SpacingBetweenSlices": 2, "StationName": "AWP166078", "TxRefAmp": 220.938, "dcmmeta_affine": [[-2.0, 0.0, 0.0, 102.69879150390625], [0.0, 1.9764567613601685, -0.3059711456298828, -85.025390625], [0.0, 0.3059716820716858, 1.9764556884765625, -82.86277770996094], [0.0, 0.0, 0.0, 1.0]], "dcmmeta_reorient_transform": [[0.0, -1.0, 0.0, 99.0], [1.0, 0.0, 0.0, 0.0], [0.0, 0.0, -1.0, 71.0], [0.0, 0.0, 0.0, 1.0]], "dcmmeta_shape": [100, 100, 72], "dcmmeta_slice_dim": 2, "dcmmeta_version": 0.6, "global": {"const": {"AcquisitionMatrix": [0, 100, 100, 0], "AcquisitionNumber": 1, "AngioFlag": "N", "BitsAllocated": 16, "BitsStored": 12, "BodyPartExamined": "BRAIN", "Columns": 100, "EchoNumbers": 2, "EchoTime": 7.38, "EchoTrainLength": 0, "FlipAngle": 60.0, "HighBit": 11, "ImageOrientationPatient": [1.0, 0.0, 0.0, 0.0, 0.98822838010782, -0.1529858449317], "ImageType": ["ORIGINAL", "PRIMARY", "P", "ND"], "ImagedNucleus": "1H", "ImagingFrequency": 123.257782, "InPlanePhaseEncodingDirection": "ROW", "MRAcquisitionType": "2D", "MagneticFieldStrength": 3.0, "Manufacturer": "SIEMENS", "ManufacturerModelName": "Prisma", "Modality": "MR", "NumberOfAverages": 1.0, "NumberOfPhaseEncodingSteps": 100, "PercentPhaseFieldOfView": 100.0, "PercentSampling": 100.0, "PerformedProcedureStepStartTime": "124405.346000", "PhotometricInterpretation": "MONOCHROME2", "PixelBandwidth": 570.0, "PixelRepresentation": 0, "PixelSpacing": [2.0, 2.0], "ProtocolName": "field_mapping_2x2x2", "RepetitionTime": 720.0, "RescaleIntercept": -4096.0, "RescaleSlope": 2.0, "RescaleType": "US", "Rows": 100, "SAR": 0.12149674759028, "SamplesPerPixel": 1, "ScanningSequence": "GR", "SequenceName": "*fm2d2r", "SequenceVariant": "SP", "SeriesDescription": "field_mapping_2x2x2", "SeriesNumber": 9, "SeriesTime": "134216.481000", "SliceThickness": 2.0, "SoftwareVersions": "syngo MR E11", "SpacingBetweenSlices": 2.0, "SpecificCharacterSet": "ISO_IR 100", "StudyID": "1", "StudyTime": "124405.231000", "TransmitCoilName": "Body", "VariableFlipAngleFlag": "N", "WindowCenterWidthExplanation": "Algo1", "dBdt": 0.0}, "slices": {"AcquisitionTime": ["133951.335000", "133950.975000", "133951.345000", "133950.985000", "133951.355000", "133950.995000", "133951.365000", "133951.005000", "133951.375000", "133951.015000", "133951.385000", "133951.025000", "133951.395000", "133951.035000", "133951.405000", "133951.045000", "133951.415000", "133951.055000", "133951.425000", "133951.065000", "133951.435000", "133951.075000", "133951.445000", "133951.085000", "133951.455000", "133951.095000", "133951.465000", "133951.105000", "133951.475000", "133951.115000", "133951.485000", "133951.125000", "133951.495000", "133951.135000", "133951.505000", "133951.145000", "133951.515000", "133951.155000", "133951.525000", "133951.165000", "133951.535000", "133951.175000", "133951.545000", "133951.185000", "133951.555000", "133951.195000", "133951.565000", "133951.205000", "133951.575000", "133951.215000", "133951.585000", "133951.225000", "133951.595000", "133951.235000", "133951.605000", "133951.245000", "133951.615000", "133951.255000", "133951.625000", "133951.265000", "133951.635000", "133951.275000", "133951.645000", "133951.285000", "133951.655000", "133951.295000", "133951.665000", "133951.305000", "133951.675000", "133951.315000", "133951.685000", "133951.325000"], "ContentTime": ["134216.589000", "134216.491000", "134216.591000", "134216.494000", "134216.594000", "134216.496000", "134216.596000", "134216.498000", "134216.598000", "134216.500000", "134216.600000", "134216.501000", "134216.602000", "134216.503000", "134216.605000", "134216.505000", "134216.607000", "134216.507000", "134216.609000", "134216.509000", "134216.611000", "134216.511000", "134216.616000", "134216.513000", "134216.618000", "134216.515000", "134216.620000", "134216.517000", "134216.622000", "134216.519000", "134216.624000", "134216.521000", "134216.626000", "134216.523000", "134216.628000", "134216.525000", "134216.630000", "134216.527000", "134216.632000", "134216.529000", "134216.634000", "134216.531000", "134216.636000", "134216.533000", "134216.638000", "134216.535000", "134216.640000", "134216.537000", "134216.642000", "134216.555000", "134216.644000", "134216.557000", "134216.646000", "134216.559000", "134216.650000", "134216.562000", "134216.653000", "134216.564000", "134216.655000", "134216.566000", "134216.657000", "134216.568000", "134216.660000", "134216.570000", "134216.663000", "134216.572000", "134216.665000", "134216.574000", "134216.667000", "134216.576000", "134216.669000", "134216.587000"], "CsaImage.GSWDDataType": ["measured", "predicted", "measured", "predicted", "measured", "predicted", "measured", "predicted", "measured", "predicted", "measured", "predicted", "measured", "predicted", "measured", "predicted", "measured", "predicted", "measured", "predicted", "measured", "predicted", "measured", "predicted", "measured", "predicted", "measured", "predicted", "measured", "predicted", "measured", "predicted", "measured", "predicted", "measured", "predicted", "measured", "predicted", "measured", "predicted", "measured", "predicted", "measured", "predicted", "measured", "predicted", "measured", "predicted", "measured", "predicted", "measured", "predicted", "measured", "predicted", "measured", "predicted", "measured", "predicted", "measured", "predicted", "measured", "predicted", "measured", "measured", "measured", "measured", "measured", "measured", "measured", "measured", "measured", "measured"], "CsaImage.ICE_Dims": ["X_2_1_1_1_1_1_37_1_1_1_1_106", "X_2_1_1_1_1_1_1_1_1_2_1_106", "X_2_1_1_1_1_1_38_1_1_3_1_106", "X_2_1_1_1_1_1_2_1_1_4_1_106", "X_2_1_1_1_1_1_39_1_1_5_1_106", "X_2_1_1_1_1_1_3_1_1_6_1_106", "X_2_1_1_1_1_1_40_1_1_7_1_106", "X_2_1_1_1_1_1_4_1_1_8_1_106", "X_2_1_1_1_1_1_41_1_1_9_1_106", "X_2_1_1_1_1_1_5_1_1_10_1_106", "X_2_1_1_1_1_1_42_1_1_11_1_106", "X_2_1_1_1_1_1_6_1_1_12_1_106", "X_2_1_1_1_1_1_43_1_1_13_1_106", "X_2_1_1_1_1_1_7_1_1_14_1_106", "X_2_1_1_1_1_1_44_1_1_15_1_106", "X_2_1_1_1_1_1_8_1_1_16_1_106", "X_2_1_1_1_1_1_45_1_1_17_1_106", "X_2_1_1_1_1_1_9_1_1_18_1_106", "X_2_1_1_1_1_1_46_1_1_19_1_106", "X_2_1_1_1_1_1_10_1_1_20_1_106", "X_2_1_1_1_1_1_47_1_1_21_1_106", "X_2_1_1_1_1_1_11_1_1_22_1_106", "X_2_1_1_1_1_1_48_1_1_23_1_106", "X_2_1_1_1_1_1_12_1_1_24_1_106", "X_2_1_1_1_1_1_49_1_1_25_1_106", "X_2_1_1_1_1_1_13_1_1_26_1_106", "X_2_1_1_1_1_1_50_1_1_27_1_106", "X_2_1_1_1_1_1_14_1_1_28_1_106", "X_2_1_1_1_1_1_51_1_1_29_1_106", "X_2_1_1_1_1_1_15_1_1_30_1_106", "X_2_1_1_1_1_1_52_1_1_31_1_106", "X_2_1_1_1_1_1_16_1_1_32_1_106", "X_2_1_1_1_1_1_53_1_1_33_1_106", "X_2_1_1_1_1_1_17_1_1_34_1_106", "X_2_1_1_1_1_1_54_1_1_35_1_106", "X_2_1_1_1_1_1_18_1_1_36_1_106", "X_2_1_1_1_1_1_55_1_1_37_1_106", "X_2_1_1_1_1_1_19_1_1_38_1_106", "X_2_1_1_1_1_1_56_1_1_39_1_106", "X_2_1_1_1_1_1_20_1_1_40_1_106", "X_2_1_1_1_1_1_57_1_1_41_1_106", "X_2_1_1_1_1_1_21_1_1_42_1_106", "X_2_1_1_1_1_1_58_1_1_43_1_106", "X_2_1_1_1_1_1_22_1_1_44_1_106", "X_2_1_1_1_1_1_59_1_1_45_1_106", "X_2_1_1_1_1_1_23_1_1_46_1_106", "X_2_1_1_1_1_1_60_1_1_47_1_106", "X_2_1_1_1_1_1_24_1_1_48_1_106", "X_2_1_1_1_1_1_61_1_1_49_1_106", "X_2_1_1_1_1_1_25_1_1_50_1_106", "X_2_1_1_1_1_1_62_1_1_51_1_106", "X_2_1_1_1_1_1_26_1_1_52_1_106", "X_2_1_1_1_1_1_63_1_1_53_1_106", "X_2_1_1_1_1_1_27_1_1_54_1_106", "X_2_1_1_1_1_1_64_1_1_55_1_106", "X_2_1_1_1_1_1_28_1_1_56_1_106", "X_2_1_1_1_1_1_65_1_1_57_1_106", "X_2_1_1_1_1_1_29_1_1_58_1_106", "X_2_1_1_1_1_1_66_1_1_59_1_106", "X_2_1_1_1_1_1_30_1_1_60_1_106", "X_2_1_1_1_1_1_67_1_1_61_1_106", "X_2_1_1_1_1_1_31_1_1_62_1_106", "X_2_1_1_1_1_1_68_1_1_63_1_106", "X_2_1_1_1_1_1_32_1_1_64_1_106", "X_2_1_1_1_1_1_69_1_1_65_1_106", "X_2_1_1_1_1_1_33_1_1_66_1_106", "X_2_1_1_1_1_1_70_1_1_67_1_106", "X_2_1_1_1_1_1_34_1_1_68_1_106", "X_2_1_1_1_1_1_71_1_1_69_1_106", "X_2_1_1_1_1_1_35_1_1_70_1_106", "X_2_1_1_1_1_1_72_1_1_71_1_106", "X_2_1_1_1_1_1_36_1_1_72_1_106"], "CsaImage.ProtocolSliceNumber": [0, 1, 2, 3, 4, 5, 6, 7, 8, 9, 10, 11, 12, 13, 14, 15, 16, 17, 18, 19, 20, 21, 22, 23, 24, 25, 26, 27, 28, 29, 30, 31, 32, 33, 34, 35, 36, 37, 38, 39, 40, 41, 42, 43, 44, 45, 46, 47, 48, 49, 50, 51, 52, 53, 54, 55, 56, 57, 58, 59, 60, 61, 62, 63, 64, 65, 66, 67, 68, 69, 70, 71], "CsaImage.RFSWDDataType": ["measured", "predicted", "measured", "predicted", "measured", "predicted", "measured", "predicted", "measured", "predicted", "measured", "predicted", "measured", "predicted", "measured", "predicted", "measured", "predicted", "measured", "predicted", "measured", "predicted", "measured", "predicted", "measured", "predicted", "measured", "predicted", "measured", "predicted", "measured", "predicted", "measured", "predicted", "measured", "predicted", "measured", "predicted", "measured", "predicted", "measured", "predicted", "measured", "predicted", "measured", "predicted", "measured", "predicted", "measured", "predicted", "measured", "predicted", "measured", "predicted", "measured", "predicted", "measured", "predicted", "measured", "measured", "measured", "measured", "measured", "measured", "measured", "measured", "measured", "measured", "measured", "measured", "measured", "measured"], "CsaImage.SlicePosition_PCS": [[-102.69879508, -110.64386863, -52.57165476], [-102.69879508, -110.33789653, -50.59519908], [-102.69879508, -110.03192538, -48.61873957], [-102.69879508, -109.72595328, -46.64228388], [-102.69879508, -109.41998214, -44.6658282], [-102.69879508, -109.11401004, -42.68937251], [-102.69879508, -108.80803889, -40.712913], [-102.69879508, -108.50206679, -38.73645732], [-102.69879508, -108.19609469, -36.76000163], [-102.69879508, -107.89012355, -34.78354212], [-102.69879508, -107.58415145, -32.80708644], [-102.69879508, -107.2781803, -30.83063075], [-102.69879508, -106.9722082, -28.85417506], [-102.69879508, -106.66623658, -26.87771556], [-102.69879508, -106.36026496, -24.90125987], [-102.69879508, -106.05429334, -22.92480418], [-102.69879508, -105.74832171, -20.94834468], [-102.69879508, -105.44235009, -18.97188899], [-102.69879508, -105.13637847, -16.9954333], [-102.69879508, -104.83040685, -15.0189757], [-102.69879508, -104.52443522, -13.04252001], [-102.69879508, -104.2184636, -11.06606242], [-102.69879508, -103.9124915, -9.08960673], [-102.69879508, -103.60651988, -7.11314913], [-102.69879508, -103.30054826, -5.13669154], [-102.69879508, -102.99457664, -3.16023585], [-102.69879508, -102.68860501, -1.18377825], [-102.69879508, -102.38263339, 0.79267839], [-102.69879508, -102.07666177, 2.76913503], [-102.69879508, -101.77069015, 4.74559167], [-102.69879508, -101.46471828, 6.72204831], [-102.69879508, -101.15874666, 8.69850496], [-102.69879508, -100.85277504, 10.6749616], [-102.69879508, -100.5468033, 12.65141848], [-102.69879508, -100.24083168, 14.62787524], [-102.69879508, -99.93485993, 16.604332], [-102.69879508, -99.62888831, 18.58078888], [-102.69879508, -99.32291663, 20.55724576], [-102.69879508, -99.01694498, 22.53370241], [-102.69879508, -98.7109733, 24.51015905], [-102.69879508, -98.40500164, 26.48661569], [-102.69879508, -98.09902996, 28.46307233], [-102.69879508, -97.79305834, 30.43952897], [-102.69879508, -97.4870866, 32.41598562], [-102.69879508, -97.18111497, 34.39244321], [-102.69879508, -96.87514323, 36.3688989], [-102.69879508, -96.56917161, 38.3453565], [-102.69879508, -96.26319999, 40.32181409], [-102.69879508, -95.95722836, 42.29826978], [-102.69879508, -95.6512565, 44.27472738], [-102.69879508, -95.34528488, 46.25118306], [-102.69879508, -95.03931326, 48.22763875], [-102.69879508, -94.7333414, 50.20409826], [-102.69879508, -94.42736978, 52.18055395], [-102.69879508, -94.12139815, 54.15700963], [-102.69879508, -93.81542653, 56.13346914], [-102.69879508, -93.50945491, 58.10992483], [-102.69879508, -93.20348329, 60.08638051], [-102.69879508, -92.89751166, 62.0628362], [-102.69879508, -92.59154004, 64.03929571], [-102.69879508, -92.28556794, 66.01575139], [-102.69879508, -91.97959632, 67.99220708], [-102.69879508, -91.6736247, 69.96866277], [-102.69879508, -91.36765307, 71.94512227], [-102.69879508, -91.06168145, 73.92157796], [-102.69879508, -90.75570983, 75.89803365], [-102.69879508, -90.44973773, 77.87449315], [-102.69879508, -90.14376658, 79.85094503], [-102.69879508, -89.83779449, 81.82740835], [-102.69879508, -89.53182334, 83.80386403], [-102.69879508, -89.22585124, 85.78031972], [-102.69879508, -88.91988009, 87.75677541]], "CsaImage.TimeAfterStart": [1.0825, 0.7225, 1.0925, 0.7325, 1.1025, 0.7425, 1.1125, 0.7525, 1.1225, 0.7625, 1.1325, 0.7725, 1.1425, 0.7825, 1.1525, 0.7925, 1.1625, 0.8025, 1.1725, 0.8125, 1.1825, 0.8225, 1.1925, 0.8325, 1.2025, 0.8425, 1.2125, 0.8525, 1.2225, 0.8625, 1.2325, 0.8725, 1.2425, 0.8825, 1.2525, 0.8925, 1.2625, 0.9025, 1.2725, 0.9125, 1.2825, 0.9225, 1.2925, 0.9325, 1.3025, 0.9425, 1.3125, 0.9525, 1.3225, 0.9625, 1.3325, 0.9725, 1.3425, 0.9825, 1.3525, 0.9925, 1.3625, 1.0025, 1.3725, 1.0125, 1.3825, 1.0225, 1.3925, 1.0325, 1.4025, 1.0425, 1.4125, 1.0525, 1.4225, 1.0625, 1.4325, 1.0725], "ImagePositionPatient": [[-102.69879508018, -110.64386862754, -52.571654764639], [-102.69879508018, -110.33789652824, -50.595199076163], [-102.69879508018, -110.03192538261, -48.618739572989], [-102.69879508018, -109.7259532833, -46.642283884513], [-102.69879508018, -109.41998213767, -44.665828196036], [-102.69879508018, -109.11401003837, -42.689372507559], [-102.69879508018, -108.80803889274, -40.712913004386], [-102.69879508018, -108.50206679344, -38.736457315909], [-102.69879508018, -108.19609469413, -36.760001627432], [-102.69879508018, -107.8901235485, -34.783542124259], [-102.69879508018, -107.5841514492, -32.807086435782], [-102.69879508018, -107.27818030357, -30.830630747306], [-102.69879508018, -106.97220820426, -28.854175058829], [-102.69879508018, -106.6662365818, -26.877715555655], [-102.69879508018, -106.36026495933, -24.901259867179], [-102.69879508018, -106.05429333686, -22.924804178702], [-102.69879508018, -105.7483217144, -20.948344675528], [-102.69879508018, -105.44235009193, -18.971888987052], [-102.69879508018, -105.13637846946, -16.995433298575], [-102.69879508018, -104.83040684699, -15.01897570275], [-102.69879508018, -104.52443522453, -13.042520014273], [-102.69879508018, -104.21846360206, -11.066062418448], [-102.69879508018, -103.91249150276, -9.0896067299715], [-102.69879508018, -103.60651988029, -7.1131491341463], [-102.69879508018, -103.30054825782, -5.1366915383211], [-102.69879508018, -102.99457663535, -3.1602358498446], [-102.69879508018, -102.68860501289, -1.1837782540194], [-102.69879508018, -102.38263339042, 0.7926783881315], [-102.69879508018, -102.07666176795, 2.7691350302824], [-102.69879508018, -101.77069014549, 4.7455916724333], [-102.69879508018, -101.4647182846, 6.7220483145841], [-102.69879508018, -101.15874666213, 8.698504956735], [-102.69879508018, -100.85277503967, 10.674961598886], [-102.69879508018, -100.54680329799, 12.651418479455], [-102.69879508018, -100.24083167552, 14.627875240816], [-102.69879508018, -99.934859933847, 16.604332002176], [-102.69879508018, -99.62888831138, 18.580788882745], [-102.69879508018, -99.322916629308, 20.557245763315], [-102.69879508018, -99.016944977039, 22.533702405465], [-102.69879508018, -98.710973302418, 24.510159047616], [-102.69879508018, -98.405001642698, 26.486615689767], [-102.69879508018, -98.099029960626, 28.463072331918], [-102.69879508018, -97.793058338159, 30.439528974069], [-102.69879508018, -97.487086596483, 32.41598561622], [-102.69879508018, -97.181114974016, 34.392443212045], [-102.69879508018, -96.87514323234, 36.368898900522], [-102.69879508018, -96.569171609873, 38.345356496347], [-102.69879508018, -96.263199987406, 40.321814092172], [-102.69879508018, -95.957228364938, 42.298269780649], [-102.69879508018, -95.651256504053, 44.274727376474], [-102.69879508018, -95.345284881586, 46.25118306495], [-102.69879508018, -95.039313259119, 48.227638753427], [-102.69879508018, -94.733341398233, 50.204098256601], [-102.69879508018, -94.427369775766, 52.180553945077], [-102.69879508018, -94.121398153299, 54.157009633554], [-102.69879508018, -93.815426530832, 56.133469136728], [-102.69879508018, -93.509454908365, 58.109924825204], [-102.69879508018, -93.203483285898, 60.086380513681], [-102.69879508018, -92.897511663431, 62.062836202157], [-102.69879508018, -92.591540040964, 64.039295705331], [-102.69879508018, -92.28556794166, 66.015751393808], [-102.69879508018, -91.979596319193, 67.992207082284], [-102.69879508018, -91.673624696726, 69.968662770761], [-102.69879508018, -91.367653074259, 71.945122273935], [-102.69879508018, -91.061681451792, 73.921577962411], [-102.69879508018, -90.755709829324, 75.898033650888], [-102.69879508018, -90.44973773002, 77.874493154062], [-102.69879508018, -90.14376658439, 79.850945027841], [-102.69879508018, -89.837794485086, 81.827408345712], [-102.69879508018, -89.531823339456, 83.803864034189], [-102.69879508018, -89.225851240152, 85.780319722665], [-102.69879508018, -88.919880094522, 87.756775411142]], "InstanceCreationTime": ["134216.589000", "134216.491000", "134216.591000", "134216.494000", "134216.594000", "134216.496000", "134216.596000", "134216.498000", "134216.598000", "134216.500000", "134216.600000", "134216.501000", "134216.602000", "134216.503000", "134216.605000", "134216.505000", "134216.607000", "134216.507000", "134216.609000", "134216.509000", "134216.611000", "134216.511000", "134216.616000", "134216.513000", "134216.618000", "134216.515000", "134216.620000", "134216.517000", "134216.622000", "134216.519000", "134216.624000", "134216.521000", "134216.626000", "134216.523000", "134216.628000", "134216.525000", "134216.630000", "134216.527000", "134216.632000", "134216.529000", "134216.634000", "134216.531000", "134216.636000", "134216.533000", "134216.638000", "134216.535000", "134216.640000", "134216.537000", "134216.642000", "134216.555000", "134216.644000", "134216.557000", "134216.646000", "134216.559000", "134216.650000", "134216.562000", "134216.653000", "134216.564000", "134216.655000", "134216.566000", "134216.657000", "134216.568000", "134216.660000", "134216.570000", "134216.663000", "134216.572000", "134216.665000", "134216.574000", "134216.667000", "134216.576000", "134216.669000", "134216.587000"], "InstanceNumber": [1, 2, 3, 4, 5, 6, 7, 8, 9, 10, 11, 12, 13, 14, 15, 16, 17, 18, 19, 20, 21, 22, 23, 24, 25, 26, 27, 28, 29, 30, 31, 32, 33, 34, 35, 36, 37, 38, 39, 40, 41, 42, 43, 44, 45, 46, 47, 48, 49, 50, 51, 52, 53, 54, 55, 56, 57, 58, 59, 60, 61, 62, 63, 64, 65, 66, 67, 68, 69, 70, 71, 72], "LargestImagePixelValue": [4094, 4093, 4093, 4093, 4095, 4093, 4094, 4094, 4093, 4095, 4093, 4091, 4094, 4093, 4095, 4095, 4094, 4090, 4092, 4094, 4093, 4095, 4089, 4095, 4095, 4088, 4090, 4091, 4095, 4094, 4092, 4092, 4093, 4093, 4088, 4092, 4084, 4089, 4091, 4093, 4095, 4091, 4094, 4093, 4094, 4090, 4087, 4093, 4093, 4095, 4093, 4093, 4094, 4094, 4094, 4095, 4095, 4089, 4095, 4095, 4093, 4094, 4095, 4093, 4093, 4095, 4095, 4095, 4095, 4095, 4094, 4095], "SliceLocation": [-68.879746956147, -66.879747952631, -64.879745325222, -62.879746321707, -60.87974746409, -58.879748460574, -56.879745833165, -54.879746829649, -52.879747826134, -50.879745198724, -48.879746195209, -46.879747337592, -44.879748334076, -42.879745633718, -40.879746703151, -38.879747772585, -36.879745072227, -34.87974614166, -32.879747211094, -30.879746395632, -28.879747465065, -26.879746649603, -24.879747646087, -22.879746830625, -20.879746015162, -18.879747084596, -16.879746269134, -14.879746396119, -12.879746523105, -10.879746650091, -8.8797467406017, -6.8797468675873, -4.8797469945729, -2.8797468677092, -0.8797468768889, 1.1202531321688, 3.1202532407952, 5.1202533585402, 7.1202532361139, 9.1202531171071, 11.120252995821, 13.120252877954, 15.120252750968, 17.12025264222, 19.120253457682, 21.120252406486, 23.120253221948, 25.12025403741, 27.120252967977, 29.120253819914, 31.12025275048, 33.120251681047, 35.12025441788, 37.120253348446, 39.120252279012, 41.120254979371, 43.120253909937, 45.120252840503, 47.12025177107, 49.120254471428, 51.120253474944, 53.12025240551, 55.120251336076, 57.120254036435, 59.120252967001, 61.120251897568, 63.120254670875, 65.1202497587, 67.1202563018, 69.120255159417, 71.120254162933, 73.12025302055], "SmallestImagePixelValue": [0, 0, 0, 6, 0, 0, 0, 0, 0, 2, 0, 0, 0, 0, 0, 1, 0, 0, 0, 1, 0, 0, 2, 0, 0, 2, 0, 1, 0, 2, 0, 1, 1, 0, 1, 3, 0, 7, 0, 0, 0, 4, 0, 0, 0, 0, 0, 3, 1, 1, 1, 0, 0, 3, 1, 0, 2, 0, 1, 0, 0, 0, 0, 0, 0, 0, 0, 2, 0, 0, 0, 0], "WindowCenter": [-296.0, -262.0, -250.0, -218.0, -230.0, -228.0, -220.0, -182.0, -208.0, -162.0, -146.0, -140.0, -120.0, -158.0, -142.0, -160.0, -196.0, -218.0, -212.0, -202.0, -192.0, -190.0, -172.0, -200.0, -152.0, -162.0, -180.0, -216.0, -300.0, -200.0, -168.0, -172.0, -114.0, -102.0, -112.0, -104.0, -96.0, -128.0, -134.0, -244.0, -246.0, -124.0, -228.0, -116.0, -80.0, -176.0, -152.0, -140.0, -152.0, -166.0, -200.0, -212.0, -232.0, -104.0, -162.0, -156.0, -150.0, -104.0, -86.0, -42.0, -84.0, -80.0, -86.0, -148.0, -166.0, -214.0, -268.0, -258.0, -258.0, -266.0, -368.0, -352.0], "WindowWidth": [5992.0, 6060.0, 6052.0, 6090.0, 6102.0, 6118.0, 6064.0, 6088.0, 6124.0, 6162.0, 6196.0, 6204.0, 6184.0, 6132.0, 6088.0, 6036.0, 5890.0, 5774.0, 5776.0, 5740.0, 5596.0, 5272.0, 5532.0, 5460.0, 5570.0, 5504.0, 5424.0, 5184.0, 4640.0, 5166.0, 5458.0, 5348.0, 5528.0, 5506.0, 5426.0, 5456.0, 5428.0, 5182.0, 5208.0, 4614.0, 4624.0, 5112.0, 4610.0, 4892.0, 4928.0, 4574.0, 4562.0, 4562.0, 4570.0, 4586.0, 4612.0, 4624.0, 4654.0, 5386.0, 5368.0, 5378.0, 5376.0, 5586.0, 5708.0, 5766.0, 5750.0, 5734.0, 5808.0, 5758.0, 5928.0, 5906.0, 5954.0, 5950.0, 6024.0, 6050.0, 6028.0, 6034.0]}}, "IntendedFor": ["ses-imagenet02/func/sub-04_ses-imagenet02_task-imagenet_run-02_bold.nii.gz", "ses-imagenet02/func/sub-04_ses-imagenet02_task-imagenet_run-10_bold.nii.gz", "ses-imagenet02/func/sub-04_ses-imagenet02_task-imagenet_run-09_bold.nii.gz", "ses-imagenet02/func/sub-04_ses-imagenet02_task-imagenet_run-06_bold.nii.gz", "ses-imagenet02/func/sub-04_ses-imagenet02_task-imagenet_run-04_bold.nii.gz", "ses-imagenet02/func/sub-04_ses-imagenet02_task-imagenet_run-07_bold.nii.gz", "ses-imagenet02/func/sub-04_ses-imagenet02_task-imagenet_run-08_bold.nii.gz", "ses-imagenet02/func/sub-04_ses-imagenet02_task-imagenet_run-05_bold.nii.gz", "ses-imagenet02/func/sub-04_ses-imagenet02_task-imagenet_run-03_bold.nii.gz", "ses-imagenet02/func/sub-04_ses-imagenet02_task-imagenet_run-01_bold.nii.gz"]}