{"AcquisitionMatrixPE": 100, "AcquisitionNumber": 1, "AcquisitionTime": "13:55:45.647500", "BaseResolution": 100, "BodyPartExamined": "BRAIN", "ConsistencyInfo": "N4_VE11C_LATEST_20160120", "ConversionSoftware": "dcm2niix", "ConversionSoftwareVersion": "v1.0.20180622 GCC4.9.2", "DeviceSerialNumber": "166078", "DwellTime": 8.8e-06, "EchoNumber": 2, "EchoTime": 0.00738, "EchoTime1": 0.00492, "EchoTime2": 0.00738, "FlipAngle": 60, "ImageOrientationPatientDICOM": [0.999535, -0.00861163, -0.0292462, -4.6781e-11, 0.959278, -0.282462], "ImageType": ["ORIGINAL", "PRIMARY", "P", "ND"], "InPlanePhaseEncodingDirectionDICOM": "ROW", "InstitutionAddress": "Street_StreetNo_Bei_Jing_District_CN_ZIP", "InstitutionName": "BeiJing_Normal_University", "InstitutionalDepartmentName": "Department", "MRAcquisitionType": "2D", "MagneticFieldStrength": 3, "Manufacturer": "Siemens", "ManufacturersModelName": "Prisma", "Modality": "MR", "PartialFourier": 1, "PatientPosition": "HFS", "PercentPhaseFOV": 100, "PhaseEncodingDirection": "i", "PhaseEncodingSteps": 100, "PhaseResolution": 1, "PixelBandwidth": 570, "ProcedureStepDescription": "BNU_P2018_64CH_Zhen.ZongLei", "ProtocolName": "field_mapping_2x2x2", "PulseSequenceDetails": "%SiemensSeq%_gre_field_mapping", "ReceiveCoilActiveElements": "HC1-7;NC1", "ReceiveCoilName": "HeadNeck_64", "ReconMatrixPE": 100, "RepetitionTime": 0.72, "SAR": 0.108295, "ScanningSequence": "GR", "SequenceName": "_fm2d2r", "SequenceVariant": "SP", "SeriesDescription": "field_mapping_2x2x2", "SeriesNumber": 9, "ShimSetting": [-5454, -11448, -1307, 395, -11, -450, -256, 67], "SliceThickness": 2, "SoftwareVersions": "syngo_MR_E11", "SpacingBetweenSlices": 2, "StationName": "AWP166078", "TxRefAmp": 212.528, "dcmmeta_affine": [[-1.9990702867507935, -9.356199842658341e-11, -0.06097555160522461, 100.78273010253906], [0.017223253846168518, 1.9185569286346436, -0.5646610260009766, -73.4583969116211], [-0.05849246308207512, 0.5649240016937256, 1.9176673889160156, -109.6428451538086], [0.0, 0.0, 0.0, 1.0]], "dcmmeta_reorient_transform": [[0.0, -1.0, 0.0, 99.0], [1.0, 0.0, 0.0, 0.0], [0.0, 0.0, -1.0, 71.0], [0.0, 0.0, 0.0, 1.0]], "dcmmeta_shape": [100, 100, 72], "dcmmeta_slice_dim": 2, "dcmmeta_version": 0.6, "global": {"const": {"AcquisitionMatrix": [0, 100, 100, 0], "AcquisitionNumber": 1, "AngioFlag": "N", "BitsAllocated": 16, "BitsStored": 12, "BodyPartExamined": "BRAIN", "Columns": 100, "EchoNumbers": 2, "EchoTime": 7.38, "EchoTrainLength": 0, "FlipAngle": 60.0, "HighBit": 11, "ImageOrientationPatient": [0.99953514088647, -0.0086116273589, -0.0292462306512, -4.6781e-11, 0.95927848740747, -0.2824620038116], "ImageType": ["ORIGINAL", "PRIMARY", "P", "ND"], "ImagedNucleus": "1H", "ImagingFrequency": 123.257794, "InPlanePhaseEncodingDirection": "ROW", "MRAcquisitionType": "2D", "MagneticFieldStrength": 3.0, "Manufacturer": "SIEMENS", "ManufacturerModelName": "Prisma", "Modality": "MR", "NumberOfAverages": 1.0, "NumberOfPhaseEncodingSteps": 100, "PercentPhaseFieldOfView": 100.0, "PercentSampling": 100.0, "PerformedProcedureStepStartTime": "130522.753000", "PhotometricInterpretation": "MONOCHROME2", "PixelBandwidth": 570.0, "PixelRepresentation": 0, "PixelSpacing": [2.0, 2.0], "ProtocolName": "field_mapping_2x2x2", "RepetitionTime": 720.0, "RescaleIntercept": -4096.0, "RescaleSlope": 2.0, "RescaleType": "US", "Rows": 100, "SAR": 0.10829457733024, "SamplesPerPixel": 1, "ScanningSequence": "GR", "SequenceName": "*fm2d2r", "SequenceVariant": "SP", "SeriesDescription": "field_mapping_2x2x2", "SeriesNumber": 9, "SeriesTime": "135810.982000", "SliceThickness": 2.0, "SoftwareVersions": "syngo MR E11", "SpacingBetweenSlices": 2.0, "SpecificCharacterSet": "ISO_IR 100", "StudyID": "1", "StudyTime": "130522.632000", "TransmitCoilName": "Body", "VariableFlipAngleFlag": "N", "WindowCenterWidthExplanation": "Algo1", "dBdt": 0.0}, "slices": {"AcquisitionTime": ["135545.647500", "135545.287500", "135545.657500", "135545.297500", "135545.667500", "135545.307500", "135545.677500", "135545.317500", "135545.687500", "135545.327500", "135545.697500", "135545.337500", "135545.707500", "135545.347500", "135545.717500", "135545.357500", "135545.727500", "135545.367500", "135545.737500", "135545.377500", "135545.747500", "135545.387500", "135545.757500", "135545.397500", "135545.767500", "135545.407500", "135545.777500", "135545.417500", "135545.787500", "135545.427500", "135545.797500", "135545.437500", "135545.807500", "135545.447500", "135545.817500", "135545.457500", "135545.827500", "135545.467500", "135545.837500", "135545.477500", "135545.847500", "135545.487500", "135545.857500", "135545.497500", "135545.867500", "135545.507500", "135545.877500", "135545.517500", "135545.887500", "135545.527500", "135545.897500", "135545.537500", "135545.907500", "135545.547500", "135545.917500", "135545.557500", "135545.927500", "135545.567500", "135545.937500", "135545.577500", "135545.947500", "135545.587500", "135545.957500", "135545.597500", "135545.967500", "135545.607500", "135545.977500", "135545.617500", "135545.987500", "135545.627500", "135545.997500", "135545.637500"], "ContentTime": ["135811.058000", "135810.989000", "135811.060000", "135810.991000", "135811.062000", "135810.993000", "135811.064000", "135810.995000", "135811.066000", "135810.997000", "135811.068000", "135811.000000", "135811.070000", "135811.002000", "135811.072000", "135811.004000", "135811.073000", "135811.006000", "135811.075000", "135811.008000", "135811.077000", "135811.010000", "135811.079000", "135811.011000", "135811.081000", "135811.013000", "135811.083000", "135811.015000", "135811.085000", "135811.017000", "135811.087000", "135811.019000", "135811.088000", "135811.021000", "135811.090000", "135811.023000", "135811.092000", "135811.025000", "135811.094000", "135811.026000", "135811.096000", "135811.028000", "135811.098000", "135811.030000", "135811.100000", "135811.032000", "135811.102000", "135811.034000", "135811.103000", "135811.036000", "135811.105000", "135811.038000", "135811.107000", "135811.040000", "135811.109000", "135811.042000", "135811.111000", "135811.043000", "135811.113000", "135811.045000", "135811.115000", "135811.047000", "135811.117000", "135811.049000", "135811.118000", "135811.051000", "135811.120000", "135811.053000", "135811.122000", "135811.055000", "135811.124000", "135811.056000"], "CsaImage.GSWDDataType": ["measured", "predicted", "measured", "predicted", "measured", "predicted", "measured", "predicted", "measured", "predicted", "measured", "predicted", "measured", "predicted", "measured", "predicted", "measured", "predicted", "measured", "predicted", "measured", "predicted", "measured", "predicted", "measured", "predicted", "measured", "predicted", "measured", "predicted", "measured", "predicted", "measured", "predicted", "measured", "predicted", "measured", "predicted", "measured", "predicted", "measured", "predicted", "measured", "predicted", "measured", "predicted", "measured", "predicted", "measured", "predicted", "measured", "predicted", "measured", "predicted", "measured", "predicted", "measured", "predicted", "measured", "predicted", "measured", "predicted", "measured", "measured", "measured", "measured", "measured", "measured", "measured", "measured", "measured", "measured"], "CsaImage.ICE_Dims": ["X_2_1_1_1_1_1_37_1_1_1_1_117", "X_2_1_1_1_1_1_1_1_1_2_1_117", "X_2_1_1_1_1_1_38_1_1_3_1_117", "X_2_1_1_1_1_1_2_1_1_4_1_117", "X_2_1_1_1_1_1_39_1_1_5_1_117", "X_2_1_1_1_1_1_3_1_1_6_1_117", "X_2_1_1_1_1_1_40_1_1_7_1_117", "X_2_1_1_1_1_1_4_1_1_8_1_117", "X_2_1_1_1_1_1_41_1_1_9_1_117", "X_2_1_1_1_1_1_5_1_1_10_1_117", "X_2_1_1_1_1_1_42_1_1_11_1_117", "X_2_1_1_1_1_1_6_1_1_12_1_117", "X_2_1_1_1_1_1_43_1_1_13_1_117", "X_2_1_1_1_1_1_7_1_1_14_1_117", "X_2_1_1_1_1_1_44_1_1_15_1_117", "X_2_1_1_1_1_1_8_1_1_16_1_117", "X_2_1_1_1_1_1_45_1_1_17_1_117", "X_2_1_1_1_1_1_9_1_1_18_1_117", "X_2_1_1_1_1_1_46_1_1_19_1_117", "X_2_1_1_1_1_1_10_1_1_20_1_117", "X_2_1_1_1_1_1_47_1_1_21_1_117", "X_2_1_1_1_1_1_11_1_1_22_1_117", "X_2_1_1_1_1_1_48_1_1_23_1_117", "X_2_1_1_1_1_1_12_1_1_24_1_117", "X_2_1_1_1_1_1_49_1_1_25_1_117", "X_2_1_1_1_1_1_13_1_1_26_1_117", "X_2_1_1_1_1_1_50_1_1_27_1_117", "X_2_1_1_1_1_1_14_1_1_28_1_117", "X_2_1_1_1_1_1_51_1_1_29_1_117", "X_2_1_1_1_1_1_15_1_1_30_1_117", "X_2_1_1_1_1_1_52_1_1_31_1_117", "X_2_1_1_1_1_1_16_1_1_32_1_117", "X_2_1_1_1_1_1_53_1_1_33_1_117", "X_2_1_1_1_1_1_17_1_1_34_1_117", "X_2_1_1_1_1_1_54_1_1_35_1_117", "X_2_1_1_1_1_1_18_1_1_36_1_117", "X_2_1_1_1_1_1_55_1_1_37_1_117", "X_2_1_1_1_1_1_19_1_1_38_1_117", "X_2_1_1_1_1_1_56_1_1_39_1_117", "X_2_1_1_1_1_1_20_1_1_40_1_117", "X_2_1_1_1_1_1_57_1_1_41_1_117", "X_2_1_1_1_1_1_21_1_1_42_1_117", "X_2_1_1_1_1_1_58_1_1_43_1_117", "X_2_1_1_1_1_1_22_1_1_44_1_117", "X_2_1_1_1_1_1_59_1_1_45_1_117", "X_2_1_1_1_1_1_23_1_1_46_1_117", "X_2_1_1_1_1_1_60_1_1_47_1_117", "X_2_1_1_1_1_1_24_1_1_48_1_117", "X_2_1_1_1_1_1_61_1_1_49_1_117", "X_2_1_1_1_1_1_25_1_1_50_1_117", "X_2_1_1_1_1_1_62_1_1_51_1_117", "X_2_1_1_1_1_1_26_1_1_52_1_117", "X_2_1_1_1_1_1_63_1_1_53_1_117", "X_2_1_1_1_1_1_27_1_1_54_1_117", "X_2_1_1_1_1_1_64_1_1_55_1_117", "X_2_1_1_1_1_1_28_1_1_56_1_117", "X_2_1_1_1_1_1_65_1_1_57_1_117", "X_2_1_1_1_1_1_29_1_1_58_1_117", "X_2_1_1_1_1_1_66_1_1_59_1_117", "X_2_1_1_1_1_1_30_1_1_60_1_117", "X_2_1_1_1_1_1_67_1_1_61_1_117", "X_2_1_1_1_1_1_31_1_1_62_1_117", "X_2_1_1_1_1_1_68_1_1_63_1_117", "X_2_1_1_1_1_1_32_1_1_64_1_117", "X_2_1_1_1_1_1_69_1_1_65_1_117", "X_2_1_1_1_1_1_33_1_1_66_1_117", "X_2_1_1_1_1_1_70_1_1_67_1_117", "X_2_1_1_1_1_1_34_1_1_68_1_117", "X_2_1_1_1_1_1_71_1_1_69_1_117", "X_2_1_1_1_1_1_35_1_1_70_1_117", "X_2_1_1_1_1_1_72_1_1_71_1_117", "X_2_1_1_1_1_1_36_1_1_72_1_117"], "CsaImage.ProtocolSliceNumber": [0, 1, 2, 3, 4, 5, 6, 7, 8, 9, 10, 11, 12, 13, 14, 15, 16, 17, 18, 19, 20, 21, 22, 23, 24, 25, 26, 27, 28, 29, 30, 31, 32, 33, 34, 35, 36, 37, 38, 39, 40, 41, 42, 43, 44, 45, 46, 47, 48, 49, 50, 51, 52, 53, 54, 55, 56, 57, 58, 59, 60, 61, 62, 63, 64, 65, 66, 67, 68, 69, 70, 71], "CsaImage.RFSWDDataType": ["measured", "predicted", "measured", "predicted", "measured", "predicted", "measured", "predicted", "measured", "predicted", "measured", "predicted", "measured", "predicted", "measured", "predicted", "measured", "predicted", "measured", "predicted", "measured", "predicted", "measured", "predicted", "measured", "predicted", "measured", "predicted", "measured", "predicted", "measured", "predicted", "measured", "predicted", "measured", "predicted", "measured", "predicted", "measured", "predicted", "measured", "predicted", "measured", "predicted", "measured", "predicted", "measured", "predicted", "measured", "predicted", "measured", "predicted", "measured", "predicted", "measured", "predicted", "measured", "predicted", "measured", "measured", "measured", "measured", "measured", "measured", "measured", "measured", "measured", "measured", "measured", "measured", "measured", "measured"], "CsaImage.SlicePosition_PCS": [[-100.78272818, -116.4787744, -53.71520866], [-100.72175269, -115.91411147, -51.79754508], [-100.6607772, -115.34945044, -49.87988151], [-100.59980176, -114.78478941, -47.96221031], [-100.53882627, -114.22012839, -46.04454673], [-100.47785078, -113.65546545, -44.12688316], [-100.41687532, -113.09080443, -42.20921958], [-100.35589986, -112.5261434, -40.29155601], [-100.29492436, -111.96148238, -38.37388481], [-100.2339489, -111.39682135, -36.45622123], [-100.17297344, -110.83215937, -34.53855766], [-100.11199796, -110.26749834, -32.62089027], [-100.05102248, -109.70283636, -30.70322669], [-99.99004701, -109.13817534, -28.78556312], [-99.92907154, -108.57351336, -26.86789573], [-99.86809607, -108.00885233, -24.95023216], [-99.80712059, -107.44419131, -23.03256477], [-99.74614513, -106.87952933, -21.11490119], [-99.68516965, -106.3148683, -19.19723762], [-99.62419419, -105.75020632, -17.27957023], [-99.5632187, -105.1855453, -15.36190666], [-99.50224324, -104.62088427, -13.44423927], [-99.44126777, -104.05622229, -11.52657569], [-99.38029228, -103.49156126, -9.60891212], [-99.31931679, -102.92689976, -7.69124473], [-99.25834136, -102.36223826, -5.77358116], [-99.19736586, -101.79757676, -3.85591377], [-99.13639037, -101.23291525, -1.93825019], [-99.07541494, -100.66825375, -0.02058471], [-99.01443945, -100.10359272, 1.89708077], [-98.95346402, -99.53893122, 3.81474434], [-98.89248846, -98.97426972, 5.73240983], [-98.83151303, -98.40960822, 7.65007531], [-98.7705376, -97.84494695, 9.56774079], [-98.70956205, -97.28028545, 11.48540627], [-98.64858662, -96.71562406, 13.40306985], [-98.58761118, -96.15096256, 15.32073533], [-98.52663563, -95.58630118, 17.23840081], [-98.4656602, -95.02163979, 19.15606629], [-98.40468477, -94.45697835, 21.07373082], [-98.34370922, -93.89231691, 22.9913963], [-98.28273378, -93.32765552, 24.9090613], [-98.22175835, -92.76299414, 26.82672631], [-98.1607828, -92.19833264, 28.74439155], [-98.09980737, -91.63367137, 30.66205668], [-98.03883193, -91.06900987, 32.5797218], [-97.97785638, -90.50434861, 34.4973868], [-97.91688083, -89.9396871, 36.41505181], [-97.85590552, -89.3750256, 38.33271729], [-97.79492997, -88.8103641, 40.25038182], [-97.73395441, -88.24570307, 42.1680473], [-97.6729791, -87.68104157, 44.08571278], [-97.61200355, -87.11638007, 46.00337731], [-97.551028, -86.55171904, 47.92104279], [-97.49005268, -85.98705706, 49.83870827], [-97.42907713, -85.42239603, 51.75637375], [-97.36810158, -84.85773405, 53.67403733], [-97.30712627, -84.29307303, 55.59170281], [-97.24615072, -83.728412, 57.50936829], [-97.18517517, -83.16375002, 59.42703377], [-97.12419985, -82.599089, 61.34469925], [-97.0632243, -82.03442702, 63.26236474], [-97.00224875, -81.46976599, 65.18002831], [-96.94127344, -80.90510401, 67.0976957], [-96.88029788, -80.34044299, 69.01535927], [-96.81932233, -79.77578196, 70.93302285], [-96.75834702, -79.21111998, 72.85069024], [-96.69737147, -78.64645895, 74.76835381], [-96.63639592, -78.08179793, 76.6860212], [-96.5754206, -77.5171369, 78.60368477], [-96.51444505, -76.95247397, 80.52134835], [-96.4534695, -76.38781294, 82.43901574]], "CsaImage.TimeAfterStart": [1.0825, 0.7225, 1.0925, 0.7325, 1.1025, 0.7425, 1.1125, 0.7525, 1.1225, 0.7625, 1.1325, 0.7725, 1.1425, 0.7825, 1.1525, 0.7925, 1.1625, 0.8025, 1.1725, 0.8125, 1.1825, 0.8225, 1.1925, 0.8325, 1.2025, 0.8425, 1.2125, 0.8525, 1.2225, 0.8625, 1.2325, 0.8725, 1.2425, 0.8825, 1.2525, 0.8925, 1.2625, 0.9025, 1.2725, 0.9125, 1.2825, 0.9225, 1.2925, 0.9325, 1.3025, 0.9425, 1.3125, 0.9525, 1.3225, 0.9625, 1.3325, 0.9725, 1.3425, 0.9825, 1.3525, 0.9925, 1.3625, 1.0025, 1.3725, 1.0125, 1.3825, 1.0225, 1.3925, 1.0325, 1.4025, 1.0425, 1.4125, 1.0525, 1.4225, 1.0625, 1.4325, 1.0725], "ImagePositionPatient": [[-100.78272818004, -116.47877439903, -53.715208658213], [-100.72175268804, -115.91411146568, -51.797545083995], [-100.66077719604, -115.34945043968, -49.879881509776], [-100.59980176364, -114.78478941367, -47.962210306163], [-100.53882627164, -114.22012838767, -46.044546731944], [-100.47785077964, -113.65546545432, -44.126883157725], [-100.41687531744, -113.09080442832, -42.209219583506], [-100.35589985524, -112.52614340232, -40.291556009288], [-100.29492436324, -111.96148237632, -38.373884805674], [-100.23394890104, -111.39682135032, -36.456221231455], [-100.17297343885, -110.83215937064, -34.538557657237], [-100.11199796175, -110.26749834464, -32.620890268321], [-100.05102248465, -109.70283636497, -30.703226694102], [-99.990047014999, -109.13817533897, -28.785563119883], [-99.929071541625, -108.57351335929, -26.867895730967], [-99.86809606825, -108.00885233329, -24.950232156748], [-99.807120591151, -107.44419130729, -23.032564767832], [-99.746145128953, -106.87952932761, -21.114901193614], [-99.685169651853, -106.31486830161, -19.197237619395], [-99.624194189655, -105.75020632194, -17.279570230479], [-99.563218697655, -105.18554529594, -15.36190665626], [-99.502243235456, -104.62088426994, -13.444239267344], [-99.441267773258, -104.05622229026, -11.526575693125], [-99.380292281257, -103.49156126426, -9.6089121189066], [-99.319316789257, -102.92689976142, -7.6912447299906], [-99.258341356861, -102.36223825858, -5.7735811557719], [-99.19736586486, -101.79757675575, -3.8559137668559], [-99.13639037286, -101.23291525291, -1.9382501926371], [-99.075414940464, -100.66825375007, -0.0205847110697], [-99.014439448463, -100.10359272407, 1.8970807704977], [-98.953464016067, -99.538931221231, 3.8147443447164], [-98.892488464462, -98.974269718392, 5.7324098262838], [-98.831513032066, -98.409608215554, 7.6500753078512], [-98.77053759967, -97.844946951135, 9.5677407894186], [-98.709562048065, -97.280285448297, 11.485406270986], [-98.648586615669, -96.715624064668, 13.403069845205], [-98.587611183273, -96.15096256183, 15.320735326772], [-98.526635631668, -95.586301178201, 17.238400808339], [-98.465660199272, -95.021639787121, 19.156066289907], [-98.404684766876, -94.456978351339, 21.0737308178], [-98.343709215271, -93.892316908105, 22.991396299367], [-98.282733782875, -93.327655524476, 24.909061304098], [-98.221758350479, -92.762994140847, 26.826726308828], [-98.160782798874, -92.198332638009, 28.744391551977], [-98.099807366478, -91.63367137359, 30.662056675916], [-98.038831934082, -91.069009870752, 32.579721799856], [-97.977856382477, -90.504348606332, 34.497386804586], [-97.916880830871, -89.939687103494, 36.415051809316], [-97.855905517685, -89.375025600656, 38.332717290883], [-97.794929966079, -88.810364097818, 40.250381818776], [-97.733954414474, -88.245703071817, 42.168047300344], [-97.672979101288, -87.681041568978, 44.085712781911], [-97.612003549682, -87.11638006614, 46.003377309804], [-97.551027998077, -86.551719040139, 47.921042791372], [-97.490052684891, -85.987057060464, 49.838708272939], [-97.429077133285, -85.422396034463, 51.756373754506], [-97.36810158168, -84.857734054788, 53.674037328725], [-97.307126268493, -84.293073028787, 55.591702810293], [-97.246150716888, -83.728412002786, 57.50936829186], [-97.185175165283, -83.163750023111, 59.427033773427], [-97.124199852096, -82.59908899711, 61.344699254995], [-97.063224300491, -82.034427017434, 63.262364736562], [-97.002248748886, -81.469765991433, 65.180028310781], [-96.941273435699, -80.905104011758, 67.097695699697], [-96.880297884094, -80.340442985757, 69.015359273916], [-96.819322332489, -79.775781959756, 70.933022848134], [-96.758347019302, -79.211119980081, 72.85069023705], [-96.697371467697, -78.64645895408, 74.768353811269], [-96.636395916092, -78.081797928079, 76.686021200185], [-96.575420602905, -77.517136902078, 78.603684774404], [-96.5144450513, -76.952473968728, 80.521348348623], [-96.453469499695, -76.387812942727, 82.439015737539]], "InstanceCreationTime": ["135811.058000", "135810.989000", "135811.060000", "135810.991000", "135811.062000", "135810.993000", "135811.064000", "135810.995000", "135811.066000", "135810.997000", "135811.068000", "135811.000000", "135811.070000", "135811.002000", "135811.072000", "135811.004000", "135811.073000", "135811.006000", "135811.075000", "135811.008000", "135811.077000", "135811.010000", "135811.079000", "135811.011000", "135811.081000", "135811.013000", "135811.083000", "135811.015000", "135811.085000", "135811.017000", "135811.087000", "135811.019000", "135811.088000", "135811.021000", "135811.090000", "135811.023000", "135811.092000", "135811.025000", "135811.094000", "135811.026000", "135811.096000", "135811.028000", "135811.098000", "135811.030000", "135811.100000", "135811.032000", "135811.102000", "135811.034000", "135811.103000", "135811.036000", "135811.105000", "135811.038000", "135811.107000", "135811.040000", "135811.109000", "135811.042000", "135811.111000", "135811.043000", "135811.113000", "135811.045000", "135811.115000", "135811.047000", "135811.117000", "135811.049000", "135811.118000", "135811.051000", "135811.120000", "135811.053000", "135811.122000", "135811.055000", "135811.124000", "135811.056000"], "InstanceNumber": [1, 2, 3, 4, 5, 6, 7, 8, 9, 10, 11, 12, 13, 14, 15, 16, 17, 18, 19, 20, 21, 22, 23, 24, 25, 26, 27, 28, 29, 30, 31, 32, 33, 34, 35, 36, 37, 38, 39, 40, 41, 42, 43, 44, 45, 46, 47, 48, 49, 50, 51, 52, 53, 54, 55, 56, 57, 58, 59, 60, 61, 62, 63, 64, 65, 66, 67, 68, 69, 70, 71, 72], "LargestImagePixelValue": [4094, 4094, 4094, 4095, 4092, 4094, 4095, 4092, 4094, 4094, 4094, 4095, 4094, 4093, 4092, 4094, 4093, 4094, 4091, 4094, 4094, 4093, 4095, 4092, 4095, 4093, 4092, 4095, 4094, 4094, 4095, 4091, 4093, 4094, 4091, 4090, 4093, 4093, 4089, 4093, 4091, 4094, 4095, 4094, 4086, 4081, 4094, 4094, 4095, 4094, 4095, 4093, 4093, 4090, 4088, 4092, 4095, 4095, 4095, 4095, 4093, 4095, 4094, 4093, 4095, 4094, 4095, 4094, 4093, 4095, 4092, 4094], "SliceLocation": [-87.462062046505, -85.462063090803, -83.462064673605, -81.462058942913, -79.462060525715, -77.462061570014, -75.462063153724, -73.462064737435, -71.462059004925, -69.462060588635, -67.462061903095, -65.462059828695, -63.4620611427, -61.462062726183, -59.462060382645, -57.462061966015, -55.462059891616, -53.462061206075, -51.462062789331, -49.462060446134, -47.462062028936, -45.462059954991, -43.46206126945, -41.462062852252, -39.462060642772, -37.462062092765, -35.462059883286, -33.462061331462, -31.462060952627, -29.462060706601, -27.462062156595, -25.462061774126, -23.462061395291, -21.462061083769, -19.462060701301, -17.46206218495, -15.462061806116, -13.462061457303, -11.462061110022, -9.4620616645328, -7.4620612988921, -5.462061410921, -3.4620615229499, -1.4620613690844, 0.53793859953205, 2.5379386354614, 4.5379384934105, 6.5379384186724, 8.5379387938726, 10.537938261928, 12.537938509771, 14.537938884971, 16.537938353026, 18.537938600869, 20.537939110695, 22.537939358538, 24.537938046805, 26.537938287379, 28.537938535223, 30.537939052317, 32.537939292892, 34.537939809986, 36.537938229002, 38.537940567655, 40.537938986671, 42.537937405686, 44.53793974434, 46.537938163355, 48.537940240026, 50.537938651773, 52.537937609291, 54.537939685962], "SmallestImagePixelValue": [0, 0, 0, 0, 3, 3, 0, 0, 0, 0, 1, 0, 5, 0, 1, 2, 0, 1, 0, 0, 0, 1, 1, 1, 0, 0, 0, 0, 0, 8, 2, 0, 0, 4, 1, 1, 0, 1, 1, 0, 1, 2, 3, 4, 1, 0, 1, 0, 3, 3, 0, 5, 0, 0, 0, 0, 3, 0, 0, 1, 0, 0, 0, 0, 0, 0, 0, 0, 0, 0, 0, 0], "WindowCenter": [-362.0, -174.0, -172.0, -186.0, -210.0, -226.0, -278.0, -284.0, -296.0, -300.0, -278.0, -240.0, -214.0, -202.0, -214.0, -140.0, -182.0, -202.0, -230.0, -280.0, -228.0, -202.0, -204.0, -198.0, -186.0, -222.0, -190.0, -132.0, -122.0, -152.0, -130.0, -102.0, -136.0, -156.0, -130.0, -130.0, -260.0, -254.0, -250.0, -244.0, -252.0, -248.0, -264.0, -262.0, -258.0, -256.0, -254.0, -240.0, -248.0, -254.0, -284.0, -274.0, -288.0, -310.0, -312.0, -292.0, -290.0, -274.0, -274.0, -280.0, -252.0, -256.0, -248.0, -266.0, -140.0, -170.0, -178.0, -206.0, -228.0, -340.0, -274.0, -312.0], "WindowWidth": [5116.0, 6278.0, 6194.0, 6278.0, 6240.0, 6282.0, 6212.0, 6232.0, 6252.0, 6206.0, 6174.0, 6148.0, 6150.0, 6092.0, 6082.0, 6092.0, 6080.0, 6092.0, 6066.0, 5996.0, 5978.0, 5884.0, 5876.0, 5772.0, 5730.0, 5626.0, 5630.0, 5658.0, 5640.0, 5626.0, 5598.0, 5572.0, 5538.0, 5482.0, 5436.0, 5296.0, 4624.0, 4604.0, 4592.0, 4590.0, 4582.0, 4572.0, 4578.0, 4574.0, 4562.0, 4552.0, 4544.0, 4536.0, 4534.0, 4542.0, 4548.0, 4558.0, 4560.0, 4582.0, 4598.0, 4604.0, 4630.0, 4634.0, 4654.0, 4674.0, 4702.0, 4716.0, 4764.0, 4796.0, 5528.0, 5736.0, 5910.0, 5984.0, 6156.0, 6254.0, 6300.0, 6340.0]}}, "IntendedFor": ["ses-imagenet04/func/sub-09_ses-imagenet04_task-imagenet_run-04_bold.nii.gz", "ses-imagenet04/func/sub-09_ses-imagenet04_task-imagenet_run-09_bold.nii.gz", "ses-imagenet04/func/sub-09_ses-imagenet04_task-imagenet_run-06_bold.nii.gz", "ses-imagenet04/func/sub-09_ses-imagenet04_task-imagenet_run-10_bold.nii.gz", "ses-imagenet04/func/sub-09_ses-imagenet04_task-imagenet_run-02_bold.nii.gz", "ses-imagenet04/func/sub-09_ses-imagenet04_task-imagenet_run-01_bold.nii.gz", "ses-imagenet04/func/sub-09_ses-imagenet04_task-imagenet_run-03_bold.nii.gz", "ses-imagenet04/func/sub-09_ses-imagenet04_task-imagenet_run-05_bold.nii.gz", "ses-imagenet04/func/sub-09_ses-imagenet04_task-imagenet_run-07_bold.nii.gz", "ses-imagenet04/func/sub-09_ses-imagenet04_task-imagenet_run-08_bold.nii.gz"]}