{"AcquisitionMatrixPE": 100, "AcquisitionNumber": 1, "AcquisitionTime": "12:05:54.350000", "BaseResolution": 100, "BodyPartExamined": "BRAIN", "ConsistencyInfo": "N4_VE11C_LATEST_20160120", "ConversionSoftware": "dcm2niix", "ConversionSoftwareVersion": "v1.0.20180622 GCC4.9.2", "DeviceSerialNumber": "166078", "DwellTime": 8.8e-06, "EchoNumber": 2, "EchoTime": 0.00738, "EchoTime1": 0.00492, "EchoTime2": 0.00738, "FlipAngle": 60, "ImageOrientationPatientDICOM": [0.997684, 0, 0.0680153, 0, 1, 0], "ImageType": ["ORIGINAL", "PRIMARY", "P", "ND"], "InPlanePhaseEncodingDirectionDICOM": "ROW", "InstitutionAddress": "Street_StreetNo_Bei_Jing_District_CN_ZIP", "InstitutionName": "BeiJing_Normal_University", "InstitutionalDepartmentName": "Department", "MRAcquisitionType": "2D", "MagneticFieldStrength": 3, "Manufacturer": "Siemens", "ManufacturersModelName": "Prisma", "Modality": "MR", "PartialFourier": 1, "PatientPosition": "HFS", "PercentPhaseFOV": 100, "PhaseEncodingDirection": "i", "PhaseEncodingSteps": 100, "PhaseResolution": 1, "PixelBandwidth": 570, "ProcedureStepDescription": "BNU_P2018_64CH_Zhen.ZongLei", "ProtocolName": "field_mapping_2x2x2", "PulseSequenceDetails": "%SiemensSeq%_gre_field_mapping", "ReceiveCoilActiveElements": "HC1-7;NC1", "ReceiveCoilName": "HeadNeck_64", "ReconMatrixPE": 100, "RepetitionTime": 0.72, "SAR": 0.126207, "ScanningSequence": "GR", "SequenceName": "_fm2d2r", "SequenceVariant": "SP", "SeriesDescription": "field_mapping_2x2x2", "SeriesNumber": 9, "ShimSetting": [-5446, -11509, -1248, 145, -131, -216, -156, 55], "SliceThickness": 2, "SoftwareVersions": "syngo_MR_E11", "SpacingBetweenSlices": 2, "StationName": "AWP166078", "TxRefAmp": 244.878, "dcmmeta_affine": [[-1.9953685998916626, 0.0, 0.1360301971435547, 96.28876495361328], [0.0, 2.0, 0.0, -89.23373413085938], [0.13603058457374573, 0.0, 1.9953689575195312, -75.16967010498047], [0.0, 0.0, 0.0, 1.0]], "dcmmeta_reorient_transform": [[0.0, -1.0, 0.0, 99.0], [1.0, 0.0, 0.0, 0.0], [0.0, 0.0, -1.0, 71.0], [0.0, 0.0, 0.0, 1.0]], "dcmmeta_shape": [100, 100, 72], "dcmmeta_slice_dim": 2, "dcmmeta_version": 0.6, "global": {"const": {"AcquisitionMatrix": [0, 100, 100, 0], "AcquisitionNumber": 1, "AngioFlag": "N", "BitsAllocated": 16, "BitsStored": 12, "BodyPartExamined": "BRAIN", "Columns": 100, "EchoNumbers": 2, "EchoTime": 7.38, "EchoTrainLength": 0, "FlipAngle": 60.0, "HighBit": 11, "ImageOrientationPatient": [0.99768427891602, 0.0, 0.06801528948564, 0.0, 1.0, 0.0], "ImageType": ["ORIGINAL", "PRIMARY", "P", "ND"], "ImagedNucleus": "1H", "ImagingFrequency": 123.257771, "InPlanePhaseEncodingDirection": "ROW", "MRAcquisitionType": "2D", "MagneticFieldStrength": 3.0, "Manufacturer": "SIEMENS", "ManufacturerModelName": "Prisma", "Modality": "MR", "NumberOfAverages": 1.0, "NumberOfPhaseEncodingSteps": 100, "PercentPhaseFieldOfView": 100.0, "PercentSampling": 100.0, "PerformedProcedureStepStartTime": "111400.318000", "PhotometricInterpretation": "MONOCHROME2", "PixelBandwidth": 570.0, "PixelRepresentation": 0, "PixelSpacing": [2.0, 2.0], "ProtocolName": "field_mapping_2x2x2", "RepetitionTime": 720.0, "RescaleIntercept": -4096.0, "RescaleSlope": 2.0, "RescaleType": "US", "Rows": 100, "SAR": 0.12620694573488, "SamplesPerPixel": 1, "ScanningSequence": "GR", "SequenceName": "*fm2d2r", "SequenceVariant": "SP", "SeriesDescription": "field_mapping_2x2x2", "SeriesNumber": 9, "SeriesTime": "120818.991000", "SliceThickness": 2.0, "SoftwareVersions": "syngo MR E11", "SpacingBetweenSlices": 2.0, "SpecificCharacterSet": "ISO_IR 100", "StudyID": "1", "StudyTime": "111400.216000", "TransmitCoilName": "Body", "VariableFlipAngleFlag": "N", "WindowCenterWidthExplanation": "Algo1", "dBdt": 0.0}, "slices": {"AcquisitionTime": ["120554.350000", "120553.990000", "120554.360000", "120554.000000", "120554.370000", "120554.010000", "120554.380000", "120554.020000", "120554.390000", "120554.030000", "120554.400000", "120554.040000", "120554.410000", "120554.050000", "120554.420000", "120554.060000", "120554.430000", "120554.070000", "120554.440000", "120554.080000", "120554.450000", "120554.090000", "120554.460000", "120554.100000", "120554.470000", "120554.110000", "120554.480000", "120554.120000", "120554.490000", "120554.130000", "120554.500000", "120554.140000", "120554.510000", "120554.150000", "120554.520000", "120554.160000", "120554.530000", "120554.170000", "120554.540000", "120554.180000", "120554.550000", "120554.190000", "120554.560000", "120554.200000", "120554.570000", "120554.210000", "120554.580000", "120554.220000", "120554.590000", "120554.230000", "120554.600000", "120554.240000", "120554.610000", "120554.250000", "120554.620000", "120554.260000", "120554.630000", "120554.270000", "120554.640000", "120554.280000", "120554.650000", "120554.290000", "120554.660000", "120554.300000", "120554.670000", "120554.310000", "120554.680000", "120554.320000", "120554.690000", "120554.330000", "120554.700000", "120554.340000"], "ContentTime": ["120819.074000", "120819.001000", "120819.076000", "120819.003000", "120819.078000", "120819.006000", "120819.080000", "120819.007000", "120819.082000", "120819.009000", "120819.084000", "120819.011000", "120819.086000", "120819.013000", "120819.088000", "120819.015000", "120819.090000", "120819.017000", "120819.092000", "120819.019000", "120819.094000", "120819.021000", "120819.102000", "120819.023000", "120819.104000", "120819.025000", "120819.106000", "120819.027000", "120819.108000", "120819.029000", "120819.110000", "120819.031000", "120819.112000", "120819.034000", "120819.115000", "120819.036000", "120819.117000", "120819.038000", "120819.119000", "120819.040000", "120819.121000", "120819.042000", "120819.123000", "120819.043000", "120819.125000", "120819.046000", "120819.127000", "120819.047000", "120819.129000", "120819.049000", "120819.131000", "120819.051000", "120819.133000", "120819.053000", "120819.135000", "120819.055000", "120819.137000", "120819.057000", "120819.140000", "120819.059000", "120819.142000", "120819.061000", "120819.144000", "120819.063000", "120819.146000", "120819.065000", "120819.148000", "120819.067000", "120819.151000", "120819.069000", "120819.153000", "120819.071000"], "CsaImage.GSWDDataType": ["measured", "predicted", "measured", "predicted", "measured", "predicted", "measured", "predicted", "measured", "predicted", "measured", "predicted", "measured", "predicted", "measured", "predicted", "measured", "predicted", "measured", "predicted", "measured", "predicted", "measured", "predicted", "measured", "predicted", "measured", "predicted", "measured", "predicted", "measured", "predicted", "measured", "predicted", "measured", "predicted", "measured", "predicted", "measured", "predicted", "measured", "predicted", "measured", "predicted", "measured", "predicted", "measured", "predicted", "measured", "predicted", "measured", "predicted", "measured", "predicted", "measured", "predicted", "measured", "predicted", "measured", "predicted", "measured", "measured", "measured", "measured", "measured", "measured", "measured", "measured", "measured", "measured", "measured", "measured"], "CsaImage.ICE_Dims": ["X_2_1_1_1_1_1_37_1_1_1_1_94", "X_2_1_1_1_1_1_1_1_1_2_1_94", "X_2_1_1_1_1_1_38_1_1_3_1_94", "X_2_1_1_1_1_1_2_1_1_4_1_94", "X_2_1_1_1_1_1_39_1_1_5_1_94", "X_2_1_1_1_1_1_3_1_1_6_1_94", "X_2_1_1_1_1_1_40_1_1_7_1_94", "X_2_1_1_1_1_1_4_1_1_8_1_94", "X_2_1_1_1_1_1_41_1_1_9_1_94", "X_2_1_1_1_1_1_5_1_1_10_1_94", "X_2_1_1_1_1_1_42_1_1_11_1_94", "X_2_1_1_1_1_1_6_1_1_12_1_94", "X_2_1_1_1_1_1_43_1_1_13_1_94", "X_2_1_1_1_1_1_7_1_1_14_1_94", "X_2_1_1_1_1_1_44_1_1_15_1_94", "X_2_1_1_1_1_1_8_1_1_16_1_94", "X_2_1_1_1_1_1_45_1_1_17_1_94", "X_2_1_1_1_1_1_9_1_1_18_1_94", "X_2_1_1_1_1_1_46_1_1_19_1_94", "X_2_1_1_1_1_1_10_1_1_20_1_94", "X_2_1_1_1_1_1_47_1_1_21_1_94", "X_2_1_1_1_1_1_11_1_1_22_1_94", "X_2_1_1_1_1_1_48_1_1_23_1_94", "X_2_1_1_1_1_1_12_1_1_24_1_94", "X_2_1_1_1_1_1_49_1_1_25_1_94", "X_2_1_1_1_1_1_13_1_1_26_1_94", "X_2_1_1_1_1_1_50_1_1_27_1_94", "X_2_1_1_1_1_1_14_1_1_28_1_94", "X_2_1_1_1_1_1_51_1_1_29_1_94", "X_2_1_1_1_1_1_15_1_1_30_1_94", "X_2_1_1_1_1_1_52_1_1_31_1_94", "X_2_1_1_1_1_1_16_1_1_32_1_94", "X_2_1_1_1_1_1_53_1_1_33_1_94", "X_2_1_1_1_1_1_17_1_1_34_1_94", "X_2_1_1_1_1_1_54_1_1_35_1_94", "X_2_1_1_1_1_1_18_1_1_36_1_94", "X_2_1_1_1_1_1_55_1_1_37_1_94", "X_2_1_1_1_1_1_19_1_1_38_1_94", "X_2_1_1_1_1_1_56_1_1_39_1_94", "X_2_1_1_1_1_1_20_1_1_40_1_94", "X_2_1_1_1_1_1_57_1_1_41_1_94", "X_2_1_1_1_1_1_21_1_1_42_1_94", "X_2_1_1_1_1_1_58_1_1_43_1_94", "X_2_1_1_1_1_1_22_1_1_44_1_94", "X_2_1_1_1_1_1_59_1_1_45_1_94", "X_2_1_1_1_1_1_23_1_1_46_1_94", "X_2_1_1_1_1_1_60_1_1_47_1_94", "X_2_1_1_1_1_1_24_1_1_48_1_94", "X_2_1_1_1_1_1_61_1_1_49_1_94", "X_2_1_1_1_1_1_25_1_1_50_1_94", "X_2_1_1_1_1_1_62_1_1_51_1_94", "X_2_1_1_1_1_1_26_1_1_52_1_94", "X_2_1_1_1_1_1_63_1_1_53_1_94", "X_2_1_1_1_1_1_27_1_1_54_1_94", "X_2_1_1_1_1_1_64_1_1_55_1_94", "X_2_1_1_1_1_1_28_1_1_56_1_94", "X_2_1_1_1_1_1_65_1_1_57_1_94", "X_2_1_1_1_1_1_29_1_1_58_1_94", "X_2_1_1_1_1_1_66_1_1_59_1_94", "X_2_1_1_1_1_1_30_1_1_60_1_94", "X_2_1_1_1_1_1_67_1_1_61_1_94", "X_2_1_1_1_1_1_31_1_1_62_1_94", "X_2_1_1_1_1_1_68_1_1_63_1_94", "X_2_1_1_1_1_1_32_1_1_64_1_94", "X_2_1_1_1_1_1_69_1_1_65_1_94", "X_2_1_1_1_1_1_33_1_1_66_1_94", "X_2_1_1_1_1_1_70_1_1_67_1_94", "X_2_1_1_1_1_1_34_1_1_68_1_94", "X_2_1_1_1_1_1_71_1_1_69_1_94", "X_2_1_1_1_1_1_35_1_1_70_1_94", "X_2_1_1_1_1_1_72_1_1_71_1_94", "X_2_1_1_1_1_1_36_1_1_72_1_94"], "CsaImage.ProtocolSliceNumber": [0, 1, 2, 3, 4, 5, 6, 7, 8, 9, 10, 11, 12, 13, 14, 15, 16, 17, 18, 19, 20, 21, 22, 23, 24, 25, 26, 27, 28, 29, 30, 31, 32, 33, 34, 35, 36, 37, 38, 39, 40, 41, 42, 43, 44, 45, 46, 47, 48, 49, 50, 51, 52, 53, 54, 55, 56, 57, 58, 59, 60, 61, 62, 63, 64, 65, 66, 67, 68, 69, 70, 71], "CsaImage.RFSWDDataType": ["measured", "predicted", "measured", "predicted", "measured", "predicted", "measured", "predicted", "measured", "predicted", "measured", "predicted", "measured", "predicted", "measured", "predicted", "measured", "predicted", "measured", "predicted", "measured", "predicted", "measured", "predicted", "measured", "predicted", "measured", "predicted", "measured", "predicted", "measured", "predicted", "measured", "predicted", "measured", "predicted", "measured", "predicted", "measured", "predicted", "measured", "predicted", "measured", "predicted", "measured", "predicted", "measured", "predicted", "measured", "predicted", "measured", "predicted", "measured", "predicted", "measured", "predicted", "measured", "measured", "measured", "measured", "measured", "measured", "measured", "measured", "measured", "measured", "measured", "measured", "measured", "measured", "measured", "measured"], "CsaImage.SlicePosition_PCS": [[-96.28873996, -108.76626492, -75.16963961], [-96.4247704, -108.76626492, -73.17427065], [-96.56080107, -108.76626492, -71.17890932], [-96.69683151, -108.76626492, -69.18353655], [-96.83286218, -108.76626492, -67.18816759], [-96.96889286, -108.76626492, -65.19279863], [-97.10492329, -108.76626492, -63.19742967], [-97.24095397, -108.76626492, -61.20206453], [-97.3769844, -108.76626492, -59.20669557], [-97.51301507, -108.76626492, -57.21132662], [-97.64904575, -108.76626492, -55.21595766], [-97.78507618, -108.76626492, -53.2205887], [-97.92110686, -108.76626492, -51.22521974], [-98.05713741, -108.76626492, -49.22985079], [-98.19316797, -108.76626492, -47.23448183], [-98.32919852, -108.76626492, -45.23911287], [-98.4652292, -108.76626492, -43.24374773], [-98.60125975, -108.76626492, -41.24837877], [-98.73729031, -108.76626492, -39.25300981], [-98.87332086, -108.76626492, -37.25764086], [-99.00935148, -108.76626492, -35.2622719], [-99.14538203, -108.76626492, -33.26690294], [-99.28141264, -108.76626492, -31.27153398], [-99.41744323, -108.76626492, -29.27616693], [-99.5534738, -108.76626492, -27.28079798], [-99.68950438, -108.76626492, -25.28542902], [-99.82553496, -108.76626492, -23.29006006], [-99.96156554, -108.76626492, -21.29469206], [-100.09759612, -108.76626492, -19.2993231], [-100.23362671, -108.76626492, -17.3039551], [-100.36965726, -108.76626492, -15.30858614], [-100.50568788, -108.76626492, -13.31321766], [-100.64171843, -108.76626492, -11.31784918], [-100.77774899, -108.76626492, -9.32248046], [-100.91377966, -108.76626492, -7.32711192], [-101.04981021, -108.76626492, -5.33174338], [-101.18584077, -108.76626492, -3.33637478], [-101.32187132, -108.76626492, -1.3410063], [-101.45790188, -108.76626492, 0.65436218], [-101.59393255, -108.76626492, 2.64973066], [-101.72996311, -108.76626492, 4.64509962], [-101.86599378, -108.76626492, 6.64046763], [-102.00202422, -108.76626492, 8.63583658], [-102.13805489, -108.76626492, 10.63120459], [-102.27408533, -108.76626492, 12.62657354], [-102.410116, -108.76626492, 14.6219425], [-102.54614667, -108.76626492, 16.61731146], [-102.68217711, -108.76626492, 18.61267851], [-102.81820778, -108.76626492, 20.60804747], [-102.95423822, -108.76626492, 22.60341642], [-103.09026889, -108.76626492, 24.59878538], [-103.22629957, -108.76626492, 26.59415434], [-103.36233, -108.76626492, 28.5895233], [-103.49836068, -108.76626492, 30.58489226], [-103.63439135, -108.76626492, 32.5802574], [-103.77042202, -108.76626492, 34.57562636], [-103.90645222, -108.76626492, 36.57099531], [-104.0424829, -108.76626492, 38.56636427], [-104.17851357, -108.76626492, 40.56173323], [-104.31454424, -108.76626492, 42.55710219], [-104.45057492, -108.76626492, 44.55247114], [-104.58660511, -108.76626492, 46.5478401], [-104.72263579, -108.76626492, 48.54320906], [-104.85866646, -108.76626492, 50.53857802], [-104.99469714, -108.76626492, 52.53394316], [-105.13072781, -108.76626492, 54.52931212], [-105.26675801, -108.76626492, 56.52468107], [-105.40278868, -108.76626492, 58.52005003], [-105.53881936, -108.76626492, 60.51541899], [-105.67485003, -108.76626492, 62.51078795], [-105.8108807, -108.76626492, 64.5061569], [-105.9469109, -108.76626492, 66.50152586]], "CsaImage.TimeAfterStart": [1.0825, 0.7225, 1.0925, 0.7325, 1.1025, 0.7425, 1.1125, 0.7525, 1.1225, 0.7625, 1.1325, 0.7725, 1.1425, 0.7825, 1.1525, 0.7925, 1.1625, 0.8025, 1.1725, 0.8125, 1.1825, 0.8225, 1.1925, 0.8325, 1.2025, 0.8425, 1.2125, 0.8525, 1.2225, 0.8625, 1.2325, 0.8725, 1.2425, 0.8825, 1.2525, 0.8925, 1.2625, 0.9025, 1.2725, 0.9125, 1.2825, 0.9225, 1.2925, 0.9325, 1.3025, 0.9425, 1.3125, 0.9525, 1.3225, 0.9625, 1.3325, 0.9725, 1.3425, 0.9825, 1.3525, 0.9925, 1.3625, 1.0025, 1.3725, 1.0125, 1.3825, 1.0225, 1.3925, 1.0325, 1.4025, 1.0425, 1.4125, 1.0525, 1.4225, 1.0625, 1.4325, 1.0725], "ImagePositionPatient": [[-96.288739962449, -108.76626491547, -75.169639605302], [-96.424770398011, -108.76626491547, -73.174270647783], [-96.560801071991, -108.76626491547, -71.178909319658], [-96.696831507554, -108.76626491547, -69.183536547441], [-96.832862181534, -108.76626491547, -67.188167589922], [-96.968892855515, -108.76626491547, -65.192798632402], [-97.104923291077, -108.76626491547, -63.197429674883], [-97.240953965058, -108.76626491547, -61.20206453206], [-97.37698440062, -108.76626491547, -59.206695574541], [-97.513015074601, -108.76626491547, -57.211326617021], [-97.649045748581, -108.76626491547, -55.215957659502], [-97.785076184144, -108.76626491547, -53.220588701982], [-97.921106858124, -108.76626491547, -51.225219744463], [-98.057137412896, -108.76626491547, -49.229850786943], [-98.193167967667, -108.76626491547, -47.234481829424], [-98.329198522438, -108.76626491547, -45.239112871904], [-98.465229196419, -108.76626491547, -43.243747729082], [-98.601259751191, -108.76626491547, -41.248378771562], [-98.737290305962, -108.76626491547, -39.253009814043], [-98.873320860733, -108.76626491547, -37.257640856523], [-99.00935147511, -108.76626491547, -35.262271899004], [-99.145382029881, -108.76626491547, -33.266902941484], [-99.281412644257, -108.76626491547, -31.271533983965], [-99.417443228831, -108.76626491547, -29.276166933794], [-99.553473798503, -108.76626491547, -27.280797976274], [-99.689504375627, -108.76626491547, -25.285429018755], [-99.8255349602, -108.76626491547, -23.290060061235], [-99.961565537323, -108.76626491547, -21.29469205739], [-100.0975961219, -108.76626491547, -19.29932309987], [-100.23362670647, -108.76626491547, -17.303955096025], [-100.36965726124, -108.76626491547, -15.308586138506], [-100.50568787562, -108.76626491547, -13.313217657823], [-100.64171843039, -108.76626491547, -11.317849177141], [-100.77774898516, -108.76626491547, -9.3224804580399], [-100.91377965914, -108.76626491547, -7.3271119177529], [-101.04981021391, -108.76626491547, -5.3317433774659], [-101.18584076868, -108.76626491547, -3.3363747775742], [-101.32187132346, -108.76626491547, -1.3410062968918], [-101.45790187823, -108.76626491547, 0.65436218379054], [-101.59393255221, -108.76626491547, 2.6497306644729], [-101.72996310698, -108.76626491547, 4.6450996219924], [-101.86599378096, -108.76626491547, 6.6404676258377], [-102.00202421652, -108.76626491547, 8.6358365833572], [-102.1380548905, -108.76626491547, 10.631204587202], [-102.27408532607, -108.76626491547, 12.626573544722], [-102.41011600005, -108.76626491547, 14.621942502241], [-102.54614667403, -108.76626491547, 16.617311459761], [-102.68217710959, -108.76626491547, 18.612678509932], [-102.81820778357, -108.76626491547, 20.608047467451], [-102.95423821913, -108.76626491547, 22.603416424971], [-103.09026889311, -108.76626491547, 24.59878538249], [-103.22629956709, -108.76626491547, 26.59415434001], [-103.36233000266, -108.76626491547, 28.58952329753], [-103.49836067664, -108.76626491547, 30.584892255049], [-103.63439135062, -108.76626491547, 32.580257397871], [-103.7704220246, -108.76626491547, 34.575626355391], [-103.90645222174, -108.76626491547, 36.57099531291], [-104.04248289572, -108.76626491547, 38.56636427043], [-104.1785135697, -108.76626491547, 40.561733227949], [-104.31454424368, -108.76626491547, 42.557102185469], [-104.45057491766, -108.76626491547, 44.552471142989], [-104.58660511481, -108.76626491547, 46.547840100508], [-104.72263578879, -108.76626491547, 48.543209058028], [-104.85866646277, -108.76626491547, 50.538578015547], [-104.99469713675, -108.76626491547, 52.533943158369], [-105.13072781073, -108.76626491547, 54.529312115889], [-105.26675800787, -108.76626491547, 56.524681073408], [-105.40278868185, -108.76626491547, 58.520050030928], [-105.53881935584, -108.76626491547, 60.515418988448], [-105.67485002982, -108.76626491547, 62.510787945967], [-105.8108807038, -108.76626491547, 64.506156903487], [-105.94691090094, -108.76626491547, 66.501525861006]], "InstanceCreationTime": ["120819.074000", "120819.001000", "120819.076000", "120819.003000", "120819.078000", "120819.006000", "120819.080000", "120819.007000", "120819.082000", "120819.009000", "120819.084000", "120819.011000", "120819.086000", "120819.013000", "120819.088000", "120819.015000", "120819.090000", "120819.017000", "120819.092000", "120819.019000", "120819.094000", "120819.021000", "120819.102000", "120819.023000", "120819.104000", "120819.025000", "120819.106000", "120819.027000", "120819.108000", "120819.029000", "120819.110000", "120819.031000", "120819.112000", "120819.034000", "120819.115000", "120819.036000", "120819.117000", "120819.038000", "120819.119000", "120819.040000", "120819.121000", "120819.042000", "120819.123000", "120819.043000", "120819.125000", "120819.046000", "120819.127000", "120819.047000", "120819.129000", "120819.049000", "120819.131000", "120819.051000", "120819.133000", "120819.053000", "120819.135000", "120819.055000", "120819.137000", "120819.057000", "120819.140000", "120819.059000", "120819.142000", "120819.061000", "120819.144000", "120819.063000", "120819.146000", "120819.065000", "120819.148000", "120819.067000", "120819.151000", "120819.069000", "120819.153000", "120819.071000"], "InstanceNumber": [1, 2, 3, 4, 5, 6, 7, 8, 9, 10, 11, 12, 13, 14, 15, 16, 17, 18, 19, 20, 21, 22, 23, 24, 25, 26, 27, 28, 29, 30, 31, 32, 33, 34, 35, 36, 37, 38, 39, 40, 41, 42, 43, 44, 45, 46, 47, 48, 49, 50, 51, 52, 53, 54, 55, 56, 57, 58, 59, 60, 61, 62, 63, 64, 65, 66, 67, 68, 69, 70, 71, 72], "LargestImagePixelValue": [4094, 4095, 4094, 4095, 4094, 4095, 4093, 4094, 4094, 4094, 4094, 4095, 4095, 4092, 4094, 4093, 4092, 4093, 4095, 4092, 4095, 4094, 4094, 4091, 4087, 4095, 4090, 4095, 4094, 4095, 4093, 4094, 4087, 4090, 4092, 4094, 4086, 4082, 4089, 4093, 4092, 4094, 4090, 4094, 4093, 4094, 4058, 4093, 4087, 4089, 4089, 4087, 4094, 4094, 4089, 4079, 4092, 4094, 4085, 4094, 4094, 4091, 4095, 4094, 4090, 4095, 4094, 4093, 4095, 4095, 4094, 4095], "SliceLocation": [-68.44646116324, -66.446460774232, -64.446467980735, -62.446463785864, -60.446463380639, -58.446462975415, -56.446462586408, -54.446465987047, -52.446465598039, -50.446465192815, -48.446464787591, -46.446464398583, -44.446463993359, -42.446463596243, -40.446463199127, -38.446462802011, -36.446466202651, -34.446465805535, -32.446465408419, -30.446465011303, -28.446464610133, -26.446464213017, -24.446463811847, -22.446465315636, -20.446464917506, -18.44646451887, -16.446464119727, -14.446464672557, -12.446464273414, -10.446464825737, -8.4464644286207, -6.4464645031836, -4.4464645818006, -2.4464644225511, -0.4464644335934, 1.5535355472562, 3.5535355875725, 5.5535355089555, 7.5535354303385, 9.5535353598296, 11.553535756946, 13.553535210704, 15.553535599712, 17.55353505347, 19.553535442478, 21.553535847702, 23.553536252926, 25.553534739002, 27.553535144226, 29.553535533234, 31.553535938458, 33.553536343682, 35.55353673269, 37.553537137914, 39.553533737274, 41.553534142498, 43.55353451529, 45.553534920514, 47.553535325738, 49.553535730962, 51.553536136186, 53.553536508978, 55.553536914202, 57.553537319426, 59.553533918786, 61.55353432401, 63.553534696802, 65.553535102026, 67.55353550725, 69.553535912474, 71.553536317698, 73.55353669049], "SmallestImagePixelValue": [0, 0, 0, 0, 0, 0, 0, 1, 0, 0, 0, 2, 0, 0, 2, 2, 0, 2, 0, 0, 2, 3, 1, 3, 2, 1, 1, 8, 3, 2, 0, 2, 2, 3, 3, 0, 3, 0, 3, 2, 4, 1, 11, 3, 2, 0, 3, 20, 2, 2, 4, 2, 7, 0, 4, 6, 1, 9, 1, 3, 0, 2, 0, 0, 0, 0, 1, 0, 0, 0, 1, 1], "WindowCenter": [-294.0, -296.0, -316.0, -352.0, -284.0, -290.0, -274.0, -264.0, -196.0, -266.0, -288.0, -344.0, -354.0, -366.0, -394.0, -404.0, -374.0, -342.0, -330.0, -328.0, -286.0, -272.0, -218.0, -250.0, -206.0, -148.0, -120.0, -104.0, -92.0, -60.0, -64.0, -130.0, -102.0, -82.0, -98.0, -92.0, -120.0, -208.0, -198.0, -190.0, -64.0, -46.0, -18.0, 18.0, 8.0, -6.0, -46.0, -34.0, -2.0, -28.0, 2.0, -30.0, -46.0, -38.0, -12.0, -42.0, -56.0, -72.0, -90.0, -98.0, -116.0, -108.0, -156.0, -194.0, -180.0, -228.0, -258.0, -360.0, -322.0, -232.0, -250.0, -294.0], "WindowWidth": [6254.0, 6200.0, 6192.0, 6178.0, 6242.0, 6318.0, 6318.0, 6248.0, 6212.0, 6130.0, 6084.0, 6072.0, 6160.0, 6174.0, 6150.0, 6080.0, 6042.0, 5956.0, 5858.0, 5680.0, 5612.0, 5362.0, 5466.0, 5224.0, 5478.0, 5682.0, 5622.0, 5602.0, 5530.0, 5522.0, 5462.0, 5200.0, 5282.0, 5222.0, 5132.0, 5178.0, 4974.0, 4562.0, 4554.0, 4548.0, 5124.0, 5064.0, 5176.0, 5284.0, 5284.0, 5324.0, 5162.0, 5264.0, 5354.0, 5304.0, 5390.0, 5328.0, 5340.0, 5408.0, 5468.0, 5460.0, 5500.0, 5546.0, 5564.0, 5612.0, 5584.0, 5680.0, 5698.0, 5748.0, 5870.0, 5924.0, 6036.0, 6020.0, 6194.0, 6268.0, 6300.0, 6362.0]}}, "IntendedFor": ["ses-imagenet03/func/sub-05_ses-imagenet03_task-imagenet_run-05_bold.nii.gz", "ses-imagenet03/func/sub-05_ses-imagenet03_task-imagenet_run-08_bold.nii.gz", "ses-imagenet03/func/sub-05_ses-imagenet03_task-imagenet_run-07_bold.nii.gz", "ses-imagenet03/func/sub-05_ses-imagenet03_task-imagenet_run-01_bold.nii.gz", "ses-imagenet03/func/sub-05_ses-imagenet03_task-imagenet_run-03_bold.nii.gz", "ses-imagenet03/func/sub-05_ses-imagenet03_task-imagenet_run-10_bold.nii.gz", "ses-imagenet03/func/sub-05_ses-imagenet03_task-imagenet_run-02_bold.nii.gz", "ses-imagenet03/func/sub-05_ses-imagenet03_task-imagenet_run-04_bold.nii.gz", "ses-imagenet03/func/sub-05_ses-imagenet03_task-imagenet_run-06_bold.nii.gz", "ses-imagenet03/func/sub-05_ses-imagenet03_task-imagenet_run-09_bold.nii.gz"]}