{"AcquisitionMatrixPE": 100, "AcquisitionNumber": 1, "AcquisitionTime": "16:17:40.030000", "BaseResolution": 100, "BodyPartExamined": "BRAIN", "ConsistencyInfo": "N4_VE11C_LATEST_20160120", "ConversionSoftware": "dcm2niix", "ConversionSoftwareVersion": "v1.0.20180622 GCC4.9.2", "DeviceSerialNumber": "166078", "DwellTime": 8.8e-06, "EchoNumber": 2, "EchoTime": 0.00738, "EchoTime1": 0.00492, "EchoTime2": 0.00738, "FlipAngle": 60, "ImageOrientationPatientDICOM": [1, 0, 0, 0, 0.984503, -0.175367], "ImageType": ["ORIGINAL", "PRIMARY", "P", "ND"], "InPlanePhaseEncodingDirectionDICOM": "ROW", "InstitutionAddress": "Street_StreetNo_Bei_Jing_District_CN_ZIP", "InstitutionName": "BeiJing_Normal_University", "InstitutionalDepartmentName": "Department", "MRAcquisitionType": "2D", "MagneticFieldStrength": 3, "Manufacturer": "Siemens", "ManufacturersModelName": "Prisma", "Modality": "MR", "PartialFourier": 1, "PatientPosition": "HFS", "PercentPhaseFOV": 100, "PhaseEncodingDirection": "i", "PhaseEncodingSteps": 100, "PhaseResolution": 1, "PixelBandwidth": 570, "ProcedureStepDescription": "BNU_P2018_64CH_Zhen.ZongLei", "ProtocolName": "field_mapping_2x2x2", "PulseSequenceDetails": "%SiemensSeq%_gre_field_mapping", "ReceiveCoilActiveElements": "HC1-7;NC1", "ReceiveCoilName": "HeadNeck_64", "ReconMatrixPE": 100, "RepetitionTime": 0.72, "SAR": 0.136211, "ScanningSequence": "GR", "SequenceName": "_fm2d2r", "SequenceVariant": "SP", "SeriesDescription": "field_mapping_2x2x2", "SeriesNumber": 9, "ShimSetting": [-5460, -11523, -1298, 523, -63, -248, 32, 27], "SliceThickness": 2, "SoftwareVersions": "syngo_MR_E11", "SpacingBetweenSlices": 2, "StationName": "AWP166078", "TxRefAmp": 233.216, "dcmmeta_affine": [[-2.0, 0.0, 0.0, 100.0], [0.0, 1.9690062999725342, -0.35073280334472656, -79.95767974853516], [0.0, 0.3507334589958191, 1.9690055847167969, -94.60134887695312], [0.0, 0.0, 0.0, 1.0]], "dcmmeta_reorient_transform": [[0.0, -1.0, 0.0, 99.0], [1.0, 0.0, 0.0, 0.0], [0.0, 0.0, -1.0, 71.0], [0.0, 0.0, 0.0, 1.0]], "dcmmeta_shape": [100, 100, 72], "dcmmeta_slice_dim": 2, "dcmmeta_version": 0.6, "global": {"const": {"AcquisitionMatrix": [0, 100, 100, 0], "AcquisitionNumber": 1, "AngioFlag": "N", "BitsAllocated": 16, "BitsStored": 12, "BodyPartExamined": "BRAIN", "Columns": 100, "EchoNumbers": 2, "EchoTime": 7.38, "EchoTrainLength": 0, "FlipAngle": 60.0, "HighBit": 11, "ImageOrientationPatient": [1.0, 0.0, 0.0, 0.0, 0.98450317868269, -0.1753667333438], "ImageType": ["ORIGINAL", "PRIMARY", "P", "ND"], "ImagedNucleus": "1H", "ImagingFrequency": 123.257738, "InPlanePhaseEncodingDirection": "ROW", "MRAcquisitionType": "2D", "MagneticFieldStrength": 3.0, "Manufacturer": "SIEMENS", "ManufacturerModelName": "Prisma", "Modality": "MR", "NumberOfAverages": 1.0, "NumberOfPhaseEncodingSteps": 100, "PercentPhaseFieldOfView": 100.0, "PercentSampling": 100.0, "PerformedProcedureStepStartTime": "151825.186000", "PhotometricInterpretation": "MONOCHROME2", "PixelBandwidth": 570.0, "PixelRepresentation": 0, "PixelSpacing": [2.0, 2.0], "ProtocolName": "field_mapping_2x2x2", "RepetitionTime": 720.0, "RescaleIntercept": -4096.0, "RescaleSlope": 2.0, "RescaleType": "US", "Rows": 100, "SAR": 0.13621130679501, "SamplesPerPixel": 1, "ScanningSequence": "GR", "SequenceName": "*fm2d2r", "SequenceVariant": "SP", "SeriesDescription": "field_mapping_2x2x2", "SeriesNumber": 9, "SeriesTime": "162004.252000", "SliceThickness": 2.0, "SoftwareVersions": "syngo MR E11", "SpacingBetweenSlices": 2.0, "SpecificCharacterSet": "ISO_IR 100", "StudyID": "1", "StudyTime": "151825.122000", "TransmitCoilName": "Body", "VariableFlipAngleFlag": "N", "WindowCenterWidthExplanation": "Algo1", "dBdt": 0.0}, "slices": {"AcquisitionTime": ["161740.030000", "161739.670000", "161740.040000", "161739.680000", "161740.050000", "161739.690000", "161740.060000", "161739.700000", "161740.070000", "161739.710000", "161740.080000", "161739.720000", "161740.090000", "161739.730000", "161740.100000", "161739.740000", "161740.110000", "161739.750000", "161740.120000", "161739.760000", "161740.130000", "161739.770000", "161740.140000", "161739.780000", "161740.150000", "161739.790000", "161740.160000", "161739.800000", "161740.170000", "161739.810000", "161740.180000", "161739.820000", "161740.190000", "161739.830000", "161740.200000", "161739.840000", "161740.210000", "161739.850000", "161740.220000", "161739.860000", "161740.230000", "161739.870000", "161740.240000", "161739.880000", "161740.250000", "161739.890000", "161740.260000", "161739.900000", "161740.270000", "161739.910000", "161740.280000", "161739.920000", "161740.290000", "161739.930000", "161740.300000", "161739.940000", "161740.310000", "161739.950000", "161740.320000", "161739.960000", "161740.330000", "161739.970000", "161740.340000", "161739.980000", "161740.350000", "161739.990000", "161740.360000", "161740.000000", "161740.370000", "161740.010000", "161740.380000", "161740.020000"], "ContentTime": ["162004.340000", "162004.254000", "162004.342000", "162004.257000", "162004.344000", "162004.259000", "162004.346000", "162004.261000", "162004.348000", "162004.263000", "162004.350000", "162004.265000", "162004.352000", "162004.267000", "162004.353000", "162004.269000", "162004.355000", "162004.271000", "162004.357000", "162004.273000", "162004.359000", "162004.276000", "162004.361000", "162004.277000", "162004.363000", "162004.279000", "162004.365000", "162004.281000", "162004.367000", "162004.283000", "162004.369000", "162004.285000", "162004.371000", "162004.287000", "162004.373000", "162004.289000", "162004.375000", "162004.291000", "162004.377000", "162004.293000", "162004.379000", "162004.295000", "162004.381000", "162004.297000", "162004.384000", "162004.299000", "162004.386000", "162004.301000", "162004.388000", "162004.303000", "162004.390000", "162004.305000", "162004.392000", "162004.307000", "162004.394000", "162004.309000", "162004.397000", "162004.311000", "162004.399000", "162004.313000", "162004.401000", "162004.327000", "162004.403000", "162004.329000", "162004.405000", "162004.331000", "162004.408000", "162004.334000", "162004.410000", "162004.336000", "162004.412000", "162004.338000"], "CsaImage.GSWDDataType": ["measured", "predicted", "measured", "predicted", "measured", "predicted", "measured", "predicted", "measured", "predicted", "measured", "predicted", "measured", "predicted", "measured", "predicted", "measured", "predicted", "measured", "predicted", "measured", "predicted", "measured", "predicted", "measured", "predicted", "measured", "predicted", "measured", "predicted", "measured", "predicted", "measured", "predicted", "measured", "predicted", "measured", "predicted", "measured", "predicted", "measured", "predicted", "measured", "predicted", "measured", "predicted", "measured", "predicted", "measured", "predicted", "measured", "predicted", "measured", "predicted", "measured", "predicted", "measured", "predicted", "measured", "predicted", "measured", "measured", "measured", "measured", "measured", "measured", "measured", "measured", "measured", "measured", "measured", "measured"], "CsaImage.ICE_Dims": ["X_2_1_1_1_1_1_37_1_1_1_1_180", "X_2_1_1_1_1_1_1_1_1_2_1_180", "X_2_1_1_1_1_1_38_1_1_3_1_180", "X_2_1_1_1_1_1_2_1_1_4_1_180", "X_2_1_1_1_1_1_39_1_1_5_1_180", "X_2_1_1_1_1_1_3_1_1_6_1_180", "X_2_1_1_1_1_1_40_1_1_7_1_180", "X_2_1_1_1_1_1_4_1_1_8_1_180", "X_2_1_1_1_1_1_41_1_1_9_1_180", "X_2_1_1_1_1_1_5_1_1_10_1_180", "X_2_1_1_1_1_1_42_1_1_11_1_180", "X_2_1_1_1_1_1_6_1_1_12_1_180", "X_2_1_1_1_1_1_43_1_1_13_1_180", "X_2_1_1_1_1_1_7_1_1_14_1_180", "X_2_1_1_1_1_1_44_1_1_15_1_180", "X_2_1_1_1_1_1_8_1_1_16_1_180", "X_2_1_1_1_1_1_45_1_1_17_1_180", "X_2_1_1_1_1_1_9_1_1_18_1_180", "X_2_1_1_1_1_1_46_1_1_19_1_180", "X_2_1_1_1_1_1_10_1_1_20_1_180", "X_2_1_1_1_1_1_47_1_1_21_1_180", "X_2_1_1_1_1_1_11_1_1_22_1_180", "X_2_1_1_1_1_1_48_1_1_23_1_180", "X_2_1_1_1_1_1_12_1_1_24_1_180", "X_2_1_1_1_1_1_49_1_1_25_1_180", "X_2_1_1_1_1_1_13_1_1_26_1_180", "X_2_1_1_1_1_1_50_1_1_27_1_180", "X_2_1_1_1_1_1_14_1_1_28_1_180", "X_2_1_1_1_1_1_51_1_1_29_1_180", "X_2_1_1_1_1_1_15_1_1_30_1_180", "X_2_1_1_1_1_1_52_1_1_31_1_180", "X_2_1_1_1_1_1_16_1_1_32_1_180", "X_2_1_1_1_1_1_53_1_1_33_1_180", "X_2_1_1_1_1_1_17_1_1_34_1_180", "X_2_1_1_1_1_1_54_1_1_35_1_180", "X_2_1_1_1_1_1_18_1_1_36_1_180", "X_2_1_1_1_1_1_55_1_1_37_1_180", "X_2_1_1_1_1_1_19_1_1_38_1_180", "X_2_1_1_1_1_1_56_1_1_39_1_180", "X_2_1_1_1_1_1_20_1_1_40_1_180", "X_2_1_1_1_1_1_57_1_1_41_1_180", "X_2_1_1_1_1_1_21_1_1_42_1_180", "X_2_1_1_1_1_1_58_1_1_43_1_180", "X_2_1_1_1_1_1_22_1_1_44_1_180", "X_2_1_1_1_1_1_59_1_1_45_1_180", "X_2_1_1_1_1_1_23_1_1_46_1_180", "X_2_1_1_1_1_1_60_1_1_47_1_180", "X_2_1_1_1_1_1_24_1_1_48_1_180", "X_2_1_1_1_1_1_61_1_1_49_1_180", "X_2_1_1_1_1_1_25_1_1_50_1_180", "X_2_1_1_1_1_1_62_1_1_51_1_180", "X_2_1_1_1_1_1_26_1_1_52_1_180", "X_2_1_1_1_1_1_63_1_1_53_1_180", "X_2_1_1_1_1_1_27_1_1_54_1_180", "X_2_1_1_1_1_1_64_1_1_55_1_180", "X_2_1_1_1_1_1_28_1_1_56_1_180", "X_2_1_1_1_1_1_65_1_1_57_1_180", "X_2_1_1_1_1_1_29_1_1_58_1_180", "X_2_1_1_1_1_1_66_1_1_59_1_180", "X_2_1_1_1_1_1_30_1_1_60_1_180", "X_2_1_1_1_1_1_67_1_1_61_1_180", "X_2_1_1_1_1_1_31_1_1_62_1_180", "X_2_1_1_1_1_1_68_1_1_63_1_180", "X_2_1_1_1_1_1_32_1_1_64_1_180", "X_2_1_1_1_1_1_69_1_1_65_1_180", "X_2_1_1_1_1_1_33_1_1_66_1_180", "X_2_1_1_1_1_1_70_1_1_67_1_180", "X_2_1_1_1_1_1_34_1_1_68_1_180", "X_2_1_1_1_1_1_71_1_1_69_1_180", "X_2_1_1_1_1_1_35_1_1_70_1_180", "X_2_1_1_1_1_1_72_1_1_71_1_180", "X_2_1_1_1_1_1_36_1_1_72_1_180"], "CsaImage.ProtocolSliceNumber": [0, 1, 2, 3, 4, 5, 6, 7, 8, 9, 10, 11, 12, 13, 14, 15, 16, 17, 18, 19, 20, 21, 22, 23, 24, 25, 26, 27, 28, 29, 30, 31, 32, 33, 34, 35, 36, 37, 38, 39, 40, 41, 42, 43, 44, 45, 46, 47, 48, 49, 50, 51, 52, 53, 54, 55, 56, 57, 58, 59, 60, 61, 62, 63, 64, 65, 66, 67, 68, 69, 70, 71], "CsaImage.RFSWDDataType": ["measured", "predicted", "measured", "predicted", "measured", "predicted", "measured", "predicted", "measured", "predicted", "measured", "predicted", "measured", "predicted", "measured", "predicted", "measured", "predicted", "measured", "predicted", "measured", "predicted", "measured", "predicted", "measured", "predicted", "measured", "predicted", "measured", "predicted", "measured", "predicted", "measured", "predicted", "measured", "predicted", "measured", "predicted", "measured", "predicted", "measured", "predicted", "measured", "predicted", "measured", "predicted", "measured", "predicted", "measured", "predicted", "measured", "predicted", "measured", "predicted", "measured", "predicted", "measured", "measured", "measured", "measured", "measured", "measured", "measured", "measured", "measured", "measured", "measured", "measured", "measured", "measured", "measured", "measured"], "CsaImage.SlicePosition_PCS": [[-100.0, -114.97399379, -59.87879297], [-100.0, -114.62326098, -57.90978357], [-100.0, -114.27252818, -55.9407818], [-100.0, -113.92179442, -53.97177241], [-100.0, -113.57106067, -52.00276301], [-100.0, -113.22032691, -50.03376124], [-100.0, -112.86959411, -48.06475184], [-100.0, -112.51886035, -46.09574625], [-100.0, -112.16812659, -44.12674067], [-100.0, -111.81739379, -42.15773508], [-100.0, -111.46666003, -40.18872568], [-100.0, -111.11592627, -38.2197201], [-100.0, -110.76519347, -36.25071451], [-100.0, -110.41445971, -34.28170893], [-100.0, -110.06372596, -32.31270334], [-100.0, -109.71299315, -30.34369394], [-100.0, -109.3622594, -28.37468836], [-100.0, -109.01152564, -26.40568278], [-100.0, -108.66079284, -24.43667719], [-100.0, -108.31005908, -22.46767161], [-100.0, -107.95932532, -20.49866221], [-100.0, -107.60859252, -18.52965662], [-100.0, -107.25785876, -16.56065104], [-100.0, -106.907125, -14.59164545], [-100.0, -106.5563922, -12.62263796], [-100.0, -106.20565844, -10.65363238], [-100.0, -105.85492469, -8.68462488], [-100.0, -105.50419141, -6.7156193], [-100.0, -105.15345813, -4.74661371], [-100.0, -104.80272437, -2.77760622], [-100.0, -104.45199109, -0.80860064], [-100.0, -104.10125781, 1.16040685], [-100.0, -103.75052405, 3.12941244], [-100.0, -103.39979077, 5.09841898], [-100.0, -103.04905749, 7.06742552], [-100.0, -102.69832374, 9.03643205], [-100.0, -102.34759046, 11.00543812], [-100.0, -101.99685694, 12.97444418], [-100.0, -101.64612342, 14.94345072], [-100.0, -101.2953899, 16.91245708], [-100.0, -100.94465662, 18.88146344], [-100.0, -100.5939231, 20.85046985], [-100.0, -100.2431897, 22.81947639], [-100.0, -99.89245618, 24.78848245], [-100.0, -99.54172278, 26.75748899], [-100.0, -99.19098932, 28.72649553], [-100.0, -98.84025584, 30.69550207], [-100.0, -98.48952239, 32.66450765], [-100.0, -98.13878895, 34.63351515], [-100.0, -97.78805549, 36.60252073], [-100.0, -97.43732203, 38.57152632], [-100.0, -97.08658863, 40.54053381], [-100.0, -96.73585511, 42.50953939], [-100.0, -96.38512159, 44.47854688], [-100.0, -96.03438831, 46.44755247], [-100.0, -95.68365479, 48.41655805], [-100.0, -95.33292128, 50.38556555], [-100.0, -94.98218776, 52.35457113], [-100.0, -94.63145448, 54.32357672], [-100.0, -94.2807212, 56.29258612], [-100.0, -93.92998744, 58.2615917], [-100.0, -93.57925416, 60.23059728], [-100.0, -93.2285204, 62.19960287], [-100.0, -92.87778712, 64.16860845], [-100.0, -92.52705384, 66.13761785], [-100.0, -92.17632008, 68.10662344], [-100.0, -91.8255868, 70.07562902], [-100.0, -91.47485352, 72.04463461], [-100.0, -91.12411977, 74.01364019], [-100.0, -90.77338649, 75.98264959], [-100.0, -90.42265273, 77.95165518], [-100.0, -90.07191993, 79.92066076]], "CsaImage.TimeAfterStart": [1.0825, 0.7225, 1.0925, 0.7325, 1.1025, 0.7425, 1.1125, 0.7525, 1.1225, 0.7625, 1.1325, 0.7725, 1.1425, 0.7825, 1.1525, 0.7925, 1.1625, 0.8025, 1.1725, 0.8125, 1.1825, 0.8225, 1.1925, 0.8325, 1.2025, 0.8425, 1.2125, 0.8525, 1.2225, 0.8625, 1.2325, 0.8725, 1.2425, 0.8825, 1.2525, 0.8925, 1.2625, 0.9025, 1.2725, 0.9125, 1.2825, 0.9225, 1.2925, 0.9325, 1.3025, 0.9425, 1.3125, 0.9525, 1.3225, 0.9625, 1.3325, 0.9725, 1.3425, 0.9825, 1.3525, 0.9925, 1.3625, 1.0025, 1.3725, 1.0125, 1.3825, 1.0225, 1.3925, 1.0325, 1.4025, 1.0425, 1.4125, 1.0525, 1.4225, 1.0625, 1.4325, 1.0725], "ImagePositionPatient": [[-100.0, -114.97399378685, -59.87879297421], [-100.0, -114.6232609835, -57.909783574796], [-100.0, -114.27252818016, -55.940781804776], [-100.0, -113.92179442314, -53.971772405362], [-100.0, -113.57106066612, -52.002763005948], [-100.0, -113.2203269091, -50.033761235928], [-100.0, -112.86959410576, -48.064751836514], [-100.0, -112.51886034874, -46.095746251798], [-100.0, -112.16812659172, -44.126740667081], [-100.0, -111.81739378837, -42.157735082364], [-100.0, -111.46666003135, -40.18872568295], [-100.0, -111.11592627434, -38.219720098233], [-100.0, -110.76519347099, -36.250714513516], [-100.0, -110.41445971397, -34.2817089288], [-100.0, -110.06372595695, -32.312703344083], [-100.0, -109.71299315361, -30.343693944669], [-100.0, -109.36225939659, -28.374688359952], [-100.0, -109.01152563957, -26.405682775235], [-100.0, -108.66079283623, -24.436677190518], [-100.0, -108.31005907921, -22.467671605802], [-100.0, -107.95932532219, -20.498662206387], [-100.0, -107.60859251884, -18.529656621671], [-100.0, -107.25785876182, -16.560651036954], [-100.0, -106.9071250048, -14.591645452237], [-100.0, -106.55639220146, -12.622637960172], [-100.0, -106.20565844444, -10.653632375455], [-100.0, -105.85492468742, -8.6846248833894], [-100.0, -105.50419140724, -6.7156192986726], [-100.0, -105.15345812706, -4.7466137139558], [-100.0, -104.80272437004, -2.7776062218904], [-100.0, -104.45199108986, -0.8086006371736], [-100.0, -104.10125780968, 1.1604068548918], [-100.0, -103.75052405266, 3.1294124396086], [-100.0, -103.39979077247, 5.0984189779997], [-100.0, -103.04905749229, 7.0674255163908], [-100.0, -102.69832373527, 9.036432054782], [-100.0, -102.34759045509, 11.005438116336], [-100.0, -101.99685693649, 12.97444417789], [-100.0, -101.64612341789, 14.943450716281], [-100.0, -101.29538989929, 16.912457075858], [-100.0, -100.94465661911, 18.881463435435], [-100.0, -100.59392310051, 20.850469854617], [-100.0, -100.24318970112, 22.819476393008], [-100.0, -99.892456182516, 24.788482454562], [-100.0, -99.541722783125, 26.757488992953], [-100.0, -99.190989324129, 28.726495531344], [-100.0, -98.840255835331, 30.695502069736], [-100.0, -98.489522394962, 32.664507654452], [-100.0, -98.138788947142, 34.633515146518], [-100.0, -97.788055488146, 36.602520731235], [-100.0, -97.43732202915, 38.571526315951], [-100.0, -97.086588629759, 40.540533808017], [-100.0, -96.735855111158, 42.509539392734], [-100.0, -96.385121592558, 44.478546884799], [-100.0, -96.034388312376, 46.447552469516], [-100.0, -95.683654793776, 48.416558054233], [-100.0, -95.332921275175, 50.385565546298], [-100.0, -94.982187756575, 52.354571131015], [-100.0, -94.631454476393, 54.323576715732], [-100.0, -94.280721196211, 56.292586115146], [-100.0, -93.929987439192, 58.261591699863], [-100.0, -93.57925415901, 60.230597284579], [-100.0, -93.228520401991, 62.199602869296], [-100.0, -92.877787121809, 64.168608454013], [-100.0, -92.527053841627, 66.137617853427], [-100.0, -92.176320084608, 68.106623438144], [-100.0, -91.825586804426, 70.075629022861], [-100.0, -91.474853524244, 72.044634607577], [-100.0, -91.124119767225, 74.013640192294], [-100.0, -90.773386487043, 75.982649591708], [-100.0, -90.422652730024, 77.951655176425], [-100.0, -90.07191992668, 79.920660761142]], "InstanceCreationTime": ["162004.340000", "162004.254000", "162004.342000", "162004.257000", "162004.344000", "162004.259000", "162004.346000", "162004.261000", "162004.348000", "162004.263000", "162004.350000", "162004.265000", "162004.352000", "162004.267000", "162004.353000", "162004.269000", "162004.355000", "162004.271000", "162004.357000", "162004.273000", "162004.359000", "162004.276000", "162004.361000", "162004.277000", "162004.363000", "162004.279000", "162004.365000", "162004.281000", "162004.367000", "162004.283000", "162004.369000", "162004.285000", "162004.371000", "162004.287000", "162004.373000", "162004.289000", "162004.375000", "162004.291000", "162004.377000", "162004.293000", "162004.379000", "162004.295000", "162004.381000", "162004.297000", "162004.384000", "162004.299000", "162004.386000", "162004.301000", "162004.388000", "162004.303000", "162004.390000", "162004.305000", "162004.392000", "162004.307000", "162004.394000", "162004.309000", "162004.397000", "162004.311000", "162004.399000", "162004.313000", "162004.401000", "162004.327000", "162004.403000", "162004.329000", "162004.405000", "162004.331000", "162004.408000", "162004.334000", "162004.410000", "162004.336000", "162004.412000", "162004.338000"], "InstanceNumber": [1, 2, 3, 4, 5, 6, 7, 8, 9, 10, 11, 12, 13, 14, 15, 16, 17, 18, 19, 20, 21, 22, 23, 24, 25, 26, 27, 28, 29, 30, 31, 32, 33, 34, 35, 36, 37, 38, 39, 40, 41, 42, 43, 44, 45, 46, 47, 48, 49, 50, 51, 52, 53, 54, 55, 56, 57, 58, 59, 60, 61, 62, 63, 64, 65, 66, 67, 68, 69, 70, 71, 72], "LargestImagePixelValue": [4095, 4095, 4095, 4093, 4095, 4095, 4094, 4095, 4095, 4095, 4093, 4095, 4093, 4094, 4094, 4094, 4095, 4094, 4094, 4095, 4095, 4094, 4090, 4092, 4094, 4092, 4091, 4091, 4094, 4095, 4095, 4088, 4094, 4092, 4089, 4092, 4095, 4093, 4092, 4091, 4080, 4091, 4094, 4094, 4094, 4091, 4093, 4089, 4094, 4093, 4094, 4094, 4092, 4089, 4095, 4095, 4095, 4094, 4095, 4094, 4094, 4091, 4095, 4095, 4093, 4094, 4093, 4095, 4093, 4093, 4095, 4095], "SliceLocation": [-79.113475728686, -77.113472850108, -75.113477482693, -73.113474436872, -71.113471391051, -69.113475856393, -67.113472977814, -65.113473687575, -63.113474397336, -61.113475274339, -59.113472228518, -57.113472938278, -55.113473815281, -53.113474525042, -51.113475234803, -49.113472356224, -47.113473065985, -45.113473775745, -43.113474652748, -41.113475362509, -39.113472316688, -37.113473193691, -35.113473903452, -33.113474613212, -31.113473612425, -29.113474322185, -27.113473154155, -25.113473947537, -23.113474740919, -21.113473572888, -19.11347436627, -17.113473281861, -15.113473991622, -13.113473846108, -11.113473700595, -9.11347347146, -7.1134737953942, -5.1134740775177, -3.1134738901935, -1.1134738789122, 0.88652609055842, 2.8865261605207, 4.8865263269395, 6.886526044816, 8.8865262112349, 10.886526388106, 12.886526570204, 14.886525804914, 16.886526918721, 18.886526156697, 20.886525394673, 22.886526499987, 24.886525748416, 26.886526874636, 28.886526081254, 30.886525329683, 32.886526455902, 34.886525704331, 36.886524910949, 38.886527873149, 40.886527163388, 42.886526370007, 44.886525660246, 46.886524866864, 48.886527829064, 50.886527119303, 52.886526325921, 54.88652553254, 56.886524822779, 58.886527784979, 60.886527075218, 62.886526198215], "SmallestImagePixelValue": [0, 0, 0, 0, 1, 0, 0, 0, 0, 0, 0, 1, 0, 0, 1, 1, 0, 0, 3, 1, 0, 0, 0, 1, 1, 0, 2, 0, 6, 1, 0, 2, 1, 0, 1, 4, 0, 9, 0, 6, 0, 0, 1, 0, 0, 1, 6, 0, 0, 1, 4, 2, 2, 1, 1, 3, 4, 0, 0, 0, 0, 0, 0, 1, 0, 0, 0, 0, 0, 0, 0, 0], "WindowCenter": [-14.0, -14.0, -122.0, -192.0, -142.0, -148.0, -200.0, -160.0, -130.0, -144.0, -150.0, -168.0, -146.0, -166.0, -182.0, -220.0, -236.0, -248.0, -262.0, -220.0, -224.0, -222.0, -200.0, -250.0, -232.0, -224.0, -234.0, -228.0, -234.0, -242.0, -238.0, -220.0, -190.0, -206.0, -176.0, -134.0, -124.0, -238.0, -76.0, -84.0, -52.0, -24.0, -32.0, -62.0, -32.0, 8.0, -76.0, -24.0, -16.0, 2.0, -16.0, -16.0, -16.0, -4.0, 14.0, 30.0, 30.0, 2.0, 2.0, 2.0, -8.0, -96.0, -66.0, -126.0, -148.0, -206.0, -220.0, -210.0, -262.0, -340.0, -300.0, -402.0], "WindowWidth": [6494.0, 6494.0, 6500.0, 6436.0, 6428.0, 6434.0, 6484.0, 6480.0, 6476.0, 6434.0, 6424.0, 6356.0, 6358.0, 6236.0, 6242.0, 6234.0, 6172.0, 6150.0, 6136.0, 6140.0, 6078.0, 6040.0, 5934.0, 5808.0, 5816.0, 5788.0, 5694.0, 5650.0, 5530.0, 5444.0, 5316.0, 5330.0, 5376.0, 5136.0, 5202.0, 5352.0, 5310.0, 4612.0, 5262.0, 4982.0, 5132.0, 5122.0, 5214.0, 4982.0, 5196.0, 5314.0, 4924.0, 5306.0, 5382.0, 5498.0, 5532.0, 5532.0, 5590.0, 5664.0, 5720.0, 5776.0, 5830.0, 5834.0, 5908.0, 5968.0, 6014.0, 6042.0, 6104.0, 6140.0, 6144.0, 6202.0, 6164.0, 6266.0, 6272.0, 6312.0, 6296.0, 6346.0]}}, "IntendedFor": ["ses-imagenet01/func/sub-27_ses-imagenet01_task-imagenet_run-06_bold.nii.gz", "ses-imagenet01/func/sub-27_ses-imagenet01_task-imagenet_run-09_bold.nii.gz", "ses-imagenet01/func/sub-27_ses-imagenet01_task-imagenet_run-04_bold.nii.gz", "ses-imagenet01/func/sub-27_ses-imagenet01_task-imagenet_run-02_bold.nii.gz", "ses-imagenet01/func/sub-27_ses-imagenet01_task-imagenet_run-10_bold.nii.gz", "ses-imagenet01/func/sub-27_ses-imagenet01_task-imagenet_run-03_bold.nii.gz", "ses-imagenet01/func/sub-27_ses-imagenet01_task-imagenet_run-01_bold.nii.gz", "ses-imagenet01/func/sub-27_ses-imagenet01_task-imagenet_run-08_bold.nii.gz", "ses-imagenet01/func/sub-27_ses-imagenet01_task-imagenet_run-07_bold.nii.gz", "ses-imagenet01/func/sub-27_ses-imagenet01_task-imagenet_run-05_bold.nii.gz"]}