{"AcquisitionMatrixPE": 100, "AcquisitionNumber": 1, "AcquisitionTime": "13:13:13.657500", "BaseResolution": 100, "BodyPartExamined": "BRAIN", "ConsistencyInfo": "N4_VE11C_LATEST_20160120", "ConversionSoftware": "dcm2niix", "ConversionSoftwareVersion": "v1.0.20180622 GCC4.9.2", "DeviceSerialNumber": "166078", "DwellTime": 8.8e-06, "EchoNumber": 2, "EchoTime": 0.00738, "EchoTime1": 0.00492, "EchoTime2": 0.00738, "FlipAngle": 60, "ImageOrientationPatientDICOM": [1, 4.824e-12, -8.42e-13, -4.897e-12, 0.985109, -0.171929], "ImageType": ["ORIGINAL", "PRIMARY", "P", "ND"], "InPlanePhaseEncodingDirectionDICOM": "ROW", "InstitutionAddress": "Street_StreetNo_Bei_Jing_District_CN_ZIP", "InstitutionName": "BeiJing_Normal_University", "InstitutionalDepartmentName": "Department", "MRAcquisitionType": "2D", "MagneticFieldStrength": 3, "Manufacturer": "Siemens", "ManufacturersModelName": "Prisma", "Modality": "MR", "PartialFourier": 1, "PatientPosition": "HFS", "PercentPhaseFOV": 100, "PhaseEncodingDirection": "i", "PhaseEncodingSteps": 100, "PhaseResolution": 1, "PixelBandwidth": 570, "ProcedureStepDescription": "BNU_P2018_64CH_Zhen.ZongLei", "ProtocolName": "field_mapping_2x2x2", "PulseSequenceDetails": "%SiemensSeq%_gre_field_mapping", "ReceiveCoilActiveElements": "HC1-7;NC1", "ReceiveCoilName": "HeadNeck_64", "ReconMatrixPE": 100, "RepetitionTime": 0.72, "SAR": 0.139517, "ScanningSequence": "GR", "SequenceName": "_fm2d2r", "SequenceVariant": "SP", "SeriesDescription": "field_mapping_2x2x2", "SeriesNumber": 10, "ShimSetting": [-5481, -11509, -1252, 521, -54, -236, -148, 128], "SliceThickness": 2, "SoftwareVersions": "syngo_MR_E11", "SpacingBetweenSlices": 2, "StationName": "AWP166078", "TxRefAmp": 230.376, "dcmmeta_affine": [[-2.0, -9.79399981254625e-12, 0.0, 102.02409362792969], [-9.648000280637614e-12, 1.9702186584472656, -0.3438577651977539, -84.0494384765625], [-1.684000053119028e-12, 0.3438582122325897, 1.9702224731445312, -83.70774841308594], [0.0, 0.0, 0.0, 1.0]], "dcmmeta_reorient_transform": [[0.0, -1.0, 0.0, 99.0], [1.0, 0.0, 0.0, 0.0], [0.0, 0.0, -1.0, 71.0], [0.0, 0.0, 0.0, 1.0]], "dcmmeta_shape": [100, 100, 72], "dcmmeta_slice_dim": 2, "dcmmeta_version": 0.6, "global": {"const": {"AcquisitionMatrix": [0, 100, 100, 0], "AcquisitionNumber": 1, "AngioFlag": "N", "BitsAllocated": 16, "BitsStored": 12, "BodyPartExamined": "BRAIN", "Columns": 100, "EchoNumbers": 2, "EchoTime": 7.38, "EchoTrainLength": 0, "FlipAngle": 60.0, "HighBit": 11, "ImageOrientationPatient": [1.0, 4.824e-12, -8.42e-13, -4.897e-12, 0.98510932555839, -0.1719291036966], "ImageType": ["ORIGINAL", "PRIMARY", "P", "ND"], "ImagedNucleus": "1H", "ImagingFrequency": 123.257757, "InPlanePhaseEncodingDirection": "ROW", "MRAcquisitionType": "2D", "MagneticFieldStrength": 3.0, "Manufacturer": "SIEMENS", "ManufacturerModelName": "Prisma", "Modality": "MR", "NumberOfAverages": 1.0, "NumberOfPhaseEncodingSteps": 100, "PercentPhaseFieldOfView": 100.0, "PercentSampling": 100.0, "PerformedProcedureStepStartTime": "121324.353000", "PhotometricInterpretation": "MONOCHROME2", "PixelBandwidth": 570.0, "PixelRepresentation": 0, "PixelSpacing": [2.0, 2.0], "ProtocolName": "field_mapping_2x2x2", "RepetitionTime": 720.0, "RescaleIntercept": -4096.0, "RescaleSlope": 2.0, "RescaleType": "US", "Rows": 100, "SAR": 0.13951664226683, "SamplesPerPixel": 1, "ScanningSequence": "GR", "SequenceName": "*fm2d2r", "SequenceVariant": "SP", "SeriesDescription": "field_mapping_2x2x2", "SeriesNumber": 10, "SeriesTime": "131538.183000", "SliceThickness": 2.0, "SoftwareVersions": "syngo MR E11", "SpacingBetweenSlices": 2.0, "SpecificCharacterSet": "ISO_IR 100", "StudyID": "1", "StudyTime": "121324.253000", "TransmitCoilName": "Body", "VariableFlipAngleFlag": "N", "WindowCenterWidthExplanation": "Algo1", "dBdt": 0.0}, "slices": {"AcquisitionTime": ["131313.657500", "131313.297500", "131313.667500", "131313.307500", "131313.677500", "131313.317500", "131313.687500", "131313.327500", "131313.697500", "131313.337500", "131313.707500", "131313.347500", "131313.717500", "131313.357500", "131313.727500", "131313.367500", "131313.737500", "131313.377500", "131313.747500", "131313.387500", "131313.757500", "131313.397500", "131313.767500", "131313.407500", "131313.777500", "131313.417500", "131313.787500", "131313.427500", "131313.797500", "131313.437500", "131313.807500", "131313.447500", "131313.817500", "131313.457500", "131313.827500", "131313.467500", "131313.837500", "131313.477500", "131313.847500", "131313.487500", "131313.857500", "131313.497500", "131313.867500", "131313.507500", "131313.877500", "131313.517500", "131313.887500", "131313.527500", "131313.897500", "131313.537500", "131313.907500", "131313.547500", "131313.917500", "131313.557500", "131313.927500", "131313.567500", "131313.937500", "131313.577500", "131313.947500", "131313.587500", "131313.957500", "131313.597500", "131313.967500", "131313.607500", "131313.977500", "131313.617500", "131313.987500", "131313.627500", "131313.997500", "131313.637500", "131314.007500", "131313.647500"], "ContentTime": ["131538.254000", "131538.187000", "131538.256000", "131538.189000", "131538.258000", "131538.191000", "131538.260000", "131538.192000", "131538.261000", "131538.194000", "131538.263000", "131538.196000", "131538.265000", "131538.198000", "131538.267000", "131538.200000", "131538.269000", "131538.202000", "131538.271000", "131538.204000", "131538.273000", "131538.206000", "131538.274000", "131538.207000", "131538.276000", "131538.209000", "131538.278000", "131538.211000", "131538.280000", "131538.213000", "131538.282000", "131538.215000", "131538.284000", "131538.217000", "131538.286000", "131538.219000", "131538.288000", "131538.220000", "131538.289000", "131538.222000", "131538.291000", "131538.224000", "131538.293000", "131538.226000", "131538.295000", "131538.228000", "131538.297000", "131538.229000", "131538.299000", "131538.231000", "131538.300000", "131538.233000", "131538.302000", "131538.235000", "131538.304000", "131538.237000", "131538.306000", "131538.239000", "131538.308000", "131538.241000", "131538.310000", "131538.243000", "131538.312000", "131538.245000", "131538.314000", "131538.247000", "131538.316000", "131538.249000", "131538.317000", "131538.251000", "131538.319000", "131538.252000"], "CsaImage.GSWDDataType": ["measured", "predicted", "measured", "predicted", "measured", "predicted", "measured", "predicted", "measured", "predicted", "measured", "predicted", "measured", "predicted", "measured", "predicted", "measured", "predicted", "measured", "predicted", "measured", "predicted", "measured", "predicted", "measured", "predicted", "measured", "predicted", "measured", "predicted", "measured", "predicted", "measured", "predicted", "measured", "predicted", "measured", "predicted", "measured", "predicted", "measured", "predicted", "measured", "predicted", "measured", "predicted", "measured", "predicted", "measured", "predicted", "measured", "predicted", "measured", "predicted", "measured", "predicted", "measured", "predicted", "measured", "predicted", "measured", "predicted", "measured", "measured", "measured", "measured", "measured", "measured", "measured", "measured", "measured", "measured"], "CsaImage.ICE_Dims": ["X_2_1_1_1_1_1_37_1_1_1_1_114", "X_2_1_1_1_1_1_1_1_1_2_1_114", "X_2_1_1_1_1_1_38_1_1_3_1_114", "X_2_1_1_1_1_1_2_1_1_4_1_114", "X_2_1_1_1_1_1_39_1_1_5_1_114", "X_2_1_1_1_1_1_3_1_1_6_1_114", "X_2_1_1_1_1_1_40_1_1_7_1_114", "X_2_1_1_1_1_1_4_1_1_8_1_114", "X_2_1_1_1_1_1_41_1_1_9_1_114", "X_2_1_1_1_1_1_5_1_1_10_1_114", "X_2_1_1_1_1_1_42_1_1_11_1_114", "X_2_1_1_1_1_1_6_1_1_12_1_114", "X_2_1_1_1_1_1_43_1_1_13_1_114", "X_2_1_1_1_1_1_7_1_1_14_1_114", "X_2_1_1_1_1_1_44_1_1_15_1_114", "X_2_1_1_1_1_1_8_1_1_16_1_114", "X_2_1_1_1_1_1_45_1_1_17_1_114", "X_2_1_1_1_1_1_9_1_1_18_1_114", "X_2_1_1_1_1_1_46_1_1_19_1_114", "X_2_1_1_1_1_1_10_1_1_20_1_114", "X_2_1_1_1_1_1_47_1_1_21_1_114", "X_2_1_1_1_1_1_11_1_1_22_1_114", "X_2_1_1_1_1_1_48_1_1_23_1_114", "X_2_1_1_1_1_1_12_1_1_24_1_114", "X_2_1_1_1_1_1_49_1_1_25_1_114", "X_2_1_1_1_1_1_13_1_1_26_1_114", "X_2_1_1_1_1_1_50_1_1_27_1_114", "X_2_1_1_1_1_1_14_1_1_28_1_114", "X_2_1_1_1_1_1_51_1_1_29_1_114", "X_2_1_1_1_1_1_15_1_1_30_1_114", "X_2_1_1_1_1_1_52_1_1_31_1_114", "X_2_1_1_1_1_1_16_1_1_32_1_114", "X_2_1_1_1_1_1_53_1_1_33_1_114", "X_2_1_1_1_1_1_17_1_1_34_1_114", "X_2_1_1_1_1_1_54_1_1_35_1_114", "X_2_1_1_1_1_1_18_1_1_36_1_114", "X_2_1_1_1_1_1_55_1_1_37_1_114", "X_2_1_1_1_1_1_19_1_1_38_1_114", "X_2_1_1_1_1_1_56_1_1_39_1_114", "X_2_1_1_1_1_1_20_1_1_40_1_114", "X_2_1_1_1_1_1_57_1_1_41_1_114", "X_2_1_1_1_1_1_21_1_1_42_1_114", "X_2_1_1_1_1_1_58_1_1_43_1_114", "X_2_1_1_1_1_1_22_1_1_44_1_114", "X_2_1_1_1_1_1_59_1_1_45_1_114", "X_2_1_1_1_1_1_23_1_1_46_1_114", "X_2_1_1_1_1_1_60_1_1_47_1_114", "X_2_1_1_1_1_1_24_1_1_48_1_114", "X_2_1_1_1_1_1_61_1_1_49_1_114", "X_2_1_1_1_1_1_25_1_1_50_1_114", "X_2_1_1_1_1_1_62_1_1_51_1_114", "X_2_1_1_1_1_1_26_1_1_52_1_114", "X_2_1_1_1_1_1_63_1_1_53_1_114", "X_2_1_1_1_1_1_27_1_1_54_1_114", "X_2_1_1_1_1_1_64_1_1_55_1_114", "X_2_1_1_1_1_1_28_1_1_56_1_114", "X_2_1_1_1_1_1_65_1_1_57_1_114", "X_2_1_1_1_1_1_29_1_1_58_1_114", "X_2_1_1_1_1_1_66_1_1_59_1_114", "X_2_1_1_1_1_1_30_1_1_60_1_114", "X_2_1_1_1_1_1_67_1_1_61_1_114", "X_2_1_1_1_1_1_31_1_1_62_1_114", "X_2_1_1_1_1_1_68_1_1_63_1_114", "X_2_1_1_1_1_1_32_1_1_64_1_114", "X_2_1_1_1_1_1_69_1_1_65_1_114", "X_2_1_1_1_1_1_33_1_1_66_1_114", "X_2_1_1_1_1_1_70_1_1_67_1_114", "X_2_1_1_1_1_1_34_1_1_68_1_114", "X_2_1_1_1_1_1_71_1_1_69_1_114", "X_2_1_1_1_1_1_35_1_1_70_1_114", "X_2_1_1_1_1_1_72_1_1_71_1_114", "X_2_1_1_1_1_1_36_1_1_72_1_114"], "CsaImage.ProtocolSliceNumber": [0, 1, 2, 3, 4, 5, 6, 7, 8, 9, 10, 11, 12, 13, 14, 15, 16, 17, 18, 19, 20, 21, 22, 23, 24, 25, 26, 27, 28, 29, 30, 31, 32, 33, 34, 35, 36, 37, 38, 39, 40, 41, 42, 43, 44, 45, 46, 47, 48, 49, 50, 51, 52, 53, 54, 55, 56, 57, 58, 59, 60, 61, 62, 63, 64, 65, 66, 67, 68, 69, 70, 71], "CsaImage.RFSWDDataType": ["measured", "predicted", "measured", "predicted", "measured", "predicted", "measured", "predicted", "measured", "predicted", "measured", "predicted", "measured", "predicted", "measured", "predicted", "measured", "predicted", "measured", "predicted", "measured", "predicted", "measured", "predicted", "measured", "predicted", "measured", "predicted", "measured", "predicted", "measured", "predicted", "measured", "predicted", "measured", "predicted", "measured", "predicted", "measured", "predicted", "measured", "predicted", "measured", "predicted", "measured", "predicted", "measured", "predicted", "measured", "predicted", "measured", "predicted", "measured", "predicted", "measured", "predicted", "measured", "predicted", "measured", "measured", "measured", "measured", "measured", "measured", "measured", "measured", "measured", "measured", "measured", "measured", "measured", "measured"], "CsaImage.SlicePosition_PCS": [[-102.02409649, -111.002236, -49.66551096], [-102.02409649, -110.65837824, -47.69529611], [-102.02409649, -110.31451952, -45.72507745], [-102.02409649, -109.97066175, -43.7548588], [-102.02409649, -109.62680303, -41.78464014], [-102.02409649, -109.28294527, -39.81442148], [-102.02409649, -108.93908655, -37.84420282], [-102.02409649, -108.59522878, -35.87398416], [-102.02409649, -108.25137006, -33.9037655], [-102.02409649, -107.9075123, -31.93354684], [-102.02409649, -107.56365358, -29.96332819], [-102.02409649, -107.21979581, -27.99310953], [-102.02409649, -106.87593805, -26.02289087], [-102.02409649, -106.53207933, -24.05267221], [-102.02409649, -106.18822109, -22.08245355], [-102.02409649, -105.84436285, -20.11223489], [-102.02409649, -105.5005046, -18.14201624], [-102.02409649, -105.15664684, -16.17179758], [-102.02409649, -104.8127886, -14.20157892], [-102.02409649, -104.46893036, -12.23136026], [-102.02409649, -104.12507211, -10.2611416], [-102.02409649, -103.78121387, -8.29092294], [-102.02409649, -103.43735563, -6.32070428], [-102.02409649, -103.09349739, -4.35048563], [-102.02409649, -102.74963915, -2.38026697], [-102.02409649, -102.4057809, -0.41004831], [-102.02409649, -102.0619229, 1.56017035], [-102.02409649, -101.71806466, 3.53038901], [-102.02409649, -101.37420642, 5.50060767], [-102.02409649, -101.03034817, 7.47082632], [-102.02409649, -100.68648993, 9.44104498], [-102.02409649, -100.34263181, 11.41126364], [-102.02409649, -99.99877357, 13.38148254], [-102.02409649, -99.65491544, 15.35170108], [-102.02409649, -99.3110572, 17.32191974], [-102.02409649, -98.96719902, 19.29213828], [-102.02409649, -98.62334081, 21.26235693], [-102.02409649, -98.27948261, 23.23257559], [-102.02409649, -97.93562441, 25.20279425], [-102.02409649, -97.59176623, 27.17301291], [-102.02409649, -97.24790799, 29.14323157], [-102.02409649, -96.90404975, 31.11345023], [-102.02409649, -96.56019162, 33.08366888], [-102.02409649, -96.2163335, 35.05388754], [-102.02409649, -95.87247526, 37.0241062], [-102.02409649, -95.52861702, 38.99432486], [-102.02409649, -95.18475877, 40.96454352], [-102.02409649, -94.84090053, 42.93476218], [-102.02409649, -94.49704229, 44.90498083], [-102.02409649, -94.15318405, 46.87519949], [-102.02409649, -93.80932581, 48.84541815], [-102.02409649, -93.46546756, 50.81563681], [-102.02409649, -93.1216098, 52.78585547], [-102.02409649, -92.77775156, 54.75607413], [-102.02409649, -92.43389331, 56.72629279], [-102.02409649, -92.09003507, 58.69651144], [-102.02409649, -91.74617683, 60.6667301], [-102.02409649, -91.40231859, 62.63694876], [-102.02409649, -91.05846035, 64.60716742], [-102.02409649, -90.7146021, 66.57738608], [-102.02409649, -90.37074434, 68.54760474], [-102.02409649, -90.02688562, 70.51782339], [-102.02409649, -89.68302786, 72.48804205], [-102.02409649, -89.33916914, 74.45826071], [-102.02409649, -88.99531137, 76.42847937], [-102.02409649, -88.65145265, 78.39869803], [-102.02409649, -88.30759489, 80.36891669], [-102.02409649, -87.96373617, 82.33913535], [-102.02409649, -87.6198784, 84.30935019], [-102.02409649, -87.27602064, 86.27957266], [-102.02409649, -86.93216192, 88.24978751], [-102.02409649, -86.58830415, 90.22000998]], "CsaImage.TimeAfterStart": [1.0825, 0.7225, 1.0925, 0.7325, 1.1025, 0.7425, 1.1125, 0.7525, 1.1225, 0.7625, 1.1325, 0.7725, 1.1425, 0.7825, 1.1525, 0.7925, 1.1625, 0.8025, 1.1725, 0.8125, 1.1825, 0.8225, 1.1925, 0.8325, 1.2025, 0.8425, 1.2125, 0.8525, 1.2225, 0.8625, 1.2325, 0.8725, 1.2425, 0.8825, 1.2525, 0.8925, 1.2625, 0.9025, 1.2725, 0.9125, 1.2825, 0.9225, 1.2925, 0.9325, 1.3025, 0.9425, 1.3125, 0.9525, 1.3225, 0.9625, 1.3325, 0.9725, 1.3425, 0.9825, 1.3525, 0.9925, 1.3625, 1.0025, 1.3725, 1.0125, 1.3825, 1.0225, 1.3925, 1.0325, 1.4025, 1.0425, 1.4125, 1.0525, 1.4225, 1.0625, 1.4325, 1.0725], "ImagePositionPatient": [[-102.02409648846, -111.00223600023, -49.665510955943], [-102.02409648846, -110.65837823503, -47.695296112193], [-102.02409648846, -110.31451951616, -45.725077453746], [-102.02409648846, -109.97066175096, -43.754858795299], [-102.02409648846, -109.62680303209, -41.784640136852], [-102.02409648846, -109.28294526689, -39.814421478404], [-102.02409648846, -108.93908654802, -37.844202819957], [-102.02409648846, -108.59522878282, -35.87398416151], [-102.02409648846, -108.25137006395, -33.903765503063], [-102.02409648846, -107.90751229875, -31.933546844615], [-102.02409648846, -107.56365357988, -29.963328186168], [-102.02409648846, -107.21979581468, -27.993109527721], [-102.02409648846, -106.87593804949, -26.022890869273], [-102.02409648846, -106.53207933061, -24.052672210826], [-102.02409648846, -106.18822108858, -22.082453552379], [-102.02409648846, -105.84436284654, -20.112234893932], [-102.02409648846, -105.50050460451, -18.142016235484], [-102.02409648846, -105.15664683931, -16.171797577037], [-102.02409648846, -104.81278859728, -14.20157891859], [-102.02409648846, -104.46893035524, -12.231360260143], [-102.02409648846, -104.12507211321, -10.261141601695], [-102.02409648846, -103.78121387117, -8.2909229432481], [-102.02409648846, -103.43735562914, -6.3207042848008], [-102.02409648846, -103.0934973871, -4.3504856263535], [-102.02409648846, -102.74963914507, -2.3802669679063], [-102.02409648846, -102.40578090303, -0.410048309459], [-102.02409648846, -102.06192289942, 1.5601703489882], [-102.02409648846, -101.71806465738, 3.5303890074355], [-102.02409648846, -101.37420641535, 5.5006076658828], [-102.02409648846, -101.03034817331, 7.47082632433], [-102.02409648846, -100.68648993128, 9.4410449827773], [-102.02409648846, -100.34263180845, 11.411263641225], [-102.02409648846, -99.998773566415, 13.38148253809], [-102.02409648846, -99.654915443589, 15.351701077328], [-102.02409648846, -99.311057201555, 17.321919735776], [-102.02409648846, -98.967199019124, 19.292138275014], [-102.02409648846, -98.623340806892, 21.262356933461], [-102.02409648846, -98.27948260956, 23.232575591908], [-102.02409648846, -97.935624412229, 25.202794250355], [-102.02409648846, -97.591766229799, 27.173012908803], [-102.02409648846, -97.247907987764, 29.14323156725], [-102.02409648846, -96.904049745729, 31.113450225697], [-102.02409648846, -96.560191622903, 33.083668884145], [-102.02409648846, -96.216333500078, 35.053887542592], [-102.02409648846, -95.872475258043, 37.024106201039], [-102.02409648846, -95.528617016008, 38.994324859486], [-102.02409648846, -95.184758773973, 40.964543517934], [-102.02409648846, -94.840900531938, 42.934762176381], [-102.02409648846, -94.497042289903, 44.904980834828], [-102.02409648846, -94.153184047868, 46.875199493275], [-102.02409648846, -93.809325805833, 48.845418151723], [-102.02409648846, -93.465467563798, 50.81563681017], [-102.02409648846, -93.1216097986, 52.785855468617], [-102.02409648846, -92.777751556566, 54.756074127064], [-102.02409648846, -92.433893314531, 56.726292785512], [-102.02409648846, -92.090035072496, 58.696511443959], [-102.02409648846, -91.746176830461, 60.666730102406], [-102.02409648846, -91.402318588426, 62.636948760853], [-102.02409648846, -91.058460346391, 64.607167419301], [-102.02409648846, -90.714602104356, 66.577386077748], [-102.02409648846, -90.370744339158, 68.547604736195], [-102.02409648846, -90.026885620286, 70.517823394643], [-102.02409648846, -89.683027855088, 72.48804205309], [-102.02409648846, -89.339169136216, 74.458260711537], [-102.02409648846, -88.995311371019, 76.428479369984], [-102.02409648846, -88.651452652147, 78.398698028432], [-102.02409648846, -88.307594886949, 80.368916686879], [-102.02409648846, -87.963736168077, 82.339135345326], [-102.02409648846, -87.619878402879, 84.309350189076], [-102.02409648846, -87.276020637681, 86.279572662221], [-102.02409648846, -86.932161918809, 88.249787505971], [-102.02409648846, -86.588304153611, 90.220009979115]], "InstanceCreationTime": ["131538.254000", "131538.187000", "131538.256000", "131538.189000", "131538.258000", "131538.191000", "131538.260000", "131538.192000", "131538.261000", "131538.194000", "131538.263000", "131538.196000", "131538.265000", "131538.198000", "131538.267000", "131538.200000", "131538.269000", "131538.202000", "131538.271000", "131538.204000", "131538.273000", "131538.206000", "131538.274000", "131538.207000", "131538.276000", "131538.209000", "131538.278000", "131538.211000", "131538.280000", "131538.213000", "131538.282000", "131538.215000", "131538.284000", "131538.217000", "131538.286000", "131538.219000", "131538.288000", "131538.220000", "131538.289000", "131538.222000", "131538.291000", "131538.224000", "131538.293000", "131538.226000", "131538.295000", "131538.228000", "131538.297000", "131538.229000", "131538.299000", "131538.231000", "131538.300000", "131538.233000", "131538.302000", "131538.235000", "131538.304000", "131538.237000", "131538.306000", "131538.239000", "131538.308000", "131538.241000", "131538.310000", "131538.243000", "131538.312000", "131538.245000", "131538.314000", "131538.247000", "131538.316000", "131538.249000", "131538.317000", "131538.251000", "131538.319000", "131538.252000"], "InstanceNumber": [1, 2, 3, 4, 5, 6, 7, 8, 9, 10, 11, 12, 13, 14, 15, 16, 17, 18, 19, 20, 21, 22, 23, 24, 25, 26, 27, 28, 29, 30, 31, 32, 33, 34, 35, 36, 37, 38, 39, 40, 41, 42, 43, 44, 45, 46, 47, 48, 49, 50, 51, 52, 53, 54, 55, 56, 57, 58, 59, 60, 61, 62, 63, 64, 65, 66, 67, 68, 69, 70, 71, 72], "LargestImagePixelValue": [4095, 4095, 4092, 4095, 4093, 4095, 4095, 4094, 4091, 4094, 4095, 4095, 4094, 4092, 4094, 4094, 4092, 4094, 4094, 4093, 4089, 4095, 4092, 4094, 4093, 4094, 4092, 4093, 4093, 4091, 4080, 4093, 4090, 4094, 4094, 4093, 4095, 4094, 4092, 4091, 4087, 4092, 4093, 4095, 4093, 4095, 4095, 4095, 4087, 4094, 4095, 4092, 4093, 4095, 4091, 4094, 4094, 4095, 4094, 4095, 4095, 4095, 4095, 4095, 4093, 4094, 4093, 4095, 4095, 4095, 4094, 4095], "SliceLocation": [-68.010472945156, -66.010476771854, -64.010476676695, -62.0104767455, -60.01047665034, -58.010476719145, -56.010476623986, -54.010476692791, -52.010476597631, -50.010476666436, -48.010476571277, -46.010476640082, -44.010476708887, -42.010476613727, -40.01047660055, -38.010476587373, -36.010476574195, -34.010476643, -32.010476629823, -30.010476616646, -28.010476603468, -26.010476590291, -24.010476577114, -22.010476563937, -20.010476550759, -18.010476537582, -16.010476565396, -14.010476552219, -12.010476539041, -10.010476525864, -8.0104765126867, -6.010476520005, -4.0104762719594, -2.0104763967118, -0.0104763835346, 1.9895235019608, 3.9895235100141, 5.9895235155056, 7.989523520997, 9.9895235239265, 11.989523537104, 13.989523550281, 15.989523542963, 17.989523535645, 19.989523548822, 21.989523561999, 23.989523575176, 25.989523588354, 27.989523601531, 29.989523614708, 31.989523627885, 33.989523641063, 35.989523572258, 37.989523585435, 39.989523598612, 41.98952361179, 43.989523624967, 45.989523638144, 47.989523651321, 49.989523664499, 51.989523595694, 53.989523690853, 55.989523622048, 57.989523717208, 59.989523648403, 61.989523743562, 63.989523674757, 65.989523769917, 67.989519943218, 69.989523632307, 71.989519969573, 73.989523658662], "SmallestImagePixelValue": [0, 0, 0, 1, 0, 0, 0, 0, 3, 0, 1, 0, 0, 0, 0, 0, 0, 0, 1, 2, 5, 1, 0, 0, 0, 0, 2, 1, 2, 7, 0, 1, 2, 7, 0, 5, 7, 0, 2, 0, 0, 0, 1, 0, 1, 0, 10, 4, 2, 0, 1, 0, 2, 0, 0, 0, 0, 0, 2, 0, 0, 0, 0, 0, 0, 0, 0, 0, 0, 0, 0, 0], "WindowCenter": [-132.0, -124.0, -114.0, -154.0, -190.0, -184.0, -194.0, -218.0, -206.0, -222.0, -164.0, -154.0, -194.0, -182.0, -232.0, -248.0, -272.0, -268.0, -302.0, -280.0, -330.0, -308.0, -278.0, -250.0, -214.0, -396.0, -254.0, -246.0, -236.0, -230.0, -188.0, -182.0, -178.0, -148.0, -166.0, -256.0, -126.0, -252.0, -122.0, -106.0, -110.0, -94.0, -68.0, -80.0, -84.0, -64.0, -66.0, -24.0, -36.0, -42.0, -52.0, -50.0, -36.0, -40.0, -32.0, 18.0, -12.0, -14.0, -28.0, -10.0, -52.0, -84.0, -80.0, -154.0, -168.0, -210.0, -270.0, -364.0, -284.0, -356.0, -320.0, -310.0], "WindowWidth": [6196.0, 6194.0, 6234.0, 6148.0, 6146.0, 6138.0, 6134.0, 6174.0, 6230.0, 6240.0, 6234.0, 6240.0, 6216.0, 6234.0, 6210.0, 6158.0, 6126.0, 6016.0, 5864.0, 5738.0, 5534.0, 5596.0, 5514.0, 5484.0, 5468.0, 4690.0, 5448.0, 5438.0, 5420.0, 5264.0, 5394.0, 5282.0, 5162.0, 5288.0, 5100.0, 4612.0, 5236.0, 4620.0, 5180.0, 5210.0, 5268.0, 5324.0, 5410.0, 5382.0, 5380.0, 5496.0, 5420.0, 5534.0, 5498.0, 5432.0, 5432.0, 5470.0, 5554.0, 5496.0, 5550.0, 5622.0, 5650.0, 5702.0, 5732.0, 5828.0, 5832.0, 5834.0, 5918.0, 5960.0, 5998.0, 6030.0, 5978.0, 5818.0, 6054.0, 5886.0, 6076.0, 6328.0]}}, "IntendedFor": ["ses-floc/func/sub-08_ses-floc_task-floc_run-02_bold.nii.gz", "ses-floc/func/sub-08_ses-floc_task-floc_run-03_bold.nii.gz", "ses-floc/func/sub-08_ses-floc_task-floc_run-01_bold.nii.gz"]}