{"AcquisitionMatrixPE": 100, "AcquisitionNumber": 1, "AcquisitionTime": "14:07:43.650000", "BaseResolution": 100, "BodyPartExamined": "BRAIN", "ConsistencyInfo": "N4_VE11C_LATEST_20160120", "ConversionSoftware": "dcm2niix", "ConversionSoftwareVersion": "v1.0.20180622 GCC4.9.2", "DeviceSerialNumber": "166078", "DwellTime": 8.8e-06, "EchoNumber": 2, "EchoTime": 0.00738, "EchoTime1": 0.00492, "EchoTime2": 0.00738, "FlipAngle": 60, "ImageOrientationPatientDICOM": [0.995766, 0.0765874, 0.0508459, -0.0731245, 0.995084, -0.0667914], "ImageType": ["ORIGINAL", "PRIMARY", "P", "ND"], "InPlanePhaseEncodingDirectionDICOM": "ROW", "InstitutionAddress": "Street_StreetNo_Bei_Jing_District_CN_ZIP", "InstitutionName": "BeiJing_Normal_University", "InstitutionalDepartmentName": "Department", "MRAcquisitionType": "2D", "MagneticFieldStrength": 3, "Manufacturer": "Siemens", "ManufacturersModelName": "Prisma", "Modality": "MR", "PartialFourier": 1, "PatientPosition": "HFS", "PercentPhaseFOV": 100, "PhaseEncodingDirection": "i", "PhaseEncodingSteps": 100, "PhaseResolution": 1, "PixelBandwidth": 570, "ProcedureStepDescription": "BNU_P2018_64CH_Zhen.ZongLei", "ProtocolName": "field_mapping_2x2x2", "PulseSequenceDetails": "%SiemensSeq%_gre_field_mapping", "ReceiveCoilActiveElements": "HC1-7;NC1", "ReceiveCoilName": "HeadNeck_64", "ReconMatrixPE": 100, "RepetitionTime": 0.72, "SAR": 0.117594, "ScanningSequence": "GR", "SequenceName": "_fm2d2r", "SequenceVariant": "SP", "SeriesDescription": "field_mapping_2x2x2", "SeriesNumber": 13, "ShimSetting": [-5432, -11539, -1231, 343, -89, -397, -65, 3], "SliceThickness": 2, "SoftwareVersions": "syngo_MR_E11", "SpacingBetweenSlices": 2, "StationName": "AWP166078", "TxRefAmp": 214.632, "dcmmeta_affine": [[-1.9915311336517334, -0.14624890685081482, 0.11142277717590332, 101.42375183105469], [-0.15317480266094208, 1.990167498588562, -0.1255810260772705, -84.0794448852539], [0.10169188678264618, 0.13358284533023834, 1.9929351806640625, -72.58475494384766], [0.0, 0.0, 0.0, 1.0]], "dcmmeta_reorient_transform": [[0.0, -1.0, 0.0, 99.0], [1.0, 0.0, 0.0, 0.0], [0.0, 0.0, -1.0, 71.0], [0.0, 0.0, 0.0, 1.0]], "dcmmeta_shape": [100, 100, 72], "dcmmeta_slice_dim": 2, "dcmmeta_version": 0.6, "global": {"const": {"AcquisitionMatrix": [0, 100, 100, 0], "AcquisitionNumber": 1, "AngioFlag": "N", "BitsAllocated": 16, "BitsStored": 12, "BodyPartExamined": "BRAIN", "Columns": 100, "EchoNumbers": 2, "EchoTime": 7.38, "EchoTrainLength": 0, "FlipAngle": 60.0, "HighBit": 11, "ImageOrientationPatient": [0.99576556474089, 0.07658740256276, 0.05084594226626, -0.0731244497012, 0.99508377579679, -0.0667914216191], "ImageType": ["ORIGINAL", "PRIMARY", "P", "ND"], "ImagedNucleus": "1H", "ImagingFrequency": 123.257715, "InPlanePhaseEncodingDirection": "ROW", "MRAcquisitionType": "2D", "MagneticFieldStrength": 3.0, "Manufacturer": "SIEMENS", "ManufacturerModelName": "Prisma", "Modality": "MR", "NumberOfAverages": 1.0, "NumberOfPhaseEncodingSteps": 100, "PercentPhaseFieldOfView": 100.0, "PercentSampling": 100.0, "PerformedProcedureStepStartTime": "130145.255000", "PhotometricInterpretation": "MONOCHROME2", "PixelBandwidth": 570.0, "PixelRepresentation": 0, "PixelSpacing": [2.0, 2.0], "ProtocolName": "field_mapping_2x2x2", "RepetitionTime": 720.0, "RescaleIntercept": -4096.0, "RescaleSlope": 2.0, "RescaleType": "US", "Rows": 100, "SAR": 0.11759409191658, "SamplesPerPixel": 1, "ScanningSequence": "GR", "SequenceName": "*fm2d2r", "SequenceVariant": "SP", "SeriesDescription": "field_mapping_2x2x2", "SeriesNumber": 13, "SeriesTime": "141008.076000", "SliceThickness": 2.0, "SoftwareVersions": "syngo MR E11", "SpacingBetweenSlices": 2.0, "SpecificCharacterSet": "ISO_IR 100", "StudyID": "1", "StudyTime": "130145.187000", "TransmitCoilName": "Body", "VariableFlipAngleFlag": "N", "WindowCenterWidthExplanation": "Algo1", "dBdt": 0.0}, "slices": {"AcquisitionTime": ["140743.650000", "140743.290000", "140743.660000", "140743.300000", "140743.670000", "140743.310000", "140743.680000", "140743.320000", "140743.690000", "140743.330000", "140743.700000", "140743.340000", "140743.710000", "140743.350000", "140743.720000", "140743.360000", "140743.730000", "140743.370000", "140743.740000", "140743.380000", "140743.750000", "140743.390000", "140743.760000", "140743.400000", "140743.770000", "140743.410000", "140743.780000", "140743.420000", "140743.790000", "140743.430000", "140743.800000", "140743.440000", "140743.810000", "140743.450000", "140743.820000", "140743.460000", "140743.830000", "140743.470000", "140743.840000", "140743.480000", "140743.850000", "140743.490000", "140743.860000", "140743.500000", "140743.870000", "140743.510000", "140743.880000", "140743.520000", "140743.890000", "140743.530000", "140743.900000", "140743.540000", "140743.910000", "140743.550000", "140743.920000", "140743.560000", "140743.930000", "140743.570000", "140743.940000", "140743.580000", "140743.950000", "140743.590000", "140743.960000", "140743.600000", "140743.970000", "140743.610000", "140743.980000", "140743.620000", "140743.990000", "140743.630000", "140744.000000", "140743.640000"], "ContentTime": ["141008.154000", "141008.085000", "141008.156000", "141008.088000", "141008.158000", "141008.090000", "141008.160000", "141008.093000", "141008.162000", "141008.095000", "141008.164000", "141008.097000", "141008.165000", "141008.099000", "141008.167000", "141008.101000", "141008.169000", "141008.102000", "141008.171000", "141008.104000", "141008.173000", "141008.106000", "141008.175000", "141008.108000", "141008.177000", "141008.110000", "141008.178000", "141008.112000", "141008.180000", "141008.114000", "141008.182000", "141008.115000", "141008.184000", "141008.117000", "141008.186000", "141008.119000", "141008.188000", "141008.121000", "141008.189000", "141008.123000", "141008.191000", "141008.125000", "141008.193000", "141008.126000", "141008.195000", "141008.128000", "141008.197000", "141008.130000", "141008.199000", "141008.132000", "141008.201000", "141008.134000", "141008.202000", "141008.136000", "141008.204000", "141008.138000", "141008.206000", "141008.139000", "141008.208000", "141008.141000", "141008.210000", "141008.143000", "141008.212000", "141008.145000", "141008.214000", "141008.147000", "141008.215000", "141008.149000", "141008.217000", "141008.151000", "141008.219000", "141008.153000"], "CsaImage.GSWDDataType": ["measured", "predicted", "measured", "predicted", "measured", "predicted", "measured", "predicted", "measured", "predicted", "measured", "predicted", "measured", "predicted", "measured", "predicted", "measured", "predicted", "measured", "predicted", "measured", "predicted", "measured", "predicted", "measured", "predicted", "measured", "predicted", "measured", "predicted", "measured", "predicted", "measured", "predicted", "measured", "predicted", "measured", "predicted", "measured", "predicted", "measured", "predicted", "measured", "predicted", "measured", "predicted", "measured", "predicted", "measured", "predicted", "measured", "predicted", "measured", "predicted", "measured", "predicted", "measured", "predicted", "measured", "predicted", "measured", "predicted", "measured", "predicted", "measured", "predicted", "measured", "predicted", "measured", "measured", "measured", "measured"], "CsaImage.ICE_Dims": ["X_2_1_1_1_1_1_37_1_1_1_1_127", "X_2_1_1_1_1_1_1_1_1_2_1_127", "X_2_1_1_1_1_1_38_1_1_3_1_127", "X_2_1_1_1_1_1_2_1_1_4_1_127", "X_2_1_1_1_1_1_39_1_1_5_1_127", "X_2_1_1_1_1_1_3_1_1_6_1_127", "X_2_1_1_1_1_1_40_1_1_7_1_127", "X_2_1_1_1_1_1_4_1_1_8_1_127", "X_2_1_1_1_1_1_41_1_1_9_1_127", "X_2_1_1_1_1_1_5_1_1_10_1_127", "X_2_1_1_1_1_1_42_1_1_11_1_127", "X_2_1_1_1_1_1_6_1_1_12_1_127", "X_2_1_1_1_1_1_43_1_1_13_1_127", "X_2_1_1_1_1_1_7_1_1_14_1_127", "X_2_1_1_1_1_1_44_1_1_15_1_127", "X_2_1_1_1_1_1_8_1_1_16_1_127", "X_2_1_1_1_1_1_45_1_1_17_1_127", "X_2_1_1_1_1_1_9_1_1_18_1_127", "X_2_1_1_1_1_1_46_1_1_19_1_127", "X_2_1_1_1_1_1_10_1_1_20_1_127", "X_2_1_1_1_1_1_47_1_1_21_1_127", "X_2_1_1_1_1_1_11_1_1_22_1_127", "X_2_1_1_1_1_1_48_1_1_23_1_127", "X_2_1_1_1_1_1_12_1_1_24_1_127", "X_2_1_1_1_1_1_49_1_1_25_1_127", "X_2_1_1_1_1_1_13_1_1_26_1_127", "X_2_1_1_1_1_1_50_1_1_27_1_127", "X_2_1_1_1_1_1_14_1_1_28_1_127", "X_2_1_1_1_1_1_51_1_1_29_1_127", "X_2_1_1_1_1_1_15_1_1_30_1_127", "X_2_1_1_1_1_1_52_1_1_31_1_127", "X_2_1_1_1_1_1_16_1_1_32_1_127", "X_2_1_1_1_1_1_53_1_1_33_1_127", "X_2_1_1_1_1_1_17_1_1_34_1_127", "X_2_1_1_1_1_1_54_1_1_35_1_127", "X_2_1_1_1_1_1_18_1_1_36_1_127", "X_2_1_1_1_1_1_55_1_1_37_1_127", "X_2_1_1_1_1_1_19_1_1_38_1_127", "X_2_1_1_1_1_1_56_1_1_39_1_127", "X_2_1_1_1_1_1_20_1_1_40_1_127", "X_2_1_1_1_1_1_57_1_1_41_1_127", "X_2_1_1_1_1_1_21_1_1_42_1_127", "X_2_1_1_1_1_1_58_1_1_43_1_127", "X_2_1_1_1_1_1_22_1_1_44_1_127", "X_2_1_1_1_1_1_59_1_1_45_1_127", "X_2_1_1_1_1_1_23_1_1_46_1_127", "X_2_1_1_1_1_1_60_1_1_47_1_127", "X_2_1_1_1_1_1_24_1_1_48_1_127", "X_2_1_1_1_1_1_61_1_1_49_1_127", "X_2_1_1_1_1_1_25_1_1_50_1_127", "X_2_1_1_1_1_1_62_1_1_51_1_127", "X_2_1_1_1_1_1_26_1_1_52_1_127", "X_2_1_1_1_1_1_63_1_1_53_1_127", "X_2_1_1_1_1_1_27_1_1_54_1_127", "X_2_1_1_1_1_1_64_1_1_55_1_127", "X_2_1_1_1_1_1_28_1_1_56_1_127", "X_2_1_1_1_1_1_65_1_1_57_1_127", "X_2_1_1_1_1_1_29_1_1_58_1_127", "X_2_1_1_1_1_1_66_1_1_59_1_127", "X_2_1_1_1_1_1_30_1_1_60_1_127", "X_2_1_1_1_1_1_67_1_1_61_1_127", "X_2_1_1_1_1_1_31_1_1_62_1_127", "X_2_1_1_1_1_1_68_1_1_63_1_127", "X_2_1_1_1_1_1_32_1_1_64_1_127", "X_2_1_1_1_1_1_69_1_1_65_1_127", "X_2_1_1_1_1_1_33_1_1_66_1_127", "X_2_1_1_1_1_1_70_1_1_67_1_127", "X_2_1_1_1_1_1_34_1_1_68_1_127", "X_2_1_1_1_1_1_71_1_1_69_1_127", "X_2_1_1_1_1_1_35_1_1_70_1_127", "X_2_1_1_1_1_1_72_1_1_71_1_127", "X_2_1_1_1_1_1_36_1_1_72_1_127"], "CsaImage.ProtocolSliceNumber": [0, 1, 2, 3, 4, 5, 6, 7, 8, 9, 10, 11, 12, 13, 14, 15, 16, 17, 18, 19, 20, 21, 22, 23, 24, 25, 26, 27, 28, 29, 30, 31, 32, 33, 34, 35, 36, 37, 38, 39, 40, 41, 42, 43, 44, 45, 46, 47, 48, 49, 50, 51, 52, 53, 54, 55, 56, 57, 58, 59, 60, 61, 62, 63, 64, 65, 66, 67, 68, 69, 70, 71], "CsaImage.RFSWDDataType": ["measured", "predicted", "measured", "predicted", "measured", "predicted", "measured", "predicted", "measured", "predicted", "measured", "predicted", "measured", "predicted", "measured", "predicted", "measured", "predicted", "measured", "predicted", "measured", "predicted", "measured", "predicted", "measured", "predicted", "measured", "predicted", "measured", "predicted", "measured", "predicted", "measured", "predicted", "measured", "predicted", "measured", "predicted", "measured", "predicted", "measured", "predicted", "measured", "predicted", "measured", "predicted", "measured", "predicted", "measured", "predicted", "measured", "predicted", "measured", "predicted", "measured", "predicted", "measured", "predicted", "measured", "predicted", "measured", "predicted", "measured", "predicted", "measured", "measured", "measured", "measured", "measured", "measured", "measured", "measured"], "CsaImage.SlicePosition_PCS": [[-86.94511221, -112.94714093, -59.36047678], [-87.05653475, -112.82156015, -57.36753779], [-87.16795777, -112.69597888, -55.37459498], [-87.27938031, -112.57039809, -53.38165598], [-87.39080285, -112.44481683, -51.38871317], [-87.50222586, -112.31923604, -49.39577036], [-87.6136484, -112.19365478, -47.40283137], [-87.72507142, -112.06807399, -45.40988856], [-87.83649395, -111.94249273, -43.41694956], [-87.94791649, -111.81691194, -41.42400675], [-88.05933951, -111.69133067, -39.43106776], [-88.17076205, -111.56574989, -37.43812495], [-88.28218482, -111.44016862, -35.44518595], [-88.39360736, -111.31458783, -33.45224314], [-88.50503014, -111.18900657, -31.45930033], [-88.61645292, -111.06342554, -29.46636134], [-88.72787569, -110.93784452, -27.47342043], [-88.83929823, -110.81226349, -25.48047762], [-88.95072101, -110.68668246, -23.48753672], [-89.06214379, -110.56110144, -21.49459582], [-89.17356633, -110.43552041, -19.50165492], [-89.2849891, -110.30993939, -17.50871401], [-89.39641188, -110.18435836, -15.51577311], [-89.50783442, -110.05877733, -13.52283125], [-89.6192572, -109.93319631, -11.52989035], [-89.73067997, -109.80761528, -9.53694945], [-89.84210275, -109.68203402, -7.54400855], [-89.95352529, -109.55645299, -5.55106717], [-90.06494807, -109.43087197, -3.55812579], [-90.17637084, -109.30529094, -1.56518488], [-90.2877935, -109.17970991, 0.42775638], [-90.39921616, -109.05412889, 2.42069752], [-90.51063894, -108.92854786, 4.41363854], [-90.6220616, -108.80296683, 6.40657968], [-90.73348437, -108.67738581, 8.39952106], [-90.84490703, -108.55180478, 10.39246244], [-90.95632969, -108.42622376, 12.38540334], [-91.06775247, -108.30064273, 14.37834425], [-91.17917512, -108.1750617, 16.37128515], [-91.29059784, -108.04948062, 18.36422605], [-91.40202056, -107.92389959, 20.35716695], [-91.51344328, -107.79831857, 22.35010976], [-91.62486599, -107.67273754, 24.34305067], [-91.73628871, -107.54715648, 26.33599157], [-91.8477114, -107.42157543, 28.32893247], [-91.95913412, -107.29599439, 30.32187337], [-92.07055682, -107.17041335, 32.31481428], [-92.18197952, -107.04483231, 34.30775518], [-92.29340223, -106.91925128, 36.30069799], [-92.40482494, -106.79367024, 38.29363699], [-92.51624765, -106.66808921, 40.2865798], [-92.62767036, -106.54250819, 42.27951879], [-92.73909308, -106.4169271, 44.2724616], [-92.85051577, -106.29134608, 46.26540441], [-92.96193849, -106.16576505, 48.25834341], [-93.0733612, -106.04018402, 50.25128622], [-93.18478392, -105.914603, 52.24422521], [-93.29620658, -105.78902197, 54.23716802], [-93.40762936, -105.66344094, 56.23010702], [-93.51905201, -105.5378598, 58.22304983], [-93.63047467, -105.41227877, 60.21598882], [-93.74189745, -105.28669775, 62.20893163], [-93.85332011, -105.16111684, 64.20187444], [-93.96474288, -105.03553558, 66.19481344], [-94.07616554, -104.90995455, 68.18775625], [-94.18758832, -104.78437352, 70.18069906], [-94.29901098, -104.6587925, 72.17363424], [-94.41043375, -104.53321147, 74.16657705], [-94.52185629, -104.40763045, 76.15951986], [-94.63327907, -104.28204942, 78.15246267], [-94.74470185, -104.15646839, 80.14540548], [-94.85612462, -104.03088737, 82.13834066]], "CsaImage.TimeAfterStart": [1.0825, 0.7225, 1.0925, 0.7325, 1.1025, 0.7425, 1.1125, 0.7525, 1.1225, 0.7625, 1.1325, 0.7725, 1.1425, 0.7825, 1.1525, 0.7925, 1.1625, 0.8025, 1.1725, 0.8125, 1.1825, 0.8225, 1.1925, 0.8325, 1.2025, 0.8425, 1.2125, 0.8525, 1.2225, 0.8625, 1.2325, 0.8725, 1.2425, 0.8825, 1.2525, 0.8925, 1.2625, 0.9025, 1.2725, 0.9125, 1.2825, 0.9225, 1.2925, 0.9325, 1.3025, 0.9425, 1.3125, 0.9525, 1.3225, 0.9625, 1.3325, 0.9725, 1.3425, 0.9825, 1.3525, 0.9925, 1.3625, 1.0025, 1.3725, 1.0125, 1.3825, 1.0225, 1.3925, 1.0325, 1.4025, 1.0425, 1.4125, 1.0525, 1.4225, 1.0625, 1.4325, 1.0725], "ImagePositionPatient": [[-86.945112213502, -112.94714093395, -59.360476783953], [-87.056534752259, -112.82156014629, -57.367537788592], [-87.167957767853, -112.69597888179, -55.374594978533], [-87.279380306611, -112.57039809413, -53.381655983172], [-87.390802845368, -112.44481682964, -51.388713173113], [-87.502225860963, -112.31923604198, -49.395770363054], [-87.61364839972, -112.19365477748, -47.402831367693], [-87.725071415314, -112.06807398982, -45.409888557635], [-87.836493954072, -111.94249272533, -43.416949562273], [-87.947916492829, -111.81691193767, -41.424006752215], [-88.059339508424, -111.69133067317, -39.431067756853], [-88.170762047181, -111.56574988552, -37.438124946795], [-88.282184824357, -111.44016862102, -35.445185951433], [-88.393607363114, -111.31458783336, -33.452243141375], [-88.50503014029, -111.18900656887, -31.459300331316], [-88.616452917466, -111.06342554279, -29.466361335955], [-88.727875694642, -110.93784451671, -27.473420433245], [-88.839298233399, -110.81226349063, -25.480477623186], [-88.950721010575, -110.68668246456, -23.487536720476], [-89.062143787751, -110.56110143848, -21.494595817766], [-89.173566326508, -110.4355204124, -19.501654915056], [-89.284989103684, -110.30993938632, -17.508714012346], [-89.39641188086, -110.18435836025, -15.515773109636], [-89.507834419617, -110.05877733417, -13.522831253252], [-89.619257196793, -109.93319630809, -11.529890350542], [-89.730679973969, -109.80761528202, -9.5369494478323], [-89.842102751145, -109.68203401752, -7.5440085451223], [-89.953525289902, -109.55645299144, -5.5510671655752], [-90.064948067078, -109.43087196536, -3.5581257860281], [-90.176370844254, -109.30529093929, -1.5651848833181], [-90.287793502221, -109.17970991321, 0.42775637701971], [-90.399216160187, -109.05412888713, 2.4206975181483], [-90.510638937363, -108.92854786106, 4.4136385400675], [-90.62206159533, -108.80296683498, 6.406579681196], [-90.733484372506, -108.6773858089, 8.3995210607432], [-90.844907030473, -108.55180478282, 10.39246244029], [-90.956329688439, -108.42622375675, 12.385403343], [-91.067752465615, -108.30064273067, 14.37834424571], [-91.179175123582, -108.17506170459, 16.37128514842], [-91.290597841153, -108.04948061891, 18.36422605113], [-91.402020558724, -107.92389959283, 20.35716695384], [-91.513443276295, -107.79831856676, 22.350109763899], [-91.624865993867, -107.67273754068, 24.343050666609], [-91.736288711438, -107.5471564848, 26.335991569319], [-91.847711399207, -107.42157542892, 28.328932472029], [-91.959134116778, -107.29599438794, 30.321873374739], [-92.070556819448, -107.17041335488, 32.314814277448], [-92.181979522118, -107.04483231343, 34.307755180158], [-92.293402234102, -106.91925127991, 36.300697990217], [-92.40482494236, -106.79367023893, 38.293636985578], [-92.51624764503, -106.66808921285, 40.286579795637], [-92.627670362601, -106.54250818677, 42.279518790998], [-92.739093080172, -106.41692710109, 44.272461601057], [-92.850515767941, -106.29134607501, 46.265404411115], [-92.961938485512, -106.16576504894, 48.258343406477], [-93.073361203084, -106.04018402286, 50.251286216535], [-93.184783920655, -105.91460299678, 52.244225211897], [-93.296206578622, -105.78902197071, 54.237168021955], [-93.407629355798, -105.66344094463, 56.230107017317], [-93.519052013764, -105.53785979934, 58.223049827375], [-93.630474671731, -105.41227877326, 60.215988822737], [-93.741897448907, -105.28669774719, 62.208931632795], [-93.853320106873, -105.16111684032, 64.201874442854], [-93.964742884049, -105.03553557582, 66.194813438215], [-94.076165542016, -104.90995454975, 68.187756248274], [-94.187588319192, -104.78437352367, 70.180699058332], [-94.299010977158, -104.65879249759, 72.173634238996], [-94.410433754334, -104.53321147151, 74.166577049055], [-94.521856293092, -104.40763044544, 76.159519859114], [-94.633279070267, -104.28204941936, 78.152462669172], [-94.744701847443, -104.15646839328, 80.145405479231], [-94.856124624619, -104.0308873672, 82.138340659895]], "InstanceCreationTime": ["141008.154000", "141008.085000", "141008.156000", "141008.088000", "141008.158000", "141008.090000", "141008.160000", "141008.093000", "141008.162000", "141008.095000", "141008.164000", "141008.097000", "141008.165000", "141008.099000", "141008.167000", "141008.101000", "141008.169000", "141008.102000", "141008.171000", "141008.104000", "141008.173000", "141008.106000", "141008.175000", "141008.108000", "141008.177000", "141008.110000", "141008.178000", "141008.112000", "141008.180000", "141008.114000", "141008.182000", "141008.115000", "141008.184000", "141008.117000", "141008.186000", "141008.119000", "141008.188000", "141008.121000", "141008.189000", "141008.123000", "141008.191000", "141008.125000", "141008.193000", "141008.126000", "141008.195000", "141008.128000", "141008.197000", "141008.130000", "141008.199000", "141008.132000", "141008.201000", "141008.134000", "141008.202000", "141008.136000", "141008.204000", "141008.138000", "141008.206000", "141008.139000", "141008.208000", "141008.141000", "141008.210000", "141008.143000", "141008.212000", "141008.145000", "141008.214000", "141008.147000", "141008.215000", "141008.149000", "141008.217000", "141008.151000", "141008.219000", "141008.153000"], "InstanceNumber": [1, 2, 3, 4, 5, 6, 7, 8, 9, 10, 11, 12, 13, 14, 15, 16, 17, 18, 19, 20, 21, 22, 23, 24, 25, 26, 27, 28, 29, 30, 31, 32, 33, 34, 35, 36, 37, 38, 39, 40, 41, 42, 43, 44, 45, 46, 47, 48, 49, 50, 51, 52, 53, 54, 55, 56, 57, 58, 59, 60, 61, 62, 63, 64, 65, 66, 67, 68, 69, 70, 71, 72], "LargestImagePixelValue": [4095, 4094, 4094, 4094, 4095, 4094, 4094, 4094, 4094, 4092, 4095, 4094, 4095, 4093, 4094, 4095, 4091, 4094, 4092, 4093, 4095, 4088, 4089, 4092, 4095, 4093, 4090, 4094, 4093, 4094, 4091, 4089, 4094, 4089, 4095, 4093, 4093, 4093, 4084, 4092, 4095, 4092, 4095, 4095, 4091, 4094, 4089, 4095, 4093, 4094, 4093, 4094, 4095, 4094, 4094, 4094, 4095, 4093, 4094, 4095, 4094, 4094, 4094, 4095, 4094, 4095, 4095, 4093, 4095, 4094, 4095, 4094], "SliceLocation": [-61.399147488595, -59.399149649695, -57.399147953056, -55.399150114156, -53.399148444082, -51.399146777383, -49.399148908543, -47.399147241844, -45.399149373003, -43.39914773287, -41.399149837464, -39.399148197331, -37.399150315207, -35.399148675074, -33.399146991717, -31.399149124564, -29.399149356795, -27.399147701691, -25.399147933921, -23.399148166152, -21.399148411665, -19.399148643895, -17.399148876125, -15.39914817133, -13.39914840356, -11.399148635791, -9.3991488530506, -7.3991486234094, -5.3991483804856, -3.3991486127159, -1.399148495222, 0.60085150348346, 2.6008513900416, 4.6008513887471, 6.6008516316709, 8.6008518679534, 10.600851629082, 12.600851396851, 14.60085115798, 16.600850926171, 18.60085069062, 20.600852355686, 22.600852120135, 24.600851886455, 26.600851651115, 28.6008514165, 30.600851180557, 32.600850945141, 34.600852610363, 36.600850474612, 38.600852138848, 40.60085000268, 42.600851671488, 44.600853334894, 46.600851198726, 48.600852863792, 50.600850727624, 52.600852389369, 54.600850256522, 56.600851925752, 58.600849786264, 60.60085145465, 62.60085310891, 64.600850991033, 66.600852652779, 68.600854321165, 70.600848380443, 72.600850048829, 74.600851703933, 76.60085337232, 78.600855040706, 80.600849106625], "SmallestImagePixelValue": [0, 3, 0, 0, 0, 0, 1, 1, 2, 0, 0, 7, 0, 0, 0, 0, 0, 0, 2, 0, 0, 2, 3, 9, 0, 1, 0, 4, 0, 1, 7, 3, 0, 3, 0, 1, 0, 4, 0, 0, 1, 12, 0, 0, 2, 1, 1, 0, 1, 0, 6, 1, 1, 0, 0, 0, 0, 0, 1, 0, 1, 2, 0, 0, 0, 0, 0, 0, 1, 0, 0, 0], "WindowCenter": [-248.0, -214.0, -184.0, -120.0, -148.0, -176.0, -182.0, -98.0, -100.0, -144.0, -126.0, -158.0, -164.0, -198.0, -230.0, -282.0, -320.0, -448.0, -436.0, -400.0, -280.0, -354.0, -350.0, -356.0, -332.0, -182.0, -186.0, -138.0, -268.0, -124.0, -236.0, -218.0, -202.0, -190.0, -184.0, -200.0, -190.0, -186.0, -170.0, -170.0, -166.0, -150.0, -132.0, -122.0, -134.0, -136.0, -156.0, -148.0, -150.0, -144.0, -54.0, -28.0, -8.0, -12.0, -54.0, -24.0, -56.0, -46.0, -98.0, -176.0, -218.0, -240.0, -286.0, -246.0, -348.0, -332.0, -334.0, -374.0, -350.0, -354.0, -362.0, -354.0], "WindowWidth": [6166.0, 6116.0, 6170.0, 6196.0, 6244.0, 6284.0, 6270.0, 6208.0, 6068.0, 5958.0, 5908.0, 5846.0, 5828.0, 5738.0, 5732.0, 5538.0, 5398.0, 4762.0, 4764.0, 4736.0, 5096.0, 4704.0, 4704.0, 4706.0, 4694.0, 5226.0, 5104.0, 5282.0, 4640.0, 5166.0, 4610.0, 4586.0, 4576.0, 4558.0, 4552.0, 4562.0, 4562.0, 4566.0, 4546.0, 4556.0, 4552.0, 4548.0, 4548.0, 4548.0, 4576.0, 4572.0, 4586.0, 4598.0, 4618.0, 4628.0, 5066.0, 5342.0, 5424.0, 5588.0, 5576.0, 5682.0, 5754.0, 5826.0, 5910.0, 6000.0, 6070.0, 6168.0, 6256.0, 6338.0, 6328.0, 6384.0, 6460.0, 6478.0, 6512.0, 6424.0, 6452.0, 6264.0]}}, "IntendedFor": ["ses-imagenet01/func/sub-23_ses-imagenet01_task-imagenet_run-05_bold.nii.gz", "ses-imagenet01/func/sub-23_ses-imagenet01_task-imagenet_run-07_bold.nii.gz", "ses-imagenet01/func/sub-23_ses-imagenet01_task-imagenet_run-08_bold.nii.gz", "ses-imagenet01/func/sub-23_ses-imagenet01_task-imagenet_run-01_bold.nii.gz", "ses-imagenet01/func/sub-23_ses-imagenet01_task-imagenet_run-03_bold.nii.gz", "ses-imagenet01/func/sub-23_ses-imagenet01_task-imagenet_run-10_bold.nii.gz", "ses-imagenet01/func/sub-23_ses-imagenet01_task-imagenet_run-02_bold.nii.gz", "ses-imagenet01/func/sub-23_ses-imagenet01_task-imagenet_run-04_bold.nii.gz", "ses-imagenet01/func/sub-23_ses-imagenet01_task-imagenet_run-09_bold.nii.gz", "ses-imagenet01/func/sub-23_ses-imagenet01_task-imagenet_run-06_bold.nii.gz"]}