{"AcquisitionMatrixPE": 100, "AcquisitionNumber": 1, "AcquisitionTime": "15:36:35.070000", "BaseResolution": 100, "BodyPartExamined": "BRAIN", "ConsistencyInfo": "N4_VE11C_LATEST_20160120", "ConversionSoftware": "dcm2niix", "ConversionSoftwareVersion": "v1.0.20180622 GCC4.9.2", "DeviceSerialNumber": "166078", "DwellTime": 8.8e-06, "EchoNumber": 2, "EchoTime": 0.00738, "EchoTime1": 0.00492, "EchoTime2": 0.00738, "FlipAngle": 60, "ImageOrientationPatientDICOM": [0.999864, -0.0133867, 0.00958516, 0.0139616, 0.997937, -0.0626628], "ImageType": ["ORIGINAL", "PRIMARY", "P", "ND"], "InPlanePhaseEncodingDirectionDICOM": "ROW", "InstitutionAddress": "Street_StreetNo_Bei_Jing_District_CN_ZIP", "InstitutionName": "BeiJing_Normal_University", "InstitutionalDepartmentName": "Department", "MRAcquisitionType": "2D", "MagneticFieldStrength": 3, "Manufacturer": "Siemens", "ManufacturersModelName": "Prisma", "Modality": "MR", "PartialFourier": 1, "PatientPosition": "HFS", "PercentPhaseFOV": 100, "PhaseEncodingDirection": "i", "PhaseEncodingSteps": 100, "PhaseResolution": 1, "PixelBandwidth": 570, "ProcedureStepDescription": "BNU_P2018_64CH_Zhen.ZongLei", "ProtocolName": "field_mapping_2x2x2", "PulseSequenceDetails": "%SiemensSeq%_gre_field_mapping", "ReceiveCoilActiveElements": "HC1-7;NC1", "ReceiveCoilName": "HeadNeck_64", "ReconMatrixPE": 100, "RepetitionTime": 0.72, "SAR": 0.119786, "ScanningSequence": "GR", "SequenceName": "_fm2d2r", "SequenceVariant": "SP", "SeriesDescription": "field_mapping_2x2x2", "SeriesNumber": 10, "ShimSetting": [-5459, -11506, -1280, 608, -4, -239, -16, 57], "SliceThickness": 2, "SoftwareVersions": "syngo_MR_E11", "SpacingBetweenSlices": 2, "StationName": "AWP166078", "TxRefAmp": 210.95, "dcmmeta_affine": [[-1.9997289180755615, 0.02792329713702202, 0.01745307445526123, 97.99861907958984], [0.02677347883582115, 1.9958741664886475, -0.12557601928710938, -79.12897491455078], [0.01917031966149807, 0.12532560527324677, 1.9959793090820312, -77.33662414550781], [0.0, 0.0, 0.0, 1.0]], "dcmmeta_reorient_transform": [[0.0, -1.0, 0.0, 99.0], [1.0, 0.0, 0.0, 0.0], [0.0, 0.0, -1.0, 71.0], [0.0, 0.0, 0.0, 1.0]], "dcmmeta_shape": [100, 100, 72], "dcmmeta_slice_dim": 2, "dcmmeta_version": 0.6, "global": {"const": {"AcquisitionMatrix": [0, 100, 100, 0], "AcquisitionNumber": 1, "AngioFlag": "N", "BitsAllocated": 16, "BitsStored": 12, "BodyPartExamined": "BRAIN", "Columns": 100, "EchoNumbers": 2, "EchoTime": 7.38, "EchoTrainLength": 0, "FlipAngle": 60.0, "HighBit": 11, "ImageOrientationPatient": [0.99986445077884, -0.0133867389718, 0.00958515980179, 0.01396164884689, 0.99793709512839, -0.0626628001943], "ImageType": ["ORIGINAL", "PRIMARY", "P", "ND"], "ImagedNucleus": "1H", "ImagingFrequency": 123.257767, "InPlanePhaseEncodingDirection": "ROW", "MRAcquisitionType": "2D", "MagneticFieldStrength": 3.0, "Manufacturer": "SIEMENS", "ManufacturerModelName": "Prisma", "Modality": "MR", "NumberOfAverages": 1.0, "NumberOfPhaseEncodingSteps": 100, "PercentPhaseFieldOfView": 100.0, "PercentSampling": 100.0, "PerformedProcedureStepStartTime": "145752.075000", "PhotometricInterpretation": "MONOCHROME2", "PixelBandwidth": 570.0, "PixelRepresentation": 0, "PixelSpacing": [2.0, 2.0], "ProtocolName": "field_mapping_2x2x2", "RepetitionTime": 720.0, "RescaleIntercept": -4096.0, "RescaleSlope": 2.0, "RescaleType": "US", "Rows": 100, "SAR": 0.11978643941595, "SamplesPerPixel": 1, "ScanningSequence": "GR", "SequenceName": "*fm2d2r", "SequenceVariant": "SP", "SeriesDescription": "field_mapping_2x2x2", "SeriesNumber": 10, "SeriesTime": "153859.765000", "SliceThickness": 2.0, "SoftwareVersions": "syngo MR E11", "SpacingBetweenSlices": 2.0, "SpecificCharacterSet": "ISO_IR 100", "StudyID": "1", "StudyTime": "145751.984000", "TransmitCoilName": "Body", "VariableFlipAngleFlag": "N", "WindowCenterWidthExplanation": "Algo1", "dBdt": 0.0}, "slices": {"AcquisitionTime": ["153635.070000", "153634.710000", "153635.080000", "153634.720000", "153635.090000", "153634.730000", "153635.100000", "153634.740000", "153635.110000", "153634.750000", "153635.120000", "153634.760000", "153635.130000", "153634.770000", "153635.140000", "153634.780000", "153635.150000", "153634.790000", "153635.160000", "153634.800000", "153635.170000", "153634.810000", "153635.180000", "153634.820000", "153635.190000", "153634.830000", "153635.200000", "153634.840000", "153635.210000", "153634.850000", "153635.220000", "153634.860000", "153635.230000", "153634.870000", "153635.240000", "153634.880000", "153635.250000", "153634.890000", "153635.260000", "153634.900000", "153635.270000", "153634.910000", "153635.280000", "153634.920000", "153635.290000", "153634.930000", "153635.300000", "153634.940000", "153635.310000", "153634.950000", "153635.320000", "153634.960000", "153635.330000", "153634.970000", "153635.340000", "153634.980000", "153635.350000", "153634.990000", "153635.360000", "153635.000000", "153635.370000", "153635.010000", "153635.380000", "153635.020000", "153635.390000", "153635.030000", "153635.400000", "153635.040000", "153635.410000", "153635.050000", "153635.420000", "153635.060000"], "ContentTime": ["153859.946000", "153859.767000", "153859.948000", "153859.769000", "153859.950000", "153859.771000", "153859.952000", "153859.773000", "153859.954000", "153859.775000", "153859.956000", "153859.777000", "153859.958000", "153859.779000", "153859.959000", "153859.781000", "153859.962000", "153859.783000", "153859.965000", "153859.785000", "153859.967000", "153859.787000", "153859.969000", "153859.791000", "153859.972000", "153859.793000", "153859.974000", "153859.795000", "153859.976000", "153859.797000", "153859.978000", "153859.798000", "153859.980000", "153859.800000", "153859.982000", "153859.803000", "153859.984000", "153859.805000", "153859.986000", "153859.807000", "153859.988000", "153859.809000", "153859.990000", "153859.811000", "153859.992000", "153859.813000", "153859.994000", "153859.815000", "153859.996000", "153859.923000", "153859.998000", "153859.925000", "153900.000000", "153859.927000", "153900.002000", "153859.929000", "153900.004000", "153859.931000", "153900.005000", "153859.933000", "153900.008000", "153859.935000", "153900.009000", "153859.937000", "153900.012000", "153859.939000", "153900.014000", "153859.941000", "153900.016000", "153859.942000", "153900.018000", "153859.944000"], "CsaImage.GSWDDataType": ["measured", "predicted", "measured", "predicted", "measured", "predicted", "measured", "predicted", "measured", "predicted", "measured", "predicted", "measured", "predicted", "measured", "predicted", "measured", "predicted", "measured", "predicted", "measured", "predicted", "measured", "predicted", "measured", "predicted", "measured", "predicted", "measured", "predicted", "measured", "predicted", "measured", "predicted", "measured", "predicted", "measured", "predicted", "measured", "predicted", "measured", "predicted", "measured", "predicted", "measured", "predicted", "measured", "predicted", "measured", "predicted", "measured", "predicted", "measured", "measured", "measured", "measured", "measured", "measured", "measured", "measured", "measured", "measured", "measured", "measured", "measured", "measured", "measured", "measured", "measured", "measured", "measured", "measured"], "CsaImage.ICE_Dims": ["X_2_1_1_1_1_1_37_1_1_1_1_156", "X_2_1_1_1_1_1_1_1_1_2_1_156", "X_2_1_1_1_1_1_38_1_1_3_1_156", "X_2_1_1_1_1_1_2_1_1_4_1_156", "X_2_1_1_1_1_1_39_1_1_5_1_156", "X_2_1_1_1_1_1_3_1_1_6_1_156", "X_2_1_1_1_1_1_40_1_1_7_1_156", "X_2_1_1_1_1_1_4_1_1_8_1_156", "X_2_1_1_1_1_1_41_1_1_9_1_156", "X_2_1_1_1_1_1_5_1_1_10_1_156", "X_2_1_1_1_1_1_42_1_1_11_1_156", "X_2_1_1_1_1_1_6_1_1_12_1_156", "X_2_1_1_1_1_1_43_1_1_13_1_156", "X_2_1_1_1_1_1_7_1_1_14_1_156", "X_2_1_1_1_1_1_44_1_1_15_1_156", "X_2_1_1_1_1_1_8_1_1_16_1_156", "X_2_1_1_1_1_1_45_1_1_17_1_156", "X_2_1_1_1_1_1_9_1_1_18_1_156", "X_2_1_1_1_1_1_46_1_1_19_1_156", "X_2_1_1_1_1_1_10_1_1_20_1_156", "X_2_1_1_1_1_1_47_1_1_21_1_156", "X_2_1_1_1_1_1_11_1_1_22_1_156", "X_2_1_1_1_1_1_48_1_1_23_1_156", "X_2_1_1_1_1_1_12_1_1_24_1_156", "X_2_1_1_1_1_1_49_1_1_25_1_156", "X_2_1_1_1_1_1_13_1_1_26_1_156", "X_2_1_1_1_1_1_50_1_1_27_1_156", "X_2_1_1_1_1_1_14_1_1_28_1_156", "X_2_1_1_1_1_1_51_1_1_29_1_156", "X_2_1_1_1_1_1_15_1_1_30_1_156", "X_2_1_1_1_1_1_52_1_1_31_1_156", "X_2_1_1_1_1_1_16_1_1_32_1_156", "X_2_1_1_1_1_1_53_1_1_33_1_156", "X_2_1_1_1_1_1_17_1_1_34_1_156", "X_2_1_1_1_1_1_54_1_1_35_1_156", "X_2_1_1_1_1_1_18_1_1_36_1_156", "X_2_1_1_1_1_1_55_1_1_37_1_156", "X_2_1_1_1_1_1_19_1_1_38_1_156", "X_2_1_1_1_1_1_56_1_1_39_1_156", "X_2_1_1_1_1_1_20_1_1_40_1_156", "X_2_1_1_1_1_1_57_1_1_41_1_156", "X_2_1_1_1_1_1_21_1_1_42_1_156", "X_2_1_1_1_1_1_58_1_1_43_1_156", "X_2_1_1_1_1_1_22_1_1_44_1_156", "X_2_1_1_1_1_1_59_1_1_45_1_156", "X_2_1_1_1_1_1_23_1_1_46_1_156", "X_2_1_1_1_1_1_60_1_1_47_1_156", "X_2_1_1_1_1_1_24_1_1_48_1_156", "X_2_1_1_1_1_1_61_1_1_49_1_156", "X_2_1_1_1_1_1_25_1_1_50_1_156", "X_2_1_1_1_1_1_62_1_1_51_1_156", "X_2_1_1_1_1_1_26_1_1_52_1_156", "X_2_1_1_1_1_1_63_1_1_53_1_156", "X_2_1_1_1_1_1_27_1_1_54_1_156", "X_2_1_1_1_1_1_64_1_1_55_1_156", "X_2_1_1_1_1_1_28_1_1_56_1_156", "X_2_1_1_1_1_1_65_1_1_57_1_156", "X_2_1_1_1_1_1_29_1_1_58_1_156", "X_2_1_1_1_1_1_66_1_1_59_1_156", "X_2_1_1_1_1_1_30_1_1_60_1_156", "X_2_1_1_1_1_1_67_1_1_61_1_156", "X_2_1_1_1_1_1_31_1_1_62_1_156", "X_2_1_1_1_1_1_68_1_1_63_1_156", "X_2_1_1_1_1_1_32_1_1_64_1_156", "X_2_1_1_1_1_1_69_1_1_65_1_156", "X_2_1_1_1_1_1_33_1_1_66_1_156", "X_2_1_1_1_1_1_70_1_1_67_1_156", "X_2_1_1_1_1_1_34_1_1_68_1_156", "X_2_1_1_1_1_1_71_1_1_69_1_156", "X_2_1_1_1_1_1_35_1_1_70_1_156", "X_2_1_1_1_1_1_72_1_1_71_1_156", "X_2_1_1_1_1_1_36_1_1_72_1_156"], "CsaImage.ProtocolSliceNumber": [0, 1, 2, 3, 4, 5, 6, 7, 8, 9, 10, 11, 12, 13, 14, 15, 16, 17, 18, 19, 20, 21, 22, 23, 24, 25, 26, 27, 28, 29, 30, 31, 32, 33, 34, 35, 36, 37, 38, 39, 40, 41, 42, 43, 44, 45, 46, 47, 48, 49, 50, 51, 52, 53, 54, 55, 56, 57, 58, 59, 60, 61, 62, 63, 64, 65, 66, 67, 68, 69, 70, 71], "CsaImage.RFSWDDataType": ["measured", "predicted", "measured", "predicted", "measured", "predicted", "measured", "predicted", "measured", "predicted", "measured", "predicted", "measured", "predicted", "measured", "predicted", "measured", "predicted", "measured", "predicted", "measured", "predicted", "measured", "predicted", "measured", "predicted", "measured", "predicted", "measured", "predicted", "measured", "predicted", "measured", "predicted", "measured", "predicted", "measured", "predicted", "measured", "predicted", "measured", "predicted", "measured", "predicted", "measured", "predicted", "measured", "predicted", "measured", "predicted", "measured", "measured", "measured", "measured", "measured", "measured", "measured", "measured", "measured", "measured", "measured", "measured", "measured", "measured", "measured", "measured", "measured", "measured", "measured", "measured", "measured", "measured"], "CsaImage.SlicePosition_PCS": [[-100.76302594, -118.4625849, -64.92925836], [-100.78047901, -118.33700888, -62.93327905], [-100.79793209, -118.21143096, -60.93730737], [-100.81538516, -118.08585494, -58.94132806], [-100.83283824, -117.96027892, -56.94534875], [-100.85029131, -117.8347029, -54.94937326], [-100.86774439, -117.70912688, -52.95339395], [-100.88519743, -117.58355086, -50.95741464], [-100.9026505, -117.45797484, -48.96143915], [-100.92010358, -117.33239882, -46.96545984], [-100.93755665, -117.20682089, -44.96948434], [-100.95500973, -117.08124487, -42.97350503], [-100.9724628, -116.95566886, -40.97752954], [-100.98991588, -116.83009284, -38.98155023], [-101.00736892, -116.70451682, -36.98557474], [-101.024822, -116.5789408, -34.98959543], [-101.04227507, -116.45336478, -32.99361993], [-101.05972814, -116.32778876, -30.99764062], [-101.07718122, -116.20221083, -29.00166513], [-101.09463429, -116.07663481, -27.00568582], [-101.11208737, -115.95105879, -25.00971033], [-101.12954044, -115.82548277, -23.01373292], [-101.1469935, -115.69990676, -21.01775552], [-101.16444658, -115.57433074, -19.02177812], [-101.18189965, -115.44875472, -17.02580072], [-101.19935271, -115.3231787, -15.02982141], [-101.21680579, -115.19760077, -13.03384401], [-101.23425886, -115.07202475, -11.03786661], [-101.25171193, -114.94644873, -9.04189016], [-101.269165, -114.82087271, -7.04591276], [-101.28661808, -114.69529669, -5.04993535], [-101.30407114, -114.56972067, -3.05395795], [-101.32152421, -114.4441437, -1.05798007], [-101.33897728, -114.31856768, 0.93799733], [-101.35643036, -114.19299166, 2.93397473], [-101.37388343, -114.06741564, 4.92995222], [-101.3913365, -113.94183867, 6.92592965], [-101.40878957, -113.81626265, 8.92190717], [-101.42624264, -113.69068663, 10.91788434], [-101.44369571, -113.56511061, 12.91386221], [-101.46114878, -113.43953364, 14.90983962], [-101.47860185, -113.31395762, 16.90581702], [-101.49605492, -113.1883816, 18.90179442], [-101.51350799, -113.06280558, 20.89777182], [-101.53096107, -112.93722861, 22.89374922], [-101.54841414, -112.81165259, 24.88972662], [-101.56586721, -112.68607657, 26.88570403], [-101.58332027, -112.56050055, 28.88168143], [-101.60077335, -112.43492358, 30.87765883], [-101.61822642, -112.30934756, 32.87363623], [-101.63567948, -112.18377154, 34.86961363], [-101.65313256, -112.05819552, 36.86559104], [-101.67058563, -111.93261855, 38.86157034], [-101.68803871, -111.80704253, 40.85754584], [-101.70549178, -111.68146651, 42.85352515], [-101.72294485, -111.55589049, 44.84950064], [-101.74039793, -111.43031352, 46.84547995], [-101.757851, -111.3047375, 48.84145545], [-101.77530405, -111.17916148, 50.83743475], [-101.79275712, -111.05358546, 52.83341025], [-101.8102102, -110.92800849, 54.82938956], [-101.82766327, -110.80243247, 56.82536505], [-101.84511635, -110.67685645, 58.82134436], [-101.86256942, -110.55128043, 60.81731986], [-101.8800225, -110.42570345, 62.81329916], [-101.89747554, -110.30012744, 64.80927466], [-101.91492861, -110.17455142, 66.80525397], [-101.93238169, -110.0489754, 68.80122946], [-101.94983476, -109.92339842, 70.79720496], [-101.96728784, -109.7978224, 72.79318427], [-101.98474091, -109.67224639, 74.78916358], [-102.00219399, -109.54667037, 76.78514288]], "CsaImage.TimeAfterStart": [1.0825, 0.7225, 1.0925, 0.7325, 1.1025, 0.7425, 1.1125, 0.7525, 1.1225, 0.7625, 1.1325, 0.7725, 1.1425, 0.7825, 1.1525, 0.7925, 1.1625, 0.8025, 1.1725, 0.8125, 1.1825, 0.8225, 1.1925, 0.8325, 1.2025, 0.8425, 1.2125, 0.8525, 1.2225, 0.8625, 1.2325, 0.8725, 1.2425, 0.8825, 1.2525, 0.8925, 1.2625, 0.9025, 1.2725, 0.9125, 1.2825, 0.9225, 1.2925, 0.9325, 1.3025, 0.9425, 1.3125, 0.9525, 1.3225, 0.9625, 1.3325, 0.9725, 1.3425, 0.9825, 1.3525, 0.9925, 1.3625, 1.0025, 1.3725, 1.0125, 1.3825, 1.0225, 1.3925, 1.0325, 1.4025, 1.0425, 1.4125, 1.0525, 1.4225, 1.0625, 1.4325, 1.0725], "ImagePositionPatient": [[-100.76302593862, -118.46258490155, -64.929258360651], [-100.78047901308, -118.33700888226, -62.933279051569], [-100.79793208753, -118.21143095562, -60.937307371881], [-100.81538516199, -118.08585493634, -58.941328062799], [-100.83283823644, -117.96027891705, -56.945348753717], [-100.8502913109, -117.83470289776, -54.949373259332], [-100.86774438535, -117.70912687847, -52.95339395025], [-100.88519743001, -117.58355085919, -50.957414641168], [-100.90265050446, -117.4579748399, -48.961439146784], [-100.92010357892, -117.33239882061, -46.965459837702], [-100.93755665337, -117.20682089398, -44.969484343317], [-100.95500972783, -117.08124487469, -42.973505034235], [-100.97246280228, -116.9556688554, -40.97752953985], [-100.98991587674, -116.83009283612, -38.981550230768], [-101.00736892139, -116.70451681683, -36.985574736383], [-101.02482199585, -116.57894079754, -34.989595427301], [-101.0422750703, -116.45336477825, -32.993619932916], [-101.05972814476, -116.32778875897, -30.997640623834], [-101.07718121921, -116.20221083233, -29.00166512945], [-101.09463429367, -116.07663481304, -27.005685820368], [-101.11208736812, -115.95105879376, -25.009710325983], [-101.12954044258, -115.82548277447, -23.013732924249], [-101.14699350213, -115.69990675518, -21.017755522516], [-101.16444657659, -115.5743307359, -19.021778120783], [-101.18189965104, -115.44875471661, -17.025800719049], [-101.1993527106, -115.32317869732, -15.029821409967], [-101.21680578505, -115.19760077069, -13.033844008234], [-101.23425885951, -115.0720247514, -11.0378666065], [-101.25171193396, -114.94644873211, -9.0418901584414], [-101.26916500097, -114.82087271283, -7.045912756708], [-101.28661807542, -114.69529669354, -5.0499353549746], [-101.30407114243, -114.56972067425, -3.0539579532412], [-101.32152421316, -114.44414370129, -1.0579800746706], [-101.33897728389, -114.318567682, 0.93799732706278], [-101.35643035648, -114.19299166272, 2.9339747287962], [-101.37388342721, -114.06741564343, 4.9299522199365], [-101.39133649794, -113.94183867047, 6.9259296514723], [-101.40878956867, -113.81626265118, 8.921907172415], [-101.42624264126, -113.69068663189, 10.91788433573], [-101.44369571199, -113.56511061261, 12.9138622143], [-101.46114878272, -113.43953363964, 14.909839616034], [-101.47860184973, -113.31395762036, 16.905817017767], [-101.49605492418, -113.18838160107, 18.901794419501], [-101.51350799119, -113.06280558178, 20.897771821234], [-101.53096106564, -112.93722860882, 22.893749222967], [-101.5484141401, -112.81165258953, 24.889726624701], [-101.56586721455, -112.68607657025, 26.885704026434], [-101.58332027411, -112.56050055096, 28.881681428168], [-101.60077334856, -112.434923578, 30.877658829901], [-101.61822642302, -112.30934755871, 32.873636231634], [-101.63567948257, -112.18377153942, 34.869613633368], [-101.65313255703, -112.05819552014, 36.865591035101], [-101.67058563148, -111.93261854718, 38.861570344183], [-101.68803870594, -111.80704252789, 40.857545838568], [-101.70549178039, -111.6814665086, 42.85352514765], [-101.72294485485, -111.55589048931, 44.849500642035], [-101.7403979293, -111.43031351635, 46.845479951117], [-101.75785100376, -111.30473749707, 48.841455445502], [-101.77530404841, -111.17916147778, 50.837434754584], [-101.79275712287, -111.05358545849, 52.833410248968], [-101.81021019732, -110.92800848553, 54.82938955805], [-101.82766327178, -110.80243246624, 56.825365052435], [-101.84511634623, -110.67685644696, 58.821344361517], [-101.86256942069, -110.55128042767, 60.817319855902], [-101.88002249514, -110.42570345471, 62.813299164984], [-101.89747553979, -110.30012743542, 64.809274659369], [-101.91492861425, -110.17455141613, 66.805253968451], [-101.9323816887, -110.04897539685, 68.801229462835], [-101.94983476316, -109.92339842388, 70.79720495722], [-101.96728783762, -109.7978224046, 72.793184266302], [-101.98474091207, -109.67224638531, 74.789163575384], [-102.00219398653, -109.54667036602, 76.785142884466]], "InstanceCreationTime": ["153859.946000", "153859.767000", "153859.948000", "153859.769000", "153859.950000", "153859.771000", "153859.952000", "153859.773000", "153859.954000", "153859.775000", "153859.956000", "153859.777000", "153859.958000", "153859.779000", "153859.959000", "153859.781000", "153859.962000", "153859.783000", "153859.965000", "153859.785000", "153859.967000", "153859.787000", "153859.969000", "153859.791000", "153859.972000", "153859.793000", "153859.974000", "153859.795000", "153859.976000", "153859.797000", "153859.978000", "153859.798000", "153859.980000", "153859.800000", "153859.982000", "153859.803000", "153859.984000", "153859.805000", "153859.986000", "153859.807000", "153859.988000", "153859.809000", "153859.990000", "153859.811000", "153859.992000", "153859.813000", "153859.994000", "153859.815000", "153859.996000", "153859.923000", "153859.998000", "153859.925000", "153900.000000", "153859.927000", "153900.002000", "153859.929000", "153900.004000", "153859.931000", "153900.005000", "153859.933000", "153900.008000", "153859.935000", "153900.009000", "153859.937000", "153900.012000", "153859.939000", "153900.014000", "153859.941000", "153900.016000", "153859.942000", "153900.018000", "153859.944000"], "InstanceNumber": [1, 2, 3, 4, 5, 6, 7, 8, 9, 10, 11, 12, 13, 14, 15, 16, 17, 18, 19, 20, 21, 22, 23, 24, 25, 26, 27, 28, 29, 30, 31, 32, 33, 34, 35, 36, 37, 38, 39, 40, 41, 42, 43, 44, 45, 46, 47, 48, 49, 50, 51, 52, 53, 54, 55, 56, 57, 58, 59, 60, 61, 62, 63, 64, 65, 66, 67, 68, 69, 70, 71, 72], "LargestImagePixelValue": [4094, 4094, 4095, 4095, 4095, 4094, 4095, 4094, 4093, 4095, 4093, 4094, 4094, 4093, 4094, 4095, 4095, 4093, 4093, 4093, 4095, 4094, 4094, 4095, 4091, 4095, 4094, 4094, 4094, 4092, 4089, 4092, 4085, 4094, 4095, 4093, 4093, 4081, 4094, 4090, 4094, 4094, 4093, 4092, 4093, 4089, 4095, 4091, 4084, 4095, 4089, 4091, 4093, 4092, 4094, 4093, 4089, 4090, 4094, 4095, 4094, 4094, 4095, 4094, 4095, 4094, 4094, 4095, 4093, 4095, 4094, 4095], "SliceLocation": [-71.357399983248, -69.357398146071, -67.357403803185, -65.357401966008, -63.357400128831, -61.357402098679, -59.357400261502, -57.357398424585, -55.357400394433, -53.357398557256, -51.357400407345, -49.357398570168, -47.357400540016, -45.357398702839, -43.357400672947, -41.35739883577, -39.357400805618, -37.357398968441, -35.35740081853, -33.357398981353, -31.357400951201, -29.357401017536, -27.357401084002, -25.357401150337, -23.357401216672, -21.357399379625, -19.357399326202, -17.357399392537, -15.357400410629, -13.35740047703, -11.357400543365, -9.3574006097654, -7.3574001403758, -5.3574002067437, -3.3574002730954, -1.3574002502362, 0.64259977301765, 2.6425998256192, 4.6425995213285, 6.6425999308387, 8.6425999243502, 10.64259985795, 12.642599791614, 14.642599725214, 16.642599718758, 18.642599652422, 20.642599586087, 22.642599519622, 24.642599513166, 26.64259944683, 28.642599380365, 30.642599314029, 32.642601211086, 34.642599241238, 36.642601078415, 38.642599108567, 40.642601005623, 42.642599035775, 44.642600872692, 46.642598902845, 48.642600799901, 50.642598830053, 52.64260066723, 54.642598697382, 56.642600594439, 58.642598624331, 60.642600461508, 62.64259849166, 64.642596581691, 66.642598418868, 68.642600256045, 70.642602093222], "SmallestImagePixelValue": [0, 0, 0, 0, 0, 0, 0, 0, 0, 0, 0, 0, 2, 0, 0, 1, 0, 1, 0, 0, 0, 3, 3, 0, 0, 2, 0, 2, 1, 3, 0, 1, 4, 0, 4, 5, 1, 0, 2, 4, 4, 0, 1, 2, 2, 0, 2, 1, 4, 0, 0, 1, 3, 0, 1, 0, 0, 0, 0, 0, 2, 1, 0, 0, 0, 0, 0, 0, 0, 0, 0, 0], "WindowCenter": [-196.0, -142.0, -182.0, -166.0, -172.0, -158.0, -182.0, -186.0, -234.0, -210.0, -186.0, -122.0, -152.0, -162.0, -166.0, -182.0, -204.0, -190.0, -150.0, -130.0, -140.0, -158.0, -208.0, -246.0, -274.0, -290.0, -300.0, -268.0, -370.0, -208.0, -230.0, -192.0, -208.0, -206.0, -158.0, -288.0, -112.0, -120.0, -104.0, -96.0, -106.0, -74.0, -80.0, -84.0, -58.0, -40.0, -96.0, -184.0, -184.0, -36.0, -174.0, -172.0, -38.0, -164.0, -20.0, 18.0, -32.0, 10.0, 6.0, -24.0, -72.0, -80.0, -84.0, -138.0, -194.0, -238.0, -258.0, -292.0, -304.0, -366.0, -330.0, -340.0], "WindowWidth": [6420.0, 6470.0, 6530.0, 6500.0, 6544.0, 6468.0, 6428.0, 6380.0, 6390.0, 6362.0, 6382.0, 6390.0, 6340.0, 6242.0, 6188.0, 6094.0, 6032.0, 6020.0, 6032.0, 6016.0, 5958.0, 5914.0, 5840.0, 5770.0, 5562.0, 5484.0, 5312.0, 5378.0, 4740.0, 5482.0, 5198.0, 5338.0, 5254.0, 5202.0, 5406.0, 4656.0, 5432.0, 5328.0, 5402.0, 5398.0, 5292.0, 5358.0, 5300.0, 5282.0, 5338.0, 5362.0, 4988.0, 4592.0, 4584.0, 5256.0, 4586.0, 4596.0, 5182.0, 4612.0, 5250.0, 5408.0, 5186.0, 5464.0, 5550.0, 5634.0, 5512.0, 5732.0, 5818.0, 5888.0, 5930.0, 5952.0, 6036.0, 6068.0, 6166.0, 6162.0, 6200.0, 6232.0]}}, "IntendedFor": ["ses-prf/func/sub-02_ses-prf_task-prf_run-01_bold.nii.gz", "ses-prf/func/sub-02_ses-prf_task-prf_run-03_bold.nii.gz", "ses-prf/func/sub-02_ses-prf_task-prf_run-05_bold.nii.gz", "ses-prf/func/sub-02_ses-prf_task-prf_run-07_bold.nii.gz", "ses-prf/func/sub-02_ses-prf_task-prf_run-08_bold.nii.gz", "ses-prf/func/sub-02_ses-prf_task-prf_run-04_bold.nii.gz", "ses-prf/func/sub-02_ses-prf_task-prf_run-09_bold.nii.gz", "ses-prf/func/sub-02_ses-prf_task-prf_run-06_bold.nii.gz", "ses-prf/func/sub-02_ses-prf_task-prf_run-10_bold.nii.gz", "ses-prf/func/sub-02_ses-prf_task-prf_run-02_bold.nii.gz"]}