{"AcquisitionMatrixPE": 100, "AcquisitionNumber": 1, "AcquisitionTime": "09:54:59.802500", "BaseResolution": 100, "BodyPartExamined": "BRAIN", "ConsistencyInfo": "N4_VE11C_LATEST_20160120", "ConversionSoftware": "dcm2niix", "ConversionSoftwareVersion": "v1.0.20180622 GCC4.9.2", "DeviceSerialNumber": "166078", "DwellTime": 8.8e-06, "EchoNumber": 2, "EchoTime": 0.00738, "EchoTime1": 0.00492, "EchoTime2": 0.00738, "FlipAngle": 60, "ImageOrientationPatientDICOM": [1, 0, 0, 0, 0.986856, -0.161604], "ImageType": ["ORIGINAL", "PRIMARY", "P", "ND"], "InPlanePhaseEncodingDirectionDICOM": "ROW", "InstitutionAddress": "Street_StreetNo_Bei_Jing_District_CN_ZIP", "InstitutionName": "BeiJing_Normal_University", "InstitutionalDepartmentName": "Department", "MRAcquisitionType": "2D", "MagneticFieldStrength": 3, "Manufacturer": "Siemens", "ManufacturersModelName": "Prisma", "Modality": "MR", "PartialFourier": 1, "PatientPosition": "HFS", "PercentPhaseFOV": 100, "PhaseEncodingDirection": "i", "PhaseEncodingSteps": 100, "PhaseResolution": 1, "PixelBandwidth": 570, "ProcedureStepDescription": "BNU_P2018_64CH_Zhen.ZongLei", "ProtocolName": "field_mapping_2x2x2", "PulseSequenceDetails": "%SiemensSeq%_gre_field_mapping", "ReceiveCoilActiveElements": "HC1-7;NC1", "ReceiveCoilName": "HeadNeck_64", "ReconMatrixPE": 100, "RepetitionTime": 0.72, "SAR": 0.102348, "ScanningSequence": "GR", "SequenceName": "_fm2d2r", "SequenceVariant": "SP", "SeriesDescription": "field_mapping_2x2x2", "SeriesNumber": 9, "ShimSetting": [-5455, -11461, -1290, 385, -16, -338, -269, 36], "SliceThickness": 2, "SoftwareVersions": "syngo_MR_E11", "SpacingBetweenSlices": 2, "StationName": "AWP166078", "TxRefAmp": 208.559, "dcmmeta_affine": [[-2.0, 0.0, 0.0, 100.0], [0.0, 1.9737114906311035, -0.3232078552246094, -85.03074645996094], [0.0, 0.32320764660835266, 1.9737091064453125, -97.83629608154297], [0.0, 0.0, 0.0, 1.0]], "dcmmeta_reorient_transform": [[0.0, -1.0, 0.0, 99.0], [1.0, 0.0, 0.0, 0.0], [0.0, 0.0, -1.0, 71.0], [0.0, 0.0, 0.0, 1.0]], "dcmmeta_shape": [100, 100, 72], "dcmmeta_slice_dim": 2, "dcmmeta_version": 0.6, "global": {"const": {"AcquisitionMatrix": [0, 100, 100, 0], "AcquisitionNumber": 1, "AngioFlag": "N", "BitsAllocated": 16, "BitsStored": 12, "BodyPartExamined": "BRAIN", "Columns": 100, "EchoNumbers": 2, "EchoTime": 7.38, "EchoTrainLength": 0, "FlipAngle": 60.0, "HighBit": 11, "ImageOrientationPatient": [1.0, 0.0, 0.0, 0.0, 0.98685571660486, -0.1616038198939], "ImageType": ["ORIGINAL", "PRIMARY", "P", "ND"], "ImagedNucleus": "1H", "ImagingFrequency": 123.25779, "InPlanePhaseEncodingDirection": "ROW", "MRAcquisitionType": "2D", "MagneticFieldStrength": 3.0, "Manufacturer": "SIEMENS", "ManufacturerModelName": "Prisma", "Modality": "MR", "NumberOfAverages": 1.0, "NumberOfPhaseEncodingSteps": 100, "PercentPhaseFieldOfView": 100.0, "PercentSampling": 100.0, "PerformedProcedureStepStartTime": "090613.470000", "PhotometricInterpretation": "MONOCHROME2", "PixelBandwidth": 570.0, "PixelRepresentation": 0, "PixelSpacing": [2.0, 2.0], "ProtocolName": "field_mapping_2x2x2", "RepetitionTime": 720.0, "RescaleIntercept": -4096.0, "RescaleSlope": 2.0, "RescaleType": "US", "Rows": 100, "SAR": 0.10234771143432, "SamplesPerPixel": 1, "ScanningSequence": "GR", "SequenceName": "*fm2d2r", "SequenceVariant": "SP", "SeriesDescription": "field_mapping_2x2x2", "SeriesNumber": 9, "SeriesTime": "095724.519000", "SliceThickness": 2.0, "SoftwareVersions": "syngo MR E11", "SpacingBetweenSlices": 2.0, "SpecificCharacterSet": "ISO_IR 100", "StudyID": "1", "StudyTime": "090613.379000", "TransmitCoilName": "Body", "VariableFlipAngleFlag": "N", "WindowCenterWidthExplanation": "Algo1", "dBdt": 0.0}, "slices": {"AcquisitionTime": ["095459.802500", "095459.442500", "095459.812500", "095459.452500", "095459.822500", "095459.462500", "095459.832500", "095459.472500", "095459.842500", "095459.482500", "095459.852500", "095459.492500", "095459.862500", "095459.502500", "095459.872500", "095459.512500", "095459.882500", "095459.522500", "095459.892500", "095459.532500", "095459.902500", "095459.542500", "095459.912500", "095459.552500", "095459.922500", "095459.562500", "095459.932500", "095459.572500", "095459.942500", "095459.582500", "095459.952500", "095459.592500", "095459.962500", "095459.602500", "095459.972500", "095459.612500", "095459.982500", "095459.622500", "095459.992500", "095459.632500", "095500.002500", "095459.642500", "095500.012500", "095459.652500", "095500.022500", "095459.662500", "095500.032500", "095459.672500", "095500.042500", "095459.682500", "095500.052500", "095459.692500", "095500.062500", "095459.702500", "095500.072500", "095459.712500", "095500.082500", "095459.722500", "095500.092500", "095459.732500", "095500.102500", "095459.742500", "095500.112500", "095459.752500", "095500.122500", "095459.762500", "095500.132500", "095459.772500", "095500.142500", "095459.782500", "095500.152500", "095459.792500"], "ContentTime": ["095724.587000", "095724.521000", "095724.589000", "095724.523000", "095724.591000", "095724.525000", "095724.593000", "095724.527000", "095724.595000", "095724.528000", "095724.597000", "095724.530000", "095724.599000", "095724.532000", "095724.600000", "095724.534000", "095724.602000", "095724.536000", "095724.604000", "095724.538000", "095724.606000", "095724.539000", "095724.608000", "095724.541000", "095724.610000", "095724.543000", "095724.612000", "095724.545000", "095724.614000", "095724.547000", "095724.615000", "095724.549000", "095724.617000", "095724.550000", "095724.619000", "095724.552000", "095724.621000", "095724.554000", "095724.623000", "095724.556000", "095724.625000", "095724.558000", "095724.626000", "095724.560000", "095724.628000", "095724.562000", "095724.630000", "095724.563000", "095724.632000", "095724.565000", "095724.634000", "095724.567000", "095724.636000", "095724.569000", "095724.638000", "095724.571000", "095724.639000", "095724.573000", "095724.641000", "095724.575000", "095724.643000", "095724.576000", "095724.645000", "095724.578000", "095724.647000", "095724.580000", "095724.649000", "095724.582000", "095724.651000", "095724.584000", "095724.652000", "095724.586000"], "CsaImage.GSWDDataType": ["measured", "predicted", "measured", "predicted", "measured", "predicted", "measured", "predicted", "measured", "predicted", "measured", "predicted", "measured", "predicted", "measured", "predicted", "measured", "predicted", "measured", "predicted", "measured", "predicted", "measured", "predicted", "measured", "predicted", "measured", "predicted", "measured", "predicted", "measured", "predicted", "measured", "predicted", "measured", "predicted", "measured", "predicted", "measured", "predicted", "measured", "predicted", "measured", "predicted", "measured", "predicted", "measured", "predicted", "measured", "predicted", "measured", "predicted", "measured", "predicted", "measured", "predicted", "measured", "predicted", "measured", "predicted", "measured", "predicted", "measured", "predicted", "measured", "predicted", "measured", "measured", "measured", "measured", "measured", "measured"], "CsaImage.ICE_Dims": ["X_2_1_1_1_1_1_37_1_1_1_1_42", "X_2_1_1_1_1_1_1_1_1_2_1_42", "X_2_1_1_1_1_1_38_1_1_3_1_42", "X_2_1_1_1_1_1_2_1_1_4_1_42", "X_2_1_1_1_1_1_39_1_1_5_1_42", "X_2_1_1_1_1_1_3_1_1_6_1_42", "X_2_1_1_1_1_1_40_1_1_7_1_42", "X_2_1_1_1_1_1_4_1_1_8_1_42", "X_2_1_1_1_1_1_41_1_1_9_1_42", "X_2_1_1_1_1_1_5_1_1_10_1_42", "X_2_1_1_1_1_1_42_1_1_11_1_42", "X_2_1_1_1_1_1_6_1_1_12_1_42", "X_2_1_1_1_1_1_43_1_1_13_1_42", "X_2_1_1_1_1_1_7_1_1_14_1_42", "X_2_1_1_1_1_1_44_1_1_15_1_42", "X_2_1_1_1_1_1_8_1_1_16_1_42", "X_2_1_1_1_1_1_45_1_1_17_1_42", "X_2_1_1_1_1_1_9_1_1_18_1_42", "X_2_1_1_1_1_1_46_1_1_19_1_42", "X_2_1_1_1_1_1_10_1_1_20_1_42", "X_2_1_1_1_1_1_47_1_1_21_1_42", "X_2_1_1_1_1_1_11_1_1_22_1_42", "X_2_1_1_1_1_1_48_1_1_23_1_42", "X_2_1_1_1_1_1_12_1_1_24_1_42", "X_2_1_1_1_1_1_49_1_1_25_1_42", "X_2_1_1_1_1_1_13_1_1_26_1_42", "X_2_1_1_1_1_1_50_1_1_27_1_42", "X_2_1_1_1_1_1_14_1_1_28_1_42", "X_2_1_1_1_1_1_51_1_1_29_1_42", "X_2_1_1_1_1_1_15_1_1_30_1_42", "X_2_1_1_1_1_1_52_1_1_31_1_42", "X_2_1_1_1_1_1_16_1_1_32_1_42", "X_2_1_1_1_1_1_53_1_1_33_1_42", "X_2_1_1_1_1_1_17_1_1_34_1_42", "X_2_1_1_1_1_1_54_1_1_35_1_42", "X_2_1_1_1_1_1_18_1_1_36_1_42", "X_2_1_1_1_1_1_55_1_1_37_1_42", "X_2_1_1_1_1_1_19_1_1_38_1_42", "X_2_1_1_1_1_1_56_1_1_39_1_42", "X_2_1_1_1_1_1_20_1_1_40_1_42", "X_2_1_1_1_1_1_57_1_1_41_1_42", "X_2_1_1_1_1_1_21_1_1_42_1_42", "X_2_1_1_1_1_1_58_1_1_43_1_42", "X_2_1_1_1_1_1_22_1_1_44_1_42", "X_2_1_1_1_1_1_59_1_1_45_1_42", "X_2_1_1_1_1_1_23_1_1_46_1_42", "X_2_1_1_1_1_1_60_1_1_47_1_42", "X_2_1_1_1_1_1_24_1_1_48_1_42", "X_2_1_1_1_1_1_61_1_1_49_1_42", "X_2_1_1_1_1_1_25_1_1_50_1_42", "X_2_1_1_1_1_1_62_1_1_51_1_42", "X_2_1_1_1_1_1_26_1_1_52_1_42", "X_2_1_1_1_1_1_63_1_1_53_1_42", "X_2_1_1_1_1_1_27_1_1_54_1_42", "X_2_1_1_1_1_1_64_1_1_55_1_42", "X_2_1_1_1_1_1_28_1_1_56_1_42", "X_2_1_1_1_1_1_65_1_1_57_1_42", "X_2_1_1_1_1_1_29_1_1_58_1_42", "X_2_1_1_1_1_1_66_1_1_59_1_42", "X_2_1_1_1_1_1_30_1_1_60_1_42", "X_2_1_1_1_1_1_67_1_1_61_1_42", "X_2_1_1_1_1_1_31_1_1_62_1_42", "X_2_1_1_1_1_1_68_1_1_63_1_42", "X_2_1_1_1_1_1_32_1_1_64_1_42", "X_2_1_1_1_1_1_69_1_1_65_1_42", "X_2_1_1_1_1_1_33_1_1_66_1_42", "X_2_1_1_1_1_1_70_1_1_67_1_42", "X_2_1_1_1_1_1_34_1_1_68_1_42", "X_2_1_1_1_1_1_71_1_1_69_1_42", "X_2_1_1_1_1_1_35_1_1_70_1_42", "X_2_1_1_1_1_1_72_1_1_71_1_42", "X_2_1_1_1_1_1_36_1_1_72_1_42"], "CsaImage.ProtocolSliceNumber": [0, 1, 2, 3, 4, 5, 6, 7, 8, 9, 10, 11, 12, 13, 14, 15, 16, 17, 18, 19, 20, 21, 22, 23, 24, 25, 26, 27, 28, 29, 30, 31, 32, 33, 34, 35, 36, 37, 38, 39, 40, 41, 42, 43, 44, 45, 46, 47, 48, 49, 50, 51, 52, 53, 54, 55, 56, 57, 58, 59, 60, 61, 62, 63, 64, 65, 66, 67, 68, 69, 70, 71], "CsaImage.RFSWDDataType": ["measured", "predicted", "measured", "predicted", "measured", "predicted", "measured", "predicted", "measured", "predicted", "measured", "predicted", "measured", "predicted", "measured", "predicted", "measured", "predicted", "measured", "predicted", "measured", "predicted", "measured", "predicted", "measured", "predicted", "measured", "predicted", "measured", "predicted", "measured", "predicted", "measured", "predicted", "measured", "predicted", "measured", "predicted", "measured", "predicted", "measured", "predicted", "measured", "predicted", "measured", "predicted", "measured", "predicted", "measured", "predicted", "measured", "predicted", "measured", "predicted", "measured", "predicted", "measured", "predicted", "measured", "predicted", "measured", "predicted", "measured", "measured", "measured", "measured", "measured", "measured", "measured", "measured", "measured", "measured"], "CsaImage.SlicePosition_PCS": [[-100.0, -110.36667155, -65.83890085], [-100.0, -110.04346465, -63.86519174], [-100.0, -109.7202568, -61.89148263], [-100.0, -109.39704894, -59.9177659], [-100.0, -109.07384108, -57.94405679], [-100.0, -108.75063323, -55.97034769], [-100.0, -108.42742633, -53.99663858], [-100.0, -108.10421847, -52.02292184], [-100.0, -107.78101062, -50.04921274], [-100.0, -107.45780276, -48.07550363], [-100.0, -107.13459586, -46.10179071], [-100.0, -106.81138801, -44.12807779], [-100.0, -106.48818015, -42.15436868], [-100.0, -106.1649723, -40.18065576], [-100.0, -105.84176492, -38.20694284], [-100.0, -105.51855706, -36.23323373], [-100.0, -105.19534968, -34.25952081], [-100.0, -104.87214183, -32.28580789], [-100.0, -104.54893445, -30.31209878], [-100.0, -104.22572659, -28.33838586], [-100.0, -103.90251922, -26.36467676], [-100.0, -103.57931136, -24.39096384], [-100.0, -103.25610398, -22.41725091], [-100.0, -102.93289613, -20.44354181], [-100.0, -102.60968851, -18.46982889], [-100.0, -102.28648089, -16.49611978], [-100.0, -101.96327328, -14.52240686], [-100.0, -101.64006542, -12.54869585], [-100.0, -101.3168578, -10.57498292], [-100.0, -100.99365019, -8.60127191], [-100.0, -100.67044257, -6.6275609], [-100.0, -100.34723495, -4.65384988], [-100.0, -100.02402734, -2.68013887], [-100.0, -99.70081972, -0.70642595], [-100.0, -99.37761204, 1.26728507], [-100.0, -99.0544044, 3.24099608], [-100.0, -98.73119675, 5.21470805], [-100.0, -98.4079891, 7.18841906], [-100.0, -98.08478146, 9.16213055], [-100.0, -97.76157384, 11.13584204], [-100.0, -97.43836616, 13.10955329], [-100.0, -97.11515855, 15.08326478], [-100.0, -96.79195093, 17.05697616], [-100.0, -96.46874331, 19.03068753], [-100.0, -96.1455357, 21.00439902], [-100.0, -95.82232808, 22.97811051], [-100.0, -95.49912023, 24.951822], [-100.0, -95.17591261, 26.92553301], [-100.0, -94.85270499, 28.89924498], [-100.0, -94.52949761, 30.87295599], [-100.0, -94.20628976, 32.84666701], [-100.0, -93.8830819, 34.82037993], [-100.0, -93.55987452, 36.79409094], [-100.0, -93.23666667, 38.76780196], [-100.0, -92.91345929, 40.74151297], [-100.0, -92.59025144, 42.71522398], [-100.0, -92.26704406, 44.68893691], [-100.0, -91.9438362, 46.66264792], [-100.0, -91.62062882, 48.63636084], [-100.0, -91.29742097, 50.61006995], [-100.0, -90.97421311, 52.58378287], [-100.0, -90.65100573, 54.55749197], [-100.0, -90.32779788, 56.5312049], [-100.0, -90.00459002, 58.50491782], [-100.0, -89.68138312, 60.47862692], [-100.0, -89.35817527, 62.45233984], [-100.0, -89.03496741, 64.42604895], [-100.0, -88.71175956, 66.39976187], [-100.0, -88.38855266, 68.37347479], [-100.0, -88.0653448, 70.3471839], [-100.0, -87.74213695, 72.32089682], [-100.0, -87.41892909, 74.29460593]], "CsaImage.TimeAfterStart": [1.0825, 0.7225, 1.0925, 0.7325, 1.1025, 0.7425, 1.1125, 0.7525, 1.1225, 0.7625, 1.1325, 0.7725, 1.1425, 0.7825, 1.1525, 0.7925, 1.1625, 0.8025, 1.1725, 0.8125, 1.1825, 0.8225, 1.1925, 0.8325, 1.2025, 0.8425, 1.2125, 0.8525, 1.2225, 0.8625, 1.2325, 0.8725, 1.2425, 0.8825, 1.2525, 0.8925, 1.2625, 0.9025, 1.2725, 0.9125, 1.2825, 0.9225, 1.2925, 0.9325, 1.3025, 0.9425, 1.3125, 0.9525, 1.3225, 0.9625, 1.3325, 0.9725, 1.3425, 0.9825, 1.3525, 0.9925, 1.3625, 1.0025, 1.3725, 1.0125, 1.3825, 1.0225, 1.3925, 1.0325, 1.4025, 1.0425, 1.4125, 1.0525, 1.4225, 1.0625, 1.4325, 1.0725], "ImagePositionPatient": [[-100.0, -110.36667155215, -65.838900847523], [-100.0, -110.0434646506, -63.865191741078], [-100.0, -109.72025679537, -61.891482634632], [-100.0, -109.39704894015, -59.917765898793], [-100.0, -109.07384108492, -57.944056792347], [-100.0, -108.7506332297, -55.970347685902], [-100.0, -108.42742632815, -53.996638579457], [-100.0, -108.10421847292, -52.022921843617], [-100.0, -107.7810106177, -50.049212737172], [-100.0, -107.45780276248, -48.075503630726], [-100.0, -107.13459586093, -46.101790709584], [-100.0, -106.8113880057, -44.128077788441], [-100.0, -106.48818015048, -42.154368681996], [-100.0, -106.16497229525, -40.180655760853], [-100.0, -105.84176491686, -38.206942839711], [-100.0, -105.51855706164, -36.233233733265], [-100.0, -105.19534968325, -34.259520812123], [-100.0, -104.87214182803, -32.28580789098], [-100.0, -104.54893444964, -30.312098784535], [-100.0, -104.22572659442, -28.338385863392], [-100.0, -103.90251921603, -26.364676756947], [-100.0, -103.5793113608, -24.390963835804], [-100.0, -103.25610398242, -22.417250914662], [-100.0, -102.93289612719, -20.443541808216], [-100.0, -102.60968851039, -18.469828887074], [-100.0, -102.28648089358, -16.496119780629], [-100.0, -101.96327327677, -14.522406859486], [-100.0, -101.64006542155, -12.548695845692], [-100.0, -101.31685780474, -10.574982924549], [-100.0, -100.99365018794, -8.6012719107555], [-100.0, -100.67044257113, -6.6275608969615], [-100.0, -100.34723495432, -4.6538498831676], [-100.0, -100.02402733752, -2.6801388693736], [-100.0, -99.700819720712, -0.7064259482311], [-100.0, -99.377612044302, 1.2672850655629], [-100.0, -99.054404397693, 3.2409960793568], [-100.0, -98.73119675481, 5.2147080468251], [-100.0, -98.407989104477, 7.188419060619], [-100.0, -98.084781457868, 9.1621305512501], [-100.0, -97.761573841062, 11.135842041881], [-100.0, -97.438366164652, 13.109553294094], [-100.0, -97.115158547846, 15.083264784725], [-100.0, -96.79195093104, 17.056976156147], [-100.0, -96.468743314234, 19.030687527568], [-100.0, -96.145535697428, 21.0043990182], [-100.0, -95.822328080622, 22.978110508831], [-100.0, -95.499120225397, 24.951821999462], [-100.0, -95.175912608591, 26.925533013256], [-100.0, -94.852704991785, 28.899244980724], [-100.0, -94.529497613397, 30.872955994518], [-100.0, -94.206289758173, 32.846667008312], [-100.0, -93.883081902948, 34.820379929454], [-100.0, -93.559874524561, 36.794090943248], [-100.0, -93.236666669336, 38.767801957042], [-100.0, -92.913459290949, 40.741512970836], [-100.0, -92.590251435724, 42.71522398463], [-100.0, -92.267044057337, 44.688936905773], [-100.0, -91.943836202112, 46.662647919567], [-100.0, -91.620628823725, 48.636360840709], [-100.0, -91.2974209685, 50.610069947155], [-100.0, -90.974213113275, 52.583782868297], [-100.0, -90.651005734888, 54.557491974743], [-100.0, -90.327797879663, 56.531204895885], [-100.0, -90.004590024439, 58.504917817028], [-100.0, -89.681383122888, 60.478626923473], [-100.0, -89.358175267664, 62.452339844616], [-100.0, -89.034967412439, 64.426048951061], [-100.0, -88.711759557215, 66.399761872203], [-100.0, -88.388552655664, 68.373474793346], [-100.0, -88.06534480044, 70.347183899791], [-100.0, -87.742136945215, 72.320896820934], [-100.0, -87.41892908999, 74.294605927379]], "InstanceCreationTime": ["095724.587000", "095724.521000", "095724.589000", "095724.523000", "095724.591000", "095724.525000", "095724.593000", "095724.527000", "095724.595000", "095724.528000", "095724.597000", "095724.530000", "095724.599000", "095724.532000", "095724.600000", "095724.534000", "095724.602000", "095724.536000", "095724.604000", "095724.538000", "095724.606000", "095724.539000", "095724.608000", "095724.541000", "095724.610000", "095724.543000", "095724.612000", "095724.545000", "095724.614000", "095724.547000", "095724.615000", "095724.549000", "095724.617000", "095724.550000", "095724.619000", "095724.552000", "095724.621000", "095724.554000", "095724.623000", "095724.556000", "095724.625000", "095724.558000", "095724.626000", "095724.560000", "095724.628000", "095724.562000", "095724.630000", "095724.563000", "095724.632000", "095724.565000", "095724.634000", "095724.567000", "095724.636000", "095724.569000", "095724.638000", "095724.571000", "095724.639000", "095724.573000", "095724.641000", "095724.575000", "095724.643000", "095724.576000", "095724.645000", "095724.578000", "095724.647000", "095724.580000", "095724.649000", "095724.582000", "095724.651000", "095724.584000", "095724.652000", "095724.586000"], "InstanceNumber": [1, 2, 3, 4, 5, 6, 7, 8, 9, 10, 11, 12, 13, 14, 15, 16, 17, 18, 19, 20, 21, 22, 23, 24, 25, 26, 27, 28, 29, 30, 31, 32, 33, 34, 35, 36, 37, 38, 39, 40, 41, 42, 43, 44, 45, 46, 47, 48, 49, 50, 51, 52, 53, 54, 55, 56, 57, 58, 59, 60, 61, 62, 63, 64, 65, 66, 67, 68, 69, 70, 71, 72], "LargestImagePixelValue": [4094, 4095, 4095, 4094, 4094, 4093, 4094, 4094, 4091, 4095, 4095, 4094, 4093, 4093, 4091, 4094, 4092, 4094, 4095, 4093, 4091, 4093, 4094, 4092, 4095, 4092, 4091, 4094, 4093, 4089, 4094, 4095, 4093, 4093, 4092, 4093, 4095, 4091, 4092, 4088, 4094, 4090, 4093, 4095, 4091, 4090, 4093, 4090, 4092, 4090, 4094, 4095, 4087, 4094, 4094, 4092, 4094, 4094, 4095, 4094, 4095, 4094, 4095, 4094, 4094, 4094, 4092, 4095, 4095, 4094, 4093, 4094], "SliceLocation": [-82.809171388163, -80.809173803645, -78.809176065011, -76.809170797265, -74.80917305863, -72.809175319995, -70.809177735478, -68.809172467732, -66.809174729097, -64.809176990462, -62.809175641389, -60.809174138199, -58.809176399564, -56.809174896374, -54.809173470242, -52.809175731607, -50.809174305476, -48.809172802285, -46.809175140709, -44.809173637519, -42.809175975943, -40.809174472752, -38.809173046621, -36.809175307986, -34.809173843325, -32.80917614322, -30.809174678559, -28.809175057646, -26.809173592985, -24.809174010602, -22.809174428219, -20.809174845835, -18.809175263452, -16.809173798791, -14.809174206776, -12.809174619576, -10.80917409184, -8.8091745040385, -6.8091744462697, -4.809174393317, -2.8091745660167, -0.8091745130641, 1.1908254222462, 3.1908253575565, 5.1908254105092, 7.1908254634619, 9.1908255549439, 11.190825137327, 13.190825660849, 15.190825204703, 17.190824825616, 19.190826328806, 21.19082587266, 23.190825493572, 25.190825037426, 27.190824658339, 29.190826084471, 31.190825705383, 33.190827131515, 35.19082487015, 37.19082637334, 39.190824034916, 41.190825538106, 43.190827041297, 45.190824625814, 47.190826129005, 49.190823867639, 51.19082537083, 53.190826719903, 55.190824458537, 57.190825961728, 59.190823700362], "SmallestImagePixelValue": [0, 0, 0, 0, 1, 0, 1, 0, 0, 1, 0, 1, 7, 0, 0, 1, 1, 0, 0, 6, 0, 0, 0, 1, 2, 2, 1, 3, 5, 1, 0, 0, 4, 0, 2, 0, 2, 0, 0, 2, 2, 0, 5, 0, 0, 0, 5, 0, 1, 0, 0, 4, 0, 0, 6, 0, 0, 0, 3, 0, 0, 0, 0, 0, 0, 0, 0, 0, 0, 2, 0, 0], "WindowCenter": [-320.0, -298.0, -306.0, -280.0, -244.0, -256.0, -272.0, -280.0, -264.0, -282.0, -242.0, -252.0, -206.0, -230.0, -216.0, -212.0, -238.0, -270.0, -294.0, -302.0, -230.0, -236.0, -232.0, -220.0, -204.0, -172.0, -130.0, -138.0, -200.0, -204.0, -172.0, -146.0, -144.0, -144.0, -108.0, -100.0, -114.0, -244.0, -242.0, -236.0, -150.0, -262.0, -258.0, -248.0, -254.0, -242.0, -224.0, -228.0, -242.0, -244.0, -264.0, -272.0, -286.0, -284.0, -294.0, -280.0, -264.0, -268.0, -278.0, -254.0, -270.0, -284.0, -198.0, -220.0, -228.0, -242.0, -272.0, -274.0, -288.0, -324.0, -344.0, -300.0], "WindowWidth": [5922.0, 6172.0, 6110.0, 6118.0, 6136.0, 6216.0, 6242.0, 6246.0, 6142.0, 6108.0, 6090.0, 6014.0, 6026.0, 6018.0, 6058.0, 6040.0, 6022.0, 6024.0, 5938.0, 5892.0, 5872.0, 5782.0, 5734.0, 5676.0, 5626.0, 5624.0, 5684.0, 5660.0, 5678.0, 5648.0, 5614.0, 5548.0, 5398.0, 5358.0, 5356.0, 5376.0, 5278.0, 4604.0, 4588.0, 4576.0, 4932.0, 4578.0, 4584.0, 4564.0, 4572.0, 4562.0, 4540.0, 4546.0, 4558.0, 4562.0, 4570.0, 4588.0, 4612.0, 4628.0, 4644.0, 4644.0, 4666.0, 4692.0, 4718.0, 4728.0, 4774.0, 4804.0, 5594.0, 5758.0, 5958.0, 6074.0, 6152.0, 6250.0, 6302.0, 6334.0, 6370.0, 6418.0]}}, "IntendedFor": ["ses-imagenet05/func/sub-09_ses-imagenet05_task-imagenet_run-01_bold.nii.gz", "ses-imagenet05/func/sub-09_ses-imagenet05_task-imagenet_run-02_bold.nii.gz"]}