{"AcquisitionMatrixPE": 100, "AcquisitionNumber": 1, "AcquisitionTime": "13:57:20.505000", "BaseResolution": 100, "BodyPartExamined": "BRAIN", "ConsistencyInfo": "N4_VE11C_LATEST_20160120", "ConversionSoftware": "dcm2niix", "ConversionSoftwareVersion": "v1.0.20180622 GCC4.9.2", "DeviceSerialNumber": "166078", "DwellTime": 8.8e-06, "EchoNumber": 2, "EchoTime": 0.00738, "EchoTime1": 0.00492, "EchoTime2": 0.00738, "FlipAngle": 60, "ImageOrientationPatientDICOM": [0.999794, -0.00593044, -0.0193959, 2.6891e-10, 0.956297, -0.292395], "ImageType": ["ORIGINAL", "PRIMARY", "P", "ND"], "InPlanePhaseEncodingDirectionDICOM": "ROW", "InstitutionAddress": "Street_StreetNo_Bei_Jing_District_CN_ZIP", "InstitutionName": "BeiJing_Normal_University", "InstitutionalDepartmentName": "Department", "MRAcquisitionType": "2D", "MagneticFieldStrength": 3, "Manufacturer": "Siemens", "ManufacturersModelName": "Prisma", "Modality": "MR", "PartialFourier": 1, "PatientPosition": "HFS", "PercentPhaseFOV": 100, "PhaseEncodingDirection": "i", "PhaseEncodingSteps": 100, "PhaseResolution": 1, "PixelBandwidth": 570, "ProcedureStepDescription": "BNU_P2018_64CH_Zhen.ZongLei", "ProtocolName": "field_mapping_2x2x2", "PulseSequenceDetails": "%SiemensSeq%_gre_field_mapping", "ReceiveCoilActiveElements": "HC1-7;NC1", "ReceiveCoilName": "HeadNeck_64", "ReconMatrixPE": 100, "RepetitionTime": 0.72, "SAR": 0.140315, "ScanningSequence": "GR", "SequenceName": "_fm2d2r", "SequenceVariant": "SP", "SeriesDescription": "field_mapping_2x2x2", "SeriesNumber": 9, "ShimSetting": [-5468, -11479, -1287, 439, -31, -204, -175, 81], "SliceThickness": 2, "SoftwareVersions": "syngo_MR_E11", "SpacingBetweenSlices": 2, "StationName": "AWP166078", "TxRefAmp": 234.941, "dcmmeta_affine": [[-1.9995886087417603, 5.378200107486464e-10, -0.040564507246017456, 102.9927978515625], [0.011860878206789494, 1.9125949144363403, -0.5846710205078125, -74.04570007324219], [-0.038791730999946594, 0.5847909450531006, 1.912200927734375, -104.4664077758789], [0.0, 0.0, 0.0, 1.0]], "dcmmeta_reorient_transform": [[0.0, -1.0, 0.0, 99.0], [1.0, 0.0, 0.0, 0.0], [0.0, 0.0, -1.0, 71.0], [0.0, 0.0, 0.0, 1.0]], "dcmmeta_shape": [100, 100, 72], "dcmmeta_slice_dim": 2, "dcmmeta_version": 0.6, "global": {"const": {"AcquisitionMatrix": [0, 100, 100, 0], "AcquisitionNumber": 1, "AngioFlag": "N", "BitsAllocated": 16, "BitsStored": 12, "BodyPartExamined": "BRAIN", "Columns": 100, "EchoNumbers": 2, "EchoTime": 7.38, "EchoTrainLength": 0, "FlipAngle": 60.0, "HighBit": 11, "ImageOrientationPatient": [0.99979429398858, -0.0059304389089, -0.0193958655961, 2.6891e-10, 0.95629748501427, -0.292395485867], "ImageType": ["ORIGINAL", "PRIMARY", "P", "ND"], "ImagedNucleus": "1H", "ImagingFrequency": 123.257776, "InPlanePhaseEncodingDirection": "ROW", "MRAcquisitionType": "2D", "MagneticFieldStrength": 3.0, "Manufacturer": "SIEMENS", "ManufacturerModelName": "Prisma", "Modality": "MR", "NumberOfAverages": 1.0, "NumberOfPhaseEncodingSteps": 100, "PercentPhaseFieldOfView": 100.0, "PercentSampling": 100.0, "PerformedProcedureStepStartTime": "125824.699000", "PhotometricInterpretation": "MONOCHROME2", "PixelBandwidth": 570.0, "PixelRepresentation": 0, "PixelSpacing": [2.0, 2.0], "ProtocolName": "field_mapping_2x2x2", "RepetitionTime": 720.0, "RescaleIntercept": -4096.0, "RescaleSlope": 2.0, "RescaleType": "US", "Rows": 100, "SAR": 0.14031488422053, "SamplesPerPixel": 1, "ScanningSequence": "GR", "SequenceName": "*fm2d2r", "SequenceVariant": "SP", "SeriesDescription": "field_mapping_2x2x2", "SeriesNumber": 9, "SeriesTime": "135945.373000", "SliceThickness": 2.0, "SoftwareVersions": "syngo MR E11", "SpacingBetweenSlices": 2.0, "SpecificCharacterSet": "ISO_IR 100", "StudyID": "1", "StudyTime": "125824.589000", "TransmitCoilName": "Body", "VariableFlipAngleFlag": "N", "WindowCenterWidthExplanation": "Algo1", "dBdt": 0.0}, "slices": {"AcquisitionTime": ["135720.505000", "135720.145000", "135720.515000", "135720.155000", "135720.525000", "135720.165000", "135720.535000", "135720.175000", "135720.545000", "135720.185000", "135720.555000", "135720.195000", "135720.565000", "135720.205000", "135720.575000", "135720.215000", "135720.585000", "135720.225000", "135720.595000", "135720.235000", "135720.605000", "135720.245000", "135720.615000", "135720.255000", "135720.625000", "135720.265000", "135720.635000", "135720.275000", "135720.645000", "135720.285000", "135720.655000", "135720.295000", "135720.665000", "135720.305000", "135720.675000", "135720.315000", "135720.685000", "135720.325000", "135720.695000", "135720.335000", "135720.705000", "135720.345000", "135720.715000", "135720.355000", "135720.725000", "135720.365000", "135720.735000", "135720.375000", "135720.745000", "135720.385000", "135720.755000", "135720.395000", "135720.765000", "135720.405000", "135720.775000", "135720.415000", "135720.785000", "135720.425000", "135720.795000", "135720.435000", "135720.805000", "135720.445000", "135720.815000", "135720.455000", "135720.825000", "135720.465000", "135720.835000", "135720.475000", "135720.845000", "135720.485000", "135720.855000", "135720.495000"], "ContentTime": ["135945.464000", "135945.382000", "135945.466000", "135945.384000", "135945.469000", "135945.386000", "135945.472000", "135945.388000", "135945.475000", "135945.390000", "135945.477000", "135945.392000", "135945.479000", "135945.395000", "135945.481000", "135945.397000", "135945.483000", "135945.398000", "135945.486000", "135945.401000", "135945.488000", "135945.403000", "135945.490000", "135945.405000", "135945.497000", "135945.407000", "135945.500000", "135945.409000", "135945.502000", "135945.411000", "135945.504000", "135945.413000", "135945.506000", "135945.415000", "135945.508000", "135945.419000", "135945.510000", "135945.421000", "135945.512000", "135945.424000", "135945.514000", "135945.426000", "135945.526000", "135945.429000", "135945.528000", "135945.431000", "135945.530000", "135945.433000", "135945.532000", "135945.435000", "135945.534000", "135945.438000", "135945.536000", "135945.441000", "135945.538000", "135945.444000", "135945.540000", "135945.446000", "135945.542000", "135945.448000", "135945.544000", "135945.450000", "135945.546000", "135945.454000", "135945.548000", "135945.456000", "135945.550000", "135945.458000", "135945.552000", "135945.460000", "135945.554000", "135945.462000"], "CsaImage.GSWDDataType": ["measured", "predicted", "measured", "predicted", "measured", "predicted", "measured", "predicted", "measured", "predicted", "measured", "predicted", "measured", "predicted", "measured", "predicted", "measured", "predicted", "measured", "predicted", "measured", "predicted", "measured", "predicted", "measured", "predicted", "measured", "predicted", "measured", "predicted", "measured", "predicted", "measured", "predicted", "measured", "predicted", "measured", "predicted", "measured", "predicted", "measured", "predicted", "measured", "predicted", "measured", "predicted", "measured", "predicted", "measured", "predicted", "measured", "predicted", "measured", "predicted", "measured", "predicted", "measured", "measured", "measured", "measured", "measured", "measured", "measured", "measured", "measured", "measured", "measured", "measured", "measured", "measured", "measured", "measured"], "CsaImage.ICE_Dims": ["X_2_1_1_1_1_1_37_1_1_1_1_118", "X_2_1_1_1_1_1_1_1_1_2_1_118", "X_2_1_1_1_1_1_38_1_1_3_1_118", "X_2_1_1_1_1_1_2_1_1_4_1_118", "X_2_1_1_1_1_1_39_1_1_5_1_118", "X_2_1_1_1_1_1_3_1_1_6_1_118", "X_2_1_1_1_1_1_40_1_1_7_1_118", "X_2_1_1_1_1_1_4_1_1_8_1_118", "X_2_1_1_1_1_1_41_1_1_9_1_118", "X_2_1_1_1_1_1_5_1_1_10_1_118", "X_2_1_1_1_1_1_42_1_1_11_1_118", "X_2_1_1_1_1_1_6_1_1_12_1_118", "X_2_1_1_1_1_1_43_1_1_13_1_118", "X_2_1_1_1_1_1_7_1_1_14_1_118", "X_2_1_1_1_1_1_44_1_1_15_1_118", "X_2_1_1_1_1_1_8_1_1_16_1_118", "X_2_1_1_1_1_1_45_1_1_17_1_118", "X_2_1_1_1_1_1_9_1_1_18_1_118", "X_2_1_1_1_1_1_46_1_1_19_1_118", "X_2_1_1_1_1_1_10_1_1_20_1_118", "X_2_1_1_1_1_1_47_1_1_21_1_118", "X_2_1_1_1_1_1_11_1_1_22_1_118", "X_2_1_1_1_1_1_48_1_1_23_1_118", "X_2_1_1_1_1_1_12_1_1_24_1_118", "X_2_1_1_1_1_1_49_1_1_25_1_118", "X_2_1_1_1_1_1_13_1_1_26_1_118", "X_2_1_1_1_1_1_50_1_1_27_1_118", "X_2_1_1_1_1_1_14_1_1_28_1_118", "X_2_1_1_1_1_1_51_1_1_29_1_118", "X_2_1_1_1_1_1_15_1_1_30_1_118", "X_2_1_1_1_1_1_52_1_1_31_1_118", "X_2_1_1_1_1_1_16_1_1_32_1_118", "X_2_1_1_1_1_1_53_1_1_33_1_118", "X_2_1_1_1_1_1_17_1_1_34_1_118", "X_2_1_1_1_1_1_54_1_1_35_1_118", "X_2_1_1_1_1_1_18_1_1_36_1_118", "X_2_1_1_1_1_1_55_1_1_37_1_118", "X_2_1_1_1_1_1_19_1_1_38_1_118", "X_2_1_1_1_1_1_56_1_1_39_1_118", "X_2_1_1_1_1_1_20_1_1_40_1_118", "X_2_1_1_1_1_1_57_1_1_41_1_118", "X_2_1_1_1_1_1_21_1_1_42_1_118", "X_2_1_1_1_1_1_58_1_1_43_1_118", "X_2_1_1_1_1_1_22_1_1_44_1_118", "X_2_1_1_1_1_1_59_1_1_45_1_118", "X_2_1_1_1_1_1_23_1_1_46_1_118", "X_2_1_1_1_1_1_60_1_1_47_1_118", "X_2_1_1_1_1_1_24_1_1_48_1_118", "X_2_1_1_1_1_1_61_1_1_49_1_118", "X_2_1_1_1_1_1_25_1_1_50_1_118", "X_2_1_1_1_1_1_62_1_1_51_1_118", "X_2_1_1_1_1_1_26_1_1_52_1_118", "X_2_1_1_1_1_1_63_1_1_53_1_118", "X_2_1_1_1_1_1_27_1_1_54_1_118", "X_2_1_1_1_1_1_64_1_1_55_1_118", "X_2_1_1_1_1_1_28_1_1_56_1_118", "X_2_1_1_1_1_1_65_1_1_57_1_118", "X_2_1_1_1_1_1_29_1_1_58_1_118", "X_2_1_1_1_1_1_66_1_1_59_1_118", "X_2_1_1_1_1_1_30_1_1_60_1_118", "X_2_1_1_1_1_1_67_1_1_61_1_118", "X_2_1_1_1_1_1_31_1_1_62_1_118", "X_2_1_1_1_1_1_68_1_1_63_1_118", "X_2_1_1_1_1_1_32_1_1_64_1_118", "X_2_1_1_1_1_1_69_1_1_65_1_118", "X_2_1_1_1_1_1_33_1_1_66_1_118", "X_2_1_1_1_1_1_70_1_1_67_1_118", "X_2_1_1_1_1_1_34_1_1_68_1_118", "X_2_1_1_1_1_1_71_1_1_69_1_118", "X_2_1_1_1_1_1_35_1_1_70_1_118", "X_2_1_1_1_1_1_72_1_1_71_1_118", "X_2_1_1_1_1_1_36_1_1_72_1_118"], "CsaImage.ProtocolSliceNumber": [0, 1, 2, 3, 4, 5, 6, 7, 8, 9, 10, 11, 12, 13, 14, 15, 16, 17, 18, 19, 20, 21, 22, 23, 24, 25, 26, 27, 28, 29, 30, 31, 32, 33, 34, 35, 36, 37, 38, 39, 40, 41, 42, 43, 44, 45, 46, 47, 48, 49, 50, 51, 52, 53, 54, 55, 56, 57, 58, 59, 60, 61, 62, 63, 64, 65, 66, 67, 68, 69, 70, 71], "CsaImage.RFSWDDataType": ["measured", "predicted", "measured", "predicted", "measured", "predicted", "measured", "predicted", "measured", "predicted", "measured", "predicted", "measured", "predicted", "measured", "predicted", "measured", "predicted", "measured", "predicted", "measured", "predicted", "measured", "predicted", "measured", "predicted", "measured", "predicted", "measured", "predicted", "measured", "predicted", "measured", "predicted", "measured", "predicted", "measured", "predicted", "measured", "predicted", "measured", "predicted", "measured", "predicted", "measured", "predicted", "measured", "predicted", "measured", "predicted", "measured", "predicted", "measured", "measured", "measured", "measured", "measured", "measured", "measured", "measured", "measured", "measured", "measured", "measured", "measured", "measured", "measured", "measured", "measured", "measured", "measured", "measured"], "CsaImage.SlicePosition_PCS": [[-102.99279684, -115.30118329, -46.57214659], [-102.9522323, -114.71651227, -44.65994566], [-102.91166777, -114.13184125, -42.74774474], [-102.87110323, -113.54717023, -40.83554381], [-102.83053869, -112.96249921, -38.92334288], [-102.78997439, -112.37782819, -37.01114195], [-102.74940986, -111.79315908, -35.09894103], [-102.70884532, -111.20848806, -33.18673247], [-102.66828078, -110.62381704, -31.27453536], [-102.62771625, -110.03914602, -29.36233443], [-102.58715171, -109.45447595, -27.45012969], [-102.54658717, -108.86980493, -25.53792876], [-102.50602287, -108.28513391, -23.62572783], [-102.46545834, -107.70046384, -21.7135269], [-102.4248938, -107.11579282, -19.80132597], [-102.38432926, -106.5311218, -17.88912505], [-102.34376472, -105.94645173, -15.9769203], [-102.30320019, -105.36178071, -14.06471938], [-102.26263565, -104.77710969, -12.15251845], [-102.22207135, -104.19243963, -10.24031752], [-102.18150681, -103.60776861, -8.32811659], [-102.14094228, -103.02309759, -6.41591567], [-102.10037774, -102.43842704, -4.50371474], [-102.0598132, -101.8537565, -2.59151], [-102.01924867, -101.26908548, -0.67930907], [-101.97868425, -100.68441493, 1.23289186], [-101.93811971, -100.09974439, 3.14509279], [-101.89755517, -99.51507337, 5.05729372], [-101.85699076, -98.93040283, 6.96949655], [-101.81642622, -98.34573228, 8.88169748], [-101.77586168, -97.7610615, 10.79389841], [-101.73529715, -97.17639072, 12.70610124], [-101.69473273, -96.59172006, 14.61830217], [-101.65416819, -96.00704939, 16.53050405], [-101.61360365, -95.42237867, 18.44270498], [-101.57303912, -94.83770796, 20.35490686], [-101.5324747, -94.25303728, 22.26710874], [-101.49191016, -93.66836662, 24.17931015], [-101.45134562, -93.08369584, 26.09151155], [-101.41078121, -92.49902518, 28.00371295], [-101.37021667, -91.91435439, 29.91591448], [-101.32965213, -91.32968385, 31.82811606], [-101.2890876, -90.74501283, 33.74031765], [-101.24852318, -90.16034229, 35.65251905], [-101.20795864, -89.57567174, 37.56472045], [-101.1673941, -88.9910012, 39.47692186], [-101.12682957, -88.40633018, 41.38912374], [-101.08626515, -87.82165964, 43.30132562], [-101.04570061, -87.23698909, 45.21352655], [-101.00513607, -86.65231855, 47.12572843], [-100.9645716, -86.06764753, 49.03793031], [-100.92400712, -85.48297651, 50.95013124], [-100.88344258, -84.89830644, 52.86233217], [-100.84287811, -84.31363542, 54.774535], [-100.80231357, -83.7289644, 56.68673593], [-100.76174909, -83.14429433, 58.59893686], [-100.72118461, -82.55962331, 60.51113969], [-100.68062008, -81.97495229, 62.42334062], [-100.6400556, -81.39028222, 64.33554155], [-100.59949106, -80.8056112, 66.24774248], [-100.55892658, -80.22094018, 68.1599434], [-100.51836205, -79.63627012, 70.07214815], [-100.47779757, -79.0515991, 71.98434907], [-100.43723306, -78.46692808, 73.89655], [-100.39666856, -77.88225705, 75.80875093], [-100.35610405, -77.29758603, 77.72095186], [-100.31553954, -76.71291692, 79.63315279], [-100.27497503, -76.1282459, 81.54535753], [-100.23441053, -75.54357488, 83.45755846], [-100.19384603, -74.95890386, 85.36975938], [-100.15328153, -74.37423284, 87.28196031], [-100.11271702, -73.78956182, 89.19416124]], "CsaImage.TimeAfterStart": [1.0825, 0.7225, 1.0925, 0.7325, 1.1025, 0.7425, 1.1125, 0.7525, 1.1225, 0.7625, 1.1325, 0.7725, 1.1425, 0.7825, 1.1525, 0.7925, 1.1625, 0.8025, 1.1725, 0.8125, 1.1825, 0.8225, 1.1925, 0.8325, 1.2025, 0.8425, 1.2125, 0.8525, 1.2225, 0.8625, 1.2325, 0.8725, 1.2425, 0.8825, 1.2525, 0.8925, 1.2625, 0.9025, 1.2725, 0.9125, 1.2825, 0.9225, 1.2925, 0.9325, 1.3025, 0.9425, 1.3125, 0.9525, 1.3225, 0.9625, 1.3325, 0.9725, 1.3425, 0.9825, 1.3525, 0.9925, 1.3625, 1.0025, 1.3725, 1.0125, 1.3825, 1.0225, 1.3925, 1.0325, 1.4025, 1.0425, 1.4125, 1.0525, 1.4225, 1.0625, 1.4325, 1.0725], "ImagePositionPatient": [[-102.99279684022, -115.30118329401, -46.572146591975], [-102.95223230318, -114.7165122735, -44.659945664241], [-102.91166776613, -114.13184125299, -42.747744736507], [-102.87110322908, -113.54717023248, -40.835543808772], [-102.83053869203, -112.96249921198, -38.923342881038], [-102.7899743934, -112.37782819147, -37.011141953303], [-102.74940985635, -111.79315907831, -35.098941025569], [-102.7088453193, -111.2084880578, -33.18673246844], [-102.66828078226, -110.62381703729, -31.274535355403], [-102.62771624521, -110.03914601679, -29.362334427669], [-102.58715170816, -109.45447594995, -27.450129685237], [-102.54658717111, -108.86980492944, -25.537928757503], [-102.50602287248, -108.28513390894, -23.625727829768], [-102.46545833543, -107.7004638421, -21.713526902034], [-102.42489379838, -107.11579282159, -19.8013259743], [-102.38432926134, -106.53112180109, -17.889125046565], [-102.34376472429, -105.94645173425, -15.976920304134], [-102.30320018724, -105.36178071375, -14.064719376399], [-102.26263565019, -104.77710969324, -12.152518448665], [-102.22207135156, -104.1924396264, -10.24031752093], [-102.18150681451, -103.6077686059, -8.3281165931961], [-102.14094227746, -103.02309758539, -6.4159156654617], [-102.10037774042, -102.43842704172, -4.5037147377273], [-102.05981320337, -101.85375649805, -2.5915099952957], [-102.01924866632, -101.26908547754, -0.6793090675613], [-101.97868424848, -100.68441493387, 1.2328918601731], [-101.93811971143, -100.0997443902, 3.1450927879075], [-101.89755517438, -99.515073369691, 5.0572937156418], [-101.85699075654, -98.93040282602, 6.9694965507248], [-101.8164262195, -98.345732282349, 8.8816974784592], [-101.77586168245, -97.76106150026, 10.793898406194], [-101.7352971454, -97.176390718171, 12.706101241277], [-101.69473272756, -96.591720055291, 14.618302169011], [-101.65416819051, -96.007049392411, 16.53050405042], [-101.61360365346, -95.422378669926, 18.442704978154], [-101.57303911642, -94.837707962343, 20.354906859563], [-101.53247469858, -94.253037284562, 22.267108740971], [-101.49191016153, -93.668366621682, 24.179310145543], [-101.45134562448, -93.083695839593, 26.091511550114], [-101.41078120664, -92.499025176713, 28.003712954686], [-101.37021666959, -91.914354394623, 29.915914478467], [-101.32965213254, -91.329683850953, 31.828116061852], [-101.2890875955, -90.745012830445, 33.740317645238], [-101.24852317766, -90.160342286774, 35.652519049809], [-101.20795864061, -89.575671743104, 37.564720454381], [-101.16739410356, -88.991001199433, 39.476921858952], [-101.12682956651, -88.406330178925, 41.389123740361], [-101.08626514867, -87.821659635255, 43.30132562177], [-101.04570061162, -87.236989091584, 45.213526549504], [-101.00513607458, -86.652318547913, 47.125728430913], [-100.96457159713, -86.067647527405, 49.037930312322], [-100.92400711969, -85.482976506898, 50.950131240056], [-100.88344258264, -84.898306440064, 52.86233216779], [-100.8428781052, -84.313635419556, 54.774535002873], [-100.80231356815, -83.728964399048, 56.686735930608], [-100.7617490907, -83.144294332215, 58.598936858342], [-100.72118461326, -82.559623311707, 60.511139693425], [-100.68062007621, -81.974952291199, 62.423340621159], [-100.64005559877, -81.390282224366, 64.335541548894], [-100.59949106172, -80.805611203858, 66.247742476628], [-100.55892658428, -80.22094018335, 68.159943404363], [-100.51836204723, -79.636270116517, 70.072148146794], [-100.47779756978, -79.051599096009, 71.984349074529], [-100.43723306254, -78.466928075501, 73.896550002263], [-100.39666855529, -77.882257054993, 75.808750929997], [-100.35610404805, -77.297586034486, 77.720951857732], [-100.3155395408, -76.712916921326, 79.633152785466], [-100.27497503355, -76.128245900819, 81.545357527898], [-100.23441052631, -75.543574880311, 83.457558455632], [-100.19384603396, -74.958903859803, 85.369759383366], [-100.15328152672, -74.374232839295, 87.281960311101], [-100.11271701947, -73.789561818787, 89.194161238835]], "InstanceCreationTime": ["135945.464000", "135945.382000", "135945.466000", "135945.384000", "135945.469000", "135945.386000", "135945.472000", "135945.388000", "135945.475000", "135945.390000", "135945.477000", "135945.392000", "135945.479000", "135945.395000", "135945.481000", "135945.397000", "135945.483000", "135945.398000", "135945.486000", "135945.401000", "135945.488000", "135945.403000", "135945.490000", "135945.405000", "135945.497000", "135945.407000", "135945.500000", "135945.409000", "135945.502000", "135945.411000", "135945.504000", "135945.413000", "135945.506000", "135945.415000", "135945.508000", "135945.419000", "135945.510000", "135945.421000", "135945.512000", "135945.424000", "135945.514000", "135945.426000", "135945.526000", "135945.429000", "135945.528000", "135945.431000", "135945.530000", "135945.433000", "135945.532000", "135945.435000", "135945.534000", "135945.438000", "135945.536000", "135945.441000", "135945.538000", "135945.444000", "135945.540000", "135945.446000", "135945.542000", "135945.448000", "135945.544000", "135945.450000", "135945.546000", "135945.454000", "135945.548000", "135945.456000", "135945.550000", "135945.458000", "135945.552000", "135945.460000", "135945.554000", "135945.462000"], "InstanceNumber": [1, 2, 3, 4, 5, 6, 7, 8, 9, 10, 11, 12, 13, 14, 15, 16, 17, 18, 19, 20, 21, 22, 23, 24, 25, 26, 27, 28, 29, 30, 31, 32, 33, 34, 35, 36, 37, 38, 39, 40, 41, 42, 43, 44, 45, 46, 47, 48, 49, 50, 51, 52, 53, 54, 55, 56, 57, 58, 59, 60, 61, 62, 63, 64, 65, 66, 67, 68, 69, 70, 71, 72], "LargestImagePixelValue": [4094, 4094, 4093, 4095, 4094, 4094, 4094, 4094, 4094, 4095, 4095, 4093, 4094, 4093, 4094, 4094, 4094, 4090, 4095, 4091, 4094, 4093, 4094, 4095, 4095, 4091, 4094, 4095, 4095, 4092, 4094, 4085, 4095, 4094, 4094, 4092, 4095, 4092, 4093, 4094, 4089, 4092, 4091, 4092, 4094, 4095, 4094, 4094, 4085, 4094, 4089, 4095, 4095, 4092, 4093, 4095, 4095, 4094, 4092, 4093, 4094, 4085, 4093, 4094, 4095, 4094, 4093, 4094, 4095, 4095, 4095, 4095], "SliceLocation": [-80.323201357842, -78.323201839863, -76.323202321885, -74.323202803906, -72.323203285927, -70.323203772784, -68.32320481239, -66.323197999942, -64.323202129198, -62.323202611219, -60.323199724798, -58.323200206819, -56.323200693676, -54.32320145449, -52.323201936511, -50.323202418532, -48.323199532111, -46.323200014132, -44.323200496153, -42.323201261803, -40.323201743824, -38.323202225845, -36.323202847263, -34.323199821445, -32.323200303466, -30.323200927302, -28.323201548719, -26.32320203074, -24.323200830958, -22.323201452376, -20.323202004095, -18.323200732197, -16.323201321183, -14.323200995943, -12.323201565087, -10.323201226778, -8.3232008995995, -6.3232010302636, -4.3232011260786, -2.3232012591605, -0.3232012409993, 1.6767987644517, 3.676798909299, 5.676798741368, 7.6767985758549, 9.6767984103417, 11.676798840129, 13.676799128103, 15.676798506685, 17.676798797076, 19.676799225655, 21.676798742425, 23.676797981611, 25.676799321998, 27.676798839977, 29.676798077954, 31.676799418342, 33.676798936321, 35.676798174298, 37.676797692277, 39.676797209047, 41.676800095468, 43.676799612238, 45.676799129612, 47.676798646986, 49.676798164361, 51.67679712415, 53.676800288759, 55.676799806133, 57.676799323206, 59.67679884058, 61.676798357954], "SmallestImagePixelValue": [0, 1, 0, 1, 0, 0, 1, 0, 0, 2, 0, 0, 0, 0, 2, 0, 0, 0, 0, 2, 2, 0, 0, 0, 0, 0, 0, 0, 0, 2, 0, 1, 3, 1, 0, 0, 5, 2, 3, 3, 3, 2, 1, 7, 2, 1, 0, 2, 1, 5, 0, 4, 1, 7, 0, 0, 1, 0, 0, 0, 5, 1, 0, 0, 0, 0, 0, 0, 0, 0, 0, 1], "WindowCenter": [-38.0, -100.0, -146.0, -180.0, -202.0, -232.0, -222.0, -188.0, -252.0, -234.0, -262.0, -250.0, -232.0, -188.0, -220.0, -196.0, -200.0, -198.0, -230.0, -214.0, -128.0, -110.0, -158.0, -178.0, -158.0, -202.0, -214.0, -344.0, -368.0, -416.0, -434.0, -440.0, -428.0, -380.0, -360.0, -356.0, -316.0, -294.0, -270.0, -242.0, -238.0, -120.0, -248.0, -234.0, -234.0, -232.0, -228.0, -212.0, -94.0, -228.0, -60.0, -60.0, -48.0, -58.0, -52.0, -56.0, -84.0, -54.0, -70.0, -90.0, -92.0, -88.0, -80.0, -78.0, -92.0, -92.0, -138.0, -164.0, -202.0, -206.0, -212.0, -268.0], "WindowWidth": [6254.0, 6344.0, 6286.0, 6268.0, 6242.0, 6256.0, 6200.0, 6226.0, 6186.0, 6210.0, 6316.0, 6340.0, 6370.0, 6314.0, 6216.0, 6202.0, 6180.0, 6150.0, 6098.0, 6070.0, 6066.0, 6020.0, 5952.0, 5892.0, 5814.0, 5676.0, 5540.0, 4700.0, 4650.0, 4654.0, 4622.0, 4610.0, 4618.0, 4588.0, 4574.0, 4594.0, 4582.0, 4598.0, 4584.0, 4596.0, 4582.0, 5106.0, 4600.0, 4600.0, 4602.0, 4612.0, 4606.0, 4608.0, 5148.0, 4626.0, 5344.0, 5282.0, 5318.0, 5356.0, 5456.0, 5400.0, 5370.0, 5520.0, 5592.0, 5498.0, 5452.0, 5532.0, 5688.0, 5736.0, 5768.0, 5752.0, 5818.0, 5914.0, 5936.0, 6062.0, 6080.0, 6084.0]}}, "IntendedFor": ["ses-imagenet01/func/sub-08_ses-imagenet01_task-imagenet_run-04_bold.nii.gz", "ses-imagenet01/func/sub-08_ses-imagenet01_task-imagenet_run-06_bold.nii.gz", "ses-imagenet01/func/sub-08_ses-imagenet01_task-imagenet_run-09_bold.nii.gz", "ses-imagenet01/func/sub-08_ses-imagenet01_task-imagenet_run-10_bold.nii.gz", "ses-imagenet01/func/sub-08_ses-imagenet01_task-imagenet_run-02_bold.nii.gz", "ses-imagenet01/func/sub-08_ses-imagenet01_task-imagenet_run-01_bold.nii.gz", "ses-imagenet01/func/sub-08_ses-imagenet01_task-imagenet_run-03_bold.nii.gz", "ses-imagenet01/func/sub-08_ses-imagenet01_task-imagenet_run-05_bold.nii.gz", "ses-imagenet01/func/sub-08_ses-imagenet01_task-imagenet_run-08_bold.nii.gz", "ses-imagenet01/func/sub-08_ses-imagenet01_task-imagenet_run-07_bold.nii.gz"]}