{"AcquisitionMatrixPE": 100, "AcquisitionNumber": 1, "AcquisitionTime": "12:02:45.730000", "BaseResolution": 100, "BodyPartExamined": "BRAIN", "ConsistencyInfo": "N4_VE11C_LATEST_20160120", "ConversionSoftware": "dcm2niix", "ConversionSoftwareVersion": "v1.0.20180622 GCC4.9.2", "DeviceSerialNumber": "166078", "DwellTime": 8.8e-06, "EchoNumber": 2, "EchoTime": 0.00738, "EchoTime1": 0.00492, "EchoTime2": 0.00738, "FlipAngle": 60, "ImageOrientationPatientDICOM": [1, 0, 0, 0, 0.984196, -0.177085], "ImageType": ["ORIGINAL", "PRIMARY", "P", "ND"], "InPlanePhaseEncodingDirectionDICOM": "ROW", "InstitutionAddress": "Street_StreetNo_Bei_Jing_District_CN_ZIP", "InstitutionName": "BeiJing_Normal_University", "InstitutionalDepartmentName": "Department", "MRAcquisitionType": "2D", "MagneticFieldStrength": 3, "Manufacturer": "Siemens", "ManufacturersModelName": "Prisma", "Modality": "MR", "PartialFourier": 1, "PatientPosition": "HFS", "PercentPhaseFOV": 100, "PhaseEncodingDirection": "i", "PhaseEncodingSteps": 100, "PhaseResolution": 1, "PixelBandwidth": 570, "ProcedureStepDescription": "BNU_P2018_64CH_Zhen.ZongLei", "ProtocolName": "field_mapping_2x2x2", "PulseSequenceDetails": "%SiemensSeq%_gre_field_mapping", "ReceiveCoilActiveElements": "HC1-7;NC1", "ReceiveCoilName": "HeadNeck_64", "ReconMatrixPE": 100, "RepetitionTime": 0.72, "SAR": 0.136198, "ScanningSequence": "GR", "SequenceName": "_fm2d2r", "SequenceVariant": "SP", "SeriesDescription": "field_mapping_2x2x2", "SeriesNumber": 13, "ShimSetting": [-5468, -11492, -1268, 407, -31, -153, -166, 88], "SliceThickness": 2, "SoftwareVersions": "syngo_MR_E11", "SpacingBetweenSlices": 2, "StationName": "AWP166078", "TxRefAmp": 232.612, "dcmmeta_affine": [[-2.0, 0.0, 0.0, 100.0], [0.0, 1.9683911800384521, -0.3541688919067383, -84.13361358642578], [0.0, 0.35416948795318604, 1.9683914184570312, -89.35269165039062], [0.0, 0.0, 0.0, 1.0]], "dcmmeta_reorient_transform": [[0.0, -1.0, 0.0, 99.0], [1.0, 0.0, 0.0, 0.0], [0.0, 0.0, -1.0, 71.0], [0.0, 0.0, 0.0, 1.0]], "dcmmeta_shape": [100, 100, 72], "dcmmeta_slice_dim": 2, "dcmmeta_version": 0.6, "global": {"const": {"AcquisitionMatrix": [0, 100, 100, 0], "AcquisitionNumber": 1, "AngioFlag": "N", "BitsAllocated": 16, "BitsStored": 12, "BodyPartExamined": "BRAIN", "Columns": 100, "EchoNumbers": 2, "EchoTime": 7.38, "EchoTrainLength": 0, "FlipAngle": 60.0, "HighBit": 11, "ImageOrientationPatient": [1.0, 0.0, 0.0, 0.0, 0.98419560662012, -0.1770847478177], "ImageType": ["ORIGINAL", "PRIMARY", "P", "ND"], "ImagedNucleus": "1H", "ImagingFrequency": 123.257753, "InPlanePhaseEncodingDirection": "ROW", "MRAcquisitionType": "2D", "MagneticFieldStrength": 3.0, "Manufacturer": "SIEMENS", "ManufacturerModelName": "Prisma", "Modality": "MR", "NumberOfAverages": 1.0, "NumberOfPhaseEncodingSteps": 100, "PercentPhaseFieldOfView": 100.0, "PercentSampling": 100.0, "PerformedProcedureStepStartTime": "105611.231000", "PhotometricInterpretation": "MONOCHROME2", "PixelBandwidth": 570.0, "PixelRepresentation": 0, "PixelSpacing": [2.0, 2.0], "ProtocolName": "field_mapping_2x2x2", "RepetitionTime": 720.0, "RescaleIntercept": -4096.0, "RescaleSlope": 2.0, "RescaleType": "US", "Rows": 100, "SAR": 0.13619761017832, "SamplesPerPixel": 1, "ScanningSequence": "GR", "SequenceName": "*fm2d2r", "SequenceVariant": "SP", "SeriesDescription": "field_mapping_2x2x2", "SeriesNumber": 13, "SeriesTime": "120510.459000", "SliceThickness": 2.0, "SoftwareVersions": "syngo MR E11", "SpacingBetweenSlices": 2.0, "SpecificCharacterSet": "ISO_IR 100", "StudyID": "1", "StudyTime": "105611.144000", "TransmitCoilName": "Body", "VariableFlipAngleFlag": "N", "WindowCenterWidthExplanation": "Algo1", "dBdt": 0.0}, "slices": {"AcquisitionTime": ["120245.730000", "120245.370000", "120245.740000", "120245.380000", "120245.750000", "120245.390000", "120245.760000", "120245.400000", "120245.770000", "120245.410000", "120245.780000", "120245.420000", "120245.790000", "120245.430000", "120245.800000", "120245.440000", "120245.810000", "120245.450000", "120245.820000", "120245.460000", "120245.830000", "120245.470000", "120245.840000", "120245.480000", "120245.850000", "120245.490000", "120245.860000", "120245.500000", "120245.870000", "120245.510000", "120245.880000", "120245.520000", "120245.890000", "120245.530000", "120245.900000", "120245.540000", "120245.910000", "120245.550000", "120245.920000", "120245.560000", "120245.930000", "120245.570000", "120245.940000", "120245.580000", "120245.950000", "120245.590000", "120245.960000", "120245.600000", "120245.970000", "120245.610000", "120245.980000", "120245.620000", "120245.990000", "120245.630000", "120246.000000", "120245.640000", "120246.010000", "120245.650000", "120246.020000", "120245.660000", "120246.030000", "120245.670000", "120246.040000", "120245.680000", "120246.050000", "120245.690000", "120246.060000", "120245.700000", "120246.070000", "120245.710000", "120246.080000", "120245.720000"], "ContentTime": ["120510.544000", "120510.466000", "120510.546000", "120510.468000", "120510.548000", "120510.471000", "120510.550000", "120510.473000", "120510.552000", "120510.475000", "120510.553000", "120510.477000", "120510.555000", "120510.479000", "120510.557000", "120510.480000", "120510.559000", "120510.482000", "120510.561000", "120510.484000", "120510.563000", "120510.487000", "120510.565000", "120510.488000", "120510.567000", "120510.490000", "120510.569000", "120510.492000", "120510.571000", "120510.494000", "120510.572000", "120510.496000", "120510.575000", "120510.498000", "120510.577000", "120510.500000", "120510.579000", "120510.507000", "120510.581000", "120510.509000", "120510.583000", "120510.511000", "120510.585000", "120510.513000", "120510.587000", "120510.515000", "120510.590000", "120510.517000", "120510.593000", "120510.519000", "120510.595000", "120510.521000", "120510.597000", "120510.523000", "120510.599000", "120510.525000", "120510.601000", "120510.527000", "120510.603000", "120510.529000", "120510.605000", "120510.533000", "120510.608000", "120510.535000", "120510.610000", "120510.536000", "120510.612000", "120510.538000", "120510.614000", "120510.540000", "120510.616000", "120510.542000"], "CsaImage.GSWDDataType": ["measured", "predicted", "measured", "predicted", "measured", "predicted", "measured", "predicted", "measured", "predicted", "measured", "predicted", "measured", "predicted", "measured", "predicted", "measured", "predicted", "measured", "predicted", "measured", "predicted", "measured", "predicted", "measured", "predicted", "measured", "predicted", "measured", "predicted", "measured", "predicted", "measured", "predicted", "measured", "predicted", "measured", "predicted", "measured", "predicted", "measured", "predicted", "measured", "predicted", "measured", "predicted", "measured", "predicted", "measured", "predicted", "measured", "predicted", "measured", "predicted", "measured", "predicted", "measured", "predicted", "measured", "predicted", "measured", "predicted", "measured", "measured", "measured", "measured", "measured", "measured", "measured", "measured", "measured", "measured"], "CsaImage.ICE_Dims": ["X_2_1_1_1_1_1_37_1_1_1_1_82", "X_2_1_1_1_1_1_1_1_1_2_1_82", "X_2_1_1_1_1_1_38_1_1_3_1_82", "X_2_1_1_1_1_1_2_1_1_4_1_82", "X_2_1_1_1_1_1_39_1_1_5_1_82", "X_2_1_1_1_1_1_3_1_1_6_1_82", "X_2_1_1_1_1_1_40_1_1_7_1_82", "X_2_1_1_1_1_1_4_1_1_8_1_82", "X_2_1_1_1_1_1_41_1_1_9_1_82", "X_2_1_1_1_1_1_5_1_1_10_1_82", "X_2_1_1_1_1_1_42_1_1_11_1_82", "X_2_1_1_1_1_1_6_1_1_12_1_82", "X_2_1_1_1_1_1_43_1_1_13_1_82", "X_2_1_1_1_1_1_7_1_1_14_1_82", "X_2_1_1_1_1_1_44_1_1_15_1_82", "X_2_1_1_1_1_1_8_1_1_16_1_82", "X_2_1_1_1_1_1_45_1_1_17_1_82", "X_2_1_1_1_1_1_9_1_1_18_1_82", "X_2_1_1_1_1_1_46_1_1_19_1_82", "X_2_1_1_1_1_1_10_1_1_20_1_82", "X_2_1_1_1_1_1_47_1_1_21_1_82", "X_2_1_1_1_1_1_11_1_1_22_1_82", "X_2_1_1_1_1_1_48_1_1_23_1_82", "X_2_1_1_1_1_1_12_1_1_24_1_82", "X_2_1_1_1_1_1_49_1_1_25_1_82", "X_2_1_1_1_1_1_13_1_1_26_1_82", "X_2_1_1_1_1_1_50_1_1_27_1_82", "X_2_1_1_1_1_1_14_1_1_28_1_82", "X_2_1_1_1_1_1_51_1_1_29_1_82", "X_2_1_1_1_1_1_15_1_1_30_1_82", "X_2_1_1_1_1_1_52_1_1_31_1_82", "X_2_1_1_1_1_1_16_1_1_32_1_82", "X_2_1_1_1_1_1_53_1_1_33_1_82", "X_2_1_1_1_1_1_17_1_1_34_1_82", "X_2_1_1_1_1_1_54_1_1_35_1_82", "X_2_1_1_1_1_1_18_1_1_36_1_82", "X_2_1_1_1_1_1_55_1_1_37_1_82", "X_2_1_1_1_1_1_19_1_1_38_1_82", "X_2_1_1_1_1_1_56_1_1_39_1_82", "X_2_1_1_1_1_1_20_1_1_40_1_82", "X_2_1_1_1_1_1_57_1_1_41_1_82", "X_2_1_1_1_1_1_21_1_1_42_1_82", "X_2_1_1_1_1_1_58_1_1_43_1_82", "X_2_1_1_1_1_1_22_1_1_44_1_82", "X_2_1_1_1_1_1_59_1_1_45_1_82", "X_2_1_1_1_1_1_23_1_1_46_1_82", "X_2_1_1_1_1_1_60_1_1_47_1_82", "X_2_1_1_1_1_1_24_1_1_48_1_82", "X_2_1_1_1_1_1_61_1_1_49_1_82", "X_2_1_1_1_1_1_25_1_1_50_1_82", "X_2_1_1_1_1_1_62_1_1_51_1_82", "X_2_1_1_1_1_1_26_1_1_52_1_82", "X_2_1_1_1_1_1_63_1_1_53_1_82", "X_2_1_1_1_1_1_27_1_1_54_1_82", "X_2_1_1_1_1_1_64_1_1_55_1_82", "X_2_1_1_1_1_1_28_1_1_56_1_82", "X_2_1_1_1_1_1_65_1_1_57_1_82", "X_2_1_1_1_1_1_29_1_1_58_1_82", "X_2_1_1_1_1_1_66_1_1_59_1_82", "X_2_1_1_1_1_1_30_1_1_60_1_82", "X_2_1_1_1_1_1_67_1_1_61_1_82", "X_2_1_1_1_1_1_31_1_1_62_1_82", "X_2_1_1_1_1_1_68_1_1_63_1_82", "X_2_1_1_1_1_1_32_1_1_64_1_82", "X_2_1_1_1_1_1_69_1_1_65_1_82", "X_2_1_1_1_1_1_33_1_1_66_1_82", "X_2_1_1_1_1_1_70_1_1_67_1_82", "X_2_1_1_1_1_1_34_1_1_68_1_82", "X_2_1_1_1_1_1_71_1_1_69_1_82", "X_2_1_1_1_1_1_35_1_1_70_1_82", "X_2_1_1_1_1_1_72_1_1_71_1_82", "X_2_1_1_1_1_1_36_1_1_72_1_82"], "CsaImage.ProtocolSliceNumber": [0, 1, 2, 3, 4, 5, 6, 7, 8, 9, 10, 11, 12, 13, 14, 15, 16, 17, 18, 19, 20, 21, 22, 23, 24, 25, 26, 27, 28, 29, 30, 31, 32, 33, 34, 35, 36, 37, 38, 39, 40, 41, 42, 43, 44, 45, 46, 47, 48, 49, 50, 51, 52, 53, 54, 55, 56, 57, 58, 59, 60, 61, 62, 63, 64, 65, 66, 67, 68, 69, 70, 71], "CsaImage.RFSWDDataType": ["measured", "predicted", "measured", "predicted", "measured", "predicted", "measured", "predicted", "measured", "predicted", "measured", "predicted", "measured", "predicted", "measured", "predicted", "measured", "predicted", "measured", "predicted", "measured", "predicted", "measured", "predicted", "measured", "predicted", "measured", "predicted", "measured", "predicted", "measured", "predicted", "measured", "predicted", "measured", "predicted", "measured", "predicted", "measured", "predicted", "measured", "predicted", "measured", "predicted", "measured", "predicted", "measured", "predicted", "measured", "predicted", "measured", "predicted", "measured", "predicted", "measured", "predicted", "measured", "predicted", "measured", "measured", "measured", "measured", "measured", "measured", "measured", "measured", "measured", "measured", "measured", "measured", "measured", "measured"], "CsaImage.SlicePosition_PCS": [[-100.0, -110.73715519, -54.28989253], [-100.0, -110.3829863, -52.32150111], [-100.0, -110.02881645, -50.35310969], [-100.0, -109.67464756, -48.38471827], [-100.0, -109.32047772, -46.41632685], [-100.0, -108.96630787, -44.44793925], [-100.0, -108.61213898, -42.47954783], [-100.0, -108.25796913, -40.51115641], [-100.0, -107.90379929, -38.54276499], [-100.0, -107.54963039, -36.57437358], [-100.0, -107.19546055, -34.60598216], [-100.0, -106.84129166, -32.63759074], [-100.0, -106.48712181, -30.66919932], [-100.0, -106.13295244, -28.7008079], [-100.0, -105.7787826, -26.73241648], [-100.0, -105.42461323, -24.76402888], [-100.0, -105.07044386, -22.79563746], [-100.0, -104.71627449, -20.82724604], [-100.0, -104.36210512, -18.85885462], [-100.0, -104.00793528, -16.89046321], [-100.0, -103.65376591, -14.92207179], [-100.0, -103.29959654, -12.95368037], [-100.0, -102.94542717, -10.98528895], [-100.0, -102.59125732, -9.01689753], [-100.0, -102.23708796, -7.04850611], [-100.0, -101.88291859, -5.0801147], [-100.0, -101.52874898, -3.11172328], [-100.0, -101.17457961, -1.14333186], [-100.0, -100.82041, 0.82505956], [-100.0, -100.46624064, 2.79345002], [-100.0, -100.11207115, 4.76184144], [-100.0, -99.75790166, 6.73023191], [-100.0, -99.40373217, 8.69862333], [-100.0, -99.04956268, 10.66701474], [-100.0, -98.6953932, 12.63540616], [-100.0, -98.34122372, 14.60379734], [-100.0, -97.98705425, 16.5721884], [-100.0, -97.63288473, 18.5405797], [-100.0, -97.27871524, 20.50897088], [-100.0, -96.92454576, 22.4773623], [-100.0, -96.57037627, 24.44575324], [-100.0, -96.21620678, 26.41414418], [-100.0, -95.86203741, 28.3825356], [-100.0, -95.5078678, 30.35092702], [-100.0, -95.15369844, 32.31931844], [-100.0, -94.79952883, 34.28770986], [-100.0, -94.44535946, 36.25610128], [-100.0, -94.09119009, 38.2244927], [-100.0, -93.73702025, 40.19288221], [-100.0, -93.38285088, 42.16127363], [-100.0, -93.02868151, 44.12966504], [-100.0, -92.67451214, 46.09805646], [-100.0, -92.32034277, 48.06644788], [-100.0, -91.96617292, 50.03483739], [-100.0, -91.61200356, 52.00322881], [-100.0, -91.25783419, 53.97162023], [-100.0, -90.90366482, 55.94001165], [-100.0, -90.54949497, 57.90840307], [-100.0, -90.19532608, 59.87679448], [-100.0, -89.84115624, 61.8451859], [-100.0, -89.48698639, 63.81357732], [-100.0, -89.1328175, 65.78196874], [-100.0, -88.77864765, 67.75036016], [-100.0, -88.42447781, 69.71875158], [-100.0, -88.07030891, 71.68714299], [-100.0, -87.71613907, 73.65553441], [-100.0, -87.36197018, 75.62392583], [-100.0, -87.00780033, 77.59231725], [-100.0, -86.65363049, 79.56070867], [-100.0, -86.29946159, 81.52910009], [-100.0, -85.94529175, 83.49749151], [-100.0, -85.59112286, 85.46588292]], "CsaImage.TimeAfterStart": [1.0825, 0.7225, 1.0925, 0.7325, 1.1025, 0.7425, 1.1125, 0.7525, 1.1225, 0.7625, 1.1325, 0.7725, 1.1425, 0.7825, 1.1525, 0.7925, 1.1625, 0.8025, 1.1725, 0.8125, 1.1825, 0.8225, 1.1925, 0.8325, 1.2025, 0.8425, 1.2125, 0.8525, 1.2225, 0.8625, 1.2325, 0.8725, 1.2425, 0.8825, 1.2525, 0.8925, 1.2625, 0.9025, 1.2725, 0.9125, 1.2825, 0.9225, 1.2925, 0.9325, 1.3025, 0.9425, 1.3125, 0.9525, 1.3225, 0.9625, 1.3325, 0.9725, 1.3425, 0.9825, 1.3525, 0.9925, 1.3625, 1.0025, 1.3725, 1.0125, 1.3825, 1.0225, 1.3925, 1.0325, 1.4025, 1.0425, 1.4125, 1.0525, 1.4225, 1.0625, 1.4325, 1.0725], "ImagePositionPatient": [[-100.0, -110.73715519021, -54.289892527799], [-100.0, -110.3829862983, -52.321501109342], [-100.0, -110.02881645272, -50.353109690885], [-100.0, -109.67464756082, -48.384718272428], [-100.0, -109.32047771523, -46.416326853971], [-100.0, -108.96630786965, -44.447939250211], [-100.0, -108.61213897775, -42.479547831754], [-100.0, -108.25796913217, -40.511156413297], [-100.0, -107.90379928658, -38.54276499484], [-100.0, -107.54963039468, -36.574373576383], [-100.0, -107.1954605491, -34.605982157926], [-100.0, -106.84129165719, -32.637590739469], [-100.0, -106.48712181161, -30.669199321012], [-100.0, -106.13295244287, -28.700807902555], [-100.0, -105.77878259728, -26.732416484098], [-100.0, -105.42461322854, -24.764028880338], [-100.0, -105.0704438598, -22.795637461881], [-100.0, -104.71627449105, -20.827246043424], [-100.0, -104.36210512231, -18.858854624967], [-100.0, -104.00793527673, -16.89046320651], [-100.0, -103.65376590798, -14.922071788053], [-100.0, -103.29959653924, -12.953680369596], [-100.0, -102.9454271705, -10.985288951139], [-100.0, -102.59125732491, -9.0168975326821], [-100.0, -102.23708795617, -7.0485061142251], [-100.0, -101.88291858743, -5.0801146957681], [-100.0, -101.52874898026, -3.111723277311], [-100.0, -101.17457961152, -1.143331858854], [-100.0, -100.82041000436, 0.82505955960303], [-100.0, -100.46624063561, 2.7934500243857], [-100.0, -100.11207114766, 4.7618414428428], [-100.0, -99.757901659708, 6.7302319076255], [-100.0, -99.403732171755, 8.6986233260825], [-100.0, -99.049562683802, 10.66701474454], [-100.0, -98.695393195848, 12.635406162997], [-100.0, -98.341223715346, 14.603797343035], [-100.0, -97.987054249744, 16.572188403864], [-100.0, -97.632884731989, 18.540579703112], [-100.0, -97.278715244036, 20.50897088315], [-100.0, -96.924545756082, 22.477362301607], [-100.0, -96.570376268129, 24.445753243227], [-100.0, -96.216206780176, 26.414144184847], [-100.0, -95.862037411432, 28.382535603304], [-100.0, -95.50786780427, 30.350927021761], [-100.0, -95.153698435526, 32.319318440218], [-100.0, -94.799528828363, 34.287709858675], [-100.0, -94.445359459619, 36.256101277132], [-100.0, -94.091190090876, 38.224492695589], [-100.0, -93.737020245294, 40.192882206698], [-100.0, -93.382850876551, 42.161273625155], [-100.0, -93.028681507807, 44.129665043612], [-100.0, -92.674512139063, 46.098056462069], [-100.0, -92.320342770319, 48.066447880526], [-100.0, -91.966172924738, 50.034837391634], [-100.0, -91.612003555994, 52.003228810091], [-100.0, -91.25783418725, 53.971620228548], [-100.0, -90.903664818506, 55.940011647005], [-100.0, -90.549494972925, 57.908403065462], [-100.0, -90.195326081018, 59.876794483919], [-100.0, -89.841156235437, 61.845185902376], [-100.0, -89.486986389856, 63.813577320834], [-100.0, -89.132817497949, 65.781968739291], [-100.0, -88.778647652368, 67.750360157748], [-100.0, -88.424477806787, 69.718751576205], [-100.0, -88.070308914881, 71.687142994662], [-100.0, -87.7161390693, 73.655534413119], [-100.0, -87.361970177393, 75.623925831576], [-100.0, -87.007800331812, 77.592317250033], [-100.0, -86.653630486231, 79.56070866849], [-100.0, -86.299461594324, 81.529100086947], [-100.0, -85.945291748743, 83.497491505404], [-100.0, -85.591122856836, 85.465882923861]], "InstanceCreationTime": ["120510.544000", "120510.466000", "120510.546000", "120510.468000", "120510.548000", "120510.471000", "120510.550000", "120510.473000", "120510.552000", "120510.475000", "120510.553000", "120510.477000", "120510.555000", "120510.479000", "120510.557000", "120510.480000", "120510.559000", "120510.482000", "120510.561000", "120510.484000", "120510.563000", "120510.487000", "120510.565000", "120510.488000", "120510.567000", "120510.490000", "120510.569000", "120510.492000", "120510.571000", "120510.494000", "120510.572000", "120510.496000", "120510.575000", "120510.498000", "120510.577000", "120510.500000", "120510.579000", "120510.507000", "120510.581000", "120510.509000", "120510.583000", "120510.511000", "120510.585000", "120510.513000", "120510.587000", "120510.515000", "120510.590000", "120510.517000", "120510.593000", "120510.519000", "120510.595000", "120510.521000", "120510.597000", "120510.523000", "120510.599000", "120510.525000", "120510.601000", "120510.527000", "120510.603000", "120510.529000", "120510.605000", "120510.533000", "120510.608000", "120510.535000", "120510.610000", "120510.536000", "120510.612000", "120510.538000", "120510.614000", "120510.540000", "120510.616000", "120510.542000"], "InstanceNumber": [1, 2, 3, 4, 5, 6, 7, 8, 9, 10, 11, 12, 13, 14, 15, 16, 17, 18, 19, 20, 21, 22, 23, 24, 25, 26, 27, 28, 29, 30, 31, 32, 33, 34, 35, 36, 37, 38, 39, 40, 41, 42, 43, 44, 45, 46, 47, 48, 49, 50, 51, 52, 53, 54, 55, 56, 57, 58, 59, 60, 61, 62, 63, 64, 65, 66, 67, 68, 69, 70, 71, 72], "LargestImagePixelValue": [4094, 4095, 4094, 4094, 4095, 4095, 4094, 4094, 4094, 4094, 4095, 4095, 4094, 4094, 4095, 4094, 4094, 4088, 4092, 4093, 4091, 4092, 4094, 4094, 4095, 4090, 4093, 4095, 4094, 4095, 4093, 4094, 4091, 4095, 4086, 4094, 4091, 4095, 4095, 4094, 4095, 4094, 4092, 4090, 4093, 4094, 4095, 4094, 4094, 4094, 4089, 4095, 4092, 4091, 4095, 4095, 4095, 4093, 4093, 4094, 4093, 4094, 4094, 4095, 4094, 4095, 4095, 4093, 4094, 4094, 4095, 4093], "SliceLocation": [-73.041734910647, -71.041734815585, -69.041734551641, -67.041734456579, -65.041734192636, -63.0417376831, -61.041737588038, -59.041737324095, -57.041737060151, -55.041736965089, -53.041736701145, -51.041736606083, -49.041736342139, -47.041736162636, -45.041735898693, -43.041739473598, -41.041739294095, -39.041739114592, -37.04173893509, -35.041738671146, -33.041738491643, -31.04173831214, -29.041738132637, -27.041737868694, -25.041737689191, -23.041737509688, -21.041737287965, -19.041737108462, -17.041736886739, -15.041737645838, -13.041737445225, -11.041738183214, -9.0417379826006, -7.0417377819876, -5.0417375813745, -3.0417376167313, -1.0417377720522, 0.95826231651315, 2.9582622824757, 4.9582624830888, 6.9582622144008, 8.9582619457128, 10.958262125216, 12.958262346939, 14.958262526442, 16.958262748165, 18.958262927668, 20.958263107171, 22.95826149391, 24.958261673413, 26.958261852916, 28.958262032419, 30.958262211922, 32.958260598661, 34.958260778164, 36.958260957667, 38.95826113717, 40.958261401114, 42.958261496176, 44.958261760119, 46.958262024063, 48.958262119125, 50.958262383069, 52.958262647012, 54.958262742075, 56.958263006018, 58.95826310108, 60.958263365024, 62.958263628967, 64.95826372403, 66.958263987973, 68.958264083036], "SmallestImagePixelValue": [0, 0, 0, 2, 2, 1, 0, 2, 0, 0, 0, 0, 0, 0, 0, 0, 0, 0, 3, 0, 1, 2, 2, 1, 0, 0, 0, 0, 2, 1, 0, 0, 0, 5, 4, 3, 0, 8, 2, 0, 1, 1, 3, 0, 0, 0, 0, 0, 1, 2, 2, 1, 0, 0, 0, 0, 0, 0, 4, 0, 3, 0, 0, 2, 0, 1, 1, 0, 0, 3, 0, 1], "WindowCenter": [-232.0, -244.0, -228.0, -230.0, -254.0, -218.0, -246.0, -226.0, -220.0, -204.0, -172.0, -134.0, -190.0, -138.0, -134.0, -200.0, -186.0, -202.0, -196.0, -200.0, -202.0, -230.0, -246.0, -260.0, -370.0, -336.0, -342.0, -382.0, -422.0, -394.0, -394.0, -366.0, -316.0, -286.0, -262.0, -264.0, -244.0, -228.0, -236.0, -220.0, -104.0, -200.0, -206.0, -206.0, -58.0, -34.0, -24.0, -50.0, -32.0, -42.0, -178.0, -190.0, -78.0, -70.0, -72.0, -50.0, -48.0, -44.0, -52.0, -52.0, -86.0, -70.0, -124.0, -110.0, -162.0, -380.0, -488.0, -498.0, -484.0, -516.0, -366.0, -368.0], "WindowWidth": [6176.0, 6116.0, 6220.0, 6124.0, 6102.0, 6100.0, 6048.0, 6076.0, 6108.0, 6120.0, 6196.0, 6186.0, 6134.0, 6156.0, 6136.0, 6046.0, 5986.0, 5900.0, 5818.0, 5744.0, 5638.0, 5622.0, 5448.0, 5286.0, 4658.0, 4632.0, 4628.0, 4610.0, 4598.0, 4600.0, 4594.0, 4594.0, 4606.0, 4598.0, 4598.0, 4602.0, 4594.0, 4592.0, 4604.0, 4602.0, 5004.0, 4586.0, 4590.0, 4598.0, 5138.0, 5260.0, 5276.0, 5088.0, 5242.0, 5128.0, 4600.0, 4618.0, 5162.0, 5292.0, 5220.0, 5372.0, 5442.0, 5550.0, 5570.0, 5622.0, 5588.0, 5710.0, 5740.0, 5752.0, 5700.0, 4932.0, 4956.0, 4992.0, 5008.0, 5046.0, 5764.0, 6044.0]}}, "IntendedFor": ["ses-imagenet04/func/sub-08_ses-imagenet04_task-imagenet_run-05_bold.nii.gz", "ses-imagenet04/func/sub-08_ses-imagenet04_task-imagenet_run-07_bold.nii.gz", "ses-imagenet04/func/sub-08_ses-imagenet04_task-imagenet_run-08_bold.nii.gz", "ses-imagenet04/func/sub-08_ses-imagenet04_task-imagenet_run-01_bold.nii.gz", "ses-imagenet04/func/sub-08_ses-imagenet04_task-imagenet_run-03_bold.nii.gz", "ses-imagenet04/func/sub-08_ses-imagenet04_task-imagenet_run-10_bold.nii.gz", "ses-imagenet04/func/sub-08_ses-imagenet04_task-imagenet_run-02_bold.nii.gz", "ses-imagenet04/func/sub-08_ses-imagenet04_task-imagenet_run-04_bold.nii.gz", "ses-imagenet04/func/sub-08_ses-imagenet04_task-imagenet_run-09_bold.nii.gz", "ses-imagenet04/func/sub-08_ses-imagenet04_task-imagenet_run-06_bold.nii.gz"]}