{"AcquisitionMatrixPE": 100, "AcquisitionNumber": 1, "AcquisitionTime": "11:48:37.860000", "BaseResolution": 100, "BodyPartExamined": "BRAIN", "ConsistencyInfo": "N4_VE11C_LATEST_20160120", "ConversionSoftware": "dcm2niix", "ConversionSoftwareVersion": "v1.0.20180622 GCC4.9.2", "DeviceSerialNumber": "166078", "DwellTime": 8.8e-06, "EchoNumber": 2, "EchoTime": 0.00738, "EchoTime1": 0.00492, "EchoTime2": 0.00738, "FlipAngle": 60, "ImageOrientationPatientDICOM": [1, 0, 0, 0, 0.965926, -0.258819], "ImageType": ["ORIGINAL", "PRIMARY", "P", "ND"], "InPlanePhaseEncodingDirectionDICOM": "ROW", "InstitutionAddress": "Street_StreetNo_Bei_Jing_District_CN_ZIP", "InstitutionName": "BeiJing_Normal_University", "InstitutionalDepartmentName": "Department", "MRAcquisitionType": "2D", "MagneticFieldStrength": 3, "Manufacturer": "Siemens", "ManufacturersModelName": "Prisma", "Modality": "MR", "PartialFourier": 1, "PatientPosition": "HFS", "PercentPhaseFOV": 100, "PhaseEncodingDirection": "i", "PhaseEncodingSteps": 100, "PhaseResolution": 1, "PixelBandwidth": 570, "ProcedureStepDescription": "BNU_P2018_64CH_Zhen.ZongLei", "ProtocolName": "field_mapping_2x2x2", "PulseSequenceDetails": "%SiemensSeq%_gre_field_mapping", "ReceiveCoilActiveElements": "HC1-7;NC1", "ReceiveCoilName": "HeadNeck_64", "ReconMatrixPE": 100, "RepetitionTime": 0.72, "SAR": 0.131422, "ScanningSequence": "GR", "SequenceName": "_fm2d2r", "SequenceVariant": "SP", "SeriesDescription": "field_mapping_2x2x2", "SeriesNumber": 9, "ShimSetting": [-5457, -11517, -1251, 545, -12, -206, -141, 78], "SliceThickness": 2, "SoftwareVersions": "syngo_MR_E11", "SpacingBetweenSlices": 2, "StationName": "AWP166078", "TxRefAmp": 230.327, "dcmmeta_affine": [[-2.0, 0.0, 0.0, 101.34939575195312], [0.0, 1.9318516254425049, -0.51763916015625, -78.52546691894531], [0.0, 0.5176380276679993, 1.931854248046875, -91.47771453857422], [0.0, 0.0, 0.0, 1.0]], "dcmmeta_reorient_transform": [[0.0, -1.0, 0.0, 99.0], [1.0, 0.0, 0.0, 0.0], [0.0, 0.0, -1.0, 71.0], [0.0, 0.0, 0.0, 1.0]], "dcmmeta_shape": [100, 100, 72], "dcmmeta_slice_dim": 2, "dcmmeta_version": 0.6, "global": {"const": {"AcquisitionMatrix": [0, 100, 100, 0], "AcquisitionNumber": 1, "AngioFlag": "N", "BitsAllocated": 16, "BitsStored": 12, "BodyPartExamined": "BRAIN", "Columns": 100, "EchoNumbers": 2, "EchoTime": 7.38, "EchoTrainLength": 0, "FlipAngle": 60.0, "HighBit": 11, "ImageOrientationPatient": [1.0, 0.0, 0.0, 0.0, 0.96592583162183, -0.2588190252004], "ImageType": ["ORIGINAL", "PRIMARY", "P", "ND"], "ImagedNucleus": "1H", "ImagingFrequency": 123.257768, "InPlanePhaseEncodingDirection": "ROW", "MRAcquisitionType": "2D", "MagneticFieldStrength": 3.0, "Manufacturer": "SIEMENS", "ManufacturerModelName": "Prisma", "Modality": "MR", "NumberOfAverages": 1.0, "NumberOfPhaseEncodingSteps": 100, "PercentPhaseFieldOfView": 100.0, "PercentSampling": 100.0, "PerformedProcedureStepStartTime": "105611.231000", "PhotometricInterpretation": "MONOCHROME2", "PixelBandwidth": 570.0, "PixelRepresentation": 0, "PixelSpacing": [2.0, 2.0], "ProtocolName": "field_mapping_2x2x2", "RepetitionTime": 720.0, "RescaleIntercept": -4096.0, "RescaleSlope": 2.0, "RescaleType": "US", "Rows": 100, "SAR": 0.13142158309534, "SamplesPerPixel": 1, "ScanningSequence": "GR", "SequenceName": "*fm2d2r", "SequenceVariant": "SP", "SeriesDescription": "field_mapping_2x2x2", "SeriesNumber": 9, "SeriesTime": "115103.104000", "SliceThickness": 2.0, "SoftwareVersions": "syngo MR E11", "SpacingBetweenSlices": 2.0, "SpecificCharacterSet": "ISO_IR 100", "StudyID": "1", "StudyTime": "105611.144000", "TransmitCoilName": "Body", "VariableFlipAngleFlag": "N", "WindowCenterWidthExplanation": "Algo1", "dBdt": 0.0}, "slices": {"AcquisitionTime": ["114837.860000", "114837.500000", "114837.870000", "114837.510000", "114837.880000", "114837.520000", "114837.890000", "114837.530000", "114837.900000", "114837.540000", "114837.910000", "114837.550000", "114837.920000", "114837.560000", "114837.930000", "114837.570000", "114837.940000", "114837.580000", "114837.950000", "114837.590000", "114837.960000", "114837.600000", "114837.970000", "114837.610000", "114837.980000", "114837.620000", "114837.990000", "114837.630000", "114838.000000", "114837.640000", "114838.010000", "114837.650000", "114838.020000", "114837.660000", "114838.030000", "114837.670000", "114838.040000", "114837.680000", "114838.050000", "114837.690000", "114838.060000", "114837.700000", "114838.070000", "114837.710000", "114838.080000", "114837.720000", "114838.090000", "114837.730000", "114838.100000", "114837.740000", "114838.110000", "114837.750000", "114838.120000", "114837.760000", "114838.130000", "114837.770000", "114838.140000", "114837.780000", "114838.150000", "114837.790000", "114838.160000", "114837.800000", "114838.170000", "114837.810000", "114838.180000", "114837.820000", "114838.190000", "114837.830000", "114838.200000", "114837.840000", "114838.210000", "114837.850000"], "ContentTime": ["115103.174000", "115103.106000", "115103.176000", "115103.108000", "115103.178000", "115103.110000", "115103.180000", "115103.112000", "115103.182000", "115103.114000", "115103.184000", "115103.116000", "115103.186000", "115103.118000", "115103.187000", "115103.120000", "115103.325000", "115103.122000", "115103.327000", "115103.124000", "115103.329000", "115103.125000", "115103.331000", "115103.127000", "115103.333000", "115103.129000", "115103.336000", "115103.131000", "115103.338000", "115103.133000", "115103.340000", "115103.135000", "115103.342000", "115103.137000", "115103.344000", "115103.139000", "115103.346000", "115103.141000", "115103.348000", "115103.142000", "115103.349000", "115103.144000", "115103.351000", "115103.146000", "115103.353000", "115103.148000", "115103.355000", "115103.150000", "115103.357000", "115103.152000", "115103.359000", "115103.154000", "115103.361000", "115103.156000", "115103.363000", "115103.157000", "115103.364000", "115103.159000", "115103.366000", "115103.161000", "115103.368000", "115103.163000", "115103.372000", "115103.165000", "115103.374000", "115103.167000", "115103.376000", "115103.169000", "115103.378000", "115103.171000", "115103.380000", "115103.172000"], "CsaImage.GSWDDataType": ["measured", "predicted", "measured", "predicted", "measured", "predicted", "measured", "predicted", "measured", "predicted", "measured", "predicted", "measured", "predicted", "measured", "predicted", "measured", "predicted", "measured", "predicted", "measured", "predicted", "measured", "predicted", "measured", "predicted", "measured", "predicted", "measured", "predicted", "measured", "predicted", "measured", "predicted", "measured", "predicted", "measured", "predicted", "measured", "predicted", "measured", "predicted", "measured", "predicted", "measured", "predicted", "measured", "predicted", "measured", "predicted", "measured", "predicted", "measured", "predicted", "measured", "predicted", "measured", "predicted", "measured", "predicted", "measured", "predicted", "measured", "predicted", "measured", "measured", "measured", "measured", "measured", "measured", "measured", "measured"], "CsaImage.ICE_Dims": ["X_2_1_1_1_1_1_37_1_1_1_1_65", "X_2_1_1_1_1_1_1_1_1_2_1_65", "X_2_1_1_1_1_1_38_1_1_3_1_65", "X_2_1_1_1_1_1_2_1_1_4_1_65", "X_2_1_1_1_1_1_39_1_1_5_1_65", "X_2_1_1_1_1_1_3_1_1_6_1_65", "X_2_1_1_1_1_1_40_1_1_7_1_65", "X_2_1_1_1_1_1_4_1_1_8_1_65", "X_2_1_1_1_1_1_41_1_1_9_1_65", "X_2_1_1_1_1_1_5_1_1_10_1_65", "X_2_1_1_1_1_1_42_1_1_11_1_65", "X_2_1_1_1_1_1_6_1_1_12_1_65", "X_2_1_1_1_1_1_43_1_1_13_1_65", "X_2_1_1_1_1_1_7_1_1_14_1_65", "X_2_1_1_1_1_1_44_1_1_15_1_65", "X_2_1_1_1_1_1_8_1_1_16_1_65", "X_2_1_1_1_1_1_45_1_1_17_1_65", "X_2_1_1_1_1_1_9_1_1_18_1_65", "X_2_1_1_1_1_1_46_1_1_19_1_65", "X_2_1_1_1_1_1_10_1_1_20_1_65", "X_2_1_1_1_1_1_47_1_1_21_1_65", "X_2_1_1_1_1_1_11_1_1_22_1_65", "X_2_1_1_1_1_1_48_1_1_23_1_65", "X_2_1_1_1_1_1_12_1_1_24_1_65", "X_2_1_1_1_1_1_49_1_1_25_1_65", "X_2_1_1_1_1_1_13_1_1_26_1_65", "X_2_1_1_1_1_1_50_1_1_27_1_65", "X_2_1_1_1_1_1_14_1_1_28_1_65", "X_2_1_1_1_1_1_51_1_1_29_1_65", "X_2_1_1_1_1_1_15_1_1_30_1_65", "X_2_1_1_1_1_1_52_1_1_31_1_65", "X_2_1_1_1_1_1_16_1_1_32_1_65", "X_2_1_1_1_1_1_53_1_1_33_1_65", "X_2_1_1_1_1_1_17_1_1_34_1_65", "X_2_1_1_1_1_1_54_1_1_35_1_65", "X_2_1_1_1_1_1_18_1_1_36_1_65", "X_2_1_1_1_1_1_55_1_1_37_1_65", "X_2_1_1_1_1_1_19_1_1_38_1_65", "X_2_1_1_1_1_1_56_1_1_39_1_65", "X_2_1_1_1_1_1_20_1_1_40_1_65", "X_2_1_1_1_1_1_57_1_1_41_1_65", "X_2_1_1_1_1_1_21_1_1_42_1_65", "X_2_1_1_1_1_1_58_1_1_43_1_65", "X_2_1_1_1_1_1_22_1_1_44_1_65", "X_2_1_1_1_1_1_59_1_1_45_1_65", "X_2_1_1_1_1_1_23_1_1_46_1_65", "X_2_1_1_1_1_1_60_1_1_47_1_65", "X_2_1_1_1_1_1_24_1_1_48_1_65", "X_2_1_1_1_1_1_61_1_1_49_1_65", "X_2_1_1_1_1_1_25_1_1_50_1_65", "X_2_1_1_1_1_1_62_1_1_51_1_65", "X_2_1_1_1_1_1_26_1_1_52_1_65", "X_2_1_1_1_1_1_63_1_1_53_1_65", "X_2_1_1_1_1_1_27_1_1_54_1_65", "X_2_1_1_1_1_1_64_1_1_55_1_65", "X_2_1_1_1_1_1_28_1_1_56_1_65", "X_2_1_1_1_1_1_65_1_1_57_1_65", "X_2_1_1_1_1_1_29_1_1_58_1_65", "X_2_1_1_1_1_1_66_1_1_59_1_65", "X_2_1_1_1_1_1_30_1_1_60_1_65", "X_2_1_1_1_1_1_67_1_1_61_1_65", "X_2_1_1_1_1_1_31_1_1_62_1_65", "X_2_1_1_1_1_1_68_1_1_63_1_65", "X_2_1_1_1_1_1_32_1_1_64_1_65", "X_2_1_1_1_1_1_69_1_1_65_1_65", "X_2_1_1_1_1_1_33_1_1_66_1_65", "X_2_1_1_1_1_1_70_1_1_67_1_65", "X_2_1_1_1_1_1_34_1_1_68_1_65", "X_2_1_1_1_1_1_71_1_1_69_1_65", "X_2_1_1_1_1_1_35_1_1_70_1_65", "X_2_1_1_1_1_1_72_1_1_71_1_65", "X_2_1_1_1_1_1_36_1_1_72_1_65"], "CsaImage.ProtocolSliceNumber": [0, 1, 2, 3, 4, 5, 6, 7, 8, 9, 10, 11, 12, 13, 14, 15, 16, 17, 18, 19, 20, 21, 22, 23, 24, 25, 26, 27, 28, 29, 30, 31, 32, 33, 34, 35, 36, 37, 38, 39, 40, 41, 42, 43, 44, 45, 46, 47, 48, 49, 50, 51, 52, 53, 54, 55, 56, 57, 58, 59, 60, 61, 62, 63, 64, 65, 66, 67, 68, 69, 70, 71], "CsaImage.RFSWDDataType": ["measured", "predicted", "measured", "predicted", "measured", "predicted", "measured", "predicted", "measured", "predicted", "measured", "predicted", "measured", "predicted", "measured", "predicted", "measured", "predicted", "measured", "predicted", "measured", "predicted", "measured", "predicted", "measured", "predicted", "measured", "predicted", "measured", "predicted", "measured", "predicted", "measured", "predicted", "measured", "predicted", "measured", "predicted", "measured", "predicted", "measured", "predicted", "measured", "predicted", "measured", "predicted", "measured", "predicted", "measured", "predicted", "measured", "predicted", "measured", "predicted", "measured", "predicted", "measured", "predicted", "measured", "predicted", "measured", "predicted", "measured", "measured", "measured", "measured", "measured", "measured", "measured", "measured", "measured", "measured"], "CsaImage.SlicePosition_PCS": [[-101.34939754, -112.72777222, -40.23136347], [-101.34939754, -112.21013306, -38.29950922], [-101.34939754, -111.69249485, -36.36765879], [-101.34939754, -111.1748576, -34.43580454], [-101.34939754, -110.65721939, -32.50395411], [-101.34939754, -110.13958119, -30.57210368], [-101.34939754, -109.62194298, -28.64025324], [-101.34939754, -109.10430477, -26.70839899], [-101.34939754, -108.58666657, -24.77654856], [-101.34939754, -108.06902836, -22.84469813], [-101.34939754, -107.55139015, -20.91284388], [-101.34939754, -107.0337529, -18.98099345], [-101.34939754, -106.51611469, -17.04914301], [-101.34939754, -105.99847649, -15.11728876], [-101.34939754, -105.48083828, -13.18543833], [-101.34939754, -104.96320008, -11.2535879], [-101.34939754, -104.44556187, -9.32173365], [-101.34939754, -103.92792414, -7.38988322], [-101.34939754, -103.41028593, -5.45803088], [-101.34939754, -102.89264773, -3.52618044], [-101.34939754, -102.37500952, -1.5943281], [-101.34939754, -101.85737179, 0.33752424], [-101.34939754, -101.33973358, 2.26937467], [-101.34939754, -100.82209538, 4.20122701], [-101.34939754, -100.30445741, 6.13307745], [-101.34939754, -99.7868192, 8.06492979], [-101.34939754, -99.26918123, 9.99678213], [-101.34939754, -98.75154303, 11.92863352], [-101.34939754, -98.23390494, 13.8604849], [-101.34939754, -97.71626685, 15.79233629], [-101.34939754, -97.19862883, 17.72418863], [-101.34939754, -96.68099072, 19.65604002], [-101.34939754, -96.16335262, 21.5878914], [-101.34939754, -95.6457145, 23.51974327], [-101.34939754, -95.12807642, 25.45159492], [-101.34939754, -94.61043833, 27.38344652], [-101.34939754, -94.09280036, 29.31529814], [-101.34939754, -93.57516216, 31.24714977], [-101.34939754, -93.05752419, 33.17900163], [-101.34939754, -92.53988598, 35.11085302], [-101.34939754, -92.02224777, 37.04270441], [-101.34939754, -91.50461004, 38.97455675], [-101.34939754, -90.98697184, 40.90640814], [-101.34939754, -90.46933363, 42.83826048], [-101.34939754, -89.95169542, 44.77011091], [-101.34939754, -89.43405722, 46.70196325], [-101.34939754, -88.91641949, 48.63381559], [-101.34939754, -88.39878128, 50.56566602], [-101.34939754, -87.88114308, 52.49751836], [-101.34939754, -87.36350487, 54.4293688], [-101.34939754, -86.84586666, 56.36122114], [-101.34939754, -86.32822846, 58.29307348], [-101.34939754, -85.8105912, 60.22492391], [-101.34939754, -85.292953, 62.15677816], [-101.34939754, -84.77531479, 64.08862859], [-101.34939754, -84.25767658, 66.02047903], [-101.34939754, -83.74003838, 67.95232946], [-101.34939754, -83.22240017, 69.88418371], [-101.34939754, -82.70476196, 71.81603414], [-101.34939754, -82.18712376, 73.74788458], [-101.34939754, -81.66948651, 75.67973882], [-101.34939754, -81.1518483, 77.61158926], [-101.34939754, -80.63421009, 79.54343969], [-101.34939754, -80.11657189, 81.47529394], [-101.34939754, -79.59893463, 83.40714437], [-101.34939754, -79.08129547, 85.33899481], [-101.34939754, -78.56365822, 87.27084905], [-101.34939754, -78.04601906, 89.20269949], [-101.34939754, -77.52838181, 91.13454992], [-101.34939754, -77.01074265, 93.06640417], [-101.34939754, -76.49310539, 94.99825079], [-101.34939754, -75.97546623, 96.93010503]], "CsaImage.TimeAfterStart": [1.0825, 0.7225, 1.0925, 0.7325, 1.1025, 0.7425, 1.1125, 0.7525, 1.1225, 0.7625, 1.1325, 0.7725, 1.1425, 0.7825, 1.1525, 0.7925, 1.1625, 0.8025, 1.1725, 0.8125, 1.1825, 0.8225, 1.1925, 0.8325, 1.2025, 0.8425, 1.2125, 0.8525, 1.2225, 0.8625, 1.2325, 0.8725, 1.2425, 0.8825, 1.2525, 0.8925, 1.2625, 0.9025, 1.2725, 0.9125, 1.2825, 0.9225, 1.2925, 0.9325, 1.3025, 0.9425, 1.3125, 0.9525, 1.3225, 0.9625, 1.3325, 0.9725, 1.3425, 0.9825, 1.3525, 0.9925, 1.3625, 1.0025, 1.3725, 1.0125, 1.3825, 1.0225, 1.3925, 1.0325, 1.4025, 1.0425, 1.4125, 1.0525, 1.4225, 1.0625, 1.4325, 1.0725], "ImagePositionPatient": [[-101.34939754009, -112.72777221858, -40.231363471172], [-101.34939754009, -112.21013305842, -38.299509223125], [-101.34939754009, -111.69249485194, -36.367658789775], [-101.34939754009, -111.17485759913, -34.435804541729], [-101.34939754009, -110.65721939265, -32.503954108379], [-101.34939754009, -110.13958118617, -30.572103675029], [-101.34939754009, -109.62194297969, -28.64025324168], [-101.34939754009, -109.10430477321, -26.708398993633], [-101.34939754009, -108.58666656672, -24.776548560283], [-101.34939754009, -108.06902836024, -22.844698126934], [-101.34939754009, -107.55139015376, -20.912843878887], [-101.34939754009, -107.03375290095, -18.980993445537], [-101.34939754009, -106.51611469447, -17.049143012188], [-101.34939754009, -105.99847648799, -15.117288764141], [-101.34939754009, -105.48083828151, -13.185438330791], [-101.34939754009, -104.96320007502, -11.253587897441], [-101.34939754009, -104.44556186854, -9.3217336493946], [-101.34939754009, -103.9279241389, -7.389883216045], [-101.34939754009, -103.41028593242, -5.4580308753467], [-101.34939754009, -102.89264772593, -3.5261804419971], [-101.34939754009, -102.37500951945, -1.5943281012989], [-101.34939754009, -101.85737178981, 0.33752423939935], [-101.34939754009, -101.33973358333, 2.269374672749], [-101.34939754009, -100.82209537684, 4.2012270134472], [-101.34939754009, -100.30445740878, 6.1330774467968], [-101.34939754009, -99.786819202298, 8.0649297874951], [-101.34939754009, -99.269181234235, 9.9967821281933], [-101.34939754009, -98.751543027753, 11.928633515217], [-101.34939754009, -98.23390494048, 13.860484902241], [-101.34939754009, -97.716266853208, 15.792336289265], [-101.34939754009, -97.19862882554, 17.724188629963], [-101.34939754009, -96.680990715915, 19.656040016987], [-101.34939754009, -96.163352621192, 21.587891404011], [-101.34939754009, -95.645714504117, 23.519743267872], [-101.34939754009, -95.128076416845, 25.451594923117], [-101.34939754009, -94.610438329572, 27.383446518757], [-101.34939754009, -94.092800361509, 29.3152981442], [-101.34939754009, -93.575162155027, 31.247149769642], [-101.34939754009, -93.057524186963, 33.179001633503], [-101.34939754009, -92.539885980481, 35.110853020527], [-101.34939754009, -92.022247773999, 37.042704407551], [-101.34939754009, -91.504610044355, 38.974556748249], [-101.34939754009, -90.986971837873, 40.906408135273], [-101.34939754009, -90.469333631391, 42.838260475972], [-101.34939754009, -89.951695424909, 44.770110909321], [-101.34939754009, -89.434057218427, 46.701963250019], [-101.34939754009, -88.916419488782, 48.633815590718], [-101.34939754009, -88.3987812823, 50.565666024067], [-101.34939754009, -87.881143075818, 52.497518364766], [-101.34939754009, -87.363504869336, 54.429368798115], [-101.34939754009, -86.845866662854, 56.361221138813], [-101.34939754009, -86.328228456372, 58.293073479512], [-101.34939754009, -85.810591203565, 60.224923912861], [-101.34939754009, -85.292952997083, 62.156778160908], [-101.34939754009, -84.775314790601, 64.088628594258], [-101.34939754009, -84.257676584119, 66.020479027607], [-101.34939754009, -83.740038377637, 67.952329460957], [-101.34939754009, -83.222400171155, 69.884183709004], [-101.34939754009, -82.704761964673, 71.816034142353], [-101.34939754009, -82.187123758191, 73.747884575703], [-101.34939754009, -81.669486505384, 75.67973882375], [-101.34939754009, -81.151848298902, 77.6115892571], [-101.34939754009, -80.63421009242, 79.543439690449], [-101.34939754009, -80.116571885938, 81.475293938496], [-101.34939754009, -79.59893463313, 83.407144371846], [-101.34939754009, -79.081295472974, 85.338994805195], [-101.34939754009, -78.563658220166, 87.270849053242], [-101.34939754009, -78.04601906001, 89.202699486592], [-101.34939754009, -77.528381807203, 91.134549919941], [-101.34939754009, -77.010742647046, 93.066404167988], [-101.34939754009, -76.493105394239, 94.998250786641], [-101.34939754009, -75.975466234082, 96.930105034687]], "InstanceCreationTime": ["115103.174000", "115103.106000", "115103.176000", "115103.108000", "115103.178000", "115103.110000", "115103.180000", "115103.112000", "115103.182000", "115103.114000", "115103.184000", "115103.116000", "115103.186000", "115103.118000", "115103.187000", "115103.120000", "115103.325000", "115103.122000", "115103.327000", "115103.124000", "115103.329000", "115103.125000", "115103.331000", "115103.127000", "115103.333000", "115103.129000", "115103.336000", "115103.131000", "115103.338000", "115103.133000", "115103.340000", "115103.135000", "115103.342000", "115103.137000", "115103.344000", "115103.139000", "115103.346000", "115103.141000", "115103.348000", "115103.142000", "115103.349000", "115103.144000", "115103.351000", "115103.146000", "115103.353000", "115103.148000", "115103.355000", "115103.150000", "115103.357000", "115103.152000", "115103.359000", "115103.154000", "115103.361000", "115103.156000", "115103.363000", "115103.157000", "115103.364000", "115103.159000", "115103.366000", "115103.161000", "115103.368000", "115103.163000", "115103.372000", "115103.165000", "115103.374000", "115103.167000", "115103.376000", "115103.169000", "115103.378000", "115103.171000", "115103.380000", "115103.172000"], "InstanceNumber": [1, 2, 3, 4, 5, 6, 7, 8, 9, 10, 11, 12, 13, 14, 15, 16, 17, 18, 19, 20, 21, 22, 23, 24, 25, 26, 27, 28, 29, 30, 31, 32, 33, 34, 35, 36, 37, 38, 39, 40, 41, 42, 43, 44, 45, 46, 47, 48, 49, 50, 51, 52, 53, 54, 55, 56, 57, 58, 59, 60, 61, 62, 63, 64, 65, 66, 67, 68, 69, 70, 71, 72], "LargestImagePixelValue": [4095, 4094, 4093, 4093, 4092, 4095, 4093, 4094, 4094, 4094, 4095, 4095, 4095, 4094, 4093, 4094, 4094, 4093, 4091, 4093, 4093, 4090, 4094, 4092, 4095, 4094, 4095, 4090, 4094, 4094, 4094, 4091, 4095, 4094, 4088, 4095, 4094, 4089, 4094, 4091, 4094, 4093, 4094, 4094, 4093, 4091, 4085, 4090, 4094, 4094, 4094, 4094, 4093, 4094, 4095, 4095, 4095, 4095, 4094, 4094, 4095, 4094, 4095, 4094, 4094, 4094, 4094, 4095, 4095, 4095, 4095, 4095], "SliceLocation": [-68.036605336796, -66.036602552842, -64.036603700432, -62.036601410136, -60.036602557725, -58.036603705315, -56.036604852905, -54.03660231578, -52.036603463369, -50.036604610959, -48.036602073834, -46.036603468253, -44.036604615843, -42.036602078718, -40.036603226307, -38.036604373897, -36.036601836772, -34.036603107776, -32.036602413008, -30.036603560598, -28.03660286583, -26.036602294477, -24.036603442067, -22.036602747299, -20.036603956596, -18.036603261829, -16.036602628768, -14.036602855179, -12.036603112444, -10.036603369708, -8.0366027212212, -6.0366029727008, -4.0366032280371, -2.036603016999, -0.0366030151821, 1.9633969290611, 3.9633968712375, 5.9633968751212, 7.9633970475922, 9.9633968211812, 11.96339659477, 13.963397166123, 15.963396939712, 17.96339763448, 19.96339648689, 21.963397181658, 23.963397753011, 25.963396605421, 27.963397300189, 29.963396152599, 31.963396847367, 33.963397542135, 35.963396147716, 37.963398684841, 39.963397537251, 41.963396389662, 43.963395242072, 45.963397779197, 47.963396631607, 49.963395484018, 51.963397774314, 53.963396626724, 55.963395479134, 57.963398016259, 59.963396621841, 61.96339572108, 63.963398011376, 65.963397110615, 67.963395716197, 69.963398500151, 71.963393421017, 73.963396204971], "SmallestImagePixelValue": [0, 0, 0, 1, 0, 7, 0, 0, 1, 2, 0, 0, 0, 0, 4, 1, 1, 1, 2, 1, 0, 0, 1, 0, 0, 0, 3, 0, 0, 1, 1, 19, 0, 0, 3, 5, 0, 2, 0, 4, 0, 0, 0, 1, 0, 0, 2, 7, 2, 2, 0, 3, 3, 0, 0, 1, 0, 1, 0, 0, 0, 0, 0, 0, 0, 0, 0, 0, 0, 0, 1, 0], "WindowCenter": [-26.0, -84.0, -70.0, -200.0, -234.0, -208.0, -216.0, -214.0, -178.0, -168.0, -196.0, -122.0, -108.0, -150.0, -198.0, -200.0, -186.0, -218.0, -222.0, -206.0, -208.0, -218.0, -210.0, -216.0, -224.0, -230.0, -262.0, -254.0, -398.0, -380.0, -370.0, -252.0, -342.0, -310.0, -284.0, -142.0, -126.0, -128.0, -104.0, -88.0, -88.0, -80.0, -70.0, -38.0, -26.0, -38.0, -48.0, -18.0, -42.0, -22.0, -6.0, -26.0, -20.0, -32.0, -38.0, -40.0, -36.0, -40.0, -52.0, -56.0, -44.0, -62.0, -86.0, -92.0, -156.0, -190.0, -226.0, -254.0, -300.0, -350.0, -340.0, -288.0], "WindowWidth": [6174.0, 6202.0, 6204.0, 6110.0, 6110.0, 6130.0, 6146.0, 6180.0, 6158.0, 6196.0, 6240.0, 6278.0, 6306.0, 6194.0, 6114.0, 6048.0, 5986.0, 5924.0, 5860.0, 5824.0, 5798.0, 5736.0, 5656.0, 5648.0, 5550.0, 5394.0, 5338.0, 5326.0, 4642.0, 4638.0, 4646.0, 5106.0, 4654.0, 4634.0, 4636.0, 5164.0, 5196.0, 5140.0, 5248.0, 5220.0, 5218.0, 5278.0, 5332.0, 5378.0, 5426.0, 5374.0, 5336.0, 5428.0, 5266.0, 5360.0, 5486.0, 5492.0, 5522.0, 5476.0, 5532.0, 5550.0, 5572.0, 5626.0, 5652.0, 5700.0, 5682.0, 5746.0, 5708.0, 5792.0, 5818.0, 5852.0, 5894.0, 5870.0, 6000.0, 6000.0, 5980.0, 5970.0]}}, "IntendedFor": ["ses-imagenet04/func/sub-08_ses-imagenet04_task-imagenet_run-05_bold.nii.gz", "ses-imagenet04/func/sub-08_ses-imagenet04_task-imagenet_run-07_bold.nii.gz", "ses-imagenet04/func/sub-08_ses-imagenet04_task-imagenet_run-08_bold.nii.gz", "ses-imagenet04/func/sub-08_ses-imagenet04_task-imagenet_run-01_bold.nii.gz", "ses-imagenet04/func/sub-08_ses-imagenet04_task-imagenet_run-03_bold.nii.gz", "ses-imagenet04/func/sub-08_ses-imagenet04_task-imagenet_run-10_bold.nii.gz", "ses-imagenet04/func/sub-08_ses-imagenet04_task-imagenet_run-02_bold.nii.gz", "ses-imagenet04/func/sub-08_ses-imagenet04_task-imagenet_run-04_bold.nii.gz", "ses-imagenet04/func/sub-08_ses-imagenet04_task-imagenet_run-09_bold.nii.gz", "ses-imagenet04/func/sub-08_ses-imagenet04_task-imagenet_run-06_bold.nii.gz"]}