{"AcquisitionMatrixPE": 100, "AcquisitionNumber": 1, "AcquisitionTime": "11:41:51.157500", "BaseResolution": 100, "BodyPartExamined": "BRAIN", "ConsistencyInfo": "N4_VE11C_LATEST_20160120", "ConversionSoftware": "dcm2niix", "ConversionSoftwareVersion": "v1.0.20180622 GCC4.9.2", "DeviceSerialNumber": "166078", "DwellTime": 8.8e-06, "EchoNumber": 2, "EchoTime": 0.00738, "EchoTime1": 0.00492, "EchoTime2": 0.00738, "FlipAngle": 60, "ImageOrientationPatientDICOM": [1, 0, 0, 0, 0.974761, -0.22325], "ImageType": ["ORIGINAL", "PRIMARY", "P", "ND"], "InPlanePhaseEncodingDirectionDICOM": "ROW", "InstitutionAddress": "Street_StreetNo_Bei_Jing_District_CN_ZIP", "InstitutionName": "BeiJing_Normal_University", "InstitutionalDepartmentName": "Department", "MRAcquisitionType": "2D", "MagneticFieldStrength": 3, "Manufacturer": "Siemens", "ManufacturersModelName": "Prisma", "Modality": "MR", "PartialFourier": 1, "PatientPosition": "HFS", "PercentPhaseFOV": 100, "PhaseEncodingDirection": "i", "PhaseEncodingSteps": 100, "PhaseResolution": 1, "PixelBandwidth": 570, "ProcedureStepDescription": "BNU_P2018_64CH_Zhen.ZongLei", "ProtocolName": "field_mapping_2x2x2", "PulseSequenceDetails": "%SiemensSeq%_gre_field_mapping", "ReceiveCoilActiveElements": "HC1-7;NC1", "ReceiveCoilName": "HeadNeck_64", "ReconMatrixPE": 100, "RepetitionTime": 0.72, "SAR": 0.144038, "ScanningSequence": "GR", "SequenceName": "_fm2d2r", "SequenceVariant": "SP", "SeriesDescription": "field_mapping_2x2x2", "SeriesNumber": 9, "ShimSetting": [-5453, -11475, -1269, 418, 14, -109, -155, 53], "SliceThickness": 2, "SoftwareVersions": "syngo_MR_E11", "SpacingBetweenSlices": 2, "StationName": "AWP166078", "TxRefAmp": 233.327, "dcmmeta_affine": [[-2.0, 0.0, 0.0, 100.67469787597656], [0.0, 1.9495223760604858, -0.4464998245239258, -77.77225494384766], [0.0, 0.4465002119541168, 1.9495201110839844, -96.2526626586914], [0.0, 0.0, 0.0, 1.0]], "dcmmeta_reorient_transform": [[0.0, -1.0, 0.0, 99.0], [1.0, 0.0, 0.0, 0.0], [0.0, 0.0, -1.0, 71.0], [0.0, 0.0, 0.0, 1.0]], "dcmmeta_shape": [100, 100, 72], "dcmmeta_slice_dim": 2, "dcmmeta_version": 0.6, "global": {"const": {"AcquisitionMatrix": [0, 100, 100, 0], "AcquisitionNumber": 1, "AngioFlag": "N", "BitsAllocated": 16, "BitsStored": 12, "BodyPartExamined": "BRAIN", "Columns": 100, "EchoNumbers": 2, "EchoTime": 7.38, "EchoTrainLength": 0, "FlipAngle": 60.0, "HighBit": 11, "ImageOrientationPatient": [1.0, 0.0, 0.0, 0.0, 0.97476119590244, -0.2232501085394], "ImageType": ["ORIGINAL", "PRIMARY", "P", "ND"], "ImagedNucleus": "1H", "ImagingFrequency": 123.257776, "InPlanePhaseEncodingDirection": "ROW", "MRAcquisitionType": "2D", "MagneticFieldStrength": 3.0, "Manufacturer": "SIEMENS", "ManufacturerModelName": "Prisma", "Modality": "MR", "NumberOfAverages": 1.0, "NumberOfPhaseEncodingSteps": 100, "PercentPhaseFieldOfView": 100.0, "PercentSampling": 100.0, "PerformedProcedureStepStartTime": "105223.445000", "PhotometricInterpretation": "MONOCHROME2", "PixelBandwidth": 570.0, "PixelRepresentation": 0, "PixelSpacing": [2.0, 2.0], "ProtocolName": "field_mapping_2x2x2", "RepetitionTime": 720.0, "RescaleIntercept": -4096.0, "RescaleSlope": 2.0, "RescaleType": "US", "Rows": 100, "SAR": 0.14403835154056, "SamplesPerPixel": 1, "ScanningSequence": "GR", "SequenceName": "*fm2d2r", "SequenceVariant": "SP", "SeriesDescription": "field_mapping_2x2x2", "SeriesNumber": 9, "SeriesTime": "114415.429000", "SliceThickness": 2.0, "SoftwareVersions": "syngo MR E11", "SpacingBetweenSlices": 2.0, "SpecificCharacterSet": "ISO_IR 100", "StudyID": "1", "StudyTime": "105223.381000", "TransmitCoilName": "Body", "VariableFlipAngleFlag": "N", "WindowCenterWidthExplanation": "Algo1", "dBdt": 0.0}, "slices": {"AcquisitionTime": ["114151.157500", "114150.797500", "114151.167500", "114150.807500", "114151.177500", "114150.817500", "114151.187500", "114150.827500", "114151.197500", "114150.837500", "114151.207500", "114150.847500", "114151.217500", "114150.857500", "114151.227500", "114150.867500", "114151.237500", "114150.877500", "114151.247500", "114150.887500", "114151.257500", "114150.897500", "114151.267500", "114150.907500", "114151.277500", "114150.917500", "114151.287500", "114150.927500", "114151.297500", "114150.937500", "114151.307500", "114150.947500", "114151.317500", "114150.957500", "114151.327500", "114150.967500", "114151.337500", "114150.977500", "114151.347500", "114150.987500", "114151.357500", "114150.997500", "114151.367500", "114151.007500", "114151.377500", "114151.017500", "114151.387500", "114151.027500", "114151.397500", "114151.037500", "114151.407500", "114151.047500", "114151.417500", "114151.057500", "114151.427500", "114151.067500", "114151.437500", "114151.077500", "114151.447500", "114151.087500", "114151.457500", "114151.097500", "114151.467500", "114151.107500", "114151.477500", "114151.117500", "114151.487500", "114151.127500", "114151.497500", "114151.137500", "114151.507500", "114151.147500"], "ContentTime": ["114415.499000", "114415.431000", "114415.501000", "114415.433000", "114415.502000", "114415.435000", "114415.504000", "114415.437000", "114415.506000", "114415.439000", "114415.508000", "114415.441000", "114415.510000", "114415.442000", "114415.512000", "114415.444000", "114415.514000", "114415.446000", "114415.516000", "114415.448000", "114415.517000", "114415.450000", "114415.520000", "114415.452000", "114415.522000", "114415.454000", "114415.524000", "114415.456000", "114415.526000", "114415.457000", "114415.527000", "114415.459000", "114415.530000", "114415.461000", "114415.532000", "114415.463000", "114415.537000", "114415.465000", "114415.539000", "114415.467000", "114415.543000", "114415.469000", "114415.546000", "114415.471000", "114415.547000", "114415.472000", "114415.549000", "114415.474000", "114415.551000", "114415.476000", "114415.553000", "114415.478000", "114415.555000", "114415.480000", "114415.557000", "114415.482000", "114415.559000", "114415.484000", "114415.561000", "114415.486000", "114415.563000", "114415.488000", "114415.565000", "114415.489000", "114415.568000", "114415.491000", "114415.570000", "114415.493000", "114415.571000", "114415.495000", "114415.573000", "114415.497000"], "CsaImage.GSWDDataType": ["measured", "predicted", "measured", "predicted", "measured", "predicted", "measured", "predicted", "measured", "predicted", "measured", "predicted", "measured", "predicted", "measured", "predicted", "measured", "predicted", "measured", "predicted", "measured", "predicted", "measured", "predicted", "measured", "predicted", "measured", "predicted", "measured", "predicted", "measured", "predicted", "measured", "predicted", "measured", "predicted", "measured", "predicted", "measured", "predicted", "measured", "predicted", "measured", "predicted", "measured", "predicted", "measured", "predicted", "measured", "predicted", "measured", "predicted", "measured", "predicted", "measured", "predicted", "measured", "predicted", "measured", "predicted", "measured", "predicted", "measured", "predicted", "measured", "predicted", "measured", "predicted", "measured", "predicted", "measured", "measured"], "CsaImage.ICE_Dims": ["X_2_1_1_1_1_1_37_1_1_1_1_76", "X_2_1_1_1_1_1_1_1_1_2_1_76", "X_2_1_1_1_1_1_38_1_1_3_1_76", "X_2_1_1_1_1_1_2_1_1_4_1_76", "X_2_1_1_1_1_1_39_1_1_5_1_76", "X_2_1_1_1_1_1_3_1_1_6_1_76", "X_2_1_1_1_1_1_40_1_1_7_1_76", "X_2_1_1_1_1_1_4_1_1_8_1_76", "X_2_1_1_1_1_1_41_1_1_9_1_76", "X_2_1_1_1_1_1_5_1_1_10_1_76", "X_2_1_1_1_1_1_42_1_1_11_1_76", "X_2_1_1_1_1_1_6_1_1_12_1_76", "X_2_1_1_1_1_1_43_1_1_13_1_76", "X_2_1_1_1_1_1_7_1_1_14_1_76", "X_2_1_1_1_1_1_44_1_1_15_1_76", "X_2_1_1_1_1_1_8_1_1_16_1_76", "X_2_1_1_1_1_1_45_1_1_17_1_76", "X_2_1_1_1_1_1_9_1_1_18_1_76", "X_2_1_1_1_1_1_46_1_1_19_1_76", "X_2_1_1_1_1_1_10_1_1_20_1_76", "X_2_1_1_1_1_1_47_1_1_21_1_76", "X_2_1_1_1_1_1_11_1_1_22_1_76", "X_2_1_1_1_1_1_48_1_1_23_1_76", "X_2_1_1_1_1_1_12_1_1_24_1_76", "X_2_1_1_1_1_1_49_1_1_25_1_76", "X_2_1_1_1_1_1_13_1_1_26_1_76", "X_2_1_1_1_1_1_50_1_1_27_1_76", "X_2_1_1_1_1_1_14_1_1_28_1_76", "X_2_1_1_1_1_1_51_1_1_29_1_76", "X_2_1_1_1_1_1_15_1_1_30_1_76", "X_2_1_1_1_1_1_52_1_1_31_1_76", "X_2_1_1_1_1_1_16_1_1_32_1_76", "X_2_1_1_1_1_1_53_1_1_33_1_76", "X_2_1_1_1_1_1_17_1_1_34_1_76", "X_2_1_1_1_1_1_54_1_1_35_1_76", "X_2_1_1_1_1_1_18_1_1_36_1_76", "X_2_1_1_1_1_1_55_1_1_37_1_76", "X_2_1_1_1_1_1_19_1_1_38_1_76", "X_2_1_1_1_1_1_56_1_1_39_1_76", "X_2_1_1_1_1_1_20_1_1_40_1_76", "X_2_1_1_1_1_1_57_1_1_41_1_76", "X_2_1_1_1_1_1_21_1_1_42_1_76", "X_2_1_1_1_1_1_58_1_1_43_1_76", "X_2_1_1_1_1_1_22_1_1_44_1_76", "X_2_1_1_1_1_1_59_1_1_45_1_76", "X_2_1_1_1_1_1_23_1_1_46_1_76", "X_2_1_1_1_1_1_60_1_1_47_1_76", "X_2_1_1_1_1_1_24_1_1_48_1_76", "X_2_1_1_1_1_1_61_1_1_49_1_76", "X_2_1_1_1_1_1_25_1_1_50_1_76", "X_2_1_1_1_1_1_62_1_1_51_1_76", "X_2_1_1_1_1_1_26_1_1_52_1_76", "X_2_1_1_1_1_1_63_1_1_53_1_76", "X_2_1_1_1_1_1_27_1_1_54_1_76", "X_2_1_1_1_1_1_64_1_1_55_1_76", "X_2_1_1_1_1_1_28_1_1_56_1_76", "X_2_1_1_1_1_1_65_1_1_57_1_76", "X_2_1_1_1_1_1_29_1_1_58_1_76", "X_2_1_1_1_1_1_66_1_1_59_1_76", "X_2_1_1_1_1_1_30_1_1_60_1_76", "X_2_1_1_1_1_1_67_1_1_61_1_76", "X_2_1_1_1_1_1_31_1_1_62_1_76", "X_2_1_1_1_1_1_68_1_1_63_1_76", "X_2_1_1_1_1_1_32_1_1_64_1_76", "X_2_1_1_1_1_1_69_1_1_65_1_76", "X_2_1_1_1_1_1_33_1_1_66_1_76", "X_2_1_1_1_1_1_70_1_1_67_1_76", "X_2_1_1_1_1_1_34_1_1_68_1_76", "X_2_1_1_1_1_1_71_1_1_69_1_76", "X_2_1_1_1_1_1_35_1_1_70_1_76", "X_2_1_1_1_1_1_72_1_1_71_1_76", "X_2_1_1_1_1_1_36_1_1_72_1_76"], "CsaImage.ProtocolSliceNumber": [0, 1, 2, 3, 4, 5, 6, 7, 8, 9, 10, 11, 12, 13, 14, 15, 16, 17, 18, 19, 20, 21, 22, 23, 24, 25, 26, 27, 28, 29, 30, 31, 32, 33, 34, 35, 36, 37, 38, 39, 40, 41, 42, 43, 44, 45, 46, 47, 48, 49, 50, 51, 52, 53, 54, 55, 56, 57, 58, 59, 60, 61, 62, 63, 64, 65, 66, 67, 68, 69, 70, 71], "CsaImage.RFSWDDataType": ["measured", "predicted", "measured", "predicted", "measured", "predicted", "measured", "predicted", "measured", "predicted", "measured", "predicted", "measured", "predicted", "measured", "predicted", "measured", "predicted", "measured", "predicted", "measured", "predicted", "measured", "predicted", "measured", "predicted", "measured", "predicted", "measured", "predicted", "measured", "predicted", "measured", "predicted", "measured", "predicted", "measured", "predicted", "measured", "predicted", "measured", "predicted", "measured", "predicted", "measured", "predicted", "measured", "predicted", "measured", "predicted", "measured", "predicted", "measured", "predicted", "measured", "predicted", "measured", "predicted", "measured", "predicted", "measured", "predicted", "measured", "predicted", "measured", "predicted", "measured", "predicted", "measured", "measured", "measured", "measured"], "CsaImage.SlicePosition_PCS": [[-100.67469877, -115.23049314, -52.0493025], [-100.67469877, -114.78399236, -50.09977857], [-100.67469877, -114.33749158, -48.15025465], [-100.67469877, -113.89099081, -46.20073072], [-100.67469877, -113.44449098, -44.2512068], [-100.67469877, -112.99799116, -42.3016905], [-100.67469877, -112.55149133, -40.35216276], [-100.67469877, -112.10499055, -38.40264265], [-100.67469877, -111.65849073, -36.45311872], [-100.67469877, -111.21198995, -34.50359861], [-100.67469877, -110.76549013, -32.55407469], [-100.67469877, -110.31898935, -30.60455458], [-100.67469877, -109.87248952, -28.65503065], [-100.67469877, -109.4259897, -26.70550672], [-100.67469877, -108.97948892, -24.75598661], [-100.67469877, -108.5329891, -22.80646269], [-100.67469877, -108.08648832, -20.85694258], [-100.67469877, -107.63998849, -18.90741865], [-100.67469877, -107.19348772, -16.95789472], [-100.67469877, -106.74698789, -15.00837461], [-100.67469877, -106.30048807, -13.05885069], [-100.67469877, -105.85398729, -11.10933058], [-100.67469877, -105.40748699, -9.15980665], [-100.67469877, -104.96098716, -7.21028463], [-100.67469877, -104.51448686, -5.26076261], [-100.67469877, -104.06798656, -3.31123869], [-100.67469877, -103.62148626, -1.36171667], [-100.67469877, -103.17498596, 0.58780535], [-100.67469877, -102.72848566, 2.53732737], [-100.67469877, -102.28198535, 4.48684939], [-100.67469877, -101.83548553, 6.43637236], [-100.67469877, -101.38898499, 8.38589533], [-100.67469877, -100.94248493, 10.33541735], [-100.67469877, -100.49598463, 12.28493937], [-100.67469877, -100.04948432, 14.23446234], [-100.67469877, -99.60298426, 16.18398483], [-100.67469877, -99.15648396, 18.13350685], [-100.67469877, -98.70998366, 20.08302935], [-100.67469877, -98.26348348, 22.03255175], [-100.67469877, -97.81698324, 23.9820741], [-100.67469877, -97.370483, 25.93159659], [-100.67469877, -96.92398275, 27.88111885], [-100.67469877, -96.47748257, 29.83064135], [-100.67469877, -96.03098233, 31.78016337], [-100.67469877, -95.58448203, 33.72968634], [-100.67469877, -95.13798173, 35.67920836], [-100.67469877, -94.69148166, 37.62873133], [-100.67469877, -94.24498136, 39.57825335], [-100.67469877, -93.79848106, 41.52777537], [-100.67469877, -93.35198076, 43.47729738], [-100.67469877, -92.90548046, 45.42682131], [-100.67469877, -92.45898063, 47.37634333], [-100.67469877, -92.01248033, 49.32586535], [-100.67469877, -91.56598003, 51.27538736], [-100.67469877, -91.11947973, 53.22490938], [-100.67469877, -90.67297943, 55.17443331], [-100.67469877, -90.22647913, 57.12395342], [-100.67469877, -89.77997882, 59.07347735], [-100.67469877, -89.33347852, 61.02300127], [-100.67469877, -88.8869787, 62.97252138], [-100.67469877, -88.44047792, 64.92204531], [-100.67469877, -87.9939781, 66.87156542], [-100.67469877, -87.54747827, 68.82108935], [-100.67469877, -87.10097749, 70.77061327], [-100.67469877, -86.65447767, 72.72013338], [-100.67469877, -86.20797689, 74.66965731], [-100.67469877, -85.76147707, 76.61917742], [-100.67469877, -85.31497629, 78.56870134], [-100.67469877, -84.86847646, 80.51822527], [-100.67469877, -84.42197664, 82.46774538], [-100.67469877, -83.97547586, 84.41726931], [-100.67469877, -83.52897604, 86.36678942]], "CsaImage.TimeAfterStart": [1.0825, 0.7225, 1.0925, 0.7325, 1.1025, 0.7425, 1.1125, 0.7525, 1.1225, 0.7625, 1.1325, 0.7725, 1.1425, 0.7825, 1.1525, 0.7925, 1.1625, 0.8025, 1.1725, 0.8125, 1.1825, 0.8225, 1.1925, 0.8325, 1.2025, 0.8425, 1.2125, 0.8525, 1.2225, 0.8625, 1.2325, 0.8725, 1.2425, 0.8825, 1.2525, 0.8925, 1.2625, 0.9025, 1.2725, 0.9125, 1.2825, 0.9225, 1.2925, 0.9325, 1.3025, 0.9425, 1.3125, 0.9525, 1.3225, 0.9625, 1.3325, 0.9725, 1.3425, 0.9825, 1.3525, 0.9925, 1.3625, 1.0025, 1.3725, 1.0125, 1.3825, 1.0225, 1.3925, 1.0325, 1.4025, 1.0425, 1.4125, 1.0525, 1.4225, 1.0625, 1.4325, 1.0725], "ImagePositionPatient": [[-100.67469877005, -115.23049314066, -52.049302500555], [-100.67469877005, -114.78399236246, -50.099778574774], [-100.67469877005, -114.33749158426, -48.150254648993], [-100.67469877005, -113.89099080606, -46.200730723211], [-100.67469877005, -113.44449098154, -44.25120679743], [-100.67469877005, -112.99799115702, -42.301690501043], [-100.67469877005, -112.55149133249, -40.352162760565], [-100.67469877005, -112.10499055429, -38.402642649481], [-100.67469877005, -111.65849072977, -36.4531187237], [-100.67469877005, -111.21198995157, -34.503598612616], [-100.67469877005, -110.76549012705, -32.554074686834], [-100.67469877005, -110.31898934885, -30.604554575751], [-100.67469877005, -109.87248952433, -28.655030649969], [-100.67469877005, -109.4259896998, -26.705506724188], [-100.67469877005, -108.9794889216, -24.755986613104], [-100.67469877005, -108.53298909708, -22.806462687323], [-100.67469877005, -108.08648831888, -20.856942576239], [-100.67469877005, -107.63998849436, -18.907418650458], [-100.67469877005, -107.19348771616, -16.957894724676], [-100.67469877005, -106.74698789164, -15.008374613592], [-100.67469877005, -106.30048806711, -13.058850687811], [-100.67469877005, -105.85398728891, -11.109330576727], [-100.67469877005, -105.40748698755, -9.1598066509458], [-100.67469877005, -104.96098716303, -7.2102846325132], [-100.67469877005, -104.51448686167, -5.2607626140806], [-100.67469877005, -104.06798656031, -3.3112386882993], [-100.67469877005, -103.62148625895, -1.3617166698667], [-100.67469877005, -103.17498595758, 0.5878053485659], [-100.67469877005, -102.72848565622, 2.5373273669985], [-100.67469877005, -102.28198535486, 4.4868493854311], [-100.67469877005, -101.83548553034, 6.4363723575381], [-100.67469877005, -101.38898499056, 8.385895329645], [-100.67469877005, -100.94248492762, 10.335417348078], [-100.67469877005, -100.49598462625, 12.28493936651], [-100.67469877005, -100.04948432489, 14.234462338617], [-100.67469877005, -99.602984261951, 16.183984833887], [-100.67469877005, -99.15648396059, 18.13350685232], [-100.67469877005, -98.709983659229, 20.083029347589], [-100.67469877005, -98.263483477077, 22.032551753452], [-100.67469877005, -97.816983235321, 23.98207409971], [-100.67469877005, -97.370483001015, 25.93159659498], [-100.67469877005, -96.923982751808, 27.881118851831], [-100.67469877005, -96.477482569656, 29.830641347101], [-100.67469877005, -96.0309823279, 31.780163365534], [-100.67469877005, -95.584482026539, 33.729686337641], [-100.67469877005, -95.137981725177, 35.679208356073], [-100.67469877005, -94.691481662235, 37.62873132818], [-100.67469877005, -94.244981360874, 39.578253346613], [-100.67469877005, -93.798481059513, 41.527775365045], [-100.67469877005, -93.351980758152, 43.477297383478], [-100.67469877005, -92.905480456791, 45.426821309259], [-100.67469877005, -92.458980632267, 47.376343327692], [-100.67469877005, -92.012480330906, 49.325865346125], [-100.67469877005, -91.565980029545, 51.275387364557], [-100.67469877005, -91.119479728183, 53.22490938299], [-100.67469877005, -90.672979426822, 55.174433308771], [-100.67469877005, -90.226479125461, 57.123953419855], [-100.67469877005, -89.7799788241, 59.073477345636], [-100.67469877005, -89.333478522739, 61.023001271417], [-100.67469877005, -88.886978698215, 62.972521382501], [-100.67469877005, -88.440477920017, 64.922045308283], [-100.67469877005, -87.993978095493, 66.871565419367], [-100.67469877005, -87.547478270969, 68.821089345148], [-100.67469877005, -87.100977492771, 70.770613270929], [-100.67469877005, -86.654477668247, 72.720133382013], [-100.67469877005, -86.207976890049, 74.669657307794], [-100.67469877005, -85.761477065525, 76.619177418878], [-100.67469877005, -85.314976287327, 78.56870134466], [-100.67469877005, -84.868476462803, 80.518225270441], [-100.67469877005, -84.421976638279, 82.467745381525], [-100.67469877005, -83.97547586008, 84.417269307306], [-100.67469877005, -83.528976035556, 86.36678941839]], "InstanceCreationTime": ["114415.499000", "114415.431000", "114415.501000", "114415.433000", "114415.502000", "114415.435000", "114415.504000", "114415.437000", "114415.506000", "114415.439000", "114415.508000", "114415.441000", "114415.510000", "114415.442000", "114415.512000", "114415.444000", "114415.514000", "114415.446000", "114415.516000", "114415.448000", "114415.517000", "114415.450000", "114415.520000", "114415.452000", "114415.522000", "114415.454000", "114415.524000", "114415.456000", "114415.526000", "114415.457000", "114415.527000", "114415.459000", "114415.530000", "114415.461000", "114415.532000", "114415.463000", "114415.537000", "114415.465000", "114415.539000", "114415.467000", "114415.543000", "114415.469000", "114415.546000", "114415.471000", "114415.547000", "114415.472000", "114415.549000", "114415.474000", "114415.551000", "114415.476000", "114415.553000", "114415.478000", "114415.555000", "114415.480000", "114415.557000", "114415.482000", "114415.559000", "114415.484000", "114415.561000", "114415.486000", "114415.563000", "114415.488000", "114415.565000", "114415.489000", "114415.568000", "114415.491000", "114415.570000", "114415.493000", "114415.571000", "114415.495000", "114415.573000", "114415.497000"], "InstanceNumber": [1, 2, 3, 4, 5, 6, 7, 8, 9, 10, 11, 12, 13, 14, 15, 16, 17, 18, 19, 20, 21, 22, 23, 24, 25, 26, 27, 28, 29, 30, 31, 32, 33, 34, 35, 36, 37, 38, 39, 40, 41, 42, 43, 44, 45, 46, 47, 48, 49, 50, 51, 52, 53, 54, 55, 56, 57, 58, 59, 60, 61, 62, 63, 64, 65, 66, 67, 68, 69, 70, 71, 72], "LargestImagePixelValue": [4094, 4092, 4094, 4095, 4095, 4094, 4094, 4093, 4093, 4093, 4094, 4094, 4095, 4093, 4095, 4094, 4095, 4093, 4093, 4093, 4094, 4094, 4094, 4088, 4091, 4092, 4087, 4092, 4094, 4092, 4085, 4090, 4092, 4092, 4086, 4091, 4087, 4090, 4095, 4089, 4092, 4092, 4093, 4093, 4092, 4089, 4091, 4092, 4094, 4094, 4094, 4094, 4095, 4094, 4092, 4094, 4089, 4092, 4094, 4093, 4095, 4094, 4092, 4095, 4092, 4095, 4095, 4095, 4094, 4094, 4095, 4095], "SliceLocation": [-76.460860452026, -74.460858831496, -72.460857210965, -70.460855590435, -68.460854182812, -66.460860212027, -64.460855085985, -62.460857183874, -60.460855776251, -58.460857874139, -56.460856466516, -54.460858564405, -52.460857156782, -50.460855749159, -48.460857847047, -46.460856439425, -44.460858537313, -42.46085712969, -40.460855509159, -38.460857819956, -36.460856412333, -34.460858510221, -32.460856996144, -30.460857447731, -28.460857792864, -26.460856278787, -24.46085662392, -22.460856969053, -20.460857314185, -18.460857659318, -16.4608571813, -14.460856543601, -12.460856941961, -10.460857287094, -8.4608567026218, -6.4608566361792, -4.4608569813119, -2.4608568616423, -0.4608568557366, 1.5391431053755, 3.539143210075, 5.5391430857, 7.5391431787561, 9.5391428203166, 11.539143404789, 13.539143059656, 15.539143590901, 17.539143245768, 19.539142900635, 21.539142555503, 23.539144069579, 25.539143617993, 27.53914327286, 29.539142927727, 31.539142582594, 33.539144096671, 35.539141892329, 37.539143406405, 39.539144920482, 41.539142609686, 43.539144230217, 45.53914191942, 47.539143327043, 49.539144947574, 51.539142636778, 53.539144257308, 55.539141946512, 57.539143567043, 59.539144974666, 61.539142663869, 63.5391442844, 65.539141973604], "SmallestImagePixelValue": [0, 0, 0, 0, 1, 1, 2, 0, 0, 1, 0, 0, 0, 0, 2, 0, 0, 2, 0, 2, 0, 4, 9, 7, 0, 3, 1, 2, 0, 2, 0, 0, 2, 3, 2, 1, 0, 0, 12, 2, 4, 6, 0, 8, 1, 3, 0, 5, 0, 2, 1, 0, 4, 0, 1, 0, 0, 2, 4, 1, 0, 0, 0, 0, 0, 0, 0, 0, 0, 0, 0, 0], "WindowCenter": [-236.0, -240.0, -232.0, -184.0, -190.0, -202.0, -206.0, -196.0, -208.0, -254.0, -242.0, -258.0, -278.0, -314.0, -308.0, -296.0, -252.0, -220.0, -216.0, -230.0, -220.0, -196.0, -156.0, -140.0, -136.0, -110.0, -86.0, -60.0, -68.0, -74.0, -208.0, -48.0, -82.0, -202.0, -94.0, -186.0, -86.0, -46.0, -176.0, -146.0, -144.0, -148.0, -148.0, -40.0, -136.0, -140.0, -4.0, -160.0, -44.0, -204.0, -122.0, -104.0, -134.0, -112.0, -104.0, -92.0, -92.0, -70.0, -68.0, -78.0, -64.0, -70.0, -74.0, -82.0, -96.0, -134.0, -148.0, -242.0, -208.0, -230.0, -248.0, -282.0], "WindowWidth": [5894.0, 6014.0, 6020.0, 6108.0, 6148.0, 6144.0, 6136.0, 6182.0, 6168.0, 6156.0, 6138.0, 6082.0, 6090.0, 6070.0, 6058.0, 6046.0, 5984.0, 5914.0, 5822.0, 5744.0, 5606.0, 5534.0, 5632.0, 5580.0, 5526.0, 5414.0, 5406.0, 5358.0, 5278.0, 5212.0, 4582.0, 5328.0, 5140.0, 4566.0, 4968.0, 4554.0, 4934.0, 5106.0, 4548.0, 4532.0, 4530.0, 4532.0, 4534.0, 4876.0, 4536.0, 4540.0, 5144.0, 4560.0, 5100.0, 4604.0, 5010.0, 5290.0, 5184.0, 5442.0, 5478.0, 5518.0, 5534.0, 5616.0, 5704.0, 5770.0, 5840.0, 5866.0, 5914.0, 5964.0, 6026.0, 5996.0, 6090.0, 6098.0, 6196.0, 6162.0, 6208.0, 6128.0]}}, "IntendedFor": ["ses-coco/func/sub-03_ses-coco_task-coco_run-01_bold.nii.gz", "ses-coco/func/sub-03_ses-coco_task-coco_run-11_bold.nii.gz", "ses-coco/func/sub-03_ses-coco_task-coco_run-03_bold.nii.gz", "ses-coco/func/sub-03_ses-coco_task-coco_run-05_bold.nii.gz", "ses-coco/func/sub-03_ses-coco_task-coco_run-08_bold.nii.gz", "ses-coco/func/sub-03_ses-coco_task-coco_run-07_bold.nii.gz", "ses-coco/func/sub-03_ses-coco_task-coco_run-04_bold.nii.gz", "ses-coco/func/sub-03_ses-coco_task-coco_run-06_bold.nii.gz", "ses-coco/func/sub-03_ses-coco_task-coco_run-09_bold.nii.gz", "ses-coco/func/sub-03_ses-coco_task-coco_run-10_bold.nii.gz", "ses-coco/func/sub-03_ses-coco_task-coco_run-02_bold.nii.gz"]}