{"AcquisitionMatrixPE": 100, "AcquisitionNumber": 1, "AcquisitionTime": "12:10:13.842500", "BaseResolution": 100, "BodyPartExamined": "BRAIN", "ConsistencyInfo": "N4_VE11C_LATEST_20160120", "ConversionSoftware": "dcm2niix", "ConversionSoftwareVersion": "v1.0.20180622 GCC4.9.2", "DeviceSerialNumber": "166078", "DwellTime": 8.8e-06, "EchoNumber": 2, "EchoTime": 0.00738, "EchoTime1": 0.00492, "EchoTime2": 0.00738, "FlipAngle": 60, "ImageOrientationPatientDICOM": [1, 0, 0, 0, 0.982287, -0.187381], "ImageType": ["ORIGINAL", "PRIMARY", "P", "ND"], "InPlanePhaseEncodingDirectionDICOM": "ROW", "InstitutionAddress": "Street_StreetNo_Bei_Jing_District_CN_ZIP", "InstitutionName": "BeiJing_Normal_University", "InstitutionalDepartmentName": "Department", "MRAcquisitionType": "2D", "MagneticFieldStrength": 3, "Manufacturer": "Siemens", "ManufacturersModelName": "Prisma", "Modality": "MR", "PartialFourier": 1, "PatientPosition": "HFS", "PercentPhaseFOV": 100, "PhaseEncodingDirection": "i", "PhaseEncodingSteps": 100, "PhaseResolution": 1, "PixelBandwidth": 570, "ProcedureStepDescription": "BNU_P2018_64CH_Zhen.ZongLei", "ProtocolName": "field_mapping_2x2x2", "PulseSequenceDetails": "%SiemensSeq%_gre_field_mapping", "ReceiveCoilActiveElements": "HC1-7;NC1", "ReceiveCoilName": "HeadNeck_64", "ReconMatrixPE": 100, "RepetitionTime": 0.72, "SAR": 0.113379, "ScanningSequence": "GR", "SequenceName": "_fm2d2r", "SequenceVariant": "SP", "SeriesDescription": "field_mapping_2x2x2", "SeriesNumber": 9, "ShimSetting": [-5457, -11504, -1285, 306, -53, -246, -125, 39], "SliceThickness": 2, "SoftwareVersions": "syngo_MR_E11", "SpacingBetweenSlices": 2, "StationName": "AWP166078", "TxRefAmp": 211.901, "dcmmeta_affine": [[-2.0, 0.0, 0.0, 103.38983154296875], [0.0, 1.9645744562149048, -0.37476253509521484, -78.19867706298828], [0.0, 0.374762624502182, 1.9645767211914062, -100.27091217041016], [0.0, 0.0, 0.0, 1.0]], "dcmmeta_reorient_transform": [[0.0, -1.0, 0.0, 99.0], [1.0, 0.0, 0.0, 0.0], [0.0, 0.0, -1.0, 71.0], [0.0, 0.0, 0.0, 1.0]], "dcmmeta_shape": [100, 100, 72], "dcmmeta_slice_dim": 2, "dcmmeta_version": 0.6, "global": {"const": {"AcquisitionMatrix": [0, 100, 100, 0], "AcquisitionNumber": 1, "AngioFlag": "N", "BitsAllocated": 16, "BitsStored": 12, "BodyPartExamined": "BRAIN", "Columns": 100, "EchoNumbers": 2, "EchoTime": 7.38, "EchoTrainLength": 0, "FlipAngle": 60.0, "HighBit": 11, "ImageOrientationPatient": [1.0, 0.0, 0.0, 0.0, 0.98228725047189, -0.1873813159319], "ImageType": ["ORIGINAL", "PRIMARY", "P", "ND"], "ImagedNucleus": "1H", "ImagingFrequency": 123.257765, "InPlanePhaseEncodingDirection": "ROW", "MRAcquisitionType": "2D", "MagneticFieldStrength": 3.0, "Manufacturer": "SIEMENS", "ManufacturerModelName": "Prisma", "Modality": "MR", "NumberOfAverages": 1.0, "NumberOfPhaseEncodingSteps": 100, "PercentPhaseFieldOfView": 100.0, "PercentSampling": 100.0, "PerformedProcedureStepStartTime": "111946.085000", "PhotometricInterpretation": "MONOCHROME2", "PixelBandwidth": 570.0, "PixelRepresentation": 0, "PixelSpacing": [2.0, 2.0], "ProtocolName": "field_mapping_2x2x2", "RepetitionTime": 720.0, "RescaleIntercept": -4096.0, "RescaleSlope": 2.0, "RescaleType": "US", "Rows": 100, "SAR": 0.11337880972953, "SamplesPerPixel": 1, "ScanningSequence": "GR", "SequenceName": "*fm2d2r", "SequenceVariant": "SP", "SeriesDescription": "field_mapping_2x2x2", "SeriesNumber": 9, "SeriesTime": "121238.170000", "SliceThickness": 2.0, "SoftwareVersions": "syngo MR E11", "SpacingBetweenSlices": 2.0, "SpecificCharacterSet": "ISO_IR 100", "StudyID": "1", "StudyTime": "111945.951000", "TransmitCoilName": "Body", "VariableFlipAngleFlag": "N", "WindowCenterWidthExplanation": "Algo1", "dBdt": 0.0}, "slices": {"AcquisitionTime": ["121013.842500", "121013.482500", "121013.852500", "121013.492500", "121013.862500", "121013.502500", "121013.872500", "121013.512500", "121013.882500", "121013.522500", "121013.892500", "121013.532500", "121013.902500", "121013.542500", "121013.912500", "121013.552500", "121013.922500", "121013.562500", "121013.932500", "121013.572500", "121013.942500", "121013.582500", "121013.952500", "121013.592500", "121013.962500", "121013.602500", "121013.972500", "121013.612500", "121013.982500", "121013.622500", "121013.992500", "121013.632500", "121014.002500", "121013.642500", "121014.012500", "121013.652500", "121014.022500", "121013.662500", "121014.032500", "121013.672500", "121014.042500", "121013.682500", "121014.052500", "121013.692500", "121014.062500", "121013.702500", "121014.072500", "121013.712500", "121014.082500", "121013.722500", "121014.092500", "121013.732500", "121014.102500", "121013.742500", "121014.112500", "121013.752500", "121014.122500", "121013.762500", "121014.132500", "121013.772500", "121014.142500", "121013.782500", "121014.152500", "121013.792500", "121014.162500", "121013.802500", "121014.172500", "121013.812500", "121014.182500", "121013.822500", "121014.192500", "121013.832500"], "ContentTime": ["121238.246000", "121238.175000", "121238.248000", "121238.178000", "121238.250000", "121238.179000", "121238.252000", "121238.181000", "121238.254000", "121238.183000", "121238.256000", "121238.185000", "121238.258000", "121238.187000", "121238.260000", "121238.189000", "121238.262000", "121238.191000", "121238.264000", "121238.193000", "121238.266000", "121238.195000", "121238.268000", "121238.198000", "121238.270000", "121238.200000", "121238.271000", "121238.201000", "121238.273000", "121238.203000", "121238.275000", "121238.205000", "121238.277000", "121238.207000", "121238.279000", "121238.209000", "121238.281000", "121238.211000", "121238.283000", "121238.213000", "121238.285000", "121238.215000", "121238.288000", "121238.217000", "121238.290000", "121238.219000", "121238.292000", "121238.221000", "121238.294000", "121238.223000", "121238.296000", "121238.225000", "121238.298000", "121238.227000", "121238.300000", "121238.229000", "121238.302000", "121238.231000", "121238.304000", "121238.233000", "121238.306000", "121238.235000", "121238.308000", "121238.237000", "121238.310000", "121238.239000", "121238.312000", "121238.241000", "121238.314000", "121238.243000", "121238.316000", "121238.245000"], "CsaImage.GSWDDataType": ["measured", "predicted", "measured", "predicted", "measured", "predicted", "measured", "predicted", "measured", "predicted", "measured", "predicted", "measured", "predicted", "measured", "predicted", "measured", "predicted", "measured", "predicted", "measured", "predicted", "measured", "predicted", "measured", "predicted", "measured", "predicted", "measured", "predicted", "measured", "predicted", "measured", "predicted", "measured", "predicted", "measured", "predicted", "measured", "predicted", "measured", "predicted", "measured", "predicted", "measured", "predicted", "measured", "predicted", "measured", "predicted", "measured", "predicted", "measured", "predicted", "measured", "predicted", "measured", "predicted", "measured", "predicted", "measured", "predicted", "measured", "predicted", "measured", "predicted", "measured", "predicted", "measured", "measured", "measured", "measured"], "CsaImage.ICE_Dims": ["X_2_1_1_1_1_1_37_1_1_1_1_106", "X_2_1_1_1_1_1_1_1_1_2_1_106", "X_2_1_1_1_1_1_38_1_1_3_1_106", "X_2_1_1_1_1_1_2_1_1_4_1_106", "X_2_1_1_1_1_1_39_1_1_5_1_106", "X_2_1_1_1_1_1_3_1_1_6_1_106", "X_2_1_1_1_1_1_40_1_1_7_1_106", "X_2_1_1_1_1_1_4_1_1_8_1_106", "X_2_1_1_1_1_1_41_1_1_9_1_106", "X_2_1_1_1_1_1_5_1_1_10_1_106", "X_2_1_1_1_1_1_42_1_1_11_1_106", "X_2_1_1_1_1_1_6_1_1_12_1_106", "X_2_1_1_1_1_1_43_1_1_13_1_106", "X_2_1_1_1_1_1_7_1_1_14_1_106", "X_2_1_1_1_1_1_44_1_1_15_1_106", "X_2_1_1_1_1_1_8_1_1_16_1_106", "X_2_1_1_1_1_1_45_1_1_17_1_106", "X_2_1_1_1_1_1_9_1_1_18_1_106", "X_2_1_1_1_1_1_46_1_1_19_1_106", "X_2_1_1_1_1_1_10_1_1_20_1_106", "X_2_1_1_1_1_1_47_1_1_21_1_106", "X_2_1_1_1_1_1_11_1_1_22_1_106", "X_2_1_1_1_1_1_48_1_1_23_1_106", "X_2_1_1_1_1_1_12_1_1_24_1_106", "X_2_1_1_1_1_1_49_1_1_25_1_106", "X_2_1_1_1_1_1_13_1_1_26_1_106", "X_2_1_1_1_1_1_50_1_1_27_1_106", "X_2_1_1_1_1_1_14_1_1_28_1_106", "X_2_1_1_1_1_1_51_1_1_29_1_106", "X_2_1_1_1_1_1_15_1_1_30_1_106", "X_2_1_1_1_1_1_52_1_1_31_1_106", "X_2_1_1_1_1_1_16_1_1_32_1_106", "X_2_1_1_1_1_1_53_1_1_33_1_106", "X_2_1_1_1_1_1_17_1_1_34_1_106", "X_2_1_1_1_1_1_54_1_1_35_1_106", "X_2_1_1_1_1_1_18_1_1_36_1_106", "X_2_1_1_1_1_1_55_1_1_37_1_106", "X_2_1_1_1_1_1_19_1_1_38_1_106", "X_2_1_1_1_1_1_56_1_1_39_1_106", "X_2_1_1_1_1_1_20_1_1_40_1_106", "X_2_1_1_1_1_1_57_1_1_41_1_106", "X_2_1_1_1_1_1_21_1_1_42_1_106", "X_2_1_1_1_1_1_58_1_1_43_1_106", "X_2_1_1_1_1_1_22_1_1_44_1_106", "X_2_1_1_1_1_1_59_1_1_45_1_106", "X_2_1_1_1_1_1_23_1_1_46_1_106", "X_2_1_1_1_1_1_60_1_1_47_1_106", "X_2_1_1_1_1_1_24_1_1_48_1_106", "X_2_1_1_1_1_1_61_1_1_49_1_106", "X_2_1_1_1_1_1_25_1_1_50_1_106", "X_2_1_1_1_1_1_62_1_1_51_1_106", "X_2_1_1_1_1_1_26_1_1_52_1_106", "X_2_1_1_1_1_1_63_1_1_53_1_106", "X_2_1_1_1_1_1_27_1_1_54_1_106", "X_2_1_1_1_1_1_64_1_1_55_1_106", "X_2_1_1_1_1_1_28_1_1_56_1_106", "X_2_1_1_1_1_1_65_1_1_57_1_106", "X_2_1_1_1_1_1_29_1_1_58_1_106", "X_2_1_1_1_1_1_66_1_1_59_1_106", "X_2_1_1_1_1_1_30_1_1_60_1_106", "X_2_1_1_1_1_1_67_1_1_61_1_106", "X_2_1_1_1_1_1_31_1_1_62_1_106", "X_2_1_1_1_1_1_68_1_1_63_1_106", "X_2_1_1_1_1_1_32_1_1_64_1_106", "X_2_1_1_1_1_1_69_1_1_65_1_106", "X_2_1_1_1_1_1_33_1_1_66_1_106", "X_2_1_1_1_1_1_70_1_1_67_1_106", "X_2_1_1_1_1_1_34_1_1_68_1_106", "X_2_1_1_1_1_1_71_1_1_69_1_106", "X_2_1_1_1_1_1_35_1_1_70_1_106", "X_2_1_1_1_1_1_72_1_1_71_1_106", "X_2_1_1_1_1_1_36_1_1_72_1_106"], "CsaImage.ProtocolSliceNumber": [0, 1, 2, 3, 4, 5, 6, 7, 8, 9, 10, 11, 12, 13, 14, 15, 16, 17, 18, 19, 20, 21, 22, 23, 24, 25, 26, 27, 28, 29, 30, 31, 32, 33, 34, 35, 36, 37, 38, 39, 40, 41, 42, 43, 44, 45, 46, 47, 48, 49, 50, 51, 52, 53, 54, 55, 56, 57, 58, 59, 60, 61, 62, 63, 64, 65, 66, 67, 68, 69, 70, 71], "CsaImage.RFSWDDataType": ["measured", "predicted", "measured", "predicted", "measured", "predicted", "measured", "predicted", "measured", "predicted", "measured", "predicted", "measured", "predicted", "measured", "predicted", "measured", "predicted", "measured", "predicted", "measured", "predicted", "measured", "predicted", "measured", "predicted", "measured", "predicted", "measured", "predicted", "measured", "predicted", "measured", "predicted", "measured", "predicted", "measured", "predicted", "measured", "predicted", "measured", "predicted", "measured", "predicted", "measured", "predicted", "measured", "predicted", "measured", "predicted", "measured", "predicted", "measured", "predicted", "measured", "predicted", "measured", "predicted", "measured", "predicted", "measured", "predicted", "measured", "predicted", "measured", "predicted", "measured", "measured", "measured", "measured", "measured", "measured"], "CsaImage.SlicePosition_PCS": [[-103.38983059, -116.29420242, -63.16925519], [-103.38983059, -115.91944084, -61.20467847], [-103.38983059, -115.54467735, -59.24010937], [-103.38983059, -115.16991577, -57.27553265], [-103.38983059, -114.79515228, -55.31095593], [-103.38983059, -114.4203907, -53.34637921], [-103.38983059, -114.04562721, -51.38181012], [-103.38983059, -113.67086467, -49.4172334], [-103.38983059, -113.29610214, -47.45265668], [-103.38983059, -112.9213396, -45.48808758], [-103.38983059, -112.54657707, -43.52351086], [-103.38983059, -112.17181453, -41.55893414], [-103.38983059, -111.797052, -39.59436124], [-103.38983059, -111.42228946, -37.62978833], [-103.38983059, -111.04752597, -35.66521161], [-103.38983059, -110.67276344, -33.7006387], [-103.38983059, -110.2980009, -31.73606198], [-103.38983059, -109.92323837, -29.77148907], [-103.38983059, -109.54847583, -27.80691235], [-103.38983059, -109.1737133, -25.84233945], [-103.38983059, -108.79895076, -23.87776654], [-103.38983059, -108.42418823, -21.91318982], [-103.38983059, -108.04942569, -19.94861691], [-103.38983059, -107.67466316, -17.98404019], [-103.38983059, -107.29989967, -16.01946728], [-103.38983059, -106.92513713, -14.05489056], [-103.38983059, -106.5503746, -12.09031766], [-103.38983059, -106.17561206, -10.12574284], [-103.38983059, -105.80084953, -8.16116803], [-103.38983059, -105.42608699, -6.19659512], [-103.38983059, -105.05132446, -4.23202031], [-103.38983059, -104.67656145, -2.26744549], [-103.38983059, -104.30179891, -0.30287068], [-103.38983059, -103.92703638, 1.66170413], [-103.38983059, -103.55227384, 3.62627799], [-103.38983059, -103.17751131, 5.59085281], [-103.38983059, -102.80274829, 7.55542667], [-103.38983059, -102.42798576, 9.52000148], [-103.38983059, -102.05322322, 11.4845763], [-103.38983059, -101.67846069, 13.44915063], [-103.38983059, -101.30369792, 15.41372521], [-103.38983059, -100.92893538, 17.37829954], [-103.38983059, -100.55417284, 19.34287412], [-103.38983059, -100.17941007, 21.3074487], [-103.38983059, -99.80464754, 23.27202327], [-103.38983059, -99.42988488, 25.23659761], [-103.38983059, -99.05512223, 27.20117195], [-103.38983059, -98.6803596, 29.16574676], [-103.38983059, -98.30559697, 31.13032157], [-103.38983059, -97.93083435, 33.09489543], [-103.38983059, -97.55607173, 35.05947025], [-103.38983059, -97.18130908, 37.02404506], [-103.38983059, -96.80654642, 38.98861987], [-103.38983059, -96.43178377, 40.95319278], [-103.38983059, -96.05702123, 42.91776759], [-103.38983059, -95.68225846, 44.88234241], [-103.38983059, -95.30749592, 46.84691722], [-103.38983059, -94.93273339, 48.81149204], [-103.38983059, -94.55797061, 50.77606494], [-103.38983059, -94.18320808, 52.74064166], [-103.38983059, -93.80844554, 54.70521457], [-103.38983059, -93.43368301, 56.66979129], [-103.38983059, -93.05892, 58.6343642], [-103.38983059, -92.68415746, 60.5989371], [-103.38983059, -92.30939493, 62.56351383], [-103.38983059, -91.93463239, 64.52808673], [-103.38983059, -91.55986986, 66.49266345], [-103.38983059, -91.18510684, 68.45723636], [-103.38983059, -90.81034431, 70.42180927], [-103.38983059, -90.43558177, 72.38638599], [-103.38983059, -90.06081924, 74.35095889], [-103.38983059, -89.6860567, 76.31553562]], "CsaImage.TimeAfterStart": [1.0825, 0.7225, 1.0925, 0.7325, 1.1025, 0.7425, 1.1125, 0.7525, 1.1225, 0.7625, 1.1325, 0.7725, 1.1425, 0.7825, 1.1525, 0.7925, 1.1625, 0.8025, 1.1725, 0.8125, 1.1825, 0.8225, 1.1925, 0.8325, 1.2025, 0.8425, 1.2125, 0.8525, 1.2225, 0.8625, 1.2325, 0.8725, 1.2425, 0.8825, 1.2525, 0.8925, 1.2625, 0.9025, 1.2725, 0.9125, 1.2825, 0.9225, 1.2925, 0.9325, 1.3025, 0.9425, 1.3125, 0.9525, 1.3225, 0.9625, 1.3325, 0.9725, 1.3425, 0.9825, 1.3525, 0.9925, 1.3625, 1.0025, 1.3725, 1.0125, 1.3825, 1.0225, 1.3925, 1.0325, 1.4025, 1.0425, 1.4125, 1.0525, 1.4225, 1.0625, 1.4325, 1.0725], "ImagePositionPatient": [[-103.38983058929, -116.2942024184, -63.169255186593], [-103.38983058929, -115.91944083698, -61.204678465402], [-103.38983058929, -115.54467734821, -59.240109373605], [-103.38983058929, -115.16991576679, -57.275532652413], [-103.38983058929, -114.79515227802, -55.310955931222], [-103.38983058929, -114.4203906966, -53.346379210031], [-103.38983058929, -114.04562720783, -51.381810118234], [-103.38983058929, -113.67086467274, -49.417233397042], [-103.38983058929, -113.29610213764, -47.452656675851], [-103.38983058929, -112.92133960255, -45.488087584054], [-103.38983058929, -112.54657706745, -43.523510862863], [-103.38983058929, -112.17181453236, -41.558934141671], [-103.38983058929, -111.79705199726, -39.594361235177], [-103.38983058929, -111.42228946217, -37.629788328683], [-103.38983058929, -111.0475259734, -35.665211607492], [-103.38983058929, -110.6727634383, -33.700638700997], [-103.38983058929, -110.29800090321, -31.736061979806], [-103.38983058929, -109.92323836811, -29.771489073312], [-103.38983058929, -109.54847583302, -27.80691235212], [-103.38983058929, -109.17371329792, -25.842339445626], [-103.38983058929, -108.79895076283, -23.877766539132], [-103.38983058929, -108.42418822773, -21.913189817941], [-103.38983058929, -108.04942569264, -19.948616911447], [-103.38983058929, -107.67466315754, -17.984040190255], [-103.38983058929, -107.29989966877, -16.019467283761], [-103.38983058929, -106.92513713368, -14.05489056257], [-103.38983058929, -106.55037459858, -12.090317656076], [-103.38983058929, -106.17561206349, -10.125742842233], [-103.38983058929, -105.80084952839, -8.16116802839], [-103.38983058929, -105.42608699329, -6.1965951218959], [-103.38983058929, -105.0513244582, -4.2320203080531], [-103.38983058929, -104.67656144627, -2.2674454942103], [-103.38983058929, -104.30179891117, -0.3028706803676], [-103.38983058929, -103.92703637608, 1.6617041334752], [-103.38983058929, -103.55227384098, 3.6262779936437], [-103.38983058929, -103.17751130589, 5.5908528074864], [-103.38983058929, -102.80274829395, 7.5554266676549], [-103.38983058929, -102.42798575886, 9.5200014814977], [-103.38983058929, -102.05322322376, 11.48457629534], [-103.38983058929, -101.67846068867, 13.449150632346], [-103.38983058929, -101.30369791515, 15.41372520777], [-103.38983058929, -100.92893538006, 17.378299544776], [-103.38983058929, -100.55417284496, 19.3428741202], [-103.38983058929, -100.17941007145, 21.307448695624], [-103.38983058929, -99.804647536355, 23.272023271048], [-103.38983058929, -99.429884882051, 25.236597608054], [-103.38983058929, -99.055122227746, 27.20117194506], [-103.38983058929, -98.680359603244, 29.165746758902], [-103.38983058929, -98.305596971291, 31.130321572745], [-103.38983058929, -97.93083435424, 33.094895432914], [-103.38983058929, -97.556071729738, 35.059470246756], [-103.38983058929, -97.181309075433, 37.024045060599], [-103.38983058929, -96.806546421129, 38.988619874442], [-103.38983058929, -96.431783766824, 40.953192780936], [-103.38983058929, -96.057021231729, 42.917767594779], [-103.38983058929, -95.682258458215, 44.882342408622], [-103.38983058929, -95.30749592312, 46.846917222464], [-103.38983058929, -94.932733388025, 48.811492036307], [-103.38983058929, -94.557970614511, 50.776064942801], [-103.38983058929, -94.183208079416, 52.740641663993], [-103.38983058929, -93.80844554432, 54.705214570487], [-103.38983058929, -93.433683009225, 56.669791291678], [-103.38983058929, -93.058919997293, 58.634364198172], [-103.38983058929, -92.684157462198, 60.598937104667], [-103.38983058929, -92.309394927102, 62.563513825858], [-103.38983058929, -91.934632392007, 64.528086732352], [-103.38983058929, -91.559869856912, 66.492663453544], [-103.38983058929, -91.18510684498, 68.457236360038], [-103.38983058929, -90.810344309884, 70.421809266532], [-103.38983058929, -90.435581774789, 72.386385987723], [-103.38983058929, -90.060819239694, 74.350958894217], [-103.38983058929, -89.686056704599, 76.315535615409]], "InstanceCreationTime": ["121238.246000", "121238.175000", "121238.248000", "121238.178000", "121238.250000", "121238.179000", "121238.252000", "121238.181000", "121238.254000", "121238.183000", "121238.256000", "121238.185000", "121238.258000", "121238.187000", "121238.260000", "121238.189000", "121238.262000", "121238.191000", "121238.264000", "121238.193000", "121238.266000", "121238.195000", "121238.268000", "121238.198000", "121238.270000", "121238.200000", "121238.271000", "121238.201000", "121238.273000", "121238.203000", "121238.275000", "121238.205000", "121238.277000", "121238.207000", "121238.279000", "121238.209000", "121238.281000", "121238.211000", "121238.283000", "121238.213000", "121238.285000", "121238.215000", "121238.288000", "121238.217000", "121238.290000", "121238.219000", "121238.292000", "121238.221000", "121238.294000", "121238.223000", "121238.296000", "121238.225000", "121238.298000", "121238.227000", "121238.300000", "121238.229000", "121238.302000", "121238.231000", "121238.304000", "121238.233000", "121238.306000", "121238.235000", "121238.308000", "121238.237000", "121238.310000", "121238.239000", "121238.312000", "121238.241000", "121238.314000", "121238.243000", "121238.316000", "121238.245000"], "InstanceNumber": [1, 2, 3, 4, 5, 6, 7, 8, 9, 10, 11, 12, 13, 14, 15, 16, 17, 18, 19, 20, 21, 22, 23, 24, 25, 26, 27, 28, 29, 30, 31, 32, 33, 34, 35, 36, 37, 38, 39, 40, 41, 42, 43, 44, 45, 46, 47, 48, 49, 50, 51, 52, 53, 54, 55, 56, 57, 58, 59, 60, 61, 62, 63, 64, 65, 66, 67, 68, 69, 70, 71, 72], "LargestImagePixelValue": [4094, 4095, 4094, 4094, 4095, 4091, 4093, 4095, 4095, 4095, 4095, 4095, 4093, 4093, 4095, 4094, 4094, 4094, 4094, 4095, 4094, 4094, 4093, 4091, 4095, 4094, 4095, 4094, 4095, 4094, 4094, 4094, 4093, 4093, 4093, 4092, 4094, 4094, 4092, 4094, 4095, 4093, 4092, 4090, 4093, 4093, 4094, 4092, 4092, 4095, 4095, 4094, 4094, 4095, 4095, 4093, 4094, 4086, 4095, 4093, 4095, 4094, 4095, 4093, 4095, 4094, 4094, 4095, 4095, 4092, 4095, 4094], "SliceLocation": [-83.841714676009, -81.841712691922, -79.84171784469, -77.841715860602, -75.841713519113, -73.841711535026, -71.841716687793, -69.841714525005, -67.841712362217, -65.841717693686, -63.841715530897, -61.841713368109, -59.841714952449, -57.841716536789, -55.8417141953, -53.84171577964, -51.841713616852, -49.841715201192, -47.841713038404, -45.841714622744, -43.841716207084, -41.841714044296, -39.841715628636, -37.841713465848, -35.841714871487, -33.841712708699, -31.841714293039, -29.841714003815, -27.841713714591, -25.841715298931, -23.841715009707, -21.841714631133, -19.841714341909, -17.841714052685, -15.841714700243, -13.841714411019, -11.841714969226, -9.8417146800023, -7.8417143907782, -5.8417145699452, -3.8417144702415, -1.8417146494085, 0.15828540562005, 2.1582855053238, 4.1582855603523, 6.1582854035229, 8.1582852466935, 10.158285552671, 12.158285860044, 14.158285227843, 16.15828553382, 18.158285845382, 20.158286156944, 22.158284594941, 24.158284884165, 26.158285218064, 28.158285507289, 30.158285796513, 32.158284256848, 34.158286419636, 36.158284835296, 38.158286998084, 40.158285503094, 42.158283918754, 44.158286081542, 46.158284497202, 48.15828665999, 50.158285165001, 52.15828358066, 54.158285743449, 56.158284159109, 58.158286321897], "SmallestImagePixelValue": [0, 1, 0, 2, 0, 0, 0, 0, 0, 1, 2, 0, 0, 2, 0, 0, 0, 0, 0, 0, 2, 0, 1, 1, 0, 0, 1, 0, 0, 4, 0, 0, 0, 8, 0, 0, 3, 0, 0, 0, 0, 0, 0, 2, 1, 3, 1, 1, 1, 2, 0, 4, 0, 0, 0, 0, 0, 0, 0, 0, 2, 1, 0, 0, 0, 1, 1, 1, 0, 0, 1, 0], "WindowCenter": [-174.0, -124.0, -146.0, -186.0, -188.0, -260.0, -218.0, -182.0, -192.0, -212.0, -194.0, -190.0, -162.0, -158.0, -114.0, -180.0, -202.0, -196.0, -184.0, -204.0, -232.0, -216.0, -206.0, -194.0, -218.0, -210.0, -226.0, -204.0, -174.0, -140.0, -132.0, -120.0, -128.0, -124.0, -136.0, -144.0, -146.0, -146.0, -126.0, -130.0, -110.0, -250.0, -102.0, -212.0, -192.0, -176.0, -168.0, -148.0, -152.0, -148.0, -166.0, -188.0, -162.0, -138.0, -160.0, -184.0, -218.0, -240.0, -230.0, -264.0, -98.0, -96.0, -94.0, -88.0, -150.0, -152.0, -198.0, -214.0, -260.0, -328.0, -340.0, -340.0], "WindowWidth": [6276.0, 6362.0, 6374.0, 6356.0, 6292.0, 6306.0, 6374.0, 6338.0, 6394.0, 6378.0, 6488.0, 6470.0, 6496.0, 6482.0, 6576.0, 6518.0, 6436.0, 6366.0, 6338.0, 6276.0, 6200.0, 6190.0, 6132.0, 6142.0, 6064.0, 6028.0, 5936.0, 5890.0, 5842.0, 5832.0, 5740.0, 5684.0, 5644.0, 5614.0, 5524.0, 5520.0, 5462.0, 5486.0, 5478.0, 5428.0, 5412.0, 4622.0, 5148.0, 4590.0, 4576.0, 4558.0, 4560.0, 4560.0, 4550.0, 4550.0, 4562.0, 4586.0, 4578.0, 4590.0, 4616.0, 4632.0, 4658.0, 4682.0, 4688.0, 4722.0, 5526.0, 5634.0, 5674.0, 5806.0, 5830.0, 5996.0, 6078.0, 6156.0, 6268.0, 6312.0, 6320.0, 6364.0]}}, "IntendedFor": ["ses-imagenet01/func/sub-25_ses-imagenet01_task-imagenet_run-04_bold.nii.gz", "ses-imagenet01/func/sub-25_ses-imagenet01_task-imagenet_run-09_bold.nii.gz", "ses-imagenet01/func/sub-25_ses-imagenet01_task-imagenet_run-06_bold.nii.gz", "ses-imagenet01/func/sub-25_ses-imagenet01_task-imagenet_run-10_bold.nii.gz", "ses-imagenet01/func/sub-25_ses-imagenet01_task-imagenet_run-02_bold.nii.gz", "ses-imagenet01/func/sub-25_ses-imagenet01_task-imagenet_run-01_bold.nii.gz", "ses-imagenet01/func/sub-25_ses-imagenet01_task-imagenet_run-03_bold.nii.gz", "ses-imagenet01/func/sub-25_ses-imagenet01_task-imagenet_run-05_bold.nii.gz", "ses-imagenet01/func/sub-25_ses-imagenet01_task-imagenet_run-07_bold.nii.gz", "ses-imagenet01/func/sub-25_ses-imagenet01_task-imagenet_run-08_bold.nii.gz"]}