{"AcquisitionMatrixPE": 100, "AcquisitionNumber": 1, "AcquisitionTime": "13:47:53.180000", "BaseResolution": 100, "BodyPartExamined": "BRAIN", "ConsistencyInfo": "N4_VE11C_LATEST_20160120", "ConversionSoftware": "dcm2niix", "ConversionSoftwareVersion": "v1.0.20180622 GCC4.9.2", "DeviceSerialNumber": "166078", "DwellTime": 8.8e-06, "EchoNumber": 2, "EchoTime": 0.00738, "EchoTime1": 0.00492, "EchoTime2": 0.00738, "FlipAngle": 60, "ImageOrientationPatientDICOM": [1, 0, 0, 0, 0.990268, -0.139173], "ImageType": ["ORIGINAL", "PRIMARY", "P", "ND"], "InPlanePhaseEncodingDirectionDICOM": "ROW", "InstitutionAddress": "Street_StreetNo_Bei_Jing_District_CN_ZIP", "InstitutionName": "BeiJing_Normal_University", "InstitutionalDepartmentName": "Department", "MRAcquisitionType": "2D", "MagneticFieldStrength": 3, "Manufacturer": "Siemens", "ManufacturersModelName": "Prisma", "Modality": "MR", "PartialFourier": 1, "PatientPosition": "HFS", "PercentPhaseFOV": 100, "PhaseEncodingDirection": "i", "PhaseEncodingSteps": 100, "PhaseResolution": 1, "PixelBandwidth": 570, "ProcedureStepDescription": "BNU_P2018_64CH_Zhen.ZongLei", "ProtocolName": "field_mapping_2x2x2", "PulseSequenceDetails": "%SiemensSeq%_gre_field_mapping", "ReceiveCoilActiveElements": "HC1-7;NC1", "ReceiveCoilName": "HeadNeck_64", "ReconMatrixPE": 100, "RepetitionTime": 0.72, "SAR": 0.123304, "ScanningSequence": "GR", "SequenceName": "_fm2d2r", "SequenceVariant": "SP", "SeriesDescription": "field_mapping_2x2x2", "SeriesNumber": 9, "ShimSetting": [-5461, -11505, -1246, 356, -69, -68, -66, 27], "SliceThickness": 2, "SoftwareVersions": "syngo_MR_E11", "SpacingBetweenSlices": 2, "StationName": "AWP166078", "TxRefAmp": 240.419, "dcmmeta_affine": [[-2.0, 0.0, 0.0, 100.0], [0.0, 1.9805361032485962, -0.27834606170654297, -81.50397491455078], [0.0, 0.2783461809158325, 1.9805374145507812, -75.2701187133789], [0.0, 0.0, 0.0, 1.0]], "dcmmeta_reorient_transform": [[0.0, -1.0, 0.0, 99.0], [1.0, 0.0, 0.0, 0.0], [0.0, 0.0, -1.0, 71.0], [0.0, 0.0, 0.0, 1.0]], "dcmmeta_shape": [100, 100, 72], "dcmmeta_slice_dim": 2, "dcmmeta_version": 0.6, "global": {"const": {"AcquisitionMatrix": [0, 100, 100, 0], "AcquisitionNumber": 1, "AngioFlag": "N", "BitsAllocated": 16, "BitsStored": 12, "BodyPartExamined": "BRAIN", "Columns": 100, "EchoNumbers": 2, "EchoTime": 7.38, "EchoTrainLength": 0, "FlipAngle": 60.0, "HighBit": 11, "ImageOrientationPatient": [1.0, 0.0, 0.0, 0.0, 0.99026807013539, -0.1391730910425], "ImageType": ["ORIGINAL", "PRIMARY", "P", "ND"], "ImagedNucleus": "1H", "ImagingFrequency": 123.257703, "InPlanePhaseEncodingDirection": "ROW", "MRAcquisitionType": "2D", "MagneticFieldStrength": 3.0, "Manufacturer": "SIEMENS", "ManufacturerModelName": "Prisma", "Modality": "MR", "NumberOfAverages": 1.0, "NumberOfPhaseEncodingSteps": 100, "PercentPhaseFieldOfView": 100.0, "PercentSampling": 100.0, "PerformedProcedureStepStartTime": "125257.997000", "PhotometricInterpretation": "MONOCHROME2", "PixelBandwidth": 570.0, "PixelRepresentation": 0, "PixelSpacing": [2.0, 2.0], "ProtocolName": "field_mapping_2x2x2", "RepetitionTime": 720.0, "RescaleIntercept": -4096.0, "RescaleSlope": 2.0, "RescaleType": "US", "Rows": 100, "SAR": 0.12330382863683, "SamplesPerPixel": 1, "ScanningSequence": "GR", "SequenceName": "*fm2d2r", "SequenceVariant": "SP", "SeriesDescription": "field_mapping_2x2x2", "SeriesNumber": 9, "SeriesTime": "135017.991000", "SliceThickness": 2.0, "SoftwareVersions": "syngo MR E11", "SpacingBetweenSlices": 2.0, "SpecificCharacterSet": "ISO_IR 100", "StudyID": "1", "StudyTime": "125257.889000", "TransmitCoilName": "Body", "VariableFlipAngleFlag": "N", "WindowCenterWidthExplanation": "Algo1", "dBdt": 0.0}, "slices": {"AcquisitionTime": ["134753.180000", "134752.820000", "134753.190000", "134752.830000", "134753.200000", "134752.840000", "134753.210000", "134752.850000", "134753.220000", "134752.860000", "134753.230000", "134752.870000", "134753.240000", "134752.880000", "134753.250000", "134752.890000", "134753.260000", "134752.900000", "134753.270000", "134752.910000", "134753.280000", "134752.920000", "134753.290000", "134752.930000", "134753.300000", "134752.940000", "134753.310000", "134752.950000", "134753.320000", "134752.960000", "134753.330000", "134752.970000", "134753.340000", "134752.980000", "134753.350000", "134752.990000", "134753.360000", "134753.000000", "134753.370000", "134753.010000", "134753.380000", "134753.020000", "134753.390000", "134753.030000", "134753.400000", "134753.040000", "134753.410000", "134753.050000", "134753.420000", "134753.060000", "134753.430000", "134753.070000", "134753.440000", "134753.080000", "134753.450000", "134753.090000", "134753.460000", "134753.100000", "134753.470000", "134753.110000", "134753.480000", "134753.120000", "134753.490000", "134753.130000", "134753.500000", "134753.140000", "134753.510000", "134753.150000", "134753.520000", "134753.160000", "134753.530000", "134753.170000"], "ContentTime": ["135018.065000", "135017.995000", "135018.067000", "135017.997000", "135018.069000", "135018.000000", "135018.071000", "135018.002000", "135018.073000", "135018.004000", "135018.075000", "135018.006000", "135018.076000", "135018.008000", "135018.078000", "135018.010000", "135018.080000", "135018.012000", "135018.082000", "135018.014000", "135018.084000", "135018.016000", "135018.086000", "135018.018000", "135018.088000", "135018.020000", "135018.089000", "135018.022000", "135018.091000", "135018.024000", "135018.093000", "135018.026000", "135018.095000", "135018.028000", "135018.097000", "135018.029000", "135018.099000", "135018.031000", "135018.101000", "135018.033000", "135018.103000", "135018.035000", "135018.104000", "135018.037000", "135018.106000", "135018.039000", "135018.108000", "135018.041000", "135018.110000", "135018.043000", "135018.112000", "135018.045000", "135018.114000", "135018.046000", "135018.116000", "135018.048000", "135018.118000", "135018.050000", "135018.119000", "135018.052000", "135018.121000", "135018.054000", "135018.123000", "135018.056000", "135018.125000", "135018.058000", "135018.127000", "135018.060000", "135018.129000", "135018.062000", "135018.130000", "135018.063000"], "CsaImage.GSWDDataType": ["measured", "predicted", "measured", "predicted", "measured", "predicted", "measured", "predicted", "measured", "predicted", "measured", "predicted", "measured", "predicted", "measured", "predicted", "measured", "predicted", "measured", "predicted", "measured", "predicted", "measured", "predicted", "measured", "predicted", "measured", "predicted", "measured", "predicted", "measured", "predicted", "measured", "predicted", "measured", "predicted", "measured", "predicted", "measured", "predicted", "measured", "predicted", "measured", "predicted", "measured", "predicted", "measured", "predicted", "measured", "predicted", "measured", "predicted", "measured", "predicted", "measured", "predicted", "measured", "predicted", "measured", "predicted", "measured", "predicted", "measured", "predicted", "measured", "predicted", "measured", "predicted", "measured", "predicted", "measured", "measured"], "CsaImage.ICE_Dims": ["X_2_1_1_1_1_1_37_1_1_1_1_88", "X_2_1_1_1_1_1_1_1_1_2_1_88", "X_2_1_1_1_1_1_38_1_1_3_1_88", "X_2_1_1_1_1_1_2_1_1_4_1_88", "X_2_1_1_1_1_1_39_1_1_5_1_88", "X_2_1_1_1_1_1_3_1_1_6_1_88", "X_2_1_1_1_1_1_40_1_1_7_1_88", "X_2_1_1_1_1_1_4_1_1_8_1_88", "X_2_1_1_1_1_1_41_1_1_9_1_88", "X_2_1_1_1_1_1_5_1_1_10_1_88", "X_2_1_1_1_1_1_42_1_1_11_1_88", "X_2_1_1_1_1_1_6_1_1_12_1_88", "X_2_1_1_1_1_1_43_1_1_13_1_88", "X_2_1_1_1_1_1_7_1_1_14_1_88", "X_2_1_1_1_1_1_44_1_1_15_1_88", "X_2_1_1_1_1_1_8_1_1_16_1_88", "X_2_1_1_1_1_1_45_1_1_17_1_88", "X_2_1_1_1_1_1_9_1_1_18_1_88", "X_2_1_1_1_1_1_46_1_1_19_1_88", "X_2_1_1_1_1_1_10_1_1_20_1_88", "X_2_1_1_1_1_1_47_1_1_21_1_88", "X_2_1_1_1_1_1_11_1_1_22_1_88", "X_2_1_1_1_1_1_48_1_1_23_1_88", "X_2_1_1_1_1_1_12_1_1_24_1_88", "X_2_1_1_1_1_1_49_1_1_25_1_88", "X_2_1_1_1_1_1_13_1_1_26_1_88", "X_2_1_1_1_1_1_50_1_1_27_1_88", "X_2_1_1_1_1_1_14_1_1_28_1_88", "X_2_1_1_1_1_1_51_1_1_29_1_88", "X_2_1_1_1_1_1_15_1_1_30_1_88", "X_2_1_1_1_1_1_52_1_1_31_1_88", "X_2_1_1_1_1_1_16_1_1_32_1_88", "X_2_1_1_1_1_1_53_1_1_33_1_88", "X_2_1_1_1_1_1_17_1_1_34_1_88", "X_2_1_1_1_1_1_54_1_1_35_1_88", "X_2_1_1_1_1_1_18_1_1_36_1_88", "X_2_1_1_1_1_1_55_1_1_37_1_88", "X_2_1_1_1_1_1_19_1_1_38_1_88", "X_2_1_1_1_1_1_56_1_1_39_1_88", "X_2_1_1_1_1_1_20_1_1_40_1_88", "X_2_1_1_1_1_1_57_1_1_41_1_88", "X_2_1_1_1_1_1_21_1_1_42_1_88", "X_2_1_1_1_1_1_58_1_1_43_1_88", "X_2_1_1_1_1_1_22_1_1_44_1_88", "X_2_1_1_1_1_1_59_1_1_45_1_88", "X_2_1_1_1_1_1_23_1_1_46_1_88", "X_2_1_1_1_1_1_60_1_1_47_1_88", "X_2_1_1_1_1_1_24_1_1_48_1_88", "X_2_1_1_1_1_1_61_1_1_49_1_88", "X_2_1_1_1_1_1_25_1_1_50_1_88", "X_2_1_1_1_1_1_62_1_1_51_1_88", "X_2_1_1_1_1_1_26_1_1_52_1_88", "X_2_1_1_1_1_1_63_1_1_53_1_88", "X_2_1_1_1_1_1_27_1_1_54_1_88", "X_2_1_1_1_1_1_64_1_1_55_1_88", "X_2_1_1_1_1_1_28_1_1_56_1_88", "X_2_1_1_1_1_1_65_1_1_57_1_88", "X_2_1_1_1_1_1_29_1_1_58_1_88", "X_2_1_1_1_1_1_66_1_1_59_1_88", "X_2_1_1_1_1_1_30_1_1_60_1_88", "X_2_1_1_1_1_1_67_1_1_61_1_88", "X_2_1_1_1_1_1_31_1_1_62_1_88", "X_2_1_1_1_1_1_68_1_1_63_1_88", "X_2_1_1_1_1_1_32_1_1_64_1_88", "X_2_1_1_1_1_1_69_1_1_65_1_88", "X_2_1_1_1_1_1_33_1_1_66_1_88", "X_2_1_1_1_1_1_70_1_1_67_1_88", "X_2_1_1_1_1_1_34_1_1_68_1_88", "X_2_1_1_1_1_1_71_1_1_69_1_88", "X_2_1_1_1_1_1_35_1_1_70_1_88", "X_2_1_1_1_1_1_72_1_1_71_1_88", "X_2_1_1_1_1_1_36_1_1_72_1_88"], "CsaImage.ProtocolSliceNumber": [0, 1, 2, 3, 4, 5, 6, 7, 8, 9, 10, 11, 12, 13, 14, 15, 16, 17, 18, 19, 20, 21, 22, 23, 24, 25, 26, 27, 28, 29, 30, 31, 32, 33, 34, 35, 36, 37, 38, 39, 40, 41, 42, 43, 44, 45, 46, 47, 48, 49, 50, 51, 52, 53, 54, 55, 56, 57, 58, 59, 60, 61, 62, 63, 64, 65, 66, 67, 68, 69, 70, 71], "CsaImage.RFSWDDataType": ["measured", "predicted", "measured", "predicted", "measured", "predicted", "measured", "predicted", "measured", "predicted", "measured", "predicted", "measured", "predicted", "measured", "predicted", "measured", "predicted", "measured", "predicted", "measured", "predicted", "measured", "predicted", "measured", "predicted", "measured", "predicted", "measured", "predicted", "measured", "predicted", "measured", "predicted", "measured", "predicted", "measured", "predicted", "measured", "predicted", "measured", "predicted", "measured", "predicted", "measured", "predicted", "measured", "predicted", "measured", "predicted", "measured", "predicted", "measured", "predicted", "measured", "predicted", "measured", "predicted", "measured", "predicted", "measured", "predicted", "measured", "predicted", "measured", "predicted", "measured", "measured", "measured", "measured", "measured", "measured"], "CsaImage.SlicePosition_PCS": [[-100.0, -114.56911391, -47.71375626], [-100.0, -114.29076785, -45.73322266], [-100.0, -114.01242179, -43.75268525], [-100.0, -113.73407573, -41.77214784], [-100.0, -113.45572967, -39.79161424], [-100.0, -113.17738265, -37.81107682], [-100.0, -112.89903659, -35.83053941], [-100.0, -112.62069053, -33.85000581], [-100.0, -112.34234447, -31.86946839], [-100.0, -112.0639984, -29.88893098], [-100.0, -111.78565234, -27.90839738], [-100.0, -111.50730628, -25.92785996], [-100.0, -111.22895927, -23.94732255], [-100.0, -110.9506132, -21.96678895], [-100.0, -110.67226714, -19.98625153], [-100.0, -110.39392108, -18.00571603], [-100.0, -110.11557502, -16.02517861], [-100.0, -109.83722896, -14.04464311], [-100.0, -109.5588829, -12.0641076], [-100.0, -109.28053588, -10.08357018], [-100.0, -109.00218982, -8.10303468], [-100.0, -108.72384376, -6.12249917], [-100.0, -108.44549769, -4.14196175], [-100.0, -108.16715163, -2.16142625], [-100.0, -107.88880557, -0.18089074], [-100.0, -107.61045951, 1.79964572], [-100.0, -107.33211249, 3.78018218], [-100.0, -107.05376643, 5.76071769], [-100.0, -106.77542037, 7.74125415], [-100.0, -106.49707431, 9.72179013], [-100.0, -106.21872825, 11.70232636], [-100.0, -105.94038171, 13.68286259], [-100.0, -105.66203565, 15.66339868], [-100.0, -105.38368959, 17.64393479], [-100.0, -105.10534305, 19.62447101], [-100.0, -104.82699699, 21.60500699], [-100.0, -104.54865092, 23.58554298], [-100.0, -104.27030486, 25.56607944], [-100.0, -103.99195832, 27.5466159], [-100.0, -103.71361226, 29.5271514], [-100.0, -103.4352662, 31.50768691], [-100.0, -103.15691966, 33.48822433], [-100.0, -102.8785736, 35.46875983], [-100.0, -102.60022754, 37.44929534], [-100.0, -102.32188124, 39.42983276], [-100.0, -102.04353494, 41.41036826], [-100.0, -101.76518888, 43.39090377], [-100.0, -101.48684258, 45.37144118], [-100.0, -101.20849651, 47.3519786], [-100.0, -100.93015021, 49.3325122], [-100.0, -100.65180403, 51.31304961], [-100.0, -100.37345785, 53.29358703], [-100.0, -100.09511167, 55.27412063], [-100.0, -99.81676543, 57.25465804], [-100.0, -99.53841925, 59.23519546], [-100.0, -99.26007302, 61.21572906], [-100.0, -98.98172682, 63.19626647], [-100.0, -98.70338062, 65.17680389], [-100.0, -98.42503441, 67.15733749], [-100.0, -98.14668823, 69.1378749], [-100.0, -97.86834199, 71.11841231], [-100.0, -97.5899958, 73.09894591], [-100.0, -97.31164962, 75.07948333], [-100.0, -97.03330344, 77.06002074], [-100.0, -96.75495714, 79.04055434], [-100.0, -96.47661108, 81.02109176], [-100.0, -96.19826478, 83.00162917], [-100.0, -95.91991848, 84.98216659], [-100.0, -95.64157242, 86.96269637], [-100.0, -95.36322612, 88.94323379], [-100.0, -95.08488006, 90.9237712], [-100.0, -94.806534, 92.90430862]], "CsaImage.TimeAfterStart": [1.0825, 0.7225, 1.0925, 0.7325, 1.1025, 0.7425, 1.1125, 0.7525, 1.1225, 0.7625, 1.1325, 0.7725, 1.1425, 0.7825, 1.1525, 0.7925, 1.1625, 0.8025, 1.1725, 0.8125, 1.1825, 0.8225, 1.1925, 0.8325, 1.2025, 0.8425, 1.2125, 0.8525, 1.2225, 0.8625, 1.2325, 0.8725, 1.2425, 0.8825, 1.2525, 0.8925, 1.2625, 0.9025, 1.2725, 0.9125, 1.2825, 0.9225, 1.2925, 0.9325, 1.3025, 0.9425, 1.3125, 0.9525, 1.3225, 0.9625, 1.3325, 0.9725, 1.3425, 0.9825, 1.3525, 0.9925, 1.3625, 1.0025, 1.3725, 1.0125, 1.3825, 1.0225, 1.3925, 1.0325, 1.4025, 1.0425, 1.4125, 1.0525, 1.4225, 1.0625, 1.4325, 1.0725], "ImagePositionPatient": [[-100.0, -114.56911391356, -47.7137562644], [-100.0, -114.29076785186, -45.733222664547], [-100.0, -114.01242179015, -43.752685249996], [-100.0, -113.73407572844, -41.772147835445], [-100.0, -113.45572966674, -39.791614235592], [-100.0, -113.17738265136, -37.811076821041], [-100.0, -112.89903658965, -35.83053940649], [-100.0, -112.62069052794, -33.850005806637], [-100.0, -112.34234446624, -31.869468392086], [-100.0, -112.06399840453, -29.888930977535], [-100.0, -111.78565234282, -27.908397377682], [-100.0, -111.50730628112, -25.927859963131], [-100.0, -111.22895926574, -23.94732254858], [-100.0, -110.95061320403, -21.966788948727], [-100.0, -110.67226714232, -19.986251534176], [-100.0, -110.39392108062, -18.005716026974], [-100.0, -110.11557501891, -16.025178612423], [-100.0, -109.8372289572, -14.044643105221], [-100.0, -109.5588828955, -12.064107598019], [-100.0, -109.28053588012, -10.083570183468], [-100.0, -109.00218981841, -8.1030346762656], [-100.0, -108.7238437567, -6.1224991690634], [-100.0, -108.445497695, -4.1419617545126], [-100.0, -108.16715163329, -2.1614262473105], [-100.0, -107.88880557158, -0.1808907401084], [-100.0, -107.61045950988, 1.7996457207681], [-100.0, -107.3321124945, 3.7801821816446], [-100.0, -107.05376643279, 5.7607176888467], [-100.0, -106.77542037108, 7.7412541497232], [-100.0, -106.49707430938, 9.7217901337625], [-100.0, -106.21872824767, 11.70232635622], [-100.0, -105.94038170913, 13.682862593579], [-100.0, -105.66203564742, 15.663398681927], [-100.0, -105.38368958571, 17.643934785175], [-100.0, -105.10534304717, 19.624471007633], [-100.0, -104.82699698546, 21.605006991673], [-100.0, -104.54865092376, 23.585542975712], [-100.0, -104.27030486205, 25.566079436588], [-100.0, -103.99195832351, 27.546615897465], [-100.0, -103.7136122618, 29.527151404667], [-100.0, -103.43526620009, 31.507686911869], [-100.0, -103.15691966155, 33.48822432642], [-100.0, -102.87857359984, 35.468759833622], [-100.0, -102.60022753814, 37.449295340824], [-100.0, -102.32188123801, 39.429832755375], [-100.0, -102.04353493789, 41.410368262577], [-100.0, -101.76518887618, 43.390903769779], [-100.0, -101.48684257605, 45.37144118433], [-100.0, -101.20849651435, 47.351978598881], [-100.0, -100.93015021422, 49.332512198734], [-100.0, -100.65180403331, 51.313049613285], [-100.0, -100.37345785239, 53.293587027836], [-100.0, -100.09511167148, 55.274120627689], [-100.0, -99.816765430955, 57.25465804224], [-100.0, -99.538419250039, 59.235195456791], [-100.0, -99.260073024419, 61.215729056645], [-100.0, -98.981726821152, 63.196266471195], [-100.0, -98.703380617884, 65.176803885746], [-100.0, -98.425034407166, 67.1573374856], [-100.0, -98.14668822625, 69.13787490015], [-100.0, -97.86834198573, 71.118412314701], [-100.0, -97.589995804814, 73.098945914555], [-100.0, -97.311649623898, 75.079483329106], [-100.0, -97.033303442982, 77.060020743656], [-100.0, -96.754957142857, 79.04055434351], [-100.0, -96.476611081151, 81.021091758061], [-100.0, -96.198264781026, 83.001629172611], [-100.0, -95.9199184809, 84.982166587162], [-100.0, -95.641572419194, 86.962696372318], [-100.0, -95.363226119069, 88.943233786869], [-100.0, -95.084880057362, 90.92377120142], [-100.0, -94.806533995656, 92.904308615971]], "InstanceCreationTime": ["135018.065000", "135017.995000", "135018.067000", "135017.997000", "135018.069000", "135018.000000", "135018.071000", "135018.002000", "135018.073000", "135018.004000", "135018.075000", "135018.006000", "135018.076000", "135018.008000", "135018.078000", "135018.010000", "135018.080000", "135018.012000", "135018.082000", "135018.014000", "135018.084000", "135018.016000", "135018.086000", "135018.018000", "135018.088000", "135018.020000", "135018.089000", "135018.022000", "135018.091000", "135018.024000", "135018.093000", "135018.026000", "135018.095000", "135018.028000", "135018.097000", "135018.029000", "135018.099000", "135018.031000", "135018.101000", "135018.033000", "135018.103000", "135018.035000", "135018.104000", "135018.037000", "135018.106000", "135018.039000", "135018.108000", "135018.041000", "135018.110000", "135018.043000", "135018.112000", "135018.045000", "135018.114000", "135018.046000", "135018.116000", "135018.048000", "135018.118000", "135018.050000", "135018.119000", "135018.052000", "135018.121000", "135018.054000", "135018.123000", "135018.056000", "135018.125000", "135018.058000", "135018.127000", "135018.060000", "135018.129000", "135018.062000", "135018.130000", "135018.063000"], "InstanceNumber": [1, 2, 3, 4, 5, 6, 7, 8, 9, 10, 11, 12, 13, 14, 15, 16, 17, 18, 19, 20, 21, 22, 23, 24, 25, 26, 27, 28, 29, 30, 31, 32, 33, 34, 35, 36, 37, 38, 39, 40, 41, 42, 43, 44, 45, 46, 47, 48, 49, 50, 51, 52, 53, 54, 55, 56, 57, 58, 59, 60, 61, 62, 63, 64, 65, 66, 67, 68, 69, 70, 71, 72], "LargestImagePixelValue": [4094, 4094, 4093, 4093, 4095, 4093, 4095, 4095, 4094, 4094, 4095, 4093, 4094, 4090, 4073, 4095, 4092, 4093, 4093, 4091, 4095, 4092, 4095, 4094, 4071, 4094, 4060, 4092, 4084, 4092, 4093, 4089, 4089, 4094, 4094, 4089, 4092, 4089, 4094, 4093, 4093, 4095, 4093, 4094, 4091, 4090, 4091, 4095, 4095, 4090, 4094, 4095, 4091, 4090, 4093, 4094, 4090, 4091, 4094, 4095, 4094, 4088, 4095, 4095, 4093, 4094, 4094, 4095, 4093, 4093, 4095, 4094], "SliceLocation": [-63.194347056211, -61.194349588659, -59.194348343534, -57.194347098408, -55.194349630856, -53.194348253005, -51.194347007879, -49.194349540327, -47.194348295201, -45.194347050076, -43.194349582524, -41.194348337398, -39.194346959547, -37.194349491995, -35.194348246869, -33.19434889053, -31.194347645405, -29.194348289066, -27.194348932727, -25.194347554876, -23.194348198537, -21.194348842198, -19.194347597073, -17.194348240734, -15.194348884395, -13.194348583663, -11.194348150205, -9.1943487938662, -7.1943484931341, -5.1943486645986, -3.1943485999648, -1.1943484542119, 0.8056514776166, 2.8056514242013, 4.805651555198, 6.8056513837335, 8.805651212269, 10.805651513001, 12.805651880096, 14.805651236435, 16.805650592774, 18.805651904262, 20.805651260601, 22.80565061694, 24.805651895247, 26.805651284767, 28.805650641106, 30.805651919413, 32.805653164538, 34.805650665272, 36.805651926988, 38.805653188704, 40.805650672847, 42.805651942859, 44.805653204575, 46.80565069494, 48.805651959766, 50.805653224593, 52.805650712884, 54.8056519746, 56.805653244612, 58.805650728755, 60.805651990471, 62.805653252187, 64.805650752921, 66.805651998046, 68.805653276353, 70.80565455466, 72.805648244639, 74.805649522946, 76.805650768072, 78.805652013197], "SmallestImagePixelValue": [0, 0, 0, 2, 0, 1, 4, 0, 0, 1, 0, 1, 1, 0, 2, 1, 2, 1, 2, 0, 3, 7, 0, 0, 10, 17, 25, 13, 21, 2, 12, 1, 2, 1, 1, 7, 15, 0, 20, 1, 0, 6, 4, 4, 6, 0, 0, 1, 1, 2, 8, 2, 0, 1, 0, 8, 0, 0, 0, 0, 0, 0, 0, 0, 0, 1, 3, 0, 0, 0, 0, 0], "WindowCenter": [-234.0, -236.0, -196.0, -196.0, -210.0, -224.0, -194.0, -180.0, -224.0, -232.0, -266.0, -302.0, -308.0, -260.0, -254.0, -228.0, -234.0, -196.0, -190.0, -244.0, -228.0, -226.0, -190.0, -148.0, -100.0, -122.0, -110.0, -252.0, -114.0, -92.0, -112.0, -120.0, -150.0, -104.0, -110.0, -112.0, -116.0, -150.0, -126.0, -124.0, -110.0, -166.0, -72.0, -68.0, -216.0, -200.0, -192.0, -36.0, -178.0, -178.0, -172.0, -26.0, -80.0, -32.0, -82.0, -66.0, -78.0, -74.0, -104.0, -68.0, -82.0, -70.0, -60.0, -86.0, -82.0, -70.0, -98.0, -160.0, -148.0, -160.0, -198.0, -252.0], "WindowWidth": [5986.0, 6008.0, 6062.0, 6094.0, 6078.0, 6092.0, 6108.0, 6136.0, 6096.0, 6086.0, 6020.0, 5934.0, 5856.0, 5816.0, 5740.0, 5750.0, 5592.0, 5666.0, 5598.0, 5606.0, 5524.0, 5354.0, 5388.0, 5444.0, 5436.0, 5286.0, 5274.0, 4572.0, 5124.0, 5218.0, 5014.0, 5040.0, 4918.0, 5252.0, 5330.0, 5346.0, 5326.0, 5060.0, 5230.0, 5190.0, 5240.0, 4868.0, 5274.0, 5254.0, 4580.0, 4574.0, 4566.0, 5206.0, 4560.0, 4566.0, 4564.0, 5220.0, 4996.0, 5432.0, 5394.0, 5452.0, 5562.0, 5580.0, 5546.0, 5676.0, 5750.0, 5830.0, 5802.0, 5838.0, 5856.0, 5876.0, 5938.0, 6044.0, 6088.0, 6196.0, 6202.0, 6278.0]}}, "IntendedFor": ["ses-imagenet01/func/sub-12_ses-imagenet01_task-imagenet_run-10_bold.nii.gz", "ses-imagenet01/func/sub-12_ses-imagenet01_task-imagenet_run-02_bold.nii.gz", "ses-imagenet01/func/sub-12_ses-imagenet01_task-imagenet_run-04_bold.nii.gz", "ses-imagenet01/func/sub-12_ses-imagenet01_task-imagenet_run-09_bold.nii.gz", "ses-imagenet01/func/sub-12_ses-imagenet01_task-imagenet_run-06_bold.nii.gz", "ses-imagenet01/func/sub-12_ses-imagenet01_task-imagenet_run-05_bold.nii.gz", "ses-imagenet01/func/sub-12_ses-imagenet01_task-imagenet_run-07_bold.nii.gz", "ses-imagenet01/func/sub-12_ses-imagenet01_task-imagenet_run-08_bold.nii.gz", "ses-imagenet01/func/sub-12_ses-imagenet01_task-imagenet_run-01_bold.nii.gz", "ses-imagenet01/func/sub-12_ses-imagenet01_task-imagenet_run-03_bold.nii.gz"]}