{
 "AcquisitionMatrixPE": 100,
 "AcquisitionNumber": 1,
 "AcquisitionTime": "13:21:11.465000",
 "BandwidthPerPixelPhaseEncode": 18.519,
 "BaseResolution": 100,
 "BodyPartExamined": "BRAIN",
 "ConsistencyInfo": "N4_VE11C_LATEST_20160120",
 "ConversionSoftware": "dcm2niix",
 "ConversionSoftwareVersion": "v1.0.20180622 GCC4.9.2",
 "DerivedVendorReportedEchoSpacing": 0.000539986,
 "DeviceSerialNumber": "166078",
 "DwellTime": 2.1e-06,
 "EchoTime": 0.034,
 "EchoTrainLength": 100,
 "EffectiveEchoSpacing": 0.000539986,
 "FlipAngle": 90,
 "ImageOrientationPatientDICOM": [
  1,
  0,
  0,
  0,
  0.965926,
  -0.258819
 ],
 "ImageType": [
  "ORIGINAL",
  "PRIMARY",
  "M",
  "ND",
  "MOSAIC"
 ],
 "InPlanePhaseEncodingDirectionDICOM": "COL",
 "InstitutionAddress": "Street_StreetNo_Bei_Jing_District_CN_ZIP",
 "InstitutionName": "BeiJing_Normal_University",
 "InstitutionalDepartmentName": "Department",
 "MRAcquisitionType": "2D",
 "MagneticFieldStrength": 3,
 "Manufacturer": "Siemens",
 "ManufacturersModelName": "Prisma",
 "Modality": "MR",
 "MultibandAccelerationFactor": 3,
 "PartialFourier": 1,
 "PatientPosition": "HFS",
 "PercentPhaseFOV": 100,
 "PhaseEncodingDirection": "j-",
 "PhaseEncodingSteps": 100,
 "PhaseResolution": 1,
 "PixelBandwidth": 2380,
 "ProcedureStepDescription": "BNU_P2018_64CH_Zhen.ZongLei",
 "ProtocolName": "bold_100x100_s3_2x2x2_cat_150",
 "PulseSequenceDetails": "%SiemensSeq%_ep2d_bold",
 "ReceiveCoilActiveElements": "HC1-7;NC1",
 "ReceiveCoilName": "HeadNeck_64",
 "ReconMatrixPE": 100,
 "RepetitionTime": 2,
 "SAR": 0.0731478,
 "ScanOptions": "FS",
 "ScanningSequence": "EP",
 "SequenceName": "_epfid2d1_100",
 "SequenceVariant": "SK",
 "SeriesDescription": "bold_100x100_s3_2x2x2_cat_150",
 "SeriesNumber": 5,
 "ShimSetting": [
  -5457,
  -11469,
  -1286,
  302,
  -33,
  -169,
  -225,
  82
 ],
 "SliceThickness": 2,
 "SliceTiming": [
  1.485,
  0,
  0.99,
  0.0825,
  1.0725,
  0.165,
  1.155,
  0.2475,
  1.2375,
  0.33,
  1.32,
  0.4125,
  1.4025,
  0.5775,
  1.5675,
  0.66,
  1.65,
  0.7425,
  1.7325,
  0.825,
  1.815,
  0.9075,
  1.8975,
  0.495,
  1.485,
  0,
  0.99,
  0.0825,
  1.0725,
  0.165,
  1.155,
  0.2475,
  1.2375,
  0.33,
  1.32,
  0.4125,
  1.4025,
  0.5775,
  1.5675,
  0.66,
  1.65,
  0.7425,
  1.7325,
  0.825,
  1.815,
  0.9075,
  1.8975,
  0.495,
  1.485,
  0,
  0.99,
  0.0825,
  1.0725,
  0.165,
  1.155,
  0.2475,
  1.2375,
  0.33,
  1.32,
  0.4125,
  1.4025,
  0.5775,
  1.5675,
  0.66,
  1.65,
  0.7425,
  1.7325,
  0.825,
  1.815,
  0.9075,
  1.8975,
  0.495
 ],
 "SoftwareVersions": "syngo_MR_E11",
 "SpacingBetweenSlices": 2,
 "StationName": "AWP166078",
 "TaskName": "floc",
 "TotalReadoutTime": 0.0534586,
 "TxRefAmp": 229.519,
 "dcmmeta_affine": [
  [
   -2.0,
   0.0,
   0.0,
   100.0
  ],
  [
   0.0,
   1.9318516254425049,
   -0.5176380276679993,
   -73.80265045166016
  ],
  [
   0.0,
   0.517638087272644,
   1.9318516254425049,
   -89.45343017578125
  ],
  [
   0.0,
   0.0,
   0.0,
   1.0
  ]
 ],
 "dcmmeta_reorient_transform": [
  [
   0.0,
   -1.0,
   0.0,
   99.0
  ],
  [
   1.0,
   0.0,
   0.0,
   0.0
  ],
  [
   0.0,
   0.0,
   1.0,
   0.0
  ],
  [
   0.0,
   0.0,
   0.0,
   1.0
  ]
 ],
 "dcmmeta_shape": [
  100,
  100,
  72,
  150
 ],
 "dcmmeta_slice_dim": 2,
 "dcmmeta_version": 0.6,
 "global": {
  "const": {
   "AcquisitionMatrix": [
    100,
    0,
    0,
    100
   ],
   "AngioFlag": "N",
   "BitsAllocated": 16,
   "BitsStored": 12,
   "BodyPartExamined": "BRAIN",
   "Columns": 900,
   "EchoNumbers": 1,
   "EchoTime": 34.0,
   "EchoTrainLength": 100,
   "FlipAngle": 90.0,
   "HighBit": 11,
   "ImageOrientationPatient": [
    1.0,
    0.0,
    0.0,
    0.0,
    0.9659258278573,
    -0.2588190392498
   ],
   "ImagePositionPatient": [
    -900.0,
    -890.19132498185,
    168.84797059094
   ],
   "ImageType": [
    "ORIGINAL",
    "PRIMARY",
    "M",
    "ND",
    "MOSAIC"
   ],
   "ImagedNucleus": "1H",
   "ImagingFrequency": 123.257754,
   "InPlanePhaseEncodingDirection": "COL",
   "MRAcquisitionType": "2D",
   "MagneticFieldStrength": 3.0,
   "Manufacturer": "SIEMENS",
   "ManufacturerModelName": "Prisma",
   "Modality": "MR",
   "NumberOfAverages": 1.0,
   "NumberOfPhaseEncodingSteps": 100,
   "PercentPhaseFieldOfView": 100.0,
   "PercentSampling": 100.0,
   "PerformedProcedureStepStartTime": "130450.942000",
   "PhotometricInterpretation": "MONOCHROME2",
   "PixelBandwidth": 2380.0,
   "PixelRepresentation": 0,
   "PixelSpacing": [
    2.0,
    2.0
   ],
   "ProtocolName": "bold_100x100_s3_2x2x2_cat_150",
   "RepetitionTime": 2000.0,
   "Rows": 900,
   "SAR": 0.07314783889416,
   "SamplesPerPixel": 1,
   "ScanOptions": "FS",
   "ScanningSequence": "EP",
   "SequenceName": "*epfid2d1_100",
   "SequenceVariant": "SK",
   "SeriesDescription": "bold_100x100_s3_2x2x2_cat_150",
   "SeriesNumber": 5,
   "SeriesTime": "132113.803000",
   "SliceLocation": -67.303847705236,
   "SliceThickness": 2.0,
   "SmallestImagePixelValue": 0,
   "SoftwareVersions": "syngo MR E11",
   "SpacingBetweenSlices": 1.9999999109673,
   "SpecificCharacterSet": "ISO_IR 100",
   "StudyID": "1",
   "StudyTime": "130450.828000",
   "TransmitCoilName": "Body",
   "VariableFlipAngleFlag": "N",
   "WindowCenterWidthExplanation": "Algo1",
   "dBdt": 0.0
  },
