{"AcquisitionMatrixPE": 100, "AcquisitionNumber": 1, "AcquisitionTime": "13:14:50.035000", "BaseResolution": 100, "BodyPartExamined": "BRAIN", "ConsistencyInfo": "N4_VE11C_LATEST_20160120", "ConversionSoftware": "dcm2niix", "ConversionSoftwareVersion": "v1.0.20180622 GCC4.9.2", "DeviceSerialNumber": "166078", "DwellTime": 8.8e-06, "EchoNumber": 2, "EchoTime": 0.00738, "EchoTime1": 0.00492, "EchoTime2": 0.00738, "FlipAngle": 60, "ImageOrientationPatientDICOM": [1, -4.6085e-06, -5.4888e-05, 4.4e-14, 0.996494, -0.0836675], "ImageType": ["ORIGINAL", "PRIMARY", "P", "ND"], "InPlanePhaseEncodingDirectionDICOM": "ROW", "InstitutionAddress": "Street_StreetNo_Bei_Jing_District_CN_ZIP", "InstitutionName": "BeiJing_Normal_University", "InstitutionalDepartmentName": "Department", "MRAcquisitionType": "2D", "MagneticFieldStrength": 3, "Manufacturer": "Siemens", "ManufacturersModelName": "Prisma", "Modality": "MR", "PartialFourier": 1, "PatientPosition": "HFS", "PercentPhaseFOV": 100, "PhaseEncodingDirection": "i", "PhaseEncodingSteps": 100, "PhaseResolution": 1, "PixelBandwidth": 570, "ProcedureStepDescription": "BNU_P2018_64CH_Zhen.ZongLei", "ProtocolName": "field_mapping_2x2x2", "PulseSequenceDetails": "%SiemensSeq%_gre_field_mapping", "ReceiveCoilActiveElements": "HC1-7;NC1", "ReceiveCoilName": "HeadNeck_64", "ReconMatrixPE": 100, "RepetitionTime": 0.72, "SAR": 0.13069, "ScanningSequence": "GR", "SequenceName": "_fm2d2r", "SequenceVariant": "SP", "SeriesDescription": "field_mapping_2x2x2", "SeriesNumber": 9, "ShimSetting": [-5465, -11514, -1298, 434, -8, -201, -135, -16], "SliceThickness": 2, "SoftwareVersions": "syngo_MR_E11", "SpacingBetweenSlices": 2, "StationName": "AWP166078", "TxRefAmp": 212.831, "dcmmeta_affine": [[-2.0, 8.80000011662524e-14, -0.00011014938354492188, 104.11992645263672], [9.217005754180718e-06, 1.9929873943328857, -0.16733504831790924, -85.59623718261719], [-0.00010977603233186528, 0.16733504831790924, 1.9929885864257812, -70.57954406738281], [0.0, 0.0, 0.0, 1.0]], "dcmmeta_reorient_transform": [[0.0, -1.0, 0.0, 99.0], [1.0, 0.0, 0.0, 0.0], [0.0, 0.0, -1.0, 71.0], [0.0, 0.0, 0.0, 1.0]], "dcmmeta_shape": [100, 100, 72], "dcmmeta_slice_dim": 2, "dcmmeta_version": 0.6, "global": {"const": {"AcquisitionMatrix": [0, 100, 100, 0], "AcquisitionNumber": 1, "AngioFlag": "N", "BitsAllocated": 16, "BitsStored": 12, "BodyPartExamined": "BRAIN", "Columns": 100, "EchoNumbers": 2, "EchoTime": 7.38, "EchoTrainLength": 0, "FlipAngle": 60.0, "HighBit": 11, "ImageOrientationPatient": [0.99999999848303, -4.60850287e-06, -5.4888015e-05, 4.4e-14, 0.99649372598259, -0.0836675210422], "ImageType": ["ORIGINAL", "PRIMARY", "P", "ND"], "ImagedNucleus": "1H", "ImagingFrequency": 123.257764, "InPlanePhaseEncodingDirection": "ROW", "MRAcquisitionType": "2D", "MagneticFieldStrength": 3.0, "Manufacturer": "SIEMENS", "ManufacturerModelName": "Prisma", "Modality": "MR", "NumberOfAverages": 1.0, "NumberOfPhaseEncodingSteps": 100, "PercentPhaseFieldOfView": 100.0, "PercentSampling": 100.0, "PerformedProcedureStepStartTime": "120754.453000", "PhotometricInterpretation": "MONOCHROME2", "PixelBandwidth": 570.0, "PixelRepresentation": 0, "PixelSpacing": [2.0, 2.0], "ProtocolName": "field_mapping_2x2x2", "RepetitionTime": 720.0, "RescaleIntercept": -4096.0, "RescaleSlope": 2.0, "RescaleType": "US", "Rows": 100, "SAR": 0.13069001190204, "SamplesPerPixel": 1, "ScanningSequence": "GR", "SequenceName": "*fm2d2r", "SequenceVariant": "SP", "SeriesDescription": "field_mapping_2x2x2", "SeriesNumber": 9, "SeriesTime": "131715.043000", "SliceThickness": 2.0, "SoftwareVersions": "syngo MR E11", "SpacingBetweenSlices": 2.0, "SpecificCharacterSet": "ISO_IR 100", "StudyID": "1", "StudyTime": "120754.308000", "TransmitCoilName": "Body", "VariableFlipAngleFlag": "N", "WindowCenterWidthExplanation": "Algo1", "dBdt": 0.0}, "slices": {"AcquisitionTime": ["131450.035000", "131449.675000", "131450.045000", "131449.685000", "131450.055000", "131449.695000", "131450.065000", "131449.705000", "131450.075000", "131449.715000", "131450.085000", "131449.725000", "131450.095000", "131449.735000", "131450.105000", "131449.745000", "131450.115000", "131449.755000", "131450.125000", "131449.765000", "131450.135000", "131449.775000", "131450.145000", "131449.785000", "131450.155000", "131449.795000", "131450.165000", "131449.805000", "131450.175000", "131449.815000", "131450.185000", "131449.825000", "131450.195000", "131449.835000", "131450.205000", "131449.845000", "131450.215000", "131449.855000", "131450.225000", "131449.865000", "131450.235000", "131449.875000", "131450.245000", "131449.885000", "131450.255000", "131449.895000", "131450.265000", "131449.905000", "131450.275000", "131449.915000", "131450.285000", "131449.925000", "131450.295000", "131449.935000", "131450.305000", "131449.945000", "131450.315000", "131449.955000", "131450.325000", "131449.965000", "131450.335000", "131449.975000", "131450.345000", "131449.985000", "131450.355000", "131449.995000", "131450.365000", "131450.005000", "131450.375000", "131450.015000", "131450.385000", "131450.025000"], "ContentTime": ["131715.183000", "131715.051000", "131715.184000", "131715.054000", "131715.187000", "131715.056000", "131715.189000", "131715.058000", "131715.191000", "131715.060000", "131715.193000", "131715.062000", "131715.198000", "131715.064000", "131715.200000", "131715.066000", "131715.202000", "131715.068000", "131715.205000", "131715.070000", "131715.229000", "131715.072000", "131715.231000", "131715.074000", "131715.233000", "131715.076000", "131715.234000", "131715.078000", "131715.259000", "131715.081000", "131715.262000", "131715.085000", "131715.264000", "131715.087000", "131715.266000", "131715.089000", "131715.268000", "131715.091000", "131715.270000", "131715.093000", "131715.272000", "131715.095000", "131715.274000", "131715.097000", "131715.276000", "131715.099000", "131715.278000", "131715.100000", "131715.280000", "131715.144000", "131715.282000", "131715.146000", "131715.287000", "131715.148000", "131715.289000", "131715.150000", "131715.291000", "131715.152000", "131715.293000", "131715.154000", "131715.295000", "131715.156000", "131715.297000", "131715.158000", "131715.299000", "131715.160000", "131715.301000", "131715.161000", "131715.303000", "131715.165000", "131715.305000", "131715.181000"], "CsaImage.GSWDDataType": ["measured", "predicted", "measured", "predicted", "measured", "predicted", "measured", "predicted", "measured", "predicted", "measured", "predicted", "measured", "predicted", "measured", "predicted", "measured", "predicted", "measured", "predicted", "measured", "predicted", "measured", "predicted", "measured", "predicted", "measured", "predicted", "measured", "predicted", "measured", "predicted", "measured", "predicted", "measured", "predicted", "measured", "predicted", "measured", "predicted", "measured", "predicted", "measured", "predicted", "measured", "predicted", "measured", "predicted", "measured", "measured", "measured", "measured", "measured", "measured", "measured", "measured", "measured", "measured", "measured", "measured", "measured", "measured", "measured", "measured", "measured", "measured", "measured", "measured", "measured", "measured", "measured", "measured"], "CsaImage.ICE_Dims": ["X_2_1_1_1_1_1_37_1_1_1_1_96", "X_2_1_1_1_1_1_1_1_1_2_1_96", "X_2_1_1_1_1_1_38_1_1_3_1_96", "X_2_1_1_1_1_1_2_1_1_4_1_96", "X_2_1_1_1_1_1_39_1_1_5_1_96", "X_2_1_1_1_1_1_3_1_1_6_1_96", "X_2_1_1_1_1_1_40_1_1_7_1_96", "X_2_1_1_1_1_1_4_1_1_8_1_96", "X_2_1_1_1_1_1_41_1_1_9_1_96", "X_2_1_1_1_1_1_5_1_1_10_1_96", "X_2_1_1_1_1_1_42_1_1_11_1_96", "X_2_1_1_1_1_1_6_1_1_12_1_96", "X_2_1_1_1_1_1_43_1_1_13_1_96", "X_2_1_1_1_1_1_7_1_1_14_1_96", "X_2_1_1_1_1_1_44_1_1_15_1_96", "X_2_1_1_1_1_1_8_1_1_16_1_96", "X_2_1_1_1_1_1_45_1_1_17_1_96", "X_2_1_1_1_1_1_9_1_1_18_1_96", "X_2_1_1_1_1_1_46_1_1_19_1_96", "X_2_1_1_1_1_1_10_1_1_20_1_96", "X_2_1_1_1_1_1_47_1_1_21_1_96", "X_2_1_1_1_1_1_11_1_1_22_1_96", "X_2_1_1_1_1_1_48_1_1_23_1_96", "X_2_1_1_1_1_1_12_1_1_24_1_96", "X_2_1_1_1_1_1_49_1_1_25_1_96", "X_2_1_1_1_1_1_13_1_1_26_1_96", "X_2_1_1_1_1_1_50_1_1_27_1_96", "X_2_1_1_1_1_1_14_1_1_28_1_96", "X_2_1_1_1_1_1_51_1_1_29_1_96", "X_2_1_1_1_1_1_15_1_1_30_1_96", "X_2_1_1_1_1_1_52_1_1_31_1_96", "X_2_1_1_1_1_1_16_1_1_32_1_96", "X_2_1_1_1_1_1_53_1_1_33_1_96", "X_2_1_1_1_1_1_17_1_1_34_1_96", "X_2_1_1_1_1_1_54_1_1_35_1_96", "X_2_1_1_1_1_1_18_1_1_36_1_96", "X_2_1_1_1_1_1_55_1_1_37_1_96", "X_2_1_1_1_1_1_19_1_1_38_1_96", "X_2_1_1_1_1_1_56_1_1_39_1_96", "X_2_1_1_1_1_1_20_1_1_40_1_96", "X_2_1_1_1_1_1_57_1_1_41_1_96", "X_2_1_1_1_1_1_21_1_1_42_1_96", "X_2_1_1_1_1_1_58_1_1_43_1_96", "X_2_1_1_1_1_1_22_1_1_44_1_96", "X_2_1_1_1_1_1_59_1_1_45_1_96", "X_2_1_1_1_1_1_23_1_1_46_1_96", "X_2_1_1_1_1_1_60_1_1_47_1_96", "X_2_1_1_1_1_1_24_1_1_48_1_96", "X_2_1_1_1_1_1_61_1_1_49_1_96", "X_2_1_1_1_1_1_25_1_1_50_1_96", "X_2_1_1_1_1_1_62_1_1_51_1_96", "X_2_1_1_1_1_1_26_1_1_52_1_96", "X_2_1_1_1_1_1_63_1_1_53_1_96", "X_2_1_1_1_1_1_27_1_1_54_1_96", "X_2_1_1_1_1_1_64_1_1_55_1_96", "X_2_1_1_1_1_1_28_1_1_56_1_96", "X_2_1_1_1_1_1_65_1_1_57_1_96", "X_2_1_1_1_1_1_29_1_1_58_1_96", "X_2_1_1_1_1_1_66_1_1_59_1_96", "X_2_1_1_1_1_1_30_1_1_60_1_96", "X_2_1_1_1_1_1_67_1_1_61_1_96", "X_2_1_1_1_1_1_31_1_1_62_1_96", "X_2_1_1_1_1_1_68_1_1_63_1_96", "X_2_1_1_1_1_1_32_1_1_64_1_96", "X_2_1_1_1_1_1_69_1_1_65_1_96", "X_2_1_1_1_1_1_33_1_1_66_1_96", "X_2_1_1_1_1_1_70_1_1_67_1_96", "X_2_1_1_1_1_1_34_1_1_68_1_96", "X_2_1_1_1_1_1_71_1_1_69_1_96", "X_2_1_1_1_1_1_35_1_1_70_1_96", "X_2_1_1_1_1_1_72_1_1_71_1_96", "X_2_1_1_1_1_1_36_1_1_72_1_96"], "CsaImage.ProtocolSliceNumber": [0, 1, 2, 3, 4, 5, 6, 7, 8, 9, 10, 11, 12, 13, 14, 15, 16, 17, 18, 19, 20, 21, 22, 23, 24, 25, 26, 27, 28, 29, 30, 31, 32, 33, 34, 35, 36, 37, 38, 39, 40, 41, 42, 43, 44, 45, 46, 47, 48, 49, 50, 51, 52, 53, 54, 55, 56, 57, 58, 59, 60, 61, 62, 63, 64, 65, 66, 67, 68, 69, 70, 71], "CsaImage.RFSWDDataType": ["measured", "predicted", "measured", "predicted", "measured", "predicted", "measured", "predicted", "measured", "predicted", "measured", "predicted", "measured", "predicted", "measured", "predicted", "measured", "predicted", "measured", "predicted", "measured", "predicted", "measured", "predicted", "measured", "predicted", "measured", "predicted", "measured", "predicted", "measured", "predicted", "measured", "predicted", "measured", "predicted", "measured", "predicted", "measured", "predicted", "measured", "predicted", "measured", "predicted", "measured", "predicted", "measured", "measured", "measured", "measured", "measured", "measured", "measured", "measured", "measured", "measured", "measured", "measured", "measured", "measured", "measured", "measured", "measured", "measured", "measured", "measured", "measured", "measured", "measured", "measured", "measured", "measured"], "CsaImage.SlicePosition_PCS": [[-104.11992535, -111.70952252, -54.01329529], [-104.1198152, -111.54218796, -52.0203067], [-104.11970505, -111.37485245, -50.02731812], [-104.1195949, -111.2075179, -48.03433334], [-104.11948475, -111.04018239, -46.04134476], [-104.1193746, -110.87284783, -44.04835617], [-104.11926445, -110.70551232, -42.0553714], [-104.1191543, -110.53817776, -40.06238281], [-104.11904415, -110.37084225, -38.06939423], [-104.118934, -110.2035077, -36.07640564], [-104.11882385, -110.03617218, -34.08342087], [-104.1187137, -109.86883763, -32.09043228], [-104.11860355, -109.70150212, -30.0974437], [-104.11849341, -109.53416756, -28.10445892], [-104.11838326, -109.36683205, -26.11147034], [-104.11827311, -109.19949749, -24.11848175], [-104.11816296, -109.03216198, -22.12549507], [-104.11805281, -108.86482743, -20.13250839], [-104.11794266, -108.69749192, -18.13951981], [-104.11783251, -108.53015736, -16.14653313], [-104.11772236, -108.36282185, -14.15354454], [-104.11761221, -108.19548729, -12.16055786], [-104.11750206, -108.02815178, -10.16757118], [-104.11739191, -107.86081723, -8.1745826], [-104.11728176, -107.69348172, -6.18159592], [-104.11717161, -107.52614716, -4.18860828], [-104.11706146, -107.35881165, -2.19562065], [-104.11695131, -107.19147662, -0.20263302], [-104.11684116, -107.02414158, 1.79035414], [-104.11673102, -106.85680655, 3.78334177], [-104.11662087, -106.68947152, 5.77632916], [-104.11651072, -106.52213648, 7.76931668], [-104.11640057, -106.35480145, 9.76230407], [-104.11629042, -106.18746642, 11.75529159], [-104.11618027, -106.02013138, 13.74827898], [-104.11607012, -105.85279635, 15.74126661], [-104.11595997, -105.68546132, 17.73425377], [-104.11584934, -105.51812628, 19.7272414], [-104.11573919, -105.35079125, 21.72022903], [-104.11562904, -105.18345622, 23.71321667], [-104.1155189, -105.01612118, 25.7062043], [-104.11540875, -104.84878615, 27.69919098], [-104.1152986, -104.68145112, 29.69217957], [-104.11518845, -104.51411608, 31.68516624], [-104.1150783, -104.34678105, 33.67815292], [-104.11496815, -104.17944602, 35.67114151], [-104.114858, -104.01211098, 37.66412819], [-104.11474785, -103.84477595, 39.65711678], [-104.1146377, -103.67744092, 41.65010345], [-104.11452755, -103.51010588, 43.64309204], [-104.1144174, -103.34277085, 45.63607681], [-104.11430725, -103.17543581, 47.6290654], [-104.1141971, -103.00810078, 49.62205399], [-104.11408695, -102.84076575, 51.61503876], [-104.1139768, -102.67343071, 53.60802734], [-104.11386665, -102.50609568, 55.60101593], [-104.1137565, -102.33876065, 57.59400452], [-104.11364636, -102.17142561, 59.58698929], [-104.11353621, -102.00409058, 61.57997787], [-104.11342606, -101.83675555, 63.57296646], [-104.11331591, -101.66942051, 65.56595123], [-104.11320576, -101.50208548, 67.55893982], [-104.11309561, -101.33475045, 69.55192841], [-104.11298546, -101.16741541, 71.54491318], [-104.11287531, -101.00008038, 73.53790558], [-104.11276516, -100.83274535, 75.53088654], [-104.11265501, -100.66541031, 77.52387512], [-104.11254486, -100.49807522, 79.51686371], [-104.11243471, -100.33074019, 81.50985229], [-104.11232456, -100.16340515, 83.50284088], [-104.11221441, -99.99607012, 85.49582947], [-104.11210426, -99.82873507, 87.48881805]], "CsaImage.TimeAfterStart": [1.0825, 0.7225, 1.0925, 0.7325, 1.1025, 0.7425, 1.1125, 0.7525, 1.1225, 0.7625, 1.1325, 0.7725, 1.1425, 0.7825, 1.1525, 0.7925, 1.1625, 0.8025, 1.1725, 0.8125, 1.1825, 0.8225, 1.1925, 0.8325, 1.2025, 0.8425, 1.2125, 0.8525, 1.2225, 0.8625, 1.2325, 0.8725, 1.2425, 0.8825, 1.2525, 0.8925, 1.2625, 0.9025, 1.2725, 0.9125, 1.2825, 0.9225, 1.2925, 0.9325, 1.3025, 0.9425, 1.3125, 0.9525, 1.3225, 0.9625, 1.3325, 0.9725, 1.3425, 0.9825, 1.3525, 0.9925, 1.3625, 1.0025, 1.3725, 1.0125, 1.3825, 1.0225, 1.3925, 1.0325, 1.4025, 1.0425, 1.4125, 1.0525, 1.4225, 1.0625, 1.4325, 1.0725], "ImagePositionPatient": [[-104.11992534727, -111.70952251915, -54.013295288134], [-104.11981519789, -111.54218796257, -52.020306701709], [-104.1197050485, -111.37485245232, -50.027318115283], [-104.11959489912, -111.20751789574, -48.034333343554], [-104.11948474974, -111.04018238548, -46.041344757128], [-104.11937460035, -110.87284782891, -44.048356170703], [-104.11926445097, -110.70551231865, -42.055371398974], [-104.11915430159, -110.53817776207, -40.062382812548], [-104.1190441522, -110.37084225182, -38.069394226123], [-104.11893400282, -110.20350769524, -36.076405639697], [-104.11882385343, -110.03617218498, -34.083420867968], [-104.11871370405, -109.8688376284, -32.090432281543], [-104.11860355467, -109.70150211815, -30.097443695117], [-104.11849340528, -109.53416756157, -28.104458923388], [-104.1183832559, -109.36683205132, -26.111470336962], [-104.11827310652, -109.19949749474, -24.118481750537], [-104.11816295713, -109.03216198448, -22.12549507146], [-104.11805280775, -108.8648274279, -20.132508392382], [-104.11794265837, -108.69749191765, -18.139519805957], [-104.11783250898, -108.53015736107, -16.146533126879], [-104.1177223596, -108.36282185082, -14.153544540454], [-104.11761221022, -108.19548729424, -12.160557861377], [-104.11750206083, -108.02815178398, -10.167571182299], [-104.11739191145, -107.8608172274, -8.1745825958736], [-104.11728176206, -107.69348171715, -6.1815959167965], [-104.11717161268, -107.52614716057, -4.188608284045], [-104.1170614633, -107.35881165032, -2.1956206512935], [-104.11695131391, -107.1914766169, -0.2026330185421], [-104.11684116453, -107.02414158348, 1.7903541373722], [-104.11673101515, -106.85680655007, 3.7833417701237], [-104.11662086576, -106.68947151665, 5.7763291644566], [-104.11651071638, -106.52213648323, 7.7693166779988], [-104.116400567, -106.35480144982, 9.7623040723316], [-104.11629041761, -106.1874664164, 11.755291585874], [-104.11618026823, -106.02013138298, 13.748278980207], [-104.11607011885, -105.85279634957, 15.741266612958], [-104.11595996946, -105.68546131615, 17.734253768872], [-104.11584934324, -105.51812628273, 19.727241401624], [-104.11573919386, -105.35079124932, 21.720229034375], [-104.11562904447, -105.1834562159, 23.713216667127], [-104.11551889509, -105.01612118248, 25.706204299878], [-104.11540874571, -104.84878614906, 27.699190978955], [-104.11529859632, -104.68145111565, 29.692179565381], [-104.11518844694, -104.51411608223, 31.685166244458], [-104.11507829756, -104.34678104881, 33.678152923536], [-104.11496814817, -104.1794460154, 35.671141509961], [-104.11485799879, -104.01211098198, 37.664128189038], [-104.11474784941, -103.84477594856, 39.657116775464], [-104.11463770002, -103.67744091515, 41.650103454541], [-104.11452755064, -103.51010588173, 43.643092040967], [-104.11441740126, -103.34277084831, 45.636076812696], [-104.11430725187, -103.1754358149, 47.629065399122], [-104.11419710249, -103.00810078148, 49.622053985547], [-104.1140869531, -102.84076574806, 51.615038757276], [-104.11397680372, -102.67343071465, 53.608027343702], [-104.11386665434, -102.50609568123, 55.601015930127], [-104.11375650495, -102.33876064781, 57.594004516553], [-104.11364635557, -102.1714256144, 59.586989288282], [-104.11353620619, -102.00409058098, 61.579977874707], [-104.1134260568, -101.83675554756, 63.572966461133], [-104.11331590742, -101.66942051415, 65.565951232862], [-104.11320575804, -101.50208548073, 67.558939819288], [-104.11309560865, -101.33475044731, 69.551928405713], [-104.11298545927, -101.1674154139, 71.544913177442], [-104.11287530989, -101.00008038048, 73.537905578565], [-104.1127651605, -100.83274534706, 75.530886535596], [-104.11265501112, -100.66541031365, 77.523875122022], [-104.11254486174, -100.49807522062, 79.516863708448], [-104.11243471235, -100.33074018721, 81.509852294873], [-104.11232456297, -100.16340515379, 83.502840881299], [-104.11221441358, -99.996070120375, 85.495829467725], [-104.1121042642, -99.828735072057, 87.488818054151]], "InstanceCreationTime": ["131715.183000", "131715.051000", "131715.184000", "131715.054000", "131715.187000", "131715.056000", "131715.189000", "131715.058000", "131715.191000", "131715.060000", "131715.193000", "131715.062000", "131715.198000", "131715.064000", "131715.200000", "131715.066000", "131715.202000", "131715.068000", "131715.205000", "131715.070000", "131715.229000", "131715.072000", "131715.231000", "131715.074000", "131715.233000", "131715.076000", "131715.234000", "131715.078000", "131715.259000", "131715.081000", "131715.262000", "131715.085000", "131715.264000", "131715.087000", "131715.266000", "131715.089000", "131715.268000", "131715.091000", "131715.270000", "131715.093000", "131715.272000", "131715.095000", "131715.274000", "131715.097000", "131715.276000", "131715.099000", "131715.278000", "131715.100000", "131715.280000", "131715.144000", "131715.282000", "131715.146000", "131715.287000", "131715.148000", "131715.289000", "131715.150000", "131715.291000", "131715.152000", "131715.293000", "131715.154000", "131715.295000", "131715.156000", "131715.297000", "131715.158000", "131715.299000", "131715.160000", "131715.301000", "131715.161000", "131715.303000", "131715.165000", "131715.305000", "131715.181000"], "InstanceNumber": [1, 2, 3, 4, 5, 6, 7, 8, 9, 10, 11, 12, 13, 14, 15, 16, 17, 18, 19, 20, 21, 22, 23, 24, 25, 26, 27, 28, 29, 30, 31, 32, 33, 34, 35, 36, 37, 38, 39, 40, 41, 42, 43, 44, 45, 46, 47, 48, 49, 50, 51, 52, 53, 54, 55, 56, 57, 58, 59, 60, 61, 62, 63, 64, 65, 66, 67, 68, 69, 70, 71, 72], "LargestImagePixelValue": [4095, 4095, 4095, 4093, 4094, 4095, 4094, 4093, 4095, 4094, 4094, 4094, 4094, 4094, 4095, 4093, 4091, 4095, 4093, 4093, 4093, 4094, 4093, 4094, 4095, 4095, 4089, 4095, 4092, 4094, 4092, 4090, 4094, 4086, 4094, 4090, 4089, 4093, 4094, 4091, 4095, 4095, 4093, 4091, 4094, 4095, 4092, 4091, 4092, 4094, 4093, 4094, 4095, 4093, 4094, 4094, 4095, 4095, 4091, 4093, 4095, 4093, 4093, 4095, 4094, 4094, 4095, 4094, 4095, 4095, 4095, 4094], "SliceLocation": [-63.176103649084, -61.176102556189, -59.176101383502, -57.176104091929, -55.176102919242, -53.176101826347, -51.176104454982, -49.176103362087, -47.176102189401, -45.176101096506, -43.176103725141, -41.176102632246, -39.176101459559, -37.176104167986, -35.176102995299, -33.176101902404, -31.176102630378, -29.176103438144, -27.176102265457, -25.176103073223, -23.176101900536, -21.176102708302, -19.176103436276, -17.176102343381, -15.176103071356, -13.176102928791, -11.176102706435, -9.1761025239743, -7.1761028166791, -5.1761026342187, -3.1761026893409, -1.1761026256718, 0.82389731920605, 2.8238973828752, 4.823897327753, 6.8238975102134, 8.8238972175086, 10.823897399995, 12.823897582456, 14.823897764916, 16.823897947377, 18.823897179507, 20.823898312297, 22.823897544427, 24.823896776557, 26.823897909348, 28.823897141478, 30.823898274269, 32.823897506399, 34.82389863919, 36.823895970659, 38.82389710345, 40.823898236241, 42.82389556771, 44.823896700501, 46.823897833292, 48.823898966083, 50.823896297552, 52.823897430342, 54.823898563133, 56.823895894602, 58.823897027393, 60.823898160184, 62.823895491653, 64.823900425766, 66.823893955913, 68.823895088704, 70.823896226482, 72.823897359273, 74.823898492064, 76.823899624855, 78.823900758892], "SmallestImagePixelValue": [2, 3, 0, 0, 0, 0, 0, 0, 0, 0, 0, 0, 0, 0, 1, 3, 0, 1, 2, 3, 3, 1, 0, 2, 13, 1, 2, 1, 2, 3, 2, 7, 1, 0, 0, 2, 0, 0, 0, 9, 0, 0, 0, 0, 0, 1, 8, 0, 2, 0, 0, 0, 1, 2, 0, 1, 1, 3, 0, 0, 0, 0, 0, 0, 0, 0, 0, 0, 0, 0, 0, 0], "WindowCenter": [-214.0, -242.0, -260.0, -210.0, -236.0, -234.0, -232.0, -198.0, -164.0, -94.0, -118.0, -112.0, -132.0, -186.0, -220.0, -276.0, -260.0, -250.0, -248.0, -196.0, -232.0, -288.0, -282.0, -260.0, -224.0, -200.0, -198.0, -174.0, -316.0, -192.0, -174.0, -306.0, -300.0, -152.0, -130.0, -160.0, -262.0, -126.0, -134.0, -78.0, -68.0, -44.0, -34.0, -52.0, -50.0, -18.0, 0.0, -24.0, -2.0, -32.0, -42.0, -68.0, -56.0, -80.0, -72.0, -54.0, -68.0, -86.0, -114.0, -128.0, -180.0, -212.0, -214.0, -232.0, -264.0, -238.0, -304.0, -318.0, -340.0, -318.0, -342.0, -340.0], "WindowWidth": [6180.0, 6184.0, 6228.0, 6240.0, 6218.0, 6286.0, 6338.0, 6416.0, 6466.0, 6502.0, 6536.0, 6556.0, 6470.0, 6346.0, 6260.0, 6138.0, 6092.0, 6036.0, 5998.0, 5962.0, 5852.0, 5750.0, 5670.0, 5704.0, 5690.0, 5600.0, 5494.0, 5424.0, 4678.0, 5170.0, 5304.0, 4664.0, 4654.0, 5254.0, 5304.0, 5056.0, 4626.0, 5166.0, 5084.0, 5444.0, 5320.0, 5376.0, 5350.0, 5330.0, 5324.0, 5396.0, 5518.0, 5396.0, 5582.0, 5550.0, 5580.0, 5600.0, 5692.0, 5744.0, 5802.0, 5774.0, 5788.0, 5774.0, 5860.0, 5818.0, 5852.0, 5912.0, 5956.0, 5978.0, 5988.0, 6126.0, 6112.0, 6134.0, 6124.0, 6264.0, 6316.0, 6318.0]}}, "IntendedFor": ["ses-imagenet02/func/sub-06_ses-imagenet02_task-imagenet_run-08_bold.nii.gz", "ses-imagenet02/func/sub-06_ses-imagenet02_task-imagenet_run-07_bold.nii.gz", "ses-imagenet02/func/sub-06_ses-imagenet02_task-imagenet_run-05_bold.nii.gz", "ses-imagenet02/func/sub-06_ses-imagenet02_task-imagenet_run-03_bold.nii.gz", "ses-imagenet02/func/sub-06_ses-imagenet02_task-imagenet_run-01_bold.nii.gz", "ses-imagenet02/func/sub-06_ses-imagenet02_task-imagenet_run-02_bold.nii.gz", "ses-imagenet02/func/sub-06_ses-imagenet02_task-imagenet_run-10_bold.nii.gz", "ses-imagenet02/func/sub-06_ses-imagenet02_task-imagenet_run-06_bold.nii.gz", "ses-imagenet02/func/sub-06_ses-imagenet02_task-imagenet_run-09_bold.nii.gz", "ses-imagenet02/func/sub-06_ses-imagenet02_task-imagenet_run-04_bold.nii.gz"]}