{"AcquisitionMatrixPE": 100, "AcquisitionNumber": 1, "AcquisitionTime": "12:03:57.202500", "BaseResolution": 100, "BodyPartExamined": "BRAIN", "ConsistencyInfo": "N4_VE11C_LATEST_20160120", "ConversionSoftware": "dcm2niix", "ConversionSoftwareVersion": "v1.0.20180622 GCC4.9.2", "DeviceSerialNumber": "166078", "DwellTime": 8.8e-06, "EchoNumber": 2, "EchoTime": 0.00738, "EchoTime1": 0.00492, "EchoTime2": 0.00738, "FlipAngle": 60, "ImageOrientationPatientDICOM": [1, 0, 0, 0, 0.971134, -0.238533], "ImageType": ["ORIGINAL", "PRIMARY", "P", "ND"], "InPlanePhaseEncodingDirectionDICOM": "ROW", "InstitutionAddress": "Street_StreetNo_Bei_Jing_District_CN_ZIP", "InstitutionName": "BeiJing_Normal_University", "InstitutionalDepartmentName": "Department", "MRAcquisitionType": "2D", "MagneticFieldStrength": 3, "Manufacturer": "Siemens", "ManufacturersModelName": "Prisma", "Modality": "MR", "PartialFourier": 1, "PatientPosition": "HFS", "PercentPhaseFOV": 100, "PhaseEncodingDirection": "i", "PhaseEncodingSteps": 100, "PhaseResolution": 1, "PixelBandwidth": 570, "ProcedureStepDescription": "BNU_P2018_64CH_Zhen.ZongLei", "ProtocolName": "field_mapping_2x2x2", "PulseSequenceDetails": "%SiemensSeq%_gre_field_mapping", "ReceiveCoilActiveElements": "HC1-7;NC1", "ReceiveCoilName": "HeadNeck_64", "ReconMatrixPE": 100, "RepetitionTime": 0.72, "SAR": 0.13043, "ScanningSequence": "GR", "SequenceName": "_fm2d2r", "SequenceVariant": "SP", "SeriesDescription": "field_mapping_2x2x2", "SeriesNumber": 9, "ShimSetting": [-5469, -11479, -1225, 278, -34, -346, -158, 82], "SliceThickness": 2, "SoftwareVersions": "syngo_MR_E11", "SpacingBetweenSlices": 2, "StationName": "AWP166078", "TxRefAmp": 230.166, "dcmmeta_affine": [[-2.0, 0.0, 0.0, 102.03389739990234], [0.0, 1.9422686100006104, -0.4770660400390625, -72.98110961914062], [0.0, 0.47706693410873413, 1.9422683715820312, -80.80137634277344], [0.0, 0.0, 0.0, 1.0]], "dcmmeta_reorient_transform": [[0.0, -1.0, 0.0, 99.0], [1.0, 0.0, 0.0, 0.0], [0.0, 0.0, -1.0, 71.0], [0.0, 0.0, 0.0, 1.0]], "dcmmeta_shape": [100, 100, 72], "dcmmeta_slice_dim": 2, "dcmmeta_version": 0.6, "global": {"const": {"AcquisitionMatrix": [0, 100, 100, 0], "AcquisitionNumber": 1, "AngioFlag": "N", "BitsAllocated": 16, "BitsStored": 12, "BodyPartExamined": "BRAIN", "Columns": 100, "EchoNumbers": 2, "EchoTime": 7.38, "EchoTrainLength": 0, "FlipAngle": 60.0, "HighBit": 11, "ImageOrientationPatient": [1.0, 0.0, 0.0, 0.0, 0.97113427711446, -0.2385334689585], "ImageType": ["ORIGINAL", "PRIMARY", "P", "ND"], "ImagedNucleus": "1H", "ImagingFrequency": 123.257724, "InPlanePhaseEncodingDirection": "ROW", "MRAcquisitionType": "2D", "MagneticFieldStrength": 3.0, "Manufacturer": "SIEMENS", "ManufacturerModelName": "Prisma", "Modality": "MR", "NumberOfAverages": 1.0, "NumberOfPhaseEncodingSteps": 100, "PercentPhaseFieldOfView": 100.0, "PercentSampling": 100.0, "PerformedProcedureStepStartTime": "111206.127000", "PhotometricInterpretation": "MONOCHROME2", "PixelBandwidth": 570.0, "PixelRepresentation": 0, "PixelSpacing": [2.0, 2.0], "ProtocolName": "field_mapping_2x2x2", "RepetitionTime": 720.0, "RescaleIntercept": -4096.0, "RescaleSlope": 2.0, "RescaleType": "US", "Rows": 100, "SAR": 0.13042980780126, "SamplesPerPixel": 1, "ScanningSequence": "GR", "SequenceName": "*fm2d2r", "SequenceVariant": "SP", "SeriesDescription": "field_mapping_2x2x2", "SeriesNumber": 9, "SeriesTime": "120622.368000", "SliceThickness": 2.0, "SoftwareVersions": "syngo MR E11", "SpacingBetweenSlices": 2.0, "SpecificCharacterSet": "ISO_IR 100", "StudyID": "1", "StudyTime": "111206.067000", "TransmitCoilName": "Body", "VariableFlipAngleFlag": "N", "WindowCenterWidthExplanation": "Algo1", "dBdt": 0.0}, "slices": {"AcquisitionTime": ["120357.202500", "120356.842500", "120357.212500", "120356.852500", "120357.222500", "120356.862500", "120357.232500", "120356.872500", "120357.242500", "120356.882500", "120357.252500", "120356.892500", "120357.262500", "120356.902500", "120357.272500", "120356.912500", "120357.282500", "120356.922500", "120357.292500", "120356.932500", "120357.302500", "120356.942500", "120357.312500", "120356.952500", "120357.322500", "120356.962500", "120357.332500", "120356.972500", "120357.342500", "120356.982500", "120357.352500", "120356.992500", "120357.362500", "120357.002500", "120357.372500", "120357.012500", "120357.382500", "120357.022500", "120357.392500", "120357.032500", "120357.402500", "120357.042500", "120357.412500", "120357.052500", "120357.422500", "120357.062500", "120357.432500", "120357.072500", "120357.442500", "120357.082500", "120357.452500", "120357.092500", "120357.462500", "120357.102500", "120357.472500", "120357.112500", "120357.482500", "120357.122500", "120357.492500", "120357.132500", "120357.502500", "120357.142500", "120357.512500", "120357.152500", "120357.522500", "120357.162500", "120357.532500", "120357.172500", "120357.542500", "120357.182500", "120357.552500", "120357.192500"], "ContentTime": ["120622.452000", "120622.375000", "120622.454000", "120622.378000", "120622.456000", "120622.380000", "120622.457000", "120622.381000", "120622.459000", "120622.383000", "120622.461000", "120622.385000", "120622.463000", "120622.387000", "120622.465000", "120622.389000", "120622.467000", "120622.391000", "120622.469000", "120622.393000", "120622.471000", "120622.394000", "120622.473000", "120622.396000", "120622.475000", "120622.398000", "120622.477000", "120622.400000", "120622.478000", "120622.402000", "120622.480000", "120622.404000", "120622.482000", "120622.406000", "120622.484000", "120622.408000", "120622.486000", "120622.409000", "120622.488000", "120622.411000", "120622.490000", "120622.413000", "120622.492000", "120622.415000", "120622.493000", "120622.417000", "120622.495000", "120622.419000", "120622.497000", "120622.421000", "120622.499000", "120622.423000", "120622.501000", "120622.425000", "120622.503000", "120622.426000", "120622.505000", "120622.428000", "120622.507000", "120622.430000", "120622.508000", "120622.432000", "120622.510000", "120622.434000", "120622.512000", "120622.436000", "120622.514000", "120622.438000", "120622.516000", "120622.440000", "120622.518000", "120622.442000"], "CsaImage.GSWDDataType": ["measured", "predicted", "measured", "predicted", "measured", "predicted", "measured", "predicted", "measured", "predicted", "measured", "predicted", "measured", "predicted", "measured", "predicted", "measured", "predicted", "measured", "predicted", "measured", "predicted", "measured", "predicted", "measured", "predicted", "measured", "predicted", "measured", "predicted", "measured", "predicted", "measured", "predicted", "measured", "predicted", "measured", "predicted", "measured", "predicted", "measured", "predicted", "measured", "predicted", "measured", "predicted", "measured", "predicted", "measured", "predicted", "measured", "predicted", "measured", "predicted", "measured", "predicted", "measured", "predicted", "measured", "predicted", "measured", "predicted", "measured", "predicted", "measured", "predicted", "measured", "predicted", "measured", "predicted", "measured", "measured"], "CsaImage.ICE_Dims": ["X_2_1_1_1_1_1_37_1_1_1_1_77", "X_2_1_1_1_1_1_1_1_1_2_1_77", "X_2_1_1_1_1_1_38_1_1_3_1_77", "X_2_1_1_1_1_1_2_1_1_4_1_77", "X_2_1_1_1_1_1_39_1_1_5_1_77", "X_2_1_1_1_1_1_3_1_1_6_1_77", "X_2_1_1_1_1_1_40_1_1_7_1_77", "X_2_1_1_1_1_1_4_1_1_8_1_77", "X_2_1_1_1_1_1_41_1_1_9_1_77", "X_2_1_1_1_1_1_5_1_1_10_1_77", "X_2_1_1_1_1_1_42_1_1_11_1_77", "X_2_1_1_1_1_1_6_1_1_12_1_77", "X_2_1_1_1_1_1_43_1_1_13_1_77", "X_2_1_1_1_1_1_7_1_1_14_1_77", "X_2_1_1_1_1_1_44_1_1_15_1_77", "X_2_1_1_1_1_1_8_1_1_16_1_77", "X_2_1_1_1_1_1_45_1_1_17_1_77", "X_2_1_1_1_1_1_9_1_1_18_1_77", "X_2_1_1_1_1_1_46_1_1_19_1_77", "X_2_1_1_1_1_1_10_1_1_20_1_77", "X_2_1_1_1_1_1_47_1_1_21_1_77", "X_2_1_1_1_1_1_11_1_1_22_1_77", "X_2_1_1_1_1_1_48_1_1_23_1_77", "X_2_1_1_1_1_1_12_1_1_24_1_77", "X_2_1_1_1_1_1_49_1_1_25_1_77", "X_2_1_1_1_1_1_13_1_1_26_1_77", "X_2_1_1_1_1_1_50_1_1_27_1_77", "X_2_1_1_1_1_1_14_1_1_28_1_77", "X_2_1_1_1_1_1_51_1_1_29_1_77", "X_2_1_1_1_1_1_15_1_1_30_1_77", "X_2_1_1_1_1_1_52_1_1_31_1_77", "X_2_1_1_1_1_1_16_1_1_32_1_77", "X_2_1_1_1_1_1_53_1_1_33_1_77", "X_2_1_1_1_1_1_17_1_1_34_1_77", "X_2_1_1_1_1_1_54_1_1_35_1_77", "X_2_1_1_1_1_1_18_1_1_36_1_77", "X_2_1_1_1_1_1_55_1_1_37_1_77", "X_2_1_1_1_1_1_19_1_1_38_1_77", "X_2_1_1_1_1_1_56_1_1_39_1_77", "X_2_1_1_1_1_1_20_1_1_40_1_77", "X_2_1_1_1_1_1_57_1_1_41_1_77", "X_2_1_1_1_1_1_21_1_1_42_1_77", "X_2_1_1_1_1_1_58_1_1_43_1_77", "X_2_1_1_1_1_1_22_1_1_44_1_77", "X_2_1_1_1_1_1_59_1_1_45_1_77", "X_2_1_1_1_1_1_23_1_1_46_1_77", "X_2_1_1_1_1_1_60_1_1_47_1_77", "X_2_1_1_1_1_1_24_1_1_48_1_77", "X_2_1_1_1_1_1_61_1_1_49_1_77", "X_2_1_1_1_1_1_25_1_1_50_1_77", "X_2_1_1_1_1_1_62_1_1_51_1_77", "X_2_1_1_1_1_1_26_1_1_52_1_77", "X_2_1_1_1_1_1_63_1_1_53_1_77", "X_2_1_1_1_1_1_27_1_1_54_1_77", "X_2_1_1_1_1_1_64_1_1_55_1_77", "X_2_1_1_1_1_1_28_1_1_56_1_77", "X_2_1_1_1_1_1_65_1_1_57_1_77", "X_2_1_1_1_1_1_29_1_1_58_1_77", "X_2_1_1_1_1_1_66_1_1_59_1_77", "X_2_1_1_1_1_1_30_1_1_60_1_77", "X_2_1_1_1_1_1_67_1_1_61_1_77", "X_2_1_1_1_1_1_31_1_1_62_1_77", "X_2_1_1_1_1_1_68_1_1_63_1_77", "X_2_1_1_1_1_1_32_1_1_64_1_77", "X_2_1_1_1_1_1_69_1_1_65_1_77", "X_2_1_1_1_1_1_33_1_1_66_1_77", "X_2_1_1_1_1_1_70_1_1_67_1_77", "X_2_1_1_1_1_1_34_1_1_68_1_77", "X_2_1_1_1_1_1_71_1_1_69_1_77", "X_2_1_1_1_1_1_35_1_1_70_1_77", "X_2_1_1_1_1_1_72_1_1_71_1_77", "X_2_1_1_1_1_1_36_1_1_72_1_77"], "CsaImage.ProtocolSliceNumber": [0, 1, 2, 3, 4, 5, 6, 7, 8, 9, 10, 11, 12, 13, 14, 15, 16, 17, 18, 19, 20, 21, 22, 23, 24, 25, 26, 27, 28, 29, 30, 31, 32, 33, 34, 35, 36, 37, 38, 39, 40, 41, 42, 43, 44, 45, 46, 47, 48, 49, 50, 51, 52, 53, 54, 55, 56, 57, 58, 59, 60, 61, 62, 63, 64, 65, 66, 67, 68, 69, 70, 71], "CsaImage.RFSWDDataType": ["measured", "predicted", "measured", "predicted", "measured", "predicted", "measured", "predicted", "measured", "predicted", "measured", "predicted", "measured", "predicted", "measured", "predicted", "measured", "predicted", "measured", "predicted", "measured", "predicted", "measured", "predicted", "measured", "predicted", "measured", "predicted", "measured", "predicted", "measured", "predicted", "measured", "predicted", "measured", "predicted", "measured", "predicted", "measured", "predicted", "measured", "predicted", "measured", "predicted", "measured", "predicted", "measured", "predicted", "measured", "predicted", "measured", "predicted", "measured", "predicted", "measured", "predicted", "measured", "predicted", "measured", "predicted", "measured", "predicted", "measured", "predicted", "measured", "predicted", "measured", "predicted", "measured", "measured", "measured", "measured"], "CsaImage.SlicePosition_PCS": [[-102.03389835, -119.30354078, -33.57176297], [-102.03389835, -118.82647283, -31.6294946], [-102.03389835, -118.34940679, -29.68722622], [-102.03389835, -117.87233884, -27.74495785], [-102.03389835, -117.3952728, -25.80268948], [-102.03389835, -116.91820676, -23.86042111], [-102.03389835, -116.44113882, -21.91815274], [-102.03389835, -115.96407278, -19.97588437], [-102.03389835, -115.48700483, -18.03361599], [-102.03389835, -115.00993879, -16.09134762], [-102.03389835, -114.53287084, -14.14907925], [-102.03389835, -114.0558048, -12.20681088], [-102.03389835, -113.57873685, -10.26453869], [-102.03389835, -113.10167081, -8.32227032], [-102.03389835, -112.62460382, -6.38000386], [-102.03389835, -112.14753683, -4.43773549], [-102.03389835, -111.67046983, -2.49546711], [-102.03389835, -111.19340284, -0.55319684], [-102.03389835, -110.71633585, 1.38907154], [-102.03389835, -110.23926885, 3.33133991], [-102.03389835, -109.76220186, 5.27360828], [-102.03389835, -109.28513486, 7.21587665], [-102.03389835, -108.80806882, 9.15814502], [-102.03389835, -108.33100183, 11.10041339], [-102.03389835, -107.85393484, 13.04268177], [-102.03389835, -107.37686784, 14.98495109], [-102.03389835, -106.89980085, 16.92721946], [-102.03389835, -106.42273386, 18.86948783], [-102.03389835, -105.94566686, 20.81175644], [-102.03389835, -105.46859987, 22.75402493], [-102.03389835, -104.99153288, 24.69629354], [-102.03389835, -104.51446588, 26.63856204], [-102.03389835, -104.03739936, 28.58083065], [-102.03389835, -103.56033237, 30.52309902], [-102.03389835, -103.08326538, 32.46536739], [-102.03389835, -102.60619838, 34.40763671], [-102.03389835, -102.12913139, 36.34990509], [-102.03389835, -101.6520644, 38.29217346], [-102.03389835, -101.17499788, 40.23444278], [-102.03389835, -100.69793089, 42.17671115], [-102.03389835, -100.22086389, 44.11897953], [-102.03389835, -99.7437969, 46.0612479], [-102.03389835, -99.26673014, 48.00351627], [-102.03389835, -98.78966315, 49.94578464], [-102.03389835, -98.31259627, 51.88805301], [-102.03389835, -97.83552928, 53.83032138], [-102.03389835, -97.35846239, 55.77258975], [-102.03389835, -96.88139547, 57.71485813], [-102.03389835, -96.40432854, 59.6571265], [-102.03389835, -95.92726166, 61.59939487], [-102.03389835, -95.45019467, 63.54166324], [-102.03389835, -94.97312791, 65.48393161], [-102.03389835, -94.49606092, 67.42619998], [-102.03389835, -94.01899393, 69.36847217], [-102.03389835, -93.54192717, 71.31074054], [-102.03389835, -93.06485994, 73.25300891], [-102.03389835, -92.58779342, 75.19527729], [-102.03389835, -92.11072643, 77.13754566], [-102.03389835, -91.63365944, 79.07981403], [-102.03389835, -91.15659244, 81.0220824], [-102.03389835, -90.67952545, 82.96435077], [-102.03389835, -90.20245845, 84.90661914], [-102.03389835, -89.72539194, 86.84888751], [-102.03389835, -89.24832494, 88.7911597], [-102.03389835, -88.77125795, 90.73342807], [-102.03389835, -88.29419096, 92.67569644], [-102.03389835, -87.81712396, 94.61796482], [-102.03389835, -87.34005697, 96.56023319], [-102.03389835, -86.86298997, 98.50250156], [-102.03389835, -86.38592298, 100.44476993], [-102.03389835, -85.90885599, 102.3870383], [-102.03389835, -85.43178995, 104.32930667]], "CsaImage.TimeAfterStart": [1.0825, 0.7225, 1.0925, 0.7325, 1.1025, 0.7425, 1.1125, 0.7525, 1.1225, 0.7625, 1.1325, 0.7725, 1.1425, 0.7825, 1.1525, 0.7925, 1.1625, 0.8025, 1.1725, 0.8125, 1.1825, 0.8225, 1.1925, 0.8325, 1.2025, 0.8425, 1.2125, 0.8525, 1.2225, 0.8625, 1.2325, 0.8725, 1.2425, 0.8825, 1.2525, 0.8925, 1.2625, 0.9025, 1.2725, 0.9125, 1.2825, 0.9225, 1.2925, 0.9325, 1.3025, 0.9425, 1.3125, 0.9525, 1.3225, 0.9625, 1.3325, 0.9725, 1.3425, 0.9825, 1.3525, 0.9925, 1.3625, 1.0025, 1.3725, 1.0125, 1.3825, 1.0225, 1.3925, 1.0325, 1.4025, 1.0425, 1.4125, 1.0525, 1.4225, 1.0625, 1.4325, 1.0725], "ImagePositionPatient": [[-102.03389835358, -119.30354077907, -33.571762967432], [-102.03389835358, -118.82647283169, -31.62949459585], [-102.03389835358, -118.34940679165, -29.687226224268], [-102.03389835358, -117.87233884426, -27.744957852686], [-102.03389835358, -117.39527280422, -25.802689481104], [-102.03389835358, -116.91820676418, -23.860421109522], [-102.03389835358, -116.44113881679, -21.91815273794], [-102.03389835358, -115.96407277675, -19.975884366358], [-102.03389835358, -115.48700482937, -18.033615994776], [-102.03389835358, -115.00993878933, -16.091347623194], [-102.03389835358, -114.53287084194, -14.149079251612], [-102.03389835358, -114.0558048019, -12.20681088003], [-102.03389835358, -113.57873685451, -10.264538693751], [-102.03389835358, -113.10167081447, -8.3222703221686], [-102.03389835358, -112.62460382076, -6.3800038579352], [-102.03389835358, -112.14753682705, -4.4377354863531], [-102.03389835358, -111.67046983333, -2.4954671147711], [-102.03389835358, -111.19340283962, -0.5531968358405], [-102.03389835358, -110.71633584591, 1.3890715357416], [-102.03389835358, -110.23926885219, 3.3313399073236], [-102.03389835358, -109.76220185848, 5.2736082789056], [-102.03389835358, -109.28513486477, 7.2158766504877], [-102.03389835358, -108.80806882473, 9.1581450220697], [-102.03389835358, -108.33100183101, 11.100413393652], [-102.03389835358, -107.8539348373, 13.042681765234], [-102.03389835358, -107.37686784359, 14.98495109049], [-102.03389835358, -106.89980084987, 16.927219462072], [-102.03389835358, -106.42273385616, 18.869487833654], [-102.03389835358, -105.94566686245, 20.811756443655], [-102.03389835358, -105.46859986873, 22.754024934446], [-102.03389835358, -104.99153287502, 24.696293544447], [-102.03389835358, -104.51446588131, 26.638562035238], [-102.03389835358, -104.03739936443, 28.580830645239], [-102.03389835358, -103.56033237072, 30.523099016821], [-102.03389835358, -103.083265377, 32.465367388403], [-102.03389835358, -102.60619838329, 34.407636713659], [-102.03389835358, -102.12913138958, 36.349905085241], [-102.03389835358, -101.65206439586, 38.292173456823], [-102.03389835358, -101.17499787899, 40.234442782079], [-102.03389835358, -100.69793088527, 42.176711153662], [-102.03389835358, -100.22086389156, 44.118979525244], [-102.03389835358, -99.743796897847, 46.061247896826], [-102.03389835358, -99.266730142553, 48.003516268408], [-102.03389835358, -98.789663148839, 49.94578463999], [-102.03389835358, -98.312596274335, 51.888053011572], [-102.03389835358, -97.835529280622, 53.830321383154], [-102.03389835358, -97.358462391216, 55.772589754736], [-102.03389835358, -96.881395472009, 57.714858126318], [-102.03389835358, -96.4043285379, 59.6571264979], [-102.03389835358, -95.927261663396, 61.599394869482], [-102.03389835358, -95.450194669683, 63.541663241064], [-102.03389835358, -94.973127914388, 65.483931612646], [-102.03389835358, -94.496060920675, 67.426199984228], [-102.03389835358, -94.018993926961, 69.368472170507], [-102.03389835358, -93.541927171666, 71.310740542089], [-102.03389835358, -93.064859939534, 73.253008913671], [-102.03389835358, -92.587793422658, 75.195277285253], [-102.03389835358, -92.110726428945, 77.137545656835], [-102.03389835358, -91.633659435231, 79.079814028417], [-102.03389835358, -91.156592441518, 81.022082399999], [-102.03389835358, -90.679525447805, 82.964350771581], [-102.03389835358, -90.202458454091, 84.906619143163], [-102.03389835358, -89.725391937215, 86.848887514745], [-102.03389835358, -89.248324943502, 88.791159701025], [-102.03389835358, -88.771257949788, 90.733428072607], [-102.03389835358, -88.294190956075, 92.675696444189], [-102.03389835358, -87.817123962362, 94.617964815771], [-102.03389835358, -87.340056968648, 96.560233187353], [-102.03389835358, -86.862989974935, 98.502501558935], [-102.03389835358, -86.385922981221, 100.44476993052], [-102.03389835358, -85.908855987508, 102.3870383021], [-102.03389835358, -85.431789947469, 104.32930667368]], "InstanceCreationTime": ["120622.452000", "120622.375000", "120622.454000", "120622.378000", "120622.456000", "120622.380000", "120622.457000", "120622.381000", "120622.459000", "120622.383000", "120622.461000", "120622.385000", "120622.463000", "120622.387000", "120622.465000", "120622.389000", "120622.467000", "120622.391000", "120622.469000", "120622.393000", "120622.471000", "120622.394000", "120622.473000", "120622.396000", "120622.475000", "120622.398000", "120622.477000", "120622.400000", "120622.478000", "120622.402000", "120622.480000", "120622.404000", "120622.482000", "120622.406000", "120622.484000", "120622.408000", "120622.486000", "120622.409000", "120622.488000", "120622.411000", "120622.490000", "120622.413000", "120622.492000", "120622.415000", "120622.493000", "120622.417000", "120622.495000", "120622.419000", "120622.497000", "120622.421000", "120622.499000", "120622.423000", "120622.501000", "120622.425000", "120622.503000", "120622.426000", "120622.505000", "120622.428000", "120622.507000", "120622.430000", "120622.508000", "120622.432000", "120622.510000", "120622.434000", "120622.512000", "120622.436000", "120622.514000", "120622.438000", "120622.516000", "120622.440000", "120622.518000", "120622.442000"], "InstanceNumber": [1, 2, 3, 4, 5, 6, 7, 8, 9, 10, 11, 12, 13, 14, 15, 16, 17, 18, 19, 20, 21, 22, 23, 24, 25, 26, 27, 28, 29, 30, 31, 32, 33, 34, 35, 36, 37, 38, 39, 40, 41, 42, 43, 44, 45, 46, 47, 48, 49, 50, 51, 52, 53, 54, 55, 56, 57, 58, 59, 60, 61, 62, 63, 64, 65, 66, 67, 68, 69, 70, 71, 72], "LargestImagePixelValue": [4095, 4094, 4094, 4095, 4093, 4094, 4095, 4095, 4093, 4094, 4095, 4095, 4095, 4093, 4094, 4095, 4093, 4093, 4095, 4094, 4092, 4092, 4093, 4093, 4092, 4095, 4093, 4090, 4094, 4092, 4095, 4093, 4094, 4095, 4091, 4094, 4094, 4091, 4094, 4094, 4088, 4095, 4092, 4094, 4093, 4091, 4095, 4094, 4093, 4092, 4093, 4095, 4094, 4092, 4094, 4094, 4094, 4093, 4094, 4094, 4095, 4094, 4091, 4095, 4093, 4095, 4094, 4093, 4095, 4093, 4095, 4095], "SliceLocation": [-61.060577201898, -59.06057713848, -57.060577530029, -55.060577466611, -53.06057785816, -51.060578249708, -49.06057818629, -47.060578577839, -45.060578514421, -43.06057890597, -41.060578842552, -39.0605792341, -37.060575466099, -35.060575857648, -33.060577874005, -31.06057803807, -29.060578202136, -27.060576513909, -25.060576677975, -23.06057684204, -21.060577006105, -19.060577170171, -17.060577561719, -15.060577725785, -13.06057788985, -11.06057712777, -9.0605772918349, -7.0605774559002, -5.0605773884291, -3.0605774367263, -1.0605773692552, 0.93942258244772, 2.9394225361772, 4.9394223721119, 6.9394222080465, 8.939422970127, 10.939422806062, 12.939422641996, 14.939423290335, 16.93942312627, 18.939422962204, 20.939422798139, 22.939422577203, 24.939422413138, 26.939422220637, 28.939422056571, 30.939421867625, 32.939421685788, 34.939421507505, 36.939421315004, 38.939421150938, 40.939420930002, 42.939420765937, 44.939424306455, 46.939424085519, 48.939423978324, 50.939423700517, 52.939423536452, 54.939423372387, 56.939423208321, 58.939423044256, 60.93942288019, 62.939422602384, 64.939426142901, 66.939425978836, 68.939425814771, 70.939425650705, 72.93942548664, 74.939425322575, 76.939425158509, 78.939424994444, 80.939424602895], "SmallestImagePixelValue": [0, 0, 0, 7, 0, 2, 0, 1, 0, 0, 2, 0, 0, 0, 0, 5, 1, 0, 0, 2, 0, 0, 0, 0, 0, 0, 2, 1, 1, 0, 13, 1, 0, 1, 20, 2, 31, 6, 6, 0, 0, 4, 4, 0, 0, 0, 0, 0, 1, 0, 0, 2, 0, 3, 3, 2, 2, 0, 0, 2, 1, 1, 1, 1, 0, 0, 0, 0, 0, 1, 0, 0], "WindowCenter": [-294.0, -298.0, -308.0, -290.0, -274.0, -240.0, -212.0, -164.0, -182.0, -174.0, -196.0, -242.0, -208.0, -158.0, -180.0, -136.0, -178.0, -162.0, -204.0, -196.0, -162.0, -138.0, -170.0, -186.0, -206.0, -194.0, -224.0, -108.0, -152.0, -6.0, -60.0, -118.0, -90.0, -164.0, -168.0, -144.0, -156.0, -76.0, -44.0, -56.0, -216.0, -242.0, -248.0, -246.0, -248.0, -68.0, -76.0, -42.0, -72.0, -62.0, -114.0, -214.0, -236.0, -238.0, -112.0, -116.0, -244.0, -244.0, -130.0, -110.0, -154.0, -158.0, -192.0, -186.0, -194.0, -220.0, -202.0, -236.0, -322.0, -412.0, -400.0, -360.0], "WindowWidth": [5950.0, 6058.0, 6010.0, 6082.0, 6086.0, 6224.0, 6200.0, 6248.0, 6254.0, 6276.0, 6264.0, 6228.0, 6312.0, 6372.0, 6372.0, 6398.0, 6276.0, 6238.0, 6146.0, 6152.0, 6070.0, 6024.0, 5900.0, 5798.0, 5602.0, 5622.0, 5232.0, 5578.0, 5388.0, 5606.0, 5580.0, 5492.0, 5366.0, 5418.0, 5280.0, 5358.0, 5392.0, 5454.0, 5526.0, 5374.0, 4598.0, 4646.0, 4630.0, 4624.0, 4624.0, 5126.0, 5246.0, 5360.0, 5360.0, 5252.0, 5036.0, 4602.0, 4600.0, 4642.0, 5192.0, 4984.0, 4630.0, 4692.0, 5144.0, 5398.0, 5226.0, 5552.0, 5418.0, 5386.0, 5578.0, 5748.0, 5758.0, 5864.0, 5858.0, 5856.0, 5976.0, 6122.0]}}, "IntendedFor": ["ses-imagenet01/func/sub-17_ses-imagenet01_task-imagenet_run-06_bold.nii.gz", "ses-imagenet01/func/sub-17_ses-imagenet01_task-imagenet_run-09_bold.nii.gz", "ses-imagenet01/func/sub-17_ses-imagenet01_task-imagenet_run-04_bold.nii.gz", "ses-imagenet01/func/sub-17_ses-imagenet01_task-imagenet_run-02_bold.nii.gz", "ses-imagenet01/func/sub-17_ses-imagenet01_task-imagenet_run-10_bold.nii.gz", "ses-imagenet01/func/sub-17_ses-imagenet01_task-imagenet_run-03_bold.nii.gz", "ses-imagenet01/func/sub-17_ses-imagenet01_task-imagenet_run-01_bold.nii.gz", "ses-imagenet01/func/sub-17_ses-imagenet01_task-imagenet_run-08_bold.nii.gz", "ses-imagenet01/func/sub-17_ses-imagenet01_task-imagenet_run-07_bold.nii.gz", "ses-imagenet01/func/sub-17_ses-imagenet01_task-imagenet_run-05_bold.nii.gz"]}